{
  "aor": 0.00024486373165618453,
  "aqi": 0.008124990901467505,
  "bids_meta": {
    "AcquisitionNumber": 6,
    "BidsifyVersion": "0.3.5",
    "ConversionSoftware": "dcm2niix",
    "ConversionSoftwareVersion": "v1.0.20181125  GCC6.3.0",
    "EchoTime": 0.02762,
    "EffectiveEchoSpacing": 0.0006333282667071997,
    "ImageComments": "piop",
    "ImageOrientationPatientDICOM": [
      0.998719,
      -0.0326734,
      0.0386293,
      0.0367959,
      0.993101,
      -0.111336
    ],
    "Manufacturer": "Philips",
    "NumberOfVolumesDiscardedByScanner": 2,
    "ParallelAcquisitionTechnique": "SENSE",
    "ParallelReductionFactorInPlane": 2,
    "PatientPosition": "HFS",
    "PhaseEncodingDirection": "j",
    "PhilipsRescaleIntercept": 0,
    "PhilipsRescaleSlope": 0.77485,
    "PhilipsScaleSlope": 0.0913227,
    "ProtocolName": "WIPpioprsSENSE",
    "PulseSequenceType": "gradient echo EPI",
    "ReconMatrixPE": 80,
    "RepetitionTime": 0.75,
    "SeriesDescription": "ImageMRSERIES",
    "SeriesNumber": 6,
    "SliceEncodingDirection": "k",
    "SliceTiming": [
      0.0,
      0.06755050505050506,
      0.1351010101010101,
      0.20265151515151517,
      0.2702020202020202,
      0.3377525252525253,
      0.40530303030303033,
      0.47285353535353536,
      0.5404040404040404,
      0.6079545454545455,
      0.6755050505050506,
      0.7430555555555556,
      0.0,
      0.06755050505050506,
      0.1351010101010101,
      0.20265151515151517,
      0.2702020202020202,
      0.3377525252525253,
      0.40530303030303033,
      0.47285353535353536,
      0.5404040404040404,
      0.6079545454545455,
      0.6755050505050506,
      0.7430555555555556,
      0.0,
      0.06755050505050506,
      0.1351010101010101,
      0.20265151515151517,
      0.2702020202020202,
      0.3377525252525253,
      0.40530303030303033,
      0.47285353535353536,
      0.5404040404040404,
      0.6079545454545455,
      0.6755050505050506,
      0.7430555555555556
    ],
    "TaskName": "restingstate",
    "TotalReadoutTime": 0.024699802401580786,
    "UsePhilipsFloatNotDisplayScaling": 1,
    "acq_id": "mb3",
    "dataset": "unknown",
    "modality": "bold",
    "subject_id": "0068",
    "task_id": "restingstate"
  },
  "dummy_trs": 3,
  "dvars_nstd": 23.566928302457978,
  "dvars_std": 1.0815707440336122,
  "dvars_vstd": 0.9683069222268912,
  "efc": 0.3981182932019404,
  "fber": 916081344.0,
  "fd_mean": 0.07667276177588618,
  "fd_num": 1,
  "fd_perc": 0.20964360587002095,
  "fwhm_avg": 2.5661471393500843,
  "fwhm_x": 2.5393933333333334,
  "fwhm_y": 2.7837933333333336,
  "fwhm_z": 2.3752547513835864,
  "gcor": 0.00478283,
  "gsr_x": -0.008354360237717628,
  "gsr_y": 0.0024197360035032034,
  "provenance": {
    "md5sum": "5a64d7f1972b783ff63f1563698d3ac9",
    "settings": {
      "fd_thres": 0.2,
      "hmc_fsl": false
    },
    "software": "mriqc",
    "version": "0.15.0",
    "webapi_port": null,
    "webapi_url": "https://mriqc.nimh.nih.gov/api/v1"
  },
  "size_t": 477,
  "size_x": 80,
  "size_y": 80,
  "size_z": 36,
  "snr": 4.9681921263647855,
  "spacing_tr": 0.75,
  "spacing_x": 3.0,
  "spacing_y": 3.0,
  "spacing_z": 3.299999713897705,
  "spikes_num": 1,
  "summary_bg_k": 164.002024260872,
  "summary_bg_mad": 0.8135533928871155,
  "summary_bg_mean": 93.92599487304688,
  "summary_bg_median": 0.55009925365448,
  "summary_bg_n": 150194.0,
  "summary_bg_p05": 0.00040183114033425237,
  "summary_bg_p95": 406.0081756591809,
  "summary_bg_stdv": 536.6105346679688,
  "summary_fg_k": 1.9403233109203457,
  "summary_fg_mad": 3203.91357421875,
  "summary_fg_mean": 18362.3515625,
  "summary_fg_median": 18563.876953125,
  "summary_fg_n": 40232.0,
  "summary_fg_p05": 11932.89677734375,
  "summary_fg_p95": 23909.777343749996,
  "summary_fg_stdv": 3736.499267578125,
  "tsnr": 52.35295867919922
}