{
  "aor": 0.00035901234567901235,
  "aqi": 0.004391810370370371,
  "bids_meta": {
    "AcquisitionNumber": 8,
    "BidsifyVersion": "0.3.5",
    "ConversionSoftware": "dcm2niix",
    "ConversionSoftwareVersion": "v1.0.20181125  GCC6.3.0",
    "EchoTime": 0.02762,
    "EffectiveEchoSpacing": 0.0006621159151938905,
    "ImageComments": "piop",
    "ImageOrientationPatientDICOM": [
      0.998719,
      -0.0326734,
      0.0386293,
      0.0367959,
      0.993101,
      -0.111336
    ],
    "Manufacturer": "Philips",
    "NumberOfVolumesDiscardedByScanner": 2,
    "ParallelAcquisitionTechnique": "SENSE",
    "ParallelReductionFactorInPlane": 2,
    "PatientPosition": "HFS",
    "PhaseEncodingDirection": "j",
    "PhilipsRescaleIntercept": 0,
    "PhilipsRescaleSlope": 0.80415,
    "PhilipsScaleSlope": 0.0587244,
    "ProtocolName": "WIPpiopwmSENSE",
    "PulseSequenceType": "gradient echo EPI",
    "ReconMatrixPE": 80,
    "RepetitionTime": 2,
    "SeriesDescription": "ImageMRSERIES",
    "SeriesNumber": 8,
    "SliceEncodingDirection": "k",
    "SliceTiming": [
      0.0,
      0.0541,
      0.1081,
      0.1622,
      0.2162,
      0.2703,
      0.3243,
      0.3784,
      0.4324,
      0.4865,
      0.5405,
      0.5946,
      0.6486,
      0.7027,
      0.7568,
      0.8108,
      0.8649,
      0.9189,
      0.973,
      1.027,
      1.0811,
      1.1351,
      1.1892,
      1.2432,
      1.2973,
      1.3514,
      1.4054,
      1.4595,
      1.5135,
      1.5676,
      1.6216,
      1.6757,
      1.7297,
      1.7838,
      1.8378,
      1.8919,
      1.9459
    ],
    "TaskName": "workingmemory",
    "TotalReadoutTime": 0.025822520692561732,
    "UsePhilipsFloatNotDisplayScaling": 1,
    "acq_id": "seq",
    "dataset": "unknown",
    "modality": "bold",
    "subject_id": "0068",
    "task_id": "workingmemory"
  },
  "dummy_trs": 0,
  "dvars_nstd": 26.689174320869565,
  "dvars_std": 1.4068544818633542,
  "dvars_vstd": 0.9591755161490683,
  "efc": 0.39487544558959115,
  "fber": 758065344.0,
  "fd_mean": 0.08618351520286976,
  "fd_num": 2,
  "fd_perc": 1.2345679012345678,
  "fwhm_avg": 2.4225909744023677,
  "fwhm_x": 2.3842333333333334,
  "fwhm_y": 2.6235666666666666,
  "fwhm_z": 2.259972923207103,
  "gcor": 0.00715411,
  "gsr_x": -0.008441401645541191,
  "gsr_y": 0.003525790525600314,
  "provenance": {
    "md5sum": "5cb6083725282a7ef49d764d56e3da75",
    "settings": {
      "fd_thres": 0.2,
      "hmc_fsl": false
    },
    "software": "mriqc",
    "version": "0.15.0",
    "webapi_port": null,
    "webapi_url": "https://mriqc.nimh.nih.gov/api/v1"
  },
  "size_t": 162,
  "size_x": 80,
  "size_y": 80,
  "size_z": 37,
  "snr": 4.585456105331378,
  "spacing_tr": 2.0,
  "spacing_x": 3.0,
  "spacing_y": 3.0,
  "spacing_z": 3.299999713897705,
  "spikes_num": 0,
  "summary_bg_k": 161.21885230288805,
  "summary_bg_mad": 1.270397663116455,
  "summary_bg_mean": 139.23728942871094,
  "summary_bg_median": 0.8672199845314026,
  "summary_bg_n": 155085.0,
  "summary_bg_p05": 0.0013881718507036567,
  "summary_bg_p95": 606.4320068359336,
  "summary_bg_stdv": 792.27978515625,
  "summary_fg_k": 1.5519444883012756,
  "summary_fg_mad": 4981.5927734375,
  "summary_fg_mean": 26502.2421875,
  "summary_fg_median": 26352.00390625,
  "summary_fg_n": 41005.0,
  "summary_fg_p05": 17423.37734375,
  "summary_fg_p95": 35688.803906249996,
  "summary_fg_stdv": 5746.79638671875,
  "tsnr": 78.84646606445312
}