{
  "aor": 0.000924151515151515,
  "aqi": 0.007561575272727271,
  "bids_meta": {
    "AcquisitionNumber": 2,
    "BidsifyVersion": "0.3.5",
    "ConversionSoftware": "dcm2niix",
    "ConversionSoftwareVersion": "v1.0.20181125  GCC6.3.0",
    "EchoTime": 0.02762,
    "ImageComments": "PIOP",
    "ImageOrientationPatientDICOM": [
      0.999103,
      0.042048,
      -0.00499472,
      -0.0418748,
      0.963642,
      -0.263895
    ],
    "Manufacturer": "Philips",
    "NumberOfVolumesDiscardedByScanner": 2,
    "ParallelAcquisitionTechnique": "SENSE",
    "ParallelReductionFactorInPlane": 2,
    "PatientPosition": "HFS",
    "PhaseEncodingDirection": "j",
    "PhilipsRescaleIntercept": 0,
    "PhilipsRescaleSlope": 0.85153,
    "PhilipsScaleSlope": 0.0871458,
    "ProtocolName": "WIPpiopfacesSENSE",
    "PulseSequenceType": "gradient echo EPI",
    "ReconMatrixPE": 80,
    "RepetitionTime": 0.75,
    "SeriesDescription": "ImageMRSERIES",
    "SeriesNumber": 2,
    "SliceEncodingDirection": "k",
    "TaskName": "faces",
    "UsePhilipsFloatNotDisplayScaling": 1,
    "acq_id": "mb3",
    "dataset": "unknown",
    "modality": "bold",
    "subject_id": "0012",
    "task_id": "faces"
  },
  "dummy_trs": 0,
  "dvars_nstd": 30.860464756990865,
  "dvars_std": 1.1565733136170206,
  "dvars_vstd": 1.0109953113677812,
  "efc": 0.40608021006867034,
  "fber": 3228688384.0,
  "fd_mean": 0.08717412645976055,
  "fd_num": 9,
  "fd_perc": 2.727272727272727,
  "fwhm_avg": 2.379107135018091,
  "fwhm_x": 2.3365833333333335,
  "fwhm_y": 2.5753833333333334,
  "fwhm_z": 2.2253547383876056,
  "gcor": 0.0132154,
  "gsr_x": -0.00991544034332037,
  "gsr_y": 0.005461038090288639,
  "provenance": {
    "md5sum": "77ab1dfa3a01618e1acb0ceccb626bae",
    "settings": {
      "fd_thres": 0.2,
      "hmc_fsl": false
    },
    "software": "mriqc",
    "version": "0.15.0",
    "webapi_port": null,
    "webapi_url": "https://mriqc.nimh.nih.gov/api/v1"
  },
  "size_t": 330,
  "size_x": 80,
  "size_y": 80,
  "size_z": 36,
  "snr": 4.912556410095981,
  "spacing_tr": 0.75,
  "spacing_x": 3.0,
  "spacing_y": 3.0,
  "spacing_z": 3.299999713897705,
  "spikes_num": 1,
  "summary_bg_k": 88.64574396777847,
  "summary_bg_mad": 0.366977721452713,
  "summary_bg_mean": 130.75765991210938,
  "summary_bg_median": 0.2515374720096588,
  "summary_bg_n": 149207.0,
  "summary_bg_p05": 0.0019555349135771394,
  "summary_bg_p95": 581.2034057617153,
  "summary_bg_stdv": 743.861328125,
  "summary_fg_k": 1.7158630444334602,
  "summary_fg_mad": 2950.4580078125,
  "summary_fg_mean": 16375.892578125,
  "summary_fg_median": 16403.84765625,
  "summary_fg_n": 40900.0,
  "summary_fg_p05": 11265.516552734374,
  "summary_fg_p95": 21599.906347656244,
  "summary_fg_stdv": 3339.12646484375,
  "tsnr": 46.3886604309082
}