{
  "bids_meta": {
    "AcquisitionNumber": 4,
    "BidsifyVersion": "0.3.5",
    "ConversionSoftware": "dcm2niix",
    "ConversionSoftwareVersion": "v1.0.20181125  GCC6.3.0",
    "EchoTime": 0.00373,
    "ImageComments": "Piop",
    "ImageOrientationPatientDICOM": [
      0.999802,
      -0.0198951,
      -0.00105393,
      0.0198954,
      0.999802,
      0.000328162
    ],
    "Manufacturer": "Philips",
    "PatientPosition": "HFS",
    "PhilipsRescaleIntercept": 0,
    "PhilipsRescaleSlope": 8.45348,
    "PhilipsScaleSlope": 0.00757917,
    "ProtocolName": "WIPt13dSENSE",
    "ReconMatrixPE": 240,
    "RepetitionTime": 0.008142,
    "SeriesDescription": "ImageMRSERIES",
    "SeriesNumber": 4,
    "UsePhilipsFloatNotDisplayScaling": 1,
    "dataset": "unknown",
    "modality": "T1w",
    "subject_id": "0155"
  },
  "cjv": 0.3374896523419109,
  "cnr": 3.714743110059493,
  "efc": 0.7436357267865207,
  "fber": 463.819580078125,
  "fwhm_avg": 3.50585,
  "fwhm_x": 3.48419,
  "fwhm_y": 3.7147,
  "fwhm_z": 3.31866,
  "icvs_csf": 0.2121470745415524,
  "icvs_gm": 0.42881279977127057,
  "icvs_wm": 0.359040125687177,
  "inu_med": 1.8498519659042358,
  "inu_range": 0.32678637504577646,
  "provenance": {
    "md5sum": "ce03f9e9c2eec86d6d63aad09f976f68",
    "settings": {
      "testing": false
    },
    "software": "mriqc",
    "version": "0.15.0",
    "warnings": {
      "large_rot_frame": true,
      "small_air_mask": true
    },
    "webapi_port": null,
    "webapi_url": "https://mriqc.nimh.nih.gov/api/v1"
  },
  "qi_1": 0.0,
  "qi_2": 0.0001360215453287624,
  "rpve_csf": 32.469245163704876,
  "rpve_gm": 17.017521373329892,
  "rpve_wm": 25.655809970178158,
  "size_x": 240,
  "size_y": 240,
  "size_z": 220,
  "snr_csf": 2.3734573083499426,
  "snr_gm": 6.648193788299865,
  "snr_total": 9.39557229826665,
  "snr_wm": 19.16506579815014,
  "snrd_csf": 24.40216519862117,
  "snrd_gm": 49.997001745087914,
  "snrd_total": 52.31216157021735,
  "snrd_wm": 82.53731776694296,
  "spacing_x": 1.0,
  "spacing_y": 1.0,
  "spacing_z": 1.0,
  "summary_bg_k": 309.17390185445146,
  "summary_bg_mad": 7.9372148513793945,
  "summary_bg_mean": 11.365906715393066,
  "summary_bg_median": 10.672749519348145,
  "summary_bg_n": 116885.0,
  "summary_bg_p05": 0.0,
  "summary_bg_p95": 27.357633590698242,
  "summary_bg_stdv": 15.484768867492676,
  "summary_csf_k": 2.9994307417631907,
  "summary_csf_mad": 125.22010040283203,
  "summary_csf_mean": 272.39324951171875,
  "summary_csf_median": 295.6410827636719,
  "summary_csf_n": 5489.0,
  "summary_csf_p05": 73.14062957763673,
  "summary_csf_p95": 444.13294677734376,
  "summary_csf_stdv": 124.55001831054688,
  "summary_gm_k": 0.20896381450992418,
  "summary_gm_mad": 86.04712677001953,
  "summary_gm_mean": 610.83251953125,
  "summary_gm_median": 605.7318115234375,
  "summary_gm_n": 17149.0,
  "summary_gm_p05": 467.456640625,
  "summary_gm_p95": 771.7512573242186,
  "summary_gm_stdv": 91.10958099365234,
  "summary_wm_k": 0.9068673769965478,
  "summary_wm_mad": 47.0040283203125,
  "summary_wm_mean": 997.3438720703125,
  "summary_wm_median": 999.9695434570312,
  "summary_wm_n": 154995.0,
  "summary_wm_p05": 906.0298583984376,
  "summary_wm_p95": 1077.153271484375,
  "summary_wm_stdv": 52.176513671875,
  "tpm_overlap_csf": 0.20819318294525146,
  "tpm_overlap_gm": 0.508880615234375,
  "tpm_overlap_wm": 0.5573952198028564,
  "wm2max": 0.6995501439007196
}