{
  "aor": 0.0015094693877551022,
  "aqi": 0.007462983387755102,
  "bids_meta": {
    "AcquisitionNumber": 3,
    "BidsifyVersion": "0.3.5",
    "ConversionSoftware": "dcm2niix",
    "ConversionSoftwareVersion": "v1.0.20181125  GCC6.3.0",
    "EchoTime": 0.02762,
    "ImageComments": "piop",
    "ImageOrientationPatientDICOM": [
      0.998306,
      -0.054453,
      -0.0204961,
      0.0495239,
      0.980166,
      -0.191889
    ],
    "Manufacturer": "Philips",
    "NumberOfVolumesDiscardedByScanner": 2,
    "ParallelAcquisitionTechnique": "SENSE",
    "ParallelReductionFactorInPlane": 2,
    "PatientPosition": "HFS",
    "PhaseEncodingDirection": "j",
    "PhilipsRescaleIntercept": 0,
    "PhilipsRescaleSlope": 0.77265,
    "PhilipsScaleSlope": 0.0626776,
    "ProtocolName": "WIPpiopgstroopSENSE",
    "PulseSequenceType": "gradient echo EPI",
    "ReconMatrixPE": 80,
    "RepetitionTime": 2,
    "SeriesDescription": "ImageMRSERIES",
    "SeriesNumber": 3,
    "SliceEncodingDirection": "k",
    "TaskName": "gstroop",
    "UsePhilipsFloatNotDisplayScaling": 1,
    "acq_id": "seq",
    "dataset": "unknown",
    "modality": "bold",
    "subject_id": "0035",
    "task_id": "gstroop"
  },
  "dummy_trs": 0,
  "dvars_nstd": 27.66402092934424,
  "dvars_std": 1.3274745750000005,
  "dvars_vstd": 0.9591472206967213,
  "efc": 0.40928925637062846,
  "fber": 196335120.0,
  "fd_mean": 0.11928743466420726,
  "fd_num": 10,
  "fd_perc": 4.081632653061225,
  "fwhm_avg": 2.2399926363662175,
  "fwhm_x": 2.18138,
  "fwhm_y": 2.44091,
  "fwhm_z": 2.097687909098653,
  "gcor": 0.0294436,
  "gsr_x": -0.0011748832184821367,
  "gsr_y": 0.0005857733776792884,
  "provenance": {
    "md5sum": "6bc67056f8f532e3bf920bd26689d894",
    "settings": {
      "fd_thres": 0.2,
      "hmc_fsl": false
    },
    "software": "mriqc",
    "version": "0.15.0",
    "webapi_port": null,
    "webapi_url": "https://mriqc.nimh.nih.gov/api/v1"
  },
  "size_t": 245,
  "size_x": 80,
  "size_y": 80,
  "size_z": 37,
  "snr": 4.9443997179402635,
  "spacing_tr": 2.0,
  "spacing_x": 3.0,
  "spacing_y": 3.0,
  "spacing_z": 3.299999952316284,
  "spikes_num": 1,
  "summary_bg_k": 129.89621437925157,
  "summary_bg_mad": 2.1197237968444824,
  "summary_bg_mean": 162.85092163085938,
  "summary_bg_median": 1.444293737411499,
  "summary_bg_n": 153254.0,
  "summary_bg_p05": 0.002503922500181944,
  "summary_bg_p95": 678.3677307128937,
  "summary_bg_stdv": 911.825927734375,
  "summary_fg_k": 2.673301701156725,
  "summary_fg_mad": 3885.44873046875,
  "summary_fg_mean": 22750.9453125,
  "summary_fg_median": 22458.130859375,
  "summary_fg_n": 42901.0,
  "summary_fg_p05": 16542.876953125,
  "summary_fg_p95": 29860.353515625,
  "summary_fg_stdv": 4542.08203125,
  "tsnr": 60.31267547607422
}