{
  "aor": 0.00038654545454545457,
  "aqi": 0.008923470363636363,
  "bids_meta": {
    "AcquisitionNumber": 2,
    "BidsifyVersion": "0.3.5",
    "ConversionSoftware": "dcm2niix",
    "ConversionSoftwareVersion": "v1.0.20181125  GCC6.3.0",
    "EchoTime": 0.02762,
    "EffectiveEchoSpacing": 0.0006333282667071997,
    "ImageComments": "Piop",
    "ImageOrientationPatientDICOM": [
      0.998253,
      0.058947,
      -0.00398299,
      -0.0587827,
      0.984175,
      -0.167168
    ],
    "Manufacturer": "Philips",
    "NumberOfVolumesDiscardedByScanner": 2,
    "ParallelAcquisitionTechnique": "SENSE",
    "ParallelReductionFactorInPlane": 2,
    "PatientPosition": "HFS",
    "PhaseEncodingDirection": "j",
    "PhilipsRescaleIntercept": 0,
    "PhilipsRescaleSlope": 0.78974,
    "PhilipsScaleSlope": 0.0919803,
    "ProtocolName": "WIPpiopfacesSENSE",
    "PulseSequenceType": "gradient echo EPI",
    "ReconMatrixPE": 80,
    "RepetitionTime": 0.75,
    "SeriesDescription": "ImageMRSERIES",
    "SeriesNumber": 2,
    "SliceEncodingDirection": "k",
    "SliceTiming": [
      0.0,
      0.06755050505050506,
      0.1351010101010101,
      0.20265151515151517,
      0.2702020202020202,
      0.3377525252525253,
      0.40530303030303033,
      0.47285353535353536,
      0.5404040404040404,
      0.6079545454545455,
      0.6755050505050506,
      0.7430555555555556,
      0.0,
      0.06755050505050506,
      0.1351010101010101,
      0.20265151515151517,
      0.2702020202020202,
      0.3377525252525253,
      0.40530303030303033,
      0.47285353535353536,
      0.5404040404040404,
      0.6079545454545455,
      0.6755050505050506,
      0.7430555555555556,
      0.0,
      0.06755050505050506,
      0.1351010101010101,
      0.20265151515151517,
      0.2702020202020202,
      0.3377525252525253,
      0.40530303030303033,
      0.47285353535353536,
      0.5404040404040404,
      0.6079545454545455,
      0.6755050505050506,
      0.7430555555555556
    ],
    "TaskName": "faces",
    "TotalReadoutTime": 0.024699802401580786,
    "UsePhilipsFloatNotDisplayScaling": 1,
    "acq_id": "mb3",
    "dataset": "unknown",
    "modality": "bold",
    "subject_id": "0071",
    "task_id": "faces"
  },
  "dummy_trs": 0,
  "dvars_nstd": 27.732543174285713,
  "dvars_std": 1.1278328550455934,
  "dvars_vstd": 0.9683410903343462,
  "efc": 0.42555219354516716,
  "fber": 184299984.0,
  "fd_mean": 0.10881015352921644,
  "fd_num": 26,
  "fd_perc": 7.878787878787879,
  "fwhm_avg": 2.7448203731395586,
  "fwhm_x": 2.77296,
  "fwhm_y": 3.03551,
  "fwhm_z": 2.4259911194186747,
  "gcor": 0.00785467,
  "gsr_x": 0.0017456822097301483,
  "gsr_y": -0.0003952012921217829,
  "provenance": {
    "md5sum": "6e2945bb4456467bc553f6923c80f40f",
    "settings": {
      "fd_thres": 0.2,
      "hmc_fsl": false
    },
    "software": "mriqc",
    "version": "0.15.0",
    "webapi_port": null,
    "webapi_url": "https://mriqc.nimh.nih.gov/api/v1"
  },
  "size_t": 330,
  "size_x": 80,
  "size_y": 80,
  "size_z": 36,
  "snr": 4.80781457124951,
  "spacing_tr": 0.75,
  "spacing_x": 3.0,
  "spacing_y": 3.0,
  "spacing_z": 3.299999713897705,
  "spikes_num": 2,
  "summary_bg_k": 55.75575576366675,
  "summary_bg_mad": 1.6808182001113892,
  "summary_bg_mean": 189.06690979003906,
  "summary_bg_median": 1.159638524055481,
  "summary_bg_n": 146195.0,
  "summary_bg_p05": 0.012657408602535725,
  "summary_bg_p95": 938.1022033691247,
  "summary_bg_stdv": 912.0255126953125,
  "summary_fg_k": 1.9620327691247308,
  "summary_fg_mad": 3040.842529296875,
  "summary_fg_mean": 17438.890625,
  "summary_fg_median": 17710.578125,
  "summary_fg_n": 43330.0,
  "summary_fg_p05": 10943.934423828126,
  "summary_fg_p95": 22779.088183593747,
  "summary_fg_stdv": 3683.6640625,
  "tsnr": 47.7640266418457
}