{
  "aor": 0.0025726249999999994,
  "aqi": 0.0060219194375,
  "bids_meta": {
    "AcquisitionNumber": 8,
    "BidsifyVersion": "0.3.5",
    "ConversionSoftware": "dcm2niix",
    "ConversionSoftwareVersion": "v1.0.20181125  GCC6.3.0",
    "EchoTime": 0.02762,
    "EffectiveEchoSpacing": 0.0006621159151938905,
    "ImageComments": "Piop",
    "ImageOrientationPatientDICOM": [
      0.998253,
      0.058947,
      -0.00398299,
      -0.0587827,
      0.984175,
      -0.167168
    ],
    "Manufacturer": "Philips",
    "NumberOfVolumesDiscardedByScanner": 2,
    "ParallelAcquisitionTechnique": "SENSE",
    "ParallelReductionFactorInPlane": 2,
    "PatientPosition": "HFS",
    "PhaseEncodingDirection": "j",
    "PhilipsRescaleIntercept": 0,
    "PhilipsRescaleSlope": 0.89524,
    "PhilipsScaleSlope": 0.0550499,
    "ProtocolName": "WIPpiopwmSENSE",
    "PulseSequenceType": "gradient echo EPI",
    "ReconMatrixPE": 80,
    "RepetitionTime": 2,
    "SeriesDescription": "ImageMRSERIES",
    "SeriesNumber": 8,
    "SliceEncodingDirection": "k",
    "SliceTiming": [
      0.0,
      0.0541,
      0.1081,
      0.1622,
      0.2162,
      0.2703,
      0.3243,
      0.3784,
      0.4324,
      0.4865,
      0.5405,
      0.5946,
      0.6486,
      0.7027,
      0.7568,
      0.8108,
      0.8649,
      0.9189,
      0.973,
      1.027,
      1.0811,
      1.1351,
      1.1892,
      1.2432,
      1.2973,
      1.3514,
      1.4054,
      1.4595,
      1.5135,
      1.5676,
      1.6216,
      1.6757,
      1.7297,
      1.7838,
      1.8378,
      1.8919,
      1.9459
    ],
    "TaskName": "workingmemory",
    "TotalReadoutTime": 0.025822520692561732,
    "UsePhilipsFloatNotDisplayScaling": 1,
    "acq_id": "seq",
    "dataset": "unknown",
    "modality": "bold",
    "subject_id": "0071",
    "task_id": "workingmemory"
  },
  "dummy_trs": 2,
  "dvars_nstd": 24.154969017106932,
  "dvars_std": 1.191244912264151,
  "dvars_vstd": 0.9901999672955974,
  "efc": 0.4170785473731653,
  "fber": 164011472.0,
  "fd_mean": 0.1151846062610065,
  "fd_num": 16,
  "fd_perc": 10.0,
  "fwhm_avg": 2.3819303134940255,
  "fwhm_x": 2.3414633333333335,
  "fwhm_y": 2.6318699999999997,
  "fwhm_z": 2.172457607148743,
  "gcor": 0.0328138,
  "gsr_x": 0.0036077904514968395,
  "gsr_y": 0.00032824292429722846,
  "provenance": {
    "md5sum": "11cd8010f1d46bd2e3fb48ef0dd61fea",
    "settings": {
      "fd_thres": 0.2,
      "hmc_fsl": false
    },
    "software": "mriqc",
    "version": "0.15.0",
    "webapi_port": null,
    "webapi_url": "https://mriqc.nimh.nih.gov/api/v1"
  },
  "size_t": 160,
  "size_x": 80,
  "size_y": 80,
  "size_z": 37,
  "snr": 4.413088829589979,
  "spacing_tr": 2.0,
  "spacing_x": 3.0,
  "spacing_y": 3.0,
  "spacing_z": 3.299999952316284,
  "spikes_num": 4,
  "summary_bg_k": 58.13244239083594,
  "summary_bg_mad": 2.3406999111175537,
  "summary_bg_mean": 246.17724609375,
  "summary_bg_median": 1.6069326400756836,
  "summary_bg_n": 151636.0,
  "summary_bg_p05": 0.00886405329219997,
  "summary_bg_p95": 1044.12158203125,
  "summary_bg_stdv": 1247.140869140625,
  "summary_fg_k": 1.9983044972488342,
  "summary_fg_mad": 4315.564453125,
  "summary_fg_mean": 22754.138671875,
  "summary_fg_median": 22683.384765625,
  "summary_fg_n": 43426.0,
  "summary_fg_p05": 14770.212158203125,
  "summary_fg_p95": 30731.7041015625,
  "summary_fg_stdv": 5139.96533203125,
  "tsnr": 57.9597282409668
}