{
  "aor": 0.00172375,
  "aqi": 0.0045194293,
  "bids_meta": {
    "AcquisitionNumber": 9,
    "BidsifyVersion": "0.3.5",
    "ConversionSoftware": "dcm2niix",
    "ConversionSoftwareVersion": "v1.0.20181125  GCC6.3.0",
    "EchoTime": 0.02762,
    "ImageComments": "PIOP",
    "ImageOrientationPatientDICOM": [
      0.993213,
      -0.101701,
      0.0564305,
      0.115446,
      0.921011,
      -0.372035
    ],
    "Manufacturer": "Philips",
    "NumberOfVolumesDiscardedByScanner": 2,
    "ParallelAcquisitionTechnique": "SENSE",
    "ParallelReductionFactorInPlane": 2,
    "PatientPosition": "HFS",
    "PhaseEncodingDirection": "j",
    "PhilipsRescaleIntercept": 0,
    "PhilipsRescaleSlope": 0.80147,
    "PhilipsScaleSlope": 0.0564664,
    "ProtocolName": "WIPpiopanticipatieSENSE",
    "PulseSequenceType": "gradient echo EPI",
    "ReconMatrixPE": 80,
    "RepetitionTime": 2,
    "SeriesDescription": "ImageMRSERIES",
    "SeriesNumber": 9,
    "SliceEncodingDirection": "k",
    "TaskName": "anticipation",
    "UsePhilipsFloatNotDisplayScaling": 1,
    "acq_id": "seq",
    "dataset": "unknown",
    "modality": "bold",
    "subject_id": "0110",
    "task_id": "anticipation"
  },
  "dummy_trs": 0,
  "dvars_nstd": 27.78830200467336,
  "dvars_std": 1.3727622171356788,
  "dvars_vstd": 1.0105281520100509,
  "efc": 0.4573528740148388,
  "fber": 119096464.0,
  "fd_mean": 0.12976247603147076,
  "fd_num": 25,
  "fd_perc": 12.5,
  "fwhm_avg": 2.282402636544911,
  "fwhm_x": 2.282506666666667,
  "fwhm_y": 2.4299133333333334,
  "fwhm_z": 2.1347879096347335,
  "gcor": 0.0184342,
  "gsr_x": -0.005959832575172186,
  "gsr_y": 0.01150302030146122,
  "provenance": {
    "md5sum": "5a532abca97648a16d2c1445d99404f7",
    "settings": {
      "fd_thres": 0.2,
      "hmc_fsl": false
    },
    "software": "mriqc",
    "version": "0.15.0",
    "webapi_port": null,
    "webapi_url": "https://mriqc.nimh.nih.gov/api/v1"
  },
  "size_t": 200,
  "size_x": 80,
  "size_y": 80,
  "size_z": 37,
  "snr": 4.498374762427488,
  "spacing_tr": 2.0,
  "spacing_x": 3.0,
  "spacing_y": 3.0,
  "spacing_z": 3.299999952316284,
  "spikes_num": 5,
  "summary_bg_k": 38.66411426580512,
  "summary_bg_mad": 2.7403945922851562,
  "summary_bg_mean": 347.4955749511719,
  "summary_bg_median": 1.88832426071167,
  "summary_bg_n": 143499.0,
  "summary_bg_p05": 0.011646872200071812,
  "summary_bg_p95": 1752.681433105474,
  "summary_bg_stdv": 1615.5452880859375,
  "summary_fg_k": 2.803856759018583,
  "summary_fg_mad": 4268.7822265625,
  "summary_fg_mean": 23491.515625,
  "summary_fg_median": 23042.8984375,
  "summary_fg_n": 50910.0,
  "summary_fg_p05": 16465.193750000002,
  "summary_fg_p95": 31783.52392578123,
  "summary_fg_stdv": 5122.44384765625,
  "tsnr": 68.81288146972656
}