{
  "aor": 0.0006030499999999999,
  "aqi": 0.00396463025,
  "bids_meta": {
    "AcquisitionNumber": 9,
    "BidsifyVersion": "0.3.5",
    "ConversionSoftware": "dcm2niix",
    "ConversionSoftwareVersion": "v1.0.20181125  GCC6.3.0",
    "EchoTime": 0.02762,
    "EffectiveEchoSpacing": 0.0006621159151938905,
    "ImageComments": "piop",
    "ImageOrientationPatientDICOM": [
      0.999896,
      0.0066021,
      -0.0128475,
      -0.00610809,
      0.999255,
      0.0381182
    ],
    "Manufacturer": "Philips",
    "NumberOfVolumesDiscardedByScanner": 2,
    "ParallelAcquisitionTechnique": "SENSE",
    "ParallelReductionFactorInPlane": 2,
    "PatientPosition": "HFS",
    "PhaseEncodingDirection": "j",
    "PhilipsRescaleIntercept": 0,
    "PhilipsRescaleSlope": 0.77338,
    "PhilipsScaleSlope": 0.0524615,
    "ProtocolName": "WIPpiopanticipatieSENSE",
    "PulseSequenceType": "gradient echo EPI",
    "ReconMatrixPE": 80,
    "RepetitionTime": 2,
    "SeriesDescription": "ImageMRSERIES",
    "SeriesNumber": 9,
    "SliceEncodingDirection": "k",
    "SliceTiming": [
      0.0,
      0.0541,
      0.1081,
      0.1622,
      0.2162,
      0.2703,
      0.3243,
      0.3784,
      0.4324,
      0.4865,
      0.5405,
      0.5946,
      0.6486,
      0.7027,
      0.7568,
      0.8108,
      0.8649,
      0.9189,
      0.973,
      1.027,
      1.0811,
      1.1351,
      1.1892,
      1.2432,
      1.2973,
      1.3514,
      1.4054,
      1.4595,
      1.5135,
      1.5676,
      1.6216,
      1.6757,
      1.7297,
      1.7838,
      1.8378,
      1.8919,
      1.9459
    ],
    "TaskName": "anticipation",
    "TotalReadoutTime": 0.025822520692561732,
    "UsePhilipsFloatNotDisplayScaling": 1,
    "acq_id": "seq",
    "dataset": "unknown",
    "modality": "bold",
    "subject_id": "0184",
    "task_id": "anticipation"
  },
  "dummy_trs": 0,
  "dvars_nstd": 26.07803438623116,
  "dvars_std": 1.3188388011055268,
  "dvars_vstd": 0.9878093674874372,
  "efc": 0.4344717075350583,
  "fber": 332801248.0,
  "fd_mean": 0.10828149626824146,
  "fd_num": 11,
  "fd_perc": 5.5,
  "fwhm_avg": 2.3574184954792825,
  "fwhm_x": 2.26396,
  "fwhm_y": 2.60115,
  "fwhm_z": 2.207145486437848,
  "gcor": 0.0188748,
  "gsr_x": 0.0013576772762462497,
  "gsr_y": 0.0064132679253816605,
  "provenance": {
    "md5sum": "83fbbe96185da95a2cbcd37c1dafd1bc",
    "settings": {
      "fd_thres": 0.2,
      "hmc_fsl": false
    },
    "software": "mriqc",
    "version": "0.15.0",
    "webapi_port": null,
    "webapi_url": "https://mriqc.nimh.nih.gov/api/v1"
  },
  "size_t": 200,
  "size_x": 80,
  "size_y": 80,
  "size_z": 37,
  "snr": 3.9791910429904753,
  "spacing_tr": 2.0,
  "spacing_x": 3.0,
  "spacing_y": 3.0,
  "spacing_z": 3.299999952316284,
  "spikes_num": 2,
  "summary_bg_k": 83.84468726312893,
  "summary_bg_mad": 1.8947837352752686,
  "summary_bg_mean": 259.0840148925781,
  "summary_bg_median": 1.3116815090179443,
  "summary_bg_n": 146439.0,
  "summary_bg_p05": 0.006316800834611058,
  "summary_bg_p95": 1045.915820312507,
  "summary_bg_stdv": 1454.032470703125,
  "summary_fg_k": 1.8134081809889908,
  "summary_fg_mad": 5247.7939453125,
  "summary_fg_mean": 26020.828125,
  "summary_fg_median": 25354.28515625,
  "summary_fg_n": 48520.0,
  "summary_fg_p05": 17104.423437499998,
  "summary_fg_p95": 37222.81562499999,
  "summary_fg_stdv": 6371.65283203125,
  "tsnr": 68.61747741699219
}