{
  "aor": 0.0038933333333333337,
  "aqi": 0.005006673827160494,
  "bids_meta": {
    "AcquisitionNumber": 8,
    "BidsifyVersion": "0.3.5",
    "ConversionSoftware": "dcm2niix",
    "ConversionSoftwareVersion": "v1.0.20181125  GCC6.3.0",
    "EchoTime": 0.02762,
    "EffectiveEchoSpacing": 0.0006621159151938905,
    "ImageComments": "piop",
    "ImageOrientationPatientDICOM": [
      0.999896,
      0.0066021,
      -0.0128475,
      -0.00610809,
      0.999255,
      0.0381182
    ],
    "Manufacturer": "Philips",
    "NumberOfVolumesDiscardedByScanner": 2,
    "ParallelAcquisitionTechnique": "SENSE",
    "ParallelReductionFactorInPlane": 2,
    "PatientPosition": "HFS",
    "PhaseEncodingDirection": "j",
    "PhilipsRescaleIntercept": 0,
    "PhilipsRescaleSlope": 0.80415,
    "PhilipsScaleSlope": 0.0510503,
    "ProtocolName": "WIPpiopwmSENSE",
    "PulseSequenceType": "gradient echo EPI",
    "ReconMatrixPE": 80,
    "RepetitionTime": 2,
    "SeriesDescription": "ImageMRSERIES",
    "SeriesNumber": 8,
    "SliceEncodingDirection": "k",
    "SliceTiming": [
      0.0,
      0.0541,
      0.1081,
      0.1622,
      0.2162,
      0.2703,
      0.3243,
      0.3784,
      0.4324,
      0.4865,
      0.5405,
      0.5946,
      0.6486,
      0.7027,
      0.7568,
      0.8108,
      0.8649,
      0.9189,
      0.973,
      1.027,
      1.0811,
      1.1351,
      1.1892,
      1.2432,
      1.2973,
      1.3514,
      1.4054,
      1.4595,
      1.5135,
      1.5676,
      1.6216,
      1.6757,
      1.7297,
      1.7838,
      1.8378,
      1.8919,
      1.9459
    ],
    "TaskName": "workingmemory",
    "TotalReadoutTime": 0.025822520692561732,
    "UsePhilipsFloatNotDisplayScaling": 1,
    "acq_id": "seq",
    "dataset": "unknown",
    "modality": "bold",
    "subject_id": "0184",
    "task_id": "workingmemory"
  },
  "dummy_trs": 0,
  "dvars_nstd": 27.02206582012422,
  "dvars_std": 1.396318217329193,
  "dvars_vstd": 1.09468948931677,
  "efc": 0.43598659934004763,
  "fber": 150572736.0,
  "fd_mean": 0.11017300538674378,
  "fd_num": 11,
  "fd_perc": 6.790123456790123,
  "fwhm_avg": 2.347409909571685,
  "fwhm_x": 2.244613333333333,
  "fwhm_y": 2.6006466666666666,
  "fwhm_z": 2.1969697287150547,
  "gcor": 0.0256071,
  "gsr_x": 0.0008727563545107841,
  "gsr_y": 0.007375628687441349,
  "provenance": {
    "md5sum": "adca666825102dcf7ecacd5a29fe5f86",
    "settings": {
      "fd_thres": 0.2,
      "hmc_fsl": false
    },
    "software": "mriqc",
    "version": "0.15.0",
    "webapi_port": null,
    "webapi_url": "https://mriqc.nimh.nih.gov/api/v1"
  },
  "size_t": 162,
  "size_x": 80,
  "size_y": 80,
  "size_z": 37,
  "snr": 4.03093986659182,
  "spacing_tr": 2.0,
  "spacing_x": 3.0,
  "spacing_y": 3.0,
  "spacing_z": 3.299999952316284,
  "spikes_num": 1,
  "summary_bg_k": 78.24435874659225,
  "summary_bg_mad": 2.789689064025879,
  "summary_bg_mean": 265.8017578125,
  "summary_bg_median": 1.9254521131515503,
  "summary_bg_n": 146287.0,
  "summary_bg_p05": 0.013424852397292852,
  "summary_bg_p95": 1127.5641235351536,
  "summary_bg_stdv": 1447.886474609375,
  "summary_fg_k": 1.8099751861259206,
  "summary_fg_mad": 5240.0068359375,
  "summary_fg_mean": 26138.169921875,
  "summary_fg_median": 25455.5078125,
  "summary_fg_n": 48524.0,
  "summary_fg_p05": 17345.55478515625,
  "summary_fg_p95": 37316.6708984375,
  "summary_fg_stdv": 6314.96533203125,
  "tsnr": 61.73651123046875
}