{
  "bids_meta": {
    "AcquisitionNumber": 4,
    "BidsifyVersion": "0.3.5",
    "ConversionSoftware": "dcm2niix",
    "ConversionSoftwareVersion": "v1.0.20181125  GCC6.3.0",
    "EchoTime": 0.00377,
    "ImageComments": "Piop",
    "ImageOrientationPatientDICOM": [
      0.998766,
      -0.0456494,
      0.019535,
      0.0469259,
      0.996384,
      -0.0708328
    ],
    "Manufacturer": "Philips",
    "PatientPosition": "HFS",
    "PhilipsRescaleIntercept": 0,
    "PhilipsRescaleSlope": 9.30281,
    "PhilipsScaleSlope": 0.00736662,
    "ProtocolName": "WIPt13dSENSE",
    "ReconMatrixPE": 240,
    "RepetitionTime": 0.008199,
    "SeriesDescription": "ImageMRSERIES",
    "SeriesNumber": 4,
    "UsePhilipsFloatNotDisplayScaling": 1,
    "dataset": "unknown",
    "modality": "T1w",
    "subject_id": "0079"
  },
  "cjv": 0.29997425799674116,
  "cnr": 4.145874415952828,
  "efc": 0.7752087725419844,
  "fber": 674.212158203125,
  "fwhm_avg": 3.426716666666667,
  "fwhm_x": 3.43085,
  "fwhm_y": 3.58307,
  "fwhm_z": 3.26623,
  "icvs_csf": 0.18728590402152434,
  "icvs_gm": 0.4480977989485858,
  "icvs_wm": 0.36461629702988985,
  "inu_med": 2.3883559703826904,
  "inu_range": 0.755203819274902,
  "provenance": {
    "md5sum": "7e4e8a21d237d8e7cf42197b17a07e00",
    "settings": {
      "testing": false
    },
    "software": "mriqc",
    "version": "0.15.0",
    "warnings": {
      "large_rot_frame": true,
      "small_air_mask": true
    },
    "webapi_port": null,
    "webapi_url": "https://mriqc.nimh.nih.gov/api/v1"
  },
  "qi_1": 0.0,
  "qi_2": 0.000351396004763614,
  "rpve_csf": 28.619738223113682,
  "rpve_gm": 13.388025003376228,
  "rpve_wm": 19.8953179535066,
  "size_x": 240,
  "size_y": 240,
  "size_z": 220,
  "snr_csf": 2.2135950082074887,
  "snr_gm": 7.93103388367646,
  "snr_total": 9.686340332267928,
  "snr_wm": 18.914392104919838,
  "snrd_csf": 19.23475333436045,
  "snrd_gm": 41.790802145228774,
  "snrd_total": 43.16642492849595,
  "snrd_wm": 68.47371930589863,
  "spacing_x": 1.0,
  "spacing_y": 1.0,
  "spacing_z": 1.0,
  "summary_bg_k": 141.02977429148822,
  "summary_bg_mad": 9.567662239074707,
  "summary_bg_mean": 12.771571159362793,
  "summary_bg_median": 12.85073471069336,
  "summary_bg_n": 93106.0,
  "summary_bg_p05": 0.0,
  "summary_bg_p95": 32.547194480895996,
  "summary_bg_stdv": 10.858014106750488,
  "summary_csf_k": 0.536684102864136,
  "summary_csf_mad": 151.6134033203125,
  "summary_csf_mean": 270.8436584472656,
  "summary_csf_median": 280.90582275390625,
  "summary_csf_n": 5577.0,
  "summary_csf_p05": 78.13180694580078,
  "summary_csf_p95": 467.070538330078,
  "summary_csf_stdv": 126.88890075683594,
  "summary_gm_k": 0.5986423373845216,
  "summary_gm_mad": 70.56920623779297,
  "summary_gm_mean": 613.4163208007812,
  "summary_gm_median": 610.3161010742188,
  "summary_gm_n": 19159.0,
  "summary_gm_p05": 492.0175811767578,
  "summary_gm_p95": 747.7880859374999,
  "summary_gm_stdv": 76.95089721679688,
  "summary_wm_k": 1.1943587731937937,
  "summary_wm_mad": 46.32457733154297,
  "summary_wm_mean": 996.9214477539062,
  "summary_wm_median": 999.9954833984375,
  "summary_wm_n": 189942.0,
  "summary_wm_p05": 903.6483917236328,
  "summary_wm_p95": 1076.992138671875,
  "summary_wm_stdv": 52.869415283203125,
  "tpm_overlap_csf": 0.2035161852836609,
  "tpm_overlap_gm": 0.5122563242912292,
  "tpm_overlap_wm": 0.543910562992096,
  "wm2max": 0.72698771120835
}