{
  "aor": 0.0005192424242424241,
  "aqi": 0.007528883606060606,
  "bids_meta": {
    "AcquisitionNumber": 2,
    "BidsifyVersion": "0.3.5",
    "ConversionSoftware": "dcm2niix",
    "ConversionSoftwareVersion": "v1.0.20181125  GCC6.3.0",
    "EchoTime": 0.02762,
    "ImageComments": "PIOP",
    "ImageOrientationPatientDICOM": [
      0.99925,
      0.0385301,
      -0.00385759,
      -0.037514,
      0.938549,
      -0.343101
    ],
    "Manufacturer": "Philips",
    "NumberOfVolumesDiscardedByScanner": 2,
    "ParallelAcquisitionTechnique": "SENSE",
    "ParallelReductionFactorInPlane": 2,
    "PatientPosition": "HFS",
    "PhaseEncodingDirection": "j",
    "PhilipsRescaleIntercept": 0,
    "PhilipsRescaleSlope": 0.81709,
    "PhilipsScaleSlope": 0.099405,
    "ProtocolName": "WIPpiopfacesSENSE",
    "PulseSequenceType": "gradient echo EPI",
    "ReconMatrixPE": 80,
    "RepetitionTime": 0.75,
    "SeriesDescription": "ImageMRSERIES",
    "SeriesNumber": 2,
    "SliceEncodingDirection": "k",
    "TaskName": "faces",
    "UsePhilipsFloatNotDisplayScaling": 1,
    "acq_id": "mb3",
    "dataset": "unknown",
    "modality": "bold",
    "subject_id": "0093",
    "task_id": "faces"
  },
  "dummy_trs": 0,
  "dvars_nstd": 27.455653599604865,
  "dvars_std": 1.085837085379939,
  "dvars_vstd": 1.0091223627963526,
  "efc": 0.40949827416936835,
  "fber": 2975876864.0,
  "fd_mean": 0.1027245819539565,
  "fd_num": 14,
  "fd_perc": 4.242424242424242,
  "fwhm_avg": 2.442393950316955,
  "fwhm_x": 2.439223333333333,
  "fwhm_y": 2.6201433333333335,
  "fwhm_z": 2.2678151842841983,
  "gcor": 0.0104718,
  "gsr_x": -0.009271763265132904,
  "gsr_y": 0.0034941891208291054,
  "provenance": {
    "md5sum": "130d558db9c9121477cd63ec9fa07cd0",
    "settings": {
      "fd_thres": 0.2,
      "hmc_fsl": false
    },
    "software": "mriqc",
    "version": "0.15.0",
    "webapi_port": null,
    "webapi_url": "https://mriqc.nimh.nih.gov/api/v1"
  },
  "size_t": 330,
  "size_x": 80,
  "size_y": 80,
  "size_z": 36,
  "snr": 4.93066455160137,
  "spacing_tr": 0.75,
  "spacing_x": 3.0,
  "spacing_y": 3.0,
  "spacing_z": 3.299999952316284,
  "spikes_num": 2,
  "summary_bg_k": 80.95984955953688,
  "summary_bg_mad": 0.34933212399482727,
  "summary_bg_mean": 156.2420196533203,
  "summary_bg_median": 0.236178457736969,
  "summary_bg_n": 150320.0,
  "summary_bg_p05": 0.00045888392633060043,
  "summary_bg_p95": 608.0839965820301,
  "summary_bg_stdv": 836.9356079101562,
  "summary_fg_k": 1.7853212796531093,
  "summary_fg_mad": 2780.39892578125,
  "summary_fg_mean": 15405.669921875,
  "summary_fg_median": 15391.0087890625,
  "summary_fg_n": 40295.0,
  "summary_fg_p05": 10622.66767578125,
  "summary_fg_p95": 20318.2685546875,
  "summary_fg_stdv": 3121.448974609375,
  "tsnr": 46.95307159423828
}