{
  "aor": 0.0012794074074074073,
  "aqi": 0.0030592519259259265,
  "bids_meta": {
    "AcquisitionNumber": 5,
    "BidsifyVersion": "0.3.5",
    "ConversionSoftware": "dcm2niix",
    "ConversionSoftwareVersion": "v1.0.20181125  GCC6.3.0",
    "EchoTime": 0.02762,
    "ImageComments": "PIOP",
    "ImageOrientationPatientDICOM": [
      0.99925,
      0.0385301,
      -0.00385759,
      -0.037514,
      0.938549,
      -0.343101
    ],
    "Manufacturer": "Philips",
    "NumberOfVolumesDiscardedByScanner": 2,
    "ParallelAcquisitionTechnique": "SENSE",
    "ParallelReductionFactorInPlane": 2,
    "PatientPosition": "HFS",
    "PhaseEncodingDirection": "j",
    "PhilipsRescaleIntercept": 0,
    "PhilipsRescaleSlope": 0.8127,
    "PhilipsScaleSlope": 0.0661867,
    "ProtocolName": "WIPpiopharririSENSE",
    "PulseSequenceType": "gradient echo EPI",
    "ReconMatrixPE": 80,
    "RepetitionTime": 2,
    "SeriesDescription": "ImageMRSERIES",
    "SeriesNumber": 5,
    "SliceEncodingDirection": "k",
    "TaskName": "emomatching",
    "UsePhilipsFloatNotDisplayScaling": 1,
    "acq_id": "seq",
    "dataset": "unknown",
    "modality": "bold",
    "subject_id": "0093",
    "task_id": "emomatching"
  },
  "dummy_trs": 0,
  "dvars_nstd": 26.173497840820893,
  "dvars_std": 1.3401110932835818,
  "dvars_vstd": 1.0151289176865674,
  "efc": 0.4048181646581188,
  "fber": 2511174400.0,
  "fd_mean": 0.09295252660371855,
  "fd_num": 1,
  "fd_perc": 0.7407407407407407,
  "fwhm_avg": 2.3157316265158134,
  "fwhm_x": 2.3016733333333335,
  "fwhm_y": 2.4958033333333334,
  "fwhm_z": 2.1497182128807735,
  "gcor": 0.017627,
  "gsr_x": -0.008626753464341164,
  "gsr_y": 0.003558943746611476,
  "provenance": {
    "md5sum": "d6ee2be45e0db0d783a90701470d8358",
    "settings": {
      "fd_thres": 0.2,
      "hmc_fsl": false
    },
    "software": "mriqc",
    "version": "0.15.0",
    "webapi_port": null,
    "webapi_url": "https://mriqc.nimh.nih.gov/api/v1"
  },
  "size_t": 135,
  "size_x": 80,
  "size_y": 80,
  "size_z": 37,
  "snr": 4.5279985303458945,
  "spacing_tr": 2.0,
  "spacing_x": 3.0,
  "spacing_y": 3.0,
  "spacing_z": 3.299999952316284,
  "spikes_num": 3,
  "summary_bg_k": 112.5224007579008,
  "summary_bg_mad": 0.5533561706542969,
  "summary_bg_mean": 209.94557189941406,
  "summary_bg_median": 0.3760061264038086,
  "summary_bg_n": 154859.0,
  "summary_bg_p05": 0.001528660813346505,
  "summary_bg_p95": 682.4393676757813,
  "summary_bg_stdv": 1180.0885009765625,
  "summary_fg_k": 2.0917948825847237,
  "summary_fg_mad": 4087.7109375,
  "summary_fg_mean": 21698.2734375,
  "summary_fg_median": 21360.595703125,
  "summary_fg_n": 41063.0,
  "summary_fg_p05": 15081.2568359375,
  "summary_fg_p95": 29341.583203125003,
  "summary_fg_stdv": 4717.39013671875,
  "tsnr": 79.43753814697266
}