{
  "aor": 0.002295782881002088,
  "aqi": 0.016115987473903966,
  "bids_meta": {
    "AcquisitionNumber": 6,
    "BidsifyVersion": "0.3.5",
    "ConversionSoftware": "dcm2niix",
    "ConversionSoftwareVersion": "v1.0.20181125  GCC6.3.0",
    "EchoTime": 0.02762,
    "ImageComments": "piop",
    "ImageOrientationPatientDICOM": [
      0.99835,
      0.0522364,
      0.0238441,
      -0.0476049,
      0.985145,
      -0.164993
    ],
    "Manufacturer": "Philips",
    "NumberOfVolumesDiscardedByScanner": 2,
    "ParallelAcquisitionTechnique": "SENSE",
    "ParallelReductionFactorInPlane": 2,
    "PatientPosition": "HFS",
    "PhaseEncodingDirection": "j",
    "PhilipsRescaleIntercept": 0,
    "PhilipsRescaleSlope": 0.75092,
    "PhilipsScaleSlope": 0.10189,
    "ProtocolName": "WIPpioprsSENSE",
    "PulseSequenceType": "gradient echo EPI",
    "ReconMatrixPE": 80,
    "RepetitionTime": 0.75,
    "SeriesDescription": "ImageMRSERIES",
    "SeriesNumber": 6,
    "SliceEncodingDirection": "k",
    "TaskName": "restingstate",
    "UsePhilipsFloatNotDisplayScaling": 1,
    "acq_id": "mb3",
    "dataset": "unknown",
    "modality": "bold",
    "subject_id": "0050",
    "task_id": "restingstate"
  },
  "dummy_trs": 1,
  "dvars_nstd": 31.31168286464435,
  "dvars_std": 1.0963671574267775,
  "dvars_vstd": 1.0044928046861927,
  "efc": 0.38272081613023096,
  "fber": 123674496.0,
  "fd_mean": 0.11089985634143107,
  "fd_num": 40,
  "fd_perc": 8.350730688935283,
  "fwhm_avg": 2.5048144554150706,
  "fwhm_x": 2.4747133333333333,
  "fwhm_y": 2.7620299999999998,
  "fwhm_z": 2.277700032911879,
  "gcor": 0.0159013,
  "gsr_x": -0.007831983268260956,
  "gsr_y": 0.002746300073340535,
  "provenance": {
    "md5sum": "eb3db11d0f0cdd689fbe4a833ea4b284",
    "settings": {
      "fd_thres": 0.2,
      "hmc_fsl": false
    },
    "software": "mriqc",
    "version": "0.15.0",
    "webapi_port": null,
    "webapi_url": "https://mriqc.nimh.nih.gov/api/v1"
  },
  "size_t": 479,
  "size_x": 80,
  "size_y": 80,
  "size_z": 36,
  "snr": 5.439321948815711,
  "spacing_tr": 0.75,
  "spacing_x": 3.0,
  "spacing_y": 3.0,
  "spacing_z": 3.299999952316284,
  "spikes_num": 1,
  "summary_bg_k": 81.83848939277517,
  "summary_bg_mad": 1.9187190532684326,
  "summary_bg_mean": 128.68399047851562,
  "summary_bg_median": 1.3259108066558838,
  "summary_bg_n": 154674.0,
  "summary_bg_p05": 0.012351360404863954,
  "summary_bg_p95": 525.6741821289082,
  "summary_bg_stdv": 696.529052734375,
  "summary_fg_k": 2.5828671786918918,
  "summary_fg_mad": 2437.71240234375,
  "summary_fg_mean": 15812.802734375,
  "summary_fg_median": 15949.697265625,
  "summary_fg_n": 35777.0,
  "summary_fg_p05": 10908.9900390625,
  "summary_fg_p95": 20130.928906249992,
  "summary_fg_stdv": 2932.254150390625,
  "tsnr": 37.69211959838867
}