{
  "aor": 0.00467074074074074,
  "aqi": 0.004842168962962963,
  "bids_meta": {
    "AcquisitionNumber": 5,
    "BidsifyVersion": "0.3.5",
    "ConversionSoftware": "dcm2niix",
    "ConversionSoftwareVersion": "v1.0.20181125  GCC6.3.0",
    "EchoTime": 0.02762,
    "ImageComments": "piop",
    "ImageOrientationPatientDICOM": [
      0.99835,
      0.0522364,
      0.0238441,
      -0.0476049,
      0.985145,
      -0.164993
    ],
    "Manufacturer": "Philips",
    "NumberOfVolumesDiscardedByScanner": 2,
    "ParallelAcquisitionTechnique": "SENSE",
    "ParallelReductionFactorInPlane": 2,
    "PatientPosition": "HFS",
    "PhaseEncodingDirection": "j",
    "PhilipsRescaleIntercept": 0,
    "PhilipsRescaleSlope": 0.85739,
    "PhilipsScaleSlope": 0.0598178,
    "ProtocolName": "WIPpiopharririSENSE",
    "PulseSequenceType": "gradient echo EPI",
    "ReconMatrixPE": 80,
    "RepetitionTime": 2,
    "SeriesDescription": "ImageMRSERIES",
    "SeriesNumber": 5,
    "SliceEncodingDirection": "k",
    "TaskName": "emomatching",
    "UsePhilipsFloatNotDisplayScaling": 1,
    "acq_id": "seq",
    "dataset": "unknown",
    "modality": "bold",
    "subject_id": "0050",
    "task_id": "emomatching"
  },
  "dummy_trs": 0,
  "dvars_nstd": 20.679002704925374,
  "dvars_std": 1.2132906527611944,
  "dvars_vstd": 1.0020595843283582,
  "efc": 0.37526281446842663,
  "fber": 1082344576.0,
  "fd_mean": 0.08545029745860616,
  "fd_num": 4,
  "fd_perc": 2.962962962962963,
  "fwhm_avg": 2.3932709195182595,
  "fwhm_x": 2.3646766666666665,
  "fwhm_y": 2.65023,
  "fwhm_z": 2.164906091888111,
  "gcor": 0.0162944,
  "gsr_x": -0.007069799583405256,
  "gsr_y": 0.003981335554271936,
  "provenance": {
    "md5sum": "edde6b8d34b98e4605801bdf6847a566",
    "settings": {
      "fd_thres": 0.2,
      "hmc_fsl": false
    },
    "software": "mriqc",
    "version": "0.15.0",
    "webapi_port": null,
    "webapi_url": "https://mriqc.nimh.nih.gov/api/v1"
  },
  "size_t": 135,
  "size_x": 80,
  "size_y": 80,
  "size_z": 37,
  "snr": 4.711607097287619,
  "spacing_tr": 2.0,
  "spacing_x": 3.0,
  "spacing_y": 3.0,
  "spacing_z": 3.299999952316284,
  "spikes_num": 1,
  "summary_bg_k": 85.8047406027042,
  "summary_bg_mad": 0.8625153303146362,
  "summary_bg_mean": 167.83065795898438,
  "summary_bg_median": 0.587155818939209,
  "summary_bg_n": 159963.0,
  "summary_bg_p05": 0.0034583947388455286,
  "summary_bg_p95": 594.3144531249997,
  "summary_bg_stdv": 944.4508056640625,
  "summary_fg_k": 2.2799483993779877,
  "summary_fg_mad": 3961.330810546875,
  "summary_fg_mean": 22561.669921875,
  "summary_fg_median": 22296.890625,
  "summary_fg_n": 36265.0,
  "summary_fg_p05": 15518.458203125,
  "summary_fg_p95": 29986.905078124997,
  "summary_fg_stdv": 4732.26708984375,
  "tsnr": 71.29689025878906
}