{
  "bids_meta": {
    "AcquisitionNumber": 4,
    "BidsifyVersion": "0.3.5",
    "ConversionSoftware": "dcm2niix",
    "ConversionSoftwareVersion": "v1.0.20181125  GCC6.3.0",
    "EchoTime": 0.00376,
    "ImageComments": "piop",
    "ImageOrientationPatientDICOM": [
      0.994993,
      -0.0969502,
      -0.0242701,
      0.0972093,
      0.995216,
      0.00972867
    ],
    "Manufacturer": "Philips",
    "PatientPosition": "HFS",
    "PhilipsRescaleIntercept": 0,
    "PhilipsRescaleSlope": 8.79438,
    "PhilipsScaleSlope": 0.00732746,
    "ProtocolName": "WIPt13dSENSE",
    "ReconMatrixPE": 240,
    "RepetitionTime": 0.008164,
    "SeriesDescription": "ImageMRSERIES",
    "SeriesNumber": 4,
    "UsePhilipsFloatNotDisplayScaling": 1,
    "dataset": "unknown",
    "modality": "T1w",
    "subject_id": "0107"
  },
  "cjv": 0.2996295785718076,
  "cnr": 4.291723645689459,
  "efc": 0.7674718739731886,
  "fber": 748.5604248046875,
  "fwhm_avg": 3.6718499999999996,
  "fwhm_x": 3.60932,
  "fwhm_y": 3.92889,
  "fwhm_z": 3.47734,
  "icvs_csf": 0.18493980574004057,
  "icvs_gm": 0.45459141126492547,
  "icvs_wm": 0.36046878299503393,
  "inu_med": 1.535558819770813,
  "inu_range": 0.4527133226394655,
  "provenance": {
    "md5sum": "e4fe5a27a8e1cd09a465f8875d519390",
    "settings": {
      "testing": false
    },
    "software": "mriqc",
    "version": "0.15.0",
    "warnings": {
      "large_rot_frame": true,
      "small_air_mask": true
    },
    "webapi_port": null,
    "webapi_url": "https://mriqc.nimh.nih.gov/api/v1"
  },
  "qi_1": 0.0,
  "qi_2": 0.0003481069538154845,
  "rpve_csf": 28.455417819289817,
  "rpve_gm": 13.29292666008477,
  "rpve_wm": 20.176440813711356,
  "size_x": 240,
  "size_y": 240,
  "size_z": 220,
  "snr_csf": 2.1153754096165813,
  "snr_gm": 7.453696585523053,
  "snr_total": 9.945823472697343,
  "snr_wm": 20.268398422952394,
  "snrd_csf": 18.64930385827785,
  "snrd_gm": 42.146019493902806,
  "snrd_total": 43.87241503952631,
  "snrd_wm": 70.82192176639826,
  "spacing_x": 1.0,
  "spacing_y": 1.0,
  "spacing_z": 1.0,
  "summary_bg_k": 3.6519182146627216,
  "summary_bg_mad": 9.250226020812988,
  "summary_bg_mean": 10.480330467224121,
  "summary_bg_median": 6.239182472229004,
  "summary_bg_n": 54792.0,
  "summary_bg_p05": 0.0,
  "summary_bg_p95": 30.4526349067688,
  "summary_bg_stdv": 9.623038291931152,
  "summary_csf_k": -0.31891129906094307,
  "summary_csf_mad": 161.0342254638672,
  "summary_csf_mean": 262.3872375488281,
  "summary_csf_median": 263.31964111328125,
  "summary_csf_n": 5651.0,
  "summary_csf_p05": 84.23400115966797,
  "summary_csf_p95": 453.2397003173828,
  "summary_csf_stdv": 124.46790313720703,
  "summary_gm_k": 0.12995866311050497,
  "summary_gm_mad": 77.56460571289062,
  "summary_gm_mean": 599.8057861328125,
  "summary_gm_median": 595.08251953125,
  "summary_gm_n": 28756.0,
  "summary_gm_p05": 474.7948226928711,
  "summary_gm_p95": 737.9554748535156,
  "summary_gm_stdv": 79.83584594726562,
  "summary_wm_k": 1.3075980966365979,
  "summary_wm_mad": 43.752601623535156,
  "summary_wm_mean": 998.4197998046875,
  "summary_wm_median": 999.97314453125,
  "summary_wm_n": 199934.0,
  "summary_wm_p05": 915.6845184326172,
  "summary_wm_p95": 1075.5839538574219,
  "summary_wm_stdv": 49.33644104003906,
  "tpm_overlap_csf": 0.2179822474718094,
  "tpm_overlap_gm": 0.5231978893280029,
  "tpm_overlap_wm": 0.5486435294151306,
  "wm2max": 0.6918561796570825
}