{
  "aor": 0.0007808484848484847,
  "aqi": 0.007095835818181818,
  "bids_meta": {
    "AcquisitionNumber": 2,
    "BidsifyVersion": "0.3.5",
    "ConversionSoftware": "dcm2niix",
    "ConversionSoftwareVersion": "v1.0.20181125  GCC6.3.0",
    "EchoTime": 0.02762,
    "ImageComments": "piop",
    "ImageOrientationPatientDICOM": [
      0.999899,
      0.0095221,
      -0.0105588,
      -0.0106458,
      0.993645,
      -0.112057
    ],
    "Manufacturer": "Philips",
    "NumberOfVolumesDiscardedByScanner": 2,
    "ParallelAcquisitionTechnique": "SENSE",
    "ParallelReductionFactorInPlane": 2,
    "PatientPosition": "HFS",
    "PhaseEncodingDirection": "j",
    "PhilipsRescaleIntercept": 0,
    "PhilipsRescaleSlope": 0.77021,
    "PhilipsScaleSlope": 0.105065,
    "ProtocolName": "WIPpiopfacesSENSE",
    "PulseSequenceType": "gradient echo EPI",
    "ReconMatrixPE": 80,
    "RepetitionTime": 0.75,
    "SeriesDescription": "ImageMRSERIES",
    "SeriesNumber": 2,
    "SliceEncodingDirection": "k",
    "TaskName": "faces",
    "UsePhilipsFloatNotDisplayScaling": 1,
    "acq_id": "mb3",
    "dataset": "unknown",
    "modality": "bold",
    "subject_id": "0189",
    "task_id": "faces"
  },
  "dummy_trs": 0,
  "dvars_nstd": 26.84387494580546,
  "dvars_std": 1.1461101059878422,
  "dvars_vstd": 1.0052629383282665,
  "efc": 0.39640748987780405,
  "fber": 1078911104.0,
  "fd_mean": 0.10177375860813262,
  "fd_num": 8,
  "fd_perc": 2.4242424242424243,
  "fwhm_avg": 2.572589809496328,
  "fwhm_x": 2.5280400000000003,
  "fwhm_y": 2.79869,
  "fwhm_z": 2.391039428488983,
  "gcor": 0.0179508,
  "gsr_x": -0.007094471715390682,
  "gsr_y": 0.0015635158633813262,
  "provenance": {
    "md5sum": "081768a9891c87bc35a33cd8fcffdbd1",
    "settings": {
      "fd_thres": 0.2,
      "hmc_fsl": false
    },
    "software": "mriqc",
    "version": "0.15.0",
    "webapi_port": null,
    "webapi_url": "https://mriqc.nimh.nih.gov/api/v1"
  },
  "size_t": 330,
  "size_x": 80,
  "size_y": 80,
  "size_z": 36,
  "snr": 5.32696114463719,
  "spacing_tr": 0.75,
  "spacing_x": 3.0,
  "spacing_y": 3.0,
  "spacing_z": 3.299999952316284,
  "spikes_num": 0,
  "summary_bg_k": 85.84461908184258,
  "summary_bg_mad": 0.6689321398735046,
  "summary_bg_mean": 133.7649383544922,
  "summary_bg_median": 0.454569935798645,
  "summary_bg_n": 151539.0,
  "summary_bg_p05": 0.0012525871861726048,
  "summary_bg_p95": 510.7586090087911,
  "summary_bg_stdv": 777.8253173828125,
  "summary_fg_k": 2.099236715390491,
  "summary_fg_mad": 2683.365234375,
  "summary_fg_mean": 16342.322265625,
  "summary_fg_median": 16548.1015625,
  "summary_fg_n": 38883.0,
  "summary_fg_p05": 11027.4421875,
  "summary_fg_p95": 20923.916406250002,
  "summary_fg_stdv": 3106.440673828125,
  "tsnr": 52.127681732177734
}