{
    "Manufacturer": "Philips",
    "PatientPosition": "HFS",
    "SeriesDescription": "ImageMRSERIES",
    "ProtocolName": "WIPt13dSENSE",
    "SeriesNumber": 4,
    "AcquisitionNumber": 4,
    "ImageComments": "Piop",
    "PhilipsRescaleSlope": 9.57973,
    "PhilipsRescaleIntercept": 0,
    "PhilipsScaleSlope": 0.0073825,
    "UsePhilipsFloatNotDisplayScaling": 1,
    "EchoTime": 0.00372,
    "RepetitionTime": 0.008148,
    "ReconMatrixPE": 240,
    "ImageOrientationPatientDICOM": [
        0.998521,
        -0.0223803,
        -0.0495549,
        0.0238802,
        0.999268,
        0.0298856
    ],
    "ConversionSoftware": "dcm2niix",
    "ConversionSoftwareVersion": "v1.0.20181125  GCC6.3.0",
    "BidsifyVersion": "0.3.5"
}