{
  "aor": 0.001081185185185185,
  "aqi": 0.008398362148148151,
  "bids_meta": {
    "AcquisitionNumber": 5,
    "BidsifyVersion": "0.3.5",
    "ConversionSoftware": "dcm2niix",
    "ConversionSoftwareVersion": "v1.0.20181125  GCC6.3.0",
    "EchoTime": 0.02762,
    "ImageComments": "piop",
    "ImageOrientationPatientDICOM": [
      0.999348,
      0.0297974,
      -0.0203811,
      -0.0345487,
      0.953151,
      -0.300514
    ],
    "Manufacturer": "Philips",
    "NumberOfVolumesDiscardedByScanner": 2,
    "ParallelAcquisitionTechnique": "SENSE",
    "ParallelReductionFactorInPlane": 2,
    "PatientPosition": "HFS",
    "PhaseEncodingDirection": "j",
    "PhilipsRescaleIntercept": 0,
    "PhilipsRescaleSlope": 0.82344,
    "PhilipsScaleSlope": 0.0655143,
    "ProtocolName": "WIPpiopharririSENSE",
    "PulseSequenceType": "gradient echo EPI",
    "ReconMatrixPE": 80,
    "RepetitionTime": 2,
    "SeriesDescription": "ImageMRSERIES",
    "SeriesNumber": 5,
    "SliceEncodingDirection": "k",
    "TaskName": "emomatching",
    "UsePhilipsFloatNotDisplayScaling": 1,
    "acq_id": "seq",
    "dataset": "unknown",
    "modality": "bold",
    "subject_id": "0003",
    "task_id": "emomatching"
  },
  "dummy_trs": 0,
  "dvars_nstd": 20.176142244328364,
  "dvars_std": 1.053033632089552,
  "dvars_vstd": 0.9306657666417907,
  "efc": 0.40356083608272586,
  "fber": 560353216.0,
  "fd_mean": 0.11976369882573297,
  "fd_num": 16,
  "fd_perc": 11.851851851851851,
  "fwhm_avg": 2.3499024345557245,
  "fwhm_x": 2.2817966666666667,
  "fwhm_y": 2.6266833333333333,
  "fwhm_z": 2.141227303667174,
  "gcor": 0.0178345,
  "gsr_x": -0.005890253931283951,
  "gsr_y": 0.007068579085171223,
  "provenance": {
    "md5sum": "b0ab46a372e88529e4e4ef7a1ca0b119",
    "settings": {
      "fd_thres": 0.2,
      "hmc_fsl": false
    },
    "software": "mriqc",
    "version": "0.15.0",
    "webapi_port": null,
    "webapi_url": "https://mriqc.nimh.nih.gov/api/v1"
  },
  "size_t": 135,
  "size_x": 80,
  "size_y": 80,
  "size_z": 37,
  "snr": 4.60229124838881,
  "spacing_tr": 2.0,
  "spacing_x": 3.0,
  "spacing_y": 3.0,
  "spacing_z": 3.299999952316284,
  "spikes_num": 0,
  "summary_bg_k": 73.04061287744472,
  "summary_bg_mad": 1.272600531578064,
  "summary_bg_mean": 212.1788330078125,
  "summary_bg_median": 0.8814547657966614,
  "summary_bg_n": 154280.0,
  "summary_bg_p05": 0.005998085136525333,
  "summary_bg_p95": 871.9795928954975,
  "summary_bg_stdv": 1081.7491455078125,
  "summary_fg_k": 1.8498895319751831,
  "summary_fg_mad": 4218.01806640625,
  "summary_fg_mean": 23018.1796875,
  "summary_fg_median": 22866.626953125,
  "summary_fg_n": 41169.0,
  "summary_fg_p05": 15266.646484375,
  "summary_fg_p95": 30792.545703124997,
  "summary_fg_stdv": 4968.470703125,
  "tsnr": 55.956634521484375
}