{
  "aor": 0.0008132653061224491,
  "aqi": 0.004806531551020408,
  "bids_meta": {
    "AcquisitionNumber": 3,
    "BidsifyVersion": "0.3.5",
    "ConversionSoftware": "dcm2niix",
    "ConversionSoftwareVersion": "v1.0.20181125  GCC6.3.0",
    "EchoTime": 0.02762,
    "ImageComments": "PIOP",
    "ImageOrientationPatientDICOM": [
      0.997721,
      0.0666112,
      0.0107648,
      -0.0610232,
      0.958839,
      -0.277315
    ],
    "Manufacturer": "Philips",
    "NumberOfVolumesDiscardedByScanner": 2,
    "ParallelAcquisitionTechnique": "SENSE",
    "ParallelReductionFactorInPlane": 2,
    "PatientPosition": "HFS",
    "PhaseEncodingDirection": "j",
    "PhilipsRescaleIntercept": 0,
    "PhilipsRescaleSlope": 0.82173,
    "PhilipsScaleSlope": 0.0525766,
    "ProtocolName": "WIPpiopgstroopSENSE",
    "PulseSequenceType": "gradient echo EPI",
    "ReconMatrixPE": 80,
    "RepetitionTime": 2,
    "SeriesDescription": "ImageMRSERIES",
    "SeriesNumber": 3,
    "SliceEncodingDirection": "k",
    "TaskName": "gstroop",
    "UsePhilipsFloatNotDisplayScaling": 1,
    "acq_id": "seq",
    "dataset": "unknown",
    "modality": "bold",
    "subject_id": "0191",
    "task_id": "gstroop"
  },
  "dummy_trs": 0,
  "dvars_nstd": 20.773277251352447,
  "dvars_std": 1.1442758725409834,
  "dvars_vstd": 0.9683440843032788,
  "efc": 0.42643778619608447,
  "fber": 246764704.0,
  "fd_mean": 0.10167010991120194,
  "fd_num": 9,
  "fd_perc": 3.673469387755102,
  "fwhm_avg": 2.3035528387988466,
  "fwhm_x": 2.26102,
  "fwhm_y": 2.4663233333333334,
  "fwhm_z": 2.1833151830632063,
  "gcor": 0.0128361,
  "gsr_x": 0.002021729713305831,
  "gsr_y": 0.0007197404629550874,
  "provenance": {
    "md5sum": "3e88a47937036d4d19774673fc1be209",
    "settings": {
      "fd_thres": 0.2,
      "hmc_fsl": false
    },
    "software": "mriqc",
    "version": "0.15.0",
    "webapi_port": null,
    "webapi_url": "https://mriqc.nimh.nih.gov/api/v1"
  },
  "size_t": 245,
  "size_x": 80,
  "size_y": 80,
  "size_z": 37,
  "snr": 4.349580405378552,
  "spacing_tr": 2.0,
  "spacing_x": 3.0,
  "spacing_y": 3.0,
  "spacing_z": 3.299999952316284,
  "spikes_num": 1,
  "summary_bg_k": 76.03560413150994,
  "summary_bg_mad": 1.9170833826065063,
  "summary_bg_mean": 235.453369140625,
  "summary_bg_median": 1.3045176267623901,
  "summary_bg_n": 148935.0,
  "summary_bg_p05": 0.005518476152792573,
  "summary_bg_p95": 937.8418090820306,
  "summary_bg_stdv": 1274.6087646484375,
  "summary_fg_k": 1.4618929130273486,
  "summary_fg_mad": 4879.244140625,
  "summary_fg_mean": 24086.94140625,
  "summary_fg_median": 23767.16015625,
  "summary_fg_n": 46350.0,
  "summary_fg_p05": 15826.728759765625,
  "summary_fg_p95": 32943.12265624998,
  "summary_fg_stdv": 5464.18310546875,
  "tsnr": 65.43255615234375
}