{
  "aor": 0.0014938204592901878,
  "aqi": 0.010922384279749477,
  "bids_meta": {
    "AcquisitionNumber": 6,
    "BidsifyVersion": "0.3.5",
    "ConversionSoftware": "dcm2niix",
    "ConversionSoftwareVersion": "v1.0.20181125  GCC6.3.0",
    "EchoTime": 0.02762,
    "ImageComments": "PIOP",
    "ImageOrientationPatientDICOM": [
      0.997699,
      0.0667852,
      0.0117014,
      -0.0596237,
      0.946357,
      -0.317575
    ],
    "Manufacturer": "Philips",
    "NumberOfVolumesDiscardedByScanner": 2,
    "ParallelAcquisitionTechnique": "SENSE",
    "ParallelReductionFactorInPlane": 2,
    "PatientPosition": "HFS",
    "PhaseEncodingDirection": "j",
    "PhilipsRescaleIntercept": 0,
    "PhilipsRescaleSlope": 0.77656,
    "PhilipsScaleSlope": 0.0945794,
    "ProtocolName": "WIPpioprsSENSE",
    "PulseSequenceType": "gradient echo EPI",
    "ReconMatrixPE": 80,
    "RepetitionTime": 0.75,
    "SeriesDescription": "ImageMRSERIES",
    "SeriesNumber": 6,
    "SliceEncodingDirection": "k",
    "TaskName": "restingstate",
    "UsePhilipsFloatNotDisplayScaling": 1,
    "acq_id": "mb3",
    "dataset": "unknown",
    "modality": "bold",
    "subject_id": "0191",
    "task_id": "restingstate"
  },
  "dummy_trs": 1,
  "dvars_nstd": 33.229796209979064,
  "dvars_std": 1.199331821861924,
  "dvars_vstd": 0.9943736240376564,
  "efc": 0.4308524214108281,
  "fber": 379520320.0,
  "fd_mean": 0.07953333154328666,
  "fd_num": 10,
  "fd_perc": 2.0876826722338206,
  "fwhm_avg": 2.4652232070222873,
  "fwhm_x": 2.435360193545039,
  "fwhm_y": 2.6362033333333335,
  "fwhm_z": 2.3241060941884895,
  "gcor": 0.0149966,
  "gsr_x": 0.0014429758302867413,
  "gsr_y": 0.0006441052537411451,
  "provenance": {
    "md5sum": "9c85c87bbedb17030df8abdf8ef5ba65",
    "settings": {
      "fd_thres": 0.2,
      "hmc_fsl": false
    },
    "software": "mriqc",
    "version": "0.15.0",
    "webapi_port": null,
    "webapi_url": "https://mriqc.nimh.nih.gov/api/v1"
  },
  "size_t": 479,
  "size_x": 80,
  "size_y": 80,
  "size_z": 36,
  "snr": 4.719529235094311,
  "spacing_tr": 0.75,
  "spacing_x": 2.999999761581421,
  "spacing_y": 3.0,
  "spacing_z": 3.299999952316284,
  "spikes_num": 3,
  "summary_bg_k": 67.92875343452248,
  "summary_bg_mad": 1.0612592697143555,
  "summary_bg_mean": 167.53433227539062,
  "summary_bg_median": 0.7209078073501587,
  "summary_bg_n": 144452.0,
  "summary_bg_p05": 0.002894306124653667,
  "summary_bg_p95": 776.8911560058566,
  "summary_bg_stdv": 871.7286987304688,
  "summary_fg_k": 1.2324353057216548,
  "summary_fg_mad": 3052.562255859375,
  "summary_fg_mean": 16100.26953125,
  "summary_fg_median": 16204.677734375,
  "summary_fg_n": 45337.0,
  "summary_fg_p05": 10261.811132812501,
  "summary_fg_p95": 21442.000781249993,
  "summary_fg_stdv": 3433.4990234375,
  "tsnr": 39.68415069580078
}