{
  "aor": 0.0001457878787878788,
  "aqi": 0.0063686103636363635,
  "bids_meta": {
    "AcquisitionNumber": 2,
    "BidsifyVersion": "0.3.5",
    "ConversionSoftware": "dcm2niix",
    "ConversionSoftwareVersion": "v1.0.20181125  GCC6.3.0",
    "EchoTime": 0.02762,
    "ImageComments": "PIOP",
    "ImageOrientationPatientDICOM": [
      0.997699,
      0.0667852,
      0.0117014,
      -0.0596237,
      0.946357,
      -0.317575
    ],
    "Manufacturer": "Philips",
    "NumberOfVolumesDiscardedByScanner": 2,
    "ParallelAcquisitionTechnique": "SENSE",
    "ParallelReductionFactorInPlane": 2,
    "PatientPosition": "HFS",
    "PhaseEncodingDirection": "j",
    "PhilipsRescaleIntercept": 0,
    "PhilipsRescaleSlope": 0.87521,
    "PhilipsScaleSlope": 0.0864669,
    "ProtocolName": "WIPpiopfacesSENSE",
    "PulseSequenceType": "gradient echo EPI",
    "ReconMatrixPE": 80,
    "RepetitionTime": 0.75,
    "SeriesDescription": "ImageMRSERIES",
    "SeriesNumber": 2,
    "SliceEncodingDirection": "k",
    "TaskName": "faces",
    "UsePhilipsFloatNotDisplayScaling": 1,
    "acq_id": "mb3",
    "dataset": "unknown",
    "modality": "bold",
    "subject_id": "0191",
    "task_id": "faces"
  },
  "dummy_trs": 0,
  "dvars_nstd": 31.649769658389037,
  "dvars_std": 1.1966800793313075,
  "dvars_vstd": 0.9942283002735562,
  "efc": 0.42778268036004097,
  "fber": 2474611968.0,
  "fd_mean": 0.07559285670125007,
  "fd_num": 1,
  "fd_perc": 0.30303030303030304,
  "fwhm_avg": 2.4343951257802643,
  "fwhm_x": 2.422020192484871,
  "fwhm_y": 2.5737833333333335,
  "fwhm_z": 2.307381851522588,
  "gcor": 0.00737802,
  "gsr_x": 0.00037888315273448825,
  "gsr_y": 0.00018223680672235787,
  "provenance": {
    "md5sum": "eb5febe8a389ab29310a4566105f0aa5",
    "settings": {
      "fd_thres": 0.2,
      "hmc_fsl": false
    },
    "software": "mriqc",
    "version": "0.15.0",
    "webapi_port": null,
    "webapi_url": "https://mriqc.nimh.nih.gov/api/v1"
  },
  "size_t": 330,
  "size_x": 80,
  "size_y": 80,
  "size_z": 36,
  "snr": 4.579434222425472,
  "spacing_tr": 0.75,
  "spacing_x": 2.999999761581421,
  "spacing_y": 3.0,
  "spacing_z": 3.299999952316284,
  "spikes_num": 0,
  "summary_bg_k": 66.12698147068606,
  "summary_bg_mad": 0.41585248708724976,
  "summary_bg_mean": 171.8866424560547,
  "summary_bg_median": 0.2809162735939026,
  "summary_bg_n": 144930.0,
  "summary_bg_p05": 0.00033453460055170585,
  "summary_bg_p95": 797.778802490234,
  "summary_bg_stdv": 915.2675170898438,
  "summary_fg_k": 1.088133637129891,
  "summary_fg_mad": 3298.7919921875,
  "summary_fg_mean": 16743.814453125,
  "summary_fg_median": 16774.03515625,
  "summary_fg_n": 44854.0,
  "summary_fg_p05": 10613.007861328126,
  "summary_fg_p95": 22557.4056640625,
  "summary_fg_stdv": 3662.86474609375,
  "tsnr": 48.84367370605469
}