{
  "aor": 0.0009924444444444445,
  "aqi": 0.0024954207407407404,
  "bids_meta": {
    "AcquisitionNumber": 5,
    "BidsifyVersion": "0.3.5",
    "ConversionSoftware": "dcm2niix",
    "ConversionSoftwareVersion": "v1.0.20181125  GCC6.3.0",
    "EchoTime": 0.02762,
    "EffectiveEchoSpacing": 0.0006621159151938905,
    "ImageComments": "piop",
    "ImageOrientationPatientDICOM": [
      0.996386,
      0.0220178,
      -0.0820386,
      -0.0506491,
      0.929342,
      -0.365729
    ],
    "Manufacturer": "Philips",
    "NumberOfVolumesDiscardedByScanner": 2,
    "ParallelAcquisitionTechnique": "SENSE",
    "ParallelReductionFactorInPlane": 2,
    "PatientPosition": "HFS",
    "PhaseEncodingDirection": "j",
    "PhilipsRescaleIntercept": 0,
    "PhilipsRescaleSlope": 0.82076,
    "PhilipsScaleSlope": 0.0539491,
    "ProtocolName": "WIPpiopharririSENSE",
    "PulseSequenceType": "gradient echo EPI",
    "ReconMatrixPE": 80,
    "RepetitionTime": 2,
    "SeriesDescription": "ImageMRSERIES",
    "SeriesNumber": 5,
    "SliceEncodingDirection": "k",
    "SliceTiming": [
      0.0,
      0.0541,
      0.1081,
      0.1622,
      0.2162,
      0.2703,
      0.3243,
      0.3784,
      0.4324,
      0.4865,
      0.5405,
      0.5946,
      0.6486,
      0.7027,
      0.7568,
      0.8108,
      0.8649,
      0.9189,
      0.973,
      1.027,
      1.0811,
      1.1351,
      1.1892,
      1.2432,
      1.2973,
      1.3514,
      1.4054,
      1.4595,
      1.5135,
      1.5676,
      1.6216,
      1.6757,
      1.7297,
      1.7838,
      1.8378,
      1.8919,
      1.9459
    ],
    "TaskName": "emomatching",
    "TotalReadoutTime": 0.025822520692561732,
    "UsePhilipsFloatNotDisplayScaling": 1,
    "acq_id": "seq",
    "dataset": "unknown",
    "modality": "bold",
    "subject_id": "0136",
    "task_id": "emomatching"
  },
  "dummy_trs": 0,
  "dvars_nstd": 17.719552765970136,
  "dvars_std": 1.1459386713432833,
  "dvars_vstd": 1.0066994573134331,
  "efc": 0.38007717516645373,
  "fber": 1859536000.0,
  "fd_mean": 0.1039604381466735,
  "fd_num": 6,
  "fd_perc": 4.444444444444445,
  "fwhm_avg": 2.2623376866940927,
  "fwhm_x": 2.2277133333333334,
  "fwhm_y": 2.498396666666667,
  "fwhm_z": 2.0609030600822775,
  "gcor": 0.0207782,
  "gsr_x": -0.0042574284598231316,
  "gsr_y": 0.001967282500118017,
  "provenance": {
    "md5sum": "51883eb781ab547a3e14f6ca0e471a30",
    "settings": {
      "fd_thres": 0.2,
      "hmc_fsl": false
    },
    "software": "mriqc",
    "version": "0.15.0",
    "webapi_port": null,
    "webapi_url": "https://mriqc.nimh.nih.gov/api/v1"
  },
  "size_t": 135,
  "size_x": 80,
  "size_y": 80,
  "size_z": 37,
  "snr": 4.330383189996116,
  "spacing_tr": 2.0,
  "spacing_x": 3.0,
  "spacing_y": 3.0,
  "spacing_z": 3.299999952316284,
  "spikes_num": 0,
  "summary_bg_k": 132.93653205983045,
  "summary_bg_mad": 0.7774593830108643,
  "summary_bg_mean": 139.86607360839844,
  "summary_bg_median": 0.5295768976211548,
  "summary_bg_n": 158090.0,
  "summary_bg_p05": 0.0016258915362413972,
  "summary_bg_p95": 457.39375305175736,
  "summary_bg_stdv": 851.4794921875,
  "summary_fg_k": 2.1888817912131113,
  "summary_fg_mad": 4671.775390625,
  "summary_fg_mean": 24476.3671875,
  "summary_fg_median": 23980.84375,
  "summary_fg_n": 38324.0,
  "summary_fg_p05": 16929.8759765625,
  "summary_fg_p95": 33769.63671875,
  "summary_fg_stdv": 5537.73876953125,
  "tsnr": 88.63768005371094
}