{
  "aor": 0.0004584968684759916,
  "aqi": 0.007489097139874739,
  "bids_meta": {
    "AcquisitionNumber": 6,
    "BidsifyVersion": "0.3.5",
    "ConversionSoftware": "dcm2niix",
    "ConversionSoftwareVersion": "v1.0.20181125  GCC6.3.0",
    "EchoTime": 0.02762,
    "EffectiveEchoSpacing": 0.0006333282667071997,
    "ImageComments": "piop",
    "ImageOrientationPatientDICOM": [
      0.996384,
      0.0250074,
      -0.0812033,
      -0.0492543,
      0.948743,
      -0.312186
    ],
    "Manufacturer": "Philips",
    "NumberOfVolumesDiscardedByScanner": 2,
    "ParallelAcquisitionTechnique": "SENSE",
    "ParallelReductionFactorInPlane": 2,
    "PatientPosition": "HFS",
    "PhaseEncodingDirection": "j",
    "PhilipsRescaleIntercept": 0,
    "PhilipsRescaleSlope": 0.78462,
    "PhilipsScaleSlope": 0.0964464,
    "ProtocolName": "WIPpioprsSENSE",
    "PulseSequenceType": "gradient echo EPI",
    "ReconMatrixPE": 80,
    "RepetitionTime": 0.75,
    "SeriesDescription": "ImageMRSERIES",
    "SeriesNumber": 6,
    "SliceEncodingDirection": "k",
    "SliceTiming": [
      0.0,
      0.06755050505050506,
      0.1351010101010101,
      0.20265151515151517,
      0.2702020202020202,
      0.3377525252525253,
      0.40530303030303033,
      0.47285353535353536,
      0.5404040404040404,
      0.6079545454545455,
      0.6755050505050506,
      0.7430555555555556,
      0.0,
      0.06755050505050506,
      0.1351010101010101,
      0.20265151515151517,
      0.2702020202020202,
      0.3377525252525253,
      0.40530303030303033,
      0.47285353535353536,
      0.5404040404040404,
      0.6079545454545455,
      0.6755050505050506,
      0.7430555555555556,
      0.0,
      0.06755050505050506,
      0.1351010101010101,
      0.20265151515151517,
      0.2702020202020202,
      0.3377525252525253,
      0.40530303030303033,
      0.47285353535353536,
      0.5404040404040404,
      0.6079545454545455,
      0.6755050505050506,
      0.7430555555555556
    ],
    "TaskName": "restingstate",
    "TotalReadoutTime": 0.024699802401580786,
    "UsePhilipsFloatNotDisplayScaling": 1,
    "acq_id": "mb3",
    "dataset": "unknown",
    "modality": "bold",
    "subject_id": "0136",
    "task_id": "restingstate"
  },
  "dummy_trs": 1,
  "dvars_nstd": 27.111532175397485,
  "dvars_std": 1.1386355175941418,
  "dvars_vstd": 0.9985204292259412,
  "efc": 0.3877237171540924,
  "fber": 432790816.0,
  "fd_mean": 0.10014120100332265,
  "fd_num": 23,
  "fd_perc": 4.801670146137787,
  "fwhm_avg": 2.39398819236939,
  "fwhm_x": 2.3422266666666665,
  "fwhm_y": 2.6491166666666666,
  "fwhm_z": 2.1906212437748365,
  "gcor": 0.021784,
  "gsr_x": -0.005108662415295839,
  "gsr_y": 0.0006424400489777327,
  "provenance": {
    "md5sum": "733f063556979f61e5d5bd6f4f4cbb9e",
    "settings": {
      "fd_thres": 0.2,
      "hmc_fsl": false
    },
    "software": "mriqc",
    "version": "0.15.0",
    "webapi_port": null,
    "webapi_url": "https://mriqc.nimh.nih.gov/api/v1"
  },
  "size_t": 479,
  "size_x": 80,
  "size_y": 80,
  "size_z": 36,
  "snr": 5.287149191643903,
  "spacing_tr": 0.75,
  "spacing_x": 3.0,
  "spacing_y": 3.0,
  "spacing_z": 3.299999952316284,
  "spikes_num": 0,
  "summary_bg_k": 115.87237651923495,
  "summary_bg_mad": 1.0534424781799316,
  "summary_bg_mean": 106.70989990234375,
  "summary_bg_median": 0.7138034105300903,
  "summary_bg_n": 153187.0,
  "summary_bg_p05": 0.0016397710191085936,
  "summary_bg_p95": 449.7615356445297,
  "summary_bg_stdv": 601.7111206054688,
  "summary_fg_k": 1.966624229395487,
  "summary_fg_mad": 2694.3935546875,
  "summary_fg_mean": 16200.01953125,
  "summary_fg_median": 16212.8623046875,
  "summary_fg_n": 37602.0,
  "summary_fg_p05": 11456.050097656249,
  "summary_fg_p95": 20986.151171874997,
  "summary_fg_stdv": 3066.425048828125,
  "tsnr": 51.3189582824707
}