{
  "aor": 0.0019640298507462685,
  "aqi": 0.006897191194029849,
  "bids_meta": {
    "AcquisitionNumber": 5,
    "BidsifyVersion": "0.3.5",
    "ConversionSoftware": "dcm2niix",
    "ConversionSoftwareVersion": "v1.0.20181125  GCC6.3.0",
    "EchoTime": 0.02762,
    "EffectiveEchoSpacing": 0.0006621159151938905,
    "ImageComments": "piop",
    "ImageOrientationPatientDICOM": [
      0.997321,
      0.0610775,
      0.0402641,
      -0.0442416,
      0.941904,
      -0.332955
    ],
    "Manufacturer": "Philips",
    "NumberOfVolumesDiscardedByScanner": 2,
    "ParallelAcquisitionTechnique": "SENSE",
    "ParallelReductionFactorInPlane": 2,
    "PatientPosition": "HFS",
    "PhaseEncodingDirection": "j",
    "PhilipsRescaleIntercept": 0,
    "PhilipsRescaleSlope": 0.90281,
    "PhilipsScaleSlope": 0.053238,
    "ProtocolName": "WIPpiopharririSENSE",
    "PulseSequenceType": "gradient echo EPI",
    "ReconMatrixPE": 80,
    "RepetitionTime": 2,
    "SeriesDescription": "ImageMRSERIES",
    "SeriesNumber": 5,
    "SliceEncodingDirection": "k",
    "SliceTiming": [
      0.0,
      0.0541,
      0.1081,
      0.1622,
      0.2162,
      0.2703,
      0.3243,
      0.3784,
      0.4324,
      0.4865,
      0.5405,
      0.5946,
      0.6486,
      0.7027,
      0.7568,
      0.8108,
      0.8649,
      0.9189,
      0.973,
      1.027,
      1.0811,
      1.1351,
      1.1892,
      1.2432,
      1.2973,
      1.3514,
      1.4054,
      1.4595,
      1.5135,
      1.5676,
      1.6216,
      1.6757,
      1.7297,
      1.7838,
      1.8378,
      1.8919,
      1.9459
    ],
    "TaskName": "emomatching",
    "TotalReadoutTime": 0.025822520692561732,
    "UsePhilipsFloatNotDisplayScaling": 1,
    "acq_id": "seq",
    "dataset": "unknown",
    "modality": "bold",
    "subject_id": "0212",
    "task_id": "emomatching"
  },
  "dummy_trs": 1,
  "dvars_nstd": 30.957243596691722,
  "dvars_std": 1.319309212857142,
  "dvars_vstd": 1.042643662105263,
  "efc": 0.37915877758420186,
  "fber": 185375792.0,
  "fd_mean": 0.24805952043620258,
  "fd_num": 71,
  "fd_perc": 52.985074626865675,
  "fwhm_avg": 2.2808469639012228,
  "fwhm_x": 2.233276666666667,
  "fwhm_y": 2.4918431352994332,
  "fwhm_z": 2.117421089737569,
  "gcor": 0.0584252,
  "gsr_x": -0.007401738315820694,
  "gsr_y": 0.002912885509431362,
  "provenance": {
    "md5sum": "c9401a2e709aae22cae204c26a04b9d6",
    "settings": {
      "fd_thres": 0.2,
      "hmc_fsl": false
    },
    "software": "mriqc",
    "version": "0.15.0",
    "webapi_port": null,
    "webapi_url": "https://mriqc.nimh.nih.gov/api/v1"
  },
  "size_t": 134,
  "size_x": 80,
  "size_y": 80,
  "size_z": 37,
  "snr": 4.649290072839387,
  "spacing_tr": 2.0,
  "spacing_x": 3.0,
  "spacing_y": 3.000000238418579,
  "spacing_z": 3.3000001907348633,
  "spikes_num": 0,
  "summary_bg_k": 157.67668650300251,
  "summary_bg_mad": 2.4267985820770264,
  "summary_bg_mean": 150.2387237548828,
  "summary_bg_median": 1.6668707132339478,
  "summary_bg_n": 158931.0,
  "summary_bg_p05": 0.011207822244614363,
  "summary_bg_p95": 533.9286193847656,
  "summary_bg_stdv": 896.8907470703125,
  "summary_fg_k": 2.2574062231913015,
  "summary_fg_mad": 4607.55712890625,
  "summary_fg_mean": 24646.923828125,
  "summary_fg_median": 24485.46875,
  "summary_fg_n": 37366.0,
  "summary_fg_p05": 16768.01708984375,
  "summary_fg_p95": 32631.4912109375,
  "summary_fg_stdv": 5266.42578125,
  "tsnr": 54.947242736816406
}