{
  "aor": 0.0025173456790123457,
  "aqi": 0.004247788024691358,
  "bids_meta": {
    "AcquisitionNumber": 8,
    "BidsifyVersion": "0.3.5",
    "ConversionSoftware": "dcm2niix",
    "ConversionSoftwareVersion": "v1.0.20181125  GCC6.3.0",
    "EchoTime": 0.02762,
    "ImageComments": "PIOP",
    "ImageOrientationPatientDICOM": [
      0.998428,
      -0.00343808,
      -0.0559511,
      -0.0165561,
      0.935506,
      -0.352922
    ],
    "Manufacturer": "Philips",
    "NumberOfVolumesDiscardedByScanner": 2,
    "ParallelAcquisitionTechnique": "SENSE",
    "ParallelReductionFactorInPlane": 2,
    "PatientPosition": "HFS",
    "PhaseEncodingDirection": "j",
    "PhilipsRescaleIntercept": 0,
    "PhilipsRescaleSlope": 0.73968,
    "PhilipsScaleSlope": 0.067188,
    "ProtocolName": "WIPpiopwmSENSE",
    "PulseSequenceType": "gradient echo EPI",
    "ReconMatrixPE": 80,
    "RepetitionTime": 2,
    "SeriesDescription": "ImageMRSERIES",
    "SeriesNumber": 8,
    "SliceEncodingDirection": "k",
    "TaskName": "workingmemory",
    "UsePhilipsFloatNotDisplayScaling": 1,
    "acq_id": "seq",
    "dataset": "unknown",
    "modality": "bold",
    "subject_id": "0119",
    "task_id": "workingmemory"
  },
  "dummy_trs": 0,
  "dvars_nstd": 19.413490064472047,
  "dvars_std": 1.1675503019254663,
  "dvars_vstd": 1.0882212498757764,
  "efc": 0.3939598859462771,
  "fber": 160479168.0,
  "fd_mean": 0.09604688384641265,
  "fd_num": 7,
  "fd_perc": 4.320987654320987,
  "fwhm_avg": 2.355759707379883,
  "fwhm_x": 2.3285666666666667,
  "fwhm_y": 2.5773699999999997,
  "fwhm_z": 2.161342455472982,
  "gcor": 0.0244724,
  "gsr_x": 0.0007508994895033538,
  "gsr_y": 0.0037474650889635086,
  "provenance": {
    "md5sum": "f66a44e5adb7f6cecc607c2c168cee8b",
    "settings": {
      "fd_thres": 0.2,
      "hmc_fsl": false
    },
    "software": "mriqc",
    "version": "0.15.0",
    "webapi_port": null,
    "webapi_url": "https://mriqc.nimh.nih.gov/api/v1"
  },
  "size_t": 162,
  "size_x": 80,
  "size_y": 80,
  "size_z": 37,
  "snr": 5.02296285330048,
  "spacing_tr": 2.0,
  "spacing_x": 3.0,
  "spacing_y": 3.0,
  "spacing_z": 3.299999952316284,
  "spikes_num": 4,
  "summary_bg_k": 72.86324654255722,
  "summary_bg_mad": 2.284860134124756,
  "summary_bg_mean": 183.4956512451172,
  "summary_bg_median": 1.5616405010223389,
  "summary_bg_n": 156364.0,
  "summary_bg_p05": 0.0034681526827625934,
  "summary_bg_p95": 617.8542266845717,
  "summary_bg_stdv": 1009.4990234375,
  "summary_fg_k": 2.847074333616261,
  "summary_fg_mad": 3424.1279296875,
  "summary_fg_mean": 20870.056640625,
  "summary_fg_median": 20687.544921875,
  "summary_fg_n": 39558.0,
  "summary_fg_p05": 15057.959179687501,
  "summary_fg_p95": 27206.514453125,
  "summary_fg_stdv": 4118.5419921875,
  "tsnr": 75.14972686767578
}