{
  "bids_meta": {
    "AcquisitionNumber": 4,
    "BidsifyVersion": "0.3.5",
    "ConversionSoftware": "dcm2niix",
    "ConversionSoftwareVersion": "v1.0.20181125  GCC6.3.0",
    "EchoTime": 0.00383,
    "ImageComments": "PIOP",
    "ImageOrientationPatientDICOM": [
      0.998708,
      0.0500468,
      0.00885218,
      -0.0477967,
      0.984081,
      -0.171172
    ],
    "Manufacturer": "Philips",
    "PatientPosition": "HFS",
    "PhilipsRescaleIntercept": 0,
    "PhilipsRescaleSlope": 9.68694,
    "PhilipsScaleSlope": 0.00780965,
    "ProtocolName": "WIPt13dSENSE",
    "ReconMatrixPE": 240,
    "RepetitionTime": 0.008311,
    "SeriesDescription": "ImageMRSERIES",
    "SeriesNumber": 4,
    "UsePhilipsFloatNotDisplayScaling": 1,
    "dataset": "unknown",
    "modality": "T1w",
    "subject_id": "0175"
  },
  "cjv": 0.32547793047296936,
  "cnr": 3.9513888650512845,
  "efc": 0.770221004562229,
  "fber": 342.50042724609375,
  "fwhm_avg": 3.6643500700146006,
  "fwhm_x": 3.53128,
  "fwhm_y": 3.93782,
  "fwhm_z": 3.5239502100438007,
  "icvs_csf": 0.21636616817385176,
  "icvs_gm": 0.420425268642168,
  "icvs_wm": 0.3632085631839802,
  "inu_med": 1.517353892326355,
  "inu_range": 0.2582824409008029,
  "provenance": {
    "md5sum": "1bc47780d0aa069ad0d311ec92a54796",
    "settings": {
      "testing": false
    },
    "software": "mriqc",
    "version": "0.15.0",
    "warnings": {
      "large_rot_frame": true,
      "small_air_mask": true
    },
    "webapi_port": null,
    "webapi_url": "https://mriqc.nimh.nih.gov/api/v1"
  },
  "qi_1": 0.0,
  "qi_2": 6.288505537849939e-05,
  "rpve_csf": 29.09902429089832,
  "rpve_gm": 15.671600958953723,
  "rpve_wm": 22.56705487154143,
  "size_x": 240,
  "size_y": 240,
  "size_z": 220,
  "snr_csf": 2.6642676213646173,
  "snr_gm": 8.028957221554345,
  "snr_total": 9.66616473556685,
  "snr_wm": 18.305269363781587,
  "snrd_csf": 19.193704804371464,
  "snrd_gm": 38.76098836117199,
  "snrd_total": 40.309535850984986,
  "snrd_wm": 62.97391438741151,
  "spacing_x": 1.0,
  "spacing_y": 1.0,
  "spacing_z": 0.9999999403953552,
  "summary_bg_k": 187.8153903171336,
  "summary_bg_mad": 10.403250694274902,
  "summary_bg_mean": 18.908294677734375,
  "summary_bg_median": 13.9564208984375,
  "summary_bg_n": 107117.0,
  "summary_bg_p05": 0.0,
  "summary_bg_p95": 47.613803100585926,
  "summary_bg_stdv": 24.648658752441406,
  "summary_csf_k": -0.7673531051856668,
  "summary_csf_mad": 129.97576904296875,
  "summary_csf_mean": 287.12298583984375,
  "summary_csf_median": 304.78680419921875,
  "summary_csf_n": 9016.0,
  "summary_csf_p05": 97.14855194091797,
  "summary_csf_p95": 450.9615478515625,
  "summary_csf_stdv": 114.3916244506836,
  "summary_gm_k": 0.1290404501279201,
  "summary_gm_mad": 74.56139373779297,
  "summary_gm_mean": 617.725830078125,
  "summary_gm_median": 615.505859375,
  "summary_gm_n": 12515.0,
  "summary_gm_p05": 494.4182373046875,
  "summary_gm_p95": 747.7073913574218,
  "summary_gm_stdv": 76.65768432617188,
  "summary_wm_k": 0.6647553809902895,
  "summary_wm_mad": 50.58149337768555,
  "summary_wm_mean": 999.3467407226562,
  "summary_wm_median": 999.9954833984375,
  "summary_wm_n": 181201.0,
  "summary_wm_p05": 908.8851318359375,
  "summary_wm_p95": 1087.7825927734375,
  "summary_wm_stdv": 54.62868118286133,
  "tpm_overlap_csf": 0.21590158343315125,
  "tpm_overlap_gm": 0.5065551996231079,
  "tpm_overlap_wm": 0.5588521957397461,
  "wm2max": 0.6617039883284643
}