{
    "Manufacturer": "Philips",
    "PatientPosition": "HFS",
    "SeriesDescription": "ImageMRSERIES",
    "ProtocolName": "WIPt13dSENSE",
    "SeriesNumber": 4,
    "AcquisitionNumber": 4,
    "ImageComments": "PIOP",
    "PhilipsRescaleSlope": 9.18291,
    "PhilipsRescaleIntercept": 0,
    "PhilipsScaleSlope": 0.00771853,
    "UsePhilipsFloatNotDisplayScaling": 1,
    "EchoTime": 0.00374,
    "RepetitionTime": 0.008133,
    "ReconMatrixPE": 240,
    "ImageOrientationPatientDICOM": [
        0.998705,
        0.0508337,
        -0.00205276,
        -0.050767,
        0.9984,
        0.0249175
    ],
    "ConversionSoftware": "dcm2niix",
    "ConversionSoftwareVersion": "v1.0.20181125  GCC6.3.0",
    "BidsifyVersion": "0.3.5"
}