{
  "aor": 0.01187325,
  "aqi": 0.015178637149999999,
  "bids_meta": {
    "AcquisitionNumber": 9,
    "BidsifyVersion": "0.3.5",
    "ConversionSoftware": "dcm2niix",
    "ConversionSoftwareVersion": "v1.0.20181125  GCC6.3.0",
    "EchoTime": 0.02762,
    "EffectiveEchoSpacing": 0.0006621159151938905,
    "ImageComments": "piop",
    "ImageOrientationPatientDICOM": [
      0.992333,
      0.121988,
      0.0198353,
      -0.10973,
      0.943473,
      -0.31276
    ],
    "Manufacturer": "Philips",
    "NumberOfVolumesDiscardedByScanner": 2,
    "ParallelAcquisitionTechnique": "SENSE",
    "ParallelReductionFactorInPlane": 2,
    "PatientPosition": "HFS",
    "PhaseEncodingDirection": "j",
    "PhilipsRescaleIntercept": 0,
    "PhilipsRescaleSlope": 0.82515,
    "PhilipsScaleSlope": 0.0662211,
    "ProtocolName": "WIPpiopanticipatieSENSE",
    "PulseSequenceType": "gradient echo EPI",
    "ReconMatrixPE": 80,
    "RepetitionTime": 2,
    "SeriesDescription": "ImageMRSERIES",
    "SeriesNumber": 9,
    "SliceEncodingDirection": "k",
    "SliceTiming": [
      0.0,
      0.0541,
      0.1081,
      0.1622,
      0.2162,
      0.2703,
      0.3243,
      0.3784,
      0.4324,
      0.4865,
      0.5405,
      0.5946,
      0.6486,
      0.7027,
      0.7568,
      0.8108,
      0.8649,
      0.9189,
      0.973,
      1.027,
      1.0811,
      1.1351,
      1.1892,
      1.2432,
      1.2973,
      1.3514,
      1.4054,
      1.4595,
      1.5135,
      1.5676,
      1.6216,
      1.6757,
      1.7297,
      1.7838,
      1.8378,
      1.8919,
      1.9459
    ],
    "TaskName": "anticipation",
    "TotalReadoutTime": 0.025822520692561732,
    "UsePhilipsFloatNotDisplayScaling": 1,
    "acq_id": "seq",
    "dataset": "unknown",
    "modality": "bold",
    "subject_id": "0041",
    "task_id": "anticipation"
  },
  "dummy_trs": 0,
  "dvars_nstd": 30.352559478040206,
  "dvars_std": 1.1761970554271353,
  "dvars_vstd": 1.072346658190955,
  "efc": 0.3947738473756185,
  "fber": 74057088.0,
  "fd_mean": 0.3195875661920951,
  "fd_num": 118,
  "fd_perc": 59.0,
  "fwhm_avg": 2.282915505672823,
  "fwhm_x": 2.267846486434421,
  "fwhm_y": 2.4643,
  "fwhm_z": 2.116600030584047,
  "gcor": 0.0241099,
  "gsr_x": -0.0035261190496385098,
  "gsr_y": 0.005838711746037006,
  "provenance": {
    "md5sum": "23fa98e2cec413ec7d85eec9aa86ec6d",
    "settings": {
      "fd_thres": 0.2,
      "hmc_fsl": false
    },
    "software": "mriqc",
    "version": "0.15.0",
    "webapi_port": null,
    "webapi_url": "https://mriqc.nimh.nih.gov/api/v1"
  },
  "size_t": 200,
  "size_x": 80,
  "size_y": 80,
  "size_z": 37,
  "snr": 4.531051224618046,
  "spacing_tr": 2.0,
  "spacing_x": 3.000000238418579,
  "spacing_y": 3.0,
  "spacing_z": 3.299999952316284,
  "spikes_num": 3,
  "summary_bg_k": 85.49358835060379,
  "summary_bg_mad": 3.3819961547851562,
  "summary_bg_mean": 158.78326416015625,
  "summary_bg_median": 2.380500316619873,
  "summary_bg_n": 155532.0,
  "summary_bg_p05": 0.033583220466971396,
  "summary_bg_p95": 722.0359649658144,
  "summary_bg_stdv": 795.4666137695312,
  "summary_fg_k": 2.443366849624395,
  "summary_fg_mad": 3945.515869140625,
  "summary_fg_mean": 22566.962890625,
  "summary_fg_median": 22147.09765625,
  "summary_fg_n": 40262.0,
  "summary_fg_p05": 15863.677197265624,
  "summary_fg_p95": 30742.113476562496,
  "summary_fg_stdv": 4887.7890625,
  "tsnr": 39.27629470825195
}