{
  "aor": 0.004436049382716049,
  "aqi": 0.020671515432098764,
  "bids_meta": {
    "AcquisitionNumber": 8,
    "BidsifyVersion": "0.3.5",
    "ConversionSoftware": "dcm2niix",
    "ConversionSoftwareVersion": "v1.0.20181125  GCC6.3.0",
    "EchoTime": 0.02762,
    "EffectiveEchoSpacing": 0.0006621159151938905,
    "ImageComments": "piop",
    "ImageOrientationPatientDICOM": [
      0.992333,
      0.121988,
      0.0198353,
      -0.10973,
      0.943473,
      -0.31276
    ],
    "Manufacturer": "Philips",
    "NumberOfVolumesDiscardedByScanner": 2,
    "ParallelAcquisitionTechnique": "SENSE",
    "ParallelReductionFactorInPlane": 2,
    "PatientPosition": "HFS",
    "PhaseEncodingDirection": "j",
    "PhilipsRescaleIntercept": 0,
    "PhilipsRescaleSlope": 0.82808,
    "PhilipsScaleSlope": 0.0692057,
    "ProtocolName": "WIPpiopwmSENSE",
    "PulseSequenceType": "gradient echo EPI",
    "ReconMatrixPE": 80,
    "RepetitionTime": 2,
    "SeriesDescription": "ImageMRSERIES",
    "SeriesNumber": 8,
    "SliceEncodingDirection": "k",
    "SliceTiming": [
      0.0,
      0.0541,
      0.1081,
      0.1622,
      0.2162,
      0.2703,
      0.3243,
      0.3784,
      0.4324,
      0.4865,
      0.5405,
      0.5946,
      0.6486,
      0.7027,
      0.7568,
      0.8108,
      0.8649,
      0.9189,
      0.973,
      1.027,
      1.0811,
      1.1351,
      1.1892,
      1.2432,
      1.2973,
      1.3514,
      1.4054,
      1.4595,
      1.5135,
      1.5676,
      1.6216,
      1.6757,
      1.7297,
      1.7838,
      1.8378,
      1.8919,
      1.9459
    ],
    "TaskName": "workingmemory",
    "TotalReadoutTime": 0.025822520692561732,
    "UsePhilipsFloatNotDisplayScaling": 1,
    "acq_id": "seq",
    "dataset": "unknown",
    "modality": "bold",
    "subject_id": "0041",
    "task_id": "workingmemory"
  },
  "dummy_trs": 0,
  "dvars_nstd": 30.163170595093167,
  "dvars_std": 1.015932905900621,
  "dvars_vstd": 0.9308397585093169,
  "efc": 0.3924247636908599,
  "fber": 26906922.0,
  "fd_mean": 0.3202541616830793,
  "fd_num": 91,
  "fd_perc": 56.17283950617284,
  "fwhm_avg": 2.2996508590965337,
  "fwhm_x": 2.2765164857453914,
  "fwhm_y": 2.4813300000000003,
  "fwhm_z": 2.14110609154421,
  "gcor": 0.0113509,
  "gsr_x": -0.0032080134842544794,
  "gsr_y": 0.0069388276897370815,
  "provenance": {
    "md5sum": "c6d1ab08247a32853de8ead3f36f861b",
    "settings": {
      "fd_thres": 0.2,
      "hmc_fsl": false
    },
    "software": "mriqc",
    "version": "0.15.0",
    "webapi_port": null,
    "webapi_url": "https://mriqc.nimh.nih.gov/api/v1"
  },
  "size_t": 162,
  "size_x": 80,
  "size_y": 80,
  "size_z": 37,
  "snr": 4.539289949194113,
  "spacing_tr": 2.0,
  "spacing_x": 3.000000238418579,
  "spacing_y": 3.0,
  "spacing_z": 3.299999952316284,
  "spikes_num": 5,
  "summary_bg_k": 86.69951664638457,
  "summary_bg_mad": 5.669805526733398,
  "summary_bg_mean": 163.6132354736328,
  "summary_bg_median": 3.993516445159912,
  "summary_bg_n": 156452.0,
  "summary_bg_p05": 0.07307825461030007,
  "summary_bg_p95": 887.2080871582012,
  "summary_bg_stdv": 774.013427734375,
  "summary_fg_k": 2.3801732761850554,
  "summary_fg_mad": 4080.332763671875,
  "summary_fg_mean": 23062.251953125,
  "summary_fg_median": 22622.67578125,
  "summary_fg_n": 39789.0,
  "summary_fg_p05": 16304.026757812499,
  "summary_fg_p95": 31442.365234374993,
  "summary_fg_stdv": 4983.68505859375,
  "tsnr": 33.5556526184082
}