{
  "aor": 0.0064079288702928875,
  "aqi": 0.014317178075313809,
  "bids_meta": {
    "AcquisitionNumber": 6,
    "BidsifyVersion": "0.3.5",
    "ConversionSoftware": "dcm2niix",
    "ConversionSoftwareVersion": "v1.0.20181125  GCC6.3.0",
    "EchoTime": 0.02762,
    "ImageComments": "PIOP",
    "ImageOrientationPatientDICOM": [
      0.99981,
      -0.0166112,
      -0.0102123,
      0.0136118,
      0.969565,
      -0.244454
    ],
    "Manufacturer": "Philips",
    "NumberOfVolumesDiscardedByScanner": 2,
    "ParallelAcquisitionTechnique": "SENSE",
    "ParallelReductionFactorInPlane": 2,
    "PatientPosition": "HFS",
    "PhaseEncodingDirection": "j",
    "PhilipsRescaleIntercept": 0,
    "PhilipsRescaleSlope": 0.77827,
    "PhilipsScaleSlope": 0.0939775,
    "ProtocolName": "WIPpioprsSENSE",
    "PulseSequenceType": "gradient echo EPI",
    "ReconMatrixPE": 80,
    "RepetitionTime": 0.75,
    "SeriesDescription": "ImageMRSERIES",
    "SeriesNumber": 6,
    "SliceEncodingDirection": "k",
    "TaskName": "restingstate",
    "UsePhilipsFloatNotDisplayScaling": 1,
    "acq_id": "mb3",
    "dataset": "unknown",
    "modality": "bold",
    "subject_id": "0007",
    "task_id": "restingstate"
  },
  "dummy_trs": 2,
  "dvars_nstd": 29.274851301174007,
  "dvars_std": 1.1969210104612147,
  "dvars_vstd": 1.0958218931865829,
  "efc": 0.4046585774884287,
  "fber": 109544184.0,
  "fd_mean": 0.10417708177467876,
  "fd_num": 29,
  "fd_perc": 6.066945606694561,
  "fwhm_avg": 2.4942563748133417,
  "fwhm_x": 2.39181,
  "fwhm_y": 2.7704166666666663,
  "fwhm_z": 2.3205424577733598,
  "gcor": 0.0169082,
  "gsr_x": -0.006762201432138681,
  "gsr_y": 0.004388217814266682,
  "provenance": {
    "md5sum": "de3eb90f8cd8ea35dcfc0072f0bbc23b",
    "settings": {
      "fd_thres": 0.2,
      "hmc_fsl": false
    },
    "software": "mriqc",
    "version": "0.15.0",
    "webapi_port": null,
    "webapi_url": "https://mriqc.nimh.nih.gov/api/v1"
  },
  "size_t": 478,
  "size_x": 80,
  "size_y": 80,
  "size_z": 36,
  "snr": 5.78737071697238,
  "spacing_tr": 0.75,
  "spacing_x": 3.0,
  "spacing_y": 3.0,
  "spacing_z": 3.299999952316284,
  "spikes_num": 27,
  "summary_bg_k": 65.95507307974269,
  "summary_bg_mad": 2.0963823795318604,
  "summary_bg_mean": 157.89613342285156,
  "summary_bg_median": 1.4552961587905884,
  "summary_bg_n": 150868.0,
  "summary_bg_p05": 0.013008682010695338,
  "summary_bg_p95": 759.3753662109352,
  "summary_bg_stdv": 807.7686157226562,
  "summary_fg_k": 3.204179655814195,
  "summary_fg_mad": 2230.795166015625,
  "summary_fg_mean": 15961.1708984375,
  "summary_fg_median": 16056.955078125,
  "summary_fg_n": 39541.0,
  "summary_fg_p05": 11542.421875,
  "summary_fg_p95": 19953.23828125,
  "summary_fg_stdv": 2774.44677734375,
  "tsnr": 43.023616790771484
}