{
  "aor": 0.007732412060301507,
  "aqi": 0.01753610221105528,
  "bids_meta": {
    "AcquisitionNumber": 9,
    "BidsifyVersion": "0.3.5",
    "ConversionSoftware": "dcm2niix",
    "ConversionSoftwareVersion": "v1.0.20181125  GCC6.3.0",
    "EchoTime": 0.02762,
    "ImageComments": "PIOP",
    "ImageOrientationPatientDICOM": [
      0.99981,
      -0.0166112,
      -0.0102123,
      0.0136118,
      0.969565,
      -0.244454
    ],
    "Manufacturer": "Philips",
    "NumberOfVolumesDiscardedByScanner": 2,
    "ParallelAcquisitionTechnique": "SENSE",
    "ParallelReductionFactorInPlane": 2,
    "PatientPosition": "HFS",
    "PhaseEncodingDirection": "j",
    "PhilipsRescaleIntercept": 0,
    "PhilipsRescaleSlope": 0.80317,
    "PhilipsScaleSlope": 0.0638143,
    "ProtocolName": "WIPpiopanticipatieSENSE",
    "PulseSequenceType": "gradient echo EPI",
    "ReconMatrixPE": 80,
    "RepetitionTime": 2,
    "SeriesDescription": "ImageMRSERIES",
    "SeriesNumber": 9,
    "SliceEncodingDirection": "k",
    "TaskName": "anticipation",
    "UsePhilipsFloatNotDisplayScaling": 1,
    "acq_id": "seq",
    "dataset": "unknown",
    "modality": "bold",
    "subject_id": "0007",
    "task_id": "anticipation"
  },
  "dummy_trs": 1,
  "dvars_nstd": 23.855786188434347,
  "dvars_std": 1.060061982525253,
  "dvars_vstd": 0.9826486883333334,
  "efc": 0.40239728111823425,
  "fber": 4092353.75,
  "fd_mean": 0.2479085015259055,
  "fd_num": 71,
  "fd_perc": 35.678391959798994,
  "fwhm_avg": 2.4857129404259313,
  "fwhm_x": 2.3824166666666664,
  "fwhm_y": 2.76331,
  "fwhm_z": 2.3114121546111273,
  "gcor": 0.0228467,
  "gsr_x": -0.005544484127312899,
  "gsr_y": 0.005551562178879976,
  "provenance": {
    "md5sum": "08c1a58c350310ed53ae603bf1ec5e37",
    "settings": {
      "fd_thres": 0.2,
      "hmc_fsl": false
    },
    "software": "mriqc",
    "version": "0.15.0",
    "webapi_port": null,
    "webapi_url": "https://mriqc.nimh.nih.gov/api/v1"
  },
  "size_t": 199,
  "size_x": 80,
  "size_y": 80,
  "size_z": 37,
  "snr": 4.856118310326764,
  "spacing_tr": 2.0,
  "spacing_x": 3.0,
  "spacing_y": 3.0,
  "spacing_z": 3.299999952316284,
  "spikes_num": 23,
  "summary_bg_k": 73.60041558764453,
  "summary_bg_mad": 13.508113861083984,
  "summary_bg_mean": 227.9010467529297,
  "summary_bg_median": 9.772488594055176,
  "summary_bg_n": 155715.0,
  "summary_bg_p05": 0.2538707733154297,
  "summary_bg_p95": 1032.6020874023416,
  "summary_bg_stdv": 1044.934326171875,
  "summary_fg_k": 3.0735155202238946,
  "summary_fg_mad": 3514.95458984375,
  "summary_fg_mean": 21418.791015625,
  "summary_fg_median": 21189.6640625,
  "summary_fg_n": 40419.0,
  "summary_fg_p05": 15222.95185546875,
  "summary_fg_p95": 27963.774609374996,
  "summary_fg_stdv": 4363.4443359375,
  "tsnr": 37.68199157714844
}