{
  "aor": 0.0036636296296296295,
  "aqi": 0.005400266370370371,
  "bids_meta": {
    "AcquisitionNumber": 5,
    "BidsifyVersion": "0.3.5",
    "ConversionSoftware": "dcm2niix",
    "ConversionSoftwareVersion": "v1.0.20181125  GCC6.3.0",
    "EchoTime": 0.02762,
    "ImageComments": "PIOP",
    "ImageOrientationPatientDICOM": [
      0.99981,
      -0.0166112,
      -0.0102123,
      0.0136118,
      0.969565,
      -0.244454
    ],
    "Manufacturer": "Philips",
    "NumberOfVolumesDiscardedByScanner": 2,
    "ParallelAcquisitionTechnique": "SENSE",
    "ParallelReductionFactorInPlane": 2,
    "PatientPosition": "HFS",
    "PhaseEncodingDirection": "j",
    "PhilipsRescaleIntercept": 0,
    "PhilipsRescaleSlope": 0.76703,
    "PhilipsScaleSlope": 0.0630636,
    "ProtocolName": "WIPpiopharririSENSE",
    "PulseSequenceType": "gradient echo EPI",
    "ReconMatrixPE": 80,
    "RepetitionTime": 2,
    "SeriesDescription": "ImageMRSERIES",
    "SeriesNumber": 5,
    "SliceEncodingDirection": "k",
    "TaskName": "emomatching",
    "UsePhilipsFloatNotDisplayScaling": 1,
    "acq_id": "seq",
    "dataset": "unknown",
    "modality": "bold",
    "subject_id": "0007",
    "task_id": "emomatching"
  },
  "dummy_trs": 0,
  "dvars_nstd": 19.469451114402986,
  "dvars_std": 1.1109457545522388,
  "dvars_vstd": 1.0089302456716411,
  "efc": 0.39658060092936653,
  "fber": 243039824.0,
  "fd_mean": 0.15977632192039296,
  "fd_num": 26,
  "fd_perc": 19.25925925925926,
  "fwhm_avg": 2.400569202644131,
  "fwhm_x": 2.31003,
  "fwhm_y": 2.6649866666666666,
  "fwhm_z": 2.2266909412657268,
  "gcor": 0.0353369,
  "gsr_x": -0.006465979851782322,
  "gsr_y": 0.00521831214427948,
  "provenance": {
    "md5sum": "885140f0bfaea88433ed72debfa122be",
    "settings": {
      "fd_thres": 0.2,
      "hmc_fsl": false
    },
    "software": "mriqc",
    "version": "0.15.0",
    "webapi_port": null,
    "webapi_url": "https://mriqc.nimh.nih.gov/api/v1"
  },
  "size_t": 135,
  "size_x": 80,
  "size_y": 80,
  "size_z": 37,
  "snr": 4.856329014504358,
  "spacing_tr": 2.0,
  "spacing_x": 3.0,
  "spacing_y": 3.0,
  "spacing_z": 3.299999952316284,
  "spikes_num": 5,
  "summary_bg_k": 71.55229967009826,
  "summary_bg_mad": 1.8691532611846924,
  "summary_bg_mean": 197.91856384277344,
  "summary_bg_median": 1.2914199829101562,
  "summary_bg_n": 156176.0,
  "summary_bg_p05": 0.01200781692750752,
  "summary_bg_p95": 833.2023315429688,
  "summary_bg_stdv": 1057.155517578125,
  "summary_fg_k": 3.171394809850816,
  "summary_fg_mad": 3573.69677734375,
  "summary_fg_mean": 21661.982421875,
  "summary_fg_median": 21427.408203125,
  "summary_fg_n": 40078.0,
  "summary_fg_p05": 15512.504980468751,
  "summary_fg_p95": 28314.024121093757,
  "summary_fg_stdv": 4412.20947265625,
  "tsnr": 68.02262878417969
}