{
  "aor": 0.004168204081632654,
  "aqi": 0.012675123591836736,
  "bids_meta": {
    "AcquisitionNumber": 3,
    "BidsifyVersion": "0.3.5",
    "ConversionSoftware": "dcm2niix",
    "ConversionSoftwareVersion": "v1.0.20181125  GCC6.3.0",
    "EchoTime": 0.02762,
    "EffectiveEchoSpacing": 0.0006621159151938905,
    "ImageComments": "Piop",
    "ImageOrientationPatientDICOM": [
      0.999925,
      0.00854606,
      0.00878249,
      -0.00715543,
      0.989006,
      -0.147703
    ],
    "Manufacturer": "Philips",
    "NumberOfVolumesDiscardedByScanner": 2,
    "ParallelAcquisitionTechnique": "SENSE",
    "ParallelReductionFactorInPlane": 2,
    "PatientPosition": "HFS",
    "PhaseEncodingDirection": "j",
    "PhilipsRescaleIntercept": 0,
    "PhilipsRescaleSlope": 0.8022,
    "PhilipsScaleSlope": 0.052774,
    "ProtocolName": "WIPpiopgstroopSENSE",
    "PulseSequenceType": "gradient echo EPI",
    "ReconMatrixPE": 80,
    "RepetitionTime": 2,
    "SeriesDescription": "ImageMRSERIES",
    "SeriesNumber": 3,
    "SliceEncodingDirection": "k",
    "SliceTiming": [
      0.0,
      0.0541,
      0.1081,
      0.1622,
      0.2162,
      0.2703,
      0.3243,
      0.3784,
      0.4324,
      0.4865,
      0.5405,
      0.5946,
      0.6486,
      0.7027,
      0.7568,
      0.8108,
      0.8649,
      0.9189,
      0.973,
      1.027,
      1.0811,
      1.1351,
      1.1892,
      1.2432,
      1.2973,
      1.3514,
      1.4054,
      1.4595,
      1.5135,
      1.5676,
      1.6216,
      1.6757,
      1.7297,
      1.7838,
      1.8378,
      1.8919,
      1.9459
    ],
    "TaskName": "gstroop",
    "TotalReadoutTime": 0.025822520692561732,
    "UsePhilipsFloatNotDisplayScaling": 1,
    "acq_id": "seq",
    "dataset": "unknown",
    "modality": "bold",
    "subject_id": "0173",
    "task_id": "gstroop"
  },
  "dummy_trs": 0,
  "dvars_nstd": 23.91830233282787,
  "dvars_std": 1.1742274690573768,
  "dvars_vstd": 1.099678362663935,
  "efc": 0.44163855744456937,
  "fber": 101545616.0,
  "fd_mean": 0.13493052738416103,
  "fd_num": 25,
  "fd_perc": 10.204081632653061,
  "fwhm_avg": 2.2820244544491946,
  "fwhm_x": 2.2249033333333332,
  "fwhm_y": 2.5440033333333334,
  "fwhm_z": 2.077166696680917,
  "gcor": 0.0125669,
  "gsr_x": 0.0005376020562835038,
  "gsr_y": 0.002682446502149105,
  "provenance": {
    "md5sum": "ae5ae6448e1bc0721f64a4e86afcf612",
    "settings": {
      "fd_thres": 0.2,
      "hmc_fsl": false
    },
    "software": "mriqc",
    "version": "0.15.0",
    "webapi_port": null,
    "webapi_url": "https://mriqc.nimh.nih.gov/api/v1"
  },
  "size_t": 245,
  "size_x": 80,
  "size_y": 80,
  "size_z": 37,
  "snr": 4.571806312090558,
  "spacing_tr": 2.0,
  "spacing_x": 3.0,
  "spacing_y": 3.0,
  "spacing_z": 3.299999952316284,
  "spikes_num": 0,
  "summary_bg_k": 50.708614754310275,
  "summary_bg_mad": 3.358109474182129,
  "summary_bg_mean": 314.7510986328125,
  "summary_bg_median": 2.3117563724517822,
  "summary_bg_n": 146109.0,
  "summary_bg_p05": 0.013881362974643707,
  "summary_bg_p95": 1513.381738281254,
  "summary_bg_stdv": 1509.6981201171875,
  "summary_fg_k": 2.30057124371256,
  "summary_fg_mad": 4573.2255859375,
  "summary_fg_mean": 25296.212890625,
  "summary_fg_median": 25224.56640625,
  "summary_fg_n": 48685.0,
  "summary_fg_p05": 16982.1671875,
  "summary_fg_p95": 33788.44453124999,
  "summary_fg_stdv": 5517.361328125,
  "tsnr": 47.717628479003906
}