{
  "bids_meta": {
    "AcquisitionNumber": 4,
    "BidsifyVersion": "0.3.5",
    "ConversionSoftware": "dcm2niix",
    "ConversionSoftwareVersion": "v1.0.20181125  GCC6.3.0",
    "EchoTime": 0.00372,
    "ImageComments": "Piop",
    "ImageOrientationPatientDICOM": [
      0.998848,
      -0.00219769,
      0.0479306,
      0.000522996,
      0.99939,
      0.0349246
    ],
    "Manufacturer": "Philips",
    "PatientPosition": "HFS",
    "PhilipsRescaleIntercept": 0,
    "PhilipsRescaleSlope": 8.9094,
    "PhilipsScaleSlope": 0.00770067,
    "ProtocolName": "WIPt13dSENSE",
    "ReconMatrixPE": 240,
    "RepetitionTime": 0.008147,
    "SeriesDescription": "ImageMRSERIES",
    "SeriesNumber": 4,
    "UsePhilipsFloatNotDisplayScaling": 1,
    "dataset": "unknown",
    "modality": "T1w",
    "subject_id": "0180"
  },
  "cjv": 0.30372725554677216,
  "cnr": 4.1625164533844385,
  "efc": 0.7626085529661227,
  "fber": 711.8468627929688,
  "fwhm_avg": 3.7035,
  "fwhm_x": 3.6579,
  "fwhm_y": 3.93462,
  "fwhm_z": 3.51798,
  "icvs_csf": 0.20363925744855002,
  "icvs_gm": 0.42710358877660776,
  "icvs_wm": 0.3692571537748422,
  "inu_med": 2.3640079498291016,
  "inu_range": 0.6446739435195923,
  "provenance": {
    "md5sum": "e4bd4d584a257de436bda8e53d2a276b",
    "settings": {
      "testing": false
    },
    "software": "mriqc",
    "version": "0.15.0",
    "warnings": {
      "large_rot_frame": true,
      "small_air_mask": true
    },
    "webapi_port": null,
    "webapi_url": "https://mriqc.nimh.nih.gov/api/v1"
  },
  "qi_1": 0.0,
  "qi_2": 0.0002505527857987247,
  "rpve_csf": 28.978366814361262,
  "rpve_gm": 15.085401928329457,
  "rpve_wm": 21.850867599061942,
  "size_x": 240,
  "size_y": 240,
  "size_z": 220,
  "snr_csf": 2.3979851550719347,
  "snr_gm": 7.824449411738004,
  "snr_total": 10.480035561488902,
  "snr_wm": 21.217672117656765,
  "snrd_csf": 22.426707337753705,
  "snrd_gm": 41.147598681497065,
  "snrd_total": 43.49272671090542,
  "snrd_wm": 66.90387411346549,
  "spacing_x": 1.0,
  "spacing_y": 1.0,
  "spacing_z": 1.0,
  "summary_bg_k": 1.4450066359457852,
  "summary_bg_mad": 9.7921142578125,
  "summary_bg_mean": 16.059490203857422,
  "summary_bg_median": 13.077803611755371,
  "summary_bg_n": 82523.0,
  "summary_bg_p05": 0.0,
  "summary_bg_p95": 39.29002380371094,
  "summary_bg_stdv": 12.416556358337402,
  "summary_csf_k": 14.222280384921799,
  "summary_csf_mad": 115.93507385253906,
  "summary_csf_mean": 321.8848571777344,
  "summary_csf_median": 335.204833984375,
  "summary_csf_n": 8100.0,
  "summary_csf_p05": 107.08502883911133,
  "summary_csf_p95": 485.0519973754882,
  "summary_csf_stdv": 139.77740478515625,
  "summary_gm_k": 0.3001751108176669,
  "summary_gm_mad": 74.5572280883789,
  "summary_gm_mean": 618.350830078125,
  "summary_gm_median": 615.02001953125,
  "summary_gm_n": 26191.0,
  "summary_gm_p05": 494.6072235107422,
  "summary_gm_p95": 755.9477233886719,
  "summary_gm_stdv": 78.60083770751953,
  "summary_wm_k": 1.037262549240146,
  "summary_wm_mad": 42.36890411376953,
  "summary_wm_mean": 997.647216796875,
  "summary_wm_median": 999.9908447265625,
  "summary_wm_n": 199860.0,
  "summary_wm_p05": 915.7523712158203,
  "summary_wm_p95": 1069.934307861328,
  "summary_wm_stdv": 47.129974365234375,
  "tpm_overlap_csf": 0.221258744597435,
  "tpm_overlap_gm": 0.5282692909240723,
  "tpm_overlap_wm": 0.5789980888366699,
  "wm2max": 0.650710783887847
}