{
    "Manufacturer": "Philips",
    "PatientPosition": "HFS",
    "SeriesDescription": "ImageMRSERIES",
    "ProtocolName": "WIPdti32v2SENSE",
    "SeriesNumber": 7,
    "AcquisitionNumber": 7,
    "ImageComments": "piop",
    "PhilipsRescaleSlope": 4.28571,
    "PhilipsRescaleIntercept": 0,
    "PhilipsScaleSlope": 0.0270144,
    "UsePhilipsFloatNotDisplayScaling": 1,
    "EchoTime": 0.08599,
    "RepetitionTime": 7.39565,
    "ReconMatrixPE": 112,
    "ImageOrientationPatientDICOM": [
        0.998913,
        0.0270555,
        -0.0379607,
        -0.040819,
        0.900951,
        -0.431998
    ],
    "ConversionSoftware": "dcm2niix",
    "ConversionSoftwareVersion": "v1.0.20181125  GCC6.3.0",
    "BidsifyVersion": "0.3.5",
    "FlipAngle": 90,
    "WaterFatShift": 18.924,
    "ParallelAcquisitionTechnique": "SENSE",
    "ParallelReductionFactorInPlane": 2,
    "PhaseEncodingDirection": "j"
}