{
    "Manufacturer": "Philips",
    "PatientPosition": "HFS",
    "SeriesDescription": "ImageMRSERIES",
    "ProtocolName": "WIPt13dSENSE",
    "SeriesNumber": 4,
    "AcquisitionNumber": 4,
    "ImageComments": "piop",
    "PhilipsRescaleSlope": 9.65617,
    "PhilipsRescaleIntercept": 0,
    "PhilipsScaleSlope": 0.00736596,
    "UsePhilipsFloatNotDisplayScaling": 1,
    "EchoTime": 0.00374,
    "RepetitionTime": 0.008132,
    "ReconMatrixPE": 240,
    "ImageOrientationPatientDICOM": [
        0.996167,
        -0.0873383,
        0.00488967,
        0.0873285,
        0.996177,
        0.00218067
    ],
    "ConversionSoftware": "dcm2niix",
    "ConversionSoftwareVersion": "v1.0.20181125  GCC6.3.0",
    "BidsifyVersion": "0.3.5"
}