{
    "Manufacturer": "Philips",
    "PatientPosition": "HFS",
    "SeriesDescription": "ImageMRSERIES",
    "ProtocolName": "WIPt13dSENSE",
    "SeriesNumber": 4,
    "AcquisitionNumber": 4,
    "ImageComments": "Piop",
    "PhilipsRescaleSlope": 8.9094,
    "PhilipsRescaleIntercept": 0,
    "PhilipsScaleSlope": 0.00770067,
    "UsePhilipsFloatNotDisplayScaling": 1,
    "EchoTime": 0.00372,
    "RepetitionTime": 0.008147,
    "ReconMatrixPE": 240,
    "ImageOrientationPatientDICOM": [
        0.998848,
        -0.00219769,
        0.0479306,
        0.000522996,
        0.99939,
        0.0349246
    ],
    "ConversionSoftware": "dcm2niix",
    "ConversionSoftwareVersion": "v1.0.20181125  GCC6.3.0",
    "BidsifyVersion": "0.3.5"
}