{
    "Manufacturer": "Philips",
    "PatientPosition": "HFS",
    "SeriesDescription": "ImageMRSERIES",
    "ProtocolName": "WIPt13dSENSE",
    "SeriesNumber": 4,
    "AcquisitionNumber": 4,
    "ImageComments": "piop",
    "PhilipsRescaleSlope": 8.75702,
    "PhilipsRescaleIntercept": 0,
    "PhilipsScaleSlope": 0.00785226,
    "UsePhilipsFloatNotDisplayScaling": 1,
    "EchoTime": 0.00383,
    "RepetitionTime": 0.008333,
    "ReconMatrixPE": 240,
    "ImageOrientationPatientDICOM": [
        0.998722,
        -0.0308156,
        0.0400629,
        0.0378433,
        0.98133,
        -0.188571
    ],
    "ConversionSoftware": "dcm2niix",
    "ConversionSoftwareVersion": "v1.0.20181125  GCC6.3.0",
    "BidsifyVersion": "0.3.5"
}