{
  "aor": 0.000686335403726708,
  "aqi": 0.0036536418633540367,
  "bids_meta": {
    "AcquisitionNumber": 8,
    "BidsifyVersion": "0.3.5",
    "ConversionSoftware": "dcm2niix",
    "ConversionSoftwareVersion": "v1.0.20181125  GCC6.3.0",
    "EchoTime": 0.02762,
    "ImageComments": "Piop",
    "ImageOrientationPatientDICOM": [
      0.999524,
      0.0184097,
      0.0247619,
      -0.00715256,
      0.91889,
      -0.39445
    ],
    "Manufacturer": "Philips",
    "NumberOfVolumesDiscardedByScanner": 2,
    "ParallelAcquisitionTechnique": "SENSE",
    "ParallelReductionFactorInPlane": 2,
    "PatientPosition": "HFS",
    "PhaseEncodingDirection": "j",
    "PhilipsRescaleIntercept": 0,
    "PhilipsRescaleSlope": 0.87131,
    "PhilipsScaleSlope": 0.0529543,
    "ProtocolName": "WIPpiopwmSENSE",
    "PulseSequenceType": "gradient echo EPI",
    "ReconMatrixPE": 80,
    "RepetitionTime": 2,
    "SeriesDescription": "ImageMRSERIES",
    "SeriesNumber": 8,
    "SliceEncodingDirection": "k",
    "TaskName": "workingmemory",
    "UsePhilipsFloatNotDisplayScaling": 1,
    "acq_id": "seq",
    "dataset": "unknown",
    "modality": "bold",
    "subject_id": "0046",
    "task_id": "workingmemory"
  },
  "dummy_trs": 1,
  "dvars_nstd": 23.229047012625,
  "dvars_std": 1.2296817820000003,
  "dvars_vstd": 0.9833848633125003,
  "efc": 0.41417768727493176,
  "fber": 564969280.0,
  "fd_mean": 0.11613345281613188,
  "fd_num": 8,
  "fd_perc": 4.968944099378882,
  "fwhm_avg": 2.34441192962988,
  "fwhm_x": 2.30268,
  "fwhm_y": 2.5634466666666667,
  "fwhm_z": 2.1671091222229744,
  "gcor": 0.0201682,
  "gsr_x": -0.006645490415394306,
  "gsr_y": 0.0056032584980130196,
  "provenance": {
    "md5sum": "e6efaf9f39b369c8ac36bcff59d9c0c6",
    "settings": {
      "fd_thres": 0.2,
      "hmc_fsl": false
    },
    "software": "mriqc",
    "version": "0.15.0",
    "webapi_port": null,
    "webapi_url": "https://mriqc.nimh.nih.gov/api/v1"
  },
  "size_t": 161,
  "size_x": 80,
  "size_y": 80,
  "size_z": 37,
  "snr": 4.451558235872275,
  "spacing_tr": 2.0,
  "spacing_x": 3.0,
  "spacing_y": 3.0,
  "spacing_z": 3.299999952316284,
  "spikes_num": 0,
  "summary_bg_k": 91.02688462185839,
  "summary_bg_mad": 1.19109046459198,
  "summary_bg_mean": 198.08294677734375,
  "summary_bg_median": 0.8095043301582336,
  "summary_bg_n": 150840.0,
  "summary_bg_p05": 0.0033944407477974896,
  "summary_bg_p95": 859.1542083740178,
  "summary_bg_stdv": 1093.3597412109375,
  "summary_fg_k": 2.0827260414961293,
  "summary_fg_mad": 4282.83251953125,
  "summary_fg_mean": 22483.4609375,
  "summary_fg_median": 22241.369140625,
  "summary_fg_n": 43797.0,
  "summary_fg_p05": 15256.597265625,
  "summary_fg_p95": 30356.907421875,
  "summary_fg_stdv": 4996.25390625,
  "tsnr": 74.18988037109375
}