{
  "aor": 0.0025461728395061727,
  "aqi": 0.0055434384567901234,
  "bids_meta": {
    "AcquisitionNumber": 8,
    "BidsifyVersion": "0.3.5",
    "ConversionSoftware": "dcm2niix",
    "ConversionSoftwareVersion": "v1.0.20181125  GCC6.3.0",
    "EchoTime": 0.02762,
    "ImageComments": "PIOP",
    "ImageOrientationPatientDICOM": [
      0.999383,
      -0.0118446,
      0.0330671,
      0.0150017,
      0.995179,
      -0.0969238
    ],
    "Manufacturer": "Philips",
    "NumberOfVolumesDiscardedByScanner": 2,
    "ParallelAcquisitionTechnique": "SENSE",
    "ParallelReductionFactorInPlane": 2,
    "PatientPosition": "HFS",
    "PhaseEncodingDirection": "j",
    "PhilipsRescaleIntercept": 0,
    "PhilipsRescaleSlope": 0.78706,
    "PhilipsScaleSlope": 0.0556074,
    "ProtocolName": "WIPpiopwmSENSE",
    "PulseSequenceType": "gradient echo EPI",
    "ReconMatrixPE": 80,
    "RepetitionTime": 2,
    "SeriesDescription": "ImageMRSERIES",
    "SeriesNumber": 8,
    "SliceEncodingDirection": "k",
    "TaskName": "workingmemory",
    "UsePhilipsFloatNotDisplayScaling": 1,
    "acq_id": "seq",
    "dataset": "unknown",
    "modality": "bold",
    "subject_id": "0111",
    "task_id": "workingmemory"
  },
  "dummy_trs": 0,
  "dvars_nstd": 23.69172201701863,
  "dvars_std": 1.24066333,
  "dvars_vstd": 1.057278487204969,
  "efc": 0.3855753169805476,
  "fber": 414562976.0,
  "fd_mean": 0.1293045440150901,
  "fd_num": 17,
  "fd_perc": 10.493827160493828,
  "fwhm_avg": 2.4332563742807936,
  "fwhm_x": 2.400516666666667,
  "fwhm_y": 2.6892766666666668,
  "fwhm_z": 2.2099757895090475,
  "gcor": 0.023864,
  "gsr_x": -0.004099647514522076,
  "gsr_y": -0.00043640955118462443,
  "provenance": {
    "md5sum": "d8157f506b60cc9196a52fff84d07575",
    "settings": {
      "fd_thres": 0.2,
      "hmc_fsl": false
    },
    "software": "mriqc",
    "version": "0.15.0",
    "webapi_port": null,
    "webapi_url": "https://mriqc.nimh.nih.gov/api/v1"
  },
  "size_t": 162,
  "size_x": 80,
  "size_y": 80,
  "size_z": 37,
  "snr": 4.332172563109216,
  "spacing_tr": 2.0,
  "spacing_x": 3.0,
  "spacing_y": 3.0,
  "spacing_z": 3.299999952316284,
  "spikes_num": 0,
  "summary_bg_k": 103.203698175747,
  "summary_bg_mad": 1.6524498462677002,
  "summary_bg_mean": 195.86740112304688,
  "summary_bg_median": 1.1245532035827637,
  "summary_bg_n": 157610.0,
  "summary_bg_p05": 0.005377549631521106,
  "summary_bg_p95": 644.3399871826152,
  "summary_bg_stdv": 1160.2081298828125,
  "summary_fg_k": 1.8379606954652639,
  "summary_fg_mad": 4913.2802734375,
  "summary_fg_mean": 25201.01171875,
  "summary_fg_median": 24961.64453125,
  "summary_fg_n": 38511.0,
  "summary_fg_p05": 16433.0068359375,
  "summary_fg_p95": 34373.255859375,
  "summary_fg_stdv": 5761.84814453125,
  "tsnr": 62.2762336730957
}