{
  "aor": 0.0015243186582809224,
  "aqi": 0.026447515513626837,
  "bids_meta": {
    "AcquisitionNumber": 6,
    "BidsifyVersion": "0.3.5",
    "ConversionSoftware": "dcm2niix",
    "ConversionSoftwareVersion": "v1.0.20181125  GCC6.3.0",
    "EchoTime": 0.02762,
    "ImageComments": "PIOP",
    "ImageOrientationPatientDICOM": [
      0.999383,
      -0.0118446,
      0.0330671,
      0.0150017,
      0.995179,
      -0.0969238
    ],
    "Manufacturer": "Philips",
    "NumberOfVolumesDiscardedByScanner": 2,
    "ParallelAcquisitionTechnique": "SENSE",
    "ParallelReductionFactorInPlane": 2,
    "PatientPosition": "HFS",
    "PhaseEncodingDirection": "j",
    "PhilipsRescaleIntercept": 0,
    "PhilipsRescaleSlope": 0.78559,
    "PhilipsScaleSlope": 0.0901193,
    "ProtocolName": "WIPpioprsSENSE",
    "PulseSequenceType": "gradient echo EPI",
    "ReconMatrixPE": 80,
    "RepetitionTime": 0.75,
    "SeriesDescription": "ImageMRSERIES",
    "SeriesNumber": 6,
    "SliceEncodingDirection": "k",
    "TaskName": "restingstate",
    "UsePhilipsFloatNotDisplayScaling": 1,
    "acq_id": "mb3",
    "dataset": "unknown",
    "modality": "bold",
    "subject_id": "0111",
    "task_id": "restingstate"
  },
  "dummy_trs": 3,
  "dvars_nstd": 31.454564222899165,
  "dvars_std": 1.0624251854411766,
  "dvars_vstd": 0.9017705300840337,
  "efc": 0.39384593963434306,
  "fber": 78338160.0,
  "fd_mean": 0.12315337921589896,
  "fd_num": 33,
  "fd_perc": 6.918238993710692,
  "fwhm_avg": 2.611917486131565,
  "fwhm_x": 2.5745033333333334,
  "fwhm_y": 2.8977066666666667,
  "fwhm_z": 2.363542458394693,
  "gcor": 0.00738128,
  "gsr_x": -0.005311781540513039,
  "gsr_y": -0.0013349808286875486,
  "provenance": {
    "md5sum": "ecf84a081326f24ffb85b6f3ab2bbfb4",
    "settings": {
      "fd_thres": 0.2,
      "hmc_fsl": false
    },
    "software": "mriqc",
    "version": "0.15.0",
    "webapi_port": null,
    "webapi_url": "https://mriqc.nimh.nih.gov/api/v1"
  },
  "size_t": 477,
  "size_x": 80,
  "size_y": 80,
  "size_z": 36,
  "snr": 4.913098156136158,
  "spacing_tr": 0.75,
  "spacing_x": 3.0,
  "spacing_y": 3.0,
  "spacing_z": 3.299999952316284,
  "spikes_num": 1,
  "summary_bg_k": 94.4524518516349,
  "summary_bg_mad": 2.621642589569092,
  "summary_bg_mean": 152.38636779785156,
  "summary_bg_median": 1.7988618612289429,
  "summary_bg_n": 152509.0,
  "summary_bg_p05": 0.012849218212068081,
  "summary_bg_p95": 607.2650146484386,
  "summary_bg_stdv": 833.969970703125,
  "summary_fg_k": 1.7894230108781812,
  "summary_fg_mad": 2928.234375,
  "summary_fg_mean": 17041.841796875,
  "summary_fg_median": 17172.736328125,
  "summary_fg_n": 37926.0,
  "summary_fg_p05": 10927.8935546875,
  "summary_fg_p95": 22297.54931640625,
  "summary_fg_stdv": 3495.250732421875,
  "tsnr": 31.653459548950195
}