{
  "aor": 0.00027509473684210527,
  "aqi": 0.01322342894736842,
  "bids_meta": {
    "AcquisitionNumber": 6,
    "BidsifyVersion": "0.3.5",
    "ConversionSoftware": "dcm2niix",
    "ConversionSoftwareVersion": "v1.0.20181125  GCC6.3.0",
    "EchoTime": 0.02762,
    "ImageComments": "PIOP",
    "ImageOrientationPatientDICOM": [
      0.994961,
      0.0922667,
      0.0392244,
      -0.0795284,
      0.964558,
      -0.251601
    ],
    "Manufacturer": "Philips",
    "NumberOfVolumesDiscardedByScanner": 2,
    "ParallelAcquisitionTechnique": "SENSE",
    "ParallelReductionFactorInPlane": 2,
    "PatientPosition": "HFS",
    "PhaseEncodingDirection": "j",
    "PhilipsRescaleIntercept": 0,
    "PhilipsRescaleSlope": 0.77167,
    "PhilipsScaleSlope": 0.0858457,
    "ProtocolName": "WIPpioprsSENSE",
    "PulseSequenceType": "gradient echo EPI",
    "ReconMatrixPE": 80,
    "RepetitionTime": 0.75,
    "SeriesDescription": "ImageMRSERIES",
    "SeriesNumber": 6,
    "SliceEncodingDirection": "k",
    "TaskName": "restingstate",
    "UsePhilipsFloatNotDisplayScaling": 1,
    "acq_id": "mb3",
    "dataset": "unknown",
    "modality": "bold",
    "subject_id": "0064",
    "task_id": "restingstate"
  },
  "dummy_trs": 5,
  "dvars_nstd": 30.883570952890306,
  "dvars_std": 1.0810115193459924,
  "dvars_vstd": 0.9862776022784804,
  "efc": 0.38311745788136525,
  "fber": 120735496.0,
  "fd_mean": 0.1361163133305938,
  "fd_num": 77,
  "fd_perc": 16.210526315789473,
  "fwhm_avg": 2.4744862735221305,
  "fwhm_x": 2.44339,
  "fwhm_y": 2.71789,
  "fwhm_z": 2.2621788205663913,
  "gcor": 0.0127248,
  "gsr_x": -0.006771337240934372,
  "gsr_y": 0.0010787609498947859,
  "provenance": {
    "md5sum": "98eb295e19f40034c1d2daab93c639c2",
    "settings": {
      "fd_thres": 0.2,
      "hmc_fsl": false
    },
    "software": "mriqc",
    "version": "0.15.0",
    "webapi_port": null,
    "webapi_url": "https://mriqc.nimh.nih.gov/api/v1"
  },
  "size_t": 475,
  "size_x": 80,
  "size_y": 80,
  "size_z": 36,
  "snr": 4.911485905047289,
  "spacing_tr": 0.75,
  "spacing_x": 3.0,
  "spacing_y": 3.0,
  "spacing_z": 3.299999952316284,
  "spikes_num": 1,
  "summary_bg_k": 115.74829042208017,
  "summary_bg_mad": 2.114279270172119,
  "summary_bg_mean": 112.46570587158203,
  "summary_bg_median": 1.4520630836486816,
  "summary_bg_n": 153706.0,
  "summary_bg_p05": 0.00681125302799046,
  "summary_bg_p95": 437.8147430419922,
  "summary_bg_stdv": 655.5244140625,
  "summary_fg_k": 2.3456024831554148,
  "summary_fg_mad": 2702.06298828125,
  "summary_fg_mean": 16910.900390625,
  "summary_fg_median": 16786.765625,
  "summary_fg_n": 36861.0,
  "summary_fg_p05": 11884.5185546875,
  "summary_fg_p95": 22696.947265625,
  "summary_fg_stdv": 3417.8125,
  "tsnr": 40.19641876220703
}