{
  "aor": 0.001953283582089552,
  "aqi": 0.014133329402985074,
  "bids_meta": {
    "AcquisitionNumber": 5,
    "BidsifyVersion": "0.3.5",
    "ConversionSoftware": "dcm2niix",
    "ConversionSoftwareVersion": "v1.0.20181125  GCC6.3.0",
    "EchoTime": 0.02762,
    "ImageComments": "PIOP",
    "ImageOrientationPatientDICOM": [
      0.994961,
      0.0922667,
      0.0392244,
      -0.0795284,
      0.964558,
      -0.251601
    ],
    "Manufacturer": "Philips",
    "NumberOfVolumesDiscardedByScanner": 2,
    "ParallelAcquisitionTechnique": "SENSE",
    "ParallelReductionFactorInPlane": 2,
    "PatientPosition": "HFS",
    "PhaseEncodingDirection": "j",
    "PhilipsRescaleIntercept": 0,
    "PhilipsRescaleSlope": 0.83248,
    "PhilipsScaleSlope": 0.0524038,
    "ProtocolName": "WIPpiopharririSENSE",
    "PulseSequenceType": "gradient echo EPI",
    "ReconMatrixPE": 80,
    "RepetitionTime": 2,
    "SeriesDescription": "ImageMRSERIES",
    "SeriesNumber": 5,
    "SliceEncodingDirection": "k",
    "TaskName": "emomatching",
    "UsePhilipsFloatNotDisplayScaling": 1,
    "acq_id": "seq",
    "dataset": "unknown",
    "modality": "bold",
    "subject_id": "0064",
    "task_id": "emomatching"
  },
  "dummy_trs": 1,
  "dvars_nstd": 28.847314469248126,
  "dvars_std": 1.1081224215037593,
  "dvars_vstd": 0.9271736863909779,
  "efc": 0.3740452170381626,
  "fber": 51482716.0,
  "fd_mean": 0.25893343838390626,
  "fd_num": 74,
  "fd_perc": 55.223880597014926,
  "fwhm_avg": 2.4325055663579245,
  "fwhm_x": 2.37129,
  "fwhm_y": 2.68346,
  "fwhm_z": 2.2427666990737727,
  "gcor": 0.0235922,
  "gsr_x": -0.006693623028695583,
  "gsr_y": 0.0016183375846594572,
  "provenance": {
    "md5sum": "b3da3c5f93566fccc4d34e7b6115d416",
    "settings": {
      "fd_thres": 0.2,
      "hmc_fsl": false
    },
    "software": "mriqc",
    "version": "0.15.0",
    "webapi_port": null,
    "webapi_url": "https://mriqc.nimh.nih.gov/api/v1"
  },
  "size_t": 134,
  "size_x": 80,
  "size_y": 80,
  "size_z": 37,
  "snr": 4.287078074374661,
  "spacing_tr": 2.0,
  "spacing_x": 3.0,
  "spacing_y": 3.0,
  "spacing_z": 3.299999952316284,
  "spikes_num": 2,
  "summary_bg_k": 151.5620734647241,
  "summary_bg_mad": 4.493992328643799,
  "summary_bg_mean": 153.61138916015625,
  "summary_bg_median": 3.0934102535247803,
  "summary_bg_n": 159712.0,
  "summary_bg_p05": 0.02688527191057801,
  "summary_bg_p95": 576.5700073242081,
  "summary_bg_stdv": 879.1442260742188,
  "summary_fg_k": 2.1022082563092876,
  "summary_fg_mad": 4384.2548828125,
  "summary_fg_mean": 24219.375,
  "summary_fg_median": 23552.4140625,
  "summary_fg_n": 36714.0,
  "summary_fg_p05": 16916.96201171875,
  "summary_fg_p95": 33946.295507812494,
  "summary_fg_stdv": 5493.740234375,
  "tsnr": 44.42051315307617
}