{
  "aor": 0.0021337142857142857,
  "aqi": 0.004502982693877551,
  "bids_meta": {
    "AcquisitionNumber": 3,
    "BidsifyVersion": "0.3.5",
    "ConversionSoftware": "dcm2niix",
    "ConversionSoftwareVersion": "v1.0.20181125  GCC6.3.0",
    "EchoTime": 0.02762,
    "EffectiveEchoSpacing": 0.0006621159151938905,
    "ImageComments": "Piop",
    "ImageOrientationPatientDICOM": [
      0.99894,
      0.0396852,
      0.023306,
      -0.0273795,
      0.91949,
      -0.392159
    ],
    "Manufacturer": "Philips",
    "NumberOfVolumesDiscardedByScanner": 2,
    "ParallelAcquisitionTechnique": "SENSE",
    "ParallelReductionFactorInPlane": 2,
    "PatientPosition": "HFS",
    "PhaseEncodingDirection": "j",
    "PhilipsRescaleIntercept": 0,
    "PhilipsRescaleSlope": 0.81636,
    "PhilipsScaleSlope": 0.0681955,
    "ProtocolName": "WIPpiopgstroopSENSE",
    "PulseSequenceType": "gradient echo EPI",
    "ReconMatrixPE": 80,
    "RepetitionTime": 2,
    "SeriesDescription": "ImageMRSERIES",
    "SeriesNumber": 3,
    "SliceEncodingDirection": "k",
    "SliceTiming": [
      0.0,
      0.0541,
      0.1081,
      0.1622,
      0.2162,
      0.2703,
      0.3243,
      0.3784,
      0.4324,
      0.4865,
      0.5405,
      0.5946,
      0.6486,
      0.7027,
      0.7568,
      0.8108,
      0.8649,
      0.9189,
      0.973,
      1.027,
      1.0811,
      1.1351,
      1.1892,
      1.2432,
      1.2973,
      1.3514,
      1.4054,
      1.4595,
      1.5135,
      1.5676,
      1.6216,
      1.6757,
      1.7297,
      1.7838,
      1.8378,
      1.8919,
      1.9459
    ],
    "TaskName": "gstroop",
    "TotalReadoutTime": 0.025822520692561732,
    "UsePhilipsFloatNotDisplayScaling": 1,
    "acq_id": "seq",
    "dataset": "unknown",
    "modality": "bold",
    "subject_id": "0156",
    "task_id": "gstroop"
  },
  "dummy_trs": 0,
  "dvars_nstd": 25.4434620822541,
  "dvars_std": 1.2970497918852464,
  "dvars_vstd": 1.0934010758196715,
  "efc": 0.421298967993499,
  "fber": 335375200.0,
  "fd_mean": 0.12108653395397599,
  "fd_num": 18,
  "fd_perc": 7.346938775510204,
  "fwhm_avg": 2.31257021234731,
  "fwhm_x": 2.2900033333333334,
  "fwhm_y": 2.5036133333333335,
  "fwhm_z": 2.144093970375263,
  "gcor": 0.0334418,
  "gsr_x": -0.0006371064810082316,
  "gsr_y": 0.003828165354207158,
  "provenance": {
    "md5sum": "5950debe403a38fd87b05e37c3008018",
    "settings": {
      "fd_thres": 0.2,
      "hmc_fsl": false
    },
    "software": "mriqc",
    "version": "0.15.0",
    "webapi_port": null,
    "webapi_url": "https://mriqc.nimh.nih.gov/api/v1"
  },
  "size_t": 245,
  "size_x": 80,
  "size_y": 80,
  "size_z": 37,
  "snr": 4.66991810495712,
  "spacing_tr": 2.0,
  "spacing_x": 3.0,
  "spacing_y": 3.0,
  "spacing_z": 3.299999952316284,
  "spikes_num": 10,
  "summary_bg_k": 73.25722378887987,
  "summary_bg_mad": 1.4571406841278076,
  "summary_bg_mean": 191.2482147216797,
  "summary_bg_median": 0.9939296245574951,
  "summary_bg_n": 149212.0,
  "summary_bg_p05": 0.005453636334277689,
  "summary_bg_p95": 839.014953613281,
  "summary_bg_stdv": 1016.0311889648438,
  "summary_fg_k": 2.0068565833252254,
  "summary_fg_mad": 3869.669921875,
  "summary_fg_mean": 20874.087890625,
  "summary_fg_median": 20789.59375,
  "summary_fg_n": 45428.0,
  "summary_fg_p05": 14202.719873046874,
  "summary_fg_p95": 27872.78544921875,
  "summary_fg_stdv": 4451.76220703125,
  "tsnr": 67.59478759765625
}