{
  "aor": 0.0028647738693467336,
  "aqi": 0.02500099663316583,
  "bids_meta": {
    "AcquisitionNumber": 9,
    "BidsifyVersion": "0.3.5",
    "ConversionSoftware": "dcm2niix",
    "ConversionSoftwareVersion": "v1.0.20181125  GCC6.3.0",
    "EchoTime": 0.02762,
    "EffectiveEchoSpacing": 0.0006621159151938905,
    "ImageComments": "Piop",
    "ImageOrientationPatientDICOM": [
      0.998737,
      0.0375608,
      0.0333607,
      -0.0367966,
      0.999053,
      -0.0232334
    ],
    "Manufacturer": "Philips",
    "NumberOfVolumesDiscardedByScanner": 2,
    "ParallelAcquisitionTechnique": "SENSE",
    "ParallelReductionFactorInPlane": 2,
    "PatientPosition": "HFS",
    "PhaseEncodingDirection": "j",
    "PhilipsRescaleIntercept": 0,
    "PhilipsRescaleSlope": 0.87937,
    "PhilipsScaleSlope": 0.0496252,
    "ProtocolName": "WIPpiopanticipatieSENSE",
    "PulseSequenceType": "gradient echo EPI",
    "ReconMatrixPE": 80,
    "RepetitionTime": 2,
    "SeriesDescription": "ImageMRSERIES",
    "SeriesNumber": 9,
    "SliceEncodingDirection": "k",
    "SliceTiming": [
      0.0,
      0.0541,
      0.1081,
      0.1622,
      0.2162,
      0.2703,
      0.3243,
      0.3784,
      0.4324,
      0.4865,
      0.5405,
      0.5946,
      0.6486,
      0.7027,
      0.7568,
      0.8108,
      0.8649,
      0.9189,
      0.973,
      1.027,
      1.0811,
      1.1351,
      1.1892,
      1.2432,
      1.2973,
      1.3514,
      1.4054,
      1.4595,
      1.5135,
      1.5676,
      1.6216,
      1.6757,
      1.7297,
      1.7838,
      1.8378,
      1.8919,
      1.9459
    ],
    "TaskName": "anticipation",
    "TotalReadoutTime": 0.025822520692561732,
    "UsePhilipsFloatNotDisplayScaling": 1,
    "acq_id": "seq",
    "dataset": "unknown",
    "modality": "bold",
    "subject_id": "0149",
    "task_id": "anticipation"
  },
  "dummy_trs": 1,
  "dvars_nstd": 38.81941685565658,
  "dvars_std": 1.0387353440404048,
  "dvars_vstd": 1.009494007727272,
  "efc": 0.4200516532883579,
  "fber": 34981220.0,
  "fd_mean": 0.44525614399240176,
  "fd_num": 140,
  "fd_perc": 70.35175879396985,
  "fwhm_avg": 2.4628811220396734,
  "fwhm_x": 2.36908,
  "fwhm_y": 2.7505966666666666,
  "fwhm_z": 2.2689666994523523,
  "gcor": 0.0146834,
  "gsr_x": -0.0008643909241072834,
  "gsr_y": 0.0030237166211009026,
  "provenance": {
    "md5sum": "ba29f61ff8a114f2da56a8749949035f",
    "settings": {
      "fd_thres": 0.2,
      "hmc_fsl": false
    },
    "software": "mriqc",
    "version": "0.15.0",
    "webapi_port": null,
    "webapi_url": "https://mriqc.nimh.nih.gov/api/v1"
  },
  "size_t": 199,
  "size_x": 80,
  "size_y": 80,
  "size_z": 37,
  "snr": 4.891604842957188,
  "spacing_tr": 2.0,
  "spacing_x": 3.0,
  "spacing_y": 3.0,
  "spacing_z": 3.299999952316284,
  "spikes_num": 1,
  "summary_bg_k": 73.8995679937147,
  "summary_bg_mad": 6.311239719390869,
  "summary_bg_mean": 276.5680236816406,
  "summary_bg_median": 4.477102756500244,
  "summary_bg_n": 150765.0,
  "summary_bg_p05": 0.07160252034664155,
  "summary_bg_p95": 1194.5548339843742,
  "summary_bg_stdv": 1399.9356689453125,
  "summary_fg_k": 3.203370158792871,
  "summary_fg_mad": 4716.923828125,
  "summary_fg_mean": 28422.025390625,
  "summary_fg_median": 28432.3828125,
  "summary_fg_n": 44236.0,
  "summary_fg_p05": 19429.44091796875,
  "summary_fg_p95": 37090.6328125,
  "summary_fg_stdv": 5812.419921875,
  "tsnr": 34.53688049316406
}