{
  "aor": 0.00017363636363636366,
  "aqi": 0.005462844272727273,
  "bids_meta": {
    "AcquisitionNumber": 2,
    "BidsifyVersion": "0.3.5",
    "ConversionSoftware": "dcm2niix",
    "ConversionSoftwareVersion": "v1.0.20181125  GCC6.3.0",
    "EchoTime": 0.02763,
    "EffectiveEchoSpacing": 0.0006333282667071997,
    "ImageComments": "piop",
    "ImageOrientationPatientDICOM": [
      0.998574,
      0.0532755,
      -0.0034375,
      -0.0533817,
      0.995575,
      -0.0773419
    ],
    "Manufacturer": "Philips",
    "NumberOfVolumesDiscardedByScanner": 2,
    "ParallelAcquisitionTechnique": "SENSE",
    "ParallelReductionFactorInPlane": 2,
    "PatientPosition": "HFS",
    "PhaseEncodingDirection": "j",
    "PhilipsRescaleIntercept": 0,
    "PhilipsRescaleSlope": 0.82076,
    "PhilipsScaleSlope": 0.0833803,
    "ProtocolName": "WIPpiopfacesSENSE",
    "PulseSequenceType": "gradient echo EPI",
    "ReconMatrixPE": 80,
    "RepetitionTime": 0.75,
    "SeriesDescription": "ImageMRSERIES",
    "SeriesNumber": 2,
    "SliceEncodingDirection": "k",
    "SliceTiming": [
      0.0,
      0.06755050505050506,
      0.1351010101010101,
      0.20265151515151517,
      0.2702020202020202,
      0.3377525252525253,
      0.40530303030303033,
      0.47285353535353536,
      0.5404040404040404,
      0.6079545454545455,
      0.6755050505050506,
      0.7430555555555556,
      0.0,
      0.06755050505050506,
      0.1351010101010101,
      0.20265151515151517,
      0.2702020202020202,
      0.3377525252525253,
      0.40530303030303033,
      0.47285353535353536,
      0.5404040404040404,
      0.6079545454545455,
      0.6755050505050506,
      0.7430555555555556,
      0.0,
      0.06755050505050506,
      0.1351010101010101,
      0.20265151515151517,
      0.2702020202020202,
      0.3377525252525253,
      0.40530303030303033,
      0.47285353535353536,
      0.5404040404040404,
      0.6079545454545455,
      0.6755050505050506,
      0.7430555555555556
    ],
    "TaskName": "faces",
    "TotalReadoutTime": 0.024699802401580786,
    "UsePhilipsFloatNotDisplayScaling": 1,
    "acq_id": "mb3",
    "dataset": "unknown",
    "modality": "bold",
    "subject_id": "0162",
    "task_id": "faces"
  },
  "dummy_trs": 0,
  "dvars_nstd": 21.039825740972653,
  "dvars_std": 1.1284684587538005,
  "dvars_vstd": 0.9913048875379935,
  "efc": 0.4422449248720087,
  "fber": 1996278656.0,
  "fd_mean": 0.08101691143624255,
  "fd_num": 1,
  "fd_perc": 0.30303030303030304,
  "fwhm_avg": 2.778340473946314,
  "fwhm_x": 2.7700566666666666,
  "fwhm_y": 3.14601,
  "fwhm_z": 2.4189547551722748,
  "gcor": 0.0140951,
  "gsr_x": -0.003884263103827834,
  "gsr_y": 0.006446527782827616,
  "provenance": {
    "md5sum": "ed5ff98ba433cef7557477fe462ea126",
    "settings": {
      "fd_thres": 0.2,
      "hmc_fsl": false
    },
    "software": "mriqc",
    "version": "0.15.0",
    "webapi_port": null,
    "webapi_url": "https://mriqc.nimh.nih.gov/api/v1"
  },
  "size_t": 330,
  "size_x": 80,
  "size_y": 80,
  "size_z": 36,
  "snr": 5.238449763758664,
  "spacing_tr": 0.75,
  "spacing_x": 3.0,
  "spacing_y": 3.0,
  "spacing_z": 3.299999713897705,
  "spikes_num": 0,
  "summary_bg_k": 46.324222420165626,
  "summary_bg_mad": 0.5584848523139954,
  "summary_bg_mean": 216.6155548095703,
  "summary_bg_median": 0.3776474595069885,
  "summary_bg_n": 142830.0,
  "summary_bg_p05": 0.0002779178903438151,
  "summary_bg_p95": 1320.2361206054593,
  "summary_bg_stdv": 1014.1779174804688,
  "summary_fg_k": 2.3729445195742427,
  "summary_fg_mad": 3233.697265625,
  "summary_fg_mean": 19227.265625,
  "summary_fg_median": 19505.2890625,
  "summary_fg_n": 46636.0,
  "summary_fg_p05": 13006.38818359375,
  "summary_fg_p95": 24537.5146484375,
  "summary_fg_stdv": 3723.445068359375,
  "tsnr": 65.75372314453125
}