{
  "aor": 0.004556851851851852,
  "aqi": 0.004287316234567901,
  "bids_meta": {
    "AcquisitionNumber": 8,
    "BidsifyVersion": "0.3.5",
    "ConversionSoftware": "dcm2niix",
    "ConversionSoftwareVersion": "v1.0.20181125  GCC6.3.0",
    "EchoTime": 0.02762,
    "EffectiveEchoSpacing": 0.0006621159151938905,
    "ImageComments": "piop",
    "ImageOrientationPatientDICOM": [
      0.998573,
      0.0532988,
      -0.00321395,
      -0.0533816,
      0.995125,
      -0.0829288
    ],
    "Manufacturer": "Philips",
    "NumberOfVolumesDiscardedByScanner": 2,
    "ParallelAcquisitionTechnique": "SENSE",
    "ParallelReductionFactorInPlane": 2,
    "PatientPosition": "HFS",
    "PhaseEncodingDirection": "j",
    "PhilipsRescaleIntercept": 0,
    "PhilipsRescaleSlope": 0.82247,
    "PhilipsScaleSlope": 0.048885,
    "ProtocolName": "WIPpiopwmSENSE",
    "PulseSequenceType": "gradient echo EPI",
    "ReconMatrixPE": 80,
    "RepetitionTime": 2,
    "SeriesDescription": "ImageMRSERIES",
    "SeriesNumber": 8,
    "SliceEncodingDirection": "k",
    "SliceTiming": [
      0.0,
      0.0541,
      0.1081,
      0.1622,
      0.2162,
      0.2703,
      0.3243,
      0.3784,
      0.4324,
      0.4865,
      0.5405,
      0.5946,
      0.6486,
      0.7027,
      0.7568,
      0.8108,
      0.8649,
      0.9189,
      0.973,
      1.027,
      1.0811,
      1.1351,
      1.1892,
      1.2432,
      1.2973,
      1.3514,
      1.4054,
      1.4595,
      1.5135,
      1.5676,
      1.6216,
      1.6757,
      1.7297,
      1.7838,
      1.8378,
      1.8919,
      1.9459
    ],
    "TaskName": "workingmemory",
    "TotalReadoutTime": 0.025822520692561732,
    "UsePhilipsFloatNotDisplayScaling": 1,
    "acq_id": "seq",
    "dataset": "unknown",
    "modality": "bold",
    "subject_id": "0162",
    "task_id": "workingmemory"
  },
  "dummy_trs": 0,
  "dvars_nstd": 20.22303031534161,
  "dvars_std": 1.2679779457763978,
  "dvars_vstd": 1.0411884676397514,
  "efc": 0.4346711335584149,
  "fber": 281066784.0,
  "fd_mean": 0.09323460948593343,
  "fd_num": 13,
  "fd_perc": 8.024691358024691,
  "fwhm_avg": 2.4272140510751363,
  "fwhm_x": 2.362363333333333,
  "fwhm_y": 2.7037666666666667,
  "fwhm_z": 2.2155121532254096,
  "gcor": 0.0473118,
  "gsr_x": -0.004434624686837196,
  "gsr_y": 0.009120797738432884,
  "provenance": {
    "md5sum": "6113604ff9d8e3e8a018781ee5cfde63",
    "settings": {
      "fd_thres": 0.2,
      "hmc_fsl": false
    },
    "software": "mriqc",
    "version": "0.15.0",
    "webapi_port": null,
    "webapi_url": "https://mriqc.nimh.nih.gov/api/v1"
  },
  "size_t": 162,
  "size_x": 80,
  "size_y": 80,
  "size_z": 37,
  "snr": 4.844268010499679,
  "spacing_tr": 2.0,
  "spacing_x": 3.0,
  "spacing_y": 3.0,
  "spacing_z": 3.299999952316284,
  "spikes_num": 7,
  "summary_bg_k": 42.89858885175279,
  "summary_bg_mad": 2.1471571922302246,
  "summary_bg_mean": 327.8659362792969,
  "summary_bg_median": 1.4741090536117554,
  "summary_bg_n": 148755.0,
  "summary_bg_p05": 0.012347080651670696,
  "summary_bg_p95": 1881.721057128873,
  "summary_bg_stdv": 1519.9078369140625,
  "summary_fg_k": 2.0104636157909486,
  "summary_fg_mad": 4943.69384765625,
  "summary_fg_mean": 27485.4140625,
  "summary_fg_median": 27339.330078125,
  "summary_fg_n": 46440.0,
  "summary_fg_p05": 18996.42314453125,
  "summary_fg_p95": 36260.341796874985,
  "summary_fg_stdv": 5643.58447265625,
  "tsnr": 74.23848724365234
}