{
  "aor": 0.000467469387755102,
  "aqi": 0.004666980653061224,
  "bids_meta": {
    "AcquisitionNumber": 3,
    "BidsifyVersion": "0.3.5",
    "ConversionSoftware": "dcm2niix",
    "ConversionSoftwareVersion": "v1.0.20181125  GCC6.3.0",
    "EchoTime": 0.02762,
    "EffectiveEchoSpacing": 0.0006621159151938905,
    "ImageComments": "piop",
    "ImageOrientationPatientDICOM": [
      0.998573,
      0.0532988,
      -0.00321395,
      -0.0533816,
      0.995125,
      -0.0829288
    ],
    "Manufacturer": "Philips",
    "NumberOfVolumesDiscardedByScanner": 2,
    "ParallelAcquisitionTechnique": "SENSE",
    "ParallelReductionFactorInPlane": 2,
    "PatientPosition": "HFS",
    "PhaseEncodingDirection": "j",
    "PhilipsRescaleIntercept": 0,
    "PhilipsRescaleSlope": 0.7956,
    "PhilipsScaleSlope": 0.0502143,
    "ProtocolName": "WIPpiopgstroopSENSE",
    "PulseSequenceType": "gradient echo EPI",
    "ReconMatrixPE": 80,
    "RepetitionTime": 2,
    "SeriesDescription": "ImageMRSERIES",
    "SeriesNumber": 3,
    "SliceEncodingDirection": "k",
    "SliceTiming": [
      0.0,
      0.0541,
      0.1081,
      0.1622,
      0.2162,
      0.2703,
      0.3243,
      0.3784,
      0.4324,
      0.4865,
      0.5405,
      0.5946,
      0.6486,
      0.7027,
      0.7568,
      0.8108,
      0.8649,
      0.9189,
      0.973,
      1.027,
      1.0811,
      1.1351,
      1.1892,
      1.2432,
      1.2973,
      1.3514,
      1.4054,
      1.4595,
      1.5135,
      1.5676,
      1.6216,
      1.6757,
      1.7297,
      1.7838,
      1.8378,
      1.8919,
      1.9459
    ],
    "TaskName": "gstroop",
    "TotalReadoutTime": 0.025822520692561732,
    "UsePhilipsFloatNotDisplayScaling": 1,
    "acq_id": "seq",
    "dataset": "unknown",
    "modality": "bold",
    "subject_id": "0162",
    "task_id": "gstroop"
  },
  "dummy_trs": 0,
  "dvars_nstd": 21.504607763565584,
  "dvars_std": 1.2817013623360651,
  "dvars_vstd": 0.9647049603278697,
  "efc": 0.4352408700711675,
  "fber": 335290400.0,
  "fd_mean": 0.07057673580485181,
  "fd_num": 4,
  "fd_perc": 1.6326530612244898,
  "fwhm_avg": 2.3797611214909087,
  "fwhm_x": 2.3251566666666665,
  "fwhm_y": 2.6590933333333333,
  "fwhm_z": 2.1550333644727266,
  "gcor": 0.0277817,
  "gsr_x": -0.004170713014900684,
  "gsr_y": 0.007084979210048914,
  "provenance": {
    "md5sum": "f793c36d6c395cfe0be1d8b1cfc9e0ae",
    "settings": {
      "fd_thres": 0.2,
      "hmc_fsl": false
    },
    "software": "mriqc",
    "version": "0.15.0",
    "webapi_port": null,
    "webapi_url": "https://mriqc.nimh.nih.gov/api/v1"
  },
  "size_t": 245,
  "size_x": 80,
  "size_y": 80,
  "size_z": 37,
  "snr": 5.073471415834502,
  "spacing_tr": 2.0,
  "spacing_x": 3.0,
  "spacing_y": 3.0,
  "spacing_z": 3.299999952316284,
  "spikes_num": 1,
  "summary_bg_k": 48.881265716877394,
  "summary_bg_mad": 1.9043740034103394,
  "summary_bg_mean": 323.5509338378906,
  "summary_bg_median": 1.2882312536239624,
  "summary_bg_n": 148667.0,
  "summary_bg_p05": 0.0019179412047378719,
  "summary_bg_p95": 1726.4909912109365,
  "summary_bg_stdv": 1509.8203125,
  "summary_fg_k": 2.1310476441645996,
  "summary_fg_mad": 4692.68505859375,
  "summary_fg_mean": 27372.388671875,
  "summary_fg_median": 27263.8828125,
  "summary_fg_n": 46447.0,
  "summary_fg_p05": 19292.6837890625,
  "summary_fg_p95": 35678.146875,
  "summary_fg_stdv": 5373.75439453125,
  "tsnr": 75.94721984863281
}