{
  "aor": 0.0040701999999999995,
  "aqi": 0.024741115699999996,
  "bids_meta": {
    "AcquisitionNumber": 9,
    "BidsifyVersion": "0.3.5",
    "ConversionSoftware": "dcm2niix",
    "ConversionSoftwareVersion": "v1.0.20181125  GCC6.3.0",
    "EchoTime": 0.02762,
    "EffectiveEchoSpacing": 0.0006621159151938905,
    "ImageComments": "piop",
    "ImageOrientationPatientDICOM": [
      0.998963,
      0.040043,
      0.0216726,
      -0.0397732,
      0.999127,
      -0.0127402
    ],
    "Manufacturer": "Philips",
    "NumberOfVolumesDiscardedByScanner": 2,
    "ParallelAcquisitionTechnique": "SENSE",
    "ParallelReductionFactorInPlane": 2,
    "PatientPosition": "HFS",
    "PhaseEncodingDirection": "j",
    "PhilipsRescaleIntercept": 0,
    "PhilipsRescaleSlope": 0.80488,
    "PhilipsScaleSlope": 0.0574727,
    "ProtocolName": "WIPpiopanticipatieSENSE",
    "PulseSequenceType": "gradient echo EPI",
    "ReconMatrixPE": 80,
    "RepetitionTime": 2,
    "SeriesDescription": "ImageMRSERIES",
    "SeriesNumber": 9,
    "SliceEncodingDirection": "k",
    "SliceTiming": [
      0.0,
      0.0541,
      0.1081,
      0.1622,
      0.2162,
      0.2703,
      0.3243,
      0.3784,
      0.4324,
      0.4865,
      0.5405,
      0.5946,
      0.6486,
      0.7027,
      0.7568,
      0.8108,
      0.8649,
      0.9189,
      0.973,
      1.027,
      1.0811,
      1.1351,
      1.1892,
      1.2432,
      1.2973,
      1.3514,
      1.4054,
      1.4595,
      1.5135,
      1.5676,
      1.6216,
      1.6757,
      1.7297,
      1.7838,
      1.8378,
      1.8919,
      1.9459
    ],
    "TaskName": "anticipation",
    "TotalReadoutTime": 0.025822520692561732,
    "UsePhilipsFloatNotDisplayScaling": 1,
    "acq_id": "seq",
    "dataset": "unknown",
    "modality": "bold",
    "subject_id": "0024",
    "task_id": "anticipation"
  },
  "dummy_trs": 0,
  "dvars_nstd": 31.52107351844221,
  "dvars_std": 1.095482368894472,
  "dvars_vstd": 1.116299051909548,
  "efc": 0.42094872578659154,
  "fber": 6227953.0,
  "fd_mean": 0.34140161513949363,
  "fd_num": 125,
  "fd_perc": 62.5,
  "fwhm_avg": 2.506332940081067,
  "fwhm_x": 2.4512133333333335,
  "fwhm_y": 2.827973333333333,
  "fwhm_z": 2.239812153576535,
  "gcor": 0.00661254,
  "gsr_x": 0.004618899896740913,
  "gsr_y": -0.0020143964793533087,
  "provenance": {
    "md5sum": "0568a79d5028b3282c82cef9b202b093",
    "settings": {
      "fd_thres": 0.2,
      "hmc_fsl": false
    },
    "software": "mriqc",
    "version": "0.15.0",
    "webapi_port": null,
    "webapi_url": "https://mriqc.nimh.nih.gov/api/v1"
  },
  "size_t": 200,
  "size_x": 80,
  "size_y": 80,
  "size_z": 37,
  "snr": 4.733448566418317,
  "spacing_tr": 2.0,
  "spacing_x": 3.0,
  "spacing_y": 3.0,
  "spacing_z": 3.299999952316284,
  "spikes_num": 4,
  "summary_bg_k": 53.333938866118196,
  "summary_bg_mad": 12.586034774780273,
  "summary_bg_mean": 298.30926513671875,
  "summary_bg_median": 8.918886184692383,
  "summary_bg_n": 151078.0,
  "summary_bg_p05": 0.13529463186860086,
  "summary_bg_p95": 1372.7657714843724,
  "summary_bg_stdv": 1337.2398681640625,
  "summary_fg_k": 2.271841035806845,
  "summary_fg_mad": 4361.04296875,
  "summary_fg_mean": 24096.029296875,
  "summary_fg_median": 24081.71875,
  "summary_fg_n": 43986.0,
  "summary_fg_p05": 16231.581787109375,
  "summary_fg_p95": 31723.74365234375,
  "summary_fg_stdv": 5087.50537109375,
  "tsnr": 31.88764190673828
}