{
  "aor": 0.00018125523012552303,
  "aqi": 0.008728407384937237,
  "bids_meta": {
    "AcquisitionNumber": 6,
    "BidsifyVersion": "0.3.5",
    "ConversionSoftware": "dcm2niix",
    "ConversionSoftwareVersion": "v1.0.20181125  GCC6.3.0",
    "EchoTime": 0.02762,
    "EffectiveEchoSpacing": 0.0006333282667071997,
    "ImageComments": "Piop",
    "ImageOrientationPatientDICOM": [
      0.999739,
      0.0228217,
      0.000288932,
      -0.0209416,
      0.922262,
      -0.385997
    ],
    "Manufacturer": "Philips",
    "NumberOfVolumesDiscardedByScanner": 2,
    "ParallelAcquisitionTechnique": "SENSE",
    "ParallelReductionFactorInPlane": 2,
    "PatientPosition": "HFS",
    "PhaseEncodingDirection": "j",
    "PhilipsRescaleIntercept": 0,
    "PhilipsRescaleSlope": 0.78315,
    "PhilipsScaleSlope": 0.0977176,
    "ProtocolName": "WIPpioprsSENSE",
    "PulseSequenceType": "gradient echo EPI",
    "ReconMatrixPE": 80,
    "RepetitionTime": 0.75,
    "SeriesDescription": "ImageMRSERIES",
    "SeriesNumber": 6,
    "SliceEncodingDirection": "k",
    "SliceTiming": [
      0.0,
      0.06755050505050506,
      0.1351010101010101,
      0.20265151515151517,
      0.2702020202020202,
      0.3377525252525253,
      0.40530303030303033,
      0.47285353535353536,
      0.5404040404040404,
      0.6079545454545455,
      0.6755050505050506,
      0.7430555555555556,
      0.0,
      0.06755050505050506,
      0.1351010101010101,
      0.20265151515151517,
      0.2702020202020202,
      0.3377525252525253,
      0.40530303030303033,
      0.47285353535353536,
      0.5404040404040404,
      0.6079545454545455,
      0.6755050505050506,
      0.7430555555555556,
      0.0,
      0.06755050505050506,
      0.1351010101010101,
      0.20265151515151517,
      0.2702020202020202,
      0.3377525252525253,
      0.40530303030303033,
      0.47285353535353536,
      0.5404040404040404,
      0.6079545454545455,
      0.6755050505050506,
      0.7430555555555556
    ],
    "TaskName": "restingstate",
    "TotalReadoutTime": 0.024699802401580786,
    "UsePhilipsFloatNotDisplayScaling": 1,
    "acq_id": "mb3",
    "dataset": "unknown",
    "modality": "bold",
    "subject_id": "0084",
    "task_id": "restingstate"
  },
  "dummy_trs": 2,
  "dvars_nstd": 28.43008008190776,
  "dvars_std": 1.1369890266666665,
  "dvars_vstd": 0.9872028701257851,
  "efc": 0.419377533122327,
  "fber": 301466368.0,
  "fd_mean": 0.10027865554918804,
  "fd_num": 11,
  "fd_perc": 2.301255230125523,
  "fwhm_avg": 2.43997435449987,
  "fwhm_x": 2.3808000000000002,
  "fwhm_y": 2.64172,
  "fwhm_z": 2.2974030634996105,
  "gcor": 0.00671303,
  "gsr_x": -0.004391576629132032,
  "gsr_y": 0.003318475093692541,
  "provenance": {
    "md5sum": "954d875d4c48e6808b2d3e2daeb566a4",
    "settings": {
      "fd_thres": 0.2,
      "hmc_fsl": false
    },
    "software": "mriqc",
    "version": "0.15.0",
    "webapi_port": null,
    "webapi_url": "https://mriqc.nimh.nih.gov/api/v1"
  },
  "size_t": 478,
  "size_x": 80,
  "size_y": 80,
  "size_z": 36,
  "snr": 5.266597230750745,
  "spacing_tr": 0.75,
  "spacing_x": 3.0,
  "spacing_y": 3.0,
  "spacing_z": 3.299999952316284,
  "spikes_num": 0,
  "summary_bg_k": 74.61003027949236,
  "summary_bg_mad": 1.267453908920288,
  "summary_bg_mean": 148.4138641357422,
  "summary_bg_median": 0.8610783815383911,
  "summary_bg_n": 147117.0,
  "summary_bg_p05": 0.0030438439920544625,
  "summary_bg_p95": 691.1102905273432,
  "summary_bg_stdv": 781.5870361328125,
  "summary_fg_k": 1.9203066824220896,
  "summary_fg_mad": 2812.151123046875,
  "summary_fg_mean": 16770.41015625,
  "summary_fg_median": 16972.7421875,
  "summary_fg_n": 42618.0,
  "summary_fg_p05": 11283.91298828125,
  "summary_fg_p95": 21482.6876953125,
  "summary_fg_stdv": 3222.67724609375,
  "tsnr": 47.84516525268555
}