{
  "aor": 0.00048088888888888893,
  "aqi": 0.0030251398518518517,
  "bids_meta": {
    "AcquisitionNumber": 5,
    "BidsifyVersion": "0.3.5",
    "ConversionSoftware": "dcm2niix",
    "ConversionSoftwareVersion": "v1.0.20181125  GCC6.3.0",
    "EchoTime": 0.02762,
    "EffectiveEchoSpacing": 0.0006621159151938905,
    "ImageComments": "Piop",
    "ImageOrientationPatientDICOM": [
      0.999739,
      0.0228217,
      0.000288932,
      -0.0209416,
      0.922262,
      -0.385997
    ],
    "Manufacturer": "Philips",
    "NumberOfVolumesDiscardedByScanner": 2,
    "ParallelAcquisitionTechnique": "SENSE",
    "ParallelReductionFactorInPlane": 2,
    "PatientPosition": "HFS",
    "PhaseEncodingDirection": "j",
    "PhilipsRescaleIntercept": 0,
    "PhilipsRescaleSlope": 0.80147,
    "PhilipsScaleSlope": 0.0581924,
    "ProtocolName": "WIPpiopharririSENSE",
    "PulseSequenceType": "gradient echo EPI",
    "ReconMatrixPE": 80,
    "RepetitionTime": 2,
    "SeriesDescription": "ImageMRSERIES",
    "SeriesNumber": 5,
    "SliceEncodingDirection": "k",
    "SliceTiming": [
      0.0,
      0.0541,
      0.1081,
      0.1622,
      0.2162,
      0.2703,
      0.3243,
      0.3784,
      0.4324,
      0.4865,
      0.5405,
      0.5946,
      0.6486,
      0.7027,
      0.7568,
      0.8108,
      0.8649,
      0.9189,
      0.973,
      1.027,
      1.0811,
      1.1351,
      1.1892,
      1.2432,
      1.2973,
      1.3514,
      1.4054,
      1.4595,
      1.5135,
      1.5676,
      1.6216,
      1.6757,
      1.7297,
      1.7838,
      1.8378,
      1.8919,
      1.9459
    ],
    "TaskName": "emomatching",
    "TotalReadoutTime": 0.025822520692561732,
    "UsePhilipsFloatNotDisplayScaling": 1,
    "acq_id": "seq",
    "dataset": "unknown",
    "modality": "bold",
    "subject_id": "0084",
    "task_id": "emomatching"
  },
  "dummy_trs": 0,
  "dvars_nstd": 20.436307522910436,
  "dvars_std": 1.1927800747014923,
  "dvars_vstd": 0.9887238902238809,
  "efc": 0.41350266322758733,
  "fber": 1331361280.0,
  "fd_mean": 0.09576021717599269,
  "fd_num": 5,
  "fd_perc": 3.7037037037037037,
  "fwhm_avg": 2.363020616694308,
  "fwhm_x": 2.3075466666666666,
  "fwhm_y": 2.5737666666666668,
  "fwhm_z": 2.2077485167495916,
  "gcor": 0.025306,
  "gsr_x": -0.0035094679333269596,
  "gsr_y": 0.004223323892802,
  "provenance": {
    "md5sum": "bfb391bc054991bb0bd4650d52068513",
    "settings": {
      "fd_thres": 0.2,
      "hmc_fsl": false
    },
    "software": "mriqc",
    "version": "0.15.0",
    "webapi_port": null,
    "webapi_url": "https://mriqc.nimh.nih.gov/api/v1"
  },
  "size_t": 135,
  "size_x": 80,
  "size_y": 80,
  "size_z": 37,
  "snr": 4.614180421634032,
  "spacing_tr": 2.0,
  "spacing_x": 3.0,
  "spacing_y": 3.0,
  "spacing_z": 3.299999952316284,
  "spikes_num": 0,
  "summary_bg_k": 88.90515722017551,
  "summary_bg_mad": 0.847872257232666,
  "summary_bg_mean": 192.57643127441406,
  "summary_bg_median": 0.5790008306503296,
  "summary_bg_n": 151901.0,
  "summary_bg_p05": 0.0017892041942104697,
  "summary_bg_p95": 823.3939819335938,
  "summary_bg_stdv": 1075.079345703125,
  "summary_fg_k": 2.089186893182581,
  "summary_fg_mad": 4399.9638671875,
  "summary_fg_mean": 23177.134765625,
  "summary_fg_median": 23034.626953125,
  "summary_fg_n": 43579.0,
  "summary_fg_p05": 15460.3923828125,
  "summary_fg_p95": 30656.0931640625,
  "summary_fg_stdv": 4992.0810546875,
  "tsnr": 79.53436279296875
}