{
  "aor": 0.00029448979591836734,
  "aqi": 0.004510653591836734,
  "bids_meta": {
    "AcquisitionNumber": 3,
    "BidsifyVersion": "0.3.5",
    "ConversionSoftware": "dcm2niix",
    "ConversionSoftwareVersion": "v1.0.20181125  GCC6.3.0",
    "EchoTime": 0.02762,
    "EffectiveEchoSpacing": 0.0006621159151938905,
    "ImageComments": "Piop",
    "ImageOrientationPatientDICOM": [
      0.999657,
      0.0259047,
      -0.00395877,
      -0.0261769,
      0.980067,
      -0.196937
    ],
    "Manufacturer": "Philips",
    "NumberOfVolumesDiscardedByScanner": 2,
    "ParallelAcquisitionTechnique": "SENSE",
    "ParallelReductionFactorInPlane": 2,
    "PatientPosition": "HFS",
    "PhaseEncodingDirection": "j",
    "PhilipsRescaleIntercept": 0,
    "PhilipsRescaleSlope": 0.80147,
    "PhilipsScaleSlope": 0.0513462,
    "ProtocolName": "WIPpiopgstroopSENSE",
    "PulseSequenceType": "gradient echo EPI",
    "ReconMatrixPE": 80,
    "RepetitionTime": 2,
    "SeriesDescription": "ImageMRSERIES",
    "SeriesNumber": 3,
    "SliceEncodingDirection": "k",
    "SliceTiming": [
      0.0,
      0.0541,
      0.1081,
      0.1622,
      0.2162,
      0.2703,
      0.3243,
      0.3784,
      0.4324,
      0.4865,
      0.5405,
      0.5946,
      0.6486,
      0.7027,
      0.7568,
      0.8108,
      0.8649,
      0.9189,
      0.973,
      1.027,
      1.0811,
      1.1351,
      1.1892,
      1.2432,
      1.2973,
      1.3514,
      1.4054,
      1.4595,
      1.5135,
      1.5676,
      1.6216,
      1.6757,
      1.7297,
      1.7838,
      1.8378,
      1.8919,
      1.9459
    ],
    "TaskName": "gstroop",
    "TotalReadoutTime": 0.025822520692561732,
    "UsePhilipsFloatNotDisplayScaling": 1,
    "acq_id": "seq",
    "dataset": "unknown",
    "modality": "bold",
    "subject_id": "0215",
    "task_id": "gstroop"
  },
  "dummy_trs": 0,
  "dvars_nstd": 19.701023359959013,
  "dvars_std": 1.20538511454918,
  "dvars_vstd": 0.9754558483196721,
  "efc": 0.3712109268790125,
  "fber": 1454237824.0,
  "fd_mean": 0.07894497624771273,
  "fd_num": 12,
  "fd_perc": 4.8979591836734695,
  "fwhm_avg": 2.361201929523756,
  "fwhm_x": 2.3608733333333336,
  "fwhm_y": 2.5776566666666665,
  "fwhm_z": 2.145075788571268,
  "gcor": 0.0246319,
  "gsr_x": -0.007805051747709513,
  "gsr_y": 0.002809245837852359,
  "provenance": {
    "md5sum": "6446cec76e5d06b345d00a2bb825c048",
    "settings": {
      "fd_thres": 0.2,
      "hmc_fsl": false
    },
    "software": "mriqc",
    "version": "0.15.0",
    "webapi_port": null,
    "webapi_url": "https://mriqc.nimh.nih.gov/api/v1"
  },
  "size_t": 245,
  "size_x": 80,
  "size_y": 80,
  "size_z": 37,
  "snr": 5.359565618675212,
  "spacing_tr": 2.0,
  "spacing_x": 3.0,
  "spacing_y": 3.0,
  "spacing_z": 3.299999952316284,
  "spikes_num": 1,
  "summary_bg_k": 113.82943158710245,
  "summary_bg_mad": 0.9949546456336975,
  "summary_bg_mean": 205.1014404296875,
  "summary_bg_median": 0.678004264831543,
  "summary_bg_n": 161380.0,
  "summary_bg_p05": 0.003688776481430978,
  "summary_bg_p95": 558.2173400878863,
  "summary_bg_stdv": 1204.6370849609375,
  "summary_fg_k": 3.3295430675780775,
  "summary_fg_mad": 4346.64501953125,
  "summary_fg_mean": 28271.5390625,
  "summary_fg_median": 28178.203125,
  "summary_fg_n": 35045.0,
  "summary_fg_p05": 20638.057031250002,
  "summary_fg_p95": 36101.0453125,
  "summary_fg_stdv": 5257.478515625,
  "tsnr": 79.4380874633789
}