{
  "aor": 0.012418424242424243,
  "aqi": 0.011910100030303029,
  "bids_meta": {
    "AcquisitionNumber": 2,
    "BidsifyVersion": "0.3.5",
    "ConversionSoftware": "dcm2niix",
    "ConversionSoftwareVersion": "v1.0.20181125  GCC6.3.0",
    "EchoTime": 0.02762,
    "EffectiveEchoSpacing": 0.0006333282667071997,
    "ImageComments": "Piop",
    "ImageOrientationPatientDICOM": [
      0.999657,
      0.0259047,
      -0.00395877,
      -0.0261769,
      0.980067,
      -0.196937
    ],
    "Manufacturer": "Philips",
    "NumberOfVolumesDiscardedByScanner": 2,
    "ParallelAcquisitionTechnique": "SENSE",
    "ParallelReductionFactorInPlane": 2,
    "PatientPosition": "HFS",
    "PhaseEncodingDirection": "j",
    "PhilipsRescaleIntercept": 0,
    "PhilipsRescaleSlope": 0.73968,
    "PhilipsScaleSlope": 0.0860388,
    "ProtocolName": "WIPpiopfacesSENSE",
    "PulseSequenceType": "gradient echo EPI",
    "ReconMatrixPE": 80,
    "RepetitionTime": 0.75,
    "SeriesDescription": "ImageMRSERIES",
    "SeriesNumber": 2,
    "SliceEncodingDirection": "k",
    "SliceTiming": [
      0.0,
      0.06755050505050506,
      0.1351010101010101,
      0.20265151515151517,
      0.2702020202020202,
      0.3377525252525253,
      0.40530303030303033,
      0.47285353535353536,
      0.5404040404040404,
      0.6079545454545455,
      0.6755050505050506,
      0.7430555555555556,
      0.0,
      0.06755050505050506,
      0.1351010101010101,
      0.20265151515151517,
      0.2702020202020202,
      0.3377525252525253,
      0.40530303030303033,
      0.47285353535353536,
      0.5404040404040404,
      0.6079545454545455,
      0.6755050505050506,
      0.7430555555555556,
      0.0,
      0.06755050505050506,
      0.1351010101010101,
      0.20265151515151517,
      0.2702020202020202,
      0.3377525252525253,
      0.40530303030303033,
      0.47285353535353536,
      0.5404040404040404,
      0.6079545454545455,
      0.6755050505050506,
      0.7430555555555556
    ],
    "TaskName": "faces",
    "TotalReadoutTime": 0.024699802401580786,
    "UsePhilipsFloatNotDisplayScaling": 1,
    "acq_id": "mb3",
    "dataset": "unknown",
    "modality": "bold",
    "subject_id": "0215",
    "task_id": "faces"
  },
  "dummy_trs": 0,
  "dvars_nstd": 21.42356881276596,
  "dvars_std": 1.211672193981762,
  "dvars_vstd": 1.0456890873860174,
  "efc": 0.3770024852659188,
  "fber": 1201472128.0,
  "fd_mean": 0.09911692135463689,
  "fd_num": 18,
  "fd_perc": 5.454545454545454,
  "fwhm_avg": 2.7147056243963976,
  "fwhm_x": 2.7616566666666666,
  "fwhm_y": 3.00036,
  "fwhm_z": 2.382100206522526,
  "gcor": 0.0121774,
  "gsr_x": -0.007741554640233517,
  "gsr_y": 0.002623876789584756,
  "provenance": {
    "md5sum": "1304d3ee64116ab9c90de5dced9fa1e1",
    "settings": {
      "fd_thres": 0.2,
      "hmc_fsl": false
    },
    "software": "mriqc",
    "version": "0.15.0",
    "webapi_port": null,
    "webapi_url": "https://mriqc.nimh.nih.gov/api/v1"
  },
  "size_t": 330,
  "size_x": 80,
  "size_y": 80,
  "size_z": 36,
  "snr": 6.11481844309778,
  "spacing_tr": 0.75,
  "spacing_x": 3.0,
  "spacing_y": 3.0,
  "spacing_z": 3.299999713897705,
  "spikes_num": 17,
  "summary_bg_k": 89.70709270379795,
  "summary_bg_mad": 0.8026566505432129,
  "summary_bg_mean": 146.25172424316406,
  "summary_bg_median": 0.5466638803482056,
  "summary_bg_n": 156205.0,
  "summary_bg_p05": 0.002317530801519753,
  "summary_bg_p95": 622.8049926757724,
  "summary_bg_stdv": 820.9120483398438,
  "summary_fg_k": 4.1926354770121605,
  "summary_fg_mad": 2569.853515625,
  "summary_fg_mean": 20105.6015625,
  "summary_fg_median": 20325.60546875,
  "summary_fg_n": 34589.0,
  "summary_fg_p05": 14690.401171875,
  "summary_fg_p95": 24722.45546875,
  "summary_fg_stdv": 3323.943603515625,
  "tsnr": 55.5660400390625
}