{
  "aor": 0.000216530612244898,
  "aqi": 0.003251698408163265,
  "bids_meta": {
    "AcquisitionNumber": 3,
    "BidsifyVersion": "0.3.5",
    "ConversionSoftware": "dcm2niix",
    "ConversionSoftwareVersion": "v1.0.20181125  GCC6.3.0",
    "EchoTime": 0.02762,
    "EffectiveEchoSpacing": 0.0006621159151938905,
    "ImageComments": "piop",
    "ImageOrientationPatientDICOM": [
      0.998722,
      -0.0308156,
      0.0400629,
      0.0378433,
      0.98133,
      -0.188571
    ],
    "Manufacturer": "Philips",
    "NumberOfVolumesDiscardedByScanner": 2,
    "ParallelAcquisitionTechnique": "SENSE",
    "ParallelReductionFactorInPlane": 2,
    "PatientPosition": "HFS",
    "PhaseEncodingDirection": "j",
    "PhilipsRescaleIntercept": 0,
    "PhilipsRescaleSlope": 0.80659,
    "PhilipsScaleSlope": 0.0621917,
    "ProtocolName": "WIPpiopgstroopSENSE",
    "PulseSequenceType": "gradient echo EPI",
    "ReconMatrixPE": 80,
    "RepetitionTime": 2,
    "SeriesDescription": "ImageMRSERIES",
    "SeriesNumber": 3,
    "SliceEncodingDirection": "k",
    "SliceTiming": [
      0.0,
      0.0541,
      0.1081,
      0.1622,
      0.2162,
      0.2703,
      0.3243,
      0.3784,
      0.4324,
      0.4865,
      0.5405,
      0.5946,
      0.6486,
      0.7027,
      0.7568,
      0.8108,
      0.8649,
      0.9189,
      0.973,
      1.027,
      1.0811,
      1.1351,
      1.1892,
      1.2432,
      1.2973,
      1.3514,
      1.4054,
      1.4595,
      1.5135,
      1.5676,
      1.6216,
      1.6757,
      1.7297,
      1.7838,
      1.8378,
      1.8919,
      1.9459
    ],
    "TaskName": "gstroop",
    "TotalReadoutTime": 0.025822520692561732,
    "UsePhilipsFloatNotDisplayScaling": 1,
    "acq_id": "seq",
    "dataset": "unknown",
    "modality": "bold",
    "subject_id": "0029",
    "task_id": "gstroop"
  },
  "dummy_trs": 0,
  "dvars_nstd": 27.68685440110655,
  "dvars_std": 1.3824276331147547,
  "dvars_vstd": 0.9867171534016391,
  "efc": 0.3952303501247535,
  "fber": 1333932800.0,
  "fd_mean": 0.12110002232321783,
  "fd_num": 26,
  "fd_perc": 10.612244897959183,
  "fwhm_avg": 2.3028090001307446,
  "fwhm_x": 2.243113333333333,
  "fwhm_y": 2.5410166666666667,
  "fwhm_z": 2.1242970003922346,
  "gcor": 0.0104057,
  "gsr_x": -0.0074959686025977135,
  "gsr_y": 0.00432059820741415,
  "provenance": {
    "md5sum": "23af02528afe913b4d4043a00c6fe905",
    "settings": {
      "fd_thres": 0.2,
      "hmc_fsl": false
    },
    "software": "mriqc",
    "version": "0.15.0",
    "webapi_port": null,
    "webapi_url": "https://mriqc.nimh.nih.gov/api/v1"
  },
  "size_t": 245,
  "size_x": 80,
  "size_y": 80,
  "size_z": 37,
  "snr": 4.52844969462355,
  "spacing_tr": 2.0,
  "spacing_x": 3.0,
  "spacing_y": 3.0,
  "spacing_z": 3.299999952316284,
  "spikes_num": 0,
  "summary_bg_k": 94.53759887754734,
  "summary_bg_mad": 0.7669800519943237,
  "summary_bg_mean": 172.6113739013672,
  "summary_bg_median": 0.5244287848472595,
  "summary_bg_n": 155410.0,
  "summary_bg_p05": 0.0031437060213647785,
  "summary_bg_p95": 706.372677612304,
  "summary_bg_stdv": 950.1166381835938,
  "summary_fg_k": 2.1112661891910687,
  "summary_fg_mad": 4352.08935546875,
  "summary_fg_mean": 22048.923828125,
  "summary_fg_median": 21862.556640625,
  "summary_fg_n": 40561.0,
  "summary_fg_p05": 15224.263671875,
  "summary_fg_p95": 29449.84765625,
  "summary_fg_stdv": 4827.76416015625,
  "tsnr": 79.08306884765625
}