{
  "aor": 0.0005950500000000001,
  "aqi": 0.00370497735,
  "bids_meta": {
    "AcquisitionNumber": 9,
    "BidsifyVersion": "0.3.5",
    "ConversionSoftware": "dcm2niix",
    "ConversionSoftwareVersion": "v1.0.20181125  GCC6.3.0",
    "EchoTime": 0.02762,
    "EffectiveEchoSpacing": 0.0006621159151938905,
    "ImageComments": "piop",
    "ImageOrientationPatientDICOM": [
      0.998722,
      -0.0308156,
      0.0400629,
      0.0378433,
      0.98133,
      -0.188571
    ],
    "Manufacturer": "Philips",
    "NumberOfVolumesDiscardedByScanner": 2,
    "ParallelAcquisitionTechnique": "SENSE",
    "ParallelReductionFactorInPlane": 2,
    "PatientPosition": "HFS",
    "PhaseEncodingDirection": "j",
    "PhilipsRescaleIntercept": 0,
    "PhilipsRescaleSlope": 0.79878,
    "PhilipsScaleSlope": 0.0641796,
    "ProtocolName": "WIPpiopanticipatieSENSE",
    "PulseSequenceType": "gradient echo EPI",
    "ReconMatrixPE": 80,
    "RepetitionTime": 2,
    "SeriesDescription": "ImageMRSERIES",
    "SeriesNumber": 9,
    "SliceEncodingDirection": "k",
    "SliceTiming": [
      0.0,
      0.0541,
      0.1081,
      0.1622,
      0.2162,
      0.2703,
      0.3243,
      0.3784,
      0.4324,
      0.4865,
      0.5405,
      0.5946,
      0.6486,
      0.7027,
      0.7568,
      0.8108,
      0.8649,
      0.9189,
      0.973,
      1.027,
      1.0811,
      1.1351,
      1.1892,
      1.2432,
      1.2973,
      1.3514,
      1.4054,
      1.4595,
      1.5135,
      1.5676,
      1.6216,
      1.6757,
      1.7297,
      1.7838,
      1.8378,
      1.8919,
      1.9459
    ],
    "TaskName": "anticipation",
    "TotalReadoutTime": 0.025822520692561732,
    "UsePhilipsFloatNotDisplayScaling": 1,
    "acq_id": "seq",
    "dataset": "unknown",
    "modality": "bold",
    "subject_id": "0029",
    "task_id": "anticipation"
  },
  "dummy_trs": 0,
  "dvars_nstd": 25.854144666482398,
  "dvars_std": 1.302316603517588,
  "dvars_vstd": 0.9658460012060301,
  "efc": 0.39625229193624967,
  "fber": 1163909120.0,
  "fd_mean": 0.11952136578699206,
  "fd_num": 15,
  "fd_perc": 7.5,
  "fwhm_avg": 2.303225060735448,
  "fwhm_x": 2.2437033333333334,
  "fwhm_y": 2.5419566666666666,
  "fwhm_z": 2.124015182206344,
  "gcor": 0.00881859,
  "gsr_x": -0.007736325263977051,
  "gsr_y": 0.0051367515698075294,
  "provenance": {
    "md5sum": "d67745da27a9535625d7f8c21b47bb72",
    "settings": {
      "fd_thres": 0.2,
      "hmc_fsl": false
    },
    "software": "mriqc",
    "version": "0.15.0",
    "webapi_port": null,
    "webapi_url": "https://mriqc.nimh.nih.gov/api/v1"
  },
  "size_t": 200,
  "size_x": 80,
  "size_y": 80,
  "size_z": 37,
  "snr": 4.518502150714261,
  "spacing_tr": 2.0,
  "spacing_x": 3.0,
  "spacing_y": 3.0,
  "spacing_z": 3.299999952316284,
  "spikes_num": 2,
  "summary_bg_k": 88.23047406637536,
  "summary_bg_mad": 0.8544572591781616,
  "summary_bg_mean": 176.5481414794922,
  "summary_bg_median": 0.5832319855690002,
  "summary_bg_n": 155378.0,
  "summary_bg_p05": 0.0014544798934366557,
  "summary_bg_p95": 747.3259368896483,
  "summary_bg_stdv": 959.850341796875,
  "summary_fg_k": 2.048154981897735,
  "summary_fg_mad": 4297.716796875,
  "summary_fg_mean": 21728.408203125,
  "summary_fg_median": 21500.857421875,
  "summary_fg_n": 40670.0,
  "summary_fg_p05": 14911.37314453125,
  "summary_fg_p95": 29016.72548828124,
  "summary_fg_stdv": 4758.34521484375,
  "tsnr": 74.10366821289062
}