{
    "Manufacturer": "Philips",
    "PatientPosition": "HFS",
    "SeriesDescription": "ImageMRSERIES",
    "ProtocolName": "WIPt13dSENSE",
    "SeriesNumber": 4,
    "AcquisitionNumber": 4,
    "ImageComments": "Piop",
    "PhilipsRescaleSlope": 8.45348,
    "PhilipsRescaleIntercept": 0,
    "PhilipsScaleSlope": 0.00757917,
    "UsePhilipsFloatNotDisplayScaling": 1,
    "EchoTime": 0.00373,
    "RepetitionTime": 0.008142,
    "ReconMatrixPE": 240,
    "ImageOrientationPatientDICOM": [
        0.999802,
        -0.0198951,
        -0.00105393,
        0.0198954,
        0.999802,
        0.000328162
    ],
    "ConversionSoftware": "dcm2niix",
    "ConversionSoftwareVersion": "v1.0.20181125  GCC6.3.0",
    "BidsifyVersion": "0.3.5"
}