{
    "Manufacturer": "Philips",
    "PatientPosition": "HFS",
    "SeriesDescription": "ImageMRSERIES",
    "ProtocolName": "WIPt13dSENSE",
    "SeriesNumber": 4,
    "AcquisitionNumber": 4,
    "ImageComments": "Piop",
    "PhilipsRescaleSlope": 8.71624,
    "PhilipsRescaleIntercept": 0,
    "PhilipsScaleSlope": 0.00751325,
    "UsePhilipsFloatNotDisplayScaling": 1,
    "EchoTime": 0.00376,
    "RepetitionTime": 0.008188,
    "ReconMatrixPE": 240,
    "ImageOrientationPatientDICOM": [
        0.999826,
        -0.0166097,
        -0.00844793,
        0.0172775,
        0.996117,
        0.0863272
    ],
    "ConversionSoftware": "dcm2niix",
    "ConversionSoftwareVersion": "v1.0.20181125  GCC6.3.0",
    "BidsifyVersion": "0.3.5"
}