{
  "aor": 0.006841604938271606,
  "aqi": 0.02813944135802469,
  "bids_meta": {
    "AcquisitionNumber": 8,
    "BidsifyVersion": "0.3.5",
    "ConversionSoftware": "dcm2niix",
    "ConversionSoftwareVersion": "v1.0.20181125  GCC6.3.0",
    "EchoTime": 0.02762,
    "EffectiveEchoSpacing": 0.0006621159151938905,
    "ImageComments": "piop",
    "ImageOrientationPatientDICOM": [
      0.995275,
      0.0669184,
      -0.070354,
      -0.0778055,
      0.983123,
      -0.165574
    ],
    "Manufacturer": "Philips",
    "NumberOfVolumesDiscardedByScanner": 2,
    "ParallelAcquisitionTechnique": "SENSE",
    "ParallelReductionFactorInPlane": 2,
    "PatientPosition": "HFS",
    "PhaseEncodingDirection": "j",
    "PhilipsRescaleIntercept": 0,
    "PhilipsRescaleSlope": 0.83248,
    "PhilipsScaleSlope": 0.0644777,
    "ProtocolName": "WIPpiopwmSENSE",
    "PulseSequenceType": "gradient echo EPI",
    "ReconMatrixPE": 80,
    "RepetitionTime": 2,
    "SeriesDescription": "ImageMRSERIES",
    "SeriesNumber": 8,
    "SliceEncodingDirection": "k",
    "SliceTiming": [
      0.0,
      0.0541,
      0.1081,
      0.1622,
      0.2162,
      0.2703,
      0.3243,
      0.3784,
      0.4324,
      0.4865,
      0.5405,
      0.5946,
      0.6486,
      0.7027,
      0.7568,
      0.8108,
      0.8649,
      0.9189,
      0.973,
      1.027,
      1.0811,
      1.1351,
      1.1892,
      1.2432,
      1.2973,
      1.3514,
      1.4054,
      1.4595,
      1.5135,
      1.5676,
      1.6216,
      1.6757,
      1.7297,
      1.7838,
      1.8378,
      1.8919,
      1.9459
    ],
    "TaskName": "workingmemory",
    "TotalReadoutTime": 0.025822520692561732,
    "UsePhilipsFloatNotDisplayScaling": 1,
    "acq_id": "seq",
    "dataset": "unknown",
    "modality": "bold",
    "subject_id": "0200",
    "task_id": "workingmemory"
  },
  "dummy_trs": 0,
  "dvars_nstd": 30.079616197142844,
  "dvars_std": 0.9670136650310557,
  "dvars_vstd": 0.9086607546583848,
  "efc": 0.3938332733276671,
  "fber": 3318621.0,
  "fd_mean": 0.41116122618999335,
  "fd_num": 86,
  "fd_perc": 53.08641975308642,
  "fwhm_avg": 2.500990232388286,
  "fwhm_x": 2.4901635312337502,
  "fwhm_y": 2.7493766666666666,
  "fwhm_z": 2.2634304992644423,
  "gcor": 0.0100459,
  "gsr_x": -0.001523162005469203,
  "gsr_y": 0.0031638978980481625,
  "provenance": {
    "md5sum": "609f7dcf9e6b4ded8476fb2da53e5469",
    "settings": {
      "fd_thres": 0.2,
      "hmc_fsl": false
    },
    "software": "mriqc",
    "version": "0.15.0",
    "webapi_port": null,
    "webapi_url": "https://mriqc.nimh.nih.gov/api/v1"
  },
  "size_t": 162,
  "size_x": 80,
  "size_y": 80,
  "size_z": 37,
  "snr": 4.841607076639131,
  "spacing_tr": 2.0,
  "spacing_x": 2.999999761581421,
  "spacing_y": 3.0,
  "spacing_z": 3.299999713897705,
  "spikes_num": 0,
  "summary_bg_k": 67.01494230938613,
  "summary_bg_mad": 17.108707427978516,
  "summary_bg_mean": 256.9385986328125,
  "summary_bg_median": 12.57891845703125,
  "summary_bg_n": 157450.0,
  "summary_bg_p05": 0.36328389495611196,
  "summary_bg_p95": 1132.9788024902314,
  "summary_bg_stdv": 1199.272216796875,
  "summary_fg_k": 2.183661960962575,
  "summary_fg_mad": 4156.3798828125,
  "summary_fg_mean": 24050.9140625,
  "summary_fg_median": 23937.869140625,
  "summary_fg_n": 38452.0,
  "summary_fg_p05": 16502.64130859375,
  "summary_fg_p95": 31722.638281249998,
  "summary_fg_stdv": 4944.134765625,
  "tsnr": 27.152938842773438
}