{
  "aor": 0.004180849999999999,
  "aqi": 0.037758557,
  "bids_meta": {
    "AcquisitionNumber": 9,
    "BidsifyVersion": "0.3.5",
    "ConversionSoftware": "dcm2niix",
    "ConversionSoftwareVersion": "v1.0.20181125  GCC6.3.0",
    "EchoTime": 0.02762,
    "EffectiveEchoSpacing": 0.0006621159151938905,
    "ImageComments": "piop",
    "ImageOrientationPatientDICOM": [
      0.995275,
      0.0669184,
      -0.070354,
      -0.0778055,
      0.983123,
      -0.165574
    ],
    "Manufacturer": "Philips",
    "NumberOfVolumesDiscardedByScanner": 2,
    "ParallelAcquisitionTechnique": "SENSE",
    "ParallelReductionFactorInPlane": 2,
    "PatientPosition": "HFS",
    "PhaseEncodingDirection": "j",
    "PhilipsRescaleIntercept": 0,
    "PhilipsRescaleSlope": 0.94481,
    "PhilipsScaleSlope": 0.0573454,
    "ProtocolName": "WIPpiopanticipatieSENSE",
    "PulseSequenceType": "gradient echo EPI",
    "ReconMatrixPE": 80,
    "RepetitionTime": 2,
    "SeriesDescription": "ImageMRSERIES",
    "SeriesNumber": 9,
    "SliceEncodingDirection": "k",
    "SliceTiming": [
      0.0,
      0.0541,
      0.1081,
      0.1622,
      0.2162,
      0.2703,
      0.3243,
      0.3784,
      0.4324,
      0.4865,
      0.5405,
      0.5946,
      0.6486,
      0.7027,
      0.7568,
      0.8108,
      0.8649,
      0.9189,
      0.973,
      1.027,
      1.0811,
      1.1351,
      1.1892,
      1.2432,
      1.2973,
      1.3514,
      1.4054,
      1.4595,
      1.5135,
      1.5676,
      1.6216,
      1.6757,
      1.7297,
      1.7838,
      1.8378,
      1.8919,
      1.9459
    ],
    "TaskName": "anticipation",
    "TotalReadoutTime": 0.025822520692561732,
    "UsePhilipsFloatNotDisplayScaling": 1,
    "acq_id": "seq",
    "dataset": "unknown",
    "modality": "bold",
    "subject_id": "0200",
    "task_id": "anticipation"
  },
  "dummy_trs": 0,
  "dvars_nstd": 34.95201195206029,
  "dvars_std": 0.9871307976884428,
  "dvars_vstd": 0.885866100954774,
  "efc": 0.39481463261235294,
  "fber": 2254170.75,
  "fd_mean": 0.5099552256562655,
  "fd_num": 125,
  "fd_perc": 62.5,
  "fwhm_avg": 2.5184347778721254,
  "fwhm_x": 2.505963532489422,
  "fwhm_y": 2.7993799999999998,
  "fwhm_z": 2.2499608011269543,
  "gcor": 0.0119089,
  "gsr_x": -0.0008942739805206656,
  "gsr_y": 0.0038494744803756475,
  "provenance": {
    "md5sum": "d2aaf9ec8034d6e22e050128cbf749e0",
    "settings": {
      "fd_thres": 0.2,
      "hmc_fsl": false
    },
    "software": "mriqc",
    "version": "0.15.0",
    "webapi_port": null,
    "webapi_url": "https://mriqc.nimh.nih.gov/api/v1"
  },
  "size_t": 200,
  "size_x": 80,
  "size_y": 80,
  "size_z": 37,
  "snr": 4.915488791368686,
  "spacing_tr": 2.0,
  "spacing_x": 2.999999761581421,
  "spacing_y": 3.0,
  "spacing_z": 3.299999713897705,
  "spikes_num": 1,
  "summary_bg_k": 66.73774146730788,
  "summary_bg_mad": 20.91180419921875,
  "summary_bg_mean": 261.7169189453125,
  "summary_bg_median": 15.258462905883789,
  "summary_bg_n": 157582.0,
  "summary_bg_p05": 0.4280286803841591,
  "summary_bg_p95": 1237.661950683593,
  "summary_bg_stdv": 1138.5322265625,
  "summary_fg_k": 2.4450895420856877,
  "summary_fg_mad": 4046.2734375,
  "summary_fg_mean": 24129.748046875,
  "summary_fg_median": 24028.328125,
  "summary_fg_n": 38452.0,
  "summary_fg_p05": 16552.86728515625,
  "summary_fg_p95": 31549.57900390624,
  "summary_fg_stdv": 4888.22509765625,
  "tsnr": 24.56066131591797
}