{
  "aor": 0.028764222222222222,
  "aqi": 0.014782644592592592,
  "bids_meta": {
    "AcquisitionNumber": 5,
    "BidsifyVersion": "0.3.5",
    "ConversionSoftware": "dcm2niix",
    "ConversionSoftwareVersion": "v1.0.20181125  GCC6.3.0",
    "EchoTime": 0.02762,
    "EffectiveEchoSpacing": 0.0006621159151938905,
    "ImageComments": "Piop",
    "ImageOrientationPatientDICOM": [
      0.999005,
      0.028766,
      -0.0340663,
      -0.0378541,
      0.950919,
      -0.307117
    ],
    "Manufacturer": "Philips",
    "NumberOfVolumesDiscardedByScanner": 2,
    "ParallelAcquisitionTechnique": "SENSE",
    "ParallelReductionFactorInPlane": 2,
    "PatientPosition": "HFS",
    "PhaseEncodingDirection": "j",
    "PhilipsRescaleIntercept": 0,
    "PhilipsRescaleSlope": 0.76777,
    "PhilipsScaleSlope": 0.0604679,
    "ProtocolName": "WIPpiopharririSENSE",
    "PulseSequenceType": "gradient echo EPI",
    "ReconMatrixPE": 80,
    "RepetitionTime": 2,
    "SeriesDescription": "ImageMRSERIES",
    "SeriesNumber": 5,
    "SliceEncodingDirection": "k",
    "SliceTiming": [
      0.0,
      0.0541,
      0.1081,
      0.1622,
      0.2162,
      0.2703,
      0.3243,
      0.3784,
      0.4324,
      0.4865,
      0.5405,
      0.5946,
      0.6486,
      0.7027,
      0.7568,
      0.8108,
      0.8649,
      0.9189,
      0.973,
      1.027,
      1.0811,
      1.1351,
      1.1892,
      1.2432,
      1.2973,
      1.3514,
      1.4054,
      1.4595,
      1.5135,
      1.5676,
      1.6216,
      1.6757,
      1.7297,
      1.7838,
      1.8378,
      1.8919,
      1.9459
    ],
    "TaskName": "emomatching",
    "TotalReadoutTime": 0.025822520692561732,
    "UsePhilipsFloatNotDisplayScaling": 1,
    "acq_id": "seq",
    "dataset": "unknown",
    "modality": "bold",
    "subject_id": "0001",
    "task_id": "emomatching"
  },
  "dummy_trs": 0,
  "dvars_nstd": 23.082168891716428,
  "dvars_std": 1.1923280599253732,
  "dvars_vstd": 0.9961038706716414,
  "efc": 0.3867535076015612,
  "fber": 128185456.0,
  "fd_mean": 0.1519026024167703,
  "fd_num": 22,
  "fd_perc": 16.296296296296298,
  "fwhm_avg": 2.2665253636652025,
  "fwhm_x": 2.18298,
  "fwhm_y": 2.513456666666667,
  "fwhm_z": 2.10313942432894,
  "gcor": 0.00752813,
  "gsr_x": -0.0042677451856434345,
  "gsr_y": 0.0034448273945599794,
  "provenance": {
    "md5sum": "a6154534eada27147d40e214e564bf63",
    "settings": {
      "fd_thres": 0.2,
      "hmc_fsl": false
    },
    "software": "mriqc",
    "version": "0.15.0",
    "webapi_port": null,
    "webapi_url": "https://mriqc.nimh.nih.gov/api/v1"
  },
  "size_t": 135,
  "size_x": 80,
  "size_y": 80,
  "size_z": 37,
  "snr": 4.682753159782622,
  "spacing_tr": 2.0,
  "spacing_x": 3.0,
  "spacing_y": 3.0,
  "spacing_z": 3.299999952316284,
  "spikes_num": 22,
  "summary_bg_k": 128.33495638905646,
  "summary_bg_mad": 2.864687919616699,
  "summary_bg_mean": 124.42373657226562,
  "summary_bg_median": 1.993293285369873,
  "summary_bg_n": 156460.0,
  "summary_bg_p05": 0.012925799796357757,
  "summary_bg_p95": 507.04308929442857,
  "summary_bg_stdv": 679.7893676757812,
  "summary_fg_k": 2.0362422141408727,
  "summary_fg_mad": 4359.2138671875,
  "summary_fg_mean": 23939.025390625,
  "summary_fg_median": 23735.205078125,
  "summary_fg_n": 39826.0,
  "summary_fg_p05": 16478.46826171875,
  "summary_fg_p95": 32068.4833984375,
  "summary_fg_stdv": 5068.57958984375,
  "tsnr": 44.74922180175781
}