{
  "aor": 0.0010573877551020407,
  "aqi": 0.0051421851020408155,
  "bids_meta": {
    "AcquisitionNumber": 3,
    "BidsifyVersion": "0.3.5",
    "ConversionSoftware": "dcm2niix",
    "ConversionSoftwareVersion": "v1.0.20181125  GCC6.3.0",
    "EchoTime": 0.02762,
    "EffectiveEchoSpacing": 0.0006621159151938905,
    "ImageComments": "Piop",
    "ImageOrientationPatientDICOM": [
      0.999005,
      0.028766,
      -0.0340663,
      -0.0378541,
      0.950919,
      -0.307117
    ],
    "Manufacturer": "Philips",
    "NumberOfVolumesDiscardedByScanner": 2,
    "ParallelAcquisitionTechnique": "SENSE",
    "ParallelReductionFactorInPlane": 2,
    "PatientPosition": "HFS",
    "PhaseEncodingDirection": "j",
    "PhilipsRescaleIntercept": 0,
    "PhilipsRescaleSlope": 0.74505,
    "PhilipsScaleSlope": 0.0636937,
    "ProtocolName": "WIPpiopgstroopSENSE",
    "PulseSequenceType": "gradient echo EPI",
    "ReconMatrixPE": 80,
    "RepetitionTime": 2,
    "SeriesDescription": "ImageMRSERIES",
    "SeriesNumber": 3,
    "SliceEncodingDirection": "k",
    "SliceTiming": [
      0.0,
      0.0541,
      0.1081,
      0.1622,
      0.2162,
      0.2703,
      0.3243,
      0.3784,
      0.4324,
      0.4865,
      0.5405,
      0.5946,
      0.6486,
      0.7027,
      0.7568,
      0.8108,
      0.8649,
      0.9189,
      0.973,
      1.027,
      1.0811,
      1.1351,
      1.1892,
      1.2432,
      1.2973,
      1.3514,
      1.4054,
      1.4595,
      1.5135,
      1.5676,
      1.6216,
      1.6757,
      1.7297,
      1.7838,
      1.8378,
      1.8919,
      1.9459
    ],
    "TaskName": "gstroop",
    "TotalReadoutTime": 0.025822520692561732,
    "UsePhilipsFloatNotDisplayScaling": 1,
    "acq_id": "seq",
    "dataset": "unknown",
    "modality": "bold",
    "subject_id": "0001",
    "task_id": "gstroop"
  },
  "dummy_trs": 0,
  "dvars_nstd": 22.493672441106554,
  "dvars_std": 1.2594104758606561,
  "dvars_vstd": 0.9709476636065572,
  "efc": 0.38549050314829264,
  "fber": 187416144.0,
  "fd_mean": 0.10864345228388869,
  "fd_num": 18,
  "fd_perc": 7.346938775510204,
  "fwhm_avg": 2.199217484505662,
  "fwhm_x": 2.1331333333333333,
  "fwhm_y": 2.438543333333333,
  "fwhm_z": 2.0259757868503194,
  "gcor": 0.00579825,
  "gsr_x": -0.003970440477132797,
  "gsr_y": 0.0021197430323809385,
  "provenance": {
    "md5sum": "d062d46deed2dd9c68a617f60d01e9a9",
    "settings": {
      "fd_thres": 0.2,
      "hmc_fsl": false
    },
    "software": "mriqc",
    "version": "0.15.0",
    "webapi_port": null,
    "webapi_url": "https://mriqc.nimh.nih.gov/api/v1"
  },
  "size_t": 245,
  "size_x": 80,
  "size_y": 80,
  "size_z": 37,
  "snr": 4.799425863776892,
  "spacing_tr": 2.0,
  "spacing_x": 3.0,
  "spacing_y": 3.0,
  "spacing_z": 3.299999952316284,
  "spikes_num": 0,
  "summary_bg_k": 132.67008672933997,
  "summary_bg_mad": 2.3424410820007324,
  "summary_bg_mean": 121.4700927734375,
  "summary_bg_median": 1.6067264080047607,
  "summary_bg_n": 156673.0,
  "summary_bg_p05": 0.008596728928387167,
  "summary_bg_p95": 460.8337463378905,
  "summary_bg_stdv": 677.7881469726562,
  "summary_fg_k": 2.190553580169725,
  "summary_fg_mad": 4186.37060546875,
  "summary_fg_mean": 23833.642578125,
  "summary_fg_median": 23656.896484375,
  "summary_fg_n": 39549.0,
  "summary_fg_p05": 16700.313671875,
  "summary_fg_p95": 31860.759765625,
  "summary_fg_stdv": 4929.04736328125,
  "tsnr": 70.556884765625
}