{
  "aor": 0.01645820987654321,
  "aqi": 0.02274330166666667,
  "bids_meta": {
    "AcquisitionNumber": 8,
    "BidsifyVersion": "0.3.5",
    "ConversionSoftware": "dcm2niix",
    "ConversionSoftwareVersion": "v1.0.20181125  GCC6.3.0",
    "EchoTime": 0.02762,
    "EffectiveEchoSpacing": 0.0006621159151938905,
    "ImageComments": "Piop",
    "ImageOrientationPatientDICOM": [
      0.999005,
      0.028766,
      -0.0340663,
      -0.0378541,
      0.950919,
      -0.307117
    ],
    "Manufacturer": "Philips",
    "NumberOfVolumesDiscardedByScanner": 2,
    "ParallelAcquisitionTechnique": "SENSE",
    "ParallelReductionFactorInPlane": 2,
    "PatientPosition": "HFS",
    "PhaseEncodingDirection": "j",
    "PhilipsRescaleIntercept": 0,
    "PhilipsRescaleSlope": 0.78706,
    "PhilipsScaleSlope": 0.0597019,
    "ProtocolName": "WIPpiopwmSENSE",
    "PulseSequenceType": "gradient echo EPI",
    "ReconMatrixPE": 80,
    "RepetitionTime": 2,
    "SeriesDescription": "ImageMRSERIES",
    "SeriesNumber": 8,
    "SliceEncodingDirection": "k",
    "SliceTiming": [
      0.0,
      0.0541,
      0.1081,
      0.1622,
      0.2162,
      0.2703,
      0.3243,
      0.3784,
      0.4324,
      0.4865,
      0.5405,
      0.5946,
      0.6486,
      0.7027,
      0.7568,
      0.8108,
      0.8649,
      0.9189,
      0.973,
      1.027,
      1.0811,
      1.1351,
      1.1892,
      1.2432,
      1.2973,
      1.3514,
      1.4054,
      1.4595,
      1.5135,
      1.5676,
      1.6216,
      1.6757,
      1.7297,
      1.7838,
      1.8378,
      1.8919,
      1.9459
    ],
    "TaskName": "workingmemory",
    "TotalReadoutTime": 0.025822520692561732,
    "UsePhilipsFloatNotDisplayScaling": 1,
    "acq_id": "seq",
    "dataset": "unknown",
    "modality": "bold",
    "subject_id": "0001",
    "task_id": "workingmemory"
  },
  "dummy_trs": 0,
  "dvars_nstd": 32.643909549130434,
  "dvars_std": 1.1725271453416144,
  "dvars_vstd": 1.0543630441614906,
  "efc": 0.38256734495840505,
  "fber": 9487991.0,
  "fd_mean": 0.4619933520436212,
  "fd_num": 94,
  "fd_perc": 58.02469135802469,
  "fwhm_avg": 2.3135658689264385,
  "fwhm_x": 2.226253333333333,
  "fwhm_y": 2.567553333333333,
  "fwhm_z": 2.1468909401126477,
  "gcor": 0.0153923,
  "gsr_x": -0.0036392943002283573,
  "gsr_y": 0.004295057151466608,
  "provenance": {
    "md5sum": "ecfd18b8398e5b6dd1d893fbb0bfad76",
    "settings": {
      "fd_thres": 0.2,
      "hmc_fsl": false
    },
    "software": "mriqc",
    "version": "0.15.0",
    "webapi_port": null,
    "webapi_url": "https://mriqc.nimh.nih.gov/api/v1"
  },
  "size_t": 162,
  "size_x": 80,
  "size_y": 80,
  "size_z": 37,
  "snr": 4.697835516454228,
  "spacing_tr": 2.0,
  "spacing_x": 3.0,
  "spacing_y": 3.0,
  "spacing_z": 3.299999952316284,
  "spikes_num": 12,
  "summary_bg_k": 125.26380713816482,
  "summary_bg_mad": 10.454316139221191,
  "summary_bg_mean": 139.0184783935547,
  "summary_bg_median": 7.51360559463501,
  "summary_bg_n": 158139.0,
  "summary_bg_p05": 0.1560563683509827,
  "summary_bg_p95": 692.6503234863303,
  "summary_bg_stdv": 679.5755004882812,
  "summary_fg_k": 1.8825837234732603,
  "summary_fg_mad": 4526.64794921875,
  "summary_fg_mean": 24285.9296875,
  "summary_fg_median": 24052.087890625,
  "summary_fg_n": 38497.0,
  "summary_fg_p05": 16766.360546875,
  "summary_fg_p95": 32569.951953124993,
  "summary_fg_stdv": 5119.7568359375,
  "tsnr": 29.720787048339844
}