{
    "Manufacturer": "Philips",
    "PatientPosition": "HFS",
    "SeriesDescription": "ImageMRSERIES",
    "ProtocolName": "WIPt13dSENSE",
    "SeriesNumber": 4,
    "AcquisitionNumber": 4,
    "ImageComments": "piop",
    "PhilipsRescaleSlope": 9.57582,
    "PhilipsRescaleIntercept": 0,
    "PhilipsScaleSlope": 0.00779735,
    "UsePhilipsFloatNotDisplayScaling": 1,
    "EchoTime": 0.00376,
    "RepetitionTime": 0.008208,
    "ReconMatrixPE": 240,
    "ImageOrientationPatientDICOM": [
        0.998903,
        -0.0267697,
        -0.0384215,
        0.0235405,
        0.99634,
        -0.0821707
    ],
    "ConversionSoftware": "dcm2niix",
    "ConversionSoftwareVersion": "v1.0.20181125  GCC6.3.0",
    "BidsifyVersion": "0.3.5"
}