{
  "bids_meta": {
    "AcquisitionNumber": 4,
    "BidsifyVersion": "0.3.5",
    "ConversionSoftware": "dcm2niix",
    "ConversionSoftwareVersion": "v1.0.20181125  GCC6.3.0",
    "EchoTime": 0.00377,
    "ImageComments": "piop",
    "ImageOrientationPatientDICOM": [
      0.997611,
      -0.0411057,
      0.055528,
      0.0453012,
      0.996037,
      -0.0765409
    ],
    "Manufacturer": "Philips",
    "PatientPosition": "HFS",
    "PhilipsRescaleIntercept": 0,
    "PhilipsRescaleSlope": 9.19267,
    "PhilipsScaleSlope": 0.00760682,
    "ProtocolName": "WIPt13dSENSE",
    "ReconMatrixPE": 240,
    "RepetitionTime": 0.008226,
    "SeriesDescription": "ImageMRSERIES",
    "SeriesNumber": 4,
    "UsePhilipsFloatNotDisplayScaling": 1,
    "dataset": "unknown",
    "modality": "T1w",
    "subject_id": "0190"
  },
  "cjv": 0.3362577906163722,
  "cnr": 3.7550553777638966,
  "efc": 0.7533638196781248,
  "fber": 532.8279418945312,
  "fwhm_avg": 3.489593333333333,
  "fwhm_x": 3.49754,
  "fwhm_y": 3.63921,
  "fwhm_z": 3.33203,
  "icvs_csf": 0.22743926150971935,
  "icvs_gm": 0.4253480809469385,
  "icvs_wm": 0.34721265754334213,
  "inu_med": 0.7768788933753967,
  "inu_range": 0.22465612888336184,
  "provenance": {
    "md5sum": "8dbaf3bed7b682be82b7a79544689084",
    "settings": {
      "testing": false
    },
    "software": "mriqc",
    "version": "0.15.0",
    "warnings": {
      "large_rot_frame": true,
      "small_air_mask": true
    },
    "webapi_port": null,
    "webapi_url": "https://mriqc.nimh.nih.gov/api/v1"
  },
  "qi_1": 0.0,
  "qi_2": 0.0001452769963881577,
  "rpve_csf": 29.275868493431425,
  "rpve_gm": 16.23952969458445,
  "rpve_wm": 25.373605723575142,
  "size_x": 240,
  "size_y": 240,
  "size_z": 220,
  "snr_csf": 2.7349520185142544,
  "snr_gm": 7.113065089394689,
  "snr_total": 9.772127541949068,
  "snr_wm": 19.468365517938263,
  "snrd_csf": 21.089521928127972,
  "snrd_gm": 39.06817713109871,
  "snrd_total": 41.145696313542324,
  "snrd_wm": 63.279389881400284,
  "spacing_x": 1.0,
  "spacing_y": 1.0,
  "spacing_z": 1.0,
  "summary_bg_k": 120.69024155289055,
  "summary_bg_mad": 10.352988243103027,
  "summary_bg_mean": 15.630399703979492,
  "summary_bg_median": 13.926812171936035,
  "summary_bg_n": 166227.0,
  "summary_bg_p05": 0.0,
  "summary_bg_p95": 41.38680801391601,
  "summary_bg_stdv": 14.502007484436035,
  "summary_csf_k": 8.100827314687592,
  "summary_csf_mad": 105.69741821289062,
  "summary_csf_mean": 306.73895263671875,
  "summary_csf_median": 333.2734680175781,
  "summary_csf_n": 6976.0,
  "summary_csf_p05": 89.83276748657227,
  "summary_csf_p95": 465.32938385009766,
  "summary_csf_stdv": 121.84841918945312,
  "summary_gm_k": 0.219766287863302,
  "summary_gm_mad": 83.01464080810547,
  "summary_gm_mean": 622.1594848632812,
  "summary_gm_median": 617.3865356445312,
  "summary_gm_n": 14526.0,
  "summary_gm_p05": 486.7838363647461,
  "summary_gm_p95": 773.9663543701172,
  "summary_gm_stdv": 86.79314422607422,
  "summary_wm_k": 1.1881539044886615,
  "summary_wm_mad": 45.639244079589844,
  "summary_wm_mean": 997.3163452148438,
  "summary_wm_median": 999.991455078125,
  "summary_wm_n": 155798.0,
  "summary_wm_p05": 907.7250915527344,
  "summary_wm_p95": 1075.6688598632813,
  "summary_wm_stdv": 51.364776611328125,
  "tpm_overlap_csf": 0.2005748599767685,
  "tpm_overlap_gm": 0.5027564764022827,
  "tpm_overlap_wm": 0.5550603270530701,
  "wm2max": 0.655052550631774
}