{
  "bids_meta": {
    "AcquisitionNumber": 4,
    "BidsifyVersion": "0.3.5",
    "ConversionSoftware": "dcm2niix",
    "ConversionSoftwareVersion": "v1.0.20181125  GCC6.3.0",
    "EchoTime": 0.00373,
    "ImageComments": "Piop",
    "ImageOrientationPatientDICOM": [
      0.999796,
      0.00491118,
      -0.0195845,
      -0.00506047,
      0.999958,
      -0.00758034
    ],
    "Manufacturer": "Philips",
    "PatientPosition": "HFS",
    "PhilipsRescaleIntercept": 0,
    "PhilipsRescaleSlope": 8.62295,
    "PhilipsScaleSlope": 0.00713581,
    "ProtocolName": "WIPt13dSENSE",
    "ReconMatrixPE": 240,
    "RepetitionTime": 0.008167,
    "SeriesDescription": "ImageMRSERIES",
    "SeriesNumber": 4,
    "UsePhilipsFloatNotDisplayScaling": 1,
    "dataset": "unknown",
    "modality": "T1w",
    "subject_id": "0094"
  },
  "cjv": 0.29537257469485995,
  "cnr": 4.266033282092749,
  "efc": 0.7502623890509682,
  "fber": 863.7681274414062,
  "fwhm_avg": 3.64735,
  "fwhm_x": 3.58996,
  "fwhm_y": 3.81758,
  "fwhm_z": 3.53451,
  "icvs_csf": 0.2135118911916674,
  "icvs_gm": 0.43553780781551693,
  "icvs_wm": 0.35095030099281566,
  "inu_med": 1.9345827102661133,
  "inu_range": 0.4669788122177123,
  "provenance": {
    "md5sum": "f947b56bdf0fb37335acaa1d70c1e115",
    "settings": {
      "testing": false
    },
    "software": "mriqc",
    "version": "0.15.0",
    "warnings": {
      "large_rot_frame": true,
      "small_air_mask": true
    },
    "webapi_port": null,
    "webapi_url": "https://mriqc.nimh.nih.gov/api/v1"
  },
  "qi_1": 0.0,
  "qi_2": 0.0005041768936083544,
  "rpve_csf": 29.095018140479315,
  "rpve_gm": 15.370534484793643,
  "rpve_wm": 24.095632248052535,
  "size_x": 240,
  "size_y": 240,
  "size_z": 220,
  "snr_csf": 2.765538470482612,
  "snr_gm": 7.591148216872057,
  "snr_total": 10.38905131130792,
  "snr_wm": 20.810467246569093,
  "snrd_csf": 27.50928679774429,
  "snrd_gm": 50.83929546097502,
  "snrd_total": 54.23908680649543,
  "snrd_wm": 84.36867816076696,
  "spacing_x": 1.0,
  "spacing_y": 1.0,
  "spacing_z": 1.0,
  "summary_bg_k": 1.9080146544352647,
  "summary_bg_mad": 7.765092849731445,
  "summary_bg_mean": 9.902730941772461,
  "summary_bg_median": 10.479011535644531,
  "summary_bg_n": 67494.0,
  "summary_bg_p05": 0.0,
  "summary_bg_p95": 26.63995304107666,
  "summary_bg_stdv": 8.274803161621094,
  "summary_csf_k": 0.36054941655161743,
  "summary_csf_mad": 108.53016662597656,
  "summary_csf_mean": 308.32073974609375,
  "summary_csf_median": 326.05755615234375,
  "summary_csf_n": 4184.0,
  "summary_csf_p05": 82.16161613464355,
  "summary_csf_p95": 463.3746032714844,
  "summary_csf_stdv": 117.88611602783203,
  "summary_gm_k": 0.3357222190512221,
  "summary_gm_mad": 75.69786834716797,
  "summary_gm_mean": 606.3933715820312,
  "summary_gm_median": 602.5796508789062,
  "summary_gm_n": 21583.0,
  "summary_gm_p05": 481.8050048828125,
  "summary_gm_p95": 744.1068847656247,
  "summary_gm_stdv": 79.37741088867188,
  "summary_wm_k": 1.4444769638509403,
  "summary_wm_mad": 41.686607360839844,
  "summary_wm_mean": 997.6915893554688,
  "summary_wm_median": 999.9912109375,
  "summary_wm_n": 165244.0,
  "summary_wm_p05": 914.9918487548828,
  "summary_wm_p95": 1071.2507751464843,
  "summary_wm_stdv": 48.05217361450195,
  "tpm_overlap_csf": 0.20711474120616913,
  "tpm_overlap_gm": 0.5199997425079346,
  "tpm_overlap_wm": 0.5550606846809387,
  "wm2max": 0.7902229826596734
}