{
  "bids_meta": {
    "AcquisitionNumber": 4,
    "BidsifyVersion": "0.3.5",
    "ConversionSoftware": "dcm2niix",
    "ConversionSoftwareVersion": "v1.0.20181125  GCC6.3.0",
    "EchoTime": 0.00378,
    "ImageComments": "PIOP",
    "ImageOrientationPatientDICOM": [
      0.999186,
      0.0343678,
      0.0211218,
      -0.032099,
      0.994499,
      -0.099702
    ],
    "Manufacturer": "Philips",
    "PatientPosition": "HFS",
    "PhilipsRescaleIntercept": 0,
    "PhilipsRescaleSlope": 8.73114,
    "PhilipsScaleSlope": 0.00769647,
    "ProtocolName": "WIPt13dSENSE",
    "ReconMatrixPE": 240,
    "RepetitionTime": 0.008225,
    "SeriesDescription": "ImageMRSERIES",
    "SeriesNumber": 4,
    "UsePhilipsFloatNotDisplayScaling": 1,
    "dataset": "unknown",
    "modality": "T1w",
    "subject_id": "0129"
  },
  "cjv": 0.3257703944305329,
  "cnr": 3.9014705896207436,
  "efc": 0.759982568439952,
  "fber": 1499.21923828125,
  "fwhm_avg": 3.552493333333333,
  "fwhm_x": 3.45422,
  "fwhm_y": 3.79366,
  "fwhm_z": 3.4096,
  "icvs_csf": 0.20511191642755316,
  "icvs_gm": 0.43091803227334513,
  "icvs_wm": 0.3639700512991017,
  "inu_med": 1.5769212245941162,
  "inu_range": 0.41690693497657794,
  "provenance": {
    "md5sum": "11c3391bf7dfeef23d09187c4540cfb2",
    "settings": {
      "testing": false
    },
    "software": "mriqc",
    "version": "0.15.0",
    "warnings": {
      "large_rot_frame": true,
      "small_air_mask": true
    },
    "webapi_port": null,
    "webapi_url": "https://mriqc.nimh.nih.gov/api/v1"
  },
  "qi_1": 0.0,
  "qi_2": 0.00019648247639673296,
  "rpve_csf": 30.04555024746737,
  "rpve_gm": 15.50174635793273,
  "rpve_wm": 23.053582204731896,
  "size_x": 240,
  "size_y": 240,
  "size_z": 220,
  "snr_csf": 2.088673601874309,
  "snr_gm": 7.566959512281067,
  "snr_total": 10.366109151862139,
  "snr_wm": 21.44269434143104,
  "snrd_csf": 19.818060967839735,
  "snrd_gm": 44.63821820112804,
  "snrd_total": 45.26481679112437,
  "snrd_wm": 71.33817120440534,
  "spacing_x": 1.0,
  "spacing_y": 1.0,
  "spacing_z": 1.0,
  "summary_bg_k": 212.09788727245936,
  "summary_bg_mad": 9.183405876159668,
  "summary_bg_mean": 13.753847122192383,
  "summary_bg_median": 12.367932319641113,
  "summary_bg_n": 92515.0,
  "summary_bg_p05": 0.0,
  "summary_bg_p95": 31.55191764831543,
  "summary_bg_stdv": 13.793346405029297,
  "summary_csf_k": -0.8007035730444239,
  "summary_csf_mad": 173.88104248046875,
  "summary_csf_mean": 272.525146484375,
  "summary_csf_median": 277.8006286621094,
  "summary_csf_n": 6192.0,
  "summary_csf_p05": 77.51339302062988,
  "summary_csf_p95": 469.61571807861327,
  "summary_csf_stdv": 132.9926300048828,
  "summary_gm_k": 0.18364411498971878,
  "summary_gm_mad": 79.53305053710938,
  "summary_gm_mean": 629.7957763671875,
  "summary_gm_median": 625.7183837890625,
  "summary_gm_n": 21565.0,
  "summary_gm_p05": 501.63693847656253,
  "summary_gm_p95": 773.1928466796875,
  "summary_gm_stdv": 82.6889419555664,
  "summary_wm_k": 1.0069579070952788,
  "summary_wm_mad": 42.3923454284668,
  "summary_wm_mean": 998.4659423828125,
  "summary_wm_median": 999.9862670898438,
  "summary_wm_n": 177493.0,
  "summary_wm_p05": 919.656298828125,
  "summary_wm_p95": 1071.4794921875,
  "summary_wm_stdv": 46.63515853881836,
  "tpm_overlap_csf": 0.2250705361366272,
  "tpm_overlap_gm": 0.5174229741096497,
  "tpm_overlap_wm": 0.5639247298240662,
  "wm2max": 0.7301063536694496
}