{
  "aor": 0.0025261728395061726,
  "aqi": 0.005177009876543209,
  "bids_meta": {
    "AcquisitionNumber": 8,
    "BidsifyVersion": "0.3.5",
    "ConversionSoftware": "dcm2niix",
    "ConversionSoftwareVersion": "v1.0.20181125  GCC6.3.0",
    "EchoTime": 0.02762,
    "ImageComments": "piop",
    "ImageOrientationPatientDICOM": [
      0.999262,
      0.0356701,
      -0.0142393,
      -0.0383878,
      0.939373,
      -0.34074
    ],
    "Manufacturer": "Philips",
    "NumberOfVolumesDiscardedByScanner": 2,
    "ParallelAcquisitionTechnique": "SENSE",
    "ParallelReductionFactorInPlane": 2,
    "PatientPosition": "HFS",
    "PhaseEncodingDirection": "j",
    "PhilipsRescaleIntercept": 0,
    "PhilipsRescaleSlope": 0.75922,
    "PhilipsScaleSlope": 0.0499815,
    "ProtocolName": "WIPpiopwmSENSE",
    "PulseSequenceType": "gradient echo EPI",
    "ReconMatrixPE": 80,
    "RepetitionTime": 2,
    "SeriesDescription": "ImageMRSERIES",
    "SeriesNumber": 8,
    "SliceEncodingDirection": "k",
    "TaskName": "workingmemory",
    "UsePhilipsFloatNotDisplayScaling": 1,
    "acq_id": "seq",
    "dataset": "unknown",
    "modality": "bold",
    "subject_id": "0199",
    "task_id": "workingmemory"
  },
  "dummy_trs": 0,
  "dvars_nstd": 21.165727253913047,
  "dvars_std": 1.286585555776398,
  "dvars_vstd": 1.0252163086335402,
  "efc": 0.3884351080481529,
  "fber": 271203936.0,
  "fd_mean": 0.10665337695879153,
  "fd_num": 10,
  "fd_perc": 6.172839506172839,
  "fwhm_avg": 2.3709354649758407,
  "fwhm_x": 2.3423066666666665,
  "fwhm_y": 2.6049633333333335,
  "fwhm_z": 2.165536394927522,
  "gcor": 0.0231167,
  "gsr_x": -0.007247618865221739,
  "gsr_y": 0.008673503994941711,
  "provenance": {
    "md5sum": "6b083632f47eeb39ae4c482cfea40743",
    "settings": {
      "fd_thres": 0.2,
      "hmc_fsl": false
    },
    "software": "mriqc",
    "version": "0.15.0",
    "webapi_port": null,
    "webapi_url": "https://mriqc.nimh.nih.gov/api/v1"
  },
  "size_t": 162,
  "size_x": 80,
  "size_y": 80,
  "size_z": 37,
  "snr": 4.359806276771808,
  "spacing_tr": 2.0,
  "spacing_x": 3.0,
  "spacing_y": 3.0,
  "spacing_z": 3.299999952316284,
  "spikes_num": 2,
  "summary_bg_k": 96.05419840658388,
  "summary_bg_mad": 2.087873935699463,
  "summary_bg_mean": 210.36911010742188,
  "summary_bg_median": 1.415440320968628,
  "summary_bg_n": 156840.0,
  "summary_bg_p05": 0.002511876437347383,
  "summary_bg_p95": 910.6040740966758,
  "summary_bg_stdv": 1142.614501953125,
  "summary_fg_k": 2.1678846270531036,
  "summary_fg_mad": 4851.5,
  "summary_fg_mean": 25955.26171875,
  "summary_fg_median": 25646.3828125,
  "summary_fg_n": 38971.0,
  "summary_fg_p05": 17008.0810546875,
  "summary_fg_p95": 35298.56640625,
  "summary_fg_stdv": 5882.3837890625,
  "tsnr": 66.24620056152344
}