{
  "aor": 0.0009793333333333336,
  "aqi": 0.008166324939393938,
  "bids_meta": {
    "AcquisitionNumber": 2,
    "BidsifyVersion": "0.3.5",
    "ConversionSoftware": "dcm2niix",
    "ConversionSoftwareVersion": "v1.0.20181125  GCC6.3.0",
    "EchoTime": 0.02762,
    "EffectiveEchoSpacing": 0.0006333282667071997,
    "ImageComments": "Piop",
    "ImageOrientationPatientDICOM": [
      0.999423,
      0.00312308,
      -0.033811,
      -0.00732629,
      0.99214,
      -0.124916
    ],
    "Manufacturer": "Philips",
    "NumberOfVolumesDiscardedByScanner": 2,
    "ParallelAcquisitionTechnique": "SENSE",
    "ParallelReductionFactorInPlane": 2,
    "PatientPosition": "HFS",
    "PhaseEncodingDirection": "j",
    "PhilipsRescaleIntercept": 0,
    "PhilipsRescaleSlope": 0.84371,
    "PhilipsScaleSlope": 0.0751285,
    "ProtocolName": "WIPpiopfacesSENSE",
    "PulseSequenceType": "gradient echo EPI",
    "ReconMatrixPE": 80,
    "RepetitionTime": 0.75,
    "SeriesDescription": "ImageMRSERIES",
    "SeriesNumber": 2,
    "SliceEncodingDirection": "k",
    "SliceTiming": [
      0.0,
      0.06755050505050506,
      0.1351010101010101,
      0.20265151515151517,
      0.2702020202020202,
      0.3377525252525253,
      0.40530303030303033,
      0.47285353535353536,
      0.5404040404040404,
      0.6079545454545455,
      0.6755050505050506,
      0.7430555555555556,
      0.0,
      0.06755050505050506,
      0.1351010101010101,
      0.20265151515151517,
      0.2702020202020202,
      0.3377525252525253,
      0.40530303030303033,
      0.47285353535353536,
      0.5404040404040404,
      0.6079545454545455,
      0.6755050505050506,
      0.7430555555555556,
      0.0,
      0.06755050505050506,
      0.1351010101010101,
      0.20265151515151517,
      0.2702020202020202,
      0.3377525252525253,
      0.40530303030303033,
      0.47285353535353536,
      0.5404040404040404,
      0.6079545454545455,
      0.6755050505050506,
      0.7430555555555556
    ],
    "TaskName": "faces",
    "TotalReadoutTime": 0.024699802401580786,
    "UsePhilipsFloatNotDisplayScaling": 1,
    "acq_id": "mb3",
    "dataset": "unknown",
    "modality": "bold",
    "subject_id": "0028",
    "task_id": "faces"
  },
  "dummy_trs": 0,
  "dvars_nstd": 27.831715558085126,
  "dvars_std": 1.2063612561398174,
  "dvars_vstd": 0.994302103890577,
  "efc": 0.44151240017988896,
  "fber": 159395680.0,
  "fd_mean": 0.11153838095523558,
  "fd_num": 16,
  "fd_perc": 4.848484848484849,
  "fwhm_avg": 2.6592043122285673,
  "fwhm_x": 2.6443233333333334,
  "fwhm_y": 2.91785,
  "fwhm_z": 2.4154396033523677,
  "gcor": 0.00470947,
  "gsr_x": -0.0074979146011173725,
  "gsr_y": 0.00638218829408288,
  "provenance": {
    "md5sum": "1ac897c15c284abea0047a8c69e9633a",
    "settings": {
      "fd_thres": 0.2,
      "hmc_fsl": false
    },
    "software": "mriqc",
    "version": "0.15.0",
    "webapi_port": null,
    "webapi_url": "https://mriqc.nimh.nih.gov/api/v1"
  },
  "size_t": 330,
  "size_x": 80,
  "size_y": 80,
  "size_z": 36,
  "snr": 4.9195227372840264,
  "spacing_tr": 0.75,
  "spacing_x": 3.0,
  "spacing_y": 3.0,
  "spacing_z": 3.299999713897705,
  "spikes_num": 0,
  "summary_bg_k": 53.302569170553326,
  "summary_bg_mad": 1.861483097076416,
  "summary_bg_mean": 211.1450958251953,
  "summary_bg_median": 1.2660688161849976,
  "summary_bg_n": 143011.0,
  "summary_bg_p05": 0.004441839875653386,
  "summary_bg_p95": 1161.3727416992188,
  "summary_bg_stdv": 984.4888916015625,
  "summary_fg_k": 1.3971884542802027,
  "summary_fg_mad": 3417.746337890625,
  "summary_fg_mean": 18453.892578125,
  "summary_fg_median": 18364.1328125,
  "summary_fg_n": 46610.0,
  "summary_fg_p05": 12759.93681640625,
  "summary_fg_p95": 24370.221386718746,
  "summary_fg_stdv": 3732.869384765625,
  "tsnr": 50.54280090332031
}