{
  "aor": 0.004218542713567839,
  "aqi": 0.003035590703517588,
  "bids_meta": {
    "AcquisitionNumber": 9,
    "BidsifyVersion": "0.3.5",
    "ConversionSoftware": "dcm2niix",
    "ConversionSoftwareVersion": "v1.0.20181125  GCC6.3.0",
    "EchoTime": 0.02762,
    "EffectiveEchoSpacing": 0.0006621159151938905,
    "ImageComments": "Piop",
    "ImageOrientationPatientDICOM": [
      0.999423,
      0.00312308,
      -0.033811,
      -0.00732629,
      0.99214,
      -0.124916
    ],
    "Manufacturer": "Philips",
    "NumberOfVolumesDiscardedByScanner": 2,
    "ParallelAcquisitionTechnique": "SENSE",
    "ParallelReductionFactorInPlane": 2,
    "PatientPosition": "HFS",
    "PhaseEncodingDirection": "j",
    "PhilipsRescaleIntercept": 0,
    "PhilipsRescaleSlope": 0.76239,
    "PhilipsScaleSlope": 0.0549345,
    "ProtocolName": "WIPpiopanticipatieSENSE",
    "PulseSequenceType": "gradient echo EPI",
    "ReconMatrixPE": 80,
    "RepetitionTime": 2,
    "SeriesDescription": "ImageMRSERIES",
    "SeriesNumber": 9,
    "SliceEncodingDirection": "k",
    "SliceTiming": [
      0.0,
      0.0541,
      0.1081,
      0.1622,
      0.2162,
      0.2703,
      0.3243,
      0.3784,
      0.4324,
      0.4865,
      0.5405,
      0.5946,
      0.6486,
      0.7027,
      0.7568,
      0.8108,
      0.8649,
      0.9189,
      0.973,
      1.027,
      1.0811,
      1.1351,
      1.1892,
      1.2432,
      1.2973,
      1.3514,
      1.4054,
      1.4595,
      1.5135,
      1.5676,
      1.6216,
      1.6757,
      1.7297,
      1.7838,
      1.8378,
      1.8919,
      1.9459
    ],
    "TaskName": "anticipation",
    "TotalReadoutTime": 0.025822520692561732,
    "UsePhilipsFloatNotDisplayScaling": 1,
    "acq_id": "seq",
    "dataset": "unknown",
    "modality": "bold",
    "subject_id": "0028",
    "task_id": "anticipation"
  },
  "dummy_trs": 1,
  "dvars_nstd": 25.801137683484846,
  "dvars_std": 1.3545247453535352,
  "dvars_vstd": 1.0353510985353538,
  "efc": 0.42978647305870044,
  "fber": 805527936.0,
  "fd_mean": 0.1457607584067536,
  "fd_num": 28,
  "fd_perc": 14.07035175879397,
  "fwhm_avg": 2.3426894043484996,
  "fwhm_x": 2.292876666666667,
  "fwhm_y": 2.574073333333333,
  "fwhm_z": 2.161118213045499,
  "gcor": 0.0189001,
  "gsr_x": -0.0070317815989255905,
  "gsr_y": 0.006935894023627043,
  "provenance": {
    "md5sum": "cf006d8e78fe6f1b258706a66768c809",
    "settings": {
      "fd_thres": 0.2,
      "hmc_fsl": false
    },
    "software": "mriqc",
    "version": "0.15.0",
    "webapi_port": null,
    "webapi_url": "https://mriqc.nimh.nih.gov/api/v1"
  },
  "size_t": 199,
  "size_x": 80,
  "size_y": 80,
  "size_z": 37,
  "snr": 4.165528880365941,
  "spacing_tr": 2.0,
  "spacing_x": 3.0,
  "spacing_y": 3.0,
  "spacing_z": 3.299999952316284,
  "spikes_num": 11,
  "summary_bg_k": 53.813570666638256,
  "summary_bg_mad": 1.1001520156860352,
  "summary_bg_mean": 266.9045715332031,
  "summary_bg_median": 0.7501123547554016,
  "summary_bg_n": 148594.0,
  "summary_bg_p05": 0.003292886284179985,
  "summary_bg_p95": 1271.1503723144542,
  "summary_bg_stdv": 1339.248779296875,
  "summary_fg_k": 2.114208669898326,
  "summary_fg_mad": 4985.732421875,
  "summary_fg_mean": 24440.916015625,
  "summary_fg_median": 23925.21484375,
  "summary_fg_n": 46794.0,
  "summary_fg_p05": 16876.76533203125,
  "summary_fg_p95": 33993.0828125,
  "summary_fg_stdv": 5743.55859375,
  "tsnr": 78.40159606933594
}