{
  "aor": 0.00043190909090909087,
  "aqi": 0.009554547969696969,
  "bids_meta": {
    "AcquisitionNumber": 2,
    "BidsifyVersion": "0.3.5",
    "ConversionSoftware": "dcm2niix",
    "ConversionSoftwareVersion": "v1.0.20181125  GCC6.3.0",
    "EchoTime": 0.02762,
    "ImageComments": "PIOP",
    "ImageOrientationPatientDICOM": [
      0.993213,
      -0.101701,
      0.0564305,
      0.115446,
      0.921011,
      -0.372035
    ],
    "Manufacturer": "Philips",
    "NumberOfVolumesDiscardedByScanner": 2,
    "ParallelAcquisitionTechnique": "SENSE",
    "ParallelReductionFactorInPlane": 2,
    "PatientPosition": "HFS",
    "PhaseEncodingDirection": "j",
    "PhilipsRescaleIntercept": 0,
    "PhilipsRescaleSlope": 0.78559,
    "PhilipsScaleSlope": 0.0846755,
    "ProtocolName": "WIPpiopfacesSENSE",
    "PulseSequenceType": "gradient echo EPI",
    "ReconMatrixPE": 80,
    "RepetitionTime": 0.75,
    "SeriesDescription": "ImageMRSERIES",
    "SeriesNumber": 2,
    "SliceEncodingDirection": "k",
    "TaskName": "faces",
    "UsePhilipsFloatNotDisplayScaling": 1,
    "acq_id": "mb3",
    "dataset": "unknown",
    "modality": "bold",
    "subject_id": "0110",
    "task_id": "faces"
  },
  "dummy_trs": 0,
  "dvars_nstd": 31.459913665258348,
  "dvars_std": 1.1709203806990882,
  "dvars_vstd": 1.0011951875379943,
  "efc": 0.46284714579451475,
  "fber": 148444336.0,
  "fd_mean": 0.1043870214812894,
  "fd_num": 16,
  "fd_perc": 4.848484848484849,
  "fwhm_avg": 2.3941998087927923,
  "fwhm_x": 2.3858466666666667,
  "fwhm_y": 2.55178,
  "fwhm_z": 2.24497275971171,
  "gcor": 0.0223977,
  "gsr_x": -0.006137494463473558,
  "gsr_y": 0.011970173567533493,
  "provenance": {
    "md5sum": "66fcd390b2764aff6b4d73864062ed64",
    "settings": {
      "fd_thres": 0.2,
      "hmc_fsl": false
    },
    "software": "mriqc",
    "version": "0.15.0",
    "webapi_port": null,
    "webapi_url": "https://mriqc.nimh.nih.gov/api/v1"
  },
  "size_t": 330,
  "size_x": 80,
  "size_y": 80,
  "size_z": 36,
  "snr": 5.208567660709855,
  "spacing_tr": 0.75,
  "spacing_x": 3.0,
  "spacing_y": 3.0,
  "spacing_z": 3.299999952316284,
  "spikes_num": 1,
  "summary_bg_k": 40.21956836561293,
  "summary_bg_mad": 1.8912540674209595,
  "summary_bg_mean": 271.5447692871094,
  "summary_bg_median": 1.3112074136734009,
  "summary_bg_n": 138790.0,
  "summary_bg_p05": 0.014482760336250074,
  "summary_bg_p95": 1459.8593994140538,
  "summary_bg_stdv": 1244.0078125,
  "summary_fg_k": 2.661589045135935,
  "summary_fg_mad": 2945.545654296875,
  "summary_fg_mean": 18120.201171875,
  "summary_fg_median": 18127.408203125,
  "summary_fg_n": 50009.0,
  "summary_fg_p05": 12786.6021484375,
  "summary_fg_p95": 23393.559765625,
  "summary_fg_stdv": 3480.27099609375,
  "tsnr": 46.19905090332031
}