{
  "aor": 0.002132296296296296,
  "aqi": 0.0060116495555555555,
  "bids_meta": {
    "AcquisitionNumber": 5,
    "BidsifyVersion": "0.3.5",
    "ConversionSoftware": "dcm2niix",
    "ConversionSoftwareVersion": "v1.0.20181125  GCC6.3.0",
    "EchoTime": 0.02762,
    "ImageComments": "PIOP",
    "ImageOrientationPatientDICOM": [
      0.993213,
      -0.101701,
      0.0564305,
      0.115446,
      0.921011,
      -0.372035
    ],
    "Manufacturer": "Philips",
    "NumberOfVolumesDiscardedByScanner": 2,
    "ParallelAcquisitionTechnique": "SENSE",
    "ParallelReductionFactorInPlane": 2,
    "PatientPosition": "HFS",
    "PhaseEncodingDirection": "j",
    "PhilipsRescaleIntercept": 0,
    "PhilipsRescaleSlope": 0.8022,
    "PhilipsScaleSlope": 0.0535406,
    "ProtocolName": "WIPpiopharririSENSE",
    "PulseSequenceType": "gradient echo EPI",
    "ReconMatrixPE": 80,
    "RepetitionTime": 2,
    "SeriesDescription": "ImageMRSERIES",
    "SeriesNumber": 5,
    "SliceEncodingDirection": "k",
    "TaskName": "emomatching",
    "UsePhilipsFloatNotDisplayScaling": 1,
    "acq_id": "seq",
    "dataset": "unknown",
    "modality": "bold",
    "subject_id": "0110",
    "task_id": "emomatching"
  },
  "dummy_trs": 0,
  "dvars_nstd": 27.989894226417924,
  "dvars_std": 1.3392498248507463,
  "dvars_vstd": 0.9802286276865673,
  "efc": 0.45762187008415595,
  "fber": 121556224.0,
  "fd_mean": 0.13157888974297371,
  "fd_num": 17,
  "fd_perc": 12.592592592592593,
  "fwhm_avg": 2.30968788918163,
  "fwhm_x": 2.302233333333333,
  "fwhm_y": 2.4689,
  "fwhm_z": 2.1579303342115566,
  "gcor": 0.0180704,
  "gsr_x": -0.0059804306365549564,
  "gsr_y": 0.012855992652475834,
  "provenance": {
    "md5sum": "d68c3e361acf527568ad070dcd5d6958",
    "settings": {
      "fd_thres": 0.2,
      "hmc_fsl": false
    },
    "software": "mriqc",
    "version": "0.15.0",
    "webapi_port": null,
    "webapi_url": "https://mriqc.nimh.nih.gov/api/v1"
  },
  "size_t": 135,
  "size_x": 80,
  "size_y": 80,
  "size_z": 37,
  "snr": 4.453320876317261,
  "spacing_tr": 2.0,
  "spacing_x": 3.0,
  "spacing_y": 3.0,
  "spacing_z": 3.299999952316284,
  "spikes_num": 1,
  "summary_bg_k": 39.995416159044865,
  "summary_bg_mad": 2.728928565979004,
  "summary_bg_mean": 350.0021057128906,
  "summary_bg_median": 1.9358395338058472,
  "summary_bg_n": 143281.0,
  "summary_bg_p05": 0.02170739509165287,
  "summary_bg_p95": 1796.2177734375,
  "summary_bg_stdv": 1621.3485107421875,
  "summary_fg_k": 2.757349614112832,
  "summary_fg_mad": 4439.05859375,
  "summary_fg_mean": 24092.794921875,
  "summary_fg_median": 23661.71484375,
  "summary_fg_n": 51074.0,
  "summary_fg_p05": 16726.84375,
  "summary_fg_p95": 32627.313183593746,
  "summary_fg_stdv": 5313.22216796875,
  "tsnr": 63.21521759033203
}