{
  "aor": 0.00021024489795918368,
  "aqi": 0.004108171469387755,
  "bids_meta": {
    "AcquisitionNumber": 3,
    "BidsifyVersion": "0.3.5",
    "ConversionSoftware": "dcm2niix",
    "ConversionSoftwareVersion": "v1.0.20181125  GCC6.3.0",
    "EchoTime": 0.02762,
    "EffectiveEchoSpacing": 0.0006621159151938905,
    "ImageComments": "piop",
    "ImageOrientationPatientDICOM": [
      0.999751,
      0.00776174,
      -0.0209288,
      -0.0101207,
      0.993305,
      -0.115078
    ],
    "Manufacturer": "Philips",
    "NumberOfVolumesDiscardedByScanner": 2,
    "ParallelAcquisitionTechnique": "SENSE",
    "ParallelReductionFactorInPlane": 2,
    "PatientPosition": "HFS",
    "PhaseEncodingDirection": "j",
    "PhilipsRescaleIntercept": 0,
    "PhilipsRescaleSlope": 0.81709,
    "PhilipsScaleSlope": 0.0613678,
    "ProtocolName": "WIPpiopgstroopSENSE",
    "PulseSequenceType": "gradient echo EPI",
    "ReconMatrixPE": 80,
    "RepetitionTime": 2,
    "SeriesDescription": "ImageMRSERIES",
    "SeriesNumber": 3,
    "SliceEncodingDirection": "k",
    "SliceTiming": [
      0.0,
      0.0541,
      0.1081,
      0.1622,
      0.2162,
      0.2703,
      0.3243,
      0.3784,
      0.4324,
      0.4865,
      0.5405,
      0.5946,
      0.6486,
      0.7027,
      0.7568,
      0.8108,
      0.8649,
      0.9189,
      0.973,
      1.027,
      1.0811,
      1.1351,
      1.1892,
      1.2432,
      1.2973,
      1.3514,
      1.4054,
      1.4595,
      1.5135,
      1.5676,
      1.6216,
      1.6757,
      1.7297,
      1.7838,
      1.8378,
      1.8919,
      1.9459
    ],
    "TaskName": "gstroop",
    "TotalReadoutTime": 0.025822520692561732,
    "UsePhilipsFloatNotDisplayScaling": 1,
    "acq_id": "seq",
    "dataset": "unknown",
    "modality": "bold",
    "subject_id": "0045",
    "task_id": "gstroop"
  },
  "dummy_trs": 0,
  "dvars_nstd": 20.236460974795094,
  "dvars_std": 1.183197026639344,
  "dvars_vstd": 0.974435385122951,
  "efc": 0.4479387008024811,
  "fber": 64661172.0,
  "fd_mean": 0.09452335683454137,
  "fd_num": 1,
  "fd_perc": 0.40816326530612246,
  "fwhm_avg": 2.377775970076686,
  "fwhm_x": 2.323113333333333,
  "fwhm_y": 2.6342266666666667,
  "fwhm_z": 2.175987910230057,
  "gcor": 0.0231357,
  "gsr_x": -0.005797645542770624,
  "gsr_y": 0.012078466825187206,
  "provenance": {
    "md5sum": "aa442cfed8a58a6147e7aae00f7f516a",
    "settings": {
      "fd_thres": 0.2,
      "hmc_fsl": false
    },
    "software": "mriqc",
    "version": "0.15.0",
    "webapi_port": null,
    "webapi_url": "https://mriqc.nimh.nih.gov/api/v1"
  },
  "size_t": 245,
  "size_x": 80,
  "size_y": 80,
  "size_z": 37,
  "snr": 5.025998919923457,
  "spacing_tr": 2.0,
  "spacing_x": 3.0,
  "spacing_y": 3.0,
  "spacing_z": 3.299999952316284,
  "spikes_num": 0,
  "summary_bg_k": 40.5945709888455,
  "summary_bg_mad": 4.070930480957031,
  "summary_bg_mean": 345.43560791015625,
  "summary_bg_median": 2.776108741760254,
  "summary_bg_n": 145244.0,
  "summary_bg_p05": 0.009283443959429863,
  "summary_bg_p95": 1930.889965820315,
  "summary_bg_stdv": 1561.0439453125,
  "summary_fg_k": 2.69690452985719,
  "summary_fg_mad": 4224.36376953125,
  "summary_fg_mean": 24545.474609375,
  "summary_fg_median": 24443.431640625,
  "summary_fg_n": 49060.0,
  "summary_fg_p05": 17502.91376953125,
  "summary_fg_p95": 31950.781054687493,
  "summary_fg_stdv": 4863.34814453125,
  "tsnr": 78.51600646972656
}