{
  "aor": 0.0016541224489795918,
  "aqi": 0.00411159024489796,
  "bids_meta": {
    "AcquisitionNumber": 3,
    "BidsifyVersion": "0.3.5",
    "ConversionSoftware": "dcm2niix",
    "ConversionSoftwareVersion": "v1.0.20181125  GCC6.3.0",
    "EchoTime": 0.02762,
    "EffectiveEchoSpacing": 0.0006621159151938905,
    "ImageComments": "Piop",
    "ImageOrientationPatientDICOM": [
      0.999824,
      0.0161259,
      -0.00956224,
      -0.0171029,
      0.993461,
      -0.112883
    ],
    "Manufacturer": "Philips",
    "NumberOfVolumesDiscardedByScanner": 2,
    "ParallelAcquisitionTechnique": "SENSE",
    "ParallelReductionFactorInPlane": 2,
    "PatientPosition": "HFS",
    "PhaseEncodingDirection": "j",
    "PhilipsRescaleIntercept": 0,
    "PhilipsRescaleSlope": 0.83712,
    "PhilipsScaleSlope": 0.0447452,
    "ProtocolName": "WIPpiopgstroopSENSE",
    "PulseSequenceType": "gradient echo EPI",
    "ReconMatrixPE": 80,
    "RepetitionTime": 2,
    "SeriesDescription": "ImageMRSERIES",
    "SeriesNumber": 3,
    "SliceEncodingDirection": "k",
    "SliceTiming": [
      0.0,
      0.0541,
      0.1081,
      0.1622,
      0.2162,
      0.2703,
      0.3243,
      0.3784,
      0.4324,
      0.4865,
      0.5405,
      0.5946,
      0.6486,
      0.7027,
      0.7568,
      0.8108,
      0.8649,
      0.9189,
      0.973,
      1.027,
      1.0811,
      1.1351,
      1.1892,
      1.2432,
      1.2973,
      1.3514,
      1.4054,
      1.4595,
      1.5135,
      1.5676,
      1.6216,
      1.6757,
      1.7297,
      1.7838,
      1.8378,
      1.8919,
      1.9459
    ],
    "TaskName": "gstroop",
    "TotalReadoutTime": 0.025822520692561732,
    "UsePhilipsFloatNotDisplayScaling": 1,
    "acq_id": "seq",
    "dataset": "unknown",
    "modality": "bold",
    "subject_id": "0014",
    "task_id": "gstroop"
  },
  "dummy_trs": 0,
  "dvars_nstd": 24.892096277049156,
  "dvars_std": 1.3257230707786885,
  "dvars_vstd": 1.0271008324180337,
  "efc": 0.40214170444589437,
  "fber": 555664896.0,
  "fd_mean": 0.10996601631513922,
  "fd_num": 5,
  "fd_perc": 2.0408163265306123,
  "fwhm_avg": 2.3088446565915466,
  "fwhm_x": 2.2540766666666667,
  "fwhm_y": 2.56993,
  "fwhm_z": 2.102527303107974,
  "gcor": 0.0057685,
  "gsr_x": -0.0022052146960049868,
  "gsr_y": 0.00307876942679286,
  "provenance": {
    "md5sum": "42183111cff1c8ed920ae6bdeb16db15",
    "settings": {
      "fd_thres": 0.2,
      "hmc_fsl": false
    },
    "software": "mriqc",
    "version": "0.15.0",
    "webapi_port": null,
    "webapi_url": "https://mriqc.nimh.nih.gov/api/v1"
  },
  "size_t": 245,
  "size_x": 80,
  "size_y": 80,
  "size_z": 37,
  "snr": 4.209987488156171,
  "spacing_tr": 2.0,
  "spacing_x": 3.0,
  "spacing_y": 3.0,
  "spacing_z": 3.299999952316284,
  "spikes_num": 0,
  "summary_bg_k": 78.74261925365509,
  "summary_bg_mad": 1.4757225513458252,
  "summary_bg_mean": 234.16542053222656,
  "summary_bg_median": 1.0212948322296143,
  "summary_bg_n": 153494.0,
  "summary_bg_p05": 0.009461333230137824,
  "summary_bg_p95": 931.4359985351571,
  "summary_bg_stdv": 1295.99267578125,
  "summary_fg_k": 1.7751597230369418,
  "summary_fg_mad": 5401.83251953125,
  "summary_fg_mean": 27145.224609375,
  "summary_fg_median": 26511.875,
  "summary_fg_n": 41751.0,
  "summary_fg_p05": 18636.7939453125,
  "summary_fg_p95": 38005.447265625,
  "summary_fg_stdv": 6297.30078125,
  "tsnr": 67.44596862792969
}