{
  "aor": 0.00027796352583586627,
  "aqi": 0.006556185592705168,
  "bids_meta": {
    "AcquisitionNumber": 2,
    "BidsifyVersion": "0.3.5",
    "ConversionSoftware": "dcm2niix",
    "ConversionSoftwareVersion": "v1.0.20181125  GCC6.3.0",
    "EchoTime": 0.02762,
    "EffectiveEchoSpacing": 0.0006333282667071997,
    "ImageComments": "Piop",
    "ImageOrientationPatientDICOM": [
      0.999827,
      0.0157962,
      -0.00978516,
      -0.0164047,
      0.997711,
      -0.0655997
    ],
    "Manufacturer": "Philips",
    "NumberOfVolumesDiscardedByScanner": 2,
    "ParallelAcquisitionTechnique": "SENSE",
    "ParallelReductionFactorInPlane": 2,
    "PatientPosition": "HFS",
    "PhaseEncodingDirection": "j",
    "PhilipsRescaleIntercept": 0,
    "PhilipsRescaleSlope": 0.81636,
    "PhilipsScaleSlope": 0.0820862,
    "ProtocolName": "WIPpiopfacesSENSE",
    "PulseSequenceType": "gradient echo EPI",
    "ReconMatrixPE": 80,
    "RepetitionTime": 0.75,
    "SeriesDescription": "ImageMRSERIES",
    "SeriesNumber": 2,
    "SliceEncodingDirection": "k",
    "SliceTiming": [
      0.0,
      0.06755050505050506,
      0.1351010101010101,
      0.20265151515151517,
      0.2702020202020202,
      0.3377525252525253,
      0.40530303030303033,
      0.47285353535353536,
      0.5404040404040404,
      0.6079545454545455,
      0.6755050505050506,
      0.7430555555555556,
      0.0,
      0.06755050505050506,
      0.1351010101010101,
      0.20265151515151517,
      0.2702020202020202,
      0.3377525252525253,
      0.40530303030303033,
      0.47285353535353536,
      0.5404040404040404,
      0.6079545454545455,
      0.6755050505050506,
      0.7430555555555556,
      0.0,
      0.06755050505050506,
      0.1351010101010101,
      0.20265151515151517,
      0.2702020202020202,
      0.3377525252525253,
      0.40530303030303033,
      0.47285353535353536,
      0.5404040404040404,
      0.6079545454545455,
      0.6755050505050506,
      0.7430555555555556
    ],
    "TaskName": "faces",
    "TotalReadoutTime": 0.024699802401580786,
    "UsePhilipsFloatNotDisplayScaling": 1,
    "acq_id": "mb3",
    "dataset": "unknown",
    "modality": "bold",
    "subject_id": "0014",
    "task_id": "faces"
  },
  "dummy_trs": 1,
  "dvars_nstd": 20.670068595853678,
  "dvars_std": 1.0829790208231715,
  "dvars_vstd": 0.9982944730792687,
  "efc": 0.41082833601404334,
  "fber": 656663936.0,
  "fd_mean": 0.07876211787917284,
  "fd_num": 0,
  "fd_perc": 0.0,
  "fwhm_avg": 2.624473702727552,
  "fwhm_x": 2.61523,
  "fwhm_y": 2.9618,
  "fwhm_z": 2.2963911081826565,
  "gcor": 0.0079616,
  "gsr_x": -0.002959125442430377,
  "gsr_y": 0.001181317842565477,
  "provenance": {
    "md5sum": "7406456e46e099ae5974aabadc3369ed",
    "settings": {
      "fd_thres": 0.2,
      "hmc_fsl": false
    },
    "software": "mriqc",
    "version": "0.15.0",
    "webapi_port": null,
    "webapi_url": "https://mriqc.nimh.nih.gov/api/v1"
  },
  "size_t": 329,
  "size_x": 80,
  "size_y": 80,
  "size_z": 36,
  "snr": 4.955628928026235,
  "spacing_tr": 0.75,
  "spacing_x": 3.0,
  "spacing_y": 3.0,
  "spacing_z": 3.299999713897705,
  "spikes_num": 0,
  "summary_bg_k": 72.49908821861472,
  "summary_bg_mad": 0.9454277157783508,
  "summary_bg_mean": 172.542236328125,
  "summary_bg_median": 0.6467186212539673,
  "summary_bg_n": 148101.0,
  "summary_bg_p05": 0.00592885771766305,
  "summary_bg_p95": 777.8468017578125,
  "summary_bg_stdv": 927.5902099609375,
  "summary_fg_k": 1.4829171174520281,
  "summary_fg_mad": 3356.599853515625,
  "summary_fg_mean": 19285.744140625,
  "summary_fg_median": 19210.806640625,
  "summary_fg_n": 41321.0,
  "summary_fg_p05": 13226.6904296875,
  "summary_fg_p95": 25622.076171875,
  "summary_fg_stdv": 3876.515869140625,
  "tsnr": 55.88530731201172
}