{
  "aor": 0.001526604938271605,
  "aqi": 0.0040901679012345675,
  "bids_meta": {
    "AcquisitionNumber": 9,
    "BidsifyVersion": "0.3.5",
    "ConversionSoftware": "dcm2niix",
    "ConversionSoftwareVersion": "v1.0.20181125  GCC6.3.0",
    "EchoTime": 0.02762,
    "EffectiveEchoSpacing": 0.0006621159151938905,
    "ImageComments": "Piop",
    "ImageOrientationPatientDICOM": [
      0.999824,
      0.0161259,
      -0.00956224,
      -0.0171029,
      0.993461,
      -0.112883
    ],
    "Manufacturer": "Philips",
    "NumberOfVolumesDiscardedByScanner": 2,
    "ParallelAcquisitionTechnique": "SENSE",
    "ParallelReductionFactorInPlane": 2,
    "PatientPosition": "HFS",
    "PhaseEncodingDirection": "j",
    "PhilipsRescaleIntercept": 0,
    "PhilipsRescaleSlope": 0.83907,
    "PhilipsScaleSlope": 0.0461651,
    "ProtocolName": "WIPpiopwmSENSE",
    "PulseSequenceType": "gradient echo EPI",
    "ReconMatrixPE": 80,
    "RepetitionTime": 2,
    "SeriesDescription": "ImageMRSERIES",
    "SeriesNumber": 9,
    "SliceEncodingDirection": "k",
    "SliceTiming": [
      0.0,
      0.0541,
      0.1081,
      0.1622,
      0.2162,
      0.2703,
      0.3243,
      0.3784,
      0.4324,
      0.4865,
      0.5405,
      0.5946,
      0.6486,
      0.7027,
      0.7568,
      0.8108,
      0.8649,
      0.9189,
      0.973,
      1.027,
      1.0811,
      1.1351,
      1.1892,
      1.2432,
      1.2973,
      1.3514,
      1.4054,
      1.4595,
      1.5135,
      1.5676,
      1.6216,
      1.6757,
      1.7297,
      1.7838,
      1.8378,
      1.8919,
      1.9459
    ],
    "TaskName": "workingmemory",
    "TotalReadoutTime": 0.025822520692561732,
    "UsePhilipsFloatNotDisplayScaling": 1,
    "acq_id": "seq",
    "dataset": "unknown",
    "modality": "bold",
    "subject_id": "0014",
    "task_id": "workingmemory"
  },
  "dummy_trs": 0,
  "dvars_nstd": 25.071105127701856,
  "dvars_std": 1.3601115222360245,
  "dvars_vstd": 1.1119393521118013,
  "efc": 0.4029105831881098,
  "fber": 531288416.0,
  "fd_mean": 0.12168030846614435,
  "fd_num": 11,
  "fd_perc": 6.790123456790123,
  "fwhm_avg": 2.3204151617100526,
  "fwhm_x": 2.269083333333333,
  "fwhm_y": 2.5755166666666667,
  "fwhm_z": 2.1166454851301584,
  "gcor": 0.011434,
  "gsr_x": -0.001840036129578948,
  "gsr_y": 0.002540624001994729,
  "provenance": {
    "md5sum": "88c3fc813064be59d2ab0bde0bd4d088",
    "settings": {
      "fd_thres": 0.2,
      "hmc_fsl": false
    },
    "software": "mriqc",
    "version": "0.15.0",
    "webapi_port": null,
    "webapi_url": "https://mriqc.nimh.nih.gov/api/v1"
  },
  "size_t": 162,
  "size_x": 80,
  "size_y": 80,
  "size_z": 37,
  "snr": 4.189240108487388,
  "spacing_tr": 2.0,
  "spacing_x": 3.0,
  "spacing_y": 3.0,
  "spacing_z": 3.299999952316284,
  "spikes_num": 0,
  "summary_bg_k": 73.19711653737939,
  "summary_bg_mad": 1.532027244567871,
  "summary_bg_mean": 238.23667907714844,
  "summary_bg_median": 1.045153021812439,
  "summary_bg_n": 153292.0,
  "summary_bg_p05": 0.004273646697402001,
  "summary_bg_p95": 930.7098052978424,
  "summary_bg_stdv": 1313.9237060546875,
  "summary_fg_k": 1.5708733126835108,
  "summary_fg_mad": 5451.07958984375,
  "summary_fg_mean": 26960.365234375,
  "summary_fg_median": 26323.919921875,
  "summary_fg_n": 41887.0,
  "summary_fg_p05": 18431.2939453125,
  "summary_fg_p95": 37953.347265625,
  "summary_fg_stdv": 6283.623046875,
  "tsnr": 69.32685852050781
}