{
  "aor": 0.001525591836734694,
  "aqi": 0.004831192571428572,
  "bids_meta": {
    "AcquisitionNumber": 3,
    "BidsifyVersion": "0.3.5",
    "ConversionSoftware": "dcm2niix",
    "ConversionSoftwareVersion": "v1.0.20181125  GCC6.3.0",
    "EchoTime": 0.02762,
    "EffectiveEchoSpacing": 0.0006621159151938905,
    "ImageComments": "Piop",
    "ImageOrientationPatientDICOM": [
      0.999253,
      0.034455,
      -0.0174776,
      -0.0378635,
      0.963296,
      -0.265758
    ],
    "Manufacturer": "Philips",
    "NumberOfVolumesDiscardedByScanner": 2,
    "ParallelAcquisitionTechnique": "SENSE",
    "ParallelReductionFactorInPlane": 2,
    "PatientPosition": "HFS",
    "PhaseEncodingDirection": "j",
    "PhilipsRescaleIntercept": 0,
    "PhilipsRescaleSlope": 0.79634,
    "PhilipsScaleSlope": 0.054906,
    "ProtocolName": "WIPpiopgstroopSENSE",
    "PulseSequenceType": "gradient echo EPI",
    "ReconMatrixPE": 80,
    "RepetitionTime": 2,
    "SeriesDescription": "ImageMRSERIES",
    "SeriesNumber": 3,
    "SliceEncodingDirection": "k",
    "SliceTiming": [
      0.0,
      0.0541,
      0.1081,
      0.1622,
      0.2162,
      0.2703,
      0.3243,
      0.3784,
      0.4324,
      0.4865,
      0.5405,
      0.5946,
      0.6486,
      0.7027,
      0.7568,
      0.8108,
      0.8649,
      0.9189,
      0.973,
      1.027,
      1.0811,
      1.1351,
      1.1892,
      1.2432,
      1.2973,
      1.3514,
      1.4054,
      1.4595,
      1.5135,
      1.5676,
      1.6216,
      1.6757,
      1.7297,
      1.7838,
      1.8378,
      1.8919,
      1.9459
    ],
    "TaskName": "gstroop",
    "TotalReadoutTime": 0.025822520692561732,
    "UsePhilipsFloatNotDisplayScaling": 1,
    "acq_id": "seq",
    "dataset": "unknown",
    "modality": "bold",
    "subject_id": "0143",
    "task_id": "gstroop"
  },
  "dummy_trs": 0,
  "dvars_nstd": 23.81928896520493,
  "dvars_std": 1.2837997665163923,
  "dvars_vstd": 1.0049679810245906,
  "efc": 0.4041428568168806,
  "fber": 1760673536.0,
  "fd_mean": 0.09316167062927383,
  "fd_num": 11,
  "fd_perc": 4.489795918367347,
  "fwhm_avg": 2.3402243536211733,
  "fwhm_x": 2.2810799999999998,
  "fwhm_y": 2.6246233333333335,
  "fwhm_z": 2.1149697275301866,
  "gcor": 0.0401112,
  "gsr_x": -0.003405635943636298,
  "gsr_y": 0.0006725200219079852,
  "provenance": {
    "md5sum": "c6ac82a00dbc0787182459a294e8e14f",
    "settings": {
      "fd_thres": 0.2,
      "hmc_fsl": false
    },
    "software": "mriqc",
    "version": "0.15.0",
    "webapi_port": null,
    "webapi_url": "https://mriqc.nimh.nih.gov/api/v1"
  },
  "size_t": 245,
  "size_x": 80,
  "size_y": 80,
  "size_z": 37,
  "snr": 4.853998723660999,
  "spacing_tr": 2.0,
  "spacing_x": 3.0,
  "spacing_y": 3.0,
  "spacing_z": 3.299999952316284,
  "spikes_num": 1,
  "summary_bg_k": 79.07362276377646,
  "summary_bg_mad": 0.8401237726211548,
  "summary_bg_mean": 235.0125274658203,
  "summary_bg_median": 0.5734302997589111,
  "summary_bg_n": 153891.0,
  "summary_bg_p05": 0.004264055285602808,
  "summary_bg_p95": 857.4430541992188,
  "summary_bg_stdv": 1280.2940673828125,
  "summary_fg_k": 2.325930108213048,
  "summary_fg_mad": 5017.890625,
  "summary_fg_mean": 27280.58984375,
  "summary_fg_median": 27307.876953125,
  "summary_fg_n": 41663.0,
  "summary_fg_p05": 18807.175390624998,
  "summary_fg_p95": 35454.384375,
  "summary_fg_stdv": 5625.7841796875,
  "tsnr": 71.53752136230469
}