{
  "aor": 0.0020350000000000004,
  "aqi": 0.0188498150625,
  "bids_meta": {
    "AcquisitionNumber": 6,
    "BidsifyVersion": "0.3.5",
    "ConversionSoftware": "dcm2niix",
    "ConversionSoftwareVersion": "v1.0.20181125  GCC6.3.0",
    "EchoTime": 0.02762,
    "EffectiveEchoSpacing": 0.0006333282667071997,
    "ImageComments": "Piop",
    "ImageOrientationPatientDICOM": [
      0.999253,
      0.034455,
      -0.0174776,
      -0.0378635,
      0.963296,
      -0.265758
    ],
    "Manufacturer": "Philips",
    "NumberOfVolumesDiscardedByScanner": 2,
    "ParallelAcquisitionTechnique": "SENSE",
    "ParallelReductionFactorInPlane": 2,
    "PatientPosition": "HFS",
    "PhaseEncodingDirection": "j",
    "PhilipsRescaleIntercept": 0,
    "PhilipsRescaleSlope": 0.7663,
    "PhilipsScaleSlope": 0.0932673,
    "ProtocolName": "WIPpioprsSENSE",
    "PulseSequenceType": "gradient echo EPI",
    "ReconMatrixPE": 80,
    "RepetitionTime": 0.75,
    "SeriesDescription": "ImageMRSERIES",
    "SeriesNumber": 6,
    "SliceEncodingDirection": "k",
    "SliceTiming": [
      0.0,
      0.06755050505050506,
      0.1351010101010101,
      0.20265151515151517,
      0.2702020202020202,
      0.3377525252525253,
      0.40530303030303033,
      0.47285353535353536,
      0.5404040404040404,
      0.6079545454545455,
      0.6755050505050506,
      0.7430555555555556,
      0.0,
      0.06755050505050506,
      0.1351010101010101,
      0.20265151515151517,
      0.2702020202020202,
      0.3377525252525253,
      0.40530303030303033,
      0.47285353535353536,
      0.5404040404040404,
      0.6079545454545455,
      0.6755050505050506,
      0.7430555555555556,
      0.0,
      0.06755050505050506,
      0.1351010101010101,
      0.20265151515151517,
      0.2702020202020202,
      0.3377525252525253,
      0.40530303030303033,
      0.47285353535353536,
      0.5404040404040404,
      0.6079545454545455,
      0.6755050505050506,
      0.7430555555555556
    ],
    "TaskName": "restingstate",
    "TotalReadoutTime": 0.024699802401580786,
    "UsePhilipsFloatNotDisplayScaling": 1,
    "acq_id": "mb3",
    "dataset": "unknown",
    "modality": "bold",
    "subject_id": "0143",
    "task_id": "restingstate"
  },
  "dummy_trs": 0,
  "dvars_nstd": 28.08646399189979,
  "dvars_std": 1.0797182388100206,
  "dvars_vstd": 0.996034249916494,
  "efc": 0.41304374640551744,
  "fber": 23350586.0,
  "fd_mean": 0.1418052094396993,
  "fd_num": 71,
  "fd_perc": 14.791666666666666,
  "fwhm_avg": 2.464895566307511,
  "fwhm_x": 2.4130333333333334,
  "fwhm_y": 2.7493533333333335,
  "fwhm_z": 2.232300032255867,
  "gcor": 0.0202513,
  "gsr_x": -0.004610362928360701,
  "gsr_y": -0.0001379719760734588,
  "provenance": {
    "md5sum": "3f931b5e48a85dfa3b7ae86b18535303",
    "settings": {
      "fd_thres": 0.2,
      "hmc_fsl": false
    },
    "software": "mriqc",
    "version": "0.15.0",
    "webapi_port": null,
    "webapi_url": "https://mriqc.nimh.nih.gov/api/v1"
  },
  "size_t": 480,
  "size_x": 80,
  "size_y": 80,
  "size_z": 36,
  "snr": 5.5417261319945075,
  "spacing_tr": 0.75,
  "spacing_x": 3.0,
  "spacing_y": 3.0,
  "spacing_z": 3.299999952316284,
  "spikes_num": 0,
  "summary_bg_k": 70.96413859093303,
  "summary_bg_mad": 5.132237434387207,
  "summary_bg_mean": 201.8858184814453,
  "summary_bg_median": 3.530834674835205,
  "summary_bg_n": 149077.0,
  "summary_bg_p05": 0.03149630427360535,
  "summary_bg_p95": 934.7842407226492,
  "summary_bg_stdv": 977.8382568359375,
  "summary_fg_k": 2.6160453552855607,
  "summary_fg_mad": 2949.6572265625,
  "summary_fg_mean": 19044.94921875,
  "summary_fg_median": 19241.90625,
  "summary_fg_n": 40728.0,
  "summary_fg_p05": 13135.211083984375,
  "summary_fg_p95": 23975.72685546875,
  "summary_fg_stdv": 3472.143798828125,
  "tsnr": 36.41630172729492
}