{
  "aor": 0.011145123456790123,
  "aqi": 0.007784738086419754,
  "bids_meta": {
    "AcquisitionNumber": 8,
    "BidsifyVersion": "0.3.5",
    "ConversionSoftware": "dcm2niix",
    "ConversionSoftwareVersion": "v1.0.20181125  GCC6.3.0",
    "EchoTime": 0.02762,
    "EffectiveEchoSpacing": 0.0006621159151938905,
    "ImageComments": "Piop",
    "ImageOrientationPatientDICOM": [
      0.999253,
      0.034455,
      -0.0174776,
      -0.0378635,
      0.963296,
      -0.265758
    ],
    "Manufacturer": "Philips",
    "NumberOfVolumesDiscardedByScanner": 2,
    "ParallelAcquisitionTechnique": "SENSE",
    "ParallelReductionFactorInPlane": 2,
    "PatientPosition": "HFS",
    "PhaseEncodingDirection": "j",
    "PhilipsRescaleIntercept": 0,
    "PhilipsRescaleSlope": 0.7663,
    "PhilipsScaleSlope": 0.0561203,
    "ProtocolName": "WIPpiopwmSENSE",
    "PulseSequenceType": "gradient echo EPI",
    "ReconMatrixPE": 80,
    "RepetitionTime": 2,
    "SeriesDescription": "ImageMRSERIES",
    "SeriesNumber": 8,
    "SliceEncodingDirection": "k",
    "SliceTiming": [
      0.0,
      0.0541,
      0.1081,
      0.1622,
      0.2162,
      0.2703,
      0.3243,
      0.3784,
      0.4324,
      0.4865,
      0.5405,
      0.5946,
      0.6486,
      0.7027,
      0.7568,
      0.8108,
      0.8649,
      0.9189,
      0.973,
      1.027,
      1.0811,
      1.1351,
      1.1892,
      1.2432,
      1.2973,
      1.3514,
      1.4054,
      1.4595,
      1.5135,
      1.5676,
      1.6216,
      1.6757,
      1.7297,
      1.7838,
      1.8378,
      1.8919,
      1.9459
    ],
    "TaskName": "workingmemory",
    "TotalReadoutTime": 0.025822520692561732,
    "UsePhilipsFloatNotDisplayScaling": 1,
    "acq_id": "seq",
    "dataset": "unknown",
    "modality": "bold",
    "subject_id": "0143",
    "task_id": "workingmemory"
  },
  "dummy_trs": 0,
  "dvars_nstd": 27.653953468944106,
  "dvars_std": 1.2934880083229805,
  "dvars_vstd": 1.0933366842857137,
  "efc": 0.4042298599163161,
  "fber": 214356960.0,
  "fd_mean": 0.1998086842282214,
  "fd_num": 51,
  "fd_perc": 31.48148148148148,
  "fwhm_avg": 2.3478540506358683,
  "fwhm_x": 2.29044,
  "fwhm_y": 2.62881,
  "fwhm_z": 2.124312151907605,
  "gcor": 0.0395756,
  "gsr_x": -0.0030192893464118242,
  "gsr_y": -0.000209591249586083,
  "provenance": {
    "md5sum": "074a61c5cf401d2079a299342e4a7897",
    "settings": {
      "fd_thres": 0.2,
      "hmc_fsl": false
    },
    "software": "mriqc",
    "version": "0.15.0",
    "webapi_port": null,
    "webapi_url": "https://mriqc.nimh.nih.gov/api/v1"
  },
  "size_t": 162,
  "size_x": 80,
  "size_y": 80,
  "size_z": 37,
  "snr": 4.864167749825895,
  "spacing_tr": 2.0,
  "spacing_x": 3.0,
  "spacing_y": 3.0,
  "spacing_z": 3.299999952316284,
  "spikes_num": 30,
  "summary_bg_k": 74.69999586825287,
  "summary_bg_mad": 2.4442384243011475,
  "summary_bg_mean": 242.43687438964844,
  "summary_bg_median": 1.6990891695022583,
  "summary_bg_n": 153999.0,
  "summary_bg_p05": 0.01430319454520941,
  "summary_bg_p95": 879.1128051757815,
  "summary_bg_stdv": 1311.3287353515625,
  "summary_fg_k": 2.120956036303375,
  "summary_fg_mad": 4960.01708984375,
  "summary_fg_mean": 26774.7578125,
  "summary_fg_median": 26824.5,
  "summary_fg_n": 41583.0,
  "summary_fg_p05": 18381.1642578125,
  "summary_fg_p95": 34786.68984375,
  "summary_fg_stdv": 5514.64892578125,
  "tsnr": 55.04054641723633
}