{
  "aor": 0.00022945720250521919,
  "aqi": 0.011358696471816284,
  "bids_meta": {
    "AcquisitionNumber": 6,
    "BidsifyVersion": "0.3.5",
    "ConversionSoftware": "dcm2niix",
    "ConversionSoftwareVersion": "v1.0.20181125  GCC6.3.0",
    "EchoTime": 0.02762,
    "EffectiveEchoSpacing": 0.0006333282667071997,
    "ImageComments": "Piop",
    "ImageOrientationPatientDICOM": [
      0.99931,
      0.0289845,
      -0.0232091,
      -0.0282624,
      0.999124,
      0.0308581
    ],
    "Manufacturer": "Philips",
    "NumberOfVolumesDiscardedByScanner": 2,
    "ParallelAcquisitionTechnique": "SENSE",
    "ParallelReductionFactorInPlane": 2,
    "PatientPosition": "HFS",
    "PhaseEncodingDirection": "j",
    "PhilipsRescaleIntercept": 0,
    "PhilipsRescaleSlope": 0.75995,
    "PhilipsScaleSlope": 0.0832589,
    "ProtocolName": "WIPpioprsSENSE",
    "PulseSequenceType": "gradient echo EPI",
    "ReconMatrixPE": 80,
    "RepetitionTime": 0.75,
    "SeriesDescription": "ImageMRSERIES",
    "SeriesNumber": 6,
    "SliceEncodingDirection": "k",
    "SliceTiming": [
      0.0,
      0.06755050505050506,
      0.1351010101010101,
      0.20265151515151517,
      0.2702020202020202,
      0.3377525252525253,
      0.40530303030303033,
      0.47285353535353536,
      0.5404040404040404,
      0.6079545454545455,
      0.6755050505050506,
      0.7430555555555556,
      0.0,
      0.06755050505050506,
      0.1351010101010101,
      0.20265151515151517,
      0.2702020202020202,
      0.3377525252525253,
      0.40530303030303033,
      0.47285353535353536,
      0.5404040404040404,
      0.6079545454545455,
      0.6755050505050506,
      0.7430555555555556,
      0.0,
      0.06755050505050506,
      0.1351010101010101,
      0.20265151515151517,
      0.2702020202020202,
      0.3377525252525253,
      0.40530303030303033,
      0.47285353535353536,
      0.5404040404040404,
      0.6079545454545455,
      0.6755050505050506,
      0.7430555555555556
    ],
    "TaskName": "restingstate",
    "TotalReadoutTime": 0.024699802401580786,
    "UsePhilipsFloatNotDisplayScaling": 1,
    "acq_id": "mb3",
    "dataset": "unknown",
    "modality": "bold",
    "subject_id": "0206",
    "task_id": "restingstate"
  },
  "dummy_trs": 1,
  "dvars_nstd": 31.2140230393515,
  "dvars_std": 1.1366132889539755,
  "dvars_vstd": 0.9958319516736404,
  "efc": 0.4055406718345487,
  "fber": 424869664.0,
  "fd_mean": 0.12277333752495485,
  "fd_num": 43,
  "fd_perc": 8.977035490605427,
  "fwhm_avg": 2.4202306166742393,
  "fwhm_x": 2.359786666666667,
  "fwhm_y": 2.6973233333333333,
  "fwhm_z": 2.2035818500227182,
  "gcor": 0.0112815,
  "gsr_x": 0.0008648114744573832,
  "gsr_y": 0.00012668949784711003,
  "provenance": {
    "md5sum": "c6f776d361b768e5680ae4c3cfb44339",
    "settings": {
      "fd_thres": 0.2,
      "hmc_fsl": false
    },
    "software": "mriqc",
    "version": "0.15.0",
    "webapi_port": null,
    "webapi_url": "https://mriqc.nimh.nih.gov/api/v1"
  },
  "size_t": 479,
  "size_x": 80,
  "size_y": 80,
  "size_z": 36,
  "snr": 5.5690657455757595,
  "spacing_tr": 0.75,
  "spacing_x": 3.0,
  "spacing_y": 3.0,
  "spacing_z": 3.299999952316284,
  "spikes_num": 1,
  "summary_bg_k": 74.63909572125219,
  "summary_bg_mad": 1.1684112548828125,
  "summary_bg_mean": 149.90708923339844,
  "summary_bg_median": 0.805588960647583,
  "summary_bg_n": 149924.0,
  "summary_bg_p05": 0.006118205352686347,
  "summary_bg_p95": 618.9511688232426,
  "summary_bg_stdv": 814.590576171875,
  "summary_fg_k": 3.497334724840263,
  "summary_fg_mad": 2636.787109375,
  "summary_fg_mean": 17944.50390625,
  "summary_fg_median": 17992.5234375,
  "summary_fg_n": 40500.0,
  "summary_fg_p05": 13119.5912109375,
  "summary_fg_p95": 22725.1119140625,
  "summary_fg_stdv": 3230.757568359375,
  "tsnr": 46.088409423828125
}