{
  "aor": 0.002419022556390977,
  "aqi": 0.0041149325563909775,
  "bids_meta": {
    "AcquisitionNumber": 5,
    "BidsifyVersion": "0.3.5",
    "ConversionSoftware": "dcm2niix",
    "ConversionSoftwareVersion": "v1.0.20181125  GCC6.3.0",
    "EchoTime": 0.02762,
    "EffectiveEchoSpacing": 0.0006621159151938905,
    "ImageComments": "Piop",
    "ImageOrientationPatientDICOM": [
      0.99931,
      0.0289845,
      -0.0232091,
      -0.0282624,
      0.999124,
      0.0308581
    ],
    "Manufacturer": "Philips",
    "NumberOfVolumesDiscardedByScanner": 2,
    "ParallelAcquisitionTechnique": "SENSE",
    "ParallelReductionFactorInPlane": 2,
    "PatientPosition": "HFS",
    "PhaseEncodingDirection": "j",
    "PhilipsRescaleIntercept": 0,
    "PhilipsRescaleSlope": 0.75556,
    "PhilipsScaleSlope": 0.0524456,
    "ProtocolName": "WIPpiopharririSENSE",
    "PulseSequenceType": "gradient echo EPI",
    "ReconMatrixPE": 80,
    "RepetitionTime": 2,
    "SeriesDescription": "ImageMRSERIES",
    "SeriesNumber": 5,
    "SliceEncodingDirection": "k",
    "SliceTiming": [
      0.0,
      0.0541,
      0.1081,
      0.1622,
      0.2162,
      0.2703,
      0.3243,
      0.3784,
      0.4324,
      0.4865,
      0.5405,
      0.5946,
      0.6486,
      0.7027,
      0.7568,
      0.8108,
      0.8649,
      0.9189,
      0.973,
      1.027,
      1.0811,
      1.1351,
      1.1892,
      1.2432,
      1.2973,
      1.3514,
      1.4054,
      1.4595,
      1.5135,
      1.5676,
      1.6216,
      1.6757,
      1.7297,
      1.7838,
      1.8378,
      1.8919,
      1.9459
    ],
    "TaskName": "emomatching",
    "TotalReadoutTime": 0.025822520692561732,
    "UsePhilipsFloatNotDisplayScaling": 1,
    "acq_id": "seq",
    "dataset": "unknown",
    "modality": "bold",
    "subject_id": "0206",
    "task_id": "emomatching"
  },
  "dummy_trs": 2,
  "dvars_nstd": 19.89543043409091,
  "dvars_std": 1.2052791662878783,
  "dvars_vstd": 1.0102032129545453,
  "efc": 0.4007528982137123,
  "fber": 190149680.0,
  "fd_mean": 0.09826002092457875,
  "fd_num": 5,
  "fd_perc": 3.7593984962406015,
  "fwhm_avg": 2.3360532425887324,
  "fwhm_x": 2.3028666666666666,
  "fwhm_y": 2.57399,
  "fwhm_z": 2.13130306109953,
  "gcor": 0.00971112,
  "gsr_x": 0.001471925526857376,
  "gsr_y": 0.0006082319305278361,
  "provenance": {
    "md5sum": "8e15b691f3646e58360f590d90c9fb8b",
    "settings": {
      "fd_thres": 0.2,
      "hmc_fsl": false
    },
    "software": "mriqc",
    "version": "0.15.0",
    "webapi_port": null,
    "webapi_url": "https://mriqc.nimh.nih.gov/api/v1"
  },
  "size_t": 133,
  "size_x": 80,
  "size_y": 80,
  "size_z": 37,
  "snr": 4.474981472917438,
  "spacing_tr": 2.0,
  "spacing_x": 3.0,
  "spacing_y": 3.0,
  "spacing_z": 3.299999952316284,
  "spikes_num": 0,
  "summary_bg_k": 87.06415997285156,
  "summary_bg_mad": 2.461029291152954,
  "summary_bg_mean": 202.64010620117188,
  "summary_bg_median": 1.6869055032730103,
  "summary_bg_n": 154505.0,
  "summary_bg_p05": 0.006564070098102092,
  "summary_bg_p95": 752.2673950195289,
  "summary_bg_stdv": 1115.0908203125,
  "summary_fg_k": 2.947948624402641,
  "summary_fg_mad": 4663.57470703125,
  "summary_fg_mean": 25005.208984375,
  "summary_fg_median": 24716.544921875,
  "summary_fg_n": 41475.0,
  "summary_fg_p05": 17587.2517578125,
  "summary_fg_p95": 33412.331640625,
  "summary_fg_stdv": 5523.20654296875,
  "tsnr": 73.14205169677734
}