{
  "aor": 0.0075336875,
  "aqi": 0.0189828474375,
  "bids_meta": {
    "AcquisitionNumber": 8,
    "BidsifyVersion": "0.3.5",
    "ConversionSoftware": "dcm2niix",
    "ConversionSoftwareVersion": "v1.0.20181125  GCC6.3.0",
    "EchoTime": 0.02762,
    "EffectiveEchoSpacing": 0.0006621159151938905,
    "ImageComments": "Piop",
    "ImageOrientationPatientDICOM": [
      0.99931,
      0.0289845,
      -0.0232091,
      -0.0282624,
      0.999124,
      0.0308581
    ],
    "Manufacturer": "Philips",
    "NumberOfVolumesDiscardedByScanner": 2,
    "ParallelAcquisitionTechnique": "SENSE",
    "ParallelReductionFactorInPlane": 2,
    "PatientPosition": "HFS",
    "PhaseEncodingDirection": "j",
    "PhilipsRescaleIntercept": 0,
    "PhilipsRescaleSlope": 0.76239,
    "PhilipsScaleSlope": 0.0520262,
    "ProtocolName": "WIPpiopwmSENSE",
    "PulseSequenceType": "gradient echo EPI",
    "ReconMatrixPE": 80,
    "RepetitionTime": 2,
    "SeriesDescription": "ImageMRSERIES",
    "SeriesNumber": 8,
    "SliceEncodingDirection": "k",
    "SliceTiming": [
      0.0,
      0.0541,
      0.1081,
      0.1622,
      0.2162,
      0.2703,
      0.3243,
      0.3784,
      0.4324,
      0.4865,
      0.5405,
      0.5946,
      0.6486,
      0.7027,
      0.7568,
      0.8108,
      0.8649,
      0.9189,
      0.973,
      1.027,
      1.0811,
      1.1351,
      1.1892,
      1.2432,
      1.2973,
      1.3514,
      1.4054,
      1.4595,
      1.5135,
      1.5676,
      1.6216,
      1.6757,
      1.7297,
      1.7838,
      1.8378,
      1.8919,
      1.9459
    ],
    "TaskName": "workingmemory",
    "TotalReadoutTime": 0.025822520692561732,
    "UsePhilipsFloatNotDisplayScaling": 1,
    "acq_id": "seq",
    "dataset": "unknown",
    "modality": "bold",
    "subject_id": "0206",
    "task_id": "workingmemory"
  },
  "dummy_trs": 2,
  "dvars_nstd": 22.874701602264146,
  "dvars_std": 1.0389105151572324,
  "dvars_vstd": 0.9351574311320752,
  "efc": 0.4005773108774331,
  "fber": 114238736.0,
  "fd_mean": 0.15781370041267362,
  "fd_num": 33,
  "fd_perc": 20.625,
  "fwhm_avg": 2.386175162013013,
  "fwhm_x": 2.34373,
  "fwhm_y": 2.63525,
  "fwhm_z": 2.1795454860390384,
  "gcor": 0.00506849,
  "gsr_x": 0.0014358620392158628,
  "gsr_y": 0.0017528579337522388,
  "provenance": {
    "md5sum": "d34052c6905d34a9011ccfc2e39bf366",
    "settings": {
      "fd_thres": 0.2,
      "hmc_fsl": false
    },
    "software": "mriqc",
    "version": "0.15.0",
    "webapi_port": null,
    "webapi_url": "https://mriqc.nimh.nih.gov/api/v1"
  },
  "size_t": 160,
  "size_x": 80,
  "size_y": 80,
  "size_z": 37,
  "snr": 4.487918106503397,
  "spacing_tr": 2.0,
  "spacing_x": 3.0,
  "spacing_y": 3.0,
  "spacing_z": 3.299999952316284,
  "spikes_num": 1,
  "summary_bg_k": 85.63836123960573,
  "summary_bg_mad": 3.104248523712158,
  "summary_bg_mean": 198.7263946533203,
  "summary_bg_median": 2.1521270275115967,
  "summary_bg_n": 154458.0,
  "summary_bg_p05": 0.019906212296336892,
  "summary_bg_p95": 737.0640106201157,
  "summary_bg_stdv": 1078.232177734375,
  "summary_fg_k": 3.0898172733473537,
  "summary_fg_mad": 4556.736328125,
  "summary_fg_mean": 24722.91015625,
  "summary_fg_median": 24399.1015625,
  "summary_fg_n": 41534.0,
  "summary_fg_p05": 17494.74443359375,
  "summary_fg_p95": 33008.4583984375,
  "summary_fg_stdv": 5436.5537109375,
  "tsnr": 42.64348220825195
}