{
  "aor": 0.0056352500000000005,
  "aqi": 0.0042228498,
  "bids_meta": {
    "AcquisitionNumber": 9,
    "BidsifyVersion": "0.3.5",
    "ConversionSoftware": "dcm2niix",
    "ConversionSoftwareVersion": "v1.0.20181125  GCC6.3.0",
    "EchoTime": 0.02762,
    "ImageComments": "PIOP",
    "ImageOrientationPatientDICOM": [
      0.997605,
      0.0440424,
      -0.0533326,
      -0.0536791,
      0.97925,
      -0.195416
    ],
    "Manufacturer": "Philips",
    "NumberOfVolumesDiscardedByScanner": 2,
    "ParallelAcquisitionTechnique": "SENSE",
    "ParallelReductionFactorInPlane": 2,
    "PatientPosition": "HFS",
    "PhaseEncodingDirection": "j",
    "PhilipsRescaleIntercept": 0,
    "PhilipsRescaleSlope": 0.82613,
    "PhilipsScaleSlope": 0.0567986,
    "ProtocolName": "WIPpiopanticipatieSENSE",
    "PulseSequenceType": "gradient echo EPI",
    "ReconMatrixPE": 80,
    "RepetitionTime": 2,
    "SeriesDescription": "ImageMRSERIES",
    "SeriesNumber": 9,
    "SliceEncodingDirection": "k",
    "TaskName": "anticipation",
    "UsePhilipsFloatNotDisplayScaling": 1,
    "acq_id": "seq",
    "dataset": "unknown",
    "modality": "bold",
    "subject_id": "0069",
    "task_id": "anticipation"
  },
  "dummy_trs": 0,
  "dvars_nstd": 23.603391714271364,
  "dvars_std": 1.2701942105025124,
  "dvars_vstd": 1.032149547537688,
  "efc": 0.3953774364457004,
  "fber": 269429344.0,
  "fd_mean": 0.10623444432527733,
  "fd_num": 8,
  "fd_perc": 4.0,
  "fwhm_avg": 2.364082434631023,
  "fwhm_x": 2.3185866666666666,
  "fwhm_y": 2.6168,
  "fwhm_z": 2.1568606372264028,
  "gcor": 0.00906207,
  "gsr_x": -0.008582803420722485,
  "gsr_y": 0.006065300665795803,
  "provenance": {
    "md5sum": "1f6419f8e47b68ccbee259d59f0b2e8c",
    "settings": {
      "fd_thres": 0.2,
      "hmc_fsl": false
    },
    "software": "mriqc",
    "version": "0.15.0",
    "webapi_port": null,
    "webapi_url": "https://mriqc.nimh.nih.gov/api/v1"
  },
  "size_t": 200,
  "size_x": 80,
  "size_y": 80,
  "size_z": 37,
  "snr": 4.10222607771394,
  "spacing_tr": 2.0,
  "spacing_x": 3.0,
  "spacing_y": 3.0,
  "spacing_z": 3.299999952316284,
  "spikes_num": 14,
  "summary_bg_k": 112.52326092887529,
  "summary_bg_mad": 1.8309680223464966,
  "summary_bg_mean": 181.4854736328125,
  "summary_bg_median": 1.257359266281128,
  "summary_bg_n": 154977.0,
  "summary_bg_p05": 0.008631981536746025,
  "summary_bg_p95": 711.2876831054673,
  "summary_bg_stdv": 1041.3612060546875,
  "summary_fg_k": 1.6676206950136097,
  "summary_fg_mad": 4798.33935546875,
  "summary_fg_mean": 23378.751953125,
  "summary_fg_median": 22986.322265625,
  "summary_fg_n": 40810.0,
  "summary_fg_p05": 15190.74853515625,
  "summary_fg_p95": 32551.073144531245,
  "summary_fg_stdv": 5603.30908203125,
  "tsnr": 64.85618591308594
}