{
  "aor": 0.0028965648854961832,
  "aqi": 0.002388713358778626,
  "bids_meta": {
    "AcquisitionNumber": 5,
    "BidsifyVersion": "0.3.5",
    "ConversionSoftware": "dcm2niix",
    "ConversionSoftwareVersion": "v1.0.20181125  GCC6.3.0",
    "EchoTime": 0.02762,
    "ImageComments": "PIOP",
    "ImageOrientationPatientDICOM": [
      0.997605,
      0.0440424,
      -0.0533326,
      -0.0536791,
      0.97925,
      -0.195416
    ],
    "Manufacturer": "Philips",
    "NumberOfVolumesDiscardedByScanner": 2,
    "ParallelAcquisitionTechnique": "SENSE",
    "ParallelReductionFactorInPlane": 2,
    "PatientPosition": "HFS",
    "PhaseEncodingDirection": "j",
    "PhilipsRescaleIntercept": 0,
    "PhilipsRescaleSlope": 0.80317,
    "PhilipsScaleSlope": 0.0559011,
    "ProtocolName": "WIPpiopharririSENSE",
    "PulseSequenceType": "gradient echo EPI",
    "ReconMatrixPE": 80,
    "RepetitionTime": 2,
    "SeriesDescription": "ImageMRSERIES",
    "SeriesNumber": 5,
    "SliceEncodingDirection": "k",
    "TaskName": "emomatching",
    "UsePhilipsFloatNotDisplayScaling": 1,
    "acq_id": "seq",
    "dataset": "unknown",
    "modality": "bold",
    "subject_id": "0069",
    "task_id": "emomatching"
  },
  "dummy_trs": 4,
  "dvars_nstd": 21.784835272307685,
  "dvars_std": 1.2280084940769231,
  "dvars_vstd": 1.0269890877692305,
  "efc": 0.3948091999863863,
  "fber": 583880192.0,
  "fd_mean": 0.11458776304177798,
  "fd_num": 9,
  "fd_perc": 6.870229007633588,
  "fwhm_avg": 2.3581060709628265,
  "fwhm_x": 2.3162166666666666,
  "fwhm_y": 2.60785,
  "fwhm_z": 2.1502515462218135,
  "gcor": 0.0147047,
  "gsr_x": -0.008570869453251362,
  "gsr_y": 0.005974314175546169,
  "provenance": {
    "md5sum": "50009c6bf66c2ac49eabdbd2f1938eed",
    "settings": {
      "fd_thres": 0.2,
      "hmc_fsl": false
    },
    "software": "mriqc",
    "version": "0.15.0",
    "webapi_port": null,
    "webapi_url": "https://mriqc.nimh.nih.gov/api/v1"
  },
  "size_t": 131,
  "size_x": 80,
  "size_y": 80,
  "size_z": 37,
  "snr": 4.109468638555876,
  "spacing_tr": 2.0,
  "spacing_x": 3.0,
  "spacing_y": 3.0,
  "spacing_z": 3.299999952316284,
  "spikes_num": 1,
  "summary_bg_k": 114.84851315667379,
  "summary_bg_mad": 1.2873810529708862,
  "summary_bg_mean": 174.8524169921875,
  "summary_bg_median": 0.881066083908081,
  "summary_bg_n": 154998.0,
  "summary_bg_p05": 0.004107624595053494,
  "summary_bg_p95": 729.2535858154238,
  "summary_bg_stdv": 1022.6622924804688,
  "summary_fg_k": 1.5924714503624573,
  "summary_fg_mad": 4862.2373046875,
  "summary_fg_mean": 23544.216796875,
  "summary_fg_median": 23128.5234375,
  "summary_fg_n": 40799.0,
  "summary_fg_p05": 15298.19990234375,
  "summary_fg_p95": 32814.094140625,
  "summary_fg_stdv": 5628.03662109375,
  "tsnr": 80.85009002685547
}