{
  "aor": 0.0009610245901639344,
  "aqi": 0.005077888729508198,
  "bids_meta": {
    "AcquisitionNumber": 3,
    "BidsifyVersion": "0.3.5",
    "ConversionSoftware": "dcm2niix",
    "ConversionSoftwareVersion": "v1.0.20181125  GCC6.3.0",
    "EchoTime": 0.02762,
    "ImageComments": "PIOP",
    "ImageOrientationPatientDICOM": [
      0.997605,
      0.0440424,
      -0.0533326,
      -0.0536791,
      0.97925,
      -0.195416
    ],
    "Manufacturer": "Philips",
    "NumberOfVolumesDiscardedByScanner": 2,
    "ParallelAcquisitionTechnique": "SENSE",
    "ParallelReductionFactorInPlane": 2,
    "PatientPosition": "HFS",
    "PhaseEncodingDirection": "j",
    "PhilipsRescaleIntercept": 0,
    "PhilipsRescaleSlope": 0.75018,
    "PhilipsScaleSlope": 0.0574879,
    "ProtocolName": "WIPpiopgstroopSENSE",
    "PulseSequenceType": "gradient echo EPI",
    "ReconMatrixPE": 80,
    "RepetitionTime": 2,
    "SeriesDescription": "ImageMRSERIES",
    "SeriesNumber": 3,
    "SliceEncodingDirection": "k",
    "TaskName": "gstroop",
    "UsePhilipsFloatNotDisplayScaling": 1,
    "acq_id": "seq",
    "dataset": "unknown",
    "modality": "bold",
    "subject_id": "0069",
    "task_id": "gstroop"
  },
  "dummy_trs": 1,
  "dvars_nstd": 20.357901349382715,
  "dvars_std": 1.0724041232098764,
  "dvars_vstd": 0.9499690312757207,
  "efc": 0.3960679475312482,
  "fber": 122595432.0,
  "fd_mean": 0.11849340067551435,
  "fd_num": 18,
  "fd_perc": 7.377049180327869,
  "fwhm_avg": 2.3479378891135565,
  "fwhm_x": 2.30285,
  "fwhm_y": 2.597166666666667,
  "fwhm_z": 2.1437970006740024,
  "gcor": 0.0081246,
  "gsr_x": -0.008546835742890835,
  "gsr_y": 0.005775471683591604,
  "provenance": {
    "md5sum": "3c12f700fe387d1ee8c5db17e2cb117d",
    "settings": {
      "fd_thres": 0.2,
      "hmc_fsl": false
    },
    "software": "mriqc",
    "version": "0.15.0",
    "webapi_port": null,
    "webapi_url": "https://mriqc.nimh.nih.gov/api/v1"
  },
  "size_t": 244,
  "size_x": 80,
  "size_y": 80,
  "size_z": 37,
  "snr": 4.211037417936046,
  "spacing_tr": 2.0,
  "spacing_x": 3.0,
  "spacing_y": 3.0,
  "spacing_z": 3.299999952316284,
  "spikes_num": 0,
  "summary_bg_k": 114.78300086857429,
  "summary_bg_mad": 2.8179001808166504,
  "summary_bg_mean": 182.52603149414062,
  "summary_bg_median": 1.9186317920684814,
  "summary_bg_n": 154929.0,
  "summary_bg_p05": 0.007597563695162534,
  "summary_bg_p95": 719.8218627929697,
  "summary_bg_stdv": 1032.6441650390625,
  "summary_fg_k": 1.757556116796688,
  "summary_fg_mad": 4742.56640625,
  "summary_fg_mean": 23681.740234375,
  "summary_fg_median": 23296.82421875,
  "summary_fg_n": 40767.0,
  "summary_fg_p05": 15597.2263671875,
  "summary_fg_p95": 32713.701367187503,
  "summary_fg_stdv": 5532.25634765625,
  "tsnr": 63.6428108215332
}