{
    "Manufacturer": "Philips",
    "PatientPosition": "HFS",
    "SeriesDescription": "ImageMRSERIES",
    "ProtocolName": "WIPdti32v2SENSE",
    "SeriesNumber": 7,
    "AcquisitionNumber": 7,
    "ImageComments": "PIOP",
    "PhilipsRescaleSlope": 5.38095,
    "PhilipsRescaleIntercept": 0,
    "PhilipsScaleSlope": 0.0266479,
    "UsePhilipsFloatNotDisplayScaling": 1,
    "EchoTime": 0.08599,
    "RepetitionTime": 7.39091,
    "ReconMatrixPE": 112,
    "ImageOrientationPatientDICOM": [
        0.999773,
        0.0182027,
        -0.0110857,
        -0.0204186,
        0.967142,
        -0.253416
    ],
    "ConversionSoftware": "dcm2niix",
    "ConversionSoftwareVersion": "v1.0.20181125  GCC6.3.0",
    "BidsifyVersion": "0.3.5",
    "FlipAngle": 90,
    "WaterFatShift": 18.924,
    "ParallelAcquisitionTechnique": "SENSE",
    "ParallelReductionFactorInPlane": 2,
    "PhaseEncodingDirection": "j"
}