{
  "aor": 0.0004265899581589958,
  "aqi": 0.016731041841004185,
  "bids_meta": {
    "AcquisitionNumber": 6,
    "BidsifyVersion": "0.3.5",
    "ConversionSoftware": "dcm2niix",
    "ConversionSoftwareVersion": "v1.0.20181125  GCC6.3.0",
    "EchoTime": 0.02762,
    "EffectiveEchoSpacing": 0.0006333282667071997,
    "ImageComments": "PIOP",
    "ImageOrientationPatientDICOM": [
      0.999371,
      0.0350804,
      -0.00518931,
      -0.0350734,
      0.956171,
      -0.290699
    ],
    "Manufacturer": "Philips",
    "NumberOfVolumesDiscardedByScanner": 2,
    "ParallelAcquisitionTechnique": "SENSE",
    "ParallelReductionFactorInPlane": 2,
    "PatientPosition": "HFS",
    "PhaseEncodingDirection": "j",
    "PhilipsRescaleIntercept": 0,
    "PhilipsRescaleSlope": 0.7685,
    "PhilipsScaleSlope": 0.0870976,
    "ProtocolName": "WIPpioprsSENSE",
    "PulseSequenceType": "gradient echo EPI",
    "ReconMatrixPE": 80,
    "RepetitionTime": 0.75,
    "SeriesDescription": "ImageMRSERIES",
    "SeriesNumber": 6,
    "SliceEncodingDirection": "k",
    "SliceTiming": [
      0.0,
      0.06755050505050506,
      0.1351010101010101,
      0.20265151515151517,
      0.2702020202020202,
      0.3377525252525253,
      0.40530303030303033,
      0.47285353535353536,
      0.5404040404040404,
      0.6079545454545455,
      0.6755050505050506,
      0.7430555555555556,
      0.0,
      0.06755050505050506,
      0.1351010101010101,
      0.20265151515151517,
      0.2702020202020202,
      0.3377525252525253,
      0.40530303030303033,
      0.47285353535353536,
      0.5404040404040404,
      0.6079545454545455,
      0.6755050505050506,
      0.7430555555555556,
      0.0,
      0.06755050505050506,
      0.1351010101010101,
      0.20265151515151517,
      0.2702020202020202,
      0.3377525252525253,
      0.40530303030303033,
      0.47285353535353536,
      0.5404040404040404,
      0.6079545454545455,
      0.6755050505050506,
      0.7430555555555556
    ],
    "TaskName": "restingstate",
    "TotalReadoutTime": 0.024699802401580786,
    "UsePhilipsFloatNotDisplayScaling": 1,
    "acq_id": "mb3",
    "dataset": "unknown",
    "modality": "bold",
    "subject_id": "0020",
    "task_id": "restingstate"
  },
  "dummy_trs": 2,
  "dvars_nstd": 33.900953636897256,
  "dvars_std": 1.1712699379454934,
  "dvars_vstd": 0.9858478224318662,
  "efc": 0.42119601341577123,
  "fber": 94242720.0,
  "fd_mean": 0.11103614092382268,
  "fd_num": 17,
  "fd_perc": 3.5564853556485354,
  "fwhm_avg": 2.361441626957811,
  "fwhm_x": 2.26676,
  "fwhm_y": 2.57608,
  "fwhm_z": 2.2414848808734327,
  "gcor": 0.00689448,
  "gsr_x": -0.0021111122332513332,
  "gsr_y": 0.002436057897284627,
  "provenance": {
    "md5sum": "6538b6bdef2c5f5275de939ae8a09787",
    "settings": {
      "fd_thres": 0.2,
      "hmc_fsl": false
    },
    "software": "mriqc",
    "version": "0.15.0",
    "webapi_port": null,
    "webapi_url": "https://mriqc.nimh.nih.gov/api/v1"
  },
  "size_t": 478,
  "size_x": 80,
  "size_y": 80,
  "size_z": 36,
  "snr": 5.628523187977942,
  "spacing_tr": 0.75,
  "spacing_x": 3.0,
  "spacing_y": 3.0,
  "spacing_z": 3.299999952316284,
  "spikes_num": 0,
  "summary_bg_k": 83.68276289646388,
  "summary_bg_mad": 2.383190631866455,
  "summary_bg_mean": 159.83966064453125,
  "summary_bg_median": 1.621189832687378,
  "summary_bg_n": 146123.0,
  "summary_bg_p05": 0.0036785932956263424,
  "summary_bg_p95": 685.3872680664058,
  "summary_bg_stdv": 861.163818359375,
  "summary_fg_k": 3.1979521833181206,
  "summary_fg_mad": 2537.376708984375,
  "summary_fg_mean": 17908.919921875,
  "summary_fg_median": 17975.1796875,
  "summary_fg_n": 43249.0,
  "summary_fg_p05": 12863.1802734375,
  "summary_fg_p95": 22726.83125,
  "summary_fg_stdv": 3193.55029296875,
  "tsnr": 40.3690299987793
}