{
  "bids_meta": {
    "AcquisitionNumber": 4,
    "BidsifyVersion": "0.3.5",
    "ConversionSoftware": "dcm2niix",
    "ConversionSoftwareVersion": "v1.0.20181125  GCC6.3.0",
    "EchoTime": 0.00375,
    "ImageComments": "PIOP",
    "ImageOrientationPatientDICOM": [
      0.997414,
      0.0692565,
      -0.0192007,
      -0.0686965,
      0.997232,
      0.0284358
    ],
    "Manufacturer": "Philips",
    "PatientPosition": "HFS",
    "PhilipsRescaleIntercept": 0,
    "PhilipsRescaleSlope": 9.75507,
    "PhilipsScaleSlope": 0.00760681,
    "ProtocolName": "WIPt13dSENSE",
    "ReconMatrixPE": 240,
    "RepetitionTime": 0.008161,
    "SeriesDescription": "ImageMRSERIES",
    "SeriesNumber": 4,
    "UsePhilipsFloatNotDisplayScaling": 1,
    "dataset": "unknown",
    "modality": "T1w",
    "subject_id": "0053"
  },
  "cjv": 0.3283328315070689,
  "cnr": 3.8022167113482563,
  "efc": 0.7706247494956484,
  "fber": 471.06158447265625,
  "fwhm_avg": 3.6296966666666663,
  "fwhm_x": 3.5597,
  "fwhm_y": 3.74057,
  "fwhm_z": 3.58882,
  "icvs_csf": 0.22197709496824186,
  "icvs_gm": 0.4299923376011449,
  "icvs_wm": 0.3480305674306132,
  "inu_med": 0.6356740593910217,
  "inu_range": 0.22498466968536368,
  "provenance": {
    "md5sum": "1cef57d09fa756818148e9df1c4425c5",
    "settings": {
      "testing": false
    },
    "software": "mriqc",
    "version": "0.15.0",
    "warnings": {
      "large_rot_frame": true,
      "small_air_mask": true
    },
    "webapi_port": null,
    "webapi_url": "https://mriqc.nimh.nih.gov/api/v1"
  },
  "qi_1": 0.0,
  "qi_2": 0.0004187823647787282,
  "rpve_csf": 28.744346939102233,
  "rpve_gm": 15.57945915368005,
  "rpve_wm": 24.261196040396577,
  "size_x": 240,
  "size_y": 240,
  "size_z": 220,
  "snr_csf": 2.9765396209341874,
  "snr_gm": 7.4618265796505465,
  "snr_total": 9.501068895456596,
  "snr_wm": 18.06484048578505,
  "snrd_csf": 21.275396148458263,
  "snrd_gm": 34.98957586260206,
  "snrd_total": 37.63693026463162,
  "snrd_wm": 56.64581878283456,
  "spacing_x": 1.0,
  "spacing_y": 1.0,
  "spacing_z": 1.0,
  "summary_bg_k": 391.5387133778643,
  "summary_bg_mad": 11.565534591674805,
  "summary_bg_mean": 16.357057571411133,
  "summary_bg_median": 15.590913772583008,
  "summary_bg_n": 106812.0,
  "summary_bg_p05": 0.0,
  "summary_bg_p95": 39.18089141845703,
  "summary_bg_stdv": 13.915136337280273,
  "summary_csf_k": -0.14714842492165836,
  "summary_csf_mad": 115.01144409179688,
  "summary_csf_mean": 348.4054260253906,
  "summary_csf_median": 375.58795166015625,
  "summary_csf_n": 2920.0,
  "summary_csf_p05": 101.36657409667971,
  "summary_csf_p95": 515.280630493164,
  "summary_csf_stdv": 126.16114044189453,
  "summary_gm_k": 0.5117540397743463,
  "summary_gm_mad": 76.83184814453125,
  "summary_gm_mean": 622.81396484375,
  "summary_gm_median": 617.6929931640625,
  "summary_gm_n": 21472.0,
  "summary_gm_p05": 495.1152389526367,
  "summary_gm_p95": 768.535888671875,
  "summary_gm_stdv": 82.77847290039062,
  "summary_wm_k": 1.312103227851833,
  "summary_wm_mad": 48.69349670410156,
  "summary_wm_mean": 995.603515625,
  "summary_wm_median": 1000.0042724609375,
  "summary_wm_n": 163788.0,
  "summary_wm_p05": 896.1205505371094,
  "summary_wm_p95": 1076.8444458007812,
  "summary_wm_stdv": 55.35621643066406,
  "tpm_overlap_csf": 0.1802799254655838,
  "tpm_overlap_gm": 0.4985502064228058,
  "tpm_overlap_wm": 0.5360924601554871,
  "wm2max": 0.6300704120043742
}