{
  "aor": 0.0005967901234567902,
  "aqi": 0.004413018765432099,
  "bids_meta": {
    "AcquisitionNumber": 8,
    "BidsifyVersion": "0.3.5",
    "ConversionSoftware": "dcm2niix",
    "ConversionSoftwareVersion": "v1.0.20181125  GCC6.3.0",
    "EchoTime": 0.02762,
    "EffectiveEchoSpacing": 0.0006621159151938905,
    "ImageComments": "piop",
    "ImageOrientationPatientDICOM": [
      0.998152,
      0.0588326,
      -0.0151964,
      -0.0600005,
      0.993806,
      -0.0935388
    ],
    "Manufacturer": "Philips",
    "NumberOfVolumesDiscardedByScanner": 2,
    "ParallelAcquisitionTechnique": "SENSE",
    "ParallelReductionFactorInPlane": 2,
    "PatientPosition": "HFS",
    "PhaseEncodingDirection": "j",
    "PhilipsRescaleIntercept": 0,
    "PhilipsRescaleSlope": 0.82442,
    "PhilipsScaleSlope": 0.0573435,
    "ProtocolName": "WIPpiopwmSENSE",
    "PulseSequenceType": "gradient echo EPI",
    "ReconMatrixPE": 80,
    "RepetitionTime": 2,
    "SeriesDescription": "ImageMRSERIES",
    "SeriesNumber": 8,
    "SliceEncodingDirection": "k",
    "SliceTiming": [
      0.0,
      0.0541,
      0.1081,
      0.1622,
      0.2162,
      0.2703,
      0.3243,
      0.3784,
      0.4324,
      0.4865,
      0.5405,
      0.5946,
      0.6486,
      0.7027,
      0.7568,
      0.8108,
      0.8649,
      0.9189,
      0.973,
      1.027,
      1.0811,
      1.1351,
      1.1892,
      1.2432,
      1.2973,
      1.3514,
      1.4054,
      1.4595,
      1.5135,
      1.5676,
      1.6216,
      1.6757,
      1.7297,
      1.7838,
      1.8378,
      1.8919,
      1.9459
    ],
    "TaskName": "workingmemory",
    "TotalReadoutTime": 0.025822520692561732,
    "UsePhilipsFloatNotDisplayScaling": 1,
    "acq_id": "seq",
    "dataset": "unknown",
    "modality": "bold",
    "subject_id": "0058",
    "task_id": "workingmemory"
  },
  "dummy_trs": 0,
  "dvars_nstd": 21.389848851118007,
  "dvars_std": 1.2063268117391304,
  "dvars_vstd": 0.9882372860248447,
  "efc": 0.4297118758066215,
  "fber": 462834400.0,
  "fd_mean": 0.08034759170168619,
  "fd_num": 2,
  "fd_perc": 1.2345679012345678,
  "fwhm_avg": 2.3903598086603375,
  "fwhm_x": 2.34789,
  "fwhm_y": 2.6057166666666665,
  "fwhm_z": 2.217472759314346,
  "gcor": 0.0201096,
  "gsr_x": -0.0023267935030162334,
  "gsr_y": 0.006781478878110647,
  "provenance": {
    "md5sum": "1e7060637d0725c77b5fe485bbc5651c",
    "settings": {
      "fd_thres": 0.2,
      "hmc_fsl": false
    },
    "software": "mriqc",
    "version": "0.15.0",
    "webapi_port": null,
    "webapi_url": "https://mriqc.nimh.nih.gov/api/v1"
  },
  "size_t": 162,
  "size_x": 80,
  "size_y": 80,
  "size_z": 37,
  "snr": 4.647575923151111,
  "spacing_tr": 2.0,
  "spacing_x": 3.0,
  "spacing_y": 3.0,
  "spacing_z": 3.299999952316284,
  "spikes_num": 0,
  "summary_bg_k": 110.61218546215048,
  "summary_bg_mad": 1.4330101013183594,
  "summary_bg_mean": 214.28993225097656,
  "summary_bg_median": 0.9698721766471863,
  "summary_bg_n": 147513.0,
  "summary_bg_p05": 0.0012247287668287754,
  "summary_bg_p95": 1024.234667968748,
  "summary_bg_stdv": 1082.3531494140625,
  "summary_fg_k": 1.7920442685542781,
  "summary_fg_mad": 4490.0693359375,
  "summary_fg_mean": 24184.2578125,
  "summary_fg_median": 23916.109375,
  "summary_fg_n": 47214.0,
  "summary_fg_p05": 16667.35478515625,
  "summary_fg_p95": 32595.5619140625,
  "summary_fg_stdv": 5145.87744140625,
  "tsnr": 72.23799133300781
}