{
  "aor": 0.0014700208333333332,
  "aqi": 0.016699429270833333,
  "bids_meta": {
    "AcquisitionNumber": 6,
    "BidsifyVersion": "0.3.5",
    "ConversionSoftware": "dcm2niix",
    "ConversionSoftwareVersion": "v1.0.20181125  GCC6.3.0",
    "EchoTime": 0.02762,
    "EffectiveEchoSpacing": 0.0006333282667071997,
    "ImageComments": "piop",
    "ImageOrientationPatientDICOM": [
      0.998152,
      0.0588326,
      -0.0151964,
      -0.0600005,
      0.993806,
      -0.0935388
    ],
    "Manufacturer": "Philips",
    "NumberOfVolumesDiscardedByScanner": 2,
    "ParallelAcquisitionTechnique": "SENSE",
    "ParallelReductionFactorInPlane": 2,
    "PatientPosition": "HFS",
    "PhaseEncodingDirection": "j",
    "PhilipsRescaleIntercept": 0,
    "PhilipsRescaleSlope": 0.8022,
    "PhilipsScaleSlope": 0.083706,
    "ProtocolName": "WIPpioprsSENSE",
    "PulseSequenceType": "gradient echo EPI",
    "ReconMatrixPE": 80,
    "RepetitionTime": 0.75,
    "SeriesDescription": "ImageMRSERIES",
    "SeriesNumber": 6,
    "SliceEncodingDirection": "k",
    "SliceTiming": [
      0.0,
      0.06755050505050506,
      0.1351010101010101,
      0.20265151515151517,
      0.2702020202020202,
      0.3377525252525253,
      0.40530303030303033,
      0.47285353535353536,
      0.5404040404040404,
      0.6079545454545455,
      0.6755050505050506,
      0.7430555555555556,
      0.0,
      0.06755050505050506,
      0.1351010101010101,
      0.20265151515151517,
      0.2702020202020202,
      0.3377525252525253,
      0.40530303030303033,
      0.47285353535353536,
      0.5404040404040404,
      0.6079545454545455,
      0.6755050505050506,
      0.7430555555555556,
      0.0,
      0.06755050505050506,
      0.1351010101010101,
      0.20265151515151517,
      0.2702020202020202,
      0.3377525252525253,
      0.40530303030303033,
      0.47285353535353536,
      0.5404040404040404,
      0.6079545454545455,
      0.6755050505050506,
      0.7430555555555556
    ],
    "TaskName": "restingstate",
    "TotalReadoutTime": 0.024699802401580786,
    "UsePhilipsFloatNotDisplayScaling": 1,
    "acq_id": "mb3",
    "dataset": "unknown",
    "modality": "bold",
    "subject_id": "0058",
    "task_id": "restingstate"
  },
  "dummy_trs": 0,
  "dvars_nstd": 31.55183868576204,
  "dvars_std": 1.1209968683507303,
  "dvars_vstd": 1.0155177999373688,
  "efc": 0.43733161734785825,
  "fber": 126057640.0,
  "fd_mean": 0.12310136673369605,
  "fd_num": 69,
  "fd_perc": 14.375,
  "fwhm_avg": 2.515654354698793,
  "fwhm_x": 2.454543333333333,
  "fwhm_y": 2.753716666666667,
  "fwhm_z": 2.3387030640963795,
  "gcor": 0.0438993,
  "gsr_x": -0.003182000946253538,
  "gsr_y": 0.005361318122595549,
  "provenance": {
    "md5sum": "56fe1bc1d90a6aca024fd0abb025d84c",
    "settings": {
      "fd_thres": 0.2,
      "hmc_fsl": false
    },
    "software": "mriqc",
    "version": "0.15.0",
    "webapi_port": null,
    "webapi_url": "https://mriqc.nimh.nih.gov/api/v1"
  },
  "size_t": 480,
  "size_x": 80,
  "size_y": 80,
  "size_z": 36,
  "snr": 5.562699013619496,
  "spacing_tr": 0.75,
  "spacing_x": 3.0,
  "spacing_y": 3.0,
  "spacing_z": 3.299999952316284,
  "spikes_num": 1,
  "summary_bg_k": 76.22644711649262,
  "summary_bg_mad": 2.086634874343872,
  "summary_bg_mean": 163.69784545898438,
  "summary_bg_median": 1.4549565315246582,
  "summary_bg_n": 142470.0,
  "summary_bg_p05": 0.015388941252604128,
  "summary_bg_p95": 827.5648834228491,
  "summary_bg_stdv": 786.2932739257812,
  "summary_fg_k": 2.3654459723311874,
  "summary_fg_mad": 2702.308349609375,
  "summary_fg_mean": 17665.03125,
  "summary_fg_median": 17753.94140625,
  "summary_fg_n": 46490.0,
  "summary_fg_p05": 12440.4751953125,
  "summary_fg_p95": 22479.530957031246,
  "summary_fg_stdv": 3191.5712890625,
  "tsnr": 38.71549987792969
}