{
  "bids_meta": {
    "AcquisitionNumber": 4,
    "BidsifyVersion": "0.3.5",
    "ConversionSoftware": "dcm2niix",
    "ConversionSoftwareVersion": "v1.0.20181125  GCC6.3.0",
    "EchoTime": 0.00374,
    "ImageComments": "piop",
    "ImageOrientationPatientDICOM": [
      0.998652,
      -0.0323184,
      0.0406291,
      0.030686,
      0.998721,
      0.0401778
    ],
    "Manufacturer": "Philips",
    "PatientPosition": "HFS",
    "PhilipsRescaleIntercept": 0,
    "PhilipsRescaleSlope": 8.58364,
    "PhilipsScaleSlope": 0.00750623,
    "ProtocolName": "WIPt13dSENSE",
    "ReconMatrixPE": 240,
    "RepetitionTime": 0.00816,
    "SeriesDescription": "ImageMRSERIES",
    "SeriesNumber": 4,
    "UsePhilipsFloatNotDisplayScaling": 1,
    "dataset": "unknown",
    "modality": "T1w",
    "subject_id": "0068"
  },
  "cjv": 0.33291917074954747,
  "cnr": 3.8145291468436797,
  "efc": 0.7329128046533883,
  "fber": 2094.486083984375,
  "fwhm_avg": 3.4661763897737194,
  "fwhm_x": 3.43029,
  "fwhm_y": 3.6548695643055957,
  "fwhm_z": 3.313369605015563,
  "icvs_csf": 0.20474683480099823,
  "icvs_gm": 0.41118503828400976,
  "icvs_wm": 0.38406812691499204,
  "inu_med": 2.4082863330841064,
  "inu_range": 0.5316092729568482,
  "provenance": {
    "md5sum": "c97db9d10f47c9717dac5dddcfe09754",
    "settings": {
      "testing": false
    },
    "software": "mriqc",
    "version": "0.15.0",
    "warnings": {
      "large_rot_frame": true,
      "small_air_mask": true
    },
    "webapi_port": null,
    "webapi_url": "https://mriqc.nimh.nih.gov/api/v1"
  },
  "qi_1": 0.0016208892096898782,
  "qi_2": 0.00029963490222235586,
  "rpve_csf": 29.624133655197127,
  "rpve_gm": 15.610205888118017,
  "rpve_wm": 21.978343893532276,
  "size_x": 240,
  "size_y": 240,
  "size_z": 220,
  "snr_csf": 1.283169496520081,
  "snr_gm": 7.31588918954306,
  "snr_total": 9.772952806214795,
  "snr_wm": 20.719799732581244,
  "snrd_csf": 20.032858925669032,
  "snrd_gm": 53.99923360849396,
  "snrd_total": 53.49288399469135,
  "snrd_wm": 86.44655944991106,
  "spacing_x": 1.0,
  "spacing_y": 1.0000001192092896,
  "spacing_z": 1.0000001192092896,
  "summary_bg_k": 6.1323619245417085,
  "summary_bg_mad": 7.5782623291015625,
  "summary_bg_mean": 7.805632591247559,
  "summary_bg_median": 5.111460208892822,
  "summary_bg_n": 51579.0,
  "summary_bg_p05": 0.0,
  "summary_bg_p95": 21.353592109680164,
  "summary_bg_stdv": 7.947662353515625,
  "summary_csf_k": 45.35533711081254,
  "summary_csf_mad": 134.6920928955078,
  "summary_csf_mean": 255.9424591064453,
  "summary_csf_median": 231.729248046875,
  "summary_csf_n": 3414.0,
  "summary_csf_p05": 75.86404991149902,
  "summary_csf_p95": 467.5781143188476,
  "summary_csf_stdv": 180.56484985351562,
  "summary_gm_k": 0.1826984616789722,
  "summary_gm_mad": 80.80372619628906,
  "summary_gm_mean": 626.7971801757812,
  "summary_gm_median": 624.6338500976562,
  "summary_gm_n": 16791.0,
  "summary_gm_p05": 489.3572540283203,
  "summary_gm_p95": 774.7308959960938,
  "summary_gm_stdv": 85.37789916992188,
  "summary_wm_k": 0.7973502519904394,
  "summary_wm_mad": 44.15184783935547,
  "summary_wm_mean": 998.2734375,
  "summary_wm_median": 999.9669189453125,
  "summary_wm_n": 196449.0,
  "summary_wm_p05": 916.2290405273438,
  "summary_wm_p95": 1074.2533935546876,
  "summary_wm_stdv": 48.261295318603516,
  "tpm_overlap_csf": 0.2159871757030487,
  "tpm_overlap_gm": 0.506049394607544,
  "tpm_overlap_wm": 0.5669835805892944,
  "wm2max": 0.723442935713593
}