{
  "aor": 0.0005899259259259258,
  "aqi": 0.0029899573333333333,
  "bids_meta": {
    "AcquisitionNumber": 5,
    "BidsifyVersion": "0.3.5",
    "ConversionSoftware": "dcm2niix",
    "ConversionSoftwareVersion": "v1.0.20181125  GCC6.3.0",
    "EchoTime": 0.02762,
    "ImageComments": "piop",
    "ImageOrientationPatientDICOM": [
      0.999913,
      -0.0079154,
      -0.0105109,
      0.00488654,
      0.965081,
      -0.261907
    ],
    "Manufacturer": "Philips",
    "NumberOfVolumesDiscardedByScanner": 2,
    "ParallelAcquisitionTechnique": "SENSE",
    "ParallelReductionFactorInPlane": 2,
    "PatientPosition": "HFS",
    "PhaseEncodingDirection": "j",
    "PhilipsRescaleIntercept": 0,
    "PhilipsRescaleSlope": 0.81978,
    "PhilipsScaleSlope": 0.058393,
    "ProtocolName": "WIPpiopharririSENSE",
    "PulseSequenceType": "gradient echo EPI",
    "ReconMatrixPE": 80,
    "RepetitionTime": 2,
    "SeriesDescription": "ImageMRSERIES",
    "SeriesNumber": 5,
    "SliceEncodingDirection": "k",
    "TaskName": "emomatching",
    "UsePhilipsFloatNotDisplayScaling": 1,
    "acq_id": "seq",
    "dataset": "unknown",
    "modality": "bold",
    "subject_id": "0195",
    "task_id": "emomatching"
  },
  "dummy_trs": 0,
  "dvars_nstd": 17.27465104350746,
  "dvars_std": 1.1935638077611945,
  "dvars_vstd": 1.002227303208956,
  "efc": 0.38235693205716076,
  "fber": 1556233600.0,
  "fd_mean": 0.07639824076651215,
  "fd_num": 0,
  "fd_perc": 0.0,
  "fwhm_avg": 2.4607883947641285,
  "fwhm_x": 2.398683333333333,
  "fwhm_y": 2.7152999999999996,
  "fwhm_z": 2.268381850959053,
  "gcor": 0.0154819,
  "gsr_x": -0.008546349592506886,
  "gsr_y": 0.004640500992536545,
  "provenance": {
    "md5sum": "81d494d477dcb6add0a0b66c0443b932",
    "settings": {
      "fd_thres": 0.2,
      "hmc_fsl": false
    },
    "software": "mriqc",
    "version": "0.15.0",
    "webapi_port": null,
    "webapi_url": "https://mriqc.nimh.nih.gov/api/v1"
  },
  "size_t": 135,
  "size_x": 80,
  "size_y": 80,
  "size_z": 37,
  "snr": 5.2621605918468894,
  "spacing_tr": 2.0,
  "spacing_x": 3.0,
  "spacing_y": 3.0,
  "spacing_z": 3.299999952316284,
  "spikes_num": 1,
  "summary_bg_k": 114.97494406187258,
  "summary_bg_mad": 0.9380784630775452,
  "summary_bg_mean": 163.46669006347656,
  "summary_bg_median": 0.6390133500099182,
  "summary_bg_n": 158163.0,
  "summary_bg_p05": 0.0012423825100995602,
  "summary_bg_p95": 683.0600769042968,
  "summary_bg_stdv": 943.2874755859375,
  "summary_fg_k": 2.70000193944969,
  "summary_fg_mad": 4393.138671875,
  "summary_fg_mean": 26784.87109375,
  "summary_fg_median": 26809.18359375,
  "summary_fg_n": 37907.0,
  "summary_fg_p05": 18987.75703125,
  "summary_fg_p95": 34422.053515625,
  "summary_fg_stdv": 5094.64306640625,
  "tsnr": 92.2083740234375
}