{
  "aor": 0.00047725,
  "aqi": 0.0039004034,
  "bids_meta": {
    "AcquisitionNumber": 9,
    "BidsifyVersion": "0.3.5",
    "ConversionSoftware": "dcm2niix",
    "ConversionSoftwareVersion": "v1.0.20181125  GCC6.3.0",
    "EchoTime": 0.02762,
    "ImageComments": "piop",
    "ImageOrientationPatientDICOM": [
      0.999913,
      -0.0079154,
      -0.0105109,
      0.00488654,
      0.965081,
      -0.261907
    ],
    "Manufacturer": "Philips",
    "NumberOfVolumesDiscardedByScanner": 2,
    "ParallelAcquisitionTechnique": "SENSE",
    "ParallelReductionFactorInPlane": 2,
    "PatientPosition": "HFS",
    "PhaseEncodingDirection": "j",
    "PhilipsRescaleIntercept": 0,
    "PhilipsRescaleSlope": 0.82882,
    "PhilipsScaleSlope": 0.0586668,
    "ProtocolName": "WIPpiopanticipatieSENSE",
    "PulseSequenceType": "gradient echo EPI",
    "ReconMatrixPE": 80,
    "RepetitionTime": 2,
    "SeriesDescription": "ImageMRSERIES",
    "SeriesNumber": 9,
    "SliceEncodingDirection": "k",
    "TaskName": "anticipation",
    "UsePhilipsFloatNotDisplayScaling": 1,
    "acq_id": "seq",
    "dataset": "unknown",
    "modality": "bold",
    "subject_id": "0195",
    "task_id": "anticipation"
  },
  "dummy_trs": 0,
  "dvars_nstd": 17.787225905628148,
  "dvars_std": 1.1606981978391961,
  "dvars_vstd": 1.097711325326633,
  "efc": 0.3832485719294278,
  "fber": 1213796736.0,
  "fd_mean": 0.0813363536333165,
  "fd_num": 1,
  "fd_perc": 0.5,
  "fwhm_avg": 2.4393413239442485,
  "fwhm_x": 2.3833699999999998,
  "fwhm_y": 2.689693333333333,
  "fwhm_z": 2.2449606384994136,
  "gcor": 0.0154428,
  "gsr_x": -0.008919298648834229,
  "gsr_y": 0.004938231781125069,
  "provenance": {
    "md5sum": "3477117e6baefc6aff0bb67a0af3e794",
    "settings": {
      "fd_thres": 0.2,
      "hmc_fsl": false
    },
    "software": "mriqc",
    "version": "0.15.0",
    "webapi_port": null,
    "webapi_url": "https://mriqc.nimh.nih.gov/api/v1"
  },
  "size_t": 200,
  "size_x": 80,
  "size_y": 80,
  "size_z": 37,
  "snr": 5.336319572378372,
  "spacing_tr": 2.0,
  "spacing_x": 3.0,
  "spacing_y": 3.0,
  "spacing_z": 3.299999952316284,
  "spikes_num": 2,
  "summary_bg_k": 107.9505043403838,
  "summary_bg_mad": 1.0141289234161377,
  "summary_bg_mean": 177.32212829589844,
  "summary_bg_median": 0.6851048469543457,
  "summary_bg_n": 158482.0,
  "summary_bg_p05": 0.00037578997435048226,
  "summary_bg_p95": 770.9975402831898,
  "summary_bg_stdv": 964.6947021484375,
  "summary_fg_k": 2.8322673796045734,
  "summary_fg_mad": 4306.1181640625,
  "summary_fg_mean": 26585.255859375,
  "summary_fg_median": 26603.849609375,
  "summary_fg_n": 37710.0,
  "summary_fg_p05": 19066.19833984375,
  "summary_fg_p95": 34093.352148437494,
  "summary_fg_stdv": 4985.3642578125,
  "tsnr": 82.37930297851562
}