{
  "aor": 0.0021270370370370367,
  "aqi": 0.0036660707407407405,
  "bids_meta": {
    "AcquisitionNumber": 8,
    "BidsifyVersion": "0.3.5",
    "ConversionSoftware": "dcm2niix",
    "ConversionSoftwareVersion": "v1.0.20181125  GCC6.3.0",
    "EchoTime": 0.02762,
    "ImageComments": "piop",
    "ImageOrientationPatientDICOM": [
      0.993027,
      -0.103143,
      0.0570932,
      0.117181,
      0.916632,
      -0.382171
    ],
    "Manufacturer": "Philips",
    "NumberOfVolumesDiscardedByScanner": 2,
    "ParallelAcquisitionTechnique": "SENSE",
    "ParallelReductionFactorInPlane": 2,
    "PatientPosition": "HFS",
    "PhaseEncodingDirection": "j",
    "PhilipsRescaleIntercept": 0,
    "PhilipsRescaleSlope": 0.76703,
    "PhilipsScaleSlope": 0.0614138,
    "ProtocolName": "WIPpiopwmSENSE",
    "PulseSequenceType": "gradient echo EPI",
    "ReconMatrixPE": 80,
    "RepetitionTime": 2,
    "SeriesDescription": "ImageMRSERIES",
    "SeriesNumber": 8,
    "SliceEncodingDirection": "k",
    "TaskName": "workingmemory",
    "UsePhilipsFloatNotDisplayScaling": 1,
    "acq_id": "seq",
    "dataset": "unknown",
    "modality": "bold",
    "subject_id": "0115",
    "task_id": "workingmemory"
  },
  "dummy_trs": 0,
  "dvars_nstd": 23.885888757204963,
  "dvars_std": 1.3412919411801252,
  "dvars_vstd": 1.0468091831677009,
  "efc": 0.3825182486147814,
  "fber": 3797375744.0,
  "fd_mean": 0.11373548252309205,
  "fd_num": 6,
  "fd_perc": 3.7037037037037037,
  "fwhm_avg": 2.354467687294875,
  "fwhm_x": 2.394503333333333,
  "fwhm_y": 2.4832633333333334,
  "fwhm_z": 2.185636395217959,
  "gcor": 0.0202652,
  "gsr_x": -0.003838746342808008,
  "gsr_y": -0.00016112458251882344,
  "provenance": {
    "md5sum": "375a6f47db67229b79a72c7862a9de2a",
    "settings": {
      "fd_thres": 0.2,
      "hmc_fsl": false
    },
    "software": "mriqc",
    "version": "0.15.0",
    "webapi_port": null,
    "webapi_url": "https://mriqc.nimh.nih.gov/api/v1"
  },
  "size_t": 162,
  "size_x": 80,
  "size_y": 80,
  "size_z": 37,
  "snr": 4.920280169898168,
  "spacing_tr": 2.0,
  "spacing_x": 3.0,
  "spacing_y": 3.0,
  "spacing_z": 3.299999952316284,
  "spikes_num": 2,
  "summary_bg_k": 117.43641611469255,
  "summary_bg_mad": 0.4893883168697357,
  "summary_bg_mean": 168.69903564453125,
  "summary_bg_median": 0.3321405053138733,
  "summary_bg_n": 158484.0,
  "summary_bg_p05": 0.0008024304581340403,
  "summary_bg_p95": 494.7818603515668,
  "summary_bg_stdv": 1020.9744262695312,
  "summary_fg_k": 3.204109766197263,
  "summary_fg_mad": 3669.00048828125,
  "summary_fg_mean": 22998.0234375,
  "summary_fg_median": 22791.439453125,
  "summary_fg_n": 37623.0,
  "summary_fg_p05": 16312.57177734375,
  "summary_fg_p95": 29884.209570312498,
  "summary_fg_stdv": 4632.0810546875,
  "tsnr": 83.1492691040039
}