{
    "Manufacturer": "Philips",
    "PatientPosition": "HFS",
    "SeriesDescription": "ImageMRSERIES",
    "ProtocolName": "WIPt13dSENSE",
    "SeriesNumber": 4,
    "AcquisitionNumber": 4,
    "ImageComments": "Piop",
    "PhilipsRescaleSlope": 9.05739,
    "PhilipsRescaleIntercept": 0,
    "PhilipsScaleSlope": 0.0072271,
    "UsePhilipsFloatNotDisplayScaling": 1,
    "EchoTime": 0.00374,
    "RepetitionTime": 0.008172,
    "ReconMatrixPE": 240,
    "ImageOrientationPatientDICOM": [
        0.999666,
        -0.0125564,
        0.0225841,
        0.0109923,
        0.997618,
        0.0680936
    ],
    "ConversionSoftware": "dcm2niix",
    "ConversionSoftwareVersion": "v1.0.20181125  GCC6.3.0",
    "BidsifyVersion": "0.3.5"
}