{
    "Manufacturer": "Philips",
    "PatientPosition": "HFS",
    "SeriesDescription": "ImageMRSERIES",
    "ProtocolName": "WIPt13dSENSE",
    "SeriesNumber": 4,
    "AcquisitionNumber": 4,
    "ImageComments": "PIOP",
    "PhilipsRescaleSlope": 9.26032,
    "PhilipsRescaleIntercept": 0,
    "PhilipsScaleSlope": 0.00738354,
    "UsePhilipsFloatNotDisplayScaling": 1,
    "EchoTime": 0.00373,
    "RepetitionTime": 0.008149,
    "ReconMatrixPE": 240,
    "ImageOrientationPatientDICOM": [
        0.999412,
        -0.0106188,
        0.032588,
        0.0115129,
        0.999559,
        -0.0273736
    ],
    "ConversionSoftware": "dcm2niix",
    "ConversionSoftwareVersion": "v1.0.20181125  GCC6.3.0",
    "BidsifyVersion": "0.3.5"
}