{
  "bids_meta": {
    "AcquisitionNumber": 4,
    "BidsifyVersion": "0.3.5",
    "ConversionSoftware": "dcm2niix",
    "ConversionSoftwareVersion": "v1.0.20181125  GCC6.3.0",
    "EchoTime": 0.00376,
    "ImageComments": "Piop",
    "ImageOrientationPatientDICOM": [
      0.995355,
      0.0958781,
      -0.00874849,
      -0.0956664,
      0.995169,
      0.0220551
    ],
    "Manufacturer": "Philips",
    "PatientPosition": "HFS",
    "PhilipsRescaleIntercept": 0,
    "PhilipsRescaleSlope": 8.75116,
    "PhilipsScaleSlope": 0.00685773,
    "ProtocolName": "WIPt13dSENSE",
    "ReconMatrixPE": 240,
    "RepetitionTime": 0.008167,
    "SeriesDescription": "ImageMRSERIES",
    "SeriesNumber": 4,
    "UsePhilipsFloatNotDisplayScaling": 1,
    "dataset": "unknown",
    "modality": "T1w",
    "subject_id": "0176"
  },
  "cjv": 0.3696475405014013,
  "cnr": 3.3032552375679147,
  "efc": 0.7428973056533132,
  "fber": 1779.3172607421875,
  "fwhm_avg": 3.581930213499678,
  "fwhm_x": 3.5265502101987725,
  "fwhm_y": 3.762480224261297,
  "fwhm_z": 3.456760206038964,
  "icvs_csf": 0.22387547450049855,
  "icvs_gm": 0.4092061048205996,
  "icvs_wm": 0.36691842067890185,
  "inu_med": 2.1400060653686523,
  "inu_range": 0.5366861581802369,
  "provenance": {
    "md5sum": "43e3dbf0f387eaf876d4390d67bb484b",
    "settings": {
      "testing": false
    },
    "software": "mriqc",
    "version": "0.15.0",
    "warnings": {
      "large_rot_frame": true,
      "small_air_mask": true
    },
    "webapi_port": null,
    "webapi_url": "https://mriqc.nimh.nih.gov/api/v1"
  },
  "qi_1": 0.0,
  "qi_2": 0.00022373076977587003,
  "rpve_csf": 26.77146418109188,
  "rpve_gm": 14.965027588056671,
  "rpve_wm": 21.43334132608204,
  "size_x": 240,
  "size_y": 240,
  "size_z": 220,
  "snr_csf": 2.0408959765278127,
  "snr_gm": 6.7833022098326206,
  "snr_total": 9.552421007706707,
  "snr_wm": 19.833064836759686,
  "snrd_csf": 23.408915066538185,
  "snrd_gm": 51.258720920595955,
  "snrd_total": 51.458043460690625,
  "snrd_wm": 79.70649439493775,
  "spacing_x": 0.9999999403953552,
  "spacing_y": 0.9999999403953552,
  "spacing_z": 0.9999999403953552,
  "summary_bg_k": 8.194599162639165,
  "summary_bg_mad": 8.21921157836914,
  "summary_bg_mean": 12.095622062683105,
  "summary_bg_median": 10.617532730102539,
  "summary_bg_n": 171004.0,
  "summary_bg_p05": 0.0,
  "summary_bg_p95": 37.286067962646484,
  "summary_bg_stdv": 12.014115333557129,
  "summary_csf_k": 36.04330244199427,
  "summary_csf_mad": 136.35804748535156,
  "summary_csf_mean": 283.3710021972656,
  "summary_csf_median": 293.6836242675781,
  "summary_csf_n": 10755.0,
  "summary_csf_p05": 82.71945266723634,
  "summary_csf_p95": 452.6414642333983,
  "summary_csf_stdv": 143.89266967773438,
  "summary_gm_k": 0.5702661206236694,
  "summary_gm_mad": 87.10948944091797,
  "summary_gm_mean": 649.7478637695312,
  "summary_gm_median": 643.081787109375,
  "summary_gm_n": 17621.0,
  "summary_gm_p05": 504.8541564941406,
  "summary_gm_p95": 820.3919067382812,
  "summary_gm_stdv": 94.80095672607422,
  "summary_wm_k": 1.1410569382575666,
  "summary_wm_mad": 44.817771911621094,
  "summary_wm_mean": 998.7055053710938,
  "summary_wm_median": 999.98193359375,
  "summary_wm_n": 196226.0,
  "summary_wm_p05": 914.2847442626953,
  "summary_wm_p95": 1077.9762878417969,
  "summary_wm_stdv": 50.4198112487793,
  "tpm_overlap_csf": 0.21931657195091248,
  "tpm_overlap_gm": 0.5038920044898987,
  "tpm_overlap_wm": 0.5652523040771484,
  "wm2max": 0.7396640598306888
}