{
    "Manufacturer": "Philips",
    "PatientPosition": "HFS",
    "SeriesDescription": "ImageMRSERIES",
    "ProtocolName": "WIPt13dSENSE",
    "SeriesNumber": 4,
    "AcquisitionNumber": 4,
    "ImageComments": "piop",
    "PhilipsRescaleSlope": 8.57778,
    "PhilipsRescaleIntercept": 0,
    "PhilipsScaleSlope": 0.00731352,
    "UsePhilipsFloatNotDisplayScaling": 1,
    "EchoTime": 0.00377,
    "RepetitionTime": 0.008205,
    "ReconMatrixPE": 240,
    "ImageOrientationPatientDICOM": [
        0.998915,
        0.04571,
        0.00887696,
        -0.0448364,
        0.99566,
        -0.0815488
    ],
    "ConversionSoftware": "dcm2niix",
    "ConversionSoftwareVersion": "v1.0.20181125  GCC6.3.0",
    "BidsifyVersion": "0.3.5"
}