{
  "aor": 0.00013341719077568134,
  "aqi": 0.011474656037735847,
  "bids_meta": {
    "AcquisitionNumber": 6,
    "BidsifyVersion": "0.3.5",
    "ConversionSoftware": "dcm2niix",
    "ConversionSoftwareVersion": "v1.0.20181125  GCC6.3.0",
    "EchoTime": 0.02762,
    "ImageComments": "piop",
    "ImageOrientationPatientDICOM": [
      0.996797,
      -0.0799221,
      0.00271787,
      0.0789748,
      0.978505,
      -0.190504
    ],
    "Manufacturer": "Philips",
    "NumberOfVolumesDiscardedByScanner": 2,
    "ParallelAcquisitionTechnique": "SENSE",
    "ParallelReductionFactorInPlane": 2,
    "PatientPosition": "HFS",
    "PhaseEncodingDirection": "j",
    "PhilipsRescaleIntercept": 0,
    "PhilipsRescaleSlope": 0.80488,
    "PhilipsScaleSlope": 0.087347,
    "ProtocolName": "WIPpioprsSENSE",
    "PulseSequenceType": "gradient echo EPI",
    "ReconMatrixPE": 80,
    "RepetitionTime": 0.75,
    "SeriesDescription": "ImageMRSERIES",
    "SeriesNumber": 6,
    "SliceEncodingDirection": "k",
    "TaskName": "restingstate",
    "UsePhilipsFloatNotDisplayScaling": 1,
    "acq_id": "mb3",
    "dataset": "unknown",
    "modality": "bold",
    "subject_id": "0049",
    "task_id": "restingstate"
  },
  "dummy_trs": 3,
  "dvars_nstd": 36.16993175640756,
  "dvars_std": 1.1627111786974789,
  "dvars_vstd": 0.9851038779201677,
  "efc": 0.3925051265697028,
  "fber": 614910144.0,
  "fd_mean": 0.13638881217156448,
  "fd_num": 74,
  "fd_perc": 15.51362683438155,
  "fwhm_avg": 2.4446410207999985,
  "fwhm_x": 2.4078433333333336,
  "fwhm_y": 2.704776666666667,
  "fwhm_z": 2.221303062399995,
  "gcor": 0.00833574,
  "gsr_x": -0.007217817939817905,
  "gsr_y": 0.0049603343941271305,
  "provenance": {
    "md5sum": "d6b8cf540ca3febed731b6d22782f4a9",
    "settings": {
      "fd_thres": 0.2,
      "hmc_fsl": false
    },
    "software": "mriqc",
    "version": "0.15.0",
    "webapi_port": null,
    "webapi_url": "https://mriqc.nimh.nih.gov/api/v1"
  },
  "size_t": 477,
  "size_x": 80,
  "size_y": 80,
  "size_z": 36,
  "snr": 5.321861582882971,
  "spacing_tr": 0.75,
  "spacing_x": 3.0,
  "spacing_y": 3.0,
  "spacing_z": 3.299999952316284,
  "spikes_num": 0,
  "summary_bg_k": 90.67652409944989,
  "summary_bg_mad": 0.8733655214309692,
  "summary_bg_mean": 138.1798095703125,
  "summary_bg_median": 0.5952035784721375,
  "summary_bg_n": 152026.0,
  "summary_bg_p05": 0.0035823106300085783,
  "summary_bg_p95": 558.3466491699219,
  "summary_bg_stdv": 782.8826293945312,
  "summary_fg_k": 2.5532552623279043,
  "summary_fg_mad": 2620.51025390625,
  "summary_fg_mean": 16514.291015625,
  "summary_fg_median": 16585.138671875,
  "summary_fg_n": 38200.0,
  "summary_fg_p05": 11657.170556640624,
  "summary_fg_p95": 21221.64296874998,
  "summary_fg_stdv": 3116.3759765625,
  "tsnr": 42.50291061401367
}