{
    "Manufacturer": "Philips",
    "PatientPosition": "HFS",
    "SeriesDescription": "ImageMRSERIES",
    "ProtocolName": "WIPt13dSENSE",
    "SeriesNumber": 4,
    "AcquisitionNumber": 4,
    "ImageComments": "piop",
    "PhilipsRescaleSlope": 9.0337,
    "PhilipsRescaleIntercept": 0,
    "PhilipsScaleSlope": 0.0076708,
    "UsePhilipsFloatNotDisplayScaling": 1,
    "EchoTime": 0.00374,
    "RepetitionTime": 0.008148,
    "ReconMatrixPE": 240,
    "ImageOrientationPatientDICOM": [
        0.998629,
        0.0463563,
        -0.0243207,
        -0.0465701,
        0.998881,
        -0.00830071
    ],
    "ConversionSoftware": "dcm2niix",
    "ConversionSoftwareVersion": "v1.0.20181125  GCC6.3.0",
    "BidsifyVersion": "0.3.5"
}