{
  "bids_meta": {
    "AcquisitionNumber": 5,
    "BidsifyVersion": "0.3.5",
    "ConversionSoftware": "dcm2niix",
    "ConversionSoftwareVersion": "v1.0.20181125  GCC6.3.0",
    "EchoTime": 0.00386,
    "ImageComments": "Piop",
    "ImageOrientationPatientDICOM": [
      0.999086,
      0.032287,
      0.0279987,
      -0.0244171,
      0.968946,
      -0.246065
    ],
    "Manufacturer": "Philips",
    "PatientPosition": "HFS",
    "PhilipsRescaleIntercept": 0,
    "PhilipsRescaleSlope": 8.9663,
    "PhilipsScaleSlope": 0.00723594,
    "ProtocolName": "WIPt13dSENSE",
    "ReconMatrixPE": 240,
    "RepetitionTime": 0.008378,
    "SeriesDescription": "ImageMRSERIES",
    "SeriesNumber": 5,
    "UsePhilipsFloatNotDisplayScaling": 1,
    "dataset": "unknown",
    "modality": "T1w",
    "subject_id": "0005"
  },
  "cjv": 0.32892724941368084,
  "cnr": 3.796833429293044,
  "efc": 0.7880717633531765,
  "fber": 532.1028442382812,
  "fwhm_avg": 3.5927600679252585,
  "fwhm_x": 3.61788,
  "fwhm_y": 3.74161,
  "fwhm_z": 3.418790203775776,
  "icvs_csf": 0.1986805901713844,
  "icvs_gm": 0.4349844659862987,
  "icvs_wm": 0.3663349438423169,
  "inu_med": 0.6736992001533508,
  "inu_range": 0.273378586769104,
  "provenance": {
    "md5sum": "4a154bb88e17bc5b7ed3a5218f2ac57e",
    "settings": {
      "testing": false
    },
    "software": "mriqc",
    "version": "0.15.0",
    "warnings": {
      "large_rot_frame": true,
      "small_air_mask": true
    },
    "webapi_port": null,
    "webapi_url": "https://mriqc.nimh.nih.gov/api/v1"
  },
  "qi_1": 0.0,
  "qi_2": 0.00021848845335428724,
  "rpve_csf": 27.320606537630294,
  "rpve_gm": 13.750667337398083,
  "rpve_wm": 20.326168396189885,
  "size_x": 240,
  "size_y": 240,
  "size_z": 220,
  "snr_csf": 1.828044726649994,
  "snr_gm": 6.939710000944669,
  "snr_total": 9.411188197196994,
  "snr_wm": 19.465809863996316,
  "snrd_csf": 17.917863649039496,
  "snrd_gm": 33.35575000123757,
  "snrd_total": 35.303888957020575,
  "snrd_wm": 54.638053220784656,
  "spacing_x": 1.0,
  "spacing_y": 1.0,
  "spacing_z": 0.9999999403953552,
  "summary_bg_k": 1.635068609287912,
  "summary_bg_mad": 11.99040412902832,
  "summary_bg_mean": 12.904857635498047,
  "summary_bg_median": 8.087404251098633,
  "summary_bg_n": 49250.0,
  "summary_bg_p05": 0.0,
  "summary_bg_p95": 38.95345668792724,
  "summary_bg_stdv": 12.130353927612305,
  "summary_csf_k": 38.5763243801615,
  "summary_csf_mad": 150.89849853515625,
  "summary_csf_mean": 311.5699157714844,
  "summary_csf_median": 327.9354248046875,
  "summary_csf_n": 5956.0,
  "summary_csf_p05": 73.50970840454102,
  "summary_csf_p95": 500.1005630493164,
  "summary_csf_stdv": 179.3762969970703,
  "summary_gm_k": 0.37386793290872466,
  "summary_gm_mad": 82.75918579101562,
  "summary_gm_mean": 613.9981079101562,
  "summary_gm_median": 610.48193359375,
  "summary_gm_n": 20330.0,
  "summary_gm_p05": 477.2144012451172,
  "summary_gm_p95": 768.7460723876952,
  "summary_gm_stdv": 87.96720886230469,
  "summary_wm_k": 1.191741034084874,
  "summary_wm_mad": 45.36189270019531,
  "summary_wm_mean": 996.1992797851562,
  "summary_wm_median": 999.9938354492188,
  "summary_wm_n": 203536.0,
  "summary_wm_p05": 904.4627685546875,
  "summary_wm_p95": 1072.4154968261719,
  "summary_wm_stdv": 51.371681213378906,
  "tpm_overlap_csf": 0.19762681424617767,
  "tpm_overlap_gm": 0.504991352558136,
  "tpm_overlap_wm": 0.5555776953697205,
  "wm2max": 0.6071728842579923
}