{
  "aor": 0.0009522222222222223,
  "aqi": 0.003128160222222222,
  "bids_meta": {
    "AcquisitionNumber": 5,
    "BidsifyVersion": "0.3.5",
    "ConversionSoftware": "dcm2niix",
    "ConversionSoftwareVersion": "v1.0.20181125  GCC6.3.0",
    "EchoTime": 0.02762,
    "ImageComments": "PIOP",
    "ImageOrientationPatientDICOM": [
      0.996299,
      0.0519015,
      -0.0685111,
      -0.0646024,
      0.977949,
      -0.198599
    ],
    "Manufacturer": "Philips",
    "NumberOfVolumesDiscardedByScanner": 2,
    "ParallelAcquisitionTechnique": "SENSE",
    "ParallelReductionFactorInPlane": 2,
    "PatientPosition": "HFS",
    "PhaseEncodingDirection": "j",
    "PhilipsRescaleIntercept": 0,
    "PhilipsRescaleSlope": 0.74725,
    "PhilipsScaleSlope": 0.0527234,
    "ProtocolName": "WIPpiopharririSENSE",
    "PulseSequenceType": "gradient echo EPI",
    "ReconMatrixPE": 80,
    "RepetitionTime": 2,
    "SeriesDescription": "ImageMRSERIES",
    "SeriesNumber": 5,
    "SliceEncodingDirection": "k",
    "TaskName": "emomatching",
    "UsePhilipsFloatNotDisplayScaling": 1,
    "acq_id": "seq",
    "dataset": "unknown",
    "modality": "bold",
    "subject_id": "0172",
    "task_id": "emomatching"
  },
  "dummy_trs": 0,
  "dvars_nstd": 25.91241288559701,
  "dvars_std": 1.379579017462686,
  "dvars_vstd": 0.9934019555223882,
  "efc": 0.38247892288950064,
  "fber": 493637280.0,
  "fd_mean": 0.1299656310084921,
  "fd_num": 21,
  "fd_perc": 15.555555555555555,
  "fwhm_avg": 2.420720203333202,
  "fwhm_x": 2.3875931435844784,
  "fwhm_y": 2.6405066666666666,
  "fwhm_z": 2.234060799748461,
  "gcor": 0.0212375,
  "gsr_x": -0.006314339116215706,
  "gsr_y": 0.001867332961410284,
  "provenance": {
    "md5sum": "d0b7c4232516ba6211a6397996c8c8ef",
    "settings": {
      "fd_thres": 0.2,
      "hmc_fsl": false
    },
    "software": "mriqc",
    "version": "0.15.0",
    "webapi_port": null,
    "webapi_url": "https://mriqc.nimh.nih.gov/api/v1"
  },
  "size_t": 135,
  "size_x": 80,
  "size_y": 80,
  "size_z": 37,
  "snr": 4.113716329337228,
  "spacing_tr": 2.0,
  "spacing_x": 3.000000238418579,
  "spacing_y": 3.0,
  "spacing_z": 3.299999713897705,
  "spikes_num": 0,
  "summary_bg_k": 141.84470970535656,
  "summary_bg_mad": 1.4820318222045898,
  "summary_bg_mean": 166.5408172607422,
  "summary_bg_median": 1.0138334035873413,
  "summary_bg_n": 157486.0,
  "summary_bg_p05": 0.0048478455282747746,
  "summary_bg_p95": 573.0782775878906,
  "summary_bg_stdv": 999.640380859375,
  "summary_fg_k": 1.181125740967052,
  "summary_fg_mad": 5243.681640625,
  "summary_fg_mean": 24625.6875,
  "summary_fg_median": 24229.490234375,
  "summary_fg_n": 38620.0,
  "summary_fg_p05": 15872.976171875,
  "summary_fg_p95": 34411.11914062499,
  "summary_fg_stdv": 5889.85107421875,
  "tsnr": 76.20846557617188
}