{
  "aor": 0.001455357142857143,
  "aqi": 0.015911774558823526,
  "bids_meta": {
    "AcquisitionNumber": 6,
    "BidsifyVersion": "0.3.5",
    "ConversionSoftware": "dcm2niix",
    "ConversionSoftwareVersion": "v1.0.20181125  GCC6.3.0",
    "EchoTime": 0.02763,
    "EffectiveEchoSpacing": 0.0006333282667071997,
    "ImageComments": "piop",
    "ImageOrientationPatientDICOM": [
      0.997028,
      0.0769534,
      -0.00360887,
      -0.0765421,
      0.99483,
      0.066746
    ],
    "Manufacturer": "Philips",
    "NumberOfVolumesDiscardedByScanner": 2,
    "ParallelAcquisitionTechnique": "SENSE",
    "ParallelReductionFactorInPlane": 2,
    "PatientPosition": "HFS",
    "PhaseEncodingDirection": "j",
    "PhilipsRescaleIntercept": 0,
    "PhilipsRescaleSlope": 0.83346,
    "PhilipsScaleSlope": 0.0742171,
    "ProtocolName": "WIPpioprsSENSE",
    "PulseSequenceType": "gradient echo EPI",
    "ReconMatrixPE": 80,
    "RepetitionTime": 0.75,
    "SeriesDescription": "ImageMRSERIES",
    "SeriesNumber": 6,
    "SliceEncodingDirection": "k",
    "SliceTiming": [
      0.0,
      0.06755050505050506,
      0.1351010101010101,
      0.20265151515151517,
      0.2702020202020202,
      0.3377525252525253,
      0.40530303030303033,
      0.47285353535353536,
      0.5404040404040404,
      0.6079545454545455,
      0.6755050505050506,
      0.7430555555555556,
      0.0,
      0.06755050505050506,
      0.1351010101010101,
      0.20265151515151517,
      0.2702020202020202,
      0.3377525252525253,
      0.40530303030303033,
      0.47285353535353536,
      0.5404040404040404,
      0.6079545454545455,
      0.6755050505050506,
      0.7430555555555556,
      0.0,
      0.06755050505050506,
      0.1351010101010101,
      0.20265151515151517,
      0.2702020202020202,
      0.3377525252525253,
      0.40530303030303033,
      0.47285353535353536,
      0.5404040404040404,
      0.6079545454545455,
      0.6755050505050506,
      0.7430555555555556
    ],
    "TaskName": "restingstate",
    "TotalReadoutTime": 0.024699802401580786,
    "UsePhilipsFloatNotDisplayScaling": 1,
    "acq_id": "mb3",
    "dataset": "unknown",
    "modality": "bold",
    "subject_id": "0055",
    "task_id": "restingstate"
  },
  "dummy_trs": 4,
  "dvars_nstd": 31.557148336989478,
  "dvars_std": 1.086452353305263,
  "dvars_vstd": 0.9818093237263159,
  "efc": 0.4322441482987524,
  "fber": 43418496.0,
  "fd_mean": 0.13096402365955226,
  "fd_num": 60,
  "fd_perc": 12.605042016806722,
  "fwhm_avg": 2.5468245566858925,
  "fwhm_x": 2.448306666666667,
  "fwhm_y": 2.8603366666666665,
  "fwhm_z": 2.331830336724344,
  "gcor": 0.00480721,
  "gsr_x": 0.0016881877090781927,
  "gsr_y": 0.0009648366249166429,
  "provenance": {
    "md5sum": "3ca04bcf4a4ce458690594871cdf04d7",
    "settings": {
      "fd_thres": 0.2,
      "hmc_fsl": false
    },
    "software": "mriqc",
    "version": "0.15.0",
    "webapi_port": null,
    "webapi_url": "https://mriqc.nimh.nih.gov/api/v1"
  },
  "size_t": 476,
  "size_x": 80,
  "size_y": 80,
  "size_z": 36,
  "snr": 4.674609825741157,
  "spacing_tr": 0.75,
  "spacing_x": 3.0,
  "spacing_y": 3.0,
  "spacing_z": 3.299999952316284,
  "spikes_num": 6,
  "summary_bg_k": 57.72887716021328,
  "summary_bg_mad": 3.574148178100586,
  "summary_bg_mean": 207.38475036621094,
  "summary_bg_median": 2.4920034408569336,
  "summary_bg_n": 144551.0,
  "summary_bg_p05": 0.03374407812952995,
  "summary_bg_p95": 1001.4944763183594,
  "summary_bg_stdv": 1034.6976318359375,
  "summary_fg_k": 1.7884728169692243,
  "summary_fg_mad": 3162.610595703125,
  "summary_fg_mean": 17462.73046875,
  "summary_fg_median": 17668.55078125,
  "summary_fg_n": 45499.0,
  "summary_fg_p05": 11060.9966796875,
  "summary_fg_p95": 23191.0603515625,
  "summary_fg_stdv": 3779.64306640625,
  "tsnr": 35.052833557128906
}