{
  "aor": 0.0010053030303030302,
  "aqi": 0.008060464696969697,
  "bids_meta": {
    "AcquisitionNumber": 2,
    "BidsifyVersion": "0.3.5",
    "ConversionSoftware": "dcm2niix",
    "ConversionSoftwareVersion": "v1.0.20181125  GCC6.3.0",
    "EchoTime": 0.02763,
    "EffectiveEchoSpacing": 0.0006333282667071997,
    "ImageComments": "piop",
    "ImageOrientationPatientDICOM": [
      0.997028,
      0.0769534,
      -0.00360887,
      -0.0765421,
      0.99483,
      0.066746
    ],
    "Manufacturer": "Philips",
    "NumberOfVolumesDiscardedByScanner": 2,
    "ParallelAcquisitionTechnique": "SENSE",
    "ParallelReductionFactorInPlane": 2,
    "PatientPosition": "HFS",
    "PhaseEncodingDirection": "j",
    "PhilipsRescaleIntercept": 0,
    "PhilipsRescaleSlope": 0.76777,
    "PhilipsScaleSlope": 0.0796098,
    "ProtocolName": "WIPpiopfacesSENSE",
    "PulseSequenceType": "gradient echo EPI",
    "ReconMatrixPE": 80,
    "RepetitionTime": 0.75,
    "SeriesDescription": "ImageMRSERIES",
    "SeriesNumber": 2,
    "SliceEncodingDirection": "k",
    "SliceTiming": [
      0.0,
      0.06755050505050506,
      0.1351010101010101,
      0.20265151515151517,
      0.2702020202020202,
      0.3377525252525253,
      0.40530303030303033,
      0.47285353535353536,
      0.5404040404040404,
      0.6079545454545455,
      0.6755050505050506,
      0.7430555555555556,
      0.0,
      0.06755050505050506,
      0.1351010101010101,
      0.20265151515151517,
      0.2702020202020202,
      0.3377525252525253,
      0.40530303030303033,
      0.47285353535353536,
      0.5404040404040404,
      0.6079545454545455,
      0.6755050505050506,
      0.7430555555555556,
      0.0,
      0.06755050505050506,
      0.1351010101010101,
      0.20265151515151517,
      0.2702020202020202,
      0.3377525252525253,
      0.40530303030303033,
      0.47285353535353536,
      0.5404040404040404,
      0.6079545454545455,
      0.6755050505050506,
      0.7430555555555556
    ],
    "TaskName": "faces",
    "TotalReadoutTime": 0.024699802401580786,
    "UsePhilipsFloatNotDisplayScaling": 1,
    "acq_id": "mb3",
    "dataset": "unknown",
    "modality": "bold",
    "subject_id": "0055",
    "task_id": "faces"
  },
  "dummy_trs": 0,
  "dvars_nstd": 26.464515663009117,
  "dvars_std": 1.1402443468996963,
  "dvars_vstd": 1.0026251883282677,
  "efc": 0.43189924421917536,
  "fber": 258550896.0,
  "fd_mean": 0.13078250694392277,
  "fd_num": 39,
  "fd_perc": 11.818181818181818,
  "fwhm_avg": 2.7449797672316802,
  "fwhm_x": 2.7182066666666667,
  "fwhm_y": 3.085456666666667,
  "fwhm_z": 2.4312759683617076,
  "gcor": 0.0114484,
  "gsr_x": 0.001605329685844481,
  "gsr_y": -0.00016999983927235007,
  "provenance": {
    "md5sum": "1e60bf2f2cad1c551b6a97b9ec75d317",
    "settings": {
      "fd_thres": 0.2,
      "hmc_fsl": false
    },
    "software": "mriqc",
    "version": "0.15.0",
    "webapi_port": null,
    "webapi_url": "https://mriqc.nimh.nih.gov/api/v1"
  },
  "size_t": 330,
  "size_x": 80,
  "size_y": 80,
  "size_z": 36,
  "snr": 4.625788742663525,
  "spacing_tr": 0.75,
  "spacing_x": 3.0,
  "spacing_y": 3.0,
  "spacing_z": 3.299999713897705,
  "spikes_num": 0,
  "summary_bg_k": 58.688837502348996,
  "summary_bg_mad": 1.4518513679504395,
  "summary_bg_mean": 193.90243530273438,
  "summary_bg_median": 0.9958221912384033,
  "summary_bg_n": 144473.0,
  "summary_bg_p05": 0.005477503221482039,
  "summary_bg_p95": 946.5897583007811,
  "summary_bg_stdv": 986.2156982421875,
  "summary_fg_k": 1.5008815104283686,
  "summary_fg_mad": 3391.895751953125,
  "summary_fg_mean": 17869.99609375,
  "summary_fg_median": 18040.8984375,
  "summary_fg_n": 45532.0,
  "summary_fg_p05": 11241.67744140625,
  "summary_fg_p95": 23731.7314453125,
  "summary_fg_stdv": 3900.02685546875,
  "tsnr": 47.869728088378906
}