{
    "Manufacturer": "Philips",
    "PatientPosition": "HFS",
    "SeriesDescription": "ImageMRSERIES",
    "ProtocolName": "WIPt13dSENSE",
    "SeriesNumber": 4,
    "AcquisitionNumber": 4,
    "ImageComments": "Piop",
    "PhilipsRescaleSlope": 8.96264,
    "PhilipsRescaleIntercept": 0,
    "PhilipsScaleSlope": 0.00734867,
    "UsePhilipsFloatNotDisplayScaling": 1,
    "EchoTime": 0.00384,
    "RepetitionTime": 0.008334,
    "ReconMatrixPE": 240,
    "ImageOrientationPatientDICOM": [
        0.998614,
        0.0508613,
        -0.0135591,
        -0.0525099,
        0.980509,
        -0.18933
    ],
    "ConversionSoftware": "dcm2niix",
    "ConversionSoftwareVersion": "v1.0.20181125  GCC6.3.0",
    "BidsifyVersion": "0.3.5"
}