{
  "aor": 0.0014989506172839505,
  "aqi": 0.004499540802469135,
  "bids_meta": {
    "AcquisitionNumber": 8,
    "BidsifyVersion": "0.3.5",
    "ConversionSoftware": "dcm2niix",
    "ConversionSoftwareVersion": "v1.0.20181125  GCC6.3.0",
    "EchoTime": 0.02762,
    "EffectiveEchoSpacing": 0.0006621159151938905,
    "ImageComments": "piop",
    "ImageOrientationPatientDICOM": [
      0.99322,
      0.0828322,
      -0.0815633,
      -0.0849744,
      0.996114,
      -0.0231467
    ],
    "Manufacturer": "Philips",
    "NumberOfVolumesDiscardedByScanner": 2,
    "ParallelAcquisitionTechnique": "SENSE",
    "ParallelReductionFactorInPlane": 2,
    "PatientPosition": "HFS",
    "PhaseEncodingDirection": "j",
    "PhilipsRescaleIntercept": 0,
    "PhilipsRescaleSlope": 0.76386,
    "PhilipsScaleSlope": 0.0562748,
    "ProtocolName": "WIPpiopwmSENSE",
    "PulseSequenceType": "gradient echo EPI",
    "ReconMatrixPE": 80,
    "RepetitionTime": 2,
    "SeriesDescription": "ImageMRSERIES",
    "SeriesNumber": 8,
    "SliceEncodingDirection": "k",
    "SliceTiming": [
      0.0,
      0.0541,
      0.1081,
      0.1622,
      0.2162,
      0.2703,
      0.3243,
      0.3784,
      0.4324,
      0.4865,
      0.5405,
      0.5946,
      0.6486,
      0.7027,
      0.7568,
      0.8108,
      0.8649,
      0.9189,
      0.973,
      1.027,
      1.0811,
      1.1351,
      1.1892,
      1.2432,
      1.2973,
      1.3514,
      1.4054,
      1.4595,
      1.5135,
      1.5676,
      1.6216,
      1.6757,
      1.7297,
      1.7838,
      1.8378,
      1.8919,
      1.9459
    ],
    "TaskName": "workingmemory",
    "TotalReadoutTime": 0.025822520692561732,
    "UsePhilipsFloatNotDisplayScaling": 1,
    "acq_id": "seq",
    "dataset": "unknown",
    "modality": "bold",
    "subject_id": "0075",
    "task_id": "workingmemory"
  },
  "dummy_trs": 0,
  "dvars_nstd": 22.15876873677018,
  "dvars_std": 1.2185047636024846,
  "dvars_vstd": 0.9869711524844721,
  "efc": 0.4316338902232284,
  "fber": 464474080.0,
  "fd_mean": 0.093855743008446,
  "fd_num": 8,
  "fd_perc": 4.938271604938271,
  "fwhm_avg": 2.361019303884127,
  "fwhm_x": 2.27748,
  "fwhm_y": 2.5311566666666665,
  "fwhm_z": 2.2744212449857137,
  "gcor": 0.0184878,
  "gsr_x": -0.001325020450167358,
  "gsr_y": 0.005207130219787359,
  "provenance": {
    "md5sum": "25793c5830e07deba83e860b7093bbe6",
    "settings": {
      "fd_thres": 0.2,
      "hmc_fsl": false
    },
    "software": "mriqc",
    "version": "0.15.0",
    "webapi_port": null,
    "webapi_url": "https://mriqc.nimh.nih.gov/api/v1"
  },
  "size_t": 162,
  "size_x": 80,
  "size_y": 80,
  "size_z": 37,
  "snr": 4.458191492000153,
  "spacing_tr": 2.0,
  "spacing_x": 3.0,
  "spacing_y": 3.0,
  "spacing_z": 3.299999952316284,
  "spikes_num": 4,
  "summary_bg_k": 75.7534824773345,
  "summary_bg_mad": 1.5423500537872314,
  "summary_bg_mean": 230.56346130371094,
  "summary_bg_median": 1.0546132326126099,
  "summary_bg_n": 147691.0,
  "summary_bg_p05": 0.006723010679706931,
  "summary_bg_p95": 985.5918579101562,
  "summary_bg_stdv": 1240.487060546875,
  "summary_fg_k": 2.0581920982620234,
  "summary_fg_mad": 4916.43359375,
  "summary_fg_mean": 25262.416015625,
  "summary_fg_median": 24951.181640625,
  "summary_fg_n": 47603.0,
  "summary_fg_p05": 17201.4837890625,
  "summary_fg_p95": 34120.594921875,
  "summary_fg_stdv": 5596.64599609375,
  "tsnr": 69.9708251953125
}