{
  "aor": 0.006925185185185186,
  "aqi": 0.010900392901234568,
  "bids_meta": {
    "AcquisitionNumber": 8,
    "BidsifyVersion": "0.3.5",
    "ConversionSoftware": "dcm2niix",
    "ConversionSoftwareVersion": "v1.0.20181125  GCC6.3.0",
    "EchoTime": 0.02762,
    "EffectiveEchoSpacing": 0.0006621159151938905,
    "ImageComments": "Piop",
    "ImageOrientationPatientDICOM": [
      0.998465,
      -0.0209148,
      0.0512763,
      0.0364376,
      0.945385,
      -0.323914
    ],
    "Manufacturer": "Philips",
    "NumberOfVolumesDiscardedByScanner": 2,
    "ParallelAcquisitionTechnique": "SENSE",
    "ParallelReductionFactorInPlane": 2,
    "PatientPosition": "HFS",
    "PhaseEncodingDirection": "j",
    "PhilipsRescaleIntercept": 0,
    "PhilipsRescaleSlope": 0.82613,
    "PhilipsScaleSlope": 0.0700834,
    "ProtocolName": "WIPpiopwmSENSE",
    "PulseSequenceType": "gradient echo EPI",
    "ReconMatrixPE": 80,
    "RepetitionTime": 2,
    "SeriesDescription": "ImageMRSERIES",
    "SeriesNumber": 8,
    "SliceEncodingDirection": "k",
    "SliceTiming": [
      0.0,
      0.0541,
      0.1081,
      0.1622,
      0.2162,
      0.2703,
      0.3243,
      0.3784,
      0.4324,
      0.4865,
      0.5405,
      0.5946,
      0.6486,
      0.7027,
      0.7568,
      0.8108,
      0.8649,
      0.9189,
      0.973,
      1.027,
      1.0811,
      1.1351,
      1.1892,
      1.2432,
      1.2973,
      1.3514,
      1.4054,
      1.4595,
      1.5135,
      1.5676,
      1.6216,
      1.6757,
      1.7297,
      1.7838,
      1.8378,
      1.8919,
      1.9459
    ],
    "TaskName": "workingmemory",
    "TotalReadoutTime": 0.025822520692561732,
    "UsePhilipsFloatNotDisplayScaling": 1,
    "acq_id": "seq",
    "dataset": "unknown",
    "modality": "bold",
    "subject_id": "0180",
    "task_id": "workingmemory"
  },
  "dummy_trs": 0,
  "dvars_nstd": 23.69520413583852,
  "dvars_std": 1.2134213768322981,
  "dvars_vstd": 0.9960792262732924,
  "efc": 0.3914151871847355,
  "fber": 79057624.0,
  "fd_mean": 0.15922261077921576,
  "fd_num": 36,
  "fd_perc": 22.22222222222222,
  "fwhm_avg": 2.493855566556205,
  "fwhm_x": 2.4462699999999997,
  "fwhm_y": 2.7513633333333334,
  "fwhm_z": 2.2839333663352814,
  "gcor": 0.0129707,
  "gsr_x": -0.0025123334489762783,
  "gsr_y": 0.002753170672804117,
  "provenance": {
    "md5sum": "e2f2c56bb9160f60ac0e57127ab7a479",
    "settings": {
      "fd_thres": 0.2,
      "hmc_fsl": false
    },
    "software": "mriqc",
    "version": "0.15.0",
    "webapi_port": null,
    "webapi_url": "https://mriqc.nimh.nih.gov/api/v1"
  },
  "size_t": 162,
  "size_x": 80,
  "size_y": 80,
  "size_z": 37,
  "snr": 4.957109431731333,
  "spacing_tr": 2.0,
  "spacing_x": 3.0,
  "spacing_y": 3.0,
  "spacing_z": 3.299999952316284,
  "spikes_num": 5,
  "summary_bg_k": 82.44177625270157,
  "summary_bg_mad": 3.3520612716674805,
  "summary_bg_mean": 210.4058837890625,
  "summary_bg_median": 2.2984848022460938,
  "summary_bg_n": 157486.0,
  "summary_bg_p05": 0.00844494323246181,
  "summary_bg_p95": 757.4360809326172,
  "summary_bg_stdv": 1157.3753662109375,
  "summary_fg_k": 2.21813056308459,
  "summary_fg_mad": 3820.7919921875,
  "summary_fg_mean": 22243.265625,
  "summary_fg_median": 22349.62890625,
  "summary_fg_n": 38474.0,
  "summary_fg_p05": 14906.02626953125,
  "summary_fg_p95": 29007.891796875,
  "summary_fg_stdv": 4508.54248046875,
  "tsnr": 50.295867919921875
}