{
  "aor": 0.0040859,
  "aqi": 0.01280144065,
  "bids_meta": {
    "AcquisitionNumber": 9,
    "BidsifyVersion": "0.3.5",
    "ConversionSoftware": "dcm2niix",
    "ConversionSoftwareVersion": "v1.0.20181125  GCC6.3.0",
    "EchoTime": 0.02762,
    "EffectiveEchoSpacing": 0.0006621159151938905,
    "ImageComments": "Piop",
    "ImageOrientationPatientDICOM": [
      0.998465,
      -0.0209148,
      0.0512763,
      0.0364376,
      0.945385,
      -0.323914
    ],
    "Manufacturer": "Philips",
    "NumberOfVolumesDiscardedByScanner": 2,
    "ParallelAcquisitionTechnique": "SENSE",
    "ParallelReductionFactorInPlane": 2,
    "PatientPosition": "HFS",
    "PhaseEncodingDirection": "j",
    "PhilipsRescaleIntercept": 0,
    "PhilipsRescaleSlope": 0.83077,
    "PhilipsScaleSlope": 0.0667429,
    "ProtocolName": "WIPpiopanticipatieSENSE",
    "PulseSequenceType": "gradient echo EPI",
    "ReconMatrixPE": 80,
    "RepetitionTime": 2,
    "SeriesDescription": "ImageMRSERIES",
    "SeriesNumber": 9,
    "SliceEncodingDirection": "k",
    "SliceTiming": [
      0.0,
      0.0541,
      0.1081,
      0.1622,
      0.2162,
      0.2703,
      0.3243,
      0.3784,
      0.4324,
      0.4865,
      0.5405,
      0.5946,
      0.6486,
      0.7027,
      0.7568,
      0.8108,
      0.8649,
      0.9189,
      0.973,
      1.027,
      1.0811,
      1.1351,
      1.1892,
      1.2432,
      1.2973,
      1.3514,
      1.4054,
      1.4595,
      1.5135,
      1.5676,
      1.6216,
      1.6757,
      1.7297,
      1.7838,
      1.8378,
      1.8919,
      1.9459
    ],
    "TaskName": "anticipation",
    "TotalReadoutTime": 0.025822520692561732,
    "UsePhilipsFloatNotDisplayScaling": 1,
    "acq_id": "seq",
    "dataset": "unknown",
    "modality": "bold",
    "subject_id": "0180",
    "task_id": "anticipation"
  },
  "dummy_trs": 0,
  "dvars_nstd": 22.125512032110557,
  "dvars_std": 1.1047251998492467,
  "dvars_vstd": 1.0000983248241206,
  "efc": 0.3918676762773728,
  "fber": 50743900.0,
  "fd_mean": 0.1464941224874218,
  "fd_num": 26,
  "fd_perc": 13.0,
  "fwhm_avg": 2.508626677737798,
  "fwhm_x": 2.4521566666666668,
  "fwhm_y": 2.7751566666666663,
  "fwhm_z": 2.298566699880061,
  "gcor": 0.0189701,
  "gsr_x": -0.0028121022041887045,
  "gsr_y": 0.0034016550052911043,
  "provenance": {
    "md5sum": "213dfb91060d75891ac784c5553b0905",
    "settings": {
      "fd_thres": 0.2,
      "hmc_fsl": false
    },
    "software": "mriqc",
    "version": "0.15.0",
    "webapi_port": null,
    "webapi_url": "https://mriqc.nimh.nih.gov/api/v1"
  },
  "size_t": 200,
  "size_x": 80,
  "size_y": 80,
  "size_z": 37,
  "snr": 4.946488577425198,
  "spacing_tr": 2.0,
  "spacing_x": 3.0,
  "spacing_y": 3.0,
  "spacing_z": 3.299999952316284,
  "spikes_num": 6,
  "summary_bg_k": 81.42758073061299,
  "summary_bg_mad": 4.251553058624268,
  "summary_bg_mean": 215.05490112304688,
  "summary_bg_median": 2.951298236846924,
  "summary_bg_n": 157435.0,
  "summary_bg_p05": 0.02153632957488299,
  "summary_bg_p95": 846.2989135742167,
  "summary_bg_stdv": 1149.74951171875,
  "summary_fg_k": 2.2468226965731555,
  "summary_fg_mad": 3887.8984375,
  "summary_fg_mean": 22647.087890625,
  "summary_fg_median": 22749.76171875,
  "summary_fg_n": 38484.0,
  "summary_fg_p05": 15243.839404296876,
  "summary_fg_p95": 29554.43232421875,
  "summary_fg_stdv": 4599.1142578125,
  "tsnr": 45.276031494140625
}