{
  "aor": 0.0024672592592592593,
  "aqi": 0.004016083259259259,
  "bids_meta": {
    "AcquisitionNumber": 5,
    "BidsifyVersion": "0.3.5",
    "ConversionSoftware": "dcm2niix",
    "ConversionSoftwareVersion": "v1.0.20181125  GCC6.3.0",
    "EchoTime": 0.02762,
    "ImageComments": "piop",
    "ImageOrientationPatientDICOM": [
      0.997443,
      0.0222286,
      0.0679205,
      -0.00835636,
      0.980154,
      -0.198062
    ],
    "Manufacturer": "Philips",
    "NumberOfVolumesDiscardedByScanner": 2,
    "ParallelAcquisitionTechnique": "SENSE",
    "ParallelReductionFactorInPlane": 2,
    "PatientPosition": "HFS",
    "PhaseEncodingDirection": "j",
    "PhilipsRescaleIntercept": 0,
    "PhilipsRescaleSlope": 0.81709,
    "PhilipsScaleSlope": 0.0560415,
    "ProtocolName": "WIPpiopharririSENSE",
    "PulseSequenceType": "gradient echo EPI",
    "ReconMatrixPE": 80,
    "RepetitionTime": 2,
    "SeriesDescription": "ImageMRSERIES",
    "SeriesNumber": 5,
    "SliceEncodingDirection": "k",
    "TaskName": "emomatching",
    "UsePhilipsFloatNotDisplayScaling": 1,
    "acq_id": "seq",
    "dataset": "unknown",
    "modality": "bold",
    "subject_id": "0202",
    "task_id": "emomatching"
  },
  "dummy_trs": 0,
  "dvars_nstd": 24.161004934626856,
  "dvars_std": 1.2989995114179103,
  "dvars_vstd": 1.009122830597015,
  "efc": 0.4229495538216992,
  "fber": 176519680.0,
  "fd_mean": 0.1325820497914926,
  "fd_num": 18,
  "fd_perc": 13.333333333333334,
  "fwhm_avg": 2.3826693035172677,
  "fwhm_x": 2.370503333333333,
  "fwhm_y": 2.57925,
  "fwhm_z": 2.1982545772184685,
  "gcor": 0.0348173,
  "gsr_x": -0.004816518165171146,
  "gsr_y": 0.004724689293652773,
  "provenance": {
    "md5sum": "abe6e400d343d0b5b0134ae4c0c06c23",
    "settings": {
      "fd_thres": 0.2,
      "hmc_fsl": false
    },
    "software": "mriqc",
    "version": "0.15.0",
    "webapi_port": null,
    "webapi_url": "https://mriqc.nimh.nih.gov/api/v1"
  },
  "size_t": 135,
  "size_x": 80,
  "size_y": 80,
  "size_z": 37,
  "snr": 4.451271037602174,
  "spacing_tr": 2.0,
  "spacing_x": 3.0,
  "spacing_y": 3.0,
  "spacing_z": 3.299999952316284,
  "spikes_num": 0,
  "summary_bg_k": 67.70799211932358,
  "summary_bg_mad": 2.546823263168335,
  "summary_bg_mean": 224.9477996826172,
  "summary_bg_median": 1.749591588973999,
  "summary_bg_n": 149352.0,
  "summary_bg_p05": 0.005043754982762039,
  "summary_bg_p95": 880.0592987060413,
  "summary_bg_stdv": 1163.33935546875,
  "summary_fg_k": 1.9055213651998493,
  "summary_fg_mad": 4934.0322265625,
  "summary_fg_mean": 25236.943359375,
  "summary_fg_median": 24966.6171875,
  "summary_fg_n": 45802.0,
  "summary_fg_p05": 16924.085546874998,
  "summary_fg_p95": 34181.586328125,
  "summary_fg_stdv": 5608.8125,
  "tsnr": 71.30449676513672
}