{
  "aor": 0.005349876543209876,
  "aqi": 0.004269413271604938,
  "bids_meta": {
    "AcquisitionNumber": 8,
    "BidsifyVersion": "0.3.5",
    "ConversionSoftware": "dcm2niix",
    "ConversionSoftwareVersion": "v1.0.20181125  GCC6.3.0",
    "EchoTime": 0.02762,
    "ImageComments": "piop",
    "ImageOrientationPatientDICOM": [
      0.997443,
      0.0222286,
      0.0679205,
      -0.00835636,
      0.980154,
      -0.198062
    ],
    "Manufacturer": "Philips",
    "NumberOfVolumesDiscardedByScanner": 2,
    "ParallelAcquisitionTechnique": "SENSE",
    "ParallelReductionFactorInPlane": 2,
    "PatientPosition": "HFS",
    "PhaseEncodingDirection": "j",
    "PhilipsRescaleIntercept": 0,
    "PhilipsRescaleSlope": 0.77656,
    "PhilipsScaleSlope": 0.0585737,
    "ProtocolName": "WIPpiopwmSENSE",
    "PulseSequenceType": "gradient echo EPI",
    "ReconMatrixPE": 80,
    "RepetitionTime": 2,
    "SeriesDescription": "ImageMRSERIES",
    "SeriesNumber": 8,
    "SliceEncodingDirection": "k",
    "TaskName": "workingmemory",
    "UsePhilipsFloatNotDisplayScaling": 1,
    "acq_id": "seq",
    "dataset": "unknown",
    "modality": "bold",
    "subject_id": "0202",
    "task_id": "workingmemory"
  },
  "dummy_trs": 0,
  "dvars_nstd": 25.345268853664592,
  "dvars_std": 1.3260965072670807,
  "dvars_vstd": 1.0599350971428578,
  "efc": 0.4221974189192167,
  "fber": 127195032.0,
  "fd_mean": 0.15101089047689023,
  "fd_num": 35,
  "fd_perc": 21.604938271604937,
  "fwhm_avg": 2.38131778830159,
  "fwhm_x": 2.370233333333333,
  "fwhm_y": 2.5887866666666666,
  "fwhm_z": 2.1849333649047704,
  "gcor": 0.0190847,
  "gsr_x": -0.004461327567696571,
  "gsr_y": 0.004639122635126114,
  "provenance": {
    "md5sum": "5838f731d35961497de951a35e1c12b9",
    "settings": {
      "fd_thres": 0.2,
      "hmc_fsl": false
    },
    "software": "mriqc",
    "version": "0.15.0",
    "webapi_port": null,
    "webapi_url": "https://mriqc.nimh.nih.gov/api/v1"
  },
  "size_t": 162,
  "size_x": 80,
  "size_y": 80,
  "size_z": 37,
  "snr": 4.450897869807625,
  "spacing_tr": 2.0,
  "spacing_x": 3.0,
  "spacing_y": 3.0,
  "spacing_z": 3.299999952316284,
  "spikes_num": 10,
  "summary_bg_k": 66.06478421421927,
  "summary_bg_mad": 2.9195446968078613,
  "summary_bg_mean": 226.34474182128906,
  "summary_bg_median": 1.9757442474365234,
  "summary_bg_n": 149654.0,
  "summary_bg_p05": 0.0007518396712839612,
  "summary_bg_p95": 917.0213989257855,
  "summary_bg_stdv": 1155.6070556640625,
  "summary_fg_k": 1.9185091035248325,
  "summary_fg_mad": 4877.94970703125,
  "summary_fg_mean": 25107.154296875,
  "summary_fg_median": 24856.208984375,
  "summary_fg_n": 45696.0,
  "summary_fg_p05": 16869.833984375,
  "summary_fg_p95": 33956.10546875,
  "summary_fg_stdv": 5584.47705078125,
  "tsnr": 68.51599884033203
}