{
  "aor": 0.0009732244897959183,
  "aqi": 0.005850031428571429,
  "bids_meta": {
    "AcquisitionNumber": 3,
    "BidsifyVersion": "0.3.5",
    "ConversionSoftware": "dcm2niix",
    "ConversionSoftwareVersion": "v1.0.20181125  GCC6.3.0",
    "EchoTime": 0.02762,
    "ImageComments": "piop",
    "ImageOrientationPatientDICOM": [
      0.997443,
      0.0222286,
      0.0679205,
      -0.00835636,
      0.980154,
      -0.198062
    ],
    "Manufacturer": "Philips",
    "NumberOfVolumesDiscardedByScanner": 2,
    "ParallelAcquisitionTechnique": "SENSE",
    "ParallelReductionFactorInPlane": 2,
    "PatientPosition": "HFS",
    "PhaseEncodingDirection": "j",
    "PhilipsRescaleIntercept": 0,
    "PhilipsRescaleSlope": 0.76777,
    "PhilipsScaleSlope": 0.0588988,
    "ProtocolName": "WIPpiopgstroopSENSE",
    "PulseSequenceType": "gradient echo EPI",
    "ReconMatrixPE": 80,
    "RepetitionTime": 2,
    "SeriesDescription": "ImageMRSERIES",
    "SeriesNumber": 3,
    "SliceEncodingDirection": "k",
    "TaskName": "gstroop",
    "UsePhilipsFloatNotDisplayScaling": 1,
    "acq_id": "seq",
    "dataset": "unknown",
    "modality": "bold",
    "subject_id": "0202",
    "task_id": "gstroop"
  },
  "dummy_trs": 0,
  "dvars_nstd": 23.730842965491803,
  "dvars_std": 1.2015797712704916,
  "dvars_vstd": 0.9528226503278684,
  "efc": 0.42351187115122874,
  "fber": 121784328.0,
  "fd_mean": 0.12816238103775499,
  "fd_num": 30,
  "fd_perc": 12.244897959183673,
  "fwhm_avg": 2.3836797075434846,
  "fwhm_x": 2.36702,
  "fwhm_y": 2.5887100000000003,
  "fwhm_z": 2.1953091226304533,
  "gcor": 0.0227931,
  "gsr_x": -0.0044030435383319855,
  "gsr_y": 0.0049548065289855,
  "provenance": {
    "md5sum": "b7e7d27fa285cc2e5014f7ae7c365a68",
    "settings": {
      "fd_thres": 0.2,
      "hmc_fsl": false
    },
    "software": "mriqc",
    "version": "0.15.0",
    "webapi_port": null,
    "webapi_url": "https://mriqc.nimh.nih.gov/api/v1"
  },
  "size_t": 245,
  "size_x": 80,
  "size_y": 80,
  "size_z": 37,
  "snr": 4.432721495614743,
  "spacing_tr": 2.0,
  "spacing_x": 3.0,
  "spacing_y": 3.0,
  "spacing_z": 3.299999952316284,
  "spikes_num": 1,
  "summary_bg_k": 70.22646048401951,
  "summary_bg_mad": 2.9804112911224365,
  "summary_bg_mean": 228.32557678222656,
  "summary_bg_median": 2.054288864135742,
  "summary_bg_n": 149333.0,
  "summary_bg_p05": 0.01723567396402359,
  "summary_bg_p95": 886.2441772460902,
  "summary_bg_stdv": 1167.8902587890625,
  "summary_fg_k": 2.0895867594416933,
  "summary_fg_mad": 4876.46875,
  "summary_fg_mean": 25280.318359375,
  "summary_fg_median": 25023.09765625,
  "summary_fg_n": 45954.0,
  "summary_fg_p05": 16927.9189453125,
  "summary_fg_p95": 34106.7169921875,
  "summary_fg_stdv": 5645.025390625,
  "tsnr": 61.89263916015625
}