{
  "aor": 0.0021463703703703705,
  "aqi": 0.004949458814814814,
  "bids_meta": {
    "AcquisitionNumber": 5,
    "BidsifyVersion": "0.3.5",
    "ConversionSoftware": "dcm2niix",
    "ConversionSoftwareVersion": "v1.0.20181125  GCC6.3.0",
    "EchoTime": 0.02762,
    "ImageComments": "PIOP",
    "ImageOrientationPatientDICOM": [
      0.999204,
      -0.0252085,
      0.0309255,
      0.030703,
      0.980813,
      -0.192519
    ],
    "Manufacturer": "Philips",
    "NumberOfVolumesDiscardedByScanner": 2,
    "ParallelAcquisitionTechnique": "SENSE",
    "ParallelReductionFactorInPlane": 2,
    "PatientPosition": "HFS",
    "PhaseEncodingDirection": "j",
    "PhilipsRescaleIntercept": 0,
    "PhilipsRescaleSlope": 0.83346,
    "PhilipsScaleSlope": 0.0603098,
    "ProtocolName": "WIPpiopharririSENSE",
    "PulseSequenceType": "gradient echo EPI",
    "ReconMatrixPE": 80,
    "RepetitionTime": 2,
    "SeriesDescription": "ImageMRSERIES",
    "SeriesNumber": 5,
    "SliceEncodingDirection": "k",
    "TaskName": "emomatching",
    "UsePhilipsFloatNotDisplayScaling": 1,
    "acq_id": "seq",
    "dataset": "unknown",
    "modality": "bold",
    "subject_id": "0047",
    "task_id": "emomatching"
  },
  "dummy_trs": 0,
  "dvars_nstd": 25.188830802910452,
  "dvars_std": 1.2500751816417912,
  "dvars_vstd": 1.0121750838805974,
  "efc": 0.4088662818429441,
  "fber": 280645568.0,
  "fd_mean": 0.15326362843820257,
  "fd_num": 31,
  "fd_perc": 22.962962962962962,
  "fwhm_avg": 2.2534892017455257,
  "fwhm_x": 2.2720433333333334,
  "fwhm_y": 2.4483,
  "fwhm_z": 2.040124271903244,
  "gcor": 0.0421486,
  "gsr_x": -0.004828656557947397,
  "gsr_y": 0.005940136965364218,
  "provenance": {
    "md5sum": "b4948522a1fbc5127db8b893f7150f64",
    "settings": {
      "fd_thres": 0.2,
      "hmc_fsl": false
    },
    "software": "mriqc",
    "version": "0.15.0",
    "webapi_port": null,
    "webapi_url": "https://mriqc.nimh.nih.gov/api/v1"
  },
  "size_t": 135,
  "size_x": 80,
  "size_y": 80,
  "size_z": 37,
  "snr": 4.426372054294756,
  "spacing_tr": 2.0,
  "spacing_x": 3.0,
  "spacing_y": 3.0,
  "spacing_z": 3.299999952316284,
  "spikes_num": 4,
  "summary_bg_k": 122.38522123377577,
  "summary_bg_mad": 1.7733392715454102,
  "summary_bg_mean": 147.8542938232422,
  "summary_bg_median": 1.220616102218628,
  "summary_bg_n": 152224.0,
  "summary_bg_p05": 0.006270895944908263,
  "summary_bg_p95": 724.8543273925801,
  "summary_bg_stdv": 802.1676025390625,
  "summary_fg_k": 2.2229417547437933,
  "summary_fg_mad": 3989.865234375,
  "summary_fg_mean": 22014.158203125,
  "summary_fg_median": 21602.64453125,
  "summary_fg_n": 43186.0,
  "summary_fg_p05": 15145.04443359375,
  "summary_fg_p95": 30277.61669921875,
  "summary_fg_stdv": 4880.3837890625,
  "tsnr": 66.57650756835938
}