{
  "aor": 0.0006469908814589668,
  "aqi": 0.007634567811550152,
  "bids_meta": {
    "AcquisitionNumber": 2,
    "BidsifyVersion": "0.3.5",
    "ConversionSoftware": "dcm2niix",
    "ConversionSoftwareVersion": "v1.0.20181125  GCC6.3.0",
    "EchoTime": 0.02762,
    "ImageComments": "Piop",
    "ImageOrientationPatientDICOM": [
      0.997841,
      0.0587507,
      0.0293384,
      -0.0426943,
      0.919854,
      -0.38993
    ],
    "Manufacturer": "Philips",
    "NumberOfVolumesDiscardedByScanner": 2,
    "ParallelAcquisitionTechnique": "SENSE",
    "ParallelReductionFactorInPlane": 2,
    "PatientPosition": "HFS",
    "PhaseEncodingDirection": "j",
    "PhilipsRescaleIntercept": 0,
    "PhilipsRescaleSlope": 0.78559,
    "PhilipsScaleSlope": 0.0795254,
    "ProtocolName": "WIPpiopfacesSENSE",
    "PulseSequenceType": "gradient echo EPI",
    "ReconMatrixPE": 80,
    "RepetitionTime": 0.75,
    "SeriesDescription": "ImageMRSERIES",
    "SeriesNumber": 2,
    "SliceEncodingDirection": "k",
    "TaskName": "faces",
    "UsePhilipsFloatNotDisplayScaling": 1,
    "acq_id": "mb3",
    "dataset": "unknown",
    "modality": "bold",
    "subject_id": "0179",
    "task_id": "faces"
  },
  "dummy_trs": 1,
  "dvars_nstd": 33.93179131682931,
  "dvars_std": 1.2808456063719496,
  "dvars_vstd": 1.003238794786586,
  "efc": 0.42491441140446595,
  "fber": 856608704.0,
  "fd_mean": 0.07568881163097983,
  "fd_num": 6,
  "fd_perc": 1.8237082066869301,
  "fwhm_avg": 2.3996224348715294,
  "fwhm_x": 2.3625000000000003,
  "fwhm_y": 2.6295733333333335,
  "fwhm_z": 2.2067939712812534,
  "gcor": 0.0226206,
  "gsr_x": -0.001388196018524468,
  "gsr_y": 0.004751819185912609,
  "provenance": {
    "md5sum": "ba07a5871d404174e87aa11203c4a1f0",
    "settings": {
      "fd_thres": 0.2,
      "hmc_fsl": false
    },
    "software": "mriqc",
    "version": "0.15.0",
    "webapi_port": null,
    "webapi_url": "https://mriqc.nimh.nih.gov/api/v1"
  },
  "size_t": 329,
  "size_x": 80,
  "size_y": 80,
  "size_z": 36,
  "snr": 4.865070199976919,
  "spacing_tr": 0.75,
  "spacing_x": 3.0,
  "spacing_y": 3.0,
  "spacing_z": 3.299999952316284,
  "spikes_num": 1,
  "summary_bg_k": 52.07687377802282,
  "summary_bg_mad": 0.8222182393074036,
  "summary_bg_mean": 211.50164794921875,
  "summary_bg_median": 0.5619841814041138,
  "summary_bg_n": 145224.0,
  "summary_bg_p05": 0.0033530856249853968,
  "summary_bg_p95": 997.9364013671907,
  "summary_bg_stdv": 1068.1531982421875,
  "summary_fg_k": 1.9034821112038474,
  "summary_fg_mad": 3341.49169921875,
  "summary_fg_mean": 18678.19921875,
  "summary_fg_median": 18786.48046875,
  "summary_fg_n": 43690.0,
  "summary_fg_p05": 12509.551855468751,
  "summary_fg_p95": 24497.812109375,
  "summary_fg_stdv": 3861.458251953125,
  "tsnr": 48.69719314575195
}