{
  "aor": 0.0032427407407407405,
  "aqi": 0.005562547555555557,
  "bids_meta": {
    "AcquisitionNumber": 5,
    "BidsifyVersion": "0.3.5",
    "ConversionSoftware": "dcm2niix",
    "ConversionSoftwareVersion": "v1.0.20181125  GCC6.3.0",
    "EchoTime": 0.02762,
    "ImageComments": "Piop",
    "ImageOrientationPatientDICOM": [
      0.997841,
      0.0587507,
      0.0293384,
      -0.0426943,
      0.919854,
      -0.38993
    ],
    "Manufacturer": "Philips",
    "NumberOfVolumesDiscardedByScanner": 2,
    "ParallelAcquisitionTechnique": "SENSE",
    "ParallelReductionFactorInPlane": 2,
    "PatientPosition": "HFS",
    "PhaseEncodingDirection": "j",
    "PhilipsRescaleIntercept": 0,
    "PhilipsRescaleSlope": 0.80317,
    "PhilipsScaleSlope": 0.0534087,
    "ProtocolName": "WIPpiopharririSENSE",
    "PulseSequenceType": "gradient echo EPI",
    "ReconMatrixPE": 80,
    "RepetitionTime": 2,
    "SeriesDescription": "ImageMRSERIES",
    "SeriesNumber": 5,
    "SliceEncodingDirection": "k",
    "TaskName": "emomatching",
    "UsePhilipsFloatNotDisplayScaling": 1,
    "acq_id": "seq",
    "dataset": "unknown",
    "modality": "bold",
    "subject_id": "0179",
    "task_id": "emomatching"
  },
  "dummy_trs": 0,
  "dvars_nstd": 28.904849408358203,
  "dvars_std": 1.459762329104477,
  "dvars_vstd": 1.0284820737313431,
  "efc": 0.4208032611450377,
  "fber": 200693776.0,
  "fd_mean": 0.10815472891083151,
  "fd_num": 13,
  "fd_perc": 9.62962962962963,
  "fwhm_avg": 2.30798213154136,
  "fwhm_x": 2.2593366666666665,
  "fwhm_y": 2.5200733333333334,
  "fwhm_z": 2.14453639462408,
  "gcor": 0.0451699,
  "gsr_x": -0.0008128334302455187,
  "gsr_y": 0.005943699739873409,
  "provenance": {
    "md5sum": "667ae4fcdf095ae789f0594048ba9bf9",
    "settings": {
      "fd_thres": 0.2,
      "hmc_fsl": false
    },
    "software": "mriqc",
    "version": "0.15.0",
    "webapi_port": null,
    "webapi_url": "https://mriqc.nimh.nih.gov/api/v1"
  },
  "size_t": 135,
  "size_x": 80,
  "size_y": 80,
  "size_z": 37,
  "snr": 4.349311405835761,
  "spacing_tr": 2.0,
  "spacing_x": 3.0,
  "spacing_y": 3.0,
  "spacing_z": 3.299999952316284,
  "spikes_num": 2,
  "summary_bg_k": 52.894445239273715,
  "summary_bg_mad": 2.2680249214172363,
  "summary_bg_mean": 284.9056091308594,
  "summary_bg_median": 1.5446090698242188,
  "summary_bg_n": 149929.0,
  "summary_bg_p05": 0.005088016111403704,
  "summary_bg_p95": 1233.0639404296946,
  "summary_bg_stdv": 1436.849365234375,
  "summary_fg_k": 1.962472647382424,
  "summary_fg_mad": 4795.7666015625,
  "summary_fg_mean": 25153.82421875,
  "summary_fg_median": 24840.98828125,
  "summary_fg_n": 44606.0,
  "summary_fg_p05": 16680.59228515625,
  "summary_fg_p95": 34347.9501953125,
  "summary_fg_stdv": 5711.412109375,
  "tsnr": 63.184112548828125
}