{
    "Manufacturer": "Philips",
    "PatientPosition": "HFS",
    "SeriesDescription": "ImageMRSERIES",
    "ProtocolName": "WIPt13dSENSE",
    "SeriesNumber": 4,
    "AcquisitionNumber": 4,
    "ImageComments": "Piop",
    "PhilipsRescaleSlope": 8.8188,
    "PhilipsRescaleIntercept": 0,
    "PhilipsScaleSlope": 0.00713674,
    "UsePhilipsFloatNotDisplayScaling": 1,
    "EchoTime": 0.00374,
    "RepetitionTime": 0.008196,
    "ReconMatrixPE": 240,
    "ImageOrientationPatientDICOM": [
        0.998285,
        0.0314414,
        -0.0493777,
        -0.0317212,
        0.999485,
        -0.00489192
    ],
    "ConversionSoftware": "dcm2niix",
    "ConversionSoftwareVersion": "v1.0.20181125  GCC6.3.0",
    "BidsifyVersion": "0.3.5"
}