{
    "Manufacturer": "Philips",
    "PatientPosition": "HFS",
    "SeriesDescription": "ImageMRSERIES",
    "ProtocolName": "WIPt13dSENSE",
    "SeriesNumber": 4,
    "AcquisitionNumber": 4,
    "ImageComments": "PIOP",
    "PhilipsRescaleSlope": 10.1158,
    "PhilipsRescaleIntercept": 0,
    "PhilipsScaleSlope": 0.00767692,
    "UsePhilipsFloatNotDisplayScaling": 1,
    "EchoTime": 0.00374,
    "RepetitionTime": 0.008202,
    "ReconMatrixPE": 240,
    "ImageOrientationPatientDICOM": [
        0.998914,
        0.00277369,
        -0.0464993,
        -0.00400992,
        0.99964,
        -0.0265139
    ],
    "ConversionSoftware": "dcm2niix",
    "ConversionSoftwareVersion": "v1.0.20181125  GCC6.3.0",
    "BidsifyVersion": "0.3.5"
}