{
  "bids_meta": {
    "AcquisitionNumber": 4,
    "BidsifyVersion": "0.3.5",
    "ConversionSoftware": "dcm2niix",
    "ConversionSoftwareVersion": "v1.0.20181125  GCC6.3.0",
    "EchoTime": 0.00378,
    "ImageComments": "Piop",
    "ImageOrientationPatientDICOM": [
      0.999423,
      0.0339338,
      -0.00116744,
      -0.0338528,
      0.993208,
      -0.11132
    ],
    "Manufacturer": "Philips",
    "PatientPosition": "HFS",
    "PhilipsRescaleIntercept": 0,
    "PhilipsRescaleSlope": 9.18486,
    "PhilipsScaleSlope": 0.00686815,
    "ProtocolName": "WIPt13dSENSE",
    "ReconMatrixPE": 240,
    "RepetitionTime": 0.008228,
    "SeriesDescription": "ImageMRSERIES",
    "SeriesNumber": 4,
    "UsePhilipsFloatNotDisplayScaling": 1,
    "dataset": "unknown",
    "modality": "T1w",
    "subject_id": "0193"
  },
  "cjv": 0.3254907358650468,
  "cnr": 3.7861177530506462,
  "efc": 0.7796560488032952,
  "fber": 1227.6575927734375,
  "fwhm_avg": 3.3892,
  "fwhm_x": 3.41333,
  "fwhm_y": 3.49091,
  "fwhm_z": 3.26336,
  "icvs_csf": 0.20815369194790678,
  "icvs_gm": 0.4333176102497525,
  "icvs_wm": 0.35852869780234065,
  "inu_med": 0.8434538245201111,
  "inu_range": 0.3011997491121292,
  "provenance": {
    "md5sum": "dcba736ea87c9deeb2a090cc74c5875c",
    "settings": {
      "testing": false
    },
    "software": "mriqc",
    "version": "0.15.0",
    "warnings": {
      "large_rot_frame": true,
      "small_air_mask": true
    },
    "webapi_port": null,
    "webapi_url": "https://mriqc.nimh.nih.gov/api/v1"
  },
  "qi_1": 0.0,
  "qi_2": 0.0001578529638494706,
  "rpve_csf": 25.296679406923257,
  "rpve_gm": 13.070456799419405,
  "rpve_wm": 19.93619543353269,
  "size_x": 240,
  "size_y": 240,
  "size_z": 220,
  "snr_csf": 2.124217472384421,
  "snr_gm": 6.721456216767378,
  "snr_total": 8.703150772336363,
  "snr_wm": 17.263778627857285,
  "snrd_csf": 20.099830289167873,
  "snrd_gm": 37.74580567350985,
  "snrd_total": 40.37824483112809,
  "snrd_wm": 63.28909853070657,
  "spacing_x": 1.0,
  "spacing_y": 1.0,
  "spacing_z": 1.0,
  "summary_bg_k": 5.786997603168526,
  "summary_bg_mad": 10.3515043258667,
  "summary_bg_mean": 13.773131370544434,
  "summary_bg_median": 13.952149391174316,
  "summary_bg_n": 90948.0,
  "summary_bg_p05": 0.0,
  "summary_bg_p95": 35.122704887390135,
  "summary_bg_stdv": 11.632610321044922,
  "summary_csf_k": 46.00781416398575,
  "summary_csf_mad": 122.11334228515625,
  "summary_csf_mean": 300.1903076171875,
  "summary_csf_median": 317.5880432128906,
  "summary_csf_n": 5000.0,
  "summary_csf_p05": 85.0102653503418,
  "summary_csf_p95": 462.8769226074219,
  "summary_csf_stdv": 149.49330139160156,
  "summary_gm_k": 0.500886204060071,
  "summary_gm_mad": 79.69023132324219,
  "summary_gm_mean": 600.9588623046875,
  "summary_gm_median": 596.4038696289062,
  "summary_gm_n": 18745.0,
  "summary_gm_p05": 459.9439392089844,
  "summary_gm_p95": 758.0007568359374,
  "summary_gm_stdv": 88.7289810180664,
  "summary_wm_k": 1.038475153275888,
  "summary_wm_mad": 51.677066802978516,
  "summary_wm_mean": 995.9026489257812,
  "summary_wm_median": 1000.0015258789062,
  "summary_wm_n": 200291.0,
  "summary_wm_p05": 892.6674499511719,
  "summary_wm_p95": 1082.6160278320312,
  "summary_wm_stdv": 57.92469024658203,
  "tpm_overlap_csf": 0.1934918612241745,
  "tpm_overlap_gm": 0.501402735710144,
  "tpm_overlap_wm": 0.5427418351173401,
  "wm2max": 0.6004485830542394
}