{
    "Manufacturer": "Philips",
    "PatientPosition": "HFS",
    "SeriesDescription": "ImageMRSERIES",
    "ProtocolName": "WIPt13dSENSE",
    "SeriesNumber": 4,
    "AcquisitionNumber": 4,
    "ImageComments": "piop",
    "PhilipsRescaleSlope": 9.11429,
    "PhilipsRescaleIntercept": 0,
    "PhilipsScaleSlope": 0.00739248,
    "UsePhilipsFloatNotDisplayScaling": 1,
    "EchoTime": 0.00389,
    "RepetitionTime": 0.008374,
    "ReconMatrixPE": 240,
    "ImageOrientationPatientDICOM": [
        0.990036,
        0.140795,
        0.00227663,
        -0.139141,
        0.975662,
        0.169478
    ],
    "ConversionSoftware": "dcm2niix",
    "ConversionSoftwareVersion": "v1.0.20181125  GCC6.3.0",
    "BidsifyVersion": "0.3.5"
}