{
  "bids_meta": {
    "AcquisitionNumber": 4,
    "BidsifyVersion": "0.3.5",
    "ConversionSoftware": "dcm2niix",
    "ConversionSoftwareVersion": "v1.0.20181125  GCC6.3.0",
    "EchoTime": 0.00377,
    "ImageComments": "Piop",
    "ImageOrientationPatientDICOM": [
      0.999437,
      0.0328974,
      0.00658437,
      -0.0333294,
      0.996022,
      0.0826347
    ],
    "Manufacturer": "Philips",
    "PatientPosition": "HFS",
    "PhilipsRescaleIntercept": 0,
    "PhilipsRescaleSlope": 9.1453,
    "PhilipsScaleSlope": 0.00709183,
    "ProtocolName": "WIPt13dSENSE",
    "ReconMatrixPE": 240,
    "RepetitionTime": 0.008197,
    "SeriesDescription": "ImageMRSERIES",
    "SeriesNumber": 4,
    "UsePhilipsFloatNotDisplayScaling": 1,
    "dataset": "unknown",
    "modality": "T1w",
    "subject_id": "0215"
  },
  "cjv": 0.3575992221206776,
  "cnr": 3.6277217775972392,
  "efc": 0.7745430678958128,
  "fber": 1192.7227783203125,
  "fwhm_avg": 4.214433333333333,
  "fwhm_x": 3.83488,
  "fwhm_y": 4.28392,
  "fwhm_z": 4.5245,
  "icvs_csf": 0.2541084625846962,
  "icvs_gm": 0.4027623113141342,
  "icvs_wm": 0.3431292261011696,
  "inu_med": 0.6032470464706421,
  "inu_range": 0.22331202030181885,
  "provenance": {
    "md5sum": "381aa8cb329a7f2b100803dcc6b9d229",
    "settings": {
      "testing": false
    },
    "software": "mriqc",
    "version": "0.15.0",
    "warnings": {
      "large_rot_frame": true,
      "small_air_mask": true
    },
    "webapi_port": null,
    "webapi_url": "https://mriqc.nimh.nih.gov/api/v1"
  },
  "qi_1": 0.0,
  "qi_2": 0.00021993790284553777,
  "rpve_csf": 29.34185851235043,
  "rpve_gm": 17.937052893801035,
  "rpve_wm": 26.226143595056367,
  "size_x": 240,
  "size_y": 240,
  "size_z": 220,
  "snr_csf": 2.6979048837998048,
  "snr_gm": 7.98376863783529,
  "snr_total": 9.552734619274212,
  "snr_wm": 17.97653033618754,
  "snrd_csf": 19.089180629354257,
  "snrd_gm": 36.921929830169866,
  "snrd_total": 37.86964527928902,
  "snrd_wm": 57.59782537834292,
  "spacing_x": 1.0,
  "spacing_y": 1.0,
  "spacing_z": 1.0,
  "summary_bg_k": 2.344333174010444,
  "summary_bg_mad": 11.374342918395996,
  "summary_bg_mean": 18.180824279785156,
  "summary_bg_median": 15.25971508026123,
  "summary_bg_n": 103613.0,
  "summary_bg_p05": 0.0,
  "summary_bg_p95": 45.96584701538086,
  "summary_bg_stdv": 15.83209228515625,
  "summary_csf_k": -0.6069241929375275,
  "summary_csf_mad": 125.90907287597656,
  "summary_csf_mean": 311.2936096191406,
  "summary_csf_median": 331.42242431640625,
  "summary_csf_n": 14713.0,
  "summary_csf_p05": 96.5168441772461,
  "summary_csf_p95": 489.53944091796876,
  "summary_csf_stdv": 122.84019470214844,
  "summary_gm_k": 0.08489130713824311,
  "summary_gm_mad": 79.99288177490234,
  "summary_gm_mean": 644.9014892578125,
  "summary_gm_median": 641.0309448242188,
  "summary_gm_n": 16846.0,
  "summary_gm_p05": 519.1211547851562,
  "summary_gm_p95": 783.5283355712891,
  "summary_gm_stdv": 80.28939056396484,
  "summary_wm_k": 3.3523918653997296,
  "summary_wm_mad": 48.37474060058594,
  "summary_wm_mean": 995.98388671875,
  "summary_wm_median": 1000.0015869140625,
  "summary_wm_n": 156888.0,
  "summary_wm_p05": 896.8900299072266,
  "summary_wm_p95": 1077.542791748047,
  "summary_wm_stdv": 55.62799835205078,
  "tpm_overlap_csf": 0.2148015797138214,
  "tpm_overlap_gm": 0.5017656683921814,
  "tpm_overlap_wm": 0.5710431933403015,
  "wm2max": 0.6432089173627931
}