{
  "bids_meta": {
    "AcquisitionNumber": 4,
    "BidsifyVersion": "0.3.5",
    "ConversionSoftware": "dcm2niix",
    "ConversionSoftwareVersion": "v1.0.20181125  GCC6.3.0",
    "EchoTime": 0.00373,
    "ImageComments": "piop",
    "ImageOrientationPatientDICOM": [
      0.999394,
      0.00737439,
      -0.0340085,
      -0.0054073,
      0.998327,
      0.0575746
    ],
    "Manufacturer": "Philips",
    "PatientPosition": "HFS",
    "PhilipsRescaleIntercept": 0,
    "PhilipsRescaleSlope": 8.56215,
    "PhilipsScaleSlope": 0.00701642,
    "ProtocolName": "WIPt13dSENSE",
    "ReconMatrixPE": 240,
    "RepetitionTime": 0.008163,
    "SeriesDescription": "ImageMRSERIES",
    "SeriesNumber": 4,
    "UsePhilipsFloatNotDisplayScaling": 1,
    "dataset": "unknown",
    "modality": "T1w",
    "subject_id": "0090"
  },
  "cjv": 0.3228874981547432,
  "cnr": 3.797613400312079,
  "efc": 0.7587729699838186,
  "fber": 660.927978515625,
  "fwhm_avg": 3.8145897065385532,
  "fwhm_x": 3.7064495581567813,
  "fwhm_y": 4.05857,
  "fwhm_z": 3.6787495614588783,
  "icvs_csf": 0.2833774813074782,
  "icvs_gm": 0.35085764586213325,
  "icvs_wm": 0.36576487283038855,
  "inu_med": 0.9039372205734253,
  "inu_range": 0.22340322732925422,
  "provenance": {
    "md5sum": "17aac45f68b23f1f82a4ce0d4809c2bf",
    "settings": {
      "testing": false
    },
    "software": "mriqc",
    "version": "0.15.0",
    "warnings": {
      "large_rot_frame": true,
      "small_air_mask": true
    },
    "webapi_port": null,
    "webapi_url": "https://mriqc.nimh.nih.gov/api/v1"
  },
  "qi_1": 0.0,
  "qi_2": 0.00035252608437185323,
  "rpve_csf": 25.259999155553142,
  "rpve_gm": 17.739286580513937,
  "rpve_wm": 23.969465387772473,
  "size_x": 240,
  "size_y": 240,
  "size_z": 220,
  "snr_csf": 3.658498715386792,
  "snr_gm": 8.384729394855176,
  "snr_total": 11.466270305377291,
  "snr_wm": 22.355582805889902,
  "snrd_csf": 23.138229023531363,
  "snrd_gm": 48.01241395774278,
  "snrd_total": 48.113688327315764,
  "snrd_wm": 73.19042200067312,
  "spacing_x": 1.0000001192092896,
  "spacing_y": 1.0,
  "spacing_z": 1.0000001192092896,
  "summary_bg_k": 2.063678716907436,
  "summary_bg_mad": 8.950904846191406,
  "summary_bg_mean": 10.636418342590332,
  "summary_bg_median": 6.066549777984619,
  "summary_bg_n": 42098.0,
  "summary_bg_p05": 0.0,
  "summary_bg_p95": 29.855399799346923,
  "summary_bg_stdv": 9.189284324645996,
  "summary_csf_k": 0.5567464658109245,
  "summary_csf_mad": 75.57210540771484,
  "summary_csf_mean": 307.1612243652344,
  "summary_csf_median": 316.1297302246094,
  "summary_csf_n": 8346.0,
  "summary_csf_p05": 139.8703956604004,
  "summary_csf_p95": 433.5451202392578,
  "summary_csf_stdv": 86.40451049804688,
  "summary_gm_k": 0.42388910248195133,
  "summary_gm_mad": 70.78448486328125,
  "summary_gm_mean": 659.6278686523438,
  "summary_gm_median": 655.9772338867188,
  "summary_gm_n": 9050.0,
  "summary_gm_p05": 534.1102752685547,
  "summary_gm_p95": 798.5267242431639,
  "summary_gm_stdv": 78.23043060302734,
  "summary_wm_k": 1.1463525860903347,
  "summary_wm_mad": 40.2883415222168,
  "summary_wm_mean": 998.9880981445312,
  "summary_wm_median": 999.9757690429688,
  "summary_wm_n": 184183.0,
  "summary_wm_p05": 925.171142578125,
  "summary_wm_p95": 1069.7014404296874,
  "summary_wm_stdv": 44.730350494384766,
  "tpm_overlap_csf": 0.16527625918388367,
  "tpm_overlap_gm": 0.4443051815032959,
  "tpm_overlap_wm": 0.5782715678215027,
  "wm2max": 0.7628073147469917
}