{
  "aor": 0.0006638499999999999,
  "aqi": 0.00372739475,
  "bids_meta": {
    "AcquisitionNumber": 10,
    "BidsifyVersion": "0.3.5",
    "ConversionSoftware": "dcm2niix",
    "ConversionSoftwareVersion": "v1.0.20181125  GCC6.3.0",
    "EchoTime": 0.02762,
    "EffectiveEchoSpacing": 0.0006621159151938905,
    "ImageComments": "piop",
    "ImageOrientationPatientDICOM": [
      0.996469,
      0.0794388,
      0.0271764,
      -0.0756245,
      0.989834,
      -0.120459
    ],
    "Manufacturer": "Philips",
    "NumberOfVolumesDiscardedByScanner": 2,
    "ParallelAcquisitionTechnique": "SENSE",
    "ParallelReductionFactorInPlane": 2,
    "PatientPosition": "HFS",
    "PhaseEncodingDirection": "j",
    "PhilipsRescaleIntercept": 0,
    "PhilipsRescaleSlope": 0.76166,
    "PhilipsScaleSlope": 0.0501081,
    "ProtocolName": "WIPpiopanticipatieSENSE",
    "PulseSequenceType": "gradient echo EPI",
    "ReconMatrixPE": 80,
    "RepetitionTime": 2,
    "SeriesDescription": "ImageMRSERIES",
    "SeriesNumber": 10,
    "SliceEncodingDirection": "k",
    "SliceTiming": [
      0.0,
      0.0541,
      0.1081,
      0.1622,
      0.2162,
      0.2703,
      0.3243,
      0.3784,
      0.4324,
      0.4865,
      0.5405,
      0.5946,
      0.6486,
      0.7027,
      0.7568,
      0.8108,
      0.8649,
      0.9189,
      0.973,
      1.027,
      1.0811,
      1.1351,
      1.1892,
      1.2432,
      1.2973,
      1.3514,
      1.4054,
      1.4595,
      1.5135,
      1.5676,
      1.6216,
      1.6757,
      1.7297,
      1.7838,
      1.8378,
      1.8919,
      1.9459
    ],
    "TaskName": "anticipation",
    "TotalReadoutTime": 0.025822520692561732,
    "UsePhilipsFloatNotDisplayScaling": 1,
    "acq_id": "seq",
    "dataset": "unknown",
    "modality": "bold",
    "subject_id": "0078",
    "task_id": "anticipation"
  },
  "dummy_trs": 0,
  "dvars_nstd": 21.291832660653274,
  "dvars_std": 1.188903993869347,
  "dvars_vstd": 0.9832728332663317,
  "efc": 0.4198038201351197,
  "fber": 669054208.0,
  "fd_mean": 0.08749606292241971,
  "fd_num": 3,
  "fd_perc": 1.5,
  "fwhm_avg": 2.2173045552346697,
  "fwhm_x": 2.1478333333333333,
  "fwhm_y": 2.47355,
  "fwhm_z": 2.030530332370676,
  "gcor": 0.0124366,
  "gsr_x": -0.001675863633863628,
  "gsr_y": 0.0033901503775268793,
  "provenance": {
    "md5sum": "2a37f21ca506fadd0a3b7a4c5241bbce",
    "settings": {
      "fd_thres": 0.2,
      "hmc_fsl": false
    },
    "software": "mriqc",
    "version": "0.15.0",
    "webapi_port": null,
    "webapi_url": "https://mriqc.nimh.nih.gov/api/v1"
  },
  "size_t": 200,
  "size_x": 80,
  "size_y": 80,
  "size_z": 37,
  "snr": 4.446691075051836,
  "spacing_tr": 2.0,
  "spacing_x": 3.0,
  "spacing_y": 3.0,
  "spacing_z": 3.299999952316284,
  "spikes_num": 0,
  "summary_bg_k": 110.17733790051376,
  "summary_bg_mad": 1.4228320121765137,
  "summary_bg_mean": 288.8346252441406,
  "summary_bg_median": 0.970705509185791,
  "summary_bg_n": 150806.0,
  "summary_bg_p05": 0.003841508529148996,
  "summary_bg_p95": 1204.0096740722656,
  "summary_bg_stdv": 1519.5670166015625,
  "summary_fg_k": 2.2401448570810345,
  "summary_fg_mad": 5028.72900390625,
  "summary_fg_mean": 27575.6796875,
  "summary_fg_median": 27136.357421875,
  "summary_fg_n": 44699.0,
  "summary_fg_p05": 19015.141015625,
  "summary_fg_p95": 37623.40859375,
  "summary_fg_stdv": 6102.52734375,
  "tsnr": 73.50316619873047
}