{
  "aor": 0.0005026666666666667,
  "aqi": 0.001971949481481482,
  "bids_meta": {
    "AcquisitionNumber": 5,
    "BidsifyVersion": "0.3.5",
    "ConversionSoftware": "dcm2niix",
    "ConversionSoftwareVersion": "v1.0.20181125  GCC6.3.0",
    "EchoTime": 0.02762,
    "EffectiveEchoSpacing": 0.0006621159151938905,
    "ImageComments": "Piop",
    "ImageOrientationPatientDICOM": [
      0.999802,
      0.00932127,
      -0.0175807,
      -0.0148335,
      0.938035,
      -0.346222
    ],
    "Manufacturer": "Philips",
    "NumberOfVolumesDiscardedByScanner": 2,
    "ParallelAcquisitionTechnique": "SENSE",
    "ParallelReductionFactorInPlane": 2,
    "PatientPosition": "HFS",
    "PhaseEncodingDirection": "j",
    "PhilipsRescaleIntercept": 0,
    "PhilipsRescaleSlope": 0.78217,
    "PhilipsScaleSlope": 0.0614098,
    "ProtocolName": "WIPpiopharririSENSE",
    "PulseSequenceType": "gradient echo EPI",
    "ReconMatrixPE": 80,
    "RepetitionTime": 2,
    "SeriesDescription": "ImageMRSERIES",
    "SeriesNumber": 5,
    "SliceEncodingDirection": "k",
    "SliceTiming": [
      0.0,
      0.0541,
      0.1081,
      0.1622,
      0.2162,
      0.2703,
      0.3243,
      0.3784,
      0.4324,
      0.4865,
      0.5405,
      0.5946,
      0.6486,
      0.7027,
      0.7568,
      0.8108,
      0.8649,
      0.9189,
      0.973,
      1.027,
      1.0811,
      1.1351,
      1.1892,
      1.2432,
      1.2973,
      1.3514,
      1.4054,
      1.4595,
      1.5135,
      1.5676,
      1.6216,
      1.6757,
      1.7297,
      1.7838,
      1.8378,
      1.8919,
      1.9459
    ],
    "TaskName": "emomatching",
    "TotalReadoutTime": 0.025822520692561732,
    "UsePhilipsFloatNotDisplayScaling": 1,
    "acq_id": "seq",
    "dataset": "unknown",
    "modality": "bold",
    "subject_id": "0056",
    "task_id": "emomatching"
  },
  "dummy_trs": 0,
  "dvars_nstd": 16.81699794074627,
  "dvars_std": 1.0990364593283581,
  "dvars_vstd": 1.0020215076865673,
  "efc": 0.3976974109853543,
  "fber": 5837457920.0,
  "fd_mean": 0.09057620898405769,
  "fd_num": 1,
  "fd_perc": 0.7407407407407407,
  "fwhm_avg": 2.315914353946129,
  "fwhm_x": 2.227323333333333,
  "fwhm_y": 2.5379833333333335,
  "fwhm_z": 2.1824363951717203,
  "gcor": 0.012706,
  "gsr_x": -0.008971530012786388,
  "gsr_y": 0.006730704568326473,
  "provenance": {
    "md5sum": "04a8b6e4bc009302f8b07a04aef11c37",
    "settings": {
      "fd_thres": 0.2,
      "hmc_fsl": false
    },
    "software": "mriqc",
    "version": "0.15.0",
    "webapi_port": null,
    "webapi_url": "https://mriqc.nimh.nih.gov/api/v1"
  },
  "size_t": 135,
  "size_x": 80,
  "size_y": 80,
  "size_z": 37,
  "snr": 4.270313918248521,
  "spacing_tr": 2.0,
  "spacing_x": 3.0,
  "spacing_y": 3.0,
  "spacing_z": 3.299999952316284,
  "spikes_num": 1,
  "summary_bg_k": 114.14821709415888,
  "summary_bg_mad": 0.4083314836025238,
  "summary_bg_mean": 150.11880493164062,
  "summary_bg_median": 0.27690988779067993,
  "summary_bg_n": 154127.0,
  "summary_bg_p05": 0.0006174899754114449,
  "summary_bg_p95": 652.4151977539057,
  "summary_bg_stdv": 891.1976318359375,
  "summary_fg_k": 1.7439166957806282,
  "summary_fg_mad": 4678.3916015625,
  "summary_fg_mean": 23736.2578125,
  "summary_fg_median": 23493.896484375,
  "summary_fg_n": 41538.0,
  "summary_fg_p05": 15216.27822265625,
  "summary_fg_p95": 32540.635449218757,
  "summary_fg_stdv": 5501.61279296875,
  "tsnr": 91.31652069091797
}