{
  "aor": 0.00017236734693877554,
  "aqi": 0.0022284070612244903,
  "bids_meta": {
    "AcquisitionNumber": 3,
    "BidsifyVersion": "0.3.5",
    "ConversionSoftware": "dcm2niix",
    "ConversionSoftwareVersion": "v1.0.20181125  GCC6.3.0",
    "EchoTime": 0.02762,
    "EffectiveEchoSpacing": 0.0006621159151938905,
    "ImageComments": "Piop",
    "ImageOrientationPatientDICOM": [
      0.999802,
      0.00932127,
      -0.0175807,
      -0.0148335,
      0.938035,
      -0.346222
    ],
    "Manufacturer": "Philips",
    "NumberOfVolumesDiscardedByScanner": 2,
    "ParallelAcquisitionTechnique": "SENSE",
    "ParallelReductionFactorInPlane": 2,
    "PatientPosition": "HFS",
    "PhaseEncodingDirection": "j",
    "PhilipsRescaleIntercept": 0,
    "PhilipsRescaleSlope": 0.74115,
    "PhilipsScaleSlope": 0.0632354,
    "ProtocolName": "WIPpiopgstroopSENSE",
    "PulseSequenceType": "gradient echo EPI",
    "ReconMatrixPE": 80,
    "RepetitionTime": 2,
    "SeriesDescription": "ImageMRSERIES",
    "SeriesNumber": 3,
    "SliceEncodingDirection": "k",
    "SliceTiming": [
      0.0,
      0.0541,
      0.1081,
      0.1622,
      0.2162,
      0.2703,
      0.3243,
      0.3784,
      0.4324,
      0.4865,
      0.5405,
      0.5946,
      0.6486,
      0.7027,
      0.7568,
      0.8108,
      0.8649,
      0.9189,
      0.973,
      1.027,
      1.0811,
      1.1351,
      1.1892,
      1.2432,
      1.2973,
      1.3514,
      1.4054,
      1.4595,
      1.5135,
      1.5676,
      1.6216,
      1.6757,
      1.7297,
      1.7838,
      1.8378,
      1.8919,
      1.9459
    ],
    "TaskName": "gstroop",
    "TotalReadoutTime": 0.025822520692561732,
    "UsePhilipsFloatNotDisplayScaling": 1,
    "acq_id": "seq",
    "dataset": "unknown",
    "modality": "bold",
    "subject_id": "0056",
    "task_id": "gstroop"
  },
  "dummy_trs": 0,
  "dvars_nstd": 16.806202911967205,
  "dvars_std": 1.0884961674180318,
  "dvars_vstd": 0.988003654221311,
  "efc": 0.3984073416816335,
  "fber": 3414709760.0,
  "fd_mean": 0.09099458345927379,
  "fd_num": 1,
  "fd_perc": 0.40816326530612246,
  "fwhm_avg": 2.28768910126574,
  "fwhm_x": 2.19503,
  "fwhm_y": 2.51781,
  "fwhm_z": 2.1502273037972204,
  "gcor": 0.0160936,
  "gsr_x": -0.0087056215852499,
  "gsr_y": 0.005898818839341402,
  "provenance": {
    "md5sum": "4e278e00d75d76d576b16568edf9ea04",
    "settings": {
      "fd_thres": 0.2,
      "hmc_fsl": false
    },
    "software": "mriqc",
    "version": "0.15.0",
    "webapi_port": null,
    "webapi_url": "https://mriqc.nimh.nih.gov/api/v1"
  },
  "size_t": 245,
  "size_x": 80,
  "size_y": 80,
  "size_z": 37,
  "snr": 4.402072641243645,
  "spacing_tr": 2.0,
  "spacing_x": 3.0,
  "spacing_y": 3.0,
  "spacing_z": 3.299999952316284,
  "spikes_num": 0,
  "summary_bg_k": 116.77702300074468,
  "summary_bg_mad": 0.5132748484611511,
  "summary_bg_mean": 149.09506225585938,
  "summary_bg_median": 0.34813258051872253,
  "summary_bg_n": 153999.0,
  "summary_bg_p05": 0.001218030753079802,
  "summary_bg_p95": 651.3358459472657,
  "summary_bg_stdv": 881.5169067382812,
  "summary_fg_k": 1.9277227561810424,
  "summary_fg_mad": 4473.04296875,
  "summary_fg_mean": 23690.712890625,
  "summary_fg_median": 23432.759765625,
  "summary_fg_n": 41539.0,
  "summary_fg_p05": 15547.86181640625,
  "summary_fg_p95": 32188.687304687497,
  "summary_fg_stdv": 5323.0556640625,
  "tsnr": 87.71900177001953
}