{
  "bids_meta": {
    "AcquisitionNumber": 4,
    "BidsifyVersion": "0.3.5",
    "ConversionSoftware": "dcm2niix",
    "ConversionSoftwareVersion": "v1.0.20181125  GCC6.3.0",
    "EchoTime": 0.00376,
    "ImageComments": "piop",
    "ImageOrientationPatientDICOM": [
      0.999109,
      -0.00791752,
      -0.04146,
      0.00366194,
      0.994805,
      -0.10173
    ],
    "Manufacturer": "Philips",
    "PatientPosition": "HFS",
    "PhilipsRescaleIntercept": 0,
    "PhilipsRescaleSlope": 9.25641,
    "PhilipsScaleSlope": 0.00741234,
    "ProtocolName": "WIPt13dSENSE",
    "ReconMatrixPE": 240,
    "RepetitionTime": 0.008225,
    "SeriesDescription": "ImageMRSERIES",
    "SeriesNumber": 4,
    "UsePhilipsFloatNotDisplayScaling": 1,
    "dataset": "unknown",
    "modality": "T1w",
    "subject_id": "0033"
  },
  "cjv": 0.3364156564578079,
  "cnr": 3.670288964012637,
  "efc": 0.744573845303437,
  "fber": 1702.6756591796875,
  "fwhm_avg": 3.7742566666666666,
  "fwhm_x": 3.68304,
  "fwhm_y": 4.03706,
  "fwhm_z": 3.60267,
  "icvs_csf": 0.19872127480995652,
  "icvs_gm": 0.41346611687973434,
  "icvs_wm": 0.3878126083103091,
  "inu_med": 1.6913087368011475,
  "inu_range": 0.40661245584487915,
  "provenance": {
    "md5sum": "fa9bcc700d4890c79fe6e9c7a5f242c6",
    "settings": {
      "testing": false
    },
    "software": "mriqc",
    "version": "0.15.0",
    "warnings": {
      "large_rot_frame": true,
      "small_air_mask": true
    },
    "webapi_port": null,
    "webapi_url": "https://mriqc.nimh.nih.gov/api/v1"
  },
  "qi_1": 0.0,
  "qi_2": 5.215937786034215e-05,
  "rpve_csf": 27.33876349832067,
  "rpve_gm": 14.244364782729198,
  "rpve_wm": 19.61147086607311,
  "size_x": 240,
  "size_y": 240,
  "size_z": 220,
  "snr_csf": 2.041286920575193,
  "snr_gm": 7.192064812997533,
  "snr_total": 10.072459730301171,
  "snr_wm": 20.984027457330786,
  "snrd_csf": 21.9193729177258,
  "snrd_gm": 49.34801048771606,
  "snrd_total": 49.82482831820628,
  "snrd_wm": 78.207101549177,
  "spacing_x": 1.0,
  "spacing_y": 1.0,
  "spacing_z": 1.0,
  "summary_bg_k": 142.4343399291772,
  "summary_bg_mad": 8.376749038696289,
  "summary_bg_mean": 11.80156421661377,
  "summary_bg_median": 11.27032470703125,
  "summary_bg_n": 219097.0,
  "summary_bg_p05": 0.0,
  "summary_bg_p95": 28.737392807006835,
  "summary_bg_stdv": 11.839563369750977,
  "summary_csf_k": -1.1203835878813828,
  "summary_csf_mad": 180.99295043945312,
  "summary_csf_mean": 270.4971008300781,
  "summary_csf_median": 280.2669677734375,
  "summary_csf_n": 7004.0,
  "summary_csf_p05": 69.23177947998047,
  "summary_csf_p95": 473.57286834716797,
  "summary_csf_stdv": 137.2893524169922,
  "summary_gm_k": 0.40990890833576055,
  "summary_gm_mad": 81.46453094482422,
  "summary_gm_mean": 637.7672119140625,
  "summary_gm_median": 630.9768676757812,
  "summary_gm_n": 21634.0,
  "summary_gm_p05": 504.7082244873047,
  "summary_gm_p95": 795.8602630615235,
  "summary_gm_stdv": 87.73033905029297,
  "summary_wm_k": 1.1303498461153723,
  "summary_wm_mad": 42.67286682128906,
  "summary_wm_mean": 998.6705322265625,
  "summary_wm_median": 999.9769287109375,
  "summary_wm_n": 238413.0,
  "summary_wm_p05": 918.6940795898438,
  "summary_wm_p95": 1073.28359375,
  "summary_wm_stdv": 47.65409469604492,
  "tpm_overlap_csf": 0.23231403529644012,
  "tpm_overlap_gm": 0.517788290977478,
  "tpm_overlap_wm": 0.5789231657981873,
  "wm2max": 0.765282980311412
}