{
  "bids_meta": {
    "AcquisitionNumber": 4,
    "BidsifyVersion": "0.3.5",
    "ConversionSoftware": "dcm2niix",
    "ConversionSoftwareVersion": "v1.0.20181125  GCC6.3.0",
    "EchoTime": 0.00378,
    "ImageComments": "Piop",
    "ImageOrientationPatientDICOM": [
      0.999909,
      -0.00798004,
      -0.0109024,
      0.00645722,
      0.991069,
      -0.133195
    ],
    "Manufacturer": "Philips",
    "PatientPosition": "HFS",
    "PhilipsRescaleIntercept": 0,
    "PhilipsRescaleSlope": 9.16313,
    "PhilipsScaleSlope": 0.00731321,
    "ProtocolName": "WIPt13dSENSE",
    "ReconMatrixPE": 240,
    "RepetitionTime": 0.008238,
    "SeriesDescription": "ImageMRSERIES",
    "SeriesNumber": 4,
    "UsePhilipsFloatNotDisplayScaling": 1,
    "dataset": "unknown",
    "modality": "T1w",
    "subject_id": "0148"
  },
  "cjv": 0.3094775736234412,
  "cnr": 4.047249081586515,
  "efc": 0.7789147255620851,
  "fber": 1718.3961181640625,
  "fwhm_avg": 3.586523055474791,
  "fwhm_x": 3.5560295760882403,
  "fwhm_y": 3.76703,
  "fwhm_z": 3.4365095903361333,
  "icvs_csf": 0.1843352708340989,
  "icvs_gm": 0.4423499889493939,
  "icvs_wm": 0.3733147402165072,
  "inu_med": 1.8697980642318726,
  "inu_range": 0.5648316144943233,
  "provenance": {
    "md5sum": "4fefe5868f45f27df6ab897f24814444",
    "settings": {
      "testing": false
    },
    "software": "mriqc",
    "version": "0.15.0",
    "warnings": {
      "large_rot_frame": true,
      "small_air_mask": true
    },
    "webapi_port": null,
    "webapi_url": "https://mriqc.nimh.nih.gov/api/v1"
  },
  "qi_1": 0.0006708554224752929,
  "qi_2": 0.0003996523604839184,
  "rpve_csf": 27.82697856302992,
  "rpve_gm": 13.17512098696674,
  "rpve_wm": 19.162010238310756,
  "size_x": 240,
  "size_y": 240,
  "size_z": 220,
  "snr_csf": 1.5885013127595318,
  "snr_gm": 7.207658654562087,
  "snr_total": 9.653307522010534,
  "snr_wm": 20.16376259870998,
  "snrd_csf": 18.787572823125558,
  "snrd_gm": 43.33592746427519,
  "snrd_total": 44.62999229549725,
  "snrd_wm": 71.766476599091,
  "spacing_x": 1.0000001192092896,
  "spacing_y": 1.0,
  "spacing_z": 1.0000001192092896,
  "summary_bg_k": 111.12483917000816,
  "summary_bg_mad": 9.128554344177246,
  "summary_bg_mean": 9.39566707611084,
  "summary_bg_median": 6.157116413116455,
  "summary_bg_n": 86100.0,
  "summary_bg_p05": 0.0,
  "summary_bg_p95": 25.126769447326662,
  "summary_bg_stdv": 10.13748550415039,
  "summary_csf_k": 31.344567833704986,
  "summary_csf_mad": 149.961669921875,
  "summary_csf_mean": 269.0327453613281,
  "summary_csf_median": 261.78271484375,
  "summary_csf_n": 5062.0,
  "summary_csf_p05": 76.27961540222168,
  "summary_csf_p95": 476.9996765136719,
  "summary_csf_stdv": 164.7822723388672,
  "summary_gm_k": 0.40784644322991204,
  "summary_gm_mad": 78.56452941894531,
  "summary_gm_mean": 609.4031982421875,
  "summary_gm_median": 603.8351440429688,
  "summary_gm_n": 31731.0,
  "summary_gm_p05": 480.76063537597656,
  "summary_gm_p95": 757.8085632324219,
  "summary_gm_stdv": 83.77555847167969,
  "summary_wm_k": 1.2166002005915892,
  "summary_wm_mad": 44.03384780883789,
  "summary_wm_mean": 997.5411987304688,
  "summary_wm_median": 999.9813842773438,
  "summary_wm_n": 222869.0,
  "summary_wm_p05": 912.75712890625,
  "summary_wm_p95": 1073.7505126953124,
  "summary_wm_stdv": 49.5928840637207,
  "tpm_overlap_csf": 0.22669702768325806,
  "tpm_overlap_gm": 0.5340017080307007,
  "tpm_overlap_wm": 0.5808658003807068,
  "wm2max": 0.7485521824705066
}