{
    "Manufacturer": "Philips",
    "PatientPosition": "HFS",
    "SeriesDescription": "ImageMRSERIES",
    "ProtocolName": "WIPdti32v2SENSE",
    "SeriesNumber": 7,
    "AcquisitionNumber": 7,
    "ImageComments": "PioP",
    "PhilipsRescaleSlope": 4.39292,
    "PhilipsRescaleIntercept": 0,
    "PhilipsScaleSlope": 0.0256137,
    "UsePhilipsFloatNotDisplayScaling": 1,
    "EchoTime": 0.08599,
    "RepetitionTime": 7.39022,
    "ReconMatrixPE": 112,
    "ImageOrientationPatientDICOM": [
        0.995535,
        0.0943908,
        4.75161e-06,
        -0.0895497,
        0.944493,
        -0.316092
    ],
    "ConversionSoftware": "dcm2niix",
    "ConversionSoftwareVersion": "v1.0.20181125  GCC6.3.0",
    "BidsifyVersion": "0.3.5",
    "FlipAngle": 90,
    "WaterFatShift": 18.924,
    "ParallelAcquisitionTechnique": "SENSE",
    "ParallelReductionFactorInPlane": 2,
    "PhaseEncodingDirection": "j"
}