{
    "Manufacturer": "Philips",
    "PatientPosition": "HFS",
    "SeriesDescription": "ImageMRSERIES",
    "ProtocolName": "WIPt13dSENSE",
    "SeriesNumber": 4,
    "AcquisitionNumber": 4,
    "ImageComments": "PIOP",
    "PhilipsRescaleSlope": 8.73455,
    "PhilipsRescaleIntercept": 0,
    "PhilipsScaleSlope": 0.0070436,
    "UsePhilipsFloatNotDisplayScaling": 1,
    "EchoTime": 0.00373,
    "RepetitionTime": 0.008131,
    "ReconMatrixPE": 240,
    "ImageOrientationPatientDICOM": [
        0.999164,
        0.0403662,
        -0.00643512,
        -0.0403052,
        0.999144,
        0.00934255
    ],
    "ConversionSoftware": "dcm2niix",
    "ConversionSoftwareVersion": "v1.0.20181125  GCC6.3.0",
    "BidsifyVersion": "0.3.5"
}