{
  "aor": 0.004499691358024692,
  "aqi": 0.010085625864197532,
  "bids_meta": {
    "AcquisitionNumber": 8,
    "BidsifyVersion": "0.3.5",
    "ConversionSoftware": "dcm2niix",
    "ConversionSoftwareVersion": "v1.0.20181125  GCC6.3.0",
    "EchoTime": 0.02762,
    "ImageComments": "piop",
    "ImageOrientationPatientDICOM": [
      0.99835,
      0.0522364,
      0.0238441,
      -0.0476049,
      0.985145,
      -0.164993
    ],
    "Manufacturer": "Philips",
    "NumberOfVolumesDiscardedByScanner": 2,
    "ParallelAcquisitionTechnique": "SENSE",
    "ParallelReductionFactorInPlane": 2,
    "PatientPosition": "HFS",
    "PhaseEncodingDirection": "j",
    "PhilipsRescaleIntercept": 0,
    "PhilipsRescaleSlope": 0.81905,
    "PhilipsScaleSlope": 0.0631832,
    "ProtocolName": "WIPpiopwmSENSE",
    "PulseSequenceType": "gradient echo EPI",
    "ReconMatrixPE": 80,
    "RepetitionTime": 2,
    "SeriesDescription": "ImageMRSERIES",
    "SeriesNumber": 8,
    "SliceEncodingDirection": "k",
    "TaskName": "workingmemory",
    "UsePhilipsFloatNotDisplayScaling": 1,
    "acq_id": "seq",
    "dataset": "unknown",
    "modality": "bold",
    "subject_id": "0050",
    "task_id": "workingmemory"
  },
  "dummy_trs": 0,
  "dvars_nstd": 23.86618621881988,
  "dvars_std": 1.1490835914285717,
  "dvars_vstd": 1.0052680347826082,
  "efc": 0.3751813250789274,
  "fber": 130429928.0,
  "fd_mean": 0.18156836278434724,
  "fd_num": 48,
  "fd_perc": 29.62962962962963,
  "fwhm_avg": 2.421022737853944,
  "fwhm_x": 2.3884766666666666,
  "fwhm_y": 2.67774,
  "fwhm_z": 2.196851546895165,
  "gcor": 0.018085,
  "gsr_x": -0.006968855392187834,
  "gsr_y": 0.003727102419361472,
  "provenance": {
    "md5sum": "cb4acec597ec76784ab013ed73f2e687",
    "settings": {
      "fd_thres": 0.2,
      "hmc_fsl": false
    },
    "software": "mriqc",
    "version": "0.15.0",
    "webapi_port": null,
    "webapi_url": "https://mriqc.nimh.nih.gov/api/v1"
  },
  "size_t": 162,
  "size_x": 80,
  "size_y": 80,
  "size_z": 37,
  "snr": 4.683714358415332,
  "spacing_tr": 2.0,
  "spacing_x": 3.0,
  "spacing_y": 3.0,
  "spacing_z": 3.299999952316284,
  "spikes_num": 0,
  "summary_bg_k": 85.50095787452105,
  "summary_bg_mad": 2.611990213394165,
  "summary_bg_mean": 166.77944946289062,
  "summary_bg_median": 1.7996206283569336,
  "summary_bg_n": 159981.0,
  "summary_bg_p05": 0.01381657738238573,
  "summary_bg_p95": 598.0311889648438,
  "summary_bg_stdv": 936.9190063476562,
  "summary_fg_k": 2.1935620126833317,
  "summary_fg_mad": 3973.9619140625,
  "summary_fg_mean": 22351.13671875,
  "summary_fg_median": 22120.310546875,
  "summary_fg_n": 36213.0,
  "summary_fg_p05": 15290.3375,
  "summary_fg_p95": 29782.987890625,
  "summary_fg_stdv": 4722.74853515625,
  "tsnr": 49.05596160888672
}