{
  "aor": 0.00016018181818181818,
  "aqi": 0.005766683818181819,
  "bids_meta": {
    "AcquisitionNumber": 2,
    "BidsifyVersion": "0.3.5",
    "ConversionSoftware": "dcm2niix",
    "ConversionSoftwareVersion": "v1.0.20181125  GCC6.3.0",
    "EchoTime": 0.02762,
    "EffectiveEchoSpacing": 0.0006333282667071997,
    "ImageComments": "piop",
    "ImageOrientationPatientDICOM": [
      0.990461,
      0.119412,
      -0.0687634,
      -0.129869,
      0.975756,
      -0.176164
    ],
    "Manufacturer": "Philips",
    "NumberOfVolumesDiscardedByScanner": 2,
    "ParallelAcquisitionTechnique": "SENSE",
    "ParallelReductionFactorInPlane": 2,
    "PatientPosition": "HFS",
    "PhaseEncodingDirection": "j",
    "PhilipsRescaleIntercept": 0,
    "PhilipsRescaleSlope": 0.82515,
    "PhilipsScaleSlope": 0.0881545,
    "ProtocolName": "WIPpiopfacesSENSE",
    "PulseSequenceType": "gradient echo EPI",
    "ReconMatrixPE": 80,
    "RepetitionTime": 0.75,
    "SeriesDescription": "ImageMRSERIES",
    "SeriesNumber": 2,
    "SliceEncodingDirection": "k",
    "SliceTiming": [
      0.0,
      0.06755050505050506,
      0.1351010101010101,
      0.20265151515151517,
      0.2702020202020202,
      0.3377525252525253,
      0.40530303030303033,
      0.47285353535353536,
      0.5404040404040404,
      0.6079545454545455,
      0.6755050505050506,
      0.7430555555555556,
      0.0,
      0.06755050505050506,
      0.1351010101010101,
      0.20265151515151517,
      0.2702020202020202,
      0.3377525252525253,
      0.40530303030303033,
      0.47285353535353536,
      0.5404040404040404,
      0.6079545454545455,
      0.6755050505050506,
      0.7430555555555556,
      0.0,
      0.06755050505050506,
      0.1351010101010101,
      0.20265151515151517,
      0.2702020202020202,
      0.3377525252525253,
      0.40530303030303033,
      0.47285353535353536,
      0.5404040404040404,
      0.6079545454545455,
      0.6755050505050506,
      0.7430555555555556
    ],
    "TaskName": "faces",
    "TotalReadoutTime": 0.024699802401580786,
    "UsePhilipsFloatNotDisplayScaling": 1,
    "acq_id": "mb3",
    "dataset": "unknown",
    "modality": "bold",
    "subject_id": "0208",
    "task_id": "faces"
  },
  "dummy_trs": 0,
  "dvars_nstd": 24.590586456443777,
  "dvars_std": 1.153232545015197,
  "dvars_vstd": 0.9967283508206694,
  "efc": 0.4222572535688996,
  "fber": 589691776.0,
  "fd_mean": 0.09428819874570084,
  "fd_num": 2,
  "fd_perc": 0.6060606060606061,
  "fwhm_avg": 2.711659058545156,
  "fwhm_x": 2.73645,
  "fwhm_y": 3.023163333333333,
  "fwhm_z": 2.3753638423021353,
  "gcor": 0.0247836,
  "gsr_x": 0.004581088200211525,
  "gsr_y": -0.002583816647529602,
  "provenance": {
    "md5sum": "4defe5691ecdbbe472547cf85844f2f9",
    "settings": {
      "fd_thres": 0.2,
      "hmc_fsl": false
    },
    "software": "mriqc",
    "version": "0.15.0",
    "webapi_port": null,
    "webapi_url": "https://mriqc.nimh.nih.gov/api/v1"
  },
  "size_t": 330,
  "size_x": 80,
  "size_y": 80,
  "size_z": 36,
  "snr": 5.216477676956052,
  "spacing_tr": 0.75,
  "spacing_x": 3.0,
  "spacing_y": 3.0,
  "spacing_z": 3.299999713897705,
  "spikes_num": 0,
  "summary_bg_k": 60.295158664307635,
  "summary_bg_mad": 1.0528743267059326,
  "summary_bg_mean": 222.90969848632812,
  "summary_bg_median": 0.7169179916381836,
  "summary_bg_n": 146920.0,
  "summary_bg_p05": 0.0012947379727847879,
  "summary_bg_p95": 952.1364166259668,
  "summary_bg_stdv": 1191.3533935546875,
  "summary_fg_k": 2.549770671564713,
  "summary_fg_mad": 2975.9677734375,
  "summary_fg_mean": 18642.625,
  "summary_fg_median": 18942.599609375,
  "summary_fg_n": 42713.0,
  "summary_fg_p05": 12335.3671875,
  "summary_fg_p95": 23708.303515624997,
  "summary_fg_stdv": 3631.25830078125,
  "tsnr": 59.726436614990234
}