{
    "Manufacturer": "Philips",
    "PatientPosition": "HFS",
    "SeriesDescription": "ImageMRSERIES",
    "ProtocolName": "WIPpioprsSENSE",
    "SeriesNumber": 6,
    "AcquisitionNumber": 6,
    "ImageComments": "piop",
    "PhilipsRescaleSlope": 0.81099,
    "PhilipsRescaleIntercept": 0,
    "PhilipsScaleSlope": 0.0853543,
    "UsePhilipsFloatNotDisplayScaling": 1,
    "EchoTime": 0.02762,
    "RepetitionTime": 0.75,
    "ReconMatrixPE": 80,
    "ImageOrientationPatientDICOM": [
        0.999751,
        0.00776174,
        -0.0209288,
        -0.0101207,
        0.993305,
        -0.115078
    ],
    "ConversionSoftware": "dcm2niix",
    "ConversionSoftwareVersion": "v1.0.20181125  GCC6.3.0",
    "BidsifyVersion": "0.3.5",
    "SliceEncodingDirection": "k",
    "PhaseEncodingDirection": "j",
    "ParallelAcquisitionTechnique": "SENSE",
    "ParallelReductionFactorInPlane": 2,
    "NumberOfVolumesDiscardedByScanner": 2,
    "PulseSequenceType": "gradient echo EPI",
    "TaskName": "restingstate"
}