{
  "aor": 0.0038297500000000003,
  "aqi": 0.0038515097499999995,
  "bids_meta": {
    "AcquisitionNumber": 9,
    "BidsifyVersion": "0.3.5",
    "ConversionSoftware": "dcm2niix",
    "ConversionSoftwareVersion": "v1.0.20181125  GCC6.3.0",
    "EchoTime": 0.02762,
    "ImageComments": "piop",
    "ImageOrientationPatientDICOM": [
      0.999928,
      0.00664133,
      0.0100379,
      -0.00593376,
      0.997603,
      -0.0689467
    ],
    "Manufacturer": "Philips",
    "NumberOfVolumesDiscardedByScanner": 2,
    "ParallelAcquisitionTechnique": "SENSE",
    "ParallelReductionFactorInPlane": 2,
    "PatientPosition": "HFS",
    "PhaseEncodingDirection": "j",
    "PhilipsRescaleIntercept": 0,
    "PhilipsRescaleSlope": 0.76313,
    "PhilipsScaleSlope": 0.0513456,
    "ProtocolName": "WIPpiopanticipatieSENSE",
    "PulseSequenceType": "gradient echo EPI",
    "ReconMatrixPE": 80,
    "RepetitionTime": 2,
    "SeriesDescription": "ImageMRSERIES",
    "SeriesNumber": 9,
    "SliceEncodingDirection": "k",
    "TaskName": "anticipation",
    "UsePhilipsFloatNotDisplayScaling": 1,
    "acq_id": "seq",
    "dataset": "unknown",
    "modality": "bold",
    "subject_id": "0135",
    "task_id": "anticipation"
  },
  "dummy_trs": 0,
  "dvars_nstd": 19.49579899743719,
  "dvars_std": 1.1971624229648232,
  "dvars_vstd": 1.0407494334170848,
  "efc": 0.3887941073237826,
  "fber": 984046656.0,
  "fd_mean": 0.10922087225020001,
  "fd_num": 16,
  "fd_perc": 8.0,
  "fwhm_avg": 2.3759210205516257,
  "fwhm_x": 2.31738,
  "fwhm_y": 2.6406466666666666,
  "fwhm_z": 2.16973639498821,
  "gcor": 0.0360569,
  "gsr_x": -0.008083567954599857,
  "gsr_y": 0.0029246683698147535,
  "provenance": {
    "md5sum": "47557002bccbbd2808b14e77c088c057",
    "settings": {
      "fd_thres": 0.2,
      "hmc_fsl": false
    },
    "software": "mriqc",
    "version": "0.15.0",
    "webapi_port": null,
    "webapi_url": "https://mriqc.nimh.nih.gov/api/v1"
  },
  "size_t": 200,
  "size_x": 80,
  "size_y": 80,
  "size_z": 37,
  "snr": 4.481214515479069,
  "spacing_tr": 2.0,
  "spacing_x": 3.0,
  "spacing_y": 3.0,
  "spacing_z": 3.299999952316284,
  "spikes_num": 5,
  "summary_bg_k": 119.48958031626609,
  "summary_bg_mad": 1.1075924634933472,
  "summary_bg_mean": 194.19256591796875,
  "summary_bg_median": 0.7541649341583252,
  "summary_bg_n": 156918.0,
  "summary_bg_p05": 0.0033467620844021438,
  "summary_bg_p95": 651.9830780029283,
  "summary_bg_stdv": 1160.0592041015625,
  "summary_fg_k": 2.1882599297168523,
  "summary_fg_mad": 4727.41015625,
  "summary_fg_mean": 25863.638671875,
  "summary_fg_median": 25508.5703125,
  "summary_fg_n": 39308.0,
  "summary_fg_p05": 17580.81826171875,
  "summary_fg_p95": 35004.870117187515,
  "summary_fg_stdv": 5692.26171875,
  "tsnr": 75.02034759521484
}