{
  "aor": 0.00010645093945720253,
  "aqi": 0.005362370020876827,
  "bids_meta": {
    "AcquisitionNumber": 6,
    "BidsifyVersion": "0.3.5",
    "ConversionSoftware": "dcm2niix",
    "ConversionSoftwareVersion": "v1.0.20181125  GCC6.3.0",
    "EchoTime": 0.02762,
    "EffectiveEchoSpacing": 0.0006333282667071997,
    "ImageComments": "piop",
    "ImageOrientationPatientDICOM": [
      0.997286,
      0.073535,
      0.00364398,
      -0.0721862,
      0.986332,
      -0.148114
    ],
    "Manufacturer": "Philips",
    "NumberOfVolumesDiscardedByScanner": 2,
    "ParallelAcquisitionTechnique": "SENSE",
    "ParallelReductionFactorInPlane": 2,
    "PatientPosition": "HFS",
    "PhaseEncodingDirection": "j",
    "PhilipsRescaleIntercept": 0,
    "PhilipsRescaleSlope": 0.78803,
    "PhilipsScaleSlope": 0.0808824,
    "ProtocolName": "WIPpioprsSENSE",
    "PulseSequenceType": "gradient echo EPI",
    "ReconMatrixPE": 80,
    "RepetitionTime": 0.75,
    "SeriesDescription": "ImageMRSERIES",
    "SeriesNumber": 6,
    "SliceEncodingDirection": "k",
    "SliceTiming": [
      0.0,
      0.06755050505050506,
      0.1351010101010101,
      0.20265151515151517,
      0.2702020202020202,
      0.3377525252525253,
      0.40530303030303033,
      0.47285353535353536,
      0.5404040404040404,
      0.6079545454545455,
      0.6755050505050506,
      0.7430555555555556,
      0.0,
      0.06755050505050506,
      0.1351010101010101,
      0.20265151515151517,
      0.2702020202020202,
      0.3377525252525253,
      0.40530303030303033,
      0.47285353535353536,
      0.5404040404040404,
      0.6079545454545455,
      0.6755050505050506,
      0.7430555555555556,
      0.0,
      0.06755050505050506,
      0.1351010101010101,
      0.20265151515151517,
      0.2702020202020202,
      0.3377525252525253,
      0.40530303030303033,
      0.47285353535353536,
      0.5404040404040404,
      0.6079545454545455,
      0.6755050505050506,
      0.7430555555555556
    ],
    "TaskName": "restingstate",
    "TotalReadoutTime": 0.024699802401580786,
    "UsePhilipsFloatNotDisplayScaling": 1,
    "acq_id": "mb3",
    "dataset": "unknown",
    "modality": "bold",
    "subject_id": "0133",
    "task_id": "restingstate"
  },
  "dummy_trs": 1,
  "dvars_nstd": 26.020222867238466,
  "dvars_std": 1.0947856097489543,
  "dvars_vstd": 0.9970286221757321,
  "efc": 0.4147360131435067,
  "fber": 1067546304.0,
  "fd_mean": 0.10434385227339045,
  "fd_num": 10,
  "fd_perc": 2.0876826722338206,
  "fwhm_avg": 2.534598495943115,
  "fwhm_x": 2.46701,
  "fwhm_y": 2.8333399999999997,
  "fwhm_z": 2.3034454878293453,
  "gcor": 0.0162049,
  "gsr_x": -0.006515933200716972,
  "gsr_y": 0.005464161280542612,
  "provenance": {
    "md5sum": "92fe7ae286eb576362381ca3dc4f0889",
    "settings": {
      "fd_thres": 0.2,
      "hmc_fsl": false
    },
    "software": "mriqc",
    "version": "0.15.0",
    "webapi_port": null,
    "webapi_url": "https://mriqc.nimh.nih.gov/api/v1"
  },
  "size_t": 479,
  "size_x": 80,
  "size_y": 80,
  "size_z": 36,
  "snr": 4.877013837363242,
  "spacing_tr": 0.75,
  "spacing_x": 3.0,
  "spacing_y": 3.0,
  "spacing_z": 3.299999952316284,
  "spikes_num": 0,
  "summary_bg_k": 89.386068987643,
  "summary_bg_mad": 0.7008641958236694,
  "summary_bg_mean": 158.53102111816406,
  "summary_bg_median": 0.4745393991470337,
  "summary_bg_n": 147293.0,
  "summary_bg_p05": 0.0009901829762384298,
  "summary_bg_p95": 826.2845703124999,
  "summary_bg_stdv": 842.4686279296875,
  "summary_fg_k": 1.756353287760514,
  "summary_fg_mad": 3140.0458984375,
  "summary_fg_mean": 17667.396484375,
  "summary_fg_median": 17849.01953125,
  "summary_fg_n": 42065.0,
  "summary_fg_p05": 11414.0603515625,
  "summary_fg_p95": 23187.4765625,
  "summary_fg_stdv": 3659.781982421875,
  "tsnr": 55.222618103027344
}