{
  "aor": 0.0006908024691358025,
  "aqi": 0.00326394950617284,
  "bids_meta": {
    "AcquisitionNumber": 8,
    "BidsifyVersion": "0.3.5",
    "ConversionSoftware": "dcm2niix",
    "ConversionSoftwareVersion": "v1.0.20181125  GCC6.3.0",
    "EchoTime": 0.02762,
    "EffectiveEchoSpacing": 0.0006621159151938905,
    "ImageComments": "piop",
    "ImageOrientationPatientDICOM": [
      0.997286,
      0.073535,
      0.00364398,
      -0.0721862,
      0.986332,
      -0.148114
    ],
    "Manufacturer": "Philips",
    "NumberOfVolumesDiscardedByScanner": 2,
    "ParallelAcquisitionTechnique": "SENSE",
    "ParallelReductionFactorInPlane": 2,
    "PatientPosition": "HFS",
    "PhaseEncodingDirection": "j",
    "PhilipsRescaleIntercept": 0,
    "PhilipsRescaleSlope": 0.83346,
    "PhilipsScaleSlope": 0.0481373,
    "ProtocolName": "WIPpiopwmSENSE",
    "PulseSequenceType": "gradient echo EPI",
    "ReconMatrixPE": 80,
    "RepetitionTime": 2,
    "SeriesDescription": "ImageMRSERIES",
    "SeriesNumber": 8,
    "SliceEncodingDirection": "k",
    "SliceTiming": [
      0.0,
      0.0541,
      0.1081,
      0.1622,
      0.2162,
      0.2703,
      0.3243,
      0.3784,
      0.4324,
      0.4865,
      0.5405,
      0.5946,
      0.6486,
      0.7027,
      0.7568,
      0.8108,
      0.8649,
      0.9189,
      0.973,
      1.027,
      1.0811,
      1.1351,
      1.1892,
      1.2432,
      1.2973,
      1.3514,
      1.4054,
      1.4595,
      1.5135,
      1.5676,
      1.6216,
      1.6757,
      1.7297,
      1.7838,
      1.8378,
      1.8919,
      1.9459
    ],
    "TaskName": "workingmemory",
    "TotalReadoutTime": 0.025822520692561732,
    "UsePhilipsFloatNotDisplayScaling": 1,
    "acq_id": "seq",
    "dataset": "unknown",
    "modality": "bold",
    "subject_id": "0133",
    "task_id": "workingmemory"
  },
  "dummy_trs": 0,
  "dvars_nstd": 20.058418925714285,
  "dvars_std": 1.1596092394409938,
  "dvars_vstd": 0.9979590941614913,
  "efc": 0.4091242504923887,
  "fber": 272846304.0,
  "fd_mean": 0.1102505150599297,
  "fd_num": 9,
  "fd_perc": 5.555555555555555,
  "fwhm_avg": 2.430375465151002,
  "fwhm_x": 2.3488333333333333,
  "fwhm_y": 2.74039,
  "fwhm_z": 2.2019030621196727,
  "gcor": 0.0169569,
  "gsr_x": -0.005568074528127909,
  "gsr_y": 0.006965131498873234,
  "provenance": {
    "md5sum": "88decb16c740e8b571aea57406ca830d",
    "settings": {
      "fd_thres": 0.2,
      "hmc_fsl": false
    },
    "software": "mriqc",
    "version": "0.15.0",
    "webapi_port": null,
    "webapi_url": "https://mriqc.nimh.nih.gov/api/v1"
  },
  "size_t": 162,
  "size_x": 80,
  "size_y": 80,
  "size_z": 37,
  "snr": 4.413627576923316,
  "spacing_tr": 2.0,
  "spacing_x": 3.0,
  "spacing_y": 3.0,
  "spacing_z": 3.299999952316284,
  "spikes_num": 3,
  "summary_bg_k": 96.59422732971846,
  "summary_bg_mad": 2.1223838329315186,
  "summary_bg_mean": 221.89675903320312,
  "summary_bg_median": 1.4315261840820312,
  "summary_bg_n": 152230.0,
  "summary_bg_p05": 0.0,
  "summary_bg_p95": 1056.3229370117178,
  "summary_bg_stdv": 1171.89892578125,
  "summary_fg_k": 1.663898498337817,
  "summary_fg_mad": 5176.20751953125,
  "summary_fg_mean": 26252.671875,
  "summary_fg_median": 26024.1953125,
  "summary_fg_n": 42674.0,
  "summary_fg_p05": 17203.48271484375,
  "summary_fg_p95": 35612.7224609375,
  "summary_fg_stdv": 5896.2587890625,
  "tsnr": 74.26058959960938
}