{
  "aor": 0.00035755000000000004,
  "aqi": 0.00239510755,
  "bids_meta": {
    "AcquisitionNumber": 9,
    "BidsifyVersion": "0.3.5",
    "ConversionSoftware": "dcm2niix",
    "ConversionSoftwareVersion": "v1.0.20181125  GCC6.3.0",
    "EchoTime": 0.02762,
    "EffectiveEchoSpacing": 0.0006621159151938905,
    "ImageComments": "piop",
    "ImageOrientationPatientDICOM": [
      0.997286,
      0.073535,
      0.00364398,
      -0.0721862,
      0.986332,
      -0.148114
    ],
    "Manufacturer": "Philips",
    "NumberOfVolumesDiscardedByScanner": 2,
    "ParallelAcquisitionTechnique": "SENSE",
    "ParallelReductionFactorInPlane": 2,
    "PatientPosition": "HFS",
    "PhaseEncodingDirection": "j",
    "PhilipsRescaleIntercept": 0,
    "PhilipsRescaleSlope": 0.81709,
    "PhilipsScaleSlope": 0.0493591,
    "ProtocolName": "WIPpiopanticipatieSENSE",
    "PulseSequenceType": "gradient echo EPI",
    "ReconMatrixPE": 80,
    "RepetitionTime": 2,
    "SeriesDescription": "ImageMRSERIES",
    "SeriesNumber": 9,
    "SliceEncodingDirection": "k",
    "SliceTiming": [
      0.0,
      0.0541,
      0.1081,
      0.1622,
      0.2162,
      0.2703,
      0.3243,
      0.3784,
      0.4324,
      0.4865,
      0.5405,
      0.5946,
      0.6486,
      0.7027,
      0.7568,
      0.8108,
      0.8649,
      0.9189,
      0.973,
      1.027,
      1.0811,
      1.1351,
      1.1892,
      1.2432,
      1.2973,
      1.3514,
      1.4054,
      1.4595,
      1.5135,
      1.5676,
      1.6216,
      1.6757,
      1.7297,
      1.7838,
      1.8378,
      1.8919,
      1.9459
    ],
    "TaskName": "anticipation",
    "TotalReadoutTime": 0.025822520692561732,
    "UsePhilipsFloatNotDisplayScaling": 1,
    "acq_id": "seq",
    "dataset": "unknown",
    "modality": "bold",
    "subject_id": "0133",
    "task_id": "anticipation"
  },
  "dummy_trs": 0,
  "dvars_nstd": 19.276349422512567,
  "dvars_std": 1.1448891138190964,
  "dvars_vstd": 0.993311418542713,
  "efc": 0.4079987239096634,
  "fber": 527262336.0,
  "fd_mean": 0.10775510947122546,
  "fd_num": 2,
  "fd_perc": 1.0,
  "fwhm_avg": 2.4135421317240673,
  "fwhm_x": 2.3340566666666667,
  "fwhm_y": 2.7241,
  "fwhm_z": 2.1824697285055352,
  "gcor": 0.0139308,
  "gsr_x": -0.006381933111697435,
  "gsr_y": 0.008234032429754734,
  "provenance": {
    "md5sum": "beb39a448cf9497da035a69578402271",
    "settings": {
      "fd_thres": 0.2,
      "hmc_fsl": false
    },
    "software": "mriqc",
    "version": "0.15.0",
    "webapi_port": null,
    "webapi_url": "https://mriqc.nimh.nih.gov/api/v1"
  },
  "size_t": 200,
  "size_x": 80,
  "size_y": 80,
  "size_z": 37,
  "snr": 4.452570706238036,
  "spacing_tr": 2.0,
  "spacing_x": 3.0,
  "spacing_y": 3.0,
  "spacing_z": 3.299999952316284,
  "spikes_num": 1,
  "summary_bg_k": 92.97071224592034,
  "summary_bg_mad": 1.5411605834960938,
  "summary_bg_mean": 223.96202087402344,
  "summary_bg_median": 1.0540645122528076,
  "summary_bg_n": 152610.0,
  "summary_bg_p05": 0.002926827501505614,
  "summary_bg_p95": 1109.1954956054678,
  "summary_bg_stdv": 1220.9093017578125,
  "summary_fg_k": 1.6604541257195757,
  "summary_fg_mad": 5078.93212890625,
  "summary_fg_mean": 25998.453125,
  "summary_fg_median": 25749.939453125,
  "summary_fg_n": 42428.0,
  "summary_fg_p05": 17214.22890625,
  "summary_fg_p95": 35240.984375,
  "summary_fg_stdv": 5783.09423828125,
  "tsnr": 84.06135559082031
}