{
  "bids_meta": {
    "AcquisitionNumber": 5,
    "BidsifyVersion": "0.3.5",
    "ConversionSoftware": "dcm2niix",
    "ConversionSoftwareVersion": "v1.0.20181125  GCC6.3.0",
    "EchoTime": 0.0038,
    "ImageComments": "PIOP",
    "ImageOrientationPatientDICOM": [
      0.99976,
      -0.000614288,
      0.0218843,
      -0.00331534,
      0.98383,
      0.179074
    ],
    "Manufacturer": "Philips",
    "PatientPosition": "HFS",
    "PhilipsRescaleIntercept": 0,
    "PhilipsRescaleSlope": 9.43443,
    "PhilipsScaleSlope": 0.00773371,
    "ProtocolName": "WIPt13dSENSE",
    "ReconMatrixPE": 240,
    "RepetitionTime": 0.008291,
    "SeriesDescription": "ImageMRSERIES",
    "SeriesNumber": 5,
    "UsePhilipsFloatNotDisplayScaling": 1,
    "dataset": "unknown",
    "modality": "T1w",
    "subject_id": "0089"
  },
  "cjv": 0.31573840983828594,
  "cnr": 3.925533069943797,
  "efc": 0.7606637324059996,
  "fber": 597.4283447265625,
  "fwhm_avg": 3.393496666666666,
  "fwhm_x": 3.34801,
  "fwhm_y": 3.58576,
  "fwhm_z": 3.24672,
  "icvs_csf": 0.2081732248498657,
  "icvs_gm": 0.4328518301777917,
  "icvs_wm": 0.35897494497234256,
  "inu_med": 1.5060598850250244,
  "inu_range": 0.3827474117279053,
  "provenance": {
    "md5sum": "d04bfddfaf65f4e359f971bbff3c5bc3",
    "settings": {
      "testing": false
    },
    "software": "mriqc",
    "version": "0.15.0",
    "warnings": {
      "large_rot_frame": true,
      "small_air_mask": true
    },
    "webapi_port": null,
    "webapi_url": "https://mriqc.nimh.nih.gov/api/v1"
  },
  "qi_1": 0.0,
  "qi_2": 0.00010824628445903609,
  "rpve_csf": 29.065395523647283,
  "rpve_gm": 14.79612360534525,
  "rpve_wm": 22.11719745670179,
  "size_x": 240,
  "size_y": 240,
  "size_z": 220,
  "snr_csf": 2.3009523868098762,
  "snr_gm": 7.672081493221579,
  "snr_total": 9.89768887006406,
  "snr_wm": 19.720032730160728,
  "snrd_csf": 18.474926353515308,
  "snrd_gm": 41.740381018106625,
  "snrd_total": 42.525272485452994,
  "snrd_wm": 67.36051008473704,
  "spacing_x": 1.0,
  "spacing_y": 1.0,
  "spacing_z": 1.0,
  "summary_bg_k": 200.44731645137472,
  "summary_bg_mad": 9.725736618041992,
  "summary_bg_mean": 14.962356567382812,
  "summary_bg_median": 13.051005363464355,
  "summary_bg_n": 105609.0,
  "summary_bg_p05": 0.0,
  "summary_bg_p95": 38.92778854370117,
  "summary_bg_stdv": 17.12234115600586,
  "summary_csf_k": -0.783470604622845,
  "summary_csf_mad": 146.3142852783203,
  "summary_csf_mean": 261.31256103515625,
  "summary_csf_median": 274.2669677734375,
  "summary_csf_n": 6061.0,
  "summary_csf_p05": 80.89100646972656,
  "summary_csf_p95": 444.53875732421875,
  "summary_csf_stdv": 119.18731689453125,
  "summary_gm_k": 0.3362915965870257,
  "summary_gm_mad": 75.21319580078125,
  "summary_gm_mean": 623.4581298828125,
  "summary_gm_median": 619.6510620117188,
  "summary_gm_n": 13636.0,
  "summary_gm_p05": 494.14221954345703,
  "summary_gm_p95": 762.0929718017578,
  "summary_gm_stdv": 80.76404571533203,
  "summary_wm_k": 1.1806246105508915,
  "summary_wm_mad": 44.874778747558594,
  "summary_wm_mean": 997.3200073242188,
  "summary_wm_median": 999.9911499023438,
  "summary_wm_n": 172291.0,
  "summary_wm_p05": 908.7021179199219,
  "summary_wm_p95": 1074.307861328125,
  "summary_wm_stdv": 50.709259033203125,
  "tpm_overlap_csf": 0.21264423429965973,
  "tpm_overlap_gm": 0.5090509057044983,
  "tpm_overlap_wm": 0.5642978549003601,
  "wm2max": 0.7273240112367201
}