{
    "Manufacturer": "Philips",
    "PatientPosition": "HFS",
    "SeriesDescription": "ImageMRSERIES",
    "ProtocolName": "WIPt13dSENSE",
    "SeriesNumber": 4,
    "AcquisitionNumber": 4,
    "ImageComments": "piop",
    "PhilipsRescaleSlope": 8.54823,
    "PhilipsRescaleIntercept": 0,
    "PhilipsScaleSlope": 0.00775377,
    "UsePhilipsFloatNotDisplayScaling": 1,
    "EchoTime": 0.00381,
    "RepetitionTime": 0.008275,
    "ReconMatrixPE": 240,
    "ImageOrientationPatientDICOM": [
        0.998303,
        0.0537076,
        0.0224877,
        -0.0561634,
        0.990105,
        0.128601
    ],
    "ConversionSoftware": "dcm2niix",
    "ConversionSoftwareVersion": "v1.0.20181125  GCC6.3.0",
    "BidsifyVersion": "0.3.5"
}