{
  "bids_meta": {
    "AcquisitionNumber": 4,
    "BidsifyVersion": "0.3.5",
    "ConversionSoftware": "dcm2niix",
    "ConversionSoftwareVersion": "v1.0.20181125  GCC6.3.0",
    "EchoTime": 0.00374,
    "ImageComments": "piop",
    "ImageOrientationPatientDICOM": [
      0.999774,
      -0.0188031,
      0.00987895,
      0.018673,
      0.99974,
      0.0131018
    ],
    "Manufacturer": "Philips",
    "PatientPosition": "HFS",
    "PhilipsRescaleIntercept": 0,
    "PhilipsRescaleSlope": 8.46618,
    "PhilipsScaleSlope": 0.00715544,
    "ProtocolName": "WIPt13dSENSE",
    "ReconMatrixPE": 240,
    "RepetitionTime": 0.008163,
    "SeriesDescription": "ImageMRSERIES",
    "SeriesNumber": 4,
    "UsePhilipsFloatNotDisplayScaling": 1,
    "dataset": "unknown",
    "modality": "T1w",
    "subject_id": "0004"
  },
  "cjv": 0.32027188529219924,
  "cnr": 3.990438662853069,
  "efc": 0.7647647592285286,
  "fber": 1012.6671752929688,
  "fwhm_avg": 3.4970166666666667,
  "fwhm_x": 3.47651,
  "fwhm_y": 3.71893,
  "fwhm_z": 3.29561,
  "icvs_csf": 0.2003814786140764,
  "icvs_gm": 0.4315903749925688,
  "icvs_wm": 0.3680281463933548,
  "inu_med": 1.8530492782592773,
  "inu_range": 0.37631109356880144,
  "provenance": {
    "md5sum": "fa455baad8cc190762e7816d0d0004c1",
    "settings": {
      "testing": false
    },
    "software": "mriqc",
    "version": "0.15.0",
    "warnings": {
      "large_rot_frame": true,
      "small_air_mask": true
    },
    "webapi_port": null,
    "webapi_url": "https://mriqc.nimh.nih.gov/api/v1"
  },
  "qi_1": 0.00020689655172413793,
  "qi_2": 0.00022244221401483376,
  "rpve_csf": 29.694433486482335,
  "rpve_gm": 14.957397810253907,
  "rpve_wm": 22.154158881707883,
  "size_x": 240,
  "size_y": 240,
  "size_z": 220,
  "snr_csf": 2.2632225511747843,
  "snr_gm": 7.320025918591682,
  "snr_total": 10.175134010013524,
  "snr_wm": 20.942153560274104,
  "snrd_csf": 25.061854217827733,
  "snrd_gm": 52.03905353008407,
  "snrd_total": 53.98636532705117,
  "snrd_wm": 84.85818823324169,
  "spacing_x": 1.0,
  "spacing_y": 1.0,
  "spacing_z": 1.0,
  "summary_bg_k": 10.079678445738573,
  "summary_bg_mad": 7.7201924324035645,
  "summary_bg_mean": 10.335198402404785,
  "summary_bg_median": 10.30374526977539,
  "summary_bg_n": 62957.0,
  "summary_bg_p05": 0.0,
  "summary_bg_p95": 26.886422729492185,
  "summary_bg_stdv": 9.755169868469238,
  "summary_csf_k": 0.9869407559555894,
  "summary_csf_mad": 148.177734375,
  "summary_csf_mean": 279.06427001953125,
  "summary_csf_median": 295.3313903808594,
  "summary_csf_n": 6158.0,
  "summary_csf_p05": 78.34043922424317,
  "summary_csf_p95": 469.6846328735351,
  "summary_csf_stdv": 130.48094177246094,
  "summary_gm_k": -0.022059220751910136,
  "summary_gm_mad": 81.60479736328125,
  "summary_gm_mean": 615.301513671875,
  "summary_gm_median": 613.2333984375,
  "summary_gm_n": 20406.0,
  "summary_gm_p05": 478.20800018310547,
  "summary_gm_p95": 757.8115386962891,
  "summary_gm_stdv": 83.772705078125,
  "summary_wm_k": 1.0512986491281184,
  "summary_wm_mad": 42.258419036865234,
  "summary_wm_mean": 997.6885986328125,
  "summary_wm_median": 999.9773559570312,
  "summary_wm_n": 184841.0,
  "summary_wm_p05": 914.859619140625,
  "summary_wm_p95": 1071.4232177734375,
  "summary_wm_stdv": 47.74937057495117,
  "tpm_overlap_csf": 0.22123675048351288,
  "tpm_overlap_gm": 0.5225180387496948,
  "tpm_overlap_wm": 0.5737266540527344,
  "wm2max": 0.6839316930908445
}