{
  "aor": 0.0008643827160493827,
  "aqi": 0.0031258583950617286,
  "bids_meta": {
    "AcquisitionNumber": 8,
    "BidsifyVersion": "0.3.5",
    "ConversionSoftware": "dcm2niix",
    "ConversionSoftwareVersion": "v1.0.20181125  GCC6.3.0",
    "EchoTime": 0.02762,
    "ImageComments": "piop",
    "ImageOrientationPatientDICOM": [
      0.998567,
      0.0115494,
      -0.0522591,
      -0.0158611,
      0.996435,
      -0.0828583
    ],
    "Manufacturer": "Philips",
    "NumberOfVolumesDiscardedByScanner": 2,
    "ParallelAcquisitionTechnique": "SENSE",
    "ParallelReductionFactorInPlane": 2,
    "PatientPosition": "HFS",
    "PhaseEncodingDirection": "j",
    "PhilipsRescaleIntercept": 0,
    "PhilipsRescaleSlope": 0.80586,
    "PhilipsScaleSlope": 0.0552912,
    "ProtocolName": "WIPpiopwmSENSE",
    "PulseSequenceType": "gradient echo EPI",
    "ReconMatrixPE": 80,
    "RepetitionTime": 2,
    "SeriesDescription": "ImageMRSERIES",
    "SeriesNumber": 8,
    "SliceEncodingDirection": "k",
    "TaskName": "workingmemory",
    "UsePhilipsFloatNotDisplayScaling": 1,
    "acq_id": "seq",
    "dataset": "unknown",
    "modality": "bold",
    "subject_id": "0051",
    "task_id": "workingmemory"
  },
  "dummy_trs": 0,
  "dvars_nstd": 22.39184435248449,
  "dvars_std": 1.245532763975155,
  "dvars_vstd": 1.0091018129192542,
  "efc": 0.3951253058420707,
  "fber": 252654608.0,
  "fd_mean": 0.11122598461213358,
  "fd_num": 6,
  "fd_perc": 3.7037037037037037,
  "fwhm_avg": 2.330072838507125,
  "fwhm_x": 2.3168866666666665,
  "fwhm_y": 2.5505833333333334,
  "fwhm_z": 2.122748515521375,
  "gcor": 0.0237918,
  "gsr_x": -0.006681359838694334,
  "gsr_y": 0.00359557312913239,
  "provenance": {
    "md5sum": "6b5648d39b16a176cb33219c56c8f7d1",
    "settings": {
      "fd_thres": 0.2,
      "hmc_fsl": false
    },
    "software": "mriqc",
    "version": "0.15.0",
    "webapi_port": null,
    "webapi_url": "https://mriqc.nimh.nih.gov/api/v1"
  },
  "size_t": 162,
  "size_x": 80,
  "size_y": 80,
  "size_z": 37,
  "snr": 4.177155878024898,
  "spacing_tr": 2.0,
  "spacing_x": 3.0,
  "spacing_y": 3.0,
  "spacing_z": 3.299999952316284,
  "spikes_num": 0,
  "summary_bg_k": 166.7706689167554,
  "summary_bg_mad": 2.069739818572998,
  "summary_bg_mean": 171.02940368652344,
  "summary_bg_median": 1.4213876724243164,
  "summary_bg_n": 154781.0,
  "summary_bg_p05": 0.0031179962679743767,
  "summary_bg_p95": 608.2749633789062,
  "summary_bg_stdv": 1086.79736328125,
  "summary_fg_k": 1.95846816492646,
  "summary_fg_mad": 4711.73046875,
  "summary_fg_mean": 24039.474609375,
  "summary_fg_median": 23566.6796875,
  "summary_fg_n": 40912.0,
  "summary_fg_p05": 16160.26025390625,
  "summary_fg_p95": 33424.47988281249,
  "summary_fg_stdv": 5641.7314453125,
  "tsnr": 75.31852722167969
}