{
    "Manufacturer": "Philips",
    "PatientPosition": "HFS",
    "SeriesDescription": "ImageMRSERIES",
    "ProtocolName": "WIPt13dSENSE",
    "SeriesNumber": 4,
    "AcquisitionNumber": 4,
    "ImageComments": "PIOP",
    "PhilipsRescaleSlope": 9.90525,
    "PhilipsRescaleIntercept": 0,
    "PhilipsScaleSlope": 0.00758204,
    "UsePhilipsFloatNotDisplayScaling": 1,
    "EchoTime": 0.00379,
    "RepetitionTime": 0.008259,
    "ReconMatrixPE": 240,
    "ImageOrientationPatientDICOM": [
        0.999109,
        0.0279861,
        0.0315813,
        -0.0237198,
        0.991465,
        -0.128197
    ],
    "ConversionSoftware": "dcm2niix",
    "ConversionSoftwareVersion": "v1.0.20181125  GCC6.3.0",
    "BidsifyVersion": "0.3.5"
}