{
    "Manufacturer": "Philips",
    "PatientPosition": "HFS",
    "SeriesDescription": "ImageMRSERIES",
    "ProtocolName": "WIPdti32v2SENSE",
    "SeriesNumber": 7,
    "AcquisitionNumber": 7,
    "ImageComments": "Piop",
    "PhilipsRescaleSlope": 4.39267,
    "PhilipsRescaleIntercept": 0,
    "PhilipsScaleSlope": 0.0255045,
    "UsePhilipsFloatNotDisplayScaling": 1,
    "EchoTime": 0.08599,
    "RepetitionTime": 7.38696,
    "ReconMatrixPE": 112,
    "ImageOrientationPatientDICOM": [
        0.998253,
        0.058947,
        -0.00398299,
        -0.0587827,
        0.984175,
        -0.167168
    ],
    "ConversionSoftware": "dcm2niix",
    "ConversionSoftwareVersion": "v1.0.20181125  GCC6.3.0",
    "BidsifyVersion": "0.3.5",
    "FlipAngle": 90,
    "WaterFatShift": 18.924,
    "ParallelAcquisitionTechnique": "SENSE",
    "ParallelReductionFactorInPlane": 2,
    "PhaseEncodingDirection": "j"
}