{
  "aor": 0.005323111111111111,
  "aqi": 0.010529314666666666,
  "bids_meta": {
    "AcquisitionNumber": 5,
    "BidsifyVersion": "0.3.5",
    "ConversionSoftware": "dcm2niix",
    "ConversionSoftwareVersion": "v1.0.20181125  GCC6.3.0",
    "EchoTime": 0.02762,
    "ImageComments": "PIop",
    "ImageOrientationPatientDICOM": [
      0.996334,
      -0.046992,
      0.0714795,
      0.0752645,
      0.878688,
      -0.471426
    ],
    "Manufacturer": "Philips",
    "NumberOfVolumesDiscardedByScanner": 2,
    "ParallelAcquisitionTechnique": "SENSE",
    "ParallelReductionFactorInPlane": 2,
    "PatientPosition": "HFS",
    "PhaseEncodingDirection": "j",
    "PhilipsRescaleIntercept": 0,
    "PhilipsRescaleSlope": 0.77729,
    "PhilipsScaleSlope": 0.0703251,
    "ProtocolName": "WIPpiopharririSENSE",
    "PulseSequenceType": "gradient echo EPI",
    "ReconMatrixPE": 80,
    "RepetitionTime": 2,
    "SeriesDescription": "ImageMRSERIES",
    "SeriesNumber": 5,
    "SliceEncodingDirection": "k",
    "TaskName": "emomatching",
    "UsePhilipsFloatNotDisplayScaling": 1,
    "acq_id": "seq",
    "dataset": "unknown",
    "modality": "bold",
    "subject_id": "0017",
    "task_id": "emomatching"
  },
  "dummy_trs": 0,
  "dvars_nstd": 22.414550980149254,
  "dvars_std": 1.1847881330597017,
  "dvars_vstd": 0.9870971019402988,
  "efc": 0.38448952154295124,
  "fber": 38009020.0,
  "fd_mean": 0.14482015012217397,
  "fd_num": 19,
  "fd_perc": 14.074074074074074,
  "fwhm_avg": 2.4438819300155243,
  "fwhm_x": 2.4582966666666666,
  "fwhm_y": 2.6261733333333335,
  "fwhm_z": 2.2471757900465734,
  "gcor": 0.03703,
  "gsr_x": 0.0020291199907660484,
  "gsr_y": -0.0009856706019490957,
  "provenance": {
    "md5sum": "c617b6b3460897ca80c6126d2267bed0",
    "settings": {
      "fd_thres": 0.2,
      "hmc_fsl": false
    },
    "software": "mriqc",
    "version": "0.15.0",
    "webapi_port": null,
    "webapi_url": "https://mriqc.nimh.nih.gov/api/v1"
  },
  "size_t": 135,
  "size_x": 80,
  "size_y": 80,
  "size_z": 37,
  "snr": 4.736917268694303,
  "spacing_tr": 2.0,
  "spacing_x": 3.0,
  "spacing_y": 3.0,
  "spacing_z": 3.299999952316284,
  "spikes_num": 4,
  "summary_bg_k": 67.64832739586124,
  "summary_bg_mad": 4.8618316650390625,
  "summary_bg_mean": 212.68130493164062,
  "summary_bg_median": 3.3543505668640137,
  "summary_bg_n": 158812.0,
  "summary_bg_p05": 0.024744233302772044,
  "summary_bg_p95": 640.8970977783196,
  "summary_bg_stdv": 1117.498779296875,
  "summary_fg_k": 3.2574243103853204,
  "summary_fg_mad": 3809.22802734375,
  "summary_fg_mean": 22014.888671875,
  "summary_fg_median": 22030.951171875,
  "summary_fg_n": 37210.0,
  "summary_fg_p05": 14959.8603515625,
  "summary_fg_p95": 28853.309765625,
  "summary_fg_stdv": 4650.84228515625,
  "tsnr": 47.87300109863281
}