{
  "bids_meta": {
    "AcquisitionNumber": 4,
    "BidsifyVersion": "0.3.5",
    "ConversionSoftware": "dcm2niix",
    "ConversionSoftwareVersion": "v1.0.20181125  GCC6.3.0",
    "EchoTime": 0.00386,
    "ImageComments": "Piop",
    "ImageOrientationPatientDICOM": [
      0.997967,
      0.0616241,
      -0.0162812,
      -0.0636611,
      0.976277,
      -0.206954
    ],
    "Manufacturer": "Philips",
    "PatientPosition": "HFS",
    "PhilipsRescaleIntercept": 0,
    "PhilipsRescaleSlope": 8.90452,
    "PhilipsScaleSlope": 0.00740208,
    "ProtocolName": "WIPt13dSENSE",
    "ReconMatrixPE": 240,
    "RepetitionTime": 0.008361,
    "SeriesDescription": "ImageMRSERIES",
    "SeriesNumber": 4,
    "UsePhilipsFloatNotDisplayScaling": 1,
    "dataset": "unknown",
    "modality": "T1w",
    "subject_id": "0008"
  },
  "cjv": 0.3048730814456514,
  "cnr": 4.119146628568893,
  "efc": 0.7776076899290817,
  "fber": 872.65771484375,
  "fwhm_avg": 3.500289732110135,
  "fwhm_x": 3.4729295859945313,
  "fwhm_y": 3.7592,
  "fwhm_z": 3.2687396103358735,
  "icvs_csf": 0.1925819911582023,
  "icvs_gm": 0.43908085525833696,
  "icvs_wm": 0.36833715358346075,
  "inu_med": 2.1546883583068848,
  "inu_range": 0.5537221491336819,
  "provenance": {
    "md5sum": "b64b4e5a9378583fa21e2291a87ced40",
    "settings": {
      "testing": false
    },
    "software": "mriqc",
    "version": "0.15.0",
    "warnings": {
      "large_rot_frame": true,
      "small_air_mask": true
    },
    "webapi_port": null,
    "webapi_url": "https://mriqc.nimh.nih.gov/api/v1"
  },
  "qi_1": 0.0,
  "qi_2": 0.0003180308313393615,
  "rpve_csf": 27.092398921832885,
  "rpve_gm": 13.252075072918004,
  "rpve_wm": 19.59652793441654,
  "size_x": 240,
  "size_y": 240,
  "size_z": 220,
  "snr_csf": 2.2512808752722706,
  "snr_gm": 7.505280187539407,
  "snr_total": 10.021050472191307,
  "snr_wm": 20.306590353762246,
  "snrd_csf": 22.648578264015935,
  "snrd_gm": 44.98027279894618,
  "snrd_total": 47.2411027604511,
  "snrd_wm": 74.09445721839118,
  "spacing_x": 1.0000001192092896,
  "spacing_y": 1.0,
  "spacing_z": 1.0000001192092896,
  "summary_bg_k": 745.9904191617908,
  "summary_bg_mad": 8.841866493225098,
  "summary_bg_mean": 10.588652610778809,
  "summary_bg_median": 5.963747978210449,
  "summary_bg_n": 89923.0,
  "summary_bg_p05": 0.0,
  "summary_bg_p95": 29.182523918151855,
  "summary_bg_stdv": 11.506264686584473,
  "summary_csf_k": 13.236312087001004,
  "summary_csf_mad": 129.432373046875,
  "summary_csf_mean": 296.69287109375,
  "summary_csf_median": 305.6702575683594,
  "summary_csf_n": 6154.0,
  "summary_csf_p05": 95.2970802307129,
  "summary_csf_p95": 471.65295257568357,
  "summary_csf_stdv": 135.76512145996094,
  "summary_gm_k": 0.4250120486788549,
  "summary_gm_mad": 75.66655731201172,
  "summary_gm_mean": 611.088134765625,
  "summary_gm_median": 607.0637817382812,
  "summary_gm_n": 24245.0,
  "summary_gm_p05": 485.5528259277344,
  "summary_gm_p95": 752.6752929687499,
  "summary_gm_stdv": 80.88322448730469,
  "summary_wm_k": 1.121256555045882,
  "summary_wm_mad": 44.127685546875,
  "summary_wm_mean": 996.6699829101562,
  "summary_wm_median": 999.9953002929688,
  "summary_wm_n": 215969.0,
  "summary_wm_p05": 910.1151489257812,
  "summary_wm_p95": 1070.5604980468747,
  "summary_wm_stdv": 49.2447509765625,
  "tpm_overlap_csf": 0.215293750166893,
  "tpm_overlap_gm": 0.5180282592773438,
  "tpm_overlap_wm": 0.5640793442726135,
  "wm2max": 0.6760065830765963
}