{
  "aor": 0.0005086,
  "aqi": 0.00524851795,
  "bids_meta": {
    "AcquisitionNumber": 9,
    "BidsifyVersion": "0.3.5",
    "ConversionSoftware": "dcm2niix",
    "ConversionSoftwareVersion": "v1.0.20181125  GCC6.3.0",
    "EchoTime": 0.02762,
    "EffectiveEchoSpacing": 0.0006621159151938905,
    "ImageComments": "Piop",
    "ImageOrientationPatientDICOM": [
      0.999699,
      0.0138953,
      0.0201942,
      -0.00540895,
      0.928554,
      -0.371158
    ],
    "Manufacturer": "Philips",
    "NumberOfVolumesDiscardedByScanner": 2,
    "ParallelAcquisitionTechnique": "SENSE",
    "ParallelReductionFactorInPlane": 2,
    "PatientPosition": "HFS",
    "PhaseEncodingDirection": "j",
    "PhilipsRescaleIntercept": 0,
    "PhilipsRescaleSlope": 0.83639,
    "PhilipsScaleSlope": 0.057247,
    "ProtocolName": "WIPpiopanticipatieSENSE",
    "PulseSequenceType": "gradient echo EPI",
    "ReconMatrixPE": 80,
    "RepetitionTime": 2,
    "SeriesDescription": "ImageMRSERIES",
    "SeriesNumber": 9,
    "SliceEncodingDirection": "k",
    "SliceTiming": [
      0.0,
      0.0541,
      0.1081,
      0.1622,
      0.2162,
      0.2703,
      0.3243,
      0.3784,
      0.4324,
      0.4865,
      0.5405,
      0.5946,
      0.6486,
      0.7027,
      0.7568,
      0.8108,
      0.8649,
      0.9189,
      0.973,
      1.027,
      1.0811,
      1.1351,
      1.1892,
      1.2432,
      1.2973,
      1.3514,
      1.4054,
      1.4595,
      1.5135,
      1.5676,
      1.6216,
      1.6757,
      1.7297,
      1.7838,
      1.8378,
      1.8919,
      1.9459
    ],
    "TaskName": "anticipation",
    "TotalReadoutTime": 0.025822520692561732,
    "UsePhilipsFloatNotDisplayScaling": 1,
    "acq_id": "seq",
    "dataset": "unknown",
    "modality": "bold",
    "subject_id": "0074",
    "task_id": "anticipation"
  },
  "dummy_trs": 0,
  "dvars_nstd": 26.060783529999995,
  "dvars_std": 1.1788424808542712,
  "dvars_vstd": 0.9705635298994973,
  "efc": 0.4681607590395424,
  "fber": 149076352.0,
  "fd_mean": 0.13140328602357523,
  "fd_num": 19,
  "fd_perc": 9.5,
  "fwhm_avg": 2.332494556010935,
  "fwhm_x": 2.2714966666666667,
  "fwhm_y": 2.53429,
  "fwhm_z": 2.1916970013661383,
  "gcor": 0.0347151,
  "gsr_x": -0.00028430981910787523,
  "gsr_y": 0.016225486993789673,
  "provenance": {
    "md5sum": "36cf5381dc108d4508b3c9eed68623f9",
    "settings": {
      "fd_thres": 0.2,
      "hmc_fsl": false
    },
    "software": "mriqc",
    "version": "0.15.0",
    "webapi_port": null,
    "webapi_url": "https://mriqc.nimh.nih.gov/api/v1"
  },
  "size_t": 200,
  "size_x": 80,
  "size_y": 80,
  "size_z": 37,
  "snr": 4.489254164408958,
  "spacing_tr": 2.0,
  "spacing_x": 3.0,
  "spacing_y": 3.0,
  "spacing_z": 3.299999952316284,
  "spikes_num": 0,
  "summary_bg_k": 41.79526375135723,
  "summary_bg_mad": 2.24943208694458,
  "summary_bg_mean": 348.9961242675781,
  "summary_bg_median": 1.5429463386535645,
  "summary_bg_n": 140834.0,
  "summary_bg_p05": 0.012859837012365465,
  "summary_bg_p95": 2269.470678710938,
  "summary_bg_stdv": 1525.9588623046875,
  "summary_fg_k": 1.4333052644677808,
  "summary_fg_mad": 4538.580078125,
  "summary_fg_mean": 22146.630859375,
  "summary_fg_median": 21897.25390625,
  "summary_fg_n": 52462.0,
  "summary_fg_p05": 15031.49365234375,
  "summary_fg_p95": 29950.31357421875,
  "summary_fg_stdv": 4877.65771484375,
  "tsnr": 60.11635971069336
}