{
  "aor": 0.001004030303030303,
  "aqi": 0.008114565303030303,
  "bids_meta": {
    "AcquisitionNumber": 2,
    "BidsifyVersion": "0.3.5",
    "ConversionSoftware": "dcm2niix",
    "ConversionSoftwareVersion": "v1.0.20181125  GCC6.3.0",
    "EchoTime": 0.02762,
    "EffectiveEchoSpacing": 0.0006333282667071997,
    "ImageComments": "Piop",
    "ImageOrientationPatientDICOM": [
      0.999699,
      0.0138953,
      0.0201942,
      -0.00540895,
      0.928554,
      -0.371158
    ],
    "Manufacturer": "Philips",
    "NumberOfVolumesDiscardedByScanner": 2,
    "ParallelAcquisitionTechnique": "SENSE",
    "ParallelReductionFactorInPlane": 2,
    "PatientPosition": "HFS",
    "PhaseEncodingDirection": "j",
    "PhilipsRescaleIntercept": 0,
    "PhilipsRescaleSlope": 0.75702,
    "PhilipsScaleSlope": 0.0890505,
    "ProtocolName": "WIPpiopfacesSENSE",
    "PulseSequenceType": "gradient echo EPI",
    "ReconMatrixPE": 80,
    "RepetitionTime": 0.75,
    "SeriesDescription": "ImageMRSERIES",
    "SeriesNumber": 2,
    "SliceEncodingDirection": "k",
    "SliceTiming": [
      0.0,
      0.06755050505050506,
      0.1351010101010101,
      0.20265151515151517,
      0.2702020202020202,
      0.3377525252525253,
      0.40530303030303033,
      0.47285353535353536,
      0.5404040404040404,
      0.6079545454545455,
      0.6755050505050506,
      0.7430555555555556,
      0.0,
      0.06755050505050506,
      0.1351010101010101,
      0.20265151515151517,
      0.2702020202020202,
      0.3377525252525253,
      0.40530303030303033,
      0.47285353535353536,
      0.5404040404040404,
      0.6079545454545455,
      0.6755050505050506,
      0.7430555555555556,
      0.0,
      0.06755050505050506,
      0.1351010101010101,
      0.20265151515151517,
      0.2702020202020202,
      0.3377525252525253,
      0.40530303030303033,
      0.47285353535353536,
      0.5404040404040404,
      0.6079545454545455,
      0.6755050505050506,
      0.7430555555555556
    ],
    "TaskName": "faces",
    "TotalReadoutTime": 0.024699802401580786,
    "UsePhilipsFloatNotDisplayScaling": 1,
    "acq_id": "mb3",
    "dataset": "unknown",
    "modality": "bold",
    "subject_id": "0074",
    "task_id": "faces"
  },
  "dummy_trs": 0,
  "dvars_nstd": 26.04765996364741,
  "dvars_std": 1.074909224285715,
  "dvars_vstd": 1.0086881988145888,
  "efc": 0.47373500099594396,
  "fber": 209548096.0,
  "fd_mean": 0.1260204496172963,
  "fd_num": 31,
  "fd_perc": 9.393939393939394,
  "fwhm_avg": 2.6265277456847076,
  "fwhm_x": 2.6365233333333333,
  "fwhm_y": 2.8583233333333333,
  "fwhm_z": 2.384736570387456,
  "gcor": 0.0220602,
  "gsr_x": -0.001123148133046925,
  "gsr_y": 0.01598130352795124,
  "provenance": {
    "md5sum": "3c97932f38d9e09fd4324b71abf09d44",
    "settings": {
      "fd_thres": 0.2,
      "hmc_fsl": false
    },
    "software": "mriqc",
    "version": "0.15.0",
    "webapi_port": null,
    "webapi_url": "https://mriqc.nimh.nih.gov/api/v1"
  },
  "size_t": 330,
  "size_x": 80,
  "size_y": 80,
  "size_z": 36,
  "snr": 5.116300100110174,
  "spacing_tr": 0.75,
  "spacing_x": 3.0,
  "spacing_y": 3.0,
  "spacing_z": 3.299999713897705,
  "spikes_num": 0,
  "summary_bg_k": 38.5310704142411,
  "summary_bg_mad": 1.5246093273162842,
  "summary_bg_mean": 276.622314453125,
  "summary_bg_median": 1.0458916425704956,
  "summary_bg_n": 136330.0,
  "summary_bg_p05": 0.007891857577487827,
  "summary_bg_p95": 1976.0870605468713,
  "summary_bg_stdv": 1174.9722900390625,
  "summary_fg_k": 1.3411059121417184,
  "summary_fg_mad": 3183.71728515625,
  "summary_fg_mean": 18138.146484375,
  "summary_fg_median": 18104.58203125,
  "summary_fg_n": 51536.0,
  "summary_fg_p05": 12705.49267578125,
  "summary_fg_p95": 23814.5048828125,
  "summary_fg_stdv": 3538.573974609375,
  "tsnr": 46.49028396606445
}