{
    "Manufacturer": "Philips",
    "PatientPosition": "HFS",
    "SeriesDescription": "ImageMRSERIES",
    "ProtocolName": "WIPt13dSENSE",
    "SeriesNumber": 4,
    "AcquisitionNumber": 4,
    "ImageComments": "PIOP",
    "PhilipsRescaleSlope": 9.75507,
    "PhilipsRescaleIntercept": 0,
    "PhilipsScaleSlope": 0.00760681,
    "UsePhilipsFloatNotDisplayScaling": 1,
    "EchoTime": 0.00375,
    "RepetitionTime": 0.008161,
    "ReconMatrixPE": 240,
    "ImageOrientationPatientDICOM": [
        0.997414,
        0.0692565,
        -0.0192007,
        -0.0686965,
        0.997232,
        0.0284358
    ],
    "ConversionSoftware": "dcm2niix",
    "ConversionSoftwareVersion": "v1.0.20181125  GCC6.3.0",
    "BidsifyVersion": "0.3.5"
}