{
  "aor": 0.0018207407407407406,
  "aqi": 0.003964555185185186,
  "bids_meta": {
    "AcquisitionNumber": 5,
    "BidsifyVersion": "0.3.5",
    "ConversionSoftware": "dcm2niix",
    "ConversionSoftwareVersion": "v1.0.20181125  GCC6.3.0",
    "EchoTime": 0.02762,
    "ImageComments": "Piop",
    "ImageOrientationPatientDICOM": [
      0.999291,
      -0.0252929,
      0.0278995,
      0.0328007,
      0.948557,
      -0.314903
    ],
    "Manufacturer": "Philips",
    "NumberOfVolumesDiscardedByScanner": 2,
    "ParallelAcquisitionTechnique": "SENSE",
    "ParallelReductionFactorInPlane": 2,
    "PatientPosition": "HFS",
    "PhaseEncodingDirection": "j",
    "PhilipsRescaleIntercept": 0,
    "PhilipsRescaleSlope": 0.79731,
    "PhilipsScaleSlope": 0.0634046,
    "ProtocolName": "WIPpiopharririSENSE",
    "PulseSequenceType": "gradient echo EPI",
    "ReconMatrixPE": 80,
    "RepetitionTime": 2,
    "SeriesDescription": "ImageMRSERIES",
    "SeriesNumber": 5,
    "SliceEncodingDirection": "k",
    "TaskName": "emomatching",
    "UsePhilipsFloatNotDisplayScaling": 1,
    "acq_id": "seq",
    "dataset": "unknown",
    "modality": "bold",
    "subject_id": "0207",
    "task_id": "emomatching"
  },
  "dummy_trs": 0,
  "dvars_nstd": 19.770285229402983,
  "dvars_std": 1.2302246905223881,
  "dvars_vstd": 7.111332864328362,
  "efc": 0.39832005478830423,
  "fber": 579420672.0,
  "fd_mean": 0.08944096641080514,
  "fd_num": 6,
  "fd_perc": 4.444444444444445,
  "fwhm_avg": 2.461356778655407,
  "fwhm_x": 2.4266900000000002,
  "fwhm_y": 2.6780166666666667,
  "fwhm_z": 2.2793636692995545,
  "gcor": 0.0172353,
  "gsr_x": -0.0029242669697850943,
  "gsr_y": 0.0006824102601967752,
  "provenance": {
    "md5sum": "78bd819069ac0a0718916162194d748b",
    "settings": {
      "fd_thres": 0.2,
      "hmc_fsl": false
    },
    "software": "mriqc",
    "version": "0.15.0",
    "webapi_port": null,
    "webapi_url": "https://mriqc.nimh.nih.gov/api/v1"
  },
  "size_t": 135,
  "size_x": 80,
  "size_y": 80,
  "size_z": 37,
  "snr": 4.9099655004470915,
  "spacing_tr": 2.0,
  "spacing_x": 3.0,
  "spacing_y": 3.0,
  "spacing_z": 3.299999952316284,
  "spikes_num": 2,
  "summary_bg_k": 95.48102118282486,
  "summary_bg_mad": 1.2601611614227295,
  "summary_bg_mean": 183.728759765625,
  "summary_bg_median": 0.8610661029815674,
  "summary_bg_n": 155100.0,
  "summary_bg_p05": 0.0038575958576984705,
  "summary_bg_p95": 699.9329315185543,
  "summary_bg_stdv": 1102.217041015625,
  "summary_fg_k": 2.7104205018374934,
  "summary_fg_mad": 3729.7841796875,
  "summary_fg_mean": 22493.716796875,
  "summary_fg_median": 22435.548828125,
  "summary_fg_n": 40207.0,
  "summary_fg_p05": 15438.326171875,
  "summary_fg_p95": 29334.250585937494,
  "summary_fg_stdv": 4569.33349609375,
  "tsnr": 77.59544372558594
}