{
  "aor": 0.00016557575757575758,
  "aqi": 0.008186670969696969,
  "bids_meta": {
    "AcquisitionNumber": 2,
    "BidsifyVersion": "0.3.5",
    "ConversionSoftware": "dcm2niix",
    "ConversionSoftwareVersion": "v1.0.20181125  GCC6.3.0",
    "EchoTime": 0.02762,
    "ImageComments": "Piop",
    "ImageOrientationPatientDICOM": [
      0.999165,
      0.0310008,
      0.0265928,
      -0.0209295,
      0.947716,
      -0.318428
    ],
    "Manufacturer": "Philips",
    "NumberOfVolumesDiscardedByScanner": 2,
    "ParallelAcquisitionTechnique": "SENSE",
    "ParallelReductionFactorInPlane": 2,
    "PatientPosition": "HFS",
    "PhaseEncodingDirection": "j",
    "PhilipsRescaleIntercept": 0,
    "PhilipsRescaleSlope": 0.77021,
    "PhilipsScaleSlope": 0.099069,
    "ProtocolName": "WIPpiopfacesSENSE",
    "PulseSequenceType": "gradient echo EPI",
    "ReconMatrixPE": 80,
    "RepetitionTime": 0.75,
    "SeriesDescription": "ImageMRSERIES",
    "SeriesNumber": 2,
    "SliceEncodingDirection": "k",
    "TaskName": "faces",
    "UsePhilipsFloatNotDisplayScaling": 1,
    "acq_id": "mb3",
    "dataset": "unknown",
    "modality": "bold",
    "subject_id": "0207",
    "task_id": "faces"
  },
  "dummy_trs": 0,
  "dvars_nstd": 33.59391276799391,
  "dvars_std": 1.1857639101519761,
  "dvars_vstd": 0.9939035907294822,
  "efc": 0.40456931352802705,
  "fber": 996660096.0,
  "fd_mean": 0.08934342545557325,
  "fd_num": 2,
  "fd_perc": 0.6060606060606061,
  "fwhm_avg": 2.583094354920996,
  "fwhm_x": 2.5605033333333336,
  "fwhm_y": 2.8039433333333332,
  "fwhm_z": 2.3848363980963216,
  "gcor": 0.00800173,
  "gsr_x": -0.0049522556364536285,
  "gsr_y": 0.00032855288009159267,
  "provenance": {
    "md5sum": "c5f5fb4eac403351ec0873b83c692012",
    "settings": {
      "fd_thres": 0.2,
      "hmc_fsl": false
    },
    "software": "mriqc",
    "version": "0.15.0",
    "webapi_port": null,
    "webapi_url": "https://mriqc.nimh.nih.gov/api/v1"
  },
  "size_t": 330,
  "size_x": 80,
  "size_y": 80,
  "size_z": 36,
  "snr": 5.114002631169258,
  "spacing_tr": 0.75,
  "spacing_x": 3.0,
  "spacing_y": 3.0,
  "spacing_z": 3.299999952316284,
  "spikes_num": 0,
  "summary_bg_k": 83.55576995079679,
  "summary_bg_mad": 0.6992344260215759,
  "summary_bg_mean": 151.61956787109375,
  "summary_bg_median": 0.4730280339717865,
  "summary_bg_n": 149669.0,
  "summary_bg_p05": 0.0005009300308302046,
  "summary_bg_p95": 665.7693847656258,
  "summary_bg_stdv": 853.4398803710938,
  "summary_fg_k": 2.30198279023148,
  "summary_fg_mad": 2831.76611328125,
  "summary_fg_mean": 16849.451171875,
  "summary_fg_median": 17091.30859375,
  "summary_fg_n": 39856.0,
  "summary_fg_p05": 11113.061279296875,
  "summary_fg_p95": 21657.7958984375,
  "summary_fg_stdv": 3342.01904296875,
  "tsnr": 47.96451950073242
}