{
  "aor": 0.0017773469387755102,
  "aqi": 0.013391730081632655,
  "bids_meta": {
    "AcquisitionNumber": 3,
    "BidsifyVersion": "0.3.5",
    "ConversionSoftware": "dcm2niix",
    "ConversionSoftwareVersion": "v1.0.20181125  GCC6.3.0",
    "EchoTime": 0.02762,
    "EffectiveEchoSpacing": 0.0006621159151938905,
    "ImageComments": "Piop",
    "ImageOrientationPatientDICOM": [
      0.997186,
      0.0101008,
      -0.0742871,
      -0.0372623,
      0.926601,
      -0.374196
    ],
    "Manufacturer": "Philips",
    "NumberOfVolumesDiscardedByScanner": 2,
    "ParallelAcquisitionTechnique": "SENSE",
    "ParallelReductionFactorInPlane": 2,
    "PatientPosition": "HFS",
    "PhaseEncodingDirection": "j",
    "PhilipsRescaleIntercept": 0,
    "PhilipsRescaleSlope": 0.81001,
    "PhilipsScaleSlope": 0.0575007,
    "ProtocolName": "WIPpiopgstroopSENSE",
    "PulseSequenceType": "gradient echo EPI",
    "ReconMatrixPE": 80,
    "RepetitionTime": 2,
    "SeriesDescription": "ImageMRSERIES",
    "SeriesNumber": 3,
    "SliceEncodingDirection": "k",
    "SliceTiming": [
      0.0,
      0.0541,
      0.1081,
      0.1622,
      0.2162,
      0.2703,
      0.3243,
      0.3784,
      0.4324,
      0.4865,
      0.5405,
      0.5946,
      0.6486,
      0.7027,
      0.7568,
      0.8108,
      0.8649,
      0.9189,
      0.973,
      1.027,
      1.0811,
      1.1351,
      1.1892,
      1.2432,
      1.2973,
      1.3514,
      1.4054,
      1.4595,
      1.5135,
      1.5676,
      1.6216,
      1.6757,
      1.7297,
      1.7838,
      1.8378,
      1.8919,
      1.9459
    ],
    "TaskName": "gstroop",
    "TotalReadoutTime": 0.025822520692561732,
    "UsePhilipsFloatNotDisplayScaling": 1,
    "acq_id": "seq",
    "dataset": "unknown",
    "modality": "bold",
    "subject_id": "0066",
    "task_id": "gstroop"
  },
  "dummy_trs": 0,
  "dvars_nstd": 26.813388160041,
  "dvars_std": 1.2303813725819686,
  "dvars_vstd": 0.9326470361475402,
  "efc": 0.4193394116989437,
  "fber": 35437256.0,
  "fd_mean": 0.15572766506180316,
  "fd_num": 55,
  "fd_perc": 22.448979591836736,
  "fwhm_avg": 2.397895768506859,
  "fwhm_x": 2.30489,
  "fwhm_y": 2.6193033333333333,
  "fwhm_z": 2.2694939721872442,
  "gcor": 0.00472733,
  "gsr_x": -0.006680334452539682,
  "gsr_y": 0.007119668647646904,
  "provenance": {
    "md5sum": "61ca6c4f531a77a9ff763bd7abc72f7c",
    "settings": {
      "fd_thres": 0.2,
      "hmc_fsl": false
    },
    "software": "mriqc",
    "version": "0.15.0",
    "webapi_port": null,
    "webapi_url": "https://mriqc.nimh.nih.gov/api/v1"
  },
  "size_t": 245,
  "size_x": 80,
  "size_y": 80,
  "size_z": 37,
  "snr": 4.911248723297498,
  "spacing_tr": 2.0,
  "spacing_x": 3.0,
  "spacing_y": 3.0,
  "spacing_z": 3.299999952316284,
  "spikes_num": 0,
  "summary_bg_k": 101.92742335202512,
  "summary_bg_mad": 5.495518684387207,
  "summary_bg_mean": 208.33511352539062,
  "summary_bg_median": 3.781466245651245,
  "summary_bg_n": 150759.0,
  "summary_bg_p05": 0.026864442601799966,
  "summary_bg_p95": 994.9454833984446,
  "summary_bg_stdv": 1056.6190185546875,
  "summary_fg_k": 1.7373215525183392,
  "summary_fg_mad": 4629.51806640625,
  "summary_fg_mean": 25145.58203125,
  "summary_fg_median": 25079.34375,
  "summary_fg_n": 44791.0,
  "summary_fg_p05": 17094.7333984375,
  "summary_fg_p95": 32957.638671875,
  "summary_fg_stdv": 5106.45361328125,
  "tsnr": 44.567317962646484
}