{
    "Manufacturer": "Philips",
    "PatientPosition": "HFS",
    "SeriesDescription": "ImageMRSERIES",
    "ProtocolName": "WIPt13dSENSE",
    "SeriesNumber": 4,
    "AcquisitionNumber": 4,
    "ImageComments": "PIOP",
    "PhilipsRescaleSlope": 8.58388,
    "PhilipsRescaleIntercept": 0,
    "PhilipsScaleSlope": 0.00758979,
    "UsePhilipsFloatNotDisplayScaling": 1,
    "EchoTime": 0.00381,
    "RepetitionTime": 0.008274,
    "ReconMatrixPE": 240,
    "ImageOrientationPatientDICOM": [
        0.998774,
        0.0493757,
        0.00344474,
        -0.0493724,
        0.988963,
        0.139692
    ],
    "ConversionSoftware": "dcm2niix",
    "ConversionSoftwareVersion": "v1.0.20181125  GCC6.3.0",
    "BidsifyVersion": "0.3.5"
}