{
  "bids_meta": {
    "AcquisitionNumber": 4,
    "BidsifyVersion": "0.3.5",
    "ConversionSoftware": "dcm2niix",
    "ConversionSoftwareVersion": "v1.0.20181125  GCC6.3.0",
    "EchoTime": 0.0038,
    "ImageComments": "piop",
    "ImageOrientationPatientDICOM": [
      0.998012,
      0.0553605,
      -0.0301262,
      -0.0582441,
      0.992743,
      -0.105208
    ],
    "Manufacturer": "Philips",
    "PatientPosition": "HFS",
    "PhilipsRescaleIntercept": 0,
    "PhilipsRescaleSlope": 9.14725,
    "PhilipsScaleSlope": 0.00724515,
    "ProtocolName": "WIPt13dSENSE",
    "ReconMatrixPE": 240,
    "RepetitionTime": 0.008255,
    "SeriesDescription": "ImageMRSERIES",
    "SeriesNumber": 4,
    "UsePhilipsFloatNotDisplayScaling": 1,
    "dataset": "unknown",
    "modality": "T1w",
    "subject_id": "0201"
  },
  "cjv": 0.3409249804857305,
  "cnr": 3.708146779372997,
  "efc": 0.7661551411798209,
  "fber": 879.70556640625,
  "fwhm_avg": 3.7695866666666666,
  "fwhm_x": 3.64766,
  "fwhm_y": 4.02101,
  "fwhm_z": 3.64009,
  "icvs_csf": 0.20186045186310184,
  "icvs_gm": 0.4269080402453932,
  "icvs_wm": 0.371231507891505,
  "inu_med": 1.8728798627853394,
  "inu_range": 0.44907681941986066,
  "provenance": {
    "md5sum": "a7119fc8d4bcc3251eec28fda0a767c6",
    "settings": {
      "testing": false
    },
    "software": "mriqc",
    "version": "0.15.0",
    "warnings": {
      "large_rot_frame": true,
      "small_air_mask": true
    },
    "webapi_port": null,
    "webapi_url": "https://mriqc.nimh.nih.gov/api/v1"
  },
  "qi_1": 0.0,
  "qi_2": 0.00033629852126857443,
  "rpve_csf": 28.177742755556352,
  "rpve_gm": 14.599818719543247,
  "rpve_wm": 20.89733921008732,
  "size_x": 240,
  "size_y": 240,
  "size_z": 220,
  "snr_csf": 2.156544828144037,
  "snr_gm": 7.248054576910778,
  "snr_total": 9.943866069031289,
  "snr_wm": 20.426998802039048,
  "snrd_csf": 22.414538572008755,
  "snrd_gm": 49.58410856195827,
  "snrd_total": 50.27757550436116,
  "snrd_wm": 78.83407937911647,
  "spacing_x": 1.0,
  "spacing_y": 1.0,
  "spacing_z": 1.0,
  "summary_bg_k": 25.875290819669196,
  "summary_bg_mad": 8.310176849365234,
  "summary_bg_mean": 10.60495376586914,
  "summary_bg_median": 11.241094589233398,
  "summary_bg_n": 128856.0,
  "summary_bg_p05": 0.0,
  "summary_bg_p95": 28.50877046585083,
  "summary_bg_stdv": 9.224954605102539,
  "summary_csf_k": 4.767960556472355,
  "summary_csf_mad": 153.09707641601562,
  "summary_csf_mean": 277.0414733886719,
  "summary_csf_median": 284.32061767578125,
  "summary_csf_n": 9284.0,
  "summary_csf_p05": 82.92061729431153,
  "summary_csf_p95": 471.0844924926759,
  "summary_csf_stdv": 131.83370971679688,
  "summary_gm_k": 0.26463125784852615,
  "summary_gm_mad": 82.40170288085938,
  "summary_gm_mean": 635.2994384765625,
  "summary_gm_median": 628.9571533203125,
  "summary_gm_n": 27971.0,
  "summary_gm_p05": 502.833984375,
  "summary_gm_p95": 790.177001953125,
  "summary_gm_stdv": 86.77444458007812,
  "summary_wm_k": 1.1480403775932455,
  "summary_wm_mad": 44.09022521972656,
  "summary_wm_mean": 997.6102905273438,
  "summary_wm_median": 999.9828491210938,
  "summary_wm_n": 209703.0,
  "summary_wm_p05": 913.7518432617188,
  "summary_wm_p95": 1072.3321655273437,
  "summary_wm_stdv": 48.953861236572266,
  "tpm_overlap_csf": 0.22825480997562408,
  "tpm_overlap_gm": 0.5183764696121216,
  "tpm_overlap_wm": 0.5706587433815002,
  "wm2max": 0.7631144375444151
}