{
  "aor": 0.000662530864197531,
  "aqi": 0.0043031511728395064,
  "bids_meta": {
    "AcquisitionNumber": 8,
    "BidsifyVersion": "0.3.5",
    "ConversionSoftware": "dcm2niix",
    "ConversionSoftwareVersion": "v1.0.20181125  GCC6.3.0",
    "EchoTime": 0.02762,
    "EffectiveEchoSpacing": 0.0006621159151938905,
    "ImageComments": "Piop",
    "ImageOrientationPatientDICOM": [
      0.999739,
      0.0228217,
      0.000288932,
      -0.0209416,
      0.922262,
      -0.385997
    ],
    "Manufacturer": "Philips",
    "NumberOfVolumesDiscardedByScanner": 2,
    "ParallelAcquisitionTechnique": "SENSE",
    "ParallelReductionFactorInPlane": 2,
    "PatientPosition": "HFS",
    "PhaseEncodingDirection": "j",
    "PhilipsRescaleIntercept": 0,
    "PhilipsRescaleSlope": 0.76386,
    "PhilipsScaleSlope": 0.0611996,
    "ProtocolName": "WIPpiopwmSENSE",
    "PulseSequenceType": "gradient echo EPI",
    "ReconMatrixPE": 80,
    "RepetitionTime": 2,
    "SeriesDescription": "ImageMRSERIES",
    "SeriesNumber": 8,
    "SliceEncodingDirection": "k",
    "SliceTiming": [
      0.0,
      0.0541,
      0.1081,
      0.1622,
      0.2162,
      0.2703,
      0.3243,
      0.3784,
      0.4324,
      0.4865,
      0.5405,
      0.5946,
      0.6486,
      0.7027,
      0.7568,
      0.8108,
      0.8649,
      0.9189,
      0.973,
      1.027,
      1.0811,
      1.1351,
      1.1892,
      1.2432,
      1.2973,
      1.3514,
      1.4054,
      1.4595,
      1.5135,
      1.5676,
      1.6216,
      1.6757,
      1.7297,
      1.7838,
      1.8378,
      1.8919,
      1.9459
    ],
    "TaskName": "workingmemory",
    "TotalReadoutTime": 0.025822520692561732,
    "UsePhilipsFloatNotDisplayScaling": 1,
    "acq_id": "seq",
    "dataset": "unknown",
    "modality": "bold",
    "subject_id": "0084",
    "task_id": "workingmemory"
  },
  "dummy_trs": 0,
  "dvars_nstd": 23.105593699627317,
  "dvars_std": 1.2298054167701864,
  "dvars_vstd": 0.9907975377018635,
  "efc": 0.41374311773958733,
  "fber": 375159200.0,
  "fd_mean": 0.12492690302724606,
  "fd_num": 18,
  "fd_perc": 11.11111111111111,
  "fwhm_avg": 2.358470212652197,
  "fwhm_x": 2.29773,
  "fwhm_y": 2.5702866666666666,
  "fwhm_z": 2.2073939712899233,
  "gcor": 0.015019,
  "gsr_x": -0.003082501934841275,
  "gsr_y": 0.00416299095377326,
  "provenance": {
    "md5sum": "01fde3878963fc18def68e78c0a780d6",
    "settings": {
      "fd_thres": 0.2,
      "hmc_fsl": false
    },
    "software": "mriqc",
    "version": "0.15.0",
    "webapi_port": null,
    "webapi_url": "https://mriqc.nimh.nih.gov/api/v1"
  },
  "size_t": 162,
  "size_x": 80,
  "size_y": 80,
  "size_z": 37,
  "snr": 4.67691243470786,
  "spacing_tr": 2.0,
  "spacing_x": 3.0,
  "spacing_y": 3.0,
  "spacing_z": 3.299999952316284,
  "spikes_num": 0,
  "summary_bg_k": 80.54682177356443,
  "summary_bg_mad": 1.5304936170578003,
  "summary_bg_mean": 188.9873809814453,
  "summary_bg_median": 1.0571399927139282,
  "summary_bg_n": 151945.0,
  "summary_bg_p05": 0.00732662258669734,
  "summary_bg_p95": 808.8529052734356,
  "summary_bg_stdv": 1037.9949951171875,
  "summary_fg_k": 2.0037829540885497,
  "summary_fg_mad": 4327.7666015625,
  "summary_fg_mean": 22890.828125,
  "summary_fg_median": 22733.67578125,
  "summary_fg_n": 43424.0,
  "summary_fg_p05": 15356.756689453125,
  "summary_fg_p95": 30253.168554687498,
  "summary_fg_stdv": 4860.77392578125,
  "tsnr": 69.97547912597656
}