{
  "aor": 0.00011818181818181821,
  "aqi": 0.005746565878787879,
  "bids_meta": {
    "AcquisitionNumber": 2,
    "BidsifyVersion": "0.3.5",
    "ConversionSoftware": "dcm2niix",
    "ConversionSoftwareVersion": "v1.0.20181125  GCC6.3.0",
    "EchoTime": 0.02762,
    "EffectiveEchoSpacing": 0.0006333282667071997,
    "ImageComments": "Piop",
    "ImageOrientationPatientDICOM": [
      0.999739,
      0.0228217,
      0.000288932,
      -0.0209416,
      0.922262,
      -0.385997
    ],
    "Manufacturer": "Philips",
    "NumberOfVolumesDiscardedByScanner": 2,
    "ParallelAcquisitionTechnique": "SENSE",
    "ParallelReductionFactorInPlane": 2,
    "PatientPosition": "HFS",
    "PhaseEncodingDirection": "j",
    "PhilipsRescaleIntercept": 0,
    "PhilipsRescaleSlope": 0.79976,
    "PhilipsScaleSlope": 0.0921113,
    "ProtocolName": "WIPpiopfacesSENSE",
    "PulseSequenceType": "gradient echo EPI",
    "ReconMatrixPE": 80,
    "RepetitionTime": 0.75,
    "SeriesDescription": "ImageMRSERIES",
    "SeriesNumber": 2,
    "SliceEncodingDirection": "k",
    "SliceTiming": [
      0.0,
      0.06755050505050506,
      0.1351010101010101,
      0.20265151515151517,
      0.2702020202020202,
      0.3377525252525253,
      0.40530303030303033,
      0.47285353535353536,
      0.5404040404040404,
      0.6079545454545455,
      0.6755050505050506,
      0.7430555555555556,
      0.0,
      0.06755050505050506,
      0.1351010101010101,
      0.20265151515151517,
      0.2702020202020202,
      0.3377525252525253,
      0.40530303030303033,
      0.47285353535353536,
      0.5404040404040404,
      0.6079545454545455,
      0.6755050505050506,
      0.7430555555555556,
      0.0,
      0.06755050505050506,
      0.1351010101010101,
      0.20265151515151517,
      0.2702020202020202,
      0.3377525252525253,
      0.40530303030303033,
      0.47285353535353536,
      0.5404040404040404,
      0.6079545454545455,
      0.6755050505050506,
      0.7430555555555556
    ],
    "TaskName": "faces",
    "TotalReadoutTime": 0.024699802401580786,
    "UsePhilipsFloatNotDisplayScaling": 1,
    "acq_id": "mb3",
    "dataset": "unknown",
    "modality": "bold",
    "subject_id": "0084",
    "task_id": "faces"
  },
  "dummy_trs": 0,
  "dvars_nstd": 25.331730857234064,
  "dvars_std": 1.1724038836170214,
  "dvars_vstd": 0.9983266771428576,
  "efc": 0.41991797758954913,
  "fber": 1016523584.0,
  "fd_mean": 0.10701069991224638,
  "fd_num": 16,
  "fd_perc": 4.848484848484849,
  "fwhm_avg": 2.6365298671704958,
  "fwhm_x": 2.63029,
  "fwhm_y": 2.8850933333333333,
  "fwhm_z": 2.394206268178154,
  "gcor": 0.0208591,
  "gsr_x": -0.004574032966047525,
  "gsr_y": 0.004032356198877096,
  "provenance": {
    "md5sum": "2a69b9ed2950a325a95a7dcc783d0f45",
    "settings": {
      "fd_thres": 0.2,
      "hmc_fsl": false
    },
    "software": "mriqc",
    "version": "0.15.0",
    "webapi_port": null,
    "webapi_url": "https://mriqc.nimh.nih.gov/api/v1"
  },
  "size_t": 330,
  "size_x": 80,
  "size_y": 80,
  "size_z": 36,
  "snr": 5.352324346584043,
  "spacing_tr": 0.75,
  "spacing_x": 3.0,
  "spacing_y": 3.0,
  "spacing_z": 3.299999713897705,
  "spikes_num": 0,
  "summary_bg_k": 71.85197406880131,
  "summary_bg_mad": 0.7095321416854858,
  "summary_bg_mean": 144.08164978027344,
  "summary_bg_median": 0.48109471797943115,
  "summary_bg_n": 147308.0,
  "summary_bg_p05": 0.0008726391708478332,
  "summary_bg_p95": 768.2350708007812,
  "summary_bg_stdv": 751.734375,
  "summary_fg_k": 1.9867236193874147,
  "summary_fg_mad": 2797.5400390625,
  "summary_fg_mean": 17041.03125,
  "summary_fg_median": 17250.28125,
  "summary_fg_n": 42602.0,
  "summary_fg_p05": 11535.937646484374,
  "summary_fg_p95": 21705.2986328125,
  "summary_fg_stdv": 3222.91357421875,
  "tsnr": 59.045257568359375
}