{
  "aor": 0.0001431106471816284,
  "aqi": 0.009519627035490606,
  "bids_meta": {
    "AcquisitionNumber": 6,
    "BidsifyVersion": "0.3.5",
    "ConversionSoftware": "dcm2niix",
    "ConversionSoftwareVersion": "v1.0.20181125  GCC6.3.0",
    "EchoTime": 0.02762,
    "ImageComments": "Piop",
    "ImageOrientationPatientDICOM": [
      0.997298,
      -0.073341,
      0.00413064,
      0.0706125,
      0.941663,
      -0.329067
    ],
    "Manufacturer": "Philips",
    "NumberOfVolumesDiscardedByScanner": 2,
    "ParallelAcquisitionTechnique": "SENSE",
    "ParallelReductionFactorInPlane": 2,
    "PatientPosition": "HFS",
    "PhaseEncodingDirection": "j",
    "PhilipsRescaleIntercept": 0,
    "PhilipsRescaleSlope": 0.77582,
    "PhilipsScaleSlope": 0.096169,
    "ProtocolName": "WIPpioprsSENSE",
    "PulseSequenceType": "gradient echo EPI",
    "ReconMatrixPE": 80,
    "RepetitionTime": 0.75,
    "SeriesDescription": "ImageMRSERIES",
    "SeriesNumber": 6,
    "SliceEncodingDirection": "k",
    "TaskName": "restingstate",
    "UsePhilipsFloatNotDisplayScaling": 1,
    "acq_id": "mb3",
    "dataset": "unknown",
    "modality": "bold",
    "subject_id": "0151",
    "task_id": "restingstate"
  },
  "dummy_trs": 1,
  "dvars_nstd": 35.12481188271967,
  "dvars_std": 1.2090216930543927,
  "dvars_vstd": 0.9965728966527191,
  "efc": 0.42730064673538903,
  "fber": 697484096.0,
  "fd_mean": 0.09375905667103396,
  "fd_num": 6,
  "fd_perc": 1.2526096033402923,
  "fwhm_avg": 2.395737990368162,
  "fwhm_x": 2.33434,
  "fwhm_y": 2.6583133333333335,
  "fwhm_z": 2.1945606377711533,
  "gcor": 0.00926148,
  "gsr_x": -0.01014847680926323,
  "gsr_y": 0.010926318354904652,
  "provenance": {
    "md5sum": "49b06a36f750dbf8bcdac07a174a8ee4",
    "settings": {
      "fd_thres": 0.2,
      "hmc_fsl": false
    },
    "software": "mriqc",
    "version": "0.15.0",
    "webapi_port": null,
    "webapi_url": "https://mriqc.nimh.nih.gov/api/v1"
  },
  "size_t": 479,
  "size_x": 80,
  "size_y": 80,
  "size_z": 36,
  "snr": 4.955945757076794,
  "spacing_tr": 0.75,
  "spacing_x": 3.0,
  "spacing_y": 3.0,
  "spacing_z": 3.299999952316284,
  "spikes_num": 1,
  "summary_bg_k": 51.82758889928538,
  "summary_bg_mad": 0.8151416778564453,
  "summary_bg_mean": 168.7295379638672,
  "summary_bg_median": 0.5530152320861816,
  "summary_bg_n": 145110.0,
  "summary_bg_p05": 0.0012911646568682044,
  "summary_bg_p95": 893.8712768554669,
  "summary_bg_stdv": 820.813232421875,
  "summary_fg_k": 2.0289039897452525,
  "summary_fg_mad": 2817.775390625,
  "summary_fg_mean": 16370.9443359375,
  "summary_fg_median": 16620.078125,
  "summary_fg_n": 44157.0,
  "summary_fg_p05": 10517.24609375,
  "summary_fg_p95": 21229.366015625,
  "summary_fg_stdv": 3353.525390625,
  "tsnr": 46.335166931152344
}