{
  "aor": 0.0007889,
  "aqi": 0.0045779463,
  "bids_meta": {
    "AcquisitionNumber": 9,
    "BidsifyVersion": "0.3.5",
    "ConversionSoftware": "dcm2niix",
    "ConversionSoftwareVersion": "v1.0.20181125  GCC6.3.0",
    "EchoTime": 0.02762,
    "ImageComments": "Piop",
    "ImageOrientationPatientDICOM": [
      0.997298,
      -0.073341,
      0.00413064,
      0.0706125,
      0.941663,
      -0.329067
    ],
    "Manufacturer": "Philips",
    "NumberOfVolumesDiscardedByScanner": 2,
    "ParallelAcquisitionTechnique": "SENSE",
    "ParallelReductionFactorInPlane": 2,
    "PatientPosition": "HFS",
    "PhaseEncodingDirection": "j",
    "PhilipsRescaleIntercept": 0,
    "PhilipsRescaleSlope": 0.7663,
    "PhilipsScaleSlope": 0.0669665,
    "ProtocolName": "WIPpiopanticipatieSENSE",
    "PulseSequenceType": "gradient echo EPI",
    "ReconMatrixPE": 80,
    "RepetitionTime": 2,
    "SeriesDescription": "ImageMRSERIES",
    "SeriesNumber": 9,
    "SliceEncodingDirection": "k",
    "TaskName": "anticipation",
    "UsePhilipsFloatNotDisplayScaling": 1,
    "acq_id": "seq",
    "dataset": "unknown",
    "modality": "bold",
    "subject_id": "0151",
    "task_id": "anticipation"
  },
  "dummy_trs": 0,
  "dvars_nstd": 25.623194009598006,
  "dvars_std": 1.3148296883417094,
  "dvars_vstd": 0.9983158553266338,
  "efc": 0.4231189382343001,
  "fber": 516003616.0,
  "fd_mean": 0.09946901379777366,
  "fd_num": 4,
  "fd_perc": 2.0,
  "fwhm_avg": 2.2895956665870894,
  "fwhm_x": 2.24168,
  "fwhm_y": 2.5464766666666665,
  "fwhm_z": 2.080630333094602,
  "gcor": 0.0187577,
  "gsr_x": -0.008790061809122562,
  "gsr_y": 0.011792952194809914,
  "provenance": {
    "md5sum": "2df035fada1eb971ab2e384331d6b4a6",
    "settings": {
      "fd_thres": 0.2,
      "hmc_fsl": false
    },
    "software": "mriqc",
    "version": "0.15.0",
    "webapi_port": null,
    "webapi_url": "https://mriqc.nimh.nih.gov/api/v1"
  },
  "size_t": 200,
  "size_x": 80,
  "size_y": 80,
  "size_z": 37,
  "snr": 4.7608789285673145,
  "spacing_tr": 2.0,
  "spacing_x": 3.0,
  "spacing_y": 3.0,
  "spacing_z": 3.299999952316284,
  "spikes_num": 2,
  "summary_bg_k": 52.83975414284301,
  "summary_bg_mad": 1.2591980695724487,
  "summary_bg_mean": 212.7112274169922,
  "summary_bg_median": 0.859883725643158,
  "summary_bg_n": 149858.0,
  "summary_bg_p05": 0.0027521488373167817,
  "summary_bg_p95": 1010.5893798828087,
  "summary_bg_stdv": 1064.342041015625,
  "summary_fg_k": 2.5145934793390214,
  "summary_fg_mad": 3632.977783203125,
  "summary_fg_mean": 21467.37890625,
  "summary_fg_median": 21446.958984375,
  "summary_fg_n": 44957.0,
  "summary_fg_p05": 14248.711328125,
  "summary_fg_p95": 28273.651171875,
  "summary_fg_stdv": 4504.78173828125,
  "tsnr": 74.00973510742188
}