{
  "bids_meta": {
    "AcquisitionNumber": 4,
    "BidsifyVersion": "0.3.5",
    "ConversionSoftware": "dcm2niix",
    "ConversionSoftwareVersion": "v1.0.20181125  GCC6.3.0",
    "EchoTime": 0.00375,
    "ImageComments": "Piop",
    "ImageOrientationPatientDICOM": [
      0.998174,
      -0.0144498,
      0.0586473,
      0.0182945,
      0.997681,
      -0.0655585
    ],
    "Manufacturer": "Philips",
    "PatientPosition": "HFS",
    "PhilipsRescaleIntercept": 0,
    "PhilipsRescaleSlope": 10.1944,
    "PhilipsScaleSlope": 0.00732795,
    "ProtocolName": "WIPt13dSENSE",
    "ReconMatrixPE": 240,
    "RepetitionTime": 0.008203,
    "SeriesDescription": "ImageMRSERIES",
    "SeriesNumber": 4,
    "UsePhilipsFloatNotDisplayScaling": 1,
    "dataset": "unknown",
    "modality": "T1w",
    "subject_id": "0054"
  },
  "cjv": 0.31856166634921934,
  "cnr": 3.895609104824985,
  "efc": 0.7640807644411596,
  "fber": 639.33544921875,
  "fwhm_avg": 3.455883333333333,
  "fwhm_x": 3.47713,
  "fwhm_y": 3.63094,
  "fwhm_z": 3.25958,
  "icvs_csf": 0.20080234800187363,
  "icvs_gm": 0.43032251076796063,
  "icvs_wm": 0.36887514123016574,
  "inu_med": 1.9665664434432983,
  "inu_range": 0.4999470472335812,
  "provenance": {
    "md5sum": "8f1ee5b264a98eeb87d41d189685fad4",
    "settings": {
      "testing": false
    },
    "software": "mriqc",
    "version": "0.15.0",
    "warnings": {
      "large_rot_frame": true,
      "small_air_mask": true
    },
    "webapi_port": null,
    "webapi_url": "https://mriqc.nimh.nih.gov/api/v1"
  },
  "qi_1": 0.0,
  "qi_2": 0.00017070285694516474,
  "rpve_csf": 31.916512534790673,
  "rpve_gm": 16.208974453599144,
  "rpve_wm": 23.759822644986592,
  "size_x": 240,
  "size_y": 240,
  "size_z": 220,
  "snr_csf": 1.8090593278074674,
  "snr_gm": 7.493436808062541,
  "snr_total": 9.720640353652346,
  "snr_wm": 19.85942492508703,
  "snrd_csf": 16.90217097823573,
  "snrd_gm": 44.31281809704024,
  "snrd_total": 44.21899111294292,
  "snrd_wm": 71.4419842635528,
  "spacing_x": 1.0,
  "spacing_y": 1.0,
  "spacing_z": 1.0,
  "summary_bg_k": 9.297718468814011,
  "summary_bg_mad": 9.17003059387207,
  "summary_bg_mean": 13.43919849395752,
  "summary_bg_median": 12.313425064086914,
  "summary_bg_n": 119422.0,
  "summary_bg_p05": 0.0,
  "summary_bg_p95": 31.340526294708255,
  "summary_bg_stdv": 10.739437103271484,
  "summary_csf_k": -0.8620966416583702,
  "summary_csf_mad": 167.31527709960938,
  "summary_csf_mean": 243.59677124023438,
  "summary_csf_median": 236.58192443847656,
  "summary_csf_n": 5061.0,
  "summary_csf_p05": 55.54435348510742,
  "summary_csf_p95": 450.44329833984375,
  "summary_csf_stdv": 130.76329040527344,
  "summary_gm_k": 0.6656707008676235,
  "summary_gm_mad": 75.63316345214844,
  "summary_gm_mean": 625.1286010742188,
  "summary_gm_median": 620.2523803710938,
  "summary_gm_n": 17003.0,
  "summary_gm_p05": 495.79673767089844,
  "summary_gm_p95": 770.6999633789062,
  "summary_gm_stdv": 82.77031707763672,
  "summary_wm_k": 1.043391411100969,
  "summary_wm_mad": 45.33442687988281,
  "summary_wm_mean": 998.3958129882812,
  "summary_wm_median": 999.98291015625,
  "summary_wm_n": 174512.0,
  "summary_wm_p05": 913.5353302001953,
  "summary_wm_p95": 1077.661114501953,
  "summary_wm_stdv": 50.35292053222656,
  "tpm_overlap_csf": 0.19490396976470947,
  "tpm_overlap_gm": 0.49549946188926697,
  "tpm_overlap_wm": 0.5552366375923157,
  "wm2max": 0.7925762004072986
}