{
  "aor": 0.001292938775510204,
  "aqi": 0.006618386816326531,
  "bids_meta": {
    "AcquisitionNumber": 3,
    "BidsifyVersion": "0.3.5",
    "ConversionSoftware": "dcm2niix",
    "ConversionSoftwareVersion": "v1.0.20181125  GCC6.3.0",
    "EchoTime": 0.02762,
    "ImageComments": "piop",
    "ImageOrientationPatientDICOM": [
      0.999721,
      -0.0227842,
      0.006244,
      0.0235597,
      0.981062,
      -0.192257
    ],
    "Manufacturer": "Philips",
    "NumberOfVolumesDiscardedByScanner": 2,
    "ParallelAcquisitionTechnique": "SENSE",
    "ParallelReductionFactorInPlane": 2,
    "PatientPosition": "HFS",
    "PhaseEncodingDirection": "j",
    "PhilipsRescaleIntercept": 0,
    "PhilipsRescaleSlope": 0.76703,
    "PhilipsScaleSlope": 0.0542884,
    "ProtocolName": "WIPpiopgstroopSENSE",
    "PulseSequenceType": "gradient echo EPI",
    "ReconMatrixPE": 80,
    "RepetitionTime": 2,
    "SeriesDescription": "ImageMRSERIES",
    "SeriesNumber": 3,
    "SliceEncodingDirection": "k",
    "TaskName": "gstroop",
    "UsePhilipsFloatNotDisplayScaling": 1,
    "acq_id": "seq",
    "dataset": "unknown",
    "modality": "bold",
    "subject_id": "0004",
    "task_id": "gstroop"
  },
  "dummy_trs": 0,
  "dvars_nstd": 21.303359781885234,
  "dvars_std": 1.173175310573771,
  "dvars_vstd": 0.969010501352459,
  "efc": 0.3945875974973302,
  "fber": 165874432.0,
  "fd_mean": 0.1527050258348608,
  "fd_num": 55,
  "fd_perc": 22.448979591836736,
  "fwhm_avg": 2.3064790001179007,
  "fwhm_x": 2.193493333333333,
  "fwhm_y": 2.6043133333333333,
  "fwhm_z": 2.121630333687036,
  "gcor": 0.0229467,
  "gsr_x": -0.010699054226279259,
  "gsr_y": 0.0037341169081628323,
  "provenance": {
    "md5sum": "2149e08c2a1dbbcd7381980ce6f4ad10",
    "settings": {
      "fd_thres": 0.2,
      "hmc_fsl": false
    },
    "software": "mriqc",
    "version": "0.15.0",
    "webapi_port": null,
    "webapi_url": "https://mriqc.nimh.nih.gov/api/v1"
  },
  "size_t": 245,
  "size_x": 80,
  "size_y": 80,
  "size_z": 37,
  "snr": 5.019921340242336,
  "spacing_tr": 2.0,
  "spacing_x": 3.0,
  "spacing_y": 3.0,
  "spacing_z": 3.299999952316284,
  "spikes_num": 1,
  "summary_bg_k": 123.37399094388753,
  "summary_bg_mad": 2.7905006408691406,
  "summary_bg_mean": 212.5003204345703,
  "summary_bg_median": 1.9256236553192139,
  "summary_bg_n": 156298.0,
  "summary_bg_p05": 0.009660951979458333,
  "summary_bg_p95": 782.863403320308,
  "summary_bg_stdv": 1329.2821044921875,
  "summary_fg_k": 2.5859524482459886,
  "summary_fg_mad": 4590.97900390625,
  "summary_fg_mean": 26760.6953125,
  "summary_fg_median": 26671.40234375,
  "summary_fg_n": 39837.0,
  "summary_fg_p05": 18894.882421875,
  "summary_fg_p95": 34818.08046874999,
  "summary_fg_stdv": 5313.044921875,
  "tsnr": 64.6275405883789
}