{
  "bids_meta": {
    "AcquisitionNumber": 4,
    "BidsifyVersion": "0.3.5",
    "ConversionSoftware": "dcm2niix",
    "ConversionSoftwareVersion": "v1.0.20181125  GCC6.3.0",
    "EchoTime": 0.00374,
    "ImageComments": "Piop",
    "ImageOrientationPatientDICOM": [
      0.999036,
      0.0295044,
      -0.0325106,
      -0.0287781,
      0.999331,
      0.0225859
    ],
    "Manufacturer": "Philips",
    "PatientPosition": "HFS",
    "PhilipsRescaleIntercept": 0,
    "PhilipsRescaleSlope": 7.66569,
    "PhilipsScaleSlope": 0.00679612,
    "ProtocolName": "WIPt13dSENSE",
    "ReconMatrixPE": 240,
    "RepetitionTime": 0.008156,
    "SeriesDescription": "ImageMRSERIES",
    "SeriesNumber": 4,
    "UsePhilipsFloatNotDisplayScaling": 1,
    "dataset": "unknown",
    "modality": "T1w",
    "subject_id": "0137"
  },
  "cjv": 0.3131483853750065,
  "cnr": 4.068202557670844,
  "efc": 0.7477972979199626,
  "fber": 549.4185180664062,
  "fwhm_avg": 3.3817435349009557,
  "fwhm_x": 3.380950201520336,
  "fwhm_y": 3.490520208051217,
  "fwhm_z": 3.273760195131313,
  "icvs_csf": 0.22035915670394898,
  "icvs_gm": 0.4375990192047425,
  "icvs_wm": 0.3420418240913085,
  "inu_med": 1.8271312713623047,
  "inu_range": 0.3720614910125728,
  "provenance": {
    "md5sum": "1cf8c312bbf9eee4d21dfb97be54904b",
    "settings": {
      "testing": false
    },
    "software": "mriqc",
    "version": "0.15.0",
    "warnings": {
      "large_rot_frame": true,
      "small_air_mask": true
    },
    "webapi_port": null,
    "webapi_url": "https://mriqc.nimh.nih.gov/api/v1"
  },
  "qi_1": 0.0,
  "qi_2": 4.42921606912972e-05,
  "rpve_csf": 24.687476402479312,
  "rpve_gm": 13.341160442378586,
  "rpve_wm": 21.43863669226909,
  "size_x": 240,
  "size_y": 240,
  "size_z": 220,
  "snr_csf": 2.7832594938250987,
  "snr_gm": 7.023654155404704,
  "snr_total": 9.577821235757717,
  "snr_wm": 18.92655005804335,
  "snrd_csf": 24.394494670584763,
  "snrd_gm": 50.54970576078602,
  "snrd_total": 53.46665395437643,
  "snrd_wm": 85.45576143175853,
  "spacing_x": 0.9999999403953552,
  "spacing_y": 0.9999999403953552,
  "spacing_z": 0.9999999403953552,
  "summary_bg_k": 30.38826598999887,
  "summary_bg_mad": 7.666306972503662,
  "summary_bg_mean": 10.97907543182373,
  "summary_bg_median": 5.1708455085754395,
  "summary_bg_n": 207437.0,
  "summary_bg_p05": 0.0,
  "summary_bg_p95": 31.337838363647457,
  "summary_bg_stdv": 14.035186767578125,
  "summary_csf_k": 10.808767734569235,
  "summary_csf_mad": 78.57330322265625,
  "summary_csf_mean": 285.6777648925781,
  "summary_csf_median": 285.460693359375,
  "summary_csf_n": 3515.0,
  "summary_csf_p05": 113.28774642944336,
  "summary_csf_p95": 442.37049255371096,
  "summary_csf_stdv": 102.54885864257812,
  "summary_gm_k": 0.21309595321229713,
  "summary_gm_mad": 80.95791625976562,
  "summary_gm_mean": 592.0673828125,
  "summary_gm_median": 591.5250244140625,
  "summary_gm_n": 20922.0,
  "summary_gm_p05": 454.7538024902344,
  "summary_gm_p95": 733.7062469482422,
  "summary_gm_stdv": 84.21697235107422,
  "summary_wm_k": 1.0892974434903113,
  "summary_wm_mad": 46.952362060546875,
  "summary_wm_mean": 998.843994140625,
  "summary_wm_median": 999.9904174804688,
  "summary_wm_n": 185394.0,
  "summary_wm_p05": 910.3481903076172,
  "summary_wm_p95": 1082.9618530273438,
  "summary_wm_stdv": 52.835182189941406,
  "tpm_overlap_csf": 0.19538532197475433,
  "tpm_overlap_gm": 0.5158624649047852,
  "tpm_overlap_wm": 0.5620055198669434,
  "wm2max": 0.6064215017587736
}