{
  "aor": 0.001195679012345679,
  "aqi": 0.007497505802469134,
  "bids_meta": {
    "AcquisitionNumber": 8,
    "BidsifyVersion": "0.3.5",
    "ConversionSoftware": "dcm2niix",
    "ConversionSoftwareVersion": "v1.0.20181125  GCC6.3.0",
    "EchoTime": 0.02762,
    "ImageComments": "piop",
    "ImageOrientationPatientDICOM": [
      0.998442,
      -0.0364721,
      0.0422186,
      0.0409743,
      0.992951,
      -0.111219
    ],
    "Manufacturer": "Philips",
    "NumberOfVolumesDiscardedByScanner": 2,
    "ParallelAcquisitionTechnique": "SENSE",
    "ParallelReductionFactorInPlane": 2,
    "PatientPosition": "HFS",
    "PhaseEncodingDirection": "j",
    "PhilipsRescaleIntercept": 0,
    "PhilipsRescaleSlope": 0.79731,
    "PhilipsScaleSlope": 0.0620303,
    "ProtocolName": "WIPpiopwmSENSE",
    "PulseSequenceType": "gradient echo EPI",
    "ReconMatrixPE": 80,
    "RepetitionTime": 2,
    "SeriesDescription": "ImageMRSERIES",
    "SeriesNumber": 8,
    "SliceEncodingDirection": "k",
    "TaskName": "workingmemory",
    "UsePhilipsFloatNotDisplayScaling": 1,
    "acq_id": "seq",
    "dataset": "unknown",
    "modality": "bold",
    "subject_id": "0153",
    "task_id": "workingmemory"
  },
  "dummy_trs": 0,
  "dvars_nstd": 22.812426028198768,
  "dvars_std": 1.1553074639130443,
  "dvars_vstd": 0.9731871219254661,
  "efc": 0.4062167820506286,
  "fber": 82885960.0,
  "fd_mean": 0.1472152460532015,
  "fd_num": 28,
  "fd_perc": 17.28395061728395,
  "fwhm_avg": 2.4257845561361653,
  "fwhm_x": 2.348336666666667,
  "fwhm_y": 2.71132,
  "fwhm_z": 2.2176970017418283,
  "gcor": 0.0160304,
  "gsr_x": -0.0029121532570570707,
  "gsr_y": 0.0031117775943130255,
  "provenance": {
    "md5sum": "2d2b56dbdbe99ec385525aa44e1c9737",
    "settings": {
      "fd_thres": 0.2,
      "hmc_fsl": false
    },
    "software": "mriqc",
    "version": "0.15.0",
    "webapi_port": null,
    "webapi_url": "https://mriqc.nimh.nih.gov/api/v1"
  },
  "size_t": 162,
  "size_x": 80,
  "size_y": 80,
  "size_z": 37,
  "snr": 4.7075767026678434,
  "spacing_tr": 2.0,
  "spacing_x": 3.0,
  "spacing_y": 3.0,
  "spacing_z": 3.299999952316284,
  "spikes_num": 0,
  "summary_bg_k": 71.91938369991044,
  "summary_bg_mad": 3.142746925354004,
  "summary_bg_mean": 223.53701782226562,
  "summary_bg_median": 2.184647560119629,
  "summary_bg_n": 154098.0,
  "summary_bg_p05": 0.02473648600280285,
  "summary_bg_p95": 843.0299743652337,
  "summary_bg_stdv": 1171.9747314453125,
  "summary_fg_k": 2.4202077678922462,
  "summary_fg_mad": 3920.592529296875,
  "summary_fg_mean": 21773.208984375,
  "summary_fg_median": 21603.2578125,
  "summary_fg_n": 41612.0,
  "summary_fg_p05": 15257.809570312502,
  "summary_fg_p95": 28838.867480468747,
  "summary_fg_stdv": 4588.98486328125,
  "tsnr": 58.06351089477539
}