{
  "aor": 0.0031020370370370373,
  "aqi": 0.0038808716049382715,
  "bids_meta": {
    "AcquisitionNumber": 8,
    "BidsifyVersion": "0.3.5",
    "ConversionSoftware": "dcm2niix",
    "ConversionSoftwareVersion": "v1.0.20181125  GCC6.3.0",
    "EchoTime": 0.02762,
    "ImageComments": "PIOP",
    "ImageOrientationPatientDICOM": [
      0.997605,
      0.0440424,
      -0.0533326,
      -0.0536791,
      0.97925,
      -0.195416
    ],
    "Manufacturer": "Philips",
    "NumberOfVolumesDiscardedByScanner": 2,
    "ParallelAcquisitionTechnique": "SENSE",
    "ParallelReductionFactorInPlane": 2,
    "PatientPosition": "HFS",
    "PhaseEncodingDirection": "j",
    "PhilipsRescaleIntercept": 0,
    "PhilipsRescaleSlope": 0.81441,
    "PhilipsScaleSlope": 0.0560993,
    "ProtocolName": "WIPpiopwmSENSE",
    "PulseSequenceType": "gradient echo EPI",
    "ReconMatrixPE": 80,
    "RepetitionTime": 2,
    "SeriesDescription": "ImageMRSERIES",
    "SeriesNumber": 8,
    "SliceEncodingDirection": "k",
    "TaskName": "workingmemory",
    "UsePhilipsFloatNotDisplayScaling": 1,
    "acq_id": "seq",
    "dataset": "unknown",
    "modality": "bold",
    "subject_id": "0069",
    "task_id": "workingmemory"
  },
  "dummy_trs": 0,
  "dvars_nstd": 24.446772995652157,
  "dvars_std": 1.2286177942857133,
  "dvars_vstd": 1.028799587080746,
  "efc": 0.3957901943932087,
  "fber": 134457776.0,
  "fd_mean": 0.15687212124224706,
  "fd_num": 30,
  "fd_perc": 18.51851851851852,
  "fwhm_avg": 2.3577655658939314,
  "fwhm_x": 2.315866666666667,
  "fwhm_y": 2.6109966666666664,
  "fwhm_z": 2.1464333643484603,
  "gcor": 0.0159606,
  "gsr_x": -0.008685468696057796,
  "gsr_y": 0.005997771862894297,
  "provenance": {
    "md5sum": "68fcecbf4cdf5483eeb97c99f27c05a5",
    "settings": {
      "fd_thres": 0.2,
      "hmc_fsl": false
    },
    "software": "mriqc",
    "version": "0.15.0",
    "webapi_port": null,
    "webapi_url": "https://mriqc.nimh.nih.gov/api/v1"
  },
  "size_t": 162,
  "size_x": 80,
  "size_y": 80,
  "size_z": 37,
  "snr": 4.1115388681261384,
  "spacing_tr": 2.0,
  "spacing_x": 3.0,
  "spacing_y": 3.0,
  "spacing_z": 3.299999952316284,
  "spikes_num": 2,
  "summary_bg_k": 113.01522295780082,
  "summary_bg_mad": 2.659853219985962,
  "summary_bg_mean": 184.7655029296875,
  "summary_bg_median": 1.828873634338379,
  "summary_bg_n": 154977.0,
  "summary_bg_p05": 0.009278652817010881,
  "summary_bg_p95": 758.8301269531195,
  "summary_bg_stdv": 1053.482421875,
  "summary_fg_k": 1.597419187444852,
  "summary_fg_mad": 4804.1796875,
  "summary_fg_mean": 23335.775390625,
  "summary_fg_median": 22934.89453125,
  "summary_fg_n": 40806.0,
  "summary_fg_p05": 15122.02978515625,
  "summary_fg_p95": 32479.5263671875,
  "summary_fg_stdv": 5578.109375,
  "tsnr": 66.4493637084961
}