{
    "Manufacturer": "Philips",
    "PatientPosition": "HFS",
    "SeriesDescription": "ImageMRSERIES",
    "ProtocolName": "WIPpiopwmSENSE",
    "SeriesNumber": 8,
    "AcquisitionNumber": 8,
    "ImageComments": "piop",
    "PhilipsRescaleSlope": 0.75775,
    "PhilipsRescaleIntercept": 0,
    "PhilipsScaleSlope": 0.0626953,
    "UsePhilipsFloatNotDisplayScaling": 1,
    "EchoTime": 0.02762,
    "RepetitionTime": 2,
    "ReconMatrixPE": 80,
    "ImageOrientationPatientDICOM": [
        0.99593,
        0.0849604,
        0.0300828,
        -0.0771572,
        0.976209,
        -0.202639
    ],
    "ConversionSoftware": "dcm2niix",
    "ConversionSoftwareVersion": "v1.0.20181125  GCC6.3.0",
    "BidsifyVersion": "0.3.5",
    "SliceEncodingDirection": "k",
    "PhaseEncodingDirection": "j",
    "ParallelAcquisitionTechnique": "SENSE",
    "ParallelReductionFactorInPlane": 2,
    "NumberOfVolumesDiscardedByScanner": 2,
    "PulseSequenceType": "gradient echo EPI",
    "TaskName": "workingmemory"
}