{
    "Manufacturer": "Philips",
    "PatientPosition": "HFS",
    "SeriesDescription": "ImageMRSERIES",
    "ProtocolName": "WIPdti32v2SENSE",
    "SeriesNumber": 7,
    "AcquisitionNumber": 7,
    "ImageComments": "piop",
    "PhilipsRescaleSlope": 4.35092,
    "PhilipsRescaleIntercept": 0,
    "PhilipsScaleSlope": 0.0254045,
    "UsePhilipsFloatNotDisplayScaling": 1,
    "EchoTime": 0.08815,
    "RepetitionTime": 7.51336,
    "ReconMatrixPE": 112,
    "ImageOrientationPatientDICOM": [
        0.994792,
        -0.0982906,
        -0.0269724,
        0.0961381,
        0.992761,
        -0.0719884
    ],
    "ConversionSoftware": "dcm2niix",
    "ConversionSoftwareVersion": "v1.0.20181125  GCC6.3.0",
    "BidsifyVersion": "0.3.5",
    "FlipAngle": 90,
    "WaterFatShift": 18.924,
    "ParallelAcquisitionTechnique": "SENSE",
    "ParallelReductionFactorInPlane": 2,
    "PhaseEncodingDirection": "j"
}