{
  "bids_meta": {
    "AcquisitionNumber": 4,
    "BidsifyVersion": "0.3.5",
    "ConversionSoftware": "dcm2niix",
    "ConversionSoftwareVersion": "v1.0.20181125  GCC6.3.0",
    "EchoTime": 0.00374,
    "ImageComments": "piop",
    "ImageOrientationPatientDICOM": [
      0.999367,
      0.0254935,
      0.0247975,
      -0.024075,
      0.998145,
      -0.0559121
    ],
    "Manufacturer": "Philips",
    "PatientPosition": "HFS",
    "PhilipsRescaleIntercept": 0,
    "PhilipsRescaleSlope": 8.90549,
    "PhilipsScaleSlope": 0.00720214,
    "ProtocolName": "WIPt13dSENSE",
    "ReconMatrixPE": 240,
    "RepetitionTime": 0.008165,
    "SeriesDescription": "ImageMRSERIES",
    "SeriesNumber": 4,
    "UsePhilipsFloatNotDisplayScaling": 1,
    "dataset": "unknown",
    "modality": "T1w",
    "subject_id": "0061"
  },
  "cjv": 0.29626267037959403,
  "cnr": 4.374999390837548,
  "efc": 0.7674592113556576,
  "fber": 729.8330688476562,
  "fwhm_avg": 3.5588265128449783,
  "fwhm_x": 3.46367,
  "fwhm_y": 3.8710495385349346,
  "fwhm_z": 3.34176,
  "icvs_csf": 0.16839837931157867,
  "icvs_gm": 0.4675979637639799,
  "icvs_wm": 0.3640036569244414,
  "inu_med": 1.859822154045105,
  "inu_range": 0.4721616506576536,
  "provenance": {
    "md5sum": "1fe7181ad978a9333c283d132190173b",
    "settings": {
      "testing": false
    },
    "software": "mriqc",
    "version": "0.15.0",
    "warnings": {
      "large_rot_frame": true,
      "small_air_mask": true
    },
    "webapi_port": null,
    "webapi_url": "https://mriqc.nimh.nih.gov/api/v1"
  },
  "qi_1": 0.0012581948215349976,
  "qi_2": 0.00044697108070479896,
  "rpve_csf": 32.94465691317402,
  "rpve_gm": 13.914347621521154,
  "rpve_wm": 20.984261426584144,
  "size_x": 240,
  "size_y": 240,
  "size_z": 220,
  "snr_csf": 1.9645322337602127,
  "snr_gm": 7.692100667047826,
  "snr_total": 9.561802920241098,
  "snr_wm": 19.028775859915253,
  "snrd_csf": 19.143841258111664,
  "snrd_gm": 44.07946436337725,
  "snrd_total": 45.95249412886935,
  "snrd_wm": 74.63417676511914,
  "spacing_x": 1.0,
  "spacing_y": 1.0000001192092896,
  "spacing_z": 1.0,
  "summary_bg_k": 41.91942737984477,
  "summary_bg_mad": 8.777811050415039,
  "summary_bg_mean": 11.492583274841309,
  "summary_bg_median": 11.84605884552002,
  "summary_bg_n": 57014.0,
  "summary_bg_p05": 0.0,
  "summary_bg_p95": 29.825360679626463,
  "summary_bg_stdv": 9.979541778564453,
  "summary_csf_k": 0.5015487982027862,
  "summary_csf_mad": 166.353759765625,
  "summary_csf_mean": 252.0745086669922,
  "summary_csf_median": 256.4977722167969,
  "summary_csf_n": 4060.0,
  "summary_csf_p05": 65.73544578552246,
  "summary_csf_p95": 438.5402328491211,
  "summary_csf_stdv": 130.5482177734375,
  "summary_gm_k": 0.22251696346839722,
  "summary_gm_mad": 74.27978515625,
  "summary_gm_mean": 595.5567626953125,
  "summary_gm_median": 590.596435546875,
  "summary_gm_n": 26466.0,
  "summary_gm_p05": 477.10755920410156,
  "summary_gm_p95": 730.1001586914062,
  "summary_gm_stdv": 76.77815246582031,
  "summary_wm_k": 1.073470440349551,
  "summary_wm_mad": 47.00592803955078,
  "summary_wm_mean": 996.9188842773438,
  "summary_wm_median": 999.982177734375,
  "summary_wm_n": 187120.0,
  "summary_wm_p05": 905.3883575439454,
  "summary_wm_p95": 1076.765509033203,
  "summary_wm_stdv": 52.55091094970703,
  "tpm_overlap_csf": 0.20470786094665527,
  "tpm_overlap_gm": 0.5184520483016968,
  "tpm_overlap_wm": 0.5436825156211853,
  "wm2max": 0.6975024619444519
}