{
  "aor": 0.0017622040816326532,
  "aqi": 0.004811377428571429,
  "bids_meta": {
    "AcquisitionNumber": 3,
    "BidsifyVersion": "0.3.5",
    "ConversionSoftware": "dcm2niix",
    "ConversionSoftwareVersion": "v1.0.20181125  GCC6.3.0",
    "EchoTime": 0.02762,
    "ImageComments": "piop",
    "ImageOrientationPatientDICOM": [
      0.996797,
      -0.0799221,
      0.00271787,
      0.0789748,
      0.978505,
      -0.190504
    ],
    "Manufacturer": "Philips",
    "NumberOfVolumesDiscardedByScanner": 2,
    "ParallelAcquisitionTechnique": "SENSE",
    "ParallelReductionFactorInPlane": 2,
    "PatientPosition": "HFS",
    "PhaseEncodingDirection": "j",
    "PhilipsRescaleIntercept": 0,
    "PhilipsRescaleSlope": 0.80049,
    "PhilipsScaleSlope": 0.0580073,
    "ProtocolName": "WIPpiopgstroopSENSE",
    "PulseSequenceType": "gradient echo EPI",
    "ReconMatrixPE": 80,
    "RepetitionTime": 2,
    "SeriesDescription": "ImageMRSERIES",
    "SeriesNumber": 3,
    "SliceEncodingDirection": "k",
    "TaskName": "gstroop",
    "UsePhilipsFloatNotDisplayScaling": 1,
    "acq_id": "seq",
    "dataset": "unknown",
    "modality": "bold",
    "subject_id": "0049",
    "task_id": "gstroop"
  },
  "dummy_trs": 0,
  "dvars_nstd": 27.618154314631138,
  "dvars_std": 1.3228760782377054,
  "dvars_vstd": 1.0461205052459015,
  "efc": 0.3856347109883169,
  "fber": 232284688.0,
  "fd_mean": 0.13724785926815125,
  "fd_num": 27,
  "fd_perc": 11.020408163265307,
  "fwhm_avg": 2.312653545526032,
  "fwhm_x": 2.28587,
  "fwhm_y": 2.5400966666666664,
  "fwhm_z": 2.1119939699114303,
  "gcor": 0.0287674,
  "gsr_x": -0.0065796575509011745,
  "gsr_y": 0.005472376011312008,
  "provenance": {
    "md5sum": "8ed9f480211bbd844efe2040fc014ec2",
    "settings": {
      "fd_thres": 0.2,
      "hmc_fsl": false
    },
    "software": "mriqc",
    "version": "0.15.0",
    "webapi_port": null,
    "webapi_url": "https://mriqc.nimh.nih.gov/api/v1"
  },
  "size_t": 245,
  "size_x": 80,
  "size_y": 80,
  "size_z": 37,
  "snr": 4.394873699211246,
  "spacing_tr": 2.0,
  "spacing_x": 3.0,
  "spacing_y": 3.0,
  "spacing_z": 3.299999952316284,
  "spikes_num": 0,
  "summary_bg_k": 98.1107885961638,
  "summary_bg_mad": 1.8057551383972168,
  "summary_bg_mean": 174.5038604736328,
  "summary_bg_median": 1.218998670578003,
  "summary_bg_n": 157212.0,
  "summary_bg_p05": 6.98429383191979e-05,
  "summary_bg_p95": 609.60263061523,
  "summary_bg_stdv": 988.4915771484375,
  "summary_fg_k": 2.404832008050086,
  "summary_fg_mad": 4139.13427734375,
  "summary_fg_mean": 21703.736328125,
  "summary_fg_median": 21391.58203125,
  "summary_fg_n": 38642.0,
  "summary_fg_p05": 14874.40947265625,
  "summary_fg_p95": 29407.1513671875,
  "summary_fg_stdv": 4867.3310546875,
  "tsnr": 65.55783081054688
}