{
  "aor": 0.0003263,
  "aqi": 0.00408067925,
  "bids_meta": {
    "AcquisitionNumber": 9,
    "BidsifyVersion": "0.3.5",
    "ConversionSoftware": "dcm2niix",
    "ConversionSoftwareVersion": "v1.0.20181125  GCC6.3.0",
    "EchoTime": 0.02762,
    "ImageComments": "piop",
    "ImageOrientationPatientDICOM": [
      0.996797,
      -0.0799221,
      0.00271787,
      0.0789748,
      0.978505,
      -0.190504
    ],
    "Manufacturer": "Philips",
    "NumberOfVolumesDiscardedByScanner": 2,
    "ParallelAcquisitionTechnique": "SENSE",
    "ParallelReductionFactorInPlane": 2,
    "PatientPosition": "HFS",
    "PhaseEncodingDirection": "j",
    "PhilipsRescaleIntercept": 0,
    "PhilipsRescaleSlope": 0.77338,
    "PhilipsScaleSlope": 0.0639188,
    "ProtocolName": "WIPpiopanticipatieSENSE",
    "PulseSequenceType": "gradient echo EPI",
    "ReconMatrixPE": 80,
    "RepetitionTime": 2,
    "SeriesDescription": "ImageMRSERIES",
    "SeriesNumber": 9,
    "SliceEncodingDirection": "k",
    "TaskName": "anticipation",
    "UsePhilipsFloatNotDisplayScaling": 1,
    "acq_id": "seq",
    "dataset": "unknown",
    "modality": "bold",
    "subject_id": "0049",
    "task_id": "anticipation"
  },
  "dummy_trs": 0,
  "dvars_nstd": 30.4872813681407,
  "dvars_std": 1.3031912036180902,
  "dvars_vstd": 1.6813800835175885,
  "efc": 0.3853389977509998,
  "fber": 608820352.0,
  "fd_mean": 0.15886912418961222,
  "fd_num": 41,
  "fd_perc": 20.5,
  "fwhm_avg": 2.3112288990588463,
  "fwhm_x": 2.28135,
  "fwhm_y": 2.54087,
  "fwhm_z": 2.111466697176539,
  "gcor": 0.0139545,
  "gsr_x": -0.00634386483579874,
  "gsr_y": 0.004681176971644163,
  "provenance": {
    "md5sum": "0e008029fcc7a5f3c1b629ddda3054bf",
    "settings": {
      "fd_thres": 0.2,
      "hmc_fsl": false
    },
    "software": "mriqc",
    "version": "0.15.0",
    "webapi_port": null,
    "webapi_url": "https://mriqc.nimh.nih.gov/api/v1"
  },
  "size_t": 200,
  "size_x": 80,
  "size_y": 80,
  "size_z": 37,
  "snr": 4.397497075238525,
  "spacing_tr": 2.0,
  "spacing_x": 3.0,
  "spacing_y": 3.0,
  "spacing_z": 3.299999952316284,
  "spikes_num": 1,
  "summary_bg_k": 92.15091811383682,
  "summary_bg_mad": 1.1117974519729614,
  "summary_bg_mean": 161.66030883789062,
  "summary_bg_median": 0.7590900659561157,
  "summary_bg_n": 157046.0,
  "summary_bg_p05": 0.003866759827360511,
  "summary_bg_p95": 524.2348785400391,
  "summary_bg_stdv": 957.1875610351562,
  "summary_fg_k": 2.3369160741604587,
  "summary_fg_mad": 3933.607177734375,
  "summary_fg_mean": 20746.15625,
  "summary_fg_median": 20400.09375,
  "summary_fg_n": 38679.0,
  "summary_fg_p05": 14253.3103515625,
  "summary_fg_p95": 28153.336914062496,
  "summary_fg_stdv": 4638.9638671875,
  "tsnr": 68.89363098144531
}