{
  "aor": 0.000156,
  "aqi": 0.009945974878787879,
  "bids_meta": {
    "AcquisitionNumber": 2,
    "BidsifyVersion": "0.3.5",
    "ConversionSoftware": "dcm2niix",
    "ConversionSoftwareVersion": "v1.0.20181125  GCC6.3.0",
    "EchoTime": 0.02762,
    "ImageComments": "piop",
    "ImageOrientationPatientDICOM": [
      0.996797,
      -0.0799221,
      0.00271787,
      0.0789748,
      0.978505,
      -0.190504
    ],
    "Manufacturer": "Philips",
    "NumberOfVolumesDiscardedByScanner": 2,
    "ParallelAcquisitionTechnique": "SENSE",
    "ParallelReductionFactorInPlane": 2,
    "PatientPosition": "HFS",
    "PhaseEncodingDirection": "j",
    "PhilipsRescaleIntercept": 0,
    "PhilipsRescaleSlope": 0.76166,
    "PhilipsScaleSlope": 0.0935924,
    "ProtocolName": "WIPpiopfacesSENSE",
    "PulseSequenceType": "gradient echo EPI",
    "ReconMatrixPE": 80,
    "RepetitionTime": 0.75,
    "SeriesDescription": "ImageMRSERIES",
    "SeriesNumber": 2,
    "SliceEncodingDirection": "k",
    "TaskName": "faces",
    "UsePhilipsFloatNotDisplayScaling": 1,
    "acq_id": "mb3",
    "dataset": "unknown",
    "modality": "bold",
    "subject_id": "0049",
    "task_id": "faces"
  },
  "dummy_trs": 0,
  "dvars_nstd": 37.25894897249239,
  "dvars_std": 1.2115714559574469,
  "dvars_vstd": 0.9874176202127654,
  "efc": 0.3923341368605992,
  "fber": 710162240.0,
  "fd_mean": 0.12159207208681154,
  "fd_num": 24,
  "fd_perc": 7.2727272727272725,
  "fwhm_avg": 2.4428758693114396,
  "fwhm_x": 2.41256,
  "fwhm_y": 2.689243333333333,
  "fwhm_z": 2.2268242746009865,
  "gcor": 0.010798,
  "gsr_x": -0.007340358570218086,
  "gsr_y": 0.004694125149399042,
  "provenance": {
    "md5sum": "02430d46386007347b9e2a69c97244e4",
    "settings": {
      "fd_thres": 0.2,
      "hmc_fsl": false
    },
    "software": "mriqc",
    "version": "0.15.0",
    "webapi_port": null,
    "webapi_url": "https://mriqc.nimh.nih.gov/api/v1"
  },
  "size_t": 330,
  "size_x": 80,
  "size_y": 80,
  "size_z": 36,
  "snr": 5.279252773341541,
  "spacing_tr": 0.75,
  "spacing_x": 3.0,
  "spacing_y": 3.0,
  "spacing_z": 3.299999952316284,
  "spikes_num": 1,
  "summary_bg_k": 89.72773162776372,
  "summary_bg_mad": 0.8297427892684937,
  "summary_bg_mean": 140.5874786376953,
  "summary_bg_median": 0.5637785196304321,
  "summary_bg_n": 151971.0,
  "summary_bg_p05": 0.001264992170035839,
  "summary_bg_p95": 545.2901611328125,
  "summary_bg_stdv": 794.1052856445312,
  "summary_fg_k": 2.0163297777555567,
  "summary_fg_mad": 2808.865234375,
  "summary_fg_mean": 16973.763671875,
  "summary_fg_median": 17008.859375,
  "summary_fg_n": 38118.0,
  "summary_fg_p05": 11907.05703125,
  "summary_fg_p95": 21947.587499999998,
  "summary_fg_stdv": 3221.78857421875,
  "tsnr": 44.12656784057617
}