{
  "bids_meta": {
    "AcquisitionNumber": 4,
    "BidsifyVersion": "0.3.5",
    "ConversionSoftware": "dcm2niix",
    "ConversionSoftwareVersion": "v1.0.20181125  GCC6.3.0",
    "EchoTime": 0.00385,
    "ImageComments": "Piop",
    "ImageOrientationPatientDICOM": [
      0.999168,
      -0.0277898,
      -0.0298365,
      0.0198828,
      0.97094,
      -0.238496
    ],
    "Manufacturer": "Philips",
    "PatientPosition": "HFS",
    "PhilipsRescaleIntercept": 0,
    "PhilipsRescaleSlope": 9.92747,
    "PhilipsScaleSlope": 0.00721081,
    "ProtocolName": "WIPt13dSENSE",
    "ReconMatrixPE": 240,
    "RepetitionTime": 0.00837,
    "SeriesDescription": "ImageMRSERIES",
    "SeriesNumber": 4,
    "UsePhilipsFloatNotDisplayScaling": 1,
    "dataset": "unknown",
    "modality": "T1w",
    "subject_id": "0028"
  },
  "cjv": 0.35334145164318326,
  "cnr": 3.562008666560903,
  "efc": 0.7702643335452738,
  "fber": 1468.7689208984375,
  "fwhm_avg": 3.6520531786108203,
  "fwhm_x": 3.50659,
  "fwhm_y": 3.8937195358324606,
  "fwhm_z": 3.55585,
  "icvs_csf": 0.2046006550167135,
  "icvs_gm": 0.409594401273604,
  "icvs_wm": 0.38580494370968244,
  "inu_med": 1.6989877223968506,
  "inu_range": 0.42740488052368164,
  "provenance": {
    "md5sum": "5ef640f93fa04f081a10351edb6aa121",
    "settings": {
      "testing": false
    },
    "software": "mriqc",
    "version": "0.15.0",
    "warnings": {
      "large_rot_frame": true,
      "small_air_mask": true
    },
    "webapi_port": null,
    "webapi_url": "https://mriqc.nimh.nih.gov/api/v1"
  },
  "qi_1": 0.0,
  "qi_2": 0.0002562036219515014,
  "rpve_csf": 25.953553695794056,
  "rpve_gm": 13.732865123141552,
  "rpve_wm": 18.41496993469403,
  "size_x": 240,
  "size_y": 240,
  "size_z": 220,
  "snr_csf": 1.8530762157943763,
  "snr_gm": 7.237486576774257,
  "snr_total": 9.94327591893171,
  "snr_wm": 20.73926496422649,
  "snrd_csf": 15.911129371021538,
  "snrd_gm": 44.28122720343491,
  "snrd_total": 43.147312457403224,
  "snrd_wm": 69.24958079775323,
  "spacing_x": 1.0,
  "spacing_y": 1.0000001192092896,
  "spacing_z": 1.0,
  "summary_bg_k": 1.7748826056053488,
  "summary_bg_mad": 9.460307121276855,
  "summary_bg_mean": 12.211430549621582,
  "summary_bg_median": 12.703097343444824,
  "summary_bg_n": 106023.0,
  "summary_bg_p05": 0.0,
  "summary_bg_p95": 32.37686462402344,
  "summary_bg_stdv": 10.741364479064941,
  "summary_csf_k": 1.970039239451233,
  "summary_csf_mad": 140.25881958007812,
  "summary_csf_mean": 244.39833068847656,
  "summary_csf_median": 229.7600555419922,
  "summary_csf_n": 13071.0,
  "summary_csf_p05": 74.39859390258789,
  "summary_csf_p95": 447.5782012939453,
  "summary_csf_stdv": 123.98371124267578,
  "summary_gm_k": 0.38648994466690123,
  "summary_gm_mad": 84.28065490722656,
  "summary_gm_mean": 644.1651000976562,
  "summary_gm_median": 639.4302368164062,
  "summary_gm_n": 25354.0,
  "summary_gm_p05": 507.97878417968747,
  "summary_gm_p95": 799.1830627441406,
  "summary_gm_stdv": 88.3480224609375,
  "summary_wm_k": 1.0854765701511662,
  "summary_wm_mad": 43.115997314453125,
  "summary_wm_mean": 997.9814453125,
  "summary_wm_median": 999.978515625,
  "summary_wm_n": 238203.0,
  "summary_wm_p05": 915.7242248535157,
  "summary_wm_p95": 1072.3229736328124,
  "summary_wm_stdv": 48.21657943725586,
  "tpm_overlap_csf": 0.22322390973567963,
  "tpm_overlap_gm": 0.504313588142395,
  "tpm_overlap_wm": 0.5784491896629333,
  "wm2max": 0.7589404286282274
}