{
  "aor": 0.00031934693877551016,
  "aqi": 0.0031371662857142854,
  "bids_meta": {
    "AcquisitionNumber": 3,
    "BidsifyVersion": "0.3.5",
    "ConversionSoftware": "dcm2niix",
    "ConversionSoftwareVersion": "v1.0.20181125  GCC6.3.0",
    "EchoTime": 0.02762,
    "EffectiveEchoSpacing": 0.0006621159151938905,
    "ImageComments": "Piop",
    "ImageOrientationPatientDICOM": [
      0.994609,
      0.101467,
      -0.0213965,
      -0.101906,
      0.918186,
      -0.382819
    ],
    "Manufacturer": "Philips",
    "NumberOfVolumesDiscardedByScanner": 2,
    "ParallelAcquisitionTechnique": "SENSE",
    "ParallelReductionFactorInPlane": 2,
    "PatientPosition": "HFS",
    "PhaseEncodingDirection": "j",
    "PhilipsRescaleIntercept": 0,
    "PhilipsRescaleSlope": 0.81099,
    "PhilipsScaleSlope": 0.056354,
    "ProtocolName": "WIPpiopgstroopSENSE",
    "PulseSequenceType": "gradient echo EPI",
    "ReconMatrixPE": 80,
    "RepetitionTime": 2,
    "SeriesDescription": "ImageMRSERIES",
    "SeriesNumber": 3,
    "SliceEncodingDirection": "k",
    "SliceTiming": [
      0.0,
      0.0541,
      0.1081,
      0.1622,
      0.2162,
      0.2703,
      0.3243,
      0.3784,
      0.4324,
      0.4865,
      0.5405,
      0.5946,
      0.6486,
      0.7027,
      0.7568,
      0.8108,
      0.8649,
      0.9189,
      0.973,
      1.027,
      1.0811,
      1.1351,
      1.1892,
      1.2432,
      1.2973,
      1.3514,
      1.4054,
      1.4595,
      1.5135,
      1.5676,
      1.6216,
      1.6757,
      1.7297,
      1.7838,
      1.8378,
      1.8919,
      1.9459
    ],
    "TaskName": "gstroop",
    "TotalReadoutTime": 0.025822520692561732,
    "UsePhilipsFloatNotDisplayScaling": 1,
    "acq_id": "seq",
    "dataset": "unknown",
    "modality": "bold",
    "subject_id": "0203",
    "task_id": "gstroop"
  },
  "dummy_trs": 0,
  "dvars_nstd": 21.392920314344263,
  "dvars_std": 1.2293724188934423,
  "dvars_vstd": 0.9901799029508195,
  "efc": 0.38703754474724855,
  "fber": 1370083840.0,
  "fd_mean": 0.0950439855175172,
  "fd_num": 9,
  "fd_perc": 3.673469387755102,
  "fwhm_avg": 2.2635828385116206,
  "fwhm_x": 2.169286666666667,
  "fwhm_y": 2.49778,
  "fwhm_z": 2.1236818488681943,
  "gcor": 0.0617857,
  "gsr_x": -0.011617522686719894,
  "gsr_y": 0.004870149772614241,
  "provenance": {
    "md5sum": "44d944923e71a037f4f87134229d8d09",
    "settings": {
      "fd_thres": 0.2,
      "hmc_fsl": false
    },
    "software": "mriqc",
    "version": "0.15.0",
    "webapi_port": null,
    "webapi_url": "https://mriqc.nimh.nih.gov/api/v1"
  },
  "size_t": 245,
  "size_x": 80,
  "size_y": 80,
  "size_z": 37,
  "snr": 4.485354939064575,
  "spacing_tr": 2.0,
  "spacing_x": 3.0,
  "spacing_y": 3.0,
  "spacing_z": 3.299999952316284,
  "spikes_num": 0,
  "summary_bg_k": 111.9548578051535,
  "summary_bg_mad": 0.891853928565979,
  "summary_bg_mean": 176.53404235839844,
  "summary_bg_median": 0.6058063507080078,
  "summary_bg_n": 157540.0,
  "summary_bg_p05": 0.002139785862527789,
  "summary_bg_p95": 693.9512145996085,
  "summary_bg_stdv": 1047.199462890625,
  "summary_fg_k": 2.150637210745435,
  "summary_fg_mad": 4893.17236328125,
  "summary_fg_mean": 25210.7890625,
  "summary_fg_median": 24984.498046875,
  "summary_fg_n": 38794.0,
  "summary_fg_p05": 17307.05078125,
  "summary_fg_p95": 33977.90546875,
  "summary_fg_stdv": 5570.1669921875,
  "tsnr": 75.20964050292969
}