{
  "aor": 0.0002128958333333333,
  "aqi": 0.024414245208333334,
  "bids_meta": {
    "AcquisitionNumber": 7,
    "BidsifyVersion": "0.3.5",
    "ConversionSoftware": "dcm2niix",
    "ConversionSoftwareVersion": "v1.0.20181125  GCC6.3.0",
    "EchoTime": 0.02762,
    "EffectiveEchoSpacing": 0.0006333282667071997,
    "ImageComments": "Piop",
    "ImageOrientationPatientDICOM": [
      0.993975,
      0.107949,
      -0.0190126,
      -0.108156,
      0.937742,
      -0.330065
    ],
    "Manufacturer": "Philips",
    "NumberOfVolumesDiscardedByScanner": 2,
    "ParallelAcquisitionTechnique": "SENSE",
    "ParallelReductionFactorInPlane": 2,
    "PatientPosition": "HFS",
    "PhaseEncodingDirection": "j",
    "PhilipsRescaleIntercept": 0,
    "PhilipsRescaleSlope": 0.84005,
    "PhilipsScaleSlope": 0.0917047,
    "ProtocolName": "WIPpioprsSENSE",
    "PulseSequenceType": "gradient echo EPI",
    "ReconMatrixPE": 80,
    "RepetitionTime": 0.75,
    "SeriesDescription": "ImageMRSERIES",
    "SeriesNumber": 7,
    "SliceEncodingDirection": "k",
    "SliceTiming": [
      0.0,
      0.06755050505050506,
      0.1351010101010101,
      0.20265151515151517,
      0.2702020202020202,
      0.3377525252525253,
      0.40530303030303033,
      0.47285353535353536,
      0.5404040404040404,
      0.6079545454545455,
      0.6755050505050506,
      0.7430555555555556,
      0.0,
      0.06755050505050506,
      0.1351010101010101,
      0.20265151515151517,
      0.2702020202020202,
      0.3377525252525253,
      0.40530303030303033,
      0.47285353535353536,
      0.5404040404040404,
      0.6079545454545455,
      0.6755050505050506,
      0.7430555555555556,
      0.0,
      0.06755050505050506,
      0.1351010101010101,
      0.20265151515151517,
      0.2702020202020202,
      0.3377525252525253,
      0.40530303030303033,
      0.47285353535353536,
      0.5404040404040404,
      0.6079545454545455,
      0.6755050505050506,
      0.7430555555555556
    ],
    "TaskName": "restingstate",
    "TotalReadoutTime": 0.024699802401580786,
    "UsePhilipsFloatNotDisplayScaling": 1,
    "acq_id": "mb3",
    "dataset": "unknown",
    "modality": "bold",
    "subject_id": "0203",
    "task_id": "restingstate"
  },
  "dummy_trs": 0,
  "dvars_nstd": 30.470983138475987,
  "dvars_std": 1.0245414137160753,
  "dvars_vstd": 0.9112035760125262,
  "efc": 0.3943367884355183,
  "fber": 77964504.0,
  "fd_mean": 0.11378729802271505,
  "fd_num": 28,
  "fd_perc": 5.833333333333333,
  "fwhm_avg": 2.3945404148600535,
  "fwhm_x": 2.27756,
  "fwhm_y": 2.6597066666666667,
  "fwhm_z": 2.246354577913495,
  "gcor": 0.00889266,
  "gsr_x": -0.011924066580832005,
  "gsr_y": 0.004268173594027758,
  "provenance": {
    "md5sum": "7823df4bf25623ea04f75b4e7637b321",
    "settings": {
      "fd_thres": 0.2,
      "hmc_fsl": false
    },
    "software": "mriqc",
    "version": "0.15.0",
    "webapi_port": null,
    "webapi_url": "https://mriqc.nimh.nih.gov/api/v1"
  },
  "size_t": 480,
  "size_x": 80,
  "size_y": 80,
  "size_z": 36,
  "snr": 5.496442104598741,
  "spacing_tr": 0.75,
  "spacing_x": 3.0,
  "spacing_y": 3.0,
  "spacing_z": 3.299999952316284,
  "spikes_num": 0,
  "summary_bg_k": 110.96244731537293,
  "summary_bg_mad": 2.686178684234619,
  "summary_bg_mean": 138.1339111328125,
  "summary_bg_median": 1.8506736755371094,
  "summary_bg_n": 152739.0,
  "summary_bg_p05": 0.015863862074911597,
  "summary_bg_p95": 654.8919738769536,
  "summary_bg_stdv": 746.8080444335938,
  "summary_fg_k": 2.743717672348354,
  "summary_fg_mad": 2713.866455078125,
  "summary_fg_mean": 17721.4609375,
  "summary_fg_median": 17814.8984375,
  "summary_fg_n": 37990.0,
  "summary_fg_p05": 12550.7927734375,
  "summary_fg_p95": 22529.440722656247,
  "summary_fg_stdv": 3241.12646484375,
  "tsnr": 33.85801696777344
}