{
  "aor": 0.0009476543209876542,
  "aqi": 0.003972547407407407,
  "bids_meta": {
    "AcquisitionNumber": 9,
    "BidsifyVersion": "0.3.5",
    "ConversionSoftware": "dcm2niix",
    "ConversionSoftwareVersion": "v1.0.20181125  GCC6.3.0",
    "EchoTime": 0.02762,
    "EffectiveEchoSpacing": 0.0006621159151938905,
    "ImageComments": "Piop",
    "ImageOrientationPatientDICOM": [
      0.994609,
      0.101467,
      -0.0213965,
      -0.101906,
      0.918186,
      -0.382819
    ],
    "Manufacturer": "Philips",
    "NumberOfVolumesDiscardedByScanner": 2,
    "ParallelAcquisitionTechnique": "SENSE",
    "ParallelReductionFactorInPlane": 2,
    "PatientPosition": "HFS",
    "PhaseEncodingDirection": "j",
    "PhilipsRescaleIntercept": 0,
    "PhilipsRescaleSlope": 0.81538,
    "PhilipsScaleSlope": 0.0585721,
    "ProtocolName": "WIPpiopwmSENSE",
    "PulseSequenceType": "gradient echo EPI",
    "ReconMatrixPE": 80,
    "RepetitionTime": 2,
    "SeriesDescription": "ImageMRSERIES",
    "SeriesNumber": 9,
    "SliceEncodingDirection": "k",
    "SliceTiming": [
      0.0,
      0.0541,
      0.1081,
      0.1622,
      0.2162,
      0.2703,
      0.3243,
      0.3784,
      0.4324,
      0.4865,
      0.5405,
      0.5946,
      0.6486,
      0.7027,
      0.7568,
      0.8108,
      0.8649,
      0.9189,
      0.973,
      1.027,
      1.0811,
      1.1351,
      1.1892,
      1.2432,
      1.2973,
      1.3514,
      1.4054,
      1.4595,
      1.5135,
      1.5676,
      1.6216,
      1.6757,
      1.7297,
      1.7838,
      1.8378,
      1.8919,
      1.9459
    ],
    "TaskName": "workingmemory",
    "TotalReadoutTime": 0.025822520692561732,
    "UsePhilipsFloatNotDisplayScaling": 1,
    "acq_id": "seq",
    "dataset": "unknown",
    "modality": "bold",
    "subject_id": "0203",
    "task_id": "workingmemory"
  },
  "dummy_trs": 0,
  "dvars_nstd": 18.296495094223598,
  "dvars_std": 1.1112056529813668,
  "dvars_vstd": 0.9951803701863349,
  "efc": 0.3874368427557948,
  "fber": 340002400.0,
  "fd_mean": 0.10777420875874787,
  "fd_num": 7,
  "fd_perc": 4.320987654320987,
  "fwhm_avg": 2.269253747666458,
  "fwhm_x": 2.1745033333333335,
  "fwhm_y": 2.496303333333333,
  "fwhm_z": 2.1369545763327076,
  "gcor": 0.0193101,
  "gsr_x": -0.011647180654108524,
  "gsr_y": 0.004000102169811726,
  "provenance": {
    "md5sum": "809a0b989d2a8e6d109e0eedf4b60759",
    "settings": {
      "fd_thres": 0.2,
      "hmc_fsl": false
    },
    "software": "mriqc",
    "version": "0.15.0",
    "webapi_port": null,
    "webapi_url": "https://mriqc.nimh.nih.gov/api/v1"
  },
  "size_t": 162,
  "size_x": 80,
  "size_y": 80,
  "size_z": 37,
  "snr": 4.430016470430089,
  "spacing_tr": 2.0,
  "spacing_x": 3.0,
  "spacing_y": 3.0,
  "spacing_z": 3.299999952316284,
  "spikes_num": 0,
  "summary_bg_k": 104.47776107674132,
  "summary_bg_mad": 1.846604347229004,
  "summary_bg_mean": 179.27761840820312,
  "summary_bg_median": 1.2720340490341187,
  "summary_bg_n": 157647.0,
  "summary_bg_p05": 0.004295500041916966,
  "summary_bg_p95": 736.1151062011718,
  "summary_bg_stdv": 1045.6990966796875,
  "summary_fg_k": 2.078229929688244,
  "summary_fg_mad": 4807.1611328125,
  "summary_fg_mean": 24496.845703125,
  "summary_fg_median": 24258.125,
  "summary_fg_n": 38744.0,
  "summary_fg_p05": 16711.685546875,
  "summary_fg_p95": 33165.889453125,
  "summary_fg_stdv": 5475.78369140625,
  "tsnr": 70.71470642089844
}