{
  "aor": 0.002701240310077519,
  "aqi": 0.0036488599224806205,
  "bids_meta": {
    "AcquisitionNumber": 5,
    "BidsifyVersion": "0.3.5",
    "ConversionSoftware": "dcm2niix",
    "ConversionSoftwareVersion": "v1.0.20181125  GCC6.3.0",
    "EchoTime": 0.02762,
    "EffectiveEchoSpacing": 0.0006621159151938905,
    "ImageComments": "Piop",
    "ImageOrientationPatientDICOM": [
      0.994609,
      0.101467,
      -0.0213965,
      -0.101906,
      0.918186,
      -0.382819
    ],
    "Manufacturer": "Philips",
    "NumberOfVolumesDiscardedByScanner": 2,
    "ParallelAcquisitionTechnique": "SENSE",
    "ParallelReductionFactorInPlane": 2,
    "PatientPosition": "HFS",
    "PhaseEncodingDirection": "j",
    "PhilipsRescaleIntercept": 0,
    "PhilipsRescaleSlope": 0.78803,
    "PhilipsScaleSlope": 0.0573736,
    "ProtocolName": "WIPpiopharririSENSE",
    "PulseSequenceType": "gradient echo EPI",
    "ReconMatrixPE": 80,
    "RepetitionTime": 2,
    "SeriesDescription": "ImageMRSERIES",
    "SeriesNumber": 5,
    "SliceEncodingDirection": "k",
    "SliceTiming": [
      0.0,
      0.0541,
      0.1081,
      0.1622,
      0.2162,
      0.2703,
      0.3243,
      0.3784,
      0.4324,
      0.4865,
      0.5405,
      0.5946,
      0.6486,
      0.7027,
      0.7568,
      0.8108,
      0.8649,
      0.9189,
      0.973,
      1.027,
      1.0811,
      1.1351,
      1.1892,
      1.2432,
      1.2973,
      1.3514,
      1.4054,
      1.4595,
      1.5135,
      1.5676,
      1.6216,
      1.6757,
      1.7297,
      1.7838,
      1.8378,
      1.8919,
      1.9459
    ],
    "TaskName": "emomatching",
    "TotalReadoutTime": 0.025822520692561732,
    "UsePhilipsFloatNotDisplayScaling": 1,
    "acq_id": "seq",
    "dataset": "unknown",
    "modality": "bold",
    "subject_id": "0203",
    "task_id": "emomatching"
  },
  "dummy_trs": 6,
  "dvars_nstd": 17.434631600937493,
  "dvars_std": 1.105239341796875,
  "dvars_vstd": 0.991952742578125,
  "efc": 0.3866499633723169,
  "fber": 868537600.0,
  "fd_mean": 0.10251712065828336,
  "fd_num": 5,
  "fd_perc": 3.875968992248062,
  "fwhm_avg": 2.2607767779597383,
  "fwhm_x": 2.1702566666666665,
  "fwhm_y": 2.4771433333333333,
  "fwhm_z": 2.1349303338792156,
  "gcor": 0.0231689,
  "gsr_x": -0.011437835171818733,
  "gsr_y": 0.004600226413458586,
  "provenance": {
    "md5sum": "6f7f9d0f0984bf7fff5cee932d5afccc",
    "settings": {
      "fd_thres": 0.2,
      "hmc_fsl": false
    },
    "software": "mriqc",
    "version": "0.15.0",
    "webapi_port": null,
    "webapi_url": "https://mriqc.nimh.nih.gov/api/v1"
  },
  "size_t": 129,
  "size_x": 80,
  "size_y": 80,
  "size_z": 37,
  "snr": 4.438489702806198,
  "spacing_tr": 2.0,
  "spacing_x": 3.0,
  "spacing_y": 3.0,
  "spacing_z": 3.299999952316284,
  "spikes_num": 0,
  "summary_bg_k": 112.50025849758492,
  "summary_bg_mad": 1.1378346681594849,
  "summary_bg_mean": 179.31289672851562,
  "summary_bg_median": 0.7674578428268433,
  "summary_bg_n": 157802.0,
  "summary_bg_p05": 0.0,
  "summary_bg_p95": 696.2723785400323,
  "summary_bg_stdv": 1050.57763671875,
  "summary_fg_k": 1.999276750742636,
  "summary_fg_mad": 4978.17138671875,
  "summary_fg_mean": 25158.423828125,
  "summary_fg_median": 24888.6484375,
  "summary_fg_n": 38600.0,
  "summary_fg_p05": 17279.3140625,
  "summary_fg_p95": 34111.1658203125,
  "summary_fg_stdv": 5607.38623046875,
  "tsnr": 73.26128387451172
}