{
    "Manufacturer": "Philips",
    "PatientPosition": "HFS",
    "SeriesDescription": "ImageMRSERIES",
    "ProtocolName": "WIPdti32v2SENSE",
    "SeriesNumber": 7,
    "AcquisitionNumber": 7,
    "ImageComments": "Piop",
    "PhilipsRescaleSlope": 3.87692,
    "PhilipsRescaleIntercept": 0,
    "PhilipsScaleSlope": 0.0244972,
    "UsePhilipsFloatNotDisplayScaling": 1,
    "EchoTime": 0.08599,
    "RepetitionTime": 7.39254,
    "ReconMatrixPE": 112,
    "ImageOrientationPatientDICOM": [
        0.997841,
        0.0587507,
        0.0293384,
        -0.0426943,
        0.919854,
        -0.38993
    ],
    "ConversionSoftware": "dcm2niix",
    "ConversionSoftwareVersion": "v1.0.20181125  GCC6.3.0",
    "BidsifyVersion": "0.3.5",
    "FlipAngle": 90,
    "WaterFatShift": 18.924,
    "ParallelAcquisitionTechnique": "SENSE",
    "ParallelReductionFactorInPlane": 2,
    "PhaseEncodingDirection": "j"
}