{
  "aor": 0.00044718162839248437,
  "aqi": 0.012055207306889354,
  "bids_meta": {
    "AcquisitionNumber": 6,
    "BidsifyVersion": "0.3.5",
    "ConversionSoftware": "dcm2niix",
    "ConversionSoftwareVersion": "v1.0.20181125  GCC6.3.0",
    "EchoTime": 0.02762,
    "EffectiveEchoSpacing": 0.0006333282667071997,
    "ImageComments": "piop",
    "ImageOrientationPatientDICOM": [
      0.998101,
      0.0220324,
      0.0575173,
      -0.014634,
      0.99192,
      -0.126017
    ],
    "Manufacturer": "Philips",
    "NumberOfVolumesDiscardedByScanner": 2,
    "ParallelAcquisitionTechnique": "SENSE",
    "ParallelReductionFactorInPlane": 2,
    "PatientPosition": "HFS",
    "PhaseEncodingDirection": "j",
    "PhilipsRescaleIntercept": 0,
    "PhilipsRescaleSlope": 0.84957,
    "PhilipsScaleSlope": 0.0833827,
    "ProtocolName": "WIPpioprsSENSE",
    "PulseSequenceType": "gradient echo EPI",
    "ReconMatrixPE": 80,
    "RepetitionTime": 0.75,
    "SeriesDescription": "ImageMRSERIES",
    "SeriesNumber": 6,
    "SliceEncodingDirection": "k",
    "SliceTiming": [
      0.0,
      0.06755050505050506,
      0.1351010101010101,
      0.20265151515151517,
      0.2702020202020202,
      0.3377525252525253,
      0.40530303030303033,
      0.47285353535353536,
      0.5404040404040404,
      0.6079545454545455,
      0.6755050505050506,
      0.7430555555555556,
      0.0,
      0.06755050505050506,
      0.1351010101010101,
      0.20265151515151517,
      0.2702020202020202,
      0.3377525252525253,
      0.40530303030303033,
      0.47285353535353536,
      0.5404040404040404,
      0.6079545454545455,
      0.6755050505050506,
      0.7430555555555556,
      0.0,
      0.06755050505050506,
      0.1351010101010101,
      0.20265151515151517,
      0.2702020202020202,
      0.3377525252525253,
      0.40530303030303033,
      0.47285353535353536,
      0.5404040404040404,
      0.6079545454545455,
      0.6755050505050506,
      0.7430555555555556
    ],
    "TaskName": "restingstate",
    "TotalReadoutTime": 0.024699802401580786,
    "UsePhilipsFloatNotDisplayScaling": 1,
    "acq_id": "mb3",
    "dataset": "unknown",
    "modality": "bold",
    "subject_id": "0138",
    "task_id": "restingstate"
  },
  "dummy_trs": 1,
  "dvars_nstd": 29.69800876481172,
  "dvars_std": 1.1995391466527192,
  "dvars_vstd": 0.9965130658577406,
  "efc": 0.40771880309166036,
  "fber": 1045994432.0,
  "fd_mean": 0.08761291326651628,
  "fd_num": 19,
  "fd_perc": 3.9665970772442587,
  "fwhm_avg": 2.501060443307708,
  "fwhm_x": 2.468053333333333,
  "fwhm_y": 2.7467764483724872,
  "fwhm_z": 2.2883515482173045,
  "gcor": 0.0285695,
  "gsr_x": -0.0025029792450368404,
  "gsr_y": -0.0001807681837817654,
  "provenance": {
    "md5sum": "2dbb6a54aa0c278dc2a9cd97687d10f5",
    "settings": {
      "fd_thres": 0.2,
      "hmc_fsl": false
    },
    "software": "mriqc",
    "version": "0.15.0",
    "webapi_port": null,
    "webapi_url": "https://mriqc.nimh.nih.gov/api/v1"
  },
  "size_t": 479,
  "size_x": 80,
  "size_y": 80,
  "size_z": 36,
  "snr": 5.768827301155964,
  "spacing_tr": 0.75,
  "spacing_x": 3.0,
  "spacing_y": 3.000000238418579,
  "spacing_z": 3.299999952316284,
  "spikes_num": 0,
  "summary_bg_k": 76.90275818512625,
  "summary_bg_mad": 0.7555333971977234,
  "summary_bg_mean": 164.8315887451172,
  "summary_bg_median": 0.517949640750885,
  "summary_bg_n": 149669.0,
  "summary_bg_p05": 0.00326021402142942,
  "summary_bg_p95": 655.2143310546879,
  "summary_bg_stdv": 914.1766357421875,
  "summary_fg_k": 3.431875935215654,
  "summary_fg_mad": 2474.0751953125,
  "summary_fg_mean": 18148.294921875,
  "summary_fg_median": 18375.365234375,
  "summary_fg_n": 40585.0,
  "summary_fg_p05": 12819.443554687501,
  "summary_fg_p95": 22662.7640625,
  "summary_fg_stdv": 3185.246826171875,
  "tsnr": 49.47509765625
}