{
  "aor": 0.0015224074074074074,
  "aqi": 0.0039562043827160494,
  "bids_meta": {
    "AcquisitionNumber": 8,
    "BidsifyVersion": "0.3.5",
    "ConversionSoftware": "dcm2niix",
    "ConversionSoftwareVersion": "v1.0.20181125  GCC6.3.0",
    "EchoTime": 0.02762,
    "EffectiveEchoSpacing": 0.0006621159151938905,
    "ImageComments": "piop",
    "ImageOrientationPatientDICOM": [
      0.998101,
      0.0220324,
      0.0575173,
      -0.014634,
      0.99192,
      -0.126017
    ],
    "Manufacturer": "Philips",
    "NumberOfVolumesDiscardedByScanner": 2,
    "ParallelAcquisitionTechnique": "SENSE",
    "ParallelReductionFactorInPlane": 2,
    "PatientPosition": "HFS",
    "PhaseEncodingDirection": "j",
    "PhilipsRescaleIntercept": 0,
    "PhilipsRescaleSlope": 0.80757,
    "PhilipsScaleSlope": 0.0560653,
    "ProtocolName": "WIPpiopwmSENSE",
    "PulseSequenceType": "gradient echo EPI",
    "ReconMatrixPE": 80,
    "RepetitionTime": 2,
    "SeriesDescription": "ImageMRSERIES",
    "SeriesNumber": 8,
    "SliceEncodingDirection": "k",
    "SliceTiming": [
      0.0,
      0.0541,
      0.1081,
      0.1622,
      0.2162,
      0.2703,
      0.3243,
      0.3784,
      0.4324,
      0.4865,
      0.5405,
      0.5946,
      0.6486,
      0.7027,
      0.7568,
      0.8108,
      0.8649,
      0.9189,
      0.973,
      1.027,
      1.0811,
      1.1351,
      1.1892,
      1.2432,
      1.2973,
      1.3514,
      1.4054,
      1.4595,
      1.5135,
      1.5676,
      1.6216,
      1.6757,
      1.7297,
      1.7838,
      1.8378,
      1.8919,
      1.9459
    ],
    "TaskName": "workingmemory",
    "TotalReadoutTime": 0.025822520692561732,
    "UsePhilipsFloatNotDisplayScaling": 1,
    "acq_id": "seq",
    "dataset": "unknown",
    "modality": "bold",
    "subject_id": "0138",
    "task_id": "workingmemory"
  },
  "dummy_trs": 0,
  "dvars_nstd": 25.291276268260866,
  "dvars_std": 1.4537042756521736,
  "dvars_vstd": 1.0180992864596274,
  "efc": 0.4019094799568139,
  "fber": 1658278528.0,
  "fd_mean": 0.10135873454994027,
  "fd_num": 10,
  "fd_perc": 6.172839506172839,
  "fwhm_avg": 2.3860814564495008,
  "fwhm_x": 2.3550166666666668,
  "fwhm_y": 2.613973125593414,
  "fwhm_z": 2.1892545770884224,
  "gcor": 0.0397958,
  "gsr_x": -0.0023653139360249043,
  "gsr_y": 0.001498070196248591,
  "provenance": {
    "md5sum": "3db1f5644af9e1582157c5c53e6f0434",
    "settings": {
      "fd_thres": 0.2,
      "hmc_fsl": false
    },
    "software": "mriqc",
    "version": "0.15.0",
    "webapi_port": null,
    "webapi_url": "https://mriqc.nimh.nih.gov/api/v1"
  },
  "size_t": 162,
  "size_x": 80,
  "size_y": 80,
  "size_z": 37,
  "snr": 4.951619633862596,
  "spacing_tr": 2.0,
  "spacing_x": 3.0,
  "spacing_y": 3.000000238418579,
  "spacing_z": 3.299999952316284,
  "spikes_num": 2,
  "summary_bg_k": 104.25699721120817,
  "summary_bg_mad": 0.8446463346481323,
  "summary_bg_mean": 224.27468872070312,
  "summary_bg_median": 0.5779927372932434,
  "summary_bg_n": 154616.0,
  "summary_bg_p05": 0.0034737366950139403,
  "summary_bg_p95": 857.6562347412109,
  "summary_bg_stdv": 1274.0762939453125,
  "summary_fg_k": 3.1924252803682744,
  "summary_fg_mad": 3998.985107421875,
  "summary_fg_mean": 25517.025390625,
  "summary_fg_median": 25285.556640625,
  "summary_fg_n": 41206.0,
  "summary_fg_p05": 18194.65966796875,
  "summary_fg_p95": 33470.150390625,
  "summary_fg_stdv": 5106.46044921875,
  "tsnr": 81.89202117919922
}