{
  "aor": 0.00011803030303030305,
  "aqi": 0.006499627242424243,
  "bids_meta": {
    "AcquisitionNumber": 2,
    "BidsifyVersion": "0.3.5",
    "ConversionSoftware": "dcm2niix",
    "ConversionSoftwareVersion": "v1.0.20181125  GCC6.3.0",
    "EchoTime": 0.02762,
    "EffectiveEchoSpacing": 0.0006333282667071997,
    "ImageComments": "piop",
    "ImageOrientationPatientDICOM": [
      0.998101,
      0.0220324,
      0.0575173,
      -0.014634,
      0.99192,
      -0.126017
    ],
    "Manufacturer": "Philips",
    "NumberOfVolumesDiscardedByScanner": 2,
    "ParallelAcquisitionTechnique": "SENSE",
    "ParallelReductionFactorInPlane": 2,
    "PatientPosition": "HFS",
    "PhaseEncodingDirection": "j",
    "PhilipsRescaleIntercept": 0,
    "PhilipsRescaleSlope": 0.82515,
    "PhilipsScaleSlope": 0.087283,
    "ProtocolName": "WIPpiopfacesSENSE",
    "PulseSequenceType": "gradient echo EPI",
    "ReconMatrixPE": 80,
    "RepetitionTime": 0.75,
    "SeriesDescription": "ImageMRSERIES",
    "SeriesNumber": 2,
    "SliceEncodingDirection": "k",
    "SliceTiming": [
      0.0,
      0.06755050505050506,
      0.1351010101010101,
      0.20265151515151517,
      0.2702020202020202,
      0.3377525252525253,
      0.40530303030303033,
      0.47285353535353536,
      0.5404040404040404,
      0.6079545454545455,
      0.6755050505050506,
      0.7430555555555556,
      0.0,
      0.06755050505050506,
      0.1351010101010101,
      0.20265151515151517,
      0.2702020202020202,
      0.3377525252525253,
      0.40530303030303033,
      0.47285353535353536,
      0.5404040404040404,
      0.6079545454545455,
      0.6755050505050506,
      0.7430555555555556,
      0.0,
      0.06755050505050506,
      0.1351010101010101,
      0.20265151515151517,
      0.2702020202020202,
      0.3377525252525253,
      0.40530303030303033,
      0.47285353535353536,
      0.5404040404040404,
      0.6079545454545455,
      0.6755050505050506,
      0.7430555555555556
    ],
    "TaskName": "faces",
    "TotalReadoutTime": 0.024699802401580786,
    "UsePhilipsFloatNotDisplayScaling": 1,
    "acq_id": "mb3",
    "dataset": "unknown",
    "modality": "bold",
    "subject_id": "0138",
    "task_id": "faces"
  },
  "dummy_trs": 0,
  "dvars_nstd": 26.09202561744681,
  "dvars_std": 1.2382470319148926,
  "dvars_vstd": 0.9946272572948334,
  "efc": 0.4083784584040152,
  "fber": 1387339648.0,
  "fd_mean": 0.08856683377203566,
  "fd_num": 9,
  "fd_perc": 2.727272727272727,
  "fwhm_avg": 2.7416723936760214,
  "fwhm_x": 2.76522,
  "fwhm_y": 3.0222333333333338,
  "fwhm_z": 2.437563847694731,
  "gcor": 0.0551954,
  "gsr_x": -0.0027999095618724823,
  "gsr_y": -0.0006442689336836338,
  "provenance": {
    "md5sum": "083338c626adf99a19c58d99836384db",
    "settings": {
      "fd_thres": 0.2,
      "hmc_fsl": false
    },
    "software": "mriqc",
    "version": "0.15.0",
    "webapi_port": null,
    "webapi_url": "https://mriqc.nimh.nih.gov/api/v1"
  },
  "size_t": 330,
  "size_x": 80,
  "size_y": 80,
  "size_z": 36,
  "snr": 5.498722072721399,
  "spacing_tr": 0.75,
  "spacing_x": 3.0,
  "spacing_y": 3.0,
  "spacing_z": 3.299999713897705,
  "spikes_num": 0,
  "summary_bg_k": 72.85904442560795,
  "summary_bg_mad": 0.6918351650238037,
  "summary_bg_mean": 169.12733459472656,
  "summary_bg_median": 0.47181153297424316,
  "summary_bg_n": 149559.0,
  "summary_bg_p05": 0.0009402502211742105,
  "summary_bg_p95": 767.8291259765639,
  "summary_bg_stdv": 925.9992065429688,
  "summary_fg_k": 2.675769699065979,
  "summary_fg_mad": 2755.19482421875,
  "summary_fg_mean": 18788.919921875,
  "summary_fg_median": 18992.23828125,
  "summary_fg_n": 40664.0,
  "summary_fg_p05": 12988.727197265624,
  "summary_fg_p95": 23844.06982421875,
  "summary_fg_stdv": 3453.894287109375,
  "tsnr": 61.64295196533203
}