{
  "aor": 0.0023118749999999997,
  "aqi": 0.009597297395833334,
  "bids_meta": {
    "AcquisitionNumber": 6,
    "BidsifyVersion": "0.3.5",
    "ConversionSoftware": "dcm2niix",
    "ConversionSoftwareVersion": "v1.0.20181125  GCC6.3.0",
    "EchoTime": 0.02762,
    "EffectiveEchoSpacing": 0.0006333282667071997,
    "ImageComments": "piop",
    "ImageOrientationPatientDICOM": [
      0.997723,
      -0.0432322,
      0.0517657,
      0.0479241,
      0.994501,
      -0.0931219
    ],
    "Manufacturer": "Philips",
    "NumberOfVolumesDiscardedByScanner": 2,
    "ParallelAcquisitionTechnique": "SENSE",
    "ParallelReductionFactorInPlane": 2,
    "PatientPosition": "HFS",
    "PhaseEncodingDirection": "j",
    "PhilipsRescaleIntercept": 0,
    "PhilipsRescaleSlope": 0.76557,
    "PhilipsScaleSlope": 0.0792487,
    "ProtocolName": "WIPpioprsSENSE",
    "PulseSequenceType": "gradient echo EPI",
    "ReconMatrixPE": 80,
    "RepetitionTime": 0.75,
    "SeriesDescription": "ImageMRSERIES",
    "SeriesNumber": 6,
    "SliceEncodingDirection": "k",
    "SliceTiming": [
      0.0,
      0.06755050505050506,
      0.1351010101010101,
      0.20265151515151517,
      0.2702020202020202,
      0.3377525252525253,
      0.40530303030303033,
      0.47285353535353536,
      0.5404040404040404,
      0.6079545454545455,
      0.6755050505050506,
      0.7430555555555556,
      0.0,
      0.06755050505050506,
      0.1351010101010101,
      0.20265151515151517,
      0.2702020202020202,
      0.3377525252525253,
      0.40530303030303033,
      0.47285353535353536,
      0.5404040404040404,
      0.6079545454545455,
      0.6755050505050506,
      0.7430555555555556,
      0.0,
      0.06755050505050506,
      0.1351010101010101,
      0.20265151515151517,
      0.2702020202020202,
      0.3377525252525253,
      0.40530303030303033,
      0.47285353535353536,
      0.5404040404040404,
      0.6079545454545455,
      0.6755050505050506,
      0.7430555555555556
    ],
    "TaskName": "restingstate",
    "TotalReadoutTime": 0.024699802401580786,
    "UsePhilipsFloatNotDisplayScaling": 1,
    "acq_id": "mb3",
    "dataset": "unknown",
    "modality": "bold",
    "subject_id": "0141",
    "task_id": "restingstate"
  },
  "dummy_trs": 0,
  "dvars_nstd": 25.43545159916495,
  "dvars_std": 1.1448319799164925,
  "dvars_vstd": 8.83145141524009,
  "efc": 0.4353715587286639,
  "fber": 64972384.0,
  "fd_mean": 0.08895521390812208,
  "fd_num": 9,
  "fd_perc": 1.875,
  "fwhm_avg": 2.52017516243462,
  "fwhm_x": 2.5039833333333332,
  "fwhm_y": 2.7894633333333334,
  "fwhm_z": 2.2670788206371943,
  "gcor": 0.0122568,
  "gsr_x": 0.003424285678192973,
  "gsr_y": -0.0006503803306259215,
  "provenance": {
    "md5sum": "b66cb21871e23c82050522798ca2c9de",
    "settings": {
      "fd_thres": 0.2,
      "hmc_fsl": false
    },
    "software": "mriqc",
    "version": "0.15.0",
    "webapi_port": null,
    "webapi_url": "https://mriqc.nimh.nih.gov/api/v1"
  },
  "size_t": 480,
  "size_x": 80,
  "size_y": 80,
  "size_z": 36,
  "snr": 5.250052820915756,
  "spacing_tr": 0.75,
  "spacing_x": 3.0,
  "spacing_y": 3.0,
  "spacing_z": 3.299999952316284,
  "spikes_num": 0,
  "summary_bg_k": 60.27639386857546,
  "summary_bg_mad": 3.27659273147583,
  "summary_bg_mean": 219.27362060546875,
  "summary_bg_median": 2.260775089263916,
  "summary_bg_n": 143926.0,
  "summary_bg_p05": 0.013120984425768256,
  "summary_bg_p95": 1057.3684387207031,
  "summary_bg_stdv": 1058.706298828125,
  "summary_fg_k": 2.5240610520211506,
  "summary_fg_mad": 3180.891357421875,
  "summary_fg_mean": 19578.515625,
  "summary_fg_median": 19864.056640625,
  "summary_fg_n": 45345.0,
  "summary_fg_p05": 13154.28125,
  "summary_fg_p95": 24976.55625,
  "summary_fg_stdv": 3783.550048828125,
  "tsnr": 49.22377014160156
}