{
  "aor": 0.00038914583333333336,
  "aqi": 0.0207471601875,
  "bids_meta": {
    "AcquisitionNumber": 6,
    "BidsifyVersion": "0.3.5",
    "ConversionSoftware": "dcm2niix",
    "ConversionSoftwareVersion": "v1.0.20181125  GCC6.3.0",
    "EchoTime": 0.02762,
    "ImageComments": "piop",
    "ImageOrientationPatientDICOM": [
      0.998685,
      -0.0420524,
      0.0293081,
      0.0444768,
      0.995156,
      -0.0876772
    ],
    "Manufacturer": "Philips",
    "NumberOfVolumesDiscardedByScanner": 2,
    "ParallelAcquisitionTechnique": "SENSE",
    "ParallelReductionFactorInPlane": 2,
    "PatientPosition": "HFS",
    "PhaseEncodingDirection": "j",
    "PhilipsRescaleIntercept": 0,
    "PhilipsRescaleSlope": 0.77265,
    "PhilipsScaleSlope": 0.110564,
    "ProtocolName": "WIPpioprsSENSE",
    "PulseSequenceType": "gradient echo EPI",
    "ReconMatrixPE": 80,
    "RepetitionTime": 0.75,
    "SeriesDescription": "ImageMRSERIES",
    "SeriesNumber": 6,
    "SliceEncodingDirection": "k",
    "TaskName": "restingstate",
    "UsePhilipsFloatNotDisplayScaling": 1,
    "acq_id": "mb3",
    "dataset": "unknown",
    "modality": "bold",
    "subject_id": "0036",
    "task_id": "restingstate"
  },
  "dummy_trs": 0,
  "dvars_nstd": 26.669101161753677,
  "dvars_std": 0.9942332351565748,
  "dvars_vstd": 0.9435030232776611,
  "efc": 0.41354316322873397,
  "fber": 279171744.0,
  "fd_mean": 0.09073298159525692,
  "fd_num": 12,
  "fd_perc": 2.5,
  "fwhm_avg": 2.4890176879470345,
  "fwhm_x": 2.4247666666666667,
  "fwhm_y": 2.72125,
  "fwhm_z": 2.3210363971744363,
  "gcor": 0.0100987,
  "gsr_x": -0.002551889978349209,
  "gsr_y": 0.0018356881337240338,
  "provenance": {
    "md5sum": "2ec76461b53aa0506092de062be43b31",
    "settings": {
      "fd_thres": 0.2,
      "hmc_fsl": false
    },
    "software": "mriqc",
    "version": "0.15.0",
    "webapi_port": null,
    "webapi_url": "https://mriqc.nimh.nih.gov/api/v1"
  },
  "size_t": 480,
  "size_x": 80,
  "size_y": 80,
  "size_z": 36,
  "snr": 5.506520364914034,
  "spacing_tr": 0.75,
  "spacing_x": 3.0,
  "spacing_y": 3.0,
  "spacing_z": 3.299999952316284,
  "spikes_num": 1,
  "summary_bg_k": 70.9620421999025,
  "summary_bg_mad": 1.2494568824768066,
  "summary_bg_mean": 151.9425506591797,
  "summary_bg_median": 0.8478451371192932,
  "summary_bg_n": 148499.0,
  "summary_bg_p05": 0.0019436834612861277,
  "summary_bg_p95": 623.070416259768,
  "summary_bg_stdv": 801.525390625,
  "summary_fg_k": 1.908914147266655,
  "summary_fg_mad": 2542.7265625,
  "summary_fg_mean": 15810.576171875,
  "summary_fg_median": 15845.603515625,
  "summary_fg_n": 41580.0,
  "summary_fg_p05": 11181.77001953125,
  "summary_fg_p95": 20223.332421875,
  "summary_fg_stdv": 2877.57275390625,
  "tsnr": 36.219154357910156
}