{
  "aor": 0.002314382716049383,
  "aqi": 0.005599166172839507,
  "bids_meta": {
    "AcquisitionNumber": 8,
    "BidsifyVersion": "0.3.5",
    "ConversionSoftware": "dcm2niix",
    "ConversionSoftwareVersion": "v1.0.20181125  GCC6.3.0",
    "EchoTime": 0.02762,
    "EffectiveEchoSpacing": 0.0006621159151938905,
    "ImageComments": "piop",
    "ImageOrientationPatientDICOM": [
      0.997321,
      0.0610775,
      0.0402641,
      -0.0442416,
      0.941904,
      -0.332955
    ],
    "Manufacturer": "Philips",
    "NumberOfVolumesDiscardedByScanner": 2,
    "ParallelAcquisitionTechnique": "SENSE",
    "ParallelReductionFactorInPlane": 2,
    "PatientPosition": "HFS",
    "PhaseEncodingDirection": "j",
    "PhilipsRescaleIntercept": 0,
    "PhilipsRescaleSlope": 0.90061,
    "PhilipsScaleSlope": 0.05459,
    "ProtocolName": "WIPpiopwmSENSE",
    "PulseSequenceType": "gradient echo EPI",
    "ReconMatrixPE": 80,
    "RepetitionTime": 2,
    "SeriesDescription": "ImageMRSERIES",
    "SeriesNumber": 8,
    "SliceEncodingDirection": "k",
    "SliceTiming": [
      0.0,
      0.0541,
      0.1081,
      0.1622,
      0.2162,
      0.2703,
      0.3243,
      0.3784,
      0.4324,
      0.4865,
      0.5405,
      0.5946,
      0.6486,
      0.7027,
      0.7568,
      0.8108,
      0.8649,
      0.9189,
      0.973,
      1.027,
      1.0811,
      1.1351,
      1.1892,
      1.2432,
      1.2973,
      1.3514,
      1.4054,
      1.4595,
      1.5135,
      1.5676,
      1.6216,
      1.6757,
      1.7297,
      1.7838,
      1.8378,
      1.8919,
      1.9459
    ],
    "TaskName": "workingmemory",
    "TotalReadoutTime": 0.025822520692561732,
    "UsePhilipsFloatNotDisplayScaling": 1,
    "acq_id": "seq",
    "dataset": "unknown",
    "modality": "bold",
    "subject_id": "0212",
    "task_id": "workingmemory"
  },
  "dummy_trs": 0,
  "dvars_nstd": 28.31820809,
  "dvars_std": 1.366764420496894,
  "dvars_vstd": 1.0342871807453415,
  "efc": 0.3791916976758802,
  "fber": 240575984.0,
  "fd_mean": 0.190420577682234,
  "fd_num": 58,
  "fd_perc": 35.80246913580247,
  "fwhm_avg": 2.2812227214564826,
  "fwhm_x": 2.23465,
  "fwhm_y": 2.495336468355142,
  "fwhm_z": 2.1136816960143063,
  "gcor": 0.0516391,
  "gsr_x": -0.007771311327815056,
  "gsr_y": 0.0024822023697197437,
  "provenance": {
    "md5sum": "e59b1b06449a975fb84d43c42425898e",
    "settings": {
      "fd_thres": 0.2,
      "hmc_fsl": false
    },
    "software": "mriqc",
    "version": "0.15.0",
    "webapi_port": null,
    "webapi_url": "https://mriqc.nimh.nih.gov/api/v1"
  },
  "size_t": 162,
  "size_x": 80,
  "size_y": 80,
  "size_z": 37,
  "snr": 4.615963914196284,
  "spacing_tr": 2.0,
  "spacing_x": 3.0,
  "spacing_y": 3.000000238418579,
  "spacing_z": 3.3000001907348633,
  "spikes_num": 1,
  "summary_bg_k": 124.05291063424703,
  "summary_bg_mad": 2.107760429382324,
  "summary_bg_mean": 158.73284912109375,
  "summary_bg_median": 1.4617486000061035,
  "summary_bg_n": 159178.0,
  "summary_bg_p05": 0.02011810652911663,
  "summary_bg_p95": 582.7093231201164,
  "summary_bg_stdv": 919.4459838867188,
  "summary_fg_k": 2.0711809225757802,
  "summary_fg_mad": 4694.8828125,
  "summary_fg_mean": 24668.18359375,
  "summary_fg_median": 24528.1171875,
  "summary_fg_n": 37199.0,
  "summary_fg_p05": 16645.089453125,
  "summary_fg_p95": 32751.9279296875,
  "summary_fg_stdv": 5313.68701171875,
  "tsnr": 59.842159271240234
}