{
  "aor": 0.0005141753653444676,
  "aqi": 0.024925339060542798,
  "bids_meta": {
    "AcquisitionNumber": 6,
    "BidsifyVersion": "0.3.5",
    "ConversionSoftware": "dcm2niix",
    "ConversionSoftwareVersion": "v1.0.20181125  GCC6.3.0",
    "EchoTime": 0.02763,
    "EffectiveEchoSpacing": 0.0006333282667071997,
    "ImageComments": "piop",
    "ImageOrientationPatientDICOM": [
      0.998812,
      0.0436615,
      -0.0216376,
      -0.0444824,
      0.998247,
      -0.0390334
    ],
    "Manufacturer": "Philips",
    "NumberOfVolumesDiscardedByScanner": 2,
    "ParallelAcquisitionTechnique": "SENSE",
    "ParallelReductionFactorInPlane": 2,
    "PatientPosition": "HFS",
    "PhaseEncodingDirection": "j",
    "PhilipsRescaleIntercept": 0,
    "PhilipsRescaleSlope": 0.74725,
    "PhilipsScaleSlope": 0.0899594,
    "ProtocolName": "WIPpioprsSENSE",
    "PulseSequenceType": "gradient echo EPI",
    "ReconMatrixPE": 80,
    "RepetitionTime": 0.75,
    "SeriesDescription": "ImageMRSERIES",
    "SeriesNumber": 6,
    "SliceEncodingDirection": "k",
    "SliceTiming": [
      0.0,
      0.06755050505050506,
      0.1351010101010101,
      0.20265151515151517,
      0.2702020202020202,
      0.3377525252525253,
      0.40530303030303033,
      0.47285353535353536,
      0.5404040404040404,
      0.6079545454545455,
      0.6755050505050506,
      0.7430555555555556,
      0.0,
      0.06755050505050506,
      0.1351010101010101,
      0.20265151515151517,
      0.2702020202020202,
      0.3377525252525253,
      0.40530303030303033,
      0.47285353535353536,
      0.5404040404040404,
      0.6079545454545455,
      0.6755050505050506,
      0.7430555555555556,
      0.0,
      0.06755050505050506,
      0.1351010101010101,
      0.20265151515151517,
      0.2702020202020202,
      0.3377525252525253,
      0.40530303030303033,
      0.47285353535353536,
      0.5404040404040404,
      0.6079545454545455,
      0.6755050505050506,
      0.7430555555555556
    ],
    "TaskName": "restingstate",
    "TotalReadoutTime": 0.024699802401580786,
    "UsePhilipsFloatNotDisplayScaling": 1,
    "acq_id": "mb3",
    "dataset": "unknown",
    "modality": "bold",
    "subject_id": "0131",
    "task_id": "restingstate"
  },
  "dummy_trs": 1,
  "dvars_nstd": 26.572979555941405,
  "dvars_std": 0.9831572928870291,
  "dvars_vstd": 0.9180742698953972,
  "efc": 0.42821557143519623,
  "fber": 126573768.0,
  "fd_mean": 0.0932309475882257,
  "fd_num": 14,
  "fd_perc": 2.922755741127349,
  "fwhm_avg": 2.495703849344277,
  "fwhm_x": 2.4151166666666666,
  "fwhm_y": 2.79641,
  "fwhm_z": 2.2755848813661643,
  "gcor": 0.0107437,
  "gsr_x": -0.002121423603966832,
  "gsr_y": 0.003656526794657111,
  "provenance": {
    "md5sum": "ec34e982ab40dfe42bb8a8406d2b5722",
    "settings": {
      "fd_thres": 0.2,
      "hmc_fsl": false
    },
    "software": "mriqc",
    "version": "0.15.0",
    "webapi_port": null,
    "webapi_url": "https://mriqc.nimh.nih.gov/api/v1"
  },
  "size_t": 479,
  "size_x": 80,
  "size_y": 80,
  "size_z": 36,
  "snr": 5.16738427853161,
  "spacing_tr": 0.75,
  "spacing_x": 3.0,
  "spacing_y": 3.0,
  "spacing_z": 3.299999952316284,
  "spikes_num": 1,
  "summary_bg_k": 63.783813387897254,
  "summary_bg_mad": 1.9764549732208252,
  "summary_bg_mean": 178.13864135742188,
  "summary_bg_median": 1.3597431182861328,
  "summary_bg_n": 145248.0,
  "summary_bg_p05": 0.011593799432739619,
  "summary_bg_p95": 903.2718017578122,
  "summary_bg_stdv": 863.1130981445312,
  "summary_fg_k": 2.0817288769371203,
  "summary_fg_mad": 2715.999267578125,
  "summary_fg_mean": 16822.728515625,
  "summary_fg_median": 16899.71484375,
  "summary_fg_n": 44290.0,
  "summary_fg_p05": 11537.16337890625,
  "summary_fg_p95": 21911.0390625,
  "summary_fg_stdv": 3270.42138671875,
  "tsnr": 34.779659271240234
}