{
  "aor": 0.00015657575757575755,
  "aqi": 0.004885842969696969,
  "bids_meta": {
    "AcquisitionNumber": 2,
    "BidsifyVersion": "0.3.5",
    "ConversionSoftware": "dcm2niix",
    "ConversionSoftwareVersion": "v1.0.20181125  GCC6.3.0",
    "EchoTime": 0.02763,
    "EffectiveEchoSpacing": 0.0006333282667071997,
    "ImageComments": "piop",
    "ImageOrientationPatientDICOM": [
      0.998812,
      0.0436615,
      -0.0216376,
      -0.0444824,
      0.998247,
      -0.0390334
    ],
    "Manufacturer": "Philips",
    "NumberOfVolumesDiscardedByScanner": 2,
    "ParallelAcquisitionTechnique": "SENSE",
    "ParallelReductionFactorInPlane": 2,
    "PatientPosition": "HFS",
    "PhaseEncodingDirection": "j",
    "PhilipsRescaleIntercept": 0,
    "PhilipsRescaleSlope": 0.82882,
    "PhilipsScaleSlope": 0.0840191,
    "ProtocolName": "WIPpiopfacesSENSE",
    "PulseSequenceType": "gradient echo EPI",
    "ReconMatrixPE": 80,
    "RepetitionTime": 0.75,
    "SeriesDescription": "ImageMRSERIES",
    "SeriesNumber": 2,
    "SliceEncodingDirection": "k",
    "SliceTiming": [
      0.0,
      0.06755050505050506,
      0.1351010101010101,
      0.20265151515151517,
      0.2702020202020202,
      0.3377525252525253,
      0.40530303030303033,
      0.47285353535353536,
      0.5404040404040404,
      0.6079545454545455,
      0.6755050505050506,
      0.7430555555555556,
      0.0,
      0.06755050505050506,
      0.1351010101010101,
      0.20265151515151517,
      0.2702020202020202,
      0.3377525252525253,
      0.40530303030303033,
      0.47285353535353536,
      0.5404040404040404,
      0.6079545454545455,
      0.6755050505050506,
      0.7430555555555556,
      0.0,
      0.06755050505050506,
      0.1351010101010101,
      0.20265151515151517,
      0.2702020202020202,
      0.3377525252525253,
      0.40530303030303033,
      0.47285353535353536,
      0.5404040404040404,
      0.6079545454545455,
      0.6755050505050506,
      0.7430555555555556
    ],
    "TaskName": "faces",
    "TotalReadoutTime": 0.024699802401580786,
    "UsePhilipsFloatNotDisplayScaling": 1,
    "acq_id": "mb3",
    "dataset": "unknown",
    "modality": "bold",
    "subject_id": "0131",
    "task_id": "faces"
  },
  "dummy_trs": 0,
  "dvars_nstd": 23.140809699635255,
  "dvars_std": 1.1062446917933135,
  "dvars_vstd": 0.9988093675379942,
  "efc": 0.42619343584861585,
  "fber": 1789327872.0,
  "fd_mean": 0.09027666791410022,
  "fd_num": 4,
  "fd_perc": 1.2121212121212122,
  "fwhm_avg": 2.674909058279283,
  "fwhm_x": 2.6613433333333334,
  "fwhm_y": 2.99722,
  "fwhm_z": 2.366163841504517,
  "gcor": 0.0179257,
  "gsr_x": -0.002088062232360244,
  "gsr_y": 0.003405435476452112,
  "provenance": {
    "md5sum": "b4faff3818ea340d08e88e8ca33a9e3b",
    "settings": {
      "fd_thres": 0.2,
      "hmc_fsl": false
    },
    "software": "mriqc",
    "version": "0.15.0",
    "webapi_port": null,
    "webapi_url": "https://mriqc.nimh.nih.gov/api/v1"
  },
  "size_t": 330,
  "size_x": 80,
  "size_y": 80,
  "size_z": 36,
  "snr": 5.073631397261555,
  "spacing_tr": 0.75,
  "spacing_x": 3.0,
  "spacing_y": 3.0,
  "spacing_z": 3.299999713897705,
  "spikes_num": 0,
  "summary_bg_k": 60.596498372862435,
  "summary_bg_mad": 0.5392295718193054,
  "summary_bg_mean": 170.38551330566406,
  "summary_bg_median": 0.36530810594558716,
  "summary_bg_n": 145500.0,
  "summary_bg_p05": 0.0006811210419982674,
  "summary_bg_p95": 1004.3253784179577,
  "summary_bg_stdv": 852.3985595703125,
  "summary_fg_k": 1.7980577523899122,
  "summary_fg_mad": 2918.69873046875,
  "summary_fg_mean": 17376.671875,
  "summary_fg_median": 17451.267578125,
  "summary_fg_n": 44122.0,
  "summary_fg_p05": 11727.7140625,
  "summary_fg_p95": 22684.914648437498,
  "summary_fg_stdv": 3439.56201171875,
  "tsnr": 61.94702911376953
}