{
  "aor": 0.006527799999999999,
  "aqi": 0.0058231203,
  "bids_meta": {
    "AcquisitionNumber": 10,
    "BidsifyVersion": "0.3.5",
    "ConversionSoftware": "dcm2niix",
    "ConversionSoftwareVersion": "v1.0.20181125  GCC6.3.0",
    "EchoTime": 0.02762,
    "EffectiveEchoSpacing": 0.0006621159151938905,
    "ImageComments": "piop",
    "ImageOrientationPatientDICOM": [
      0.999102,
      0.0367058,
      -0.0211775,
      -0.0375085,
      0.998541,
      -0.0388415
    ],
    "Manufacturer": "Philips",
    "NumberOfVolumesDiscardedByScanner": 2,
    "ParallelAcquisitionTechnique": "SENSE",
    "ParallelReductionFactorInPlane": 2,
    "PatientPosition": "HFS",
    "PhaseEncodingDirection": "j",
    "PhilipsRescaleIntercept": 0,
    "PhilipsRescaleSlope": 0.77582,
    "PhilipsScaleSlope": 0.0574604,
    "ProtocolName": "WIPpiopanticipatieSENSE",
    "PulseSequenceType": "gradient echo EPI",
    "ReconMatrixPE": 80,
    "RepetitionTime": 2,
    "SeriesDescription": "ImageMRSERIES",
    "SeriesNumber": 10,
    "SliceEncodingDirection": "k",
    "SliceTiming": [
      0.0,
      0.0541,
      0.1081,
      0.1622,
      0.2162,
      0.2703,
      0.3243,
      0.3784,
      0.4324,
      0.4865,
      0.5405,
      0.5946,
      0.6486,
      0.7027,
      0.7568,
      0.8108,
      0.8649,
      0.9189,
      0.973,
      1.027,
      1.0811,
      1.1351,
      1.1892,
      1.2432,
      1.2973,
      1.3514,
      1.4054,
      1.4595,
      1.5135,
      1.5676,
      1.6216,
      1.6757,
      1.7297,
      1.7838,
      1.8378,
      1.8919,
      1.9459
    ],
    "TaskName": "anticipation",
    "TotalReadoutTime": 0.025822520692561732,
    "UsePhilipsFloatNotDisplayScaling": 1,
    "acq_id": "seq",
    "dataset": "unknown",
    "modality": "bold",
    "subject_id": "0131",
    "task_id": "anticipation"
  },
  "dummy_trs": 0,
  "dvars_nstd": 22.256915326783915,
  "dvars_std": 1.239893275025126,
  "dvars_vstd": 1.0784720165326633,
  "efc": 0.4172067411291835,
  "fber": 380582816.0,
  "fd_mean": 0.11237772784058807,
  "fd_num": 15,
  "fd_perc": 7.5,
  "fwhm_avg": 2.3858452629545437,
  "fwhm_x": 2.3276833333333333,
  "fwhm_y": 2.664543333333333,
  "fwhm_z": 2.165309122196965,
  "gcor": 0.0187364,
  "gsr_x": -0.0011972155189141631,
  "gsr_y": 0.004868192598223686,
  "provenance": {
    "md5sum": "61a90f965e7be913e97c21c0d229ffd8",
    "settings": {
      "fd_thres": 0.2,
      "hmc_fsl": false
    },
    "software": "mriqc",
    "version": "0.15.0",
    "webapi_port": null,
    "webapi_url": "https://mriqc.nimh.nih.gov/api/v1"
  },
  "size_t": 200,
  "size_x": 80,
  "size_y": 80,
  "size_z": 37,
  "snr": 4.405574045293243,
  "spacing_tr": 2.0,
  "spacing_x": 3.0,
  "spacing_y": 3.0,
  "spacing_z": 3.299999952316284,
  "spikes_num": 12,
  "summary_bg_k": 66.54793530082799,
  "summary_bg_mad": 1.5611076354980469,
  "summary_bg_mean": 227.5889129638672,
  "summary_bg_median": 1.0605263710021973,
  "summary_bg_n": 150966.0,
  "summary_bg_p05": 0.003941895440220833,
  "summary_bg_p95": 967.9589691162109,
  "summary_bg_stdv": 1159.486328125,
  "summary_fg_k": 2.1105274177344517,
  "summary_fg_mad": 4259.208984375,
  "summary_fg_mean": 23501.529296875,
  "summary_fg_median": 23141.6015625,
  "summary_fg_n": 44296.0,
  "summary_fg_p05": 15802.17724609375,
  "summary_fg_p95": 32184.12841796875,
  "summary_fg_stdv": 5252.7412109375,
  "tsnr": 61.540016174316406
}