{
  "aor": 0.0023862500000000003,
  "aqi": 0.0060801456875,
  "bids_meta": {
    "AcquisitionNumber": 9,
    "BidsifyVersion": "0.3.5",
    "ConversionSoftware": "dcm2niix",
    "ConversionSoftwareVersion": "v1.0.20181125  GCC6.3.0",
    "EchoTime": 0.02762,
    "EffectiveEchoSpacing": 0.0006621159151938905,
    "ImageComments": "piop",
    "ImageOrientationPatientDICOM": [
      0.999102,
      0.0367058,
      -0.0211775,
      -0.0375085,
      0.998541,
      -0.0388415
    ],
    "Manufacturer": "Philips",
    "NumberOfVolumesDiscardedByScanner": 2,
    "ParallelAcquisitionTechnique": "SENSE",
    "ParallelReductionFactorInPlane": 2,
    "PatientPosition": "HFS",
    "PhaseEncodingDirection": "j",
    "PhilipsRescaleIntercept": 0,
    "PhilipsRescaleSlope": 0.76386,
    "PhilipsScaleSlope": 0.0583543,
    "ProtocolName": "WIPpiopwmSENSE",
    "PulseSequenceType": "gradient echo EPI",
    "ReconMatrixPE": 80,
    "RepetitionTime": 2,
    "SeriesDescription": "ImageMRSERIES",
    "SeriesNumber": 9,
    "SliceEncodingDirection": "k",
    "SliceTiming": [
      0.0,
      0.0541,
      0.1081,
      0.1622,
      0.2162,
      0.2703,
      0.3243,
      0.3784,
      0.4324,
      0.4865,
      0.5405,
      0.5946,
      0.6486,
      0.7027,
      0.7568,
      0.8108,
      0.8649,
      0.9189,
      0.973,
      1.027,
      1.0811,
      1.1351,
      1.1892,
      1.2432,
      1.2973,
      1.3514,
      1.4054,
      1.4595,
      1.5135,
      1.5676,
      1.6216,
      1.6757,
      1.7297,
      1.7838,
      1.8378,
      1.8919,
      1.9459
    ],
    "TaskName": "workingmemory",
    "TotalReadoutTime": 0.025822520692561732,
    "UsePhilipsFloatNotDisplayScaling": 1,
    "acq_id": "seq",
    "dataset": "unknown",
    "modality": "bold",
    "subject_id": "0131",
    "task_id": "workingmemory"
  },
  "dummy_trs": 2,
  "dvars_nstd": 22.972797177610072,
  "dvars_std": 1.1822724821383652,
  "dvars_vstd": 0.9781494129559748,
  "efc": 0.4182302640780879,
  "fber": 100884544.0,
  "fd_mean": 0.1355156905294951,
  "fd_num": 22,
  "fd_perc": 13.75,
  "fwhm_avg": 2.398288091293317,
  "fwhm_x": 2.3389666666666664,
  "fwhm_y": 2.6789733333333334,
  "fwhm_z": 2.176924273879951,
  "gcor": 0.0229383,
  "gsr_x": -0.0014749435940757394,
  "gsr_y": 0.004700984340161085,
  "provenance": {
    "md5sum": "fa00fd0fe31fda63f8e01e32b7a82b07",
    "settings": {
      "fd_thres": 0.2,
      "hmc_fsl": false
    },
    "software": "mriqc",
    "version": "0.15.0",
    "webapi_port": null,
    "webapi_url": "https://mriqc.nimh.nih.gov/api/v1"
  },
  "size_t": 160,
  "size_x": 80,
  "size_y": 80,
  "size_z": 37,
  "snr": 4.37010951480323,
  "spacing_tr": 2.0,
  "spacing_x": 3.0,
  "spacing_y": 3.0,
  "spacing_z": 3.299999952316284,
  "spikes_num": 0,
  "summary_bg_k": 66.15293223514313,
  "summary_bg_mad": 3.0433530807495117,
  "summary_bg_mean": 233.0033721923828,
  "summary_bg_median": 2.089042901992798,
  "summary_bg_n": 150880.0,
  "summary_bg_p05": 0.011325955344364052,
  "summary_bg_p95": 965.1014129638629,
  "summary_bg_stdv": 1156.3558349609375,
  "summary_fg_k": 2.0979790039006296,
  "summary_fg_mad": 4239.05810546875,
  "summary_fg_mean": 23208.982421875,
  "summary_fg_median": 22862.498046875,
  "summary_fg_n": 44425.0,
  "summary_fg_p05": 15543.78515625,
  "summary_fg_p95": 31794.10976562499,
  "summary_fg_stdv": 5231.5029296875,
  "tsnr": 59.4401741027832
}