{
  "aor": 0.0015768888888888887,
  "aqi": 0.0033141622962962964,
  "bids_meta": {
    "AcquisitionNumber": 5,
    "BidsifyVersion": "0.3.5",
    "ConversionSoftware": "dcm2niix",
    "ConversionSoftwareVersion": "v1.0.20181125  GCC6.3.0",
    "EchoTime": 0.02762,
    "EffectiveEchoSpacing": 0.0006621159151938905,
    "ImageComments": "piop",
    "ImageOrientationPatientDICOM": [
      0.99832,
      0.0393019,
      0.0425849,
      -0.0371302,
      0.998026,
      -0.0506418
    ],
    "Manufacturer": "Philips",
    "NumberOfVolumesDiscardedByScanner": 2,
    "ParallelAcquisitionTechnique": "SENSE",
    "ParallelReductionFactorInPlane": 2,
    "PatientPosition": "HFS",
    "PhaseEncodingDirection": "j",
    "PhilipsRescaleIntercept": 0,
    "PhilipsRescaleSlope": 0.82173,
    "PhilipsScaleSlope": 0.0519768,
    "ProtocolName": "WIPpiopharririSENSE",
    "PulseSequenceType": "gradient echo EPI",
    "ReconMatrixPE": 80,
    "RepetitionTime": 2,
    "SeriesDescription": "ImageMRSERIES",
    "SeriesNumber": 5,
    "SliceEncodingDirection": "k",
    "SliceTiming": [
      0.0,
      0.0541,
      0.1081,
      0.1622,
      0.2162,
      0.2703,
      0.3243,
      0.3784,
      0.4324,
      0.4865,
      0.5405,
      0.5946,
      0.6486,
      0.7027,
      0.7568,
      0.8108,
      0.8649,
      0.9189,
      0.973,
      1.027,
      1.0811,
      1.1351,
      1.1892,
      1.2432,
      1.2973,
      1.3514,
      1.4054,
      1.4595,
      1.5135,
      1.5676,
      1.6216,
      1.6757,
      1.7297,
      1.7838,
      1.8378,
      1.8919,
      1.9459
    ],
    "TaskName": "emomatching",
    "TotalReadoutTime": 0.025822520692561732,
    "UsePhilipsFloatNotDisplayScaling": 1,
    "acq_id": "seq",
    "dataset": "unknown",
    "modality": "bold",
    "subject_id": "0060",
    "task_id": "emomatching"
  },
  "dummy_trs": 0,
  "dvars_nstd": 19.38421059350746,
  "dvars_std": 1.2205072033582087,
  "dvars_vstd": 1.013426987686567,
  "efc": 0.4113341130012566,
  "fber": 2715326976.0,
  "fd_mean": 0.12108201131098778,
  "fd_num": 9,
  "fd_perc": 6.666666666666667,
  "fwhm_avg": 2.4551643544228057,
  "fwhm_x": 2.3879566666666667,
  "fwhm_y": 2.6961333333333335,
  "fwhm_z": 2.281403063268417,
  "gcor": 0.036156,
  "gsr_x": -0.006751681212335825,
  "gsr_y": 0.006401951890438795,
  "provenance": {
    "md5sum": "cb5836f9b87c98b0aefca9ffd2c83954",
    "settings": {
      "fd_thres": 0.2,
      "hmc_fsl": false
    },
    "software": "mriqc",
    "version": "0.15.0",
    "webapi_port": null,
    "webapi_url": "https://mriqc.nimh.nih.gov/api/v1"
  },
  "size_t": 135,
  "size_x": 80,
  "size_y": 80,
  "size_z": 37,
  "snr": 4.7033467716265775,
  "spacing_tr": 2.0,
  "spacing_x": 3.0,
  "spacing_y": 3.0,
  "spacing_z": 3.299999952316284,
  "spikes_num": 5,
  "summary_bg_k": 87.68156411661215,
  "summary_bg_mad": 0.6606414318084717,
  "summary_bg_mean": 262.9608459472656,
  "summary_bg_median": 0.4468384385108948,
  "summary_bg_n": 152980.0,
  "summary_bg_p05": 0.00048418291698908465,
  "summary_bg_p95": 1022.7329986572252,
  "summary_bg_stdv": 1395.2630615234375,
  "summary_fg_k": 1.7978780361151703,
  "summary_fg_mad": 5055.23046875,
  "summary_fg_mean": 26565.865234375,
  "summary_fg_median": 26487.2890625,
  "summary_fg_n": 42538.0,
  "summary_fg_p05": 17880.51064453125,
  "summary_fg_p95": 35285.628515625,
  "summary_fg_stdv": 5631.51708984375,
  "tsnr": 83.87283325195312
}