{
  "aor": 0.008253209876543209,
  "aqi": 0.004490714259259259,
  "bids_meta": {
    "AcquisitionNumber": 8,
    "BidsifyVersion": "0.3.5",
    "ConversionSoftware": "dcm2niix",
    "ConversionSoftwareVersion": "v1.0.20181125  GCC6.3.0",
    "EchoTime": 0.02762,
    "EffectiveEchoSpacing": 0.0006621159151938905,
    "ImageComments": "piop",
    "ImageOrientationPatientDICOM": [
      0.99832,
      0.0393019,
      0.0425849,
      -0.0371302,
      0.998026,
      -0.0506418
    ],
    "Manufacturer": "Philips",
    "NumberOfVolumesDiscardedByScanner": 2,
    "ParallelAcquisitionTechnique": "SENSE",
    "ParallelReductionFactorInPlane": 2,
    "PatientPosition": "HFS",
    "PhaseEncodingDirection": "j",
    "PhilipsRescaleIntercept": 0,
    "PhilipsRescaleSlope": 0.82442,
    "PhilipsScaleSlope": 0.0534002,
    "ProtocolName": "WIPpiopwmSENSE",
    "PulseSequenceType": "gradient echo EPI",
    "ReconMatrixPE": 80,
    "RepetitionTime": 2,
    "SeriesDescription": "ImageMRSERIES",
    "SeriesNumber": 8,
    "SliceEncodingDirection": "k",
    "SliceTiming": [
      0.0,
      0.0541,
      0.1081,
      0.1622,
      0.2162,
      0.2703,
      0.3243,
      0.3784,
      0.4324,
      0.4865,
      0.5405,
      0.5946,
      0.6486,
      0.7027,
      0.7568,
      0.8108,
      0.8649,
      0.9189,
      0.973,
      1.027,
      1.0811,
      1.1351,
      1.1892,
      1.2432,
      1.2973,
      1.3514,
      1.4054,
      1.4595,
      1.5135,
      1.5676,
      1.6216,
      1.6757,
      1.7297,
      1.7838,
      1.8378,
      1.8919,
      1.9459
    ],
    "TaskName": "workingmemory",
    "TotalReadoutTime": 0.025822520692561732,
    "UsePhilipsFloatNotDisplayScaling": 1,
    "acq_id": "seq",
    "dataset": "unknown",
    "modality": "bold",
    "subject_id": "0060",
    "task_id": "workingmemory"
  },
  "dummy_trs": 0,
  "dvars_nstd": 20.174148358012413,
  "dvars_std": 1.2944926550310558,
  "dvars_vstd": 1.0697506600621114,
  "efc": 0.41233545948446143,
  "fber": 407460096.0,
  "fd_mean": 0.10493550037016158,
  "fd_num": 8,
  "fd_perc": 4.938271604938271,
  "fwhm_avg": 2.455484960521535,
  "fwhm_x": 2.3794366666666664,
  "fwhm_y": 2.6976999999999998,
  "fwhm_z": 2.289318214897939,
  "gcor": 0.0203909,
  "gsr_x": -0.007097449153661728,
  "gsr_y": 0.006971981376409531,
  "provenance": {
    "md5sum": "6ba8e915e663e29fb392a6af3661b487",
    "settings": {
      "fd_thres": 0.2,
      "hmc_fsl": false
    },
    "software": "mriqc",
    "version": "0.15.0",
    "webapi_port": null,
    "webapi_url": "https://mriqc.nimh.nih.gov/api/v1"
  },
  "size_t": 162,
  "size_x": 80,
  "size_y": 80,
  "size_z": 37,
  "snr": 4.708859539017166,
  "spacing_tr": 2.0,
  "spacing_x": 3.0,
  "spacing_y": 3.0,
  "spacing_z": 3.299999952316284,
  "spikes_num": 2,
  "summary_bg_k": 80.0873972634344,
  "summary_bg_mad": 1.692297101020813,
  "summary_bg_mean": 273.3096618652344,
  "summary_bg_median": 1.146913766860962,
  "summary_bg_n": 153072.0,
  "summary_bg_p05": 0.0,
  "summary_bg_p95": 1114.669256591795,
  "summary_bg_stdv": 1413.5770263671875,
  "summary_fg_k": 1.6962425875094818,
  "summary_fg_mad": 5047.47265625,
  "summary_fg_mean": 26521.9140625,
  "summary_fg_median": 26416.212890625,
  "summary_fg_n": 42468.0,
  "summary_fg_p05": 17887.9162109375,
  "summary_fg_p95": 35324.04296875,
  "summary_fg_stdv": 5609.830078125,
  "tsnr": 70.89720916748047
}