{
  "bids_meta": {
    "AcquisitionNumber": 4,
    "BidsifyVersion": "0.3.5",
    "ConversionSoftware": "dcm2niix",
    "ConversionSoftwareVersion": "v1.0.20181125  GCC6.3.0",
    "EchoTime": 0.00375,
    "ImageComments": "Piop",
    "ImageOrientationPatientDICOM": [
      0.998696,
      -0.00047709,
      -0.0510469,
      -0.00331181,
      0.997244,
      -0.0741137
    ],
    "Manufacturer": "Philips",
    "PatientPosition": "HFS",
    "PhilipsRescaleIntercept": 0,
    "PhilipsRescaleSlope": 8.5956,
    "PhilipsScaleSlope": 0.0072678,
    "ProtocolName": "WIPt13dSENSE",
    "ReconMatrixPE": 240,
    "RepetitionTime": 0.008203,
    "SeriesDescription": "ImageMRSERIES",
    "SeriesNumber": 4,
    "UsePhilipsFloatNotDisplayScaling": 1,
    "dataset": "unknown",
    "modality": "T1w",
    "subject_id": "0066"
  },
  "cjv": 0.3127364019008737,
  "cnr": 4.056504203856786,
  "efc": 0.7579277735131169,
  "fber": 1474.0096435546875,
  "fwhm_avg": 4.101233417814181,
  "fwhm_x": 3.91386,
  "fwhm_y": 4.13778,
  "fwhm_z": 4.252060253442541,
  "icvs_csf": 0.23729329309227426,
  "icvs_gm": 0.39498466886990546,
  "icvs_wm": 0.3677220380378203,
  "inu_med": 1.7373815774917603,
  "inu_range": 0.5348790645599366,
  "provenance": {
    "md5sum": "037dbd6fdf0b615a82b760d09b0bf640",
    "settings": {
      "testing": false
    },
    "software": "mriqc",
    "version": "0.15.0",
    "warnings": {
      "large_rot_frame": true,
      "small_air_mask": true
    },
    "webapi_port": null,
    "webapi_url": "https://mriqc.nimh.nih.gov/api/v1"
  },
  "qi_1": 0.0,
  "qi_2": 0.0003434017118818246,
  "rpve_csf": 23.73866969778926,
  "rpve_gm": 14.304465799498132,
  "rpve_wm": 19.930720728416272,
  "size_x": 240,
  "size_y": 240,
  "size_z": 220,
  "snr_csf": 2.3634828330488173,
  "snr_gm": 8.129935855666446,
  "snr_total": 10.097864605637305,
  "snr_wm": 19.800175128196653,
  "snrd_csf": 21.625262387504094,
  "snrd_gm": 42.908112708642896,
  "snrd_total": 44.40895017206671,
  "snrd_wm": 68.69347542005313,
  "spacing_x": 1.0,
  "spacing_y": 1.0,
  "spacing_z": 0.9999999403953552,
  "summary_bg_k": 1.6392127522068538,
  "summary_bg_mad": 9.537062644958496,
  "summary_bg_mean": 13.094625473022461,
  "summary_bg_median": 12.838959693908691,
  "summary_bg_n": 135656.0,
  "summary_bg_p05": 0.0,
  "summary_bg_p95": 32.414113998413086,
  "summary_bg_stdv": 10.453853607177734,
  "summary_csf_k": 63.705878728532554,
  "summary_csf_mad": 124.05242919921875,
  "summary_csf_mean": 302.97808837890625,
  "summary_csf_median": 314.80694580078125,
  "summary_csf_n": 15956.0,
  "summary_csf_p05": 97.42129325866699,
  "summary_csf_p95": 467.6685104370117,
  "summary_csf_stdv": 133.19203186035156,
  "summary_gm_k": 0.5481319933890214,
  "summary_gm_mad": 72.21510314941406,
  "summary_gm_mean": 628.7667846679688,
  "summary_gm_median": 624.6292724609375,
  "summary_gm_n": 21038.0,
  "summary_gm_p05": 510.14220123291017,
  "summary_gm_p95": 762.7567779541014,
  "summary_gm_stdv": 76.82894897460938,
  "summary_wm_k": 1.0666677489140808,
  "summary_wm_mad": 45.17584228515625,
  "summary_wm_mean": 997.7010498046875,
  "summary_wm_median": 999.996337890625,
  "summary_wm_n": 225361.0,
  "summary_wm_p05": 910.4835205078125,
  "summary_wm_p95": 1075.1092529296875,
  "summary_wm_stdv": 50.50430679321289,
  "tpm_overlap_csf": 0.21625028550624847,
  "tpm_overlap_gm": 0.5013558864593506,
  "tpm_overlap_wm": 0.5787379741668701,
  "wm2max": 0.6727585247261314
}