{
  "aor": 0.0009357,
  "aqi": 0.00505083505,
  "bids_meta": {
    "AcquisitionNumber": 9,
    "BidsifyVersion": "0.3.5",
    "ConversionSoftware": "dcm2niix",
    "ConversionSoftwareVersion": "v1.0.20181125  GCC6.3.0",
    "EchoTime": 0.02762,
    "EffectiveEchoSpacing": 0.0006621159151938905,
    "ImageComments": "piop",
    "ImageOrientationPatientDICOM": [
      0.999896,
      -0.0144243,
      -0.000558504,
      0.0139621,
      0.976228,
      -0.216298
    ],
    "Manufacturer": "Philips",
    "NumberOfVolumesDiscardedByScanner": 2,
    "ParallelAcquisitionTechnique": "SENSE",
    "ParallelReductionFactorInPlane": 2,
    "PatientPosition": "HFS",
    "PhaseEncodingDirection": "j",
    "PhilipsRescaleIntercept": 0,
    "PhilipsRescaleSlope": 0.79976,
    "PhilipsScaleSlope": 0.0582066,
    "ProtocolName": "WIPpiopanticipatieSENSE",
    "PulseSequenceType": "gradient echo EPI",
    "ReconMatrixPE": 80,
    "RepetitionTime": 2,
    "SeriesDescription": "ImageMRSERIES",
    "SeriesNumber": 9,
    "SliceEncodingDirection": "k",
    "SliceTiming": [
      0.0,
      0.0541,
      0.1081,
      0.1622,
      0.2162,
      0.2703,
      0.3243,
      0.3784,
      0.4324,
      0.4865,
      0.5405,
      0.5946,
      0.6486,
      0.7027,
      0.7568,
      0.8108,
      0.8649,
      0.9189,
      0.973,
      1.027,
      1.0811,
      1.1351,
      1.1892,
      1.2432,
      1.2973,
      1.3514,
      1.4054,
      1.4595,
      1.5135,
      1.5676,
      1.6216,
      1.6757,
      1.7297,
      1.7838,
      1.8378,
      1.8919,
      1.9459
    ],
    "TaskName": "anticipation",
    "TotalReadoutTime": 0.025822520692561732,
    "UsePhilipsFloatNotDisplayScaling": 1,
    "acq_id": "seq",
    "dataset": "unknown",
    "modality": "bold",
    "subject_id": "0188",
    "task_id": "anticipation"
  },
  "dummy_trs": 0,
  "dvars_nstd": 20.85507781095477,
  "dvars_std": 1.1271944742713564,
  "dvars_vstd": 0.9922143149748747,
  "efc": 0.39369847122812235,
  "fber": 437218368.0,
  "fd_mean": 0.16378067451481026,
  "fd_num": 55,
  "fd_perc": 27.5,
  "fwhm_avg": 2.349889000190952,
  "fwhm_x": 2.3503066666666665,
  "fwhm_y": 2.5625633333333333,
  "fwhm_z": 2.1367970005728547,
  "gcor": 0.0430542,
  "gsr_x": 0.0010140661615878344,
  "gsr_y": 0.0018360679969191551,
  "provenance": {
    "md5sum": "349cc64a851f9f46ce988873dea2d618",
    "settings": {
      "fd_thres": 0.2,
      "hmc_fsl": false
    },
    "software": "mriqc",
    "version": "0.15.0",
    "webapi_port": null,
    "webapi_url": "https://mriqc.nimh.nih.gov/api/v1"
  },
  "size_t": 200,
  "size_x": 80,
  "size_y": 80,
  "size_z": 37,
  "snr": 5.180189819870709,
  "spacing_tr": 2.0,
  "spacing_x": 3.0,
  "spacing_y": 3.0,
  "spacing_z": 3.299999952316284,
  "spikes_num": 2,
  "summary_bg_k": 117.57177703269176,
  "summary_bg_mad": 1.5347259044647217,
  "summary_bg_mean": 228.739501953125,
  "summary_bg_median": 1.0509607791900635,
  "summary_bg_n": 157029.0,
  "summary_bg_p05": 0.0074476955458521845,
  "summary_bg_p95": 721.57596435547,
  "summary_bg_stdv": 1315.7481689453125,
  "summary_fg_k": 2.596667978208562,
  "summary_fg_mad": 3809.856201171875,
  "summary_fg_mean": 23656.728515625,
  "summary_fg_median": 23616.046875,
  "summary_fg_n": 38699.0,
  "summary_fg_p05": 16476.9072265625,
  "summary_fg_p95": 30641.7734375,
  "summary_fg_stdv": 4558.8564453125,
  "tsnr": 69.90853881835938
}