{
  "aor": 0.001248938775510204,
  "aqi": 0.004097498244897959,
  "bids_meta": {
    "AcquisitionNumber": 3,
    "BidsifyVersion": "0.3.5",
    "ConversionSoftware": "dcm2niix",
    "ConversionSoftwareVersion": "v1.0.20181125  GCC6.3.0",
    "EchoTime": 0.02762,
    "EffectiveEchoSpacing": 0.0006621159151938905,
    "ImageComments": "Piop",
    "ImageOrientationPatientDICOM": [
      0.999481,
      -0.00983621,
      0.0306641,
      0.0169225,
      0.970563,
      -0.240252
    ],
    "Manufacturer": "Philips",
    "NumberOfVolumesDiscardedByScanner": 2,
    "ParallelAcquisitionTechnique": "SENSE",
    "ParallelReductionFactorInPlane": 2,
    "PatientPosition": "HFS",
    "PhaseEncodingDirection": "j",
    "PhilipsRescaleIntercept": 0,
    "PhilipsRescaleSlope": 0.75385,
    "PhilipsScaleSlope": 0.0577888,
    "ProtocolName": "WIPpiopgstroopSENSE",
    "PulseSequenceType": "gradient echo EPI",
    "ReconMatrixPE": 80,
    "RepetitionTime": 2,
    "SeriesDescription": "ImageMRSERIES",
    "SeriesNumber": 3,
    "SliceEncodingDirection": "k",
    "SliceTiming": [
      0.0,
      0.0541,
      0.1081,
      0.1622,
      0.2162,
      0.2703,
      0.3243,
      0.3784,
      0.4324,
      0.4865,
      0.5405,
      0.5946,
      0.6486,
      0.7027,
      0.7568,
      0.8108,
      0.8649,
      0.9189,
      0.973,
      1.027,
      1.0811,
      1.1351,
      1.1892,
      1.2432,
      1.2973,
      1.3514,
      1.4054,
      1.4595,
      1.5135,
      1.5676,
      1.6216,
      1.6757,
      1.7297,
      1.7838,
      1.8378,
      1.8919,
      1.9459
    ],
    "TaskName": "gstroop",
    "TotalReadoutTime": 0.025822520692561732,
    "UsePhilipsFloatNotDisplayScaling": 1,
    "acq_id": "seq",
    "dataset": "unknown",
    "modality": "bold",
    "subject_id": "0122",
    "task_id": "gstroop"
  },
  "dummy_trs": 0,
  "dvars_nstd": 20.729670032131153,
  "dvars_std": 1.2219456806147546,
  "dvars_vstd": 1.0082290418442619,
  "efc": 0.4117756152160062,
  "fber": 341610240.0,
  "fd_mean": 0.10188164628923625,
  "fd_num": 12,
  "fd_perc": 4.8979591836734695,
  "fwhm_avg": 2.364510515649061,
  "fwhm_x": 2.3253733333333333,
  "fwhm_y": 2.5677066666666666,
  "fwhm_z": 2.2004515469471837,
  "gcor": 0.0283719,
  "gsr_x": -0.001976999919861555,
  "gsr_y": 0.0035511846654117107,
  "provenance": {
    "md5sum": "1940bad94287bd6e2321c8ac9aa8e0c9",
    "settings": {
      "fd_thres": 0.2,
      "hmc_fsl": false
    },
    "software": "mriqc",
    "version": "0.15.0",
    "webapi_port": null,
    "webapi_url": "https://mriqc.nimh.nih.gov/api/v1"
  },
  "size_t": 245,
  "size_x": 80,
  "size_y": 80,
  "size_z": 37,
  "snr": 4.715590815568012,
  "spacing_tr": 2.0,
  "spacing_x": 3.0,
  "spacing_y": 3.0,
  "spacing_z": 3.299999952316284,
  "spikes_num": 1,
  "summary_bg_k": 151.26698493963585,
  "summary_bg_mad": 1.786899209022522,
  "summary_bg_mean": 181.59580993652344,
  "summary_bg_median": 1.228039264678955,
  "summary_bg_n": 151358.0,
  "summary_bg_p05": 0.0077052462147548795,
  "summary_bg_p95": 738.8776824951154,
  "summary_bg_stdv": 1062.551025390625,
  "summary_fg_k": 2.33502895746326,
  "summary_fg_mad": 4372.42578125,
  "summary_fg_mean": 24642.728515625,
  "summary_fg_median": 24542.361328125,
  "summary_fg_n": 43707.0,
  "summary_fg_p05": 16633.3630859375,
  "summary_fg_p95": 32493.458984374993,
  "summary_fg_stdv": 5204.455078125,
  "tsnr": 73.86753845214844
}