{
  "aor": 0.00015775757575757577,
  "aqi": 0.00607477512121212,
  "bids_meta": {
    "AcquisitionNumber": 2,
    "BidsifyVersion": "0.3.5",
    "ConversionSoftware": "dcm2niix",
    "ConversionSoftwareVersion": "v1.0.20181125  GCC6.3.0",
    "EchoTime": 0.02762,
    "EffectiveEchoSpacing": 0.0006333282667071997,
    "ImageComments": "Piop",
    "ImageOrientationPatientDICOM": [
      0.999481,
      -0.00983621,
      0.0306641,
      0.0169225,
      0.970563,
      -0.240252
    ],
    "Manufacturer": "Philips",
    "NumberOfVolumesDiscardedByScanner": 2,
    "ParallelAcquisitionTechnique": "SENSE",
    "ParallelReductionFactorInPlane": 2,
    "PatientPosition": "HFS",
    "PhaseEncodingDirection": "j",
    "PhilipsRescaleIntercept": 0,
    "PhilipsRescaleSlope": 0.77729,
    "PhilipsScaleSlope": 0.0927355,
    "ProtocolName": "WIPpiopfacesSENSE",
    "PulseSequenceType": "gradient echo EPI",
    "ReconMatrixPE": 80,
    "RepetitionTime": 0.75,
    "SeriesDescription": "ImageMRSERIES",
    "SeriesNumber": 2,
    "SliceEncodingDirection": "k",
    "SliceTiming": [
      0.0,
      0.06755050505050506,
      0.1351010101010101,
      0.20265151515151517,
      0.2702020202020202,
      0.3377525252525253,
      0.40530303030303033,
      0.47285353535353536,
      0.5404040404040404,
      0.6079545454545455,
      0.6755050505050506,
      0.7430555555555556,
      0.0,
      0.06755050505050506,
      0.1351010101010101,
      0.20265151515151517,
      0.2702020202020202,
      0.3377525252525253,
      0.40530303030303033,
      0.47285353535353536,
      0.5404040404040404,
      0.6079545454545455,
      0.6755050505050506,
      0.7430555555555556,
      0.0,
      0.06755050505050506,
      0.1351010101010101,
      0.20265151515151517,
      0.2702020202020202,
      0.3377525252525253,
      0.40530303030303033,
      0.47285353535353536,
      0.5404040404040404,
      0.6079545454545455,
      0.6755050505050506,
      0.7430555555555556
    ],
    "TaskName": "faces",
    "TotalReadoutTime": 0.024699802401580786,
    "UsePhilipsFloatNotDisplayScaling": 1,
    "acq_id": "mb3",
    "dataset": "unknown",
    "modality": "bold",
    "subject_id": "0122",
    "task_id": "faces"
  },
  "dummy_trs": 0,
  "dvars_nstd": 23.606806462431617,
  "dvars_std": 1.155191256261399,
  "dvars_vstd": 0.9950078564741643,
  "efc": 0.4180558745300388,
  "fber": 726862400.0,
  "fd_mean": 0.10877843880461617,
  "fd_num": 12,
  "fd_perc": 3.6363636363636362,
  "fwhm_avg": 2.691313100872309,
  "fwhm_x": 2.6918133333333336,
  "fwhm_y": 2.9402166666666667,
  "fwhm_z": 2.4419093026169256,
  "gcor": 0.0171018,
  "gsr_x": -0.003225102787837386,
  "gsr_y": 0.0025768661871552467,
  "provenance": {
    "md5sum": "d4258e49f08ff899968ca77b62a47520",
    "settings": {
      "fd_thres": 0.2,
      "hmc_fsl": false
    },
    "software": "mriqc",
    "version": "0.15.0",
    "webapi_port": null,
    "webapi_url": "https://mriqc.nimh.nih.gov/api/v1"
  },
  "size_t": 330,
  "size_x": 80,
  "size_y": 80,
  "size_z": 36,
  "snr": 5.430172731244102,
  "spacing_tr": 0.75,
  "spacing_x": 3.0,
  "spacing_y": 3.0,
  "spacing_z": 3.299999713897705,
  "spikes_num": 0,
  "summary_bg_k": 122.58845476406378,
  "summary_bg_mad": 0.8711274862289429,
  "summary_bg_mean": 135.6085968017578,
  "summary_bg_median": 0.5942162275314331,
  "summary_bg_n": 146762.0,
  "summary_bg_p05": 0.0018113563652150332,
  "summary_bg_p95": 739.8396820068256,
  "summary_bg_stdv": 734.1974487304688,
  "summary_fg_k": 2.9333473277611226,
  "summary_fg_mad": 2660.27783203125,
  "summary_fg_mean": 17634.83203125,
  "summary_fg_median": 17864.361328125,
  "summary_fg_n": 42676.0,
  "summary_fg_p05": 12003.516357421875,
  "summary_fg_p95": 22291.42333984375,
  "summary_fg_stdv": 3289.79443359375,
  "tsnr": 62.106651306152344
}