{
  "aor": 0.0026611194029850745,
  "aqi": 0.005035409477611941,
  "bids_meta": {
    "AcquisitionNumber": 5,
    "BidsifyVersion": "0.3.5",
    "ConversionSoftware": "dcm2niix",
    "ConversionSoftwareVersion": "v1.0.20181125  GCC6.3.0",
    "EchoTime": 0.02762,
    "EffectiveEchoSpacing": 0.0006621159151938905,
    "ImageComments": "piop",
    "ImageOrientationPatientDICOM": [
      0.999799,
      -0.0164372,
      0.0115171,
      0.0176261,
      0.993535,
      -0.112151
    ],
    "Manufacturer": "Philips",
    "NumberOfVolumesDiscardedByScanner": 2,
    "ParallelAcquisitionTechnique": "SENSE",
    "ParallelReductionFactorInPlane": 2,
    "PatientPosition": "HFS",
    "PhaseEncodingDirection": "j",
    "PhilipsRescaleIntercept": 0,
    "PhilipsRescaleSlope": 0.81441,
    "PhilipsScaleSlope": 0.0665681,
    "ProtocolName": "WIPpiopharririSENSE",
    "PulseSequenceType": "gradient echo EPI",
    "ReconMatrixPE": 80,
    "RepetitionTime": 2,
    "SeriesDescription": "ImageMRSERIES",
    "SeriesNumber": 5,
    "SliceEncodingDirection": "k",
    "SliceTiming": [
      0.0,
      0.0541,
      0.1081,
      0.1622,
      0.2162,
      0.2703,
      0.3243,
      0.3784,
      0.4324,
      0.4865,
      0.5405,
      0.5946,
      0.6486,
      0.7027,
      0.7568,
      0.8108,
      0.8649,
      0.9189,
      0.973,
      1.027,
      1.0811,
      1.1351,
      1.1892,
      1.2432,
      1.2973,
      1.3514,
      1.4054,
      1.4595,
      1.5135,
      1.5676,
      1.6216,
      1.6757,
      1.7297,
      1.7838,
      1.8378,
      1.8919,
      1.9459
    ],
    "TaskName": "emomatching",
    "TotalReadoutTime": 0.025822520692561732,
    "UsePhilipsFloatNotDisplayScaling": 1,
    "acq_id": "seq",
    "dataset": "unknown",
    "modality": "bold",
    "subject_id": "0097",
    "task_id": "emomatching"
  },
  "dummy_trs": 1,
  "dvars_nstd": 23.455205730827075,
  "dvars_std": 1.2465130853383461,
  "dvars_vstd": 1.0174698771428574,
  "efc": 0.386465010837543,
  "fber": 141824384.0,
  "fd_mean": 0.14274965435058795,
  "fd_num": 15,
  "fd_perc": 11.194029850746269,
  "fwhm_avg": 2.3930626368453027,
  "fwhm_x": 2.316736666666667,
  "fwhm_y": 2.665296666666667,
  "fwhm_z": 2.197154577202574,
  "gcor": 0.0184027,
  "gsr_x": -0.0011059076059609652,
  "gsr_y": 0.0017745050135999918,
  "provenance": {
    "md5sum": "fc9e2d6ad600cf1ff3f99aa55b073ecb",
    "settings": {
      "fd_thres": 0.2,
      "hmc_fsl": false
    },
    "software": "mriqc",
    "version": "0.15.0",
    "webapi_port": null,
    "webapi_url": "https://mriqc.nimh.nih.gov/api/v1"
  },
  "size_t": 134,
  "size_x": 80,
  "size_y": 80,
  "size_z": 37,
  "snr": 4.510926779786873,
  "spacing_tr": 2.0,
  "spacing_x": 3.0,
  "spacing_y": 3.0,
  "spacing_z": 3.299999952316284,
  "spikes_num": 0,
  "summary_bg_k": 63.86670942231939,
  "summary_bg_mad": 2.3999221324920654,
  "summary_bg_mean": 194.86029052734375,
  "summary_bg_median": 1.6490055322647095,
  "summary_bg_n": 157976.0,
  "summary_bg_p05": 0.011397422989830375,
  "summary_bg_p95": 420.68103790283203,
  "summary_bg_stdv": 1076.220458984375,
  "summary_fg_k": 2.015072697858325,
  "summary_fg_mad": 4011.759521484375,
  "summary_fg_mean": 21062.423828125,
  "summary_fg_median": 20861.216796875,
  "summary_fg_n": 38531.0,
  "summary_fg_p05": 14447.36328125,
  "summary_fg_p95": 28550.2939453125,
  "summary_fg_stdv": 4624.53662109375,
  "tsnr": 64.903076171875
}