{
  "aor": 0.0006138518518518519,
  "aqi": 0.002715109185185185,
  "bids_meta": {
    "AcquisitionNumber": 5,
    "BidsifyVersion": "0.3.5",
    "ConversionSoftware": "dcm2niix",
    "ConversionSoftwareVersion": "v1.0.20181125  GCC6.3.0",
    "EchoTime": 0.02762,
    "EffectiveEchoSpacing": 0.0006621159151938905,
    "ImageComments": "piop",
    "ImageOrientationPatientDICOM": [
      0.996592,
      -0.082164,
      -0.00728955,
      0.0824602,
      0.994617,
      0.0627515
    ],
    "Manufacturer": "Philips",
    "NumberOfVolumesDiscardedByScanner": 2,
    "ParallelAcquisitionTechnique": "SENSE",
    "ParallelReductionFactorInPlane": 2,
    "PatientPosition": "HFS",
    "PhaseEncodingDirection": "j",
    "PhilipsRescaleIntercept": 0,
    "PhilipsRescaleSlope": 0.77729,
    "PhilipsScaleSlope": 0.0545623,
    "ProtocolName": "WIPpiopharririSENSE",
    "PulseSequenceType": "gradient echo EPI",
    "ReconMatrixPE": 80,
    "RepetitionTime": 2,
    "SeriesDescription": "ImageMRSERIES",
    "SeriesNumber": 5,
    "SliceEncodingDirection": "k",
    "SliceTiming": [
      0.0,
      0.0541,
      0.1081,
      0.1622,
      0.2162,
      0.2703,
      0.3243,
      0.3784,
      0.4324,
      0.4865,
      0.5405,
      0.5946,
      0.6486,
      0.7027,
      0.7568,
      0.8108,
      0.8649,
      0.9189,
      0.973,
      1.027,
      1.0811,
      1.1351,
      1.1892,
      1.2432,
      1.2973,
      1.3514,
      1.4054,
      1.4595,
      1.5135,
      1.5676,
      1.6216,
      1.6757,
      1.7297,
      1.7838,
      1.8378,
      1.8919,
      1.9459
    ],
    "TaskName": "emomatching",
    "TotalReadoutTime": 0.025822520692561732,
    "UsePhilipsFloatNotDisplayScaling": 1,
    "acq_id": "seq",
    "dataset": "unknown",
    "modality": "bold",
    "subject_id": "0128",
    "task_id": "emomatching"
  },
  "dummy_trs": 0,
  "dvars_nstd": 24.785814356567148,
  "dvars_std": 1.3852068305970155,
  "dvars_vstd": 1.0031355626119407,
  "efc": 0.4078321368940155,
  "fber": 2764906752.0,
  "fd_mean": 0.11528091413268389,
  "fd_num": 8,
  "fd_perc": 5.925925925925926,
  "fwhm_avg": 2.4939770816805287,
  "fwhm_x": 2.4318,
  "fwhm_y": 2.7718433333333334,
  "fwhm_z": 2.2782879117082526,
  "gcor": 0.0132795,
  "gsr_x": -0.002486010082066059,
  "gsr_y": 0.003540587378665805,
  "provenance": {
    "md5sum": "2f33b31fa25ae79484992b9c5f4b26fc",
    "settings": {
      "fd_thres": 0.2,
      "hmc_fsl": false
    },
    "software": "mriqc",
    "version": "0.15.0",
    "webapi_port": null,
    "webapi_url": "https://mriqc.nimh.nih.gov/api/v1"
  },
  "size_t": 135,
  "size_x": 80,
  "size_y": 80,
  "size_z": 37,
  "snr": 4.435922196624815,
  "spacing_tr": 2.0,
  "spacing_x": 3.0,
  "spacing_y": 3.0,
  "spacing_z": 3.299999952316284,
  "spikes_num": 0,
  "summary_bg_k": 135.41580330033304,
  "summary_bg_mad": 0.65744549036026,
  "summary_bg_mean": 199.19003295898438,
  "summary_bg_median": 0.44644805788993835,
  "summary_bg_n": 153378.0,
  "summary_bg_p05": 0.0018248051870614292,
  "summary_bg_p95": 714.0006805419912,
  "summary_bg_stdv": 1130.7625732421875,
  "summary_fg_k": 1.8911138196288446,
  "summary_fg_mad": 4930.509765625,
  "summary_fg_mean": 26582.619140625,
  "summary_fg_median": 26247.1875,
  "summary_fg_n": 42603.0,
  "summary_fg_p05": 17779.96796875,
  "summary_fg_p95": 36202.296484375,
  "summary_fg_stdv": 5916.8935546875,
  "tsnr": 89.514404296875
}