{
  "aor": 0.000423,
  "aqi": 0.0049980238,
  "bids_meta": {
    "AcquisitionNumber": 9,
    "BidsifyVersion": "0.3.5",
    "ConversionSoftware": "dcm2niix",
    "ConversionSoftwareVersion": "v1.0.20181125  GCC6.3.0",
    "EchoTime": 0.02762,
    "ImageComments": "piop",
    "ImageOrientationPatientDICOM": [
      0.999789,
      -0.0149801,
      0.0140886,
      0.0178005,
      0.973467,
      -0.228136
    ],
    "Manufacturer": "Philips",
    "NumberOfVolumesDiscardedByScanner": 2,
    "ParallelAcquisitionTechnique": "SENSE",
    "ParallelReductionFactorInPlane": 2,
    "PatientPosition": "HFS",
    "PhaseEncodingDirection": "j",
    "PhilipsRescaleIntercept": 0,
    "PhilipsRescaleSlope": 0.81636,
    "PhilipsScaleSlope": 0.0554363,
    "ProtocolName": "WIPpiopanticipatieSENSE",
    "PulseSequenceType": "gradient echo EPI",
    "ReconMatrixPE": 80,
    "RepetitionTime": 2,
    "SeriesDescription": "ImageMRSERIES",
    "SeriesNumber": 9,
    "SliceEncodingDirection": "k",
    "TaskName": "anticipation",
    "UsePhilipsFloatNotDisplayScaling": 1,
    "acq_id": "seq",
    "dataset": "unknown",
    "modality": "bold",
    "subject_id": "0101",
    "task_id": "anticipation"
  },
  "dummy_trs": 0,
  "dvars_nstd": 21.075089119195976,
  "dvars_std": 1.1111830359798995,
  "dvars_vstd": 0.9507635362814066,
  "efc": 0.40931946014932347,
  "fber": 484362464.0,
  "fd_mean": 0.11649471561749883,
  "fd_num": 12,
  "fd_perc": 6.0,
  "fwhm_avg": 2.380174556158963,
  "fwhm_x": 2.2730166666666665,
  "fwhm_y": 2.6450766666666667,
  "fwhm_z": 2.2224303351435566,
  "gcor": 0.0159021,
  "gsr_x": -0.006897320505231619,
  "gsr_y": 0.0076581635512411594,
  "provenance": {
    "md5sum": "f11ce584627b008a893b6b4196b02512",
    "settings": {
      "fd_thres": 0.2,
      "hmc_fsl": false
    },
    "software": "mriqc",
    "version": "0.15.0",
    "webapi_port": null,
    "webapi_url": "https://mriqc.nimh.nih.gov/api/v1"
  },
  "size_t": 200,
  "size_x": 80,
  "size_y": 80,
  "size_z": 37,
  "snr": 4.401417971870898,
  "spacing_tr": 2.0,
  "spacing_x": 3.0,
  "spacing_y": 3.0,
  "spacing_z": 3.299999952316284,
  "spikes_num": 0,
  "summary_bg_k": 121.52423518520817,
  "summary_bg_mad": 1.3317961692810059,
  "summary_bg_mean": 197.10275268554688,
  "summary_bg_median": 0.9043379426002502,
  "summary_bg_n": 152546.0,
  "summary_bg_p05": 0.0027400642866268754,
  "summary_bg_p95": 868.5045013427734,
  "summary_bg_stdv": 1113.504150390625,
  "summary_fg_k": 2.005501599829297,
  "summary_fg_mad": 4343.66552734375,
  "summary_fg_mean": 23109.228515625,
  "summary_fg_median": 22703.62109375,
  "summary_fg_n": 42880.0,
  "summary_fg_p05": 15822.671972656251,
  "summary_fg_p95": 31649.039062499985,
  "summary_fg_stdv": 5158.19140625,
  "tsnr": 67.52848052978516
}