{
  "aor": 0.00029393939393939397,
  "aqi": 0.010142799878787878,
  "bids_meta": {
    "AcquisitionNumber": 2,
    "BidsifyVersion": "0.3.5",
    "ConversionSoftware": "dcm2niix",
    "ConversionSoftwareVersion": "v1.0.20181125  GCC6.3.0",
    "EchoTime": 0.02762,
    "ImageComments": "piop",
    "ImageOrientationPatientDICOM": [
      0.999789,
      -0.0149801,
      0.0140886,
      0.0178005,
      0.973467,
      -0.228136
    ],
    "Manufacturer": "Philips",
    "NumberOfVolumesDiscardedByScanner": 2,
    "ParallelAcquisitionTechnique": "SENSE",
    "ParallelReductionFactorInPlane": 2,
    "PatientPosition": "HFS",
    "PhaseEncodingDirection": "j",
    "PhilipsRescaleIntercept": 0,
    "PhilipsRescaleSlope": 0.81368,
    "PhilipsScaleSlope": 0.0922031,
    "ProtocolName": "WIPpiopfacesSENSE",
    "PulseSequenceType": "gradient echo EPI",
    "ReconMatrixPE": 80,
    "RepetitionTime": 0.75,
    "SeriesDescription": "ImageMRSERIES",
    "SeriesNumber": 2,
    "SliceEncodingDirection": "k",
    "TaskName": "faces",
    "UsePhilipsFloatNotDisplayScaling": 1,
    "acq_id": "mb3",
    "dataset": "unknown",
    "modality": "bold",
    "subject_id": "0101",
    "task_id": "faces"
  },
  "dummy_trs": 0,
  "dvars_nstd": 30.465161030729472,
  "dvars_std": 1.1464340637386015,
  "dvars_vstd": 0.9888577868389052,
  "efc": 0.41600655195044267,
  "fber": 584699136.0,
  "fd_mean": 0.09303545290725113,
  "fd_num": 4,
  "fd_perc": 1.2121212121212122,
  "fwhm_avg": 2.4639247586363857,
  "fwhm_x": 2.33615,
  "fwhm_y": 2.7382666666666666,
  "fwhm_z": 2.3173576092424915,
  "gcor": 0.0114155,
  "gsr_x": -0.0071098278276622295,
  "gsr_y": 0.006082877982407808,
  "provenance": {
    "md5sum": "82a45f6fc3bf560dc0ab5d0c8afad2b2",
    "settings": {
      "fd_thres": 0.2,
      "hmc_fsl": false
    },
    "software": "mriqc",
    "version": "0.15.0",
    "webapi_port": null,
    "webapi_url": "https://mriqc.nimh.nih.gov/api/v1"
  },
  "size_t": 330,
  "size_x": 80,
  "size_y": 80,
  "size_z": 36,
  "snr": 5.48670066221211,
  "spacing_tr": 0.75,
  "spacing_x": 3.0,
  "spacing_y": 3.0,
  "spacing_z": 3.299999952316284,
  "spikes_num": 0,
  "summary_bg_k": 107.08032007373023,
  "summary_bg_mad": 0.8731751441955566,
  "summary_bg_mean": 151.16441345214844,
  "summary_bg_median": 0.5901594758033752,
  "summary_bg_n": 147751.0,
  "summary_bg_p05": 0.0007064578239805996,
  "summary_bg_p95": 700.2161865234375,
  "summary_bg_stdv": 841.0323486328125,
  "summary_fg_k": 2.6115090501581566,
  "summary_fg_mad": 2544.3076171875,
  "summary_fg_mean": 16840.294921875,
  "summary_fg_median": 16883.216796875,
  "summary_fg_n": 42033.0,
  "summary_fg_p05": 12054.921484375,
  "summary_fg_p95": 21560.276953125,
  "summary_fg_stdv": 3077.079833984375,
  "tsnr": 47.8751220703125
}