{
    "Manufacturer": "Philips",
    "PatientPosition": "HFS",
    "SeriesDescription": "ImageMRSERIES",
    "ProtocolName": "WIPt13dSENSE",
    "SeriesNumber": 4,
    "AcquisitionNumber": 4,
    "ImageComments": "piop",
    "PhilipsRescaleSlope": 9.45372,
    "PhilipsRescaleIntercept": 0,
    "PhilipsScaleSlope": 0.00745474,
    "UsePhilipsFloatNotDisplayScaling": 1,
    "EchoTime": 0.00377,
    "RepetitionTime": 0.008196,
    "ReconMatrixPE": 240,
    "ImageOrientationPatientDICOM": [
        0.992662,
        0.104747,
        -0.0604249,
        -0.105384,
        0.994404,
        -0.00745025
    ],
    "ConversionSoftware": "dcm2niix",
    "ConversionSoftwareVersion": "v1.0.20181125  GCC6.3.0",
    "BidsifyVersion": "0.3.5"
}