{
  "bids_meta": {
    "AcquisitionNumber": 4,
    "BidsifyVersion": "0.3.5",
    "ConversionSoftware": "dcm2niix",
    "ConversionSoftwareVersion": "v1.0.20181125  GCC6.3.0",
    "EchoTime": 0.00383,
    "ImageComments": "piop",
    "ImageOrientationPatientDICOM": [
      0.990177,
      0.120877,
      -0.0702687,
      -0.12702,
      0.987738,
      -0.0907693
    ],
    "Manufacturer": "Philips",
    "PatientPosition": "HFS",
    "PhilipsRescaleIntercept": 0,
    "PhilipsRescaleSlope": 8.48498,
    "PhilipsScaleSlope": 0.00685632,
    "ProtocolName": "WIPt13dSENSE",
    "ReconMatrixPE": 240,
    "RepetitionTime": 0.008313,
    "SeriesDescription": "ImageMRSERIES",
    "SeriesNumber": 4,
    "UsePhilipsFloatNotDisplayScaling": 1,
    "dataset": "unknown",
    "modality": "T1w",
    "subject_id": "0208"
  },
  "cjv": 0.33685873853610465,
  "cnr": 3.636996711037223,
  "efc": 0.7796010433507413,
  "fber": 538.8182373046875,
  "fwhm_avg": 3.477973200769837,
  "fwhm_x": 3.47026,
  "fwhm_y": 3.62759,
  "fwhm_z": 3.3360696023095127,
  "icvs_csf": 0.19539568358824808,
  "icvs_gm": 0.4470910398510513,
  "icvs_wm": 0.3575132765607006,
  "inu_med": 0.7683068513870239,
  "inu_range": 0.3158601492643356,
  "provenance": {
    "md5sum": "a35f0c339d1c74d9e419e3d47713d25e",
    "settings": {
      "testing": false
    },
    "software": "mriqc",
    "version": "0.15.0",
    "warnings": {
      "large_rot_frame": true,
      "small_air_mask": true
    },
    "webapi_port": null,
    "webapi_url": "https://mriqc.nimh.nih.gov/api/v1"
  },
  "qi_1": 0.0,
  "qi_2": 0.00012150162855408103,
  "rpve_csf": 28.085371329763348,
  "rpve_gm": 13.715526179794143,
  "rpve_wm": 20.934240257323623,
  "size_x": 240,
  "size_y": 240,
  "size_z": 220,
  "snr_csf": 3.638587206423637,
  "snr_gm": 6.731317154561585,
  "snr_total": 9.445890295645667,
  "snr_wm": 17.96776652595178,
  "snrd_csf": 21.509017183605465,
  "snrd_gm": 33.08313725794132,
  "snrd_total": 36.277085441138425,
  "snrd_wm": 54.2391018818685,
  "spacing_x": 1.0,
  "spacing_y": 1.0,
  "spacing_z": 1.0000001192092896,
  "summary_bg_k": 15.990242187172278,
  "summary_bg_mad": 12.078723907470703,
  "summary_bg_mean": 14.382211685180664,
  "summary_bg_median": 8.14697551727295,
  "summary_bg_n": 169197.0,
  "summary_bg_p05": 0.0,
  "summary_bg_p95": 39.86677703857421,
  "summary_bg_stdv": 13.911898612976074,
  "summary_csf_k": 1.1503491370372032,
  "summary_csf_mad": 85.99776458740234,
  "summary_csf_mean": 379.2063293457031,
  "summary_csf_median": 396.5609130859375,
  "summary_csf_n": 5475.0,
  "summary_csf_p05": 164.48572692871093,
  "summary_csf_p95": 529.5412475585938,
  "summary_csf_stdv": 108.97765350341797,
  "summary_gm_k": 0.5384542633298568,
  "summary_gm_mad": 82.93473815917969,
  "summary_gm_mean": 618.452880859375,
  "summary_gm_median": 609.9525146484375,
  "summary_gm_n": 22196.0,
  "summary_gm_p05": 484.17303466796875,
  "summary_gm_p95": 785.1843566894531,
  "summary_gm_stdv": 90.61209869384766,
  "summary_wm_k": 1.2955650458534071,
  "summary_wm_mad": 48.457584381103516,
  "summary_wm_mean": 995.7968139648438,
  "summary_wm_median": 1000.0042114257812,
  "summary_wm_n": 194785.0,
  "summary_wm_p05": 895.06748046875,
  "summary_wm_p95": 1077.9628662109376,
  "summary_wm_stdv": 55.655311584472656,
  "tpm_overlap_csf": 0.19079653918743134,
  "tpm_overlap_gm": 0.5136152505874634,
  "tpm_overlap_wm": 0.5493910908699036,
  "wm2max": 0.5945300192293401
}