{
    "Manufacturer": "Philips",
    "PatientPosition": "HFS",
    "SeriesDescription": "ImageMRSERIES",
    "ProtocolName": "WIPt13dSENSE",
    "SeriesNumber": 4,
    "AcquisitionNumber": 4,
    "ImageComments": "piop",
    "PhilipsRescaleSlope": 9.83492,
    "PhilipsRescaleIntercept": 0,
    "PhilipsScaleSlope": 0.00774823,
    "UsePhilipsFloatNotDisplayScaling": 1,
    "EchoTime": 0.00377,
    "RepetitionTime": 0.008221,
    "ReconMatrixPE": 240,
    "ImageOrientationPatientDICOM": [
        0.999799,
        -0.0164372,
        0.0115171,
        0.0176261,
        0.993535,
        -0.112151
    ],
    "ConversionSoftware": "dcm2niix",
    "ConversionSoftwareVersion": "v1.0.20181125  GCC6.3.0",
    "BidsifyVersion": "0.3.5"
}