{
    "Manufacturer": "Philips",
    "PatientPosition": "HFS",
    "SeriesDescription": "ImageMRSERIES",
    "ProtocolName": "WIPt13dSENSE",
    "SeriesNumber": 4,
    "AcquisitionNumber": 4,
    "ImageComments": "Piop",
    "PhilipsRescaleSlope": 9.50842,
    "PhilipsRescaleIntercept": 0,
    "PhilipsScaleSlope": 0.00766622,
    "UsePhilipsFloatNotDisplayScaling": 1,
    "EchoTime": 0.00375,
    "RepetitionTime": 0.008175,
    "ReconMatrixPE": 240,
    "ImageOrientationPatientDICOM": [
        0.997772,
        0.048031,
        0.0463074,
        -0.0461811,
        0.998123,
        -0.040223
    ],
    "ConversionSoftware": "dcm2niix",
    "ConversionSoftwareVersion": "v1.0.20181125  GCC6.3.0",
    "BidsifyVersion": "0.3.5"
}