{
  "aor": 0.0031930246913580247,
  "aqi": 0.004280350185185185,
  "bids_meta": {
    "AcquisitionNumber": 8,
    "BidsifyVersion": "0.3.5",
    "ConversionSoftware": "dcm2niix",
    "ConversionSoftwareVersion": "v1.0.20181125  GCC6.3.0",
    "EchoTime": 0.02762,
    "EffectiveEchoSpacing": 0.0006621159151938905,
    "ImageComments": "piop",
    "ImageOrientationPatientDICOM": [
      0.997028,
      0.0769534,
      -0.00360887,
      -0.0765421,
      0.99483,
      0.066746
    ],
    "Manufacturer": "Philips",
    "NumberOfVolumesDiscardedByScanner": 2,
    "ParallelAcquisitionTechnique": "SENSE",
    "ParallelReductionFactorInPlane": 2,
    "PatientPosition": "HFS",
    "PhaseEncodingDirection": "j",
    "PhilipsRescaleIntercept": 0,
    "PhilipsRescaleSlope": 0.76557,
    "PhilipsScaleSlope": 0.0507384,
    "ProtocolName": "WIPpiopwmSENSE",
    "PulseSequenceType": "gradient echo EPI",
    "ReconMatrixPE": 80,
    "RepetitionTime": 2,
    "SeriesDescription": "ImageMRSERIES",
    "SeriesNumber": 8,
    "SliceEncodingDirection": "k",
    "SliceTiming": [
      0.0,
      0.0541,
      0.1081,
      0.1622,
      0.2162,
      0.2703,
      0.3243,
      0.3784,
      0.4324,
      0.4865,
      0.5405,
      0.5946,
      0.6486,
      0.7027,
      0.7568,
      0.8108,
      0.8649,
      0.9189,
      0.973,
      1.027,
      1.0811,
      1.1351,
      1.1892,
      1.2432,
      1.2973,
      1.3514,
      1.4054,
      1.4595,
      1.5135,
      1.5676,
      1.6216,
      1.6757,
      1.7297,
      1.7838,
      1.8378,
      1.8919,
      1.9459
    ],
    "TaskName": "workingmemory",
    "TotalReadoutTime": 0.025822520692561732,
    "UsePhilipsFloatNotDisplayScaling": 1,
    "acq_id": "seq",
    "dataset": "unknown",
    "modality": "bold",
    "subject_id": "0055",
    "task_id": "workingmemory"
  },
  "dummy_trs": 0,
  "dvars_nstd": 21.026857974223603,
  "dvars_std": 1.1480493838509318,
  "dvars_vstd": 0.9964827628571428,
  "efc": 0.4228509962565884,
  "fber": 188907632.0,
  "fd_mean": 0.10654893278596145,
  "fd_num": 8,
  "fd_perc": 4.938271604938271,
  "fwhm_avg": 2.456986172520232,
  "fwhm_x": 2.3507333333333333,
  "fwhm_y": 2.7563433333333336,
  "fwhm_z": 2.26388185089403,
  "gcor": 0.010333,
  "gsr_x": 0.002286104718223214,
  "gsr_y": 0.001208831206895411,
  "provenance": {
    "md5sum": "5ba1a0af37422012ebe2dba2ab358d6f",
    "settings": {
      "fd_thres": 0.2,
      "hmc_fsl": false
    },
    "software": "mriqc",
    "version": "0.15.0",
    "webapi_port": null,
    "webapi_url": "https://mriqc.nimh.nih.gov/api/v1"
  },
  "size_t": 162,
  "size_x": 80,
  "size_y": 80,
  "size_z": 37,
  "snr": 4.012606059760317,
  "spacing_tr": 2.0,
  "spacing_x": 3.0,
  "spacing_y": 3.0,
  "spacing_z": 3.299999952316284,
  "spikes_num": 10,
  "summary_bg_k": 61.99656101896298,
  "summary_bg_mad": 2.3603811264038086,
  "summary_bg_mean": 270.53070068359375,
  "summary_bg_median": 1.6284282207489014,
  "summary_bg_n": 149748.0,
  "summary_bg_p05": 0.013823205139487984,
  "summary_bg_p95": 1116.1184448242188,
  "summary_bg_stdv": 1429.5174560546875,
  "summary_fg_k": 2.349837094892827,
  "summary_fg_mad": 4830.6875,
  "summary_fg_mean": 25073.6875,
  "summary_fg_median": 24650.11328125,
  "summary_fg_n": 45872.0,
  "summary_fg_p05": 16249.675341796876,
  "summary_fg_p95": 35094.926171875,
  "summary_fg_stdv": 6143.10107421875,
  "tsnr": 65.71833801269531
}