{
  "aor": 0.002197265306122449,
  "aqi": 0.01032958681632653,
  "bids_meta": {
    "AcquisitionNumber": 3,
    "BidsifyVersion": "0.3.5",
    "ConversionSoftware": "dcm2niix",
    "ConversionSoftwareVersion": "v1.0.20181125  GCC6.3.0",
    "EchoTime": 0.02762,
    "EffectiveEchoSpacing": 0.0006621159151938905,
    "ImageComments": "piop",
    "ImageOrientationPatientDICOM": [
      0.987683,
      0.15587,
      -0.0136349,
      -0.155727,
      0.970826,
      -0.182337
    ],
    "Manufacturer": "Philips",
    "NumberOfVolumesDiscardedByScanner": 2,
    "ParallelAcquisitionTechnique": "SENSE",
    "ParallelReductionFactorInPlane": 2,
    "PatientPosition": "HFS",
    "PhaseEncodingDirection": "j",
    "PhilipsRescaleIntercept": 0,
    "PhilipsRescaleSlope": 0.75702,
    "PhilipsScaleSlope": 0.0599915,
    "ProtocolName": "WIPpiopgstroopSENSE",
    "PulseSequenceType": "gradient echo EPI",
    "ReconMatrixPE": 80,
    "RepetitionTime": 2,
    "SeriesDescription": "ImageMRSERIES",
    "SeriesNumber": 3,
    "SliceEncodingDirection": "k",
    "SliceTiming": [
      0.0,
      0.0541,
      0.1081,
      0.1622,
      0.2162,
      0.2703,
      0.3243,
      0.3784,
      0.4324,
      0.4865,
      0.5405,
      0.5946,
      0.6486,
      0.7027,
      0.7568,
      0.8108,
      0.8649,
      0.9189,
      0.973,
      1.027,
      1.0811,
      1.1351,
      1.1892,
      1.2432,
      1.2973,
      1.3514,
      1.4054,
      1.4595,
      1.5135,
      1.5676,
      1.6216,
      1.6757,
      1.7297,
      1.7838,
      1.8378,
      1.8919,
      1.9459
    ],
    "TaskName": "gstroop",
    "TotalReadoutTime": 0.025822520692561732,
    "UsePhilipsFloatNotDisplayScaling": 1,
    "acq_id": "seq",
    "dataset": "unknown",
    "modality": "bold",
    "subject_id": "0167",
    "task_id": "gstroop"
  },
  "dummy_trs": 0,
  "dvars_nstd": 24.758394944795068,
  "dvars_std": 1.1665478772540994,
  "dvars_vstd": 0.9673733891803282,
  "efc": 0.4155484117818816,
  "fber": 22891104.0,
  "fd_mean": 0.19236178137912807,
  "fd_num": 93,
  "fd_perc": 37.95918367346939,
  "fwhm_avg": 2.3409516267450807,
  "fwhm_x": 2.2595566666666667,
  "fwhm_y": 2.56598,
  "fwhm_z": 2.197318213568575,
  "gcor": 0.0100878,
  "gsr_x": 0.001269788946956396,
  "gsr_y": 0.0011274840217083693,
  "provenance": {
    "md5sum": "e667eb8d9ab271f6987ab88fd49cd20b",
    "settings": {
      "fd_thres": 0.2,
      "hmc_fsl": false
    },
    "software": "mriqc",
    "version": "0.15.0",
    "webapi_port": null,
    "webapi_url": "https://mriqc.nimh.nih.gov/api/v1"
  },
  "size_t": 245,
  "size_x": 80,
  "size_y": 80,
  "size_z": 37,
  "snr": 4.48547535502328,
  "spacing_tr": 2.0,
  "spacing_x": 3.0,
  "spacing_y": 3.0,
  "spacing_z": 3.299999952316284,
  "spikes_num": 0,
  "summary_bg_k": 64.95079870623252,
  "summary_bg_mad": 6.4673357009887695,
  "summary_bg_mean": 216.13880920410156,
  "summary_bg_median": 4.523742198944092,
  "summary_bg_n": 151385.0,
  "summary_bg_p05": 0.04856300577521324,
  "summary_bg_p95": 789.0408813476486,
  "summary_bg_stdv": 1070.7586669921875,
  "summary_fg_k": 2.1799258893429796,
  "summary_fg_mad": 4361.025390625,
  "summary_fg_mean": 23767.220703125,
  "summary_fg_median": 23366.78125,
  "summary_fg_n": 44148.0,
  "summary_fg_p05": 16668.79091796875,
  "summary_fg_p95": 32673.794140625003,
  "summary_fg_stdv": 5209.37353515625,
  "tsnr": 50.744895935058594
}