{
  "aor": 0.001831844262295082,
  "aqi": 0.016625820327868853,
  "bids_meta": {
    "AcquisitionNumber": 3,
    "BidsifyVersion": "0.3.5",
    "ConversionSoftware": "dcm2niix",
    "ConversionSoftwareVersion": "v1.0.20181125  GCC6.3.0",
    "EchoTime": 0.02762,
    "EffectiveEchoSpacing": 0.0006621159151938905,
    "ImageComments": "Piop",
    "ImageOrientationPatientDICOM": [
      0.999039,
      0.032826,
      0.0290316,
      -0.0214502,
      0.944004,
      -0.329236
    ],
    "Manufacturer": "Philips",
    "NumberOfVolumesDiscardedByScanner": 2,
    "ParallelAcquisitionTechnique": "SENSE",
    "ParallelReductionFactorInPlane": 2,
    "PatientPosition": "HFS",
    "PhaseEncodingDirection": "j",
    "PhilipsRescaleIntercept": 0,
    "PhilipsRescaleSlope": 0.842,
    "PhilipsScaleSlope": 0.0556726,
    "ProtocolName": "WIPpiopgstroopSENSE",
    "PulseSequenceType": "gradient echo EPI",
    "ReconMatrixPE": 80,
    "RepetitionTime": 2,
    "SeriesDescription": "ImageMRSERIES",
    "SeriesNumber": 3,
    "SliceEncodingDirection": "k",
    "SliceTiming": [
      0.0,
      0.0541,
      0.1081,
      0.1622,
      0.2162,
      0.2703,
      0.3243,
      0.3784,
      0.4324,
      0.4865,
      0.5405,
      0.5946,
      0.6486,
      0.7027,
      0.7568,
      0.8108,
      0.8649,
      0.9189,
      0.973,
      1.027,
      1.0811,
      1.1351,
      1.1892,
      1.2432,
      1.2973,
      1.3514,
      1.4054,
      1.4595,
      1.5135,
      1.5676,
      1.6216,
      1.6757,
      1.7297,
      1.7838,
      1.8378,
      1.8919,
      1.9459
    ],
    "TaskName": "gstroop",
    "TotalReadoutTime": 0.025822520692561732,
    "UsePhilipsFloatNotDisplayScaling": 1,
    "acq_id": "seq",
    "dataset": "unknown",
    "modality": "bold",
    "subject_id": "0198",
    "task_id": "gstroop"
  },
  "dummy_trs": 1,
  "dvars_nstd": 21.71267617831276,
  "dvars_std": 1.0990565234156382,
  "dvars_vstd": 0.8998437043621395,
  "efc": 0.41926165217204836,
  "fber": 33724188.0,
  "fd_mean": 0.12261079828082307,
  "fd_num": 21,
  "fd_perc": 8.60655737704918,
  "fwhm_avg": 2.3463912228267536,
  "fwhm_x": 2.2617833333333333,
  "fwhm_y": 2.554726666666667,
  "fwhm_z": 2.222663668480261,
  "gcor": 0.007158,
  "gsr_x": -0.0067675430327653885,
  "gsr_y": 0.007046809419989586,
  "provenance": {
    "md5sum": "31b96aa23ae3a4427e97c4319e9e57d5",
    "settings": {
      "fd_thres": 0.2,
      "hmc_fsl": false
    },
    "software": "mriqc",
    "version": "0.15.0",
    "webapi_port": null,
    "webapi_url": "https://mriqc.nimh.nih.gov/api/v1"
  },
  "size_t": 244,
  "size_x": 80,
  "size_y": 80,
  "size_z": 37,
  "snr": 4.7957032170514315,
  "spacing_tr": 2.0,
  "spacing_x": 3.0,
  "spacing_y": 3.0,
  "spacing_z": 3.299999952316284,
  "spikes_num": 0,
  "summary_bg_k": 96.58291546075657,
  "summary_bg_mad": 5.568996906280518,
  "summary_bg_mean": 209.05419921875,
  "summary_bg_median": 3.924102306365967,
  "summary_bg_n": 150045.0,
  "summary_bg_p05": 0.0631430447101593,
  "summary_bg_p95": 1041.6406249999989,
  "summary_bg_stdv": 1033.5030517578125,
  "summary_fg_k": 2.703730377700494,
  "summary_fg_mad": 4136.04638671875,
  "summary_fg_mean": 25227.435546875,
  "summary_fg_median": 24998.21875,
  "summary_fg_n": 44875.0,
  "summary_fg_p05": 17654.9599609375,
  "summary_fg_p95": 33589.443359375,
  "summary_fg_stdv": 5212.5703125,
  "tsnr": 42.59170913696289
}