{
  "aor": 0.0005783228511530399,
  "aqi": 0.01475763890985325,
  "bids_meta": {
    "AcquisitionNumber": 6,
    "BidsifyVersion": "0.3.5",
    "ConversionSoftware": "dcm2niix",
    "ConversionSoftwareVersion": "v1.0.20181125  GCC6.3.0",
    "EchoTime": 0.02762,
    "EffectiveEchoSpacing": 0.0006333282667071997,
    "ImageComments": "Piop",
    "ImageOrientationPatientDICOM": [
      0.999039,
      0.032826,
      0.0290316,
      -0.0214502,
      0.944004,
      -0.329236
    ],
    "Manufacturer": "Philips",
    "NumberOfVolumesDiscardedByScanner": 2,
    "ParallelAcquisitionTechnique": "SENSE",
    "ParallelReductionFactorInPlane": 2,
    "PatientPosition": "HFS",
    "PhaseEncodingDirection": "j",
    "PhilipsRescaleIntercept": 0,
    "PhilipsRescaleSlope": 0.84005,
    "PhilipsScaleSlope": 0.0858571,
    "ProtocolName": "WIPpioprsSENSE",
    "PulseSequenceType": "gradient echo EPI",
    "ReconMatrixPE": 80,
    "RepetitionTime": 0.75,
    "SeriesDescription": "ImageMRSERIES",
    "SeriesNumber": 6,
    "SliceEncodingDirection": "k",
    "SliceTiming": [
      0.0,
      0.06755050505050506,
      0.1351010101010101,
      0.20265151515151517,
      0.2702020202020202,
      0.3377525252525253,
      0.40530303030303033,
      0.47285353535353536,
      0.5404040404040404,
      0.6079545454545455,
      0.6755050505050506,
      0.7430555555555556,
      0.0,
      0.06755050505050506,
      0.1351010101010101,
      0.20265151515151517,
      0.2702020202020202,
      0.3377525252525253,
      0.40530303030303033,
      0.47285353535353536,
      0.5404040404040404,
      0.6079545454545455,
      0.6755050505050506,
      0.7430555555555556,
      0.0,
      0.06755050505050506,
      0.1351010101010101,
      0.20265151515151517,
      0.2702020202020202,
      0.3377525252525253,
      0.40530303030303033,
      0.47285353535353536,
      0.5404040404040404,
      0.6079545454545455,
      0.6755050505050506,
      0.7430555555555556
    ],
    "TaskName": "restingstate",
    "TotalReadoutTime": 0.024699802401580786,
    "UsePhilipsFloatNotDisplayScaling": 1,
    "acq_id": "mb3",
    "dataset": "unknown",
    "modality": "bold",
    "subject_id": "0198",
    "task_id": "restingstate"
  },
  "dummy_trs": 3,
  "dvars_nstd": 30.389640788151247,
  "dvars_std": 1.1529878859663873,
  "dvars_vstd": 0.9627273778151261,
  "efc": 0.4240853316947266,
  "fber": 43061100.0,
  "fd_mean": 0.10355540010087076,
  "fd_num": 16,
  "fd_perc": 3.3542976939203353,
  "fwhm_avg": 2.4840437486901323,
  "fwhm_x": 2.3995233333333332,
  "fwhm_y": 2.70312,
  "fwhm_z": 2.349487912737065,
  "gcor": 0.00596655,
  "gsr_x": -0.0066517717204988,
  "gsr_y": 0.004700530786067247,
  "provenance": {
    "md5sum": "4cbc183e804615c543fc46da26f01392",
    "settings": {
      "fd_thres": 0.2,
      "hmc_fsl": false
    },
    "software": "mriqc",
    "version": "0.15.0",
    "webapi_port": null,
    "webapi_url": "https://mriqc.nimh.nih.gov/api/v1"
  },
  "size_t": 477,
  "size_x": 80,
  "size_y": 80,
  "size_z": 36,
  "snr": 5.4194784117702355,
  "spacing_tr": 0.75,
  "spacing_x": 3.0,
  "spacing_y": 3.0,
  "spacing_z": 3.299999952316284,
  "spikes_num": 0,
  "summary_bg_k": 83.87062945622426,
  "summary_bg_mad": 3.6713080406188965,
  "summary_bg_mean": 158.24331665039062,
  "summary_bg_median": 2.482550859451294,
  "summary_bg_n": 145316.0,
  "summary_bg_p05": 0.0018629982369020581,
  "summary_bg_p95": 771.1000213623047,
  "summary_bg_stdv": 765.1598510742188,
  "summary_fg_k": 2.5226642121463847,
  "summary_fg_mad": 2776.12646484375,
  "summary_fg_mean": 18104.013671875,
  "summary_fg_median": 18245.640625,
  "summary_fg_n": 44054.0,
  "summary_fg_p05": 12573.78828125,
  "summary_fg_p95": 23136.72431640625,
  "summary_fg_stdv": 3366.64013671875,
  "tsnr": 41.94062042236328
}