{
  "aor": 0.0010886666666666666,
  "aqi": 0.004997882296296297,
  "bids_meta": {
    "AcquisitionNumber": 6,
    "BidsifyVersion": "0.3.5",
    "ConversionSoftware": "dcm2niix",
    "ConversionSoftwareVersion": "v1.0.20181125  GCC6.3.0",
    "EchoTime": 0.02762,
    "EffectiveEchoSpacing": 0.0006621159151938905,
    "ImageComments": "Piop",
    "ImageOrientationPatientDICOM": [
      0.999138,
      0.0318951,
      0.0265689,
      -0.0277339,
      0.989122,
      -0.144458
    ],
    "Manufacturer": "Philips",
    "NumberOfVolumesDiscardedByScanner": 2,
    "ParallelAcquisitionTechnique": "SENSE",
    "ParallelReductionFactorInPlane": 2,
    "PatientPosition": "HFS",
    "PhaseEncodingDirection": "j",
    "PhilipsRescaleIntercept": 0,
    "PhilipsRescaleSlope": 0.82808,
    "PhilipsScaleSlope": 0.0611402,
    "ProtocolName": "WIPpiopharririSENSE",
    "PulseSequenceType": "gradient echo EPI",
    "ReconMatrixPE": 80,
    "RepetitionTime": 2,
    "SeriesDescription": "ImageMRSERIES",
    "SeriesNumber": 6,
    "SliceEncodingDirection": "k",
    "SliceTiming": [
      0.0,
      0.0541,
      0.1081,
      0.1622,
      0.2162,
      0.2703,
      0.3243,
      0.3784,
      0.4324,
      0.4865,
      0.5405,
      0.5946,
      0.6486,
      0.7027,
      0.7568,
      0.8108,
      0.8649,
      0.9189,
      0.973,
      1.027,
      1.0811,
      1.1351,
      1.1892,
      1.2432,
      1.2973,
      1.3514,
      1.4054,
      1.4595,
      1.5135,
      1.5676,
      1.6216,
      1.6757,
      1.7297,
      1.7838,
      1.8378,
      1.8919,
      1.9459
    ],
    "TaskName": "emomatching",
    "TotalReadoutTime": 0.025822520692561732,
    "UsePhilipsFloatNotDisplayScaling": 1,
    "acq_id": "seq",
    "dataset": "unknown",
    "modality": "bold",
    "subject_id": "0005",
    "task_id": "emomatching"
  },
  "dummy_trs": 0,
  "dvars_nstd": 25.62380441291045,
  "dvars_std": 1.314017603283582,
  "dvars_vstd": 0.9726639136567168,
  "efc": 0.42239761524028496,
  "fber": 224599856.0,
  "fd_mean": 0.09127258871952497,
  "fd_num": 0,
  "fd_perc": 0.0,
  "fwhm_avg": 2.3756891013039514,
  "fwhm_x": 2.3627433333333334,
  "fwhm_y": 2.6061633333333334,
  "fwhm_z": 2.1581606372451874,
  "gcor": 0.0156954,
  "gsr_x": -0.0004239898407831788,
  "gsr_y": 0.0010636947117745876,
  "provenance": {
    "md5sum": "992a5adcf7bec3b5885542b6198a1bf9",
    "settings": {
      "fd_thres": 0.2,
      "hmc_fsl": false
    },
    "software": "mriqc",
    "version": "0.15.0",
    "webapi_port": null,
    "webapi_url": "https://mriqc.nimh.nih.gov/api/v1"
  },
  "size_t": 135,
  "size_x": 80,
  "size_y": 80,
  "size_z": 37,
  "snr": 4.511749010021392,
  "spacing_tr": 2.0,
  "spacing_x": 3.0,
  "spacing_y": 3.0,
  "spacing_z": 3.299999952316284,
  "spikes_num": 5,
  "summary_bg_k": 61.14763899203801,
  "summary_bg_mad": 2.309248447418213,
  "summary_bg_mean": 255.55770874023438,
  "summary_bg_median": 1.574092149734497,
  "summary_bg_n": 150270.0,
  "summary_bg_p05": 0.0017822249094024303,
  "summary_bg_p95": 843.7588470458891,
  "summary_bg_stdv": 1328.411376953125,
  "summary_fg_k": 1.9312424533630477,
  "summary_fg_mad": 4951.4052734375,
  "summary_fg_mean": 25816.5546875,
  "summary_fg_median": 25519.66015625,
  "summary_fg_n": 44475.0,
  "summary_fg_p05": 17617.27421875,
  "summary_fg_p95": 34940.62539062499,
  "summary_fg_stdv": 5656.2041015625,
  "tsnr": 71.63398742675781
}