{
  "aor": 0.0026412244897959184,
  "aqi": 0.0049910506122448975,
  "bids_meta": {
    "AcquisitionNumber": 4,
    "BidsifyVersion": "0.3.5",
    "ConversionSoftware": "dcm2niix",
    "ConversionSoftwareVersion": "v1.0.20181125  GCC6.3.0",
    "EchoTime": 0.02762,
    "EffectiveEchoSpacing": 0.0006621159151938905,
    "ImageComments": "Piop",
    "ImageOrientationPatientDICOM": [
      0.999138,
      0.0318951,
      0.0265689,
      -0.0277339,
      0.989122,
      -0.144458
    ],
    "Manufacturer": "Philips",
    "NumberOfVolumesDiscardedByScanner": 2,
    "ParallelAcquisitionTechnique": "SENSE",
    "ParallelReductionFactorInPlane": 2,
    "PatientPosition": "HFS",
    "PhaseEncodingDirection": "j",
    "PhilipsRescaleIntercept": 0,
    "PhilipsRescaleSlope": 0.82173,
    "PhilipsScaleSlope": 0.0616622,
    "ProtocolName": "WIPpiopgstroopSENSE",
    "PulseSequenceType": "gradient echo EPI",
    "ReconMatrixPE": 80,
    "RepetitionTime": 2,
    "SeriesDescription": "ImageMRSERIES",
    "SeriesNumber": 4,
    "SliceEncodingDirection": "k",
    "SliceTiming": [
      0.0,
      0.0541,
      0.1081,
      0.1622,
      0.2162,
      0.2703,
      0.3243,
      0.3784,
      0.4324,
      0.4865,
      0.5405,
      0.5946,
      0.6486,
      0.7027,
      0.7568,
      0.8108,
      0.8649,
      0.9189,
      0.973,
      1.027,
      1.0811,
      1.1351,
      1.1892,
      1.2432,
      1.2973,
      1.3514,
      1.4054,
      1.4595,
      1.5135,
      1.5676,
      1.6216,
      1.6757,
      1.7297,
      1.7838,
      1.8378,
      1.8919,
      1.9459
    ],
    "TaskName": "gstroop",
    "TotalReadoutTime": 0.025822520692561732,
    "UsePhilipsFloatNotDisplayScaling": 1,
    "acq_id": "seq",
    "dataset": "unknown",
    "modality": "bold",
    "subject_id": "0005",
    "task_id": "gstroop"
  },
  "dummy_trs": 0,
  "dvars_nstd": 26.53386544393443,
  "dvars_std": 1.3736552456557374,
  "dvars_vstd": 1.019992290409836,
  "efc": 0.4214817312610923,
  "fber": 155918944.0,
  "fd_mean": 0.12423814772248883,
  "fd_num": 21,
  "fd_perc": 8.571428571428571,
  "fwhm_avg": 2.3807504144827587,
  "fwhm_x": 2.36911,
  "fwhm_y": 2.60512,
  "fwhm_z": 2.1680212434482753,
  "gcor": 0.0144528,
  "gsr_x": -0.0008816997287794948,
  "gsr_y": 0.001303696190007031,
  "provenance": {
    "md5sum": "63fffbecbed8648c7a231e0eb85c40e5",
    "settings": {
      "fd_thres": 0.2,
      "hmc_fsl": false
    },
    "software": "mriqc",
    "version": "0.15.0",
    "webapi_port": null,
    "webapi_url": "https://mriqc.nimh.nih.gov/api/v1"
  },
  "size_t": 245,
  "size_x": 80,
  "size_y": 80,
  "size_z": 37,
  "snr": 4.477985536361333,
  "spacing_tr": 2.0,
  "spacing_x": 3.0,
  "spacing_y": 3.0,
  "spacing_z": 3.299999952316284,
  "spikes_num": 0,
  "summary_bg_k": 62.47955271085793,
  "summary_bg_mad": 2.704653739929199,
  "summary_bg_mean": 258.3421936035156,
  "summary_bg_median": 1.8570643663406372,
  "summary_bg_n": 150546.0,
  "summary_bg_p05": 0.006956752389669418,
  "summary_bg_p95": 860.7875671386719,
  "summary_bg_stdv": 1335.068115234375,
  "summary_fg_k": 1.8840933947977083,
  "summary_fg_mad": 4996.0888671875,
  "summary_fg_mean": 25768.33203125,
  "summary_fg_median": 25457.5390625,
  "summary_fg_n": 44275.0,
  "summary_fg_p05": 17585.479687500003,
  "summary_fg_p95": 34977.967187499984,
  "summary_fg_stdv": 5684.978515625,
  "tsnr": 70.4045639038086
}