{
  "aor": 8.756838905775078e-05,
  "aqi": 0.00675143310030395,
  "bids_meta": {
    "AcquisitionNumber": 2,
    "BidsifyVersion": "0.3.5",
    "ConversionSoftware": "dcm2niix",
    "ConversionSoftwareVersion": "v1.0.20181125  GCC6.3.0",
    "EchoTime": 0.02762,
    "EffectiveEchoSpacing": 0.0006333282667071997,
    "ImageComments": "Piop",
    "ImageOrientationPatientDICOM": [
      0.999138,
      0.0318951,
      0.0265689,
      -0.0277339,
      0.989122,
      -0.144458
    ],
    "Manufacturer": "Philips",
    "NumberOfVolumesDiscardedByScanner": 2,
    "ParallelAcquisitionTechnique": "SENSE",
    "ParallelReductionFactorInPlane": 2,
    "PatientPosition": "HFS",
    "PhaseEncodingDirection": "j",
    "PhilipsRescaleIntercept": 0,
    "PhilipsRescaleSlope": 0.7663,
    "PhilipsScaleSlope": 0.0961213,
    "ProtocolName": "WIPpiopfacesSENSE",
    "PulseSequenceType": "gradient echo EPI",
    "ReconMatrixPE": 80,
    "RepetitionTime": 0.75,
    "SeriesDescription": "ImageMRSERIES",
    "SeriesNumber": 2,
    "SliceEncodingDirection": "k",
    "SliceTiming": [
      0.0,
      0.06755050505050506,
      0.1351010101010101,
      0.20265151515151517,
      0.2702020202020202,
      0.3377525252525253,
      0.40530303030303033,
      0.47285353535353536,
      0.5404040404040404,
      0.6079545454545455,
      0.6755050505050506,
      0.7430555555555556,
      0.0,
      0.06755050505050506,
      0.1351010101010101,
      0.20265151515151517,
      0.2702020202020202,
      0.3377525252525253,
      0.40530303030303033,
      0.47285353535353536,
      0.5404040404040404,
      0.6079545454545455,
      0.6755050505050506,
      0.7430555555555556,
      0.0,
      0.06755050505050506,
      0.1351010101010101,
      0.20265151515151517,
      0.2702020202020202,
      0.3377525252525253,
      0.40530303030303033,
      0.47285353535353536,
      0.5404040404040404,
      0.6079545454545455,
      0.6755050505050506,
      0.7430555555555556
    ],
    "TaskName": "faces",
    "TotalReadoutTime": 0.024699802401580786,
    "UsePhilipsFloatNotDisplayScaling": 1,
    "acq_id": "mb3",
    "dataset": "unknown",
    "modality": "bold",
    "subject_id": "0005",
    "task_id": "faces"
  },
  "dummy_trs": 1,
  "dvars_nstd": 27.073175564085354,
  "dvars_std": 1.196595264054878,
  "dvars_vstd": 1.0081271307317075,
  "efc": 0.4255963518126109,
  "fber": 895665280.0,
  "fd_mean": 0.09259388968260117,
  "fd_num": 6,
  "fd_perc": 1.8237082066869301,
  "fwhm_avg": 2.7768376465936027,
  "fwhm_x": 2.8205533333333332,
  "fwhm_y": 3.0588200000000003,
  "fwhm_z": 2.451139606447475,
  "gcor": 0.0193088,
  "gsr_x": -0.0015529727097600698,
  "gsr_y": -0.00012721499660983682,
  "provenance": {
    "md5sum": "646caff383fec5c152b872de710f4a7e",
    "settings": {
      "fd_thres": 0.2,
      "hmc_fsl": false
    },
    "software": "mriqc",
    "version": "0.15.0",
    "webapi_port": null,
    "webapi_url": "https://mriqc.nimh.nih.gov/api/v1"
  },
  "size_t": 329,
  "size_x": 80,
  "size_y": 80,
  "size_z": 36,
  "snr": 4.942190996917095,
  "spacing_tr": 0.75,
  "spacing_x": 3.0,
  "spacing_y": 3.0,
  "spacing_z": 3.299999713897705,
  "spikes_num": 0,
  "summary_bg_k": 62.42097566336021,
  "summary_bg_mad": 0.8279273509979248,
  "summary_bg_mean": 179.9249267578125,
  "summary_bg_median": 0.561066746711731,
  "summary_bg_n": 145768.0,
  "summary_bg_p05": 0.0014145414403174074,
  "summary_bg_p95": 688.9437927246092,
  "summary_bg_stdv": 934.7445678710938,
  "summary_fg_k": 2.412542006259729,
  "summary_fg_mad": 3257.55810546875,
  "summary_fg_mean": 19044.283203125,
  "summary_fg_median": 19228.591796875,
  "summary_fg_n": 43567.0,
  "summary_fg_p05": 12716.94873046875,
  "summary_fg_p95": 24757.734375,
  "summary_fg_stdv": 3890.6572265625,
  "tsnr": 60.298274993896484
}