{
  "aor": 0.0016083417085427133,
  "aqi": 0.006301739246231156,
  "bids_meta": {
    "AcquisitionNumber": 9,
    "BidsifyVersion": "0.3.5",
    "ConversionSoftware": "dcm2niix",
    "ConversionSoftwareVersion": "v1.0.20181125  GCC6.3.0",
    "EchoTime": 0.02762,
    "EffectiveEchoSpacing": 0.0006621159151938905,
    "ImageComments": "piop",
    "ImageOrientationPatientDICOM": [
      0.999741,
      -0.0226103,
      0.00244044,
      0.0226873,
      0.984182,
      -0.1757
    ],
    "Manufacturer": "Philips",
    "NumberOfVolumesDiscardedByScanner": 2,
    "ParallelAcquisitionTechnique": "SENSE",
    "ParallelReductionFactorInPlane": 2,
    "PatientPosition": "HFS",
    "PhaseEncodingDirection": "j",
    "PhilipsRescaleIntercept": 0,
    "PhilipsRescaleSlope": 0.74115,
    "PhilipsScaleSlope": 0.0551791,
    "ProtocolName": "WIPpiopanticipatieSENSE",
    "PulseSequenceType": "gradient echo EPI",
    "ReconMatrixPE": 80,
    "RepetitionTime": 2,
    "SeriesDescription": "ImageMRSERIES",
    "SeriesNumber": 9,
    "SliceEncodingDirection": "k",
    "SliceTiming": [
      0.0,
      0.0541,
      0.1081,
      0.1622,
      0.2162,
      0.2703,
      0.3243,
      0.3784,
      0.4324,
      0.4865,
      0.5405,
      0.5946,
      0.6486,
      0.7027,
      0.7568,
      0.8108,
      0.8649,
      0.9189,
      0.973,
      1.027,
      1.0811,
      1.1351,
      1.1892,
      1.2432,
      1.2973,
      1.3514,
      1.4054,
      1.4595,
      1.5135,
      1.5676,
      1.6216,
      1.6757,
      1.7297,
      1.7838,
      1.8378,
      1.8919,
      1.9459
    ],
    "TaskName": "anticipation",
    "TotalReadoutTime": 0.025822520692561732,
    "UsePhilipsFloatNotDisplayScaling": 1,
    "acq_id": "seq",
    "dataset": "unknown",
    "modality": "bold",
    "subject_id": "0099",
    "task_id": "anticipation"
  },
  "dummy_trs": 1,
  "dvars_nstd": 24.202124403030304,
  "dvars_std": 1.2095655585353535,
  "dvars_vstd": 1.0940953574747476,
  "efc": 0.44577712379754036,
  "fber": 54424244.0,
  "fd_mean": 0.11883181718944925,
  "fd_num": 20,
  "fd_perc": 10.050251256281408,
  "fwhm_avg": 2.2887349599128854,
  "fwhm_x": 2.17715,
  "fwhm_y": 2.5261033333333334,
  "fwhm_z": 2.1629515464053233,
  "gcor": 0.0172914,
  "gsr_x": -0.003920626360923052,
  "gsr_y": 0.008996037766337395,
  "provenance": {
    "md5sum": "be908a30be73389fbc9f59631e6d69c9",
    "settings": {
      "fd_thres": 0.2,
      "hmc_fsl": false
    },
    "software": "mriqc",
    "version": "0.15.0",
    "webapi_port": null,
    "webapi_url": "https://mriqc.nimh.nih.gov/api/v1"
  },
  "size_t": 199,
  "size_x": 80,
  "size_y": 80,
  "size_z": 37,
  "snr": 4.272113155297263,
  "spacing_tr": 2.0,
  "spacing_x": 3.0,
  "spacing_y": 3.0,
  "spacing_z": 3.299999952316284,
  "spikes_num": 0,
  "summary_bg_k": 44.78528140768654,
  "summary_bg_mad": 4.200404167175293,
  "summary_bg_mean": 370.0904846191406,
  "summary_bg_median": 2.874495029449463,
  "summary_bg_n": 146117.0,
  "summary_bg_p05": 0.01257570143789053,
  "summary_bg_p95": 2162.138867187496,
  "summary_bg_stdv": 1676.668212890625,
  "summary_fg_k": 2.3867787485463223,
  "summary_fg_mad": 4484.6806640625,
  "summary_fg_mean": 23694.7265625,
  "summary_fg_median": 23170.224609375,
  "summary_fg_n": 48794.0,
  "summary_fg_p05": 16165.765478515623,
  "summary_fg_p95": 32579.09658203125,
  "summary_fg_stdv": 5423.54248046875,
  "tsnr": 59.81037902832031
}