{
  "aor": 0.0010549795918367347,
  "aqi": 0.0051649943265306125,
  "bids_meta": {
    "AcquisitionNumber": 3,
    "BidsifyVersion": "0.3.5",
    "ConversionSoftware": "dcm2niix",
    "ConversionSoftwareVersion": "v1.0.20181125  GCC6.3.0",
    "EchoTime": 0.02762,
    "ImageComments": "Piop",
    "ImageOrientationPatientDICOM": [
      0.999187,
      -0.0376096,
      0.0145464,
      0.0403062,
      0.920553,
      -0.388532
    ],
    "Manufacturer": "Philips",
    "NumberOfVolumesDiscardedByScanner": 2,
    "ParallelAcquisitionTechnique": "SENSE",
    "ParallelReductionFactorInPlane": 2,
    "PatientPosition": "HFS",
    "PhaseEncodingDirection": "j",
    "PhilipsRescaleIntercept": 0,
    "PhilipsRescaleSlope": 0.80928,
    "PhilipsScaleSlope": 0.0611977,
    "ProtocolName": "WIPpiopgstroopSENSE",
    "PulseSequenceType": "gradient echo EPI",
    "ReconMatrixPE": 80,
    "RepetitionTime": 2,
    "SeriesDescription": "ImageMRSERIES",
    "SeriesNumber": 3,
    "SliceEncodingDirection": "k",
    "TaskName": "gstroop",
    "UsePhilipsFloatNotDisplayScaling": 1,
    "acq_id": "seq",
    "dataset": "unknown",
    "modality": "bold",
    "subject_id": "0109",
    "task_id": "gstroop"
  },
  "dummy_trs": 0,
  "dvars_nstd": 23.986035682991805,
  "dvars_std": 1.3105880843032782,
  "dvars_vstd": 1.0082681317622957,
  "efc": 0.45301175990567966,
  "fber": 807312384.0,
  "fd_mean": 0.0998152301568729,
  "fd_num": 14,
  "fd_perc": 5.714285714285714,
  "fwhm_avg": 2.2965948589752077,
  "fwhm_x": 2.2415266666666667,
  "fwhm_y": 2.4702699999999997,
  "fwhm_z": 2.1779879102589565,
  "gcor": 0.0528781,
  "gsr_x": -0.008803194388747215,
  "gsr_y": 0.012531468644738197,
  "provenance": {
    "md5sum": "1e57dd3c79cc34c7d104187ccd058c54",
    "settings": {
      "fd_thres": 0.2,
      "hmc_fsl": false
    },
    "software": "mriqc",
    "version": "0.15.0",
    "webapi_port": null,
    "webapi_url": "https://mriqc.nimh.nih.gov/api/v1"
  },
  "size_t": 245,
  "size_x": 80,
  "size_y": 80,
  "size_z": 37,
  "snr": 4.954087782227218,
  "spacing_tr": 2.0,
  "spacing_x": 3.0,
  "spacing_y": 3.0,
  "spacing_z": 3.299999952316284,
  "spikes_num": 3,
  "summary_bg_k": 47.98449382594634,
  "summary_bg_mad": 1.1074204444885254,
  "summary_bg_mean": 285.2279968261719,
  "summary_bg_median": 0.7561596632003784,
  "summary_bg_n": 143263.0,
  "summary_bg_p05": 0.003172558732330799,
  "summary_bg_p95": 1750.1200683593745,
  "summary_bg_stdv": 1321.990234375,
  "summary_fg_k": 2.295181529775917,
  "summary_fg_mad": 4151.6044921875,
  "summary_fg_mean": 24711.943359375,
  "summary_fg_median": 24473.26953125,
  "summary_fg_n": 50906.0,
  "summary_fg_p05": 17614.7978515625,
  "summary_fg_p95": 32641.88720703125,
  "summary_fg_stdv": 4939.966796875,
  "tsnr": 73.70861053466797
}