{
  "aor": 0.002460185185185185,
  "aqi": 0.006315841913580248,
  "bids_meta": {
    "AcquisitionNumber": 8,
    "BidsifyVersion": "0.3.5",
    "ConversionSoftware": "dcm2niix",
    "ConversionSoftwareVersion": "v1.0.20181125  GCC6.3.0",
    "EchoTime": 0.02762,
    "EffectiveEchoSpacing": 0.0006621159151938905,
    "ImageComments": "Piop",
    "ImageOrientationPatientDICOM": [
      0.999481,
      -0.00983621,
      0.0306641,
      0.0169225,
      0.970563,
      -0.240252
    ],
    "Manufacturer": "Philips",
    "NumberOfVolumesDiscardedByScanner": 2,
    "ParallelAcquisitionTechnique": "SENSE",
    "ParallelReductionFactorInPlane": 2,
    "PatientPosition": "HFS",
    "PhaseEncodingDirection": "j",
    "PhilipsRescaleIntercept": 0,
    "PhilipsRescaleSlope": 0.74945,
    "PhilipsScaleSlope": 0.060773,
    "ProtocolName": "WIPpiopwmSENSE",
    "PulseSequenceType": "gradient echo EPI",
    "ReconMatrixPE": 80,
    "RepetitionTime": 2,
    "SeriesDescription": "ImageMRSERIES",
    "SeriesNumber": 8,
    "SliceEncodingDirection": "k",
    "SliceTiming": [
      0.0,
      0.0541,
      0.1081,
      0.1622,
      0.2162,
      0.2703,
      0.3243,
      0.3784,
      0.4324,
      0.4865,
      0.5405,
      0.5946,
      0.6486,
      0.7027,
      0.7568,
      0.8108,
      0.8649,
      0.9189,
      0.973,
      1.027,
      1.0811,
      1.1351,
      1.1892,
      1.2432,
      1.2973,
      1.3514,
      1.4054,
      1.4595,
      1.5135,
      1.5676,
      1.6216,
      1.6757,
      1.7297,
      1.7838,
      1.8378,
      1.8919,
      1.9459
    ],
    "TaskName": "workingmemory",
    "TotalReadoutTime": 0.025822520692561732,
    "UsePhilipsFloatNotDisplayScaling": 1,
    "acq_id": "seq",
    "dataset": "unknown",
    "modality": "bold",
    "subject_id": "0122",
    "task_id": "workingmemory"
  },
  "dummy_trs": 0,
  "dvars_nstd": 21.381651819006212,
  "dvars_std": 1.1558941460869574,
  "dvars_vstd": 0.9751467580745344,
  "efc": 0.412461707225208,
  "fber": 318261856.0,
  "fd_mean": 0.12237058169948056,
  "fd_num": 15,
  "fd_perc": 9.25925925925926,
  "fwhm_avg": 2.397862637019019,
  "fwhm_x": 2.3628266666666664,
  "fwhm_y": 2.59754,
  "fwhm_z": 2.23322124439039,
  "gcor": 0.0221482,
  "gsr_x": -0.0024023065343499184,
  "gsr_y": 0.004155854694545269,
  "provenance": {
    "md5sum": "c6216a2bf1b01ddbfd6a9ecf08c08600",
    "settings": {
      "fd_thres": 0.2,
      "hmc_fsl": false
    },
    "software": "mriqc",
    "version": "0.15.0",
    "webapi_port": null,
    "webapi_url": "https://mriqc.nimh.nih.gov/api/v1"
  },
  "size_t": 162,
  "size_x": 80,
  "size_y": 80,
  "size_z": 37,
  "snr": 4.557725790373168,
  "spacing_tr": 2.0,
  "spacing_x": 3.0,
  "spacing_y": 3.0,
  "spacing_z": 3.299999952316284,
  "spikes_num": 0,
  "summary_bg_k": 108.88634124223125,
  "summary_bg_mad": 1.6816552877426147,
  "summary_bg_mean": 190.16189575195312,
  "summary_bg_median": 1.1406084299087524,
  "summary_bg_n": 151457.0,
  "summary_bg_p05": 0.0030107876751571897,
  "summary_bg_p95": 808.8080566406093,
  "summary_bg_stdv": 1047.6451416015625,
  "summary_fg_k": 2.052494604086049,
  "summary_fg_mad": 4510.85498046875,
  "summary_fg_mean": 24032.572265625,
  "summary_fg_median": 23942.87109375,
  "summary_fg_n": 43685.0,
  "summary_fg_p05": 15974.0072265625,
  "summary_fg_p95": 32025.074609374995,
  "summary_fg_stdv": 5253.189453125,
  "tsnr": 60.389137268066406
}