{
  "aor": 0.0006108499999999999,
  "aqi": 0.0075379005500000006,
  "bids_meta": {
    "AcquisitionNumber": 9,
    "BidsifyVersion": "0.3.5",
    "ConversionSoftware": "dcm2niix",
    "ConversionSoftwareVersion": "v1.0.20181125  GCC6.3.0",
    "EchoTime": 0.02762,
    "EffectiveEchoSpacing": 0.0006621159151938905,
    "ImageComments": "PIOP",
    "ImageOrientationPatientDICOM": [
      0.994185,
      0.100927,
      -0.0375444,
      -0.107652,
      0.940003,
      -0.323738
    ],
    "Manufacturer": "Philips",
    "NumberOfVolumesDiscardedByScanner": 2,
    "ParallelAcquisitionTechnique": "SENSE",
    "ParallelReductionFactorInPlane": 2,
    "PatientPosition": "HFS",
    "PhaseEncodingDirection": "j",
    "PhilipsRescaleIntercept": 0,
    "PhilipsRescaleSlope": 0.779,
    "PhilipsScaleSlope": 0.0557566,
    "ProtocolName": "WIPpiopanticipatieSENSE",
    "PulseSequenceType": "gradient echo EPI",
    "ReconMatrixPE": 80,
    "RepetitionTime": 2,
    "SeriesDescription": "ImageMRSERIES",
    "SeriesNumber": 9,
    "SliceEncodingDirection": "k",
    "SliceTiming": [
      0.0,
      0.0541,
      0.1081,
      0.1622,
      0.2162,
      0.2703,
      0.3243,
      0.3784,
      0.4324,
      0.4865,
      0.5405,
      0.5946,
      0.6486,
      0.7027,
      0.7568,
      0.8108,
      0.8649,
      0.9189,
      0.973,
      1.027,
      1.0811,
      1.1351,
      1.1892,
      1.2432,
      1.2973,
      1.3514,
      1.4054,
      1.4595,
      1.5135,
      1.5676,
      1.6216,
      1.6757,
      1.7297,
      1.7838,
      1.8378,
      1.8919,
      1.9459
    ],
    "TaskName": "anticipation",
    "TotalReadoutTime": 0.025822520692561732,
    "UsePhilipsFloatNotDisplayScaling": 1,
    "acq_id": "seq",
    "dataset": "unknown",
    "modality": "bold",
    "subject_id": "0146",
    "task_id": "anticipation"
  },
  "dummy_trs": 0,
  "dvars_nstd": 21.237985701708553,
  "dvars_std": 1.1521057557788947,
  "dvars_vstd": 0.9538859783919601,
  "efc": 0.43599661321029953,
  "fber": 423030560.0,
  "fd_mean": 0.10195628876610564,
  "fd_num": 13,
  "fd_perc": 6.5,
  "fwhm_avg": 2.422156374371987,
  "fwhm_x": 2.43203,
  "fwhm_y": 2.60553,
  "fwhm_z": 2.2289091231159603,
  "gcor": 0.0381815,
  "gsr_x": 0.0013656271621584892,
  "gsr_y": 0.004471533466130495,
  "provenance": {
    "md5sum": "4cc2b5ff701444d757ded98e97d9bb29",
    "settings": {
      "fd_thres": 0.2,
      "hmc_fsl": false
    },
    "software": "mriqc",
    "version": "0.15.0",
    "webapi_port": null,
    "webapi_url": "https://mriqc.nimh.nih.gov/api/v1"
  },
  "size_t": 200,
  "size_x": 80,
  "size_y": 80,
  "size_z": 37,
  "snr": 4.59738006646571,
  "spacing_tr": 2.0,
  "spacing_x": 3.0,
  "spacing_y": 3.0,
  "spacing_z": 3.299999952316284,
  "spikes_num": 0,
  "summary_bg_k": 62.96509019915399,
  "summary_bg_mad": 1.3610209226608276,
  "summary_bg_mean": 273.8998718261719,
  "summary_bg_median": 0.9183144569396973,
  "summary_bg_n": 146040.0,
  "summary_bg_p05": 0.0002491372768417933,
  "summary_bg_p95": 1294.0118103027276,
  "summary_bg_stdv": 1328.9091796875,
  "summary_fg_k": 2.56091726689648,
  "summary_fg_mad": 4227.201171875,
  "summary_fg_mean": 23805.689453125,
  "summary_fg_median": 23822.390625,
  "summary_fg_n": 47466.0,
  "summary_fg_p05": 15547.840087890625,
  "summary_fg_p95": 31429.96875,
  "summary_fg_stdv": 5181.67724609375,
  "tsnr": 57.65222930908203
}