{
  "aor": 0.0019493333333333333,
  "aqi": 0.004068726370370371,
  "bids_meta": {
    "AcquisitionNumber": 5,
    "BidsifyVersion": "0.3.5",
    "ConversionSoftware": "dcm2niix",
    "ConversionSoftwareVersion": "v1.0.20181125  GCC6.3.0",
    "EchoTime": 0.02762,
    "EffectiveEchoSpacing": 0.0006621159151938905,
    "ImageComments": "piop",
    "ImageOrientationPatientDICOM": [
      0.999589,
      0.0268887,
      -0.00990709,
      -0.0268735,
      0.999637,
      0.00166311
    ],
    "Manufacturer": "Philips",
    "NumberOfVolumesDiscardedByScanner": 2,
    "ParallelAcquisitionTechnique": "SENSE",
    "ParallelReductionFactorInPlane": 2,
    "PatientPosition": "HFS",
    "PhaseEncodingDirection": "j",
    "PhilipsRescaleIntercept": 0,
    "PhilipsRescaleSlope": 0.74725,
    "PhilipsScaleSlope": 0.0516368,
    "ProtocolName": "WIPpiopharririSENSE",
    "PulseSequenceType": "gradient echo EPI",
    "ReconMatrixPE": 80,
    "RepetitionTime": 2,
    "SeriesDescription": "ImageMRSERIES",
    "SeriesNumber": 5,
    "SliceEncodingDirection": "k",
    "SliceTiming": [
      0.0,
      0.0541,
      0.1081,
      0.1622,
      0.2162,
      0.2703,
      0.3243,
      0.3784,
      0.4324,
      0.4865,
      0.5405,
      0.5946,
      0.6486,
      0.7027,
      0.7568,
      0.8108,
      0.8649,
      0.9189,
      0.973,
      1.027,
      1.0811,
      1.1351,
      1.1892,
      1.2432,
      1.2973,
      1.3514,
      1.4054,
      1.4595,
      1.5135,
      1.5676,
      1.6216,
      1.6757,
      1.7297,
      1.7838,
      1.8378,
      1.8919,
      1.9459
    ],
    "TaskName": "emomatching",
    "TotalReadoutTime": 0.025822520692561732,
    "UsePhilipsFloatNotDisplayScaling": 1,
    "acq_id": "seq",
    "dataset": "unknown",
    "modality": "bold",
    "subject_id": "0070",
    "task_id": "emomatching"
  },
  "dummy_trs": 0,
  "dvars_nstd": 19.68661205843283,
  "dvars_std": 1.1846803905970145,
  "dvars_vstd": 1.0147904067164177,
  "efc": 0.41910767371368113,
  "fber": 443150752.0,
  "fd_mean": 0.12021824699971419,
  "fd_num": 7,
  "fd_perc": 5.185185185185185,
  "fwhm_avg": 2.402098394654954,
  "fwhm_x": 2.2704633333333333,
  "fwhm_y": 2.6901166666666665,
  "fwhm_z": 2.2457151839648617,
  "gcor": 0.0220307,
  "gsr_x": -0.0035462388768792152,
  "gsr_y": 0.009146393276751041,
  "provenance": {
    "md5sum": "6353732199db2942a36fa260050f223b",
    "settings": {
      "fd_thres": 0.2,
      "hmc_fsl": false
    },
    "software": "mriqc",
    "version": "0.15.0",
    "webapi_port": null,
    "webapi_url": "https://mriqc.nimh.nih.gov/api/v1"
  },
  "size_t": 135,
  "size_x": 80,
  "size_y": 80,
  "size_z": 37,
  "snr": 4.712432095230299,
  "spacing_tr": 2.0,
  "spacing_x": 3.0,
  "spacing_y": 3.0,
  "spacing_z": 3.299999952316284,
  "spikes_num": 0,
  "summary_bg_k": 100.3941711743468,
  "summary_bg_mad": 1.6500972509384155,
  "summary_bg_mean": 222.74501037597656,
  "summary_bg_median": 1.1141263246536255,
  "summary_bg_n": 150940.0,
  "summary_bg_p05": 0.0007198823761427779,
  "summary_bg_p95": 1127.8578430175746,
  "summary_bg_stdv": 1111.57763671875,
  "summary_fg_k": 2.5743276879262975,
  "summary_fg_mad": 4614.8544921875,
  "summary_fg_mean": 26817.482421875,
  "summary_fg_median": 26575.953125,
  "summary_fg_n": 44912.0,
  "summary_fg_p05": 18692.31943359375,
  "summary_fg_p95": 35722.5404296875,
  "summary_fg_stdv": 5639.47802734375,
  "tsnr": 78.8567886352539
}