{
  "bids_meta": {
    "AcquisitionNumber": 4,
    "BidsifyVersion": "0.3.5",
    "ConversionSoftware": "dcm2niix",
    "ConversionSoftwareVersion": "v1.0.20181125  GCC6.3.0",
    "EchoTime": 0.00383,
    "ImageComments": "piop",
    "ImageOrientationPatientDICOM": [
      0.998914,
      -0.0374755,
      0.0276746,
      0.0420416,
      0.981085,
      -0.188956
    ],
    "Manufacturer": "Philips",
    "PatientPosition": "HFS",
    "PhilipsRescaleIntercept": 0,
    "PhilipsRescaleSlope": 9.25079,
    "PhilipsScaleSlope": 0.00776645,
    "ProtocolName": "WIPt13dSENSE",
    "ReconMatrixPE": 240,
    "RepetitionTime": 0.00833,
    "SeriesDescription": "ImageMRSERIES",
    "SeriesNumber": 4,
    "UsePhilipsFloatNotDisplayScaling": 1,
    "dataset": "unknown",
    "modality": "T1w",
    "subject_id": "0153"
  },
  "cjv": 0.33790039311766407,
  "cnr": 3.700373451313088,
  "efc": 0.7660421395618737,
  "fber": 618.1624145507812,
  "fwhm_avg": 3.5557933333333334,
  "fwhm_x": 3.51941,
  "fwhm_y": 3.71679,
  "fwhm_z": 3.43118,
  "icvs_csf": 0.21665973801457597,
  "icvs_gm": 0.4056100664436684,
  "icvs_wm": 0.37773019554175563,
  "inu_med": 0.38516905903816223,
  "inu_range": 0.12032635509967804,
  "provenance": {
    "md5sum": "b6faab4e514d3bbcad48b2f343095002",
    "settings": {
      "testing": false
    },
    "software": "mriqc",
    "version": "0.15.0",
    "warnings": {
      "large_rot_frame": true,
      "small_air_mask": true
    },
    "webapi_port": null,
    "webapi_url": "https://mriqc.nimh.nih.gov/api/v1"
  },
  "qi_1": 0.0,
  "qi_2": 0.00043150751975513035,
  "rpve_csf": 25.88517397227243,
  "rpve_gm": 14.287703170187063,
  "rpve_wm": 19.90141930552419,
  "size_x": 240,
  "size_y": 240,
  "size_z": 220,
  "snr_csf": 2.2888159581294567,
  "snr_gm": 6.6861795487291396,
  "snr_total": 9.593591125265082,
  "snr_wm": 19.805777868936648,
  "snrd_csf": 19.183533788161906,
  "snrd_gm": 37.91595034171545,
  "snrd_total": 39.720141497823015,
  "snrd_wm": 62.060940363591676,
  "spacing_x": 1.0,
  "spacing_y": 1.0,
  "spacing_z": 1.0,
  "summary_bg_k": 49.94969489218873,
  "summary_bg_mad": 10.55622386932373,
  "summary_bg_mean": 14.793112754821777,
  "summary_bg_median": 14.226067543029785,
  "summary_bg_n": 197987.0,
  "summary_bg_p05": 0.0,
  "summary_bg_p95": 35.81740188598633,
  "summary_bg_stdv": 12.492776870727539,
  "summary_csf_k": 6.291776405399352,
  "summary_csf_mad": 142.84902954101562,
  "summary_csf_mean": 294.04412841796875,
  "summary_csf_median": 309.1046142578125,
  "summary_csf_n": 10864.0,
  "summary_csf_p05": 80.97067070007324,
  "summary_csf_p95": 484.3686798095703,
  "summary_csf_stdv": 135.04379272460938,
  "summary_gm_k": 0.3879405555745623,
  "summary_gm_mad": 86.40972137451172,
  "summary_gm_mean": 616.8319091796875,
  "summary_gm_median": 610.9403686523438,
  "summary_gm_n": 17361.0,
  "summary_gm_p05": 476.90997314453125,
  "summary_gm_p95": 778.26123046875,
  "summary_gm_stdv": 91.37097930908203,
  "summary_wm_k": 1.2344047016325241,
  "summary_wm_mad": 45.04996871948242,
  "summary_wm_mean": 997.7633056640625,
  "summary_wm_median": 999.989013671875,
  "summary_wm_n": 219079.0,
  "summary_wm_p05": 911.4468200683593,
  "summary_wm_p95": 1075.2084228515625,
  "summary_wm_stdv": 50.489646911621094,
  "tpm_overlap_csf": 0.21458427608013153,
  "tpm_overlap_gm": 0.5000051259994507,
  "tpm_overlap_wm": 0.5698909759521484,
  "wm2max": 0.6214584441982425
}