{
  "aor": 0.0016052999999999996,
  "aqi": 0.00300330865,
  "bids_meta": {
    "AcquisitionNumber": 9,
    "BidsifyVersion": "0.3.5",
    "ConversionSoftware": "dcm2niix",
    "ConversionSoftwareVersion": "v1.0.20181125  GCC6.3.0",
    "EchoTime": 0.02762,
    "ImageComments": "piop",
    "ImageOrientationPatientDICOM": [
      0.999721,
      -0.0227842,
      0.006244,
      0.0235597,
      0.981062,
      -0.192257
    ],
    "Manufacturer": "Philips",
    "NumberOfVolumesDiscardedByScanner": 2,
    "ParallelAcquisitionTechnique": "SENSE",
    "ParallelReductionFactorInPlane": 2,
    "PatientPosition": "HFS",
    "PhaseEncodingDirection": "j",
    "PhilipsRescaleIntercept": 0,
    "PhilipsRescaleSlope": 0.79878,
    "PhilipsScaleSlope": 0.0534661,
    "ProtocolName": "WIPpiopanticipatieSENSE",
    "PulseSequenceType": "gradient echo EPI",
    "ReconMatrixPE": 80,
    "RepetitionTime": 2,
    "SeriesDescription": "ImageMRSERIES",
    "SeriesNumber": 9,
    "SliceEncodingDirection": "k",
    "TaskName": "anticipation",
    "UsePhilipsFloatNotDisplayScaling": 1,
    "acq_id": "seq",
    "dataset": "unknown",
    "modality": "bold",
    "subject_id": "0004",
    "task_id": "anticipation"
  },
  "dummy_trs": 0,
  "dvars_nstd": 19.671190683567836,
  "dvars_std": 1.2046188109045217,
  "dvars_vstd": 1.0191156824120602,
  "efc": 0.3942688158706473,
  "fber": 1372125056.0,
  "fd_mean": 0.1452716121675059,
  "fd_num": 42,
  "fd_perc": 21.0,
  "fwhm_avg": 2.3163139496702545,
  "fwhm_x": 2.2093266666666667,
  "fwhm_y": 2.6060666666666665,
  "fwhm_z": 2.1335485156774308,
  "gcor": 0.0361395,
  "gsr_x": -0.010704891756176949,
  "gsr_y": 0.0030408280435949564,
  "provenance": {
    "md5sum": "63b4764cdfcdf23b622016d508efcc22",
    "settings": {
      "fd_thres": 0.2,
      "hmc_fsl": false
    },
    "software": "mriqc",
    "version": "0.15.0",
    "webapi_port": null,
    "webapi_url": "https://mriqc.nimh.nih.gov/api/v1"
  },
  "size_t": 200,
  "size_x": 80,
  "size_y": 80,
  "size_z": 37,
  "snr": 4.875109579144765,
  "spacing_tr": 2.0,
  "spacing_x": 3.0,
  "spacing_y": 3.0,
  "spacing_z": 3.299999952316284,
  "spikes_num": 5,
  "summary_bg_k": 112.96992623864902,
  "summary_bg_mad": 0.955938458442688,
  "summary_bg_mean": 209.64085388183594,
  "summary_bg_median": 0.653383195400238,
  "summary_bg_n": 156236.0,
  "summary_bg_p05": 0.0036503198789432645,
  "summary_bg_p95": 745.9013366699219,
  "summary_bg_stdv": 1323.911376953125,
  "summary_fg_k": 2.3441842883077717,
  "summary_fg_mad": 4738.9931640625,
  "summary_fg_mean": 26757.15625,
  "summary_fg_median": 26650.853515625,
  "summary_fg_n": 39917.0,
  "summary_fg_p05": 18635.068359375,
  "summary_fg_p95": 35157.350781249996,
  "summary_fg_stdv": 5466.650390625,
  "tsnr": 82.94454956054688
}