{
  "aor": 0.002679510204081633,
  "aqi": 0.0056647171020408164,
  "bids_meta": {
    "AcquisitionNumber": 4,
    "BidsifyVersion": "0.3.5",
    "ConversionSoftware": "dcm2niix",
    "ConversionSoftwareVersion": "v1.0.20181125  GCC6.3.0",
    "EchoTime": 0.02762,
    "EffectiveEchoSpacing": 0.0006621159151938905,
    "ImageComments": "PIOP",
    "ImageOrientationPatientDICOM": [
      0.999326,
      -0.0367115,
      0.000784814,
      0.0352465,
      0.953015,
      -0.300865
    ],
    "Manufacturer": "Philips",
    "NumberOfVolumesDiscardedByScanner": 2,
    "ParallelAcquisitionTechnique": "SENSE",
    "ParallelReductionFactorInPlane": 2,
    "PatientPosition": "HFS",
    "PhaseEncodingDirection": "j",
    "PhilipsRescaleIntercept": 0,
    "PhilipsRescaleSlope": 0.91258,
    "PhilipsScaleSlope": 0.0519769,
    "ProtocolName": "WIPpiopgstroopSENSE",
    "PulseSequenceType": "gradient echo EPI",
    "ReconMatrixPE": 80,
    "RepetitionTime": 2,
    "SeriesDescription": "ImageMRSERIES",
    "SeriesNumber": 4,
    "SliceEncodingDirection": "k",
    "SliceTiming": [
      0.0,
      0.0541,
      0.1081,
      0.1622,
      0.2162,
      0.2703,
      0.3243,
      0.3784,
      0.4324,
      0.4865,
      0.5405,
      0.5946,
      0.6486,
      0.7027,
      0.7568,
      0.8108,
      0.8649,
      0.9189,
      0.973,
      1.027,
      1.0811,
      1.1351,
      1.1892,
      1.2432,
      1.2973,
      1.3514,
      1.4054,
      1.4595,
      1.5135,
      1.5676,
      1.6216,
      1.6757,
      1.7297,
      1.7838,
      1.8378,
      1.8919,
      1.9459
    ],
    "TaskName": "gstroop",
    "TotalReadoutTime": 0.025822520692561732,
    "UsePhilipsFloatNotDisplayScaling": 1,
    "acq_id": "seq",
    "dataset": "unknown",
    "modality": "bold",
    "subject_id": "0125",
    "task_id": "gstroop"
  },
  "dummy_trs": 0,
  "dvars_nstd": 25.728753128852457,
  "dvars_std": 1.3389763790163944,
  "dvars_vstd": 1.0175772500000004,
  "efc": 0.4272161923047339,
  "fber": 83565848.0,
  "fd_mean": 0.11717940813842034,
  "fd_num": 21,
  "fd_perc": 8.571428571428571,
  "fwhm_avg": 2.332619101595994,
  "fwhm_x": 2.2875900000000002,
  "fwhm_y": 2.4914733333333334,
  "fwhm_z": 2.218793971454649,
  "gcor": 0.0167996,
  "gsr_x": 0.0021925000473856926,
  "gsr_y": 0.0028545737732201815,
  "provenance": {
    "md5sum": "f606a7ce489e277f024b02b3402c9f9b",
    "settings": {
      "fd_thres": 0.2,
      "hmc_fsl": false
    },
    "software": "mriqc",
    "version": "0.15.0",
    "webapi_port": null,
    "webapi_url": "https://mriqc.nimh.nih.gov/api/v1"
  },
  "size_t": 245,
  "size_x": 80,
  "size_y": 80,
  "size_z": 37,
  "snr": 4.42960283081513,
  "spacing_tr": 2.0,
  "spacing_x": 3.0,
  "spacing_y": 3.0,
  "spacing_z": 3.299999952316284,
  "spikes_num": 1,
  "summary_bg_k": 61.21187455023099,
  "summary_bg_mad": 3.5653634071350098,
  "summary_bg_mean": 280.7880554199219,
  "summary_bg_median": 2.435788869857788,
  "summary_bg_n": 149486.0,
  "summary_bg_p05": 0.008810123428702354,
  "summary_bg_p95": 1246.7276306152344,
  "summary_bg_stdv": 1394.0841064453125,
  "summary_fg_k": 2.2661236597333527,
  "summary_fg_mad": 4805.484375,
  "summary_fg_mean": 25592.3359375,
  "summary_fg_median": 25387.96484375,
  "summary_fg_n": 45656.0,
  "summary_fg_p05": 17089.4189453125,
  "summary_fg_p95": 34538.16015625,
  "summary_fg_stdv": 5731.36865234375,
  "tsnr": 61.712528228759766
}