{
  "aor": 0.0007694285714285715,
  "aqi": 0.004071216979591837,
  "bids_meta": {
    "AcquisitionNumber": 3,
    "BidsifyVersion": "0.3.5",
    "ConversionSoftware": "dcm2niix",
    "ConversionSoftwareVersion": "v1.0.20181125  GCC6.3.0",
    "EchoTime": 0.02762,
    "ImageComments": "Piop",
    "ImageOrientationPatientDICOM": [
      0.999537,
      -0.0290437,
      0.00906159,
      0.0298402,
      0.877758,
      -0.478175
    ],
    "Manufacturer": "Philips",
    "NumberOfVolumesDiscardedByScanner": 2,
    "ParallelAcquisitionTechnique": "SENSE",
    "ParallelReductionFactorInPlane": 2,
    "PatientPosition": "HFS",
    "PhaseEncodingDirection": "j",
    "PhilipsRescaleIntercept": 0,
    "PhilipsRescaleSlope": 0.75995,
    "PhilipsScaleSlope": 0.0642112,
    "ProtocolName": "WIPpiopgstroopSENSE",
    "PulseSequenceType": "gradient echo EPI",
    "ReconMatrixPE": 80,
    "RepetitionTime": 2,
    "SeriesDescription": "ImageMRSERIES",
    "SeriesNumber": 3,
    "SliceEncodingDirection": "k",
    "TaskName": "gstroop",
    "UsePhilipsFloatNotDisplayScaling": 1,
    "acq_id": "seq",
    "dataset": "unknown",
    "modality": "bold",
    "subject_id": "0155",
    "task_id": "gstroop"
  },
  "dummy_trs": 0,
  "dvars_nstd": 18.851605274877066,
  "dvars_std": 1.1355129408606552,
  "dvars_vstd": 0.9892559095901639,
  "efc": 0.37320988998281823,
  "fber": 271737440.0,
  "fd_mean": 0.12869825732581947,
  "fd_num": 20,
  "fd_perc": 8.16326530612245,
  "fwhm_avg": 2.252377181717032,
  "fwhm_x": 2.27906,
  "fwhm_y": 2.40192,
  "fwhm_z": 2.076151545151097,
  "gcor": 0.00971686,
  "gsr_x": -0.0021623121574521065,
  "gsr_y": 0.0002764118544291705,
  "provenance": {
    "md5sum": "66f324f0bc3d14be959b7fd04a9d0d94",
    "settings": {
      "fd_thres": 0.2,
      "hmc_fsl": false
    },
    "software": "mriqc",
    "version": "0.15.0",
    "webapi_port": null,
    "webapi_url": "https://mriqc.nimh.nih.gov/api/v1"
  },
  "size_t": 245,
  "size_x": 80,
  "size_y": 80,
  "size_z": 37,
  "snr": 4.946678596861378,
  "spacing_tr": 2.0,
  "spacing_x": 3.0,
  "spacing_y": 3.0,
  "spacing_z": 3.299999952316284,
  "spikes_num": 4,
  "summary_bg_k": 153.02507017652698,
  "summary_bg_mad": 1.9565227031707764,
  "summary_bg_mean": 157.58828735351562,
  "summary_bg_median": 1.3428293466567993,
  "summary_bg_n": 160090.0,
  "summary_bg_p05": 0.009244002401828766,
  "summary_bg_p95": 422.18890838622946,
  "summary_bg_stdv": 1011.0659790039062,
  "summary_fg_k": 2.638174765707608,
  "summary_fg_mad": 4092.491943359375,
  "summary_fg_mean": 23415.84375,
  "summary_fg_median": 23289.19921875,
  "summary_fg_n": 36285.0,
  "summary_fg_p05": 16861.909765625,
  "summary_fg_p95": 30530.485156249993,
  "summary_fg_stdv": 4707.98291015625,
  "tsnr": 75.04391479492188
}