{
  "aor": 0.0011095744680851066,
  "aqi": 0.00880070601823708,
  "bids_meta": {
    "AcquisitionNumber": 2,
    "BidsifyVersion": "0.3.5",
    "ConversionSoftware": "dcm2niix",
    "ConversionSoftwareVersion": "v1.0.20181125  GCC6.3.0",
    "EchoTime": 0.02762,
    "ImageComments": "Piop",
    "ImageOrientationPatientDICOM": [
      0.999537,
      -0.0290437,
      0.00906159,
      0.0298402,
      0.877758,
      -0.478175
    ],
    "Manufacturer": "Philips",
    "NumberOfVolumesDiscardedByScanner": 2,
    "ParallelAcquisitionTechnique": "SENSE",
    "ParallelReductionFactorInPlane": 2,
    "PatientPosition": "HFS",
    "PhaseEncodingDirection": "j",
    "PhilipsRescaleIntercept": 0,
    "PhilipsRescaleSlope": 0.77094,
    "PhilipsScaleSlope": 0.10753,
    "ProtocolName": "WIPpiopfacesSENSE",
    "PulseSequenceType": "gradient echo EPI",
    "ReconMatrixPE": 80,
    "RepetitionTime": 0.75,
    "SeriesDescription": "ImageMRSERIES",
    "SeriesNumber": 2,
    "SliceEncodingDirection": "k",
    "TaskName": "faces",
    "UsePhilipsFloatNotDisplayScaling": 1,
    "acq_id": "mb3",
    "dataset": "unknown",
    "modality": "bold",
    "subject_id": "0155",
    "task_id": "faces"
  },
  "dummy_trs": 1,
  "dvars_nstd": 23.808873118323156,
  "dvars_std": 1.0927578695121947,
  "dvars_vstd": 1.0062547759146334,
  "efc": 0.3780072918123326,
  "fber": 706332608.0,
  "fd_mean": 0.11024372818459097,
  "fd_num": 16,
  "fd_perc": 4.86322188449848,
  "fwhm_avg": 2.4281878895886275,
  "fwhm_x": 2.44055,
  "fwhm_y": 2.6015833333333336,
  "fwhm_z": 2.2424303354325485,
  "gcor": 0.00850171,
  "gsr_x": -0.002148701809346676,
  "gsr_y": -0.00045001579564996064,
  "provenance": {
    "md5sum": "30cc545aa772695fc1a05a53f84a28df",
    "settings": {
      "fd_thres": 0.2,
      "hmc_fsl": false
    },
    "software": "mriqc",
    "version": "0.15.0",
    "webapi_port": null,
    "webapi_url": "https://mriqc.nimh.nih.gov/api/v1"
  },
  "size_t": 329,
  "size_x": 80,
  "size_y": 80,
  "size_z": 36,
  "snr": 5.588058329079266,
  "spacing_tr": 0.75,
  "spacing_x": 3.0,
  "spacing_y": 3.0,
  "spacing_z": 3.299999952316284,
  "spikes_num": 0,
  "summary_bg_k": 112.80042610440506,
  "summary_bg_mad": 0.8297209143638611,
  "summary_bg_mean": 112.44100952148438,
  "summary_bg_median": 0.5611976385116577,
  "summary_bg_n": 155012.0,
  "summary_bg_p05": 0.0005114242667332292,
  "summary_bg_p95": 343.9265075683529,
  "summary_bg_stdv": 691.7009887695312,
  "summary_fg_k": 4.286028542476729,
  "summary_fg_mad": 2379.014892578125,
  "summary_fg_mean": 16248.8349609375,
  "summary_fg_median": 16428.6640625,
  "summary_fg_n": 35776.0,
  "summary_fg_p05": 11654.36279296875,
  "summary_fg_p95": 20304.6494140625,
  "summary_fg_stdv": 2939.918212890625,
  "tsnr": 53.38006591796875
}