{
  "aor": 0.0007328499999999998,
  "aqi": 0.00411583425,
  "bids_meta": {
    "AcquisitionNumber": 9,
    "BidsifyVersion": "0.3.5",
    "ConversionSoftware": "dcm2niix",
    "ConversionSoftwareVersion": "v1.0.20181125  GCC6.3.0",
    "EchoTime": 0.02762,
    "ImageComments": "piop",
    "ImageOrientationPatientDICOM": [
      0.999402,
      0.0327959,
      0.0109843,
      -0.0279158,
      0.952382,
      -0.303627
    ],
    "Manufacturer": "Philips",
    "NumberOfVolumesDiscardedByScanner": 2,
    "ParallelAcquisitionTechnique": "SENSE",
    "ParallelReductionFactorInPlane": 2,
    "PatientPosition": "HFS",
    "PhaseEncodingDirection": "j",
    "PhilipsRescaleIntercept": 0,
    "PhilipsRescaleSlope": 0.76777,
    "PhilipsScaleSlope": 0.0594816,
    "ProtocolName": "WIPpiopanticipatieSENSE",
    "PulseSequenceType": "gradient echo EPI",
    "ReconMatrixPE": 80,
    "RepetitionTime": 2,
    "SeriesDescription": "ImageMRSERIES",
    "SeriesNumber": 9,
    "SliceEncodingDirection": "k",
    "TaskName": "anticipation",
    "UsePhilipsFloatNotDisplayScaling": 1,
    "acq_id": "seq",
    "dataset": "unknown",
    "modality": "bold",
    "subject_id": "0183",
    "task_id": "anticipation"
  },
  "dummy_trs": 0,
  "dvars_nstd": 22.81666343522611,
  "dvars_std": 1.1962641632663311,
  "dvars_vstd": 0.993183305527638,
  "efc": 0.41735727351884055,
  "fber": 489433888.0,
  "fd_mean": 0.11182155015024252,
  "fd_num": 10,
  "fd_perc": 5.0,
  "fwhm_avg": 2.3429749597418987,
  "fwhm_x": 2.2967866666666668,
  "fwhm_y": 2.6046866666666664,
  "fwhm_z": 2.127451545892362,
  "gcor": 0.0127391,
  "gsr_x": -0.0038314766716212034,
  "gsr_y": 0.013499238528311253,
  "provenance": {
    "md5sum": "d42a36caded684d93cda7113f6efbf05",
    "settings": {
      "fd_thres": 0.2,
      "hmc_fsl": false
    },
    "software": "mriqc",
    "version": "0.15.0",
    "webapi_port": null,
    "webapi_url": "https://mriqc.nimh.nih.gov/api/v1"
  },
  "size_t": 200,
  "size_x": 80,
  "size_y": 80,
  "size_z": 37,
  "snr": 5.035512823138713,
  "spacing_tr": 2.0,
  "spacing_x": 3.0,
  "spacing_y": 3.0,
  "spacing_z": 3.299999952316284,
  "spikes_num": 6,
  "summary_bg_k": 77.75142754627326,
  "summary_bg_mad": 1.4162850379943848,
  "summary_bg_mean": 218.80979919433594,
  "summary_bg_median": 0.9649560451507568,
  "summary_bg_n": 151472.0,
  "summary_bg_p05": 0.004129481827840209,
  "summary_bg_p95": 1072.809149169905,
  "summary_bg_stdv": 1112.1588134765625,
  "summary_fg_k": 2.2980989807034673,
  "summary_fg_mad": 4049.55859375,
  "summary_fg_mean": 23394.123046875,
  "summary_fg_median": 23230.03515625,
  "summary_fg_n": 43760.0,
  "summary_fg_p05": 16776.68408203125,
  "summary_fg_p95": 30546.988769531246,
  "summary_fg_stdv": 4613.1884765625,
  "tsnr": 76.51466369628906
}