{
  "bids_meta": {
    "AcquisitionNumber": 4,
    "BidsifyVersion": "0.3.5",
    "ConversionSoftware": "dcm2niix",
    "ConversionSoftwareVersion": "v1.0.20181125  GCC6.3.0",
    "EchoTime": 0.00373,
    "ImageComments": "piop",
    "ImageOrientationPatientDICOM": [
      0.997211,
      0.021952,
      0.0713332,
      -0.021411,
      0.999736,
      -0.00833988
    ],
    "Manufacturer": "Philips",
    "PatientPosition": "HFS",
    "PhilipsRescaleIntercept": 0,
    "PhilipsRescaleSlope": 9.30012,
    "PhilipsScaleSlope": 0.00726635,
    "ProtocolName": "WIPt13dSENSE",
    "ReconMatrixPE": 240,
    "RepetitionTime": 0.008168,
    "SeriesDescription": "ImageMRSERIES",
    "SeriesNumber": 4,
    "UsePhilipsFloatNotDisplayScaling": 1,
    "dataset": "unknown",
    "modality": "T1w",
    "subject_id": "0202"
  },
  "cjv": 0.32262541961074565,
  "cnr": 3.9518095517268224,
  "efc": 0.7535667619651114,
  "fber": 1425.3162841796875,
  "fwhm_avg": 3.7839301476492575,
  "fwhm_x": 3.690500219970955,
  "fwhm_y": 3.92036,
  "fwhm_z": 3.740930222976817,
  "icvs_csf": 0.2249440830438979,
  "icvs_gm": 0.41076503932028874,
  "icvs_wm": 0.36429087763581336,
  "inu_med": 1.6409392356872559,
  "inu_range": 0.4285289525985718,
  "provenance": {
    "md5sum": "09142a549c247a7277fec01c02d945b4",
    "settings": {
      "testing": false
    },
    "software": "mriqc",
    "version": "0.15.0",
    "warnings": {
      "large_rot_frame": true,
      "small_air_mask": true
    },
    "webapi_port": null,
    "webapi_url": "https://mriqc.nimh.nih.gov/api/v1"
  },
  "qi_1": 0.0,
  "qi_2": 0.00031327163000253273,
  "rpve_csf": 25.293566066912582,
  "rpve_gm": 14.296501232798624,
  "rpve_wm": 20.35862227206184,
  "size_x": 240,
  "size_y": 240,
  "size_z": 220,
  "snr_csf": 2.3576526607427843,
  "snr_gm": 7.757374640177655,
  "snr_total": 10.521356292738474,
  "snr_wm": 21.449041577294985,
  "snrd_csf": 19.356445145564983,
  "snrd_gm": 44.63938009690702,
  "snrd_total": 45.02292896360973,
  "snrd_wm": 71.0729616483572,
  "spacing_x": 0.9999999403953552,
  "spacing_y": 1.0,
  "spacing_z": 0.9999999403953552,
  "summary_bg_k": 4.9615435987645675,
  "summary_bg_mad": 9.21761703491211,
  "summary_bg_mean": 11.395432472229004,
  "summary_bg_median": 6.217188358306885,
  "summary_bg_n": 84017.0,
  "summary_bg_p05": 0.0,
  "summary_bg_p95": 31.412795639038084,
  "summary_bg_stdv": 11.349782943725586,
  "summary_csf_k": 0.3168873132903314,
  "summary_csf_mad": 132.62539672851562,
  "summary_csf_mean": 269.0969543457031,
  "summary_csf_median": 272.3406982421875,
  "summary_csf_n": 10289.0,
  "summary_csf_p05": 89.96788482666015,
  "summary_csf_p95": 449.2027954101563,
  "summary_csf_stdv": 115.50788116455078,
  "summary_gm_k": 0.26440525339815224,
  "summary_gm_mad": 77.77128601074219,
  "summary_gm_mean": 629.8721923828125,
  "summary_gm_median": 628.0657348632812,
  "summary_gm_n": 20745.0,
  "summary_gm_p05": 500.256396484375,
  "summary_gm_p95": 768.6741333007811,
  "summary_gm_stdv": 80.96174621582031,
  "summary_wm_k": 1.0719270890823003,
  "summary_wm_mad": 42.217742919921875,
  "summary_wm_mean": 998.1953735351562,
  "summary_wm_median": 999.9801025390625,
  "summary_wm_n": 207798.0,
  "summary_wm_p05": 919.2842773437501,
  "summary_wm_p95": 1070.369122314453,
  "summary_wm_stdv": 46.621089935302734,
  "tpm_overlap_csf": 0.21684086322784424,
  "tpm_overlap_gm": 0.5081627368927002,
  "tpm_overlap_wm": 0.5740392208099365,
  "wm2max": 0.7978349770937533
}