{
  "bids_meta": {
    "AcquisitionNumber": 4,
    "BidsifyVersion": "0.3.5",
    "ConversionSoftware": "dcm2niix",
    "ConversionSoftwareVersion": "v1.0.20181125  GCC6.3.0",
    "EchoTime": 0.00378,
    "ImageComments": "PIOP",
    "ImageOrientationPatientDICOM": [
      0.999251,
      0.0362189,
      -0.0135976,
      -0.0373394,
      0.99487,
      -0.0940136
    ],
    "Manufacturer": "Philips",
    "PatientPosition": "HFS",
    "PhilipsRescaleIntercept": 0,
    "PhilipsRescaleSlope": 8.86618,
    "PhilipsScaleSlope": 0.00750259,
    "ProtocolName": "WIPt13dSENSE",
    "ReconMatrixPE": 240,
    "RepetitionTime": 0.008217,
    "SeriesDescription": "ImageMRSERIES",
    "SeriesNumber": 4,
    "UsePhilipsFloatNotDisplayScaling": 1,
    "dataset": "unknown",
    "modality": "T1w",
    "subject_id": "0209"
  },
  "cjv": 0.3017105055063683,
  "cnr": 4.020623716707596,
  "efc": 0.7563743400481701,
  "fber": 546.1363525390625,
  "fwhm_avg": 3.483363188516316,
  "fwhm_x": 3.44289,
  "fwhm_y": 3.6444395655489483,
  "fwhm_z": 3.36276,
  "icvs_csf": 0.20353413933240486,
  "icvs_gm": 0.42664966967698803,
  "icvs_wm": 0.3698161909906071,
  "inu_med": 0.5588088035583496,
  "inu_range": 0.1827232986688614,
  "provenance": {
    "md5sum": "c574deb08c63f789779368b27a6209cd",
    "settings": {
      "testing": false
    },
    "software": "mriqc",
    "version": "0.15.0",
    "warnings": {
      "large_rot_frame": true,
      "small_air_mask": true
    },
    "webapi_port": null,
    "webapi_url": "https://mriqc.nimh.nih.gov/api/v1"
  },
  "qi_1": 0.00014657279703450134,
  "qi_2": 0.0002488737319694745,
  "rpve_csf": 31.144448379977657,
  "rpve_gm": 16.10024023583516,
  "rpve_wm": 23.80370649315839,
  "size_x": 240,
  "size_y": 240,
  "size_z": 220,
  "snr_csf": 2.5990381417727515,
  "snr_gm": 7.193127976130728,
  "snr_total": 10.275777974824594,
  "snr_wm": 21.0351678065703,
  "snrd_csf": 19.965661317918755,
  "snrd_gm": 38.16743624644533,
  "snrd_total": 40.386625265120074,
  "snrd_wm": 63.02677823099614,
  "spacing_x": 1.0,
  "spacing_y": 1.0000001192092896,
  "spacing_z": 1.0,
  "summary_bg_k": 213.11605701725279,
  "summary_bg_mad": 10.394400596618652,
  "summary_bg_mean": 14.283465385437012,
  "summary_bg_median": 14.046894073486328,
  "summary_bg_n": 68691.0,
  "summary_bg_p05": 0.0,
  "summary_bg_p95": 35.49871063232422,
  "summary_bg_stdv": 16.630706787109375,
  "summary_csf_k": 1.2092639559533822,
  "summary_csf_mad": 123.98594665527344,
  "summary_csf_mean": 290.7552490234375,
  "summary_csf_median": 316.775390625,
  "summary_csf_n": 4474.0,
  "summary_csf_p05": 86.23018531799316,
  "summary_csf_p95": 457.24435882568355,
  "summary_csf_stdv": 121.86815643310547,
  "summary_gm_k": 0.6004939282124422,
  "summary_gm_mad": 77.404296875,
  "summary_gm_mean": 609.3140869140625,
  "summary_gm_median": 605.56494140625,
  "summary_gm_n": 14512.0,
  "summary_gm_p05": 479.9324752807617,
  "summary_gm_p95": 757.805337524414,
  "summary_gm_stdv": 84.1836929321289,
  "summary_wm_k": 1.3820835285357749,
  "summary_wm_mad": 41.59593200683594,
  "summary_wm_mean": 997.24658203125,
  "summary_wm_median": 999.9835205078125,
  "summary_wm_n": 176167.0,
  "summary_wm_p05": 914.3883728027345,
  "summary_wm_p95": 1068.7728759765625,
  "summary_wm_stdv": 47.538516998291016,
  "tpm_overlap_csf": 0.21188102662563324,
  "tpm_overlap_gm": 0.5235216617584229,
  "tpm_overlap_wm": 0.5899596810340881,
  "wm2max": 0.651015249303631
}