{
  "aor": 0.0017013333333333333,
  "aqi": 0.004979312444444444,
  "bids_meta": {
    "AcquisitionNumber": 5,
    "BidsifyVersion": "0.3.5",
    "ConversionSoftware": "dcm2niix",
    "ConversionSoftwareVersion": "v1.0.20181125  GCC6.3.0",
    "EchoTime": 0.02762,
    "EffectiveEchoSpacing": 0.0006621159151938905,
    "ImageComments": "piop",
    "ImageOrientationPatientDICOM": [
      0.999108,
      -0.00771958,
      -0.0415186,
      -0.000697509,
      0.98,
      -0.198997
    ],
    "Manufacturer": "Philips",
    "NumberOfVolumesDiscardedByScanner": 2,
    "ParallelAcquisitionTechnique": "SENSE",
    "ParallelReductionFactorInPlane": 2,
    "PatientPosition": "HFS",
    "PhaseEncodingDirection": "j",
    "PhilipsRescaleIntercept": 0,
    "PhilipsRescaleSlope": 0.77094,
    "PhilipsScaleSlope": 0.0613692,
    "ProtocolName": "WIPpiopharririSENSE",
    "PulseSequenceType": "gradient echo EPI",
    "ReconMatrixPE": 80,
    "RepetitionTime": 2,
    "SeriesDescription": "ImageMRSERIES",
    "SeriesNumber": 5,
    "SliceEncodingDirection": "k",
    "SliceTiming": [
      0.0,
      0.0541,
      0.1081,
      0.1622,
      0.2162,
      0.2703,
      0.3243,
      0.3784,
      0.4324,
      0.4865,
      0.5405,
      0.5946,
      0.6486,
      0.7027,
      0.7568,
      0.8108,
      0.8649,
      0.9189,
      0.973,
      1.027,
      1.0811,
      1.1351,
      1.1892,
      1.2432,
      1.2973,
      1.3514,
      1.4054,
      1.4595,
      1.5135,
      1.5676,
      1.6216,
      1.6757,
      1.7297,
      1.7838,
      1.8378,
      1.8919,
      1.9459
    ],
    "TaskName": "emomatching",
    "TotalReadoutTime": 0.025822520692561732,
    "UsePhilipsFloatNotDisplayScaling": 1,
    "acq_id": "seq",
    "dataset": "unknown",
    "modality": "bold",
    "subject_id": "0033",
    "task_id": "emomatching"
  },
  "dummy_trs": 0,
  "dvars_nstd": 21.475632952462696,
  "dvars_std": 1.1401766585074629,
  "dvars_vstd": 1.0012268386567167,
  "efc": 0.4080993085740155,
  "fber": 571600128.0,
  "fd_mean": 0.1342429149056274,
  "fd_num": 19,
  "fd_perc": 14.074074074074074,
  "fwhm_avg": 2.3236504142411287,
  "fwhm_x": 2.2787333333333333,
  "fwhm_y": 2.5743633333333333,
  "fwhm_z": 2.11785457605672,
  "gcor": 0.027314,
  "gsr_x": 0.0006880185683257878,
  "gsr_y": 0.0016235359944403172,
  "provenance": {
    "md5sum": "168d8f9751f57aeb45b6b02bef67e0af",
    "settings": {
      "fd_thres": 0.2,
      "hmc_fsl": false
    },
    "software": "mriqc",
    "version": "0.15.0",
    "webapi_port": null,
    "webapi_url": "https://mriqc.nimh.nih.gov/api/v1"
  },
  "size_t": 135,
  "size_x": 80,
  "size_y": 80,
  "size_z": 37,
  "snr": 4.680730209528923,
  "spacing_tr": 2.0,
  "spacing_x": 3.0,
  "spacing_y": 3.0,
  "spacing_z": 3.299999952316284,
  "spikes_num": 1,
  "summary_bg_k": 71.70053358417412,
  "summary_bg_mad": 1.2571700811386108,
  "summary_bg_mean": 192.15811157226562,
  "summary_bg_median": 0.8572738170623779,
  "summary_bg_n": 153011.0,
  "summary_bg_p05": 0.004162134835496545,
  "summary_bg_p95": 697.926025390625,
  "summary_bg_stdv": 1072.2752685546875,
  "summary_fg_k": 2.8020382787823923,
  "summary_fg_mad": 3958.27587890625,
  "summary_fg_mean": 22189.060546875,
  "summary_fg_median": 21888.396484375,
  "summary_fg_n": 42875.0,
  "summary_fg_p05": 15610.40888671875,
  "summary_fg_p95": 29550.019335937497,
  "summary_fg_stdv": 4676.2236328125,
  "tsnr": 66.94659423828125
}