{
  "aor": 0.0005263703703703704,
  "aqi": 0.0033783129629629633,
  "bids_meta": {
    "AcquisitionNumber": 5,
    "BidsifyVersion": "0.3.5",
    "ConversionSoftware": "dcm2niix",
    "ConversionSoftwareVersion": "v1.0.20181125  GCC6.3.0",
    "EchoTime": 0.02762,
    "EffectiveEchoSpacing": 0.0006621159151938905,
    "ImageComments": "PioP",
    "ImageOrientationPatientDICOM": [
      0.999837,
      -0.0170375,
      -0.00590676,
      0.0122159,
      0.880913,
      -0.47312
    ],
    "Manufacturer": "Philips",
    "NumberOfVolumesDiscardedByScanner": 2,
    "ParallelAcquisitionTechnique": "SENSE",
    "ParallelReductionFactorInPlane": 2,
    "PatientPosition": "HFS",
    "PhaseEncodingDirection": "j",
    "PhilipsRescaleIntercept": 0,
    "PhilipsRescaleSlope": 0.8083,
    "PhilipsScaleSlope": 0.0559017,
    "ProtocolName": "WIPpiopharririSENSE",
    "PulseSequenceType": "gradient echo EPI",
    "ReconMatrixPE": 80,
    "RepetitionTime": 2,
    "SeriesDescription": "ImageMRSERIES",
    "SeriesNumber": 5,
    "SliceEncodingDirection": "k",
    "SliceTiming": [
      0.0,
      0.0541,
      0.1081,
      0.1622,
      0.2162,
      0.2703,
      0.3243,
      0.3784,
      0.4324,
      0.4865,
      0.5405,
      0.5946,
      0.6486,
      0.7027,
      0.7568,
      0.8108,
      0.8649,
      0.9189,
      0.973,
      1.027,
      1.0811,
      1.1351,
      1.1892,
      1.2432,
      1.2973,
      1.3514,
      1.4054,
      1.4595,
      1.5135,
      1.5676,
      1.6216,
      1.6757,
      1.7297,
      1.7838,
      1.8378,
      1.8919,
      1.9459
    ],
    "TaskName": "emomatching",
    "TotalReadoutTime": 0.025822520692561732,
    "UsePhilipsFloatNotDisplayScaling": 1,
    "acq_id": "seq",
    "dataset": "unknown",
    "modality": "bold",
    "subject_id": "0100",
    "task_id": "emomatching"
  },
  "dummy_trs": 0,
  "dvars_nstd": 26.183531220149252,
  "dvars_std": 1.3834689306716421,
  "dvars_vstd": 1.0085245846268653,
  "efc": 0.44001732401338284,
  "fber": 435060704.0,
  "fd_mean": 0.15682049638954218,
  "fd_num": 27,
  "fd_perc": 20.0,
  "fwhm_avg": 2.345819505539206,
  "fwhm_x": 2.3354266666666668,
  "fwhm_y": 2.503416666666667,
  "fwhm_z": 2.1986151832842853,
  "gcor": 0.0211964,
  "gsr_x": 0.002654669340699911,
  "gsr_y": 0.000860567030031234,
  "provenance": {
    "md5sum": "1e839019d03d3b666269b1ffab3e6e8d",
    "settings": {
      "fd_thres": 0.2,
      "hmc_fsl": false
    },
    "software": "mriqc",
    "version": "0.15.0",
    "webapi_port": null,
    "webapi_url": "https://mriqc.nimh.nih.gov/api/v1"
  },
  "size_t": 135,
  "size_x": 80,
  "size_y": 80,
  "size_z": 37,
  "snr": 5.159625028360978,
  "spacing_tr": 2.0,
  "spacing_x": 3.0,
  "spacing_y": 3.0,
  "spacing_z": 3.299999952316284,
  "spikes_num": 0,
  "summary_bg_k": 47.05849032845887,
  "summary_bg_mad": 1.57835853099823,
  "summary_bg_mean": 334.556396484375,
  "summary_bg_median": 1.079692006111145,
  "summary_bg_n": 147203.0,
  "summary_bg_p05": 0.003772852616384626,
  "summary_bg_p95": 1616.559729003902,
  "summary_bg_stdv": 1664.183837890625,
  "summary_fg_k": 3.1568888476723336,
  "summary_fg_mad": 4049.670166015625,
  "summary_fg_mean": 24681.517578125,
  "summary_fg_median": 24548.8984375,
  "summary_fg_n": 47368.0,
  "summary_fg_p05": 17667.440234374997,
  "summary_fg_p95": 31791.711523437498,
  "summary_fg_stdv": 4757.833984375,
  "tsnr": 85.80963897705078
}