{
  "aor": 0.007016888888888889,
  "aqi": 0.02534608296296296,
  "bids_meta": {
    "AcquisitionNumber": 5,
    "BidsifyVersion": "0.3.5",
    "ConversionSoftware": "dcm2niix",
    "ConversionSoftwareVersion": "v1.0.20181125  GCC6.3.0",
    "EchoTime": 0.02762,
    "EffectiveEchoSpacing": 0.0006621159151938905,
    "ImageComments": "piop",
    "ImageOrientationPatientDICOM": [
      0.995275,
      0.0669184,
      -0.070354,
      -0.0778055,
      0.983123,
      -0.165574
    ],
    "Manufacturer": "Philips",
    "NumberOfVolumesDiscardedByScanner": 2,
    "ParallelAcquisitionTechnique": "SENSE",
    "ParallelReductionFactorInPlane": 2,
    "PatientPosition": "HFS",
    "PhaseEncodingDirection": "j",
    "PhilipsRescaleIntercept": 0,
    "PhilipsRescaleSlope": 0.85055,
    "PhilipsScaleSlope": 0.0653839,
    "ProtocolName": "WIPpiopharririSENSE",
    "PulseSequenceType": "gradient echo EPI",
    "ReconMatrixPE": 80,
    "RepetitionTime": 2,
    "SeriesDescription": "ImageMRSERIES",
    "SeriesNumber": 5,
    "SliceEncodingDirection": "k",
    "SliceTiming": [
      0.0,
      0.0541,
      0.1081,
      0.1622,
      0.2162,
      0.2703,
      0.3243,
      0.3784,
      0.4324,
      0.4865,
      0.5405,
      0.5946,
      0.6486,
      0.7027,
      0.7568,
      0.8108,
      0.8649,
      0.9189,
      0.973,
      1.027,
      1.0811,
      1.1351,
      1.1892,
      1.2432,
      1.2973,
      1.3514,
      1.4054,
      1.4595,
      1.5135,
      1.5676,
      1.6216,
      1.6757,
      1.7297,
      1.7838,
      1.8378,
      1.8919,
      1.9459
    ],
    "TaskName": "emomatching",
    "TotalReadoutTime": 0.025822520692561732,
    "UsePhilipsFloatNotDisplayScaling": 1,
    "acq_id": "seq",
    "dataset": "unknown",
    "modality": "bold",
    "subject_id": "0200",
    "task_id": "emomatching"
  },
  "dummy_trs": 0,
  "dvars_nstd": 29.84228104276118,
  "dvars_std": 1.006084421343283,
  "dvars_vstd": 0.922653719402985,
  "efc": 0.39435423783267465,
  "fber": 6657531.5,
  "fd_mean": 0.3625599537095726,
  "fd_num": 64,
  "fd_perc": 47.407407407407405,
  "fwhm_avg": 2.481778513875183,
  "fwhm_x": 2.4488535279507264,
  "fwhm_y": 2.7416,
  "fwhm_z": 2.2548820136748238,
  "gcor": 0.00824497,
  "gsr_x": -0.001316228648647666,
  "gsr_y": 0.002445005113258958,
  "provenance": {
    "md5sum": "cae81fe31dbc0adbebb0fed682c14193",
    "settings": {
      "fd_thres": 0.2,
      "hmc_fsl": false
    },
    "software": "mriqc",
    "version": "0.15.0",
    "webapi_port": null,
    "webapi_url": "https://mriqc.nimh.nih.gov/api/v1"
  },
  "size_t": 135,
  "size_x": 80,
  "size_y": 80,
  "size_z": 37,
  "snr": 4.879760237155385,
  "spacing_tr": 2.0,
  "spacing_x": 2.999999761581421,
  "spacing_y": 3.0,
  "spacing_z": 3.299999713897705,
  "spikes_num": 2,
  "summary_bg_k": 67.65591748889067,
  "summary_bg_mad": 12.087769508361816,
  "summary_bg_mean": 244.89254760742188,
  "summary_bg_median": 8.818016052246094,
  "summary_bg_n": 157119.0,
  "summary_bg_p05": 0.20126028656959533,
  "summary_bg_p95": 1037.8068481445325,
  "summary_bg_stdv": 1195.797607421875,
  "summary_fg_k": 2.2806669665739348,
  "summary_fg_mad": 4060.601318359375,
  "summary_fg_mean": 23956.708984375,
  "summary_fg_median": 23863.53125,
  "summary_fg_n": 38793.0,
  "summary_fg_p05": 16420.7125,
  "summary_fg_p95": 31464.464453125,
  "summary_fg_stdv": 4890.2451171875,
  "tsnr": 29.59465217590332
}