{
  "aor": 0.0005881212121212121,
  "aqi": 0.007764103575757575,
  "bids_meta": {
    "AcquisitionNumber": 2,
    "BidsifyVersion": "0.3.5",
    "ConversionSoftware": "dcm2niix",
    "ConversionSoftwareVersion": "v1.0.20181125  GCC6.3.0",
    "EchoTime": 0.02762,
    "EffectiveEchoSpacing": 0.0006333282667071997,
    "ImageComments": "piop",
    "ImageOrientationPatientDICOM": [
      0.999994,
      0.000449044,
      -0.00348358,
      -0.00157079,
      0.944262,
      -0.329191
    ],
    "Manufacturer": "Philips",
    "NumberOfVolumesDiscardedByScanner": 2,
    "ParallelAcquisitionTechnique": "SENSE",
    "ParallelReductionFactorInPlane": 2,
    "PatientPosition": "HFS",
    "PhaseEncodingDirection": "j",
    "PhilipsRescaleIntercept": 0,
    "PhilipsRescaleSlope": 0.77485,
    "PhilipsScaleSlope": 0.0902535,
    "ProtocolName": "WIPpiopfacesSENSE",
    "PulseSequenceType": "gradient echo EPI",
    "ReconMatrixPE": 80,
    "RepetitionTime": 0.75,
    "SeriesDescription": "ImageMRSERIES",
    "SeriesNumber": 2,
    "SliceEncodingDirection": "k",
    "SliceTiming": [
      0.0,
      0.06755050505050506,
      0.1351010101010101,
      0.20265151515151517,
      0.2702020202020202,
      0.3377525252525253,
      0.40530303030303033,
      0.47285353535353536,
      0.5404040404040404,
      0.6079545454545455,
      0.6755050505050506,
      0.7430555555555556,
      0.0,
      0.06755050505050506,
      0.1351010101010101,
      0.20265151515151517,
      0.2702020202020202,
      0.3377525252525253,
      0.40530303030303033,
      0.47285353535353536,
      0.5404040404040404,
      0.6079545454545455,
      0.6755050505050506,
      0.7430555555555556,
      0.0,
      0.06755050505050506,
      0.1351010101010101,
      0.20265151515151517,
      0.2702020202020202,
      0.3377525252525253,
      0.40530303030303033,
      0.47285353535353536,
      0.5404040404040404,
      0.6079545454545455,
      0.6755050505050506,
      0.7430555555555556
    ],
    "TaskName": "faces",
    "TotalReadoutTime": 0.024699802401580786,
    "UsePhilipsFloatNotDisplayScaling": 1,
    "acq_id": "mb3",
    "dataset": "unknown",
    "modality": "bold",
    "subject_id": "0048",
    "task_id": "faces"
  },
  "dummy_trs": 0,
  "dvars_nstd": 27.95502350161093,
  "dvars_std": 1.2519615397568393,
  "dvars_vstd": 0.998303692613982,
  "efc": 0.396776532711786,
  "fber": 781316608.0,
  "fd_mean": 0.10183837705207553,
  "fd_num": 12,
  "fd_perc": 3.6363636363636362,
  "fwhm_avg": 2.6769638063577617,
  "fwhm_x": 2.645626666666667,
  "fwhm_y": 2.9982100000000003,
  "fwhm_z": 2.387054752406619,
  "gcor": 0.0160595,
  "gsr_x": -0.007505075540393591,
  "gsr_y": 0.006274817045778036,
  "provenance": {
    "md5sum": "4576272f9a795fdd2fc3c3836e602d80",
    "settings": {
      "fd_thres": 0.2,
      "hmc_fsl": false
    },
    "software": "mriqc",
    "version": "0.15.0",
    "webapi_port": null,
    "webapi_url": "https://mriqc.nimh.nih.gov/api/v1"
  },
  "size_t": 330,
  "size_x": 80,
  "size_y": 80,
  "size_z": 36,
  "snr": 5.488074274242762,
  "spacing_tr": 0.75,
  "spacing_x": 3.0,
  "spacing_y": 3.0,
  "spacing_z": 3.299999713897705,
  "spikes_num": 0,
  "summary_bg_k": 71.05123655282617,
  "summary_bg_mad": 0.8498433232307434,
  "summary_bg_mean": 156.92054748535156,
  "summary_bg_median": 0.5769832730293274,
  "summary_bg_n": 151503.0,
  "summary_bg_p05": 0.0017130111693404615,
  "summary_bg_p95": 678.0174072265621,
  "summary_bg_stdv": 843.4306640625,
  "summary_fg_k": 3.2002960531901863,
  "summary_fg_mad": 2563.59716796875,
  "summary_fg_mean": 17683.591796875,
  "summary_fg_median": 18014.0546875,
  "summary_fg_n": 38820.0,
  "summary_fg_p05": 11760.117871093751,
  "summary_fg_p95": 22172.2599609375,
  "summary_fg_stdv": 3282.357666015625,
  "tsnr": 57.20066833496094
}