{
  "aor": 0.002260204081632654,
  "aqi": 0.004233578489795918,
  "bids_meta": {
    "AcquisitionNumber": 3,
    "BidsifyVersion": "0.3.5",
    "ConversionSoftware": "dcm2niix",
    "ConversionSoftwareVersion": "v1.0.20181125  GCC6.3.0",
    "EchoTime": 0.02762,
    "EffectiveEchoSpacing": 0.0006621159151938905,
    "ImageComments": "piop",
    "ImageOrientationPatientDICOM": [
      0.999994,
      0.000449044,
      -0.00348358,
      -0.00157079,
      0.944262,
      -0.329191
    ],
    "Manufacturer": "Philips",
    "NumberOfVolumesDiscardedByScanner": 2,
    "ParallelAcquisitionTechnique": "SENSE",
    "ParallelReductionFactorInPlane": 2,
    "PatientPosition": "HFS",
    "PhaseEncodingDirection": "j",
    "PhilipsRescaleIntercept": 0,
    "PhilipsRescaleSlope": 0.83907,
    "PhilipsScaleSlope": 0.0534039,
    "ProtocolName": "WIPpiopgstroopSENSE",
    "PulseSequenceType": "gradient echo EPI",
    "ReconMatrixPE": 80,
    "RepetitionTime": 2,
    "SeriesDescription": "ImageMRSERIES",
    "SeriesNumber": 3,
    "SliceEncodingDirection": "k",
    "SliceTiming": [
      0.0,
      0.0541,
      0.1081,
      0.1622,
      0.2162,
      0.2703,
      0.3243,
      0.3784,
      0.4324,
      0.4865,
      0.5405,
      0.5946,
      0.6486,
      0.7027,
      0.7568,
      0.8108,
      0.8649,
      0.9189,
      0.973,
      1.027,
      1.0811,
      1.1351,
      1.1892,
      1.2432,
      1.2973,
      1.3514,
      1.4054,
      1.4595,
      1.5135,
      1.5676,
      1.6216,
      1.6757,
      1.7297,
      1.7838,
      1.8378,
      1.8919,
      1.9459
    ],
    "TaskName": "gstroop",
    "TotalReadoutTime": 0.025822520692561732,
    "UsePhilipsFloatNotDisplayScaling": 1,
    "acq_id": "seq",
    "dataset": "unknown",
    "modality": "bold",
    "subject_id": "0048",
    "task_id": "gstroop"
  },
  "dummy_trs": 0,
  "dvars_nstd": 25.85327750331969,
  "dvars_std": 1.397492035737705,
  "dvars_vstd": 1.0070674031147542,
  "efc": 0.3902995123043228,
  "fber": 639862272.0,
  "fd_mean": 0.107795847290723,
  "fd_num": 8,
  "fd_perc": 3.2653061224489797,
  "fwhm_avg": 2.333870616365339,
  "fwhm_x": 2.28245,
  "fwhm_y": 2.5797133333333333,
  "fwhm_z": 2.1394485157626835,
  "gcor": 0.011717,
  "gsr_x": -0.0068633100017905235,
  "gsr_y": 0.0067121912725269794,
  "provenance": {
    "md5sum": "3169dde5df09ccbbfaa60d6d4399fccf",
    "settings": {
      "fd_thres": 0.2,
      "hmc_fsl": false
    },
    "software": "mriqc",
    "version": "0.15.0",
    "webapi_port": null,
    "webapi_url": "https://mriqc.nimh.nih.gov/api/v1"
  },
  "size_t": 245,
  "size_x": 80,
  "size_y": 80,
  "size_z": 37,
  "snr": 4.844160936457064,
  "spacing_tr": 2.0,
  "spacing_x": 3.0,
  "spacing_y": 3.0,
  "spacing_z": 3.299999952316284,
  "spikes_num": 0,
  "summary_bg_k": 79.77243218805404,
  "summary_bg_mad": 1.2725565433502197,
  "summary_bg_mean": 220.29367065429688,
  "summary_bg_median": 0.8656647205352783,
  "summary_bg_n": 156422.0,
  "summary_bg_p05": 0.0037493548123165967,
  "summary_bg_p95": 774.8440460205067,
  "summary_bg_stdv": 1227.80517578125,
  "summary_fg_k": 2.7204851426883625,
  "summary_fg_mad": 4230.833984375,
  "summary_fg_mean": 24845.087890625,
  "summary_fg_median": 24825.7109375,
  "summary_fg_n": 39318.0,
  "summary_fg_p05": 16794.15517578125,
  "summary_fg_p95": 32382.375683593753,
  "summary_fg_stdv": 5124.80810546875,
  "tsnr": 77.43441772460938
}