{
  "aor": 0.0003306172839506173,
  "aqi": 0.003597044567901234,
  "bids_meta": {
    "AcquisitionNumber": 8,
    "BidsifyVersion": "0.3.5",
    "ConversionSoftware": "dcm2niix",
    "ConversionSoftwareVersion": "v1.0.20181125  GCC6.3.0",
    "EchoTime": 0.02762,
    "EffectiveEchoSpacing": 0.0006621159151938905,
    "ImageComments": "piop",
    "ImageOrientationPatientDICOM": [
      0.999994,
      0.000449044,
      -0.00348358,
      -0.00157079,
      0.944262,
      -0.329191
    ],
    "Manufacturer": "Philips",
    "NumberOfVolumesDiscardedByScanner": 2,
    "ParallelAcquisitionTechnique": "SENSE",
    "ParallelReductionFactorInPlane": 2,
    "PatientPosition": "HFS",
    "PhaseEncodingDirection": "j",
    "PhilipsRescaleIntercept": 0,
    "PhilipsRescaleSlope": 0.84298,
    "PhilipsScaleSlope": 0.0554569,
    "ProtocolName": "WIPpiopwmSENSE",
    "PulseSequenceType": "gradient echo EPI",
    "ReconMatrixPE": 80,
    "RepetitionTime": 2,
    "SeriesDescription": "ImageMRSERIES",
    "SeriesNumber": 8,
    "SliceEncodingDirection": "k",
    "SliceTiming": [
      0.0,
      0.0541,
      0.1081,
      0.1622,
      0.2162,
      0.2703,
      0.3243,
      0.3784,
      0.4324,
      0.4865,
      0.5405,
      0.5946,
      0.6486,
      0.7027,
      0.7568,
      0.8108,
      0.8649,
      0.9189,
      0.973,
      1.027,
      1.0811,
      1.1351,
      1.1892,
      1.2432,
      1.2973,
      1.3514,
      1.4054,
      1.4595,
      1.5135,
      1.5676,
      1.6216,
      1.6757,
      1.7297,
      1.7838,
      1.8378,
      1.8919,
      1.9459
    ],
    "TaskName": "workingmemory",
    "TotalReadoutTime": 0.025822520692561732,
    "UsePhilipsFloatNotDisplayScaling": 1,
    "acq_id": "seq",
    "dataset": "unknown",
    "modality": "bold",
    "subject_id": "0048",
    "task_id": "workingmemory"
  },
  "dummy_trs": 0,
  "dvars_nstd": 26.589684456459622,
  "dvars_std": 1.414223306459627,
  "dvars_vstd": 0.9949888283850926,
  "efc": 0.3905797790454214,
  "fber": 1222281088.0,
  "fd_mean": 0.10105602251010536,
  "fd_num": 3,
  "fd_perc": 1.8518518518518519,
  "fwhm_avg": 2.3266263738972373,
  "fwhm_x": 2.2723666666666666,
  "fwhm_y": 2.57717,
  "fwhm_z": 2.1303424550250436,
  "gcor": 0.0101714,
  "gsr_x": -0.006864297203719616,
  "gsr_y": 0.00748654967173934,
  "provenance": {
    "md5sum": "147a5e05248faf00d704cd1e5e69295f",
    "settings": {
      "fd_thres": 0.2,
      "hmc_fsl": false
    },
    "software": "mriqc",
    "version": "0.15.0",
    "webapi_port": null,
    "webapi_url": "https://mriqc.nimh.nih.gov/api/v1"
  },
  "size_t": 162,
  "size_x": 80,
  "size_y": 80,
  "size_z": 37,
  "snr": 4.847845936064634,
  "spacing_tr": 2.0,
  "spacing_x": 3.0,
  "spacing_y": 3.0,
  "spacing_z": 3.299999952316284,
  "spikes_num": 0,
  "summary_bg_k": 79.62250609988381,
  "summary_bg_mad": 0.8842167854309082,
  "summary_bg_mean": 223.17237854003906,
  "summary_bg_median": 0.6000795364379883,
  "summary_bg_n": 156531.0,
  "summary_bg_p05": 0.0019701399141922593,
  "summary_bg_p95": 829.3949279785156,
  "summary_bg_stdv": 1230.0731201171875,
  "summary_fg_k": 2.5194407061416646,
  "summary_fg_mad": 4155.42138671875,
  "summary_fg_mean": 24086.001953125,
  "summary_fg_median": 24047.802734375,
  "summary_fg_n": 39194.0,
  "summary_fg_p05": 16326.975683593751,
  "summary_fg_p95": 31480.09072265625,
  "summary_fg_stdv": 4960.44970703125,
  "tsnr": 82.70782470703125
}