{
  "bids_meta": {
    "AcquisitionNumber": 4,
    "BidsifyVersion": "0.3.5",
    "ConversionSoftware": "dcm2niix",
    "ConversionSoftwareVersion": "v1.0.20181125  GCC6.3.0",
    "EchoTime": 0.00374,
    "ImageComments": "PIOP",
    "ImageOrientationPatientDICOM": [
      0.995996,
      0.0597663,
      -0.0664817,
      -0.0605688,
      0.998113,
      -0.0101199
    ],
    "Manufacturer": "Philips",
    "PatientPosition": "HFS",
    "PhilipsRescaleIntercept": 0,
    "PhilipsRescaleSlope": 8.84835,
    "PhilipsScaleSlope": 0.00758984,
    "ProtocolName": "WIPt13dSENSE",
    "ReconMatrixPE": 240,
    "RepetitionTime": 0.008168,
    "SeriesDescription": "ImageMRSERIES",
    "SeriesNumber": 4,
    "UsePhilipsFloatNotDisplayScaling": 1,
    "dataset": "unknown",
    "modality": "T1w",
    "subject_id": "0172"
  },
  "cjv": 0.34171512298721907,
  "cnr": 3.7340006514656885,
  "efc": 0.7557800405317265,
  "fber": 712.2040405273438,
  "fwhm_avg": 3.3466400000000003,
  "fwhm_x": 3.34162,
  "fwhm_y": 3.53835,
  "fwhm_z": 3.15995,
  "icvs_csf": 0.19839907149763586,
  "icvs_gm": 0.43365639217871826,
  "icvs_wm": 0.3679445363236459,
  "inu_med": 1.7655467987060547,
  "inu_range": 0.4489226579666141,
  "provenance": {
    "md5sum": "dfa56f98abbdd09c1c6e1fd47251d560",
    "settings": {
      "testing": false
    },
    "software": "mriqc",
    "version": "0.15.0",
    "warnings": {
      "large_rot_frame": true,
      "small_air_mask": true
    },
    "webapi_port": null,
    "webapi_url": "https://mriqc.nimh.nih.gov/api/v1"
  },
  "qi_1": 0.0,
  "qi_2": 0.00036370692991095937,
  "rpve_csf": 31.601414798104894,
  "rpve_gm": 15.835276691341283,
  "rpve_wm": 23.443503350015245,
  "size_x": 240,
  "size_y": 240,
  "size_z": 220,
  "snr_csf": 1.5945592106330706,
  "snr_gm": 7.034823952035179,
  "snr_total": 9.617378231204794,
  "snr_wm": 20.222751530946134,
  "snrd_csf": 19.700463242701534,
  "snrd_gm": 43.666952657585114,
  "snrd_total": 44.582517275292766,
  "snrd_wm": 70.38013592559167,
  "spacing_x": 1.0,
  "spacing_y": 1.0,
  "spacing_z": 1.0,
  "summary_bg_k": 26.976909034727964,
  "summary_bg_mad": 9.308439254760742,
  "summary_bg_mean": 12.248221397399902,
  "summary_bg_median": 12.554537773132324,
  "summary_bg_n": 86787.0,
  "summary_bg_p05": 0.0,
  "summary_bg_p95": 31.775542068481446,
  "summary_bg_stdv": 10.442680358886719,
  "summary_csf_k": 69.63866425008878,
  "summary_csf_mad": 152.3370361328125,
  "summary_csf_mean": 280.4389953613281,
  "summary_csf_median": 279.91204833984375,
  "summary_csf_n": 4303.0,
  "summary_csf_p05": 85.395361328125,
  "summary_csf_p95": 462.7841430664062,
  "summary_csf_stdv": 175.5215606689453,
  "summary_gm_k": 0.18318838494135603,
  "summary_gm_mad": 85.36373901367188,
  "summary_gm_mean": 625.2250366210938,
  "summary_gm_median": 620.4375,
  "summary_gm_n": 19499.0,
  "summary_gm_p05": 487.1681762695313,
  "summary_gm_p95": 778.4285095214843,
  "summary_gm_stdv": 88.19290924072266,
  "summary_wm_k": 1.106013407250333,
  "summary_wm_mad": 44.334774017333984,
  "summary_wm_mean": 997.0695190429688,
  "summary_wm_median": 999.9890747070312,
  "summary_wm_n": 175572.0,
  "summary_wm_p05": 910.4897094726563,
  "summary_wm_p95": 1071.866064453125,
  "summary_wm_stdv": 49.44857406616211,
  "tpm_overlap_csf": 0.20765095949172974,
  "tpm_overlap_gm": 0.508668839931488,
  "tpm_overlap_wm": 0.559974730014801,
  "wm2max": 0.6445101615848606
}