{
  "aor": 0.0014398775510204083,
  "aqi": 0.011827551061224491,
  "bids_meta": {
    "AcquisitionNumber": 3,
    "BidsifyVersion": "0.3.5",
    "ConversionSoftware": "dcm2niix",
    "ConversionSoftwareVersion": "v1.0.20181125  GCC6.3.0",
    "EchoTime": 0.02762,
    "EffectiveEchoSpacing": 0.0006621159151938905,
    "ImageComments": "piop",
    "ImageOrientationPatientDICOM": [
      0.998115,
      -0.0361847,
      -0.0495707,
      0.0128918,
      0.913296,
      -0.407092
    ],
    "Manufacturer": "Philips",
    "NumberOfVolumesDiscardedByScanner": 2,
    "ParallelAcquisitionTechnique": "SENSE",
    "ParallelReductionFactorInPlane": 2,
    "PatientPosition": "HFS",
    "PhaseEncodingDirection": "j",
    "PhilipsRescaleIntercept": 0,
    "PhilipsRescaleSlope": 0.82808,
    "PhilipsScaleSlope": 0.0616922,
    "ProtocolName": "WIPpiopgstroopSENSE",
    "PulseSequenceType": "gradient echo EPI",
    "ReconMatrixPE": 80,
    "RepetitionTime": 2,
    "SeriesDescription": "ImageMRSERIES",
    "SeriesNumber": 3,
    "SliceEncodingDirection": "k",
    "SliceTiming": [
      0.0,
      0.0541,
      0.1081,
      0.1622,
      0.2162,
      0.2703,
      0.3243,
      0.3784,
      0.4324,
      0.4865,
      0.5405,
      0.5946,
      0.6486,
      0.7027,
      0.7568,
      0.8108,
      0.8649,
      0.9189,
      0.973,
      1.027,
      1.0811,
      1.1351,
      1.1892,
      1.2432,
      1.2973,
      1.3514,
      1.4054,
      1.4595,
      1.5135,
      1.5676,
      1.6216,
      1.6757,
      1.7297,
      1.7838,
      1.8378,
      1.8919,
      1.9459
    ],
    "TaskName": "gstroop",
    "TotalReadoutTime": 0.025822520692561732,
    "UsePhilipsFloatNotDisplayScaling": 1,
    "acq_id": "seq",
    "dataset": "unknown",
    "modality": "bold",
    "subject_id": "0113",
    "task_id": "gstroop"
  },
  "dummy_trs": 0,
  "dvars_nstd": 21.148351751721307,
  "dvars_std": 1.0834003687704916,
  "dvars_vstd": 0.9390056232377052,
  "efc": 0.3807922952367906,
  "fber": 160325056.0,
  "fd_mean": 0.13447337132410064,
  "fd_num": 34,
  "fd_perc": 13.877551020408163,
  "fwhm_avg": 2.4298754654939394,
  "fwhm_x": 2.3778566666666667,
  "fwhm_y": 2.638666666666667,
  "fwhm_z": 2.273103063148485,
  "gcor": 0.00527553,
  "gsr_x": -0.00777897983789444,
  "gsr_y": 0.004406059626489878,
  "provenance": {
    "md5sum": "af9b908017e620c735920f4523fe0fd2",
    "settings": {
      "fd_thres": 0.2,
      "hmc_fsl": false
    },
    "software": "mriqc",
    "version": "0.15.0",
    "webapi_port": null,
    "webapi_url": "https://mriqc.nimh.nih.gov/api/v1"
  },
  "size_t": 245,
  "size_x": 80,
  "size_y": 80,
  "size_z": 37,
  "snr": 4.876194483245073,
  "spacing_tr": 2.0,
  "spacing_x": 3.0,
  "spacing_y": 3.0,
  "spacing_z": 3.299999952316284,
  "spikes_num": 0,
  "summary_bg_k": 96.76133590311089,
  "summary_bg_mad": 2.3766446113586426,
  "summary_bg_mean": 183.41262817382812,
  "summary_bg_median": 1.620024561882019,
  "summary_bg_n": 159477.0,
  "summary_bg_p05": 0.007901733182370663,
  "summary_bg_p95": 685.8584106445306,
  "summary_bg_stdv": 987.9359130859375,
  "summary_fg_k": 2.6542920030372885,
  "summary_fg_mad": 3961.58837890625,
  "summary_fg_mean": 23087.74609375,
  "summary_fg_median": 22882.083984375,
  "summary_fg_n": 36857.0,
  "summary_fg_p05": 16227.6904296875,
  "summary_fg_p95": 30390.43203124999,
  "summary_fg_stdv": 4692.54736328125,
  "tsnr": 50.53955078125
}