{
  "aor": 0.0007395679012345679,
  "aqi": 0.005207571975308641,
  "bids_meta": {
    "AcquisitionNumber": 8,
    "BidsifyVersion": "0.3.5",
    "ConversionSoftware": "dcm2niix",
    "ConversionSoftwareVersion": "v1.0.20181125  GCC6.3.0",
    "EchoTime": 0.02762,
    "EffectiveEchoSpacing": 0.0006621159151938905,
    "ImageComments": "piop",
    "ImageOrientationPatientDICOM": [
      0.998115,
      -0.0361847,
      -0.0495707,
      0.0128918,
      0.913296,
      -0.407092
    ],
    "Manufacturer": "Philips",
    "NumberOfVolumesDiscardedByScanner": 2,
    "ParallelAcquisitionTechnique": "SENSE",
    "ParallelReductionFactorInPlane": 2,
    "PatientPosition": "HFS",
    "PhaseEncodingDirection": "j",
    "PhilipsRescaleIntercept": 0,
    "PhilipsRescaleSlope": 0.7939,
    "PhilipsScaleSlope": 0.0669254,
    "ProtocolName": "WIPpiopwmSENSE",
    "PulseSequenceType": "gradient echo EPI",
    "ReconMatrixPE": 80,
    "RepetitionTime": 2,
    "SeriesDescription": "ImageMRSERIES",
    "SeriesNumber": 8,
    "SliceEncodingDirection": "k",
    "SliceTiming": [
      0.0,
      0.0541,
      0.1081,
      0.1622,
      0.2162,
      0.2703,
      0.3243,
      0.3784,
      0.4324,
      0.4865,
      0.5405,
      0.5946,
      0.6486,
      0.7027,
      0.7568,
      0.8108,
      0.8649,
      0.9189,
      0.973,
      1.027,
      1.0811,
      1.1351,
      1.1892,
      1.2432,
      1.2973,
      1.3514,
      1.4054,
      1.4595,
      1.5135,
      1.5676,
      1.6216,
      1.6757,
      1.7297,
      1.7838,
      1.8378,
      1.8919,
      1.9459
    ],
    "TaskName": "workingmemory",
    "TotalReadoutTime": 0.025822520692561732,
    "UsePhilipsFloatNotDisplayScaling": 1,
    "acq_id": "seq",
    "dataset": "unknown",
    "modality": "bold",
    "subject_id": "0113",
    "task_id": "workingmemory"
  },
  "dummy_trs": 0,
  "dvars_nstd": 22.617414966149063,
  "dvars_std": 1.2293748150310562,
  "dvars_vstd": 0.9760272785093166,
  "efc": 0.3796337269364325,
  "fber": 428905248.0,
  "fd_mean": 0.11836406219889262,
  "fd_num": 13,
  "fd_perc": 8.024691358024691,
  "fwhm_avg": 2.3823718288180746,
  "fwhm_x": 2.3529466666666665,
  "fwhm_y": 2.58589,
  "fwhm_z": 2.2082788197875574,
  "gcor": 0.0115605,
  "gsr_x": -0.007483098190277815,
  "gsr_y": 0.0039982241578400135,
  "provenance": {
    "md5sum": "fce1e796c6fee872a2c8675e96da0181",
    "settings": {
      "fd_thres": 0.2,
      "hmc_fsl": false
    },
    "software": "mriqc",
    "version": "0.15.0",
    "webapi_port": null,
    "webapi_url": "https://mriqc.nimh.nih.gov/api/v1"
  },
  "size_t": 162,
  "size_x": 80,
  "size_y": 80,
  "size_z": 37,
  "snr": 5.013593124165546,
  "spacing_tr": 2.0,
  "spacing_x": 3.0,
  "spacing_y": 3.0,
  "spacing_z": 3.299999952316284,
  "spikes_num": 0,
  "summary_bg_k": 96.26655812812992,
  "summary_bg_mad": 1.4886811971664429,
  "summary_bg_mean": 175.06251525878906,
  "summary_bg_median": 1.0272109508514404,
  "summary_bg_n": 159593.0,
  "summary_bg_p05": 0.007389147207140923,
  "summary_bg_p95": 598.7966186523437,
  "summary_bg_stdv": 996.803466796875,
  "summary_fg_k": 2.8654898830866147,
  "summary_fg_mad": 3728.04541015625,
  "summary_fg_mean": 22591.28515625,
  "summary_fg_median": 22435.328125,
  "summary_fg_n": 36864.0,
  "summary_fg_p05": 16078.253662109375,
  "summary_fg_p95": 29472.04970703125,
  "summary_fg_stdv": 4474.83935546875,
  "tsnr": 72.20494079589844
}