{
    "Manufacturer": "Philips",
    "PatientPosition": "HFS",
    "SeriesDescription": "ImageMRSERIES",
    "ProtocolName": "WIPt13dSENSE",
    "SeriesNumber": 4,
    "AcquisitionNumber": 4,
    "ImageComments": "piop",
    "PhilipsRescaleSlope": 8.758,
    "PhilipsRescaleIntercept": 0,
    "PhilipsScaleSlope": 0.0071907,
    "UsePhilipsFloatNotDisplayScaling": 1,
    "EchoTime": 0.00374,
    "RepetitionTime": 0.008181,
    "ReconMatrixPE": 240,
    "ImageOrientationPatientDICOM": [
        0.998763,
        -0.00370741,
        -0.0495906,
        0.000871585,
        0.998369,
        -0.0570846
    ],
    "ConversionSoftware": "dcm2niix",
    "ConversionSoftwareVersion": "v1.0.20181125  GCC6.3.0",
    "BidsifyVersion": "0.3.5"
}