{
  "aor": 0.0019562962962962963,
  "aqi": 0.0065971294074074075,
  "bids_meta": {
    "AcquisitionNumber": 5,
    "BidsifyVersion": "0.3.5",
    "ConversionSoftware": "dcm2niix",
    "ConversionSoftwareVersion": "v1.0.20181125  GCC6.3.0",
    "EchoTime": 0.02762,
    "EffectiveEchoSpacing": 0.0006621159151938905,
    "ImageComments": "Piop",
    "ImageOrientationPatientDICOM": [
      0.99482,
      0.0939317,
      -0.0388669,
      -0.0978935,
      0.988267,
      -0.117241
    ],
    "Manufacturer": "Philips",
    "NumberOfVolumesDiscardedByScanner": 2,
    "ParallelAcquisitionTechnique": "SENSE",
    "ParallelReductionFactorInPlane": 2,
    "PatientPosition": "HFS",
    "PhaseEncodingDirection": "j",
    "PhilipsRescaleIntercept": 0,
    "PhilipsRescaleSlope": 0.83248,
    "PhilipsScaleSlope": 0.0482511,
    "ProtocolName": "WIPpiopharririSENSE",
    "PulseSequenceType": "gradient echo EPI",
    "ReconMatrixPE": 80,
    "RepetitionTime": 2,
    "SeriesDescription": "ImageMRSERIES",
    "SeriesNumber": 5,
    "SliceEncodingDirection": "k",
    "SliceTiming": [
      0.0,
      0.0541,
      0.1081,
      0.1622,
      0.2162,
      0.2703,
      0.3243,
      0.3784,
      0.4324,
      0.4865,
      0.5405,
      0.5946,
      0.6486,
      0.7027,
      0.7568,
      0.8108,
      0.8649,
      0.9189,
      0.973,
      1.027,
      1.0811,
      1.1351,
      1.1892,
      1.2432,
      1.2973,
      1.3514,
      1.4054,
      1.4595,
      1.5135,
      1.5676,
      1.6216,
      1.6757,
      1.7297,
      1.7838,
      1.8378,
      1.8919,
      1.9459
    ],
    "TaskName": "emomatching",
    "TotalReadoutTime": 0.025822520692561732,
    "UsePhilipsFloatNotDisplayScaling": 1,
    "acq_id": "seq",
    "dataset": "unknown",
    "modality": "bold",
    "subject_id": "0145",
    "task_id": "emomatching"
  },
  "dummy_trs": 0,
  "dvars_nstd": 23.418669857089554,
  "dvars_std": 1.237905902089552,
  "dvars_vstd": 1.0188338706716416,
  "efc": 0.39472961607017387,
  "fber": 272962336.0,
  "fd_mean": 0.13511420941699365,
  "fd_num": 17,
  "fd_perc": 12.592592592592593,
  "fwhm_avg": 2.3397883940838735,
  "fwhm_x": 2.25172,
  "fwhm_y": 2.640496666666667,
  "fwhm_z": 2.127148515584953,
  "gcor": 0.00971728,
  "gsr_x": -0.00471120048314333,
  "gsr_y": 0.00226221582852304,
  "provenance": {
    "md5sum": "16323f242a90d7b44ba5543a18d320c0",
    "settings": {
      "fd_thres": 0.2,
      "hmc_fsl": false
    },
    "software": "mriqc",
    "version": "0.15.0",
    "webapi_port": null,
    "webapi_url": "https://mriqc.nimh.nih.gov/api/v1"
  },
  "size_t": 135,
  "size_x": 80,
  "size_y": 80,
  "size_z": 37,
  "snr": 4.722365274556771,
  "spacing_tr": 2.0,
  "spacing_x": 3.0,
  "spacing_y": 3.0,
  "spacing_z": 3.299999952316284,
  "spikes_num": 4,
  "summary_bg_k": 85.9517211393988,
  "summary_bg_mad": 2.22597074508667,
  "summary_bg_mean": 243.91897583007812,
  "summary_bg_median": 1.5248016119003296,
  "summary_bg_n": 155667.0,
  "summary_bg_p05": 0.013001025561243296,
  "summary_bg_p95": 820.808203124998,
  "summary_bg_stdv": 1428.7911376953125,
  "summary_fg_k": 2.126491981586744,
  "summary_fg_mad": 5004.625,
  "summary_fg_mean": 28147.55859375,
  "summary_fg_median": 27964.576171875,
  "summary_fg_n": 39947.0,
  "summary_fg_p05": 19191.5248046875,
  "summary_fg_p95": 37549.65273437499,
  "summary_fg_stdv": 5921.65673828125,
  "tsnr": 61.95250701904297
}