{
  "bids_meta": {
    "AcquisitionNumber": 4,
    "BidsifyVersion": "0.3.5",
    "ConversionSoftware": "dcm2niix",
    "ConversionSoftwareVersion": "v1.0.20181125  GCC6.3.0",
    "EchoTime": 0.00374,
    "ImageComments": "piop",
    "ImageOrientationPatientDICOM": [
      0.996167,
      -0.0873383,
      0.00488967,
      0.0873285,
      0.996177,
      0.00218067
    ],
    "Manufacturer": "Philips",
    "PatientPosition": "HFS",
    "PhilipsRescaleIntercept": 0,
    "PhilipsRescaleSlope": 9.65617,
    "PhilipsScaleSlope": 0.00736596,
    "ProtocolName": "WIPt13dSENSE",
    "ReconMatrixPE": 240,
    "RepetitionTime": 0.008132,
    "SeriesDescription": "ImageMRSERIES",
    "SeriesNumber": 4,
    "UsePhilipsFloatNotDisplayScaling": 1,
    "dataset": "unknown",
    "modality": "T1w",
    "subject_id": "0062"
  },
  "cjv": 0.38576810578431253,
  "cnr": 3.290918081412448,
  "efc": 0.7671439209690186,
  "fber": 413.6644287109375,
  "fwhm_avg": 3.4508334727499963,
  "fwhm_x": 3.33543,
  "fwhm_y": 3.772310224847211,
  "fwhm_z": 3.2447601934027785,
  "icvs_csf": 0.18903448110815652,
  "icvs_gm": 0.4490213753500266,
  "icvs_wm": 0.3619441435418168,
  "inu_med": 0.5898241400718689,
  "inu_range": 0.25000469386577606,
  "provenance": {
    "md5sum": "af6d0c8169e597022eee17640184e283",
    "settings": {
      "testing": false
    },
    "software": "mriqc",
    "version": "0.15.0",
    "warnings": {
      "large_rot_frame": true,
      "small_air_mask": true
    },
    "webapi_port": null,
    "webapi_url": "https://mriqc.nimh.nih.gov/api/v1"
  },
  "qi_1": 0.0,
  "qi_2": 0.00011115935298917147,
  "rpve_csf": 32.415789066927715,
  "rpve_gm": 15.346741937303353,
  "rpve_wm": 23.023073410415183,
  "size_x": 240,
  "size_y": 240,
  "size_z": 220,
  "snr_csf": 1.9308659374991912,
  "snr_gm": 7.219866149464763,
  "snr_total": 8.843594717015348,
  "snr_wm": 17.38005206408209,
  "snrd_csf": 14.290564927511586,
  "snrd_gm": 31.028124992823848,
  "snrd_total": 31.10668821001281,
  "snrd_wm": 48.001374709703,
  "spacing_x": 1.0,
  "spacing_y": 0.9999999403953552,
  "spacing_z": 0.9999999403953552,
  "summary_bg_k": 1.8955657009724778,
  "summary_bg_mad": 13.648380279541016,
  "summary_bg_mean": 19.65974235534668,
  "summary_bg_median": 18.419906616210938,
  "summary_bg_n": 134426.0,
  "summary_bg_p05": 0.0,
  "summary_bg_p95": 46.22749996185303,
  "summary_bg_stdv": 14.794506072998047,
  "summary_csf_k": -1.12044213351208,
  "summary_csf_mad": 208.54905700683594,
  "summary_csf_mean": 294.5406494140625,
  "summary_csf_median": 297.71368408203125,
  "summary_csf_n": 4780.0,
  "summary_csf_p05": 79.52569084167482,
  "summary_csf_p95": 526.2784423828125,
  "summary_csf_stdv": 154.1704864501953,
  "summary_gm_k": 0.08481052082790796,
  "summary_gm_mad": 85.4749526977539,
  "summary_gm_mean": 653.9031982421875,
  "summary_gm_median": 646.4053344726562,
  "summary_gm_n": 26225.0,
  "summary_gm_p05": 518.4947387695313,
  "summary_gm_p95": 813.7018310546875,
  "summary_gm_stdv": 89.52977752685547,
  "summary_wm_k": 1.0115517480851421,
  "summary_wm_mad": 50.93332290649414,
  "summary_wm_mean": 996.06787109375,
  "summary_wm_median": 1000.007080078125,
  "summary_wm_n": 176989.0,
  "summary_wm_p05": 893.336572265625,
  "summary_wm_p95": 1082.4816650390626,
  "summary_wm_stdv": 57.537471771240234,
  "tpm_overlap_csf": 0.2005067765712738,
  "tpm_overlap_gm": 0.5084537863731384,
  "tpm_overlap_wm": 0.5368596911430359,
  "wm2max": 0.5204068610600958
}