{
  "aor": 0.00120955,
  "aqi": 0.005306091299999999,
  "bids_meta": {
    "AcquisitionNumber": 9,
    "BidsifyVersion": "0.3.5",
    "ConversionSoftware": "dcm2niix",
    "ConversionSoftwareVersion": "v1.0.20181125  GCC6.3.0",
    "EchoTime": 0.02762,
    "ImageComments": "PIOP",
    "ImageOrientationPatientDICOM": [
      0.999505,
      -0.0114294,
      0.0293151,
      0.0169229,
      0.980732,
      -0.194622
    ],
    "Manufacturer": "Philips",
    "NumberOfVolumesDiscardedByScanner": 2,
    "ParallelAcquisitionTechnique": "SENSE",
    "ParallelReductionFactorInPlane": 2,
    "PatientPosition": "HFS",
    "PhaseEncodingDirection": "j",
    "PhilipsRescaleIntercept": 0,
    "PhilipsRescaleSlope": 0.76777,
    "PhilipsScaleSlope": 0.0526658,
    "ProtocolName": "WIPpiopanticipatieSENSE",
    "PulseSequenceType": "gradient echo EPI",
    "ReconMatrixPE": 80,
    "RepetitionTime": 2,
    "SeriesDescription": "ImageMRSERIES",
    "SeriesNumber": 9,
    "SliceEncodingDirection": "k",
    "TaskName": "anticipation",
    "UsePhilipsFloatNotDisplayScaling": 1,
    "acq_id": "seq",
    "dataset": "unknown",
    "modality": "bold",
    "subject_id": "0098",
    "task_id": "anticipation"
  },
  "dummy_trs": 0,
  "dvars_nstd": 23.73730428472362,
  "dvars_std": 1.2573793594472362,
  "dvars_vstd": 0.9889443456281413,
  "efc": 0.4394865888900323,
  "fber": 126638144.0,
  "fd_mean": 0.1302978999092145,
  "fd_num": 15,
  "fd_perc": 7.5,
  "fwhm_avg": 2.384516576027548,
  "fwhm_x": 2.36883,
  "fwhm_y": 2.6315166666666667,
  "fwhm_z": 2.1532030614159767,
  "gcor": 0.0236406,
  "gsr_x": 0.0010633005294948816,
  "gsr_y": 0.008226604200899601,
  "provenance": {
    "md5sum": "4b59445bd7f66fbb6bd66c2416978681",
    "settings": {
      "fd_thres": 0.2,
      "hmc_fsl": false
    },
    "software": "mriqc",
    "version": "0.15.0",
    "webapi_port": null,
    "webapi_url": "https://mriqc.nimh.nih.gov/api/v1"
  },
  "size_t": 200,
  "size_x": 80,
  "size_y": 80,
  "size_z": 37,
  "snr": 4.499684501607211,
  "spacing_tr": 2.0,
  "spacing_x": 3.0,
  "spacing_y": 3.0,
  "spacing_z": 3.299999952316284,
  "spikes_num": 0,
  "summary_bg_k": 53.946703097819345,
  "summary_bg_mad": 2.811204671859741,
  "summary_bg_mean": 295.6469421386719,
  "summary_bg_median": 1.933207392692566,
  "summary_bg_n": 146113.0,
  "summary_bg_p05": 0.01797277256846428,
  "summary_bg_p95": 1413.6169921874982,
  "summary_bg_stdv": 1427.46240234375,
  "summary_fg_k": 2.814395784652981,
  "summary_fg_mad": 4385.857421875,
  "summary_fg_mean": 25330.439453125,
  "summary_fg_median": 24938.361328125,
  "summary_fg_n": 48044.0,
  "summary_fg_p05": 17640.523046875,
  "summary_fg_p95": 34040.369140625,
  "summary_fg_stdv": 5542.18896484375,
  "tsnr": 67.35899353027344
}