{
  "aor": 0.0030139344262295085,
  "aqi": 0.00515669606557377,
  "bids_meta": {
    "AcquisitionNumber": 3,
    "BidsifyVersion": "0.3.5",
    "ConversionSoftware": "dcm2niix",
    "ConversionSoftwareVersion": "v1.0.20181125  GCC6.3.0",
    "EchoTime": 0.02762,
    "ImageComments": "PIOP",
    "ImageOrientationPatientDICOM": [
      0.999505,
      -0.0114294,
      0.0293151,
      0.0169229,
      0.980732,
      -0.194622
    ],
    "Manufacturer": "Philips",
    "NumberOfVolumesDiscardedByScanner": 2,
    "ParallelAcquisitionTechnique": "SENSE",
    "ParallelReductionFactorInPlane": 2,
    "PatientPosition": "HFS",
    "PhaseEncodingDirection": "j",
    "PhilipsRescaleIntercept": 0,
    "PhilipsRescaleSlope": 0.77021,
    "PhilipsScaleSlope": 0.0522904,
    "ProtocolName": "WIPpiopgstroopSENSE",
    "PulseSequenceType": "gradient echo EPI",
    "ReconMatrixPE": 80,
    "RepetitionTime": 2,
    "SeriesDescription": "ImageMRSERIES",
    "SeriesNumber": 3,
    "SliceEncodingDirection": "k",
    "TaskName": "gstroop",
    "UsePhilipsFloatNotDisplayScaling": 1,
    "acq_id": "seq",
    "dataset": "unknown",
    "modality": "bold",
    "subject_id": "0098",
    "task_id": "gstroop"
  },
  "dummy_trs": 1,
  "dvars_nstd": 23.47848244674898,
  "dvars_std": 1.2963249179423868,
  "dvars_vstd": 1.025991851851852,
  "efc": 0.439917388020788,
  "fber": 212555616.0,
  "fd_mean": 0.12961892484605966,
  "fd_num": 23,
  "fd_perc": 9.426229508196721,
  "fwhm_avg": 2.3779426365988563,
  "fwhm_x": 2.3605933333333335,
  "fwhm_y": 2.6272466666666667,
  "fwhm_z": 2.145987909796569,
  "gcor": 0.0176203,
  "gsr_x": 0.0007267186301760375,
  "gsr_y": 0.0074127898551523685,
  "provenance": {
    "md5sum": "d9c67cefac41e321082705369cc43a47",
    "settings": {
      "fd_thres": 0.2,
      "hmc_fsl": false
    },
    "software": "mriqc",
    "version": "0.15.0",
    "webapi_port": null,
    "webapi_url": "https://mriqc.nimh.nih.gov/api/v1"
  },
  "size_t": 244,
  "size_x": 80,
  "size_y": 80,
  "size_z": 37,
  "snr": 4.5484378977384194,
  "spacing_tr": 2.0,
  "spacing_x": 3.0,
  "spacing_y": 3.0,
  "spacing_z": 3.299999952316284,
  "spikes_num": 2,
  "summary_bg_k": 58.207551792305054,
  "summary_bg_mad": 2.2139031887054443,
  "summary_bg_mean": 289.8210754394531,
  "summary_bg_median": 1.5109758377075195,
  "summary_bg_n": 145885.0,
  "summary_bg_p05": 0.007046705018728972,
  "summary_bg_p95": 1401.848339843749,
  "summary_bg_stdv": 1417.76806640625,
  "summary_fg_k": 3.055564905643781,
  "summary_fg_mad": 4258.09423828125,
  "summary_fg_mean": 25193.59375,
  "summary_fg_median": 24862.75,
  "summary_fg_n": 48227.0,
  "summary_fg_p05": 17703.9482421875,
  "summary_fg_p95": 33687.613671875,
  "summary_fg_stdv": 5466.16064453125,
  "tsnr": 69.65524291992188
}