{
  "aor": 0.0005344444444444444,
  "aqi": 0.0037724934074074073,
  "bids_meta": {
    "AcquisitionNumber": 5,
    "BidsifyVersion": "0.3.5",
    "ConversionSoftware": "dcm2niix",
    "ConversionSoftwareVersion": "v1.0.20181125  GCC6.3.0",
    "EchoTime": 0.02762,
    "ImageComments": "PIOP",
    "ImageOrientationPatientDICOM": [
      0.999505,
      -0.0114294,
      0.0293151,
      0.0169229,
      0.980732,
      -0.194622
    ],
    "Manufacturer": "Philips",
    "NumberOfVolumesDiscardedByScanner": 2,
    "ParallelAcquisitionTechnique": "SENSE",
    "ParallelReductionFactorInPlane": 2,
    "PatientPosition": "HFS",
    "PhaseEncodingDirection": "j",
    "PhilipsRescaleIntercept": 0,
    "PhilipsRescaleSlope": 0.7685,
    "PhilipsScaleSlope": 0.052956,
    "ProtocolName": "WIPpiopharririSENSE",
    "PulseSequenceType": "gradient echo EPI",
    "ReconMatrixPE": 80,
    "RepetitionTime": 2,
    "SeriesDescription": "ImageMRSERIES",
    "SeriesNumber": 5,
    "SliceEncodingDirection": "k",
    "TaskName": "emomatching",
    "UsePhilipsFloatNotDisplayScaling": 1,
    "acq_id": "seq",
    "dataset": "unknown",
    "modality": "bold",
    "subject_id": "0098",
    "task_id": "emomatching"
  },
  "dummy_trs": 0,
  "dvars_nstd": 23.843704778358216,
  "dvars_std": 1.3033561320149256,
  "dvars_vstd": 0.9935942494029848,
  "efc": 0.4391678072633495,
  "fber": 200590384.0,
  "fd_mean": 0.10541713406763176,
  "fd_num": 3,
  "fd_perc": 2.2222222222222223,
  "fwhm_avg": 2.382540313417603,
  "fwhm_x": 2.363233333333333,
  "fwhm_y": 2.627796666666667,
  "fwhm_z": 2.156590940252809,
  "gcor": 0.0148647,
  "gsr_x": 0.0005380872753448784,
  "gsr_y": 0.008156105875968933,
  "provenance": {
    "md5sum": "9bf09b0f9c04adbbf1daa6269b812451",
    "settings": {
      "fd_thres": 0.2,
      "hmc_fsl": false
    },
    "software": "mriqc",
    "version": "0.15.0",
    "webapi_port": null,
    "webapi_url": "https://mriqc.nimh.nih.gov/api/v1"
  },
  "size_t": 135,
  "size_x": 80,
  "size_y": 80,
  "size_z": 37,
  "snr": 4.51260300231465,
  "spacing_tr": 2.0,
  "spacing_x": 3.0,
  "spacing_y": 3.0,
  "spacing_z": 3.299999952316284,
  "spikes_num": 0,
  "summary_bg_k": 55.473053452554836,
  "summary_bg_mad": 2.3194797039031982,
  "summary_bg_mean": 290.0709533691406,
  "summary_bg_median": 1.5915604829788208,
  "summary_bg_n": 146013.0,
  "summary_bg_p05": 0.007131627574563027,
  "summary_bg_p95": 1458.7623535156213,
  "summary_bg_stdv": 1425.996337890625,
  "summary_fg_k": 2.794414877159416,
  "summary_fg_mad": 4409.83984375,
  "summary_fg_mean": 25281.7265625,
  "summary_fg_median": 24915.09375,
  "summary_fg_n": 48098.0,
  "summary_fg_p05": 17659.881445312498,
  "summary_fg_p95": 33989.281054687504,
  "summary_fg_stdv": 5521.1669921875,
  "tsnr": 77.95262908935547
}