{
  "aor": 0.00016534736842105263,
  "aqi": 0.0092860884,
  "bids_meta": {
    "AcquisitionNumber": 6,
    "BidsifyVersion": "0.3.5",
    "ConversionSoftware": "dcm2niix",
    "ConversionSoftwareVersion": "v1.0.20181125  GCC6.3.0",
    "EchoTime": 0.02762,
    "ImageComments": "PIOP",
    "ImageOrientationPatientDICOM": [
      0.999505,
      -0.0114294,
      0.0293151,
      0.0169229,
      0.980732,
      -0.194622
    ],
    "Manufacturer": "Philips",
    "NumberOfVolumesDiscardedByScanner": 2,
    "ParallelAcquisitionTechnique": "SENSE",
    "ParallelReductionFactorInPlane": 2,
    "PatientPosition": "HFS",
    "PhaseEncodingDirection": "j",
    "PhilipsRescaleIntercept": 0,
    "PhilipsRescaleSlope": 0.77021,
    "PhilipsScaleSlope": 0.0878079,
    "ProtocolName": "WIPpioprsSENSE",
    "PulseSequenceType": "gradient echo EPI",
    "ReconMatrixPE": 80,
    "RepetitionTime": 0.75,
    "SeriesDescription": "ImageMRSERIES",
    "SeriesNumber": 6,
    "SliceEncodingDirection": "k",
    "TaskName": "restingstate",
    "UsePhilipsFloatNotDisplayScaling": 1,
    "acq_id": "mb3",
    "dataset": "unknown",
    "modality": "bold",
    "subject_id": "0098",
    "task_id": "restingstate"
  },
  "dummy_trs": 5,
  "dvars_nstd": 30.266547182911403,
  "dvars_std": 1.1670605935864982,
  "dvars_vstd": 0.9814412451265827,
  "efc": 0.4450558539877687,
  "fber": 174350112.0,
  "fd_mean": 0.1022544889305673,
  "fd_num": 7,
  "fd_perc": 1.4736842105263157,
  "fwhm_avg": 2.4731695056719825,
  "fwhm_x": 2.4644566666666665,
  "fwhm_y": 2.72887,
  "fwhm_z": 2.22618185034928,
  "gcor": 0.00909051,
  "gsr_x": 0.0016694399528205395,
  "gsr_y": 0.006926239468157291,
  "provenance": {
    "md5sum": "0d5d00ab2cdbd178150512a94ab3a850",
    "settings": {
      "fd_thres": 0.2,
      "hmc_fsl": false
    },
    "software": "mriqc",
    "version": "0.15.0",
    "webapi_port": null,
    "webapi_url": "https://mriqc.nimh.nih.gov/api/v1"
  },
  "size_t": 475,
  "size_x": 80,
  "size_y": 80,
  "size_z": 36,
  "snr": 5.247465641649648,
  "spacing_tr": 0.75,
  "spacing_x": 3.0,
  "spacing_y": 3.0,
  "spacing_z": 3.299999952316284,
  "spikes_num": 0,
  "summary_bg_k": 55.06590820646186,
  "summary_bg_mad": 1.60372793674469,
  "summary_bg_mean": 200.11061096191406,
  "summary_bg_median": 1.0850515365600586,
  "summary_bg_n": 141327.0,
  "summary_bg_p05": 0.002006569225341082,
  "summary_bg_p95": 951.7300292968716,
  "summary_bg_stdv": 953.4678344726562,
  "summary_fg_k": 2.651507220043892,
  "summary_fg_mad": 2630.142822265625,
  "summary_fg_mean": 16703.34375,
  "summary_fg_median": 16810.0390625,
  "summary_fg_n": 47362.0,
  "summary_fg_p05": 11619.60791015625,
  "summary_fg_p95": 21456.77314453125,
  "summary_fg_stdv": 3203.4248046875,
  "tsnr": 49.56034851074219
}