{
  "aor": 0.00041660606060606056,
  "aqi": 0.01125430793939394,
  "bids_meta": {
    "AcquisitionNumber": 2,
    "BidsifyVersion": "0.3.5",
    "ConversionSoftware": "dcm2niix",
    "ConversionSoftwareVersion": "v1.0.20181125  GCC6.3.0",
    "EchoTime": 0.02762,
    "EffectiveEchoSpacing": 0.0006333282667071997,
    "ImageComments": "piop",
    "ImageOrientationPatientDICOM": [
      0.996469,
      0.0794388,
      0.0271764,
      -0.0756245,
      0.989834,
      -0.120459
    ],
    "Manufacturer": "Philips",
    "NumberOfVolumesDiscardedByScanner": 2,
    "ParallelAcquisitionTechnique": "SENSE",
    "ParallelReductionFactorInPlane": 2,
    "PatientPosition": "HFS",
    "PhaseEncodingDirection": "j",
    "PhilipsRescaleIntercept": 0,
    "PhilipsRescaleSlope": 0.75995,
    "PhilipsScaleSlope": 0.0865423,
    "ProtocolName": "WIPpiopfacesSENSE",
    "PulseSequenceType": "gradient echo EPI",
    "ReconMatrixPE": 80,
    "RepetitionTime": 0.75,
    "SeriesDescription": "ImageMRSERIES",
    "SeriesNumber": 2,
    "SliceEncodingDirection": "k",
    "SliceTiming": [
      0.0,
      0.06755050505050506,
      0.1351010101010101,
      0.20265151515151517,
      0.2702020202020202,
      0.3377525252525253,
      0.40530303030303033,
      0.47285353535353536,
      0.5404040404040404,
      0.6079545454545455,
      0.6755050505050506,
      0.7430555555555556,
      0.0,
      0.06755050505050506,
      0.1351010101010101,
      0.20265151515151517,
      0.2702020202020202,
      0.3377525252525253,
      0.40530303030303033,
      0.47285353535353536,
      0.5404040404040404,
      0.6079545454545455,
      0.6755050505050506,
      0.7430555555555556,
      0.0,
      0.06755050505050506,
      0.1351010101010101,
      0.20265151515151517,
      0.2702020202020202,
      0.3377525252525253,
      0.40530303030303033,
      0.47285353535353536,
      0.5404040404040404,
      0.6079545454545455,
      0.6755050505050506,
      0.7430555555555556
    ],
    "TaskName": "faces",
    "TotalReadoutTime": 0.024699802401580786,
    "UsePhilipsFloatNotDisplayScaling": 1,
    "acq_id": "mb3",
    "dataset": "unknown",
    "modality": "bold",
    "subject_id": "0078",
    "task_id": "faces"
  },
  "dummy_trs": 0,
  "dvars_nstd": 20.708061194984808,
  "dvars_std": 1.0341342798480246,
  "dvars_vstd": 0.9582332397872327,
  "efc": 0.4274053166584996,
  "fber": 478190080.0,
  "fd_mean": 0.08411540095810278,
  "fd_num": 1,
  "fd_perc": 0.30303030303030304,
  "fwhm_avg": 2.554319560284336,
  "fwhm_x": 2.499686666666667,
  "fwhm_y": 2.9024900000000002,
  "fwhm_z": 2.2607820141863404,
  "gcor": 0.0128893,
  "gsr_x": -0.003707294352352619,
  "gsr_y": 0.002389528090134263,
  "provenance": {
    "md5sum": "66104f9810014ce093a798a8f51591b8",
    "settings": {
      "fd_thres": 0.2,
      "hmc_fsl": false
    },
    "software": "mriqc",
    "version": "0.15.0",
    "webapi_port": null,
    "webapi_url": "https://mriqc.nimh.nih.gov/api/v1"
  },
  "size_t": 330,
  "size_x": 80,
  "size_y": 80,
  "size_z": 36,
  "snr": 5.509158758637583,
  "spacing_tr": 0.75,
  "spacing_x": 3.0,
  "spacing_y": 3.0,
  "spacing_z": 3.299999713897705,
  "spikes_num": 0,
  "summary_bg_k": 73.50995316194367,
  "summary_bg_mad": 1.232253074645996,
  "summary_bg_mean": 210.59214782714844,
  "summary_bg_median": 0.8367650508880615,
  "summary_bg_n": 146181.0,
  "summary_bg_p05": 0.0021731886081397533,
  "summary_bg_p95": 1065.4425048828125,
  "summary_bg_stdv": 1035.18896484375,
  "summary_fg_k": 2.4403641114632233,
  "summary_fg_mad": 3013.20947265625,
  "summary_fg_mean": 19937.787109375,
  "summary_fg_median": 20016.25390625,
  "summary_fg_n": 43651.0,
  "summary_fg_p05": 14071.9736328125,
  "summary_fg_p95": 25486.7529296875,
  "summary_fg_stdv": 3633.22705078125,
  "tsnr": 51.53641128540039
}