{
  "aor": 0.00056865,
  "aqi": 0.0029643749500000006,
  "bids_meta": {
    "AcquisitionNumber": 9,
    "BidsifyVersion": "0.3.5",
    "ConversionSoftware": "dcm2niix",
    "ConversionSoftwareVersion": "v1.0.20181125  GCC6.3.0",
    "EchoTime": 0.02762,
    "ImageComments": "piop",
    "ImageOrientationPatientDICOM": [
      0.997272,
      0.0676723,
      0.0294729,
      -0.057677,
      0.963626,
      -0.260956
    ],
    "Manufacturer": "Philips",
    "NumberOfVolumesDiscardedByScanner": 2,
    "ParallelAcquisitionTechnique": "SENSE",
    "ParallelReductionFactorInPlane": 2,
    "PatientPosition": "HFS",
    "PhaseEncodingDirection": "j",
    "PhilipsRescaleIntercept": 0,
    "PhilipsRescaleSlope": 0.76166,
    "PhilipsScaleSlope": 0.0589517,
    "ProtocolName": "WIPpiopanticipatieSENSE",
    "PulseSequenceType": "gradient echo EPI",
    "ReconMatrixPE": 80,
    "RepetitionTime": 2,
    "SeriesDescription": "ImageMRSERIES",
    "SeriesNumber": 9,
    "SliceEncodingDirection": "k",
    "TaskName": "anticipation",
    "UsePhilipsFloatNotDisplayScaling": 1,
    "acq_id": "seq",
    "dataset": "unknown",
    "modality": "bold",
    "subject_id": "0154",
    "task_id": "anticipation"
  },
  "dummy_trs": 0,
  "dvars_nstd": 24.892380364673368,
  "dvars_std": 1.1799785498994972,
  "dvars_vstd": 0.9950869719095474,
  "efc": 0.41360989677745075,
  "fber": 457670528.0,
  "fd_mean": 0.17009935726904613,
  "fd_num": 47,
  "fd_perc": 23.5,
  "fwhm_avg": 2.264087687102856,
  "fwhm_x": 2.201686666666667,
  "fwhm_y": 2.4448066666666666,
  "fwhm_z": 2.1457697279752344,
  "gcor": 0.0188229,
  "gsr_x": 0.0007733850507065654,
  "gsr_y": 0.0030628894455730915,
  "provenance": {
    "md5sum": "23648c946a2341caf977d41a108a9305",
    "settings": {
      "fd_thres": 0.2,
      "hmc_fsl": false
    },
    "software": "mriqc",
    "version": "0.15.0",
    "webapi_port": null,
    "webapi_url": "https://mriqc.nimh.nih.gov/api/v1"
  },
  "size_t": 200,
  "size_x": 80,
  "size_y": 80,
  "size_z": 37,
  "snr": 4.042099960008201,
  "spacing_tr": 2.0,
  "spacing_x": 3.0,
  "spacing_y": 3.0,
  "spacing_z": 3.299999952316284,
  "spikes_num": 0,
  "summary_bg_k": 94.43243168977907,
  "summary_bg_mad": 1.3462061882019043,
  "summary_bg_mean": 179.67230224609375,
  "summary_bg_median": 0.9135351777076721,
  "summary_bg_n": 150480.0,
  "summary_bg_p05": 0.0028284105821512646,
  "summary_bg_p95": 694.3301483154272,
  "summary_bg_stdv": 1004.1071166992188,
  "summary_fg_k": 2.043299784399359,
  "summary_fg_mad": 4573.3388671875,
  "summary_fg_mean": 22896.33984375,
  "summary_fg_median": 22280.765625,
  "summary_fg_n": 44776.0,
  "summary_fg_p05": 15413.34423828125,
  "summary_fg_p95": 32469.46923828125,
  "summary_fg_stdv": 5512.1142578125,
  "tsnr": 73.7022705078125
}