{
  "aor": 0.0004867755102040817,
  "aqi": 0.006161786326530611,
  "bids_meta": {
    "AcquisitionNumber": 3,
    "BidsifyVersion": "0.3.5",
    "ConversionSoftware": "dcm2niix",
    "ConversionSoftwareVersion": "v1.0.20181125  GCC6.3.0",
    "EchoTime": 0.02762,
    "EffectiveEchoSpacing": 0.0006621159151938905,
    "ImageComments": "piop",
    "ImageOrientationPatientDICOM": [
      0.999234,
      -0.0218948,
      0.032442,
      0.0300057,
      0.960748,
      -0.275794
    ],
    "Manufacturer": "Philips",
    "NumberOfVolumesDiscardedByScanner": 2,
    "ParallelAcquisitionTechnique": "SENSE",
    "ParallelReductionFactorInPlane": 2,
    "PatientPosition": "HFS",
    "PhaseEncodingDirection": "j",
    "PhilipsRescaleIntercept": 0,
    "PhilipsRescaleSlope": 0.75775,
    "PhilipsScaleSlope": 0.0516712,
    "ProtocolName": "WIPpiopgstroopSENSE",
    "PulseSequenceType": "gradient echo EPI",
    "ReconMatrixPE": 80,
    "RepetitionTime": 2,
    "SeriesDescription": "ImageMRSERIES",
    "SeriesNumber": 3,
    "SliceEncodingDirection": "k",
    "SliceTiming": [
      0.0,
      0.0541,
      0.1081,
      0.1622,
      0.2162,
      0.2703,
      0.3243,
      0.3784,
      0.4324,
      0.4865,
      0.5405,
      0.5946,
      0.6486,
      0.7027,
      0.7568,
      0.8108,
      0.8649,
      0.9189,
      0.973,
      1.027,
      1.0811,
      1.1351,
      1.1892,
      1.2432,
      1.2973,
      1.3514,
      1.4054,
      1.4595,
      1.5135,
      1.5676,
      1.6216,
      1.6757,
      1.7297,
      1.7838,
      1.8378,
      1.8919,
      1.9459
    ],
    "TaskName": "gstroop",
    "TotalReadoutTime": 0.025822520692561732,
    "UsePhilipsFloatNotDisplayScaling": 1,
    "acq_id": "seq",
    "dataset": "unknown",
    "modality": "bold",
    "subject_id": "0087",
    "task_id": "gstroop"
  },
  "dummy_trs": 0,
  "dvars_nstd": 25.213524357336055,
  "dvars_std": 1.2970591456147542,
  "dvars_vstd": 0.9622282569672127,
  "efc": 0.40198395558293837,
  "fber": 607503040.0,
  "fd_mean": 0.09772207729945134,
  "fd_num": 12,
  "fd_perc": 4.8979591836734695,
  "fwhm_avg": 2.3607338486494114,
  "fwhm_x": 2.3616266666666665,
  "fwhm_y": 2.5892566666666665,
  "fwhm_z": 2.1313182126149006,
  "gcor": 0.0163763,
  "gsr_x": -0.005145018920302391,
  "gsr_y": 0.0027674005832523108,
  "provenance": {
    "md5sum": "bf9e00dadcdbf6c5c0551184ee3359ae",
    "settings": {
      "fd_thres": 0.2,
      "hmc_fsl": false
    },
    "software": "mriqc",
    "version": "0.15.0",
    "webapi_port": null,
    "webapi_url": "https://mriqc.nimh.nih.gov/api/v1"
  },
  "size_t": 245,
  "size_x": 80,
  "size_y": 80,
  "size_z": 37,
  "snr": 5.0791696457609286,
  "spacing_tr": 2.0,
  "spacing_x": 3.0,
  "spacing_y": 3.0,
  "spacing_z": 3.299999952316284,
  "spikes_num": 0,
  "summary_bg_k": 108.90241298648124,
  "summary_bg_mad": 1.2101893424987793,
  "summary_bg_mean": 184.3319854736328,
  "summary_bg_median": 0.818114161491394,
  "summary_bg_n": 154024.0,
  "summary_bg_p05": 0.000921332027064637,
  "summary_bg_p95": 689.0049499511769,
  "summary_bg_stdv": 1046.29248046875,
  "summary_fg_k": 3.4535393915795387,
  "summary_fg_mad": 3766.80859375,
  "summary_fg_mean": 23967.244140625,
  "summary_fg_median": 23920.83203125,
  "summary_fg_n": 41014.0,
  "summary_fg_p05": 16869.93564453125,
  "summary_fg_p95": 30920.21767578125,
  "summary_fg_stdv": 4709.53759765625,
  "tsnr": 69.22855377197266
}