{
  "aor": 0.0007301481481481481,
  "aqi": 0.0033972775555555557,
  "bids_meta": {
    "AcquisitionNumber": 5,
    "BidsifyVersion": "0.3.5",
    "ConversionSoftware": "dcm2niix",
    "ConversionSoftwareVersion": "v1.0.20181125  GCC6.3.0",
    "EchoTime": 0.02762,
    "EffectiveEchoSpacing": 0.0006621159151938905,
    "ImageComments": "piop",
    "ImageOrientationPatientDICOM": [
      0.999234,
      -0.0218948,
      0.032442,
      0.0300057,
      0.960748,
      -0.275794
    ],
    "Manufacturer": "Philips",
    "NumberOfVolumesDiscardedByScanner": 2,
    "ParallelAcquisitionTechnique": "SENSE",
    "ParallelReductionFactorInPlane": 2,
    "PatientPosition": "HFS",
    "PhaseEncodingDirection": "j",
    "PhilipsRescaleIntercept": 0,
    "PhilipsRescaleSlope": 0.89304,
    "PhilipsScaleSlope": 0.0483465,
    "ProtocolName": "WIPpiopharririSENSE",
    "PulseSequenceType": "gradient echo EPI",
    "ReconMatrixPE": 80,
    "RepetitionTime": 2,
    "SeriesDescription": "ImageMRSERIES",
    "SeriesNumber": 5,
    "SliceEncodingDirection": "k",
    "SliceTiming": [
      0.0,
      0.0541,
      0.1081,
      0.1622,
      0.2162,
      0.2703,
      0.3243,
      0.3784,
      0.4324,
      0.4865,
      0.5405,
      0.5946,
      0.6486,
      0.7027,
      0.7568,
      0.8108,
      0.8649,
      0.9189,
      0.973,
      1.027,
      1.0811,
      1.1351,
      1.1892,
      1.2432,
      1.2973,
      1.3514,
      1.4054,
      1.4595,
      1.5135,
      1.5676,
      1.6216,
      1.6757,
      1.7297,
      1.7838,
      1.8378,
      1.8919,
      1.9459
    ],
    "TaskName": "emomatching",
    "TotalReadoutTime": 0.025822520692561732,
    "UsePhilipsFloatNotDisplayScaling": 1,
    "acq_id": "seq",
    "dataset": "unknown",
    "modality": "bold",
    "subject_id": "0087",
    "task_id": "emomatching"
  },
  "dummy_trs": 0,
  "dvars_nstd": 24.156314551194026,
  "dvars_std": 1.3432140655223876,
  "dvars_vstd": 1.000360612089552,
  "efc": 0.40043350845725706,
  "fber": 2208943616.0,
  "fd_mean": 0.08355252385788699,
  "fd_num": 1,
  "fd_perc": 0.7407407407407407,
  "fwhm_avg": 2.3396412222261316,
  "fwhm_x": 2.35301,
  "fwhm_y": 2.56795,
  "fwhm_z": 2.097963666678395,
  "gcor": 0.01857,
  "gsr_x": -0.004628042224794626,
  "gsr_y": 0.003156442428007722,
  "provenance": {
    "md5sum": "0f130ba5bfcc6b649a0271a2a14cf6c8",
    "settings": {
      "fd_thres": 0.2,
      "hmc_fsl": false
    },
    "software": "mriqc",
    "version": "0.15.0",
    "webapi_port": null,
    "webapi_url": "https://mriqc.nimh.nih.gov/api/v1"
  },
  "size_t": 135,
  "size_x": 80,
  "size_y": 80,
  "size_z": 37,
  "snr": 5.051918628552942,
  "spacing_tr": 2.0,
  "spacing_x": 3.0,
  "spacing_y": 3.0,
  "spacing_z": 3.299999952316284,
  "spikes_num": 0,
  "summary_bg_k": 118.07314150280096,
  "summary_bg_mad": 0.7060084342956543,
  "summary_bg_mean": 177.32614135742188,
  "summary_bg_median": 0.4803957939147949,
  "summary_bg_n": 154265.0,
  "summary_bg_p05": 0.0008038103114813567,
  "summary_bg_p95": 714.4366088867168,
  "summary_bg_stdv": 1057.593505859375,
  "summary_fg_k": 3.2809531377654277,
  "summary_fg_mad": 3836.0263671875,
  "summary_fg_mean": 24021.265625,
  "summary_fg_median": 23975.43359375,
  "summary_fg_n": 40882.0,
  "summary_fg_p05": 16852.89765625,
  "summary_fg_p95": 31111.058984375,
  "summary_fg_stdv": 4745.74951171875,
  "tsnr": 85.84862518310547
}