{
  "aor": 0.0011556296296296295,
  "aqi": 0.005802476,
  "bids_meta": {
    "AcquisitionNumber": 5,
    "BidsifyVersion": "0.3.5",
    "ConversionSoftware": "dcm2niix",
    "ConversionSoftwareVersion": "v1.0.20181125  GCC6.3.0",
    "EchoTime": 0.02762,
    "EffectiveEchoSpacing": 0.0006621159151938905,
    "ImageComments": "piop",
    "ImageOrientationPatientDICOM": [
      0.999896,
      -0.0144243,
      -0.000558504,
      0.0139621,
      0.976228,
      -0.216298
    ],
    "Manufacturer": "Philips",
    "NumberOfVolumesDiscardedByScanner": 2,
    "ParallelAcquisitionTechnique": "SENSE",
    "ParallelReductionFactorInPlane": 2,
    "PatientPosition": "HFS",
    "PhaseEncodingDirection": "j",
    "PhilipsRescaleIntercept": 0,
    "PhilipsRescaleSlope": 0.81636,
    "PhilipsScaleSlope": 0.0572652,
    "ProtocolName": "WIPpiopharririSENSE",
    "PulseSequenceType": "gradient echo EPI",
    "ReconMatrixPE": 80,
    "RepetitionTime": 2,
    "SeriesDescription": "ImageMRSERIES",
    "SeriesNumber": 5,
    "SliceEncodingDirection": "k",
    "SliceTiming": [
      0.0,
      0.0541,
      0.1081,
      0.1622,
      0.2162,
      0.2703,
      0.3243,
      0.3784,
      0.4324,
      0.4865,
      0.5405,
      0.5946,
      0.6486,
      0.7027,
      0.7568,
      0.8108,
      0.8649,
      0.9189,
      0.973,
      1.027,
      1.0811,
      1.1351,
      1.1892,
      1.2432,
      1.2973,
      1.3514,
      1.4054,
      1.4595,
      1.5135,
      1.5676,
      1.6216,
      1.6757,
      1.7297,
      1.7838,
      1.8378,
      1.8919,
      1.9459
    ],
    "TaskName": "emomatching",
    "TotalReadoutTime": 0.025822520692561732,
    "UsePhilipsFloatNotDisplayScaling": 1,
    "acq_id": "seq",
    "dataset": "unknown",
    "modality": "bold",
    "subject_id": "0188",
    "task_id": "emomatching"
  },
  "dummy_trs": 0,
  "dvars_nstd": 20.77023509007462,
  "dvars_std": 1.147578051119403,
  "dvars_vstd": 0.9649689729850747,
  "efc": 0.39609717830230734,
  "fber": 116254144.0,
  "fd_mean": 0.1375214309270274,
  "fd_num": 21,
  "fd_perc": 15.555555555555555,
  "fwhm_avg": 2.405213444924067,
  "fwhm_x": 2.39703,
  "fwhm_y": 2.62188,
  "fwhm_z": 2.1967303347722016,
  "gcor": 0.0262843,
  "gsr_x": 0.0003406895266380161,
  "gsr_y": 0.0008905163849703968,
  "provenance": {
    "md5sum": "73e30da2a933b93d306e94f9ba103e89",
    "settings": {
      "fd_thres": 0.2,
      "hmc_fsl": false
    },
    "software": "mriqc",
    "version": "0.15.0",
    "webapi_port": null,
    "webapi_url": "https://mriqc.nimh.nih.gov/api/v1"
  },
  "size_t": 135,
  "size_x": 80,
  "size_y": 80,
  "size_z": 37,
  "snr": 5.025283939389212,
  "spacing_tr": 2.0,
  "spacing_x": 3.0,
  "spacing_y": 3.0,
  "spacing_z": 3.299999952316284,
  "spikes_num": 0,
  "summary_bg_k": 126.08030470990062,
  "summary_bg_mad": 3.038639545440674,
  "summary_bg_mean": 232.58322143554688,
  "summary_bg_median": 2.0779032707214355,
  "summary_bg_n": 156200.0,
  "summary_bg_p05": 0.0044992664130404595,
  "summary_bg_p95": 730.8813690185473,
  "summary_bg_stdv": 1337.4271240234375,
  "summary_fg_k": 2.5313064786569806,
  "summary_fg_mad": 3986.341064453125,
  "summary_fg_mean": 24079.91796875,
  "summary_fg_median": 24118.38671875,
  "summary_fg_n": 39290.0,
  "summary_fg_p05": 16407.07216796875,
  "summary_fg_p95": 31292.29189453124,
  "summary_fg_stdv": 4799.3466796875,
  "tsnr": 66.53933715820312
}