{
  "aor": 0.0122184,
  "aqi": 0.012740290299999998,
  "bids_meta": {
    "AcquisitionNumber": 9,
    "BidsifyVersion": "0.3.5",
    "ConversionSoftware": "dcm2niix",
    "ConversionSoftwareVersion": "v1.0.20181125  GCC6.3.0",
    "EchoTime": 0.02762,
    "EffectiveEchoSpacing": 0.0006621159151938905,
    "ImageComments": "PIOP",
    "ImageOrientationPatientDICOM": [
      0.997254,
      0.0617491,
      -0.0408909,
      -0.0634409,
      0.997124,
      -0.0414557
    ],
    "Manufacturer": "Philips",
    "NumberOfVolumesDiscardedByScanner": 2,
    "ParallelAcquisitionTechnique": "SENSE",
    "ParallelReductionFactorInPlane": 2,
    "PatientPosition": "HFS",
    "PhaseEncodingDirection": "j",
    "PhilipsRescaleIntercept": 0,
    "PhilipsRescaleSlope": 0.74212,
    "PhilipsScaleSlope": 0.0588278,
    "ProtocolName": "WIPpiopanticipatieSENSE",
    "PulseSequenceType": "gradient echo EPI",
    "ReconMatrixPE": 80,
    "RepetitionTime": 2,
    "SeriesDescription": "ImageMRSERIES",
    "SeriesNumber": 9,
    "SliceEncodingDirection": "k",
    "SliceTiming": [
      0.0,
      0.0541,
      0.1081,
      0.1622,
      0.2162,
      0.2703,
      0.3243,
      0.3784,
      0.4324,
      0.4865,
      0.5405,
      0.5946,
      0.6486,
      0.7027,
      0.7568,
      0.8108,
      0.8649,
      0.9189,
      0.973,
      1.027,
      1.0811,
      1.1351,
      1.1892,
      1.2432,
      1.2973,
      1.3514,
      1.4054,
      1.4595,
      1.5135,
      1.5676,
      1.6216,
      1.6757,
      1.7297,
      1.7838,
      1.8378,
      1.8919,
      1.9459
    ],
    "TaskName": "anticipation",
    "TotalReadoutTime": 0.025822520692561732,
    "UsePhilipsFloatNotDisplayScaling": 1,
    "acq_id": "seq",
    "dataset": "unknown",
    "modality": "bold",
    "subject_id": "0088",
    "task_id": "anticipation"
  },
  "dummy_trs": 0,
  "dvars_nstd": 29.77013703,
  "dvars_std": 1.2632564247236182,
  "dvars_vstd": 1.0821280892462308,
  "efc": 0.446679547837771,
  "fber": 66528336.0,
  "fd_mean": 0.25832206594742946,
  "fd_num": 82,
  "fd_perc": 41.0,
  "fwhm_avg": 2.4083322328171586,
  "fwhm_x": 2.3055499999999998,
  "fwhm_y": 2.719746666666667,
  "fwhm_z": 2.1997000317848094,
  "gcor": 0.0348474,
  "gsr_x": -0.005002329126000404,
  "gsr_y": 0.007031367160379887,
  "provenance": {
    "md5sum": "b715afca3453cef75bd357f8397ff61b",
    "settings": {
      "fd_thres": 0.2,
      "hmc_fsl": false
    },
    "software": "mriqc",
    "version": "0.15.0",
    "webapi_port": null,
    "webapi_url": "https://mriqc.nimh.nih.gov/api/v1"
  },
  "size_t": 200,
  "size_x": 80,
  "size_y": 80,
  "size_z": 37,
  "snr": 4.66957148968846,
  "spacing_tr": 2.0,
  "spacing_x": 3.0,
  "spacing_y": 3.0,
  "spacing_z": 3.299999952316284,
  "spikes_num": 13,
  "summary_bg_k": 55.90762976598872,
  "summary_bg_mad": 3.8727104663848877,
  "summary_bg_mean": 291.501220703125,
  "summary_bg_median": 2.717008590698242,
  "summary_bg_n": 145602.0,
  "summary_bg_p05": 0.022108854446560144,
  "summary_bg_p95": 1499.791998291015,
  "summary_bg_stdv": 1378.6005859375,
  "summary_fg_k": 2.6217379205523104,
  "summary_fg_mad": 4182.84228515625,
  "summary_fg_mean": 24391.396484375,
  "summary_fg_median": 24158.3671875,
  "summary_fg_n": 49182.0,
  "summary_fg_p05": 16934.5421875,
  "summary_fg_p95": 32391.622265625,
  "summary_fg_stdv": 5173.52001953125,
  "tsnr": 43.99497985839844
}