{
  "bids_meta": {
    "AcquisitionNumber": 4,
    "BidsifyVersion": "0.3.5",
    "ConversionSoftware": "dcm2niix",
    "ConversionSoftwareVersion": "v1.0.20181125  GCC6.3.0",
    "EchoTime": 0.00375,
    "ImageComments": "Piop",
    "ImageOrientationPatientDICOM": [
      0.999204,
      0.0310463,
      0.0250556,
      -0.0324487,
      0.997809,
      0.0576524
    ],
    "Manufacturer": "Philips",
    "PatientPosition": "HFS",
    "PhilipsRescaleIntercept": 0,
    "PhilipsRescaleSlope": 9.05568,
    "PhilipsScaleSlope": 0.00725284,
    "ProtocolName": "WIPt13dSENSE",
    "ReconMatrixPE": 240,
    "RepetitionTime": 0.008173,
    "SeriesDescription": "ImageMRSERIES",
    "SeriesNumber": 4,
    "UsePhilipsFloatNotDisplayScaling": 1,
    "dataset": "unknown",
    "modality": "T1w",
    "subject_id": "0198"
  },
  "cjv": 0.3088181239426594,
  "cnr": 4.181276258661661,
  "efc": 0.7670375293026277,
  "fber": 1501.22216796875,
  "fwhm_avg": 3.6047263898500135,
  "fwhm_x": 3.4716695861447353,
  "fwhm_y": 3.84786,
  "fwhm_z": 3.494649583405306,
  "icvs_csf": 0.2046953965492115,
  "icvs_gm": 0.45694313257485875,
  "icvs_wm": 0.3383614708759297,
  "inu_med": 1.5636037588119507,
  "inu_range": 0.37177577018737784,
  "provenance": {
    "md5sum": "d165d10d9d3e6ec53804726b975809be",
    "settings": {
      "testing": false
    },
    "software": "mriqc",
    "version": "0.15.0",
    "warnings": {
      "large_rot_frame": true,
      "small_air_mask": true
    },
    "webapi_port": null,
    "webapi_url": "https://mriqc.nimh.nih.gov/api/v1"
  },
  "qi_1": 0.0,
  "qi_2": 0.00018298316095863328,
  "rpve_csf": 27.507339218710687,
  "rpve_gm": 13.599010218885947,
  "rpve_wm": 21.477053564423645,
  "size_x": 240,
  "size_y": 240,
  "size_z": 220,
  "snr_csf": 1.3922806558841083,
  "snr_gm": 8.137825561271557,
  "snr_total": 9.483905413021482,
  "snr_wm": 18.92161002190878,
  "snrd_csf": 15.234213808301572,
  "snrd_gm": 44.11617955414607,
  "snrd_total": 43.78181067458785,
  "snrd_wm": 71.9950386613159,
  "spacing_x": 1.0000001192092896,
  "spacing_y": 1.0,
  "spacing_z": 1.0000001192092896,
  "summary_bg_k": 8.253681905159691,
  "summary_bg_mad": 9.099615097045898,
  "summary_bg_mean": 12.0118408203125,
  "summary_bg_median": 12.285104751586914,
  "summary_bg_n": 68556.0,
  "summary_bg_p05": 0.0,
  "summary_bg_p95": 31.21306324005127,
  "summary_bg_stdv": 10.68354320526123,
  "summary_csf_k": 101.78825433118843,
  "summary_csf_mad": 126.14363098144531,
  "summary_csf_mean": 236.53538513183594,
  "summary_csf_median": 211.597900390625,
  "summary_csf_n": 7730.0,
  "summary_csf_p05": 77.61700172424317,
  "summary_csf_p95": 433.38631896972635,
  "summary_csf_stdv": 151.96951293945312,
  "summary_gm_k": 0.058242310099673844,
  "summary_gm_mad": 73.83832550048828,
  "summary_gm_mean": 615.3605346679688,
  "summary_gm_median": 612.75830078125,
  "summary_gm_n": 22528.0,
  "summary_gm_p05": 494.68743286132815,
  "summary_gm_p95": 743.658822631836,
  "summary_gm_stdv": 75.2958755493164,
  "summary_wm_k": 1.3646969222687675,
  "summary_wm_mad": 45.74457550048828,
  "summary_wm_mean": 996.075927734375,
  "summary_wm_median": 999.9859008789062,
  "summary_wm_n": 169588.0,
  "summary_wm_p05": 901.8341827392578,
  "summary_wm_p95": 1074.7445495605468,
  "summary_wm_stdv": 52.848724365234375,
  "tpm_overlap_csf": 0.21537473797798157,
  "tpm_overlap_gm": 0.5197440981864929,
  "tpm_overlap_wm": 0.5372233390808105,
  "wm2max": 0.6807744160694521
}