{
  "aor": 0.001737469135802469,
  "aqi": 0.002746349814814815,
  "bids_meta": {
    "AcquisitionNumber": 8,
    "BidsifyVersion": "0.3.5",
    "ConversionSoftware": "dcm2niix",
    "ConversionSoftwareVersion": "v1.0.20181125  GCC6.3.0",
    "EchoTime": 0.02762,
    "EffectiveEchoSpacing": 0.0006621159151938905,
    "ImageComments": "piop",
    "ImageOrientationPatientDICOM": [
      0.999966,
      -0.007903,
      0.0022049,
      0.00820296,
      0.968681,
      -0.248173
    ],
    "Manufacturer": "Philips",
    "NumberOfVolumesDiscardedByScanner": 2,
    "ParallelAcquisitionTechnique": "SENSE",
    "ParallelReductionFactorInPlane": 2,
    "PatientPosition": "HFS",
    "PhaseEncodingDirection": "j",
    "PhilipsRescaleIntercept": 0,
    "PhilipsRescaleSlope": 0.73919,
    "PhilipsScaleSlope": 0.0545533,
    "ProtocolName": "WIPpiopwmSENSE",
    "PulseSequenceType": "gradient echo EPI",
    "ReconMatrixPE": 80,
    "RepetitionTime": 2,
    "SeriesDescription": "ImageMRSERIES",
    "SeriesNumber": 8,
    "SliceEncodingDirection": "k",
    "SliceTiming": [
      0.0,
      0.0541,
      0.1081,
      0.1622,
      0.2162,
      0.2703,
      0.3243,
      0.3784,
      0.4324,
      0.4865,
      0.5405,
      0.5946,
      0.6486,
      0.7027,
      0.7568,
      0.8108,
      0.8649,
      0.9189,
      0.973,
      1.027,
      1.0811,
      1.1351,
      1.1892,
      1.2432,
      1.2973,
      1.3514,
      1.4054,
      1.4595,
      1.5135,
      1.5676,
      1.6216,
      1.6757,
      1.7297,
      1.7838,
      1.8378,
      1.8919,
      1.9459
    ],
    "TaskName": "workingmemory",
    "TotalReadoutTime": 0.025822520692561732,
    "UsePhilipsFloatNotDisplayScaling": 1,
    "acq_id": "seq",
    "dataset": "unknown",
    "modality": "bold",
    "subject_id": "0169",
    "task_id": "workingmemory"
  },
  "dummy_trs": 0,
  "dvars_nstd": 21.378812138260873,
  "dvars_std": 1.3199333221739133,
  "dvars_vstd": 1.02491206341615,
  "efc": 0.4116406104065373,
  "fber": 319242208.0,
  "fd_mean": 0.08491764358489566,
  "fd_num": 1,
  "fd_perc": 0.6172839506172839,
  "fwhm_avg": 2.368865060888935,
  "fwhm_x": 2.2837666666666667,
  "fwhm_y": 2.6669466666666666,
  "fwhm_z": 2.155881849333472,
  "gcor": 0.0202889,
  "gsr_x": -0.005194102413952351,
  "gsr_y": 0.00691352691501379,
  "provenance": {
    "md5sum": "60dc98f1359fe012275bc95f02f3f7ba",
    "settings": {
      "fd_thres": 0.2,
      "hmc_fsl": false
    },
    "software": "mriqc",
    "version": "0.15.0",
    "webapi_port": null,
    "webapi_url": "https://mriqc.nimh.nih.gov/api/v1"
  },
  "size_t": 162,
  "size_x": 80,
  "size_y": 80,
  "size_z": 37,
  "snr": 4.807476930264792,
  "spacing_tr": 2.0,
  "spacing_x": 3.0,
  "spacing_y": 3.0,
  "spacing_z": 3.299999952316284,
  "spikes_num": 0,
  "summary_bg_k": 56.90460940940344,
  "summary_bg_mad": 1.9270663261413574,
  "summary_bg_mean": 245.85919189453125,
  "summary_bg_median": 1.3136944770812988,
  "summary_bg_n": 153249.0,
  "summary_bg_p05": 0.0013900766149163247,
  "summary_bg_p95": 1105.2075195312505,
  "summary_bg_stdv": 1237.063232421875,
  "summary_fg_k": 2.0307534433694894,
  "summary_fg_mad": 4650.85546875,
  "summary_fg_mean": 24857.703125,
  "summary_fg_median": 24917.953125,
  "summary_fg_n": 42162.0,
  "summary_fg_p05": 16421.596386718753,
  "summary_fg_p95": 32412.46748046875,
  "summary_fg_stdv": 5183.10498046875,
  "tsnr": 87.22691345214844
}