{
    "Manufacturer": "Philips",
    "PatientPosition": "HFS",
    "SeriesDescription": "ImageMRSERIES",
    "ProtocolName": "WIPt13dSENSE",
    "SeriesNumber": 4,
    "AcquisitionNumber": 4,
    "ImageComments": "piop",
    "PhilipsRescaleSlope": 9.32381,
    "PhilipsRescaleIntercept": 0,
    "PhilipsScaleSlope": 0.00733623,
    "UsePhilipsFloatNotDisplayScaling": 1,
    "EchoTime": 0.00381,
    "RepetitionTime": 0.008303,
    "ReconMatrixPE": 240,
    "ImageOrientationPatientDICOM": [
        0.998429,
        0.034603,
        0.0440653,
        -0.0409738,
        0.987371,
        0.153032
    ],
    "ConversionSoftware": "dcm2niix",
    "ConversionSoftwareVersion": "v1.0.20181125  GCC6.3.0",
    "BidsifyVersion": "0.3.5"
}