{
  "aor": 0.00041537037037037047,
  "aqi": 0.005302519259259259,
  "bids_meta": {
    "AcquisitionNumber": 8,
    "BidsifyVersion": "0.3.5",
    "ConversionSoftware": "dcm2niix",
    "ConversionSoftwareVersion": "v1.0.20181125  GCC6.3.0",
    "EchoTime": 0.02762,
    "EffectiveEchoSpacing": 0.0006621159151938905,
    "ImageComments": "piop",
    "ImageOrientationPatientDICOM": [
      0.999605,
      0.00438513,
      0.0277567,
      -0.000523392,
      0.990483,
      -0.137632
    ],
    "Manufacturer": "Philips",
    "NumberOfVolumesDiscardedByScanner": 2,
    "ParallelAcquisitionTechnique": "SENSE",
    "ParallelReductionFactorInPlane": 2,
    "PatientPosition": "HFS",
    "PhaseEncodingDirection": "j",
    "PhilipsRescaleIntercept": 0,
    "PhilipsRescaleSlope": 0.76703,
    "PhilipsScaleSlope": 0.0608078,
    "ProtocolName": "WIPpiopwmSENSE",
    "PulseSequenceType": "gradient echo EPI",
    "ReconMatrixPE": 80,
    "RepetitionTime": 2,
    "SeriesDescription": "ImageMRSERIES",
    "SeriesNumber": 8,
    "SliceEncodingDirection": "k",
    "SliceTiming": [
      0.0,
      0.0541,
      0.1081,
      0.1622,
      0.2162,
      0.2703,
      0.3243,
      0.3784,
      0.4324,
      0.4865,
      0.5405,
      0.5946,
      0.6486,
      0.7027,
      0.7568,
      0.8108,
      0.8649,
      0.9189,
      0.973,
      1.027,
      1.0811,
      1.1351,
      1.1892,
      1.2432,
      1.2973,
      1.3514,
      1.4054,
      1.4595,
      1.5135,
      1.5676,
      1.6216,
      1.6757,
      1.7297,
      1.7838,
      1.8378,
      1.8919,
      1.9459
    ],
    "TaskName": "workingmemory",
    "TotalReadoutTime": 0.025822520692561732,
    "UsePhilipsFloatNotDisplayScaling": 1,
    "acq_id": "seq",
    "dataset": "unknown",
    "modality": "bold",
    "subject_id": "0178",
    "task_id": "workingmemory"
  },
  "dummy_trs": 0,
  "dvars_nstd": 28.07385666198757,
  "dvars_std": 1.353463545962733,
  "dvars_vstd": 0.971110557701863,
  "efc": 0.39853764362086264,
  "fber": 262143616.0,
  "fd_mean": 0.11298600187629554,
  "fd_num": 6,
  "fd_perc": 3.7037037037037037,
  "fwhm_avg": 2.289771626652924,
  "fwhm_x": 2.2374133333333335,
  "fwhm_y": 2.4537166666666668,
  "fwhm_z": 2.1781848799587724,
  "gcor": 0.0115244,
  "gsr_x": -0.006113643292337656,
  "gsr_y": 0.0024805020075291395,
  "provenance": {
    "md5sum": "9867cdffb075895fe24762f5bbd41031",
    "settings": {
      "fd_thres": 0.2,
      "hmc_fsl": false
    },
    "software": "mriqc",
    "version": "0.15.0",
    "webapi_port": null,
    "webapi_url": "https://mriqc.nimh.nih.gov/api/v1"
  },
  "size_t": 162,
  "size_x": 80,
  "size_y": 80,
  "size_z": 37,
  "snr": 4.356642337744397,
  "spacing_tr": 2.0,
  "spacing_x": 3.0,
  "spacing_y": 3.0,
  "spacing_z": 3.299999952316284,
  "spikes_num": 0,
  "summary_bg_k": 217.52886352839806,
  "summary_bg_mad": 1.8584251403808594,
  "summary_bg_mean": 158.87503051757812,
  "summary_bg_median": 1.2688548564910889,
  "summary_bg_n": 154462.0,
  "summary_bg_p05": 0.005302503565326333,
  "summary_bg_p95": 655.6516082763628,
  "summary_bg_stdv": 903.1199951171875,
  "summary_fg_k": 2.0035707818937,
  "summary_fg_mad": 4412.1708984375,
  "summary_fg_mean": 23626.798828125,
  "summary_fg_median": 23007.328125,
  "summary_fg_n": 41610.0,
  "summary_fg_p05": 16586.76962890625,
  "summary_fg_p95": 32828.218945312496,
  "summary_fg_stdv": 5280.91357421875,
  "tsnr": 71.33555603027344
}