{
  "aor": 0.0006833333333333333,
  "aqi": 0.00500935925925926,
  "bids_meta": {
    "AcquisitionNumber": 8,
    "BidsifyVersion": "0.3.5",
    "ConversionSoftware": "dcm2niix",
    "ConversionSoftwareVersion": "v1.0.20181125  GCC6.3.0",
    "EchoTime": 0.02762,
    "EffectiveEchoSpacing": 0.0006621159151938905,
    "ImageComments": "piop",
    "ImageOrientationPatientDICOM": [
      0.999039,
      0.032826,
      0.0290316,
      -0.0214502,
      0.944004,
      -0.329236
    ],
    "Manufacturer": "Philips",
    "NumberOfVolumesDiscardedByScanner": 2,
    "ParallelAcquisitionTechnique": "SENSE",
    "ParallelReductionFactorInPlane": 2,
    "PatientPosition": "HFS",
    "PhaseEncodingDirection": "j",
    "PhilipsRescaleIntercept": 0,
    "PhilipsRescaleSlope": 0.80147,
    "PhilipsScaleSlope": 0.0556195,
    "ProtocolName": "WIPpiopwmSENSE",
    "PulseSequenceType": "gradient echo EPI",
    "ReconMatrixPE": 80,
    "RepetitionTime": 2,
    "SeriesDescription": "ImageMRSERIES",
    "SeriesNumber": 8,
    "SliceEncodingDirection": "k",
    "SliceTiming": [
      0.0,
      0.0541,
      0.1081,
      0.1622,
      0.2162,
      0.2703,
      0.3243,
      0.3784,
      0.4324,
      0.4865,
      0.5405,
      0.5946,
      0.6486,
      0.7027,
      0.7568,
      0.8108,
      0.8649,
      0.9189,
      0.973,
      1.027,
      1.0811,
      1.1351,
      1.1892,
      1.2432,
      1.2973,
      1.3514,
      1.4054,
      1.4595,
      1.5135,
      1.5676,
      1.6216,
      1.6757,
      1.7297,
      1.7838,
      1.8378,
      1.8919,
      1.9459
    ],
    "TaskName": "workingmemory",
    "TotalReadoutTime": 0.025822520692561732,
    "UsePhilipsFloatNotDisplayScaling": 1,
    "acq_id": "seq",
    "dataset": "unknown",
    "modality": "bold",
    "subject_id": "0061",
    "task_id": "workingmemory"
  },
  "dummy_trs": 0,
  "dvars_nstd": 18.005750709440996,
  "dvars_std": 1.117364346149069,
  "dvars_vstd": 0.9960310180124224,
  "efc": 0.40208685114042547,
  "fber": 538872256.0,
  "fd_mean": 0.09000188226944922,
  "fd_num": 4,
  "fd_perc": 2.4691358024691357,
  "fwhm_avg": 2.4394959701577643,
  "fwhm_x": 2.3660166666666664,
  "fwhm_y": 2.75965,
  "fwhm_z": 2.1928212438066255,
  "gcor": 0.0162091,
  "gsr_x": -0.0073065441101789474,
  "gsr_y": 0.010545307770371437,
  "provenance": {
    "md5sum": "036dfdc556afd0b021c3a9cde2b23756",
    "settings": {
      "fd_thres": 0.2,
      "hmc_fsl": false
    },
    "software": "mriqc",
    "version": "0.15.0",
    "webapi_port": null,
    "webapi_url": "https://mriqc.nimh.nih.gov/api/v1"
  },
  "size_t": 162,
  "size_x": 80,
  "size_y": 80,
  "size_z": 37,
  "snr": 5.046824124830482,
  "spacing_tr": 2.0,
  "spacing_x": 3.0,
  "spacing_y": 3.0,
  "spacing_z": 3.299999952316284,
  "spikes_num": 0,
  "summary_bg_k": 88.09292088062789,
  "summary_bg_mad": 1.5300718545913696,
  "summary_bg_mean": 212.33822631835938,
  "summary_bg_median": 1.0503215789794922,
  "summary_bg_n": 154234.0,
  "summary_bg_p05": 0.005214203498326242,
  "summary_bg_p95": 1022.0086425781262,
  "summary_bg_stdv": 1136.2108154296875,
  "summary_fg_k": 2.087535030529784,
  "summary_fg_mad": 4432.1611328125,
  "summary_fg_mean": 26558.90625,
  "summary_fg_median": 26589.36328125,
  "summary_fg_n": 40828.0,
  "summary_fg_p05": 18017.852246093753,
  "summary_fg_p95": 34593.5623046875,
  "summary_fg_stdv": 5268.46923828125,
  "tsnr": 73.37562561035156
}