{
  "aor": 0.0005308148148148148,
  "aqi": 0.0029876064444444446,
  "bids_meta": {
    "AcquisitionNumber": 5,
    "BidsifyVersion": "0.3.5",
    "ConversionSoftware": "dcm2niix",
    "ConversionSoftwareVersion": "v1.0.20181125  GCC6.3.0",
    "EchoTime": 0.02762,
    "EffectiveEchoSpacing": 0.0006621159151938905,
    "ImageComments": "piop",
    "ImageOrientationPatientDICOM": [
      0.999039,
      0.032826,
      0.0290316,
      -0.0214502,
      0.944004,
      -0.329236
    ],
    "Manufacturer": "Philips",
    "NumberOfVolumesDiscardedByScanner": 2,
    "ParallelAcquisitionTechnique": "SENSE",
    "ParallelReductionFactorInPlane": 2,
    "PatientPosition": "HFS",
    "PhaseEncodingDirection": "j",
    "PhilipsRescaleIntercept": 0,
    "PhilipsRescaleSlope": 0.75018,
    "PhilipsScaleSlope": 0.0569988,
    "ProtocolName": "WIPpiopharririSENSE",
    "PulseSequenceType": "gradient echo EPI",
    "ReconMatrixPE": 80,
    "RepetitionTime": 2,
    "SeriesDescription": "ImageMRSERIES",
    "SeriesNumber": 5,
    "SliceEncodingDirection": "k",
    "SliceTiming": [
      0.0,
      0.0541,
      0.1081,
      0.1622,
      0.2162,
      0.2703,
      0.3243,
      0.3784,
      0.4324,
      0.4865,
      0.5405,
      0.5946,
      0.6486,
      0.7027,
      0.7568,
      0.8108,
      0.8649,
      0.9189,
      0.973,
      1.027,
      1.0811,
      1.1351,
      1.1892,
      1.2432,
      1.2973,
      1.3514,
      1.4054,
      1.4595,
      1.5135,
      1.5676,
      1.6216,
      1.6757,
      1.7297,
      1.7838,
      1.8378,
      1.8919,
      1.9459
    ],
    "TaskName": "emomatching",
    "TotalReadoutTime": 0.025822520692561732,
    "UsePhilipsFloatNotDisplayScaling": 1,
    "acq_id": "seq",
    "dataset": "unknown",
    "modality": "bold",
    "subject_id": "0061",
    "task_id": "emomatching"
  },
  "dummy_trs": 0,
  "dvars_nstd": 18.430883065970132,
  "dvars_std": 1.1674544182089546,
  "dvars_vstd": 0.997019337089552,
  "efc": 0.40085603702310835,
  "fber": 1727160320.0,
  "fd_mean": 0.09197196450136103,
  "fd_num": 3,
  "fd_perc": 2.2222222222222223,
  "fwhm_avg": 2.4366279903435974,
  "fwhm_x": 2.36833,
  "fwhm_y": 2.7520933333333333,
  "fwhm_z": 2.18946063769746,
  "gcor": 0.0223026,
  "gsr_x": -0.007287938613444567,
  "gsr_y": 0.010175776667892933,
  "provenance": {
    "md5sum": "76c765c2ef087e647f805cfd20ee434b",
    "settings": {
      "fd_thres": 0.2,
      "hmc_fsl": false
    },
    "software": "mriqc",
    "version": "0.15.0",
    "webapi_port": null,
    "webapi_url": "https://mriqc.nimh.nih.gov/api/v1"
  },
  "size_t": 135,
  "size_x": 80,
  "size_y": 80,
  "size_z": 37,
  "snr": 5.030457283245641,
  "spacing_tr": 2.0,
  "spacing_x": 3.0,
  "spacing_y": 3.0,
  "spacing_z": 3.299999952316284,
  "spikes_num": 3,
  "summary_bg_k": 90.14478976489761,
  "summary_bg_mad": 0.8282768726348877,
  "summary_bg_mean": 206.8975372314453,
  "summary_bg_median": 0.562850296497345,
  "summary_bg_n": 154261.0,
  "summary_bg_p05": 0.001823887345381081,
  "summary_bg_p95": 945.995361328125,
  "summary_bg_stdv": 1146.3720703125,
  "summary_fg_k": 1.9270480674376769,
  "summary_fg_mad": 4486.5380859375,
  "summary_fg_mean": 26632.875,
  "summary_fg_median": 26652.7578125,
  "summary_fg_n": 40798.0,
  "summary_fg_p05": 18027.3970703125,
  "summary_fg_p95": 34779.723046875006,
  "summary_fg_stdv": 5298.21240234375,
  "tsnr": 86.19263458251953
}