{
  "aor": 0.0004592705167173252,
  "aqi": 0.005612695440729483,
  "bids_meta": {
    "AcquisitionNumber": 2,
    "BidsifyVersion": "0.3.5",
    "ConversionSoftware": "dcm2niix",
    "ConversionSoftwareVersion": "v1.0.20181125  GCC6.3.0",
    "EchoTime": 0.02762,
    "EffectiveEchoSpacing": 0.0006333282667071997,
    "ImageComments": "piop",
    "ImageOrientationPatientDICOM": [
      0.999039,
      0.032826,
      0.0290316,
      -0.0214502,
      0.944004,
      -0.329236
    ],
    "Manufacturer": "Philips",
    "NumberOfVolumesDiscardedByScanner": 2,
    "ParallelAcquisitionTechnique": "SENSE",
    "ParallelReductionFactorInPlane": 2,
    "PatientPosition": "HFS",
    "PhaseEncodingDirection": "j",
    "PhilipsRescaleIntercept": 0,
    "PhilipsRescaleSlope": 0.74042,
    "PhilipsScaleSlope": 0.0946273,
    "ProtocolName": "WIPpiopfacesSENSE",
    "PulseSequenceType": "gradient echo EPI",
    "ReconMatrixPE": 80,
    "RepetitionTime": 0.75,
    "SeriesDescription": "ImageMRSERIES",
    "SeriesNumber": 2,
    "SliceEncodingDirection": "k",
    "SliceTiming": [
      0.0,
      0.06755050505050506,
      0.1351010101010101,
      0.20265151515151517,
      0.2702020202020202,
      0.3377525252525253,
      0.40530303030303033,
      0.47285353535353536,
      0.5404040404040404,
      0.6079545454545455,
      0.6755050505050506,
      0.7430555555555556,
      0.0,
      0.06755050505050506,
      0.1351010101010101,
      0.20265151515151517,
      0.2702020202020202,
      0.3377525252525253,
      0.40530303030303033,
      0.47285353535353536,
      0.5404040404040404,
      0.6079545454545455,
      0.6755050505050506,
      0.7430555555555556,
      0.0,
      0.06755050505050506,
      0.1351010101010101,
      0.20265151515151517,
      0.2702020202020202,
      0.3377525252525253,
      0.40530303030303033,
      0.47285353535353536,
      0.5404040404040404,
      0.6079545454545455,
      0.6755050505050506,
      0.7430555555555556
    ],
    "TaskName": "faces",
    "TotalReadoutTime": 0.024699802401580786,
    "UsePhilipsFloatNotDisplayScaling": 1,
    "acq_id": "mb3",
    "dataset": "unknown",
    "modality": "bold",
    "subject_id": "0061",
    "task_id": "faces"
  },
  "dummy_trs": 1,
  "dvars_nstd": 19.42449103341465,
  "dvars_std": 1.0869860304573173,
  "dvars_vstd": 0.9977557795426834,
  "efc": 0.4038472105165633,
  "fber": 4173752576.0,
  "fd_mean": 0.08461450722054595,
  "fd_num": 3,
  "fd_perc": 0.9118541033434651,
  "fwhm_avg": 2.8021071406833014,
  "fwhm_x": 2.783493333333333,
  "fwhm_y": 3.20144,
  "fwhm_z": 2.421388088716572,
  "gcor": 0.0165373,
  "gsr_x": -0.00727246655151248,
  "gsr_y": 0.009168947115540504,
  "provenance": {
    "md5sum": "d5d1d288bb773206da4e45bc61965f9c",
    "settings": {
      "fd_thres": 0.2,
      "hmc_fsl": false
    },
    "software": "mriqc",
    "version": "0.15.0",
    "webapi_port": null,
    "webapi_url": "https://mriqc.nimh.nih.gov/api/v1"
  },
  "size_t": 329,
  "size_x": 80,
  "size_y": 80,
  "size_z": 36,
  "snr": 5.448376447982,
  "spacing_tr": 0.75,
  "spacing_x": 3.0,
  "spacing_y": 3.0,
  "spacing_z": 3.299999713897705,
  "spikes_num": 0,
  "summary_bg_k": 91.45074996497182,
  "summary_bg_mad": 0.3598366379737854,
  "summary_bg_mean": 132.49940490722656,
  "summary_bg_median": 0.24473905563354492,
  "summary_bg_n": 149684.0,
  "summary_bg_p05": 0.0012263947108294819,
  "summary_bg_p95": 710.7585296630863,
  "summary_bg_stdv": 712.796875,
  "summary_fg_k": 1.8474378991611795,
  "summary_fg_mad": 2797.951416015625,
  "summary_fg_mean": 18057.28515625,
  "summary_fg_median": 18374.53125,
  "summary_fg_n": 39913.0,
  "summary_fg_p05": 11921.3955078125,
  "summary_fg_p95": 22919.9765625,
  "summary_fg_stdv": 3372.43603515625,
  "tsnr": 62.941001892089844
}