{
  "aor": 0.00094915,
  "aqi": 0.00559783425,
  "bids_meta": {
    "AcquisitionNumber": 9,
    "BidsifyVersion": "0.3.5",
    "ConversionSoftware": "dcm2niix",
    "ConversionSoftwareVersion": "v1.0.20181125  GCC6.3.0",
    "EchoTime": 0.02762,
    "EffectiveEchoSpacing": 0.0006621159151938905,
    "ImageComments": "Piop",
    "ImageOrientationPatientDICOM": [
      0.997788,
      0.0407164,
      -0.0525425,
      -0.0529904,
      0.964443,
      -0.258925
    ],
    "Manufacturer": "Philips",
    "NumberOfVolumesDiscardedByScanner": 2,
    "ParallelAcquisitionTechnique": "SENSE",
    "ParallelReductionFactorInPlane": 2,
    "PatientPosition": "HFS",
    "PhaseEncodingDirection": "j",
    "PhilipsRescaleIntercept": 0,
    "PhilipsRescaleSlope": 0.88987,
    "PhilipsScaleSlope": 0.0463036,
    "ProtocolName": "WIPpiopanticipatieSENSE",
    "PulseSequenceType": "gradient echo EPI",
    "ReconMatrixPE": 80,
    "RepetitionTime": 2,
    "SeriesDescription": "ImageMRSERIES",
    "SeriesNumber": 9,
    "SliceEncodingDirection": "k",
    "SliceTiming": [
      0.0,
      0.0541,
      0.1081,
      0.1622,
      0.2162,
      0.2703,
      0.3243,
      0.3784,
      0.4324,
      0.4865,
      0.5405,
      0.5946,
      0.6486,
      0.7027,
      0.7568,
      0.8108,
      0.8649,
      0.9189,
      0.973,
      1.027,
      1.0811,
      1.1351,
      1.1892,
      1.2432,
      1.2973,
      1.3514,
      1.4054,
      1.4595,
      1.5135,
      1.5676,
      1.6216,
      1.6757,
      1.7297,
      1.7838,
      1.8378,
      1.8919,
      1.9459
    ],
    "TaskName": "anticipation",
    "TotalReadoutTime": 0.025822520692561732,
    "UsePhilipsFloatNotDisplayScaling": 1,
    "acq_id": "seq",
    "dataset": "unknown",
    "modality": "bold",
    "subject_id": "0073",
    "task_id": "anticipation"
  },
  "dummy_trs": 0,
  "dvars_nstd": 22.933792287135677,
  "dvars_std": 1.1355190166834173,
  "dvars_vstd": 0.9627620264321604,
  "efc": 0.3847484226580469,
  "fber": 230309168.0,
  "fd_mean": 0.17353384604264344,
  "fd_num": 59,
  "fd_perc": 29.5,
  "fwhm_avg": 2.388513546460601,
  "fwhm_x": 2.3034166666666667,
  "fwhm_y": 2.5560966666666665,
  "fwhm_z": 2.30602730604847,
  "gcor": 0.0256205,
  "gsr_x": -0.005978818517178297,
  "gsr_y": 0.004412834532558918,
  "provenance": {
    "md5sum": "6ba4a73b5fc83c3054d79c366b17eaf1",
    "settings": {
      "fd_thres": 0.2,
      "hmc_fsl": false
    },
    "software": "mriqc",
    "version": "0.15.0",
    "webapi_port": null,
    "webapi_url": "https://mriqc.nimh.nih.gov/api/v1"
  },
  "size_t": 200,
  "size_x": 80,
  "size_y": 80,
  "size_z": 37,
  "snr": 4.266150512909398,
  "spacing_tr": 2.0,
  "spacing_x": 3.0,
  "spacing_y": 3.0,
  "spacing_z": 3.299999952316284,
  "spikes_num": 1,
  "summary_bg_k": 100.74868655941415,
  "summary_bg_mad": 2.2834908962249756,
  "summary_bg_mean": 180.3998565673828,
  "summary_bg_median": 1.5685622692108154,
  "summary_bg_n": 157269.0,
  "summary_bg_p05": 0.00645914301276207,
  "summary_bg_p95": 735.5285888671875,
  "summary_bg_stdv": 1001.213134765625,
  "summary_fg_k": 2.413613870645026,
  "summary_fg_mad": 4803.900390625,
  "summary_fg_mean": 25851.791015625,
  "summary_fg_median": 25550.1328125,
  "summary_fg_n": 38679.0,
  "summary_fg_p05": 16764.196875,
  "summary_fg_p95": 35241.93125,
  "summary_fg_stdv": 5988.95947265625,
  "tsnr": 60.86844253540039
}