{
  "aor": 0.0014509876543209875,
  "aqi": 0.004075234074074074,
  "bids_meta": {
    "AcquisitionNumber": 8,
    "BidsifyVersion": "0.3.5",
    "ConversionSoftware": "dcm2niix",
    "ConversionSoftwareVersion": "v1.0.20181125  GCC6.3.0",
    "EchoTime": 0.02762,
    "EffectiveEchoSpacing": 0.0006621159151938905,
    "ImageComments": "Piop",
    "ImageOrientationPatientDICOM": [
      0.997788,
      0.0407164,
      -0.0525425,
      -0.0529904,
      0.964443,
      -0.258925
    ],
    "Manufacturer": "Philips",
    "NumberOfVolumesDiscardedByScanner": 2,
    "ParallelAcquisitionTechnique": "SENSE",
    "ParallelReductionFactorInPlane": 2,
    "PatientPosition": "HFS",
    "PhaseEncodingDirection": "j",
    "PhilipsRescaleIntercept": 0,
    "PhilipsRescaleSlope": 0.85348,
    "PhilipsScaleSlope": 0.0480918,
    "ProtocolName": "WIPpiopwmSENSE",
    "PulseSequenceType": "gradient echo EPI",
    "ReconMatrixPE": 80,
    "RepetitionTime": 2,
    "SeriesDescription": "ImageMRSERIES",
    "SeriesNumber": 8,
    "SliceEncodingDirection": "k",
    "SliceTiming": [
      0.0,
      0.0541,
      0.1081,
      0.1622,
      0.2162,
      0.2703,
      0.3243,
      0.3784,
      0.4324,
      0.4865,
      0.5405,
      0.5946,
      0.6486,
      0.7027,
      0.7568,
      0.8108,
      0.8649,
      0.9189,
      0.973,
      1.027,
      1.0811,
      1.1351,
      1.1892,
      1.2432,
      1.2973,
      1.3514,
      1.4054,
      1.4595,
      1.5135,
      1.5676,
      1.6216,
      1.6757,
      1.7297,
      1.7838,
      1.8378,
      1.8919,
      1.9459
    ],
    "TaskName": "workingmemory",
    "TotalReadoutTime": 0.025822520692561732,
    "UsePhilipsFloatNotDisplayScaling": 1,
    "acq_id": "seq",
    "dataset": "unknown",
    "modality": "bold",
    "subject_id": "0073",
    "task_id": "workingmemory"
  },
  "dummy_trs": 0,
  "dvars_nstd": 22.311956736956514,
  "dvars_std": 1.2239483392546586,
  "dvars_vstd": 1.0090453200000002,
  "efc": 0.3844778454513215,
  "fber": 319853120.0,
  "fd_mean": 0.13710620710300725,
  "fd_num": 24,
  "fd_perc": 14.814814814814815,
  "fwhm_avg": 2.380532132253244,
  "fwhm_x": 2.2902666666666667,
  "fwhm_y": 2.5589933333333335,
  "fwhm_z": 2.2923363967597323,
  "gcor": 0.0280847,
  "gsr_x": -0.005412708036601543,
  "gsr_y": 0.00398141099140048,
  "provenance": {
    "md5sum": "e8c4de77274b142780238d365153b8d2",
    "settings": {
      "fd_thres": 0.2,
      "hmc_fsl": false
    },
    "software": "mriqc",
    "version": "0.15.0",
    "webapi_port": null,
    "webapi_url": "https://mriqc.nimh.nih.gov/api/v1"
  },
  "size_t": 162,
  "size_x": 80,
  "size_y": 80,
  "size_z": 37,
  "snr": 4.331132931774765,
  "spacing_tr": 2.0,
  "spacing_x": 3.0,
  "spacing_y": 3.0,
  "spacing_z": 3.299999952316284,
  "spikes_num": 0,
  "summary_bg_k": 102.0831849394155,
  "summary_bg_mad": 1.9125123023986816,
  "summary_bg_mean": 173.29312133789062,
  "summary_bg_median": 1.3048475980758667,
  "summary_bg_n": 157324.0,
  "summary_bg_p05": 0.005845544789917768,
  "summary_bg_p95": 687.8612579345724,
  "summary_bg_stdv": 985.6552734375,
  "summary_fg_k": 2.145219595375501,
  "summary_fg_mad": 4743.943359375,
  "summary_fg_mean": 25651.017578125,
  "summary_fg_median": 25398.859375,
  "summary_fg_n": 38696.0,
  "summary_fg_p05": 16556.88134765625,
  "summary_fg_p95": 34931.568359375,
  "summary_fg_stdv": 5864.17724609375,
  "tsnr": 68.42878723144531
}