{
  "aor": 0.0033064897959183674,
  "aqi": 0.01437064775510204,
  "bids_meta": {
    "AcquisitionNumber": 3,
    "BidsifyVersion": "0.3.5",
    "ConversionSoftware": "dcm2niix",
    "ConversionSoftwareVersion": "v1.0.20181125  GCC6.3.0",
    "EchoTime": 0.02762,
    "ImageComments": "PIop",
    "ImageOrientationPatientDICOM": [
      0.996334,
      -0.046992,
      0.0714795,
      0.0752645,
      0.878688,
      -0.471426
    ],
    "Manufacturer": "Philips",
    "NumberOfVolumesDiscardedByScanner": 2,
    "ParallelAcquisitionTechnique": "SENSE",
    "ParallelReductionFactorInPlane": 2,
    "PatientPosition": "HFS",
    "PhaseEncodingDirection": "j",
    "PhilipsRescaleIntercept": 0,
    "PhilipsRescaleSlope": 0.85739,
    "PhilipsScaleSlope": 0.0603011,
    "ProtocolName": "WIPpiopgstroopSENSE",
    "PulseSequenceType": "gradient echo EPI",
    "ReconMatrixPE": 80,
    "RepetitionTime": 2,
    "SeriesDescription": "ImageMRSERIES",
    "SeriesNumber": 3,
    "SliceEncodingDirection": "k",
    "TaskName": "gstroop",
    "UsePhilipsFloatNotDisplayScaling": 1,
    "acq_id": "seq",
    "dataset": "unknown",
    "modality": "bold",
    "subject_id": "0017",
    "task_id": "gstroop"
  },
  "dummy_trs": 0,
  "dvars_nstd": 22.623774974303288,
  "dvars_std": 1.15427645762295,
  "dvars_vstd": 0.9350704113114746,
  "efc": 0.38575280979011356,
  "fber": 26252488.0,
  "fd_mean": 0.14497950952757374,
  "fd_num": 39,
  "fd_perc": 15.918367346938776,
  "fwhm_avg": 2.4643194048462083,
  "fwhm_x": 2.4827266666666667,
  "fwhm_y": 2.64578,
  "fwhm_z": 2.2644515478719587,
  "gcor": 0.0150759,
  "gsr_x": 0.0017871373565867543,
  "gsr_y": -0.0003449635405559093,
  "provenance": {
    "md5sum": "01f4d39785898e9553170cce5ca726a3",
    "settings": {
      "fd_thres": 0.2,
      "hmc_fsl": false
    },
    "software": "mriqc",
    "version": "0.15.0",
    "webapi_port": null,
    "webapi_url": "https://mriqc.nimh.nih.gov/api/v1"
  },
  "size_t": 245,
  "size_x": 80,
  "size_y": 80,
  "size_z": 37,
  "snr": 4.715860922768775,
  "spacing_tr": 2.0,
  "spacing_x": 3.0,
  "spacing_y": 3.0,
  "spacing_z": 3.299999952316284,
  "spikes_num": 5,
  "summary_bg_k": 77.6124963637921,
  "summary_bg_mad": 5.806392192840576,
  "summary_bg_mean": 231.25042724609375,
  "summary_bg_median": 3.9793219566345215,
  "summary_bg_n": 158841.0,
  "summary_bg_p05": 0.02045241743326187,
  "summary_bg_p95": 849.2154541015625,
  "summary_bg_stdv": 1147.6953125,
  "summary_fg_k": 3.399167383729326,
  "summary_fg_mad": 3899.32666015625,
  "summary_fg_mean": 22564.724609375,
  "summary_fg_median": 22576.15234375,
  "summary_fg_n": 37166.0,
  "summary_fg_p05": 15348.98583984375,
  "summary_fg_p95": 29674.5654296875,
  "summary_fg_stdv": 4787.216796875,
  "tsnr": 45.117591857910156
}