{
  "aor": 0.0008569753086419753,
  "aqi": 0.007300156975308642,
  "bids_meta": {
    "AcquisitionNumber": 8,
    "BidsifyVersion": "0.3.5",
    "ConversionSoftware": "dcm2niix",
    "ConversionSoftwareVersion": "v1.0.20181125  GCC6.3.0",
    "EchoTime": 0.02762,
    "EffectiveEchoSpacing": 0.0006621159151938905,
    "ImageComments": "piop",
    "ImageOrientationPatientDICOM": [
      0.998043,
      0.00572084,
      -0.0622613,
      -0.0156785,
      0.986888,
      -0.160646
    ],
    "Manufacturer": "Philips",
    "NumberOfVolumesDiscardedByScanner": 2,
    "ParallelAcquisitionTechnique": "SENSE",
    "ParallelReductionFactorInPlane": 2,
    "PatientPosition": "HFS",
    "PhaseEncodingDirection": "j",
    "PhilipsRescaleIntercept": 0,
    "PhilipsRescaleSlope": 0.85543,
    "PhilipsScaleSlope": 0.0611893,
    "ProtocolName": "WIPpiopwmSENSE",
    "PulseSequenceType": "gradient echo EPI",
    "ReconMatrixPE": 80,
    "RepetitionTime": 2,
    "SeriesDescription": "ImageMRSERIES",
    "SeriesNumber": 8,
    "SliceEncodingDirection": "k",
    "SliceTiming": [
      0.0,
      0.0541,
      0.1081,
      0.1622,
      0.2162,
      0.2703,
      0.3243,
      0.3784,
      0.4324,
      0.4865,
      0.5405,
      0.5946,
      0.6486,
      0.7027,
      0.7568,
      0.8108,
      0.8649,
      0.9189,
      0.973,
      1.027,
      1.0811,
      1.1351,
      1.1892,
      1.2432,
      1.2973,
      1.3514,
      1.4054,
      1.4595,
      1.5135,
      1.5676,
      1.6216,
      1.6757,
      1.7297,
      1.7838,
      1.8378,
      1.8919,
      1.9459
    ],
    "TaskName": "workingmemory",
    "TotalReadoutTime": 0.025822520692561732,
    "UsePhilipsFloatNotDisplayScaling": 1,
    "acq_id": "seq",
    "dataset": "unknown",
    "modality": "bold",
    "subject_id": "0105",
    "task_id": "workingmemory"
  },
  "dummy_trs": 0,
  "dvars_nstd": 38.3052208584472,
  "dvars_std": 1.254841809503106,
  "dvars_vstd": 0.991476908509317,
  "efc": 0.40561992295002774,
  "fber": 268617856.0,
  "fd_mean": 0.38390904790374336,
  "fd_num": 126,
  "fd_perc": 77.77777777777777,
  "fwhm_avg": 2.3063736465012794,
  "fwhm_x": 2.279386666666667,
  "fwhm_y": 2.5349766666666667,
  "fwhm_z": 2.1047576061705042,
  "gcor": 0.045637,
  "gsr_x": -0.00427118269726634,
  "gsr_y": 0.004234302788972855,
  "provenance": {
    "md5sum": "98c4d9c295ff8476e2c913d949d7f654",
    "settings": {
      "fd_thres": 0.2,
      "hmc_fsl": false
    },
    "software": "mriqc",
    "version": "0.15.0",
    "webapi_port": null,
    "webapi_url": "https://mriqc.nimh.nih.gov/api/v1"
  },
  "size_t": 162,
  "size_x": 80,
  "size_y": 80,
  "size_z": 37,
  "snr": 4.719331257249423,
  "spacing_tr": 2.0,
  "spacing_x": 3.0,
  "spacing_y": 3.0,
  "spacing_z": 3.299999952316284,
  "spikes_num": 0,
  "summary_bg_k": 252.9391411047111,
  "summary_bg_mad": 1.954641580581665,
  "summary_bg_mean": 182.81564331054688,
  "summary_bg_median": 1.3372598886489868,
  "summary_bg_n": 153161.0,
  "summary_bg_p05": 0.009752245619893074,
  "summary_bg_p95": 734.6802978515625,
  "summary_bg_stdv": 1119.156494140625,
  "summary_fg_k": 2.3496669462596484,
  "summary_fg_mad": 4437.61962890625,
  "summary_fg_mean": 24341.94921875,
  "summary_fg_median": 24150.953125,
  "summary_fg_n": 42418.0,
  "summary_fg_p05": 16953.82783203125,
  "summary_fg_p95": 32371.043750000008,
  "summary_fg_stdv": 5117.39208984375,
  "tsnr": 58.76577377319336
}