{
  "aor": 0.020236172839506173,
  "aqi": 0.0126226037654321,
  "bids_meta": {
    "AcquisitionNumber": 8,
    "BidsifyVersion": "0.3.5",
    "ConversionSoftware": "dcm2niix",
    "ConversionSoftwareVersion": "v1.0.20181125  GCC6.3.0",
    "EchoTime": 0.02762,
    "EffectiveEchoSpacing": 0.0006621159151938905,
    "ImageComments": "piop",
    "ImageOrientationPatientDICOM": [
      0.999025,
      -0.00274298,
      -0.0440625,
      -0.00557967,
      0.98222,
      -0.187652
    ],
    "Manufacturer": "Philips",
    "NumberOfVolumesDiscardedByScanner": 2,
    "ParallelAcquisitionTechnique": "SENSE",
    "ParallelReductionFactorInPlane": 2,
    "PatientPosition": "HFS",
    "PhaseEncodingDirection": "j",
    "PhilipsRescaleIntercept": 0,
    "PhilipsRescaleSlope": 0.77094,
    "PhilipsScaleSlope": 0.0505243,
    "ProtocolName": "WIPpiopwmSENSE",
    "PulseSequenceType": "gradient echo EPI",
    "ReconMatrixPE": 80,
    "RepetitionTime": 2,
    "SeriesDescription": "ImageMRSERIES",
    "SeriesNumber": 8,
    "SliceEncodingDirection": "k",
    "SliceTiming": [
      0.0,
      0.0541,
      0.1081,
      0.1622,
      0.2162,
      0.2703,
      0.3243,
      0.3784,
      0.4324,
      0.4865,
      0.5405,
      0.5946,
      0.6486,
      0.7027,
      0.7568,
      0.8108,
      0.8649,
      0.9189,
      0.973,
      1.027,
      1.0811,
      1.1351,
      1.1892,
      1.2432,
      1.2973,
      1.3514,
      1.4054,
      1.4595,
      1.5135,
      1.5676,
      1.6216,
      1.6757,
      1.7297,
      1.7838,
      1.8378,
      1.8919,
      1.9459
    ],
    "TaskName": "workingmemory",
    "TotalReadoutTime": 0.025822520692561732,
    "UsePhilipsFloatNotDisplayScaling": 1,
    "acq_id": "seq",
    "dataset": "unknown",
    "modality": "bold",
    "subject_id": "0090",
    "task_id": "workingmemory"
  },
  "dummy_trs": 0,
  "dvars_nstd": 24.244918183416143,
  "dvars_std": 1.1311596694409938,
  "dvars_vstd": 1.172833616521739,
  "efc": 0.4077216194433812,
  "fber": 68542384.0,
  "fd_mean": 0.20689073881067027,
  "fd_num": 46,
  "fd_perc": 28.395061728395063,
  "fwhm_avg": 2.3201633435643,
  "fwhm_x": 2.27483,
  "fwhm_y": 2.561526666666667,
  "fwhm_z": 2.124133364026234,
  "gcor": 0.00958999,
  "gsr_x": -0.004978889599442482,
  "gsr_y": 0.004203623626381159,
  "provenance": {
    "md5sum": "9e14116a8e67b430464d32aed958b839",
    "settings": {
      "fd_thres": 0.2,
      "hmc_fsl": false
    },
    "software": "mriqc",
    "version": "0.15.0",
    "webapi_port": null,
    "webapi_url": "https://mriqc.nimh.nih.gov/api/v1"
  },
  "size_t": 162,
  "size_x": 80,
  "size_y": 80,
  "size_z": 37,
  "snr": 4.4326750494153435,
  "spacing_tr": 2.0,
  "spacing_x": 3.0,
  "spacing_y": 3.0,
  "spacing_z": 3.299999952316284,
  "spikes_num": 2,
  "summary_bg_k": 93.14378332160413,
  "summary_bg_mad": 4.337395191192627,
  "summary_bg_mean": 208.25674438476562,
  "summary_bg_median": 2.994555950164795,
  "summary_bg_n": 152495.0,
  "summary_bg_p05": 0.017457009293138984,
  "summary_bg_p95": 911.1727844238276,
  "summary_bg_stdv": 1096.4974365234375,
  "summary_fg_k": 1.794359669808479,
  "summary_fg_mad": 5489.69970703125,
  "summary_fg_mean": 27487.6875,
  "summary_fg_median": 27028.041015625,
  "summary_fg_n": 42807.0,
  "summary_fg_p05": 19165.01875,
  "summary_fg_p95": 37547.330859375,
  "summary_fg_stdv": 6097.384765625,
  "tsnr": 40.902408599853516
}