{
  "aor": 0.0015696048632218844,
  "aqi": 0.004697389422492401,
  "bids_meta": {
    "AcquisitionNumber": 2,
    "BidsifyVersion": "0.3.5",
    "ConversionSoftware": "dcm2niix",
    "ConversionSoftwareVersion": "v1.0.20181125  GCC6.3.0",
    "EchoTime": 0.02762,
    "EffectiveEchoSpacing": 0.0006333282667071997,
    "ImageComments": "piop",
    "ImageOrientationPatientDICOM": [
      0.999025,
      -0.00274298,
      -0.0440625,
      -0.00557967,
      0.98222,
      -0.187652
    ],
    "Manufacturer": "Philips",
    "NumberOfVolumesDiscardedByScanner": 2,
    "ParallelAcquisitionTechnique": "SENSE",
    "ParallelReductionFactorInPlane": 2,
    "PatientPosition": "HFS",
    "PhaseEncodingDirection": "j",
    "PhilipsRescaleIntercept": 0,
    "PhilipsRescaleSlope": 0.7663,
    "PhilipsScaleSlope": 0.0811661,
    "ProtocolName": "WIPpiopfacesSENSE",
    "PulseSequenceType": "gradient echo EPI",
    "ReconMatrixPE": 80,
    "RepetitionTime": 0.75,
    "SeriesDescription": "ImageMRSERIES",
    "SeriesNumber": 2,
    "SliceEncodingDirection": "k",
    "SliceTiming": [
      0.0,
      0.06755050505050506,
      0.1351010101010101,
      0.20265151515151517,
      0.2702020202020202,
      0.3377525252525253,
      0.40530303030303033,
      0.47285353535353536,
      0.5404040404040404,
      0.6079545454545455,
      0.6755050505050506,
      0.7430555555555556,
      0.0,
      0.06755050505050506,
      0.1351010101010101,
      0.20265151515151517,
      0.2702020202020202,
      0.3377525252525253,
      0.40530303030303033,
      0.47285353535353536,
      0.5404040404040404,
      0.6079545454545455,
      0.6755050505050506,
      0.7430555555555556,
      0.0,
      0.06755050505050506,
      0.1351010101010101,
      0.20265151515151517,
      0.2702020202020202,
      0.3377525252525253,
      0.40530303030303033,
      0.47285353535353536,
      0.5404040404040404,
      0.6079545454545455,
      0.6755050505050506,
      0.7430555555555556
    ],
    "TaskName": "faces",
    "TotalReadoutTime": 0.024699802401580786,
    "UsePhilipsFloatNotDisplayScaling": 1,
    "acq_id": "mb3",
    "dataset": "unknown",
    "modality": "bold",
    "subject_id": "0090",
    "task_id": "faces"
  },
  "dummy_trs": 1,
  "dvars_nstd": 20.815320968597565,
  "dvars_std": 1.1853117109756095,
  "dvars_vstd": 1.0187031765243897,
  "efc": 0.409010597184045,
  "fber": 2390185984.0,
  "fd_mean": 0.09905564613862865,
  "fd_num": 10,
  "fd_perc": 3.0395136778115504,
  "fwhm_avg": 2.588065015612083,
  "fwhm_x": 2.5930833333333334,
  "fwhm_y": 2.88326,
  "fwhm_z": 2.2878517135029166,
  "gcor": 0.0115179,
  "gsr_x": -0.00566204683855176,
  "gsr_y": 0.0028200368396937847,
  "provenance": {
    "md5sum": "ce8fb633d0af3beff0b484b9f99fda0d",
    "settings": {
      "fd_thres": 0.2,
      "hmc_fsl": false
    },
    "software": "mriqc",
    "version": "0.15.0",
    "webapi_port": null,
    "webapi_url": "https://mriqc.nimh.nih.gov/api/v1"
  },
  "size_t": 329,
  "size_x": 80,
  "size_y": 80,
  "size_z": 36,
  "snr": 5.5029785359281025,
  "spacing_tr": 0.75,
  "spacing_x": 3.0,
  "spacing_y": 3.0,
  "spacing_z": 3.299999713897705,
  "spikes_num": 4,
  "summary_bg_k": 77.6825070331951,
  "summary_bg_mad": 0.5324432253837585,
  "summary_bg_mean": 141.6038055419922,
  "summary_bg_median": 0.36216968297958374,
  "summary_bg_n": 148868.0,
  "summary_bg_p05": 0.0014549449901096524,
  "summary_bg_p95": 703.1611999511717,
  "summary_bg_stdv": 756.3237915039062,
  "summary_fg_k": 2.488304534771112,
  "summary_fg_mad": 3089.0712890625,
  "summary_fg_mean": 19607.052734375,
  "summary_fg_median": 19657.462890625,
  "summary_fg_n": 41101.0,
  "summary_fg_p05": 14152.9404296875,
  "summary_fg_p95": 24989.71484375,
  "summary_fg_stdv": 3572.106201171875,
  "tsnr": 69.76820373535156
}