{
  "bids_meta": {
    "AcquisitionNumber": 4,
    "BidsifyVersion": "0.3.5",
    "ConversionSoftware": "dcm2niix",
    "ConversionSoftwareVersion": "v1.0.20181125  GCC6.3.0",
    "EchoTime": 0.0038,
    "ImageComments": "piop",
    "ImageOrientationPatientDICOM": [
      0.999911,
      -0.00734096,
      -0.011164,
      0.00541009,
      0.986433,
      -0.164077
    ],
    "Manufacturer": "Philips",
    "PatientPosition": "HFS",
    "PhilipsRescaleIntercept": 0,
    "PhilipsRescaleSlope": 8.00195,
    "PhilipsScaleSlope": 0.00750357,
    "ProtocolName": "WIPt13dSENSE",
    "ReconMatrixPE": 240,
    "RepetitionTime": 0.00827,
    "SeriesDescription": "ImageMRSERIES",
    "SeriesNumber": 4,
    "UsePhilipsFloatNotDisplayScaling": 1,
    "dataset": "unknown",
    "modality": "T1w",
    "subject_id": "0195"
  },
  "cjv": 0.30018069766851724,
  "cnr": 4.1520592372418905,
  "efc": 0.7553125805924923,
  "fber": 2018.6204833984375,
  "fwhm_avg": 3.550606666666667,
  "fwhm_x": 3.47647,
  "fwhm_y": 3.72258,
  "fwhm_z": 3.45277,
  "icvs_csf": 0.18898587113954832,
  "icvs_gm": 0.4559575107577487,
  "icvs_wm": 0.35505661810270295,
  "inu_med": 2.1687803268432617,
  "inu_range": 0.5076258182525635,
  "provenance": {
    "md5sum": "42b27b17194ac8bf0fc99d46a667e15c",
    "settings": {
      "testing": false
    },
    "software": "mriqc",
    "version": "0.15.0",
    "warnings": {
      "large_rot_frame": true,
      "small_air_mask": true
    },
    "webapi_port": null,
    "webapi_url": "https://mriqc.nimh.nih.gov/api/v1"
  },
  "qi_1": 0.0007032873773667192,
  "qi_2": 0.0002267800312399614,
  "rpve_csf": 31.764007605734097,
  "rpve_gm": 14.926648181863737,
  "rpve_wm": 23.17815602628206,
  "size_x": 240,
  "size_y": 240,
  "size_z": 220,
  "snr_csf": 2.65974339210161,
  "snr_gm": 7.76455847755665,
  "snr_total": 10.15123210847434,
  "snr_wm": 20.02939445576476,
  "snrd_csf": 28.408252198442355,
  "snrd_gm": 49.67961472190484,
  "snrd_total": 53.1613614659737,
  "snrd_wm": 81.3962174775739,
  "spacing_x": 1.0,
  "spacing_y": 1.0,
  "spacing_z": 1.0,
  "summary_bg_k": 115.6925884890455,
  "summary_bg_mad": 8.048563957214355,
  "summary_bg_mean": 10.929207801818848,
  "summary_bg_median": 10.733600616455078,
  "summary_bg_n": 88583.0,
  "summary_bg_p05": 0.0,
  "summary_bg_p95": 27.938917922973634,
  "summary_bg_stdv": 11.6552095413208,
  "summary_csf_k": 61.49806120535182,
  "summary_csf_mad": 89.75570678710938,
  "summary_csf_mean": 333.4756774902344,
  "summary_csf_median": 349.004638671875,
  "summary_csf_n": 5394.0,
  "summary_csf_p05": 107.52926063537598,
  "summary_csf_p95": 483.53581695556625,
  "summary_csf_stdv": 131.2052459716797,
  "summary_gm_k": 0.20567223851964966,
  "summary_gm_mad": 74.20259857177734,
  "summary_gm_mean": 613.9833984375,
  "summary_gm_median": 610.3302612304688,
  "summary_gm_n": 24611.0,
  "summary_gm_p05": 489.2605438232422,
  "summary_gm_p95": 752.5927124023438,
  "summary_gm_stdv": 78.60303497314453,
  "summary_wm_k": 1.494633346522507,
  "summary_wm_mad": 42.762451171875,
  "summary_wm_mean": 995.5220947265625,
  "summary_wm_median": 999.9790649414062,
  "summary_wm_n": 175329.0,
  "summary_wm_p05": 905.117919921875,
  "summary_wm_p95": 1068.1986083984375,
  "summary_wm_stdv": 49.92543411254883,
  "tpm_overlap_csf": 0.21753047406673431,
  "tpm_overlap_gm": 0.5348902940750122,
  "tpm_overlap_wm": 0.5661864280700684,
  "wm2max": 0.6585212306409308
}