{
  "bids_meta": {
    "AcquisitionNumber": 4,
    "BidsifyVersion": "0.3.5",
    "ConversionSoftware": "dcm2niix",
    "ConversionSoftwareVersion": "v1.0.20181125  GCC6.3.0",
    "EchoTime": 0.00381,
    "ImageComments": "PIOP",
    "ImageOrientationPatientDICOM": [
      0.998774,
      0.0493757,
      0.00344474,
      -0.0493724,
      0.988963,
      0.139692
    ],
    "Manufacturer": "Philips",
    "PatientPosition": "HFS",
    "PhilipsRescaleIntercept": 0,
    "PhilipsRescaleSlope": 8.58388,
    "PhilipsScaleSlope": 0.00758979,
    "ProtocolName": "WIPt13dSENSE",
    "ReconMatrixPE": 240,
    "RepetitionTime": 0.008274,
    "SeriesDescription": "ImageMRSERIES",
    "SeriesNumber": 4,
    "UsePhilipsFloatNotDisplayScaling": 1,
    "dataset": "unknown",
    "modality": "T1w",
    "subject_id": "0012"
  },
  "cjv": 0.32971755099540817,
  "cnr": 3.5686672917827287,
  "efc": 0.7456496323624936,
  "fber": 1433.0213623046875,
  "fwhm_avg": 3.6143733333333334,
  "fwhm_x": 3.51546,
  "fwhm_y": 3.84093,
  "fwhm_z": 3.48673,
  "icvs_csf": 0.20936664283574963,
  "icvs_gm": 0.4114789933753412,
  "icvs_wm": 0.3791543637889092,
  "inu_med": 1.221146821975708,
  "inu_range": 0.3504996776580811,
  "provenance": {
    "md5sum": "adfd055e09b5735d972da877d50cb733",
    "settings": {
      "testing": false
    },
    "software": "mriqc",
    "version": "0.15.0",
    "warnings": {
      "large_rot_frame": true,
      "small_air_mask": true
    },
    "webapi_port": null,
    "webapi_url": "https://mriqc.nimh.nih.gov/api/v1"
  },
  "qi_1": 4.133768756975735e-05,
  "qi_2": 5.9241727410479654e-05,
  "rpve_csf": 29.686844877348285,
  "rpve_gm": 15.688438976340901,
  "rpve_wm": 22.160611568969397,
  "size_x": 240,
  "size_y": 240,
  "size_z": 220,
  "snr_csf": 2.2807327325484783,
  "snr_gm": 7.312962090896607,
  "snr_total": 10.092959441339843,
  "snr_wm": 20.685183500574443,
  "snrd_csf": 19.488506840151278,
  "snrd_gm": 42.46574770312661,
  "snrd_total": 43.39729600325246,
  "snrd_wm": 68.2376334664795,
  "spacing_x": 1.0,
  "spacing_y": 1.0,
  "spacing_z": 1.0,
  "summary_bg_k": 8.446927494103106,
  "summary_bg_mad": 9.600619316101074,
  "summary_bg_mean": 24.732013702392578,
  "summary_bg_median": 12.873164176940918,
  "summary_bg_n": 168495.0,
  "summary_bg_p05": 0.0,
  "summary_bg_p95": 128.04534301757815,
  "summary_bg_stdv": 40.27233123779297,
  "summary_csf_k": -0.9273504053808619,
  "summary_csf_mad": 152.04681396484375,
  "summary_csf_mean": 267.5184020996094,
  "summary_csf_median": 285.592041015625,
  "summary_csf_n": 6335.0,
  "summary_csf_p05": 71.09247589111328,
  "summary_csf_p95": 444.99774780273424,
  "summary_csf_stdv": 125.20954132080078,
  "summary_gm_k": 0.1332885509783237,
  "summary_gm_mad": 81.75608825683594,
  "summary_gm_mean": 627.0531005859375,
  "summary_gm_median": 622.309326171875,
  "summary_gm_n": 17900.0,
  "summary_gm_p05": 493.76524505615237,
  "summary_gm_p95": 777.1144042968749,
  "summary_gm_stdv": 85.09437561035156,
  "summary_wm_k": 1.1533589996010818,
  "summary_wm_mad": 42.76869583129883,
  "summary_wm_mean": 996.472900390625,
  "summary_wm_median": 999.9804077148438,
  "summary_wm_n": 191592.0,
  "summary_wm_p05": 910.5375366210938,
  "summary_wm_p95": 1068.7925842285156,
  "summary_wm_stdv": 48.342708587646484,
  "tpm_overlap_csf": 0.21309822797775269,
  "tpm_overlap_gm": 0.506713330745697,
  "tpm_overlap_wm": 0.5803828835487366,
  "wm2max": 0.692823178439469
}