{
  "aor": 0.005365183673469388,
  "aqi": 0.005801321551020408,
  "bids_meta": {
    "AcquisitionNumber": 3,
    "BidsifyVersion": "0.3.5",
    "ConversionSoftware": "dcm2niix",
    "ConversionSoftwareVersion": "v1.0.20181125  GCC6.3.0",
    "EchoTime": 0.02762,
    "EffectiveEchoSpacing": 0.0006621159151938905,
    "ImageComments": "PIOP",
    "ImageOrientationPatientDICOM": [
      0.999044,
      0.0328783,
      0.0288156,
      -0.0230204,
      0.955954,
      -0.292612
    ],
    "Manufacturer": "Philips",
    "NumberOfVolumesDiscardedByScanner": 2,
    "ParallelAcquisitionTechnique": "SENSE",
    "ParallelReductionFactorInPlane": 2,
    "PatientPosition": "HFS",
    "PhaseEncodingDirection": "j",
    "PhilipsRescaleIntercept": 0,
    "PhilipsRescaleSlope": 0.88669,
    "PhilipsScaleSlope": 0.0508136,
    "ProtocolName": "WIPpiopgstroopSENSE",
    "PulseSequenceType": "gradient echo EPI",
    "ReconMatrixPE": 80,
    "RepetitionTime": 2,
    "SeriesDescription": "ImageMRSERIES",
    "SeriesNumber": 3,
    "SliceEncodingDirection": "k",
    "SliceTiming": [
      0.0,
      0.0541,
      0.1081,
      0.1622,
      0.2162,
      0.2703,
      0.3243,
      0.3784,
      0.4324,
      0.4865,
      0.5405,
      0.5946,
      0.6486,
      0.7027,
      0.7568,
      0.8108,
      0.8649,
      0.9189,
      0.973,
      1.027,
      1.0811,
      1.1351,
      1.1892,
      1.2432,
      1.2973,
      1.3514,
      1.4054,
      1.4595,
      1.5135,
      1.5676,
      1.6216,
      1.6757,
      1.7297,
      1.7838,
      1.8378,
      1.8919,
      1.9459
    ],
    "TaskName": "gstroop",
    "TotalReadoutTime": 0.025822520692561732,
    "UsePhilipsFloatNotDisplayScaling": 1,
    "acq_id": "seq",
    "dataset": "unknown",
    "modality": "bold",
    "subject_id": "0130",
    "task_id": "gstroop"
  },
  "dummy_trs": 0,
  "dvars_nstd": 24.96288795950818,
  "dvars_std": 1.328245545778688,
  "dvars_vstd": 1.04311059557377,
  "efc": 0.4016606737959399,
  "fber": 232639040.0,
  "fd_mean": 0.1229769999837554,
  "fd_num": 25,
  "fd_perc": 10.204081632653061,
  "fwhm_avg": 2.4078438492270746,
  "fwhm_x": 2.3146733333333334,
  "fwhm_y": 2.6576066666666667,
  "fwhm_z": 2.251251547681224,
  "gcor": 0.0147058,
  "gsr_x": -0.006895615719258785,
  "gsr_y": 0.007634394336491823,
  "provenance": {
    "md5sum": "80ff1f21900f9cc2441b1c8cb5482ce2",
    "settings": {
      "fd_thres": 0.2,
      "hmc_fsl": false
    },
    "software": "mriqc",
    "version": "0.15.0",
    "webapi_port": null,
    "webapi_url": "https://mriqc.nimh.nih.gov/api/v1"
  },
  "size_t": 245,
  "size_x": 80,
  "size_y": 80,
  "size_z": 37,
  "snr": 4.276158728901221,
  "spacing_tr": 2.0,
  "spacing_x": 3.0,
  "spacing_y": 3.0,
  "spacing_z": 3.299999952316284,
  "spikes_num": 13,
  "summary_bg_k": 81.37955450711243,
  "summary_bg_mad": 1.985848307609558,
  "summary_bg_mean": 211.5581512451172,
  "summary_bg_median": 1.372747778892517,
  "summary_bg_n": 154185.0,
  "summary_bg_p05": 0.018114107102155688,
  "summary_bg_p95": 892.9553588867119,
  "summary_bg_stdv": 1129.6942138671875,
  "summary_fg_k": 1.6550188870596267,
  "summary_fg_mad": 4759.85107421875,
  "summary_fg_mean": 24239.3671875,
  "summary_fg_median": 24059.443359375,
  "summary_fg_n": 41213.0,
  "summary_fg_p05": 15238.7421875,
  "summary_fg_p95": 33250.06406250001,
  "summary_fg_stdv": 5626.3466796875,
  "tsnr": 58.28219985961914
}