{
  "aor": 0.0013378395061728395,
  "aqi": 0.005362246296296296,
  "bids_meta": {
    "AcquisitionNumber": 8,
    "BidsifyVersion": "0.3.5",
    "ConversionSoftware": "dcm2niix",
    "ConversionSoftwareVersion": "v1.0.20181125  GCC6.3.0",
    "EchoTime": 0.02762,
    "EffectiveEchoSpacing": 0.0006621159151938905,
    "ImageComments": "piop",
    "ImageOrientationPatientDICOM": [
      0.999455,
      0.0254234,
      -0.021065,
      -0.0279173,
      0.99137,
      -0.128084
    ],
    "Manufacturer": "Philips",
    "NumberOfVolumesDiscardedByScanner": 2,
    "ParallelAcquisitionTechnique": "SENSE",
    "ParallelReductionFactorInPlane": 2,
    "PatientPosition": "HFS",
    "PhaseEncodingDirection": "j",
    "PhilipsRescaleIntercept": 0,
    "PhilipsRescaleSlope": 0.77167,
    "PhilipsScaleSlope": 0.056522,
    "ProtocolName": "WIPpiopwmSENSE",
    "PulseSequenceType": "gradient echo EPI",
    "ReconMatrixPE": 80,
    "RepetitionTime": 2,
    "SeriesDescription": "ImageMRSERIES",
    "SeriesNumber": 8,
    "SliceEncodingDirection": "k",
    "SliceTiming": [
      0.0,
      0.0541,
      0.1081,
      0.1622,
      0.2162,
      0.2703,
      0.3243,
      0.3784,
      0.4324,
      0.4865,
      0.5405,
      0.5946,
      0.6486,
      0.7027,
      0.7568,
      0.8108,
      0.8649,
      0.9189,
      0.973,
      1.027,
      1.0811,
      1.1351,
      1.1892,
      1.2432,
      1.2973,
      1.3514,
      1.4054,
      1.4595,
      1.5135,
      1.5676,
      1.6216,
      1.6757,
      1.7297,
      1.7838,
      1.8378,
      1.8919,
      1.9459
    ],
    "TaskName": "workingmemory",
    "TotalReadoutTime": 0.025822520692561732,
    "UsePhilipsFloatNotDisplayScaling": 1,
    "acq_id": "seq",
    "dataset": "unknown",
    "modality": "bold",
    "subject_id": "0026",
    "task_id": "workingmemory"
  },
  "dummy_trs": 0,
  "dvars_nstd": 23.702958817826094,
  "dvars_std": 1.2406990730434788,
  "dvars_vstd": 1.0125259802484465,
  "efc": 0.4142437707101973,
  "fber": 125975664.0,
  "fd_mean": 0.13465317075971753,
  "fd_num": 19,
  "fd_perc": 11.728395061728396,
  "fwhm_avg": 2.3463126367036966,
  "fwhm_x": 2.2827033333333335,
  "fwhm_y": 2.58848,
  "fwhm_z": 2.1677545767777557,
  "gcor": 0.0347422,
  "gsr_x": -0.0035643279552459717,
  "gsr_y": 0.0036593591794371605,
  "provenance": {
    "md5sum": "c84b228b565c29d7d43bdce42b821f8c",
    "settings": {
      "fd_thres": 0.2,
      "hmc_fsl": false
    },
    "software": "mriqc",
    "version": "0.15.0",
    "webapi_port": null,
    "webapi_url": "https://mriqc.nimh.nih.gov/api/v1"
  },
  "size_t": 162,
  "size_x": 80,
  "size_y": 80,
  "size_z": 37,
  "snr": 4.444606160804094,
  "spacing_tr": 2.0,
  "spacing_x": 3.0,
  "spacing_y": 3.0,
  "spacing_z": 3.299999952316284,
  "spikes_num": 0,
  "summary_bg_k": 70.15996092710962,
  "summary_bg_mad": 2.7410011291503906,
  "summary_bg_mean": 230.86016845703125,
  "summary_bg_median": 1.8609976768493652,
  "summary_bg_n": 151692.0,
  "summary_bg_p05": 0.003951621660962701,
  "summary_bg_p95": 884.8741180419772,
  "summary_bg_stdv": 1189.09375,
  "summary_fg_k": 2.080621827142995,
  "summary_fg_mad": 4447.6474609375,
  "summary_fg_mean": 23064.712890625,
  "summary_fg_median": 22842.548828125,
  "summary_fg_n": 44033.0,
  "summary_fg_p05": 15525.89453125,
  "summary_fg_p95": 31051.038671875,
  "summary_fg_stdv": 5139.328125,
  "tsnr": 62.60388946533203
}