{
  "aor": 0.0014019548872180453,
  "aqi": 0.005316720526315789,
  "bids_meta": {
    "AcquisitionNumber": 5,
    "BidsifyVersion": "0.3.5",
    "ConversionSoftware": "dcm2niix",
    "ConversionSoftwareVersion": "v1.0.20181125  GCC6.3.0",
    "EchoTime": 0.02762,
    "EffectiveEchoSpacing": 0.0006621159151938905,
    "ImageComments": "piop",
    "ImageOrientationPatientDICOM": [
      0.999455,
      0.0254234,
      -0.021065,
      -0.0279173,
      0.99137,
      -0.128084
    ],
    "Manufacturer": "Philips",
    "NumberOfVolumesDiscardedByScanner": 2,
    "ParallelAcquisitionTechnique": "SENSE",
    "ParallelReductionFactorInPlane": 2,
    "PatientPosition": "HFS",
    "PhaseEncodingDirection": "j",
    "PhilipsRescaleIntercept": 0,
    "PhilipsRescaleSlope": 0.77485,
    "PhilipsScaleSlope": 0.0591462,
    "ProtocolName": "WIPpiopharririSENSE",
    "PulseSequenceType": "gradient echo EPI",
    "ReconMatrixPE": 80,
    "RepetitionTime": 2,
    "SeriesDescription": "ImageMRSERIES",
    "SeriesNumber": 5,
    "SliceEncodingDirection": "k",
    "SliceTiming": [
      0.0,
      0.0541,
      0.1081,
      0.1622,
      0.2162,
      0.2703,
      0.3243,
      0.3784,
      0.4324,
      0.4865,
      0.5405,
      0.5946,
      0.6486,
      0.7027,
      0.7568,
      0.8108,
      0.8649,
      0.9189,
      0.973,
      1.027,
      1.0811,
      1.1351,
      1.1892,
      1.2432,
      1.2973,
      1.3514,
      1.4054,
      1.4595,
      1.5135,
      1.5676,
      1.6216,
      1.6757,
      1.7297,
      1.7838,
      1.8378,
      1.8919,
      1.9459
    ],
    "TaskName": "emomatching",
    "TotalReadoutTime": 0.025822520692561732,
    "UsePhilipsFloatNotDisplayScaling": 1,
    "acq_id": "seq",
    "dataset": "unknown",
    "modality": "bold",
    "subject_id": "0026",
    "task_id": "emomatching"
  },
  "dummy_trs": 2,
  "dvars_nstd": 24.251382654015142,
  "dvars_std": 1.2416110087121215,
  "dvars_vstd": 0.9785304846969693,
  "efc": 0.413453242548085,
  "fber": 150040256.0,
  "fd_mean": 0.14196102098859736,
  "fd_num": 19,
  "fd_perc": 14.285714285714286,
  "fwhm_avg": 2.3359726366667695,
  "fwhm_x": 2.263386666666667,
  "fwhm_y": 2.584443333333333,
  "fwhm_z": 2.1600879100003083,
  "gcor": 0.0302515,
  "gsr_x": -0.003768484340980649,
  "gsr_y": 0.0036856208462268114,
  "provenance": {
    "md5sum": "25934aa3fdb164369e0d199b7e569e4b",
    "settings": {
      "fd_thres": 0.2,
      "hmc_fsl": false
    },
    "software": "mriqc",
    "version": "0.15.0",
    "webapi_port": null,
    "webapi_url": "https://mriqc.nimh.nih.gov/api/v1"
  },
  "size_t": 133,
  "size_x": 80,
  "size_y": 80,
  "size_z": 37,
  "snr": 4.4584357410885715,
  "spacing_tr": 2.0,
  "spacing_x": 3.0,
  "spacing_y": 3.0,
  "spacing_z": 3.299999952316284,
  "spikes_num": 0,
  "summary_bg_k": 69.73428809206746,
  "summary_bg_mad": 2.4951839447021484,
  "summary_bg_mean": 213.9508819580078,
  "summary_bg_median": 1.721062421798706,
  "summary_bg_n": 151619.0,
  "summary_bg_p05": 0.0073286627419292955,
  "summary_bg_p95": 827.9994934082038,
  "summary_bg_stdv": 1122.9295654296875,
  "summary_fg_k": 2.1956595990008436,
  "summary_fg_mad": 4432.6103515625,
  "summary_fg_mean": 23086.328125,
  "summary_fg_median": 22880.20703125,
  "summary_fg_n": 44114.0,
  "summary_fg_p05": 15633.508496093751,
  "summary_fg_p95": 30994.7884765625,
  "summary_fg_stdv": 5131.8330078125,
  "tsnr": 64.36439514160156
}