{
  "aor": 0.0002399392097264438,
  "aqi": 0.006529344772036474,
  "bids_meta": {
    "AcquisitionNumber": 2,
    "BidsifyVersion": "0.3.5",
    "ConversionSoftware": "dcm2niix",
    "ConversionSoftwareVersion": "v1.0.20181125  GCC6.3.0",
    "EchoTime": 0.02762,
    "EffectiveEchoSpacing": 0.0006333282667071997,
    "ImageComments": "piop",
    "ImageOrientationPatientDICOM": [
      0.999505,
      0.024812,
      -0.0193381,
      -0.0240783,
      0.999014,
      0.0372947
    ],
    "Manufacturer": "Philips",
    "NumberOfVolumesDiscardedByScanner": 2,
    "ParallelAcquisitionTechnique": "SENSE",
    "ParallelReductionFactorInPlane": 2,
    "PatientPosition": "HFS",
    "PhaseEncodingDirection": "j",
    "PhilipsRescaleIntercept": 0,
    "PhilipsRescaleSlope": 0.75018,
    "PhilipsScaleSlope": 0.0926891,
    "ProtocolName": "WIPpiopfacesSENSE",
    "PulseSequenceType": "gradient echo EPI",
    "ReconMatrixPE": 80,
    "RepetitionTime": 0.75,
    "SeriesDescription": "ImageMRSERIES",
    "SeriesNumber": 2,
    "SliceEncodingDirection": "k",
    "SliceTiming": [
      0.0,
      0.06755050505050506,
      0.1351010101010101,
      0.20265151515151517,
      0.2702020202020202,
      0.3377525252525253,
      0.40530303030303033,
      0.47285353535353536,
      0.5404040404040404,
      0.6079545454545455,
      0.6755050505050506,
      0.7430555555555556,
      0.0,
      0.06755050505050506,
      0.1351010101010101,
      0.20265151515151517,
      0.2702020202020202,
      0.3377525252525253,
      0.40530303030303033,
      0.47285353535353536,
      0.5404040404040404,
      0.6079545454545455,
      0.6755050505050506,
      0.7430555555555556,
      0.0,
      0.06755050505050506,
      0.1351010101010101,
      0.20265151515151517,
      0.2702020202020202,
      0.3377525252525253,
      0.40530303030303033,
      0.47285353535353536,
      0.5404040404040404,
      0.6079545454545455,
      0.6755050505050506,
      0.7430555555555556
    ],
    "TaskName": "faces",
    "TotalReadoutTime": 0.024699802401580786,
    "UsePhilipsFloatNotDisplayScaling": 1,
    "acq_id": "mb3",
    "dataset": "unknown",
    "modality": "bold",
    "subject_id": "0026",
    "task_id": "faces"
  },
  "dummy_trs": 1,
  "dvars_nstd": 21.006453508231708,
  "dvars_std": 1.1954355217378054,
  "dvars_vstd": 0.9875472863719515,
  "efc": 0.41918891306017686,
  "fber": 1418904576.0,
  "fd_mean": 0.09812026336006512,
  "fd_num": 3,
  "fd_perc": 0.9118541033434651,
  "fwhm_avg": 2.9305703739429565,
  "fwhm_x": 2.937886666666667,
  "fwhm_y": 3.4000333333333335,
  "fwhm_z": 2.45379112182887,
  "gcor": 0.0354466,
  "gsr_x": -0.005001077428460121,
  "gsr_y": 0.00045139220310375094,
  "provenance": {
    "md5sum": "7c02ce8a463f87874286754ddf0ca7aa",
    "settings": {
      "fd_thres": 0.2,
      "hmc_fsl": false
    },
    "software": "mriqc",
    "version": "0.15.0",
    "webapi_port": null,
    "webapi_url": "https://mriqc.nimh.nih.gov/api/v1"
  },
  "size_t": 329,
  "size_x": 80,
  "size_y": 80,
  "size_z": 36,
  "snr": 5.78722807562437,
  "spacing_tr": 0.75,
  "spacing_x": 3.0,
  "spacing_y": 3.0,
  "spacing_z": 3.299999713897705,
  "spikes_num": 0,
  "summary_bg_k": 68.14035036707789,
  "summary_bg_mad": 0.5969054102897644,
  "summary_bg_mean": 164.69085693359375,
  "summary_bg_median": 0.40363216400146484,
  "summary_bg_n": 148192.0,
  "summary_bg_p05": 0.000501991729834117,
  "summary_bg_p95": 849.160153198229,
  "summary_bg_stdv": 851.8904418945312,
  "summary_fg_k": 2.76196587719392,
  "summary_fg_mad": 2463.92724609375,
  "summary_fg_mean": 16864.357421875,
  "summary_fg_median": 17029.08203125,
  "summary_fg_n": 42242.0,
  "summary_fg_p05": 11997.962744140626,
  "summary_fg_p95": 21101.0388671875,
  "summary_fg_stdv": 2942.493408203125,
  "tsnr": 70.63087463378906
}