{
  "aor": 0.004607102040816327,
  "aqi": 0.005848318408163265,
  "bids_meta": {
    "AcquisitionNumber": 3,
    "BidsifyVersion": "0.3.5",
    "ConversionSoftware": "dcm2niix",
    "ConversionSoftwareVersion": "v1.0.20181125  GCC6.3.0",
    "EchoTime": 0.02762,
    "EffectiveEchoSpacing": 0.0006621159151938905,
    "ImageComments": "piop",
    "ImageOrientationPatientDICOM": [
      0.999455,
      0.0254234,
      -0.021065,
      -0.0279173,
      0.99137,
      -0.128084
    ],
    "Manufacturer": "Philips",
    "NumberOfVolumesDiscardedByScanner": 2,
    "ParallelAcquisitionTechnique": "SENSE",
    "ParallelReductionFactorInPlane": 2,
    "PatientPosition": "HFS",
    "PhaseEncodingDirection": "j",
    "PhilipsRescaleIntercept": 0,
    "PhilipsRescaleSlope": 0.77094,
    "PhilipsScaleSlope": 0.0573387,
    "ProtocolName": "WIPpiopgstroopSENSE",
    "PulseSequenceType": "gradient echo EPI",
    "ReconMatrixPE": 80,
    "RepetitionTime": 2,
    "SeriesDescription": "ImageMRSERIES",
    "SeriesNumber": 3,
    "SliceEncodingDirection": "k",
    "SliceTiming": [
      0.0,
      0.0541,
      0.1081,
      0.1622,
      0.2162,
      0.2703,
      0.3243,
      0.3784,
      0.4324,
      0.4865,
      0.5405,
      0.5946,
      0.6486,
      0.7027,
      0.7568,
      0.8108,
      0.8649,
      0.9189,
      0.973,
      1.027,
      1.0811,
      1.1351,
      1.1892,
      1.2432,
      1.2973,
      1.3514,
      1.4054,
      1.4595,
      1.5135,
      1.5676,
      1.6216,
      1.6757,
      1.7297,
      1.7838,
      1.8378,
      1.8919,
      1.9459
    ],
    "TaskName": "gstroop",
    "TotalReadoutTime": 0.025822520692561732,
    "UsePhilipsFloatNotDisplayScaling": 1,
    "acq_id": "seq",
    "dataset": "unknown",
    "modality": "bold",
    "subject_id": "0026",
    "task_id": "gstroop"
  },
  "dummy_trs": 0,
  "dvars_nstd": 21.811450020368845,
  "dvars_std": 1.2204473146311474,
  "dvars_vstd": 1.0236415428688528,
  "efc": 0.41415429454968744,
  "fber": 40452728.0,
  "fd_mean": 0.14061749271614707,
  "fd_num": 34,
  "fd_perc": 13.877551020408163,
  "fwhm_avg": 2.3283248588429135,
  "fwhm_x": 2.2561666666666667,
  "fwhm_y": 2.5782866666666666,
  "fwhm_z": 2.1505212431954073,
  "gcor": 0.0199871,
  "gsr_x": -0.004505544435232878,
  "gsr_y": 0.004681170918047428,
  "provenance": {
    "md5sum": "c16ad63bd68516cdf6306c32abfdd278",
    "settings": {
      "fd_thres": 0.2,
      "hmc_fsl": false
    },
    "software": "mriqc",
    "version": "0.15.0",
    "webapi_port": null,
    "webapi_url": "https://mriqc.nimh.nih.gov/api/v1"
  },
  "size_t": 245,
  "size_x": 80,
  "size_y": 80,
  "size_z": 37,
  "snr": 4.484895823654104,
  "spacing_tr": 2.0,
  "spacing_x": 3.0,
  "spacing_y": 3.0,
  "spacing_z": 3.299999952316284,
  "spikes_num": 9,
  "summary_bg_k": 69.82448820280331,
  "summary_bg_mad": 4.880626678466797,
  "summary_bg_mean": 241.3438720703125,
  "summary_bg_median": 3.3094913959503174,
  "summary_bg_n": 152057.0,
  "summary_bg_p05": 0.0033827062230557207,
  "summary_bg_p95": 994.8495605468721,
  "summary_bg_stdv": 1171.6617431640625,
  "summary_fg_k": 2.1731018465891783,
  "summary_fg_mad": 4587.48681640625,
  "summary_fg_mean": 23730.09375,
  "summary_fg_median": 23486.88671875,
  "summary_fg_n": 43643.0,
  "summary_fg_p05": 16155.155078124999,
  "summary_fg_p95": 31847.985546875003,
  "summary_fg_stdv": 5236.82568359375,
  "tsnr": 61.055816650390625
}