{
  "aor": 0.00307837037037037,
  "aqi": 0.0037641779259259254,
  "bids_meta": {
    "AcquisitionNumber": 5,
    "BidsifyVersion": "0.3.5",
    "ConversionSoftware": "dcm2niix",
    "ConversionSoftwareVersion": "v1.0.20181125  GCC6.3.0",
    "EchoTime": 0.02762,
    "EffectiveEchoSpacing": 0.0006621159151938905,
    "ImageComments": "piop",
    "ImageOrientationPatientDICOM": [
      0.998913,
      0.0270555,
      -0.0379607,
      -0.040819,
      0.900951,
      -0.431998
    ],
    "Manufacturer": "Philips",
    "NumberOfVolumesDiscardedByScanner": 2,
    "ParallelAcquisitionTechnique": "SENSE",
    "ParallelReductionFactorInPlane": 2,
    "PatientPosition": "HFS",
    "PhaseEncodingDirection": "j",
    "PhilipsRescaleIntercept": 0,
    "PhilipsRescaleSlope": 0.76166,
    "PhilipsScaleSlope": 0.0632213,
    "ProtocolName": "WIPpiopharririSENSE",
    "PulseSequenceType": "gradient echo EPI",
    "ReconMatrixPE": 80,
    "RepetitionTime": 2,
    "SeriesDescription": "ImageMRSERIES",
    "SeriesNumber": 5,
    "SliceEncodingDirection": "k",
    "SliceTiming": [
      0.0,
      0.0541,
      0.1081,
      0.1622,
      0.2162,
      0.2703,
      0.3243,
      0.3784,
      0.4324,
      0.4865,
      0.5405,
      0.5946,
      0.6486,
      0.7027,
      0.7568,
      0.8108,
      0.8649,
      0.9189,
      0.973,
      1.027,
      1.0811,
      1.1351,
      1.1892,
      1.2432,
      1.2973,
      1.3514,
      1.4054,
      1.4595,
      1.5135,
      1.5676,
      1.6216,
      1.6757,
      1.7297,
      1.7838,
      1.8378,
      1.8919,
      1.9459
    ],
    "TaskName": "emomatching",
    "TotalReadoutTime": 0.025822520692561732,
    "UsePhilipsFloatNotDisplayScaling": 1,
    "acq_id": "seq",
    "dataset": "unknown",
    "modality": "bold",
    "subject_id": "0104",
    "task_id": "emomatching"
  },
  "dummy_trs": 0,
  "dvars_nstd": 22.99419116992538,
  "dvars_std": 1.336968186343283,
  "dvars_vstd": 1.029642055597015,
  "efc": 0.3688350854842691,
  "fber": 619108480.0,
  "fd_mean": 0.12651589483066164,
  "fd_num": 13,
  "fd_perc": 9.62962962962963,
  "fwhm_avg": 2.386899101467714,
  "fwhm_x": 2.3930533333333335,
  "fwhm_y": 2.575483333333333,
  "fwhm_z": 2.192160637736474,
  "gcor": 0.0229663,
  "gsr_x": -0.004468090366572142,
  "gsr_y": 0.002460607560351491,
  "provenance": {
    "md5sum": "06362da30f528c5bd9a381f8ad7efbb9",
    "settings": {
      "fd_thres": 0.2,
      "hmc_fsl": false
    },
    "software": "mriqc",
    "version": "0.15.0",
    "webapi_port": null,
    "webapi_url": "https://mriqc.nimh.nih.gov/api/v1"
  },
  "size_t": 135,
  "size_x": 80,
  "size_y": 80,
  "size_z": 37,
  "snr": 5.026299287416482,
  "spacing_tr": 2.0,
  "spacing_x": 3.0,
  "spacing_y": 3.0,
  "spacing_z": 3.299999952316284,
  "spikes_num": 0,
  "summary_bg_k": 119.25317994638141,
  "summary_bg_mad": 1.241012454032898,
  "summary_bg_mean": 158.2142333984375,
  "summary_bg_median": 0.8424954414367676,
  "summary_bg_n": 161029.0,
  "summary_bg_p05": 0.0026872979011386636,
  "summary_bg_p95": 394.54004516602095,
  "summary_bg_stdv": 1009.8878784179688,
  "summary_fg_k": 2.705981684972615,
  "summary_fg_mad": 3786.149169921875,
  "summary_fg_mean": 23017.150390625,
  "summary_fg_median": 23048.935546875,
  "summary_fg_n": 35485.0,
  "summary_fg_p05": 15626.792187500001,
  "summary_fg_p95": 29761.93203125,
  "summary_fg_stdv": 4585.6025390625,
  "tsnr": 81.56768798828125
}