{
  "aor": 0.00016502092050209207,
  "aqi": 0.009050877866108786,
  "bids_meta": {
    "AcquisitionNumber": 6,
    "BidsifyVersion": "0.3.5",
    "ConversionSoftware": "dcm2niix",
    "ConversionSoftwareVersion": "v1.0.20181125  GCC6.3.0",
    "EchoTime": 0.02762,
    "EffectiveEchoSpacing": 0.0006333282667071997,
    "ImageComments": "piop",
    "ImageOrientationPatientDICOM": [
      0.998913,
      0.0270555,
      -0.0379607,
      -0.040819,
      0.900951,
      -0.431998
    ],
    "Manufacturer": "Philips",
    "NumberOfVolumesDiscardedByScanner": 2,
    "ParallelAcquisitionTechnique": "SENSE",
    "ParallelReductionFactorInPlane": 2,
    "PatientPosition": "HFS",
    "PhaseEncodingDirection": "j",
    "PhilipsRescaleIntercept": 0,
    "PhilipsRescaleSlope": 0.86227,
    "PhilipsScaleSlope": 0.0935914,
    "ProtocolName": "WIPpioprsSENSE",
    "PulseSequenceType": "gradient echo EPI",
    "ReconMatrixPE": 80,
    "RepetitionTime": 0.75,
    "SeriesDescription": "ImageMRSERIES",
    "SeriesNumber": 6,
    "SliceEncodingDirection": "k",
    "SliceTiming": [
      0.0,
      0.06755050505050506,
      0.1351010101010101,
      0.20265151515151517,
      0.2702020202020202,
      0.3377525252525253,
      0.40530303030303033,
      0.47285353535353536,
      0.5404040404040404,
      0.6079545454545455,
      0.6755050505050506,
      0.7430555555555556,
      0.0,
      0.06755050505050506,
      0.1351010101010101,
      0.20265151515151517,
      0.2702020202020202,
      0.3377525252525253,
      0.40530303030303033,
      0.47285353535353536,
      0.5404040404040404,
      0.6079545454545455,
      0.6755050505050506,
      0.7430555555555556,
      0.0,
      0.06755050505050506,
      0.1351010101010101,
      0.20265151515151517,
      0.2702020202020202,
      0.3377525252525253,
      0.40530303030303033,
      0.47285353535353536,
      0.5404040404040404,
      0.6079545454545455,
      0.6755050505050506,
      0.7430555555555556
    ],
    "TaskName": "restingstate",
    "TotalReadoutTime": 0.024699802401580786,
    "UsePhilipsFloatNotDisplayScaling": 1,
    "acq_id": "mb3",
    "dataset": "unknown",
    "modality": "bold",
    "subject_id": "0104",
    "task_id": "restingstate"
  },
  "dummy_trs": 2,
  "dvars_nstd": 26.15030674153041,
  "dvars_std": 1.1304568024737958,
  "dvars_vstd": 0.9988066229350104,
  "efc": 0.3733820016444944,
  "fber": 1975771008.0,
  "fd_mean": 0.08778997357903587,
  "fd_num": 5,
  "fd_perc": 1.0460251046025104,
  "fwhm_avg": 2.4535781927245295,
  "fwhm_x": 2.4569366666666665,
  "fwhm_y": 2.6394433333333334,
  "fwhm_z": 2.2643545781735877,
  "gcor": 0.019766,
  "gsr_x": -0.005292891059070826,
  "gsr_y": 0.00242566573433578,
  "provenance": {
    "md5sum": "36118da2023d45ade6780cf4949c3fe8",
    "settings": {
      "fd_thres": 0.2,
      "hmc_fsl": false
    },
    "software": "mriqc",
    "version": "0.15.0",
    "webapi_port": null,
    "webapi_url": "https://mriqc.nimh.nih.gov/api/v1"
  },
  "size_t": 478,
  "size_x": 80,
  "size_y": 80,
  "size_z": 36,
  "snr": 5.837271654343002,
  "spacing_tr": 0.75,
  "spacing_x": 3.0,
  "spacing_y": 3.0,
  "spacing_z": 3.299999952316284,
  "spikes_num": 0,
  "summary_bg_k": 112.36698127063691,
  "summary_bg_mad": 0.5024864673614502,
  "summary_bg_mean": 122.09284210205078,
  "summary_bg_median": 0.34204739332199097,
  "summary_bg_n": 156264.0,
  "summary_bg_p05": 0.0019886552006937565,
  "summary_bg_p95": 421.0239105224611,
  "summary_bg_stdv": 753.0765380859375,
  "summary_fg_k": 3.811321407665135,
  "summary_fg_mad": 2177.118896484375,
  "summary_fg_mean": 16480.619140625,
  "summary_fg_median": 16721.779296875,
  "summary_fg_n": 34551.0,
  "summary_fg_p05": 11402.826171875,
  "summary_fg_p95": 20424.259765625,
  "summary_fg_stdv": 2864.615234375,
  "tsnr": 54.75571060180664
}