{
  "aor": 0.0008113,
  "aqi": 0.0040919407,
  "bids_meta": {
    "AcquisitionNumber": 9,
    "BidsifyVersion": "0.3.5",
    "ConversionSoftware": "dcm2niix",
    "ConversionSoftwareVersion": "v1.0.20181125  GCC6.3.0",
    "EchoTime": 0.02762,
    "EffectiveEchoSpacing": 0.0006621159151938905,
    "ImageComments": "piop",
    "ImageOrientationPatientDICOM": [
      0.998913,
      0.0270555,
      -0.0379607,
      -0.040819,
      0.900951,
      -0.431998
    ],
    "Manufacturer": "Philips",
    "NumberOfVolumesDiscardedByScanner": 2,
    "ParallelAcquisitionTechnique": "SENSE",
    "ParallelReductionFactorInPlane": 2,
    "PatientPosition": "HFS",
    "PhaseEncodingDirection": "j",
    "PhilipsRescaleIntercept": 0,
    "PhilipsRescaleSlope": 0.78217,
    "PhilipsScaleSlope": 0.0647631,
    "ProtocolName": "WIPpiopanticipatieSENSE",
    "PulseSequenceType": "gradient echo EPI",
    "ReconMatrixPE": 80,
    "RepetitionTime": 2,
    "SeriesDescription": "ImageMRSERIES",
    "SeriesNumber": 9,
    "SliceEncodingDirection": "k",
    "SliceTiming": [
      0.0,
      0.0541,
      0.1081,
      0.1622,
      0.2162,
      0.2703,
      0.3243,
      0.3784,
      0.4324,
      0.4865,
      0.5405,
      0.5946,
      0.6486,
      0.7027,
      0.7568,
      0.8108,
      0.8649,
      0.9189,
      0.973,
      1.027,
      1.0811,
      1.1351,
      1.1892,
      1.2432,
      1.2973,
      1.3514,
      1.4054,
      1.4595,
      1.5135,
      1.5676,
      1.6216,
      1.6757,
      1.7297,
      1.7838,
      1.8378,
      1.8919,
      1.9459
    ],
    "TaskName": "anticipation",
    "TotalReadoutTime": 0.025822520692561732,
    "UsePhilipsFloatNotDisplayScaling": 1,
    "acq_id": "seq",
    "dataset": "unknown",
    "modality": "bold",
    "subject_id": "0104",
    "task_id": "anticipation"
  },
  "dummy_trs": 0,
  "dvars_nstd": 19.611522650703513,
  "dvars_std": 1.204610422512562,
  "dvars_vstd": 0.993225716733668,
  "efc": 0.36829093096394133,
  "fber": 673794624.0,
  "fd_mean": 0.12196789922954583,
  "fd_num": 18,
  "fd_perc": 9.0,
  "fwhm_avg": 2.374985060981252,
  "fwhm_x": 2.3823666666666665,
  "fwhm_y": 2.5675399999999997,
  "fwhm_z": 2.1750485162770894,
  "gcor": 0.0274093,
  "gsr_x": -0.004794233478605747,
  "gsr_y": 0.0025047690141946077,
  "provenance": {
    "md5sum": "061fb6a51e752597ab50df8d937f6414",
    "settings": {
      "fd_thres": 0.2,
      "hmc_fsl": false
    },
    "software": "mriqc",
    "version": "0.15.0",
    "webapi_port": null,
    "webapi_url": "https://mriqc.nimh.nih.gov/api/v1"
  },
  "size_t": 200,
  "size_x": 80,
  "size_y": 80,
  "size_z": 37,
  "snr": 5.157342845178985,
  "spacing_tr": 2.0,
  "spacing_x": 3.0,
  "spacing_y": 3.0,
  "spacing_z": 3.299999952316284,
  "spikes_num": 0,
  "summary_bg_k": 118.99029405545447,
  "summary_bg_mad": 1.2322959899902344,
  "summary_bg_mean": 157.71743774414062,
  "summary_bg_median": 0.837946355342865,
  "summary_bg_n": 161186.0,
  "summary_bg_p05": 0.002191420062445104,
  "summary_bg_p95": 418.86865997314453,
  "summary_bg_stdv": 1009.5989990234375,
  "summary_fg_k": 2.635376277421913,
  "summary_fg_mad": 3729.552490234375,
  "summary_fg_mean": 23022.783203125,
  "summary_fg_median": 23011.146484375,
  "summary_fg_n": 35216.0,
  "summary_fg_p05": 15944.610107421875,
  "summary_fg_p95": 29629.39697265625,
  "summary_fg_stdv": 4461.7587890625,
  "tsnr": 79.45622253417969
}