{
  "aor": 0.00019663636363636365,
  "aqi": 0.008687764181818181,
  "bids_meta": {
    "AcquisitionNumber": 2,
    "BidsifyVersion": "0.3.5",
    "ConversionSoftware": "dcm2niix",
    "ConversionSoftwareVersion": "v1.0.20181125  GCC6.3.0",
    "EchoTime": 0.02762,
    "EffectiveEchoSpacing": 0.0006333282667071997,
    "ImageComments": "piop",
    "ImageOrientationPatientDICOM": [
      0.998913,
      0.0270555,
      -0.0379607,
      -0.040819,
      0.900951,
      -0.431998
    ],
    "Manufacturer": "Philips",
    "NumberOfVolumesDiscardedByScanner": 2,
    "ParallelAcquisitionTechnique": "SENSE",
    "ParallelReductionFactorInPlane": 2,
    "PatientPosition": "HFS",
    "PhaseEncodingDirection": "j",
    "PhilipsRescaleIntercept": 0,
    "PhilipsRescaleSlope": 0.79219,
    "PhilipsScaleSlope": 0.101262,
    "ProtocolName": "WIPpiopfacesSENSE",
    "PulseSequenceType": "gradient echo EPI",
    "ReconMatrixPE": 80,
    "RepetitionTime": 0.75,
    "SeriesDescription": "ImageMRSERIES",
    "SeriesNumber": 2,
    "SliceEncodingDirection": "k",
    "SliceTiming": [
      0.0,
      0.06755050505050506,
      0.1351010101010101,
      0.20265151515151517,
      0.2702020202020202,
      0.3377525252525253,
      0.40530303030303033,
      0.47285353535353536,
      0.5404040404040404,
      0.6079545454545455,
      0.6755050505050506,
      0.7430555555555556,
      0.0,
      0.06755050505050506,
      0.1351010101010101,
      0.20265151515151517,
      0.2702020202020202,
      0.3377525252525253,
      0.40530303030303033,
      0.47285353535353536,
      0.5404040404040404,
      0.6079545454545455,
      0.6755050505050506,
      0.7430555555555556,
      0.0,
      0.06755050505050506,
      0.1351010101010101,
      0.20265151515151517,
      0.2702020202020202,
      0.3377525252525253,
      0.40530303030303033,
      0.47285353535353536,
      0.5404040404040404,
      0.6079545454545455,
      0.6755050505050506,
      0.7430555555555556
    ],
    "TaskName": "faces",
    "TotalReadoutTime": 0.024699802401580786,
    "UsePhilipsFloatNotDisplayScaling": 1,
    "acq_id": "mb3",
    "dataset": "unknown",
    "modality": "bold",
    "subject_id": "0104",
    "task_id": "faces"
  },
  "dummy_trs": 0,
  "dvars_nstd": 26.182257011854116,
  "dvars_std": 1.12878104987842,
  "dvars_vstd": 0.9941521694224925,
  "efc": 0.3731564731797047,
  "fber": 1902516224.0,
  "fd_mean": 0.09090154809656545,
  "fd_num": 6,
  "fd_perc": 1.8181818181818181,
  "fwhm_avg": 2.48725768785263,
  "fwhm_x": 2.4901766666666667,
  "fwhm_y": 2.6701599999999996,
  "fwhm_z": 2.301436396891224,
  "gcor": 0.021559,
  "gsr_x": -0.005486338399350643,
  "gsr_y": 0.0019311304204165936,
  "provenance": {
    "md5sum": "ed3a95eaaf1f5eb34a976fad40543af7",
    "settings": {
      "fd_thres": 0.2,
      "hmc_fsl": false
    },
    "software": "mriqc",
    "version": "0.15.0",
    "webapi_port": null,
    "webapi_url": "https://mriqc.nimh.nih.gov/api/v1"
  },
  "size_t": 330,
  "size_x": 80,
  "size_y": 80,
  "size_z": 36,
  "snr": 5.702544955325704,
  "spacing_tr": 0.75,
  "spacing_x": 3.0,
  "spacing_y": 3.0,
  "spacing_z": 3.299999952316284,
  "spikes_num": 0,
  "summary_bg_k": 114.73228917195831,
  "summary_bg_mad": 0.517501175403595,
  "summary_bg_mean": 117.04902648925781,
  "summary_bg_median": 0.3512747287750244,
  "summary_bg_n": 155990.0,
  "summary_bg_p05": 0.001230973401106894,
  "summary_bg_p95": 357.4376876831045,
  "summary_bg_stdv": 730.287841796875,
  "summary_fg_k": 3.3466834662288925,
  "summary_fg_mad": 2318.22802734375,
  "summary_fg_mean": 16595.31640625,
  "summary_fg_median": 16816.28515625,
  "summary_fg_n": 34798.0,
  "summary_fg_p05": 11399.082763671875,
  "summary_fg_p95": 20747.530175781252,
  "summary_fg_stdv": 2948.866455078125,
  "tsnr": 53.647796630859375
}