{
  "aor": 0.00044540740740740744,
  "aqi": 0.005503809037037038,
  "bids_meta": {
    "AcquisitionNumber": 5,
    "BidsifyVersion": "0.3.5",
    "ConversionSoftware": "dcm2niix",
    "ConversionSoftwareVersion": "v1.0.20181125  GCC6.3.0",
    "EchoTime": 0.02762,
    "EffectiveEchoSpacing": 0.0006621159151938905,
    "ImageComments": "piop",
    "ImageOrientationPatientDICOM": [
      0.998945,
      -0.0251885,
      -0.0384048,
      0.00993821,
      0.934931,
      -0.354691
    ],
    "Manufacturer": "Philips",
    "NumberOfVolumesDiscardedByScanner": 2,
    "ParallelAcquisitionTechnique": "SENSE",
    "ParallelReductionFactorInPlane": 2,
    "PatientPosition": "HFS",
    "PhaseEncodingDirection": "j",
    "PhilipsRescaleIntercept": 0,
    "PhilipsRescaleSlope": 0.77729,
    "PhilipsScaleSlope": 0.053518,
    "ProtocolName": "WIPpiopharririSENSE",
    "PulseSequenceType": "gradient echo EPI",
    "ReconMatrixPE": 80,
    "RepetitionTime": 2,
    "SeriesDescription": "ImageMRSERIES",
    "SeriesNumber": 5,
    "SliceEncodingDirection": "k",
    "SliceTiming": [
      0.0,
      0.0541,
      0.1081,
      0.1622,
      0.2162,
      0.2703,
      0.3243,
      0.3784,
      0.4324,
      0.4865,
      0.5405,
      0.5946,
      0.6486,
      0.7027,
      0.7568,
      0.8108,
      0.8649,
      0.9189,
      0.973,
      1.027,
      1.0811,
      1.1351,
      1.1892,
      1.2432,
      1.2973,
      1.3514,
      1.4054,
      1.4595,
      1.5135,
      1.5676,
      1.6216,
      1.6757,
      1.7297,
      1.7838,
      1.8378,
      1.8919,
      1.9459
    ],
    "TaskName": "emomatching",
    "TotalReadoutTime": 0.025822520692561732,
    "UsePhilipsFloatNotDisplayScaling": 1,
    "acq_id": "seq",
    "dataset": "unknown",
    "modality": "bold",
    "subject_id": "0112",
    "task_id": "emomatching"
  },
  "dummy_trs": 0,
  "dvars_nstd": 21.31470712216418,
  "dvars_std": 1.2021675250746275,
  "dvars_vstd": 0.9389375878358212,
  "efc": 0.3861747302261925,
  "fber": 88686032.0,
  "fd_mean": 0.09608282061381723,
  "fd_num": 4,
  "fd_perc": 2.962962962962963,
  "fwhm_avg": 2.413385970214439,
  "fwhm_x": 2.3254433333333333,
  "fwhm_y": 2.710126666666667,
  "fwhm_z": 2.2045879106433164,
  "gcor": 0.0231635,
  "gsr_x": -0.005533074494451284,
  "gsr_y": 0.006541308015584946,
  "provenance": {
    "md5sum": "2501400a6c16342eb8df1e916474ac40",
    "settings": {
      "fd_thres": 0.2,
      "hmc_fsl": false
    },
    "software": "mriqc",
    "version": "0.15.0",
    "webapi_port": null,
    "webapi_url": "https://mriqc.nimh.nih.gov/api/v1"
  },
  "size_t": 135,
  "size_x": 80,
  "size_y": 80,
  "size_z": 37,
  "snr": 4.57954705292964,
  "spacing_tr": 2.0,
  "spacing_x": 3.0,
  "spacing_y": 3.0,
  "spacing_z": 3.299999952316284,
  "spikes_num": 0,
  "summary_bg_k": 74.89923764989234,
  "summary_bg_mad": 3.730072498321533,
  "summary_bg_mean": 210.30552673339844,
  "summary_bg_median": 2.569636344909668,
  "summary_bg_n": 157212.0,
  "summary_bg_p05": 0.0034654019284062094,
  "summary_bg_p95": 787.3680969238244,
  "summary_bg_stdv": 1156.77392578125,
  "summary_fg_k": 3.070351959009985,
  "summary_fg_mad": 4201.98291015625,
  "summary_fg_mean": 25138.703125,
  "summary_fg_median": 25080.125,
  "summary_fg_n": 38584.0,
  "summary_fg_p05": 16478.085839843752,
  "summary_fg_p95": 33185.799023437496,
  "summary_fg_stdv": 5476.48046875,
  "tsnr": 69.75808715820312
}