{
  "bids_meta": {
    "AcquisitionNumber": 4,
    "BidsifyVersion": "0.3.5",
    "ConversionSoftware": "dcm2niix",
    "ConversionSoftwareVersion": "v1.0.20181125  GCC6.3.0",
    "EchoTime": 0.00376,
    "ImageComments": "piop",
    "ImageOrientationPatientDICOM": [
      0.996943,
      0.0780047,
      -0.00450273,
      -0.078111,
      0.996401,
      -0.032904
    ],
    "Manufacturer": "Philips",
    "PatientPosition": "HFS",
    "PhilipsRescaleIntercept": 0,
    "PhilipsRescaleSlope": 9.61294,
    "PhilipsScaleSlope": 0.00725773,
    "ProtocolName": "WIPt13dSENSE",
    "ReconMatrixPE": 240,
    "RepetitionTime": 0.008167,
    "SeriesDescription": "ImageMRSERIES",
    "SeriesNumber": 4,
    "UsePhilipsFloatNotDisplayScaling": 1,
    "dataset": "unknown",
    "modality": "T1w",
    "subject_id": "0055"
  },
  "cjv": 0.34657801089477286,
  "cnr": 3.6849378371224506,
  "efc": 0.7495810448878608,
  "fber": 683.2239990234375,
  "fwhm_avg": 3.9465763437780126,
  "fwhm_x": 3.71397,
  "fwhm_y": 4.2082694983351825,
  "fwhm_z": 3.917489532998856,
  "icvs_csf": 0.219758446155885,
  "icvs_gm": 0.39673614674867763,
  "icvs_wm": 0.3835054070954374,
  "inu_med": 1.816234827041626,
  "inu_range": 0.4468849420547487,
  "provenance": {
    "md5sum": "2e7bd89979eb0a6dd69d33b8ac60fc92",
    "settings": {
      "testing": false
    },
    "software": "mriqc",
    "version": "0.15.0",
    "warnings": {
      "large_rot_frame": true,
      "small_air_mask": true
    },
    "webapi_port": null,
    "webapi_url": "https://mriqc.nimh.nih.gov/api/v1"
  },
  "qi_1": 0.0,
  "qi_2": 0.00016393229319300938,
  "rpve_csf": 24.301430228213075,
  "rpve_gm": 13.749349946485633,
  "rpve_wm": 18.46142772747196,
  "size_x": 240,
  "size_y": 240,
  "size_z": 220,
  "snr_csf": 2.170306830535212,
  "snr_gm": 7.171001453725813,
  "snr_total": 9.543639773871334,
  "snr_wm": 19.28961103735298,
  "snrd_csf": 17.853751681452938,
  "snrd_gm": 44.691291265540855,
  "snrd_total": 44.72242839443708,
  "snrd_wm": 71.62224223631745,
  "spacing_x": 1.0,
  "spacing_y": 1.0000001192092896,
  "spacing_z": 1.0000001192092896,
  "summary_bg_k": 3.52809260981919,
  "summary_bg_mad": 9.14704704284668,
  "summary_bg_mean": 13.538054466247559,
  "summary_bg_median": 12.155902862548828,
  "summary_bg_n": 204654.0,
  "summary_bg_p05": 0.0,
  "summary_bg_p95": 36.931987190246566,
  "summary_bg_stdv": 12.389299392700195,
  "summary_csf_k": -0.5803048803132604,
  "summary_csf_mad": 136.14756774902344,
  "summary_csf_mean": 237.3486785888672,
  "summary_csf_median": 249.2749786376953,
  "summary_csf_n": 11976.0,
  "summary_csf_p05": 54.933621406555176,
  "summary_csf_p95": 410.7365264892578,
  "summary_csf_stdv": 114.85222625732422,
  "summary_gm_k": 0.3576273292141239,
  "summary_gm_mad": 82.73443603515625,
  "summary_gm_mean": 627.3305053710938,
  "summary_gm_median": 623.9820556640625,
  "summary_gm_n": 21774.0,
  "summary_gm_p05": 489.24368438720705,
  "summary_gm_p95": 778.9455139160157,
  "summary_gm_stdv": 87.01263427734375,
  "summary_wm_k": 0.8641908855600766,
  "summary_wm_mad": 47.58280944824219,
  "summary_wm_mean": 998.5986938476562,
  "summary_wm_median": 999.9933471679688,
  "summary_wm_n": 238013.0,
  "summary_wm_p05": 911.6007324218749,
  "summary_wm_p95": 1080.112255859375,
  "summary_wm_stdv": 51.84092330932617,
  "tpm_overlap_csf": 0.20509585738182068,
  "tpm_overlap_gm": 0.49711576104164124,
  "tpm_overlap_wm": 0.5745645761489868,
  "wm2max": 0.6962042666086978
}