{
  "aor": 0.0017818500000000002,
  "aqi": 0.01629714065,
  "bids_meta": {
    "AcquisitionNumber": 9,
    "BidsifyVersion": "0.3.5",
    "ConversionSoftware": "dcm2niix",
    "ConversionSoftwareVersion": "v1.0.20181125  GCC6.3.0",
    "EchoTime": 0.02762,
    "EffectiveEchoSpacing": 0.0006621159151938905,
    "ImageComments": "piop",
    "ImageOrientationPatientDICOM": [
      0.990406,
      0.133497,
      -0.035703,
      -0.134612,
      0.990417,
      -0.0308958
    ],
    "Manufacturer": "Philips",
    "NumberOfVolumesDiscardedByScanner": 2,
    "ParallelAcquisitionTechnique": "SENSE",
    "ParallelReductionFactorInPlane": 2,
    "PatientPosition": "HFS",
    "PhaseEncodingDirection": "j",
    "PhilipsRescaleIntercept": 0,
    "PhilipsRescaleSlope": 0.8381,
    "PhilipsScaleSlope": 0.062776,
    "ProtocolName": "WIPpiopanticipatieSENSE",
    "PulseSequenceType": "gradient echo EPI",
    "ReconMatrixPE": 80,
    "RepetitionTime": 2,
    "SeriesDescription": "ImageMRSERIES",
    "SeriesNumber": 9,
    "SliceEncodingDirection": "k",
    "SliceTiming": [
      0.0,
      0.0541,
      0.1081,
      0.1622,
      0.2162,
      0.2703,
      0.3243,
      0.3784,
      0.4324,
      0.4865,
      0.5405,
      0.5946,
      0.6486,
      0.7027,
      0.7568,
      0.8108,
      0.8649,
      0.9189,
      0.973,
      1.027,
      1.0811,
      1.1351,
      1.1892,
      1.2432,
      1.2973,
      1.3514,
      1.4054,
      1.4595,
      1.5135,
      1.5676,
      1.6216,
      1.6757,
      1.7297,
      1.7838,
      1.8378,
      1.8919,
      1.9459
    ],
    "TaskName": "anticipation",
    "TotalReadoutTime": 0.025822520692561732,
    "UsePhilipsFloatNotDisplayScaling": 1,
    "acq_id": "seq",
    "dataset": "unknown",
    "modality": "bold",
    "subject_id": "0016",
    "task_id": "anticipation"
  },
  "dummy_trs": 0,
  "dvars_nstd": 26.08153004864323,
  "dvars_std": 1.0779527073869348,
  "dvars_vstd": 0.928759418844221,
  "efc": 0.39727658518286574,
  "fber": 273203456.0,
  "fd_mean": 0.2390556188466512,
  "fd_num": 116,
  "fd_perc": 58.0,
  "fwhm_avg": 2.3722824347169182,
  "fwhm_x": 2.30823,
  "fwhm_y": 2.633923333333333,
  "fwhm_z": 2.174693970817421,
  "gcor": 0.0219948,
  "gsr_x": 0.002481686184182763,
  "gsr_y": -0.002587334718555212,
  "provenance": {
    "md5sum": "c9c646ee546c6f704258eb6240f2957f",
    "settings": {
      "fd_thres": 0.2,
      "hmc_fsl": false
    },
    "software": "mriqc",
    "version": "0.15.0",
    "webapi_port": null,
    "webapi_url": "https://mriqc.nimh.nih.gov/api/v1"
  },
  "size_t": 200,
  "size_x": 80,
  "size_y": 80,
  "size_z": 37,
  "snr": 4.693113755077166,
  "spacing_tr": 2.0,
  "spacing_x": 3.0,
  "spacing_y": 3.0,
  "spacing_z": 3.299999952316284,
  "spikes_num": 0,
  "summary_bg_k": 70.69412594432924,
  "summary_bg_mad": 1.7726752758026123,
  "summary_bg_mean": 243.02496337890625,
  "summary_bg_median": 1.20447838306427,
  "summary_bg_n": 156950.0,
  "summary_bg_p05": 0.004146294761449099,
  "summary_bg_p95": 880.8344604492161,
  "summary_bg_stdv": 1267.9482421875,
  "summary_fg_k": 2.9877651663849925,
  "summary_fg_mad": 3933.97509765625,
  "summary_fg_mean": 22121.2109375,
  "summary_fg_median": 22144.77734375,
  "summary_fg_n": 39385.0,
  "summary_fg_p05": 14971.1365234375,
  "summary_fg_p95": 28925.903124999997,
  "summary_fg_stdv": 4718.50830078125,
  "tsnr": 42.51247024536133
}