{
  "aor": 0.0009501481481481481,
  "aqi": 0.003458665703703704,
  "bids_meta": {
    "AcquisitionNumber": 5,
    "BidsifyVersion": "0.3.5",
    "ConversionSoftware": "dcm2niix",
    "ConversionSoftwareVersion": "v1.0.20181125  GCC6.3.0",
    "EchoTime": 0.02762,
    "EffectiveEchoSpacing": 0.0006621159151938905,
    "ImageComments": "Piop",
    "ImageOrientationPatientDICOM": [
      0.998208,
      0.0304763,
      0.0515076,
      -0.0252673,
      0.994775,
      -0.098918
    ],
    "Manufacturer": "Philips",
    "NumberOfVolumesDiscardedByScanner": 2,
    "ParallelAcquisitionTechnique": "SENSE",
    "ParallelReductionFactorInPlane": 2,
    "PatientPosition": "HFS",
    "PhaseEncodingDirection": "j",
    "PhilipsRescaleIntercept": 0,
    "PhilipsRescaleSlope": 0.78803,
    "PhilipsScaleSlope": 0.0517906,
    "ProtocolName": "WIPpiopharririSENSE",
    "PulseSequenceType": "gradient echo EPI",
    "ReconMatrixPE": 80,
    "RepetitionTime": 2,
    "SeriesDescription": "ImageMRSERIES",
    "SeriesNumber": 5,
    "SliceEncodingDirection": "k",
    "SliceTiming": [
      0.0,
      0.0541,
      0.1081,
      0.1622,
      0.2162,
      0.2703,
      0.3243,
      0.3784,
      0.4324,
      0.4865,
      0.5405,
      0.5946,
      0.6486,
      0.7027,
      0.7568,
      0.8108,
      0.8649,
      0.9189,
      0.973,
      1.027,
      1.0811,
      1.1351,
      1.1892,
      1.2432,
      1.2973,
      1.3514,
      1.4054,
      1.4595,
      1.5135,
      1.5676,
      1.6216,
      1.6757,
      1.7297,
      1.7838,
      1.8378,
      1.8919,
      1.9459
    ],
    "TaskName": "emomatching",
    "TotalReadoutTime": 0.025822520692561732,
    "UsePhilipsFloatNotDisplayScaling": 1,
    "acq_id": "seq",
    "dataset": "unknown",
    "modality": "bold",
    "subject_id": "0092",
    "task_id": "emomatching"
  },
  "dummy_trs": 0,
  "dvars_nstd": 27.052655020746272,
  "dvars_std": 1.399558679029851,
  "dvars_vstd": 1.004749930522388,
  "efc": 0.43313564642513425,
  "fber": 326423616.0,
  "fd_mean": 0.10905968234122224,
  "fd_num": 1,
  "fd_perc": 0.7407407407407407,
  "fwhm_avg": 2.388532636663077,
  "fwhm_x": 2.3057233333333333,
  "fwhm_y": 2.7005533333333336,
  "fwhm_z": 2.1593212433225637,
  "gcor": 0.0124418,
  "gsr_x": -0.0014638603897765279,
  "gsr_y": 0.005103364586830139,
  "provenance": {
    "md5sum": "7a02b234a341650839bcce95a858599a",
    "settings": {
      "fd_thres": 0.2,
      "hmc_fsl": false
    },
    "software": "mriqc",
    "version": "0.15.0",
    "webapi_port": null,
    "webapi_url": "https://mriqc.nimh.nih.gov/api/v1"
  },
  "size_t": 135,
  "size_x": 80,
  "size_y": 80,
  "size_z": 37,
  "snr": 4.356540292576635,
  "spacing_tr": 2.0,
  "spacing_x": 3.0,
  "spacing_y": 3.0,
  "spacing_z": 3.299999952316284,
  "spikes_num": 1,
  "summary_bg_k": 48.204943747048056,
  "summary_bg_mad": 1.802729606628418,
  "summary_bg_mean": 315.79730224609375,
  "summary_bg_median": 1.2233097553253174,
  "summary_bg_n": 147125.0,
  "summary_bg_p05": 0.002133518503978849,
  "summary_bg_p95": 1538.7712402343334,
  "summary_bg_stdv": 1555.27783203125,
  "summary_fg_k": 1.9603723393011583,
  "summary_fg_mad": 4852.384765625,
  "summary_fg_mean": 25042.654296875,
  "summary_fg_median": 24745.26953125,
  "summary_fg_n": 47010.0,
  "summary_fg_p05": 16536.37333984375,
  "summary_fg_p95": 34052.283789062494,
  "summary_fg_stdv": 5679.96728515625,
  "tsnr": 77.686767578125
}