{
  "aor": 6.449790794979081e-05,
  "aqi": 0.008801335878661089,
  "bids_meta": {
    "AcquisitionNumber": 6,
    "BidsifyVersion": "0.3.5",
    "ConversionSoftware": "dcm2niix",
    "ConversionSoftwareVersion": "v1.0.20181125  GCC6.3.0",
    "EchoTime": 0.02762,
    "EffectiveEchoSpacing": 0.0006333282667071997,
    "ImageComments": "Piop",
    "ImageOrientationPatientDICOM": [
      0.998208,
      0.0304763,
      0.0515076,
      -0.0252673,
      0.994775,
      -0.098918
    ],
    "Manufacturer": "Philips",
    "NumberOfVolumesDiscardedByScanner": 2,
    "ParallelAcquisitionTechnique": "SENSE",
    "ParallelReductionFactorInPlane": 2,
    "PatientPosition": "HFS",
    "PhaseEncodingDirection": "j",
    "PhilipsRescaleIntercept": 0,
    "PhilipsRescaleSlope": 0.74725,
    "PhilipsScaleSlope": 0.0825446,
    "ProtocolName": "WIPpioprsSENSE",
    "PulseSequenceType": "gradient echo EPI",
    "ReconMatrixPE": 80,
    "RepetitionTime": 0.75,
    "SeriesDescription": "ImageMRSERIES",
    "SeriesNumber": 6,
    "SliceEncodingDirection": "k",
    "SliceTiming": [
      0.0,
      0.06755050505050506,
      0.1351010101010101,
      0.20265151515151517,
      0.2702020202020202,
      0.3377525252525253,
      0.40530303030303033,
      0.47285353535353536,
      0.5404040404040404,
      0.6079545454545455,
      0.6755050505050506,
      0.7430555555555556,
      0.0,
      0.06755050505050506,
      0.1351010101010101,
      0.20265151515151517,
      0.2702020202020202,
      0.3377525252525253,
      0.40530303030303033,
      0.47285353535353536,
      0.5404040404040404,
      0.6079545454545455,
      0.6755050505050506,
      0.7430555555555556,
      0.0,
      0.06755050505050506,
      0.1351010101010101,
      0.20265151515151517,
      0.2702020202020202,
      0.3377525252525253,
      0.40530303030303033,
      0.47285353535353536,
      0.5404040404040404,
      0.6079545454545455,
      0.6755050505050506,
      0.7430555555555556
    ],
    "TaskName": "restingstate",
    "TotalReadoutTime": 0.024699802401580786,
    "UsePhilipsFloatNotDisplayScaling": 1,
    "acq_id": "mb3",
    "dataset": "unknown",
    "modality": "bold",
    "subject_id": "0092",
    "task_id": "restingstate"
  },
  "dummy_trs": 2,
  "dvars_nstd": 30.19153694125786,
  "dvars_std": 1.1273343480293505,
  "dvars_vstd": 0.9920425418448631,
  "efc": 0.4412506635834919,
  "fber": 1301545472.0,
  "fd_mean": 0.07521528948180602,
  "fd_num": 1,
  "fd_perc": 0.20920502092050208,
  "fwhm_avg": 2.470862839002265,
  "fwhm_x": 2.40569,
  "fwhm_y": 2.7813499999999998,
  "fwhm_z": 2.225548517006795,
  "gcor": 0.011493,
  "gsr_x": -0.0025152789894491434,
  "gsr_y": 0.002771054394543171,
  "provenance": {
    "md5sum": "5b57436bba98db35291f75c9e15a6a25",
    "settings": {
      "fd_thres": 0.2,
      "hmc_fsl": false
    },
    "software": "mriqc",
    "version": "0.15.0",
    "webapi_port": null,
    "webapi_url": "https://mriqc.nimh.nih.gov/api/v1"
  },
  "size_t": 478,
  "size_x": 80,
  "size_y": 80,
  "size_z": 36,
  "snr": 4.963830355320898,
  "spacing_tr": 0.75,
  "spacing_x": 3.0,
  "spacing_y": 3.0,
  "spacing_z": 3.299999952316284,
  "spikes_num": 0,
  "summary_bg_k": 42.80211584575444,
  "summary_bg_mad": 0.6711490750312805,
  "summary_bg_mean": 245.1454315185547,
  "summary_bg_median": 0.4571791887283325,
  "summary_bg_n": 142113.0,
  "summary_bg_p05": 0.001623168610967696,
  "summary_bg_p95": 1356.2601318359366,
  "summary_bg_stdv": 1174.8824462890625,
  "summary_fg_k": 1.5854520917482908,
  "summary_fg_mad": 3275.499755859375,
  "summary_fg_mean": 18326.69921875,
  "summary_fg_median": 18509.640625,
  "summary_fg_n": 46387.0,
  "summary_fg_p05": 11962.85283203125,
  "summary_fg_p95": 23918.974609375,
  "summary_fg_stdv": 3728.862548828125,
  "tsnr": 47.08422088623047
}