{
  "aor": 0.00020281818181818183,
  "aqi": 0.005639263272727273,
  "bids_meta": {
    "AcquisitionNumber": 2,
    "BidsifyVersion": "0.3.5",
    "ConversionSoftware": "dcm2niix",
    "ConversionSoftwareVersion": "v1.0.20181125  GCC6.3.0",
    "EchoTime": 0.02762,
    "EffectiveEchoSpacing": 0.0006333282667071997,
    "ImageComments": "Piop",
    "ImageOrientationPatientDICOM": [
      0.998208,
      0.0304763,
      0.0515076,
      -0.0252673,
      0.994775,
      -0.098918
    ],
    "Manufacturer": "Philips",
    "NumberOfVolumesDiscardedByScanner": 2,
    "ParallelAcquisitionTechnique": "SENSE",
    "ParallelReductionFactorInPlane": 2,
    "PatientPosition": "HFS",
    "PhaseEncodingDirection": "j",
    "PhilipsRescaleIntercept": 0,
    "PhilipsRescaleSlope": 0.79878,
    "PhilipsScaleSlope": 0.0774374,
    "ProtocolName": "WIPpiopfacesSENSE",
    "PulseSequenceType": "gradient echo EPI",
    "ReconMatrixPE": 80,
    "RepetitionTime": 0.75,
    "SeriesDescription": "ImageMRSERIES",
    "SeriesNumber": 2,
    "SliceEncodingDirection": "k",
    "SliceTiming": [
      0.0,
      0.06755050505050506,
      0.1351010101010101,
      0.20265151515151517,
      0.2702020202020202,
      0.3377525252525253,
      0.40530303030303033,
      0.47285353535353536,
      0.5404040404040404,
      0.6079545454545455,
      0.6755050505050506,
      0.7430555555555556,
      0.0,
      0.06755050505050506,
      0.1351010101010101,
      0.20265151515151517,
      0.2702020202020202,
      0.3377525252525253,
      0.40530303030303033,
      0.47285353535353536,
      0.5404040404040404,
      0.6079545454545455,
      0.6755050505050506,
      0.7430555555555556,
      0.0,
      0.06755050505050506,
      0.1351010101010101,
      0.20265151515151517,
      0.2702020202020202,
      0.3377525252525253,
      0.40530303030303033,
      0.47285353535353536,
      0.5404040404040404,
      0.6079545454545455,
      0.6755050505050506,
      0.7430555555555556
    ],
    "TaskName": "faces",
    "TotalReadoutTime": 0.024699802401580786,
    "UsePhilipsFloatNotDisplayScaling": 1,
    "acq_id": "mb3",
    "dataset": "unknown",
    "modality": "bold",
    "subject_id": "0092",
    "task_id": "faces"
  },
  "dummy_trs": 0,
  "dvars_nstd": 24.12346908914894,
  "dvars_std": 1.104310438723404,
  "dvars_vstd": 1.0016255051671734,
  "efc": 0.4417396175336388,
  "fber": 1081333888.0,
  "fd_mean": 0.08201223962915553,
  "fd_num": 0,
  "fd_perc": 0.0,
  "fwhm_avg": 2.7264014827045613,
  "fwhm_x": 2.7265,
  "fwhm_y": 3.0802133333333335,
  "fwhm_z": 2.3724911147803494,
  "gcor": 0.0209884,
  "gsr_x": -0.0020710923708975315,
  "gsr_y": 0.0022366035263985395,
  "provenance": {
    "md5sum": "fc9094dfbf615ef39f41adcb46ab7e49",
    "settings": {
      "fd_thres": 0.2,
      "hmc_fsl": false
    },
    "software": "mriqc",
    "version": "0.15.0",
    "webapi_port": null,
    "webapi_url": "https://mriqc.nimh.nih.gov/api/v1"
  },
  "size_t": 330,
  "size_x": 80,
  "size_y": 80,
  "size_z": 36,
  "snr": 4.771856585397793,
  "spacing_tr": 0.75,
  "spacing_x": 3.0,
  "spacing_y": 3.0,
  "spacing_z": 3.299999713897705,
  "spikes_num": 0,
  "summary_bg_k": 45.90418202374024,
  "summary_bg_mad": 0.7574375867843628,
  "summary_bg_mean": 242.09852600097656,
  "summary_bg_median": 0.5136346817016602,
  "summary_bg_n": 141951.0,
  "summary_bg_p05": 0.0012332330225035548,
  "summary_bg_p95": 1321.2625732421875,
  "summary_bg_stdv": 1176.496337890625,
  "summary_fg_k": 1.3141923037494951,
  "summary_fg_mad": 3553.496337890625,
  "summary_fg_mean": 18910.9296875,
  "summary_fg_median": 19170.28515625,
  "summary_fg_n": 46695.0,
  "summary_fg_p05": 11861.737402343751,
  "summary_fg_p95": 24893.312890625,
  "summary_fg_stdv": 4017.321044921875,
  "tsnr": 57.24507522583008
}