{
  "bids_meta": {
    "AcquisitionNumber": 4,
    "BidsifyVersion": "0.3.5",
    "ConversionSoftware": "dcm2niix",
    "ConversionSoftwareVersion": "v1.0.20181125  GCC6.3.0",
    "EchoTime": 0.00382,
    "ImageComments": "piop",
    "ImageOrientationPatientDICOM": [
      0.998335,
      -0.0526852,
      -0.0234675,
      0.0556408,
      0.986906,
      0.151397
    ],
    "Manufacturer": "Philips",
    "PatientPosition": "HFS",
    "PhilipsRescaleIntercept": 0,
    "PhilipsRescaleSlope": 8.67375,
    "PhilipsScaleSlope": 0.0073792,
    "ProtocolName": "WIPt13dSENSE",
    "ReconMatrixPE": 240,
    "RepetitionTime": 0.008302,
    "SeriesDescription": "ImageMRSERIES",
    "SeriesNumber": 4,
    "UsePhilipsFloatNotDisplayScaling": 1,
    "dataset": "unknown",
    "modality": "T1w",
    "subject_id": "0124"
  },
  "cjv": 0.33957075421971533,
  "cnr": 3.755155906985414,
  "efc": 0.7621648054652115,
  "fber": 1512.2476806640625,
  "fwhm_avg": 3.5000800733105386,
  "fwhm_x": 3.51794,
  "fwhm_y": 3.6898402199316154,
  "fwhm_z": 3.29246,
  "icvs_csf": 0.20907884332798485,
  "icvs_gm": 0.4292211694880436,
  "icvs_wm": 0.36169998718397156,
  "inu_med": 0.9580841660499573,
  "inu_range": 0.2538246095180511,
  "provenance": {
    "md5sum": "bcd6f048dfc64fe4580931095975b792",
    "settings": {
      "testing": false
    },
    "software": "mriqc",
    "version": "0.15.0",
    "warnings": {
      "large_rot_frame": true,
      "small_air_mask": true
    },
    "webapi_port": null,
    "webapi_url": "https://mriqc.nimh.nih.gov/api/v1"
  },
  "qi_1": 0.0,
  "qi_2": 0.00017986051309525555,
  "rpve_csf": 34.58094091981877,
  "rpve_gm": 18.138275665393735,
  "rpve_wm": 26.93174477459957,
  "size_x": 240,
  "size_y": 240,
  "size_z": 220,
  "snr_csf": 2.381898461201043,
  "snr_gm": 7.286399750114072,
  "snr_total": 9.584387551956898,
  "snr_wm": 19.084864444555578,
  "snrd_csf": 20.955664159644815,
  "snrd_gm": 42.796315780659214,
  "snrd_total": 44.209345158090365,
  "snrd_wm": 68.87605553396705,
  "spacing_x": 1.0,
  "spacing_y": 0.9999999403953552,
  "spacing_z": 1.0,
  "summary_bg_k": 19.547316973093984,
  "summary_bg_mad": 9.511780738830566,
  "summary_bg_mean": 13.926036834716797,
  "summary_bg_median": 12.770480155944824,
  "summary_bg_n": 120430.0,
  "summary_bg_p05": 0.0,
  "summary_bg_p95": 38.36348552703856,
  "summary_bg_stdv": 12.26856517791748,
  "summary_csf_k": 50.73084379475462,
  "summary_csf_mad": 111.31294250488281,
  "summary_csf_mean": 288.2439270019531,
  "summary_csf_median": 304.25067138671875,
  "summary_csf_n": 6572.0,
  "summary_csf_p05": 88.06802597045899,
  "summary_csf_p95": 449.613752746582,
  "summary_csf_stdv": 127.72480773925781,
  "summary_gm_k": 0.11699728904008211,
  "summary_gm_mad": 83.09721374511719,
  "summary_gm_mean": 624.1138916015625,
  "summary_gm_median": 621.3502807617188,
  "summary_gm_n": 16316.0,
  "summary_gm_p05": 487.4327392578125,
  "summary_gm_p95": 771.2966461181641,
  "summary_gm_stdv": 85.27273559570312,
  "summary_wm_k": 1.2028847328187222,
  "summary_wm_mad": 45.47989273071289,
  "summary_wm_mean": 997.8304443359375,
  "summary_wm_median": 999.9962768554688,
  "summary_wm_n": 148339.0,
  "summary_wm_p05": 906.6320129394531,
  "summary_wm_p95": 1079.1654418945313,
  "summary_wm_stdv": 52.39717102050781,
  "tpm_overlap_csf": 0.21097689867019653,
  "tpm_overlap_gm": 0.5098347663879395,
  "tpm_overlap_wm": 0.5536497235298157,
  "wm2max": 0.6310716855762845
}