{
  "aor": 0.0035595102040816328,
  "aqi": 0.006411489428571429,
  "bids_meta": {
    "AcquisitionNumber": 3,
    "BidsifyVersion": "0.3.5",
    "ConversionSoftware": "dcm2niix",
    "ConversionSoftwareVersion": "v1.0.20181125  GCC6.3.0",
    "EchoTime": 0.02762,
    "EffectiveEchoSpacing": 0.0006621159151938905,
    "ImageComments": "Piop",
    "ImageOrientationPatientDICOM": [
      0.998448,
      -0.0489576,
      0.02655,
      0.0556471,
      0.896385,
      -0.43977
    ],
    "Manufacturer": "Philips",
    "NumberOfVolumesDiscardedByScanner": 2,
    "ParallelAcquisitionTechnique": "SENSE",
    "ParallelReductionFactorInPlane": 2,
    "PatientPosition": "HFS",
    "PhaseEncodingDirection": "j",
    "PhilipsRescaleIntercept": 0,
    "PhilipsRescaleSlope": 0.81368,
    "PhilipsScaleSlope": 0.0556032,
    "ProtocolName": "WIPpiopgstroopSENSE",
    "PulseSequenceType": "gradient echo EPI",
    "ReconMatrixPE": 80,
    "RepetitionTime": 2,
    "SeriesDescription": "ImageMRSERIES",
    "SeriesNumber": 3,
    "SliceEncodingDirection": "k",
    "SliceTiming": [
      0.0,
      0.0541,
      0.1081,
      0.1622,
      0.2162,
      0.2703,
      0.3243,
      0.3784,
      0.4324,
      0.4865,
      0.5405,
      0.5946,
      0.6486,
      0.7027,
      0.7568,
      0.8108,
      0.8649,
      0.9189,
      0.973,
      1.027,
      1.0811,
      1.1351,
      1.1892,
      1.2432,
      1.2973,
      1.3514,
      1.4054,
      1.4595,
      1.5135,
      1.5676,
      1.6216,
      1.6757,
      1.7297,
      1.7838,
      1.8378,
      1.8919,
      1.9459
    ],
    "TaskName": "gstroop",
    "TotalReadoutTime": 0.025822520692561732,
    "UsePhilipsFloatNotDisplayScaling": 1,
    "acq_id": "seq",
    "dataset": "unknown",
    "modality": "bold",
    "subject_id": "0095",
    "task_id": "gstroop"
  },
  "dummy_trs": 0,
  "dvars_nstd": 28.53638029081968,
  "dvars_std": 1.3263691096311467,
  "dvars_vstd": 1.0394166688524595,
  "efc": 0.4201235747694383,
  "fber": 240052064.0,
  "fd_mean": 0.1493596702127103,
  "fd_num": 45,
  "fd_perc": 18.367346938775512,
  "fwhm_avg": 2.3340532429700414,
  "fwhm_x": 2.278846666666667,
  "fwhm_y": 2.512843333333333,
  "fwhm_z": 2.2104697289101245,
  "gcor": 0.0177695,
  "gsr_x": -0.010000078938901424,
  "gsr_y": 0.01047288253903389,
  "provenance": {
    "md5sum": "4b5a9cb0de6461514206d339a9e30fa4",
    "settings": {
      "fd_thres": 0.2,
      "hmc_fsl": false
    },
    "software": "mriqc",
    "version": "0.15.0",
    "webapi_port": null,
    "webapi_url": "https://mriqc.nimh.nih.gov/api/v1"
  },
  "size_t": 245,
  "size_x": 80,
  "size_y": 80,
  "size_z": 37,
  "snr": 4.4604247918673146,
  "spacing_tr": 2.0,
  "spacing_x": 3.0,
  "spacing_y": 3.0,
  "spacing_z": 3.299999952316284,
  "spikes_num": 3,
  "summary_bg_k": 88.56366142744507,
  "summary_bg_mad": 2.047748327255249,
  "summary_bg_mean": 219.27066040039062,
  "summary_bg_median": 1.4169646501541138,
  "summary_bg_n": 150169.0,
  "summary_bg_p05": 0.017223242670297623,
  "summary_bg_p95": 993.8062255859388,
  "summary_bg_stdv": 1158.45751953125,
  "summary_fg_k": 1.426027397361028,
  "summary_fg_mad": 5090.529296875,
  "summary_fg_mean": 24680.771484375,
  "summary_fg_median": 24521.875,
  "summary_fg_n": 44794.0,
  "summary_fg_p05": 16370.779638671876,
  "summary_fg_p95": 33473.6009765625,
  "summary_fg_stdv": 5497.59326171875,
  "tsnr": 57.56292724609375
}