{
  "bids_meta": {
    "AcquisitionNumber": 4,
    "BidsifyVersion": "0.3.5",
    "ConversionSoftware": "dcm2niix",
    "ConversionSoftwareVersion": "v1.0.20181125  GCC6.3.0",
    "EchoTime": 0.00373,
    "ImageComments": "Piop",
    "ImageOrientationPatientDICOM": [
      0.999354,
      -0.0224333,
      0.0280892,
      0.0219805,
      0.999625,
      0.0163289
    ],
    "Manufacturer": "Philips",
    "PatientPosition": "HFS",
    "PhilipsRescaleIntercept": 0,
    "PhilipsRescaleSlope": 9.48523,
    "PhilipsScaleSlope": 0.00787774,
    "ProtocolName": "WIPt13dSENSE",
    "ReconMatrixPE": 240,
    "RepetitionTime": 0.008139,
    "SeriesDescription": "ImageMRSERIES",
    "SeriesNumber": 4,
    "UsePhilipsFloatNotDisplayScaling": 1,
    "dataset": "unknown",
    "modality": "T1w",
    "subject_id": "0163"
  },
  "cjv": 0.3428165812134375,
  "cnr": 3.7068826161063493,
  "efc": 0.7649448696230541,
  "fber": 611.85986328125,
  "fwhm_avg": 3.600123333333333,
  "fwhm_x": 3.60621,
  "fwhm_y": 3.82567,
  "fwhm_z": 3.36849,
  "icvs_csf": 0.2087314482243383,
  "icvs_gm": 0.41594791690427385,
  "icvs_wm": 0.37532063487138784,
  "inu_med": 1.4899663925170898,
  "inu_range": 0.4721223711967468,
  "provenance": {
    "md5sum": "9ccd5c24cb5d748ea7a8ef6823b49eec",
    "settings": {
      "testing": false
    },
    "software": "mriqc",
    "version": "0.15.0",
    "warnings": {
      "large_rot_frame": true,
      "small_air_mask": true
    },
    "webapi_port": null,
    "webapi_url": "https://mriqc.nimh.nih.gov/api/v1"
  },
  "qi_1": 0.0,
  "qi_2": 0.00037899068945981184,
  "rpve_csf": 27.632003095995653,
  "rpve_gm": 14.728682334973698,
  "rpve_wm": 20.882723566123417,
  "size_x": 240,
  "size_y": 240,
  "size_z": 220,
  "snr_csf": 2.7893367487949132,
  "snr_gm": 7.418639364519143,
  "snr_total": 10.051052331634217,
  "snr_wm": 19.9451808815886,
  "snrd_csf": 24.678309824360756,
  "snrd_gm": 40.534015902554955,
  "snrd_total": 43.16768781155945,
  "snrd_wm": 64.29073770776264,
  "spacing_x": 1.0,
  "spacing_y": 1.0,
  "spacing_z": 1.0,
  "summary_bg_k": 195.6881505959425,
  "summary_bg_mad": 10.190165519714355,
  "summary_bg_mean": 14.85224723815918,
  "summary_bg_median": 13.728549003601074,
  "summary_bg_n": 70359.0,
  "summary_bg_p05": 0.0,
  "summary_bg_p95": 40.88151397705077,
  "summary_bg_stdv": 14.180184364318848,
  "summary_csf_k": 73.34681303336295,
  "summary_csf_mad": 81.63429260253906,
  "summary_csf_mean": 368.5759582519531,
  "summary_csf_median": 383.8529968261719,
  "summary_csf_n": 8103.0,
  "summary_csf_p05": 155.26925201416017,
  "summary_csf_p95": 506.4296997070312,
  "summary_csf_stdv": 137.60594177246094,
  "summary_gm_k": 0.17838679592252626,
  "summary_gm_mad": 81.7793960571289,
  "summary_gm_mean": 633.43115234375,
  "summary_gm_median": 630.4768676757812,
  "summary_gm_n": 20029.0,
  "summary_gm_p05": 498.1462280273438,
  "summary_gm_p95": 779.8552246093748,
  "summary_gm_stdv": 84.98339080810547,
  "summary_wm_k": 1.046487453686062,
  "summary_wm_mad": 44.89762878417969,
  "summary_wm_mean": 997.8933715820312,
  "summary_wm_median": 999.9952392578125,
  "summary_wm_n": 209094.0,
  "summary_wm_p05": 912.0702880859375,
  "summary_wm_p95": 1075.8624328613282,
  "summary_wm_stdv": 50.13706588745117,
  "tpm_overlap_csf": 0.1940860152244568,
  "tpm_overlap_gm": 0.5041365623474121,
  "tpm_overlap_wm": 0.5672266483306885,
  "wm2max": 0.7243523006437288
}