{
    "Manufacturer": "Philips",
    "PatientPosition": "HFS",
    "SeriesDescription": "ImageMRSERIES",
    "ProtocolName": "WIPt13dSENSE",
    "SeriesNumber": 4,
    "AcquisitionNumber": 4,
    "ImageComments": "Piop",
    "PhilipsRescaleSlope": 9.76947,
    "PhilipsRescaleIntercept": 0,
    "PhilipsScaleSlope": 0.00770146,
    "UsePhilipsFloatNotDisplayScaling": 1,
    "EchoTime": 0.00374,
    "RepetitionTime": 0.008161,
    "ReconMatrixPE": 240,
    "ImageOrientationPatientDICOM": [
        0.998345,
        -0.0397485,
        -0.0415557,
        0.0392251,
        0.999141,
        -0.0133352
    ],
    "ConversionSoftware": "dcm2niix",
    "ConversionSoftwareVersion": "v1.0.20181125  GCC6.3.0",
    "BidsifyVersion": "0.3.5"
}