{
  "aor": 0.0006455208333333333,
  "aqi": 0.016899164874999997,
  "bids_meta": {
    "AcquisitionNumber": 6,
    "BidsifyVersion": "0.3.5",
    "ConversionSoftware": "dcm2niix",
    "ConversionSoftwareVersion": "v1.0.20181125  GCC6.3.0",
    "EchoTime": 0.02763,
    "EffectiveEchoSpacing": 0.0006333282667071997,
    "ImageComments": "piop",
    "ImageOrientationPatientDICOM": [
      0.999821,
      -0.0148593,
      0.0117105,
      0.0150083,
      0.999806,
      -0.0127407
    ],
    "Manufacturer": "Philips",
    "NumberOfVolumesDiscardedByScanner": 2,
    "ParallelAcquisitionTechnique": "SENSE",
    "ParallelReductionFactorInPlane": 2,
    "PatientPosition": "HFS",
    "PhaseEncodingDirection": "j",
    "PhilipsRescaleIntercept": 0,
    "PhilipsRescaleSlope": 0.75458,
    "PhilipsScaleSlope": 0.110029,
    "ProtocolName": "WIPpioprsSENSE",
    "PulseSequenceType": "gradient echo EPI",
    "ReconMatrixPE": 80,
    "RepetitionTime": 0.75,
    "SeriesDescription": "ImageMRSERIES",
    "SeriesNumber": 6,
    "SliceEncodingDirection": "k",
    "SliceTiming": [
      0.0,
      0.06755050505050506,
      0.1351010101010101,
      0.20265151515151517,
      0.2702020202020202,
      0.3377525252525253,
      0.40530303030303033,
      0.47285353535353536,
      0.5404040404040404,
      0.6079545454545455,
      0.6755050505050506,
      0.7430555555555556,
      0.0,
      0.06755050505050506,
      0.1351010101010101,
      0.20265151515151517,
      0.2702020202020202,
      0.3377525252525253,
      0.40530303030303033,
      0.47285353535353536,
      0.5404040404040404,
      0.6079545454545455,
      0.6755050505050506,
      0.7430555555555556,
      0.0,
      0.06755050505050506,
      0.1351010101010101,
      0.20265151515151517,
      0.2702020202020202,
      0.3377525252525253,
      0.40530303030303033,
      0.47285353535353536,
      0.5404040404040404,
      0.6079545454545455,
      0.6755050505050506,
      0.7430555555555556
    ],
    "TaskName": "restingstate",
    "TotalReadoutTime": 0.024699802401580786,
    "UsePhilipsFloatNotDisplayScaling": 1,
    "acq_id": "mb3",
    "dataset": "unknown",
    "modality": "bold",
    "subject_id": "0097",
    "task_id": "restingstate"
  },
  "dummy_trs": 0,
  "dvars_nstd": 34.03095287951985,
  "dvars_std": 1.1104001919206692,
  "dvars_vstd": 0.9841135816075152,
  "efc": 0.3944637434544191,
  "fber": 130826824.0,
  "fd_mean": 0.13020326290867743,
  "fd_num": 56,
  "fd_perc": 11.666666666666666,
  "fwhm_avg": 2.486190415176661,
  "fwhm_x": 2.3878033333333333,
  "fwhm_y": 2.75868,
  "fwhm_z": 2.3120879121966493,
  "gcor": 0.00948907,
  "gsr_x": -0.0024274163879454136,
  "gsr_y": -0.0024610846303403378,
  "provenance": {
    "md5sum": "5ed97abc5a2473dda2d5feeb44ebed78",
    "settings": {
      "fd_thres": 0.2,
      "hmc_fsl": false
    },
    "software": "mriqc",
    "version": "0.15.0",
    "webapi_port": null,
    "webapi_url": "https://mriqc.nimh.nih.gov/api/v1"
  },
  "size_t": 480,
  "size_x": 80,
  "size_y": 80,
  "size_z": 36,
  "snr": 5.4145844423087235,
  "spacing_tr": 0.75,
  "spacing_x": 3.0,
  "spacing_y": 3.0,
  "spacing_z": 3.299999952316284,
  "spikes_num": 0,
  "summary_bg_k": 62.25046248653014,
  "summary_bg_mad": 2.0551111698150635,
  "summary_bg_mean": 168.3203582763672,
  "summary_bg_median": 1.4075732231140137,
  "summary_bg_n": 152981.0,
  "summary_bg_p05": 0.01049059722572565,
  "summary_bg_p95": 559.8771362304688,
  "summary_bg_stdv": 887.9116821289062,
  "summary_fg_k": 2.202221299916289,
  "summary_fg_mad": 2661.47802734375,
  "summary_fg_mean": 16966.171875,
  "summary_fg_median": 16978.45703125,
  "summary_fg_n": 37935.0,
  "summary_fg_p05": 12137.719140625,
  "summary_fg_p95": 21907.02109375,
  "summary_fg_stdv": 3135.6484375,
  "tsnr": 37.34965133666992
}