{
  "bids_meta": {
    "AcquisitionNumber": 4,
    "BidsifyVersion": "0.3.5",
    "ConversionSoftware": "dcm2niix",
    "ConversionSoftwareVersion": "v1.0.20181125  GCC6.3.0",
    "EchoTime": 0.00374,
    "ImageComments": "PIOP",
    "ImageOrientationPatientDICOM": [
      0.999506,
      -0.0197987,
      -0.0243994,
      0.0195405,
      0.999751,
      -0.0107762
    ],
    "Manufacturer": "Philips",
    "PatientPosition": "HFS",
    "PhilipsRescaleIntercept": 0,
    "PhilipsRescaleSlope": 9.4547,
    "PhilipsScaleSlope": 0.00783247,
    "ProtocolName": "WIPt13dSENSE",
    "ReconMatrixPE": 240,
    "RepetitionTime": 0.008172,
    "SeriesDescription": "ImageMRSERIES",
    "SeriesNumber": 4,
    "UsePhilipsFloatNotDisplayScaling": 1,
    "dataset": "unknown",
    "modality": "T1w",
    "subject_id": "0164"
  },
  "cjv": 0.36083862204481154,
  "cnr": 3.551869535501173,
  "efc": 0.7654517491869598,
  "fber": 727.4609985351562,
  "fwhm_avg": 3.5356966666666665,
  "fwhm_x": 3.59805,
  "fwhm_y": 3.67758,
  "fwhm_z": 3.33146,
  "icvs_csf": 0.20884891380738665,
  "icvs_gm": 0.4077428799727137,
  "icvs_wm": 0.3834082062198997,
  "inu_med": 1.6938278675079346,
  "inu_range": 0.4525462150573729,
  "provenance": {
    "md5sum": "b98d11da9d95ac7647f093cdff65179e",
    "settings": {
      "testing": false
    },
    "software": "mriqc",
    "version": "0.15.0",
    "warnings": {
      "large_rot_frame": true,
      "small_air_mask": true
    },
    "webapi_port": null,
    "webapi_url": "https://mriqc.nimh.nih.gov/api/v1"
  },
  "qi_1": 0.0,
  "qi_2": 0.0004087040102725308,
  "rpve_csf": 26.601767118296518,
  "rpve_gm": 14.088523517197798,
  "rpve_wm": 19.559063198110994,
  "size_x": 240,
  "size_y": 240,
  "size_z": 220,
  "snr_csf": 2.6085623305369725,
  "snr_gm": 7.33835711386017,
  "snr_total": 9.921962719872607,
  "snr_wm": 19.818968715220677,
  "snrd_csf": 22.33910547584686,
  "snrd_gm": 46.74531504675062,
  "snrd_total": 47.3586001828512,
  "snrd_wm": 72.9913800259561,
  "spacing_x": 1.0,
  "spacing_y": 1.0,
  "spacing_z": 1.0,
  "summary_bg_k": 1.6958730988612931,
  "summary_bg_mad": 8.97529411315918,
  "summary_bg_mean": 11.65660572052002,
  "summary_bg_median": 12.101909637451172,
  "summary_bg_n": 83892.0,
  "summary_bg_p05": 0.0,
  "summary_bg_p95": 30.583605003356933,
  "summary_bg_stdv": 9.332571983337402,
  "summary_csf_k": 0.9438532081392155,
  "summary_csf_mad": 120.58467864990234,
  "summary_csf_mean": 288.4794006347656,
  "summary_csf_median": 306.043212890625,
  "summary_csf_n": 6929.0,
  "summary_csf_p05": 99.94521484375,
  "summary_csf_p95": 453.35302124023434,
  "summary_csf_stdv": 117.31409454345703,
  "summary_gm_k": 0.14772215060026417,
  "summary_gm_mad": 83.65943145751953,
  "summary_gm_mean": 644.8368530273438,
  "summary_gm_median": 640.405517578125,
  "summary_gm_n": 21191.0,
  "summary_gm_p05": 506.8199462890625,
  "summary_gm_p95": 796.5983581542969,
  "summary_gm_stdv": 87.26618194580078,
  "summary_wm_k": 0.8761739703953508,
  "summary_wm_mad": 46.086631774902344,
  "summary_wm_mean": 996.9887084960938,
  "summary_wm_median": 999.9736328125,
  "summary_wm_n": 223432.0,
  "summary_wm_p05": 908.8993713378907,
  "summary_wm_p95": 1073.7483764648437,
  "summary_wm_stdv": 50.45526885986328,
  "tpm_overlap_csf": 0.20433486998081207,
  "tpm_overlap_gm": 0.48994964361190796,
  "tpm_overlap_wm": 0.5538015961647034,
  "wm2max": 0.7190824647377534
}