{
  "aor": 0.009680222222222222,
  "aqi": 0.00778183037037037,
  "bids_meta": {
    "AcquisitionNumber": 5,
    "BidsifyVersion": "0.3.5",
    "ConversionSoftware": "dcm2niix",
    "ConversionSoftwareVersion": "v1.0.20181125  GCC6.3.0",
    "EchoTime": 0.02762,
    "EffectiveEchoSpacing": 0.0006621159151938905,
    "ImageComments": "piop",
    "ImageOrientationPatientDICOM": [
      0.990825,
      0.135015,
      -0.00604879,
      -0.134845,
      0.990603,
      0.0228392
    ],
    "Manufacturer": "Philips",
    "NumberOfVolumesDiscardedByScanner": 2,
    "ParallelAcquisitionTechnique": "SENSE",
    "ParallelReductionFactorInPlane": 2,
    "PatientPosition": "HFS",
    "PhaseEncodingDirection": "j",
    "PhilipsRescaleIntercept": 0,
    "PhilipsRescaleSlope": 0.78559,
    "PhilipsScaleSlope": 0.0599917,
    "ProtocolName": "WIPpiopharririSENSE",
    "PulseSequenceType": "gradient echo EPI",
    "ReconMatrixPE": 80,
    "RepetitionTime": 2,
    "SeriesDescription": "ImageMRSERIES",
    "SeriesNumber": 5,
    "SliceEncodingDirection": "k",
    "SliceTiming": [
      0.0,
      0.0541,
      0.1081,
      0.1622,
      0.2162,
      0.2703,
      0.3243,
      0.3784,
      0.4324,
      0.4865,
      0.5405,
      0.5946,
      0.6486,
      0.7027,
      0.7568,
      0.8108,
      0.8649,
      0.9189,
      0.973,
      1.027,
      1.0811,
      1.1351,
      1.1892,
      1.2432,
      1.2973,
      1.3514,
      1.4054,
      1.4595,
      1.5135,
      1.5676,
      1.6216,
      1.6757,
      1.7297,
      1.7838,
      1.8378,
      1.8919,
      1.9459
    ],
    "TaskName": "emomatching",
    "TotalReadoutTime": 0.025822520692561732,
    "UsePhilipsFloatNotDisplayScaling": 1,
    "acq_id": "seq",
    "dataset": "unknown",
    "modality": "bold",
    "subject_id": "0144",
    "task_id": "emomatching"
  },
  "dummy_trs": 0,
  "dvars_nstd": 21.715761626194027,
  "dvars_std": 1.2320243509701487,
  "dvars_vstd": 1.0625390902238807,
  "efc": 0.4127527175922854,
  "fber": 176112304.0,
  "fd_mean": 0.14107901214248764,
  "fd_num": 21,
  "fd_perc": 15.555555555555555,
  "fwhm_avg": 2.4633165764218616,
  "fwhm_x": 2.41606,
  "fwhm_y": 2.73882,
  "fwhm_z": 2.2350697292655846,
  "gcor": 0.0271301,
  "gsr_x": -0.005315693095326424,
  "gsr_y": 0.007928521372377872,
  "provenance": {
    "md5sum": "45be9dfb027e1def356dce84797ab163",
    "settings": {
      "fd_thres": 0.2,
      "hmc_fsl": false
    },
    "software": "mriqc",
    "version": "0.15.0",
    "webapi_port": null,
    "webapi_url": "https://mriqc.nimh.nih.gov/api/v1"
  },
  "size_t": 135,
  "size_x": 80,
  "size_y": 80,
  "size_z": 37,
  "snr": 4.463381226085896,
  "spacing_tr": 2.0,
  "spacing_x": 3.0,
  "spacing_y": 3.0,
  "spacing_z": 3.299999952316284,
  "spikes_num": 2,
  "summary_bg_k": 107.29459645670637,
  "summary_bg_mad": 2.623439073562622,
  "summary_bg_mean": 257.90478515625,
  "summary_bg_median": 1.8021163940429688,
  "summary_bg_n": 151878.0,
  "summary_bg_p05": 0.009250378934666514,
  "summary_bg_p95": 1331.9872558593736,
  "summary_bg_stdv": 1315.4163818359375,
  "summary_fg_k": 2.7518050166224963,
  "summary_fg_mad": 4663.72216796875,
  "summary_fg_mean": 26013.4140625,
  "summary_fg_median": 25649.0,
  "summary_fg_n": 43112.0,
  "summary_fg_p05": 17864.01279296875,
  "summary_fg_p95": 35348.78710937499,
  "summary_fg_stdv": 5746.4736328125,
  "tsnr": 54.27684783935547
}