{
    "Manufacturer": "Philips",
    "PatientPosition": "HFS",
    "SeriesDescription": "ImageMRSERIES",
    "ProtocolName": "WIPpioprsSENSE",
    "SeriesNumber": 6,
    "AcquisitionNumber": 6,
    "ImageComments": "Piop",
    "PhilipsRescaleSlope": 0.77656,
    "PhilipsRescaleIntercept": 0,
    "PhilipsScaleSlope": 0.0828872,
    "UsePhilipsFloatNotDisplayScaling": 1,
    "EchoTime": 0.02762,
    "RepetitionTime": 0.75,
    "ReconMatrixPE": 80,
    "ImageOrientationPatientDICOM": [
        0.999028,
        0.0282389,
        -0.0338608,
        -0.0296504,
        0.99868,
        -0.0419358
    ],
    "ConversionSoftware": "dcm2niix",
    "ConversionSoftwareVersion": "v1.0.20181125  GCC6.3.0",
    "BidsifyVersion": "0.3.5",
    "SliceEncodingDirection": "k",
    "PhaseEncodingDirection": "j",
    "ParallelAcquisitionTechnique": "SENSE",
    "ParallelReductionFactorInPlane": 2,
    "NumberOfVolumesDiscardedByScanner": 2,
    "PulseSequenceType": "gradient echo EPI",
    "TaskName": "restingstate"
}