{
  "aor": 0.0003784,
  "aqi": 0.0030136355000000004,
  "bids_meta": {
    "AcquisitionNumber": 9,
    "BidsifyVersion": "0.3.5",
    "ConversionSoftware": "dcm2niix",
    "ConversionSoftwareVersion": "v1.0.20181125  GCC6.3.0",
    "EchoTime": 0.02762,
    "ImageComments": "PIOP",
    "ImageOrientationPatientDICOM": [
      0.999564,
      0.0132151,
      0.0264015,
      -0.00348915,
      0.94084,
      -0.338832
    ],
    "Manufacturer": "Philips",
    "NumberOfVolumesDiscardedByScanner": 2,
    "ParallelAcquisitionTechnique": "SENSE",
    "ParallelReductionFactorInPlane": 2,
    "PatientPosition": "HFS",
    "PhaseEncodingDirection": "j",
    "PhilipsRescaleIntercept": 0,
    "PhilipsRescaleSlope": 0.81538,
    "PhilipsScaleSlope": 0.0552188,
    "ProtocolName": "WIPpiopanticipatieSENSE",
    "PulseSequenceType": "gradient echo EPI",
    "ReconMatrixPE": 80,
    "RepetitionTime": 2,
    "SeriesDescription": "ImageMRSERIES",
    "SeriesNumber": 9,
    "SliceEncodingDirection": "k",
    "TaskName": "anticipation",
    "UsePhilipsFloatNotDisplayScaling": 1,
    "acq_id": "seq",
    "dataset": "unknown",
    "modality": "bold",
    "subject_id": "0205",
    "task_id": "anticipation"
  },
  "dummy_trs": 0,
  "dvars_nstd": 22.591692790402004,
  "dvars_std": 1.2573240660804021,
  "dvars_vstd": 0.983274596582915,
  "efc": 0.3848694810247358,
  "fber": 378271936.0,
  "fd_mean": 0.15017658534986536,
  "fd_num": 46,
  "fd_perc": 23.0,
  "fwhm_avg": 2.391611727574226,
  "fwhm_x": 2.3629233333333333,
  "fwhm_y": 2.652163333333333,
  "fwhm_z": 2.1597485160560104,
  "gcor": 0.0264711,
  "gsr_x": -0.006751289125531912,
  "gsr_y": 0.004059378989040852,
  "provenance": {
    "md5sum": "d49026fef15c86e7ffbe177caf834699",
    "settings": {
      "fd_thres": 0.2,
      "hmc_fsl": false
    },
    "software": "mriqc",
    "version": "0.15.0",
    "webapi_port": null,
    "webapi_url": "https://mriqc.nimh.nih.gov/api/v1"
  },
  "size_t": 200,
  "size_x": 80,
  "size_y": 80,
  "size_z": 37,
  "snr": 4.472319325794535,
  "spacing_tr": 2.0,
  "spacing_x": 3.0,
  "spacing_y": 3.0,
  "spacing_z": 3.299999952316284,
  "spikes_num": 1,
  "summary_bg_k": 123.67636116317183,
  "summary_bg_mad": 1.9096649885177612,
  "summary_bg_mean": 183.1855010986328,
  "summary_bg_median": 1.3068463802337646,
  "summary_bg_n": 157283.0,
  "summary_bg_p05": 0.006316980300471186,
  "summary_bg_p95": 786.1483093261716,
  "summary_bg_stdv": 1081.711181640625,
  "summary_fg_k": 1.808559561290056,
  "summary_fg_mad": 5235.8037109375,
  "summary_fg_mean": 27392.498046875,
  "summary_fg_median": 27126.173828125,
  "summary_fg_n": 38566.0,
  "summary_fg_p05": 18493.71240234375,
  "summary_fg_p95": 37355.05859375,
  "summary_fg_stdv": 6065.26953125,
  "tsnr": 79.68659973144531
}