{
  "aor": 0.0003596913580246913,
  "aqi": 0.002346666913580247,
  "bids_meta": {
    "AcquisitionNumber": 8,
    "BidsifyVersion": "0.3.5",
    "ConversionSoftware": "dcm2niix",
    "ConversionSoftwareVersion": "v1.0.20181125  GCC6.3.0",
    "EchoTime": 0.02762,
    "ImageComments": "PIOP",
    "ImageOrientationPatientDICOM": [
      0.999564,
      0.0132151,
      0.0264015,
      -0.00348915,
      0.94084,
      -0.338832
    ],
    "Manufacturer": "Philips",
    "NumberOfVolumesDiscardedByScanner": 2,
    "ParallelAcquisitionTechnique": "SENSE",
    "ParallelReductionFactorInPlane": 2,
    "PatientPosition": "HFS",
    "PhaseEncodingDirection": "j",
    "PhilipsRescaleIntercept": 0,
    "PhilipsRescaleSlope": 0.83175,
    "PhilipsScaleSlope": 0.0529636,
    "ProtocolName": "WIPpiopwmSENSE",
    "PulseSequenceType": "gradient echo EPI",
    "ReconMatrixPE": 80,
    "RepetitionTime": 2,
    "SeriesDescription": "ImageMRSERIES",
    "SeriesNumber": 8,
    "SliceEncodingDirection": "k",
    "TaskName": "workingmemory",
    "UsePhilipsFloatNotDisplayScaling": 1,
    "acq_id": "seq",
    "dataset": "unknown",
    "modality": "bold",
    "subject_id": "0205",
    "task_id": "workingmemory"
  },
  "dummy_trs": 0,
  "dvars_nstd": 20.57239198987579,
  "dvars_std": 1.2594950296894403,
  "dvars_vstd": 1.0036189775776396,
  "efc": 0.3856860776830908,
  "fber": 643327360.0,
  "fd_mean": 0.12379175353738031,
  "fd_num": 19,
  "fd_perc": 11.728395061728396,
  "fwhm_avg": 2.394427283179713,
  "fwhm_x": 2.3634333333333335,
  "fwhm_y": 2.6497333333333333,
  "fwhm_z": 2.1701151828724714,
  "gcor": 0.0158744,
  "gsr_x": -0.00689606461673975,
  "gsr_y": 0.00402357243001461,
  "provenance": {
    "md5sum": "6c2a9891bd9434cd2395dffb7e016ad3",
    "settings": {
      "fd_thres": 0.2,
      "hmc_fsl": false
    },
    "software": "mriqc",
    "version": "0.15.0",
    "webapi_port": null,
    "webapi_url": "https://mriqc.nimh.nih.gov/api/v1"
  },
  "size_t": 162,
  "size_x": 80,
  "size_y": 80,
  "size_z": 37,
  "snr": 4.415420809215943,
  "spacing_tr": 2.0,
  "spacing_x": 3.0,
  "spacing_y": 3.0,
  "spacing_z": 3.299999952316284,
  "spikes_num": 0,
  "summary_bg_k": 126.98090824212878,
  "summary_bg_mad": 1.4679992198944092,
  "summary_bg_mean": 184.84600830078125,
  "summary_bg_median": 1.0020520687103271,
  "summary_bg_n": 157028.0,
  "summary_bg_p05": 0.003404623561073095,
  "summary_bg_p95": 768.9346252441377,
  "summary_bg_stdv": 1116.0615234375,
  "summary_fg_k": 1.8835769240981106,
  "summary_fg_mad": 5326.853515625,
  "summary_fg_mean": 27616.0703125,
  "summary_fg_median": 27302.2890625,
  "summary_fg_n": 38826.0,
  "summary_fg_p05": 18602.04150390625,
  "summary_fg_p95": 37832.8359375,
  "summary_fg_stdv": 6183.31494140625,
  "tsnr": 87.79141235351562
}