{
    "Manufacturer": "Philips",
    "PatientPosition": "HFS",
    "SeriesDescription": "ImageMRSERIES",
    "ProtocolName": "WIPt13dSENSE",
    "SeriesNumber": 4,
    "AcquisitionNumber": 4,
    "ImageComments": "Piop",
    "PhilipsRescaleSlope": 10.1944,
    "PhilipsRescaleIntercept": 0,
    "PhilipsScaleSlope": 0.00732795,
    "UsePhilipsFloatNotDisplayScaling": 1,
    "EchoTime": 0.00375,
    "RepetitionTime": 0.008203,
    "ReconMatrixPE": 240,
    "ImageOrientationPatientDICOM": [
        0.998174,
        -0.0144498,
        0.0586473,
        0.0182945,
        0.997681,
        -0.0655585
    ],
    "ConversionSoftware": "dcm2niix",
    "ConversionSoftwareVersion": "v1.0.20181125  GCC6.3.0",
    "BidsifyVersion": "0.3.5"
}