{
  "aor": 0.0009495061728395063,
  "aqi": 0.003941075555555555,
  "bids_meta": {
    "AcquisitionNumber": 9,
    "BidsifyVersion": "0.3.5",
    "ConversionSoftware": "dcm2niix",
    "ConversionSoftwareVersion": "v1.0.20181125  GCC6.3.0",
    "EchoTime": 0.02762,
    "EffectiveEchoSpacing": 0.0006621159151938905,
    "ImageComments": "Piop",
    "ImageOrientationPatientDICOM": [
      0.999138,
      0.0318951,
      0.0265689,
      -0.0277339,
      0.989122,
      -0.144458
    ],
    "Manufacturer": "Philips",
    "NumberOfVolumesDiscardedByScanner": 2,
    "ParallelAcquisitionTechnique": "SENSE",
    "ParallelReductionFactorInPlane": 2,
    "PatientPosition": "HFS",
    "PhaseEncodingDirection": "j",
    "PhilipsRescaleIntercept": 0,
    "PhilipsRescaleSlope": 0.82442,
    "PhilipsScaleSlope": 0.0607689,
    "ProtocolName": "WIPpiopwmSENSE",
    "PulseSequenceType": "gradient echo EPI",
    "ReconMatrixPE": 80,
    "RepetitionTime": 2,
    "SeriesDescription": "ImageMRSERIES",
    "SeriesNumber": 9,
    "SliceEncodingDirection": "k",
    "SliceTiming": [
      0.0,
      0.0541,
      0.1081,
      0.1622,
      0.2162,
      0.2703,
      0.3243,
      0.3784,
      0.4324,
      0.4865,
      0.5405,
      0.5946,
      0.6486,
      0.7027,
      0.7568,
      0.8108,
      0.8649,
      0.9189,
      0.973,
      1.027,
      1.0811,
      1.1351,
      1.1892,
      1.2432,
      1.2973,
      1.3514,
      1.4054,
      1.4595,
      1.5135,
      1.5676,
      1.6216,
      1.6757,
      1.7297,
      1.7838,
      1.8378,
      1.8919,
      1.9459
    ],
    "TaskName": "workingmemory",
    "TotalReadoutTime": 0.025822520692561732,
    "UsePhilipsFloatNotDisplayScaling": 1,
    "acq_id": "seq",
    "dataset": "unknown",
    "modality": "bold",
    "subject_id": "0005",
    "task_id": "workingmemory"
  },
  "dummy_trs": 0,
  "dvars_nstd": 24.635464010869548,
  "dvars_std": 1.325091013291925,
  "dvars_vstd": 1.002231020248446,
  "efc": 0.4220910367510346,
  "fber": 223165040.0,
  "fd_mean": 0.10221822086137669,
  "fd_num": 6,
  "fd_perc": 3.7037037037037037,
  "fwhm_avg": 2.380853848801614,
  "fwhm_x": 2.3734566666666668,
  "fwhm_y": 2.6061866666666664,
  "fwhm_z": 2.1629182130715083,
  "gcor": 0.0143705,
  "gsr_x": -0.0006231620209291577,
  "gsr_y": 0.0011161483125761151,
  "provenance": {
    "md5sum": "9af215bdfb3e358996dbc180bdba0bcf",
    "settings": {
      "fd_thres": 0.2,
      "hmc_fsl": false
    },
    "software": "mriqc",
    "version": "0.15.0",
    "webapi_port": null,
    "webapi_url": "https://mriqc.nimh.nih.gov/api/v1"
  },
  "size_t": 162,
  "size_x": 80,
  "size_y": 80,
  "size_z": 37,
  "snr": 4.457775360999326,
  "spacing_tr": 2.0,
  "spacing_x": 3.0,
  "spacing_y": 3.0,
  "spacing_z": 3.299999952316284,
  "spikes_num": 0,
  "summary_bg_k": 59.95193786910008,
  "summary_bg_mad": 2.2234082221984863,
  "summary_bg_mean": 256.04437255859375,
  "summary_bg_median": 1.5224740505218506,
  "summary_bg_n": 150283.0,
  "summary_bg_p05": 0.005511950235813856,
  "summary_bg_p95": 809.6226562499972,
  "summary_bg_stdv": 1338.21533203125,
  "summary_fg_k": 1.8633322697356869,
  "summary_fg_mad": 4939.7294921875,
  "summary_fg_mean": 25525.552734375,
  "summary_fg_median": 25262.5078125,
  "summary_fg_n": 44483.0,
  "summary_fg_p05": 17295.63359375,
  "summary_fg_p95": 34627.228515625,
  "summary_fg_stdv": 5667.00244140625,
  "tsnr": 77.79345703125
}