{
  "aor": 0.0021764814814814815,
  "aqi": 0.004192021913580248,
  "bids_meta": {
    "AcquisitionNumber": 8,
    "BidsifyVersion": "0.3.5",
    "ConversionSoftware": "dcm2niix",
    "ConversionSoftwareVersion": "v1.0.20181125  GCC6.3.0",
    "EchoTime": 0.02762,
    "EffectiveEchoSpacing": 0.0006621159151938905,
    "ImageComments": "Piop",
    "ImageOrientationPatientDICOM": [
      0.999287,
      -0.015136,
      0.0345895,
      0.024422,
      0.957789,
      -0.286434
    ],
    "Manufacturer": "Philips",
    "NumberOfVolumesDiscardedByScanner": 2,
    "ParallelAcquisitionTechnique": "SENSE",
    "ParallelReductionFactorInPlane": 2,
    "PatientPosition": "HFS",
    "PhaseEncodingDirection": "j",
    "PhilipsRescaleIntercept": 0,
    "PhilipsRescaleSlope": 0.84103,
    "PhilipsScaleSlope": 0.0544548,
    "ProtocolName": "WIPpiopwmSENSE",
    "PulseSequenceType": "gradient echo EPI",
    "ReconMatrixPE": 80,
    "RepetitionTime": 2,
    "SeriesDescription": "ImageMRSERIES",
    "SeriesNumber": 8,
    "SliceEncodingDirection": "k",
    "SliceTiming": [
      0.0,
      0.0541,
      0.1081,
      0.1622,
      0.2162,
      0.2703,
      0.3243,
      0.3784,
      0.4324,
      0.4865,
      0.5405,
      0.5946,
      0.6486,
      0.7027,
      0.7568,
      0.8108,
      0.8649,
      0.9189,
      0.973,
      1.027,
      1.0811,
      1.1351,
      1.1892,
      1.2432,
      1.2973,
      1.3514,
      1.4054,
      1.4595,
      1.5135,
      1.5676,
      1.6216,
      1.6757,
      1.7297,
      1.7838,
      1.8378,
      1.8919,
      1.9459
    ],
    "TaskName": "workingmemory",
    "TotalReadoutTime": 0.025822520692561732,
    "UsePhilipsFloatNotDisplayScaling": 1,
    "acq_id": "seq",
    "dataset": "unknown",
    "modality": "bold",
    "subject_id": "0054",
    "task_id": "workingmemory"
  },
  "dummy_trs": 0,
  "dvars_nstd": 23.432589998881998,
  "dvars_std": 1.244317025341615,
  "dvars_vstd": 1.0004644345341616,
  "efc": 0.40104115172582155,
  "fber": 347406688.0,
  "fd_mean": 0.15596096331963719,
  "fd_num": 43,
  "fd_perc": 26.54320987654321,
  "fwhm_avg": 2.3421918287469503,
  "fwhm_x": 2.34911,
  "fwhm_y": 2.4839533333333335,
  "fwhm_z": 2.1935121529075183,
  "gcor": 0.0102463,
  "gsr_x": -0.0006781009142287076,
  "gsr_y": 0.0019746581092476845,
  "provenance": {
    "md5sum": "063579248d3dac6d288d4a1d63d0c693",
    "settings": {
      "fd_thres": 0.2,
      "hmc_fsl": false
    },
    "software": "mriqc",
    "version": "0.15.0",
    "webapi_port": null,
    "webapi_url": "https://mriqc.nimh.nih.gov/api/v1"
  },
  "size_t": 162,
  "size_x": 80,
  "size_y": 80,
  "size_z": 37,
  "snr": 4.236710464074762,
  "spacing_tr": 2.0,
  "spacing_x": 3.0,
  "spacing_y": 3.0,
  "spacing_z": 3.299999952316284,
  "spikes_num": 2,
  "summary_bg_k": 123.52903270075625,
  "summary_bg_mad": 1.7870361804962158,
  "summary_bg_mean": 226.89944458007812,
  "summary_bg_median": 1.2151495218276978,
  "summary_bg_n": 154759.0,
  "summary_bg_p05": 0.002434664568863809,
  "summary_bg_p95": 909.0517272949234,
  "summary_bg_stdv": 1143.782958984375,
  "summary_fg_k": 1.6707882407730024,
  "summary_fg_mad": 5144.392578125,
  "summary_fg_mean": 25604.013671875,
  "summary_fg_median": 25090.83984375,
  "summary_fg_n": 40987.0,
  "summary_fg_p05": 17289.990234375,
  "summary_fg_p95": 35696.08828125,
  "summary_fg_stdv": 5922.17333984375,
  "tsnr": 69.75641632080078
}