{
  "aor": 0.0012238284518828453,
  "aqi": 0.012100638263598328,
  "bids_meta": {
    "AcquisitionNumber": 6,
    "BidsifyVersion": "0.3.5",
    "ConversionSoftware": "dcm2niix",
    "ConversionSoftwareVersion": "v1.0.20181125  GCC6.3.0",
    "EchoTime": 0.02762,
    "EffectiveEchoSpacing": 0.0006333282667071997,
    "ImageComments": "Piop",
    "ImageOrientationPatientDICOM": [
      0.998448,
      -0.0489576,
      0.02655,
      0.0556471,
      0.896385,
      -0.43977
    ],
    "Manufacturer": "Philips",
    "NumberOfVolumesDiscardedByScanner": 2,
    "ParallelAcquisitionTechnique": "SENSE",
    "ParallelReductionFactorInPlane": 2,
    "PatientPosition": "HFS",
    "PhaseEncodingDirection": "j",
    "PhilipsRescaleIntercept": 0,
    "PhilipsRescaleSlope": 0.78803,
    "PhilipsScaleSlope": 0.0912431,
    "ProtocolName": "WIPpioprsSENSE",
    "PulseSequenceType": "gradient echo EPI",
    "ReconMatrixPE": 80,
    "RepetitionTime": 0.75,
    "SeriesDescription": "ImageMRSERIES",
    "SeriesNumber": 6,
    "SliceEncodingDirection": "k",
    "SliceTiming": [
      0.0,
      0.06755050505050506,
      0.1351010101010101,
      0.20265151515151517,
      0.2702020202020202,
      0.3377525252525253,
      0.40530303030303033,
      0.47285353535353536,
      0.5404040404040404,
      0.6079545454545455,
      0.6755050505050506,
      0.7430555555555556,
      0.0,
      0.06755050505050506,
      0.1351010101010101,
      0.20265151515151517,
      0.2702020202020202,
      0.3377525252525253,
      0.40530303030303033,
      0.47285353535353536,
      0.5404040404040404,
      0.6079545454545455,
      0.6755050505050506,
      0.7430555555555556,
      0.0,
      0.06755050505050506,
      0.1351010101010101,
      0.20265151515151517,
      0.2702020202020202,
      0.3377525252525253,
      0.40530303030303033,
      0.47285353535353536,
      0.5404040404040404,
      0.6079545454545455,
      0.6755050505050506,
      0.7430555555555556
    ],
    "TaskName": "restingstate",
    "TotalReadoutTime": 0.024699802401580786,
    "UsePhilipsFloatNotDisplayScaling": 1,
    "acq_id": "mb3",
    "dataset": "unknown",
    "modality": "bold",
    "subject_id": "0095",
    "task_id": "restingstate"
  },
  "dummy_trs": 2,
  "dvars_nstd": 27.384285852893086,
  "dvars_std": 1.1424110842348012,
  "dvars_vstd": 1.0024535213626835,
  "efc": 0.424396375610275,
  "fber": 118082904.0,
  "fd_mean": 0.08267643032603005,
  "fd_num": 13,
  "fd_perc": 2.719665271966527,
  "fwhm_avg": 2.4158164755204683,
  "fwhm_x": 2.3638966666666668,
  "fwhm_y": 2.6259133333333335,
  "fwhm_z": 2.257639426561405,
  "gcor": 0.0110304,
  "gsr_x": -0.008216019719839096,
  "gsr_y": 0.009752629324793816,
  "provenance": {
    "md5sum": "3b6c21886e0fd22c35c2fa9505d64055",
    "settings": {
      "fd_thres": 0.2,
      "hmc_fsl": false
    },
    "software": "mriqc",
    "version": "0.15.0",
    "webapi_port": null,
    "webapi_url": "https://mriqc.nimh.nih.gov/api/v1"
  },
  "size_t": 478,
  "size_x": 80,
  "size_y": 80,
  "size_z": 36,
  "snr": 5.455605657903689,
  "spacing_tr": 0.75,
  "spacing_x": 3.0,
  "spacing_y": 3.0,
  "spacing_z": 3.299999952316284,
  "spikes_num": 6,
  "summary_bg_k": 91.24343419533679,
  "summary_bg_mad": 2.043753147125244,
  "summary_bg_mean": 140.44004821777344,
  "summary_bg_median": 1.417222023010254,
  "summary_bg_n": 145935.0,
  "summary_bg_p05": 0.015443892776966096,
  "summary_bg_p95": 638.1409240722593,
  "summary_bg_stdv": 754.7357177734375,
  "summary_fg_k": 2.5641290615331664,
  "summary_fg_mad": 2772.476318359375,
  "summary_fg_mean": 17339.837890625,
  "summary_fg_median": 17475.62109375,
  "summary_fg_n": 43980.0,
  "summary_fg_p05": 12202.592871093751,
  "summary_fg_p95": 22071.973339843753,
  "summary_fg_stdv": 3203.204833984375,
  "tsnr": 44.24295425415039
}