{
  "aor": 0.0014086,
  "aqi": 0.0049086035500000005,
  "bids_meta": {
    "AcquisitionNumber": 9,
    "BidsifyVersion": "0.3.5",
    "ConversionSoftware": "dcm2niix",
    "ConversionSoftwareVersion": "v1.0.20181125  GCC6.3.0",
    "EchoTime": 0.02762,
    "EffectiveEchoSpacing": 0.0006621159151938905,
    "ImageComments": "Piop",
    "ImageOrientationPatientDICOM": [
      0.998448,
      -0.0489576,
      0.02655,
      0.0556471,
      0.896385,
      -0.43977
    ],
    "Manufacturer": "Philips",
    "NumberOfVolumesDiscardedByScanner": 2,
    "ParallelAcquisitionTechnique": "SENSE",
    "ParallelReductionFactorInPlane": 2,
    "PatientPosition": "HFS",
    "PhaseEncodingDirection": "j",
    "PhilipsRescaleIntercept": 0,
    "PhilipsRescaleSlope": 0.76166,
    "PhilipsScaleSlope": 0.060426,
    "ProtocolName": "WIPpiopanticipatieSENSE",
    "PulseSequenceType": "gradient echo EPI",
    "ReconMatrixPE": 80,
    "RepetitionTime": 2,
    "SeriesDescription": "ImageMRSERIES",
    "SeriesNumber": 9,
    "SliceEncodingDirection": "k",
    "SliceTiming": [
      0.0,
      0.0541,
      0.1081,
      0.1622,
      0.2162,
      0.2703,
      0.3243,
      0.3784,
      0.4324,
      0.4865,
      0.5405,
      0.5946,
      0.6486,
      0.7027,
      0.7568,
      0.8108,
      0.8649,
      0.9189,
      0.973,
      1.027,
      1.0811,
      1.1351,
      1.1892,
      1.2432,
      1.2973,
      1.3514,
      1.4054,
      1.4595,
      1.5135,
      1.5676,
      1.6216,
      1.6757,
      1.7297,
      1.7838,
      1.8378,
      1.8919,
      1.9459
    ],
    "TaskName": "anticipation",
    "TotalReadoutTime": 0.025822520692561732,
    "UsePhilipsFloatNotDisplayScaling": 1,
    "acq_id": "seq",
    "dataset": "unknown",
    "modality": "bold",
    "subject_id": "0095",
    "task_id": "anticipation"
  },
  "dummy_trs": 0,
  "dvars_nstd": 29.886572248291465,
  "dvars_std": 1.3722765679899493,
  "dvars_vstd": 1.0281340598492466,
  "efc": 0.4193154513859118,
  "fber": 668671360.0,
  "fd_mean": 0.12158073730117017,
  "fd_num": 11,
  "fd_perc": 5.5,
  "fwhm_avg": 2.3220044550424315,
  "fwhm_x": 2.27291,
  "fwhm_y": 2.4927699999999997,
  "fwhm_z": 2.2003333651272943,
  "gcor": 0.0112421,
  "gsr_x": -0.009752286598086357,
  "gsr_y": 0.010867170989513397,
  "provenance": {
    "md5sum": "b118d1490681b1fd9639553b51e7cb66",
    "settings": {
      "fd_thres": 0.2,
      "hmc_fsl": false
    },
    "software": "mriqc",
    "version": "0.15.0",
    "webapi_port": null,
    "webapi_url": "https://mriqc.nimh.nih.gov/api/v1"
  },
  "size_t": 200,
  "size_x": 80,
  "size_y": 80,
  "size_z": 37,
  "snr": 4.448763143410826,
  "spacing_tr": 2.0,
  "spacing_x": 3.0,
  "spacing_y": 3.0,
  "spacing_z": 3.299999952316284,
  "spikes_num": 2,
  "summary_bg_k": 87.85313337851917,
  "summary_bg_mad": 1.188019037246704,
  "summary_bg_mean": 216.57791137695312,
  "summary_bg_median": 0.8078305721282959,
  "summary_bg_n": 150362.0,
  "summary_bg_p05": 0.002693446504417807,
  "summary_bg_p95": 983.5322448730262,
  "summary_bg_stdv": 1157.1767578125,
  "summary_fg_k": 1.3470743819745703,
  "summary_fg_mad": 5099.06298828125,
  "summary_fg_mean": 24382.3046875,
  "summary_fg_median": 24211.673828125,
  "summary_fg_n": 44677.0,
  "summary_fg_p05": 16181.9236328125,
  "summary_fg_p95": 33073.15546874998,
  "summary_fg_stdv": 5442.27734375,
  "tsnr": 66.61891174316406
}