{
  "aor": 0.0014639412997903565,
  "aqi": 0.010552099916142558,
  "bids_meta": {
    "AcquisitionNumber": 6,
    "BidsifyVersion": "0.3.5",
    "ConversionSoftware": "dcm2niix",
    "ConversionSoftwareVersion": "v1.0.20181125  GCC6.3.0",
    "EchoTime": 0.02762,
    "EffectiveEchoSpacing": 0.0006333282667071997,
    "ImageComments": "piop",
    "ImageOrientationPatientDICOM": [
      0.99345,
      0.0942064,
      -0.0646669,
      -0.105468,
      0.973752,
      -0.2017
    ],
    "Manufacturer": "Philips",
    "NumberOfVolumesDiscardedByScanner": 2,
    "ParallelAcquisitionTechnique": "SENSE",
    "ParallelReductionFactorInPlane": 2,
    "PatientPosition": "HFS",
    "PhaseEncodingDirection": "j",
    "PhilipsRescaleIntercept": 0,
    "PhilipsRescaleSlope": 0.77094,
    "PhilipsScaleSlope": 0.0864031,
    "ProtocolName": "WIPpioprsSENSE",
    "PulseSequenceType": "gradient echo EPI",
    "ReconMatrixPE": 80,
    "RepetitionTime": 0.75,
    "SeriesDescription": "ImageMRSERIES",
    "SeriesNumber": 6,
    "SliceEncodingDirection": "k",
    "SliceTiming": [
      0.0,
      0.06755050505050506,
      0.1351010101010101,
      0.20265151515151517,
      0.2702020202020202,
      0.3377525252525253,
      0.40530303030303033,
      0.47285353535353536,
      0.5404040404040404,
      0.6079545454545455,
      0.6755050505050506,
      0.7430555555555556,
      0.0,
      0.06755050505050506,
      0.1351010101010101,
      0.20265151515151517,
      0.2702020202020202,
      0.3377525252525253,
      0.40530303030303033,
      0.47285353535353536,
      0.5404040404040404,
      0.6079545454545455,
      0.6755050505050506,
      0.7430555555555556,
      0.0,
      0.06755050505050506,
      0.1351010101010101,
      0.20265151515151517,
      0.2702020202020202,
      0.3377525252525253,
      0.40530303030303033,
      0.47285353535353536,
      0.5404040404040404,
      0.6079545454545455,
      0.6755050505050506,
      0.7430555555555556
    ],
    "TaskName": "restingstate",
    "TotalReadoutTime": 0.024699802401580786,
    "UsePhilipsFloatNotDisplayScaling": 1,
    "acq_id": "mb3",
    "dataset": "unknown",
    "modality": "bold",
    "subject_id": "0204",
    "task_id": "restingstate"
  },
  "dummy_trs": 3,
  "dvars_nstd": 28.662831498949576,
  "dvars_std": 1.0802109759033611,
  "dvars_vstd": 0.9983237785714295,
  "efc": 0.4270762716581818,
  "fber": 154569312.0,
  "fd_mean": 0.13467714866512237,
  "fd_num": 71,
  "fd_perc": 14.884696016771489,
  "fwhm_avg": 2.4905477890443,
  "fwhm_x": 2.39165,
  "fwhm_y": 2.74086,
  "fwhm_z": 2.3391333671329004,
  "gcor": 0.0154084,
  "gsr_x": -0.006817924324423075,
  "gsr_y": 0.007886765524744987,
  "provenance": {
    "md5sum": "c3582ca668d2d41e6f1223075e0f6cb3",
    "settings": {
      "fd_thres": 0.2,
      "hmc_fsl": false
    },
    "software": "mriqc",
    "version": "0.15.0",
    "webapi_port": null,
    "webapi_url": "https://mriqc.nimh.nih.gov/api/v1"
  },
  "size_t": 477,
  "size_x": 80,
  "size_y": 80,
  "size_z": 36,
  "snr": 4.661079168234128,
  "spacing_tr": 0.75,
  "spacing_x": 3.0,
  "spacing_y": 3.0,
  "spacing_z": 3.299999952316284,
  "spikes_num": 1,
  "summary_bg_k": 113.52335799135257,
  "summary_bg_mad": 1.6613445281982422,
  "summary_bg_mean": 141.4274139404297,
  "summary_bg_median": 1.1411000490188599,
  "summary_bg_n": 145550.0,
  "summary_bg_p05": 0.008980684867128729,
  "summary_bg_p95": 681.6993621826153,
  "summary_bg_stdv": 770.3685913085938,
  "summary_fg_k": 1.2893974690680583,
  "summary_fg_mad": 3053.185546875,
  "summary_fg_mean": 15933.771484375,
  "summary_fg_median": 15976.783203125,
  "summary_fg_n": 44408.0,
  "summary_fg_p05": 10310.954345703125,
  "summary_fg_p95": 21299.15048828125,
  "summary_fg_stdv": 3427.661865234375,
  "tsnr": 39.88174819946289
}