{
  "aor": 0.002659506172839506,
  "aqi": 0.005098049382716049,
  "bids_meta": {
    "AcquisitionNumber": 8,
    "BidsifyVersion": "0.3.5",
    "ConversionSoftware": "dcm2niix",
    "ConversionSoftwareVersion": "v1.0.20181125  GCC6.3.0",
    "EchoTime": 0.02762,
    "EffectiveEchoSpacing": 0.0006621159151938905,
    "ImageComments": "PIOP",
    "ImageOrientationPatientDICOM": [
      0.996676,
      0.0718753,
      -0.0383408,
      -0.0805408,
      0.940023,
      -0.331467
    ],
    "Manufacturer": "Philips",
    "NumberOfVolumesDiscardedByScanner": 2,
    "ParallelAcquisitionTechnique": "SENSE",
    "ParallelReductionFactorInPlane": 2,
    "PatientPosition": "HFS",
    "PhaseEncodingDirection": "j",
    "PhilipsRescaleIntercept": 0,
    "PhilipsRescaleSlope": 0.78071,
    "PhilipsScaleSlope": 0.0565474,
    "ProtocolName": "WIPpiopwmSENSE",
    "PulseSequenceType": "gradient echo EPI",
    "ReconMatrixPE": 80,
    "RepetitionTime": 2,
    "SeriesDescription": "ImageMRSERIES",
    "SeriesNumber": 8,
    "SliceEncodingDirection": "k",
    "SliceTiming": [
      0.0,
      0.0541,
      0.1081,
      0.1622,
      0.2162,
      0.2703,
      0.3243,
      0.3784,
      0.4324,
      0.4865,
      0.5405,
      0.5946,
      0.6486,
      0.7027,
      0.7568,
      0.8108,
      0.8649,
      0.9189,
      0.973,
      1.027,
      1.0811,
      1.1351,
      1.1892,
      1.2432,
      1.2973,
      1.3514,
      1.4054,
      1.4595,
      1.5135,
      1.5676,
      1.6216,
      1.6757,
      1.7297,
      1.7838,
      1.8378,
      1.8919,
      1.9459
    ],
    "TaskName": "workingmemory",
    "TotalReadoutTime": 0.025822520692561732,
    "UsePhilipsFloatNotDisplayScaling": 1,
    "acq_id": "seq",
    "dataset": "unknown",
    "modality": "bold",
    "subject_id": "0057",
    "task_id": "workingmemory"
  },
  "dummy_trs": 0,
  "dvars_nstd": 23.725342401490703,
  "dvars_std": 1.3136408334782608,
  "dvars_vstd": 10.754204308819872,
  "efc": 0.3572704843127977,
  "fber": 593680256.0,
  "fd_mean": 0.12049680029349563,
  "fd_num": 18,
  "fd_perc": 11.11111111111111,
  "fwhm_avg": 2.3138277880644558,
  "fwhm_x": 2.24973,
  "fwhm_y": 2.5560533333333333,
  "fwhm_z": 2.1357000308600345,
  "gcor": 0.0164331,
  "gsr_x": -0.0078713558614254,
  "gsr_y": 0.003810897469520569,
  "provenance": {
    "md5sum": "18db8a2f5741fcb962cc5943b70859fa",
    "settings": {
      "fd_thres": 0.2,
      "hmc_fsl": false
    },
    "software": "mriqc",
    "version": "0.15.0",
    "webapi_port": null,
    "webapi_url": "https://mriqc.nimh.nih.gov/api/v1"
  },
  "size_t": 162,
  "size_x": 80,
  "size_y": 80,
  "size_z": 37,
  "snr": 4.403579957551614,
  "spacing_tr": 2.0,
  "spacing_x": 3.0,
  "spacing_y": 3.0,
  "spacing_z": 3.299999952316284,
  "spikes_num": 0,
  "summary_bg_k": 144.60448934578102,
  "summary_bg_mad": 1.3879406452178955,
  "summary_bg_mean": 131.29147338867188,
  "summary_bg_median": 0.9542408585548401,
  "summary_bg_n": 162591.0,
  "summary_bg_p05": 0.00709255738183856,
  "summary_bg_p95": 456.9284362792969,
  "summary_bg_stdv": 784.0685424804688,
  "summary_fg_k": 2.306923863113446,
  "summary_fg_mad": 4605.0087890625,
  "summary_fg_mean": 25070.7734375,
  "summary_fg_median": 24735.73828125,
  "summary_fg_n": 34065.0,
  "summary_fg_p05": 16833.869921875,
  "summary_fg_p95": 34029.47265625,
  "summary_fg_stdv": 5617.10595703125,
  "tsnr": 64.77888488769531
}