{
  "aor": 0.000264390756302521,
  "aqi": 0.0068021122478991594,
  "bids_meta": {
    "AcquisitionNumber": 6,
    "BidsifyVersion": "0.3.5",
    "ConversionSoftware": "dcm2niix",
    "ConversionSoftwareVersion": "v1.0.20181125  GCC6.3.0",
    "EchoTime": 0.02762,
    "EffectiveEchoSpacing": 0.0006333282667071997,
    "ImageComments": "PIOP",
    "ImageOrientationPatientDICOM": [
      0.996676,
      0.0718753,
      -0.0383408,
      -0.0805408,
      0.940023,
      -0.331467
    ],
    "Manufacturer": "Philips",
    "NumberOfVolumesDiscardedByScanner": 2,
    "ParallelAcquisitionTechnique": "SENSE",
    "ParallelReductionFactorInPlane": 2,
    "PatientPosition": "HFS",
    "PhaseEncodingDirection": "j",
    "PhilipsRescaleIntercept": 0,
    "PhilipsRescaleSlope": 0.79121,
    "PhilipsScaleSlope": 0.0825745,
    "ProtocolName": "WIPpioprsSENSE",
    "PulseSequenceType": "gradient echo EPI",
    "ReconMatrixPE": 80,
    "RepetitionTime": 0.75,
    "SeriesDescription": "ImageMRSERIES",
    "SeriesNumber": 6,
    "SliceEncodingDirection": "k",
    "SliceTiming": [
      0.0,
      0.06755050505050506,
      0.1351010101010101,
      0.20265151515151517,
      0.2702020202020202,
      0.3377525252525253,
      0.40530303030303033,
      0.47285353535353536,
      0.5404040404040404,
      0.6079545454545455,
      0.6755050505050506,
      0.7430555555555556,
      0.0,
      0.06755050505050506,
      0.1351010101010101,
      0.20265151515151517,
      0.2702020202020202,
      0.3377525252525253,
      0.40530303030303033,
      0.47285353535353536,
      0.5404040404040404,
      0.6079545454545455,
      0.6755050505050506,
      0.7430555555555556,
      0.0,
      0.06755050505050506,
      0.1351010101010101,
      0.20265151515151517,
      0.2702020202020202,
      0.3377525252525253,
      0.40530303030303033,
      0.47285353535353536,
      0.5404040404040404,
      0.6079545454545455,
      0.6755050505050506,
      0.7430555555555556
    ],
    "TaskName": "restingstate",
    "TotalReadoutTime": 0.024699802401580786,
    "UsePhilipsFloatNotDisplayScaling": 1,
    "acq_id": "mb3",
    "dataset": "unknown",
    "modality": "bold",
    "subject_id": "0057",
    "task_id": "restingstate"
  },
  "dummy_trs": 4,
  "dvars_nstd": 21.80461689191579,
  "dvars_std": 1.0662770950736848,
  "dvars_vstd": 1.299693456,
  "efc": 0.3615393886792485,
  "fber": 1739440768.0,
  "fd_mean": 0.08884309162985982,
  "fd_num": 15,
  "fd_perc": 3.1512605042016806,
  "fwhm_avg": 2.414472636988354,
  "fwhm_x": 2.368646666666667,
  "fwhm_y": 2.6479166666666667,
  "fwhm_z": 2.2268545776317277,
  "gcor": 0.0309147,
  "gsr_x": -0.0088455555960536,
  "gsr_y": 0.003923950716853142,
  "provenance": {
    "md5sum": "04db5cf7c139c3778566958450006043",
    "settings": {
      "fd_thres": 0.2,
      "hmc_fsl": false
    },
    "software": "mriqc",
    "version": "0.15.0",
    "webapi_port": null,
    "webapi_url": "https://mriqc.nimh.nih.gov/api/v1"
  },
  "size_t": 476,
  "size_x": 80,
  "size_y": 80,
  "size_z": 36,
  "snr": 5.084405477303247,
  "spacing_tr": 0.75,
  "spacing_x": 3.0,
  "spacing_y": 3.0,
  "spacing_z": 3.299999952316284,
  "spikes_num": 0,
  "summary_bg_k": 143.53629205261188,
  "summary_bg_mad": 0.6004483699798584,
  "summary_bg_mean": 99.7613754272461,
  "summary_bg_median": 0.40669137239456177,
  "summary_bg_n": 157788.0,
  "summary_bg_p05": 0.0009311519825132566,
  "summary_bg_p95": 385.3940673828097,
  "summary_bg_stdv": 588.7679443359375,
  "summary_fg_k": 2.3401628526959124,
  "summary_fg_mad": 3028.674072265625,
  "summary_fg_mean": 18234.033203125,
  "summary_fg_median": 18347.794921875,
  "summary_fg_n": 33257.0,
  "summary_fg_p05": 12360.3234375,
  "summary_fg_p95": 23623.458984374996,
  "summary_fg_stdv": 3608.5869140625,
  "tsnr": 53.156429290771484
}