{
    "Manufacturer": "Philips",
    "PatientPosition": "HFS",
    "SeriesDescription": "ImageMRSERIES",
    "ProtocolName": "WIPdti32v2SENSE",
    "SeriesNumber": 7,
    "AcquisitionNumber": 7,
    "ImageComments": "piop",
    "PhilipsRescaleSlope": 3.92454,
    "PhilipsRescaleIntercept": 0,
    "PhilipsScaleSlope": 0.0264653,
    "UsePhilipsFloatNotDisplayScaling": 1,
    "EchoTime": 0.09123,
    "RepetitionTime": 7.70022,
    "ReconMatrixPE": 112,
    "ImageOrientationPatientDICOM": [
        0.993018,
        -0.106481,
        -0.0507725,
        0.100517,
        0.989025,
        -0.108283
    ],
    "ConversionSoftware": "dcm2niix",
    "ConversionSoftwareVersion": "v1.0.20181125  GCC6.3.0",
    "BidsifyVersion": "0.3.5",
    "FlipAngle": 90,
    "WaterFatShift": 18.924,
    "ParallelAcquisitionTechnique": "SENSE",
    "ParallelReductionFactorInPlane": 2,
    "PhaseEncodingDirection": "j"
}