{
  "aor": 0.0011405999999999999,
  "aqi": 0.00530719535,
  "bids_meta": {
    "AcquisitionNumber": 9,
    "BidsifyVersion": "0.3.5",
    "ConversionSoftware": "dcm2niix",
    "ConversionSoftwareVersion": "v1.0.20181125  GCC6.3.0",
    "EchoTime": 0.02762,
    "EffectiveEchoSpacing": 0.0006621159151938905,
    "ImageComments": "Piop",
    "ImageOrientationPatientDICOM": [
      0.999208,
      -0.0364046,
      0.016046,
      0.038735,
      0.98223,
      -0.183639
    ],
    "Manufacturer": "Philips",
    "NumberOfVolumesDiscardedByScanner": 2,
    "ParallelAcquisitionTechnique": "SENSE",
    "ParallelReductionFactorInPlane": 2,
    "PatientPosition": "HFS",
    "PhaseEncodingDirection": "j",
    "PhilipsRescaleIntercept": 0,
    "PhilipsRescaleSlope": 0.80928,
    "PhilipsScaleSlope": 0.0569392,
    "ProtocolName": "WIPpiopanticipatieSENSE",
    "PulseSequenceType": "gradient echo EPI",
    "ReconMatrixPE": 80,
    "RepetitionTime": 2,
    "SeriesDescription": "ImageMRSERIES",
    "SeriesNumber": 9,
    "SliceEncodingDirection": "k",
    "SliceTiming": [
      0.0,
      0.0541,
      0.1081,
      0.1622,
      0.2162,
      0.2703,
      0.3243,
      0.3784,
      0.4324,
      0.4865,
      0.5405,
      0.5946,
      0.6486,
      0.7027,
      0.7568,
      0.8108,
      0.8649,
      0.9189,
      0.973,
      1.027,
      1.0811,
      1.1351,
      1.1892,
      1.2432,
      1.2973,
      1.3514,
      1.4054,
      1.4595,
      1.5135,
      1.5676,
      1.6216,
      1.6757,
      1.7297,
      1.7838,
      1.8378,
      1.8919,
      1.9459
    ],
    "TaskName": "anticipation",
    "TotalReadoutTime": 0.025822520692561732,
    "UsePhilipsFloatNotDisplayScaling": 1,
    "acq_id": "seq",
    "dataset": "unknown",
    "modality": "bold",
    "subject_id": "0085",
    "task_id": "anticipation"
  },
  "dummy_trs": 0,
  "dvars_nstd": 23.778105663819083,
  "dvars_std": 1.20511786,
  "dvars_vstd": 1.0210233870351761,
  "efc": 0.3632983882426062,
  "fber": 262806016.0,
  "fd_mean": 0.1923553969062465,
  "fd_num": 84,
  "fd_perc": 42.0,
  "fwhm_avg": 2.4125872829115926,
  "fwhm_x": 2.38709,
  "fwhm_y": 2.7362233333333332,
  "fwhm_z": 2.114448515401443,
  "gcor": 0.00883703,
  "gsr_x": -0.0056763868778944016,
  "gsr_y": 0.0033246895764023066,
  "provenance": {
    "md5sum": "b272849153a81e2484b7f874a53f44c4",
    "settings": {
      "fd_thres": 0.2,
      "hmc_fsl": false
    },
    "software": "mriqc",
    "version": "0.15.0",
    "webapi_port": null,
    "webapi_url": "https://mriqc.nimh.nih.gov/api/v1"
  },
  "size_t": 200,
  "size_x": 80,
  "size_y": 80,
  "size_z": 37,
  "snr": 4.222959102935891,
  "spacing_tr": 2.0,
  "spacing_x": 3.0,
  "spacing_y": 3.0,
  "spacing_z": 3.299999952316284,
  "spikes_num": 0,
  "summary_bg_k": 146.60913574373453,
  "summary_bg_mad": 2.093947410583496,
  "summary_bg_mean": 202.23251342773438,
  "summary_bg_median": 1.4360942840576172,
  "summary_bg_n": 162234.0,
  "summary_bg_p05": 0.006793159246444703,
  "summary_bg_p95": 566.6184814453126,
  "summary_bg_stdv": 1232.97265625,
  "summary_fg_k": 1.9983310417779254,
  "summary_fg_mad": 4666.6875,
  "summary_fg_mean": 24810.833984375,
  "summary_fg_median": 24553.541015625,
  "summary_fg_n": 34119.0,
  "summary_fg_p05": 16022.9865234375,
  "summary_fg_p95": 34268.5140625,
  "summary_fg_stdv": 5814.21240234375,
  "tsnr": 60.88658905029297
}