{
  "aor": 9.86060606060606e-05,
  "aqi": 0.0051674755151515156,
  "bids_meta": {
    "AcquisitionNumber": 2,
    "BidsifyVersion": "0.3.5",
    "ConversionSoftware": "dcm2niix",
    "ConversionSoftwareVersion": "v1.0.20181125  GCC6.3.0",
    "EchoTime": 0.02762,
    "EffectiveEchoSpacing": 0.0006333282667071997,
    "ImageComments": "piop",
    "ImageOrientationPatientDICOM": [
      0.99787,
      0.0651708,
      0.00291885,
      -0.0641796,
      0.988745,
      -0.135144
    ],
    "Manufacturer": "Philips",
    "NumberOfVolumesDiscardedByScanner": 2,
    "ParallelAcquisitionTechnique": "SENSE",
    "ParallelReductionFactorInPlane": 2,
    "PatientPosition": "HFS",
    "PhaseEncodingDirection": "j",
    "PhilipsRescaleIntercept": 0,
    "PhilipsRescaleSlope": 0.81197,
    "PhilipsScaleSlope": 0.0868515,
    "ProtocolName": "WIPpiopfacesSENSE",
    "PulseSequenceType": "gradient echo EPI",
    "ReconMatrixPE": 80,
    "RepetitionTime": 0.75,
    "SeriesDescription": "ImageMRSERIES",
    "SeriesNumber": 2,
    "SliceEncodingDirection": "k",
    "SliceTiming": [
      0.0,
      0.06755050505050506,
      0.1351010101010101,
      0.20265151515151517,
      0.2702020202020202,
      0.3377525252525253,
      0.40530303030303033,
      0.47285353535353536,
      0.5404040404040404,
      0.6079545454545455,
      0.6755050505050506,
      0.7430555555555556,
      0.0,
      0.06755050505050506,
      0.1351010101010101,
      0.20265151515151517,
      0.2702020202020202,
      0.3377525252525253,
      0.40530303030303033,
      0.47285353535353536,
      0.5404040404040404,
      0.6079545454545455,
      0.6755050505050506,
      0.7430555555555556,
      0.0,
      0.06755050505050506,
      0.1351010101010101,
      0.20265151515151517,
      0.2702020202020202,
      0.3377525252525253,
      0.40530303030303033,
      0.47285353535353536,
      0.5404040404040404,
      0.6079545454545455,
      0.6755050505050506,
      0.7430555555555556
    ],
    "TaskName": "faces",
    "TotalReadoutTime": 0.024699802401580786,
    "UsePhilipsFloatNotDisplayScaling": 1,
    "acq_id": "mb3",
    "dataset": "unknown",
    "modality": "bold",
    "subject_id": "0211",
    "task_id": "faces"
  },
  "dummy_trs": 0,
  "dvars_nstd": 22.534851578936188,
  "dvars_std": 1.1508535470820669,
  "dvars_vstd": 0.9991134859878418,
  "efc": 0.4044069742257921,
  "fber": 1461902720.0,
  "fd_mean": 0.08241005392185377,
  "fd_num": 3,
  "fd_perc": 0.9090909090909091,
  "fwhm_avg": 2.623236128063155,
  "fwhm_x": 2.6195533333333336,
  "fwhm_y": 2.9159366666666666,
  "fwhm_z": 2.3342183841894655,
  "gcor": 0.0264909,
  "gsr_x": -0.007165130693465471,
  "gsr_y": 0.002531494712457061,
  "provenance": {
    "md5sum": "97270f6f33ebbe35f7098720f1346ba8",
    "settings": {
      "fd_thres": 0.2,
      "hmc_fsl": false
    },
    "software": "mriqc",
    "version": "0.15.0",
    "webapi_port": null,
    "webapi_url": "https://mriqc.nimh.nih.gov/api/v1"
  },
  "size_t": 330,
  "size_x": 80,
  "size_y": 80,
  "size_z": 36,
  "snr": 5.4102548327940845,
  "spacing_tr": 0.75,
  "spacing_x": 3.0,
  "spacing_y": 3.0,
  "spacing_z": 3.299999713897705,
  "spikes_num": 0,
  "summary_bg_k": 82.85090524867566,
  "summary_bg_mad": 0.6548550724983215,
  "summary_bg_mean": 160.80162048339844,
  "summary_bg_median": 0.4440656900405884,
  "summary_bg_n": 151057.0,
  "summary_bg_p05": 0.0014378398889675736,
  "summary_bg_p95": 744.095214843735,
  "summary_bg_stdv": 857.00341796875,
  "summary_fg_k": 2.8151997532540403,
  "summary_fg_mad": 2771.61328125,
  "summary_fg_mean": 18197.298828125,
  "summary_fg_median": 18384.69921875,
  "summary_fg_n": 39408.0,
  "summary_fg_p05": 12536.103125,
  "summary_fg_p95": 23076.455859375004,
  "summary_fg_stdv": 3398.07763671875,
  "tsnr": 66.96802520751953
}