{
  "aor": 0.0007928888888888889,
  "aqi": 0.002832460518518519,
  "bids_meta": {
    "AcquisitionNumber": 5,
    "BidsifyVersion": "0.3.5",
    "ConversionSoftware": "dcm2niix",
    "ConversionSoftwareVersion": "v1.0.20181125  GCC6.3.0",
    "EchoTime": 0.02762,
    "EffectiveEchoSpacing": 0.0006621159151938905,
    "ImageComments": "piop",
    "ImageOrientationPatientDICOM": [
      0.99787,
      0.0651708,
      0.00291885,
      -0.0641796,
      0.988745,
      -0.135144
    ],
    "Manufacturer": "Philips",
    "NumberOfVolumesDiscardedByScanner": 2,
    "ParallelAcquisitionTechnique": "SENSE",
    "ParallelReductionFactorInPlane": 2,
    "PatientPosition": "HFS",
    "PhaseEncodingDirection": "j",
    "PhilipsRescaleIntercept": 0,
    "PhilipsRescaleSlope": 0.80147,
    "PhilipsScaleSlope": 0.0544971,
    "ProtocolName": "WIPpiopharririSENSE",
    "PulseSequenceType": "gradient echo EPI",
    "ReconMatrixPE": 80,
    "RepetitionTime": 2,
    "SeriesDescription": "ImageMRSERIES",
    "SeriesNumber": 5,
    "SliceEncodingDirection": "k",
    "SliceTiming": [
      0.0,
      0.0541,
      0.1081,
      0.1622,
      0.2162,
      0.2703,
      0.3243,
      0.3784,
      0.4324,
      0.4865,
      0.5405,
      0.5946,
      0.6486,
      0.7027,
      0.7568,
      0.8108,
      0.8649,
      0.9189,
      0.973,
      1.027,
      1.0811,
      1.1351,
      1.1892,
      1.2432,
      1.2973,
      1.3514,
      1.4054,
      1.4595,
      1.5135,
      1.5676,
      1.6216,
      1.6757,
      1.7297,
      1.7838,
      1.8378,
      1.8919,
      1.9459
    ],
    "TaskName": "emomatching",
    "TotalReadoutTime": 0.025822520692561732,
    "UsePhilipsFloatNotDisplayScaling": 1,
    "acq_id": "seq",
    "dataset": "unknown",
    "modality": "bold",
    "subject_id": "0211",
    "task_id": "emomatching"
  },
  "dummy_trs": 0,
  "dvars_nstd": 20.446925739626863,
  "dvars_std": 1.250619215149254,
  "dvars_vstd": 1.0034511196268656,
  "efc": 0.39957381566903255,
  "fber": 485515200.0,
  "fd_mean": 0.104111713545064,
  "fd_num": 5,
  "fd_perc": 3.7037037037037037,
  "fwhm_avg": 2.2628864746668174,
  "fwhm_x": 2.2152566666666664,
  "fwhm_y": 2.4929966666666665,
  "fwhm_z": 2.080406090667119,
  "gcor": 0.0218421,
  "gsr_x": -0.006253831088542938,
  "gsr_y": 0.0040614367462694645,
  "provenance": {
    "md5sum": "db520196e7b24cc3c12f782a276bb882",
    "settings": {
      "fd_thres": 0.2,
      "hmc_fsl": false
    },
    "software": "mriqc",
    "version": "0.15.0",
    "webapi_port": null,
    "webapi_url": "https://mriqc.nimh.nih.gov/api/v1"
  },
  "size_t": 135,
  "size_x": 80,
  "size_y": 80,
  "size_z": 37,
  "snr": 4.491186017606825,
  "spacing_tr": 2.0,
  "spacing_x": 3.0,
  "spacing_y": 3.0,
  "spacing_z": 3.299999952316284,
  "spikes_num": 0,
  "summary_bg_k": 121.22387457101814,
  "summary_bg_mad": 1.5784586668014526,
  "summary_bg_mean": 226.7091064453125,
  "summary_bg_median": 1.0796217918395996,
  "summary_bg_n": 155750.0,
  "summary_bg_p05": 0.0034630896523594867,
  "summary_bg_p95": 808.987957763667,
  "summary_bg_stdv": 1249.7542724609375,
  "summary_fg_k": 2.2585861449946414,
  "summary_fg_mad": 4729.32763671875,
  "summary_fg_mean": 25317.263671875,
  "summary_fg_median": 25125.560546875,
  "summary_fg_n": 40375.0,
  "summary_fg_p05": 17164.0259765625,
  "summary_fg_p95": 33971.72734374998,
  "summary_fg_stdv": 5594.34619140625,
  "tsnr": 83.69035339355469
}