{
  "bids_meta": {
    "AcquisitionNumber": 4,
    "BidsifyVersion": "0.3.5",
    "ConversionSoftware": "dcm2niix",
    "ConversionSoftwareVersion": "v1.0.20181125  GCC6.3.0",
    "EchoTime": 0.00377,
    "ImageComments": "Piop",
    "ImageOrientationPatientDICOM": [
      0.999034,
      0.0291783,
      -0.0328687,
      -0.0322686,
      0.994684,
      -0.0977886
    ],
    "Manufacturer": "Philips",
    "PatientPosition": "HFS",
    "PhilipsRescaleIntercept": 0,
    "PhilipsRescaleSlope": 9.25714,
    "PhilipsScaleSlope": 0.00730305,
    "ProtocolName": "WIPt13dSENSE",
    "ReconMatrixPE": 240,
    "RepetitionTime": 0.008227,
    "SeriesDescription": "ImageMRSERIES",
    "SeriesNumber": 4,
    "UsePhilipsFloatNotDisplayScaling": 1,
    "dataset": "unknown",
    "modality": "T1w",
    "subject_id": "0001"
  },
  "cjv": 0.3235133826695759,
  "cnr": 3.9765919367065856,
  "efc": 0.7412436563866853,
  "fber": 1378.4818115234375,
  "fwhm_avg": 3.550156872689943,
  "fwhm_x": 3.4884502079278352,
  "fwhm_y": 3.7215,
  "fwhm_z": 3.4405204101419935,
  "icvs_csf": 0.21724607358003659,
  "icvs_gm": 0.416249887460923,
  "icvs_wm": 0.36650403895904043,
  "inu_med": 1.3849272727966309,
  "inu_range": 0.2620308518409731,
  "provenance": {
    "md5sum": "75299540d520042f9da0ec013e0d85c0",
    "settings": {
      "testing": false
    },
    "software": "mriqc",
    "version": "0.15.0",
    "warnings": {
      "large_rot_frame": true,
      "small_air_mask": true
    },
    "webapi_port": null,
    "webapi_url": "https://mriqc.nimh.nih.gov/api/v1"
  },
  "qi_1": 0.0,
  "qi_2": 9.965911746190808e-05,
  "rpve_csf": 31.343455760888794,
  "rpve_gm": 17.041175613932175,
  "rpve_wm": 24.69584269926926,
  "size_x": 240,
  "size_y": 240,
  "size_z": 220,
  "snr_csf": 2.760074369608404,
  "snr_gm": 7.619311548407385,
  "snr_total": 9.88646886994437,
  "snr_wm": 19.28002069181732,
  "snrd_csf": 21.698727618803304,
  "snrd_gm": 43.3079985808262,
  "snrd_total": 45.159011854053965,
  "snrd_wm": 70.47030936253238,
  "spacing_x": 0.9999999403953552,
  "spacing_y": 1.0,
  "spacing_z": 0.9999998807907104,
  "summary_bg_k": 4.070525816180647,
  "summary_bg_mad": 9.296525955200195,
  "summary_bg_mean": 14.981006622314453,
  "summary_bg_median": 12.297977447509766,
  "summary_bg_n": 264880.0,
  "summary_bg_p05": 0.0,
  "summary_bg_p95": 43.24833412170409,
  "summary_bg_stdv": 14.12623405456543,
  "summary_csf_k": 9.795048070487528,
  "summary_csf_mad": 107.34286499023438,
  "summary_csf_mean": 292.52301025390625,
  "summary_csf_median": 307.90960693359375,
  "summary_csf_n": 6172.0,
  "summary_csf_p05": 94.17900924682618,
  "summary_csf_p95": 447.6562271118164,
  "summary_csf_stdv": 111.54940795898438,
  "summary_gm_k": 0.2917379679698402,
  "summary_gm_mad": 76.98039245605469,
  "summary_gm_mean": 614.9771118164062,
  "summary_gm_median": 614.5498046875,
  "summary_gm_n": 17621.0,
  "summary_gm_p05": 483.62103271484375,
  "summary_gm_p95": 749.5285034179688,
  "summary_gm_stdv": 80.65457916259766,
  "summary_wm_k": 0.8125263544267924,
  "summary_wm_mad": 47.714290618896484,
  "summary_wm_mean": 998.7572021484375,
  "summary_wm_median": 999.9888305664062,
  "summary_wm_n": 169793.0,
  "summary_wm_p05": 911.701123046875,
  "summary_wm_p95": 1080.8724853515623,
  "summary_wm_stdv": 51.866432189941406,
  "tpm_overlap_csf": 0.20151202380657196,
  "tpm_overlap_gm": 0.49869465827941895,
  "tpm_overlap_wm": 0.5699587464332581,
  "wm2max": 0.7255529347861636
}