{
  "aor": 0.00012823170731707318,
  "aqi": 0.005515828170731707,
  "bids_meta": {
    "AcquisitionNumber": 2,
    "BidsifyVersion": "0.3.5",
    "ConversionSoftware": "dcm2niix",
    "ConversionSoftwareVersion": "v1.0.20181125  GCC6.3.0",
    "EchoTime": 0.02762,
    "ImageComments": "piop",
    "ImageOrientationPatientDICOM": [
      0.9996,
      -0.00730445,
      -0.0273128,
      -0.000348926,
      0.962789,
      -0.270255
    ],
    "Manufacturer": "Philips",
    "NumberOfVolumesDiscardedByScanner": 2,
    "ParallelAcquisitionTechnique": "SENSE",
    "ParallelReductionFactorInPlane": 2,
    "PatientPosition": "HFS",
    "PhaseEncodingDirection": "j",
    "PhilipsRescaleIntercept": 0,
    "PhilipsRescaleSlope": 0.75311,
    "PhilipsScaleSlope": 0.0796841,
    "ProtocolName": "WIPpiopfacesSENSE",
    "PulseSequenceType": "gradient echo EPI",
    "ReconMatrixPE": 80,
    "RepetitionTime": 0.75,
    "SeriesDescription": "ImageMRSERIES",
    "SeriesNumber": 2,
    "SliceEncodingDirection": "k",
    "TaskName": "faces",
    "UsePhilipsFloatNotDisplayScaling": 1,
    "acq_id": "mb3",
    "dataset": "unknown",
    "modality": "bold",
    "subject_id": "0157",
    "task_id": "faces"
  },
  "dummy_trs": 2,
  "dvars_nstd": 27.533262655290514,
  "dvars_std": 1.164843973425076,
  "dvars_vstd": 0.990965334311928,
  "efc": 0.40776086054600746,
  "fber": 1016544192.0,
  "fd_mean": 0.11850036029056564,
  "fd_num": 11,
  "fd_perc": 3.3536585365853657,
  "fwhm_avg": 2.614790617697914,
  "fwhm_x": 2.4037266666666666,
  "fwhm_y": 3.02453,
  "fwhm_z": 2.4161151864270756,
  "gcor": 0.0100107,
  "gsr_x": -0.010450837202370167,
  "gsr_y": 0.007512298878282309,
  "provenance": {
    "md5sum": "33315778923d1341fb0848e6e85abbe0",
    "settings": {
      "fd_thres": 0.2,
      "hmc_fsl": false
    },
    "software": "mriqc",
    "version": "0.15.0",
    "webapi_port": null,
    "webapi_url": "https://mriqc.nimh.nih.gov/api/v1"
  },
  "size_t": 328,
  "size_x": 80,
  "size_y": 80,
  "size_z": 36,
  "snr": 4.721283346640488,
  "spacing_tr": 0.75,
  "spacing_x": 3.0,
  "spacing_y": 3.0,
  "spacing_z": 3.299999952316284,
  "spikes_num": 0,
  "summary_bg_k": 100.1995194458739,
  "summary_bg_mad": 0.811640202999115,
  "summary_bg_mean": 142.38140869140625,
  "summary_bg_median": 0.5545446276664734,
  "summary_bg_n": 148983.0,
  "summary_bg_p05": 0.0019923192681744694,
  "summary_bg_p95": 750.7381896972656,
  "summary_bg_stdv": 775.8116455078125,
  "summary_fg_k": 1.933277499167679,
  "summary_fg_mad": 3191.367919921875,
  "summary_fg_mean": 19043.771484375,
  "summary_fg_median": 18910.66015625,
  "summary_fg_n": 41217.0,
  "summary_fg_p05": 12986.967578125,
  "summary_fg_p95": 26179.723046875,
  "summary_fg_stdv": 4005.358154296875,
  "tsnr": 58.700225830078125
}