{
    "Manufacturer": "Philips",
    "PatientPosition": "HFS",
    "SeriesDescription": "ImageMRSERIES",
    "ProtocolName": "WIPt13dSENSE",
    "SeriesNumber": 4,
    "AcquisitionNumber": 4,
    "ImageComments": "piop",
    "PhilipsRescaleSlope": 8.47546,
    "PhilipsRescaleIntercept": 0,
    "PhilipsScaleSlope": 0.00733088,
    "UsePhilipsFloatNotDisplayScaling": 1,
    "EchoTime": 0.00378,
    "RepetitionTime": 0.008212,
    "ReconMatrixPE": 240,
    "ImageOrientationPatientDICOM": [
        0.997289,
        0.0734211,
        0.00492259,
        -0.0728863,
        0.994797,
        -0.0711751
    ],
    "ConversionSoftware": "dcm2niix",
    "ConversionSoftwareVersion": "v1.0.20181125  GCC6.3.0",
    "BidsifyVersion": "0.3.5"
}