{
  "aor": 0.0013493,
  "aqi": 0.00562672535,
  "bids_meta": {
    "AcquisitionNumber": 9,
    "BidsifyVersion": "0.3.5",
    "ConversionSoftware": "dcm2niix",
    "ConversionSoftwareVersion": "v1.0.20181125  GCC6.3.0",
    "EchoTime": 0.02762,
    "ImageComments": "PIOP",
    "ImageOrientationPatientDICOM": [
      0.998496,
      0.0524103,
      0.016119,
      -0.0470879,
      0.970199,
      -0.237692
    ],
    "Manufacturer": "Philips",
    "NumberOfVolumesDiscardedByScanner": 2,
    "ParallelAcquisitionTechnique": "SENSE",
    "ParallelReductionFactorInPlane": 2,
    "PatientPosition": "HFS",
    "PhaseEncodingDirection": "j",
    "PhilipsRescaleIntercept": 0,
    "PhilipsRescaleSlope": 0.75556,
    "PhilipsScaleSlope": 0.0793451,
    "ProtocolName": "WIPpiopanticipatieSENSE",
    "PulseSequenceType": "gradient echo EPI",
    "ReconMatrixPE": 80,
    "RepetitionTime": 2,
    "SeriesDescription": "ImageMRSERIES",
    "SeriesNumber": 9,
    "SliceEncodingDirection": "k",
    "TaskName": "anticipation",
    "UsePhilipsFloatNotDisplayScaling": 1,
    "acq_id": "seq",
    "dataset": "unknown",
    "modality": "bold",
    "subject_id": "0175",
    "task_id": "anticipation"
  },
  "dummy_trs": 0,
  "dvars_nstd": 27.911453304974877,
  "dvars_std": 1.2524651462814065,
  "dvars_vstd": 0.9952810483417089,
  "efc": 0.3884918668269086,
  "fber": 686139456.0,
  "fd_mean": 0.18810408884865085,
  "fd_num": 56,
  "fd_perc": 28.0,
  "fwhm_avg": 2.392513141799404,
  "fwhm_x": 2.3608,
  "fwhm_y": 2.6396,
  "fwhm_z": 2.1771394253982117,
  "gcor": 0.0284157,
  "gsr_x": -0.002391234738752246,
  "gsr_y": 0.0026193561498075724,
  "provenance": {
    "md5sum": "b2d8dda16860b890a240485033d04f92",
    "settings": {
      "fd_thres": 0.2,
      "hmc_fsl": false
    },
    "software": "mriqc",
    "version": "0.15.0",
    "webapi_port": null,
    "webapi_url": "https://mriqc.nimh.nih.gov/api/v1"
  },
  "size_t": 200,
  "size_x": 80,
  "size_y": 80,
  "size_z": 37,
  "snr": 4.794230596850657,
  "spacing_tr": 2.0,
  "spacing_x": 3.0,
  "spacing_y": 3.0,
  "spacing_z": 3.299999952316284,
  "spikes_num": 2,
  "summary_bg_k": 151.04283901469586,
  "summary_bg_mad": 0.9667830467224121,
  "summary_bg_mean": 153.79925537109375,
  "summary_bg_median": 0.6647759079933167,
  "summary_bg_n": 157119.0,
  "summary_bg_p05": 0.0059406828135252,
  "summary_bg_p95": 556.0029968261734,
  "summary_bg_stdv": 924.0210571289062,
  "summary_fg_k": 2.453952907754884,
  "summary_fg_mad": 3237.072265625,
  "summary_fg_mean": 18876.140625,
  "summary_fg_median": 18805.7578125,
  "summary_fg_n": 38670.0,
  "summary_fg_p05": 12962.89501953125,
  "summary_fg_p95": 25067.347851562496,
  "summary_fg_stdv": 3922.5302734375,
  "tsnr": 63.175941467285156
}