{
  "aor": 0.001017037037037037,
  "aqi": 0.0032220793333333332,
  "bids_meta": {
    "AcquisitionNumber": 5,
    "BidsifyVersion": "0.3.5",
    "ConversionSoftware": "dcm2niix",
    "ConversionSoftwareVersion": "v1.0.20181125  GCC6.3.0",
    "EchoTime": 0.02762,
    "EffectiveEchoSpacing": 0.0006621159151938905,
    "ImageComments": "piop",
    "ImageOrientationPatientDICOM": [
      0.998299,
      0.0509478,
      -0.0283539,
      -0.0544154,
      0.988765,
      -0.139219
    ],
    "Manufacturer": "Philips",
    "NumberOfVolumesDiscardedByScanner": 2,
    "ParallelAcquisitionTechnique": "SENSE",
    "ParallelReductionFactorInPlane": 2,
    "PatientPosition": "HFS",
    "PhaseEncodingDirection": "j",
    "PhilipsRescaleIntercept": 0,
    "PhilipsRescaleSlope": 0.79219,
    "PhilipsScaleSlope": 0.0471885,
    "ProtocolName": "WIPpiopharririSENSE",
    "PulseSequenceType": "gradient echo EPI",
    "ReconMatrixPE": 80,
    "RepetitionTime": 2,
    "SeriesDescription": "ImageMRSERIES",
    "SeriesNumber": 5,
    "SliceEncodingDirection": "k",
    "SliceTiming": [
      0.0,
      0.0541,
      0.1081,
      0.1622,
      0.2162,
      0.2703,
      0.3243,
      0.3784,
      0.4324,
      0.4865,
      0.5405,
      0.5946,
      0.6486,
      0.7027,
      0.7568,
      0.8108,
      0.8649,
      0.9189,
      0.973,
      1.027,
      1.0811,
      1.1351,
      1.1892,
      1.2432,
      1.2973,
      1.3514,
      1.4054,
      1.4595,
      1.5135,
      1.5676,
      1.6216,
      1.6757,
      1.7297,
      1.7838,
      1.8378,
      1.8919,
      1.9459
    ],
    "TaskName": "emomatching",
    "TotalReadoutTime": 0.025822520692561732,
    "UsePhilipsFloatNotDisplayScaling": 1,
    "acq_id": "seq",
    "dataset": "unknown",
    "modality": "bold",
    "subject_id": "0185",
    "task_id": "emomatching"
  },
  "dummy_trs": 0,
  "dvars_nstd": 17.86029631298508,
  "dvars_std": 1.1356833299253732,
  "dvars_vstd": 0.9901726379104474,
  "efc": 0.42631766029504653,
  "fber": 312829280.0,
  "fd_mean": 0.12319467697014706,
  "fd_num": 8,
  "fd_perc": 5.925925925925926,
  "fwhm_avg": 2.364700616423619,
  "fwhm_x": 2.30715,
  "fwhm_y": 2.635403333333333,
  "fwhm_z": 2.151548515937524,
  "gcor": 0.0200369,
  "gsr_x": 0.00034867998328991234,
  "gsr_y": 0.006490894127637148,
  "provenance": {
    "md5sum": "6e6fe721b91b3ff67cd886eedc967dfd",
    "settings": {
      "fd_thres": 0.2,
      "hmc_fsl": false
    },
    "software": "mriqc",
    "version": "0.15.0",
    "webapi_port": null,
    "webapi_url": "https://mriqc.nimh.nih.gov/api/v1"
  },
  "size_t": 135,
  "size_x": 80,
  "size_y": 80,
  "size_z": 37,
  "snr": 4.61165047327339,
  "spacing_tr": 2.0,
  "spacing_x": 3.0,
  "spacing_y": 3.0,
  "spacing_z": 3.299999952316284,
  "spikes_num": 0,
  "summary_bg_k": 59.555595052850194,
  "summary_bg_mad": 2.1343069076538086,
  "summary_bg_mean": 272.8077087402344,
  "summary_bg_median": 1.4601356983184814,
  "summary_bg_n": 149224.0,
  "summary_bg_p05": 0.005246502486988903,
  "summary_bg_p95": 1153.9314758300793,
  "summary_bg_stdv": 1403.317138671875,
  "summary_fg_k": 2.4069405950659775,
  "summary_fg_mad": 5188.3232421875,
  "summary_fg_mean": 27683.427734375,
  "summary_fg_median": 27459.466796875,
  "summary_fg_n": 45535.0,
  "summary_fg_p05": 18982.0396484375,
  "summary_fg_p95": 36706.11171875,
  "summary_fg_stdv": 5954.30322265625,
  "tsnr": 79.5723648071289
}