{
  "aor": 0.0006586134453781512,
  "aqi": 0.008491228277310924,
  "bids_meta": {
    "AcquisitionNumber": 6,
    "BidsifyVersion": "0.3.5",
    "ConversionSoftware": "dcm2niix",
    "ConversionSoftwareVersion": "v1.0.20181125  GCC6.3.0",
    "EchoTime": 0.02762,
    "EffectiveEchoSpacing": 0.0006333282667071997,
    "ImageComments": "piop",
    "ImageOrientationPatientDICOM": [
      0.998299,
      0.0509478,
      -0.0283539,
      -0.0544154,
      0.988765,
      -0.139219
    ],
    "Manufacturer": "Philips",
    "NumberOfVolumesDiscardedByScanner": 2,
    "ParallelAcquisitionTechnique": "SENSE",
    "ParallelReductionFactorInPlane": 2,
    "PatientPosition": "HFS",
    "PhaseEncodingDirection": "j",
    "PhilipsRescaleIntercept": 0,
    "PhilipsRescaleSlope": 0.737,
    "PhilipsScaleSlope": 0.0773487,
    "ProtocolName": "WIPpioprsSENSE",
    "PulseSequenceType": "gradient echo EPI",
    "ReconMatrixPE": 80,
    "RepetitionTime": 0.75,
    "SeriesDescription": "ImageMRSERIES",
    "SeriesNumber": 6,
    "SliceEncodingDirection": "k",
    "SliceTiming": [
      0.0,
      0.06755050505050506,
      0.1351010101010101,
      0.20265151515151517,
      0.2702020202020202,
      0.3377525252525253,
      0.40530303030303033,
      0.47285353535353536,
      0.5404040404040404,
      0.6079545454545455,
      0.6755050505050506,
      0.7430555555555556,
      0.0,
      0.06755050505050506,
      0.1351010101010101,
      0.20265151515151517,
      0.2702020202020202,
      0.3377525252525253,
      0.40530303030303033,
      0.47285353535353536,
      0.5404040404040404,
      0.6079545454545455,
      0.6755050505050506,
      0.7430555555555556,
      0.0,
      0.06755050505050506,
      0.1351010101010101,
      0.20265151515151517,
      0.2702020202020202,
      0.3377525252525253,
      0.40530303030303033,
      0.47285353535353536,
      0.5404040404040404,
      0.6079545454545455,
      0.6755050505050506,
      0.7430555555555556
    ],
    "TaskName": "restingstate",
    "TotalReadoutTime": 0.024699802401580786,
    "UsePhilipsFloatNotDisplayScaling": 1,
    "acq_id": "mb3",
    "dataset": "unknown",
    "modality": "bold",
    "subject_id": "0185",
    "task_id": "restingstate"
  },
  "dummy_trs": 4,
  "dvars_nstd": 26.0472507114737,
  "dvars_std": 1.1136330900631586,
  "dvars_vstd": 0.9972051472210528,
  "efc": 0.43101488429030405,
  "fber": 257712480.0,
  "fd_mean": 0.08565176615410648,
  "fd_num": 5,
  "fd_perc": 1.050420168067227,
  "fwhm_avg": 2.440524859122594,
  "fwhm_x": 2.3723233333333336,
  "fwhm_y": 2.7406633333333335,
  "fwhm_z": 2.2085879107011146,
  "gcor": 0.0137132,
  "gsr_x": -0.0008440551464445889,
  "gsr_y": 0.00516634713858366,
  "provenance": {
    "md5sum": "c005eb0dea3c2605b681be690bd8366c",
    "settings": {
      "fd_thres": 0.2,
      "hmc_fsl": false
    },
    "software": "mriqc",
    "version": "0.15.0",
    "webapi_port": null,
    "webapi_url": "https://mriqc.nimh.nih.gov/api/v1"
  },
  "size_t": 476,
  "size_x": 80,
  "size_y": 80,
  "size_z": 36,
  "snr": 5.590334840312774,
  "spacing_tr": 0.75,
  "spacing_x": 3.0,
  "spacing_y": 3.0,
  "spacing_z": 3.299999952316284,
  "spikes_num": 1,
  "summary_bg_k": 57.923681348888664,
  "summary_bg_mad": 1.644608736038208,
  "summary_bg_mean": 207.7994384765625,
  "summary_bg_median": 1.1315875053405762,
  "summary_bg_n": 145188.0,
  "summary_bg_p05": 0.006939752702601254,
  "summary_bg_p95": 1046.6946166992175,
  "summary_bg_stdv": 1029.734130859375,
  "summary_fg_k": 3.2945242737340914,
  "summary_fg_mad": 2917.609375,
  "summary_fg_mean": 19391.708984375,
  "summary_fg_median": 19591.640625,
  "summary_fg_n": 44106.0,
  "summary_fg_p05": 13640.915771484375,
  "summary_fg_p95": 24331.1630859375,
  "summary_fg_stdv": 3504.51611328125,
  "tsnr": 53.02680206298828
}