{
    "Manufacturer": "Philips",
    "PatientPosition": "HFS",
    "SeriesDescription": "ImageMRSERIES",
    "ProtocolName": "WIPt13dSENSE",
    "SeriesNumber": 4,
    "AcquisitionNumber": 4,
    "ImageComments": "piop",
    "PhilipsRescaleSlope": 9.36191,
    "PhilipsRescaleIntercept": 0,
    "PhilipsScaleSlope": 0.00712379,
    "UsePhilipsFloatNotDisplayScaling": 1,
    "EchoTime": 0.00373,
    "RepetitionTime": 0.008146,
    "ReconMatrixPE": 240,
    "ImageOrientationPatientDICOM": [
        0.998885,
        0.0317292,
        0.0349444,
        -0.0313912,
        0.999455,
        -0.0101782
    ],
    "ConversionSoftware": "dcm2niix",
    "ConversionSoftwareVersion": "v1.0.20181125  GCC6.3.0",
    "BidsifyVersion": "0.3.5"
}