{
  "aor": 0.00231195,
  "aqi": 0.0038330507999999996,
  "bids_meta": {
    "AcquisitionNumber": 9,
    "BidsifyVersion": "0.3.5",
    "ConversionSoftware": "dcm2niix",
    "ConversionSoftwareVersion": "v1.0.20181125  GCC6.3.0",
    "EchoTime": 0.02762,
    "EffectiveEchoSpacing": 0.0006621159151938905,
    "ImageComments": "Piop",
    "ImageOrientationPatientDICOM": [
      0.994712,
      -0.033325,
      0.0971462,
      0.0672894,
      0.926062,
      -0.371323
    ],
    "Manufacturer": "Philips",
    "NumberOfVolumesDiscardedByScanner": 2,
    "ParallelAcquisitionTechnique": "SENSE",
    "ParallelReductionFactorInPlane": 2,
    "PatientPosition": "HFS",
    "PhaseEncodingDirection": "j",
    "PhilipsRescaleIntercept": 0,
    "PhilipsRescaleSlope": 0.81538,
    "PhilipsScaleSlope": 0.0606005,
    "ProtocolName": "WIPpiopanticipatieSENSE",
    "PulseSequenceType": "gradient echo EPI",
    "ReconMatrixPE": 80,
    "RepetitionTime": 2,
    "SeriesDescription": "ImageMRSERIES",
    "SeriesNumber": 9,
    "SliceEncodingDirection": "k",
    "SliceTiming": [
      0.0,
      0.0541,
      0.1081,
      0.1622,
      0.2162,
      0.2703,
      0.3243,
      0.3784,
      0.4324,
      0.4865,
      0.5405,
      0.5946,
      0.6486,
      0.7027,
      0.7568,
      0.8108,
      0.8649,
      0.9189,
      0.973,
      1.027,
      1.0811,
      1.1351,
      1.1892,
      1.2432,
      1.2973,
      1.3514,
      1.4054,
      1.4595,
      1.5135,
      1.5676,
      1.6216,
      1.6757,
      1.7297,
      1.7838,
      1.8378,
      1.8919,
      1.9459
    ],
    "TaskName": "anticipation",
    "TotalReadoutTime": 0.025822520692561732,
    "UsePhilipsFloatNotDisplayScaling": 1,
    "acq_id": "seq",
    "dataset": "unknown",
    "modality": "bold",
    "subject_id": "0158",
    "task_id": "anticipation"
  },
  "dummy_trs": 0,
  "dvars_nstd": 28.358571114824116,
  "dvars_std": 1.3881110234673362,
  "dvars_vstd": 1.0215147426633169,
  "efc": 0.44937173834010774,
  "fber": 297110592.0,
  "fd_mean": 0.09363212163356703,
  "fd_num": 11,
  "fd_perc": 5.5,
  "fwhm_avg": 2.314307687215884,
  "fwhm_x": 2.3048733333333336,
  "fwhm_y": 2.4688133333333333,
  "fwhm_z": 2.1692363949809854,
  "gcor": 0.0528195,
  "gsr_x": 0.0013462061760947108,
  "gsr_y": 0.0044423313811421394,
  "provenance": {
    "md5sum": "a40b6b94759af49c70fa1fb2dbf07139",
    "settings": {
      "fd_thres": 0.2,
      "hmc_fsl": false
    },
    "software": "mriqc",
    "version": "0.15.0",
    "webapi_port": null,
    "webapi_url": "https://mriqc.nimh.nih.gov/api/v1"
  },
  "size_t": 200,
  "size_x": 80,
  "size_y": 80,
  "size_z": 37,
  "snr": 4.59938467069632,
  "spacing_tr": 2.0,
  "spacing_x": 3.0,
  "spacing_y": 3.0,
  "spacing_z": 3.299999952316284,
  "spikes_num": 16,
  "summary_bg_k": 41.249201921648236,
  "summary_bg_mad": 1.7105395793914795,
  "summary_bg_mean": 314.0919494628906,
  "summary_bg_median": 1.1711256504058838,
  "summary_bg_n": 144671.0,
  "summary_bg_p05": 0.004083077656105161,
  "summary_bg_p95": 1515.587158203125,
  "summary_bg_stdv": 1502.8740234375,
  "summary_fg_k": 2.348347282848043,
  "summary_fg_mad": 4204.9150390625,
  "summary_fg_mean": 22397.759765625,
  "summary_fg_median": 22194.037109375,
  "summary_fg_n": 49782.0,
  "summary_fg_p05": 15523.79384765625,
  "summary_fg_p95": 29878.79355468748,
  "summary_fg_stdv": 4825.3876953125,
  "tsnr": 72.57698059082031
}