{
  "aor": 0.0009430204081632654,
  "aqi": 0.007062133510204082,
  "bids_meta": {
    "AcquisitionNumber": 3,
    "BidsifyVersion": "0.3.5",
    "ConversionSoftware": "dcm2niix",
    "ConversionSoftwareVersion": "v1.0.20181125  GCC6.3.0",
    "EchoTime": 0.02762,
    "EffectiveEchoSpacing": 0.0006621159151938905,
    "ImageComments": "PIOP",
    "ImageOrientationPatientDICOM": [
      0.998794,
      0.0459174,
      -0.0173574,
      -0.0478008,
      0.990222,
      -0.131057
    ],
    "Manufacturer": "Philips",
    "NumberOfVolumesDiscardedByScanner": 2,
    "ParallelAcquisitionTechnique": "SENSE",
    "ParallelReductionFactorInPlane": 2,
    "PatientPosition": "HFS",
    "PhaseEncodingDirection": "j",
    "PhilipsRescaleIntercept": 0,
    "PhilipsRescaleSlope": 0.85641,
    "PhilipsScaleSlope": 0.0552724,
    "ProtocolName": "WIPpiopgstroopSENSE",
    "PulseSequenceType": "gradient echo EPI",
    "ReconMatrixPE": 80,
    "RepetitionTime": 2,
    "SeriesDescription": "ImageMRSERIES",
    "SeriesNumber": 3,
    "SliceEncodingDirection": "k",
    "SliceTiming": [
      0.0,
      0.0541,
      0.1081,
      0.1622,
      0.2162,
      0.2703,
      0.3243,
      0.3784,
      0.4324,
      0.4865,
      0.5405,
      0.5946,
      0.6486,
      0.7027,
      0.7568,
      0.8108,
      0.8649,
      0.9189,
      0.973,
      1.027,
      1.0811,
      1.1351,
      1.1892,
      1.2432,
      1.2973,
      1.3514,
      1.4054,
      1.4595,
      1.5135,
      1.5676,
      1.6216,
      1.6757,
      1.7297,
      1.7838,
      1.8378,
      1.8919,
      1.9459
    ],
    "TaskName": "gstroop",
    "TotalReadoutTime": 0.025822520692561732,
    "UsePhilipsFloatNotDisplayScaling": 1,
    "acq_id": "seq",
    "dataset": "unknown",
    "modality": "bold",
    "subject_id": "0159",
    "task_id": "gstroop"
  },
  "dummy_trs": 0,
  "dvars_nstd": 23.85198979299181,
  "dvars_std": 1.1812846485655735,
  "dvars_vstd": 0.9536008102459008,
  "efc": 0.3968752600750782,
  "fber": 263064720.0,
  "fd_mean": 0.15023522106037293,
  "fd_num": 43,
  "fd_perc": 17.551020408163264,
  "fwhm_avg": 2.378241727671359,
  "fwhm_x": 2.29589,
  "fwhm_y": 2.6589199999999997,
  "fwhm_z": 2.1799151830140775,
  "gcor": 0.0141317,
  "gsr_x": -0.004845612682402134,
  "gsr_y": 0.0037739314138889313,
  "provenance": {
    "md5sum": "1b54a60c727aaae777228b837f6bddc7",
    "settings": {
      "fd_thres": 0.2,
      "hmc_fsl": false
    },
    "software": "mriqc",
    "version": "0.15.0",
    "webapi_port": null,
    "webapi_url": "https://mriqc.nimh.nih.gov/api/v1"
  },
  "size_t": 245,
  "size_x": 80,
  "size_y": 80,
  "size_z": 37,
  "snr": 5.2556780731096,
  "spacing_tr": 2.0,
  "spacing_x": 3.0,
  "spacing_y": 3.0,
  "spacing_z": 3.299999952316284,
  "spikes_num": 0,
  "summary_bg_k": 97.95965929997986,
  "summary_bg_mad": 2.084718942642212,
  "summary_bg_mean": 186.86285400390625,
  "summary_bg_median": 1.4257676601409912,
  "summary_bg_n": 155476.0,
  "summary_bg_p05": 0.007811109651811421,
  "summary_bg_p95": 774.4196014404297,
  "summary_bg_stdv": 1028.4150390625,
  "summary_fg_k": 2.5613392455215482,
  "summary_fg_mad": 4295.73583984375,
  "summary_fg_mean": 25301.67578125,
  "summary_fg_median": 25371.4140625,
  "summary_fg_n": 40484.0,
  "summary_fg_p05": 17968.171484375,
  "summary_fg_p95": 32479.434863281247,
  "summary_fg_stdv": 4827.36962890625,
  "tsnr": 60.58359146118164
}