{
  "aor": 0.0010237160751565763,
  "aqi": 0.01417671567849687,
  "bids_meta": {
    "AcquisitionNumber": 6,
    "BidsifyVersion": "0.3.5",
    "ConversionSoftware": "dcm2niix",
    "ConversionSoftwareVersion": "v1.0.20181125  GCC6.3.0",
    "EchoTime": 0.02762,
    "EffectiveEchoSpacing": 0.0006333282667071997,
    "ImageComments": "PIOP",
    "ImageOrientationPatientDICOM": [
      0.998915,
      0.0451009,
      -0.0116055,
      -0.046234,
      0.990304,
      -0.130995
    ],
    "Manufacturer": "Philips",
    "NumberOfVolumesDiscardedByScanner": 2,
    "ParallelAcquisitionTechnique": "SENSE",
    "ParallelReductionFactorInPlane": 2,
    "PatientPosition": "HFS",
    "PhaseEncodingDirection": "j",
    "PhilipsRescaleIntercept": 0,
    "PhilipsRescaleSlope": 0.9641,
    "PhilipsScaleSlope": 0.0777906,
    "ProtocolName": "WIPpioprsSENSE",
    "PulseSequenceType": "gradient echo EPI",
    "ReconMatrixPE": 80,
    "RepetitionTime": 0.75,
    "SeriesDescription": "ImageMRSERIES",
    "SeriesNumber": 6,
    "SliceEncodingDirection": "k",
    "SliceTiming": [
      0.0,
      0.06755050505050506,
      0.1351010101010101,
      0.20265151515151517,
      0.2702020202020202,
      0.3377525252525253,
      0.40530303030303033,
      0.47285353535353536,
      0.5404040404040404,
      0.6079545454545455,
      0.6755050505050506,
      0.7430555555555556,
      0.0,
      0.06755050505050506,
      0.1351010101010101,
      0.20265151515151517,
      0.2702020202020202,
      0.3377525252525253,
      0.40530303030303033,
      0.47285353535353536,
      0.5404040404040404,
      0.6079545454545455,
      0.6755050505050506,
      0.7430555555555556,
      0.0,
      0.06755050505050506,
      0.1351010101010101,
      0.20265151515151517,
      0.2702020202020202,
      0.3377525252525253,
      0.40530303030303033,
      0.47285353535353536,
      0.5404040404040404,
      0.6079545454545455,
      0.6755050505050506,
      0.7430555555555556
    ],
    "TaskName": "restingstate",
    "TotalReadoutTime": 0.024699802401580786,
    "UsePhilipsFloatNotDisplayScaling": 1,
    "acq_id": "mb3",
    "dataset": "unknown",
    "modality": "bold",
    "subject_id": "0159",
    "task_id": "restingstate"
  },
  "dummy_trs": 1,
  "dvars_nstd": 29.763748938953963,
  "dvars_std": 1.156855068263599,
  "dvars_vstd": 0.9878420536192474,
  "efc": 0.40428813411238235,
  "fber": 253949392.0,
  "fd_mean": 0.10605941886928076,
  "fd_num": 23,
  "fd_perc": 4.801670146137787,
  "fwhm_avg": 2.4501450614343274,
  "fwhm_x": 2.3462533333333333,
  "fwhm_y": 2.7350666666666665,
  "fwhm_z": 2.269115184302983,
  "gcor": 0.0262514,
  "gsr_x": -0.005441224202513695,
  "gsr_y": 0.0013233174104243517,
  "provenance": {
    "md5sum": "816c9c962d3d56070bc41bf3b72a9aee",
    "settings": {
      "fd_thres": 0.2,
      "hmc_fsl": false
    },
    "software": "mriqc",
    "version": "0.15.0",
    "webapi_port": null,
    "webapi_url": "https://mriqc.nimh.nih.gov/api/v1"
  },
  "size_t": 479,
  "size_x": 80,
  "size_y": 80,
  "size_z": 36,
  "snr": 5.841011539789412,
  "spacing_tr": 0.75,
  "spacing_x": 3.0,
  "spacing_y": 3.0,
  "spacing_z": 3.299999952316284,
  "spikes_num": 1,
  "summary_bg_k": 84.93180062566955,
  "summary_bg_mad": 1.5592782497406006,
  "summary_bg_mean": 143.48638916015625,
  "summary_bg_median": 1.0759146213531494,
  "summary_bg_n": 150060.0,
  "summary_bg_p05": 0.003130396665073932,
  "summary_bg_p95": 636.1764404296869,
  "summary_bg_stdv": 787.0818481445312,
  "summary_fg_k": 3.014130735839329,
  "summary_fg_mad": 2600.73486328125,
  "summary_fg_mean": 17670.693359375,
  "summary_fg_median": 17893.546875,
  "summary_fg_n": 40185.0,
  "summary_fg_p05": 12577.9173828125,
  "summary_fg_p95": 22057.08828125,
  "summary_fg_stdv": 3063.394775390625,
  "tsnr": 43.400760650634766
}