{
    "Manufacturer": "Philips",
    "PatientPosition": "HFS",
    "SeriesDescription": "ImageMRSERIES",
    "ProtocolName": "WIPt13dSENSE",
    "SeriesNumber": 4,
    "AcquisitionNumber": 4,
    "ImageComments": "piop",
    "PhilipsRescaleSlope": 8.56215,
    "PhilipsRescaleIntercept": 0,
    "PhilipsScaleSlope": 0.00701642,
    "UsePhilipsFloatNotDisplayScaling": 1,
    "EchoTime": 0.00373,
    "RepetitionTime": 0.008163,
    "ReconMatrixPE": 240,
    "ImageOrientationPatientDICOM": [
        0.999394,
        0.00737439,
        -0.0340085,
        -0.0054073,
        0.998327,
        0.0575746
    ],
    "ConversionSoftware": "dcm2niix",
    "ConversionSoftwareVersion": "v1.0.20181125  GCC6.3.0",
    "BidsifyVersion": "0.3.5"
}