{
  "aor": 0.00039681632653061226,
  "aqi": 0.002799521959183673,
  "bids_meta": {
    "AcquisitionNumber": 3,
    "BidsifyVersion": "0.3.5",
    "ConversionSoftware": "dcm2niix",
    "ConversionSoftwareVersion": "v1.0.20181125  GCC6.3.0",
    "EchoTime": 0.02762,
    "EffectiveEchoSpacing": 0.0006621159151938905,
    "ImageComments": "piop",
    "ImageOrientationPatientDICOM": [
      0.997286,
      0.073535,
      0.00364398,
      -0.0721862,
      0.986332,
      -0.148114
    ],
    "Manufacturer": "Philips",
    "NumberOfVolumesDiscardedByScanner": 2,
    "ParallelAcquisitionTechnique": "SENSE",
    "ParallelReductionFactorInPlane": 2,
    "PatientPosition": "HFS",
    "PhaseEncodingDirection": "j",
    "PhilipsRescaleIntercept": 0,
    "PhilipsRescaleSlope": 0.8127,
    "PhilipsScaleSlope": 0.050126,
    "ProtocolName": "WIPpiopgstroopSENSE",
    "PulseSequenceType": "gradient echo EPI",
    "ReconMatrixPE": 80,
    "RepetitionTime": 2,
    "SeriesDescription": "ImageMRSERIES",
    "SeriesNumber": 3,
    "SliceEncodingDirection": "k",
    "SliceTiming": [
      0.0,
      0.0541,
      0.1081,
      0.1622,
      0.2162,
      0.2703,
      0.3243,
      0.3784,
      0.4324,
      0.4865,
      0.5405,
      0.5946,
      0.6486,
      0.7027,
      0.7568,
      0.8108,
      0.8649,
      0.9189,
      0.973,
      1.027,
      1.0811,
      1.1351,
      1.1892,
      1.2432,
      1.2973,
      1.3514,
      1.4054,
      1.4595,
      1.5135,
      1.5676,
      1.6216,
      1.6757,
      1.7297,
      1.7838,
      1.8378,
      1.8919,
      1.9459
    ],
    "TaskName": "gstroop",
    "TotalReadoutTime": 0.025822520692561732,
    "UsePhilipsFloatNotDisplayScaling": 1,
    "acq_id": "seq",
    "dataset": "unknown",
    "modality": "bold",
    "subject_id": "0133",
    "task_id": "gstroop"
  },
  "dummy_trs": 0,
  "dvars_nstd": 20.089385360942618,
  "dvars_std": 1.1609686809016384,
  "dvars_vstd": 1.0301815370491805,
  "efc": 0.4082023662994419,
  "fber": 852142080.0,
  "fd_mean": 0.10401764652854743,
  "fd_num": 6,
  "fd_perc": 2.4489795918367347,
  "fwhm_avg": 2.4123750610114354,
  "fwhm_x": 2.3295166666666667,
  "fwhm_y": 2.726293333333333,
  "fwhm_z": 2.181315183034307,
  "gcor": 0.0120858,
  "gsr_x": -0.005904486868530512,
  "gsr_y": 0.006995352916419506,
  "provenance": {
    "md5sum": "432797cc3945792472a42f83d233ec66",
    "settings": {
      "fd_thres": 0.2,
      "hmc_fsl": false
    },
    "software": "mriqc",
    "version": "0.15.0",
    "webapi_port": null,
    "webapi_url": "https://mriqc.nimh.nih.gov/api/v1"
  },
  "size_t": 245,
  "size_x": 80,
  "size_y": 80,
  "size_z": 37,
  "snr": 4.506852115901098,
  "spacing_tr": 2.0,
  "spacing_x": 3.0,
  "spacing_y": 3.0,
  "spacing_z": 3.299999952316284,
  "spikes_num": 0,
  "summary_bg_k": 106.95649846311949,
  "summary_bg_mad": 1.1793713569641113,
  "summary_bg_mean": 212.50750732421875,
  "summary_bg_median": 0.8057202100753784,
  "summary_bg_n": 152392.0,
  "summary_bg_p05": 0.003487818827852607,
  "summary_bg_p95": 990.2654022216609,
  "summary_bg_stdv": 1171.2718505859375,
  "summary_fg_k": 1.7644881651257043,
  "summary_fg_mad": 4966.1005859375,
  "summary_fg_mean": 25868.53125,
  "summary_fg_median": 25668.12890625,
  "summary_fg_n": 42618.0,
  "summary_fg_p05": 17159.91630859375,
  "summary_fg_p95": 34856.7744140625,
  "summary_fg_stdv": 5695.28955078125,
  "tsnr": 80.40144348144531
}