{
  "aor": 0.0017933950617283947,
  "aqi": 0.0040361675308641974,
  "bids_meta": {
    "AcquisitionNumber": 8,
    "BidsifyVersion": "0.3.5",
    "ConversionSoftware": "dcm2niix",
    "ConversionSoftwareVersion": "v1.0.20181125  GCC6.3.0",
    "EchoTime": 0.02762,
    "ImageComments": "PIOP",
    "ImageOrientationPatientDICOM": [
      0.999103,
      0.042048,
      -0.00499472,
      -0.0418748,
      0.963642,
      -0.263895
    ],
    "Manufacturer": "Philips",
    "NumberOfVolumesDiscardedByScanner": 2,
    "ParallelAcquisitionTechnique": "SENSE",
    "ParallelReductionFactorInPlane": 2,
    "PatientPosition": "HFS",
    "PhaseEncodingDirection": "j",
    "PhilipsRescaleIntercept": 0,
    "PhilipsRescaleSlope": 0.80317,
    "PhilipsScaleSlope": 0.06071,
    "ProtocolName": "WIPpiopwmSENSE",
    "PulseSequenceType": "gradient echo EPI",
    "ReconMatrixPE": 80,
    "RepetitionTime": 2,
    "SeriesDescription": "ImageMRSERIES",
    "SeriesNumber": 8,
    "SliceEncodingDirection": "k",
    "TaskName": "workingmemory",
    "UsePhilipsFloatNotDisplayScaling": 1,
    "acq_id": "seq",
    "dataset": "unknown",
    "modality": "bold",
    "subject_id": "0012",
    "task_id": "workingmemory"
  },
  "dummy_trs": 0,
  "dvars_nstd": 24.040582941366456,
  "dvars_std": 1.2994180897515535,
  "dvars_vstd": 1.0176071594409934,
  "efc": 0.40144065244429195,
  "fber": 97092288.0,
  "fd_mean": 0.1276338113813986,
  "fd_num": 19,
  "fd_perc": 11.728395061728396,
  "fwhm_avg": 2.266672990905462,
  "fwhm_x": 2.2155,
  "fwhm_y": 2.45254,
  "fwhm_z": 2.1319789727163867,
  "gcor": 0.0454573,
  "gsr_x": -0.00870397500693798,
  "gsr_y": 0.005885945167392492,
  "provenance": {
    "md5sum": "1ad4ab1cc49205ed858de9e27c7524c5",
    "settings": {
      "fd_thres": 0.2,
      "hmc_fsl": false
    },
    "software": "mriqc",
    "version": "0.15.0",
    "webapi_port": null,
    "webapi_url": "https://mriqc.nimh.nih.gov/api/v1"
  },
  "size_t": 162,
  "size_x": 80,
  "size_y": 80,
  "size_z": 37,
  "snr": 4.269797924041307,
  "spacing_tr": 2.0,
  "spacing_x": 3.0,
  "spacing_y": 3.0,
  "spacing_z": 3.299999713897705,
  "spikes_num": 2,
  "summary_bg_k": 95.82994497233294,
  "summary_bg_mad": 3.108607530593872,
  "summary_bg_mean": 176.6707000732422,
  "summary_bg_median": 2.15086030960083,
  "summary_bg_n": 153695.0,
  "summary_bg_p05": 0.01120582381263376,
  "summary_bg_p95": 647.1770324706994,
  "summary_bg_stdv": 1010.8563232421875,
  "summary_fg_k": 2.2815665954157653,
  "summary_fg_mad": 4309.91748046875,
  "summary_fg_mean": 23026.41796875,
  "summary_fg_median": 22550.16796875,
  "summary_fg_n": 41994.0,
  "summary_fg_p05": 15725.7166015625,
  "summary_fg_p95": 31947.1927734375,
  "summary_fg_stdv": 5281.2568359375,
  "tsnr": 68.85520935058594
}