{
  "aor": 0.0003078775510204082,
  "aqi": 0.004963236285714285,
  "bids_meta": {
    "AcquisitionNumber": 3,
    "BidsifyVersion": "0.3.5",
    "ConversionSoftware": "dcm2niix",
    "ConversionSoftwareVersion": "v1.0.20181125  GCC6.3.0",
    "EchoTime": 0.02762,
    "ImageComments": "PIOP",
    "ImageOrientationPatientDICOM": [
      0.999103,
      0.042048,
      -0.00499472,
      -0.0418748,
      0.963642,
      -0.263895
    ],
    "Manufacturer": "Philips",
    "NumberOfVolumesDiscardedByScanner": 2,
    "ParallelAcquisitionTechnique": "SENSE",
    "ParallelReductionFactorInPlane": 2,
    "PatientPosition": "HFS",
    "PhaseEncodingDirection": "j",
    "PhilipsRescaleIntercept": 0,
    "PhilipsRescaleSlope": 0.78388,
    "PhilipsScaleSlope": 0.0614687,
    "ProtocolName": "WIPpiopgstroopSENSE",
    "PulseSequenceType": "gradient echo EPI",
    "ReconMatrixPE": 80,
    "RepetitionTime": 2,
    "SeriesDescription": "ImageMRSERIES",
    "SeriesNumber": 3,
    "SliceEncodingDirection": "k",
    "TaskName": "gstroop",
    "UsePhilipsFloatNotDisplayScaling": 1,
    "acq_id": "seq",
    "dataset": "unknown",
    "modality": "bold",
    "subject_id": "0012",
    "task_id": "gstroop"
  },
  "dummy_trs": 0,
  "dvars_nstd": 22.479017977049182,
  "dvars_std": 1.1713618683196707,
  "dvars_vstd": 0.9477762548360653,
  "efc": 0.4011339117871023,
  "fber": 326283904.0,
  "fd_mean": 0.11568913057634024,
  "fd_num": 15,
  "fd_perc": 6.122448979591836,
  "fwhm_avg": 2.251163091577355,
  "fwhm_x": 2.1957833333333334,
  "fwhm_y": 2.43743,
  "fwhm_z": 2.120275941398731,
  "gcor": 0.0200102,
  "gsr_x": -0.009184733033180237,
  "gsr_y": 0.005825444590300322,
  "provenance": {
    "md5sum": "24d7be4c56b66bdc08698e355efc0aee",
    "settings": {
      "fd_thres": 0.2,
      "hmc_fsl": false
    },
    "software": "mriqc",
    "version": "0.15.0",
    "webapi_port": null,
    "webapi_url": "https://mriqc.nimh.nih.gov/api/v1"
  },
  "size_t": 245,
  "size_x": 80,
  "size_y": 80,
  "size_z": 37,
  "snr": 4.362286411403704,
  "spacing_tr": 2.0,
  "spacing_x": 3.0,
  "spacing_y": 3.0,
  "spacing_z": 3.299999713897705,
  "spikes_num": 0,
  "summary_bg_k": 95.17558918439401,
  "summary_bg_mad": 1.70169198513031,
  "summary_bg_mean": 180.0801239013672,
  "summary_bg_median": 1.160154938697815,
  "summary_bg_n": 153911.0,
  "summary_bg_p05": 0.003829522174783051,
  "summary_bg_p95": 705.6005554199219,
  "summary_bg_stdv": 1039.0250244140625,
  "summary_fg_k": 2.4606995189996255,
  "summary_fg_mad": 4218.34814453125,
  "summary_fg_mean": 23273.5703125,
  "summary_fg_median": 22764.59375,
  "summary_fg_n": 41751.0,
  "summary_fg_p05": 16153.0478515625,
  "summary_fg_p95": 32140.4736328125,
  "summary_fg_stdv": 5218.43798828125,
  "tsnr": 68.11238098144531
}