{
  "aor": 0.00720855,
  "aqi": 0.0046085416,
  "bids_meta": {
    "AcquisitionNumber": 9,
    "BidsifyVersion": "0.3.5",
    "ConversionSoftware": "dcm2niix",
    "ConversionSoftwareVersion": "v1.0.20181125  GCC6.3.0",
    "EchoTime": 0.02762,
    "EffectiveEchoSpacing": 0.0006621159151938905,
    "ImageComments": "Piop",
    "ImageOrientationPatientDICOM": [
      0.99894,
      0.0396852,
      0.023306,
      -0.0273795,
      0.91949,
      -0.392159
    ],
    "Manufacturer": "Philips",
    "NumberOfVolumesDiscardedByScanner": 2,
    "ParallelAcquisitionTechnique": "SENSE",
    "ParallelReductionFactorInPlane": 2,
    "PatientPosition": "HFS",
    "PhaseEncodingDirection": "j",
    "PhilipsRescaleIntercept": 0,
    "PhilipsRescaleSlope": 0.81538,
    "PhilipsScaleSlope": 0.0677901,
    "ProtocolName": "WIPpiopanticipatieSENSE",
    "PulseSequenceType": "gradient echo EPI",
    "ReconMatrixPE": 80,
    "RepetitionTime": 2,
    "SeriesDescription": "ImageMRSERIES",
    "SeriesNumber": 9,
    "SliceEncodingDirection": "k",
    "SliceTiming": [
      0.0,
      0.0541,
      0.1081,
      0.1622,
      0.2162,
      0.2703,
      0.3243,
      0.3784,
      0.4324,
      0.4865,
      0.5405,
      0.5946,
      0.6486,
      0.7027,
      0.7568,
      0.8108,
      0.8649,
      0.9189,
      0.973,
      1.027,
      1.0811,
      1.1351,
      1.1892,
      1.2432,
      1.2973,
      1.3514,
      1.4054,
      1.4595,
      1.5135,
      1.5676,
      1.6216,
      1.6757,
      1.7297,
      1.7838,
      1.8378,
      1.8919,
      1.9459
    ],
    "TaskName": "anticipation",
    "TotalReadoutTime": 0.025822520692561732,
    "UsePhilipsFloatNotDisplayScaling": 1,
    "acq_id": "seq",
    "dataset": "unknown",
    "modality": "bold",
    "subject_id": "0156",
    "task_id": "anticipation"
  },
  "dummy_trs": 0,
  "dvars_nstd": 26.503173243115572,
  "dvars_std": 1.3377333403517586,
  "dvars_vstd": 1.064808048492462,
  "efc": 0.42111527226025464,
  "fber": 337264736.0,
  "fd_mean": 0.1367360273987398,
  "fd_num": 18,
  "fd_perc": 9.0,
  "fwhm_avg": 2.3263517275718173,
  "fwhm_x": 2.3057633333333336,
  "fwhm_y": 2.5140433333333334,
  "fwhm_z": 2.1592485160487858,
  "gcor": 0.0264579,
  "gsr_x": -4.632871423382312e-05,
  "gsr_y": 0.0035170442424714565,
  "provenance": {
    "md5sum": "70e228929f10e9482af4497337865a59",
    "settings": {
      "fd_thres": 0.2,
      "hmc_fsl": false
    },
    "software": "mriqc",
    "version": "0.15.0",
    "webapi_port": null,
    "webapi_url": "https://mriqc.nimh.nih.gov/api/v1"
  },
  "size_t": 200,
  "size_x": 80,
  "size_y": 80,
  "size_z": 37,
  "snr": 4.648169535387425,
  "spacing_tr": 2.0,
  "spacing_x": 3.0,
  "spacing_y": 3.0,
  "spacing_z": 3.299999952316284,
  "spikes_num": 75,
  "summary_bg_k": 73.87859602095706,
  "summary_bg_mad": 1.5140091180801392,
  "summary_bg_mean": 191.31646728515625,
  "summary_bg_median": 1.0444296598434448,
  "summary_bg_n": 149189.0,
  "summary_bg_p05": 0.004328486416488886,
  "summary_bg_p95": 821.8193725585973,
  "summary_bg_stdv": 1058.0179443359375,
  "summary_fg_k": 1.9670515964603679,
  "summary_fg_mad": 3841.17919921875,
  "summary_fg_mean": 20740.92578125,
  "summary_fg_median": 20632.23046875,
  "summary_fg_n": 45455.0,
  "summary_fg_p05": 14072.70947265625,
  "summary_fg_p95": 27684.3294921875,
  "summary_fg_stdv": 4438.7373046875,
  "tsnr": 64.77970886230469
}