{
    "Manufacturer": "Philips",
    "PatientPosition": "HFS",
    "SeriesDescription": "ImageMRSERIES",
    "ProtocolName": "WIPt13dSENSE",
    "SeriesNumber": 4,
    "AcquisitionNumber": 4,
    "ImageComments": "piop",
    "PhilipsRescaleSlope": 8.79438,
    "PhilipsRescaleIntercept": 0,
    "PhilipsScaleSlope": 0.00732746,
    "UsePhilipsFloatNotDisplayScaling": 1,
    "EchoTime": 0.00376,
    "RepetitionTime": 0.008164,
    "ReconMatrixPE": 240,
    "ImageOrientationPatientDICOM": [
        0.994993,
        -0.0969502,
        -0.0242701,
        0.0972093,
        0.995216,
        0.00972867
    ],
    "ConversionSoftware": "dcm2niix",
    "ConversionSoftwareVersion": "v1.0.20181125  GCC6.3.0",
    "BidsifyVersion": "0.3.5"
}