{
  "aor": 7.9979035639413e-05,
  "aqi": 0.010412368364779875,
  "bids_meta": {
    "AcquisitionNumber": 6,
    "BidsifyVersion": "0.3.5",
    "ConversionSoftware": "dcm2niix",
    "ConversionSoftwareVersion": "v1.0.20181125  GCC6.3.0",
    "EchoTime": 0.02762,
    "EffectiveEchoSpacing": 0.0006333282667071997,
    "ImageComments": "PioP",
    "ImageOrientationPatientDICOM": [
      0.995535,
      0.0943908,
      4.75161e-06,
      -0.0895497,
      0.944493,
      -0.316092
    ],
    "Manufacturer": "Philips",
    "NumberOfVolumesDiscardedByScanner": 2,
    "ParallelAcquisitionTechnique": "SENSE",
    "ParallelReductionFactorInPlane": 2,
    "PatientPosition": "HFS",
    "PhaseEncodingDirection": "j",
    "PhilipsRescaleIntercept": 0,
    "PhilipsRescaleSlope": 0.74945,
    "PhilipsScaleSlope": 0.0938297,
    "ProtocolName": "WIPpioprsSENSE",
    "PulseSequenceType": "gradient echo EPI",
    "ReconMatrixPE": 80,
    "RepetitionTime": 0.75,
    "SeriesDescription": "ImageMRSERIES",
    "SeriesNumber": 6,
    "SliceEncodingDirection": "k",
    "SliceTiming": [
      0.0,
      0.06755050505050506,
      0.1351010101010101,
      0.20265151515151517,
      0.2702020202020202,
      0.3377525252525253,
      0.40530303030303033,
      0.47285353535353536,
      0.5404040404040404,
      0.6079545454545455,
      0.6755050505050506,
      0.7430555555555556,
      0.0,
      0.06755050505050506,
      0.1351010101010101,
      0.20265151515151517,
      0.2702020202020202,
      0.3377525252525253,
      0.40530303030303033,
      0.47285353535353536,
      0.5404040404040404,
      0.6079545454545455,
      0.6755050505050506,
      0.7430555555555556,
      0.0,
      0.06755050505050506,
      0.1351010101010101,
      0.20265151515151517,
      0.2702020202020202,
      0.3377525252525253,
      0.40530303030303033,
      0.47285353535353536,
      0.5404040404040404,
      0.6079545454545455,
      0.6755050505050506,
      0.7430555555555556
    ],
    "TaskName": "restingstate",
    "TotalReadoutTime": 0.024699802401580786,
    "UsePhilipsFloatNotDisplayScaling": 1,
    "acq_id": "mb3",
    "dataset": "unknown",
    "modality": "bold",
    "subject_id": "0043",
    "task_id": "restingstate"
  },
  "dummy_trs": 3,
  "dvars_nstd": 28.950423136176454,
  "dvars_std": 1.0827613287394962,
  "dvars_vstd": 0.9802099309453791,
  "efc": 0.4262390770429514,
  "fber": 802152192.0,
  "fd_mean": 0.07232017935516084,
  "fd_num": 0,
  "fd_perc": 0.0,
  "fwhm_avg": 2.3708584956621506,
  "fwhm_x": 2.28274,
  "fwhm_y": 2.5847233333333333,
  "fwhm_z": 2.2451121536531184,
  "gcor": 0.00667349,
  "gsr_x": -0.005342334043234587,
  "gsr_y": 0.004368660505861044,
  "provenance": {
    "md5sum": "59a9cbc7d07a453a7e62055fbfeb0078",
    "settings": {
      "fd_thres": 0.2,
      "hmc_fsl": false
    },
    "software": "mriqc",
    "version": "0.15.0",
    "webapi_port": null,
    "webapi_url": "https://mriqc.nimh.nih.gov/api/v1"
  },
  "size_t": 477,
  "size_x": 80,
  "size_y": 80,
  "size_z": 36,
  "snr": 5.386644652101274,
  "spacing_tr": 0.75,
  "spacing_x": 3.0,
  "spacing_y": 3.0,
  "spacing_z": 3.299999952316284,
  "spikes_num": 1,
  "summary_bg_k": 53.61072745752939,
  "summary_bg_mad": 0.8205850720405579,
  "summary_bg_mean": 207.1624298095703,
  "summary_bg_median": 0.5587696433067322,
  "summary_bg_n": 146683.0,
  "summary_bg_p05": 0.0029134257230907677,
  "summary_bg_p95": 802.8661315917924,
  "summary_bg_stdv": 1043.602783203125,
  "summary_fg_k": 3.011552486225109,
  "summary_fg_mad": 2616.2138671875,
  "summary_fg_mean": 17412.4921875,
  "summary_fg_median": 17466.716796875,
  "summary_fg_n": 42967.0,
  "summary_fg_p05": 12267.599023437499,
  "summary_fg_p95": 22250.883007812496,
  "summary_fg_stdv": 3242.55908203125,
  "tsnr": 45.70774841308594
}