{
  "aor": 0.0011770370370370372,
  "aqi": 0.0027330044444444446,
  "bids_meta": {
    "AcquisitionNumber": 5,
    "BidsifyVersion": "0.3.5",
    "ConversionSoftware": "dcm2niix",
    "ConversionSoftwareVersion": "v1.0.20181125  GCC6.3.0",
    "EchoTime": 0.02762,
    "EffectiveEchoSpacing": 0.0006621159151938905,
    "ImageComments": "PioP",
    "ImageOrientationPatientDICOM": [
      0.995535,
      0.0943908,
      4.75161e-06,
      -0.0895497,
      0.944493,
      -0.316092
    ],
    "Manufacturer": "Philips",
    "NumberOfVolumesDiscardedByScanner": 2,
    "ParallelAcquisitionTechnique": "SENSE",
    "ParallelReductionFactorInPlane": 2,
    "PatientPosition": "HFS",
    "PhaseEncodingDirection": "j",
    "PhilipsRescaleIntercept": 0,
    "PhilipsRescaleSlope": 0.77973,
    "PhilipsScaleSlope": 0.0601639,
    "ProtocolName": "WIPpiopharririSENSE",
    "PulseSequenceType": "gradient echo EPI",
    "ReconMatrixPE": 80,
    "RepetitionTime": 2,
    "SeriesDescription": "ImageMRSERIES",
    "SeriesNumber": 5,
    "SliceEncodingDirection": "k",
    "SliceTiming": [
      0.0,
      0.0541,
      0.1081,
      0.1622,
      0.2162,
      0.2703,
      0.3243,
      0.3784,
      0.4324,
      0.4865,
      0.5405,
      0.5946,
      0.6486,
      0.7027,
      0.7568,
      0.8108,
      0.8649,
      0.9189,
      0.973,
      1.027,
      1.0811,
      1.1351,
      1.1892,
      1.2432,
      1.2973,
      1.3514,
      1.4054,
      1.4595,
      1.5135,
      1.5676,
      1.6216,
      1.6757,
      1.7297,
      1.7838,
      1.8378,
      1.8919,
      1.9459
    ],
    "TaskName": "emomatching",
    "TotalReadoutTime": 0.025822520692561732,
    "UsePhilipsFloatNotDisplayScaling": 1,
    "acq_id": "seq",
    "dataset": "unknown",
    "modality": "bold",
    "subject_id": "0043",
    "task_id": "emomatching"
  },
  "dummy_trs": 0,
  "dvars_nstd": 18.68866756037314,
  "dvars_std": 1.1511268191791044,
  "dvars_vstd": 1.009108467238806,
  "efc": 0.41878609469004535,
  "fber": 275243296.0,
  "fd_mean": 0.13300607666681574,
  "fd_num": 15,
  "fd_perc": 11.11111111111111,
  "fwhm_avg": 2.2695993032292385,
  "fwhm_x": 2.19786,
  "fwhm_y": 2.4724833333333334,
  "fwhm_z": 2.138454576354382,
  "gcor": 0.0141567,
  "gsr_x": -0.004757145885378122,
  "gsr_y": 0.004918248858302832,
  "provenance": {
    "md5sum": "506d61a0ce2ca204de390bc776226900",
    "settings": {
      "fd_thres": 0.2,
      "hmc_fsl": false
    },
    "software": "mriqc",
    "version": "0.15.0",
    "webapi_port": null,
    "webapi_url": "https://mriqc.nimh.nih.gov/api/v1"
  },
  "size_t": 135,
  "size_x": 80,
  "size_y": 80,
  "size_z": 37,
  "snr": 4.410011923954675,
  "spacing_tr": 2.0,
  "spacing_x": 3.0,
  "spacing_y": 3.0,
  "spacing_z": 3.299999952316284,
  "spikes_num": 1,
  "summary_bg_k": 54.78753184309138,
  "summary_bg_mad": 2.0266497135162354,
  "summary_bg_mean": 274.6805419921875,
  "summary_bg_median": 1.3917587995529175,
  "summary_bg_n": 151475.0,
  "summary_bg_p05": 0.006894870474934579,
  "summary_bg_p95": 879.4154235839806,
  "summary_bg_stdv": 1424.155517578125,
  "summary_fg_k": 2.591252709522913,
  "summary_fg_mad": 4466.24658203125,
  "summary_fg_mean": 24644.072265625,
  "summary_fg_median": 24292.30859375,
  "summary_fg_n": 43871.0,
  "summary_fg_p05": 17044.9892578125,
  "summary_fg_p95": 33480.267578125,
  "summary_fg_stdv": 5508.38232421875,
  "tsnr": 83.20098876953125
}