{
  "aor": 0.00069215,
  "aqi": 0.00281231,
  "bids_meta": {
    "AcquisitionNumber": 9,
    "BidsifyVersion": "0.3.5",
    "ConversionSoftware": "dcm2niix",
    "ConversionSoftwareVersion": "v1.0.20181125  GCC6.3.0",
    "EchoTime": 0.02762,
    "EffectiveEchoSpacing": 0.0006621159151938905,
    "ImageComments": "PioP",
    "ImageOrientationPatientDICOM": [
      0.995535,
      0.0943908,
      4.75161e-06,
      -0.0895497,
      0.944493,
      -0.316092
    ],
    "Manufacturer": "Philips",
    "NumberOfVolumesDiscardedByScanner": 2,
    "ParallelAcquisitionTechnique": "SENSE",
    "ParallelReductionFactorInPlane": 2,
    "PatientPosition": "HFS",
    "PhaseEncodingDirection": "j",
    "PhilipsRescaleIntercept": 0,
    "PhilipsRescaleSlope": 0.78877,
    "PhilipsScaleSlope": 0.0587375,
    "ProtocolName": "WIPpiopanticipatieSENSE",
    "PulseSequenceType": "gradient echo EPI",
    "ReconMatrixPE": 80,
    "RepetitionTime": 2,
    "SeriesDescription": "ImageMRSERIES",
    "SeriesNumber": 9,
    "SliceEncodingDirection": "k",
    "SliceTiming": [
      0.0,
      0.0541,
      0.1081,
      0.1622,
      0.2162,
      0.2703,
      0.3243,
      0.3784,
      0.4324,
      0.4865,
      0.5405,
      0.5946,
      0.6486,
      0.7027,
      0.7568,
      0.8108,
      0.8649,
      0.9189,
      0.973,
      1.027,
      1.0811,
      1.1351,
      1.1892,
      1.2432,
      1.2973,
      1.3514,
      1.4054,
      1.4595,
      1.5135,
      1.5676,
      1.6216,
      1.6757,
      1.7297,
      1.7838,
      1.8378,
      1.8919,
      1.9459
    ],
    "TaskName": "anticipation",
    "TotalReadoutTime": 0.025822520692561732,
    "UsePhilipsFloatNotDisplayScaling": 1,
    "acq_id": "seq",
    "dataset": "unknown",
    "modality": "bold",
    "subject_id": "0043",
    "task_id": "anticipation"
  },
  "dummy_trs": 0,
  "dvars_nstd": 19.237230837688458,
  "dvars_std": 1.1371313793467333,
  "dvars_vstd": 0.9884333209045227,
  "efc": 0.41942434715715304,
  "fber": 543609408.0,
  "fd_mean": 0.1348453776277022,
  "fd_num": 21,
  "fd_perc": 10.5,
  "fwhm_avg": 2.2653379900807757,
  "fwhm_x": 2.193233333333333,
  "fwhm_y": 2.467886666666667,
  "fwhm_z": 2.1348939702423264,
  "gcor": 0.0144007,
  "gsr_x": -0.004454963840544224,
  "gsr_y": 0.00497960252687335,
  "provenance": {
    "md5sum": "c4032e18a098151867f1ed4b47359b6b",
    "settings": {
      "fd_thres": 0.2,
      "hmc_fsl": false
    },
    "software": "mriqc",
    "version": "0.15.0",
    "webapi_port": null,
    "webapi_url": "https://mriqc.nimh.nih.gov/api/v1"
  },
  "size_t": 200,
  "size_x": 80,
  "size_y": 80,
  "size_z": 37,
  "snr": 4.49699949267978,
  "spacing_tr": 2.0,
  "spacing_x": 3.0,
  "spacing_y": 3.0,
  "spacing_z": 3.299999952316284,
  "spikes_num": 6,
  "summary_bg_k": 52.30375342122242,
  "summary_bg_mad": 1.3808258771896362,
  "summary_bg_mean": 284.0555419921875,
  "summary_bg_median": 0.9394055008888245,
  "summary_bg_n": 151493.0,
  "summary_bg_p05": 0.00335583845153451,
  "summary_bg_p95": 902.9581787109341,
  "summary_bg_stdv": 1469.8060302734375,
  "summary_fg_k": 2.591095923946983,
  "summary_fg_mad": 4407.0595703125,
  "summary_fg_mean": 24796.849609375,
  "summary_fg_median": 24437.24609375,
  "summary_fg_n": 43862.0,
  "summary_fg_p05": 17248.4689453125,
  "summary_fg_p95": 33543.01660156249,
  "summary_fg_stdv": 5434.060546875,
  "tsnr": 83.3584213256836
}