{
  "aor": 0.0012919753086419752,
  "aqi": 0.003230915617283951,
  "bids_meta": {
    "AcquisitionNumber": 8,
    "BidsifyVersion": "0.3.5",
    "ConversionSoftware": "dcm2niix",
    "ConversionSoftwareVersion": "v1.0.20181125  GCC6.3.0",
    "EchoTime": 0.02762,
    "EffectiveEchoSpacing": 0.0006621159151938905,
    "ImageComments": "PioP",
    "ImageOrientationPatientDICOM": [
      0.995535,
      0.0943908,
      4.75161e-06,
      -0.0895497,
      0.944493,
      -0.316092
    ],
    "Manufacturer": "Philips",
    "NumberOfVolumesDiscardedByScanner": 2,
    "ParallelAcquisitionTechnique": "SENSE",
    "ParallelReductionFactorInPlane": 2,
    "PatientPosition": "HFS",
    "PhaseEncodingDirection": "j",
    "PhilipsRescaleIntercept": 0,
    "PhilipsRescaleSlope": 0.78144,
    "PhilipsScaleSlope": 0.061179,
    "ProtocolName": "WIPpiopwmSENSE",
    "PulseSequenceType": "gradient echo EPI",
    "ReconMatrixPE": 80,
    "RepetitionTime": 2,
    "SeriesDescription": "ImageMRSERIES",
    "SeriesNumber": 8,
    "SliceEncodingDirection": "k",
    "SliceTiming": [
      0.0,
      0.0541,
      0.1081,
      0.1622,
      0.2162,
      0.2703,
      0.3243,
      0.3784,
      0.4324,
      0.4865,
      0.5405,
      0.5946,
      0.6486,
      0.7027,
      0.7568,
      0.8108,
      0.8649,
      0.9189,
      0.973,
      1.027,
      1.0811,
      1.1351,
      1.1892,
      1.2432,
      1.2973,
      1.3514,
      1.4054,
      1.4595,
      1.5135,
      1.5676,
      1.6216,
      1.6757,
      1.7297,
      1.7838,
      1.8378,
      1.8919,
      1.9459
    ],
    "TaskName": "workingmemory",
    "TotalReadoutTime": 0.025822520692561732,
    "UsePhilipsFloatNotDisplayScaling": 1,
    "acq_id": "seq",
    "dataset": "unknown",
    "modality": "bold",
    "subject_id": "0043",
    "task_id": "workingmemory"
  },
  "dummy_trs": 0,
  "dvars_nstd": 18.109697223478257,
  "dvars_std": 1.139849117142857,
  "dvars_vstd": 1.0181632237267073,
  "efc": 0.41991575655522284,
  "fber": 438851200.0,
  "fd_mean": 0.10676566340133523,
  "fd_num": 6,
  "fd_perc": 3.7037037037037037,
  "fwhm_avg": 2.267372030504943,
  "fwhm_x": 2.19751,
  "fwhm_y": 2.4655333333333336,
  "fwhm_z": 2.1390727581814963,
  "gcor": 0.0117911,
  "gsr_x": -0.0047080982476472855,
  "gsr_y": 0.005058562848716974,
  "provenance": {
    "md5sum": "c1cf94cc8f5a2636ad0931b831d6594c",
    "settings": {
      "fd_thres": 0.2,
      "hmc_fsl": false
    },
    "software": "mriqc",
    "version": "0.15.0",
    "webapi_port": null,
    "webapi_url": "https://mriqc.nimh.nih.gov/api/v1"
  },
  "size_t": 162,
  "size_x": 80,
  "size_y": 80,
  "size_z": 37,
  "snr": 4.454509512828884,
  "spacing_tr": 2.0,
  "spacing_x": 3.0,
  "spacing_y": 3.0,
  "spacing_z": 3.299999952316284,
  "spikes_num": 0,
  "summary_bg_k": 52.39509734617135,
  "summary_bg_mad": 1.5253469944000244,
  "summary_bg_mean": 284.6231689453125,
  "summary_bg_median": 1.0403146743774414,
  "summary_bg_n": 151393.0,
  "summary_bg_p05": 0.0024544676765799523,
  "summary_bg_p95": 919.4772094726544,
  "summary_bg_stdv": 1458.071044921875,
  "summary_fg_k": 2.5608653554028535,
  "summary_fg_mad": 4396.00244140625,
  "summary_fg_mean": 24502.65625,
  "summary_fg_median": 24155.033203125,
  "summary_fg_n": 43944.0,
  "summary_fg_p05": 16943.6486328125,
  "summary_fg_p95": 33239.872656249994,
  "summary_fg_stdv": 5422.54052734375,
  "tsnr": 79.39712524414062
}