{
  "aor": 0.0001952469135802469,
  "aqi": 0.0030243063580246915,
  "bids_meta": {
    "AcquisitionNumber": 8,
    "BidsifyVersion": "0.3.5",
    "ConversionSoftware": "dcm2niix",
    "ConversionSoftwareVersion": "v1.0.20181125  GCC6.3.0",
    "EchoTime": 0.02762,
    "ImageComments": "piop",
    "ImageOrientationPatientDICOM": [
      0.998127,
      -0.0531174,
      0.0303482,
      0.0591249,
      0.964969,
      -0.255617
    ],
    "Manufacturer": "Philips",
    "NumberOfVolumesDiscardedByScanner": 2,
    "ParallelAcquisitionTechnique": "SENSE",
    "ParallelReductionFactorInPlane": 2,
    "PatientPosition": "HFS",
    "PhaseEncodingDirection": "j",
    "PhilipsRescaleIntercept": 0,
    "PhilipsRescaleSlope": 0.74579,
    "PhilipsScaleSlope": 0.0531262,
    "ProtocolName": "WIPpiopwmSENSE",
    "PulseSequenceType": "gradient echo EPI",
    "ReconMatrixPE": 80,
    "RepetitionTime": 2,
    "SeriesDescription": "ImageMRSERIES",
    "SeriesNumber": 8,
    "SliceEncodingDirection": "k",
    "TaskName": "workingmemory",
    "UsePhilipsFloatNotDisplayScaling": 1,
    "acq_id": "seq",
    "dataset": "unknown",
    "modality": "bold",
    "subject_id": "0127",
    "task_id": "workingmemory"
  },
  "dummy_trs": 0,
  "dvars_nstd": 22.655893787763983,
  "dvars_std": 1.3033840454658383,
  "dvars_vstd": 1.0043849093167703,
  "efc": 0.41737588228987543,
  "fber": 3090701824.0,
  "fd_mean": 0.09817989798230368,
  "fd_num": 3,
  "fd_perc": 1.8518518518518519,
  "fwhm_avg": 2.338769000425838,
  "fwhm_x": 2.2722533333333335,
  "fwhm_y": 2.55849,
  "fwhm_z": 2.185563667944181,
  "gcor": 0.0293544,
  "gsr_x": -0.004247528966516256,
  "gsr_y": 0.0046319616958498955,
  "provenance": {
    "md5sum": "eb1ccb4008c17b3618bced385e6899e8",
    "settings": {
      "fd_thres": 0.2,
      "hmc_fsl": false
    },
    "software": "mriqc",
    "version": "0.15.0",
    "webapi_port": null,
    "webapi_url": "https://mriqc.nimh.nih.gov/api/v1"
  },
  "size_t": 162,
  "size_x": 80,
  "size_y": 80,
  "size_z": 37,
  "snr": 5.043930595487819,
  "spacing_tr": 2.0,
  "spacing_x": 3.0,
  "spacing_y": 3.0,
  "spacing_z": 3.299999952316284,
  "spikes_num": 0,
  "summary_bg_k": 92.13844117706657,
  "summary_bg_mad": 0.6019703149795532,
  "summary_bg_mean": 222.49549865722656,
  "summary_bg_median": 0.4097176194190979,
  "summary_bg_n": 151268.0,
  "summary_bg_p05": 0.0014873635431285948,
  "summary_bg_p95": 861.8464202880855,
  "summary_bg_stdv": 1264.822998046875,
  "summary_fg_k": 2.710941160423059,
  "summary_fg_mad": 4302.337890625,
  "summary_fg_mean": 25445.19140625,
  "summary_fg_median": 25230.357421875,
  "summary_fg_n": 44023.0,
  "summary_fg_p05": 18386.37109375,
  "summary_fg_p95": 33196.474609375,
  "summary_fg_stdv": 5002.0654296875,
  "tsnr": 90.61012268066406
}