{
    "Manufacturer": "Philips",
    "PatientPosition": "HFS",
    "SeriesDescription": "ImageMRSERIES",
    "ProtocolName": "WIPt13dSENSE",
    "SeriesNumber": 4,
    "AcquisitionNumber": 4,
    "ImageComments": "piop",
    "PhilipsRescaleSlope": 9.56264,
    "PhilipsRescaleIntercept": 0,
    "PhilipsScaleSlope": 0.00732341,
    "UsePhilipsFloatNotDisplayScaling": 1,
    "EchoTime": 0.00379,
    "RepetitionTime": 0.008251,
    "ReconMatrixPE": 240,
    "ImageOrientationPatientDICOM": [
        0.999455,
        0.0254234,
        -0.021065,
        -0.0279173,
        0.99137,
        -0.128084
    ],
    "ConversionSoftware": "dcm2niix",
    "ConversionSoftwareVersion": "v1.0.20181125  GCC6.3.0",
    "BidsifyVersion": "0.3.5"
}