{
  "aor": 9.675000000000001e-05,
  "aqi": 0.0031204206000000003,
  "bids_meta": {
    "AcquisitionNumber": 9,
    "BidsifyVersion": "0.3.5",
    "ConversionSoftware": "dcm2niix",
    "ConversionSoftwareVersion": "v1.0.20181125  GCC6.3.0",
    "EchoTime": 0.02762,
    "EffectiveEchoSpacing": 0.0006621159151938905,
    "ImageComments": "Piop",
    "ImageOrientationPatientDICOM": [
      0.999186,
      0.0381224,
      -0.013227,
      -0.0403061,
      0.958507,
      -0.282205
    ],
    "Manufacturer": "Philips",
    "NumberOfVolumesDiscardedByScanner": 2,
    "ParallelAcquisitionTechnique": "SENSE",
    "ParallelReductionFactorInPlane": 2,
    "PatientPosition": "HFS",
    "PhaseEncodingDirection": "j",
    "PhilipsRescaleIntercept": 0,
    "PhilipsRescaleSlope": 0.84957,
    "PhilipsScaleSlope": 0.0609732,
    "ProtocolName": "WIPpiopanticipatieSENSE",
    "PulseSequenceType": "gradient echo EPI",
    "ReconMatrixPE": 80,
    "RepetitionTime": 2,
    "SeriesDescription": "ImageMRSERIES",
    "SeriesNumber": 9,
    "SliceEncodingDirection": "k",
    "SliceTiming": [
      0.0,
      0.0541,
      0.1081,
      0.1622,
      0.2162,
      0.2703,
      0.3243,
      0.3784,
      0.4324,
      0.4865,
      0.5405,
      0.5946,
      0.6486,
      0.7027,
      0.7568,
      0.8108,
      0.8649,
      0.9189,
      0.973,
      1.027,
      1.0811,
      1.1351,
      1.1892,
      1.2432,
      1.2973,
      1.3514,
      1.4054,
      1.4595,
      1.5135,
      1.5676,
      1.6216,
      1.6757,
      1.7297,
      1.7838,
      1.8378,
      1.8919,
      1.9459
    ],
    "TaskName": "anticipation",
    "TotalReadoutTime": 0.025822520692561732,
    "UsePhilipsFloatNotDisplayScaling": 1,
    "acq_id": "seq",
    "dataset": "unknown",
    "modality": "bold",
    "subject_id": "0008",
    "task_id": "anticipation"
  },
  "dummy_trs": 0,
  "dvars_nstd": 22.08090224336684,
  "dvars_std": 1.2079474447738692,
  "dvars_vstd": 0.9802348757788945,
  "efc": 0.424363739336382,
  "fber": 790224128.0,
  "fd_mean": 0.1059324938674902,
  "fd_num": 5,
  "fd_perc": 2.5,
  "fwhm_avg": 2.3075280911274674,
  "fwhm_x": 2.24539,
  "fwhm_y": 2.5347033333333333,
  "fwhm_z": 2.1424909400490693,
  "gcor": 0.0274736,
  "gsr_x": -0.004149661865085363,
  "gsr_y": 0.005560711957514286,
  "provenance": {
    "md5sum": "c072c1bd8ee5ddbf04180eb8ed397950",
    "settings": {
      "fd_thres": 0.2,
      "hmc_fsl": false
    },
    "software": "mriqc",
    "version": "0.15.0",
    "webapi_port": null,
    "webapi_url": "https://mriqc.nimh.nih.gov/api/v1"
  },
  "size_t": 200,
  "size_x": 80,
  "size_y": 80,
  "size_z": 37,
  "snr": 4.693215034039923,
  "spacing_tr": 2.0,
  "spacing_x": 3.0,
  "spacing_y": 3.0,
  "spacing_z": 3.299999952316284,
  "spikes_num": 0,
  "summary_bg_k": 97.46454781002733,
  "summary_bg_mad": 1.1551395654678345,
  "summary_bg_mean": 232.44839477539062,
  "summary_bg_median": 0.78806072473526,
  "summary_bg_n": 150001.0,
  "summary_bg_p05": 0.0033029268961399794,
  "summary_bg_p95": 1095.25927734375,
  "summary_bg_stdv": 1241.3760986328125,
  "summary_fg_k": 2.1887417141601917,
  "summary_fg_mad": 4394.783203125,
  "summary_fg_mean": 24367.9296875,
  "summary_fg_median": 24167.900390625,
  "summary_fg_n": 45176.0,
  "summary_fg_p05": 16764.82177734375,
  "summary_fg_p95": 32405.4033203125,
  "summary_fg_stdv": 5149.4833984375,
  "tsnr": 84.24272155761719
}