{
  "aor": 3.677083333333334e-05,
  "aqi": 0.008959344520833334,
  "bids_meta": {
    "AcquisitionNumber": 6,
    "BidsifyVersion": "0.3.5",
    "ConversionSoftware": "dcm2niix",
    "ConversionSoftwareVersion": "v1.0.20181125  GCC6.3.0",
    "EchoTime": 0.02762,
    "ImageComments": "PIOP",
    "ImageOrientationPatientDICOM": [
      0.999491,
      -0.0219195,
      -0.0231819,
      0.0160502,
      0.973432,
      -0.228413
    ],
    "Manufacturer": "Philips",
    "NumberOfVolumesDiscardedByScanner": 2,
    "ParallelAcquisitionTechnique": "SENSE",
    "ParallelReductionFactorInPlane": 2,
    "PatientPosition": "HFS",
    "PhaseEncodingDirection": "j",
    "PhilipsRescaleIntercept": 0,
    "PhilipsRescaleSlope": 0.78559,
    "PhilipsScaleSlope": 0.101993,
    "ProtocolName": "WIPpioprsSENSE",
    "PulseSequenceType": "gradient echo EPI",
    "ReconMatrixPE": 80,
    "RepetitionTime": 0.75,
    "SeriesDescription": "ImageMRSERIES",
    "SeriesNumber": 6,
    "SliceEncodingDirection": "k",
    "TaskName": "restingstate",
    "UsePhilipsFloatNotDisplayScaling": 1,
    "acq_id": "mb3",
    "dataset": "unknown",
    "modality": "bold",
    "subject_id": "0164",
    "task_id": "restingstate"
  },
  "dummy_trs": 0,
  "dvars_nstd": 29.968214692087667,
  "dvars_std": 1.1116628104801674,
  "dvars_vstd": 0.9869345451983289,
  "efc": 0.4291214338039982,
  "fber": 1896868608.0,
  "fd_mean": 0.08166534006262052,
  "fd_num": 1,
  "fd_perc": 0.20833333333333334,
  "fwhm_avg": 2.431548798328922,
  "fwhm_x": 2.4641733333333335,
  "fwhm_y": 2.660836666666667,
  "fwhm_z": 2.169636394986765,
  "gcor": 0.0122137,
  "gsr_x": -1.8000129784923047e-05,
  "gsr_y": 0.000578181934542954,
  "provenance": {
    "md5sum": "5abf4a825758ce7012c49ca1d7fb09cc",
    "settings": {
      "fd_thres": 0.2,
      "hmc_fsl": false
    },
    "software": "mriqc",
    "version": "0.15.0",
    "webapi_port": null,
    "webapi_url": "https://mriqc.nimh.nih.gov/api/v1"
  },
  "size_t": 480,
  "size_x": 80,
  "size_y": 80,
  "size_z": 36,
  "snr": 5.439080611351975,
  "spacing_tr": 0.75,
  "spacing_x": 3.0,
  "spacing_y": 3.0,
  "spacing_z": 3.299999952316284,
  "spikes_num": 0,
  "summary_bg_k": 80.87912012897618,
  "summary_bg_mad": 0.48871880769729614,
  "summary_bg_mean": 141.5676727294922,
  "summary_bg_median": 0.33255770802497864,
  "summary_bg_n": 144180.0,
  "summary_bg_p05": 0.0007003165344940499,
  "summary_bg_p95": 776.789553833006,
  "summary_bg_stdv": 743.3189697265625,
  "summary_fg_k": 2.4880005966678365,
  "summary_fg_mad": 2474.09765625,
  "summary_fg_mean": 15674.4189453125,
  "summary_fg_median": 15834.240234375,
  "summary_fg_n": 44918.0,
  "summary_fg_p05": 10906.93759765625,
  "summary_fg_p95": 19935.92353515625,
  "summary_fg_stdv": 2911.16552734375,
  "tsnr": 49.10029602050781
}