{
  "aor": 0.00028407407407407407,
  "aqi": 0.002697448888888889,
  "bids_meta": {
    "AcquisitionNumber": 5,
    "BidsifyVersion": "0.3.5",
    "ConversionSoftware": "dcm2niix",
    "ConversionSoftwareVersion": "v1.0.20181125  GCC6.3.0",
    "EchoTime": 0.02762,
    "ImageComments": "PIOP",
    "ImageOrientationPatientDICOM": [
      0.999487,
      -0.0223992,
      -0.022877,
      0.0153522,
      0.962319,
      -0.271488
    ],
    "Manufacturer": "Philips",
    "NumberOfVolumesDiscardedByScanner": 2,
    "ParallelAcquisitionTechnique": "SENSE",
    "ParallelReductionFactorInPlane": 2,
    "PatientPosition": "HFS",
    "PhaseEncodingDirection": "j",
    "PhilipsRescaleIntercept": 0,
    "PhilipsRescaleSlope": 0.81636,
    "PhilipsScaleSlope": 0.0677986,
    "ProtocolName": "WIPpiopharririSENSE",
    "PulseSequenceType": "gradient echo EPI",
    "ReconMatrixPE": 80,
    "RepetitionTime": 2,
    "SeriesDescription": "ImageMRSERIES",
    "SeriesNumber": 5,
    "SliceEncodingDirection": "k",
    "TaskName": "emomatching",
    "UsePhilipsFloatNotDisplayScaling": 1,
    "acq_id": "seq",
    "dataset": "unknown",
    "modality": "bold",
    "subject_id": "0164",
    "task_id": "emomatching"
  },
  "dummy_trs": 0,
  "dvars_nstd": 21.62151288261193,
  "dvars_std": 1.257360798432835,
  "dvars_vstd": 0.9966850415671636,
  "efc": 0.4241089735037386,
  "fber": 849108032.0,
  "fd_mean": 0.08379751580532871,
  "fd_num": 2,
  "fd_perc": 1.4814814814814814,
  "fwhm_avg": 2.315138394061878,
  "fwhm_x": 2.3464533333333333,
  "fwhm_y": 2.4763800000000002,
  "fwhm_z": 2.1225818488523,
  "gcor": 0.0166088,
  "gsr_x": -8.257160516222939e-05,
  "gsr_y": 0.0012430533533915877,
  "provenance": {
    "md5sum": "d60ce494b5647b3fa500464af24091aa",
    "settings": {
      "fd_thres": 0.2,
      "hmc_fsl": false
    },
    "software": "mriqc",
    "version": "0.15.0",
    "webapi_port": null,
    "webapi_url": "https://mriqc.nimh.nih.gov/api/v1"
  },
  "size_t": 135,
  "size_x": 80,
  "size_y": 80,
  "size_z": 37,
  "snr": 4.658754651787435,
  "spacing_tr": 2.0,
  "spacing_x": 3.0,
  "spacing_y": 3.0,
  "spacing_z": 3.299999952316284,
  "spikes_num": 0,
  "summary_bg_k": 80.32537050699803,
  "summary_bg_mad": 0.96539306640625,
  "summary_bg_mean": 184.30120849609375,
  "summary_bg_median": 0.6596484184265137,
  "summary_bg_n": 148554.0,
  "summary_bg_p05": 0.0013695571047719567,
  "summary_bg_p95": 882.9601165771487,
  "summary_bg_stdv": 999.9942626953125,
  "summary_fg_k": 1.886532485235504,
  "summary_fg_mad": 3857.20556640625,
  "summary_fg_mean": 21020.462890625,
  "summary_fg_median": 20779.7890625,
  "summary_fg_n": 45966.0,
  "summary_fg_p05": 14420.446533203125,
  "summary_fg_p95": 28130.65087890625,
  "summary_fg_stdv": 4460.32568359375,
  "tsnr": 88.42491912841797
}