{
  "aor": 0.00019991836734693878,
  "aqi": 0.0032110824897959183,
  "bids_meta": {
    "AcquisitionNumber": 3,
    "BidsifyVersion": "0.3.5",
    "ConversionSoftware": "dcm2niix",
    "ConversionSoftwareVersion": "v1.0.20181125  GCC6.3.0",
    "EchoTime": 0.02762,
    "ImageComments": "PIOP",
    "ImageOrientationPatientDICOM": [
      0.999487,
      -0.0223992,
      -0.022877,
      0.0153522,
      0.962319,
      -0.271488
    ],
    "Manufacturer": "Philips",
    "NumberOfVolumesDiscardedByScanner": 2,
    "ParallelAcquisitionTechnique": "SENSE",
    "ParallelReductionFactorInPlane": 2,
    "PatientPosition": "HFS",
    "PhaseEncodingDirection": "j",
    "PhilipsRescaleIntercept": 0,
    "PhilipsRescaleSlope": 0.78559,
    "PhilipsScaleSlope": 0.0681475,
    "ProtocolName": "WIPpiopgstroopSENSE",
    "PulseSequenceType": "gradient echo EPI",
    "ReconMatrixPE": 80,
    "RepetitionTime": 2,
    "SeriesDescription": "ImageMRSERIES",
    "SeriesNumber": 3,
    "SliceEncodingDirection": "k",
    "TaskName": "gstroop",
    "UsePhilipsFloatNotDisplayScaling": 1,
    "acq_id": "seq",
    "dataset": "unknown",
    "modality": "bold",
    "subject_id": "0164",
    "task_id": "gstroop"
  },
  "dummy_trs": 0,
  "dvars_nstd": 23.41797331516393,
  "dvars_std": 1.2915900912704916,
  "dvars_vstd": 0.9979214387295084,
  "efc": 0.4246307083064578,
  "fber": 713369728.0,
  "fd_mean": 0.08568580003138583,
  "fd_num": 1,
  "fd_perc": 0.40816326530612246,
  "fwhm_avg": 2.266391828145846,
  "fwhm_x": 2.29587,
  "fwhm_y": 2.4345933333333334,
  "fwhm_z": 2.0687121511042066,
  "gcor": 0.00806111,
  "gsr_x": 0.00016545264224987477,
  "gsr_y": 0.0012065944029018283,
  "provenance": {
    "md5sum": "b4cc8666b0b5d3a58a7d98ec8af3c492",
    "settings": {
      "fd_thres": 0.2,
      "hmc_fsl": false
    },
    "software": "mriqc",
    "version": "0.15.0",
    "webapi_port": null,
    "webapi_url": "https://mriqc.nimh.nih.gov/api/v1"
  },
  "size_t": 245,
  "size_x": 80,
  "size_y": 80,
  "size_z": 37,
  "snr": 4.84664237957313,
  "spacing_tr": 2.0,
  "spacing_x": 3.0,
  "spacing_y": 3.0,
  "spacing_z": 3.299999952316284,
  "spikes_num": 0,
  "summary_bg_k": 86.22701451579425,
  "summary_bg_mad": 1.0503575801849365,
  "summary_bg_mean": 179.7940673828125,
  "summary_bg_median": 0.7156296372413635,
  "summary_bg_n": 148640.0,
  "summary_bg_p05": 0.0021357314893975855,
  "summary_bg_p95": 889.8297668456846,
  "summary_bg_stdv": 983.311279296875,
  "summary_fg_k": 2.3303708106507157,
  "summary_fg_mad": 3562.56005859375,
  "summary_fg_mean": 20824.447265625,
  "summary_fg_median": 20558.65625,
  "summary_fg_n": 45894.0,
  "summary_fg_p05": 14662.677490234375,
  "summary_fg_p95": 27540.44892578125,
  "summary_fg_stdv": 4241.78857421875,
  "tsnr": 85.84761810302734
}