{
  "aor": 0.0002819,
  "aqi": 0.00281366745,
  "bids_meta": {
    "AcquisitionNumber": 9,
    "BidsifyVersion": "0.3.5",
    "ConversionSoftware": "dcm2niix",
    "ConversionSoftwareVersion": "v1.0.20181125  GCC6.3.0",
    "EchoTime": 0.02762,
    "ImageComments": "piop",
    "ImageOrientationPatientDICOM": [
      0.997215,
      0.0618068,
      0.0417337,
      -0.0482486,
      0.961393,
      -0.270917
    ],
    "Manufacturer": "Philips",
    "NumberOfVolumesDiscardedByScanner": 2,
    "ParallelAcquisitionTechnique": "SENSE",
    "ParallelReductionFactorInPlane": 2,
    "PatientPosition": "HFS",
    "PhaseEncodingDirection": "j",
    "PhilipsRescaleIntercept": 0,
    "PhilipsRescaleSlope": 0.80147,
    "PhilipsScaleSlope": 0.0586538,
    "ProtocolName": "WIPpiopanticipatieSENSE",
    "PulseSequenceType": "gradient echo EPI",
    "ReconMatrixPE": 80,
    "RepetitionTime": 2,
    "SeriesDescription": "ImageMRSERIES",
    "SeriesNumber": 9,
    "SliceEncodingDirection": "k",
    "TaskName": "anticipation",
    "UsePhilipsFloatNotDisplayScaling": 1,
    "acq_id": "seq",
    "dataset": "unknown",
    "modality": "bold",
    "subject_id": "0103",
    "task_id": "anticipation"
  },
  "dummy_trs": 0,
  "dvars_nstd": 26.424035872512547,
  "dvars_std": 1.262855474623116,
  "dvars_vstd": 0.9890107601005024,
  "efc": 0.3856668202402987,
  "fber": 1446687744.0,
  "fd_mean": 0.15046297530056726,
  "fd_num": 41,
  "fd_perc": 20.5,
  "fwhm_avg": 2.3223686972416107,
  "fwhm_x": 2.3176633333333334,
  "fwhm_y": 2.495836666666667,
  "fwhm_z": 2.1536060917248308,
  "gcor": 0.00794547,
  "gsr_x": -0.009834284894168377,
  "gsr_y": 0.003956907894462347,
  "provenance": {
    "md5sum": "17ad82d13bde894297e0c2f604a830f5",
    "settings": {
      "fd_thres": 0.2,
      "hmc_fsl": false
    },
    "software": "mriqc",
    "version": "0.15.0",
    "webapi_port": null,
    "webapi_url": "https://mriqc.nimh.nih.gov/api/v1"
  },
  "size_t": 200,
  "size_x": 80,
  "size_y": 80,
  "size_z": 37,
  "snr": 4.55725286197948,
  "spacing_tr": 2.0,
  "spacing_x": 3.0,
  "spacing_y": 3.0,
  "spacing_z": 3.299999952316284,
  "spikes_num": 1,
  "summary_bg_k": 100.07996296240998,
  "summary_bg_mad": 0.8906241059303284,
  "summary_bg_mean": 185.3040008544922,
  "summary_bg_median": 0.6086594462394714,
  "summary_bg_n": 157513.0,
  "summary_bg_p05": 0.002016814099624753,
  "summary_bg_p95": 645.122521972656,
  "summary_bg_stdv": 1115.5361328125,
  "summary_fg_k": 1.9351896778944546,
  "summary_fg_mad": 4569.78857421875,
  "summary_fg_mean": 24790.06640625,
  "summary_fg_median": 24447.966796875,
  "summary_fg_n": 38587.0,
  "summary_fg_p05": 16877.59921875,
  "summary_fg_p95": 33552.645703124996,
  "summary_fg_stdv": 5364.55859375,
  "tsnr": 83.90998840332031
}