{
  "aor": 0.0003597489539748954,
  "aqi": 0.009433887175732217,
  "bids_meta": {
    "AcquisitionNumber": 6,
    "BidsifyVersion": "0.3.5",
    "ConversionSoftware": "dcm2niix",
    "ConversionSoftwareVersion": "v1.0.20181125  GCC6.3.0",
    "EchoTime": 0.02762,
    "ImageComments": "piop",
    "ImageOrientationPatientDICOM": [
      0.997215,
      0.0618068,
      0.0417337,
      -0.0482486,
      0.961393,
      -0.270917
    ],
    "Manufacturer": "Philips",
    "NumberOfVolumesDiscardedByScanner": 2,
    "ParallelAcquisitionTechnique": "SENSE",
    "ParallelReductionFactorInPlane": 2,
    "PatientPosition": "HFS",
    "PhaseEncodingDirection": "j",
    "PhilipsRescaleIntercept": 0,
    "PhilipsRescaleSlope": 0.80928,
    "PhilipsScaleSlope": 0.0918791,
    "ProtocolName": "WIPpioprsSENSE",
    "PulseSequenceType": "gradient echo EPI",
    "ReconMatrixPE": 80,
    "RepetitionTime": 0.75,
    "SeriesDescription": "ImageMRSERIES",
    "SeriesNumber": 6,
    "SliceEncodingDirection": "k",
    "TaskName": "restingstate",
    "UsePhilipsFloatNotDisplayScaling": 1,
    "acq_id": "mb3",
    "dataset": "unknown",
    "modality": "bold",
    "subject_id": "0103",
    "task_id": "restingstate"
  },
  "dummy_trs": 2,
  "dvars_nstd": 32.0504685407547,
  "dvars_std": 1.135878850461216,
  "dvars_vstd": 0.9966658463102737,
  "efc": 0.3922149672078802,
  "fber": 1050349888.0,
  "fd_mean": 0.14182452646480231,
  "fd_num": 71,
  "fd_perc": 14.853556485355648,
  "fwhm_avg": 2.4299892028143155,
  "fwhm_x": 2.4099033333333333,
  "fwhm_y": 2.61804,
  "fwhm_z": 2.262024275109613,
  "gcor": 0.0177296,
  "gsr_x": -0.011385990306735039,
  "gsr_y": 0.003238071221858263,
  "provenance": {
    "md5sum": "7ddf90071eaa67386af5a7d25624a952",
    "settings": {
      "fd_thres": 0.2,
      "hmc_fsl": false
    },
    "software": "mriqc",
    "version": "0.15.0",
    "webapi_port": null,
    "webapi_url": "https://mriqc.nimh.nih.gov/api/v1"
  },
  "size_t": 478,
  "size_x": 80,
  "size_y": 80,
  "size_z": 36,
  "snr": 5.32138445770803,
  "spacing_tr": 0.75,
  "spacing_x": 3.0,
  "spacing_y": 3.0,
  "spacing_z": 3.299999952316284,
  "spikes_num": 1,
  "summary_bg_k": 94.3244377425598,
  "summary_bg_mad": 0.7016961574554443,
  "summary_bg_mean": 142.44334411621094,
  "summary_bg_median": 0.4815881550312042,
  "summary_bg_n": 152663.0,
  "summary_bg_p05": 0.0031468250323086976,
  "summary_bg_p95": 595.6540893554678,
  "summary_bg_stdv": 821.9462280273438,
  "summary_fg_k": 2.599671851241834,
  "summary_fg_mad": 2673.480712890625,
  "summary_fg_mean": 16925.482421875,
  "summary_fg_median": 17035.921875,
  "summary_fg_n": 37795.0,
  "summary_fg_p05": 11599.9515625,
  "summary_fg_p95": 21703.11953125,
  "summary_fg_stdv": 3201.365478515625,
  "tsnr": 45.96876907348633
}