{
  "aor": 0.000507673469387755,
  "aqi": 0.00382851106122449,
  "bids_meta": {
    "AcquisitionNumber": 3,
    "BidsifyVersion": "0.3.5",
    "ConversionSoftware": "dcm2niix",
    "ConversionSoftwareVersion": "v1.0.20181125  GCC6.3.0",
    "EchoTime": 0.02762,
    "ImageComments": "piop",
    "ImageOrientationPatientDICOM": [
      0.997215,
      0.0618068,
      0.0417337,
      -0.0482486,
      0.961393,
      -0.270917
    ],
    "Manufacturer": "Philips",
    "NumberOfVolumesDiscardedByScanner": 2,
    "ParallelAcquisitionTechnique": "SENSE",
    "ParallelReductionFactorInPlane": 2,
    "PatientPosition": "HFS",
    "PhaseEncodingDirection": "j",
    "PhilipsRescaleIntercept": 0,
    "PhilipsRescaleSlope": 0.82442,
    "PhilipsScaleSlope": 0.055964,
    "ProtocolName": "WIPpiopgstroopSENSE",
    "PulseSequenceType": "gradient echo EPI",
    "ReconMatrixPE": 80,
    "RepetitionTime": 2,
    "SeriesDescription": "ImageMRSERIES",
    "SeriesNumber": 3,
    "SliceEncodingDirection": "k",
    "TaskName": "gstroop",
    "UsePhilipsFloatNotDisplayScaling": 1,
    "acq_id": "seq",
    "dataset": "unknown",
    "modality": "bold",
    "subject_id": "0103",
    "task_id": "gstroop"
  },
  "dummy_trs": 0,
  "dvars_nstd": 25.4915416122541,
  "dvars_std": 1.2112123397950818,
  "dvars_vstd": 0.9882479508606556,
  "efc": 0.3860921867450878,
  "fber": 458210144.0,
  "fd_mean": 0.15337110151891828,
  "fd_num": 53,
  "fd_perc": 21.632653061224488,
  "fwhm_avg": 2.3031918284594037,
  "fwhm_x": 2.29899,
  "fwhm_y": 2.4767733333333335,
  "fwhm_z": 2.1338121520448765,
  "gcor": 0.027928,
  "gsr_x": -0.009900002740323544,
  "gsr_y": 0.0034448120277374983,
  "provenance": {
    "md5sum": "ab8324169e66096f91275608fe4d429f",
    "settings": {
      "fd_thres": 0.2,
      "hmc_fsl": false
    },
    "software": "mriqc",
    "version": "0.15.0",
    "webapi_port": null,
    "webapi_url": "https://mriqc.nimh.nih.gov/api/v1"
  },
  "size_t": 245,
  "size_x": 80,
  "size_y": 80,
  "size_z": 37,
  "snr": 4.6276885597765265,
  "spacing_tr": 2.0,
  "spacing_x": 3.0,
  "spacing_y": 3.0,
  "spacing_z": 3.299999952316284,
  "spikes_num": 2,
  "summary_bg_k": 106.8753622586746,
  "summary_bg_mad": 1.55476975440979,
  "summary_bg_mean": 194.46665954589844,
  "summary_bg_median": 1.0658905506134033,
  "summary_bg_n": 157725.0,
  "summary_bg_p05": 0.007502330001443626,
  "summary_bg_p95": 691.5550537109358,
  "summary_bg_stdv": 1158.59375,
  "summary_fg_k": 2.1014232778212634,
  "summary_fg_mad": 4602.0087890625,
  "summary_fg_mean": 25512.109375,
  "summary_fg_median": 25177.30078125,
  "summary_fg_n": 38465.0,
  "summary_fg_p05": 17593.800390625,
  "summary_fg_p95": 34333.747656249994,
  "summary_fg_stdv": 5440.50732421875,
  "tsnr": 73.20777893066406
}