{
  "aor": 0.00022991649269311066,
  "aqi": 0.00704092993736952,
  "bids_meta": {
    "AcquisitionNumber": 6,
    "BidsifyVersion": "0.3.5",
    "ConversionSoftware": "dcm2niix",
    "ConversionSoftwareVersion": "v1.0.20181125  GCC6.3.0",
    "EchoTime": 0.02762,
    "EffectiveEchoSpacing": 0.0006333282667071997,
    "ImageComments": "piop",
    "ImageOrientationPatientDICOM": [
      0.999039,
      0.032826,
      0.0290316,
      -0.0214502,
      0.944004,
      -0.329236
    ],
    "Manufacturer": "Philips",
    "NumberOfVolumesDiscardedByScanner": 2,
    "ParallelAcquisitionTechnique": "SENSE",
    "ParallelReductionFactorInPlane": 2,
    "PatientPosition": "HFS",
    "PhaseEncodingDirection": "j",
    "PhilipsRescaleIntercept": 0,
    "PhilipsRescaleSlope": 0.79292,
    "PhilipsScaleSlope": 0.0902723,
    "ProtocolName": "WIPpioprsSENSE",
    "PulseSequenceType": "gradient echo EPI",
    "ReconMatrixPE": 80,
    "RepetitionTime": 0.75,
    "SeriesDescription": "ImageMRSERIES",
    "SeriesNumber": 6,
    "SliceEncodingDirection": "k",
    "SliceTiming": [
      0.0,
      0.06755050505050506,
      0.1351010101010101,
      0.20265151515151517,
      0.2702020202020202,
      0.3377525252525253,
      0.40530303030303033,
      0.47285353535353536,
      0.5404040404040404,
      0.6079545454545455,
      0.6755050505050506,
      0.7430555555555556,
      0.0,
      0.06755050505050506,
      0.1351010101010101,
      0.20265151515151517,
      0.2702020202020202,
      0.3377525252525253,
      0.40530303030303033,
      0.47285353535353536,
      0.5404040404040404,
      0.6079545454545455,
      0.6755050505050506,
      0.7430555555555556,
      0.0,
      0.06755050505050506,
      0.1351010101010101,
      0.20265151515151517,
      0.2702020202020202,
      0.3377525252525253,
      0.40530303030303033,
      0.47285353535353536,
      0.5404040404040404,
      0.6079545454545455,
      0.6755050505050506,
      0.7430555555555556
    ],
    "TaskName": "restingstate",
    "TotalReadoutTime": 0.024699802401580786,
    "UsePhilipsFloatNotDisplayScaling": 1,
    "acq_id": "mb3",
    "dataset": "unknown",
    "modality": "bold",
    "subject_id": "0171",
    "task_id": "restingstate"
  },
  "dummy_trs": 1,
  "dvars_nstd": 27.133770822949803,
  "dvars_std": 1.1406912236820077,
  "dvars_vstd": 1.0003601264225936,
  "efc": 0.40464321271813347,
  "fber": 549850752.0,
  "fd_mean": 0.08461625545211561,
  "fd_num": 6,
  "fd_perc": 1.2526096033402923,
  "fwhm_avg": 2.441133243095432,
  "fwhm_x": 2.3752733333333333,
  "fwhm_y": 2.7116233333333333,
  "fwhm_z": 2.2365030626196294,
  "gcor": 0.0181839,
  "gsr_x": -0.010277885012328625,
  "gsr_y": 0.004245521500706673,
  "provenance": {
    "md5sum": "fed12f4d0813ec703cc8fdb2f310c4c3",
    "settings": {
      "fd_thres": 0.2,
      "hmc_fsl": false
    },
    "software": "mriqc",
    "version": "0.15.0",
    "webapi_port": null,
    "webapi_url": "https://mriqc.nimh.nih.gov/api/v1"
  },
  "size_t": 479,
  "size_x": 80,
  "size_y": 80,
  "size_z": 36,
  "snr": 5.074384856070944,
  "spacing_tr": 0.75,
  "spacing_x": 3.0,
  "spacing_y": 3.0,
  "spacing_z": 3.299999952316284,
  "spikes_num": 0,
  "summary_bg_k": 80.89489068361118,
  "summary_bg_mad": 0.999710202217102,
  "summary_bg_mean": 183.28414916992188,
  "summary_bg_median": 0.683177649974823,
  "summary_bg_n": 150694.0,
  "summary_bg_p05": 0.0018770434777252377,
  "summary_bg_p95": 724.0063293457065,
  "summary_bg_stdv": 985.1778564453125,
  "summary_fg_k": 2.7637041384158323,
  "summary_fg_mad": 2631.1064453125,
  "summary_fg_mean": 16656.267578125,
  "summary_fg_median": 16838.5546875,
  "summary_fg_n": 39251.0,
  "summary_fg_p05": 10908.52734375,
  "summary_fg_p95": 21412.4462890625,
  "summary_fg_stdv": 3318.3017578125,
  "tsnr": 53.493614196777344
}