{
  "bids_meta": {
    "AcquisitionNumber": 4,
    "BidsifyVersion": "0.3.5",
    "ConversionSoftware": "dcm2niix",
    "ConversionSoftwareVersion": "v1.0.20181125  GCC6.3.0",
    "EchoTime": 0.00376,
    "ImageComments": "PIOP",
    "ImageOrientationPatientDICOM": [
      0.994917,
      0.100486,
      -0.00653733,
      -0.100534,
      0.994906,
      -0.00740873
    ],
    "Manufacturer": "Philips",
    "PatientPosition": "HFS",
    "PhilipsRescaleIntercept": 0,
    "PhilipsRescaleSlope": 8.99072,
    "PhilipsScaleSlope": 0.00702694,
    "ProtocolName": "WIPt13dSENSE",
    "ReconMatrixPE": 240,
    "RepetitionTime": 0.00815,
    "SeriesDescription": "ImageMRSERIES",
    "SeriesNumber": 4,
    "UsePhilipsFloatNotDisplayScaling": 1,
    "dataset": "unknown",
    "modality": "T1w",
    "subject_id": "0146"
  },
  "cjv": 0.3292898214426727,
  "cnr": 3.803713389398459,
  "efc": 0.7854272850810945,
  "fber": 361.65216064453125,
  "fwhm_avg": 3.4854700649911208,
  "fwhm_x": 3.51841,
  "fwhm_y": 3.66689,
  "fwhm_z": 3.271110194973361,
  "icvs_csf": 0.18943488203816397,
  "icvs_gm": 0.43737243246628554,
  "icvs_wm": 0.37319268549555046,
  "inu_med": 1.7892577648162842,
  "inu_range": 0.6151518702507017,
  "provenance": {
    "md5sum": "34b8f8648041b8b79c4296496413bd31",
    "settings": {
      "testing": false
    },
    "software": "mriqc",
    "version": "0.15.0",
    "warnings": {
      "large_rot_frame": true,
      "small_air_mask": true
    },
    "webapi_port": null,
    "webapi_url": "https://mriqc.nimh.nih.gov/api/v1"
  },
  "qi_1": 0.0,
  "qi_2": 0.0002660191208251159,
  "rpve_csf": 26.341442036506987,
  "rpve_gm": 12.645758592286471,
  "rpve_wm": 18.299002665565947,
  "size_x": 240,
  "size_y": 240,
  "size_z": 220,
  "snr_csf": 1.6441378022828907,
  "snr_gm": 6.900413828591324,
  "snr_total": 9.088512466510354,
  "snr_wm": 18.720985768656845,
  "snrd_csf": 13.803510912045992,
  "snrd_gm": 38.465604061962544,
  "snrd_total": 38.56086734536324,
  "snrd_wm": 63.41348706208118,
  "spacing_x": 1.0,
  "spacing_y": 1.0,
  "spacing_z": 0.9999999403953552,
  "summary_bg_k": 1.8725932241788756,
  "summary_bg_mad": 10.331165313720703,
  "summary_bg_mean": 12.685827255249023,
  "summary_bg_median": 7.114565372467041,
  "summary_bg_n": 81393.0,
  "summary_bg_p05": 0.0,
  "summary_bg_p95": 34.92486495971679,
  "summary_bg_stdv": 10.834712028503418,
  "summary_csf_k": 1.0552162809536876,
  "summary_csf_mad": 146.21510314941406,
  "summary_csf_mean": 242.2679443359375,
  "summary_csf_median": 217.67430114746094,
  "summary_csf_n": 6811.0,
  "summary_csf_p05": 68.08487701416016,
  "summary_csf_p95": 462.4357604980469,
  "summary_csf_stdv": 132.3844757080078,
  "summary_gm_k": 0.5477392029378589,
  "summary_gm_mad": 81.76473999023438,
  "summary_gm_mean": 612.7319946289062,
  "summary_gm_median": 606.5828857421875,
  "summary_gm_n": 21472.0,
  "summary_gm_p05": 479.5672637939453,
  "summary_gm_p95": 770.1151977539063,
  "summary_gm_stdv": 87.90324401855469,
  "summary_wm_k": 1.0926859711848955,
  "summary_wm_mad": 47.782928466796875,
  "summary_wm_mean": 996.4518432617188,
  "summary_wm_median": 999.9982299804688,
  "summary_wm_n": 221162.0,
  "summary_wm_p05": 901.9832244873047,
  "summary_wm_p95": 1076.504571533203,
  "summary_wm_stdv": 53.415775299072266,
  "tpm_overlap_csf": 0.21505582332611084,
  "tpm_overlap_gm": 0.5102227330207825,
  "tpm_overlap_wm": 0.5497190356254578,
  "wm2max": 0.6740469728315165
}