{
  "aor": 0.003661338912133891,
  "aqi": 0.011648914686192467,
  "bids_meta": {
    "AcquisitionNumber": 3,
    "BidsifyVersion": "0.3.5",
    "ConversionSoftware": "dcm2niix",
    "ConversionSoftwareVersion": "v1.0.20181125  GCC6.3.0",
    "EchoTime": 0.02762,
    "EffectiveEchoSpacing": 0.0006621159151938905,
    "ImageComments": "piop",
    "ImageOrientationPatientDICOM": [
      0.999805,
      -0.0195836,
      -0.00239993,
      0.0190227,
      0.989079,
      -0.146155
    ],
    "Manufacturer": "Philips",
    "NumberOfVolumesDiscardedByScanner": 2,
    "ParallelAcquisitionTechnique": "SENSE",
    "ParallelReductionFactorInPlane": 2,
    "PatientPosition": "HFS",
    "PhaseEncodingDirection": "j",
    "PhilipsRescaleIntercept": 0,
    "PhilipsRescaleSlope": 0.82442,
    "PhilipsScaleSlope": 0.0547112,
    "ProtocolName": "WIPpiopgstroopSENSE",
    "PulseSequenceType": "gradient echo EPI",
    "ReconMatrixPE": 80,
    "RepetitionTime": 2,
    "SeriesDescription": "ImageMRSERIES",
    "SeriesNumber": 3,
    "SliceEncodingDirection": "k",
    "SliceTiming": [
      0.0,
      0.0541,
      0.1081,
      0.1622,
      0.2162,
      0.2703,
      0.3243,
      0.3784,
      0.4324,
      0.4865,
      0.5405,
      0.5946,
      0.6486,
      0.7027,
      0.7568,
      0.8108,
      0.8649,
      0.9189,
      0.973,
      1.027,
      1.0811,
      1.1351,
      1.1892,
      1.2432,
      1.2973,
      1.3514,
      1.4054,
      1.4595,
      1.5135,
      1.5676,
      1.6216,
      1.6757,
      1.7297,
      1.7838,
      1.8378,
      1.8919,
      1.9459
    ],
    "TaskName": "gstroop",
    "TotalReadoutTime": 0.025822520692561732,
    "UsePhilipsFloatNotDisplayScaling": 1,
    "acq_id": "seq",
    "dataset": "unknown",
    "modality": "bold",
    "subject_id": "0161",
    "task_id": "gstroop"
  },
  "dummy_trs": 6,
  "dvars_nstd": 23.881582949369754,
  "dvars_std": 1.220530199705882,
  "dvars_vstd": 0.9730843627310927,
  "efc": 0.4209766997561211,
  "fber": 532063392.0,
  "fd_mean": 0.09065749427698855,
  "fd_num": 5,
  "fd_perc": 2.092050209205021,
  "fwhm_avg": 2.386639909595125,
  "fwhm_x": 2.2972,
  "fwhm_y": 2.660883333333333,
  "fwhm_z": 2.201836395452043,
  "gcor": 0.00374507,
  "gsr_x": -0.001767036272212863,
  "gsr_y": 0.002082875929772854,
  "provenance": {
    "md5sum": "34dd7e3ce9b043e83f5c0f0551b7edb6",
    "settings": {
      "fd_thres": 0.2,
      "hmc_fsl": false
    },
    "software": "mriqc",
    "version": "0.15.0",
    "webapi_port": null,
    "webapi_url": "https://mriqc.nimh.nih.gov/api/v1"
  },
  "size_t": 239,
  "size_x": 80,
  "size_y": 80,
  "size_z": 37,
  "snr": 4.860166724043142,
  "spacing_tr": 2.0,
  "spacing_x": 3.0,
  "spacing_y": 3.0,
  "spacing_z": 3.299999952316284,
  "spikes_num": 0,
  "summary_bg_k": 68.16226860114972,
  "summary_bg_mad": 1.3622556924819946,
  "summary_bg_mean": 248.63140869140625,
  "summary_bg_median": 0.9302030801773071,
  "summary_bg_n": 151255.0,
  "summary_bg_p05": 0.005072230938822031,
  "summary_bg_p95": 1122.5084960937409,
  "summary_bg_stdv": 1264.74365234375,
  "summary_fg_k": 2.8234878618152983,
  "summary_fg_mad": 4195.12158203125,
  "summary_fg_mean": 24302.44140625,
  "summary_fg_median": 24232.015625,
  "summary_fg_n": 43957.0,
  "summary_fg_p05": 16674.630859375,
  "summary_fg_p95": 31655.849609374996,
  "summary_fg_stdv": 4985.78369140625,
  "tsnr": 51.50617218017578
}