{
  "bids_meta": {
    "AcquisitionNumber": 4,
    "BidsifyVersion": "0.3.5",
    "ConversionSoftware": "dcm2niix",
    "ConversionSoftwareVersion": "v1.0.20181125  GCC6.3.0",
    "EchoTime": 0.00377,
    "ImageComments": "PIoP",
    "ImageOrientationPatientDICOM": [
      0.997695,
      -0.0558398,
      0.0385521,
      0.0584003,
      0.995917,
      -0.06884
    ],
    "Manufacturer": "Philips",
    "PatientPosition": "HFS",
    "PhilipsRescaleIntercept": 0,
    "PhilipsRescaleSlope": 9.28987,
    "PhilipsScaleSlope": 0.00740581,
    "ProtocolName": "WIPt13dSENSE",
    "ReconMatrixPE": 240,
    "RepetitionTime": 0.008215,
    "SeriesDescription": "ImageMRSERIES",
    "SeriesNumber": 4,
    "UsePhilipsFloatNotDisplayScaling": 1,
    "dataset": "unknown",
    "modality": "T1w",
    "subject_id": "0187"
  },
  "cjv": 0.32099263570456754,
  "cnr": 3.953985041061677,
  "efc": 0.789278125701676,
  "fber": 1501.8414306640625,
  "fwhm_avg": 3.574126381393705,
  "fwhm_x": 3.54325,
  "fwhm_y": 3.727449555653387,
  "fwhm_z": 3.4516795885277287,
  "icvs_csf": 0.1852112600648896,
  "icvs_gm": 0.4395623976556932,
  "icvs_wm": 0.37522634227941715,
  "inu_med": 1.8228163719177246,
  "inu_range": 0.5624858140945435,
  "provenance": {
    "md5sum": "78129c517e6f4bad3b081163df9f95cb",
    "settings": {
      "testing": false
    },
    "software": "mriqc",
    "version": "0.15.0",
    "warnings": {
      "large_rot_frame": true,
      "small_air_mask": true
    },
    "webapi_port": null,
    "webapi_url": "https://mriqc.nimh.nih.gov/api/v1"
  },
  "qi_1": 0.0,
  "qi_2": 0.0003482023976871227,
  "rpve_csf": 26.053089177456854,
  "rpve_gm": 12.401638660055053,
  "rpve_wm": 17.796844496528834,
  "size_x": 240,
  "size_y": 240,
  "size_z": 220,
  "snr_csf": 1.8100502373125698,
  "snr_gm": 7.194128804067815,
  "snr_total": 9.284746531105371,
  "snr_wm": 18.85006055193573,
  "snrd_csf": 15.655554346786884,
  "snrd_gm": 41.10663583095055,
  "snrd_total": 41.564078220046206,
  "snrd_wm": 67.93004448240119,
  "spacing_x": 1.0,
  "spacing_y": 1.0000001192092896,
  "spacing_z": 1.0000001192092896,
  "summary_bg_k": 1.933445041470013,
  "summary_bg_mad": 9.64418888092041,
  "summary_bg_mean": 10.292895317077637,
  "summary_bg_median": 6.50490665435791,
  "summary_bg_n": 52498.0,
  "summary_bg_p05": 0.0,
  "summary_bg_p95": 26.206094455718993,
  "summary_bg_stdv": 9.156335830688477,
  "summary_csf_k": 3.0449374567522423,
  "summary_csf_mad": 153.13006591796875,
  "summary_csf_mean": 244.45578002929688,
  "summary_csf_median": 230.46365356445312,
  "summary_csf_n": 7172.0,
  "summary_csf_p05": 70.32285041809082,
  "summary_csf_p95": 445.167268371582,
  "summary_csf_stdv": 127.3155746459961,
  "summary_gm_k": 0.3211900611467704,
  "summary_gm_mad": 79.3661880493164,
  "summary_gm_mean": 610.8898315429688,
  "summary_gm_median": 605.1261596679688,
  "summary_gm_n": 28891.0,
  "summary_gm_p05": 481.591552734375,
  "summary_gm_p95": 760.3319702148438,
  "summary_gm_stdv": 84.11243438720703,
  "summary_wm_k": 1.0793206628634389,
  "summary_wm_mad": 47.38236999511719,
  "summary_wm_mean": 996.5142211914062,
  "summary_wm_median": 999.9905395507812,
  "summary_wm_n": 229757.0,
  "summary_wm_p05": 902.360546875,
  "summary_wm_p95": 1076.2283203124998,
  "summary_wm_stdv": 53.04961013793945,
  "tpm_overlap_csf": 0.22597038745880127,
  "tpm_overlap_gm": 0.5242261290550232,
  "tpm_overlap_wm": 0.5696359872817993,
  "wm2max": 0.7083301473865192
}