{
    "Manufacturer": "Philips",
    "PatientPosition": "HFS",
    "SeriesDescription": "ImageMRSERIES",
    "ProtocolName": "WIPt13dSENSE",
    "SeriesNumber": 4,
    "AcquisitionNumber": 4,
    "ImageComments": "piop",
    "PhilipsRescaleSlope": 8.54579,
    "PhilipsRescaleIntercept": 0,
    "PhilipsScaleSlope": 0.00755929,
    "UsePhilipsFloatNotDisplayScaling": 1,
    "EchoTime": 0.00374,
    "RepetitionTime": 0.008147,
    "ReconMatrixPE": 240,
    "ImageOrientationPatientDICOM": [
        0.999289,
        0.0376825,
        -0.000779381,
        -0.0376902,
        0.998969,
        -0.0252932
    ],
    "ConversionSoftware": "dcm2niix",
    "ConversionSoftwareVersion": "v1.0.20181125  GCC6.3.0",
    "BidsifyVersion": "0.3.5"
}