{
  "aor": 0.0002510942249240122,
  "aqi": 0.0057151649544072945,
  "bids_meta": {
    "AcquisitionNumber": 2,
    "BidsifyVersion": "0.3.5",
    "ConversionSoftware": "dcm2niix",
    "ConversionSoftwareVersion": "v1.0.20181125  GCC6.3.0",
    "EchoTime": 0.02762,
    "EffectiveEchoSpacing": 0.0006333282667071997,
    "ImageComments": "piop",
    "ImageOrientationPatientDICOM": [
      0.996384,
      0.0250074,
      -0.0812033,
      -0.0492543,
      0.948743,
      -0.312186
    ],
    "Manufacturer": "Philips",
    "NumberOfVolumesDiscardedByScanner": 2,
    "ParallelAcquisitionTechnique": "SENSE",
    "ParallelReductionFactorInPlane": 2,
    "PatientPosition": "HFS",
    "PhaseEncodingDirection": "j",
    "PhilipsRescaleIntercept": 0,
    "PhilipsRescaleSlope": 0.77973,
    "PhilipsScaleSlope": 0.0974284,
    "ProtocolName": "WIPpiopfacesSENSE",
    "PulseSequenceType": "gradient echo EPI",
    "ReconMatrixPE": 80,
    "RepetitionTime": 0.75,
    "SeriesDescription": "ImageMRSERIES",
    "SeriesNumber": 2,
    "SliceEncodingDirection": "k",
    "SliceTiming": [
      0.0,
      0.06755050505050506,
      0.1351010101010101,
      0.20265151515151517,
      0.2702020202020202,
      0.3377525252525253,
      0.40530303030303033,
      0.47285353535353536,
      0.5404040404040404,
      0.6079545454545455,
      0.6755050505050506,
      0.7430555555555556,
      0.0,
      0.06755050505050506,
      0.1351010101010101,
      0.20265151515151517,
      0.2702020202020202,
      0.3377525252525253,
      0.40530303030303033,
      0.47285353535353536,
      0.5404040404040404,
      0.6079545454545455,
      0.6755050505050506,
      0.7430555555555556,
      0.0,
      0.06755050505050506,
      0.1351010101010101,
      0.20265151515151517,
      0.2702020202020202,
      0.3377525252525253,
      0.40530303030303033,
      0.47285353535353536,
      0.5404040404040404,
      0.6079545454545455,
      0.6755050505050506,
      0.7430555555555556
    ],
    "TaskName": "faces",
    "TotalReadoutTime": 0.024699802401580786,
    "UsePhilipsFloatNotDisplayScaling": 1,
    "acq_id": "mb3",
    "dataset": "unknown",
    "modality": "bold",
    "subject_id": "0136",
    "task_id": "faces"
  },
  "dummy_trs": 1,
  "dvars_nstd": 27.231418231554894,
  "dvars_std": 1.1469375226219514,
  "dvars_vstd": 1.0205412112499996,
  "efc": 0.3860983468958873,
  "fber": 7038759424.0,
  "fd_mean": 0.09126883291247842,
  "fd_num": 3,
  "fd_perc": 0.9118541033434651,
  "fwhm_avg": 2.4113966772826356,
  "fwhm_x": 2.3644433333333335,
  "fwhm_y": 2.66568,
  "fwhm_z": 2.2040666985145725,
  "gcor": 0.00848243,
  "gsr_x": -0.0054207476787269115,
  "gsr_y": 0.0004907043767161667,
  "provenance": {
    "md5sum": "ea4ed6eb9af4d9c438f8037dcc24d92b",
    "settings": {
      "fd_thres": 0.2,
      "hmc_fsl": false
    },
    "software": "mriqc",
    "version": "0.15.0",
    "webapi_port": null,
    "webapi_url": "https://mriqc.nimh.nih.gov/api/v1"
  },
  "size_t": 329,
  "size_x": 80,
  "size_y": 80,
  "size_z": 36,
  "snr": 5.071513033271353,
  "spacing_tr": 0.75,
  "spacing_x": 3.0,
  "spacing_y": 3.0,
  "spacing_z": 3.299999952316284,
  "spikes_num": 0,
  "summary_bg_k": 125.62602586657857,
  "summary_bg_mad": 0.2705818712711334,
  "summary_bg_mean": 101.44786834716797,
  "summary_bg_median": 0.18383383750915527,
  "summary_bg_n": 153179.0,
  "summary_bg_p05": 0.00051942584104836,
  "summary_bg_p95": 394.9267395019568,
  "summary_bg_stdv": 605.9044799804688,
  "summary_fg_k": 1.7385268442821102,
  "summary_fg_mad": 2868.59130859375,
  "summary_fg_mean": 16353.1708984375,
  "summary_fg_median": 16378.626953125,
  "summary_fg_n": 37616.0,
  "summary_fg_p05": 11293.2041015625,
  "summary_fg_p95": 21376.0693359375,
  "summary_fg_stdv": 3229.49169921875,
  "tsnr": 56.775726318359375
}