{
  "aor": 0.00036999999999999994,
  "aqi": 0.004206258979591837,
  "bids_meta": {
    "AcquisitionNumber": 3,
    "BidsifyVersion": "0.3.5",
    "ConversionSoftware": "dcm2niix",
    "ConversionSoftwareVersion": "v1.0.20181125  GCC6.3.0",
    "EchoTime": 0.02762,
    "ImageComments": "PIOP",
    "ImageOrientationPatientDICOM": [
      0.999549,
      0.0300092,
      0.000905169,
      -0.0286183,
      0.961467,
      -0.273426
    ],
    "Manufacturer": "Philips",
    "NumberOfVolumesDiscardedByScanner": 2,
    "ParallelAcquisitionTechnique": "SENSE",
    "ParallelReductionFactorInPlane": 2,
    "PatientPosition": "HFS",
    "PhaseEncodingDirection": "j",
    "PhilipsRescaleIntercept": 0,
    "PhilipsRescaleSlope": 0.78559,
    "PhilipsScaleSlope": 0.0556797,
    "ProtocolName": "WIPpiopgstroopSENSE",
    "PulseSequenceType": "gradient echo EPI",
    "ReconMatrixPE": 80,
    "RepetitionTime": 2,
    "SeriesDescription": "ImageMRSERIES",
    "SeriesNumber": 3,
    "SliceEncodingDirection": "k",
    "TaskName": "gstroop",
    "UsePhilipsFloatNotDisplayScaling": 1,
    "acq_id": "seq",
    "dataset": "unknown",
    "modality": "bold",
    "subject_id": "0083",
    "task_id": "gstroop"
  },
  "dummy_trs": 0,
  "dvars_nstd": 22.35867002368851,
  "dvars_std": 1.1769974318442624,
  "dvars_vstd": 0.9869641749180329,
  "efc": 0.42618837190543807,
  "fber": 460760736.0,
  "fd_mean": 0.13671998878419309,
  "fd_num": 31,
  "fd_perc": 12.653061224489797,
  "fwhm_avg": 2.3178798084944883,
  "fwhm_x": 2.20963,
  "fwhm_y": 2.5609699999999997,
  "fwhm_z": 2.1830394254834644,
  "gcor": 0.0256963,
  "gsr_x": -0.007269298192113638,
  "gsr_y": 0.01057758741080761,
  "provenance": {
    "md5sum": "cd3e33316d099e68453f2aeca3fd000d",
    "settings": {
      "fd_thres": 0.2,
      "hmc_fsl": false
    },
    "software": "mriqc",
    "version": "0.15.0",
    "webapi_port": null,
    "webapi_url": "https://mriqc.nimh.nih.gov/api/v1"
  },
  "size_t": 245,
  "size_x": 80,
  "size_y": 80,
  "size_z": 37,
  "snr": 4.892473165981954,
  "spacing_tr": 2.0,
  "spacing_x": 3.0,
  "spacing_y": 3.0,
  "spacing_z": 3.299999952316284,
  "spikes_num": 0,
  "summary_bg_k": 233.68845201969367,
  "summary_bg_mad": 1.390427589416504,
  "summary_bg_mean": 158.1659393310547,
  "summary_bg_median": 0.9510964155197144,
  "summary_bg_n": 148493.0,
  "summary_bg_p05": 0.004866115096956492,
  "summary_bg_p95": 776.1880859374983,
  "summary_bg_stdv": 883.1685791015625,
  "summary_fg_k": 2.9300702011474815,
  "summary_fg_mad": 3958.89697265625,
  "summary_fg_mean": 23123.203125,
  "summary_fg_median": 22811.48828125,
  "summary_fg_n": 46792.0,
  "summary_fg_p05": 16793.104296875,
  "summary_fg_p95": 30421.688574218744,
  "summary_fg_stdv": 4662.51806640625,
  "tsnr": 74.31977844238281
}