{
    "Manufacturer": "Philips",
    "PatientPosition": "HFS",
    "SeriesDescription": "ImageMRSERIES",
    "ProtocolName": "WIPt13dSENSE",
    "SeriesNumber": 4,
    "AcquisitionNumber": 4,
    "ImageComments": "piop",
    "PhilipsRescaleSlope": 9.10818,
    "PhilipsRescaleIntercept": 0,
    "PhilipsScaleSlope": 0.00751196,
    "UsePhilipsFloatNotDisplayScaling": 1,
    "EchoTime": 0.0038,
    "RepetitionTime": 0.008257,
    "ReconMatrixPE": 240,
    "ImageOrientationPatientDICOM": [
        0.999805,
        -0.0195836,
        -0.00239993,
        0.0190227,
        0.989079,
        -0.146155
    ],
    "ConversionSoftware": "dcm2niix",
    "ConversionSoftwareVersion": "v1.0.20181125  GCC6.3.0",
    "BidsifyVersion": "0.3.5"
}