{
  "bids_meta": {
    "AcquisitionNumber": 4,
    "BidsifyVersion": "0.3.5",
    "ConversionSoftware": "dcm2niix",
    "ConversionSoftwareVersion": "v1.0.20181125  GCC6.3.0",
    "EchoTime": 0.0038,
    "ImageComments": "piop",
    "ImageOrientationPatientDICOM": [
      0.995286,
      -0.0513242,
      0.0822928,
      0.0600025,
      0.992478,
      -0.10671
    ],
    "Manufacturer": "Philips",
    "PatientPosition": "HFS",
    "PhilipsRescaleIntercept": 0,
    "PhilipsRescaleSlope": 9.35287,
    "PhilipsScaleSlope": 0.00750002,
    "ProtocolName": "WIPt13dSENSE",
    "ReconMatrixPE": 240,
    "RepetitionTime": 0.008286,
    "SeriesDescription": "ImageMRSERIES",
    "SeriesNumber": 4,
    "UsePhilipsFloatNotDisplayScaling": 1,
    "dataset": "unknown",
    "modality": "T1w",
    "subject_id": "0052"
  },
  "cjv": 0.30637461471500216,
  "cnr": 4.0815863907493375,
  "efc": 0.7720571571892152,
  "fber": 1221.4810791015625,
  "fwhm_avg": 3.6288899999999997,
  "fwhm_x": 3.55047,
  "fwhm_y": 3.88659,
  "fwhm_z": 3.44961,
  "icvs_csf": 0.21628190198027453,
  "icvs_gm": 0.4074150682202203,
  "icvs_wm": 0.3763030297995052,
  "inu_med": 2.506671905517578,
  "inu_range": 0.700515556335449,
  "provenance": {
    "md5sum": "9a13d4ff6b5dc000e7b4dc0f59791537",
    "settings": {
      "testing": false
    },
    "software": "mriqc",
    "version": "0.15.0",
    "warnings": {
      "large_rot_frame": true,
      "small_air_mask": true
    },
    "webapi_port": null,
    "webapi_url": "https://mriqc.nimh.nih.gov/api/v1"
  },
  "qi_1": 0.0,
  "qi_2": 0.0006016939289231908,
  "rpve_csf": 22.601532408216823,
  "rpve_gm": 12.503674995184282,
  "rpve_wm": 17.927679839680728,
  "size_x": 240,
  "size_y": 240,
  "size_z": 220,
  "snr_csf": 1.6628910231523872,
  "snr_gm": 7.148755613821987,
  "snr_total": 9.973429364146183,
  "snr_wm": 21.108641455464173,
  "snrd_csf": 19.356939738646705,
  "snrd_gm": 39.97593820804871,
  "snrd_total": 41.865809524888135,
  "snrd_wm": 66.264550627969,
  "spacing_x": 1.0,
  "spacing_y": 1.0,
  "spacing_z": 1.0,
  "summary_bg_k": 2.0568625850550983,
  "summary_bg_mad": 9.886434555053711,
  "summary_bg_mean": 11.038373947143555,
  "summary_bg_median": 6.745247840881348,
  "summary_bg_n": 48733.0,
  "summary_bg_p05": 0.0,
  "summary_bg_p95": 26.981084442138673,
  "summary_bg_stdv": 9.060376167297363,
  "summary_csf_k": 51.99884634673537,
  "summary_csf_mad": 149.85421752929688,
  "summary_csf_mean": 281.1537780761719,
  "summary_csf_median": 292.10882568359375,
  "summary_csf_n": 5466.0,
  "summary_csf_p05": 66.94313430786133,
  "summary_csf_p95": 461.88970947265625,
  "summary_csf_stdv": 175.6471710205078,
  "summary_gm_k": 0.7097814138147354,
  "summary_gm_mad": 78.42019653320312,
  "summary_gm_mean": 605.26123046875,
  "summary_gm_median": 603.262939453125,
  "summary_gm_n": 15390.0,
  "summary_gm_p05": 470.99102783203125,
  "summary_gm_p95": 749.4945831298827,
  "summary_gm_stdv": 84.38438415527344,
  "summary_wm_k": 1.0470051493724322,
  "summary_wm_mad": 43.12237548828125,
  "summary_wm_mean": 997.7900390625,
  "summary_wm_median": 999.9752197265625,
  "summary_wm_n": 244226.0,
  "summary_wm_p05": 916.6097717285156,
  "summary_wm_p95": 1070.5276184082031,
  "summary_wm_stdv": 47.3726921081543,
  "tpm_overlap_csf": 0.19857844710350037,
  "tpm_overlap_gm": 0.4955299496650696,
  "tpm_overlap_wm": 0.5611782073974609,
  "wm2max": 0.7620164271870036
}