{
  "aor": 0.0054956,
  "aqi": 0.0080590277,
  "bids_meta": {
    "AcquisitionNumber": 9,
    "BidsifyVersion": "0.3.5",
    "ConversionSoftware": "dcm2niix",
    "ConversionSoftwareVersion": "v1.0.20181125  GCC6.3.0",
    "EchoTime": 0.02762,
    "EffectiveEchoSpacing": 0.0006621159151938905,
    "ImageComments": "piop",
    "ImageOrientationPatientDICOM": [
      0.996145,
      -0.0876718,
      0.00282743,
      0.0871514,
      0.99286,
      0.0814512
    ],
    "Manufacturer": "Philips",
    "NumberOfVolumesDiscardedByScanner": 2,
    "ParallelAcquisitionTechnique": "SENSE",
    "ParallelReductionFactorInPlane": 2,
    "PatientPosition": "HFS",
    "PhaseEncodingDirection": "j",
    "PhilipsRescaleIntercept": 0,
    "PhilipsRescaleSlope": 0.80317,
    "PhilipsScaleSlope": 0.0585396,
    "ProtocolName": "WIPpiopanticipatieSENSE",
    "PulseSequenceType": "gradient echo EPI",
    "ReconMatrixPE": 80,
    "RepetitionTime": 2,
    "SeriesDescription": "ImageMRSERIES",
    "SeriesNumber": 9,
    "SliceEncodingDirection": "k",
    "SliceTiming": [
      0.0,
      0.0541,
      0.1081,
      0.1622,
      0.2162,
      0.2703,
      0.3243,
      0.3784,
      0.4324,
      0.4865,
      0.5405,
      0.5946,
      0.6486,
      0.7027,
      0.7568,
      0.8108,
      0.8649,
      0.9189,
      0.973,
      1.027,
      1.0811,
      1.1351,
      1.1892,
      1.2432,
      1.2973,
      1.3514,
      1.4054,
      1.4595,
      1.5135,
      1.5676,
      1.6216,
      1.6757,
      1.7297,
      1.7838,
      1.8378,
      1.8919,
      1.9459
    ],
    "TaskName": "anticipation",
    "TotalReadoutTime": 0.025822520692561732,
    "UsePhilipsFloatNotDisplayScaling": 1,
    "acq_id": "seq",
    "dataset": "unknown",
    "modality": "bold",
    "subject_id": "0166",
    "task_id": "anticipation"
  },
  "dummy_trs": 0,
  "dvars_nstd": 25.41315914547738,
  "dvars_std": 1.321085234974874,
  "dvars_vstd": 1.027283434974875,
  "efc": 0.3999782625096516,
  "fber": 315419840.0,
  "fd_mean": 0.13230819836263483,
  "fd_num": 27,
  "fd_perc": 13.5,
  "fwhm_avg": 2.3186665757393583,
  "fwhm_x": 2.3176366666666666,
  "fwhm_y": 2.544993333333333,
  "fwhm_z": 2.093369727218075,
  "gcor": 0.0167242,
  "gsr_x": 0.004558289423584938,
  "gsr_y": -0.0024468631017953157,
  "provenance": {
    "md5sum": "077371bb0804152f1e9816ff6ac5c8ea",
    "settings": {
      "fd_thres": 0.2,
      "hmc_fsl": false
    },
    "software": "mriqc",
    "version": "0.15.0",
    "webapi_port": null,
    "webapi_url": "https://mriqc.nimh.nih.gov/api/v1"
  },
  "size_t": 200,
  "size_x": 80,
  "size_y": 80,
  "size_z": 37,
  "snr": 5.229065080132963,
  "spacing_tr": 2.0,
  "spacing_x": 3.0,
  "spacing_y": 3.0,
  "spacing_z": 3.299999952316284,
  "spikes_num": 2,
  "summary_bg_k": 80.12570510798461,
  "summary_bg_mad": 1.851930856704712,
  "summary_bg_mean": 202.591064453125,
  "summary_bg_median": 1.271372675895691,
  "summary_bg_n": 155222.0,
  "summary_bg_p05": 0.0037114391569048172,
  "summary_bg_p95": 719.5497192382513,
  "summary_bg_stdv": 1124.629150390625,
  "summary_fg_k": 3.3295696114687248,
  "summary_fg_mad": 3530.962158203125,
  "summary_fg_mean": 23314.4921875,
  "summary_fg_median": 23204.466796875,
  "summary_fg_n": 40533.0,
  "summary_fg_p05": 16823.930468749997,
  "summary_fg_p95": 30063.68515625,
  "summary_fg_stdv": 4437.5390625,
  "tsnr": 64.03108215332031
}