{
  "aor": 0.005336090909090909,
  "aqi": 0.011786942,
  "bids_meta": {
    "AcquisitionNumber": 2,
    "BidsifyVersion": "0.3.5",
    "ConversionSoftware": "dcm2niix",
    "ConversionSoftwareVersion": "v1.0.20181125  GCC6.3.0",
    "EchoTime": 0.02762,
    "EffectiveEchoSpacing": 0.0006333282667071997,
    "ImageComments": "piop",
    "ImageOrientationPatientDICOM": [
      0.987957,
      0.154476,
      -0.00879912,
      -0.15471,
      0.987086,
      -0.0415376
    ],
    "Manufacturer": "Philips",
    "NumberOfVolumesDiscardedByScanner": 2,
    "ParallelAcquisitionTechnique": "SENSE",
    "ParallelReductionFactorInPlane": 2,
    "PatientPosition": "HFS",
    "PhaseEncodingDirection": "j",
    "PhilipsRescaleIntercept": 0,
    "PhilipsRescaleSlope": 0.79292,
    "PhilipsScaleSlope": 0.0853724,
    "ProtocolName": "WIPpiopfacesSENSE",
    "PulseSequenceType": "gradient echo EPI",
    "ReconMatrixPE": 80,
    "RepetitionTime": 0.75,
    "SeriesDescription": "ImageMRSERIES",
    "SeriesNumber": 2,
    "SliceEncodingDirection": "k",
    "SliceTiming": [
      0.0,
      0.06755050505050506,
      0.1351010101010101,
      0.20265151515151517,
      0.2702020202020202,
      0.3377525252525253,
      0.40530303030303033,
      0.47285353535353536,
      0.5404040404040404,
      0.6079545454545455,
      0.6755050505050506,
      0.7430555555555556,
      0.0,
      0.06755050505050506,
      0.1351010101010101,
      0.20265151515151517,
      0.2702020202020202,
      0.3377525252525253,
      0.40530303030303033,
      0.47285353535353536,
      0.5404040404040404,
      0.6079545454545455,
      0.6755050505050506,
      0.7430555555555556,
      0.0,
      0.06755050505050506,
      0.1351010101010101,
      0.20265151515151517,
      0.2702020202020202,
      0.3377525252525253,
      0.40530303030303033,
      0.47285353535353536,
      0.5404040404040404,
      0.6079545454545455,
      0.6755050505050506,
      0.7430555555555556
    ],
    "TaskName": "faces",
    "TotalReadoutTime": 0.024699802401580786,
    "UsePhilipsFloatNotDisplayScaling": 1,
    "acq_id": "mb3",
    "dataset": "unknown",
    "modality": "bold",
    "subject_id": "0167",
    "task_id": "faces"
  },
  "dummy_trs": 0,
  "dvars_nstd": 25.94679495610941,
  "dvars_std": 1.1624431465957445,
  "dvars_vstd": 1.066253963282675,
  "efc": 0.4162906972198709,
  "fber": 102973288.0,
  "fd_mean": 0.14629645731185897,
  "fd_num": 52,
  "fd_perc": 15.757575757575758,
  "fwhm_avg": 2.621472090592036,
  "fwhm_x": 2.5513600000000003,
  "fwhm_y": 2.87735,
  "fwhm_z": 2.435706271776107,
  "gcor": 0.0162472,
  "gsr_x": 0.0014713576529175043,
  "gsr_y": -0.0013411329127848148,
  "provenance": {
    "md5sum": "ecb8838e57d554e224dc167c80c8d99a",
    "settings": {
      "fd_thres": 0.2,
      "hmc_fsl": false
    },
    "software": "mriqc",
    "version": "0.15.0",
    "webapi_port": null,
    "webapi_url": "https://mriqc.nimh.nih.gov/api/v1"
  },
  "size_t": 330,
  "size_x": 80,
  "size_y": 80,
  "size_z": 36,
  "snr": 5.761553838306049,
  "spacing_tr": 0.75,
  "spacing_x": 3.0,
  "spacing_y": 3.0,
  "spacing_z": 3.299999713897705,
  "spikes_num": 1,
  "summary_bg_k": 66.857464236192,
  "summary_bg_mad": 2.374725341796875,
  "summary_bg_mean": 159.207275390625,
  "summary_bg_median": 1.644532322883606,
  "summary_bg_n": 148440.0,
  "summary_bg_p05": 0.018292747717350722,
  "summary_bg_p95": 729.6395874023428,
  "summary_bg_stdv": 809.3340454101562,
  "summary_fg_k": 2.5456063619172413,
  "summary_fg_mad": 2565.017822265625,
  "summary_fg_mean": 17972.138671875,
  "summary_fg_median": 17948.67578125,
  "summary_fg_n": 42091.0,
  "summary_fg_p05": 13199.05859375,
  "summary_fg_p95": 22925.0673828125,
  "summary_fg_stdv": 3115.212158203125,
  "tsnr": 47.91480255126953
}