{
  "aor": 0.0010731732776617954,
  "aqi": 0.022141786221294365,
  "bids_meta": {
    "AcquisitionNumber": 6,
    "BidsifyVersion": "0.3.5",
    "ConversionSoftware": "dcm2niix",
    "ConversionSoftwareVersion": "v1.0.20181125  GCC6.3.0",
    "EchoTime": 0.02762,
    "EffectiveEchoSpacing": 0.0006333282667071997,
    "ImageComments": "piop",
    "ImageOrientationPatientDICOM": [
      0.987957,
      0.154476,
      -0.00879912,
      -0.15471,
      0.987086,
      -0.0415376
    ],
    "Manufacturer": "Philips",
    "NumberOfVolumesDiscardedByScanner": 2,
    "ParallelAcquisitionTechnique": "SENSE",
    "ParallelReductionFactorInPlane": 2,
    "PatientPosition": "HFS",
    "PhaseEncodingDirection": "j",
    "PhilipsRescaleIntercept": 0,
    "PhilipsRescaleSlope": 0.76777,
    "PhilipsScaleSlope": 0.0930628,
    "ProtocolName": "WIPpioprsSENSE",
    "PulseSequenceType": "gradient echo EPI",
    "ReconMatrixPE": 80,
    "RepetitionTime": 0.75,
    "SeriesDescription": "ImageMRSERIES",
    "SeriesNumber": 6,
    "SliceEncodingDirection": "k",
    "SliceTiming": [
      0.0,
      0.06755050505050506,
      0.1351010101010101,
      0.20265151515151517,
      0.2702020202020202,
      0.3377525252525253,
      0.40530303030303033,
      0.47285353535353536,
      0.5404040404040404,
      0.6079545454545455,
      0.6755050505050506,
      0.7430555555555556,
      0.0,
      0.06755050505050506,
      0.1351010101010101,
      0.20265151515151517,
      0.2702020202020202,
      0.3377525252525253,
      0.40530303030303033,
      0.47285353535353536,
      0.5404040404040404,
      0.6079545454545455,
      0.6755050505050506,
      0.7430555555555556,
      0.0,
      0.06755050505050506,
      0.1351010101010101,
      0.20265151515151517,
      0.2702020202020202,
      0.3377525252525253,
      0.40530303030303033,
      0.47285353535353536,
      0.5404040404040404,
      0.6079545454545455,
      0.6755050505050506,
      0.7430555555555556
    ],
    "TaskName": "restingstate",
    "TotalReadoutTime": 0.024699802401580786,
    "UsePhilipsFloatNotDisplayScaling": 1,
    "acq_id": "mb3",
    "dataset": "unknown",
    "modality": "bold",
    "subject_id": "0167",
    "task_id": "restingstate"
  },
  "dummy_trs": 1,
  "dvars_nstd": 31.642458771924694,
  "dvars_std": 1.1042269008159005,
  "dvars_vstd": 0.9891116454602507,
  "efc": 0.41971428110399933,
  "fber": 12375148.0,
  "fd_mean": 0.17980419688900753,
  "fd_num": 146,
  "fd_perc": 30.48016701461378,
  "fwhm_avg": 2.397737485656975,
  "fwhm_x": 2.293023333333333,
  "fwhm_y": 2.63518,
  "fwhm_z": 2.2650091236375913,
  "gcor": 0.0235179,
  "gsr_x": 0.0012178244069218636,
  "gsr_y": -0.0010224119760096073,
  "provenance": {
    "md5sum": "de1b8a09bafc100daf4423134003c3df",
    "settings": {
      "fd_thres": 0.2,
      "hmc_fsl": false
    },
    "software": "mriqc",
    "version": "0.15.0",
    "webapi_port": null,
    "webapi_url": "https://mriqc.nimh.nih.gov/api/v1"
  },
  "size_t": 479,
  "size_x": 80,
  "size_y": 80,
  "size_z": 36,
  "snr": 5.579992013617246,
  "spacing_tr": 0.75,
  "spacing_x": 3.0,
  "spacing_y": 3.0,
  "spacing_z": 3.299999952316284,
  "spikes_num": 5,
  "summary_bg_k": 64.85532995649963,
  "summary_bg_mad": 6.539193153381348,
  "summary_bg_mean": 174.04391479492188,
  "summary_bg_median": 4.678686141967773,
  "summary_bg_n": 147885.0,
  "summary_bg_p05": 0.04873519390821457,
  "summary_bg_p95": 747.6165527343721,
  "summary_bg_stdv": 838.3025512695312,
  "summary_fg_k": 2.644312151655506,
  "summary_fg_mad": 2546.08984375,
  "summary_fg_mean": 17351.859375,
  "summary_fg_median": 17289.546875,
  "summary_fg_n": 42547.0,
  "summary_fg_p05": 12649.81708984375,
  "summary_fg_p95": 22257.633203125,
  "summary_fg_stdv": 3098.453125,
  "tsnr": 35.43265914916992
}