{
  "aor": 0.0011587407407407406,
  "aqi": 0.005824267037037036,
  "bids_meta": {
    "AcquisitionNumber": 5,
    "BidsifyVersion": "0.3.5",
    "ConversionSoftware": "dcm2niix",
    "ConversionSoftwareVersion": "v1.0.20181125  GCC6.3.0",
    "EchoTime": 0.02762,
    "EffectiveEchoSpacing": 0.0006621159151938905,
    "ImageComments": "piop",
    "ImageOrientationPatientDICOM": [
      0.987683,
      0.15587,
      -0.0136349,
      -0.155727,
      0.970826,
      -0.182337
    ],
    "Manufacturer": "Philips",
    "NumberOfVolumesDiscardedByScanner": 2,
    "ParallelAcquisitionTechnique": "SENSE",
    "ParallelReductionFactorInPlane": 2,
    "PatientPosition": "HFS",
    "PhaseEncodingDirection": "j",
    "PhilipsRescaleIntercept": 0,
    "PhilipsRescaleSlope": 0.75922,
    "PhilipsScaleSlope": 0.0592965,
    "ProtocolName": "WIPpiopharririSENSE",
    "PulseSequenceType": "gradient echo EPI",
    "ReconMatrixPE": 80,
    "RepetitionTime": 2,
    "SeriesDescription": "ImageMRSERIES",
    "SeriesNumber": 5,
    "SliceEncodingDirection": "k",
    "SliceTiming": [
      0.0,
      0.0541,
      0.1081,
      0.1622,
      0.2162,
      0.2703,
      0.3243,
      0.3784,
      0.4324,
      0.4865,
      0.5405,
      0.5946,
      0.6486,
      0.7027,
      0.7568,
      0.8108,
      0.8649,
      0.9189,
      0.973,
      1.027,
      1.0811,
      1.1351,
      1.1892,
      1.2432,
      1.2973,
      1.3514,
      1.4054,
      1.4595,
      1.5135,
      1.5676,
      1.6216,
      1.6757,
      1.7297,
      1.7838,
      1.8378,
      1.8919,
      1.9459
    ],
    "TaskName": "emomatching",
    "TotalReadoutTime": 0.025822520692561732,
    "UsePhilipsFloatNotDisplayScaling": 1,
    "acq_id": "seq",
    "dataset": "unknown",
    "modality": "bold",
    "subject_id": "0167",
    "task_id": "emomatching"
  },
  "dummy_trs": 0,
  "dvars_nstd": 24.540482008880595,
  "dvars_std": 1.2040841994776115,
  "dvars_vstd": 0.986971406044776,
  "efc": 0.4156939575074051,
  "fber": 72143584.0,
  "fd_mean": 0.19766929617977722,
  "fd_num": 51,
  "fd_perc": 37.77777777777778,
  "fwhm_avg": 2.3566929400548973,
  "fwhm_x": 2.2789333333333333,
  "fwhm_y": 2.556766666666667,
  "fwhm_z": 2.234378820164692,
  "gcor": 0.0215561,
  "gsr_x": 0.000340204598614946,
  "gsr_y": 0.001439671847037971,
  "provenance": {
    "md5sum": "4c8aa999f636dd592bb2c66e3e25d4c7",
    "settings": {
      "fd_thres": 0.2,
      "hmc_fsl": false
    },
    "software": "mriqc",
    "version": "0.15.0",
    "webapi_port": null,
    "webapi_url": "https://mriqc.nimh.nih.gov/api/v1"
  },
  "size_t": 135,
  "size_x": 80,
  "size_y": 80,
  "size_z": 37,
  "snr": 4.361997717672348,
  "spacing_tr": 2.0,
  "spacing_x": 3.0,
  "spacing_y": 3.0,
  "spacing_z": 3.299999952316284,
  "spikes_num": 1,
  "summary_bg_k": 61.57539770758581,
  "summary_bg_mad": 3.7112386226654053,
  "summary_bg_mean": 212.6108856201172,
  "summary_bg_median": 2.584599256515503,
  "summary_bg_n": 150951.0,
  "summary_bg_p05": 0.01855771616101265,
  "summary_bg_p95": 764.9253234863281,
  "summary_bg_stdv": 1098.33203125,
  "summary_fg_k": 2.0360757505789344,
  "summary_fg_mad": 4556.03515625,
  "summary_fg_mean": 23953.443359375,
  "summary_fg_median": 23543.345703125,
  "summary_fg_n": 44614.0,
  "summary_fg_p05": 16496.42197265625,
  "summary_fg_p95": 33117.950781249994,
  "summary_fg_stdv": 5397.31640625,
  "tsnr": 60.93787384033203
}