{
  "aor": 0.0014155555555555553,
  "aqi": 0.0031740952469135803,
  "bids_meta": {
    "AcquisitionNumber": 8,
    "BidsifyVersion": "0.3.5",
    "ConversionSoftware": "dcm2niix",
    "ConversionSoftwareVersion": "v1.0.20181125  GCC6.3.0",
    "EchoTime": 0.02762,
    "ImageComments": "Piop",
    "ImageOrientationPatientDICOM": [
      0.993381,
      -0.101647,
      0.0535051,
      0.11406,
      0.928043,
      -0.354579
    ],
    "Manufacturer": "Philips",
    "NumberOfVolumesDiscardedByScanner": 2,
    "ParallelAcquisitionTechnique": "SENSE",
    "ParallelReductionFactorInPlane": 2,
    "PatientPosition": "HFS",
    "PhaseEncodingDirection": "j",
    "PhilipsRescaleIntercept": 0,
    "PhilipsRescaleSlope": 0.79976,
    "PhilipsScaleSlope": 0.0610684,
    "ProtocolName": "WIPpiopwmSENSE",
    "PulseSequenceType": "gradient echo EPI",
    "ReconMatrixPE": 80,
    "RepetitionTime": 2,
    "SeriesDescription": "ImageMRSERIES",
    "SeriesNumber": 8,
    "SliceEncodingDirection": "k",
    "TaskName": "workingmemory",
    "UsePhilipsFloatNotDisplayScaling": 1,
    "acq_id": "seq",
    "dataset": "unknown",
    "modality": "bold",
    "subject_id": "0192",
    "task_id": "workingmemory"
  },
  "dummy_trs": 0,
  "dvars_nstd": 24.560633286024846,
  "dvars_std": 1.3251252777018636,
  "dvars_vstd": 1.013733213913044,
  "efc": 0.3903216887700223,
  "fber": 299362944.0,
  "fd_mean": 0.12215621151400101,
  "fd_num": 25,
  "fd_perc": 15.432098765432098,
  "fwhm_avg": 2.4431158694432527,
  "fwhm_x": 2.4254933333333333,
  "fwhm_y": 2.6496633333333333,
  "fwhm_z": 2.254190941663091,
  "gcor": 0.0280979,
  "gsr_x": -0.002371254377067089,
  "gsr_y": 0.0034672426991164684,
  "provenance": {
    "md5sum": "1ee0df261a577fd6d092beb9a89db3fc",
    "settings": {
      "fd_thres": 0.2,
      "hmc_fsl": false
    },
    "software": "mriqc",
    "version": "0.15.0",
    "webapi_port": null,
    "webapi_url": "https://mriqc.nimh.nih.gov/api/v1"
  },
  "size_t": 162,
  "size_x": 80,
  "size_y": 80,
  "size_z": 37,
  "snr": 4.5001442345840115,
  "spacing_tr": 2.0,
  "spacing_x": 3.0,
  "spacing_y": 3.0,
  "spacing_z": 3.299999952316284,
  "spikes_num": 0,
  "summary_bg_k": 112.66642008496856,
  "summary_bg_mad": 1.7965689897537231,
  "summary_bg_mean": 159.4733428955078,
  "summary_bg_median": 1.2306150197982788,
  "summary_bg_n": 155855.0,
  "summary_bg_p05": 0.0029564951080828907,
  "summary_bg_p95": 464.14357910155644,
  "summary_bg_stdv": 974.1292724609375,
  "summary_fg_k": 2.1756167068064736,
  "summary_fg_mad": 4209.546875,
  "summary_fg_mean": 22348.646484375,
  "summary_fg_median": 22189.044921875,
  "summary_fg_n": 40002.0,
  "summary_fg_p05": 14871.505957031251,
  "summary_fg_p95": 29929.448046874997,
  "summary_fg_stdv": 4930.67919921875,
  "tsnr": 77.98771667480469
}