{
  "aor": 0.000755795918367347,
  "aqi": 0.004525032857142857,
  "bids_meta": {
    "AcquisitionNumber": 3,
    "BidsifyVersion": "0.3.5",
    "ConversionSoftware": "dcm2niix",
    "ConversionSoftwareVersion": "v1.0.20181125  GCC6.3.0",
    "EchoTime": 0.02762,
    "EffectiveEchoSpacing": 0.0006621159151938905,
    "ImageComments": "piop",
    "ImageOrientationPatientDICOM": [
      0.990406,
      0.133497,
      -0.035703,
      -0.134612,
      0.990417,
      -0.0308958
    ],
    "Manufacturer": "Philips",
    "NumberOfVolumesDiscardedByScanner": 2,
    "ParallelAcquisitionTechnique": "SENSE",
    "ParallelReductionFactorInPlane": 2,
    "PatientPosition": "HFS",
    "PhaseEncodingDirection": "j",
    "PhilipsRescaleIntercept": 0,
    "PhilipsRescaleSlope": 0.89206,
    "PhilipsScaleSlope": 0.0604654,
    "ProtocolName": "WIPpiopgstroopSENSE",
    "PulseSequenceType": "gradient echo EPI",
    "ReconMatrixPE": 80,
    "RepetitionTime": 2,
    "SeriesDescription": "ImageMRSERIES",
    "SeriesNumber": 3,
    "SliceEncodingDirection": "k",
    "SliceTiming": [
      0.0,
      0.0541,
      0.1081,
      0.1622,
      0.2162,
      0.2703,
      0.3243,
      0.3784,
      0.4324,
      0.4865,
      0.5405,
      0.5946,
      0.6486,
      0.7027,
      0.7568,
      0.8108,
      0.8649,
      0.9189,
      0.973,
      1.027,
      1.0811,
      1.1351,
      1.1892,
      1.2432,
      1.2973,
      1.3514,
      1.4054,
      1.4595,
      1.5135,
      1.5676,
      1.6216,
      1.6757,
      1.7297,
      1.7838,
      1.8378,
      1.8919,
      1.9459
    ],
    "TaskName": "gstroop",
    "TotalReadoutTime": 0.025822520692561732,
    "UsePhilipsFloatNotDisplayScaling": 1,
    "acq_id": "seq",
    "dataset": "unknown",
    "modality": "bold",
    "subject_id": "0016",
    "task_id": "gstroop"
  },
  "dummy_trs": 0,
  "dvars_nstd": 24.705793419754105,
  "dvars_std": 1.2282408840163925,
  "dvars_vstd": 1.005530289508197,
  "efc": 0.39656693828048034,
  "fber": 348776320.0,
  "fd_mean": 0.177582874135972,
  "fd_num": 86,
  "fd_perc": 35.10204081632653,
  "fwhm_avg": 2.3377899092958576,
  "fwhm_x": 2.279246666666667,
  "fwhm_y": 2.59442,
  "fwhm_z": 2.139703061220907,
  "gcor": 0.0401247,
  "gsr_x": 0.002552972873672843,
  "gsr_y": -0.0032908113207668066,
  "provenance": {
    "md5sum": "30dcf90c4e5b2731d96909361e9d4aed",
    "settings": {
      "fd_thres": 0.2,
      "hmc_fsl": false
    },
    "software": "mriqc",
    "version": "0.15.0",
    "webapi_port": null,
    "webapi_url": "https://mriqc.nimh.nih.gov/api/v1"
  },
  "size_t": 245,
  "size_x": 80,
  "size_y": 80,
  "size_z": 37,
  "snr": 4.801130150049613,
  "spacing_tr": 2.0,
  "spacing_x": 3.0,
  "spacing_y": 3.0,
  "spacing_z": 3.299999952316284,
  "spikes_num": 2,
  "summary_bg_k": 82.30385276232381,
  "summary_bg_mad": 1.6287734508514404,
  "summary_bg_mean": 236.4231719970703,
  "summary_bg_median": 1.1108988523483276,
  "summary_bg_n": 156694.0,
  "summary_bg_p05": 0.004400165635161102,
  "summary_bg_p95": 727.8768981933667,
  "summary_bg_stdv": 1321.3016357421875,
  "summary_fg_k": 3.179866008643165,
  "summary_fg_mad": 3997.031982421875,
  "summary_fg_mean": 22694.0078125,
  "summary_fg_median": 22666.552734375,
  "summary_fg_n": 39625.0,
  "summary_fg_p05": 15891.3349609375,
  "summary_fg_p95": 29513.06484375,
  "summary_fg_stdv": 4721.02734375,
  "tsnr": 69.97898864746094
}