{
  "aor": 0.00078715,
  "aqi": 0.0044633615,
  "bids_meta": {
    "AcquisitionNumber": 9,
    "BidsifyVersion": "0.3.5",
    "ConversionSoftware": "dcm2niix",
    "ConversionSoftwareVersion": "v1.0.20181125  GCC6.3.0",
    "EchoTime": 0.02762,
    "EffectiveEchoSpacing": 0.0006621159151938905,
    "ImageComments": "piop",
    "ImageOrientationPatientDICOM": [
      0.998915,
      0.04571,
      0.00887696,
      -0.0448364,
      0.99566,
      -0.0815488
    ],
    "Manufacturer": "Philips",
    "NumberOfVolumesDiscardedByScanner": 2,
    "ParallelAcquisitionTechnique": "SENSE",
    "ParallelReductionFactorInPlane": 2,
    "PatientPosition": "HFS",
    "PhaseEncodingDirection": "j",
    "PhilipsRescaleIntercept": 0,
    "PhilipsRescaleSlope": 0.76777,
    "PhilipsScaleSlope": 0.0513664,
    "ProtocolName": "WIPpiopanticipatieSENSE",
    "PulseSequenceType": "gradient echo EPI",
    "ReconMatrixPE": 80,
    "RepetitionTime": 2,
    "SeriesDescription": "ImageMRSERIES",
    "SeriesNumber": 9,
    "SliceEncodingDirection": "k",
    "SliceTiming": [
      0.0,
      0.0541,
      0.1081,
      0.1622,
      0.2162,
      0.2703,
      0.3243,
      0.3784,
      0.4324,
      0.4865,
      0.5405,
      0.5946,
      0.6486,
      0.7027,
      0.7568,
      0.8108,
      0.8649,
      0.9189,
      0.973,
      1.027,
      1.0811,
      1.1351,
      1.1892,
      1.2432,
      1.2973,
      1.3514,
      1.4054,
      1.4595,
      1.5135,
      1.5676,
      1.6216,
      1.6757,
      1.7297,
      1.7838,
      1.8378,
      1.8919,
      1.9459
    ],
    "TaskName": "anticipation",
    "TotalReadoutTime": 0.025822520692561732,
    "UsePhilipsFloatNotDisplayScaling": 1,
    "acq_id": "seq",
    "dataset": "unknown",
    "modality": "bold",
    "subject_id": "0118",
    "task_id": "anticipation"
  },
  "dummy_trs": 0,
  "dvars_nstd": 24.453575383216098,
  "dvars_std": 1.2811774773869344,
  "dvars_vstd": 1.0113454605527634,
  "efc": 0.4249194888643698,
  "fber": 1273776512.0,
  "fd_mean": 0.12345693492043942,
  "fd_num": 20,
  "fd_perc": 10.0,
  "fwhm_avg": 2.3924405157476394,
  "fwhm_x": 2.2925766666666667,
  "fwhm_y": 2.6638266666666666,
  "fwhm_z": 2.2209182139095858,
  "gcor": 0.0209466,
  "gsr_x": -0.0034077647142112255,
  "gsr_y": 0.002431909553706646,
  "provenance": {
    "md5sum": "a5abe19d7bdc06ee6e48f5917d8889fb",
    "settings": {
      "fd_thres": 0.2,
      "hmc_fsl": false
    },
    "software": "mriqc",
    "version": "0.15.0",
    "webapi_port": null,
    "webapi_url": "https://mriqc.nimh.nih.gov/api/v1"
  },
  "size_t": 200,
  "size_x": 80,
  "size_y": 80,
  "size_z": 37,
  "snr": 4.80323893373728,
  "spacing_tr": 2.0,
  "spacing_x": 3.0,
  "spacing_y": 3.0,
  "spacing_z": 3.299999952316284,
  "spikes_num": 0,
  "summary_bg_k": 105.5712415949851,
  "summary_bg_mad": 0.9272555112838745,
  "summary_bg_mean": 182.2144012451172,
  "summary_bg_median": 0.6300797462463379,
  "summary_bg_n": 148824.0,
  "summary_bg_p05": 0.002390999358613044,
  "summary_bg_p95": 878.3769744873052,
  "summary_bg_stdv": 1012.3292846679688,
  "summary_fg_k": 2.3815988327422035,
  "summary_fg_mad": 4489.4453125,
  "summary_fg_mean": 26296.064453125,
  "summary_fg_median": 25962.6328125,
  "summary_fg_n": 46410.0,
  "summary_fg_p05": 18600.58154296875,
  "summary_fg_p95": 35051.60390625,
  "summary_fg_stdv": 5405.17626953125,
  "tsnr": 75.76260375976562
}