{
  "aor": 0.00012788702928870295,
  "aqi": 0.008167588619246862,
  "bids_meta": {
    "AcquisitionNumber": 6,
    "BidsifyVersion": "0.3.5",
    "ConversionSoftware": "dcm2niix",
    "ConversionSoftwareVersion": "v1.0.20181125  GCC6.3.0",
    "EchoTime": 0.02762,
    "EffectiveEchoSpacing": 0.0006333282667071997,
    "ImageComments": "piop",
    "ImageOrientationPatientDICOM": [
      0.998915,
      0.04571,
      0.00887696,
      -0.0448364,
      0.99566,
      -0.0815488
    ],
    "Manufacturer": "Philips",
    "NumberOfVolumesDiscardedByScanner": 2,
    "ParallelAcquisitionTechnique": "SENSE",
    "ParallelReductionFactorInPlane": 2,
    "PatientPosition": "HFS",
    "PhaseEncodingDirection": "j",
    "PhilipsRescaleIntercept": 0,
    "PhilipsRescaleSlope": 0.79805,
    "PhilipsScaleSlope": 0.0842528,
    "ProtocolName": "WIPpioprsSENSE",
    "PulseSequenceType": "gradient echo EPI",
    "ReconMatrixPE": 80,
    "RepetitionTime": 0.75,
    "SeriesDescription": "ImageMRSERIES",
    "SeriesNumber": 6,
    "SliceEncodingDirection": "k",
    "SliceTiming": [
      0.0,
      0.06755050505050506,
      0.1351010101010101,
      0.20265151515151517,
      0.2702020202020202,
      0.3377525252525253,
      0.40530303030303033,
      0.47285353535353536,
      0.5404040404040404,
      0.6079545454545455,
      0.6755050505050506,
      0.7430555555555556,
      0.0,
      0.06755050505050506,
      0.1351010101010101,
      0.20265151515151517,
      0.2702020202020202,
      0.3377525252525253,
      0.40530303030303033,
      0.47285353535353536,
      0.5404040404040404,
      0.6079545454545455,
      0.6755050505050506,
      0.7430555555555556,
      0.0,
      0.06755050505050506,
      0.1351010101010101,
      0.20265151515151517,
      0.2702020202020202,
      0.3377525252525253,
      0.40530303030303033,
      0.47285353535353536,
      0.5404040404040404,
      0.6079545454545455,
      0.6755050505050506,
      0.7430555555555556
    ],
    "TaskName": "restingstate",
    "TotalReadoutTime": 0.024699802401580786,
    "UsePhilipsFloatNotDisplayScaling": 1,
    "acq_id": "mb3",
    "dataset": "unknown",
    "modality": "bold",
    "subject_id": "0118",
    "task_id": "restingstate"
  },
  "dummy_trs": 2,
  "dvars_nstd": 27.218885465995832,
  "dvars_std": 1.1202937662893073,
  "dvars_vstd": 1.0013421952201262,
  "efc": 0.4320929309482057,
  "fber": 2290649344.0,
  "fd_mean": 0.07374080688191817,
  "fd_num": 2,
  "fd_perc": 0.41841004184100417,
  "fwhm_avg": 2.4601785968766188,
  "fwhm_x": 2.36266,
  "fwhm_y": 2.7303333333333337,
  "fwhm_z": 2.2875424572965226,
  "gcor": 0.0116406,
  "gsr_x": -0.00420483248308301,
  "gsr_y": 0.0019300432177260518,
  "provenance": {
    "md5sum": "09e387d63e10a4af87647772059cc9f6",
    "settings": {
      "fd_thres": 0.2,
      "hmc_fsl": false
    },
    "software": "mriqc",
    "version": "0.15.0",
    "webapi_port": null,
    "webapi_url": "https://mriqc.nimh.nih.gov/api/v1"
  },
  "size_t": 478,
  "size_x": 80,
  "size_y": 80,
  "size_z": 36,
  "snr": 5.407037077712204,
  "spacing_tr": 0.75,
  "spacing_x": 3.0,
  "spacing_y": 3.0,
  "spacing_z": 3.299999952316284,
  "spikes_num": 1,
  "summary_bg_k": 92.30783137228067,
  "summary_bg_mad": 0.5056582689285278,
  "summary_bg_mean": 136.84388732910156,
  "summary_bg_median": 0.3425103724002838,
  "summary_bg_n": 143834.0,
  "summary_bg_p05": 0.0006553368555614724,
  "summary_bg_p95": 701.8820037841809,
  "summary_bg_stdv": 740.4403686523438,
  "summary_fg_k": 2.1269739871687374,
  "summary_fg_mad": 2893.50244140625,
  "summary_fg_mean": 18180.892578125,
  "summary_fg_median": 18271.74609375,
  "summary_fg_n": 45785.0,
  "summary_fg_p05": 12674.507812500002,
  "summary_fg_p95": 23412.014062499995,
  "summary_fg_stdv": 3379.216064453125,
  "tsnr": 52.448570251464844
}