{
  "aor": 0.00130005,
  "aqi": 0.004684125800000001,
  "bids_meta": {
    "AcquisitionNumber": 9,
    "BidsifyVersion": "0.3.5",
    "ConversionSoftware": "dcm2niix",
    "ConversionSoftwareVersion": "v1.0.20181125  GCC6.3.0",
    "EchoTime": 0.02762,
    "ImageComments": "Piop",
    "ImageOrientationPatientDICOM": [
      0.997545,
      -0.0570469,
      -0.0406113,
      0.0383218,
      0.930123,
      -0.365242
    ],
    "Manufacturer": "Philips",
    "NumberOfVolumesDiscardedByScanner": 2,
    "ParallelAcquisitionTechnique": "SENSE",
    "ParallelReductionFactorInPlane": 2,
    "PatientPosition": "HFS",
    "PhaseEncodingDirection": "j",
    "PhilipsRescaleIntercept": 0,
    "PhilipsRescaleSlope": 0.84567,
    "PhilipsScaleSlope": 0.062264,
    "ProtocolName": "WIPpiopanticipatieSENSE",
    "PulseSequenceType": "gradient echo EPI",
    "ReconMatrixPE": 80,
    "RepetitionTime": 2,
    "SeriesDescription": "ImageMRSERIES",
    "SeriesNumber": 9,
    "SliceEncodingDirection": "k",
    "TaskName": "anticipation",
    "UsePhilipsFloatNotDisplayScaling": 1,
    "acq_id": "seq",
    "dataset": "unknown",
    "modality": "bold",
    "subject_id": "0037",
    "task_id": "anticipation"
  },
  "dummy_trs": 0,
  "dvars_nstd": 20.264449397336683,
  "dvars_std": 1.116258838391961,
  "dvars_vstd": 0.9781524206030153,
  "efc": 0.37689921060193793,
  "fber": 200390464.0,
  "fd_mean": 0.13445530729951585,
  "fd_num": 30,
  "fd_perc": 15.0,
  "fwhm_avg": 2.397163545998374,
  "fwhm_x": 2.4192933333333335,
  "fwhm_y": 2.562136666666667,
  "fwhm_z": 2.210060637995122,
  "gcor": 0.0184769,
  "gsr_x": -0.005100395996123552,
  "gsr_y": 0.002660555299371481,
  "provenance": {
    "md5sum": "9b3cf7199d050f1624e5ad1a86854fff",
    "settings": {
      "fd_thres": 0.2,
      "hmc_fsl": false
    },
    "software": "mriqc",
    "version": "0.15.0",
    "webapi_port": null,
    "webapi_url": "https://mriqc.nimh.nih.gov/api/v1"
  },
  "size_t": 200,
  "size_x": 80,
  "size_y": 80,
  "size_z": 37,
  "snr": 4.801089968131955,
  "spacing_tr": 2.0,
  "spacing_x": 3.0,
  "spacing_y": 3.0,
  "spacing_z": 3.299999952316284,
  "spikes_num": 0,
  "summary_bg_k": 82.08118566971613,
  "summary_bg_mad": 2.035050630569458,
  "summary_bg_mean": 177.03897094726562,
  "summary_bg_median": 1.4048962593078613,
  "summary_bg_n": 159327.0,
  "summary_bg_p05": 0.015188316814601423,
  "summary_bg_p95": 540.915856933593,
  "summary_bg_stdv": 1040.3631591796875,
  "summary_fg_k": 2.6558983293895757,
  "summary_fg_mad": 3667.677001953125,
  "summary_fg_mean": 21352.02734375,
  "summary_fg_median": 21227.669921875,
  "summary_fg_n": 36522.0,
  "summary_fg_p05": 14719.602880859375,
  "summary_fg_p95": 28111.078222656248,
  "summary_fg_stdv": 4421.36669921875,
  "tsnr": 67.81460571289062
}