{
    "Manufacturer": "Philips",
    "PatientPosition": "HFS",
    "SeriesDescription": "ImageMRSERIES",
    "ProtocolName": "WIPt13dSENSE",
    "SeriesNumber": 4,
    "AcquisitionNumber": 4,
    "ImageComments": "Piop",
    "PhilipsRescaleSlope": 9.81514,
    "PhilipsRescaleIntercept": 0,
    "PhilipsScaleSlope": 0.00744309,
    "UsePhilipsFloatNotDisplayScaling": 1,
    "EchoTime": 0.00375,
    "RepetitionTime": 0.008178,
    "ReconMatrixPE": 240,
    "ImageOrientationPatientDICOM": [
        0.999965,
        -0.00263559,
        0.00793867,
        0.00331602,
        0.996207,
        -0.086956
    ],
    "ConversionSoftware": "dcm2niix",
    "ConversionSoftwareVersion": "v1.0.20181125  GCC6.3.0",
    "BidsifyVersion": "0.3.5"
}