{
    "Manufacturer": "Philips",
    "PatientPosition": "HFS",
    "SeriesDescription": "ImageMRSERIES",
    "ProtocolName": "WIPt13dSENSE",
    "SeriesNumber": 4,
    "AcquisitionNumber": 4,
    "ImageComments": "Piop",
    "PhilipsRescaleSlope": 8.74383,
    "PhilipsRescaleIntercept": 0,
    "PhilipsScaleSlope": 0.00713293,
    "UsePhilipsFloatNotDisplayScaling": 1,
    "EchoTime": 0.00378,
    "RepetitionTime": 0.008225,
    "ReconMatrixPE": 240,
    "ImageOrientationPatientDICOM": [
        0.997775,
        -0.0605994,
        -0.0277842,
        0.0582303,
        0.995145,
        -0.0793426
    ],
    "ConversionSoftware": "dcm2niix",
    "ConversionSoftwareVersion": "v1.0.20181125  GCC6.3.0",
    "BidsifyVersion": "0.3.5"
}