{
  "aor": 0.0021549372384937243,
  "aqi": 0.012844613075313807,
  "bids_meta": {
    "AcquisitionNumber": 6,
    "BidsifyVersion": "0.3.5",
    "ConversionSoftware": "dcm2niix",
    "ConversionSoftwareVersion": "v1.0.20181125  GCC6.3.0",
    "EchoTime": 0.02762,
    "ImageComments": "piop",
    "ImageOrientationPatientDICOM": [
      0.995915,
      -0.0895419,
      0.0116258,
      0.0901096,
      0.977401,
      -0.191225
    ],
    "Manufacturer": "Philips",
    "NumberOfVolumesDiscardedByScanner": 2,
    "ParallelAcquisitionTechnique": "SENSE",
    "ParallelReductionFactorInPlane": 2,
    "PatientPosition": "HFS",
    "PhaseEncodingDirection": "j",
    "PhilipsRescaleIntercept": 0,
    "PhilipsRescaleSlope": 0.80659,
    "PhilipsScaleSlope": 0.0891198,
    "ProtocolName": "WIPpioprsSENSE",
    "PulseSequenceType": "gradient echo EPI",
    "ReconMatrixPE": 80,
    "RepetitionTime": 0.75,
    "SeriesDescription": "ImageMRSERIES",
    "SeriesNumber": 6,
    "SliceEncodingDirection": "k",
    "TaskName": "restingstate",
    "UsePhilipsFloatNotDisplayScaling": 1,
    "acq_id": "mb3",
    "dataset": "unknown",
    "modality": "bold",
    "subject_id": "0062",
    "task_id": "restingstate"
  },
  "dummy_trs": 2,
  "dvars_nstd": 29.5946262690147,
  "dvars_std": 1.1671124353668767,
  "dvars_vstd": 1.0138044663941306,
  "efc": 0.3951327082522611,
  "fber": 305823136.0,
  "fd_mean": 0.10788311941493628,
  "fd_num": 35,
  "fd_perc": 7.322175732217573,
  "fwhm_avg": 2.5279301119408966,
  "fwhm_x": 2.4218100000000002,
  "fwhm_y": 2.89255,
  "fwhm_z": 2.269430335822688,
  "gcor": 0.0272855,
  "gsr_x": -0.006609832402318716,
  "gsr_y": 0.0032192806247621775,
  "provenance": {
    "md5sum": "e617e29f36511b34137966e227ed18dd",
    "settings": {
      "fd_thres": 0.2,
      "hmc_fsl": false
    },
    "software": "mriqc",
    "version": "0.15.0",
    "webapi_port": null,
    "webapi_url": "https://mriqc.nimh.nih.gov/api/v1"
  },
  "size_t": 478,
  "size_x": 80,
  "size_y": 80,
  "size_z": 36,
  "snr": 5.379311083742565,
  "spacing_tr": 0.75,
  "spacing_x": 3.0,
  "spacing_y": 3.0,
  "spacing_z": 3.299999952316284,
  "spikes_num": 2,
  "summary_bg_k": 95.39629500749086,
  "summary_bg_mad": 1.3404006958007812,
  "summary_bg_mean": 146.8734893798828,
  "summary_bg_median": 0.9211353659629822,
  "summary_bg_n": 151395.0,
  "summary_bg_p05": 0.008773168828338385,
  "summary_bg_p95": 566.2547973632802,
  "summary_bg_stdv": 824.0472412109375,
  "summary_fg_k": 2.3798450665865296,
  "summary_fg_mad": 2711.248046875,
  "summary_fg_mean": 17484.69140625,
  "summary_fg_median": 17711.32421875,
  "summary_fg_n": 38709.0,
  "summary_fg_p05": 11808.555273437501,
  "summary_fg_p95": 22307.625,
  "summary_fg_stdv": 3292.44677734375,
  "tsnr": 42.743804931640625
}