{
  "aor": 0.0008187575757575758,
  "aqi": 0.007930448757575757,
  "bids_meta": {
    "AcquisitionNumber": 2,
    "BidsifyVersion": "0.3.5",
    "ConversionSoftware": "dcm2niix",
    "ConversionSoftwareVersion": "v1.0.20181125  GCC6.3.0",
    "EchoTime": 0.02762,
    "EffectiveEchoSpacing": 0.0006333282667071997,
    "ImageComments": "Piop",
    "ImageOrientationPatientDICOM": [
      0.998465,
      -0.0209148,
      0.0512763,
      0.0364376,
      0.945385,
      -0.323914
    ],
    "Manufacturer": "Philips",
    "NumberOfVolumesDiscardedByScanner": 2,
    "ParallelAcquisitionTechnique": "SENSE",
    "ParallelReductionFactorInPlane": 2,
    "PatientPosition": "HFS",
    "PhaseEncodingDirection": "j",
    "PhilipsRescaleIntercept": 0,
    "PhilipsRescaleSlope": 0.76777,
    "PhilipsScaleSlope": 0.105292,
    "ProtocolName": "WIPpiopfacesSENSE",
    "PulseSequenceType": "gradient echo EPI",
    "ReconMatrixPE": 80,
    "RepetitionTime": 0.75,
    "SeriesDescription": "ImageMRSERIES",
    "SeriesNumber": 2,
    "SliceEncodingDirection": "k",
    "SliceTiming": [
      0.0,
      0.06755050505050506,
      0.1351010101010101,
      0.20265151515151517,
      0.2702020202020202,
      0.3377525252525253,
      0.40530303030303033,
      0.47285353535353536,
      0.5404040404040404,
      0.6079545454545455,
      0.6755050505050506,
      0.7430555555555556,
      0.0,
      0.06755050505050506,
      0.1351010101010101,
      0.20265151515151517,
      0.2702020202020202,
      0.3377525252525253,
      0.40530303030303033,
      0.47285353535353536,
      0.5404040404040404,
      0.6079545454545455,
      0.6755050505050506,
      0.7430555555555556,
      0.0,
      0.06755050505050506,
      0.1351010101010101,
      0.20265151515151517,
      0.2702020202020202,
      0.3377525252525253,
      0.40530303030303033,
      0.47285353535353536,
      0.5404040404040404,
      0.6079545454545455,
      0.6755050505050506,
      0.7430555555555556
    ],
    "TaskName": "faces",
    "TotalReadoutTime": 0.024699802401580786,
    "UsePhilipsFloatNotDisplayScaling": 1,
    "acq_id": "mb3",
    "dataset": "unknown",
    "modality": "bold",
    "subject_id": "0180",
    "task_id": "faces"
  },
  "dummy_trs": 0,
  "dvars_nstd": 21.7603833799696,
  "dvars_std": 1.0723173234650458,
  "dvars_vstd": 1.003782958054711,
  "efc": 0.395495819378676,
  "fber": 401754720.0,
  "fd_mean": 0.09759275784407968,
  "fd_num": 7,
  "fd_perc": 2.121212121212121,
  "fwhm_avg": 2.7346652214371745,
  "fwhm_x": 2.7550566666666665,
  "fwhm_y": 3.0294266666666663,
  "fwhm_z": 2.419512330978191,
  "gcor": 0.0120704,
  "gsr_x": -0.00399715406820178,
  "gsr_y": 0.0035150449257344007,
  "provenance": {
    "md5sum": "21a078fe8af7aa6c3b6e8b0a51ad9c83",
    "settings": {
      "fd_thres": 0.2,
      "hmc_fsl": false
    },
    "software": "mriqc",
    "version": "0.15.0",
    "webapi_port": null,
    "webapi_url": "https://mriqc.nimh.nih.gov/api/v1"
  },
  "size_t": 330,
  "size_x": 80,
  "size_y": 80,
  "size_z": 36,
  "snr": 5.132755660234712,
  "spacing_tr": 0.75,
  "spacing_x": 3.0,
  "spacing_y": 3.0,
  "spacing_z": 3.299999713897705,
  "spikes_num": 1,
  "summary_bg_k": 77.18344136434693,
  "summary_bg_mad": 1.0987857580184937,
  "summary_bg_mean": 151.9947967529297,
  "summary_bg_median": 0.7490602731704712,
  "summary_bg_n": 152420.0,
  "summary_bg_p05": 0.0024011497152969254,
  "summary_bg_p95": 691.7164215087846,
  "summary_bg_stdv": 832.6710205078125,
  "summary_fg_k": 1.885851417162911,
  "summary_fg_mad": 2795.7939453125,
  "summary_fg_mean": 16263.5810546875,
  "summary_fg_median": 16495.5703125,
  "summary_fg_n": 37806.0,
  "summary_fg_p05": 10801.708984375,
  "summary_fg_p95": 21003.70166015625,
  "summary_fg_stdv": 3213.741943359375,
  "tsnr": 50.23915100097656
}