{
  "aor": 0.0008295757575757576,
  "aqi": 0.008813255575757576,
  "bids_meta": {
    "AcquisitionNumber": 2,
    "BidsifyVersion": "0.3.5",
    "ConversionSoftware": "dcm2niix",
    "ConversionSoftwareVersion": "v1.0.20181125  GCC6.3.0",
    "EchoTime": 0.02762,
    "EffectiveEchoSpacing": 0.0006333282667071997,
    "ImageComments": "PIOP",
    "ImageOrientationPatientDICOM": [
      0.996635,
      0.0700765,
      -0.0425189,
      -0.0786119,
      0.964075,
      -0.253732
    ],
    "Manufacturer": "Philips",
    "NumberOfVolumesDiscardedByScanner": 2,
    "ParallelAcquisitionTechnique": "SENSE",
    "ParallelReductionFactorInPlane": 2,
    "PatientPosition": "HFS",
    "PhaseEncodingDirection": "j",
    "PhilipsRescaleIntercept": 0,
    "PhilipsRescaleSlope": 0.80928,
    "PhilipsScaleSlope": 0.0842514,
    "ProtocolName": "WIPpiopfacesSENSE",
    "PulseSequenceType": "gradient echo EPI",
    "ReconMatrixPE": 80,
    "RepetitionTime": 0.75,
    "SeriesDescription": "ImageMRSERIES",
    "SeriesNumber": 2,
    "SliceEncodingDirection": "k",
    "SliceTiming": [
      0.0,
      0.06755050505050506,
      0.1351010101010101,
      0.20265151515151517,
      0.2702020202020202,
      0.3377525252525253,
      0.40530303030303033,
      0.47285353535353536,
      0.5404040404040404,
      0.6079545454545455,
      0.6755050505050506,
      0.7430555555555556,
      0.0,
      0.06755050505050506,
      0.1351010101010101,
      0.20265151515151517,
      0.2702020202020202,
      0.3377525252525253,
      0.40530303030303033,
      0.47285353535353536,
      0.5404040404040404,
      0.6079545454545455,
      0.6755050505050506,
      0.7430555555555556,
      0.0,
      0.06755050505050506,
      0.1351010101010101,
      0.20265151515151517,
      0.2702020202020202,
      0.3377525252525253,
      0.40530303030303033,
      0.47285353535353536,
      0.5404040404040404,
      0.6079545454545455,
      0.6755050505050506,
      0.7430555555555556
    ],
    "TaskName": "faces",
    "TotalReadoutTime": 0.024699802401580786,
    "UsePhilipsFloatNotDisplayScaling": 1,
    "acq_id": "mb3",
    "dataset": "unknown",
    "modality": "bold",
    "subject_id": "0108",
    "task_id": "faces"
  },
  "dummy_trs": 0,
  "dvars_nstd": 26.94342042756839,
  "dvars_std": 1.1292330028571431,
  "dvars_vstd": 1.01441726343465,
  "efc": 0.4495410899491621,
  "fber": 123559792.0,
  "fd_mean": 0.13877126471922616,
  "fd_num": 66,
  "fd_perc": 20.0,
  "fwhm_avg": 2.6494670399025555,
  "fwhm_x": 2.606056666666667,
  "fwhm_y": 2.91302,
  "fwhm_z": 2.429324453041,
  "gcor": 0.018085,
  "gsr_x": -0.004973468836396933,
  "gsr_y": 0.007547265384346247,
  "provenance": {
    "md5sum": "0616537a1cc8417eca33e4124bff27c8",
    "settings": {
      "fd_thres": 0.2,
      "hmc_fsl": false
    },
    "software": "mriqc",
    "version": "0.15.0",
    "webapi_port": null,
    "webapi_url": "https://mriqc.nimh.nih.gov/api/v1"
  },
  "size_t": 330,
  "size_x": 80,
  "size_y": 80,
  "size_z": 36,
  "snr": 5.460288508309559,
  "spacing_tr": 0.75,
  "spacing_x": 3.0,
  "spacing_y": 3.0,
  "spacing_z": 3.299999713897705,
  "spikes_num": 0,
  "summary_bg_k": 60.572904270628285,
  "summary_bg_mad": 2.1028366088867188,
  "summary_bg_mean": 191.9636688232422,
  "summary_bg_median": 1.4464508295059204,
  "summary_bg_n": 140843.0,
  "summary_bg_p05": 0.010507416445761922,
  "summary_bg_p95": 1147.752319335937,
  "summary_bg_stdv": 907.8165893554688,
  "summary_fg_k": 1.8552886772683248,
  "summary_fg_mad": 2787.833740234375,
  "summary_fg_mean": 17824.080078125,
  "summary_fg_median": 17795.26953125,
  "summary_fg_n": 48022.0,
  "summary_fg_p05": 12772.191650390625,
  "summary_fg_p95": 22978.62109375,
  "summary_fg_stdv": 3259.000732421875,
  "tsnr": 49.28466796875
}