{
  "aor": 0.0003583647798742138,
  "aqi": 0.017465432264150944,
  "bids_meta": {
    "AcquisitionNumber": 6,
    "BidsifyVersion": "0.3.5",
    "ConversionSoftware": "dcm2niix",
    "ConversionSoftwareVersion": "v1.0.20181125  GCC6.3.0",
    "EchoTime": 0.02762,
    "EffectiveEchoSpacing": 0.0006333282667071997,
    "ImageComments": "PIOP",
    "ImageOrientationPatientDICOM": [
      0.996635,
      0.0700765,
      -0.0425189,
      -0.0786119,
      0.964075,
      -0.253732
    ],
    "Manufacturer": "Philips",
    "NumberOfVolumesDiscardedByScanner": 2,
    "ParallelAcquisitionTechnique": "SENSE",
    "ParallelReductionFactorInPlane": 2,
    "PatientPosition": "HFS",
    "PhaseEncodingDirection": "j",
    "PhilipsRescaleIntercept": 0,
    "PhilipsRescaleSlope": 0.76703,
    "PhilipsScaleSlope": 0.0839291,
    "ProtocolName": "WIPpioprsSENSE",
    "PulseSequenceType": "gradient echo EPI",
    "ReconMatrixPE": 80,
    "RepetitionTime": 0.75,
    "SeriesDescription": "ImageMRSERIES",
    "SeriesNumber": 6,
    "SliceEncodingDirection": "k",
    "SliceTiming": [
      0.0,
      0.06755050505050506,
      0.1351010101010101,
      0.20265151515151517,
      0.2702020202020202,
      0.3377525252525253,
      0.40530303030303033,
      0.47285353535353536,
      0.5404040404040404,
      0.6079545454545455,
      0.6755050505050506,
      0.7430555555555556,
      0.0,
      0.06755050505050506,
      0.1351010101010101,
      0.20265151515151517,
      0.2702020202020202,
      0.3377525252525253,
      0.40530303030303033,
      0.47285353535353536,
      0.5404040404040404,
      0.6079545454545455,
      0.6755050505050506,
      0.7430555555555556,
      0.0,
      0.06755050505050506,
      0.1351010101010101,
      0.20265151515151517,
      0.2702020202020202,
      0.3377525252525253,
      0.40530303030303033,
      0.47285353535353536,
      0.5404040404040404,
      0.6079545454545455,
      0.6755050505050506,
      0.7430555555555556
    ],
    "TaskName": "restingstate",
    "TotalReadoutTime": 0.024699802401580786,
    "UsePhilipsFloatNotDisplayScaling": 1,
    "acq_id": "mb3",
    "dataset": "unknown",
    "modality": "bold",
    "subject_id": "0108",
    "task_id": "restingstate"
  },
  "dummy_trs": 3,
  "dvars_nstd": 30.76223241607146,
  "dvars_std": 1.055527511449581,
  "dvars_vstd": 0.9579877101050426,
  "efc": 0.45041445150358617,
  "fber": 72461072.0,
  "fd_mean": 0.11250291827701807,
  "fd_num": 46,
  "fd_perc": 9.643605870020965,
  "fwhm_avg": 2.438339607027254,
  "fwhm_x": 2.338013333333333,
  "fwhm_y": 2.67916,
  "fwhm_z": 2.2978454877484276,
  "gcor": 0.0113563,
  "gsr_x": -0.004224460106343031,
  "gsr_y": 0.008491002954542637,
  "provenance": {
    "md5sum": "6bbf854d246bbf96a0b7cecd55bde0fe",
    "settings": {
      "fd_thres": 0.2,
      "hmc_fsl": false
    },
    "software": "mriqc",
    "version": "0.15.0",
    "webapi_port": null,
    "webapi_url": "https://mriqc.nimh.nih.gov/api/v1"
  },
  "size_t": 477,
  "size_x": 80,
  "size_y": 80,
  "size_z": 36,
  "snr": 5.426922253961342,
  "spacing_tr": 0.75,
  "spacing_x": 3.0,
  "spacing_y": 3.0,
  "spacing_z": 3.299999952316284,
  "spikes_num": 0,
  "summary_bg_k": 60.31283950237118,
  "summary_bg_mad": 2.5939180850982666,
  "summary_bg_mean": 189.95811462402344,
  "summary_bg_median": 1.788314700126648,
  "summary_bg_n": 140549.0,
  "summary_bg_p05": 0.017690497636795047,
  "summary_bg_p95": 1070.4875732421874,
  "summary_bg_stdv": 886.8134155273438,
  "summary_fg_k": 1.849981217759174,
  "summary_fg_mad": 2763.447509765625,
  "summary_fg_mean": 17085.7578125,
  "summary_fg_median": 17074.326171875,
  "summary_fg_n": 48297.0,
  "summary_fg_p05": 12247.7166015625,
  "summary_fg_p95": 22051.794921875,
  "summary_fg_stdv": 3146.19384765625,
  "tsnr": 36.21136474609375
}