{
  "aor": 0.0012352592592592593,
  "aqi": 0.0055005164444444435,
  "bids_meta": {
    "AcquisitionNumber": 5,
    "BidsifyVersion": "0.3.5",
    "ConversionSoftware": "dcm2niix",
    "ConversionSoftwareVersion": "v1.0.20181125  GCC6.3.0",
    "EchoTime": 0.02762,
    "EffectiveEchoSpacing": 0.0006621159151938905,
    "ImageComments": "PIOP",
    "ImageOrientationPatientDICOM": [
      0.996361,
      0.070103,
      -0.0484893,
      -0.0801653,
      0.963994,
      -0.253555
    ],
    "Manufacturer": "Philips",
    "NumberOfVolumesDiscardedByScanner": 2,
    "ParallelAcquisitionTechnique": "SENSE",
    "ParallelReductionFactorInPlane": 2,
    "PatientPosition": "HFS",
    "PhaseEncodingDirection": "j",
    "PhilipsRescaleIntercept": 0,
    "PhilipsRescaleSlope": 0.79048,
    "PhilipsScaleSlope": 0.055644,
    "ProtocolName": "WIPpiopharririSENSE",
    "PulseSequenceType": "gradient echo EPI",
    "ReconMatrixPE": 80,
    "RepetitionTime": 2,
    "SeriesDescription": "ImageMRSERIES",
    "SeriesNumber": 5,
    "SliceEncodingDirection": "k",
    "SliceTiming": [
      0.0,
      0.0541,
      0.1081,
      0.1622,
      0.2162,
      0.2703,
      0.3243,
      0.3784,
      0.4324,
      0.4865,
      0.5405,
      0.5946,
      0.6486,
      0.7027,
      0.7568,
      0.8108,
      0.8649,
      0.9189,
      0.973,
      1.027,
      1.0811,
      1.1351,
      1.1892,
      1.2432,
      1.2973,
      1.3514,
      1.4054,
      1.4595,
      1.5135,
      1.5676,
      1.6216,
      1.6757,
      1.7297,
      1.7838,
      1.8378,
      1.8919,
      1.9459
    ],
    "TaskName": "emomatching",
    "TotalReadoutTime": 0.025822520692561732,
    "UsePhilipsFloatNotDisplayScaling": 1,
    "acq_id": "seq",
    "dataset": "unknown",
    "modality": "bold",
    "subject_id": "0108",
    "task_id": "emomatching"
  },
  "dummy_trs": 0,
  "dvars_nstd": 21.560631153805968,
  "dvars_std": 1.129307564402985,
  "dvars_vstd": 0.9634213315671639,
  "efc": 0.4424111660493888,
  "fber": 89410328.0,
  "fd_mean": 0.15981798478700263,
  "fd_num": 30,
  "fd_perc": 22.22222222222222,
  "fwhm_avg": 2.3630323339157084,
  "fwhm_x": 2.27465,
  "fwhm_y": 2.5963833333333333,
  "fwhm_z": 2.218063668413793,
  "gcor": 0.0106086,
  "gsr_x": -0.003640581388026476,
  "gsr_y": 0.008385972119867802,
  "provenance": {
    "md5sum": "7ed245139c1097023701af178910a043",
    "settings": {
      "fd_thres": 0.2,
      "hmc_fsl": false
    },
    "software": "mriqc",
    "version": "0.15.0",
    "webapi_port": null,
    "webapi_url": "https://mriqc.nimh.nih.gov/api/v1"
  },
  "size_t": 135,
  "size_x": 80,
  "size_y": 80,
  "size_z": 37,
  "snr": 4.4211461321568635,
  "spacing_tr": 2.0,
  "spacing_x": 3.0,
  "spacing_y": 3.0,
  "spacing_z": 3.299999952316284,
  "spikes_num": 0,
  "summary_bg_k": 70.14602909805532,
  "summary_bg_mad": 3.131098747253418,
  "summary_bg_mean": 235.7093963623047,
  "summary_bg_median": 2.1486401557922363,
  "summary_bg_n": 145299.0,
  "summary_bg_p05": 0.01065285224467516,
  "summary_bg_p95": 1220.7086425781254,
  "summary_bg_stdv": 1157.5498046875,
  "summary_fg_k": 2.305179966624599,
  "summary_fg_mad": 4375.5458984375,
  "summary_fg_mean": 22778.876953125,
  "summary_fg_median": 22416.29296875,
  "summary_fg_n": 49330.0,
  "summary_fg_p05": 15704.450146484374,
  "summary_fg_p95": 30841.66298828125,
  "summary_fg_stdv": 5070.193359375,
  "tsnr": 63.73744201660156
}