{
  "aor": 0.010558198757763976,
  "aqi": 0.015712100124223603,
  "bids_meta": {
    "AcquisitionNumber": 8,
    "BidsifyVersion": "0.3.5",
    "ConversionSoftware": "dcm2niix",
    "ConversionSoftwareVersion": "v1.0.20181125  GCC6.3.0",
    "EchoTime": 0.02762,
    "ImageComments": "piop",
    "ImageOrientationPatientDICOM": [
      0.997335,
      -0.0409751,
      0.0603582,
      0.0576806,
      0.949462,
      -0.308536
    ],
    "Manufacturer": "Philips",
    "NumberOfVolumesDiscardedByScanner": 2,
    "ParallelAcquisitionTechnique": "SENSE",
    "ParallelReductionFactorInPlane": 2,
    "PatientPosition": "HFS",
    "PhaseEncodingDirection": "j",
    "PhilipsRescaleIntercept": 0,
    "PhilipsRescaleSlope": 0.80659,
    "PhilipsScaleSlope": 0.0647318,
    "ProtocolName": "WIPpiopwmSENSE",
    "PulseSequenceType": "gradient echo EPI",
    "ReconMatrixPE": 80,
    "RepetitionTime": 2,
    "SeriesDescription": "ImageMRSERIES",
    "SeriesNumber": 8,
    "SliceEncodingDirection": "k",
    "TaskName": "workingmemory",
    "UsePhilipsFloatNotDisplayScaling": 1,
    "acq_id": "seq",
    "dataset": "unknown",
    "modality": "bold",
    "subject_id": "0190",
    "task_id": "workingmemory"
  },
  "dummy_trs": 1,
  "dvars_nstd": 28.182439207999995,
  "dvars_std": 1.2552717541874998,
  "dvars_vstd": 1.9950438423750008,
  "efc": 0.395911171675928,
  "fber": 49751312.0,
  "fd_mean": 0.20227278161502255,
  "fd_num": 57,
  "fd_perc": 35.40372670807454,
  "fwhm_avg": 2.22234728277111,
  "fwhm_x": 2.17662,
  "fwhm_y": 2.40514,
  "fwhm_z": 2.0852818483133295,
  "gcor": 0.0123889,
  "gsr_x": -0.004863927606493235,
  "gsr_y": 0.003728301730006933,
  "provenance": {
    "md5sum": "a653af8eb6fed32869402e2aebab4e4b",
    "settings": {
      "fd_thres": 0.2,
      "hmc_fsl": false
    },
    "software": "mriqc",
    "version": "0.15.0",
    "webapi_port": null,
    "webapi_url": "https://mriqc.nimh.nih.gov/api/v1"
  },
  "size_t": 161,
  "size_x": 80,
  "size_y": 80,
  "size_z": 37,
  "snr": 4.6878536483586455,
  "spacing_tr": 2.0,
  "spacing_x": 3.0,
  "spacing_y": 3.0,
  "spacing_z": 3.299999952316284,
  "spikes_num": 3,
  "summary_bg_k": 116.39399433618865,
  "summary_bg_mad": 4.334612846374512,
  "summary_bg_mean": 190.13482666015625,
  "summary_bg_median": 3.013481616973877,
  "summary_bg_n": 156190.0,
  "summary_bg_p05": 0.03886917401105165,
  "summary_bg_p95": 816.293280029294,
  "summary_bg_stdv": 999.038330078125,
  "summary_fg_k": 1.9649325109326767,
  "summary_fg_mad": 4372.150390625,
  "summary_fg_mean": 23517.939453125,
  "summary_fg_median": 23237.095703125,
  "summary_fg_n": 40242.0,
  "summary_fg_p05": 16677.85546875,
  "summary_fg_p95": 31751.30312499998,
  "summary_fg_stdv": 4956.8115234375,
  "tsnr": 39.991920471191406
}