{
  "aor": 0.0011709259259259262,
  "aqi": 0.004303741234567901,
  "bids_meta": {
    "AcquisitionNumber": 8,
    "BidsifyVersion": "0.3.5",
    "ConversionSoftware": "dcm2niix",
    "ConversionSoftwareVersion": "v1.0.20181125  GCC6.3.0",
    "EchoTime": 0.02762,
    "EffectiveEchoSpacing": 0.0006621159151938905,
    "ImageComments": "Piop",
    "ImageOrientationPatientDICOM": [
      0.998087,
      0.0205615,
      -0.0582976,
      -0.0404363,
      0.930476,
      -0.364115
    ],
    "Manufacturer": "Philips",
    "NumberOfVolumesDiscardedByScanner": 2,
    "ParallelAcquisitionTechnique": "SENSE",
    "ParallelReductionFactorInPlane": 2,
    "PatientPosition": "HFS",
    "PhaseEncodingDirection": "j",
    "PhilipsRescaleIntercept": 0,
    "PhilipsRescaleSlope": 0.80415,
    "PhilipsScaleSlope": 0.0590318,
    "ProtocolName": "WIPpiopwmSENSE",
    "PulseSequenceType": "gradient echo EPI",
    "ReconMatrixPE": 80,
    "RepetitionTime": 2,
    "SeriesDescription": "ImageMRSERIES",
    "SeriesNumber": 8,
    "SliceEncodingDirection": "k",
    "SliceTiming": [
      0.0,
      0.0541,
      0.1081,
      0.1622,
      0.2162,
      0.2703,
      0.3243,
      0.3784,
      0.4324,
      0.4865,
      0.5405,
      0.5946,
      0.6486,
      0.7027,
      0.7568,
      0.8108,
      0.8649,
      0.9189,
      0.973,
      1.027,
      1.0811,
      1.1351,
      1.1892,
      1.2432,
      1.2973,
      1.3514,
      1.4054,
      1.4595,
      1.5135,
      1.5676,
      1.6216,
      1.6757,
      1.7297,
      1.7838,
      1.8378,
      1.8919,
      1.9459
    ],
    "TaskName": "workingmemory",
    "TotalReadoutTime": 0.025822520692561732,
    "UsePhilipsFloatNotDisplayScaling": 1,
    "acq_id": "seq",
    "dataset": "unknown",
    "modality": "bold",
    "subject_id": "0067",
    "task_id": "workingmemory"
  },
  "dummy_trs": 0,
  "dvars_nstd": 23.40594044018634,
  "dvars_std": 1.2602556866459629,
  "dvars_vstd": 0.9681503293167704,
  "efc": 0.4028541892872175,
  "fber": 153381232.0,
  "fd_mean": 0.13172571776387632,
  "fd_num": 13,
  "fd_perc": 8.024691358024691,
  "fwhm_avg": 2.3915452633056695,
  "fwhm_x": 2.3263866666666666,
  "fwhm_y": 2.61004,
  "fwhm_z": 2.238209123250342,
  "gcor": 0.0143051,
  "gsr_x": -0.008461560122668743,
  "gsr_y": 0.004232707899063826,
  "provenance": {
    "md5sum": "ce4083c7c2f305778d9a57ff59b23b0f",
    "settings": {
      "fd_thres": 0.2,
      "hmc_fsl": false
    },
    "software": "mriqc",
    "version": "0.15.0",
    "webapi_port": null,
    "webapi_url": "https://mriqc.nimh.nih.gov/api/v1"
  },
  "size_t": 162,
  "size_x": 80,
  "size_y": 80,
  "size_z": 37,
  "snr": 4.501992254016596,
  "spacing_tr": 2.0,
  "spacing_x": 3.0,
  "spacing_y": 3.0,
  "spacing_z": 3.299999952316284,
  "spikes_num": 1,
  "summary_bg_k": 62.20429616995028,
  "summary_bg_mad": 2.7364370822906494,
  "summary_bg_mean": 247.8313751220703,
  "summary_bg_median": 1.883505940437317,
  "summary_bg_n": 154873.0,
  "summary_bg_p05": 0.014041593298316002,
  "summary_bg_p95": 908.8140869140586,
  "summary_bg_stdv": 1291.3433837890625,
  "summary_fg_k": 1.9568427568209374,
  "summary_fg_mad": 4775.07666015625,
  "summary_fg_mean": 25402.5390625,
  "summary_fg_median": 25185.658203125,
  "summary_fg_n": 40767.0,
  "summary_fg_p05": 16937.0609375,
  "summary_fg_p95": 34283.59609375,
  "summary_fg_stdv": 5594.267578125,
  "tsnr": 68.44779968261719
}