{
  "aor": 0.0003913333333333333,
  "aqi": 0.007566464212121212,
  "bids_meta": {
    "AcquisitionNumber": 2,
    "BidsifyVersion": "0.3.5",
    "ConversionSoftware": "dcm2niix",
    "ConversionSoftwareVersion": "v1.0.20181125  GCC6.3.0",
    "EchoTime": 0.02762,
    "ImageComments": "PIOP",
    "ImageOrientationPatientDICOM": [
      0.999505,
      -0.0114294,
      0.0293151,
      0.0169229,
      0.980732,
      -0.194622
    ],
    "Manufacturer": "Philips",
    "NumberOfVolumesDiscardedByScanner": 2,
    "ParallelAcquisitionTechnique": "SENSE",
    "ParallelReductionFactorInPlane": 2,
    "PatientPosition": "HFS",
    "PhaseEncodingDirection": "j",
    "PhilipsRescaleIntercept": 0,
    "PhilipsRescaleSlope": 0.75556,
    "PhilipsScaleSlope": 0.0923785,
    "ProtocolName": "WIPpiopfacesSENSE",
    "PulseSequenceType": "gradient echo EPI",
    "ReconMatrixPE": 80,
    "RepetitionTime": 0.75,
    "SeriesDescription": "ImageMRSERIES",
    "SeriesNumber": 2,
    "SliceEncodingDirection": "k",
    "TaskName": "faces",
    "UsePhilipsFloatNotDisplayScaling": 1,
    "acq_id": "mb3",
    "dataset": "unknown",
    "modality": "bold",
    "subject_id": "0098",
    "task_id": "faces"
  },
  "dummy_trs": 0,
  "dvars_nstd": 30.79419562723404,
  "dvars_std": 1.201872671975684,
  "dvars_vstd": 1.0035508320364739,
  "efc": 0.44312516555951403,
  "fber": 464570848.0,
  "fd_mean": 0.10117596557544196,
  "fd_num": 10,
  "fd_perc": 3.0303030303030303,
  "fwhm_avg": 2.456975869268894,
  "fwhm_x": 2.442206666666667,
  "fwhm_y": 2.71073,
  "fwhm_z": 2.217990941140015,
  "gcor": 0.00795036,
  "gsr_x": 0.0005656284629367292,
  "gsr_y": 0.006956566125154495,
  "provenance": {
    "md5sum": "9d9ec00232e8df39b6140fe6e7cdcbae",
    "settings": {
      "fd_thres": 0.2,
      "hmc_fsl": false
    },
    "software": "mriqc",
    "version": "0.15.0",
    "webapi_port": null,
    "webapi_url": "https://mriqc.nimh.nih.gov/api/v1"
  },
  "size_t": 330,
  "size_x": 80,
  "size_y": 80,
  "size_z": 36,
  "snr": 5.1597910528936515,
  "spacing_tr": 0.75,
  "spacing_x": 3.0,
  "spacing_y": 3.0,
  "spacing_z": 3.299999952316284,
  "spikes_num": 1,
  "summary_bg_k": 55.93817028704786,
  "summary_bg_mad": 1.0624797344207764,
  "summary_bg_mean": 191.09222412109375,
  "summary_bg_median": 0.7314440608024597,
  "summary_bg_n": 141499.0,
  "summary_bg_p05": 0.004403866361826658,
  "summary_bg_p95": 962.8245849609378,
  "summary_bg_stdv": 945.67626953125,
  "summary_fg_k": 2.0235834060391555,
  "summary_fg_mad": 2867.0732421875,
  "summary_fg_mean": 17138.1875,
  "summary_fg_median": 17197.93359375,
  "summary_fg_n": 47125.0,
  "summary_fg_p05": 11936.425390625,
  "summary_fg_p95": 22225.619921874997,
  "summary_fg_stdv": 3333.032470703125,
  "tsnr": 52.45355224609375
}