{
    "Manufacturer": "Philips",
    "PatientPosition": "HFS",
    "SeriesDescription": "ImageMRSERIES",
    "ProtocolName": "WIPdti32v2SENSE",
    "SeriesNumber": 7,
    "AcquisitionNumber": 7,
    "ImageComments": "piop",
    "PhilipsRescaleSlope": 3.97045,
    "PhilipsRescaleIntercept": 0,
    "PhilipsScaleSlope": 0.0262706,
    "UsePhilipsFloatNotDisplayScaling": 1,
    "EchoTime": 0.08599,
    "RepetitionTime": 7.39254,
    "ReconMatrixPE": 112,
    "ImageOrientationPatientDICOM": [
        0.997321,
        0.0610775,
        0.0402641,
        -0.0442416,
        0.941904,
        -0.332955
    ],
    "ConversionSoftware": "dcm2niix",
    "ConversionSoftwareVersion": "v1.0.20181125  GCC6.3.0",
    "BidsifyVersion": "0.3.5",
    "FlipAngle": 90,
    "WaterFatShift": 18.924,
    "ParallelAcquisitionTechnique": "SENSE",
    "ParallelReductionFactorInPlane": 2,
    "PhaseEncodingDirection": "j"
}