{
    "Manufacturer": "Philips",
    "PatientPosition": "HFS",
    "SeriesDescription": "ImageMRSERIES",
    "ProtocolName": "WIPt13dSENSE",
    "SeriesNumber": 4,
    "AcquisitionNumber": 4,
    "ImageComments": "PIOP",
    "PhilipsRescaleSlope": 7.98779,
    "PhilipsRescaleIntercept": 0,
    "PhilipsScaleSlope": 0.00694736,
    "UsePhilipsFloatNotDisplayScaling": 1,
    "EchoTime": 0.00374,
    "RepetitionTime": 0.008175,
    "ReconMatrixPE": 240,
    "ImageOrientationPatientDICOM": [
        0.999429,
        0.0187001,
        0.0281339,
        -0.0190155,
        0.999759,
        0.0109857
    ],
    "ConversionSoftware": "dcm2niix",
    "ConversionSoftwareVersion": "v1.0.20181125  GCC6.3.0",
    "BidsifyVersion": "0.3.5"
}