{
  "aor": 0.0032117,
  "aqi": 0.00593021755,
  "bids_meta": {
    "AcquisitionNumber": 9,
    "BidsifyVersion": "0.3.5",
    "ConversionSoftware": "dcm2niix",
    "ConversionSoftwareVersion": "v1.0.20181125  GCC6.3.0",
    "EchoTime": 0.02762,
    "ImageComments": "piop",
    "ImageOrientationPatientDICOM": [
      0.995915,
      -0.0895419,
      0.0116258,
      0.0901096,
      0.977401,
      -0.191225
    ],
    "Manufacturer": "Philips",
    "NumberOfVolumesDiscardedByScanner": 2,
    "ParallelAcquisitionTechnique": "SENSE",
    "ParallelReductionFactorInPlane": 2,
    "PatientPosition": "HFS",
    "PhaseEncodingDirection": "j",
    "PhilipsRescaleIntercept": 0,
    "PhilipsRescaleSlope": 0.81099,
    "PhilipsScaleSlope": 0.0542372,
    "ProtocolName": "WIPpiopanticipatieSENSE",
    "PulseSequenceType": "gradient echo EPI",
    "ReconMatrixPE": 80,
    "RepetitionTime": 2,
    "SeriesDescription": "ImageMRSERIES",
    "SeriesNumber": 9,
    "SliceEncodingDirection": "k",
    "TaskName": "anticipation",
    "UsePhilipsFloatNotDisplayScaling": 1,
    "acq_id": "seq",
    "dataset": "unknown",
    "modality": "bold",
    "subject_id": "0062",
    "task_id": "anticipation"
  },
  "dummy_trs": 0,
  "dvars_nstd": 21.03730643572865,
  "dvars_std": 1.2089093029145728,
  "dvars_vstd": 1.5939185079899512,
  "efc": 0.38883582502616804,
  "fber": 189150448.0,
  "fd_mean": 0.14425320234906608,
  "fd_num": 36,
  "fd_perc": 18.0,
  "fwhm_avg": 2.3967822325938317,
  "fwhm_x": 2.2937766666666666,
  "fwhm_y": 2.7432366666666668,
  "fwhm_z": 2.1533333644481623,
  "gcor": 0.0250947,
  "gsr_x": -0.005426622927188873,
  "gsr_y": 0.004570242948830128,
  "provenance": {
    "md5sum": "418eec038b78a6c9bee3588056673bfd",
    "settings": {
      "fd_thres": 0.2,
      "hmc_fsl": false
    },
    "software": "mriqc",
    "version": "0.15.0",
    "webapi_port": null,
    "webapi_url": "https://mriqc.nimh.nih.gov/api/v1"
  },
  "size_t": 200,
  "size_x": 80,
  "size_y": 80,
  "size_z": 37,
  "snr": 4.848390312100179,
  "spacing_tr": 2.0,
  "spacing_x": 3.0,
  "spacing_y": 3.0,
  "spacing_z": 3.299999952316284,
  "spikes_num": 1,
  "summary_bg_k": 102.03575609744621,
  "summary_bg_mad": 2.368001937866211,
  "summary_bg_mean": 179.7987823486328,
  "summary_bg_median": 1.6307257413864136,
  "summary_bg_n": 156248.0,
  "summary_bg_p05": 0.013053829222917559,
  "summary_bg_p95": 539.273056030273,
  "summary_bg_stdv": 1083.835693359375,
  "summary_fg_k": 2.534791243354028,
  "summary_fg_mad": 4067.177734375,
  "summary_fg_mean": 24250.298828125,
  "summary_fg_median": 24086.87890625,
  "summary_fg_n": 39426.0,
  "summary_fg_p05": 16795.72509765625,
  "summary_fg_p95": 32069.54150390625,
  "summary_fg_stdv": 4967.95263671875,
  "tsnr": 65.846923828125
}