{
  "bids_meta": {
    "AcquisitionNumber": 5,
    "BidsifyVersion": "0.3.5",
    "ConversionSoftware": "dcm2niix",
    "ConversionSoftwareVersion": "v1.0.20181125  GCC6.3.0",
    "EchoTime": 0.00372,
    "ImageComments": "piop",
    "ImageOrientationPatientDICOM": [
      0.999436,
      -0.0096739,
      0.0321397,
      0.0085475,
      0.999351,
      0.0350012
    ],
    "Manufacturer": "Philips",
    "PatientPosition": "HFS",
    "PhilipsRescaleIntercept": 0,
    "PhilipsRescaleSlope": 8.91062,
    "PhilipsScaleSlope": 0.00705785,
    "ProtocolName": "WIPt13dSENSE",
    "ReconMatrixPE": 240,
    "RepetitionTime": 0.008132,
    "SeriesDescription": "ImageMRSERIES",
    "SeriesNumber": 5,
    "UsePhilipsFloatNotDisplayScaling": 1,
    "dataset": "unknown",
    "modality": "T1w",
    "subject_id": "0150"
  },
  "cjv": 0.3258897061673544,
  "cnr": 3.905878639690361,
  "efc": 0.7594419661325568,
  "fber": 1232.8621826171875,
  "fwhm_avg": 3.5228567420041603,
  "fwhm_x": 3.48649,
  "fwhm_y": 3.7918602260124814,
  "fwhm_z": 3.29022,
  "icvs_csf": 0.19953038675227844,
  "icvs_gm": 0.41865080733512977,
  "icvs_wm": 0.3818188059125918,
  "inu_med": 1.6680067777633667,
  "inu_range": 0.4005549490451814,
  "provenance": {
    "md5sum": "9842a2db1c49077ced887cb1309b6e55",
    "settings": {
      "testing": false
    },
    "software": "mriqc",
    "version": "0.15.0",
    "warnings": {
      "large_rot_frame": true,
      "small_air_mask": true
    },
    "webapi_port": null,
    "webapi_url": "https://mriqc.nimh.nih.gov/api/v1"
  },
  "qi_1": 0.0,
  "qi_2": 0.00014935117205533164,
  "rpve_csf": 28.178314841556716,
  "rpve_gm": 14.469897218485391,
  "rpve_wm": 20.416065452684162,
  "size_x": 240,
  "size_y": 240,
  "size_z": 220,
  "snr_csf": 2.285993327530532,
  "snr_gm": 7.325164730658445,
  "snr_total": 10.00552445555393,
  "snr_wm": 20.40541530847281,
  "snrd_csf": 21.49331171364616,
  "snrd_gm": 45.297795828590864,
  "snrd_total": 46.7221489227922,
  "snrd_wm": 73.37533922613959,
  "spacing_x": 1.0,
  "spacing_y": 0.9999999403953552,
  "spacing_z": 1.0,
  "summary_bg_k": 4.333589544360617,
  "summary_bg_mad": 8.928384780883789,
  "summary_bg_mean": 11.721537590026855,
  "summary_bg_median": 12.049074172973633,
  "summary_bg_n": 100972.0,
  "summary_bg_p05": 0.0,
  "summary_bg_p95": 30.401541805267335,
  "summary_bg_stdv": 9.70014476776123,
  "summary_csf_k": 3.340567166110465,
  "summary_csf_mad": 146.60311889648438,
  "summary_csf_mean": 282.075439453125,
  "summary_csf_median": 292.9169616699219,
  "summary_csf_n": 5800.0,
  "summary_csf_p05": 89.81464729309081,
  "summary_csf_p95": 462.2179916381836,
  "summary_csf_stdv": 128.12448120117188,
  "summary_gm_k": 0.09595777832112429,
  "summary_gm_mad": 80.924072265625,
  "summary_gm_mean": 619.6239624023438,
  "summary_gm_median": 617.3312377929688,
  "summary_gm_n": 19371.0,
  "summary_gm_p05": 483.1653289794922,
  "summary_gm_p95": 764.4164733886719,
  "summary_gm_stdv": 84.27323150634766,
  "summary_wm_k": 1.1091878479512083,
  "summary_wm_mad": 43.77721405029297,
  "summary_wm_mean": 998.29736328125,
  "summary_wm_median": 999.97998046875,
  "summary_wm_n": 216771.0,
  "summary_wm_p05": 915.6678771972656,
  "summary_wm_p95": 1075.2669067382812,
  "summary_wm_stdv": 49.0055046081543,
  "tpm_overlap_csf": 0.21153464913368225,
  "tpm_overlap_gm": 0.5049988031387329,
  "tpm_overlap_wm": 0.5695868134498596,
  "wm2max": 0.6524941233106573
}