{
  "aor": 0.001254969696969697,
  "aqi": 0.012112969878787879,
  "bids_meta": {
    "AcquisitionNumber": 2,
    "BidsifyVersion": "0.3.5",
    "ConversionSoftware": "dcm2niix",
    "ConversionSoftwareVersion": "v1.0.20181125  GCC6.3.0",
    "EchoTime": 0.02762,
    "EffectiveEchoSpacing": 0.0006333282667071997,
    "ImageComments": "piop",
    "ImageOrientationPatientDICOM": [
      0.998963,
      0.040043,
      0.0216726,
      -0.0397732,
      0.999127,
      -0.0127402
    ],
    "Manufacturer": "Philips",
    "NumberOfVolumesDiscardedByScanner": 2,
    "ParallelAcquisitionTechnique": "SENSE",
    "ParallelReductionFactorInPlane": 2,
    "PatientPosition": "HFS",
    "PhaseEncodingDirection": "j",
    "PhilipsRescaleIntercept": 0,
    "PhilipsRescaleSlope": 0.79292,
    "PhilipsScaleSlope": 0.092309,
    "ProtocolName": "WIPpiopfacesSENSE",
    "PulseSequenceType": "gradient echo EPI",
    "ReconMatrixPE": 80,
    "RepetitionTime": 0.75,
    "SeriesDescription": "ImageMRSERIES",
    "SeriesNumber": 2,
    "SliceEncodingDirection": "k",
    "SliceTiming": [
      0.0,
      0.06755050505050506,
      0.1351010101010101,
      0.20265151515151517,
      0.2702020202020202,
      0.3377525252525253,
      0.40530303030303033,
      0.47285353535353536,
      0.5404040404040404,
      0.6079545454545455,
      0.6755050505050506,
      0.7430555555555556,
      0.0,
      0.06755050505050506,
      0.1351010101010101,
      0.20265151515151517,
      0.2702020202020202,
      0.3377525252525253,
      0.40530303030303033,
      0.47285353535353536,
      0.5404040404040404,
      0.6079545454545455,
      0.6755050505050506,
      0.7430555555555556,
      0.0,
      0.06755050505050506,
      0.1351010101010101,
      0.20265151515151517,
      0.2702020202020202,
      0.3377525252525253,
      0.40530303030303033,
      0.47285353535353536,
      0.5404040404040404,
      0.6079545454545455,
      0.6755050505050506,
      0.7430555555555556
    ],
    "TaskName": "faces",
    "TotalReadoutTime": 0.024699802401580786,
    "UsePhilipsFloatNotDisplayScaling": 1,
    "acq_id": "mb3",
    "dataset": "unknown",
    "modality": "bold",
    "subject_id": "0024",
    "task_id": "faces"
  },
  "dummy_trs": 0,
  "dvars_nstd": 23.587959509848034,
  "dvars_std": 1.11918678325228,
  "dvars_vstd": 1.0280412563829795,
  "efc": 0.42436894146277726,
  "fber": 432275424.0,
  "fd_mean": 0.11199575330539649,
  "fd_num": 5,
  "fd_perc": 1.5151515151515151,
  "fwhm_avg": 2.7491073423064463,
  "fwhm_x": 2.74337,
  "fwhm_y": 3.096303333333333,
  "fwhm_z": 2.407648693586005,
  "gcor": 0.00698735,
  "gsr_x": 0.0036296097096055746,
  "gsr_y": -0.0026851443108171225,
  "provenance": {
    "md5sum": "a526909127a4c1bdd64bb9cdaa63e4cd",
    "settings": {
      "fd_thres": 0.2,
      "hmc_fsl": false
    },
    "software": "mriqc",
    "version": "0.15.0",
    "webapi_port": null,
    "webapi_url": "https://mriqc.nimh.nih.gov/api/v1"
  },
  "size_t": 330,
  "size_x": 80,
  "size_y": 80,
  "size_z": 36,
  "snr": 5.21609582218177,
  "spacing_tr": 0.75,
  "spacing_x": 3.0,
  "spacing_y": 3.0,
  "spacing_z": 3.299999713897705,
  "spikes_num": 0,
  "summary_bg_k": 53.409826147039475,
  "summary_bg_mad": 1.1560022830963135,
  "summary_bg_mean": 194.151123046875,
  "summary_bg_median": 0.7979282140731812,
  "summary_bg_n": 146050.0,
  "summary_bg_p05": 0.0070133145665749914,
  "summary_bg_p95": 862.4908752441381,
  "summary_bg_stdv": 961.705078125,
  "summary_fg_k": 2.749756174066282,
  "summary_fg_mad": 2732.27392578125,
  "summary_fg_mean": 17678.1875,
  "summary_fg_median": 18037.890625,
  "summary_fg_n": 43526.0,
  "summary_fg_p05": 11504.2265625,
  "summary_fg_p95": 22396.61474609375,
  "summary_fg_stdv": 3458.081298828125,
  "tsnr": 49.7926139831543
}