{
  "aor": 0.006670061728395063,
  "aqi": 0.007657559567901234,
  "bids_meta": {
    "AcquisitionNumber": 8,
    "BidsifyVersion": "0.3.5",
    "ConversionSoftware": "dcm2niix",
    "ConversionSoftwareVersion": "v1.0.20181125  GCC6.3.0",
    "EchoTime": 0.02762,
    "EffectiveEchoSpacing": 0.0006621159151938905,
    "ImageComments": "piop",
    "ImageOrientationPatientDICOM": [
      0.998963,
      0.040043,
      0.0216726,
      -0.0397732,
      0.999127,
      -0.0127402
    ],
    "Manufacturer": "Philips",
    "NumberOfVolumesDiscardedByScanner": 2,
    "ParallelAcquisitionTechnique": "SENSE",
    "ParallelReductionFactorInPlane": 2,
    "PatientPosition": "HFS",
    "PhaseEncodingDirection": "j",
    "PhilipsRescaleIntercept": 0,
    "PhilipsRescaleSlope": 0.8127,
    "PhilipsScaleSlope": 0.0561368,
    "ProtocolName": "WIPpiopwmSENSE",
    "PulseSequenceType": "gradient echo EPI",
    "ReconMatrixPE": 80,
    "RepetitionTime": 2,
    "SeriesDescription": "ImageMRSERIES",
    "SeriesNumber": 8,
    "SliceEncodingDirection": "k",
    "SliceTiming": [
      0.0,
      0.0541,
      0.1081,
      0.1622,
      0.2162,
      0.2703,
      0.3243,
      0.3784,
      0.4324,
      0.4865,
      0.5405,
      0.5946,
      0.6486,
      0.7027,
      0.7568,
      0.8108,
      0.8649,
      0.9189,
      0.973,
      1.027,
      1.0811,
      1.1351,
      1.1892,
      1.2432,
      1.2973,
      1.3514,
      1.4054,
      1.4595,
      1.5135,
      1.5676,
      1.6216,
      1.6757,
      1.7297,
      1.7838,
      1.8378,
      1.8919,
      1.9459
    ],
    "TaskName": "workingmemory",
    "TotalReadoutTime": 0.025822520692561732,
    "UsePhilipsFloatNotDisplayScaling": 1,
    "acq_id": "seq",
    "dataset": "unknown",
    "modality": "bold",
    "subject_id": "0024",
    "task_id": "workingmemory"
  },
  "dummy_trs": 0,
  "dvars_nstd": 24.3376089773913,
  "dvars_std": 1.2395136155900621,
  "dvars_vstd": 1.0046303468944098,
  "efc": 0.41843970397169633,
  "fber": 82382600.0,
  "fd_mean": 0.11388530995720504,
  "fd_num": 10,
  "fd_perc": 6.172839506172839,
  "fwhm_avg": 2.4714537482540755,
  "fwhm_x": 2.40798,
  "fwhm_y": 2.7474266666666662,
  "fwhm_z": 2.25895457809556,
  "gcor": 0.00767172,
  "gsr_x": 0.005033201538026333,
  "gsr_y": -0.0028332755900919437,
  "provenance": {
    "md5sum": "954e85b886dc386296d23d2733793389",
    "settings": {
      "fd_thres": 0.2,
      "hmc_fsl": false
    },
    "software": "mriqc",
    "version": "0.15.0",
    "webapi_port": null,
    "webapi_url": "https://mriqc.nimh.nih.gov/api/v1"
  },
  "size_t": 162,
  "size_x": 80,
  "size_y": 80,
  "size_z": 37,
  "snr": 4.6463458176258055,
  "spacing_tr": 2.0,
  "spacing_x": 3.0,
  "spacing_y": 3.0,
  "spacing_z": 3.299999952316284,
  "spikes_num": 6,
  "summary_bg_k": 52.109301457170574,
  "summary_bg_mad": 3.571467161178589,
  "summary_bg_mean": 287.8494567871094,
  "summary_bg_median": 2.4378669261932373,
  "summary_bg_n": 151133.0,
  "summary_bg_p05": 0.008094289712607861,
  "summary_bg_p95": 1142.7599121093726,
  "summary_bg_stdv": 1404.7498779296875,
  "summary_fg_k": 2.267696700789511,
  "summary_fg_mad": 4417.205078125,
  "summary_fg_mean": 24058.8125,
  "summary_fg_median": 24059.607421875,
  "summary_fg_n": 44075.0,
  "summary_fg_p05": 15983.6640625,
  "summary_fg_p95": 31791.375585937498,
  "summary_fg_stdv": 5178.11962890625,
  "tsnr": 54.81322479248047
}