{
  "aor": 0.003907333333333334,
  "aqi": 0.0035987411111111102,
  "bids_meta": {
    "AcquisitionNumber": 5,
    "BidsifyVersion": "0.3.5",
    "ConversionSoftware": "dcm2niix",
    "ConversionSoftwareVersion": "v1.0.20181125  GCC6.3.0",
    "EchoTime": 0.02762,
    "EffectiveEchoSpacing": 0.0006621159151938905,
    "ImageComments": "piop",
    "ImageOrientationPatientDICOM": [
      0.998963,
      0.040043,
      0.0216726,
      -0.0397732,
      0.999127,
      -0.0127402
    ],
    "Manufacturer": "Philips",
    "NumberOfVolumesDiscardedByScanner": 2,
    "ParallelAcquisitionTechnique": "SENSE",
    "ParallelReductionFactorInPlane": 2,
    "PatientPosition": "HFS",
    "PhaseEncodingDirection": "j",
    "PhilipsRescaleIntercept": 0,
    "PhilipsRescaleSlope": 0.8083,
    "PhilipsScaleSlope": 0.0578673,
    "ProtocolName": "WIPpiopharririSENSE",
    "PulseSequenceType": "gradient echo EPI",
    "ReconMatrixPE": 80,
    "RepetitionTime": 2,
    "SeriesDescription": "ImageMRSERIES",
    "SeriesNumber": 5,
    "SliceEncodingDirection": "k",
    "SliceTiming": [
      0.0,
      0.0541,
      0.1081,
      0.1622,
      0.2162,
      0.2703,
      0.3243,
      0.3784,
      0.4324,
      0.4865,
      0.5405,
      0.5946,
      0.6486,
      0.7027,
      0.7568,
      0.8108,
      0.8649,
      0.9189,
      0.973,
      1.027,
      1.0811,
      1.1351,
      1.1892,
      1.2432,
      1.2973,
      1.3514,
      1.4054,
      1.4595,
      1.5135,
      1.5676,
      1.6216,
      1.6757,
      1.7297,
      1.7838,
      1.8378,
      1.8919,
      1.9459
    ],
    "TaskName": "emomatching",
    "TotalReadoutTime": 0.025822520692561732,
    "UsePhilipsFloatNotDisplayScaling": 1,
    "acq_id": "seq",
    "dataset": "unknown",
    "modality": "bold",
    "subject_id": "0024",
    "task_id": "emomatching"
  },
  "dummy_trs": 0,
  "dvars_nstd": 25.47820222231344,
  "dvars_std": 1.380037505373135,
  "dvars_vstd": 1.0411670454477615,
  "efc": 0.4192385432406978,
  "fber": 178289488.0,
  "fd_mean": 0.11449724554121729,
  "fd_num": 5,
  "fd_perc": 3.7037037037037037,
  "fwhm_avg": 2.4603817279571407,
  "fwhm_x": 2.403556666666667,
  "fwhm_y": 2.7383400000000004,
  "fwhm_z": 2.2392485172047545,
  "gcor": 0.00627929,
  "gsr_x": 0.005610873457044363,
  "gsr_y": -0.0028193893376737833,
  "provenance": {
    "md5sum": "61d31925be7bb2c8d8816dbf0a04c3f5",
    "settings": {
      "fd_thres": 0.2,
      "hmc_fsl": false
    },
    "software": "mriqc",
    "version": "0.15.0",
    "webapi_port": null,
    "webapi_url": "https://mriqc.nimh.nih.gov/api/v1"
  },
  "size_t": 135,
  "size_x": 80,
  "size_y": 80,
  "size_z": 37,
  "snr": 4.5891630607470235,
  "spacing_tr": 2.0,
  "spacing_x": 3.0,
  "spacing_y": 3.0,
  "spacing_z": 3.299999952316284,
  "spikes_num": 0,
  "summary_bg_k": 52.7110116573265,
  "summary_bg_mad": 2.3988265991210938,
  "summary_bg_mean": 272.8292236328125,
  "summary_bg_median": 1.6349668502807617,
  "summary_bg_n": 150454.0,
  "summary_bg_p05": 0.0051213652594015,
  "summary_bg_p95": 972.2857666015667,
  "summary_bg_stdv": 1399.1468505859375,
  "summary_fg_k": 2.32834235832573,
  "summary_fg_mad": 4419.7197265625,
  "summary_fg_mean": 23888.279296875,
  "summary_fg_median": 23941.9296875,
  "summary_fg_n": 44628.0,
  "summary_fg_p05": 15751.3005859375,
  "summary_fg_p95": 31528.197070312504,
  "summary_fg_stdv": 5216.99951171875,
  "tsnr": 77.46333312988281
}