{
  "aor": 0.00012414225941422593,
  "aqi": 0.008294657928870294,
  "bids_meta": {
    "AcquisitionNumber": 6,
    "BidsifyVersion": "0.3.5",
    "ConversionSoftware": "dcm2niix",
    "ConversionSoftwareVersion": "v1.0.20181125  GCC6.3.0",
    "EchoTime": 0.02762,
    "ImageComments": "piop",
    "ImageOrientationPatientDICOM": [
      0.99593,
      0.0849604,
      0.0300828,
      -0.0771572,
      0.976209,
      -0.202639
    ],
    "Manufacturer": "Philips",
    "NumberOfVolumesDiscardedByScanner": 2,
    "ParallelAcquisitionTechnique": "SENSE",
    "ParallelReductionFactorInPlane": 2,
    "PatientPosition": "HFS",
    "PhaseEncodingDirection": "j",
    "PhilipsRescaleIntercept": 0,
    "PhilipsRescaleSlope": 0.75311,
    "PhilipsScaleSlope": 0.0943352,
    "ProtocolName": "WIPpioprsSENSE",
    "PulseSequenceType": "gradient echo EPI",
    "ReconMatrixPE": 80,
    "RepetitionTime": 0.75,
    "SeriesDescription": "ImageMRSERIES",
    "SeriesNumber": 6,
    "SliceEncodingDirection": "k",
    "TaskName": "restingstate",
    "UsePhilipsFloatNotDisplayScaling": 1,
    "acq_id": "mb3",
    "dataset": "unknown",
    "modality": "bold",
    "subject_id": "0194",
    "task_id": "restingstate"
  },
  "dummy_trs": 2,
  "dvars_nstd": 28.947720841215965,
  "dvars_std": 1.0650838109853247,
  "dvars_vstd": 0.9982319717190781,
  "efc": 0.3923648252087761,
  "fber": 479932032.0,
  "fd_mean": 0.11107198400675132,
  "fd_num": 28,
  "fd_perc": 5.857740585774058,
  "fwhm_avg": 2.5300196069755563,
  "fwhm_x": 2.48386,
  "fwhm_y": 2.8190866666666667,
  "fwhm_z": 2.2871121542600017,
  "gcor": 0.0192576,
  "gsr_x": -0.010626442730426788,
  "gsr_y": 0.004568704403936863,
  "provenance": {
    "md5sum": "cc2076e7e5ab00db2acaaaa4d6460f84",
    "settings": {
      "fd_thres": 0.2,
      "hmc_fsl": false
    },
    "software": "mriqc",
    "version": "0.15.0",
    "webapi_port": null,
    "webapi_url": "https://mriqc.nimh.nih.gov/api/v1"
  },
  "size_t": 478,
  "size_x": 80,
  "size_y": 80,
  "size_z": 36,
  "snr": 4.824610304661348,
  "spacing_tr": 0.75,
  "spacing_x": 3.0,
  "spacing_y": 3.0,
  "spacing_z": 3.299999952316284,
  "spikes_num": 0,
  "summary_bg_k": 101.92637586105535,
  "summary_bg_mad": 1.0278348922729492,
  "summary_bg_mean": 141.48728942871094,
  "summary_bg_median": 0.7010678648948669,
  "summary_bg_n": 152618.0,
  "summary_bg_p05": 0.002698550629429519,
  "summary_bg_p95": 685.9072357177731,
  "summary_bg_stdv": 798.9769897460938,
  "summary_fg_k": 1.4559060753820896,
  "summary_fg_mad": 2944.98388671875,
  "summary_fg_mean": 16164.4794921875,
  "summary_fg_median": 16332.328125,
  "summary_fg_n": 37913.0,
  "summary_fg_p05": 9995.369140625,
  "summary_fg_p95": 21219.116796875,
  "summary_fg_stdv": 3385.167236328125,
  "tsnr": 44.01148986816406
}