{
  "bids_meta": {
    "AcquisitionNumber": 4,
    "BidsifyVersion": "0.3.5",
    "ConversionSoftware": "dcm2niix",
    "ConversionSoftwareVersion": "v1.0.20181125  GCC6.3.0",
    "EchoTime": 0.00384,
    "ImageComments": "PIOP",
    "ImageOrientationPatientDICOM": [
      0.998595,
      0.0431459,
      0.0307764,
      -0.0481406,
      0.981315,
      0.186287
    ],
    "Manufacturer": "Philips",
    "PatientPosition": "HFS",
    "PhilipsRescaleIntercept": 0,
    "PhilipsRescaleSlope": 9.12967,
    "PhilipsScaleSlope": 0.0072691,
    "ProtocolName": "WIPt13dSENSE",
    "ReconMatrixPE": 240,
    "RepetitionTime": 0.008333,
    "SeriesDescription": "ImageMRSERIES",
    "SeriesNumber": 4,
    "UsePhilipsFloatNotDisplayScaling": 1,
    "dataset": "unknown",
    "modality": "T1w",
    "subject_id": "0130"
  },
  "cjv": 0.33113210823530986,
  "cnr": 3.818258108346536,
  "efc": 0.7576637679479493,
  "fber": 1600.3974609375,
  "fwhm_avg": 3.9085433333333337,
  "fwhm_x": 3.7288,
  "fwhm_y": 4.14408,
  "fwhm_z": 3.85275,
  "icvs_csf": 0.23097675959078662,
  "icvs_gm": 0.4051357983929182,
  "icvs_wm": 0.3638874420162952,
  "inu_med": 1.714554786682129,
  "inu_range": 0.41192734241485596,
  "provenance": {
    "md5sum": "4ee491541d0e5b2d671fa5b1c6cd7014",
    "settings": {
      "testing": false
    },
    "software": "mriqc",
    "version": "0.15.0",
    "warnings": {
      "large_rot_frame": true,
      "small_air_mask": true
    },
    "webapi_port": null,
    "webapi_url": "https://mriqc.nimh.nih.gov/api/v1"
  },
  "qi_1": 0.0,
  "qi_2": 0.00016085094913118657,
  "rpve_csf": 26.694299659738242,
  "rpve_gm": 15.44506539554324,
  "rpve_wm": 21.683781128088288,
  "size_x": 240,
  "size_y": 240,
  "size_z": 220,
  "snr_csf": 2.204468604333679,
  "snr_gm": 8.045378784435888,
  "snr_total": 9.861545104156967,
  "snr_wm": 19.334787923701334,
  "snrd_csf": 19.420235653124042,
  "snrd_gm": 48.00366352423145,
  "snrd_total": 47.66054949419408,
  "snrd_wm": 75.55774930522676,
  "spacing_x": 1.0,
  "spacing_y": 1.0,
  "spacing_z": 1.0,
  "summary_bg_k": 639.4325733850434,
  "summary_bg_mad": 8.670541763305664,
  "summary_bg_mean": 13.343829154968262,
  "summary_bg_median": 11.60189151763916,
  "summary_bg_n": 110453.0,
  "summary_bg_p05": 0.0,
  "summary_bg_p95": 35.38531494140625,
  "summary_bg_stdv": 14.536399841308594,
  "summary_csf_k": 0.33929457505346017,
  "summary_csf_mad": 131.67742919921875,
  "summary_csf_mean": 258.523681640625,
  "summary_csf_median": 257.021240234375,
  "summary_csf_n": 11865.0,
  "summary_csf_p05": 82.91336517333986,
  "summary_csf_p95": 444.8779174804687,
  "summary_csf_stdv": 116.58610534667969,
  "summary_gm_k": 0.41901746224511527,
  "summary_gm_mad": 74.17445373535156,
  "summary_gm_mean": 638.5152587890625,
  "summary_gm_median": 635.314697265625,
  "summary_gm_n": 20571.0,
  "summary_gm_p05": 514.0639038085938,
  "summary_gm_p95": 776.7084350585938,
  "summary_gm_stdv": 78.96449279785156,
  "summary_wm_k": 1.081406196037241,
  "summary_wm_mad": 46.579627990722656,
  "summary_wm_mean": 997.453857421875,
  "summary_wm_median": 999.985107421875,
  "summary_wm_n": 196964.0,
  "summary_wm_p05": 907.6859161376952,
  "summary_wm_p95": 1076.3975585937499,
  "summary_wm_stdv": 51.71934509277344,
  "tpm_overlap_csf": 0.22125327587127686,
  "tpm_overlap_gm": 0.5103060007095337,
  "tpm_overlap_wm": 0.5750659108161926,
  "wm2max": 0.7394817198264939
}