{
  "aor": 0.0004645714285714286,
  "aqi": 0.004461906081632654,
  "bids_meta": {
    "AcquisitionNumber": 4,
    "BidsifyVersion": "0.3.5",
    "ConversionSoftware": "dcm2niix",
    "ConversionSoftwareVersion": "v1.0.20181125  GCC6.3.0",
    "EchoTime": 0.02762,
    "EffectiveEchoSpacing": 0.0006621159151938905,
    "ImageComments": "piop",
    "ImageOrientationPatientDICOM": [
      0.999864,
      -0.00148728,
      -0.0164501,
      0.00453727,
      0.982356,
      0.186966
    ],
    "Manufacturer": "Philips",
    "NumberOfVolumesDiscardedByScanner": 2,
    "ParallelAcquisitionTechnique": "SENSE",
    "ParallelReductionFactorInPlane": 2,
    "PatientPosition": "HFS",
    "PhaseEncodingDirection": "j",
    "PhilipsRescaleIntercept": 0,
    "PhilipsRescaleSlope": 0.83175,
    "PhilipsScaleSlope": 0.0531061,
    "ProtocolName": "WIPpiopgstroopSENSE",
    "PulseSequenceType": "gradient echo EPI",
    "ReconMatrixPE": 80,
    "RepetitionTime": 2,
    "SeriesDescription": "ImageMRSERIES",
    "SeriesNumber": 4,
    "SliceEncodingDirection": "k",
    "SliceTiming": [
      0.0,
      0.0541,
      0.1081,
      0.1622,
      0.2162,
      0.2703,
      0.3243,
      0.3784,
      0.4324,
      0.4865,
      0.5405,
      0.5946,
      0.6486,
      0.7027,
      0.7568,
      0.8108,
      0.8649,
      0.9189,
      0.973,
      1.027,
      1.0811,
      1.1351,
      1.1892,
      1.2432,
      1.2973,
      1.3514,
      1.4054,
      1.4595,
      1.5135,
      1.5676,
      1.6216,
      1.6757,
      1.7297,
      1.7838,
      1.8378,
      1.8919,
      1.9459
    ],
    "TaskName": "gstroop",
    "TotalReadoutTime": 0.025822520692561732,
    "UsePhilipsFloatNotDisplayScaling": 1,
    "acq_id": "seq",
    "dataset": "unknown",
    "modality": "bold",
    "subject_id": "0076",
    "task_id": "gstroop"
  },
  "dummy_trs": 0,
  "dvars_nstd": 21.25771226250002,
  "dvars_std": 1.1873322261885242,
  "dvars_vstd": 0.9715039467213112,
  "efc": 0.43658653963149524,
  "fber": 193641408.0,
  "fd_mean": 0.12310010277131046,
  "fd_num": 15,
  "fd_perc": 6.122448979591836,
  "fwhm_avg": 2.4740673849126007,
  "fwhm_x": 2.3500433333333333,
  "fwhm_y": 2.75198,
  "fwhm_z": 2.3201788214044687,
  "gcor": 0.0278563,
  "gsr_x": -0.001263010548427701,
  "gsr_y": 0.004762981086969376,
  "provenance": {
    "md5sum": "57b8a142deb72ab06572e9fb18dac9f3",
    "settings": {
      "fd_thres": 0.2,
      "hmc_fsl": false
    },
    "software": "mriqc",
    "version": "0.15.0",
    "webapi_port": null,
    "webapi_url": "https://mriqc.nimh.nih.gov/api/v1"
  },
  "size_t": 245,
  "size_x": 80,
  "size_y": 80,
  "size_z": 37,
  "snr": 4.623895056472766,
  "spacing_tr": 2.0,
  "spacing_x": 3.0,
  "spacing_y": 3.0,
  "spacing_z": 3.299999952316284,
  "spikes_num": 0,
  "summary_bg_k": 88.53292813877796,
  "summary_bg_mad": 2.437105178833008,
  "summary_bg_mean": 215.7799835205078,
  "summary_bg_median": 1.6609629392623901,
  "summary_bg_n": 145780.0,
  "summary_bg_p05": 0.004482678161002697,
  "summary_bg_p95": 1007.3504516601345,
  "summary_bg_stdv": 1187.291748046875,
  "summary_fg_k": 1.822095698773727,
  "summary_fg_mad": 4699.0498046875,
  "summary_fg_mean": 25406.19921875,
  "summary_fg_median": 25285.818359375,
  "summary_fg_n": 48963.0,
  "summary_fg_p05": 17024.9158203125,
  "summary_fg_p95": 34173.7875,
  "summary_fg_stdv": 5468.45458984375,
  "tsnr": 70.65744018554688
}