{
  "aor": 0.00019999999999999998,
  "aqi": 0.010898550060790274,
  "bids_meta": {
    "AcquisitionNumber": 2,
    "BidsifyVersion": "0.3.5",
    "ConversionSoftware": "dcm2niix",
    "ConversionSoftwareVersion": "v1.0.20181125  GCC6.3.0",
    "EchoTime": 0.02762,
    "EffectiveEchoSpacing": 0.0006333282667071997,
    "ImageComments": "piop",
    "ImageOrientationPatientDICOM": [
      0.99322,
      0.0828322,
      -0.0815633,
      -0.0849744,
      0.996114,
      -0.0231467
    ],
    "Manufacturer": "Philips",
    "NumberOfVolumesDiscardedByScanner": 2,
    "ParallelAcquisitionTechnique": "SENSE",
    "ParallelReductionFactorInPlane": 2,
    "PatientPosition": "HFS",
    "PhaseEncodingDirection": "j",
    "PhilipsRescaleIntercept": 0,
    "PhilipsRescaleSlope": 0.77094,
    "PhilipsScaleSlope": 0.0886303,
    "ProtocolName": "WIPpiopfacesSENSE",
    "PulseSequenceType": "gradient echo EPI",
    "ReconMatrixPE": 80,
    "RepetitionTime": 0.75,
    "SeriesDescription": "ImageMRSERIES",
    "SeriesNumber": 2,
    "SliceEncodingDirection": "k",
    "SliceTiming": [
      0.0,
      0.06755050505050506,
      0.1351010101010101,
      0.20265151515151517,
      0.2702020202020202,
      0.3377525252525253,
      0.40530303030303033,
      0.47285353535353536,
      0.5404040404040404,
      0.6079545454545455,
      0.6755050505050506,
      0.7430555555555556,
      0.0,
      0.06755050505050506,
      0.1351010101010101,
      0.20265151515151517,
      0.2702020202020202,
      0.3377525252525253,
      0.40530303030303033,
      0.47285353535353536,
      0.5404040404040404,
      0.6079545454545455,
      0.6755050505050506,
      0.7430555555555556,
      0.0,
      0.06755050505050506,
      0.1351010101010101,
      0.20265151515151517,
      0.2702020202020202,
      0.3377525252525253,
      0.40530303030303033,
      0.47285353535353536,
      0.5404040404040404,
      0.6079545454545455,
      0.6755050505050506,
      0.7430555555555556
    ],
    "TaskName": "faces",
    "TotalReadoutTime": 0.024699802401580786,
    "UsePhilipsFloatNotDisplayScaling": 1,
    "acq_id": "mb3",
    "dataset": "unknown",
    "modality": "bold",
    "subject_id": "0075",
    "task_id": "faces"
  },
  "dummy_trs": 1,
  "dvars_nstd": 31.669722272256106,
  "dvars_std": 1.2201278773780484,
  "dvars_vstd": 0.9621983077439016,
  "efc": 0.4393624857261346,
  "fber": 235145776.0,
  "fd_mean": 0.12426987024653763,
  "fd_num": 26,
  "fd_perc": 7.90273556231003,
  "fwhm_avg": 2.638714616242144,
  "fwhm_x": 2.58454,
  "fwhm_y": 2.88214,
  "fwhm_z": 2.449463848726433,
  "gcor": 0.00989202,
  "gsr_x": -0.0014738397439941764,
  "gsr_y": 0.004494623746722937,
  "provenance": {
    "md5sum": "c7adfebe135d6be90648dcc3999c6ec2",
    "settings": {
      "fd_thres": 0.2,
      "hmc_fsl": false
    },
    "software": "mriqc",
    "version": "0.15.0",
    "webapi_port": null,
    "webapi_url": "https://mriqc.nimh.nih.gov/api/v1"
  },
  "size_t": 329,
  "size_x": 80,
  "size_y": 80,
  "size_z": 36,
  "snr": 5.253326589154585,
  "spacing_tr": 0.75,
  "spacing_x": 3.0,
  "spacing_y": 3.0,
  "spacing_z": 3.299999713897705,
  "spikes_num": 0,
  "summary_bg_k": 71.44512169470613,
  "summary_bg_mad": 1.5470658540725708,
  "summary_bg_mean": 165.9910888671875,
  "summary_bg_median": 1.0671769380569458,
  "summary_bg_n": 142805.0,
  "summary_bg_p05": 0.0031813201494514942,
  "summary_bg_p95": 892.062976074216,
  "summary_bg_stdv": 854.4103393554688,
  "summary_fg_k": 2.137034946678365,
  "summary_fg_mad": 2855.76708984375,
  "summary_fg_mean": 17695.4375,
  "summary_fg_median": 17804.005859375,
  "summary_fg_n": 46945.0,
  "summary_fg_p05": 12076.3076171875,
  "summary_fg_p95": 22814.623828124997,
  "summary_fg_stdv": 3389.0556640625,
  "tsnr": 48.39130401611328
}