{
    "Manufacturer": "Philips",
    "PatientPosition": "HFS",
    "SeriesDescription": "ImageMRSERIES",
    "ProtocolName": "WIPdti32v2SENSE",
    "SeriesNumber": 7,
    "AcquisitionNumber": 7,
    "ImageComments": "PIOP",
    "PhilipsRescaleSlope": 4.04103,
    "PhilipsRescaleIntercept": 0,
    "PhilipsScaleSlope": 0.0241848,
    "UsePhilipsFloatNotDisplayScaling": 1,
    "EchoTime": 0.08599,
    "RepetitionTime": 7.39254,
    "ReconMatrixPE": 112,
    "ImageOrientationPatientDICOM": [
        0.993213,
        -0.101701,
        0.0564305,
        0.115446,
        0.921011,
        -0.372035
    ],
    "ConversionSoftware": "dcm2niix",
    "ConversionSoftwareVersion": "v1.0.20181125  GCC6.3.0",
    "BidsifyVersion": "0.3.5",
    "FlipAngle": 90,
    "WaterFatShift": 18.924,
    "ParallelAcquisitionTechnique": "SENSE",
    "ParallelReductionFactorInPlane": 2,
    "PhaseEncodingDirection": "j"
}