{
  "aor": 0.009175407407407406,
  "aqi": 0.00548212525925926,
  "bids_meta": {
    "AcquisitionNumber": 5,
    "BidsifyVersion": "0.3.5",
    "ConversionSoftware": "dcm2niix",
    "ConversionSoftwareVersion": "v1.0.20181125  GCC6.3.0",
    "EchoTime": 0.02762,
    "EffectiveEchoSpacing": 0.0006621159151938905,
    "ImageComments": "PIOP",
    "ImageOrientationPatientDICOM": [
      0.996676,
      0.0718753,
      -0.0383408,
      -0.0805408,
      0.940023,
      -0.331467
    ],
    "Manufacturer": "Philips",
    "NumberOfVolumesDiscardedByScanner": 2,
    "ParallelAcquisitionTechnique": "SENSE",
    "ParallelReductionFactorInPlane": 2,
    "PatientPosition": "HFS",
    "PhaseEncodingDirection": "j",
    "PhilipsRescaleIntercept": 0,
    "PhilipsRescaleSlope": 0.79121,
    "PhilipsScaleSlope": 0.0542829,
    "ProtocolName": "WIPpiopharririSENSE",
    "PulseSequenceType": "gradient echo EPI",
    "ReconMatrixPE": 80,
    "RepetitionTime": 2,
    "SeriesDescription": "ImageMRSERIES",
    "SeriesNumber": 5,
    "SliceEncodingDirection": "k",
    "SliceTiming": [
      0.0,
      0.0541,
      0.1081,
      0.1622,
      0.2162,
      0.2703,
      0.3243,
      0.3784,
      0.4324,
      0.4865,
      0.5405,
      0.5946,
      0.6486,
      0.7027,
      0.7568,
      0.8108,
      0.8649,
      0.9189,
      0.973,
      1.027,
      1.0811,
      1.1351,
      1.1892,
      1.2432,
      1.2973,
      1.3514,
      1.4054,
      1.4595,
      1.5135,
      1.5676,
      1.6216,
      1.6757,
      1.7297,
      1.7838,
      1.8378,
      1.8919,
      1.9459
    ],
    "TaskName": "emomatching",
    "TotalReadoutTime": 0.025822520692561732,
    "UsePhilipsFloatNotDisplayScaling": 1,
    "acq_id": "seq",
    "dataset": "unknown",
    "modality": "bold",
    "subject_id": "0057",
    "task_id": "emomatching"
  },
  "dummy_trs": 0,
  "dvars_nstd": 24.14413927529851,
  "dvars_std": 1.4159626658955227,
  "dvars_vstd": 1.0764643761194024,
  "efc": 0.35687730814396007,
  "fber": 283089408.0,
  "fd_mean": 0.12478078243291764,
  "fd_num": 18,
  "fd_perc": 13.333333333333334,
  "fwhm_avg": 2.323383040614477,
  "fwhm_x": 2.26963,
  "fwhm_y": 2.559676666666667,
  "fwhm_z": 2.1408424551767644,
  "gcor": 0.0296088,
  "gsr_x": -0.007915837690234184,
  "gsr_y": 0.00352180702611804,
  "provenance": {
    "md5sum": "fa9faee1c97404ab4a9821969f1cdd88",
    "settings": {
      "fd_thres": 0.2,
      "hmc_fsl": false
    },
    "software": "mriqc",
    "version": "0.15.0",
    "webapi_port": null,
    "webapi_url": "https://mriqc.nimh.nih.gov/api/v1"
  },
  "size_t": 135,
  "size_x": 80,
  "size_y": 80,
  "size_z": 37,
  "snr": 4.283939403861769,
  "spacing_tr": 2.0,
  "spacing_x": 3.0,
  "spacing_y": 3.0,
  "spacing_z": 3.299999952316284,
  "spikes_num": 2,
  "summary_bg_k": 153.18153021593307,
  "summary_bg_mad": 2.0307211875915527,
  "summary_bg_mean": 129.79022216796875,
  "summary_bg_median": 1.4111922979354858,
  "summary_bg_n": 162515.0,
  "summary_bg_p05": 0.007748624449595809,
  "summary_bg_p95": 435.60541381835867,
  "summary_bg_stdv": 777.54345703125,
  "summary_fg_k": 2.1992374937423786,
  "summary_fg_mad": 4881.134765625,
  "summary_fg_mean": 25660.3203125,
  "summary_fg_median": 25315.01171875,
  "summary_fg_n": 34136.0,
  "summary_fg_p05": 16957.9443359375,
  "summary_fg_p95": 35044.3017578125,
  "summary_fg_stdv": 5909.19677734375,
  "tsnr": 61.7267951965332
}