{
  "aor": 0.0020738524590163936,
  "aqi": 0.0039022905737704917,
  "bids_meta": {
    "AcquisitionNumber": 3,
    "BidsifyVersion": "0.3.5",
    "ConversionSoftware": "dcm2niix",
    "ConversionSoftwareVersion": "v1.0.20181125  GCC6.3.0",
    "EchoTime": 0.02762,
    "EffectiveEchoSpacing": 0.0006621159151938905,
    "ImageComments": "PIOP",
    "ImageOrientationPatientDICOM": [
      0.996676,
      0.0718753,
      -0.0383408,
      -0.0805408,
      0.940023,
      -0.331467
    ],
    "Manufacturer": "Philips",
    "NumberOfVolumesDiscardedByScanner": 2,
    "ParallelAcquisitionTechnique": "SENSE",
    "ParallelReductionFactorInPlane": 2,
    "PatientPosition": "HFS",
    "PhaseEncodingDirection": "j",
    "PhilipsRescaleIntercept": 0,
    "PhilipsRescaleSlope": 0.77338,
    "PhilipsScaleSlope": 0.0541935,
    "ProtocolName": "WIPpiopgstroopSENSE",
    "PulseSequenceType": "gradient echo EPI",
    "ReconMatrixPE": 80,
    "RepetitionTime": 2,
    "SeriesDescription": "ImageMRSERIES",
    "SeriesNumber": 3,
    "SliceEncodingDirection": "k",
    "SliceTiming": [
      0.0,
      0.0541,
      0.1081,
      0.1622,
      0.2162,
      0.2703,
      0.3243,
      0.3784,
      0.4324,
      0.4865,
      0.5405,
      0.5946,
      0.6486,
      0.7027,
      0.7568,
      0.8108,
      0.8649,
      0.9189,
      0.973,
      1.027,
      1.0811,
      1.1351,
      1.1892,
      1.2432,
      1.2973,
      1.3514,
      1.4054,
      1.4595,
      1.5135,
      1.5676,
      1.6216,
      1.6757,
      1.7297,
      1.7838,
      1.8378,
      1.8919,
      1.9459
    ],
    "TaskName": "gstroop",
    "TotalReadoutTime": 0.025822520692561732,
    "UsePhilipsFloatNotDisplayScaling": 1,
    "acq_id": "seq",
    "dataset": "unknown",
    "modality": "bold",
    "subject_id": "0057",
    "task_id": "gstroop"
  },
  "dummy_trs": 1,
  "dvars_nstd": 21.828372912427987,
  "dvars_std": 1.277410653045267,
  "dvars_vstd": 0.9950634657613168,
  "efc": 0.3563959126161422,
  "fber": 1088580736.0,
  "fd_mean": 0.10635096497603252,
  "fd_num": 10,
  "fd_perc": 4.098360655737705,
  "fwhm_avg": 2.2709778888797936,
  "fwhm_x": 2.2058,
  "fwhm_y": 2.51187,
  "fwhm_z": 2.095263666639381,
  "gcor": 0.0177957,
  "gsr_x": -0.00823728833347559,
  "gsr_y": 0.004006149247288704,
  "provenance": {
    "md5sum": "a466d547e6379b7d201926b2d2e7ad4b",
    "settings": {
      "fd_thres": 0.2,
      "hmc_fsl": false
    },
    "software": "mriqc",
    "version": "0.15.0",
    "webapi_port": null,
    "webapi_url": "https://mriqc.nimh.nih.gov/api/v1"
  },
  "size_t": 244,
  "size_x": 80,
  "size_y": 80,
  "size_z": 37,
  "snr": 4.4586690393741,
  "spacing_tr": 2.0,
  "spacing_x": 3.0,
  "spacing_y": 3.0,
  "spacing_z": 3.299999952316284,
  "spikes_num": 3,
  "summary_bg_k": 165.82623128024878,
  "summary_bg_mad": 1.03067946434021,
  "summary_bg_mean": 134.22198486328125,
  "summary_bg_median": 0.7002900838851929,
  "summary_bg_n": 162932.0,
  "summary_bg_p05": 0.0029321164009161295,
  "summary_bg_p95": 475.37006835937314,
  "summary_bg_stdv": 807.5509033203125,
  "summary_fg_k": 2.4615927641708044,
  "summary_fg_mad": 4594.55810546875,
  "summary_fg_mean": 25569.693359375,
  "summary_fg_median": 25218.751953125,
  "summary_fg_n": 33715.0,
  "summary_fg_p05": 17473.8943359375,
  "summary_fg_p95": 34650.405859375,
  "summary_fg_stdv": 5656.03271484375,
  "tsnr": 73.87748718261719
}