{
  "bids_meta": {
    "AcquisitionNumber": 4,
    "BidsifyVersion": "0.3.5",
    "ConversionSoftware": "dcm2niix",
    "ConversionSoftwareVersion": "v1.0.20181125  GCC6.3.0",
    "EchoTime": 0.00383,
    "ImageComments": "piop",
    "ImageOrientationPatientDICOM": [
      0.999971,
      -0.0071095,
      0.00262189,
      0.00750484,
      0.97702,
      -0.213017
    ],
    "Manufacturer": "Philips",
    "PatientPosition": "HFS",
    "PhilipsRescaleIntercept": 0,
    "PhilipsRescaleSlope": 8.45788,
    "PhilipsScaleSlope": 0.00712169,
    "ProtocolName": "WIPt13dSENSE",
    "ReconMatrixPE": 240,
    "RepetitionTime": 0.008314,
    "SeriesDescription": "ImageMRSERIES",
    "SeriesNumber": 4,
    "UsePhilipsFloatNotDisplayScaling": 1,
    "dataset": "unknown",
    "modality": "T1w",
    "subject_id": "0169"
  },
  "cjv": 0.29531061216852134,
  "cnr": 4.212675629860815,
  "efc": 0.770992509343343,
  "fber": 699.0194091796875,
  "fwhm_avg": 3.5965800691795393,
  "fwhm_x": 3.51179,
  "fwhm_y": 3.79603,
  "fwhm_z": 3.481920207538617,
  "icvs_csf": 0.20606470783980396,
  "icvs_gm": 0.43633316278038564,
  "icvs_wm": 0.35760212937981034,
  "inu_med": 3.1304690837860107,
  "inu_range": 0.9168664216995226,
  "provenance": {
    "md5sum": "da86809a0c9ce57510d7d82dd3de5374",
    "settings": {
      "testing": false
    },
    "software": "mriqc",
    "version": "0.15.0",
    "warnings": {
      "large_rot_frame": true,
      "small_air_mask": true
    },
    "webapi_port": null,
    "webapi_url": "https://mriqc.nimh.nih.gov/api/v1"
  },
  "qi_1": 0.01446433174971458,
  "qi_2": 0.00022006418190587978,
  "rpve_csf": 27.175425732337487,
  "rpve_gm": 13.987117462187076,
  "rpve_wm": 21.316164492014433,
  "size_x": 240,
  "size_y": 240,
  "size_z": 220,
  "snr_csf": 1.9480997421319064,
  "snr_gm": 7.738839561270417,
  "snr_total": 9.816252937145995,
  "snr_wm": 19.76181950803566,
  "snrd_csf": 17.488780021745914,
  "snrd_gm": 42.888679855098424,
  "snrd_total": 43.80715924535986,
  "snrd_wm": 71.04401785923525,
  "spacing_x": 1.0,
  "spacing_y": 1.0,
  "spacing_z": 0.9999999403953552,
  "summary_bg_k": 86.9067164131391,
  "summary_bg_mad": 9.22148323059082,
  "summary_bg_mean": 11.415678977966309,
  "summary_bg_median": 6.2197957038879395,
  "summary_bg_n": 64737.0,
  "summary_bg_p05": 0.0,
  "summary_bg_p95": 31.109821701049803,
  "summary_bg_stdv": 14.302757263183594,
  "summary_csf_k": -1.0153296076434528,
  "summary_csf_mad": 162.4312286376953,
  "summary_csf_mean": 258.72979736328125,
  "summary_csf_median": 246.16629028320312,
  "summary_csf_n": 5345.0,
  "summary_csf_p05": 80.82012481689453,
  "summary_csf_p95": 452.6700866699219,
  "summary_csf_stdv": 126.3504409790039,
  "summary_gm_k": 0.3573545500196995,
  "summary_gm_mad": 73.23873138427734,
  "summary_gm_mean": 606.79833984375,
  "summary_gm_median": 603.6868896484375,
  "summary_gm_n": 20846.0,
  "summary_gm_p05": 483.4651336669922,
  "summary_gm_p95": 741.2605743408203,
  "summary_gm_stdv": 78.00554656982422,
  "summary_wm_k": 1.688534707316431,
  "summary_wm_mad": 43.794410705566406,
  "summary_wm_mean": 996.4207153320312,
  "summary_wm_median": 999.9921264648438,
  "summary_wm_n": 190289.0,
  "summary_wm_p05": 908.0208496093749,
  "summary_wm_p95": 1070.3411376953125,
  "summary_wm_stdv": 50.60209655761719,
  "tpm_overlap_csf": 0.2129233330488205,
  "tpm_overlap_gm": 0.5126573443412781,
  "tpm_overlap_wm": 0.5515357255935669,
  "wm2max": 0.6869104031034325
}