{
  "bids_meta": {
    "AcquisitionNumber": 4,
    "BidsifyVersion": "0.3.5",
    "ConversionSoftware": "dcm2niix",
    "ConversionSoftwareVersion": "v1.0.20181125  GCC6.3.0",
    "EchoTime": 0.00373,
    "ImageComments": "piop",
    "ImageOrientationPatientDICOM": [
      0.999114,
      -0.0320619,
      0.027281,
      0.0329694,
      0.998895,
      -0.0334947
    ],
    "Manufacturer": "Philips",
    "PatientPosition": "HFS",
    "PhilipsRescaleIntercept": 0,
    "PhilipsRescaleSlope": 8.50623,
    "PhilipsScaleSlope": 0.00715289,
    "ProtocolName": "WIPt13dSENSE",
    "ReconMatrixPE": 240,
    "RepetitionTime": 0.008144,
    "SeriesDescription": "ImageMRSERIES",
    "SeriesNumber": 4,
    "UsePhilipsFloatNotDisplayScaling": 1,
    "dataset": "unknown",
    "modality": "T1w",
    "subject_id": "0116"
  },
  "cjv": 0.3163957896290467,
  "cnr": 3.8765748804373223,
  "efc": 0.7548004008840081,
  "fber": 674.7391357421875,
  "fwhm_avg": 3.3641199999999998,
  "fwhm_x": 3.32548,
  "fwhm_y": 3.55543,
  "fwhm_z": 3.21145,
  "icvs_csf": 0.20804097132258992,
  "icvs_gm": 0.42178487348362936,
  "icvs_wm": 0.3701741551937807,
  "inu_med": 1.5281180143356323,
  "inu_range": 0.44522475004196127,
  "provenance": {
    "md5sum": "8ae9e20ca3ad9098f9a03d9c1b759e69",
    "settings": {
      "testing": false
    },
    "software": "mriqc",
    "version": "0.15.0",
    "warnings": {
      "large_rot_frame": true,
      "small_air_mask": true
    },
    "webapi_port": null,
    "webapi_url": "https://mriqc.nimh.nih.gov/api/v1"
  },
  "qi_1": 0.0,
  "qi_2": 0.00015129531066630775,
  "rpve_csf": 30.815448530618543,
  "rpve_gm": 16.165150174681795,
  "rpve_wm": 23.28214294947316,
  "size_x": 240,
  "size_y": 240,
  "size_z": 220,
  "snr_csf": 2.976565243204834,
  "snr_gm": 8.05928597204027,
  "snr_total": 10.214554688257001,
  "snr_wm": 19.6078128495259,
  "snrd_csf": 22.173546190246718,
  "snrd_gm": 39.62298572072167,
  "snrd_total": 41.44406699520084,
  "snrd_wm": 62.535669074634136,
  "spacing_x": 1.0,
  "spacing_y": 1.0,
  "spacing_z": 1.0,
  "summary_bg_k": 2.982449830576159,
  "summary_bg_mad": 10.476102828979492,
  "summary_bg_mean": 14.531913757324219,
  "summary_bg_median": 14.123933792114258,
  "summary_bg_n": 145652.0,
  "summary_bg_p05": 0.0,
  "summary_bg_p95": 35.675958442687985,
  "summary_bg_stdv": 12.321439743041992,
  "summary_csf_k": 0.07155447542521154,
  "summary_csf_mad": 106.82479858398438,
  "summary_csf_mean": 333.88494873046875,
  "summary_csf_median": 354.57098388671875,
  "summary_csf_n": 6462.0,
  "summary_csf_p05": 111.65982131958009,
  "summary_csf_p95": 496.2715087890625,
  "summary_csf_stdv": 119.11163330078125,
  "summary_gm_k": 0.6795931292617019,
  "summary_gm_mad": 71.50012969970703,
  "summary_gm_mean": 635.9597778320312,
  "summary_gm_median": 633.60009765625,
  "summary_gm_n": 10764.0,
  "summary_gm_p05": 510.0392868041992,
  "summary_gm_p95": 771.7137847900391,
  "summary_gm_stdv": 78.6137466430664,
  "summary_wm_k": 1.2738812688990402,
  "summary_wm_mad": 44.424224853515625,
  "summary_wm_mean": 996.0113525390625,
  "summary_wm_median": 999.9904174804688,
  "summary_wm_n": 178071.0,
  "summary_wm_p05": 904.2338256835938,
  "summary_wm_p95": 1071.2734375,
  "summary_wm_stdv": 50.999446868896484,
  "tpm_overlap_csf": 0.1909848153591156,
  "tpm_overlap_gm": 0.4895516633987427,
  "tpm_overlap_wm": 0.5529439449310303,
  "wm2max": 0.5856712541518618
}