{
    "Manufacturer": "Philips",
    "PatientPosition": "HFS",
    "SeriesDescription": "ImageMRSERIES",
    "ProtocolName": "WIPpiopwmSENSE",
    "SeriesNumber": 8,
    "AcquisitionNumber": 8,
    "ImageComments": "piop",
    "PhilipsRescaleSlope": 0.8525,
    "PhilipsRescaleIntercept": 0,
    "PhilipsScaleSlope": 0.049887,
    "UsePhilipsFloatNotDisplayScaling": 1,
    "EchoTime": 0.02762,
    "RepetitionTime": 2,
    "ReconMatrixPE": 80,
    "ImageOrientationPatientDICOM": [
        0.997291,
        -0.0581264,
        -0.0450787,
        0.0557572,
        0.997082,
        -0.0521447
    ],
    "ConversionSoftware": "dcm2niix",
    "ConversionSoftwareVersion": "v1.0.20181125  GCC6.3.0",
    "BidsifyVersion": "0.3.5",
    "SliceEncodingDirection": "k",
    "PhaseEncodingDirection": "j",
    "ParallelAcquisitionTechnique": "SENSE",
    "ParallelReductionFactorInPlane": 2,
    "NumberOfVolumesDiscardedByScanner": 2,
    "PulseSequenceType": "gradient echo EPI",
    "TaskName": "workingmemory"
}