{
  "aor": 0.000518030303030303,
  "aqi": 0.009520760696969697,
  "bids_meta": {
    "AcquisitionNumber": 2,
    "BidsifyVersion": "0.3.5",
    "ConversionSoftware": "dcm2niix",
    "ConversionSoftwareVersion": "v1.0.20181125  GCC6.3.0",
    "EchoTime": 0.02762,
    "ImageComments": "Piop",
    "ImageOrientationPatientDICOM": [
      0.999716,
      -0.0205707,
      0.0120339,
      0.0230359,
      0.963506,
      -0.266696
    ],
    "Manufacturer": "Philips",
    "NumberOfVolumesDiscardedByScanner": 2,
    "ParallelAcquisitionTechnique": "SENSE",
    "ParallelReductionFactorInPlane": 2,
    "PatientPosition": "HFS",
    "PhaseEncodingDirection": "j",
    "PhilipsRescaleIntercept": 0,
    "PhilipsRescaleSlope": 0.78217,
    "PhilipsScaleSlope": 0.0919368,
    "ProtocolName": "WIPpiopfacesSENSE",
    "PulseSequenceType": "gradient echo EPI",
    "ReconMatrixPE": 80,
    "RepetitionTime": 0.75,
    "SeriesDescription": "ImageMRSERIES",
    "SeriesNumber": 2,
    "SliceEncodingDirection": "k",
    "TaskName": "faces",
    "UsePhilipsFloatNotDisplayScaling": 1,
    "acq_id": "mb3",
    "dataset": "unknown",
    "modality": "bold",
    "subject_id": "0210",
    "task_id": "faces"
  },
  "dummy_trs": 0,
  "dvars_nstd": 31.795228766930094,
  "dvars_std": 1.1069571415805461,
  "dvars_vstd": 1.024064710759878,
  "efc": 0.4006556634985829,
  "fber": 604146688.0,
  "fd_mean": 0.11221874203315739,
  "fd_num": 30,
  "fd_perc": 9.090909090909092,
  "fwhm_avg": 2.411917788477394,
  "fwhm_x": 2.37676,
  "fwhm_y": 2.63756,
  "fwhm_z": 2.221433365432181,
  "gcor": 0.0277858,
  "gsr_x": -0.005365151911973953,
  "gsr_y": 0.003682671580463648,
  "provenance": {
    "md5sum": "d5d3d11e11434bbfe4fdbd45405aad7b",
    "settings": {
      "fd_thres": 0.2,
      "hmc_fsl": false
    },
    "software": "mriqc",
    "version": "0.15.0",
    "webapi_port": null,
    "webapi_url": "https://mriqc.nimh.nih.gov/api/v1"
  },
  "size_t": 330,
  "size_x": 80,
  "size_y": 80,
  "size_z": 36,
  "snr": 4.885375557774488,
  "spacing_tr": 0.75,
  "spacing_x": 3.0,
  "spacing_y": 3.0,
  "spacing_z": 3.299999952316284,
  "spikes_num": 0,
  "summary_bg_k": 73.15259015346308,
  "summary_bg_mad": 0.861242413520813,
  "summary_bg_mean": 144.6206512451172,
  "summary_bg_median": 0.5879768133163452,
  "summary_bg_n": 150263.0,
  "summary_bg_p05": 0.00263030962087214,
  "summary_bg_p95": 589.9764587402312,
  "summary_bg_stdv": 791.5199584960938,
  "summary_fg_k": 1.3770792485000705,
  "summary_fg_mad": 2996.679443359375,
  "summary_fg_mean": 16136.1484375,
  "summary_fg_median": 16160.6298828125,
  "summary_fg_n": 39703.0,
  "summary_fg_p05": 11054.88583984375,
  "summary_fg_p95": 21425.357617187503,
  "summary_fg_stdv": 3307.9189453125,
  "tsnr": 40.64051818847656
}