{
    "Manufacturer": "Philips",
    "PatientPosition": "HFS",
    "SeriesDescription": "ImageMRSERIES",
    "ProtocolName": "WIPt13dSENSE",
    "SeriesNumber": 4,
    "AcquisitionNumber": 4,
    "ImageComments": "piop",
    "PhilipsRescaleSlope": 9.3033,
    "PhilipsRescaleIntercept": 0,
    "PhilipsScaleSlope": 0.00683402,
    "UsePhilipsFloatNotDisplayScaling": 1,
    "EchoTime": 0.00379,
    "RepetitionTime": 0.008252,
    "ReconMatrixPE": 240,
    "ImageOrientationPatientDICOM": [
        0.998349,
        -0.0502344,
        -0.0278563,
        0.0469063,
        0.992887,
        -0.109427
    ],
    "ConversionSoftware": "dcm2niix",
    "ConversionSoftwareVersion": "v1.0.20181125  GCC6.3.0",
    "BidsifyVersion": "0.3.5"
}