{
  "aor": 0.00446955,
  "aqi": 0.00502227265,
  "bids_meta": {
    "AcquisitionNumber": 9,
    "BidsifyVersion": "0.3.5",
    "ConversionSoftware": "dcm2niix",
    "ConversionSoftwareVersion": "v1.0.20181125  GCC6.3.0",
    "EchoTime": 0.02762,
    "ImageComments": "piop",
    "ImageOrientationPatientDICOM": [
      0.999497,
      0.0316598,
      0.00182407,
      -0.0305374,
      0.976385,
      -0.213868
    ],
    "Manufacturer": "Philips",
    "NumberOfVolumesDiscardedByScanner": 2,
    "ParallelAcquisitionTechnique": "SENSE",
    "ParallelReductionFactorInPlane": 2,
    "PatientPosition": "HFS",
    "PhaseEncodingDirection": "j",
    "PhilipsRescaleIntercept": 0,
    "PhilipsRescaleSlope": 0.79048,
    "PhilipsScaleSlope": 0.0516496,
    "ProtocolName": "WIPpiopanticipatieSENSE",
    "PulseSequenceType": "gradient echo EPI",
    "ReconMatrixPE": 80,
    "RepetitionTime": 2,
    "SeriesDescription": "ImageMRSERIES",
    "SeriesNumber": 9,
    "SliceEncodingDirection": "k",
    "TaskName": "anticipation",
    "UsePhilipsFloatNotDisplayScaling": 1,
    "acq_id": "seq",
    "dataset": "unknown",
    "modality": "bold",
    "subject_id": "0142",
    "task_id": "anticipation"
  },
  "dummy_trs": 0,
  "dvars_nstd": 28.529051392613084,
  "dvars_std": 1.352323897437185,
  "dvars_vstd": 1.018489390653266,
  "efc": 0.4011204113061554,
  "fber": 248827472.0,
  "fd_mean": 0.16024980891039511,
  "fd_num": 46,
  "fd_perc": 23.0,
  "fwhm_avg": 2.3654847580699614,
  "fwhm_x": 2.3017133333333333,
  "fwhm_y": 2.5949833333333334,
  "fwhm_z": 2.199757607543217,
  "gcor": 0.0225487,
  "gsr_x": -0.008316967636346817,
  "gsr_y": 0.00598167022690177,
  "provenance": {
    "md5sum": "d488558f424ec6c5f82cd346ed2c6b21",
    "settings": {
      "fd_thres": 0.2,
      "hmc_fsl": false
    },
    "software": "mriqc",
    "version": "0.15.0",
    "webapi_port": null,
    "webapi_url": "https://mriqc.nimh.nih.gov/api/v1"
  },
  "size_t": 200,
  "size_x": 80,
  "size_y": 80,
  "size_z": 37,
  "snr": 4.193570144141063,
  "spacing_tr": 2.0,
  "spacing_x": 3.0,
  "spacing_y": 3.0,
  "spacing_z": 3.299999952316284,
  "spikes_num": 8,
  "summary_bg_k": 160.1711602269248,
  "summary_bg_mad": 2.0410194396972656,
  "summary_bg_mean": 139.707763671875,
  "summary_bg_median": 1.3938761949539185,
  "summary_bg_n": 153019.0,
  "summary_bg_p05": 0.008698557130992412,
  "summary_bg_p95": 611.4950744628914,
  "summary_bg_stdv": 816.513916015625,
  "summary_fg_k": 1.56606308194708,
  "summary_fg_mad": 5085.50244140625,
  "summary_fg_mean": 25671.3828125,
  "summary_fg_median": 25114.478515625,
  "summary_fg_n": 42611.0,
  "summary_fg_p05": 17058.78515625,
  "summary_fg_p95": 35895.83984375,
  "summary_fg_stdv": 5988.73583984375,
  "tsnr": 62.73578643798828
}