{
  "aor": 0.0018307407407407409,
  "aqi": 0.004741301604938272,
  "bids_meta": {
    "AcquisitionNumber": 8,
    "BidsifyVersion": "0.3.5",
    "ConversionSoftware": "dcm2niix",
    "ConversionSoftwareVersion": "v1.0.20181125  GCC6.3.0",
    "EchoTime": 0.02762,
    "EffectiveEchoSpacing": 0.0006621159151938905,
    "ImageComments": "piop",
    "ImageOrientationPatientDICOM": [
      0.9991,
      -0.0244886,
      0.0346254,
      0.0319216,
      0.971757,
      -0.233816
    ],
    "Manufacturer": "Philips",
    "NumberOfVolumesDiscardedByScanner": 2,
    "ParallelAcquisitionTechnique": "SENSE",
    "ParallelReductionFactorInPlane": 2,
    "PatientPosition": "HFS",
    "PhaseEncodingDirection": "j",
    "PhilipsRescaleIntercept": 0,
    "PhilipsRescaleSlope": 0.81636,
    "PhilipsScaleSlope": 0.0571995,
    "ProtocolName": "WIPpiopwmSENSE",
    "PulseSequenceType": "gradient echo EPI",
    "ReconMatrixPE": 80,
    "RepetitionTime": 2,
    "SeriesDescription": "ImageMRSERIES",
    "SeriesNumber": 8,
    "SliceEncodingDirection": "k",
    "SliceTiming": [
      0.0,
      0.0541,
      0.1081,
      0.1622,
      0.2162,
      0.2703,
      0.3243,
      0.3784,
      0.4324,
      0.4865,
      0.5405,
      0.5946,
      0.6486,
      0.7027,
      0.7568,
      0.8108,
      0.8649,
      0.9189,
      0.973,
      1.027,
      1.0811,
      1.1351,
      1.1892,
      1.2432,
      1.2973,
      1.3514,
      1.4054,
      1.4595,
      1.5135,
      1.5676,
      1.6216,
      1.6757,
      1.7297,
      1.7838,
      1.8378,
      1.8919,
      1.9459
    ],
    "TaskName": "workingmemory",
    "TotalReadoutTime": 0.025822520692561732,
    "UsePhilipsFloatNotDisplayScaling": 1,
    "acq_id": "seq",
    "dataset": "unknown",
    "modality": "bold",
    "subject_id": "0096",
    "task_id": "workingmemory"
  },
  "dummy_trs": 0,
  "dvars_nstd": 21.07325989857143,
  "dvars_std": 1.2122164706832292,
  "dvars_vstd": 0.988573240745342,
  "efc": 0.3955307256903256,
  "fber": 533697728.0,
  "fd_mean": 0.0968253945370056,
  "fd_num": 4,
  "fd_perc": 2.4691358024691357,
  "fwhm_avg": 2.401837889367066,
  "fwhm_x": 2.365666666666667,
  "fwhm_y": 2.6434166666666665,
  "fwhm_z": 2.1964303347678666,
  "gcor": 0.0103076,
  "gsr_x": -0.0056732227094471455,
  "gsr_y": 0.0035154607612639666,
  "provenance": {
    "md5sum": "f5bbdcf10198d922818e68e61c5533e7",
    "settings": {
      "fd_thres": 0.2,
      "hmc_fsl": false
    },
    "software": "mriqc",
    "version": "0.15.0",
    "webapi_port": null,
    "webapi_url": "https://mriqc.nimh.nih.gov/api/v1"
  },
  "size_t": 162,
  "size_x": 80,
  "size_y": 80,
  "size_z": 37,
  "snr": 4.5012241724056885,
  "spacing_tr": 2.0,
  "spacing_x": 3.0,
  "spacing_y": 3.0,
  "spacing_z": 3.299999952316284,
  "spikes_num": 0,
  "summary_bg_k": 85.67855692503727,
  "summary_bg_mad": 1.3959070444107056,
  "summary_bg_mean": 200.64422607421875,
  "summary_bg_median": 0.9489718675613403,
  "summary_bg_n": 156294.0,
  "summary_bg_p05": 0.0016466514498461038,
  "summary_bg_p95": 781.544442749027,
  "summary_bg_stdv": 1055.8858642578125,
  "summary_fg_k": 1.8032813947153192,
  "summary_fg_mad": 4614.1767578125,
  "summary_fg_mean": 23969.255859375,
  "summary_fg_median": 23990.064453125,
  "summary_fg_n": 39970.0,
  "summary_fg_p05": 15203.08486328125,
  "summary_fg_p95": 31953.055175781243,
  "summary_fg_stdv": 5329.60888671875,
  "tsnr": 67.93641662597656
}