{
  "aor": 0.00389645,
  "aqi": 0.0051334792,
  "bids_meta": {
    "AcquisitionNumber": 9,
    "BidsifyVersion": "0.3.5",
    "ConversionSoftware": "dcm2niix",
    "ConversionSoftwareVersion": "v1.0.20181125  GCC6.3.0",
    "EchoTime": 0.02762,
    "ImageComments": "PIOP",
    "ImageOrientationPatientDICOM": [
      0.999383,
      -0.0118446,
      0.0330671,
      0.0150017,
      0.995179,
      -0.0969238
    ],
    "Manufacturer": "Philips",
    "NumberOfVolumesDiscardedByScanner": 2,
    "ParallelAcquisitionTechnique": "SENSE",
    "ParallelReductionFactorInPlane": 2,
    "PatientPosition": "HFS",
    "PhaseEncodingDirection": "j",
    "PhilipsRescaleIntercept": 0,
    "PhilipsRescaleSlope": 0.77338,
    "PhilipsScaleSlope": 0.0556154,
    "ProtocolName": "WIPpiopanticipatieSENSE",
    "PulseSequenceType": "gradient echo EPI",
    "ReconMatrixPE": 80,
    "RepetitionTime": 2,
    "SeriesDescription": "ImageMRSERIES",
    "SeriesNumber": 9,
    "SliceEncodingDirection": "k",
    "TaskName": "anticipation",
    "UsePhilipsFloatNotDisplayScaling": 1,
    "acq_id": "seq",
    "dataset": "unknown",
    "modality": "bold",
    "subject_id": "0111",
    "task_id": "anticipation"
  },
  "dummy_trs": 0,
  "dvars_nstd": 22.265978089396985,
  "dvars_std": 1.2412964754773872,
  "dvars_vstd": 1.1090091021105517,
  "efc": 0.3859337892103746,
  "fber": 468926816.0,
  "fd_mean": 0.1183323178740938,
  "fd_num": 22,
  "fd_perc": 11.0,
  "fwhm_avg": 2.4313350611199684,
  "fwhm_x": 2.4019133333333333,
  "fwhm_y": 2.6882433333333338,
  "fwhm_z": 2.2038485166932382,
  "gcor": 0.0174522,
  "gsr_x": -0.004473533481359482,
  "gsr_y": 0.000410529290093109,
  "provenance": {
    "md5sum": "31502f66cf2d37d5f1abd8bde3a8a883",
    "settings": {
      "fd_thres": 0.2,
      "hmc_fsl": false
    },
    "software": "mriqc",
    "version": "0.15.0",
    "webapi_port": null,
    "webapi_url": "https://mriqc.nimh.nih.gov/api/v1"
  },
  "size_t": 200,
  "size_x": 80,
  "size_y": 80,
  "size_z": 37,
  "snr": 4.27057801467075,
  "spacing_tr": 2.0,
  "spacing_x": 3.0,
  "spacing_y": 3.0,
  "spacing_z": 3.299999952316284,
  "spikes_num": 0,
  "summary_bg_k": 96.87963606763456,
  "summary_bg_mad": 1.5734609365463257,
  "summary_bg_mean": 205.61473083496094,
  "summary_bg_median": 1.066514492034912,
  "summary_bg_n": 157713.0,
  "summary_bg_p05": 0.0009692932013422256,
  "summary_bg_p95": 661.9927856445305,
  "summary_bg_stdv": 1192.839599609375,
  "summary_fg_k": 1.8593612736610874,
  "summary_fg_mad": 4957.060546875,
  "summary_fg_mean": 25256.037109375,
  "summary_fg_median": 25010.02734375,
  "summary_fg_n": 38411.0,
  "summary_fg_p05": 16353.69482421875,
  "summary_fg_p95": 34548.7578125,
  "summary_fg_stdv": 5856.2802734375,
  "tsnr": 63.4282341003418
}