{
  "aor": 0.0004032716049382716,
  "aqi": 0.005157921111111111,
  "bids_meta": {
    "AcquisitionNumber": 8,
    "BidsifyVersion": "0.3.5",
    "ConversionSoftware": "dcm2niix",
    "ConversionSoftwareVersion": "v1.0.20181125  GCC6.3.0",
    "EchoTime": 0.02762,
    "ImageComments": "piop",
    "ImageOrientationPatientDICOM": [
      0.997885,
      0.0572302,
      -0.0308138,
      -0.0634811,
      0.959949,
      -0.272889
    ],
    "Manufacturer": "Philips",
    "NumberOfVolumesDiscardedByScanner": 2,
    "ParallelAcquisitionTechnique": "SENSE",
    "ParallelReductionFactorInPlane": 2,
    "PatientPosition": "HFS",
    "PhaseEncodingDirection": "j",
    "PhilipsRescaleIntercept": 0,
    "PhilipsRescaleSlope": 0.74799,
    "PhilipsScaleSlope": 0.055993,
    "ProtocolName": "WIPpiopwmSENSE",
    "PulseSequenceType": "gradient echo EPI",
    "ReconMatrixPE": 80,
    "RepetitionTime": 2,
    "SeriesDescription": "ImageMRSERIES",
    "SeriesNumber": 8,
    "SliceEncodingDirection": "k",
    "TaskName": "workingmemory",
    "UsePhilipsFloatNotDisplayScaling": 1,
    "acq_id": "seq",
    "dataset": "unknown",
    "modality": "bold",
    "subject_id": "0201",
    "task_id": "workingmemory"
  },
  "dummy_trs": 0,
  "dvars_nstd": 23.90329165459626,
  "dvars_std": 1.3160948262732926,
  "dvars_vstd": 1.0414614065217391,
  "efc": 0.40681631692222797,
  "fber": 1264508416.0,
  "fd_mean": 0.10441038093828393,
  "fd_num": 12,
  "fd_perc": 7.407407407407407,
  "fwhm_avg": 2.45356743237141,
  "fwhm_x": 2.43342,
  "fwhm_y": 2.7277733333333334,
  "fwhm_z": 2.1995089637808967,
  "gcor": 0.0118334,
  "gsr_x": -0.006840432994067669,
  "gsr_y": 0.00545367831364274,
  "provenance": {
    "md5sum": "461af09c314f2fa4f417d85d79b28a4e",
    "settings": {
      "fd_thres": 0.2,
      "hmc_fsl": false
    },
    "software": "mriqc",
    "version": "0.15.0",
    "webapi_port": null,
    "webapi_url": "https://mriqc.nimh.nih.gov/api/v1"
  },
  "size_t": 162,
  "size_x": 80,
  "size_y": 80,
  "size_z": 37,
  "snr": 5.108874144708385,
  "spacing_tr": 2.0,
  "spacing_x": 3.0,
  "spacing_y": 3.0,
  "spacing_z": 3.3000001907348633,
  "spikes_num": 3,
  "summary_bg_k": 72.70859592315631,
  "summary_bg_mad": 0.9867100715637207,
  "summary_bg_mean": 259.52667236328125,
  "summary_bg_median": 0.6770819425582886,
  "summary_bg_n": 153936.0,
  "summary_bg_p05": 0.004181990982033312,
  "summary_bg_p95": 1179.8911437988281,
  "summary_bg_stdv": 1348.5728759765625,
  "summary_fg_k": 3.361590572113955,
  "summary_fg_mad": 4012.225830078125,
  "summary_fg_mean": 25799.75,
  "summary_fg_median": 25742.150390625,
  "summary_fg_n": 41227.0,
  "summary_fg_p05": 18367.4392578125,
  "summary_fg_p95": 33174.216015624996,
  "summary_fg_stdv": 5038.65185546875,
  "tsnr": 74.36758422851562
}