{
  "aor": 0.000302,
  "aqi": 0.00396745025,
  "bids_meta": {
    "AcquisitionNumber": 9,
    "BidsifyVersion": "0.3.5",
    "ConversionSoftware": "dcm2niix",
    "ConversionSoftwareVersion": "v1.0.20181125  GCC6.3.0",
    "EchoTime": 0.02762,
    "ImageComments": "Piop",
    "ImageOrientationPatientDICOM": [
      0.999537,
      -0.0290437,
      0.00906159,
      0.0298402,
      0.877758,
      -0.478175
    ],
    "Manufacturer": "Philips",
    "NumberOfVolumesDiscardedByScanner": 2,
    "ParallelAcquisitionTechnique": "SENSE",
    "ParallelReductionFactorInPlane": 2,
    "PatientPosition": "HFS",
    "PhaseEncodingDirection": "j",
    "PhilipsRescaleIntercept": 0,
    "PhilipsRescaleSlope": 0.8127,
    "PhilipsScaleSlope": 0.0622009,
    "ProtocolName": "WIPpiopanticipatieSENSE",
    "PulseSequenceType": "gradient echo EPI",
    "ReconMatrixPE": 80,
    "RepetitionTime": 2,
    "SeriesDescription": "ImageMRSERIES",
    "SeriesNumber": 9,
    "SliceEncodingDirection": "k",
    "TaskName": "anticipation",
    "UsePhilipsFloatNotDisplayScaling": 1,
    "acq_id": "seq",
    "dataset": "unknown",
    "modality": "bold",
    "subject_id": "0155",
    "task_id": "anticipation"
  },
  "dummy_trs": 0,
  "dvars_nstd": 21.498754506080385,
  "dvars_std": 1.185200022110553,
  "dvars_vstd": 0.9752900701507544,
  "efc": 0.37710597472454793,
  "fber": 313672128.0,
  "fd_mean": 0.1264952187332107,
  "fd_num": 25,
  "fd_perc": 12.5,
  "fwhm_avg": 2.3176920304452184,
  "fwhm_x": 2.35704,
  "fwhm_y": 2.4693633333333334,
  "fwhm_z": 2.126672758002321,
  "gcor": 0.0117632,
  "gsr_x": -0.003078338922932744,
  "gsr_y": 0.0008232995751313865,
  "provenance": {
    "md5sum": "70d570973f11c667b62f962b4f7ce328",
    "settings": {
      "fd_thres": 0.2,
      "hmc_fsl": false
    },
    "software": "mriqc",
    "version": "0.15.0",
    "webapi_port": null,
    "webapi_url": "https://mriqc.nimh.nih.gov/api/v1"
  },
  "size_t": 200,
  "size_x": 80,
  "size_y": 80,
  "size_z": 37,
  "snr": 4.62547439261228,
  "spacing_tr": 2.0,
  "spacing_x": 3.0,
  "spacing_y": 3.0,
  "spacing_z": 3.299999952316284,
  "spikes_num": 0,
  "summary_bg_k": 134.12463203925793,
  "summary_bg_mad": 1.8067364692687988,
  "summary_bg_mean": 167.9357452392578,
  "summary_bg_median": 1.2443796396255493,
  "summary_bg_n": 159040.0,
  "summary_bg_p05": 0.009500213293358683,
  "summary_bg_p95": 465.09737854003833,
  "summary_bg_stdv": 1045.4354248046875,
  "summary_fg_k": 2.6287899294767536,
  "summary_fg_mad": 4331.77587890625,
  "summary_fg_mean": 23444.76171875,
  "summary_fg_median": 23351.326171875,
  "summary_fg_n": 37145.0,
  "summary_fg_p05": 16219.551367187501,
  "summary_fg_p95": 30924.74375,
  "summary_fg_stdv": 5048.349609375,
  "tsnr": 73.12744140625
}