{
  "aor": 0.00024518828451882844,
  "aqi": 0.008587139979079497,
  "bids_meta": {
    "AcquisitionNumber": 6,
    "BidsifyVersion": "0.3.5",
    "ConversionSoftware": "dcm2niix",
    "ConversionSoftwareVersion": "v1.0.20181125  GCC6.3.0",
    "EchoTime": 0.02762,
    "ImageComments": "Piop",
    "ImageOrientationPatientDICOM": [
      0.999537,
      -0.0290437,
      0.00906159,
      0.0298402,
      0.877758,
      -0.478175
    ],
    "Manufacturer": "Philips",
    "NumberOfVolumesDiscardedByScanner": 2,
    "ParallelAcquisitionTechnique": "SENSE",
    "ParallelReductionFactorInPlane": 2,
    "PatientPosition": "HFS",
    "PhaseEncodingDirection": "j",
    "PhilipsRescaleIntercept": 0,
    "PhilipsRescaleSlope": 0.80659,
    "PhilipsScaleSlope": 0.100369,
    "ProtocolName": "WIPpioprsSENSE",
    "PulseSequenceType": "gradient echo EPI",
    "ReconMatrixPE": 80,
    "RepetitionTime": 0.75,
    "SeriesDescription": "ImageMRSERIES",
    "SeriesNumber": 6,
    "SliceEncodingDirection": "k",
    "TaskName": "restingstate",
    "UsePhilipsFloatNotDisplayScaling": 1,
    "acq_id": "mb3",
    "dataset": "unknown",
    "modality": "bold",
    "subject_id": "0155",
    "task_id": "restingstate"
  },
  "dummy_trs": 2,
  "dvars_nstd": 23.42540924498951,
  "dvars_std": 1.0827867090356393,
  "dvars_vstd": 0.9940669689517816,
  "efc": 0.3793233894287767,
  "fber": 163762592.0,
  "fd_mean": 0.11176055440286911,
  "fd_num": 29,
  "fd_perc": 6.066945606694561,
  "fwhm_avg": 2.418170919824912,
  "fwhm_x": 2.44016,
  "fwhm_y": 2.58578,
  "fwhm_z": 2.228572759474736,
  "gcor": 0.0112994,
  "gsr_x": -0.0026302689220756292,
  "gsr_y": -0.0003022593737114221,
  "provenance": {
    "md5sum": "754a4c2374ceaad82c2c85a5f2fcd6ca",
    "settings": {
      "fd_thres": 0.2,
      "hmc_fsl": false
    },
    "software": "mriqc",
    "version": "0.15.0",
    "webapi_port": null,
    "webapi_url": "https://mriqc.nimh.nih.gov/api/v1"
  },
  "size_t": 478,
  "size_x": 80,
  "size_y": 80,
  "size_z": 36,
  "snr": 5.542675764375964,
  "spacing_tr": 0.75,
  "spacing_x": 3.0,
  "spacing_y": 3.0,
  "spacing_z": 3.299999952316284,
  "spikes_num": 2,
  "summary_bg_k": 101.4069006519831,
  "summary_bg_mad": 1.7968075275421143,
  "summary_bg_mean": 113.3267822265625,
  "summary_bg_median": 1.2324371337890625,
  "summary_bg_n": 154883.0,
  "summary_bg_p05": 0.003761362773366273,
  "summary_bg_p95": 370.08273925781236,
  "summary_bg_stdv": 689.797607421875,
  "summary_fg_k": 4.56718522951515,
  "summary_fg_mad": 2295.24853515625,
  "summary_fg_mean": 15923.2451171875,
  "summary_fg_median": 16105.5576171875,
  "summary_fg_n": 35972.0,
  "summary_fg_p05": 11406.54912109375,
  "summary_fg_p95": 19860.785351562496,
  "summary_fg_stdv": 2905.696533203125,
  "tsnr": 54.270809173583984
}