{
  "aor": 0.0009527777777777777,
  "aqi": 0.007513004567901236,
  "bids_meta": {
    "AcquisitionNumber": 8,
    "BidsifyVersion": "0.3.5",
    "ConversionSoftware": "dcm2niix",
    "ConversionSoftwareVersion": "v1.0.20181125  GCC6.3.0",
    "EchoTime": 0.02762,
    "EffectiveEchoSpacing": 0.0006621159151938905,
    "ImageComments": "Piop",
    "ImageOrientationPatientDICOM": [
      0.999296,
      -0.0364681,
      -0.00879517,
      0.0300075,
      0.917765,
      -0.395988
    ],
    "Manufacturer": "Philips",
    "NumberOfVolumesDiscardedByScanner": 2,
    "ParallelAcquisitionTechnique": "SENSE",
    "ParallelReductionFactorInPlane": 2,
    "PatientPosition": "HFS",
    "PhaseEncodingDirection": "j",
    "PhilipsRescaleIntercept": 0,
    "PhilipsRescaleSlope": 0.74359,
    "PhilipsScaleSlope": 0.0581135,
    "ProtocolName": "WIPpiopwmSENSE",
    "PulseSequenceType": "gradient echo EPI",
    "ReconMatrixPE": 80,
    "RepetitionTime": 2,
    "SeriesDescription": "ImageMRSERIES",
    "SeriesNumber": 8,
    "SliceEncodingDirection": "k",
    "SliceTiming": [
      0.0,
      0.0541,
      0.1081,
      0.1622,
      0.2162,
      0.2703,
      0.3243,
      0.3784,
      0.4324,
      0.4865,
      0.5405,
      0.5946,
      0.6486,
      0.7027,
      0.7568,
      0.8108,
      0.8649,
      0.9189,
      0.973,
      1.027,
      1.0811,
      1.1351,
      1.1892,
      1.2432,
      1.2973,
      1.3514,
      1.4054,
      1.4595,
      1.5135,
      1.5676,
      1.6216,
      1.6757,
      1.7297,
      1.7838,
      1.8378,
      1.8919,
      1.9459
    ],
    "TaskName": "workingmemory",
    "TotalReadoutTime": 0.025822520692561732,
    "UsePhilipsFloatNotDisplayScaling": 1,
    "acq_id": "seq",
    "dataset": "unknown",
    "modality": "bold",
    "subject_id": "0123",
    "task_id": "workingmemory"
  },
  "dummy_trs": 0,
  "dvars_nstd": 23.548265480621115,
  "dvars_std": 1.080916538012422,
  "dvars_vstd": 0.9452470006832294,
  "efc": 0.4441285650685814,
  "fber": 100541984.0,
  "fd_mean": 0.15273979755993608,
  "fd_num": 33,
  "fd_perc": 20.37037037037037,
  "fwhm_avg": 2.2979538484888598,
  "fwhm_x": 2.2710133333333333,
  "fwhm_y": 2.5248633333333332,
  "fwhm_z": 2.0979848787999136,
  "gcor": 0.0193624,
  "gsr_x": 0.0049452451057732105,
  "gsr_y": 0.005039816256612539,
  "provenance": {
    "md5sum": "fcbaf042ad817d0dca8eb4b559221a49",
    "settings": {
      "fd_thres": 0.2,
      "hmc_fsl": false
    },
    "software": "mriqc",
    "version": "0.15.0",
    "webapi_port": null,
    "webapi_url": "https://mriqc.nimh.nih.gov/api/v1"
  },
  "size_t": 162,
  "size_x": 80,
  "size_y": 80,
  "size_z": 37,
  "snr": 4.295285061009575,
  "spacing_tr": 2.0,
  "spacing_x": 3.0,
  "spacing_y": 3.0,
  "spacing_z": 3.299999952316284,
  "spikes_num": 1,
  "summary_bg_k": 43.90533451387549,
  "summary_bg_mad": 2.920815944671631,
  "summary_bg_mean": 318.16485595703125,
  "summary_bg_median": 2.008330821990967,
  "summary_bg_n": 145222.0,
  "summary_bg_p05": 0.01974549721926451,
  "summary_bg_p95": 1597.3504638671682,
  "summary_bg_stdv": 1483.552490234375,
  "summary_fg_k": 1.3099842746595245,
  "summary_fg_mad": 4924.11328125,
  "summary_fg_mean": 24045.607421875,
  "summary_fg_median": 23546.58984375,
  "summary_fg_n": 49092.0,
  "summary_fg_p05": 16423.87587890625,
  "summary_fg_p95": 33338.656835937494,
  "summary_fg_stdv": 5481.90625,
  "tsnr": 54.23388671875
}