{
    "Manufacturer": "Philips",
    "PatientPosition": "HFS",
    "SeriesDescription": "ImageMRSERIES",
    "ProtocolName": "WIPt13dSENSE",
    "SeriesNumber": 4,
    "AcquisitionNumber": 4,
    "ImageComments": "piop",
    "PhilipsRescaleSlope": 9.28254,
    "PhilipsRescaleIntercept": 0,
    "PhilipsScaleSlope": 0.00725843,
    "UsePhilipsFloatNotDisplayScaling": 1,
    "EchoTime": 0.00381,
    "RepetitionTime": 0.008287,
    "ReconMatrixPE": 240,
    "ImageOrientationPatientDICOM": [
        0.999325,
        0.0343901,
        0.0128922,
        -0.0319288,
        0.986957,
        -0.157789
    ],
    "ConversionSoftware": "dcm2niix",
    "ConversionSoftwareVersion": "v1.0.20181125  GCC6.3.0",
    "BidsifyVersion": "0.3.5"
}