{
  "aor": 0.0017201999999999999,
  "aqi": 0.00963817355,
  "bids_meta": {
    "AcquisitionNumber": 9,
    "BidsifyVersion": "0.3.5",
    "ConversionSoftware": "dcm2niix",
    "ConversionSoftwareVersion": "v1.0.20181125  GCC6.3.0",
    "EchoTime": 0.02762,
    "EffectiveEchoSpacing": 0.0006621159151938905,
    "ImageComments": "Piop",
    "ImageOrientationPatientDICOM": [
      0.998886,
      0.0340276,
      0.0326986,
      -0.0272035,
      0.981363,
      -0.190228
    ],
    "Manufacturer": "Philips",
    "NumberOfVolumesDiscardedByScanner": 2,
    "ParallelAcquisitionTechnique": "SENSE",
    "ParallelReductionFactorInPlane": 2,
    "PatientPosition": "HFS",
    "PhaseEncodingDirection": "j",
    "PhilipsRescaleIntercept": 0,
    "PhilipsRescaleSlope": 0.85836,
    "PhilipsScaleSlope": 0.0533975,
    "ProtocolName": "WIPpiopanticipatieSENSE",
    "PulseSequenceType": "gradient echo EPI",
    "ReconMatrixPE": 80,
    "RepetitionTime": 2,
    "SeriesDescription": "ImageMRSERIES",
    "SeriesNumber": 9,
    "SliceEncodingDirection": "k",
    "SliceTiming": [
      0.0,
      0.0541,
      0.1081,
      0.1622,
      0.2162,
      0.2703,
      0.3243,
      0.3784,
      0.4324,
      0.4865,
      0.5405,
      0.5946,
      0.6486,
      0.7027,
      0.7568,
      0.8108,
      0.8649,
      0.9189,
      0.973,
      1.027,
      1.0811,
      1.1351,
      1.1892,
      1.2432,
      1.2973,
      1.3514,
      1.4054,
      1.4595,
      1.5135,
      1.5676,
      1.6216,
      1.6757,
      1.7297,
      1.7838,
      1.8378,
      1.8919,
      1.9459
    ],
    "TaskName": "anticipation",
    "TotalReadoutTime": 0.025822520692561732,
    "UsePhilipsFloatNotDisplayScaling": 1,
    "acq_id": "seq",
    "dataset": "unknown",
    "modality": "bold",
    "subject_id": "0044",
    "task_id": "anticipation"
  },
  "dummy_trs": 0,
  "dvars_nstd": 26.467317216934692,
  "dvars_std": 1.1479874448241212,
  "dvars_vstd": 1.0052886649748747,
  "efc": 0.4155978730033687,
  "fber": 58246008.0,
  "fd_mean": 0.24934945806699424,
  "fd_num": 101,
  "fd_perc": 50.5,
  "fwhm_avg": 2.4103857679812144,
  "fwhm_x": 2.3238,
  "fwhm_y": 2.7469966666666665,
  "fwhm_z": 2.160360637276977,
  "gcor": 0.0192576,
  "gsr_x": -0.005371377803385258,
  "gsr_y": 0.007314086426049471,
  "provenance": {
    "md5sum": "05e429f1227db64ab19fd375ee5398c0",
    "settings": {
      "fd_thres": 0.2,
      "hmc_fsl": false
    },
    "software": "mriqc",
    "version": "0.15.0",
    "webapi_port": null,
    "webapi_url": "https://mriqc.nimh.nih.gov/api/v1"
  },
  "size_t": 200,
  "size_x": 80,
  "size_y": 80,
  "size_z": 37,
  "snr": 4.939388475674753,
  "spacing_tr": 2.0,
  "spacing_x": 3.0,
  "spacing_y": 3.0,
  "spacing_z": 3.299999952316284,
  "spikes_num": 0,
  "summary_bg_k": 52.482490891061474,
  "summary_bg_mad": 4.614522933959961,
  "summary_bg_mean": 295.59326171875,
  "summary_bg_median": 3.218515634536743,
  "summary_bg_n": 151571.0,
  "summary_bg_p05": 0.045679010450839996,
  "summary_bg_p95": 1251.8650512695312,
  "summary_bg_stdv": 1386.0677490234375,
  "summary_fg_k": 2.7500030253906713,
  "summary_fg_mad": 4422.7021484375,
  "summary_fg_mean": 26573.451171875,
  "summary_fg_median": 26624.63671875,
  "summary_fg_n": 43248.0,
  "summary_fg_p05": 18008.907519531247,
  "summary_fg_p95": 34492.430078125,
  "summary_fg_stdv": 5390.20751953125,
  "tsnr": 53.92609405517578
}