{
    "Manufacturer": "Philips",
    "PatientPosition": "HFS",
    "SeriesDescription": "ImageMRSERIES",
    "ProtocolName": "WIPt13dSENSE",
    "SeriesNumber": 4,
    "AcquisitionNumber": 4,
    "ImageComments": "piop",
    "PhilipsRescaleSlope": 9.19194,
    "PhilipsRescaleIntercept": 0,
    "PhilipsScaleSlope": 0.00754452,
    "UsePhilipsFloatNotDisplayScaling": 1,
    "EchoTime": 0.00381,
    "RepetitionTime": 0.008275,
    "ReconMatrixPE": 240,
    "ImageOrientationPatientDICOM": [
        0.993627,
        -0.100061,
        -0.051899,
        0.104084,
        0.99121,
        0.0816716
    ],
    "ConversionSoftware": "dcm2niix",
    "ConversionSoftwareVersion": "v1.0.20181125  GCC6.3.0",
    "BidsifyVersion": "0.3.5"
}