{
  "aor": 6.33939393939394e-05,
  "aqi": 0.005911728454545454,
  "bids_meta": {
    "AcquisitionNumber": 2,
    "BidsifyVersion": "0.3.5",
    "ConversionSoftware": "dcm2niix",
    "ConversionSoftwareVersion": "v1.0.20181125  GCC6.3.0",
    "EchoTime": 0.02762,
    "EffectiveEchoSpacing": 0.0006333282667071997,
    "ImageComments": "PIOP",
    "ImageOrientationPatientDICOM": [
      0.999661,
      -0.0260464,
      0.000514659,
      0.0256533,
      0.980745,
      -0.1936
    ],
    "Manufacturer": "Philips",
    "NumberOfVolumesDiscardedByScanner": 2,
    "ParallelAcquisitionTechnique": "SENSE",
    "ParallelReductionFactorInPlane": 2,
    "PatientPosition": "HFS",
    "PhaseEncodingDirection": "j",
    "PhilipsRescaleIntercept": 0,
    "PhilipsRescaleSlope": 0.76386,
    "PhilipsScaleSlope": 0.0954209,
    "ProtocolName": "WIPpiopfacesSENSE",
    "PulseSequenceType": "gradient echo EPI",
    "ReconMatrixPE": 80,
    "RepetitionTime": 0.75,
    "SeriesDescription": "ImageMRSERIES",
    "SeriesNumber": 2,
    "SliceEncodingDirection": "k",
    "SliceTiming": [
      0.0,
      0.06755050505050506,
      0.1351010101010101,
      0.20265151515151517,
      0.2702020202020202,
      0.3377525252525253,
      0.40530303030303033,
      0.47285353535353536,
      0.5404040404040404,
      0.6079545454545455,
      0.6755050505050506,
      0.7430555555555556,
      0.0,
      0.06755050505050506,
      0.1351010101010101,
      0.20265151515151517,
      0.2702020202020202,
      0.3377525252525253,
      0.40530303030303033,
      0.47285353535353536,
      0.5404040404040404,
      0.6079545454545455,
      0.6755050505050506,
      0.7430555555555556,
      0.0,
      0.06755050505050506,
      0.1351010101010101,
      0.20265151515151517,
      0.2702020202020202,
      0.3377525252525253,
      0.40530303030303033,
      0.47285353535353536,
      0.5404040404040404,
      0.6079545454545455,
      0.6755050505050506,
      0.7430555555555556
    ],
    "TaskName": "faces",
    "TotalReadoutTime": 0.024699802401580786,
    "UsePhilipsFloatNotDisplayScaling": 1,
    "acq_id": "mb3",
    "dataset": "unknown",
    "modality": "bold",
    "subject_id": "0072",
    "task_id": "faces"
  },
  "dummy_trs": 0,
  "dvars_nstd": 26.107936772370827,
  "dvars_std": 1.1572372761094218,
  "dvars_vstd": 0.9962643331914889,
  "efc": 0.4079983760031723,
  "fber": 2126380928.0,
  "fd_mean": 0.09216838093683448,
  "fd_num": 1,
  "fd_perc": 0.30303030303030304,
  "fwhm_avg": 2.5941237045356806,
  "fwhm_x": 2.6024566666666664,
  "fwhm_y": 2.820956666666667,
  "fwhm_z": 2.3589577802737076,
  "gcor": 0.00768091,
  "gsr_x": -0.004314028192311525,
  "gsr_y": 0.0023513513151556253,
  "provenance": {
    "md5sum": "553a9fffc9069c815207d180cfbf6777",
    "settings": {
      "fd_thres": 0.2,
      "hmc_fsl": false
    },
    "software": "mriqc",
    "version": "0.15.0",
    "webapi_port": null,
    "webapi_url": "https://mriqc.nimh.nih.gov/api/v1"
  },
  "size_t": 330,
  "size_x": 80,
  "size_y": 80,
  "size_z": 36,
  "snr": 5.340184860179668,
  "spacing_tr": 0.75,
  "spacing_x": 3.0,
  "spacing_y": 3.0,
  "spacing_z": 3.299999713897705,
  "spikes_num": 0,
  "summary_bg_k": 97.37941300689762,
  "summary_bg_mad": 0.47545018792152405,
  "summary_bg_mean": 122.84378051757812,
  "summary_bg_median": 0.3241916298866272,
  "summary_bg_n": 149383.0,
  "summary_bg_p05": 0.0015760538168251514,
  "summary_bg_p95": 628.6962280273416,
  "summary_bg_stdv": 677.9517211914062,
  "summary_fg_k": 2.2330065495214217,
  "summary_fg_mad": 2552.881103515625,
  "summary_fg_mean": 16481.03125,
  "summary_fg_median": 16486.369140625,
  "summary_fg_n": 41166.0,
  "summary_fg_p05": 11571.1015625,
  "summary_fg_p95": 21324.2080078125,
  "summary_fg_stdv": 3087.190673828125,
  "tsnr": 60.852020263671875
}