{
    "Manufacturer": "Philips",
    "PatientPosition": "HFS",
    "SeriesDescription": "ImageMRSERIES",
    "ProtocolName": "WIPpioprsSENSE",
    "SeriesNumber": 6,
    "AcquisitionNumber": 6,
    "ImageComments": "piop",
    "PhilipsRescaleSlope": 0.74725,
    "PhilipsRescaleIntercept": 0,
    "PhilipsScaleSlope": 0.0916196,
    "UsePhilipsFloatNotDisplayScaling": 1,
    "EchoTime": 0.02762,
    "RepetitionTime": 0.75,
    "ReconMatrixPE": 80,
    "ImageOrientationPatientDICOM": [
        0.993536,
        -0.0750944,
        0.0851343,
        0.104951,
        0.893464,
        -0.436701
    ],
    "ConversionSoftware": "dcm2niix",
    "ConversionSoftwareVersion": "v1.0.20181125  GCC6.3.0",
    "BidsifyVersion": "0.3.5",
    "SliceEncodingDirection": "k",
    "PhaseEncodingDirection": "j",
    "ParallelAcquisitionTechnique": "SENSE",
    "ParallelReductionFactorInPlane": 2,
    "NumberOfVolumesDiscardedByScanner": 2,
    "PulseSequenceType": "gradient echo EPI",
    "TaskName": "restingstate"
}