{
  "bids_meta": {
    "AcquisitionNumber": 4,
    "BidsifyVersion": "0.3.5",
    "ConversionSoftware": "dcm2niix",
    "ConversionSoftwareVersion": "v1.0.20181125  GCC6.3.0",
    "EchoTime": 0.00374,
    "ImageComments": "piop",
    "ImageOrientationPatientDICOM": [
      0.999662,
      -0.00105674,
      -0.0259956,
      -0.000872369,
      0.997252,
      -0.0740858
    ],
    "Manufacturer": "Philips",
    "PatientPosition": "HFS",
    "PhilipsRescaleIntercept": 0,
    "PhilipsRescaleSlope": 9.51648,
    "PhilipsScaleSlope": 0.00727146,
    "ProtocolName": "WIPt13dSENSE",
    "ReconMatrixPE": 240,
    "RepetitionTime": 0.008175,
    "SeriesDescription": "ImageMRSERIES",
    "SeriesNumber": 4,
    "UsePhilipsFloatNotDisplayScaling": 1,
    "dataset": "unknown",
    "modality": "T1w",
    "subject_id": "0157"
  },
  "cjv": 0.3343418858035132,
  "cnr": 3.8354357244912185,
  "efc": 0.7594926097214078,
  "fber": 740.1380004882812,
  "fwhm_avg": 3.2597400703537507,
  "fwhm_x": 3.14686,
  "fwhm_y": 3.541020211061252,
  "fwhm_z": 3.09134,
  "icvs_csf": 0.1949160453783875,
  "icvs_gm": 0.43921000284419165,
  "icvs_wm": 0.3658739517774209,
  "inu_med": 1.9708142280578613,
  "inu_range": 0.29471510648727417,
  "provenance": {
    "md5sum": "59e45963bee2f298d4fcb09b2e56170d",
    "settings": {
      "testing": false
    },
    "software": "mriqc",
    "version": "0.15.0",
    "warnings": {
      "large_rot_frame": true,
      "small_air_mask": true
    },
    "webapi_port": null,
    "webapi_url": "https://mriqc.nimh.nih.gov/api/v1"
  },
  "qi_1": 0.00018150974218635466,
  "qi_2": 0.0005176833351171272,
  "rpve_csf": 29.51098168467212,
  "rpve_gm": 14.55174460419096,
  "rpve_wm": 21.48661592653593,
  "size_x": 240,
  "size_y": 240,
  "size_z": 220,
  "snr_csf": 1.890416134747293,
  "snr_gm": 6.901357601731336,
  "snr_total": 8.975334624070774,
  "snr_wm": 18.13423013573369,
  "snrd_csf": 23.821008769037885,
  "snrd_gm": 46.98587041868299,
  "snrd_total": 49.597121566524685,
  "snrd_wm": 77.98448551185315,
  "spacing_x": 1.0,
  "spacing_y": 0.9999999403953552,
  "spacing_z": 1.0,
  "summary_bg_k": 1.6570895431974746,
  "summary_bg_mad": 8.400613784790039,
  "summary_bg_mean": 11.141626358032227,
  "summary_bg_median": 11.315831184387207,
  "summary_bg_n": 41601.0,
  "summary_bg_p05": 0.0,
  "summary_bg_p95": 28.636837005615234,
  "summary_bg_stdv": 8.86648941040039,
  "summary_csf_k": 15.637671749155135,
  "summary_csf_mad": 135.32049560546875,
  "summary_csf_mean": 301.5583801269531,
  "summary_csf_median": 305.44952392578125,
  "summary_csf_n": 2666.0,
  "summary_csf_p05": 79.32837104797363,
  "summary_csf_p95": 495.7416000366211,
  "summary_csf_stdv": 161.54762268066406,
  "summary_gm_k": 0.2768291282459372,
  "summary_gm_mad": 84.12962341308594,
  "summary_gm_mean": 605.5825805664062,
  "summary_gm_median": 602.4854736328125,
  "summary_gm_n": 25568.0,
  "summary_gm_p05": 468.4490005493164,
  "summary_gm_p95": 755.1212982177734,
  "summary_gm_stdv": 87.2978515625,
  "summary_wm_k": 0.9531902703200781,
  "summary_wm_mad": 48.76652145385742,
  "summary_wm_mean": 997.0001220703125,
  "summary_wm_median": 999.9712524414062,
  "summary_wm_n": 175871.0,
  "summary_wm_p05": 900.91259765625,
  "summary_wm_p95": 1081.9290161132812,
  "summary_wm_stdv": 55.1425895690918,
  "tpm_overlap_csf": 0.16960497200489044,
  "tpm_overlap_gm": 0.4810279905796051,
  "tpm_overlap_wm": 0.49296727776527405,
  "wm2max": 0.7115737564127999
}