{
  "aor": 0.000586857142857143,
  "aqi": 0.0038776835918367344,
  "bids_meta": {
    "AcquisitionNumber": 3,
    "BidsifyVersion": "0.3.5",
    "ConversionSoftware": "dcm2niix",
    "ConversionSoftwareVersion": "v1.0.20181125  GCC6.3.0",
    "EchoTime": 0.02762,
    "ImageComments": "piop",
    "ImageOrientationPatientDICOM": [
      0.999928,
      0.00664133,
      0.0100379,
      -0.00593376,
      0.997603,
      -0.0689467
    ],
    "Manufacturer": "Philips",
    "NumberOfVolumesDiscardedByScanner": 2,
    "ParallelAcquisitionTechnique": "SENSE",
    "ParallelReductionFactorInPlane": 2,
    "PatientPosition": "HFS",
    "PhaseEncodingDirection": "j",
    "PhilipsRescaleIntercept": 0,
    "PhilipsRescaleSlope": 0.74872,
    "PhilipsScaleSlope": 0.0531171,
    "ProtocolName": "WIPpiopgstroopSENSE",
    "PulseSequenceType": "gradient echo EPI",
    "ReconMatrixPE": 80,
    "RepetitionTime": 2,
    "SeriesDescription": "ImageMRSERIES",
    "SeriesNumber": 3,
    "SliceEncodingDirection": "k",
    "TaskName": "gstroop",
    "UsePhilipsFloatNotDisplayScaling": 1,
    "acq_id": "seq",
    "dataset": "unknown",
    "modality": "bold",
    "subject_id": "0135",
    "task_id": "gstroop"
  },
  "dummy_trs": 0,
  "dvars_nstd": 19.675486568647543,
  "dvars_std": 1.1673567980327864,
  "dvars_vstd": 0.9890077021311479,
  "efc": 0.3891544850268964,
  "fber": 1306785280.0,
  "fd_mean": 0.08825046538563494,
  "fd_num": 6,
  "fd_perc": 2.4489795918367347,
  "fwhm_avg": 2.364309606338328,
  "fwhm_x": 2.30273,
  "fwhm_y": 2.6353866666666668,
  "fwhm_z": 2.154812152348318,
  "gcor": 0.0163723,
  "gsr_x": -0.00804701168090105,
  "gsr_y": 0.003423245158046484,
  "provenance": {
    "md5sum": "e3bbe9282af77dc60bbcf50ac811ebc9",
    "settings": {
      "fd_thres": 0.2,
      "hmc_fsl": false
    },
    "software": "mriqc",
    "version": "0.15.0",
    "webapi_port": null,
    "webapi_url": "https://mriqc.nimh.nih.gov/api/v1"
  },
  "size_t": 245,
  "size_x": 80,
  "size_y": 80,
  "size_z": 37,
  "snr": 4.594168348031098,
  "spacing_tr": 2.0,
  "spacing_x": 3.0,
  "spacing_y": 3.0,
  "spacing_z": 3.299999952316284,
  "spikes_num": 0,
  "summary_bg_k": 154.34379206020583,
  "summary_bg_mad": 0.9421648383140564,
  "summary_bg_mean": 182.4900360107422,
  "summary_bg_median": 0.6439923048019409,
  "summary_bg_n": 156758.0,
  "summary_bg_p05": 0.003418059810064733,
  "summary_bg_p95": 628.5481933593744,
  "summary_bg_stdv": 1112.9312744140625,
  "summary_fg_k": 2.483624148338026,
  "summary_fg_mad": 4498.9189453125,
  "summary_fg_mean": 25419.18359375,
  "summary_fg_median": 25082.146484375,
  "summary_fg_n": 39433.0,
  "summary_fg_p05": 17506.394140625,
  "summary_fg_p95": 34151.70078125001,
  "summary_fg_stdv": 5459.49267578125,
  "tsnr": 79.38020324707031
}