{
  "aor": 0.0017413469387755102,
  "aqi": 0.003984593306122448,
  "bids_meta": {
    "AcquisitionNumber": 3,
    "BidsifyVersion": "0.3.5",
    "ConversionSoftware": "dcm2niix",
    "ConversionSoftwareVersion": "v1.0.20181125  GCC6.3.0",
    "EchoTime": 0.02762,
    "ImageComments": "piop",
    "ImageOrientationPatientDICOM": [
      0.998144,
      -0.0582313,
      -0.0178361,
      0.0586014,
      0.998061,
      0.0209801
    ],
    "Manufacturer": "Philips",
    "NumberOfVolumesDiscardedByScanner": 2,
    "ParallelAcquisitionTechnique": "SENSE",
    "ParallelReductionFactorInPlane": 2,
    "PatientPosition": "HFS",
    "PhaseEncodingDirection": "j",
    "PhilipsRescaleIntercept": 0,
    "PhilipsRescaleSlope": 0.95067,
    "PhilipsScaleSlope": 0.0470967,
    "ProtocolName": "WIPpiopgstroopSENSE",
    "PulseSequenceType": "gradient echo EPI",
    "ReconMatrixPE": 80,
    "RepetitionTime": 2,
    "SeriesDescription": "ImageMRSERIES",
    "SeriesNumber": 3,
    "SliceEncodingDirection": "k",
    "TaskName": "gstroop",
    "UsePhilipsFloatNotDisplayScaling": 1,
    "acq_id": "seq",
    "dataset": "unknown",
    "modality": "bold",
    "subject_id": "0124",
    "task_id": "gstroop"
  },
  "dummy_trs": 0,
  "dvars_nstd": 22.055975319959007,
  "dvars_std": 1.3486390734836067,
  "dvars_vstd": 1.0087175657786884,
  "efc": 0.34859344546853704,
  "fber": 1179389696.0,
  "fd_mean": 0.08716473959792516,
  "fd_num": 6,
  "fd_perc": 2.4489795918367347,
  "fwhm_avg": 2.4447243541342947,
  "fwhm_x": 2.4160166666666667,
  "fwhm_y": 2.6966533333333333,
  "fwhm_z": 2.2215030624028853,
  "gcor": 0.0134316,
  "gsr_x": -0.006446102634072304,
  "gsr_y": -0.000562211440410465,
  "provenance": {
    "md5sum": "ddb3ecd78988a94bf0c8493ed1c02b47",
    "settings": {
      "fd_thres": 0.2,
      "hmc_fsl": false
    },
    "software": "mriqc",
    "version": "0.15.0",
    "webapi_port": null,
    "webapi_url": "https://mriqc.nimh.nih.gov/api/v1"
  },
  "size_t": 245,
  "size_x": 80,
  "size_y": 80,
  "size_z": 37,
  "snr": 5.175953713415642,
  "spacing_tr": 2.0,
  "spacing_x": 3.0,
  "spacing_y": 3.0,
  "spacing_z": 3.299999952316284,
  "spikes_num": 2,
  "summary_bg_k": 217.20801935305167,
  "summary_bg_mad": 1.0711408853530884,
  "summary_bg_mean": 175.61761474609375,
  "summary_bg_median": 0.7278072834014893,
  "summary_bg_n": 165565.0,
  "summary_bg_p05": 0.0018304901197552692,
  "summary_bg_p95": 380.3932312011639,
  "summary_bg_stdv": 1236.80908203125,
  "summary_fg_k": 2.6380372873825095,
  "summary_fg_mad": 4547.931640625,
  "summary_fg_mean": 26557.46484375,
  "summary_fg_median": 26572.453125,
  "summary_fg_n": 31945.0,
  "summary_fg_p05": 18823.81640625,
  "summary_fg_p95": 34025.2390625,
  "summary_fg_stdv": 5133.7470703125,
  "tsnr": 80.10404968261719
}