{
  "aor": 0.002128641975308642,
  "aqi": 0.002675221790123457,
  "bids_meta": {
    "AcquisitionNumber": 8,
    "BidsifyVersion": "0.3.5",
    "ConversionSoftware": "dcm2niix",
    "ConversionSoftwareVersion": "v1.0.20181125  GCC6.3.0",
    "EchoTime": 0.02762,
    "EffectiveEchoSpacing": 0.0006621159151938905,
    "ImageComments": "piop",
    "ImageOrientationPatientDICOM": [
      0.996592,
      -0.082164,
      -0.00728955,
      0.0824602,
      0.994617,
      0.0627515
    ],
    "Manufacturer": "Philips",
    "NumberOfVolumesDiscardedByScanner": 2,
    "ParallelAcquisitionTechnique": "SENSE",
    "ParallelReductionFactorInPlane": 2,
    "PatientPosition": "HFS",
    "PhaseEncodingDirection": "j",
    "PhilipsRescaleIntercept": 0,
    "PhilipsRescaleSlope": 0.80317,
    "PhilipsScaleSlope": 0.0535731,
    "ProtocolName": "WIPpiopwmSENSE",
    "PulseSequenceType": "gradient echo EPI",
    "ReconMatrixPE": 80,
    "RepetitionTime": 2,
    "SeriesDescription": "ImageMRSERIES",
    "SeriesNumber": 8,
    "SliceEncodingDirection": "k",
    "SliceTiming": [
      0.0,
      0.0541,
      0.1081,
      0.1622,
      0.2162,
      0.2703,
      0.3243,
      0.3784,
      0.4324,
      0.4865,
      0.5405,
      0.5946,
      0.6486,
      0.7027,
      0.7568,
      0.8108,
      0.8649,
      0.9189,
      0.973,
      1.027,
      1.0811,
      1.1351,
      1.1892,
      1.2432,
      1.2973,
      1.3514,
      1.4054,
      1.4595,
      1.5135,
      1.5676,
      1.6216,
      1.6757,
      1.7297,
      1.7838,
      1.8378,
      1.8919,
      1.9459
    ],
    "TaskName": "workingmemory",
    "TotalReadoutTime": 0.025822520692561732,
    "UsePhilipsFloatNotDisplayScaling": 1,
    "acq_id": "seq",
    "dataset": "unknown",
    "modality": "bold",
    "subject_id": "0128",
    "task_id": "workingmemory"
  },
  "dummy_trs": 0,
  "dvars_nstd": 23.417954889441,
  "dvars_std": 1.3564458225465845,
  "dvars_vstd": 1.0510978089440992,
  "efc": 0.40956769872240995,
  "fber": 475073920.0,
  "fd_mean": 0.12377229029131316,
  "fd_num": 5,
  "fd_perc": 3.0864197530864197,
  "fwhm_avg": 2.484249505849552,
  "fwhm_x": 2.41854,
  "fwhm_y": 2.77116,
  "fwhm_z": 2.2630485175486554,
  "gcor": 0.00965395,
  "gsr_x": -0.002237229375168681,
  "gsr_y": 0.003328560385853052,
  "provenance": {
    "md5sum": "ce3945b45b5b4dca1fcc0ff68daa9839",
    "settings": {
      "fd_thres": 0.2,
      "hmc_fsl": false
    },
    "software": "mriqc",
    "version": "0.15.0",
    "webapi_port": null,
    "webapi_url": "https://mriqc.nimh.nih.gov/api/v1"
  },
  "size_t": 162,
  "size_x": 80,
  "size_y": 80,
  "size_z": 37,
  "snr": 4.454519169858735,
  "spacing_tr": 2.0,
  "spacing_x": 3.0,
  "spacing_y": 3.0,
  "spacing_z": 3.299999952316284,
  "spikes_num": 16,
  "summary_bg_k": 129.43579838384147,
  "summary_bg_mad": 1.6311447620391846,
  "summary_bg_mean": 197.80224609375,
  "summary_bg_median": 1.1202641725540161,
  "summary_bg_n": 153075.0,
  "summary_bg_p05": 0.004823135770857335,
  "summary_bg_p95": 729.8427795410137,
  "summary_bg_stdv": 1112.240234375,
  "summary_fg_k": 2.0638777245793785,
  "summary_fg_mad": 4808.58740234375,
  "summary_fg_mean": 26082.11328125,
  "summary_fg_median": 25725.033203125,
  "summary_fg_n": 42836.0,
  "summary_fg_p05": 17628.29296875,
  "summary_fg_p95": 35475.3896484375,
  "summary_fg_stdv": 5774.97412109375,
  "tsnr": 89.029052734375
}