{
  "aor": 0.00043352583586626133,
  "aqi": 0.005526197902735563,
  "bids_meta": {
    "AcquisitionNumber": 2,
    "BidsifyVersion": "0.3.5",
    "ConversionSoftware": "dcm2niix",
    "ConversionSoftwareVersion": "v1.0.20181125  GCC6.3.0",
    "EchoTime": 0.02763,
    "EffectiveEchoSpacing": 0.0006333282667071997,
    "ImageComments": "piop",
    "ImageOrientationPatientDICOM": [
      0.996592,
      -0.082164,
      -0.00728955,
      0.0824602,
      0.994617,
      0.0627515
    ],
    "Manufacturer": "Philips",
    "NumberOfVolumesDiscardedByScanner": 2,
    "ParallelAcquisitionTechnique": "SENSE",
    "ParallelReductionFactorInPlane": 2,
    "PatientPosition": "HFS",
    "PhaseEncodingDirection": "j",
    "PhilipsRescaleIntercept": 0,
    "PhilipsRescaleSlope": 0.82247,
    "PhilipsScaleSlope": 0.0742505,
    "ProtocolName": "WIPpiopfacesSENSE",
    "PulseSequenceType": "gradient echo EPI",
    "ReconMatrixPE": 80,
    "RepetitionTime": 0.75,
    "SeriesDescription": "ImageMRSERIES",
    "SeriesNumber": 2,
    "SliceEncodingDirection": "k",
    "SliceTiming": [
      0.0,
      0.06755050505050506,
      0.1351010101010101,
      0.20265151515151517,
      0.2702020202020202,
      0.3377525252525253,
      0.40530303030303033,
      0.47285353535353536,
      0.5404040404040404,
      0.6079545454545455,
      0.6755050505050506,
      0.7430555555555556,
      0.0,
      0.06755050505050506,
      0.1351010101010101,
      0.20265151515151517,
      0.2702020202020202,
      0.3377525252525253,
      0.40530303030303033,
      0.47285353535353536,
      0.5404040404040404,
      0.6079545454545455,
      0.6755050505050506,
      0.7430555555555556,
      0.0,
      0.06755050505050506,
      0.1351010101010101,
      0.20265151515151517,
      0.2702020202020202,
      0.3377525252525253,
      0.40530303030303033,
      0.47285353535353536,
      0.5404040404040404,
      0.6079545454545455,
      0.6755050505050506,
      0.7430555555555556
    ],
    "TaskName": "faces",
    "TotalReadoutTime": 0.024699802401580786,
    "UsePhilipsFloatNotDisplayScaling": 1,
    "acq_id": "mb3",
    "dataset": "unknown",
    "modality": "bold",
    "subject_id": "0128",
    "task_id": "faces"
  },
  "dummy_trs": 1,
  "dvars_nstd": 24.01567313161587,
  "dvars_std": 1.1707037215548786,
  "dvars_vstd": 0.9949670763109758,
  "efc": 0.41461231232528506,
  "fber": 2715220224.0,
  "fd_mean": 0.10889808710361841,
  "fd_num": 11,
  "fd_perc": 3.3434650455927053,
  "fwhm_avg": 2.7665473437783796,
  "fwhm_x": 2.7648266666666665,
  "fwhm_y": 3.076233333333333,
  "fwhm_z": 2.4585820313351396,
  "gcor": 0.00938655,
  "gsr_x": -0.003407561220228672,
  "gsr_y": 0.0023341523483395576,
  "provenance": {
    "md5sum": "fed7c317139cd48ee0bf852b0f4241da",
    "settings": {
      "fd_thres": 0.2,
      "hmc_fsl": false
    },
    "software": "mriqc",
    "version": "0.15.0",
    "webapi_port": null,
    "webapi_url": "https://mriqc.nimh.nih.gov/api/v1"
  },
  "size_t": 329,
  "size_x": 80,
  "size_y": 80,
  "size_z": 36,
  "snr": 4.9746465353076506,
  "spacing_tr": 0.75,
  "spacing_x": 3.0,
  "spacing_y": 3.0,
  "spacing_z": 3.299999713897705,
  "spikes_num": 0,
  "summary_bg_k": 85.61675714853975,
  "summary_bg_mad": 0.5109446048736572,
  "summary_bg_mean": 145.61602783203125,
  "summary_bg_median": 0.3481064438819885,
  "summary_bg_n": 148263.0,
  "summary_bg_p05": 0.001302157680038363,
  "summary_bg_p95": 714.1330505371078,
  "summary_bg_stdv": 769.4847412109375,
  "summary_fg_k": 1.47022768999848,
  "summary_fg_mad": 3409.34521484375,
  "summary_fg_mean": 19612.2578125,
  "summary_fg_median": 19653.0234375,
  "summary_fg_n": 41968.0,
  "summary_fg_p05": 13138.928906250001,
  "summary_fg_p95": 25838.338281250002,
  "summary_fg_stdv": 3950.590087890625,
  "tsnr": 60.742408752441406
}