{
  "aor": 0.002884897119341564,
  "aqi": 0.010749830946502056,
  "bids_meta": {
    "AcquisitionNumber": 3,
    "BidsifyVersion": "0.3.5",
    "ConversionSoftware": "dcm2niix",
    "ConversionSoftwareVersion": "v1.0.20181125  GCC6.3.0",
    "EchoTime": 0.02762,
    "EffectiveEchoSpacing": 0.0006621159151938905,
    "ImageComments": "piop",
    "ImageOrientationPatientDICOM": [
      0.99345,
      0.0942064,
      -0.0646669,
      -0.105468,
      0.973752,
      -0.2017
    ],
    "Manufacturer": "Philips",
    "NumberOfVolumesDiscardedByScanner": 2,
    "ParallelAcquisitionTechnique": "SENSE",
    "ParallelReductionFactorInPlane": 2,
    "PatientPosition": "HFS",
    "PhaseEncodingDirection": "j",
    "PhilipsRescaleIntercept": 0,
    "PhilipsRescaleSlope": 0.77167,
    "PhilipsScaleSlope": 0.0574139,
    "ProtocolName": "WIPpiopgstroopSENSE",
    "PulseSequenceType": "gradient echo EPI",
    "ReconMatrixPE": 80,
    "RepetitionTime": 2,
    "SeriesDescription": "ImageMRSERIES",
    "SeriesNumber": 3,
    "SliceEncodingDirection": "k",
    "SliceTiming": [
      0.0,
      0.0541,
      0.1081,
      0.1622,
      0.2162,
      0.2703,
      0.3243,
      0.3784,
      0.4324,
      0.4865,
      0.5405,
      0.5946,
      0.6486,
      0.7027,
      0.7568,
      0.8108,
      0.8649,
      0.9189,
      0.973,
      1.027,
      1.0811,
      1.1351,
      1.1892,
      1.2432,
      1.2973,
      1.3514,
      1.4054,
      1.4595,
      1.5135,
      1.5676,
      1.6216,
      1.6757,
      1.7297,
      1.7838,
      1.8378,
      1.8919,
      1.9459
    ],
    "TaskName": "gstroop",
    "TotalReadoutTime": 0.025822520692561732,
    "UsePhilipsFloatNotDisplayScaling": 1,
    "acq_id": "seq",
    "dataset": "unknown",
    "modality": "bold",
    "subject_id": "0204",
    "task_id": "gstroop"
  },
  "dummy_trs": 2,
  "dvars_nstd": 28.809019041487616,
  "dvars_std": 1.2113340961157022,
  "dvars_vstd": 0.9547018824380176,
  "efc": 0.42410520309914984,
  "fber": 92914520.0,
  "fd_mean": 0.1647106103817724,
  "fd_num": 59,
  "fd_perc": 24.279835390946502,
  "fwhm_avg": 2.3924970814909177,
  "fwhm_x": 2.2962766666666665,
  "fwhm_y": 2.6422933333333334,
  "fwhm_z": 2.238921244472753,
  "gcor": 0.0115935,
  "gsr_x": -0.007360389921814203,
  "gsr_y": 0.010618655011057854,
  "provenance": {
    "md5sum": "16a3816c5e3b64f439ef7a3ef49bfa68",
    "settings": {
      "fd_thres": 0.2,
      "hmc_fsl": false
    },
    "software": "mriqc",
    "version": "0.15.0",
    "webapi_port": null,
    "webapi_url": "https://mriqc.nimh.nih.gov/api/v1"
  },
  "size_t": 243,
  "size_x": 80,
  "size_y": 80,
  "size_z": 37,
  "snr": 4.117162872649852,
  "spacing_tr": 2.0,
  "spacing_x": 3.0,
  "spacing_y": 3.0,
  "spacing_z": 3.299999952316284,
  "spikes_num": 2,
  "summary_bg_k": 148.27458957781556,
  "summary_bg_mad": 2.9306888580322266,
  "summary_bg_mean": 209.68836975097656,
  "summary_bg_median": 1.9868261814117432,
  "summary_bg_n": 150135.0,
  "summary_bg_p05": 0.006414735550060869,
  "summary_bg_p95": 957.5979003906248,
  "summary_bg_stdv": 1104.361083984375,
  "summary_fg_k": 2.0366920591879074,
  "summary_fg_mad": 4574.6630859375,
  "summary_fg_mean": 22707.966796875,
  "summary_fg_median": 22289.439453125,
  "summary_fg_n": 45406.0,
  "summary_fg_p05": 14703.837158203125,
  "summary_fg_p95": 31482.67626953125,
  "summary_fg_stdv": 5413.7265625,
  "tsnr": 48.550262451171875
}