{
  "aor": 0.000989,
  "aqi": 0.0057444644,
  "bids_meta": {
    "AcquisitionNumber": 9,
    "BidsifyVersion": "0.3.5",
    "ConversionSoftware": "dcm2niix",
    "ConversionSoftwareVersion": "v1.0.20181125  GCC6.3.0",
    "EchoTime": 0.02762,
    "ImageComments": "Piop",
    "ImageOrientationPatientDICOM": [
      0.999669,
      -0.0227227,
      0.0120899,
      0.0256535,
      0.91782,
      -0.396167
    ],
    "Manufacturer": "Philips",
    "NumberOfVolumesDiscardedByScanner": 2,
    "ParallelAcquisitionTechnique": "SENSE",
    "ParallelReductionFactorInPlane": 2,
    "PatientPosition": "HFS",
    "PhaseEncodingDirection": "j",
    "PhilipsRescaleIntercept": 0,
    "PhilipsRescaleSlope": 0.82247,
    "PhilipsScaleSlope": 0.0665936,
    "ProtocolName": "WIPpiopanticipatieSENSE",
    "PulseSequenceType": "gradient echo EPI",
    "ReconMatrixPE": 80,
    "RepetitionTime": 2,
    "SeriesDescription": "ImageMRSERIES",
    "SeriesNumber": 9,
    "SliceEncodingDirection": "k",
    "TaskName": "anticipation",
    "UsePhilipsFloatNotDisplayScaling": 1,
    "acq_id": "seq",
    "dataset": "unknown",
    "modality": "bold",
    "subject_id": "0210",
    "task_id": "anticipation"
  },
  "dummy_trs": 0,
  "dvars_nstd": 24.835301720301516,
  "dvars_std": 1.1514460940201006,
  "dvars_vstd": 0.9740954813567834,
  "efc": 0.3971875955261738,
  "fber": 240311792.0,
  "fd_mean": 0.17226893494002612,
  "fd_num": 54,
  "fd_perc": 27.0,
  "fwhm_avg": 2.261488596057807,
  "fwhm_x": 2.239663333333333,
  "fwhm_y": 2.42726,
  "fwhm_z": 2.1175424548400885,
  "gcor": 0.0343408,
  "gsr_x": -0.003822875674813986,
  "gsr_y": 0.006590911187231541,
  "provenance": {
    "md5sum": "34ac9f37e334af3c64a17db378982831",
    "settings": {
      "fd_thres": 0.2,
      "hmc_fsl": false
    },
    "software": "mriqc",
    "version": "0.15.0",
    "webapi_port": null,
    "webapi_url": "https://mriqc.nimh.nih.gov/api/v1"
  },
  "size_t": 200,
  "size_x": 80,
  "size_y": 80,
  "size_z": 37,
  "snr": 4.48031300753144,
  "spacing_tr": 2.0,
  "spacing_x": 3.0,
  "spacing_y": 3.0,
  "spacing_z": 3.299999952316284,
  "spikes_num": 1,
  "summary_bg_k": 76.23016533034918,
  "summary_bg_mad": 1.6737866401672363,
  "summary_bg_mean": 173.79869079589844,
  "summary_bg_median": 1.1526774168014526,
  "summary_bg_n": 154891.0,
  "summary_bg_p05": 0.009817688725888729,
  "summary_bg_p95": 595.9949645996094,
  "summary_bg_stdv": 964.3529663085938,
  "summary_fg_k": 1.7153736660701702,
  "summary_fg_mad": 3884.9970703125,
  "summary_fg_mean": 20436.8125,
  "summary_fg_median": 20103.724609375,
  "summary_fg_n": 40645.0,
  "summary_fg_p05": 14080.0197265625,
  "summary_fg_p95": 27900.684374999997,
  "summary_fg_stdv": 4487.06982421875,
  "tsnr": 57.43265151977539
}