{
  "aor": 0.00012606060606060605,
  "aqi": 0.006728876272727272,
  "bids_meta": {
    "AcquisitionNumber": 2,
    "BidsifyVersion": "0.3.5",
    "ConversionSoftware": "dcm2niix",
    "ConversionSoftwareVersion": "v1.0.20181125  GCC6.3.0",
    "EchoTime": 0.02762,
    "ImageComments": "PIOP",
    "ImageOrientationPatientDICOM": [
      0.999252,
      0.0351598,
      -0.0161066,
      -0.0380381,
      0.968723,
      -0.245211
    ],
    "Manufacturer": "Philips",
    "NumberOfVolumesDiscardedByScanner": 2,
    "ParallelAcquisitionTechnique": "SENSE",
    "ParallelReductionFactorInPlane": 2,
    "PatientPosition": "HFS",
    "PhaseEncodingDirection": "j",
    "PhilipsRescaleIntercept": 0,
    "PhilipsRescaleSlope": 0.80317,
    "PhilipsScaleSlope": 0.0950994,
    "ProtocolName": "WIPpiopfacesSENSE",
    "PulseSequenceType": "gradient echo EPI",
    "ReconMatrixPE": 80,
    "RepetitionTime": 0.75,
    "SeriesDescription": "ImageMRSERIES",
    "SeriesNumber": 2,
    "SliceEncodingDirection": "k",
    "TaskName": "faces",
    "UsePhilipsFloatNotDisplayScaling": 1,
    "acq_id": "mb3",
    "dataset": "unknown",
    "modality": "bold",
    "subject_id": "0209",
    "task_id": "faces"
  },
  "dummy_trs": 0,
  "dvars_nstd": 25.12020062382978,
  "dvars_std": 1.1215893953799394,
  "dvars_vstd": 0.9948847000911856,
  "efc": 0.39327390058584355,
  "fber": 2321742848.0,
  "fd_mean": 0.08564528882320262,
  "fd_num": 8,
  "fd_perc": 2.4242424242424243,
  "fwhm_avg": 2.4180901118143816,
  "fwhm_x": 2.399356666666667,
  "fwhm_y": 2.6117500000000002,
  "fwhm_z": 2.2431636687764787,
  "gcor": 0.00639471,
  "gsr_x": -0.0020631123334169388,
  "gsr_y": 0.0009571433765813708,
  "provenance": {
    "md5sum": "d3d1da8be462ef26bb55f412961ebe3c",
    "settings": {
      "fd_thres": 0.2,
      "hmc_fsl": false
    },
    "software": "mriqc",
    "version": "0.15.0",
    "webapi_port": null,
    "webapi_url": "https://mriqc.nimh.nih.gov/api/v1"
  },
  "size_t": 330,
  "size_x": 80,
  "size_y": 80,
  "size_z": 36,
  "snr": 5.57906200634683,
  "spacing_tr": 0.75,
  "spacing_x": 3.0,
  "spacing_y": 3.0,
  "spacing_z": 3.299999952316284,
  "spikes_num": 0,
  "summary_bg_k": 103.56380003915076,
  "summary_bg_mad": 0.4694755971431732,
  "summary_bg_mean": 121.97737884521484,
  "summary_bg_median": 0.31856024265289307,
  "summary_bg_n": 151791.0,
  "summary_bg_p05": 0.0009633973822928965,
  "summary_bg_p95": 449.93894958496094,
  "summary_bg_stdv": 720.7423706054688,
  "summary_fg_k": 2.618835841532494,
  "summary_fg_mad": 2690.94189453125,
  "summary_fg_mean": 17267.419921875,
  "summary_fg_median": 17353.185546875,
  "summary_fg_n": 38704.0,
  "summary_fg_p05": 12324.587304687499,
  "summary_fg_p95": 21922.064062499998,
  "summary_fg_stdv": 3110.37255859375,
  "tsnr": 57.1258659362793
}