{
  "aor": 0.004230545454545455,
  "aqi": 0.016085663424242422,
  "bids_meta": {
    "AcquisitionNumber": 2,
    "BidsifyVersion": "0.3.5",
    "ConversionSoftware": "dcm2niix",
    "ConversionSoftwareVersion": "v1.0.20181125  GCC6.3.0",
    "EchoTime": 0.02762,
    "ImageComments": "piop",
    "ImageOrientationPatientDICOM": [
      0.996745,
      -0.0743848,
      0.0310975,
      0.079846,
      0.964185,
      -0.252926
    ],
    "Manufacturer": "Philips",
    "NumberOfVolumesDiscardedByScanner": 2,
    "ParallelAcquisitionTechnique": "SENSE",
    "ParallelReductionFactorInPlane": 2,
    "PatientPosition": "HFS",
    "PhaseEncodingDirection": "j",
    "PhilipsRescaleIntercept": 0,
    "PhilipsRescaleSlope": 0.75995,
    "PhilipsScaleSlope": 0.103792,
    "ProtocolName": "WIPpiopfacesSENSE",
    "PulseSequenceType": "gradient echo EPI",
    "ReconMatrixPE": 80,
    "RepetitionTime": 0.75,
    "SeriesDescription": "ImageMRSERIES",
    "SeriesNumber": 2,
    "SliceEncodingDirection": "k",
    "TaskName": "faces",
    "UsePhilipsFloatNotDisplayScaling": 1,
    "acq_id": "mb3",
    "dataset": "unknown",
    "modality": "bold",
    "subject_id": "0214",
    "task_id": "faces"
  },
  "dummy_trs": 0,
  "dvars_nstd": 25.492957616595728,
  "dvars_std": 1.1177765180243162,
  "dvars_vstd": 1.0271739110638305,
  "efc": 0.4233517359998517,
  "fber": 276356864.0,
  "fd_mean": 0.08823340151628892,
  "fd_num": 11,
  "fd_perc": 3.3333333333333335,
  "fwhm_avg": 2.5491529406855427,
  "fwhm_x": 2.5107733333333333,
  "fwhm_y": 2.7713733333333335,
  "fwhm_z": 2.3653121553899616,
  "gcor": 0.00801424,
  "gsr_x": -0.004658992402255535,
  "gsr_y": 0.004342595115303993,
  "provenance": {
    "md5sum": "502c6123e60e2802b8676b5207c6bc90",
    "settings": {
      "fd_thres": 0.2,
      "hmc_fsl": false
    },
    "software": "mriqc",
    "version": "0.15.0",
    "webapi_port": null,
    "webapi_url": "https://mriqc.nimh.nih.gov/api/v1"
  },
  "size_t": 330,
  "size_x": 80,
  "size_y": 80,
  "size_z": 36,
  "snr": 5.553721992956477,
  "spacing_tr": 0.75,
  "spacing_x": 3.0,
  "spacing_y": 3.0,
  "spacing_z": 3.299999952316284,
  "spikes_num": 3,
  "summary_bg_k": 93.15276092295586,
  "summary_bg_mad": 1.3578524589538574,
  "summary_bg_mean": 160.7362823486328,
  "summary_bg_median": 0.9351561069488525,
  "summary_bg_n": 146426.0,
  "summary_bg_p05": 0.009444305673241615,
  "summary_bg_p95": 820.7262725830078,
  "summary_bg_stdv": 822.75341796875,
  "summary_fg_k": 3.1957402953758285,
  "summary_fg_mad": 2455.979736328125,
  "summary_fg_mean": 17232.25,
  "summary_fg_median": 17529.103515625,
  "summary_fg_n": 43021.0,
  "summary_fg_p05": 11622.720703125,
  "summary_fg_p95": 21618.615234375,
  "summary_fg_stdv": 3156.24365234375,
  "tsnr": 42.68773651123047
}