{
    "Manufacturer": "Philips",
    "PatientPosition": "HFS",
    "SeriesDescription": "ImageMRSERIES",
    "ProtocolName": "WIPt13dSENSE",
    "SeriesNumber": 4,
    "AcquisitionNumber": 4,
    "ImageComments": "Piop",
    "PhilipsRescaleSlope": 9.1453,
    "PhilipsRescaleIntercept": 0,
    "PhilipsScaleSlope": 0.00709183,
    "UsePhilipsFloatNotDisplayScaling": 1,
    "EchoTime": 0.00377,
    "RepetitionTime": 0.008197,
    "ReconMatrixPE": 240,
    "ImageOrientationPatientDICOM": [
        0.999437,
        0.0328974,
        0.00658437,
        -0.0333294,
        0.996022,
        0.0826347
    ],
    "ConversionSoftware": "dcm2niix",
    "ConversionSoftwareVersion": "v1.0.20181125  GCC6.3.0",
    "BidsifyVersion": "0.3.5"
}