{
    "Manufacturer": "Philips",
    "PatientPosition": "HFS",
    "SeriesDescription": "ImageMRSERIES",
    "ProtocolName": "WIPt13dSENSE",
    "SeriesNumber": 4,
    "AcquisitionNumber": 4,
    "ImageComments": "Piop",
    "PhilipsRescaleSlope": 9.05568,
    "PhilipsRescaleIntercept": 0,
    "PhilipsScaleSlope": 0.00725284,
    "UsePhilipsFloatNotDisplayScaling": 1,
    "EchoTime": 0.00375,
    "RepetitionTime": 0.008173,
    "ReconMatrixPE": 240,
    "ImageOrientationPatientDICOM": [
        0.999204,
        0.0310463,
        0.0250556,
        -0.0324487,
        0.997809,
        0.0576524
    ],
    "ConversionSoftware": "dcm2niix",
    "ConversionSoftwareVersion": "v1.0.20181125  GCC6.3.0",
    "BidsifyVersion": "0.3.5"
}