{
    "Manufacturer": "Philips",
    "PatientPosition": "HFS",
    "SeriesDescription": "ImageMRSERIES",
    "ProtocolName": "WIPt13dSENSE",
    "SeriesNumber": 4,
    "AcquisitionNumber": 4,
    "ImageComments": "piop",
    "PhilipsRescaleSlope": 9.51648,
    "PhilipsRescaleIntercept": 0,
    "PhilipsScaleSlope": 0.00727146,
    "UsePhilipsFloatNotDisplayScaling": 1,
    "EchoTime": 0.00374,
    "RepetitionTime": 0.008175,
    "ReconMatrixPE": 240,
    "ImageOrientationPatientDICOM": [
        0.999662,
        -0.00105674,
        -0.0259956,
        -0.000872369,
        0.997252,
        -0.0740858
    ],
    "ConversionSoftware": "dcm2niix",
    "ConversionSoftwareVersion": "v1.0.20181125  GCC6.3.0",
    "BidsifyVersion": "0.3.5"
}