{
  "aor": 0.0005524,
  "aqi": 0.00226668705,
  "bids_meta": {
    "AcquisitionNumber": 9,
    "BidsifyVersion": "0.3.5",
    "ConversionSoftware": "dcm2niix",
    "ConversionSoftwareVersion": "v1.0.20181125  GCC6.3.0",
    "EchoTime": 0.02762,
    "ImageComments": "piop",
    "ImageOrientationPatientDICOM": [
      0.998771,
      0.0390673,
      -0.0305025,
      -0.0436073,
      0.985142,
      -0.166113
    ],
    "Manufacturer": "Philips",
    "NumberOfVolumesDiscardedByScanner": 2,
    "ParallelAcquisitionTechnique": "SENSE",
    "ParallelReductionFactorInPlane": 2,
    "PatientPosition": "HFS",
    "PhaseEncodingDirection": "j",
    "PhilipsRescaleIntercept": 0,
    "PhilipsRescaleSlope": 0.77265,
    "PhilipsScaleSlope": 0.0481988,
    "ProtocolName": "WIPpiopanticipatieSENSE",
    "PulseSequenceType": "gradient echo EPI",
    "ReconMatrixPE": 80,
    "RepetitionTime": 2,
    "SeriesDescription": "ImageMRSERIES",
    "SeriesNumber": 9,
    "SliceEncodingDirection": "k",
    "TaskName": "anticipation",
    "UsePhilipsFloatNotDisplayScaling": 1,
    "acq_id": "seq",
    "dataset": "unknown",
    "modality": "bold",
    "subject_id": "0170",
    "task_id": "anticipation"
  },
  "dummy_trs": 0,
  "dvars_nstd": 15.694995223316589,
  "dvars_std": 1.1256397208542712,
  "dvars_vstd": 2.5781039234673346,
  "efc": 0.3919343273004259,
  "fber": 1785129088.0,
  "fd_mean": 0.07154533258680122,
  "fd_num": 0,
  "fd_perc": 0.0,
  "fwhm_avg": 2.41175566710567,
  "fwhm_x": 2.3758833333333333,
  "fwhm_y": 2.671086666666667,
  "fwhm_z": 2.18829700131701,
  "gcor": 0.015376,
  "gsr_x": -0.0025978917255997658,
  "gsr_y": 0.005093553569167852,
  "provenance": {
    "md5sum": "9f782a7cc56910aaf983ba188b7296c9",
    "settings": {
      "fd_thres": 0.2,
      "hmc_fsl": false
    },
    "software": "mriqc",
    "version": "0.15.0",
    "webapi_port": null,
    "webapi_url": "https://mriqc.nimh.nih.gov/api/v1"
  },
  "size_t": 200,
  "size_x": 80,
  "size_y": 80,
  "size_z": 37,
  "snr": 4.800538273350779,
  "spacing_tr": 2.0,
  "spacing_x": 3.0,
  "spacing_y": 3.0,
  "spacing_z": 3.299999952316284,
  "spikes_num": 0,
  "summary_bg_k": 97.37488201425128,
  "summary_bg_mad": 0.8502163887023926,
  "summary_bg_mean": 181.56527709960938,
  "summary_bg_median": 0.5759409070014954,
  "summary_bg_n": 155353.0,
  "summary_bg_p05": 0.0003285385901108384,
  "summary_bg_p95": 717.554870605467,
  "summary_bg_stdv": 1039.5157470703125,
  "summary_fg_k": 2.3321513711353603,
  "summary_fg_mad": 4700.2412109375,
  "summary_fg_mean": 26710.494140625,
  "summary_fg_median": 26644.078125,
  "summary_fg_n": 40218.0,
  "summary_fg_p05": 18354.50166015625,
  "summary_fg_p95": 35352.45625,
  "summary_fg_stdv": 5550.158203125,
  "tsnr": 94.31349182128906
}