{
  "aor": 0.00022448979591836737,
  "aqi": 0.002266299183673469,
  "bids_meta": {
    "AcquisitionNumber": 3,
    "BidsifyVersion": "0.3.5",
    "ConversionSoftware": "dcm2niix",
    "ConversionSoftwareVersion": "v1.0.20181125  GCC6.3.0",
    "EchoTime": 0.02762,
    "ImageComments": "piop",
    "ImageOrientationPatientDICOM": [
      0.998771,
      0.0390673,
      -0.0305025,
      -0.0436073,
      0.985142,
      -0.166113
    ],
    "Manufacturer": "Philips",
    "NumberOfVolumesDiscardedByScanner": 2,
    "ParallelAcquisitionTechnique": "SENSE",
    "ParallelReductionFactorInPlane": 2,
    "PatientPosition": "HFS",
    "PhaseEncodingDirection": "j",
    "PhilipsRescaleIntercept": 0,
    "PhilipsRescaleSlope": 0.82711,
    "PhilipsScaleSlope": 0.0459592,
    "ProtocolName": "WIPpiopgstroopSENSE",
    "PulseSequenceType": "gradient echo EPI",
    "ReconMatrixPE": 80,
    "RepetitionTime": 2,
    "SeriesDescription": "ImageMRSERIES",
    "SeriesNumber": 3,
    "SliceEncodingDirection": "k",
    "TaskName": "gstroop",
    "UsePhilipsFloatNotDisplayScaling": 1,
    "acq_id": "seq",
    "dataset": "unknown",
    "modality": "bold",
    "subject_id": "0170",
    "task_id": "gstroop"
  },
  "dummy_trs": 0,
  "dvars_nstd": 14.61633294131147,
  "dvars_std": 1.081888003852459,
  "dvars_vstd": 0.974979733442623,
  "efc": 0.3920300469265989,
  "fber": 1706953984.0,
  "fd_mean": 0.06219328831638072,
  "fd_num": 0,
  "fd_perc": 0.0,
  "fwhm_avg": 2.4089823337686433,
  "fwhm_x": 2.364743333333333,
  "fwhm_y": 2.6746733333333332,
  "fwhm_z": 2.187530334639265,
  "gcor": 0.0138029,
  "gsr_x": -0.0027998865116387606,
  "gsr_y": 0.005274960305541754,
  "provenance": {
    "md5sum": "cb6a4bb9ded8279c31d22e40a578b2b1",
    "settings": {
      "fd_thres": 0.2,
      "hmc_fsl": false
    },
    "software": "mriqc",
    "version": "0.15.0",
    "webapi_port": null,
    "webapi_url": "https://mriqc.nimh.nih.gov/api/v1"
  },
  "size_t": 245,
  "size_x": 80,
  "size_y": 80,
  "size_z": 37,
  "snr": 4.804716937495224,
  "spacing_tr": 2.0,
  "spacing_x": 3.0,
  "spacing_y": 3.0,
  "spacing_z": 3.299999952316284,
  "spikes_num": 1,
  "summary_bg_k": 103.4392885693961,
  "summary_bg_mad": 0.8572141528129578,
  "summary_bg_mean": 179.84814453125,
  "summary_bg_median": 0.5813900828361511,
  "summary_bg_n": 155246.0,
  "summary_bg_p05": 0.0022879494354128838,
  "summary_bg_p95": 712.7168273925781,
  "summary_bg_stdv": 1040.0341796875,
  "summary_fg_k": 2.2537738778286913,
  "summary_fg_mad": 4943.998046875,
  "summary_fg_mean": 27631.14453125,
  "summary_fg_median": 27514.396484375,
  "summary_fg_n": 40211.0,
  "summary_fg_p05": 19130.119140625,
  "summary_fg_p95": 36652.646484375,
  "summary_fg_stdv": 5726.46728515625,
  "tsnr": 92.37620544433594
}