{
  "aor": 0.00014984848484848485,
  "aqi": 0.004226353181818182,
  "bids_meta": {
    "AcquisitionNumber": 2,
    "BidsifyVersion": "0.3.5",
    "ConversionSoftware": "dcm2niix",
    "ConversionSoftwareVersion": "v1.0.20181125  GCC6.3.0",
    "EchoTime": 0.02762,
    "ImageComments": "piop",
    "ImageOrientationPatientDICOM": [
      0.998771,
      0.0390673,
      -0.0305025,
      -0.0436073,
      0.985142,
      -0.166113
    ],
    "Manufacturer": "Philips",
    "NumberOfVolumesDiscardedByScanner": 2,
    "ParallelAcquisitionTechnique": "SENSE",
    "ParallelReductionFactorInPlane": 2,
    "PatientPosition": "HFS",
    "PhaseEncodingDirection": "j",
    "PhilipsRescaleIntercept": 0,
    "PhilipsRescaleSlope": 0.77485,
    "PhilipsScaleSlope": 0.0949629,
    "ProtocolName": "WIPpiopfacesSENSE",
    "PulseSequenceType": "gradient echo EPI",
    "ReconMatrixPE": 80,
    "RepetitionTime": 0.75,
    "SeriesDescription": "ImageMRSERIES",
    "SeriesNumber": 2,
    "SliceEncodingDirection": "k",
    "TaskName": "faces",
    "UsePhilipsFloatNotDisplayScaling": 1,
    "acq_id": "mb3",
    "dataset": "unknown",
    "modality": "bold",
    "subject_id": "0170",
    "task_id": "faces"
  },
  "dummy_trs": 0,
  "dvars_nstd": 22.259104094164144,
  "dvars_std": 1.0970180566261396,
  "dvars_vstd": 1.0975169090273553,
  "efc": 0.39469606866746276,
  "fber": 14307697664.0,
  "fd_mean": 0.06742734491479,
  "fd_num": 0,
  "fd_perc": 0.0,
  "fwhm_avg": 2.5554860717896655,
  "fwhm_x": 2.49141,
  "fwhm_y": 2.85313,
  "fwhm_z": 2.3219182153689966,
  "gcor": 0.0190581,
  "gsr_x": -0.0039847553707659245,
  "gsr_y": 0.004314079415053129,
  "provenance": {
    "md5sum": "4f43ab29329d13acd8395fa5d652ba3f",
    "settings": {
      "fd_thres": 0.2,
      "hmc_fsl": false
    },
    "software": "mriqc",
    "version": "0.15.0",
    "webapi_port": null,
    "webapi_url": "https://mriqc.nimh.nih.gov/api/v1"
  },
  "size_t": 330,
  "size_x": 80,
  "size_y": 80,
  "size_z": 36,
  "snr": 5.014598068745877,
  "spacing_tr": 0.75,
  "spacing_x": 3.0,
  "spacing_y": 3.0,
  "spacing_z": 3.299999952316284,
  "spikes_num": 0,
  "summary_bg_k": 103.06413346161868,
  "summary_bg_mad": 0.21038472652435303,
  "summary_bg_mean": 120.21988677978516,
  "summary_bg_median": 0.14281412959098816,
  "summary_bg_n": 150332.0,
  "summary_bg_p05": 0.00037784722953801983,
  "summary_bg_p95": 496.71249999999975,
  "summary_bg_stdv": 705.1194458007812,
  "summary_fg_k": 2.1407157037965243,
  "summary_fg_mad": 3245.91162109375,
  "summary_fg_mean": 18511.119140625,
  "summary_fg_median": 18722.541015625,
  "summary_fg_n": 39544.0,
  "summary_fg_p05": 12322.829296875,
  "summary_fg_p95": 23963.610449218748,
  "summary_fg_stdv": 3733.560302734375,
  "tsnr": 64.25892639160156
}