{
  "aor": 0.00017119266055045873,
  "aqi": 0.007153280214067279,
  "bids_meta": {
    "AcquisitionNumber": 2,
    "BidsifyVersion": "0.3.5",
    "ConversionSoftware": "dcm2niix",
    "ConversionSoftwareVersion": "v1.0.20181125  GCC6.3.0",
    "EchoTime": 0.02762,
    "ImageComments": "piop",
    "ImageOrientationPatientDICOM": [
      0.997215,
      0.0618068,
      0.0417337,
      -0.0482486,
      0.961393,
      -0.270917
    ],
    "Manufacturer": "Philips",
    "NumberOfVolumesDiscardedByScanner": 2,
    "ParallelAcquisitionTechnique": "SENSE",
    "ParallelReductionFactorInPlane": 2,
    "PatientPosition": "HFS",
    "PhaseEncodingDirection": "j",
    "PhilipsRescaleIntercept": 0,
    "PhilipsRescaleSlope": 0.83639,
    "PhilipsScaleSlope": 0.0876456,
    "ProtocolName": "WIPpiopfacesSENSE",
    "PulseSequenceType": "gradient echo EPI",
    "ReconMatrixPE": 80,
    "RepetitionTime": 0.75,
    "SeriesDescription": "ImageMRSERIES",
    "SeriesNumber": 2,
    "SliceEncodingDirection": "k",
    "TaskName": "faces",
    "UsePhilipsFloatNotDisplayScaling": 1,
    "acq_id": "mb3",
    "dataset": "unknown",
    "modality": "bold",
    "subject_id": "0103",
    "task_id": "faces"
  },
  "dummy_trs": 3,
  "dvars_nstd": 31.812618630122735,
  "dvars_std": 1.1503861848772996,
  "dvars_vstd": 0.9964823504601233,
  "efc": 0.3908446603750592,
  "fber": 3854155008.0,
  "fd_mean": 0.13147333650224005,
  "fd_num": 34,
  "fd_perc": 10.397553516819572,
  "fwhm_avg": 2.4483348594767698,
  "fwhm_x": 2.43039,
  "fwhm_y": 2.632493333333333,
  "fwhm_z": 2.282121245096976,
  "gcor": 0.0101123,
  "gsr_x": -0.011315223760902882,
  "gsr_y": 0.0023460625670850277,
  "provenance": {
    "md5sum": "3b3a39c2ccb4628bd94a2b28bd658d1c",
    "settings": {
      "fd_thres": 0.2,
      "hmc_fsl": false
    },
    "software": "mriqc",
    "version": "0.15.0",
    "webapi_port": null,
    "webapi_url": "https://mriqc.nimh.nih.gov/api/v1"
  },
  "size_t": 327,
  "size_x": 80,
  "size_y": 80,
  "size_z": 36,
  "snr": 5.175989923608498,
  "spacing_tr": 0.75,
  "spacing_x": 3.0,
  "spacing_y": 3.0,
  "spacing_z": 3.299999952316284,
  "spikes_num": 0,
  "summary_bg_k": 102.99269768962844,
  "summary_bg_mad": 0.37965911626815796,
  "summary_bg_mean": 135.6260986328125,
  "summary_bg_median": 0.2579547166824341,
  "summary_bg_n": 152575.0,
  "summary_bg_p05": 0.000989457848481834,
  "summary_bg_p95": 539.1102233886706,
  "summary_bg_stdv": 809.2149658203125,
  "summary_fg_k": 2.126875929204137,
  "summary_fg_mad": 2948.00390625,
  "summary_fg_mean": 17708.40234375,
  "summary_fg_median": 17840.201171875,
  "summary_fg_n": 37839.0,
  "summary_fg_p05": 11962.028417968751,
  "summary_fg_p95": 22856.4806640625,
  "summary_fg_stdv": 3446.677001953125,
  "tsnr": 50.384220123291016
}