{
  "aor": 0.001043914373088685,
  "aqi": 0.013396895412844036,
  "bids_meta": {
    "AcquisitionNumber": 2,
    "BidsifyVersion": "0.3.5",
    "ConversionSoftware": "dcm2niix",
    "ConversionSoftwareVersion": "v1.0.20181125  GCC6.3.0",
    "EchoTime": 0.02762,
    "EffectiveEchoSpacing": 0.0006333282667071997,
    "ImageComments": "PIOP",
    "ImageOrientationPatientDICOM": [
      0.997254,
      0.0617491,
      -0.0408909,
      -0.0634409,
      0.997124,
      -0.0414557
    ],
    "Manufacturer": "Philips",
    "NumberOfVolumesDiscardedByScanner": 2,
    "ParallelAcquisitionTechnique": "SENSE",
    "ParallelReductionFactorInPlane": 2,
    "PatientPosition": "HFS",
    "PhaseEncodingDirection": "j",
    "PhilipsRescaleIntercept": 0,
    "PhilipsRescaleSlope": 0.79219,
    "PhilipsScaleSlope": 0.0794645,
    "ProtocolName": "WIPpiopfacesSENSE",
    "PulseSequenceType": "gradient echo EPI",
    "ReconMatrixPE": 80,
    "RepetitionTime": 0.75,
    "SeriesDescription": "ImageMRSERIES",
    "SeriesNumber": 2,
    "SliceEncodingDirection": "k",
    "SliceTiming": [
      0.0,
      0.06755050505050506,
      0.1351010101010101,
      0.20265151515151517,
      0.2702020202020202,
      0.3377525252525253,
      0.40530303030303033,
      0.47285353535353536,
      0.5404040404040404,
      0.6079545454545455,
      0.6755050505050506,
      0.7430555555555556,
      0.0,
      0.06755050505050506,
      0.1351010101010101,
      0.20265151515151517,
      0.2702020202020202,
      0.3377525252525253,
      0.40530303030303033,
      0.47285353535353536,
      0.5404040404040404,
      0.6079545454545455,
      0.6755050505050506,
      0.7430555555555556,
      0.0,
      0.06755050505050506,
      0.1351010101010101,
      0.20265151515151517,
      0.2702020202020202,
      0.3377525252525253,
      0.40530303030303033,
      0.47285353535353536,
      0.5404040404040404,
      0.6079545454545455,
      0.6755050505050506,
      0.7430555555555556
    ],
    "TaskName": "faces",
    "TotalReadoutTime": 0.024699802401580786,
    "UsePhilipsFloatNotDisplayScaling": 1,
    "acq_id": "mb3",
    "dataset": "unknown",
    "modality": "bold",
    "subject_id": "0088",
    "task_id": "faces"
  },
  "dummy_trs": 3,
  "dvars_nstd": 23.754864177791408,
  "dvars_std": 1.0743855588036804,
  "dvars_vstd": 0.9809178836196312,
  "efc": 0.455681107552114,
  "fber": 451527424.0,
  "fd_mean": 0.13100108108882874,
  "fd_num": 37,
  "fd_perc": 11.314984709480122,
  "fwhm_avg": 2.6639061295293094,
  "fwhm_x": 2.5935866666666665,
  "fwhm_y": 3.01318,
  "fwhm_z": 2.3849517219212606,
  "gcor": 0.017036,
  "gsr_x": -0.0054229130037128925,
  "gsr_y": 0.0062572890892624855,
  "provenance": {
    "md5sum": "f8fec4e10e1dadc5a823b0c3eb220beb",
    "settings": {
      "fd_thres": 0.2,
      "hmc_fsl": false
    },
    "software": "mriqc",
    "version": "0.15.0",
    "webapi_port": null,
    "webapi_url": "https://mriqc.nimh.nih.gov/api/v1"
  },
  "size_t": 327,
  "size_x": 80,
  "size_y": 80,
  "size_z": 36,
  "snr": 5.5480940681878845,
  "spacing_tr": 0.75,
  "spacing_x": 3.0,
  "spacing_y": 3.0,
  "spacing_z": 3.299999713897705,
  "spikes_num": 0,
  "summary_bg_k": 48.732263299825604,
  "summary_bg_mad": 1.1783421039581299,
  "summary_bg_mean": 221.9410858154297,
  "summary_bg_median": 0.8034619092941284,
  "summary_bg_n": 140514.0,
  "summary_bg_p05": 0.004718175856396556,
  "summary_bg_p95": 1312.4569335937501,
  "summary_bg_stdv": 1013.62060546875,
  "summary_fg_k": 2.148422068040861,
  "summary_fg_mad": 2927.22314453125,
  "summary_fg_mean": 19009.2734375,
  "summary_fg_median": 19168.451171875,
  "summary_fg_n": 48754.0,
  "summary_fg_p05": 13258.1076171875,
  "summary_fg_p95": 24185.781249999996,
  "summary_fg_stdv": 3454.926025390625,
  "tsnr": 46.40901565551758
}