{
  "bids_meta": {
    "AcquisitionNumber": 4,
    "BidsifyVersion": "0.3.5",
    "ConversionSoftware": "dcm2niix",
    "ConversionSoftwareVersion": "v1.0.20181125  GCC6.3.0",
    "EchoTime": 0.0038,
    "ImageComments": "piop",
    "ImageOrientationPatientDICOM": [
      0.999073,
      0.0430409,
      0.000633738,
      -0.042747,
      0.990304,
      0.132177
    ],
    "Manufacturer": "Philips",
    "PatientPosition": "HFS",
    "PhilipsRescaleIntercept": 0,
    "PhilipsRescaleSlope": 8.38217,
    "PhilipsScaleSlope": 0.00755009,
    "ProtocolName": "WIPt13dSENSE",
    "ReconMatrixPE": 240,
    "RepetitionTime": 0.008259,
    "SeriesDescription": "ImageMRSERIES",
    "SeriesNumber": 4,
    "UsePhilipsFloatNotDisplayScaling": 1,
    "dataset": "unknown",
    "modality": "T1w",
    "subject_id": "0142"
  },
  "cjv": 0.32327686866484606,
  "cnr": 3.8727207793992244,
  "efc": 0.750464095807608,
  "fber": 687.5714721679688,
  "fwhm_avg": 3.524186666666667,
  "fwhm_x": 3.5057,
  "fwhm_y": 3.7219,
  "fwhm_z": 3.34496,
  "icvs_csf": 0.21549761259996913,
  "icvs_gm": 0.4230170994303928,
  "icvs_wm": 0.3614852879696381,
  "inu_med": 1.4885528087615967,
  "inu_range": 0.38818705081939653,
  "provenance": {
    "md5sum": "63152ec1f93ca68b555c95dd6754540f",
    "settings": {
      "testing": false
    },
    "software": "mriqc",
    "version": "0.15.0",
    "warnings": {
      "large_rot_frame": true,
      "small_air_mask": true
    },
    "webapi_port": null,
    "webapi_url": "https://mriqc.nimh.nih.gov/api/v1"
  },
  "qi_1": 0.0,
  "qi_2": 0.0003129908743923205,
  "rpve_csf": 28.368759031791907,
  "rpve_gm": 15.234098919466549,
  "rpve_wm": 22.74359918288977,
  "size_x": 240,
  "size_y": 240,
  "size_z": 220,
  "snr_csf": 3.085394727783754,
  "snr_gm": 7.096264352444736,
  "snr_total": 9.960834121049134,
  "snr_wm": 19.700843282918914,
  "snrd_csf": 24.800818759475188,
  "snrd_gm": 43.39052069925305,
  "snrd_total": 46.429222402081216,
  "snrd_wm": 71.0963277475154,
  "spacing_x": 1.0,
  "spacing_y": 1.0,
  "spacing_z": 1.0,
  "summary_bg_k": 42.171836983721,
  "summary_bg_mad": 9.214578628540039,
  "summary_bg_mean": 12.9469633102417,
  "summary_bg_median": 12.41396713256836,
  "summary_bg_n": 91197.0,
  "summary_bg_p05": 0.0,
  "summary_bg_p95": 31.396432113647457,
  "summary_bg_stdv": 12.364167213439941,
  "summary_csf_k": 8.635642500180358,
  "summary_csf_mad": 96.49729919433594,
  "summary_csf_mean": 338.19232177734375,
  "summary_csf_median": 348.8267517089844,
  "summary_csf_n": 2844.0,
  "summary_csf_p05": 139.61082153320314,
  "summary_csf_p95": 486.50897216796875,
  "summary_csf_stdv": 113.03753662109375,
  "summary_gm_k": 0.20766373095320345,
  "summary_gm_mad": 81.49552917480469,
  "summary_gm_mean": 614.5419311523438,
  "summary_gm_median": 610.2933349609375,
  "summary_gm_n": 13087.0,
  "summary_gm_p05": 477.3408935546875,
  "summary_gm_p95": 764.292755126953,
  "summary_gm_stdv": 85.99877166748047,
  "summary_wm_k": 1.361712221644484,
  "summary_wm_mad": 44.480873107910156,
  "summary_wm_mean": 997.98681640625,
  "summary_wm_median": 999.9791259765625,
  "summary_wm_n": 176537.0,
  "summary_wm_p05": 911.9076416015625,
  "summary_wm_p95": 1076.4472900390626,
  "summary_wm_stdv": 50.7580451965332,
  "tpm_overlap_csf": 0.18210004270076752,
  "tpm_overlap_gm": 0.4992501735687256,
  "tpm_overlap_wm": 0.5520100593566895,
  "wm2max": 0.6638235578230774
}