{
    "Manufacturer": "Philips",
    "PatientPosition": "HFS",
    "SeriesDescription": "ImageMRSERIES",
    "ProtocolName": "WIPt13dSENSE",
    "SeriesNumber": 4,
    "AcquisitionNumber": 4,
    "ImageComments": "Piop",
    "PhilipsRescaleSlope": 9.84469,
    "PhilipsRescaleIntercept": 0,
    "PhilipsScaleSlope": 0.00732454,
    "UsePhilipsFloatNotDisplayScaling": 1,
    "EchoTime": 0.00376,
    "RepetitionTime": 0.008181,
    "ReconMatrixPE": 240,
    "ImageOrientationPatientDICOM": [
        0.998324,
        -0.051761,
        0.0258948,
        0.0530188,
        0.997315,
        -0.0505109
    ],
    "ConversionSoftware": "dcm2niix",
    "ConversionSoftwareVersion": "v1.0.20181125  GCC6.3.0",
    "BidsifyVersion": "0.3.5"
}