{
  "aor": 0.0006076543209876543,
  "aqi": 0.004534665617283951,
  "bids_meta": {
    "AcquisitionNumber": 8,
    "BidsifyVersion": "0.3.5",
    "ConversionSoftware": "dcm2niix",
    "ConversionSoftwareVersion": "v1.0.20181125  GCC6.3.0",
    "EchoTime": 0.02762,
    "ImageComments": "Piop",
    "ImageOrientationPatientDICOM": [
      0.999367,
      -0.0152535,
      0.0321539,
      0.0265184,
      0.921715,
      -0.38696
    ],
    "Manufacturer": "Philips",
    "NumberOfVolumesDiscardedByScanner": 2,
    "ParallelAcquisitionTechnique": "SENSE",
    "ParallelReductionFactorInPlane": 2,
    "PatientPosition": "HFS",
    "PhaseEncodingDirection": "j",
    "PhilipsRescaleIntercept": 0,
    "PhilipsRescaleSlope": 0.78974,
    "PhilipsScaleSlope": 0.0528216,
    "ProtocolName": "WIPpiopwmSENSE",
    "PulseSequenceType": "gradient echo EPI",
    "ReconMatrixPE": 80,
    "RepetitionTime": 2,
    "SeriesDescription": "ImageMRSERIES",
    "SeriesNumber": 8,
    "SliceEncodingDirection": "k",
    "TaskName": "workingmemory",
    "UsePhilipsFloatNotDisplayScaling": 1,
    "acq_id": "seq",
    "dataset": "unknown",
    "modality": "bold",
    "subject_id": "0132",
    "task_id": "workingmemory"
  },
  "dummy_trs": 0,
  "dvars_nstd": 25.67453573937889,
  "dvars_std": 1.2932420654658385,
  "dvars_vstd": 0.9975939876397508,
  "efc": 0.37476714816195017,
  "fber": 863798528.0,
  "fd_mean": 0.1279958213517407,
  "fd_num": 21,
  "fd_perc": 12.962962962962964,
  "fwhm_avg": 2.362127081279953,
  "fwhm_x": 2.33898,
  "fwhm_y": 2.55228,
  "fwhm_z": 2.1951212438398597,
  "gcor": 0.0360223,
  "gsr_x": -0.007393829524517059,
  "gsr_y": 0.005707543808966875,
  "provenance": {
    "md5sum": "564b2a1e9a8d16e0278605dafe26fc59",
    "settings": {
      "fd_thres": 0.2,
      "hmc_fsl": false
    },
    "software": "mriqc",
    "version": "0.15.0",
    "webapi_port": null,
    "webapi_url": "https://mriqc.nimh.nih.gov/api/v1"
  },
  "size_t": 162,
  "size_x": 80,
  "size_y": 80,
  "size_z": 37,
  "snr": 4.628315790800599,
  "spacing_tr": 2.0,
  "spacing_x": 3.0,
  "spacing_y": 3.0,
  "spacing_z": 3.299999952316284,
  "spikes_num": 0,
  "summary_bg_k": 230.14114956869622,
  "summary_bg_mad": 1.1377718448638916,
  "summary_bg_mean": 142.93368530273438,
  "summary_bg_median": 0.775765061378479,
  "summary_bg_n": 159319.0,
  "summary_bg_p05": 0.0030680354218930008,
  "summary_bg_p95": 448.25962524414325,
  "summary_bg_stdv": 886.806396484375,
  "summary_fg_k": 1.9594988896034238,
  "summary_fg_mad": 4725.927734375,
  "summary_fg_mean": 25178.603515625,
  "summary_fg_median": 24963.6328125,
  "summary_fg_n": 37037.0,
  "summary_fg_p05": 17183.255859375,
  "summary_fg_p95": 33618.823437499996,
  "summary_fg_stdv": 5393.6025390625,
  "tsnr": 69.97586822509766
}