{
  "aor": 0.0008674814814814817,
  "aqi": 0.0033361642222222224,
  "bids_meta": {
    "AcquisitionNumber": 5,
    "BidsifyVersion": "0.3.5",
    "ConversionSoftware": "dcm2niix",
    "ConversionSoftwareVersion": "v1.0.20181125  GCC6.3.0",
    "EchoTime": 0.02762,
    "ImageComments": "Piop",
    "ImageOrientationPatientDICOM": [
      0.999367,
      -0.0152535,
      0.0321539,
      0.0265184,
      0.921715,
      -0.38696
    ],
    "Manufacturer": "Philips",
    "NumberOfVolumesDiscardedByScanner": 2,
    "ParallelAcquisitionTechnique": "SENSE",
    "ParallelReductionFactorInPlane": 2,
    "PatientPosition": "HFS",
    "PhaseEncodingDirection": "j",
    "PhilipsRescaleIntercept": 0,
    "PhilipsRescaleSlope": 0.75385,
    "PhilipsScaleSlope": 0.0541309,
    "ProtocolName": "WIPpiopharririSENSE",
    "PulseSequenceType": "gradient echo EPI",
    "ReconMatrixPE": 80,
    "RepetitionTime": 2,
    "SeriesDescription": "ImageMRSERIES",
    "SeriesNumber": 5,
    "SliceEncodingDirection": "k",
    "TaskName": "emomatching",
    "UsePhilipsFloatNotDisplayScaling": 1,
    "acq_id": "seq",
    "dataset": "unknown",
    "modality": "bold",
    "subject_id": "0132",
    "task_id": "emomatching"
  },
  "dummy_trs": 0,
  "dvars_nstd": 25.403913256194024,
  "dvars_std": 1.3073469347761197,
  "dvars_vstd": 1.0088564172388057,
  "efc": 0.3754596458047544,
  "fber": 2753396992.0,
  "fd_mean": 0.133096029857189,
  "fd_num": 19,
  "fd_perc": 14.074074074074074,
  "fwhm_avg": 2.3706369802674585,
  "fwhm_x": 2.3511866666666665,
  "fwhm_y": 2.5661,
  "fwhm_z": 2.194624274135709,
  "gcor": 0.0320285,
  "gsr_x": -0.007046617101877928,
  "gsr_y": 0.005788345821201801,
  "provenance": {
    "md5sum": "45162b9fb481bdc1013fd01daaadaf84",
    "settings": {
      "fd_thres": 0.2,
      "hmc_fsl": false
    },
    "software": "mriqc",
    "version": "0.15.0",
    "webapi_port": null,
    "webapi_url": "https://mriqc.nimh.nih.gov/api/v1"
  },
  "size_t": 135,
  "size_x": 80,
  "size_y": 80,
  "size_z": 37,
  "snr": 4.5441266592154035,
  "spacing_tr": 2.0,
  "spacing_x": 3.0,
  "spacing_y": 3.0,
  "spacing_z": 3.299999952316284,
  "spikes_num": 1,
  "summary_bg_k": 241.219836485142,
  "summary_bg_mad": 0.6579040288925171,
  "summary_bg_mean": 140.9139404296875,
  "summary_bg_median": 0.44740378856658936,
  "summary_bg_n": 158960.0,
  "summary_bg_p05": 0.001457953336648643,
  "summary_bg_p95": 447.68289794921145,
  "summary_bg_stdv": 896.2445678710938,
  "summary_fg_k": 2.0565444891998714,
  "summary_fg_mad": 4827.28076171875,
  "summary_fg_mean": 25407.203125,
  "summary_fg_median": 25232.8671875,
  "summary_fg_n": 37441.0,
  "summary_fg_p05": 17175.990234375,
  "summary_fg_p95": 34084.734375,
  "summary_fg_stdv": 5552.77880859375,
  "tsnr": 80.56266021728516
}