{
  "aor": 0.0006618787878787879,
  "aqi": 0.007136695363636363,
  "bids_meta": {
    "AcquisitionNumber": 2,
    "BidsifyVersion": "0.3.5",
    "ConversionSoftware": "dcm2niix",
    "ConversionSoftwareVersion": "v1.0.20181125  GCC6.3.0",
    "EchoTime": 0.02762,
    "ImageComments": "Piop",
    "ImageOrientationPatientDICOM": [
      0.999367,
      -0.0152535,
      0.0321539,
      0.0265184,
      0.921715,
      -0.38696
    ],
    "Manufacturer": "Philips",
    "NumberOfVolumesDiscardedByScanner": 2,
    "ParallelAcquisitionTechnique": "SENSE",
    "ParallelReductionFactorInPlane": 2,
    "PatientPosition": "HFS",
    "PhaseEncodingDirection": "j",
    "PhilipsRescaleIntercept": 0,
    "PhilipsRescaleSlope": 0.77167,
    "PhilipsScaleSlope": 0.0944341,
    "ProtocolName": "WIPpiopfacesSENSE",
    "PulseSequenceType": "gradient echo EPI",
    "ReconMatrixPE": 80,
    "RepetitionTime": 0.75,
    "SeriesDescription": "ImageMRSERIES",
    "SeriesNumber": 2,
    "SliceEncodingDirection": "k",
    "TaskName": "faces",
    "UsePhilipsFloatNotDisplayScaling": 1,
    "acq_id": "mb3",
    "dataset": "unknown",
    "modality": "bold",
    "subject_id": "0132",
    "task_id": "faces"
  },
  "dummy_trs": 0,
  "dvars_nstd": 30.11265176094226,
  "dvars_std": 1.2496896700303952,
  "dvars_vstd": 1.0092484245896658,
  "efc": 0.3806589710568821,
  "fber": 2685759232.0,
  "fd_mean": 0.09513834165759136,
  "fd_num": 5,
  "fd_perc": 1.5151515151515151,
  "fwhm_avg": 2.506305566701022,
  "fwhm_x": 2.4741233333333335,
  "fwhm_y": 2.730793333333333,
  "fwhm_z": 2.3140000334364,
  "gcor": 0.0295691,
  "gsr_x": -0.00813334435224533,
  "gsr_y": 0.0053240638226270676,
  "provenance": {
    "md5sum": "5e7a7f62726c3fcf1ea869a478a4cd1f",
    "settings": {
      "fd_thres": 0.2,
      "hmc_fsl": false
    },
    "software": "mriqc",
    "version": "0.15.0",
    "webapi_port": null,
    "webapi_url": "https://mriqc.nimh.nih.gov/api/v1"
  },
  "size_t": 330,
  "size_x": 80,
  "size_y": 80,
  "size_z": 36,
  "snr": 5.204064361886092,
  "spacing_tr": 0.75,
  "spacing_x": 3.0,
  "spacing_y": 3.0,
  "spacing_z": 3.299999952316284,
  "spikes_num": 0,
  "summary_bg_k": 158.25509467729407,
  "summary_bg_mad": 0.436365008354187,
  "summary_bg_mean": 100.34762573242188,
  "summary_bg_median": 0.29615217447280884,
  "summary_bg_n": 153990.0,
  "summary_bg_p05": 0.0007361512427451094,
  "summary_bg_p95": 346.2481140136691,
  "summary_bg_stdv": 601.3915405273438,
  "summary_fg_k": 2.256569221900298,
  "summary_fg_mad": 2817.125244140625,
  "summary_fg_mean": 17076.1875,
  "summary_fg_median": 17216.2578125,
  "summary_fg_n": 36693.0,
  "summary_fg_p05": 11681.328515624999,
  "summary_fg_p95": 21997.22421875,
  "summary_fg_stdv": 3308.18798828125,
  "tsnr": 54.57099151611328
}