{
  "aor": 0.00023931249999999997,
  "aqi": 0.008369343125,
  "bids_meta": {
    "AcquisitionNumber": 6,
    "BidsifyVersion": "0.3.5",
    "ConversionSoftware": "dcm2niix",
    "ConversionSoftwareVersion": "v1.0.20181125  GCC6.3.0",
    "EchoTime": 0.02762,
    "ImageComments": "Piop",
    "ImageOrientationPatientDICOM": [
      0.999367,
      -0.0152535,
      0.0321539,
      0.0265184,
      0.921715,
      -0.38696
    ],
    "Manufacturer": "Philips",
    "NumberOfVolumesDiscardedByScanner": 2,
    "ParallelAcquisitionTechnique": "SENSE",
    "ParallelReductionFactorInPlane": 2,
    "PatientPosition": "HFS",
    "PhaseEncodingDirection": "j",
    "PhilipsRescaleIntercept": 0,
    "PhilipsRescaleSlope": 0.80488,
    "PhilipsScaleSlope": 0.0938736,
    "ProtocolName": "WIPpioprsSENSE",
    "PulseSequenceType": "gradient echo EPI",
    "ReconMatrixPE": 80,
    "RepetitionTime": 0.75,
    "SeriesDescription": "ImageMRSERIES",
    "SeriesNumber": 6,
    "SliceEncodingDirection": "k",
    "TaskName": "restingstate",
    "UsePhilipsFloatNotDisplayScaling": 1,
    "acq_id": "mb3",
    "dataset": "unknown",
    "modality": "bold",
    "subject_id": "0132",
    "task_id": "restingstate"
  },
  "dummy_trs": 0,
  "dvars_nstd": 29.16109208937367,
  "dvars_std": 1.1850488573068878,
  "dvars_vstd": 0.9933346517954076,
  "efc": 0.3805965645501869,
  "fber": 899211072.0,
  "fd_mean": 0.11010173530841272,
  "fd_num": 27,
  "fd_perc": 5.625,
  "fwhm_avg": 2.48462940504481,
  "fwhm_x": 2.44419,
  "fwhm_y": 2.7040133333333336,
  "fwhm_z": 2.3056848818010978,
  "gcor": 0.0353846,
  "gsr_x": -0.007571652065962553,
  "gsr_y": 0.005403830669820309,
  "provenance": {
    "md5sum": "1733d5b18df8a5d26cb05357ba4ba4e3",
    "settings": {
      "fd_thres": 0.2,
      "hmc_fsl": false
    },
    "software": "mriqc",
    "version": "0.15.0",
    "webapi_port": null,
    "webapi_url": "https://mriqc.nimh.nih.gov/api/v1"
  },
  "size_t": 480,
  "size_x": 80,
  "size_y": 80,
  "size_z": 36,
  "snr": 5.326295939248352,
  "spacing_tr": 0.75,
  "spacing_x": 3.0,
  "spacing_y": 3.0,
  "spacing_z": 3.299999952316284,
  "spikes_num": 0,
  "summary_bg_k": 171.69879011802874,
  "summary_bg_mad": 0.74704909324646,
  "summary_bg_mean": 100.82630157470703,
  "summary_bg_median": 0.5077106952667236,
  "summary_bg_n": 154374.0,
  "summary_bg_p05": 0.0017474482418037953,
  "summary_bg_p95": 376.9539306640645,
  "summary_bg_stdv": 592.9727783203125,
  "summary_fg_k": 2.686684570735399,
  "summary_fg_mad": 2652.7822265625,
  "summary_fg_mean": 16708.220703125,
  "summary_fg_median": 16861.11328125,
  "summary_fg_n": 36552.0,
  "summary_fg_p05": 11553.900244140625,
  "summary_fg_p95": 21338.651171874997,
  "summary_fg_stdv": 3165.592529296875,
  "tsnr": 51.576263427734375
}