{
  "aor": 0.0018075510204081631,
  "aqi": 0.00441153893877551,
  "bids_meta": {
    "AcquisitionNumber": 3,
    "BidsifyVersion": "0.3.5",
    "ConversionSoftware": "dcm2niix",
    "ConversionSoftwareVersion": "v1.0.20181125  GCC6.3.0",
    "EchoTime": 0.02762,
    "ImageComments": "Piop",
    "ImageOrientationPatientDICOM": [
      0.999367,
      -0.0152535,
      0.0321539,
      0.0265184,
      0.921715,
      -0.38696
    ],
    "Manufacturer": "Philips",
    "NumberOfVolumesDiscardedByScanner": 2,
    "ParallelAcquisitionTechnique": "SENSE",
    "ParallelReductionFactorInPlane": 2,
    "PatientPosition": "HFS",
    "PhaseEncodingDirection": "j",
    "PhilipsRescaleIntercept": 0,
    "PhilipsRescaleSlope": 0.74872,
    "PhilipsScaleSlope": 0.054743,
    "ProtocolName": "WIPpiopgstroopSENSE",
    "PulseSequenceType": "gradient echo EPI",
    "ReconMatrixPE": 80,
    "RepetitionTime": 2,
    "SeriesDescription": "ImageMRSERIES",
    "SeriesNumber": 3,
    "SliceEncodingDirection": "k",
    "TaskName": "gstroop",
    "UsePhilipsFloatNotDisplayScaling": 1,
    "acq_id": "seq",
    "dataset": "unknown",
    "modality": "bold",
    "subject_id": "0132",
    "task_id": "gstroop"
  },
  "dummy_trs": 0,
  "dvars_nstd": 24.40611847893443,
  "dvars_std": 1.2785821207786885,
  "dvars_vstd": 1.0026691247540993,
  "efc": 0.3764830876696891,
  "fber": 743679104.0,
  "fd_mean": 0.1229271779193579,
  "fd_num": 15,
  "fd_perc": 6.122448979591836,
  "fwhm_avg": 2.3572965761564704,
  "fwhm_x": 2.3349166666666665,
  "fwhm_y": 2.5570033333333333,
  "fwhm_z": 2.1799697284694113,
  "gcor": 0.0230954,
  "gsr_x": -0.007625101134181023,
  "gsr_y": 0.006071882788091898,
  "provenance": {
    "md5sum": "a0e09ad9af7dc896463f2091bb0af7d5",
    "settings": {
      "fd_thres": 0.2,
      "hmc_fsl": false
    },
    "software": "mriqc",
    "version": "0.15.0",
    "webapi_port": null,
    "webapi_url": "https://mriqc.nimh.nih.gov/api/v1"
  },
  "size_t": 245,
  "size_x": 80,
  "size_y": 80,
  "size_z": 37,
  "snr": 4.682606877943927,
  "spacing_tr": 2.0,
  "spacing_x": 3.0,
  "spacing_y": 3.0,
  "spacing_z": 3.299999952316284,
  "spikes_num": 2,
  "summary_bg_k": 194.40592079066127,
  "summary_bg_mad": 1.217254877090454,
  "summary_bg_mean": 145.3758544921875,
  "summary_bg_median": 0.8304527997970581,
  "summary_bg_n": 159013.0,
  "summary_bg_p05": 0.0037576670758426188,
  "summary_bg_p95": 492.76527099609257,
  "summary_bg_stdv": 881.2801513671875,
  "summary_fg_k": 2.1604408634546894,
  "summary_fg_mad": 4664.095703125,
  "summary_fg_mean": 25408.91015625,
  "summary_fg_median": 25275.1796875,
  "summary_fg_n": 37383.0,
  "summary_fg_p05": 17349.3544921875,
  "summary_fg_p95": 33752.832812500004,
  "summary_fg_stdv": 5397.6005859375,
  "tsnr": 72.33279418945312
}