{
  "aor": 0.0014015432098765431,
  "aqi": 0.0037469552469135805,
  "bids_meta": {
    "AcquisitionNumber": 8,
    "BidsifyVersion": "0.3.5",
    "ConversionSoftware": "dcm2niix",
    "ConversionSoftwareVersion": "v1.0.20181125  GCC6.3.0",
    "EchoTime": 0.02762,
    "ImageComments": "PIOP",
    "ImageOrientationPatientDICOM": [
      0.999487,
      -0.0223992,
      -0.022877,
      0.0153522,
      0.962319,
      -0.271488
    ],
    "Manufacturer": "Philips",
    "NumberOfVolumesDiscardedByScanner": 2,
    "ParallelAcquisitionTechnique": "SENSE",
    "ParallelReductionFactorInPlane": 2,
    "PatientPosition": "HFS",
    "PhaseEncodingDirection": "j",
    "PhilipsRescaleIntercept": 0,
    "PhilipsRescaleSlope": 0.79463,
    "PhilipsScaleSlope": 0.0713136,
    "ProtocolName": "WIPpiopwmSENSE",
    "PulseSequenceType": "gradient echo EPI",
    "ReconMatrixPE": 80,
    "RepetitionTime": 2,
    "SeriesDescription": "ImageMRSERIES",
    "SeriesNumber": 8,
    "SliceEncodingDirection": "k",
    "TaskName": "workingmemory",
    "UsePhilipsFloatNotDisplayScaling": 1,
    "acq_id": "seq",
    "dataset": "unknown",
    "modality": "bold",
    "subject_id": "0164",
    "task_id": "workingmemory"
  },
  "dummy_trs": 0,
  "dvars_nstd": 24.67444191198757,
  "dvars_std": 1.331416751242236,
  "dvars_vstd": 0.9985245812422361,
  "efc": 0.4248841767955868,
  "fber": 270956928.0,
  "fd_mean": 0.08916619894746579,
  "fd_num": 2,
  "fd_perc": 1.2345679012345678,
  "fwhm_avg": 2.3264073840178487,
  "fwhm_x": 2.35766,
  "fwhm_y": 2.48715,
  "fwhm_z": 2.1344121520535464,
  "gcor": 0.0142628,
  "gsr_x": -7.167965668486431e-05,
  "gsr_y": 0.0012761586112901568,
  "provenance": {
    "md5sum": "ba40ebffcda5b0e6edb0a056d24a4785",
    "settings": {
      "fd_thres": 0.2,
      "hmc_fsl": false
    },
    "software": "mriqc",
    "version": "0.15.0",
    "webapi_port": null,
    "webapi_url": "https://mriqc.nimh.nih.gov/api/v1"
  },
  "size_t": 162,
  "size_x": 80,
  "size_y": 80,
  "size_z": 37,
  "snr": 4.633477566608262,
  "spacing_tr": 2.0,
  "spacing_x": 3.0,
  "spacing_y": 3.0,
  "spacing_z": 3.299999952316284,
  "spikes_num": 0,
  "summary_bg_k": 80.37246994622313,
  "summary_bg_mad": 1.6259987354278564,
  "summary_bg_mean": 188.3336639404297,
  "summary_bg_median": 1.1289217472076416,
  "summary_bg_n": 148560.0,
  "summary_bg_p05": 0.01034334097057581,
  "summary_bg_p95": 894.3447753906239,
  "summary_bg_stdv": 1001.7141723632812,
  "summary_fg_k": 1.8413720817837715,
  "summary_fg_mad": 3871.93896484375,
  "summary_fg_mean": 20829.251953125,
  "summary_fg_median": 20601.572265625,
  "summary_fg_n": 46034.0,
  "summary_fg_p05": 14145.348046874999,
  "summary_fg_p95": 27889.6849609375,
  "summary_fg_stdv": 4446.19580078125,
  "tsnr": 76.2872543334961
}