{
  "aor": 0.0014377777777777778,
  "aqi": 0.0023654798518518514,
  "bids_meta": {
    "AcquisitionNumber": 5,
    "BidsifyVersion": "0.3.5",
    "ConversionSoftware": "dcm2niix",
    "ConversionSoftwareVersion": "v1.0.20181125  GCC6.3.0",
    "EchoTime": 0.02762,
    "ImageComments": "piop",
    "ImageOrientationPatientDICOM": [
      0.994504,
      0.06125,
      -0.0849128,
      -0.0829865,
      0.955637,
      -0.282615
    ],
    "Manufacturer": "Philips",
    "NumberOfVolumesDiscardedByScanner": 2,
    "ParallelAcquisitionTechnique": "SENSE",
    "ParallelReductionFactorInPlane": 2,
    "PatientPosition": "HFS",
    "PhaseEncodingDirection": "j",
    "PhilipsRescaleIntercept": 0,
    "PhilipsRescaleSlope": 0.79463,
    "PhilipsScaleSlope": 0.0553888,
    "ProtocolName": "WIPpiopharririSENSE",
    "PulseSequenceType": "gradient echo EPI",
    "ReconMatrixPE": 80,
    "RepetitionTime": 2,
    "SeriesDescription": "ImageMRSERIES",
    "SeriesNumber": 5,
    "SliceEncodingDirection": "k",
    "TaskName": "emomatching",
    "UsePhilipsFloatNotDisplayScaling": 1,
    "acq_id": "seq",
    "dataset": "unknown",
    "modality": "bold",
    "subject_id": "0177",
    "task_id": "emomatching"
  },
  "dummy_trs": 0,
  "dvars_nstd": 26.776736658059697,
  "dvars_std": 1.3724320876119405,
  "dvars_vstd": 1.013401699402985,
  "efc": 0.3972333268850569,
  "fber": 2431011840.0,
  "fd_mean": 0.12660697098616483,
  "fd_num": 7,
  "fd_perc": 5.185185185185185,
  "fwhm_avg": 2.320535161641176,
  "fwhm_x": 2.3037266666666665,
  "fwhm_y": 2.5555333333333334,
  "fwhm_z": 2.1023454849235286,
  "gcor": 0.0194078,
  "gsr_x": -0.011897509917616844,
  "gsr_y": 0.013106990605592728,
  "provenance": {
    "md5sum": "f4eb12024deb5f89a4df5011b237b628",
    "settings": {
      "fd_thres": 0.2,
      "hmc_fsl": false
    },
    "software": "mriqc",
    "version": "0.15.0",
    "webapi_port": null,
    "webapi_url": "https://mriqc.nimh.nih.gov/api/v1"
  },
  "size_t": 135,
  "size_x": 80,
  "size_y": 80,
  "size_z": 37,
  "snr": 3.863741747564348,
  "spacing_tr": 2.0,
  "spacing_x": 3.0,
  "spacing_y": 3.0,
  "spacing_z": 3.299999952316284,
  "spikes_num": 1,
  "summary_bg_k": 118.63567272004282,
  "summary_bg_mad": 0.6198269128799438,
  "summary_bg_mean": 170.2366180419922,
  "summary_bg_median": 0.419419527053833,
  "summary_bg_n": 154578.0,
  "summary_bg_p05": 0.0008585929812397809,
  "summary_bg_p95": 908.5198608398427,
  "summary_bg_stdv": 906.9261474609375,
  "summary_fg_k": 1.4926327867052525,
  "summary_fg_mad": 5234.41552734375,
  "summary_fg_mean": 24263.544921875,
  "summary_fg_median": 23689.982421875,
  "summary_fg_n": 41466.0,
  "summary_fg_p05": 15265.5947265625,
  "summary_fg_p95": 34889.669921875,
  "summary_fg_stdv": 6131.28369140625,
  "tsnr": 83.93116760253906
}