{
  "aor": 0.0003275510204081632,
  "aqi": 0.003983105142857143,
  "bids_meta": {
    "AcquisitionNumber": 3,
    "BidsifyVersion": "0.3.5",
    "ConversionSoftware": "dcm2niix",
    "ConversionSoftwareVersion": "v1.0.20181125  GCC6.3.0",
    "EchoTime": 0.02762,
    "EffectiveEchoSpacing": 0.0006621159151938905,
    "ImageComments": "Piop",
    "ImageOrientationPatientDICOM": [
      0.999988,
      -0.00293812,
      0.00394384,
      0.0043633,
      0.90001,
      -0.435846
    ],
    "Manufacturer": "Philips",
    "NumberOfVolumesDiscardedByScanner": 2,
    "ParallelAcquisitionTechnique": "SENSE",
    "ParallelReductionFactorInPlane": 2,
    "PatientPosition": "HFS",
    "PhaseEncodingDirection": "j",
    "PhilipsRescaleIntercept": 0,
    "PhilipsRescaleSlope": 0.79219,
    "PhilipsScaleSlope": 0.0646017,
    "ProtocolName": "WIPpiopgstroopSENSE",
    "PulseSequenceType": "gradient echo EPI",
    "ReconMatrixPE": 80,
    "RepetitionTime": 2,
    "SeriesDescription": "ImageMRSERIES",
    "SeriesNumber": 3,
    "SliceEncodingDirection": "k",
    "SliceTiming": [
      0.0,
      0.0541,
      0.1081,
      0.1622,
      0.2162,
      0.2703,
      0.3243,
      0.3784,
      0.4324,
      0.4865,
      0.5405,
      0.5946,
      0.6486,
      0.7027,
      0.7568,
      0.8108,
      0.8649,
      0.9189,
      0.973,
      1.027,
      1.0811,
      1.1351,
      1.1892,
      1.2432,
      1.2973,
      1.3514,
      1.4054,
      1.4595,
      1.5135,
      1.5676,
      1.6216,
      1.6757,
      1.7297,
      1.7838,
      1.8378,
      1.8919,
      1.9459
    ],
    "TaskName": "gstroop",
    "TotalReadoutTime": 0.025822520692561732,
    "UsePhilipsFloatNotDisplayScaling": 1,
    "acq_id": "seq",
    "dataset": "unknown",
    "modality": "bold",
    "subject_id": "0031",
    "task_id": "gstroop"
  },
  "dummy_trs": 0,
  "dvars_nstd": 27.724040508319668,
  "dvars_std": 1.4196662190163931,
  "dvars_vstd": 0.9740225502868852,
  "efc": 0.3857458771107084,
  "fber": 237979728.0,
  "fd_mean": 0.11684659229088432,
  "fd_num": 15,
  "fd_perc": 6.122448979591836,
  "fwhm_avg": 2.3945835461651868,
  "fwhm_x": 2.36505,
  "fwhm_y": 2.5740066666666666,
  "fwhm_z": 2.2446939718288936,
  "gcor": 0.0274639,
  "gsr_x": -0.009457746520638466,
  "gsr_y": 0.006439450196921825,
  "provenance": {
    "md5sum": "40f93fc3d5a9843c6057272330040828",
    "settings": {
      "fd_thres": 0.2,
      "hmc_fsl": false
    },
    "software": "mriqc",
    "version": "0.15.0",
    "webapi_port": null,
    "webapi_url": "https://mriqc.nimh.nih.gov/api/v1"
  },
  "size_t": 245,
  "size_x": 80,
  "size_y": 80,
  "size_z": 37,
  "snr": 4.598239236358804,
  "spacing_tr": 2.0,
  "spacing_x": 3.0,
  "spacing_y": 3.0,
  "spacing_z": 3.299999952316284,
  "spikes_num": 0,
  "summary_bg_k": 64.35943655826236,
  "summary_bg_mad": 1.941236138343811,
  "summary_bg_mean": 210.1356201171875,
  "summary_bg_median": 1.3320000171661377,
  "summary_bg_n": 158391.0,
  "summary_bg_p05": 0.006402092520147562,
  "summary_bg_p95": 799.8017883300781,
  "summary_bg_stdv": 1091.5140380859375,
  "summary_fg_k": 2.5913927919918276,
  "summary_fg_mad": 3898.8125,
  "summary_fg_mean": 22467.712890625,
  "summary_fg_median": 22438.84375,
  "summary_fg_n": 37593.0,
  "summary_fg_p05": 14421.288085937502,
  "summary_fg_p95": 29800.553515625004,
  "summary_fg_stdv": 4879.8125,
  "tsnr": 73.30404663085938
}