{
  "aor": 0.00028560975609756095,
  "aqi": 0.00879956118902439,
  "bids_meta": {
    "AcquisitionNumber": 2,
    "BidsifyVersion": "0.3.5",
    "ConversionSoftware": "dcm2niix",
    "ConversionSoftwareVersion": "v1.0.20181125  GCC6.3.0",
    "EchoTime": 0.02762,
    "EffectiveEchoSpacing": 0.0006333282667071997,
    "ImageComments": "Piop",
    "ImageOrientationPatientDICOM": [
      0.999988,
      -0.00293812,
      0.00394384,
      0.0043633,
      0.90001,
      -0.435846
    ],
    "Manufacturer": "Philips",
    "NumberOfVolumesDiscardedByScanner": 2,
    "ParallelAcquisitionTechnique": "SENSE",
    "ParallelReductionFactorInPlane": 2,
    "PatientPosition": "HFS",
    "PhaseEncodingDirection": "j",
    "PhilipsRescaleIntercept": 0,
    "PhilipsRescaleSlope": 0.779,
    "PhilipsScaleSlope": 0.09839,
    "ProtocolName": "WIPpiopfacesSENSE",
    "PulseSequenceType": "gradient echo EPI",
    "ReconMatrixPE": 80,
    "RepetitionTime": 0.75,
    "SeriesDescription": "ImageMRSERIES",
    "SeriesNumber": 2,
    "SliceEncodingDirection": "k",
    "SliceTiming": [
      0.0,
      0.06755050505050506,
      0.1351010101010101,
      0.20265151515151517,
      0.2702020202020202,
      0.3377525252525253,
      0.40530303030303033,
      0.47285353535353536,
      0.5404040404040404,
      0.6079545454545455,
      0.6755050505050506,
      0.7430555555555556,
      0.0,
      0.06755050505050506,
      0.1351010101010101,
      0.20265151515151517,
      0.2702020202020202,
      0.3377525252525253,
      0.40530303030303033,
      0.47285353535353536,
      0.5404040404040404,
      0.6079545454545455,
      0.6755050505050506,
      0.7430555555555556,
      0.0,
      0.06755050505050506,
      0.1351010101010101,
      0.20265151515151517,
      0.2702020202020202,
      0.3377525252525253,
      0.40530303030303033,
      0.47285353535353536,
      0.5404040404040404,
      0.6079545454545455,
      0.6755050505050506,
      0.7430555555555556
    ],
    "TaskName": "faces",
    "TotalReadoutTime": 0.024699802401580786,
    "UsePhilipsFloatNotDisplayScaling": 1,
    "acq_id": "mb3",
    "dataset": "unknown",
    "modality": "bold",
    "subject_id": "0031",
    "task_id": "faces"
  },
  "dummy_trs": 2,
  "dvars_nstd": 27.068937925688076,
  "dvars_std": 1.0660663138837925,
  "dvars_vstd": 0.9945830712844035,
  "efc": 0.38939448145215105,
  "fber": 501158464.0,
  "fd_mean": 0.09762708624027747,
  "fd_num": 3,
  "fd_perc": 0.9146341463414634,
  "fwhm_avg": 2.4808576879980895,
  "fwhm_x": 2.46062,
  "fwhm_y": 2.6503166666666664,
  "fwhm_z": 2.3316363973276024,
  "gcor": 0.0100022,
  "gsr_x": -0.010224268771708012,
  "gsr_y": 0.00560096325352788,
  "provenance": {
    "md5sum": "9017a86beeb52d103ce393229b9ed926",
    "settings": {
      "fd_thres": 0.2,
      "hmc_fsl": false
    },
    "software": "mriqc",
    "version": "0.15.0",
    "webapi_port": null,
    "webapi_url": "https://mriqc.nimh.nih.gov/api/v1"
  },
  "size_t": 328,
  "size_x": 80,
  "size_y": 80,
  "size_z": 36,
  "snr": 5.09629775761384,
  "spacing_tr": 0.75,
  "spacing_x": 3.0,
  "spacing_y": 3.0,
  "spacing_z": 3.299999952316284,
  "spikes_num": 0,
  "summary_bg_k": 65.7380857886847,
  "summary_bg_mad": 1.0423800945281982,
  "summary_bg_mean": 161.8255615234375,
  "summary_bg_median": 0.7062071561813354,
  "summary_bg_n": 153591.0,
  "summary_bg_p05": 0.001263709447812289,
  "summary_bg_p95": 638.9699096679688,
  "summary_bg_stdv": 843.3927001953125,
  "summary_fg_k": 2.441837345052291,
  "summary_fg_mad": 2712.82177734375,
  "summary_fg_mean": 16866.48046875,
  "summary_fg_median": 17147.216796875,
  "summary_fg_n": 36833.0,
  "summary_fg_p05": 10788.267773437501,
  "summary_fg_p95": 21686.200390625003,
  "summary_fg_stdv": 3364.59619140625,
  "tsnr": 47.225067138671875
}