{
  "aor": 0.0010537777777777778,
  "aqi": 0.0035272940000000003,
  "bids_meta": {
    "AcquisitionNumber": 5,
    "BidsifyVersion": "0.3.5",
    "ConversionSoftware": "dcm2niix",
    "ConversionSoftwareVersion": "v1.0.20181125  GCC6.3.0",
    "EchoTime": 0.02762,
    "EffectiveEchoSpacing": 0.0006621159151938905,
    "ImageComments": "Piop",
    "ImageOrientationPatientDICOM": [
      0.999988,
      -0.00293812,
      0.00394384,
      0.0043633,
      0.90001,
      -0.435846
    ],
    "Manufacturer": "Philips",
    "NumberOfVolumesDiscardedByScanner": 2,
    "ParallelAcquisitionTechnique": "SENSE",
    "ParallelReductionFactorInPlane": 2,
    "PatientPosition": "HFS",
    "PhaseEncodingDirection": "j",
    "PhilipsRescaleIntercept": 0,
    "PhilipsRescaleSlope": 0.85641,
    "PhilipsScaleSlope": 0.0649817,
    "ProtocolName": "WIPpiopharririSENSE",
    "PulseSequenceType": "gradient echo EPI",
    "ReconMatrixPE": 80,
    "RepetitionTime": 2,
    "SeriesDescription": "ImageMRSERIES",
    "SeriesNumber": 5,
    "SliceEncodingDirection": "k",
    "SliceTiming": [
      0.0,
      0.0541,
      0.1081,
      0.1622,
      0.2162,
      0.2703,
      0.3243,
      0.3784,
      0.4324,
      0.4865,
      0.5405,
      0.5946,
      0.6486,
      0.7027,
      0.7568,
      0.8108,
      0.8649,
      0.9189,
      0.973,
      1.027,
      1.0811,
      1.1351,
      1.1892,
      1.2432,
      1.2973,
      1.3514,
      1.4054,
      1.4595,
      1.5135,
      1.5676,
      1.6216,
      1.6757,
      1.7297,
      1.7838,
      1.8378,
      1.8919,
      1.9459
    ],
    "TaskName": "emomatching",
    "TotalReadoutTime": 0.025822520692561732,
    "UsePhilipsFloatNotDisplayScaling": 1,
    "acq_id": "seq",
    "dataset": "unknown",
    "modality": "bold",
    "subject_id": "0031",
    "task_id": "emomatching"
  },
  "dummy_trs": 0,
  "dvars_nstd": 27.38524186447761,
  "dvars_std": 1.4390998329850753,
  "dvars_vstd": 0.9979136158208952,
  "efc": 0.38539210775112115,
  "fber": 427805344.0,
  "fd_mean": 0.117255708545274,
  "fd_num": 9,
  "fd_perc": 6.666666666666667,
  "fwhm_avg": 2.395710818906661,
  "fwhm_x": 2.36576,
  "fwhm_y": 2.57373,
  "fwhm_z": 2.247642456719983,
  "gcor": 0.019711,
  "gsr_x": -0.009701798669993877,
  "gsr_y": 0.008348912931978703,
  "provenance": {
    "md5sum": "99df2ad08563de0c8eb5d81c4ab87234",
    "settings": {
      "fd_thres": 0.2,
      "hmc_fsl": false
    },
    "software": "mriqc",
    "version": "0.15.0",
    "webapi_port": null,
    "webapi_url": "https://mriqc.nimh.nih.gov/api/v1"
  },
  "size_t": 135,
  "size_x": 80,
  "size_y": 80,
  "size_z": 37,
  "snr": 4.623469888952871,
  "spacing_tr": 2.0,
  "spacing_x": 3.0,
  "spacing_y": 3.0,
  "spacing_z": 3.299999952316284,
  "spikes_num": 0,
  "summary_bg_k": 63.31034752546627,
  "summary_bg_mad": 1.4701651334762573,
  "summary_bg_mean": 212.54861450195312,
  "summary_bg_median": 1.004957675933838,
  "summary_bg_n": 158499.0,
  "summary_bg_p05": 0.003962994180619717,
  "summary_bg_p95": 826.7036743164089,
  "summary_bg_stdv": 1119.27587890625,
  "summary_fg_k": 2.5748997074763347,
  "summary_fg_mad": 3874.940185546875,
  "summary_fg_mean": 22331.96484375,
  "summary_fg_median": 22308.484375,
  "summary_fg_n": 37640.0,
  "summary_fg_p05": 14414.84677734375,
  "summary_fg_p95": 29563.661718749987,
  "summary_fg_stdv": 4824.98828125,
  "tsnr": 79.2222671508789
}