{
  "aor": 0.0021814848484848484,
  "aqi": 0.007191350636363637,
  "bids_meta": {
    "AcquisitionNumber": 2,
    "BidsifyVersion": "0.3.5",
    "ConversionSoftware": "dcm2niix",
    "ConversionSoftwareVersion": "v1.0.20181125  GCC6.3.0",
    "EchoTime": 0.02762,
    "ImageComments": "piop",
    "ImageOrientationPatientDICOM": [
      0.998211,
      -0.052166,
      0.0292179,
      0.0568573,
      0.97937,
      -0.193914
    ],
    "Manufacturer": "Philips",
    "NumberOfVolumesDiscardedByScanner": 2,
    "ParallelAcquisitionTechnique": "SENSE",
    "ParallelReductionFactorInPlane": 2,
    "PatientPosition": "HFS",
    "PhaseEncodingDirection": "j",
    "PhilipsRescaleIntercept": 0,
    "PhilipsRescaleSlope": 0.78388,
    "PhilipsScaleSlope": 0.0878802,
    "ProtocolName": "WIPpiopfacesSENSE",
    "PulseSequenceType": "gradient echo EPI",
    "ReconMatrixPE": 80,
    "RepetitionTime": 0.75,
    "SeriesDescription": "ImageMRSERIES",
    "SeriesNumber": 2,
    "SliceEncodingDirection": "k",
    "TaskName": "faces",
    "UsePhilipsFloatNotDisplayScaling": 1,
    "acq_id": "mb3",
    "dataset": "unknown",
    "modality": "bold",
    "subject_id": "0127",
    "task_id": "faces"
  },
  "dummy_trs": 0,
  "dvars_nstd": 24.272196465440725,
  "dvars_std": 1.1130036100607894,
  "dvars_vstd": 1.0450514098176291,
  "efc": 0.42214286223616515,
  "fber": 577407488.0,
  "fd_mean": 0.08482616180256392,
  "fd_num": 4,
  "fd_perc": 1.2121212121212122,
  "fwhm_avg": 2.4800653646302755,
  "fwhm_x": 2.420533333333333,
  "fwhm_y": 2.7161566666666666,
  "fwhm_z": 2.303506093890827,
  "gcor": 0.0166698,
  "gsr_x": -0.00440801540389657,
  "gsr_y": 0.004702876787632704,
  "provenance": {
    "md5sum": "6807234689770ad03574a9cbd87742f5",
    "settings": {
      "fd_thres": 0.2,
      "hmc_fsl": false
    },
    "software": "mriqc",
    "version": "0.15.0",
    "webapi_port": null,
    "webapi_url": "https://mriqc.nimh.nih.gov/api/v1"
  },
  "size_t": 330,
  "size_x": 80,
  "size_y": 80,
  "size_z": 36,
  "snr": 5.350341374237314,
  "spacing_tr": 0.75,
  "spacing_x": 3.0,
  "spacing_y": 3.0,
  "spacing_z": 3.299999952316284,
  "spikes_num": 4,
  "summary_bg_k": 74.31388357852836,
  "summary_bg_mad": 1.013015627861023,
  "summary_bg_mean": 173.94699096679688,
  "summary_bg_median": 0.6927311420440674,
  "summary_bg_n": 146509.0,
  "summary_bg_p05": 0.0026715464424341925,
  "summary_bg_p95": 693.3366210937513,
  "summary_bg_stdv": 952.735107421875,
  "summary_fg_k": 2.084062441721656,
  "summary_fg_mad": 3039.34619140625,
  "summary_fg_mean": 18086.30859375,
  "summary_fg_median": 18183.7421875,
  "summary_fg_n": 43309.0,
  "summary_fg_p05": 12819.931054687499,
  "summary_fg_p95": 23255.416015625,
  "summary_fg_stdv": 3398.57421875,
  "tsnr": 53.637874603271484
}