{
  "aor": 0.001115925925925926,
  "aqi": 0.0032881818518518523,
  "bids_meta": {
    "AcquisitionNumber": 5,
    "BidsifyVersion": "0.3.5",
    "ConversionSoftware": "dcm2niix",
    "ConversionSoftwareVersion": "v1.0.20181125  GCC6.3.0",
    "EchoTime": 0.02762,
    "ImageComments": "piop",
    "ImageOrientationPatientDICOM": [
      0.998127,
      -0.0531174,
      0.0303482,
      0.0591249,
      0.964969,
      -0.255617
    ],
    "Manufacturer": "Philips",
    "NumberOfVolumesDiscardedByScanner": 2,
    "ParallelAcquisitionTechnique": "SENSE",
    "ParallelReductionFactorInPlane": 2,
    "PatientPosition": "HFS",
    "PhaseEncodingDirection": "j",
    "PhilipsRescaleIntercept": 0,
    "PhilipsRescaleSlope": 0.83175,
    "PhilipsScaleSlope": 0.0493277,
    "ProtocolName": "WIPpiopharririSENSE",
    "PulseSequenceType": "gradient echo EPI",
    "ReconMatrixPE": 80,
    "RepetitionTime": 2,
    "SeriesDescription": "ImageMRSERIES",
    "SeriesNumber": 5,
    "SliceEncodingDirection": "k",
    "TaskName": "emomatching",
    "UsePhilipsFloatNotDisplayScaling": 1,
    "acq_id": "seq",
    "dataset": "unknown",
    "modality": "bold",
    "subject_id": "0127",
    "task_id": "emomatching"
  },
  "dummy_trs": 0,
  "dvars_nstd": 21.882184519552233,
  "dvars_std": 1.2939218046268666,
  "dvars_vstd": 1.002113589850746,
  "efc": 0.4171151162434779,
  "fber": 2200209152.0,
  "fd_mean": 0.0984190994294376,
  "fd_num": 2,
  "fd_perc": 1.4814814814814814,
  "fwhm_avg": 2.3509925358318444,
  "fwhm_x": 2.29278,
  "fwhm_y": 2.56374,
  "fwhm_z": 2.1964576074955335,
  "gcor": 0.025238,
  "gsr_x": -0.004149242769926786,
  "gsr_y": 0.004725367296487093,
  "provenance": {
    "md5sum": "8f33a1151bcb3db4c64d1fafcd4e690b",
    "settings": {
      "fd_thres": 0.2,
      "hmc_fsl": false
    },
    "software": "mriqc",
    "version": "0.15.0",
    "webapi_port": null,
    "webapi_url": "https://mriqc.nimh.nih.gov/api/v1"
  },
  "size_t": 135,
  "size_x": 80,
  "size_y": 80,
  "size_z": 37,
  "snr": 4.913195636634501,
  "spacing_tr": 2.0,
  "spacing_x": 3.0,
  "spacing_y": 3.0,
  "spacing_z": 3.299999952316284,
  "spikes_num": 0,
  "summary_bg_k": 93.72466927176917,
  "summary_bg_mad": 0.6913561820983887,
  "summary_bg_mean": 220.59608459472656,
  "summary_bg_median": 0.46996116638183594,
  "summary_bg_n": 151202.0,
  "summary_bg_p05": 0.0012999163125641646,
  "summary_bg_p95": 834.858758544918,
  "summary_bg_stdv": 1269.0626220703125,
  "summary_fg_k": 2.4821387560959414,
  "summary_fg_mad": 4399.33251953125,
  "summary_fg_mean": 25287.7109375,
  "summary_fg_median": 25111.73046875,
  "summary_fg_n": 44147.0,
  "summary_fg_p05": 17957.13671875,
  "summary_fg_p95": 33199.758203125,
  "summary_fg_stdv": 5111.02099609375,
  "tsnr": 85.84439086914062
}