{
  "aor": 0.00033360000000000003,
  "aqi": 0.00321326775,
  "bids_meta": {
    "AcquisitionNumber": 9,
    "BidsifyVersion": "0.3.5",
    "ConversionSoftware": "dcm2niix",
    "ConversionSoftwareVersion": "v1.0.20181125  GCC6.3.0",
    "EchoTime": 0.02762,
    "ImageComments": "piop",
    "ImageOrientationPatientDICOM": [
      0.993536,
      -0.0750944,
      0.0851343,
      0.104951,
      0.893464,
      -0.436701
    ],
    "Manufacturer": "Philips",
    "NumberOfVolumesDiscardedByScanner": 2,
    "ParallelAcquisitionTechnique": "SENSE",
    "ParallelReductionFactorInPlane": 2,
    "PatientPosition": "HFS",
    "PhaseEncodingDirection": "j",
    "PhilipsRescaleIntercept": 0,
    "PhilipsRescaleSlope": 0.80586,
    "PhilipsScaleSlope": 0.0513975,
    "ProtocolName": "WIPpiopanticipatieSENSE",
    "PulseSequenceType": "gradient echo EPI",
    "ReconMatrixPE": 80,
    "RepetitionTime": 2,
    "SeriesDescription": "ImageMRSERIES",
    "SeriesNumber": 9,
    "SliceEncodingDirection": "k",
    "TaskName": "anticipation",
    "UsePhilipsFloatNotDisplayScaling": 1,
    "acq_id": "seq",
    "dataset": "unknown",
    "modality": "bold",
    "subject_id": "0015",
    "task_id": "anticipation"
  },
  "dummy_trs": 0,
  "dvars_nstd": 20.903831385979892,
  "dvars_std": 1.2419548332663317,
  "dvars_vstd": 0.9795038565829143,
  "efc": 0.3941719205269144,
  "fber": 386690528.0,
  "fd_mean": 0.1221936295932835,
  "fd_num": 7,
  "fd_perc": 3.5,
  "fwhm_avg": 2.4852850614190753,
  "fwhm_x": 2.447156666666667,
  "fwhm_y": 2.7427499999999996,
  "fwhm_z": 2.265948517590559,
  "gcor": 0.0126314,
  "gsr_x": -0.002861813874915242,
  "gsr_y": 0.007276803255081177,
  "provenance": {
    "md5sum": "e75fd93412f505fbf67a437676fe350e",
    "settings": {
      "fd_thres": 0.2,
      "hmc_fsl": false
    },
    "software": "mriqc",
    "version": "0.15.0",
    "webapi_port": null,
    "webapi_url": "https://mriqc.nimh.nih.gov/api/v1"
  },
  "size_t": 200,
  "size_x": 80,
  "size_y": 80,
  "size_z": 37,
  "snr": 4.683193978872706,
  "spacing_tr": 2.0,
  "spacing_x": 3.0,
  "spacing_y": 3.0,
  "spacing_z": 3.299999952316284,
  "spikes_num": 0,
  "summary_bg_k": 120.77980591096144,
  "summary_bg_mad": 1.7465295791625977,
  "summary_bg_mean": 206.318359375,
  "summary_bg_median": 1.195939302444458,
  "summary_bg_n": 154720.0,
  "summary_bg_p05": 0.0028118742397055044,
  "summary_bg_p95": 815.2680603027287,
  "summary_bg_stdv": 1172.4608154296875,
  "summary_fg_k": 2.2649065555483876,
  "summary_fg_mad": 4622.9765625,
  "summary_fg_mean": 24985.431640625,
  "summary_fg_median": 25163.3828125,
  "summary_fg_n": 40067.0,
  "summary_fg_p05": 16295.95068359375,
  "summary_fg_p95": 32772.765625,
  "summary_fg_stdv": 5373.05712890625,
  "tsnr": 79.99368286132812
}