{
  "aor": 0.0005801851851851851,
  "aqi": 0.002891410925925926,
  "bids_meta": {
    "AcquisitionNumber": 8,
    "BidsifyVersion": "0.3.5",
    "ConversionSoftware": "dcm2niix",
    "ConversionSoftwareVersion": "v1.0.20181125  GCC6.3.0",
    "EchoTime": 0.02762,
    "ImageComments": "piop",
    "ImageOrientationPatientDICOM": [
      0.993536,
      -0.0750944,
      0.0851343,
      0.104951,
      0.893464,
      -0.436701
    ],
    "Manufacturer": "Philips",
    "NumberOfVolumesDiscardedByScanner": 2,
    "ParallelAcquisitionTechnique": "SENSE",
    "ParallelReductionFactorInPlane": 2,
    "PatientPosition": "HFS",
    "PhaseEncodingDirection": "j",
    "PhilipsRescaleIntercept": 0,
    "PhilipsRescaleSlope": 0.77167,
    "PhilipsScaleSlope": 0.0534075,
    "ProtocolName": "WIPpiopwmSENSE",
    "PulseSequenceType": "gradient echo EPI",
    "ReconMatrixPE": 80,
    "RepetitionTime": 2,
    "SeriesDescription": "ImageMRSERIES",
    "SeriesNumber": 8,
    "SliceEncodingDirection": "k",
    "TaskName": "workingmemory",
    "UsePhilipsFloatNotDisplayScaling": 1,
    "acq_id": "seq",
    "dataset": "unknown",
    "modality": "bold",
    "subject_id": "0015",
    "task_id": "workingmemory"
  },
  "dummy_trs": 0,
  "dvars_nstd": 21.98633415521739,
  "dvars_std": 1.3156403611801246,
  "dvars_vstd": 1.0015069430434782,
  "efc": 0.39479809148254413,
  "fber": 197183312.0,
  "fd_mean": 0.10740272429606901,
  "fd_num": 4,
  "fd_perc": 2.4691358024691357,
  "fwhm_avg": 2.489684758382554,
  "fwhm_x": 2.44834,
  "fwhm_y": 2.7560566666666664,
  "fwhm_z": 2.264657608480997,
  "gcor": 0.0139488,
  "gsr_x": -0.0027114618569612503,
  "gsr_y": 0.007632356137037277,
  "provenance": {
    "md5sum": "2eb5889b4cc652df4c31aadaafe54e19",
    "settings": {
      "fd_thres": 0.2,
      "hmc_fsl": false
    },
    "software": "mriqc",
    "version": "0.15.0",
    "webapi_port": null,
    "webapi_url": "https://mriqc.nimh.nih.gov/api/v1"
  },
  "size_t": 162,
  "size_x": 80,
  "size_y": 80,
  "size_z": 37,
  "snr": 4.683084043192748,
  "spacing_tr": 2.0,
  "spacing_x": 3.0,
  "spacing_y": 3.0,
  "spacing_z": 3.299999952316284,
  "spikes_num": 0,
  "summary_bg_k": 133.23020900718402,
  "summary_bg_mad": 2.4818058013916016,
  "summary_bg_mean": 204.5997314453125,
  "summary_bg_median": 1.7004013061523438,
  "summary_bg_n": 154684.0,
  "summary_bg_p05": 0.008541434537619354,
  "summary_bg_p95": 833.2780975341836,
  "summary_bg_stdv": 1146.5989990234375,
  "summary_fg_k": 2.366107185830298,
  "summary_fg_mad": 4591.0517578125,
  "summary_fg_mean": 24837.224609375,
  "summary_fg_median": 25052.875,
  "summary_fg_n": 40127.0,
  "summary_fg_p05": 16204.357128906251,
  "summary_fg_p95": 32452.7806640625,
  "summary_fg_stdv": 5349.58642578125,
  "tsnr": 83.58206176757812
}