{
    "Manufacturer": "Philips",
    "PatientPosition": "HFS",
    "SeriesDescription": "ImageMRSERIES",
    "ProtocolName": "WIPdti32v2SENSE",
    "SeriesNumber": 7,
    "AcquisitionNumber": 7,
    "ImageComments": "piop",
    "PhilipsRescaleSlope": 4.10256,
    "PhilipsRescaleIntercept": 0,
    "PhilipsScaleSlope": 0.0268377,
    "UsePhilipsFloatNotDisplayScaling": 1,
    "EchoTime": 0.08599,
    "RepetitionTime": 7.38627,
    "ReconMatrixPE": 112,
    "ImageOrientationPatientDICOM": [
        0.998442,
        -0.0364721,
        0.0422186,
        0.0409743,
        0.992951,
        -0.111219
    ],
    "ConversionSoftware": "dcm2niix",
    "ConversionSoftwareVersion": "v1.0.20181125  GCC6.3.0",
    "BidsifyVersion": "0.3.5",
    "FlipAngle": 90,
    "WaterFatShift": 18.924,
    "ParallelAcquisitionTechnique": "SENSE",
    "ParallelReductionFactorInPlane": 2,
    "PhaseEncodingDirection": "j"
}