{
    "Manufacturer": "Philips",
    "PatientPosition": "HFS",
    "SeriesDescription": "ImageMRSERIES",
    "ProtocolName": "WIPt13dSENSE",
    "SeriesNumber": 4,
    "AcquisitionNumber": 4,
    "ImageComments": "PIOP",
    "PhilipsRescaleSlope": 9.58095,
    "PhilipsRescaleIntercept": 0,
    "PhilipsScaleSlope": 0.00794623,
    "UsePhilipsFloatNotDisplayScaling": 1,
    "EchoTime": 0.00373,
    "RepetitionTime": 0.008148,
    "ReconMatrixPE": 240,
    "ImageOrientationPatientDICOM": [
        0.999173,
        -0.0223653,
        0.0339468,
        0.0230234,
        0.999552,
        -0.0191185
    ],
    "ConversionSoftware": "dcm2niix",
    "ConversionSoftwareVersion": "v1.0.20181125  GCC6.3.0",
    "BidsifyVersion": "0.3.5"
}