{
    "Manufacturer": "Philips",
    "PatientPosition": "HFS",
    "SeriesDescription": "ImageMRSERIES",
    "ProtocolName": "WIPdti32v2SENSE",
    "SeriesNumber": 7,
    "AcquisitionNumber": 7,
    "ImageComments": "piop",
    "PhilipsRescaleSlope": 4.29695,
    "PhilipsRescaleIntercept": 0,
    "PhilipsScaleSlope": 0.0260323,
    "UsePhilipsFloatNotDisplayScaling": 1,
    "EchoTime": 0.08599,
    "RepetitionTime": 7.38445,
    "ReconMatrixPE": 112,
    "ImageOrientationPatientDICOM": [
        0.999505,
        0.024812,
        -0.0193381,
        -0.0240783,
        0.999014,
        0.0372947
    ],
    "ConversionSoftware": "dcm2niix",
    "ConversionSoftwareVersion": "v1.0.20181125  GCC6.3.0",
    "BidsifyVersion": "0.3.5",
    "FlipAngle": 90,
    "WaterFatShift": 18.924,
    "ParallelAcquisitionTechnique": "SENSE",
    "ParallelReductionFactorInPlane": 2,
    "PhaseEncodingDirection": "j"
}