{
  "aor": 0.0003796296296296296,
  "aqi": 0.003212763851851852,
  "bids_meta": {
    "AcquisitionNumber": 5,
    "BidsifyVersion": "0.3.5",
    "ConversionSoftware": "dcm2niix",
    "ConversionSoftwareVersion": "v1.0.20181125  GCC6.3.0",
    "EchoTime": 0.02762,
    "EffectiveEchoSpacing": 0.0006621159151938905,
    "ImageComments": "piop",
    "ImageOrientationPatientDICOM": [
      0.998915,
      0.04571,
      0.00887696,
      -0.0448364,
      0.99566,
      -0.0815488
    ],
    "Manufacturer": "Philips",
    "NumberOfVolumesDiscardedByScanner": 2,
    "ParallelAcquisitionTechnique": "SENSE",
    "ParallelReductionFactorInPlane": 2,
    "PatientPosition": "HFS",
    "PhaseEncodingDirection": "j",
    "PhilipsRescaleIntercept": 0,
    "PhilipsRescaleSlope": 0.76093,
    "PhilipsScaleSlope": 0.0519044,
    "ProtocolName": "WIPpiopharririSENSE",
    "PulseSequenceType": "gradient echo EPI",
    "ReconMatrixPE": 80,
    "RepetitionTime": 2,
    "SeriesDescription": "ImageMRSERIES",
    "SeriesNumber": 5,
    "SliceEncodingDirection": "k",
    "SliceTiming": [
      0.0,
      0.0541,
      0.1081,
      0.1622,
      0.2162,
      0.2703,
      0.3243,
      0.3784,
      0.4324,
      0.4865,
      0.5405,
      0.5946,
      0.6486,
      0.7027,
      0.7568,
      0.8108,
      0.8649,
      0.9189,
      0.973,
      1.027,
      1.0811,
      1.1351,
      1.1892,
      1.2432,
      1.2973,
      1.3514,
      1.4054,
      1.4595,
      1.5135,
      1.5676,
      1.6216,
      1.6757,
      1.7297,
      1.7838,
      1.8378,
      1.8919,
      1.9459
    ],
    "TaskName": "emomatching",
    "TotalReadoutTime": 0.025822520692561732,
    "UsePhilipsFloatNotDisplayScaling": 1,
    "acq_id": "seq",
    "dataset": "unknown",
    "modality": "bold",
    "subject_id": "0118",
    "task_id": "emomatching"
  },
  "dummy_trs": 0,
  "dvars_nstd": 22.676821580447765,
  "dvars_std": 1.3009683483582088,
  "dvars_vstd": 1.0044937244029848,
  "efc": 0.42368101231192073,
  "fber": 3136582400.0,
  "fd_mean": 0.09047215215734758,
  "fd_num": 1,
  "fd_perc": 0.7407407407407407,
  "fwhm_avg": 2.3843093035846987,
  "fwhm_x": 2.2800433333333334,
  "fwhm_y": 2.66063,
  "fwhm_z": 2.2122545774207634,
  "gcor": 0.0131476,
  "gsr_x": -0.003566679311916232,
  "gsr_y": 0.0025351743679493666,
  "provenance": {
    "md5sum": "893bae30a8c51f339995893096f990fb",
    "settings": {
      "fd_thres": 0.2,
      "hmc_fsl": false
    },
    "software": "mriqc",
    "version": "0.15.0",
    "webapi_port": null,
    "webapi_url": "https://mriqc.nimh.nih.gov/api/v1"
  },
  "size_t": 135,
  "size_x": 80,
  "size_y": 80,
  "size_z": 37,
  "snr": 4.801029313184443,
  "spacing_tr": 2.0,
  "spacing_x": 3.0,
  "spacing_y": 3.0,
  "spacing_z": 3.299999952316284,
  "spikes_num": 0,
  "summary_bg_k": 107.24461800231772,
  "summary_bg_mad": 0.6290320158004761,
  "summary_bg_mean": 176.762939453125,
  "summary_bg_median": 0.42904236912727356,
  "summary_bg_n": 149067.0,
  "summary_bg_p05": 0.001676855329424143,
  "summary_bg_p95": 850.4572448730371,
  "summary_bg_stdv": 998.534912109375,
  "summary_fg_k": 2.491649019598265,
  "summary_fg_mad": 4476.310546875,
  "summary_fg_mean": 26397.634765625,
  "summary_fg_median": 26082.93359375,
  "summary_fg_n": 46206.0,
  "summary_fg_p05": 18656.72607421875,
  "summary_fg_p95": 35160.955078125,
  "summary_fg_stdv": 5432.720703125,
  "tsnr": 88.43621826171875
}