{
  "bids_meta": {
    "AcquisitionNumber": 4,
    "BidsifyVersion": "0.3.5",
    "ConversionSoftware": "dcm2niix",
    "ConversionSoftwareVersion": "v1.0.20181125  GCC6.3.0",
    "EchoTime": 0.0038,
    "ImageComments": "piop",
    "ImageOrientationPatientDICOM": [
      0.995865,
      0.0862829,
      -0.0284156,
      -0.0883531,
      0.992693,
      -0.0821839
    ],
    "Manufacturer": "Philips",
    "PatientPosition": "HFS",
    "PhilipsRescaleIntercept": 0,
    "PhilipsRescaleSlope": 8.14921,
    "PhilipsScaleSlope": 0.00731783,
    "ProtocolName": "WIPt13dSENSE",
    "ReconMatrixPE": 240,
    "RepetitionTime": 0.00825,
    "SeriesDescription": "ImageMRSERIES",
    "SeriesNumber": 4,
    "UsePhilipsFloatNotDisplayScaling": 1,
    "dataset": "unknown",
    "modality": "T1w",
    "subject_id": "0039"
  },
  "cjv": 0.33144290277637223,
  "cnr": 3.8316542901468615,
  "efc": 0.7346865777933657,
  "fber": 2290.59375,
  "fwhm_avg": 3.56903,
  "fwhm_x": 3.51738,
  "fwhm_y": 3.75394,
  "fwhm_z": 3.43577,
  "icvs_csf": 0.20126130407427856,
  "icvs_gm": 0.4193903266387345,
  "icvs_wm": 0.37934836928698695,
  "inu_med": 1.8972764015197754,
  "inu_range": 0.39860522747039795,
  "provenance": {
    "md5sum": "e1ed07f367dacfb9cfb9a7bb741797b1",
    "settings": {
      "testing": false
    },
    "software": "mriqc",
    "version": "0.15.0",
    "warnings": {
      "large_rot_frame": true,
      "small_air_mask": true
    },
    "webapi_port": null,
    "webapi_url": "https://mriqc.nimh.nih.gov/api/v1"
  },
  "qi_1": 0.0,
  "qi_2": 7.631650038706763e-05,
  "rpve_csf": 29.679046294963094,
  "rpve_gm": 15.35810075758506,
  "rpve_wm": 21.537998937331608,
  "size_x": 240,
  "size_y": 240,
  "size_z": 220,
  "snr_csf": 2.271103661816401,
  "snr_gm": 7.203431711403474,
  "snr_total": 10.296595085842208,
  "snr_wm": 21.415249884306746,
  "snrd_csf": 25.235202095435415,
  "snrd_gm": 54.46638209350605,
  "snrd_total": 55.792465800362514,
  "snrd_wm": 87.67581321214607,
  "spacing_x": 1.0,
  "spacing_y": 1.0,
  "spacing_z": 1.0,
  "summary_bg_k": 514.9203793992245,
  "summary_bg_mad": 7.472015380859375,
  "summary_bg_mean": 10.423772811889648,
  "summary_bg_median": 9.98096752166748,
  "summary_bg_n": 189706.0,
  "summary_bg_p05": 0.0,
  "summary_bg_p95": 30.345924854278564,
  "summary_bg_stdv": 12.439574241638184,
  "summary_csf_k": -0.6801620618464765,
  "summary_csf_mad": 157.48309326171875,
  "summary_csf_mean": 276.6767578125,
  "summary_csf_median": 287.8146057128906,
  "summary_csf_n": 7590.0,
  "summary_csf_p05": 83.82707061767579,
  "summary_csf_p95": 466.42044982910147,
  "summary_csf_stdv": 126.72061157226562,
  "summary_gm_k": 0.15218023599929964,
  "summary_gm_mad": 83.17662048339844,
  "summary_gm_mean": 623.2786865234375,
  "summary_gm_median": 621.2044677734375,
  "summary_gm_n": 17510.0,
  "summary_gm_p05": 484.73875732421874,
  "summary_gm_p95": 769.8421813964844,
  "summary_gm_stdv": 86.23483276367188,
  "summary_wm_k": 0.82399396024072,
  "summary_wm_mad": 42.36166763305664,
  "summary_wm_mean": 997.7246704101562,
  "summary_wm_median": 999.9674072265625,
  "summary_wm_n": 200113.0,
  "summary_wm_p05": 917.7124877929687,
  "summary_wm_p95": 1070.672412109375,
  "summary_wm_stdv": 46.69405746459961,
  "tpm_overlap_csf": 0.22274354100227356,
  "tpm_overlap_gm": 0.516329824924469,
  "tpm_overlap_wm": 0.5702041387557983,
  "wm2max": 0.7230449688467461
}