{
  "bids_meta": {
    "AcquisitionNumber": 4,
    "BidsifyVersion": "0.3.5",
    "ConversionSoftware": "dcm2niix",
    "ConversionSoftwareVersion": "v1.0.20181125  GCC6.3.0",
    "EchoTime": 0.0038,
    "ImageComments": "piop",
    "ImageOrientationPatientDICOM": [
      0.991205,
      0.129341,
      -0.0280075,
      -0.130319,
      0.990802,
      -0.0364431
    ],
    "Manufacturer": "Philips",
    "PatientPosition": "HFS",
    "PhilipsRescaleIntercept": 0,
    "PhilipsRescaleSlope": 9.32552,
    "PhilipsScaleSlope": 0.00759665,
    "ProtocolName": "WIPt13dSENSE",
    "ReconMatrixPE": 240,
    "RepetitionTime": 0.008225,
    "SeriesDescription": "ImageMRSERIES",
    "SeriesNumber": 4,
    "UsePhilipsFloatNotDisplayScaling": 1,
    "dataset": "unknown",
    "modality": "T1w",
    "subject_id": "0016"
  },
  "cjv": 0.3113714045254809,
  "cnr": 4.020384443483879,
  "efc": 0.7754522804992644,
  "fber": 727.9093627929688,
  "fwhm_avg": 3.534796733696664,
  "fwhm_x": 3.48875,
  "fwhm_y": 3.74191,
  "fwhm_z": 3.37373020108999,
  "icvs_csf": 0.19107387847419613,
  "icvs_gm": 0.45690782042785905,
  "icvs_wm": 0.3520183010979448,
  "inu_med": 1.8932924270629883,
  "inu_range": 0.5424747467041016,
  "provenance": {
    "md5sum": "bdb9db22d51b7afd42363cf178c2631c",
    "settings": {
      "testing": false
    },
    "software": "mriqc",
    "version": "0.15.0",
    "warnings": {
      "large_rot_frame": true,
      "small_air_mask": true
    },
    "webapi_port": null,
    "webapi_url": "https://mriqc.nimh.nih.gov/api/v1"
  },
  "qi_1": 0.0,
  "qi_2": 0.00024138214894668883,
  "rpve_csf": 30.17109675191043,
  "rpve_gm": 14.256999097184858,
  "rpve_wm": 21.938500462304347,
  "size_x": 240,
  "size_y": 240,
  "size_z": 220,
  "snr_csf": 1.7707777549173802,
  "snr_gm": 7.295762340338171,
  "snr_total": 9.45048759295947,
  "snr_wm": 19.284922683622863,
  "snrd_csf": 16.889210910186208,
  "snrd_gm": 43.20335991606786,
  "snrd_total": 43.849958460418,
  "snrd_wm": 71.45730455499994,
  "spacing_x": 1.0,
  "spacing_y": 1.0,
  "spacing_z": 0.9999999403953552,
  "summary_bg_k": 31.7157889627655,
  "summary_bg_mad": 9.168084144592285,
  "summary_bg_mean": 13.80597972869873,
  "summary_bg_median": 12.308683395385742,
  "summary_bg_n": 132289.0,
  "summary_bg_p05": 0.0,
  "summary_bg_p95": 31.40773735046386,
  "summary_bg_stdv": 10.781736373901367,
  "summary_csf_k": 12.760210744007326,
  "summary_csf_mad": 143.63223266601562,
  "summary_csf_mean": 250.28585815429688,
  "summary_csf_median": 236.350341796875,
  "summary_csf_n": 7458.0,
  "summary_csf_p05": 80.36978378295899,
  "summary_csf_p95": 449.5250595092773,
  "summary_csf_stdv": 133.4636688232422,
  "summary_gm_k": 0.45974615136958263,
  "summary_gm_mad": 77.30742645263672,
  "summary_gm_mean": 610.4524536132812,
  "summary_gm_median": 604.5947875976562,
  "summary_gm_n": 23097.0,
  "summary_gm_p05": 482.7120788574219,
  "summary_gm_p95": 757.9705566406251,
  "summary_gm_stdv": 82.86751556396484,
  "summary_wm_k": 1.2143125503231778,
  "summary_wm_mad": 45.80579376220703,
  "summary_wm_mean": 996.0023803710938,
  "summary_wm_median": 999.9850463867188,
  "summary_wm_n": 176388.0,
  "summary_wm_p05": 903.2967163085937,
  "summary_wm_p95": 1072.6607604980468,
  "summary_wm_stdv": 51.853057861328125,
  "tpm_overlap_csf": 0.22652709484100342,
  "tpm_overlap_gm": 0.5327735543251038,
  "tpm_overlap_wm": 0.5613387823104858,
  "wm2max": 0.6941986599832457
}