{
  "aor": 0.0007152121212121212,
  "aqi": 0.006453121454545454,
  "bids_meta": {
    "AcquisitionNumber": 2,
    "BidsifyVersion": "0.3.5",
    "ConversionSoftware": "dcm2niix",
    "ConversionSoftwareVersion": "v1.0.20181125  GCC6.3.0",
    "EchoTime": 0.02762,
    "EffectiveEchoSpacing": 0.0006333282667071997,
    "ImageComments": "Piop",
    "ImageOrientationPatientDICOM": [
      0.998497,
      -0.0325675,
      -0.0440814,
      0.0202181,
      0.966451,
      -0.256053
    ],
    "Manufacturer": "Philips",
    "NumberOfVolumesDiscardedByScanner": 2,
    "ParallelAcquisitionTechnique": "SENSE",
    "ParallelReductionFactorInPlane": 2,
    "PatientPosition": "HFS",
    "PhaseEncodingDirection": "j",
    "PhilipsRescaleIntercept": 0,
    "PhilipsRescaleSlope": 0.76703,
    "PhilipsScaleSlope": 0.0942712,
    "ProtocolName": "WIPpiopfacesSENSE",
    "PulseSequenceType": "gradient echo EPI",
    "ReconMatrixPE": 80,
    "RepetitionTime": 0.75,
    "SeriesDescription": "ImageMRSERIES",
    "SeriesNumber": 2,
    "SliceEncodingDirection": "k",
    "SliceTiming": [
      0.0,
      0.06755050505050506,
      0.1351010101010101,
      0.20265151515151517,
      0.2702020202020202,
      0.3377525252525253,
      0.40530303030303033,
      0.47285353535353536,
      0.5404040404040404,
      0.6079545454545455,
      0.6755050505050506,
      0.7430555555555556,
      0.0,
      0.06755050505050506,
      0.1351010101010101,
      0.20265151515151517,
      0.2702020202020202,
      0.3377525252525253,
      0.40530303030303033,
      0.47285353535353536,
      0.5404040404040404,
      0.6079545454545455,
      0.6755050505050506,
      0.7430555555555556,
      0.0,
      0.06755050505050506,
      0.1351010101010101,
      0.20265151515151517,
      0.2702020202020202,
      0.3377525252525253,
      0.40530303030303033,
      0.47285353535353536,
      0.5404040404040404,
      0.6079545454545455,
      0.6755050505050506,
      0.7430555555555556
    ],
    "TaskName": "faces",
    "TotalReadoutTime": 0.024699802401580786,
    "UsePhilipsFloatNotDisplayScaling": 1,
    "acq_id": "mb3",
    "dataset": "unknown",
    "modality": "bold",
    "subject_id": "0065",
    "task_id": "faces"
  },
  "dummy_trs": 0,
  "dvars_nstd": 21.65319777832826,
  "dvars_std": 1.0555253432218847,
  "dvars_vstd": 0.9907489977507604,
  "efc": 0.40482054605894074,
  "fber": 316280672.0,
  "fd_mean": 0.11169001318160064,
  "fd_num": 21,
  "fd_perc": 6.363636363636363,
  "fwhm_avg": 2.6587075439642693,
  "fwhm_x": 2.7027699999999997,
  "fwhm_y": 2.8782433333333333,
  "fwhm_z": 2.3951092985594746,
  "gcor": 0.0129309,
  "gsr_x": -0.0007406540680676699,
  "gsr_y": 0.0010171334724873304,
  "provenance": {
    "md5sum": "edf1bb2782945f617efb6a8f8f3318de",
    "settings": {
      "fd_thres": 0.2,
      "hmc_fsl": false
    },
    "software": "mriqc",
    "version": "0.15.0",
    "webapi_port": null,
    "webapi_url": "https://mriqc.nimh.nih.gov/api/v1"
  },
  "size_t": 330,
  "size_x": 80,
  "size_y": 80,
  "size_z": 36,
  "snr": 4.721398652689479,
  "spacing_tr": 0.75,
  "spacing_x": 3.0,
  "spacing_y": 3.0,
  "spacing_z": 3.299999713897705,
  "spikes_num": 0,
  "summary_bg_k": 97.06580742638303,
  "summary_bg_mad": 1.2515225410461426,
  "summary_bg_mean": 146.42764282226562,
  "summary_bg_median": 0.8647720813751221,
  "summary_bg_n": 149254.0,
  "summary_bg_p05": 0.007147322269156576,
  "summary_bg_p95": 649.8654205322291,
  "summary_bg_stdv": 821.5746459960938,
  "summary_fg_k": 1.8578991808048881,
  "summary_fg_mad": 3074.272705078125,
  "summary_fg_mean": 16764.095703125,
  "summary_fg_median": 16796.9921875,
  "summary_fg_n": 40745.0,
  "summary_fg_p05": 11173.327734375001,
  "summary_fg_p95": 22193.958984374985,
  "summary_fg_stdv": 3557.5869140625,
  "tsnr": 53.818660736083984
}