{
  "aor": 0.01632533472803347,
  "aqi": 0.014037203891213388,
  "bids_meta": {
    "AcquisitionNumber": 6,
    "BidsifyVersion": "0.3.5",
    "ConversionSoftware": "dcm2niix",
    "ConversionSoftwareVersion": "v1.0.20181125  GCC6.3.0",
    "EchoTime": 0.02762,
    "EffectiveEchoSpacing": 0.0006333282667071997,
    "ImageComments": "Piop",
    "ImageOrientationPatientDICOM": [
      0.998497,
      -0.0325675,
      -0.0440814,
      0.0202181,
      0.966451,
      -0.256053
    ],
    "Manufacturer": "Philips",
    "NumberOfVolumesDiscardedByScanner": 2,
    "ParallelAcquisitionTechnique": "SENSE",
    "ParallelReductionFactorInPlane": 2,
    "PatientPosition": "HFS",
    "PhaseEncodingDirection": "j",
    "PhilipsRescaleIntercept": 0,
    "PhilipsRescaleSlope": 0.78632,
    "PhilipsScaleSlope": 0.0879348,
    "ProtocolName": "WIPpioprsSENSE",
    "PulseSequenceType": "gradient echo EPI",
    "ReconMatrixPE": 80,
    "RepetitionTime": 0.75,
    "SeriesDescription": "ImageMRSERIES",
    "SeriesNumber": 6,
    "SliceEncodingDirection": "k",
    "SliceTiming": [
      0.0,
      0.06755050505050506,
      0.1351010101010101,
      0.20265151515151517,
      0.2702020202020202,
      0.3377525252525253,
      0.40530303030303033,
      0.47285353535353536,
      0.5404040404040404,
      0.6079545454545455,
      0.6755050505050506,
      0.7430555555555556,
      0.0,
      0.06755050505050506,
      0.1351010101010101,
      0.20265151515151517,
      0.2702020202020202,
      0.3377525252525253,
      0.40530303030303033,
      0.47285353535353536,
      0.5404040404040404,
      0.6079545454545455,
      0.6755050505050506,
      0.7430555555555556,
      0.0,
      0.06755050505050506,
      0.1351010101010101,
      0.20265151515151517,
      0.2702020202020202,
      0.3377525252525253,
      0.40530303030303033,
      0.47285353535353536,
      0.5404040404040404,
      0.6079545454545455,
      0.6755050505050506,
      0.7430555555555556
    ],
    "TaskName": "restingstate",
    "TotalReadoutTime": 0.024699802401580786,
    "UsePhilipsFloatNotDisplayScaling": 1,
    "acq_id": "mb3",
    "dataset": "unknown",
    "modality": "bold",
    "subject_id": "0065",
    "task_id": "restingstate"
  },
  "dummy_trs": 2,
  "dvars_nstd": 25.937959586813424,
  "dvars_std": 1.2005074811949688,
  "dvars_vstd": 1.294692315723271,
  "efc": 0.40437233140590384,
  "fber": 102510520.0,
  "fd_mean": 0.12624343224199097,
  "fd_num": 47,
  "fd_perc": 9.832635983263598,
  "fwhm_avg": 2.4197680445503695,
  "fwhm_x": 2.39039,
  "fwhm_y": 2.6282866666666664,
  "fwhm_z": 2.2406274669844426,
  "gcor": 0.007992,
  "gsr_x": -0.0005572030786424875,
  "gsr_y": 0.0013585308333858848,
  "provenance": {
    "md5sum": "9f3df8c7be9f8b4eb69ff959a2149a1e",
    "settings": {
      "fd_thres": 0.2,
      "hmc_fsl": false
    },
    "software": "mriqc",
    "version": "0.15.0",
    "webapi_port": null,
    "webapi_url": "https://mriqc.nimh.nih.gov/api/v1"
  },
  "size_t": 478,
  "size_x": 80,
  "size_y": 80,
  "size_z": 36,
  "snr": 4.873720899130984,
  "spacing_tr": 0.75,
  "spacing_x": 3.0,
  "spacing_y": 3.0,
  "spacing_z": 3.299999713897705,
  "spikes_num": 55,
  "summary_bg_k": 99.25256413490604,
  "summary_bg_mad": 2.1386754512786865,
  "summary_bg_mean": 147.9828338623047,
  "summary_bg_median": 1.4861031770706177,
  "summary_bg_n": 149457.0,
  "summary_bg_p05": 0.017902392894029617,
  "summary_bg_p95": 573.3200195312492,
  "summary_bg_stdv": 817.238037109375,
  "summary_fg_k": 2.052485900102373,
  "summary_fg_mad": 2920.153076171875,
  "summary_fg_mean": 16464.568359375,
  "summary_fg_median": 16460.796875,
  "summary_fg_n": 40515.0,
  "summary_fg_p05": 11293.786328125,
  "summary_fg_p95": 21644.005468749983,
  "summary_fg_stdv": 3377.418212890625,
  "tsnr": 38.53032684326172
}