{
  "aor": 0.005197777777777778,
  "aqi": 0.004945724814814815,
  "bids_meta": {
    "AcquisitionNumber": 5,
    "BidsifyVersion": "0.3.5",
    "ConversionSoftware": "dcm2niix",
    "ConversionSoftwareVersion": "v1.0.20181125  GCC6.3.0",
    "EchoTime": 0.02762,
    "EffectiveEchoSpacing": 0.0006621159151938905,
    "ImageComments": "Piop",
    "ImageOrientationPatientDICOM": [
      0.998497,
      -0.0325675,
      -0.0440814,
      0.0202181,
      0.966451,
      -0.256053
    ],
    "Manufacturer": "Philips",
    "NumberOfVolumesDiscardedByScanner": 2,
    "ParallelAcquisitionTechnique": "SENSE",
    "ParallelReductionFactorInPlane": 2,
    "PatientPosition": "HFS",
    "PhaseEncodingDirection": "j",
    "PhilipsRescaleIntercept": 0,
    "PhilipsRescaleSlope": 0.8083,
    "PhilipsScaleSlope": 0.0633183,
    "ProtocolName": "WIPpiopharririSENSE",
    "PulseSequenceType": "gradient echo EPI",
    "ReconMatrixPE": 80,
    "RepetitionTime": 2,
    "SeriesDescription": "ImageMRSERIES",
    "SeriesNumber": 5,
    "SliceEncodingDirection": "k",
    "SliceTiming": [
      0.0,
      0.0541,
      0.1081,
      0.1622,
      0.2162,
      0.2703,
      0.3243,
      0.3784,
      0.4324,
      0.4865,
      0.5405,
      0.5946,
      0.6486,
      0.7027,
      0.7568,
      0.8108,
      0.8649,
      0.9189,
      0.973,
      1.027,
      1.0811,
      1.1351,
      1.1892,
      1.2432,
      1.2973,
      1.3514,
      1.4054,
      1.4595,
      1.5135,
      1.5676,
      1.6216,
      1.6757,
      1.7297,
      1.7838,
      1.8378,
      1.8919,
      1.9459
    ],
    "TaskName": "emomatching",
    "TotalReadoutTime": 0.025822520692561732,
    "UsePhilipsFloatNotDisplayScaling": 1,
    "acq_id": "seq",
    "dataset": "unknown",
    "modality": "bold",
    "subject_id": "0065",
    "task_id": "emomatching"
  },
  "dummy_trs": 0,
  "dvars_nstd": 24.340580342014928,
  "dvars_std": 1.2541470506716417,
  "dvars_vstd": 0.9963217116417912,
  "efc": 0.3950059502387444,
  "fber": 231260704.0,
  "fd_mean": 0.13058034827913503,
  "fd_num": 19,
  "fd_perc": 14.074074074074074,
  "fwhm_avg": 2.2921395559667914,
  "fwhm_x": 2.28058,
  "fwhm_y": 2.4844566666666665,
  "fwhm_z": 2.1113820012337077,
  "gcor": 0.0140289,
  "gsr_x": 0.00039418780943378806,
  "gsr_y": 0.0030342775862663984,
  "provenance": {
    "md5sum": "ba0ec57e25197f63ab9f323d68fa79fd",
    "settings": {
      "fd_thres": 0.2,
      "hmc_fsl": false
    },
    "software": "mriqc",
    "version": "0.15.0",
    "webapi_port": null,
    "webapi_url": "https://mriqc.nimh.nih.gov/api/v1"
  },
  "size_t": 135,
  "size_x": 80,
  "size_y": 80,
  "size_z": 37,
  "snr": 4.157980071269491,
  "spacing_tr": 2.0,
  "spacing_x": 3.0,
  "spacing_y": 3.0,
  "spacing_z": 3.299999713897705,
  "spikes_num": 7,
  "summary_bg_k": 158.65219969663275,
  "summary_bg_mad": 1.9111828804016113,
  "summary_bg_mean": 187.95814514160156,
  "summary_bg_median": 1.308440923690796,
  "summary_bg_n": 154750.0,
  "summary_bg_p05": 0.006702004070393742,
  "summary_bg_p95": 639.0219848632805,
  "summary_bg_stdv": 1117.8629150390625,
  "summary_fg_k": 1.8560578694954426,
  "summary_fg_mad": 4602.9296875,
  "summary_fg_mean": 22286.255859375,
  "summary_fg_median": 21927.919921875,
  "summary_fg_n": 40925.0,
  "summary_fg_p05": 15026.92265625,
  "summary_fg_p95": 30941.109765624977,
  "summary_fg_stdv": 5273.630859375,
  "tsnr": 62.15531539916992
}