{
  "aor": 0.0007370612244897959,
  "aqi": 0.00940585555102041,
  "bids_meta": {
    "AcquisitionNumber": 3,
    "BidsifyVersion": "0.3.5",
    "ConversionSoftware": "dcm2niix",
    "ConversionSoftwareVersion": "v1.0.20181125  GCC6.3.0",
    "EchoTime": 0.02762,
    "EffectiveEchoSpacing": 0.0006621159151938905,
    "ImageComments": "Piop",
    "ImageOrientationPatientDICOM": [
      0.999699,
      0.0138953,
      0.0201942,
      -0.00540895,
      0.928554,
      -0.371158
    ],
    "Manufacturer": "Philips",
    "NumberOfVolumesDiscardedByScanner": 2,
    "ParallelAcquisitionTechnique": "SENSE",
    "ParallelReductionFactorInPlane": 2,
    "PatientPosition": "HFS",
    "PhaseEncodingDirection": "j",
    "PhilipsRescaleIntercept": 0,
    "PhilipsRescaleSlope": 0.74725,
    "PhilipsScaleSlope": 0.0611458,
    "ProtocolName": "WIPpiopgstroopSENSE",
    "PulseSequenceType": "gradient echo EPI",
    "ReconMatrixPE": 80,
    "RepetitionTime": 2,
    "SeriesDescription": "ImageMRSERIES",
    "SeriesNumber": 3,
    "SliceEncodingDirection": "k",
    "SliceTiming": [
      0.0,
      0.0541,
      0.1081,
      0.1622,
      0.2162,
      0.2703,
      0.3243,
      0.3784,
      0.4324,
      0.4865,
      0.5405,
      0.5946,
      0.6486,
      0.7027,
      0.7568,
      0.8108,
      0.8649,
      0.9189,
      0.973,
      1.027,
      1.0811,
      1.1351,
      1.1892,
      1.2432,
      1.2973,
      1.3514,
      1.4054,
      1.4595,
      1.5135,
      1.5676,
      1.6216,
      1.6757,
      1.7297,
      1.7838,
      1.8378,
      1.8919,
      1.9459
    ],
    "TaskName": "gstroop",
    "TotalReadoutTime": 0.025822520692561732,
    "UsePhilipsFloatNotDisplayScaling": 1,
    "acq_id": "seq",
    "dataset": "unknown",
    "modality": "bold",
    "subject_id": "0074",
    "task_id": "gstroop"
  },
  "dummy_trs": 0,
  "dvars_nstd": 25.399843426762278,
  "dvars_std": 1.1237033543852455,
  "dvars_vstd": 0.9355315860245901,
  "efc": 0.46841268693324806,
  "fber": 52306604.0,
  "fd_mean": 0.12760638697897286,
  "fd_num": 22,
  "fd_perc": 8.979591836734693,
  "fwhm_avg": 2.3478951620435176,
  "fwhm_x": 2.2945466666666667,
  "fwhm_y": 2.56326,
  "fwhm_z": 2.1858788194638863,
  "gcor": 0.0263349,
  "gsr_x": 0.00032449091668240726,
  "gsr_y": 0.01611005701124668,
  "provenance": {
    "md5sum": "6a505f8ae9524b83088a3ed10b277f9c",
    "settings": {
      "fd_thres": 0.2,
      "hmc_fsl": false
    },
    "software": "mriqc",
    "version": "0.15.0",
    "webapi_port": null,
    "webapi_url": "https://mriqc.nimh.nih.gov/api/v1"
  },
  "size_t": 245,
  "size_x": 80,
  "size_y": 80,
  "size_z": 37,
  "snr": 4.625961538497076,
  "spacing_tr": 2.0,
  "spacing_x": 3.0,
  "spacing_y": 3.0,
  "spacing_z": 3.299999952316284,
  "spikes_num": 0,
  "summary_bg_k": 43.89270062112863,
  "summary_bg_mad": 3.7109689712524414,
  "summary_bg_mean": 341.62176513671875,
  "summary_bg_median": 2.598855495452881,
  "summary_bg_n": 140687.0,
  "summary_bg_p05": 0.04366632625460625,
  "summary_bg_p95": 2172.8037597656166,
  "summary_bg_stdv": 1469.572509765625,
  "summary_fg_k": 1.515362325557442,
  "summary_fg_mad": 4479.115234375,
  "summary_fg_mean": 22476.19140625,
  "summary_fg_median": 22264.546875,
  "summary_fg_n": 52545.0,
  "summary_fg_p05": 15544.552734375,
  "summary_fg_p95": 30138.008203125,
  "summary_fg_stdv": 4812.90966796875,
  "tsnr": 48.790016174316406
}