{
  "aor": 0.000776888888888889,
  "aqi": 0.0037696654814814816,
  "bids_meta": {
    "AcquisitionNumber": 5,
    "BidsifyVersion": "0.3.5",
    "ConversionSoftware": "dcm2niix",
    "ConversionSoftwareVersion": "v1.0.20181125  GCC6.3.0",
    "EchoTime": 0.02762,
    "EffectiveEchoSpacing": 0.0006621159151938905,
    "ImageComments": "Piop",
    "ImageOrientationPatientDICOM": [
      0.999386,
      0.0349887,
      -0.00159892,
      -0.0348993,
      0.998623,
      0.0391651
    ],
    "Manufacturer": "Philips",
    "NumberOfVolumesDiscardedByScanner": 2,
    "ParallelAcquisitionTechnique": "SENSE",
    "ParallelReductionFactorInPlane": 2,
    "PatientPosition": "HFS",
    "PhaseEncodingDirection": "j",
    "PhilipsRescaleIntercept": 0,
    "PhilipsRescaleSlope": 0.92723,
    "PhilipsScaleSlope": 0.0499755,
    "ProtocolName": "WIPpiopharririSENSE",
    "PulseSequenceType": "gradient echo EPI",
    "ReconMatrixPE": 80,
    "RepetitionTime": 2,
    "SeriesDescription": "ImageMRSERIES",
    "SeriesNumber": 5,
    "SliceEncodingDirection": "k",
    "SliceTiming": [
      0.0,
      0.0541,
      0.1081,
      0.1622,
      0.2162,
      0.2703,
      0.3243,
      0.3784,
      0.4324,
      0.4865,
      0.5405,
      0.5946,
      0.6486,
      0.7027,
      0.7568,
      0.8108,
      0.8649,
      0.9189,
      0.973,
      1.027,
      1.0811,
      1.1351,
      1.1892,
      1.2432,
      1.2973,
      1.3514,
      1.4054,
      1.4595,
      1.5135,
      1.5676,
      1.6216,
      1.6757,
      1.7297,
      1.7838,
      1.8378,
      1.8919,
      1.9459
    ],
    "TaskName": "emomatching",
    "TotalReadoutTime": 0.025822520692561732,
    "UsePhilipsFloatNotDisplayScaling": 1,
    "acq_id": "seq",
    "dataset": "unknown",
    "modality": "bold",
    "subject_id": "0193",
    "task_id": "emomatching"
  },
  "dummy_trs": 0,
  "dvars_nstd": 22.34859785417911,
  "dvars_std": 1.2795311363432842,
  "dvars_vstd": 0.9973906638059703,
  "efc": 0.42778057727548957,
  "fber": 785956160.0,
  "fd_mean": 0.11426351013426742,
  "fd_num": 5,
  "fd_perc": 3.7037037037037037,
  "fwhm_avg": 2.3339801109260514,
  "fwhm_x": 2.34747,
  "fwhm_y": 2.5957399999999997,
  "fwhm_z": 2.058730332778155,
  "gcor": 0.0349873,
  "gsr_x": 0.005353265907615423,
  "gsr_y": -0.0029022698290646076,
  "provenance": {
    "md5sum": "7fc6a09ced714855a154a48fb7d7f8ae",
    "settings": {
      "fd_thres": 0.2,
      "hmc_fsl": false
    },
    "software": "mriqc",
    "version": "0.15.0",
    "webapi_port": null,
    "webapi_url": "https://mriqc.nimh.nih.gov/api/v1"
  },
  "size_t": 135,
  "size_x": 80,
  "size_y": 80,
  "size_z": 37,
  "snr": 4.991755620123707,
  "spacing_tr": 2.0,
  "spacing_x": 3.0,
  "spacing_y": 3.0,
  "spacing_z": 3.299999952316284,
  "spikes_num": 0,
  "summary_bg_k": 44.47619460562573,
  "summary_bg_mad": 1.2673308849334717,
  "summary_bg_mean": 326.61187744140625,
  "summary_bg_median": 0.8600048422813416,
  "summary_bg_n": 149457.0,
  "summary_bg_p05": 0.002070549363270402,
  "summary_bg_p95": 1468.8541015624587,
  "summary_bg_stdv": 1607.01953125,
  "summary_fg_k": 2.019211255165028,
  "summary_fg_mad": 4798.236328125,
  "summary_fg_mean": 27232.6796875,
  "summary_fg_median": 27143.16015625,
  "summary_fg_n": 45412.0,
  "summary_fg_p05": 18858.504296875,
  "summary_fg_p95": 35663.3771484375,
  "summary_fg_stdv": 5437.5380859375,
  "tsnr": 80.7025146484375
}