{
  "aor": 0.0020679187817258886,
  "aqi": 0.004175024923857868,
  "bids_meta": {
    "AcquisitionNumber": 9,
    "BidsifyVersion": "0.3.5",
    "ConversionSoftware": "dcm2niix",
    "ConversionSoftwareVersion": "v1.0.20181125  GCC6.3.0",
    "EchoTime": 0.02762,
    "EffectiveEchoSpacing": 0.0006621159151938905,
    "ImageComments": "Piop",
    "ImageOrientationPatientDICOM": [
      0.999386,
      0.0349887,
      -0.00159892,
      -0.0348993,
      0.998623,
      0.0391651
    ],
    "Manufacturer": "Philips",
    "NumberOfVolumesDiscardedByScanner": 2,
    "ParallelAcquisitionTechnique": "SENSE",
    "ParallelReductionFactorInPlane": 2,
    "PatientPosition": "HFS",
    "PhaseEncodingDirection": "j",
    "PhilipsRescaleIntercept": 0,
    "PhilipsRescaleSlope": 0.89402,
    "PhilipsScaleSlope": 0.0513064,
    "ProtocolName": "WIPpiopanticipatieSENSE",
    "PulseSequenceType": "gradient echo EPI",
    "ReconMatrixPE": 80,
    "RepetitionTime": 2,
    "SeriesDescription": "ImageMRSERIES",
    "SeriesNumber": 9,
    "SliceEncodingDirection": "k",
    "SliceTiming": [
      0.0,
      0.0541,
      0.1081,
      0.1622,
      0.2162,
      0.2703,
      0.3243,
      0.3784,
      0.4324,
      0.4865,
      0.5405,
      0.5946,
      0.6486,
      0.7027,
      0.7568,
      0.8108,
      0.8649,
      0.9189,
      0.973,
      1.027,
      1.0811,
      1.1351,
      1.1892,
      1.2432,
      1.2973,
      1.3514,
      1.4054,
      1.4595,
      1.5135,
      1.5676,
      1.6216,
      1.6757,
      1.7297,
      1.7838,
      1.8378,
      1.8919,
      1.9459
    ],
    "TaskName": "anticipation",
    "TotalReadoutTime": 0.025822520692561732,
    "UsePhilipsFloatNotDisplayScaling": 1,
    "acq_id": "seq",
    "dataset": "unknown",
    "modality": "bold",
    "subject_id": "0193",
    "task_id": "anticipation"
  },
  "dummy_trs": 3,
  "dvars_nstd": 21.86863700209183,
  "dvars_std": 1.2354185791326526,
  "dvars_vstd": 1.0003115929081623,
  "efc": 0.42803388359667927,
  "fber": 354520448.0,
  "fd_mean": 0.12948212317486443,
  "fd_num": 9,
  "fd_perc": 4.568527918781726,
  "fwhm_avg": 2.3279340503187798,
  "fwhm_x": 2.3436566666666665,
  "fwhm_y": 2.5816666666666666,
  "fwhm_z": 2.0584788176230058,
  "gcor": 0.0292062,
  "gsr_x": 0.005432800855487585,
  "gsr_y": -0.003159185405820608,
  "provenance": {
    "md5sum": "889f22af5c795bd0293884fefa6aa34a",
    "settings": {
      "fd_thres": 0.2,
      "hmc_fsl": false
    },
    "software": "mriqc",
    "version": "0.15.0",
    "webapi_port": null,
    "webapi_url": "https://mriqc.nimh.nih.gov/api/v1"
  },
  "size_t": 197,
  "size_x": 80,
  "size_y": 80,
  "size_z": 37,
  "snr": 5.012254600488416,
  "spacing_tr": 2.0,
  "spacing_x": 3.0,
  "spacing_y": 3.0,
  "spacing_z": 3.299999952316284,
  "spikes_num": 6,
  "summary_bg_k": 43.661972152825,
  "summary_bg_mad": 1.9212746620178223,
  "summary_bg_mean": 328.19964599609375,
  "summary_bg_median": 1.312718391418457,
  "summary_bg_n": 149598.0,
  "summary_bg_p05": 0.005259261699393392,
  "summary_bg_p95": 1368.1611145019515,
  "summary_bg_stdv": 1613.1917724609375,
  "summary_fg_k": 2.1974285728149674,
  "summary_fg_mad": 4551.8291015625,
  "summary_fg_mean": 26431.076171875,
  "summary_fg_median": 26330.814453125,
  "summary_fg_n": 45279.0,
  "summary_fg_p05": 18405.447460937503,
  "summary_fg_p95": 34508.36718749999,
  "summary_fg_stdv": 5253.2294921875,
  "tsnr": 76.21931457519531
}