{
  "aor": 0.0018839259259259258,
  "aqi": 0.004651012592592592,
  "bids_meta": {
    "AcquisitionNumber": 5,
    "BidsifyVersion": "0.3.5",
    "ConversionSoftware": "dcm2niix",
    "ConversionSoftwareVersion": "v1.0.20181125  GCC6.3.0",
    "EchoTime": 0.02762,
    "ImageComments": "Piop",
    "ImageOrientationPatientDICOM": [
      0.99796,
      -0.0260972,
      0.0582629,
      0.0502052,
      0.88455,
      -0.463736
    ],
    "Manufacturer": "Philips",
    "NumberOfVolumesDiscardedByScanner": 2,
    "ParallelAcquisitionTechnique": "SENSE",
    "ParallelReductionFactorInPlane": 2,
    "PatientPosition": "HFS",
    "PhaseEncodingDirection": "j",
    "PhilipsRescaleIntercept": 0,
    "PhilipsRescaleSlope": 0.76313,
    "PhilipsScaleSlope": 0.0598576,
    "ProtocolName": "WIPpiopharririSENSE",
    "PulseSequenceType": "gradient echo EPI",
    "ReconMatrixPE": 80,
    "RepetitionTime": 2,
    "SeriesDescription": "ImageMRSERIES",
    "SeriesNumber": 5,
    "SliceEncodingDirection": "k",
    "TaskName": "emomatching",
    "UsePhilipsFloatNotDisplayScaling": 1,
    "acq_id": "seq",
    "dataset": "unknown",
    "modality": "bold",
    "subject_id": "0114",
    "task_id": "emomatching"
  },
  "dummy_trs": 0,
  "dvars_nstd": 29.731079599328364,
  "dvars_std": 1.4126321265671637,
  "dvars_vstd": 1.023575405671642,
  "efc": 0.4068143303649715,
  "fber": 465994368.0,
  "fd_mean": 0.20941728652406097,
  "fd_num": 59,
  "fd_perc": 43.7037037037037,
  "fwhm_avg": 2.274269606310392,
  "fwhm_x": 2.28042,
  "fwhm_y": 2.3933766666666667,
  "fwhm_z": 2.1490121522645103,
  "gcor": 0.0590859,
  "gsr_x": -0.00431678956374526,
  "gsr_y": 0.004020129796117544,
  "provenance": {
    "md5sum": "d74213ef2d2baddb45774940ee0721d3",
    "settings": {
      "fd_thres": 0.2,
      "hmc_fsl": false
    },
    "software": "mriqc",
    "version": "0.15.0",
    "webapi_port": null,
    "webapi_url": "https://mriqc.nimh.nih.gov/api/v1"
  },
  "size_t": 135,
  "size_x": 80,
  "size_y": 80,
  "size_z": 37,
  "snr": 4.59229284611605,
  "spacing_tr": 2.0,
  "spacing_x": 3.0,
  "spacing_y": 3.0,
  "spacing_z": 3.299999952316284,
  "spikes_num": 1,
  "summary_bg_k": 107.78204312869879,
  "summary_bg_mad": 1.363823652267456,
  "summary_bg_mean": 163.1083526611328,
  "summary_bg_median": 0.9352040886878967,
  "summary_bg_n": 152363.0,
  "summary_bg_p05": 0.006521440856158733,
  "summary_bg_p95": 725.270904541011,
  "summary_bg_stdv": 896.9166870117188,
  "summary_fg_k": 2.3848971644343147,
  "summary_fg_mad": 4052.23876953125,
  "summary_fg_mean": 22726.80859375,
  "summary_fg_median": 22391.63671875,
  "summary_fg_n": 42636.0,
  "summary_fg_p05": 16065.79541015625,
  "summary_fg_p95": 30824.55712890625,
  "summary_fg_stdv": 4875.859375,
  "tsnr": 70.96377563476562
}