{
  "bids_meta": {
    "AcquisitionNumber": 4,
    "BidsifyVersion": "0.3.5",
    "ConversionSoftware": "dcm2niix",
    "ConversionSoftwareVersion": "v1.0.20181125  GCC6.3.0",
    "EchoTime": 0.00374,
    "ImageComments": "PIOP",
    "ImageOrientationPatientDICOM": [
      0.999869,
      -0.01137,
      -0.0115246,
      0.01082,
      0.99885,
      -0.0467109
    ],
    "Manufacturer": "Philips",
    "PatientPosition": "HFS",
    "PhilipsRescaleIntercept": 0,
    "PhilipsRescaleSlope": 10.1421,
    "PhilipsScaleSlope": 0.00785252,
    "ProtocolName": "WIPt13dSENSE",
    "ReconMatrixPE": 240,
    "RepetitionTime": 0.00816,
    "SeriesDescription": "ImageMRSERIES",
    "SeriesNumber": 4,
    "UsePhilipsFloatNotDisplayScaling": 1,
    "dataset": "unknown",
    "modality": "T1w",
    "subject_id": "0007"
  },
  "cjv": 0.34526887720720717,
  "cnr": 3.8315440157302136,
  "efc": 0.770050868537806,
  "fber": 490.4335632324219,
  "fwhm_avg": 3.738656666666666,
  "fwhm_x": 3.59479,
  "fwhm_y": 4.02487,
  "fwhm_z": 3.59631,
  "icvs_csf": 0.20698481698860255,
  "icvs_gm": 0.4352745705794589,
  "icvs_wm": 0.35774061243193855,
  "inu_med": 1.4077425003051758,
  "inu_range": 0.43069972395896916,
  "provenance": {
    "md5sum": "c1eb405804dca07fca2c40f5490ee47e",
    "settings": {
      "testing": false
    },
    "software": "mriqc",
    "version": "0.15.0",
    "warnings": {
      "large_rot_frame": true,
      "small_air_mask": true
    },
    "webapi_port": null,
    "webapi_url": "https://mriqc.nimh.nih.gov/api/v1"
  },
  "qi_1": 0.0,
  "qi_2": 0.00020355174852460341,
  "rpve_csf": 28.483500922153898,
  "rpve_gm": 14.67475164464608,
  "rpve_wm": 21.705997587870435,
  "size_x": 240,
  "size_y": 240,
  "size_z": 220,
  "snr_csf": 1.7547787161701685,
  "snr_gm": 7.505615148618492,
  "snr_total": 9.046858852414855,
  "snr_wm": 17.880182692455904,
  "snrd_csf": 13.069822071239704,
  "snrd_gm": 36.38313895440072,
  "snrd_total": 36.17903725689373,
  "snrd_wm": 59.08415074504076,
  "spacing_x": 1.0,
  "spacing_y": 1.0,
  "spacing_z": 1.0,
  "summary_bg_k": 1.8340993259155347,
  "summary_bg_mad": 11.088136672973633,
  "summary_bg_mean": 18.285364151000977,
  "summary_bg_median": 14.80708122253418,
  "summary_bg_n": 73298.0,
  "summary_bg_p05": 0.0,
  "summary_bg_p95": 44.227774429321286,
  "summary_bg_stdv": 14.027256965637207,
  "summary_csf_k": -0.5944290649913415,
  "summary_csf_mad": 152.27542114257812,
  "summary_csf_mean": 236.78453063964844,
  "summary_csf_median": 221.205810546875,
  "summary_csf_n": 8318.0,
  "summary_csf_p05": 64.17146606445313,
  "summary_csf_p95": 440.43434906005854,
  "summary_csf_stdv": 126.051513671875,
  "summary_gm_k": -0.08195732086838481,
  "summary_gm_mad": 82.30921936035156,
  "summary_gm_mean": 618.5814208984375,
  "summary_gm_median": 615.7820434570312,
  "summary_gm_n": 20124.0,
  "summary_gm_p05": 487.92481689453126,
  "summary_gm_p95": 759.8710662841797,
  "summary_gm_stdv": 82.04080963134766,
  "summary_wm_k": 1.0435458827478028,
  "summary_wm_mad": 50.34757614135742,
  "summary_wm_mean": 996.9794311523438,
  "summary_wm_median": 999.9950561523438,
  "summary_wm_n": 186749.0,
  "summary_wm_p05": 899.9846557617187,
  "summary_wm_p95": 1082.5696533203125,
  "summary_wm_stdv": 55.92741394042969,
  "tpm_overlap_csf": 0.2234935760498047,
  "tpm_overlap_gm": 0.5245020389556885,
  "tpm_overlap_wm": 0.5676172971725464,
  "wm2max": 0.7504856131313927
}