{
  "aor": 0.002042530864197531,
  "aqi": 0.0073755069135802475,
  "bids_meta": {
    "AcquisitionNumber": 9,
    "BidsifyVersion": "0.3.5",
    "ConversionSoftware": "dcm2niix",
    "ConversionSoftwareVersion": "v1.0.20181125  GCC6.3.0",
    "EchoTime": 0.02762,
    "EffectiveEchoSpacing": 0.0006621159151938905,
    "ImageComments": "Piop",
    "ImageOrientationPatientDICOM": [
      0.998719,
      0.0490363,
      -0.0124838,
      -0.0505929,
      0.963448,
      -0.263073
    ],
    "Manufacturer": "Philips",
    "NumberOfVolumesDiscardedByScanner": 2,
    "ParallelAcquisitionTechnique": "SENSE",
    "ParallelReductionFactorInPlane": 2,
    "PatientPosition": "HFS",
    "PhaseEncodingDirection": "j",
    "PhilipsRescaleIntercept": 0,
    "PhilipsRescaleSlope": 0.84103,
    "PhilipsScaleSlope": 0.0525322,
    "ProtocolName": "WIPpiopwmSENSE",
    "PulseSequenceType": "gradient echo EPI",
    "ReconMatrixPE": 80,
    "RepetitionTime": 2,
    "SeriesDescription": "ImageMRSERIES",
    "SeriesNumber": 9,
    "SliceEncodingDirection": "k",
    "SliceTiming": [
      0.0,
      0.0541,
      0.1081,
      0.1622,
      0.2162,
      0.2703,
      0.3243,
      0.3784,
      0.4324,
      0.4865,
      0.5405,
      0.5946,
      0.6486,
      0.7027,
      0.7568,
      0.8108,
      0.8649,
      0.9189,
      0.973,
      1.027,
      1.0811,
      1.1351,
      1.1892,
      1.2432,
      1.2973,
      1.3514,
      1.4054,
      1.4595,
      1.5135,
      1.5676,
      1.6216,
      1.6757,
      1.7297,
      1.7838,
      1.8378,
      1.8919,
      1.9459
    ],
    "TaskName": "workingmemory",
    "TotalReadoutTime": 0.025822520692561732,
    "UsePhilipsFloatNotDisplayScaling": 1,
    "acq_id": "seq",
    "dataset": "unknown",
    "modality": "bold",
    "subject_id": "0002",
    "task_id": "workingmemory"
  },
  "dummy_trs": 0,
  "dvars_nstd": 21.823868402049687,
  "dvars_std": 1.2118314255900626,
  "dvars_vstd": 0.9526558927329192,
  "efc": 0.42576466762202686,
  "fber": 34904836.0,
  "fd_mean": 0.10192752761527141,
  "fd_num": 7,
  "fd_perc": 4.320987654320987,
  "fwhm_avg": 2.3981264753457885,
  "fwhm_x": 2.35476,
  "fwhm_y": 2.6182466666666664,
  "fwhm_z": 2.2213727593706993,
  "gcor": 0.0184584,
  "gsr_x": -0.004222996067255735,
  "gsr_y": 0.002588863018900156,
  "provenance": {
    "md5sum": "7dfb3708646f7f22435009bb9d1f2ad6",
    "settings": {
      "fd_thres": 0.2,
      "hmc_fsl": false
    },
    "software": "mriqc",
    "version": "0.15.0",
    "webapi_port": null,
    "webapi_url": "https://mriqc.nimh.nih.gov/api/v1"
  },
  "size_t": 162,
  "size_x": 80,
  "size_y": 80,
  "size_z": 37,
  "snr": 4.634548041433773,
  "spacing_tr": 2.0,
  "spacing_x": 3.0,
  "spacing_y": 3.0,
  "spacing_z": 3.299999952316284,
  "spikes_num": 0,
  "summary_bg_k": 99.31727287555107,
  "summary_bg_mad": 5.562412261962891,
  "summary_bg_mean": 191.34767150878906,
  "summary_bg_median": 3.8718156814575195,
  "summary_bg_n": 148622.0,
  "summary_bg_p05": 0.010451941518113017,
  "summary_bg_p95": 897.4149230957023,
  "summary_bg_stdv": 987.7051391601562,
  "summary_fg_k": 2.2948365331829432,
  "summary_fg_mad": 4487.0205078125,
  "summary_fg_mean": 24684.255859375,
  "summary_fg_median": 24471.51953125,
  "summary_fg_n": 46339.0,
  "summary_fg_p05": 16834.648828125,
  "summary_fg_p95": 32913.99453124999,
  "summary_fg_stdv": 5280.181640625,
  "tsnr": 61.31603240966797
}