{
  "aor": 0.0009642040816326531,
  "aqi": 0.010370355224489796,
  "bids_meta": {
    "AcquisitionNumber": 3,
    "BidsifyVersion": "0.3.5",
    "ConversionSoftware": "dcm2niix",
    "ConversionSoftwareVersion": "v1.0.20181125  GCC6.3.0",
    "EchoTime": 0.02762,
    "EffectiveEchoSpacing": 0.0006621159151938905,
    "ImageComments": "Piop",
    "ImageOrientationPatientDICOM": [
      0.998719,
      0.0490363,
      -0.0124838,
      -0.0505929,
      0.963448,
      -0.263073
    ],
    "Manufacturer": "Philips",
    "NumberOfVolumesDiscardedByScanner": 2,
    "ParallelAcquisitionTechnique": "SENSE",
    "ParallelReductionFactorInPlane": 2,
    "PatientPosition": "HFS",
    "PhaseEncodingDirection": "j",
    "PhilipsRescaleIntercept": 0,
    "PhilipsRescaleSlope": 0.77827,
    "PhilipsScaleSlope": 0.0561093,
    "ProtocolName": "WIPpiopgstroopSENSE",
    "PulseSequenceType": "gradient echo EPI",
    "ReconMatrixPE": 80,
    "RepetitionTime": 2,
    "SeriesDescription": "ImageMRSERIES",
    "SeriesNumber": 3,
    "SliceEncodingDirection": "k",
    "SliceTiming": [
      0.0,
      0.0541,
      0.1081,
      0.1622,
      0.2162,
      0.2703,
      0.3243,
      0.3784,
      0.4324,
      0.4865,
      0.5405,
      0.5946,
      0.6486,
      0.7027,
      0.7568,
      0.8108,
      0.8649,
      0.9189,
      0.973,
      1.027,
      1.0811,
      1.1351,
      1.1892,
      1.2432,
      1.2973,
      1.3514,
      1.4054,
      1.4595,
      1.5135,
      1.5676,
      1.6216,
      1.6757,
      1.7297,
      1.7838,
      1.8378,
      1.8919,
      1.9459
    ],
    "TaskName": "gstroop",
    "TotalReadoutTime": 0.025822520692561732,
    "UsePhilipsFloatNotDisplayScaling": 1,
    "acq_id": "seq",
    "dataset": "unknown",
    "modality": "bold",
    "subject_id": "0002",
    "task_id": "gstroop"
  },
  "dummy_trs": 0,
  "dvars_nstd": 22.39234195741804,
  "dvars_std": 1.1927335950000002,
  "dvars_vstd": 0.9304029104918028,
  "efc": 0.425775086912127,
  "fber": 35470784.0,
  "fd_mean": 0.09588005408585823,
  "fd_num": 6,
  "fd_perc": 2.4489795918367347,
  "fwhm_avg": 2.3800560712272545,
  "fwhm_x": 2.339906666666667,
  "fwhm_y": 2.59511,
  "fwhm_z": 2.205151547015097,
  "gcor": 0.0105046,
  "gsr_x": -0.0037308339960873127,
  "gsr_y": 0.0025902942288666964,
  "provenance": {
    "md5sum": "15af14b8d9e997051950852f154d7b19",
    "settings": {
      "fd_thres": 0.2,
      "hmc_fsl": false
    },
    "software": "mriqc",
    "version": "0.15.0",
    "webapi_port": null,
    "webapi_url": "https://mriqc.nimh.nih.gov/api/v1"
  },
  "size_t": 245,
  "size_x": 80,
  "size_y": 80,
  "size_z": 37,
  "snr": 4.811843596604479,
  "spacing_tr": 2.0,
  "spacing_x": 3.0,
  "spacing_y": 3.0,
  "spacing_z": 3.299999952316284,
  "spikes_num": 0,
  "summary_bg_k": 109.38549898986919,
  "summary_bg_mad": 5.459286212921143,
  "summary_bg_mean": 191.63284301757812,
  "summary_bg_median": 3.736142635345459,
  "summary_bg_n": 148786.0,
  "summary_bg_p05": 0.017707071267068386,
  "summary_bg_p95": 922.8763427734375,
  "summary_bg_stdv": 957.169677734375,
  "summary_fg_k": 2.4356548019717135,
  "summary_fg_mad": 4315.3642578125,
  "summary_fg_mean": 24878.640625,
  "summary_fg_median": 24654.560546875,
  "summary_fg_n": 46180.0,
  "summary_fg_p05": 17257.0958984375,
  "summary_fg_p95": 32846.0017578125,
  "summary_fg_stdv": 5123.6689453125,
  "tsnr": 53.626564025878906
}