{
  "aor": 0.0008839259259259259,
  "aqi": 0.0037916496296296295,
  "bids_meta": {
    "AcquisitionNumber": 5,
    "BidsifyVersion": "0.3.5",
    "ConversionSoftware": "dcm2niix",
    "ConversionSoftwareVersion": "v1.0.20181125  GCC6.3.0",
    "EchoTime": 0.02762,
    "ImageComments": "piop",
    "ImageOrientationPatientDICOM": [
      0.993027,
      -0.103143,
      0.0570932,
      0.117181,
      0.916632,
      -0.382171
    ],
    "Manufacturer": "Philips",
    "NumberOfVolumesDiscardedByScanner": 2,
    "ParallelAcquisitionTechnique": "SENSE",
    "ParallelReductionFactorInPlane": 2,
    "PatientPosition": "HFS",
    "PhaseEncodingDirection": "j",
    "PhilipsRescaleIntercept": 0,
    "PhilipsRescaleSlope": 0.74042,
    "PhilipsScaleSlope": 0.0616635,
    "ProtocolName": "WIPpiopharririSENSE",
    "PulseSequenceType": "gradient echo EPI",
    "ReconMatrixPE": 80,
    "RepetitionTime": 2,
    "SeriesDescription": "ImageMRSERIES",
    "SeriesNumber": 5,
    "SliceEncodingDirection": "k",
    "TaskName": "emomatching",
    "UsePhilipsFloatNotDisplayScaling": 1,
    "acq_id": "seq",
    "dataset": "unknown",
    "modality": "bold",
    "subject_id": "0115",
    "task_id": "emomatching"
  },
  "dummy_trs": 0,
  "dvars_nstd": 24.93906452417909,
  "dvars_std": 1.3149876472388058,
  "dvars_vstd": 1.003074395373134,
  "efc": 0.38164140656697565,
  "fber": 3114273792.0,
  "fd_mean": 0.1374689089771722,
  "fd_num": 14,
  "fd_perc": 10.37037037037037,
  "fwhm_avg": 2.3486000104847986,
  "fwhm_x": 2.3881366666666666,
  "fwhm_y": 2.48083,
  "fwhm_z": 2.1768333647877283,
  "gcor": 0.0323936,
  "gsr_x": -0.003784564323723316,
  "gsr_y": -0.00033589525264687836,
  "provenance": {
    "md5sum": "b945df0e3421fc0e50be2ecad7d2e769",
    "settings": {
      "fd_thres": 0.2,
      "hmc_fsl": false
    },
    "software": "mriqc",
    "version": "0.15.0",
    "webapi_port": null,
    "webapi_url": "https://mriqc.nimh.nih.gov/api/v1"
  },
  "size_t": 135,
  "size_x": 80,
  "size_y": 80,
  "size_z": 37,
  "snr": 4.936378669237631,
  "spacing_tr": 2.0,
  "spacing_x": 3.0,
  "spacing_y": 3.0,
  "spacing_z": 3.299999952316284,
  "spikes_num": 2,
  "summary_bg_k": 126.42183591065586,
  "summary_bg_mad": 0.5615901947021484,
  "summary_bg_mean": 169.83306884765625,
  "summary_bg_median": 0.3803218603134155,
  "summary_bg_n": 158708.0,
  "summary_bg_p05": 0.0006017131090629846,
  "summary_bg_p95": 510.1774337768552,
  "summary_bg_stdv": 1039.0423583984375,
  "summary_fg_k": 3.252408153180583,
  "summary_fg_mad": 3688.697021484375,
  "summary_fg_mean": 23254.3828125,
  "summary_fg_median": 23040.91015625,
  "summary_fg_n": 37492.0,
  "summary_fg_p05": 16476.60263671875,
  "summary_fg_p95": 30206.495507812495,
  "summary_fg_stdv": 4667.51123046875,
  "tsnr": 82.73321533203125
}