{
  "aor": 0.00167145,
  "aqi": 0.00235853405,
  "bids_meta": {
    "AcquisitionNumber": 9,
    "BidsifyVersion": "0.3.5",
    "ConversionSoftware": "dcm2niix",
    "ConversionSoftwareVersion": "v1.0.20181125  GCC6.3.0",
    "EchoTime": 0.02762,
    "EffectiveEchoSpacing": 0.0006621159151938905,
    "ImageComments": "piop",
    "ImageOrientationPatientDICOM": [
      0.999429,
      -0.0186076,
      -0.0282181,
      0.0120365,
      0.976029,
      -0.217306
    ],
    "Manufacturer": "Philips",
    "NumberOfVolumesDiscardedByScanner": 2,
    "ParallelAcquisitionTechnique": "SENSE",
    "ParallelReductionFactorInPlane": 2,
    "PatientPosition": "HFS",
    "PhaseEncodingDirection": "j",
    "PhilipsRescaleIntercept": 0,
    "PhilipsRescaleSlope": 0.77973,
    "PhilipsScaleSlope": 0.0479953,
    "ProtocolName": "WIPpiopanticipatieSENSE",
    "PulseSequenceType": "gradient echo EPI",
    "ReconMatrixPE": 80,
    "RepetitionTime": 2,
    "SeriesDescription": "ImageMRSERIES",
    "SeriesNumber": 9,
    "SliceEncodingDirection": "k",
    "SliceTiming": [
      0.0,
      0.0541,
      0.1081,
      0.1622,
      0.2162,
      0.2703,
      0.3243,
      0.3784,
      0.4324,
      0.4865,
      0.5405,
      0.5946,
      0.6486,
      0.7027,
      0.7568,
      0.8108,
      0.8649,
      0.9189,
      0.973,
      1.027,
      1.0811,
      1.1351,
      1.1892,
      1.2432,
      1.2973,
      1.3514,
      1.4054,
      1.4595,
      1.5135,
      1.5676,
      1.6216,
      1.6757,
      1.7297,
      1.7838,
      1.8378,
      1.8919,
      1.9459
    ],
    "TaskName": "anticipation",
    "TotalReadoutTime": 0.025822520692561732,
    "UsePhilipsFloatNotDisplayScaling": 1,
    "acq_id": "seq",
    "dataset": "unknown",
    "modality": "bold",
    "subject_id": "0196",
    "task_id": "anticipation"
  },
  "dummy_trs": 0,
  "dvars_nstd": 19.20768584914573,
  "dvars_std": 1.2568183966331656,
  "dvars_vstd": 1.0132124138190954,
  "efc": 0.38846320364363696,
  "fber": 2718402816.0,
  "fd_mean": 0.12728923748330898,
  "fd_num": 18,
  "fd_perc": 9.0,
  "fwhm_avg": 2.400227788253264,
  "fwhm_x": 2.376323333333333,
  "fwhm_y": 2.64946,
  "fwhm_z": 2.1749000314264593,
  "gcor": 0.0709442,
  "gsr_x": -0.0038018631748855114,
  "gsr_y": 0.0021908110938966274,
  "provenance": {
    "md5sum": "7b3fe11be3a06a7e15c932e8b694a05d",
    "settings": {
      "fd_thres": 0.2,
      "hmc_fsl": false
    },
    "software": "mriqc",
    "version": "0.15.0",
    "webapi_port": null,
    "webapi_url": "https://mriqc.nimh.nih.gov/api/v1"
  },
  "size_t": 200,
  "size_x": 80,
  "size_y": 80,
  "size_z": 37,
  "snr": 4.461612078085334,
  "spacing_tr": 2.0,
  "spacing_x": 3.0,
  "spacing_y": 3.0,
  "spacing_z": 3.299999952316284,
  "spikes_num": 8,
  "summary_bg_k": 115.64793099932312,
  "summary_bg_mad": 0.7438294887542725,
  "summary_bg_mean": 184.53640747070312,
  "summary_bg_median": 0.5084133744239807,
  "summary_bg_n": 156405.0,
  "summary_bg_p05": 0.0026626300998032096,
  "summary_bg_p95": 591.4793701171732,
  "summary_bg_stdv": 1142.82275390625,
  "summary_fg_k": 2.257793288905906,
  "summary_fg_mad": 5370.3125,
  "summary_fg_mean": 28242.7265625,
  "summary_fg_median": 27932.33203125,
  "summary_fg_n": 39813.0,
  "summary_fg_p05": 18975.267578125,
  "summary_fg_p95": 38064.06796875,
  "summary_fg_stdv": 6260.51318359375,
  "tsnr": 88.75932312011719
}