{
  "bids_meta": {
    "AcquisitionNumber": 4,
    "BidsifyVersion": "0.3.5",
    "ConversionSoftware": "dcm2niix",
    "ConversionSoftwareVersion": "v1.0.20181125  GCC6.3.0",
    "EchoTime": 0.0038,
    "ImageComments": "piop",
    "ImageOrientationPatientDICOM": [
      0.998309,
      -0.0534458,
      -0.0228609,
      0.0503975,
      0.991758,
      -0.1178
    ],
    "Manufacturer": "Philips",
    "PatientPosition": "HFS",
    "PhilipsRescaleIntercept": 0,
    "PhilipsRescaleSlope": 9.28498,
    "PhilipsScaleSlope": 0.00742043,
    "ProtocolName": "WIPt13dSENSE",
    "ReconMatrixPE": 240,
    "RepetitionTime": 0.008262,
    "SeriesDescription": "ImageMRSERIES",
    "SeriesNumber": 4,
    "UsePhilipsFloatNotDisplayScaling": 1,
    "dataset": "unknown",
    "modality": "T1w",
    "subject_id": "0035"
  },
  "cjv": 0.3299445655920456,
  "cnr": 3.7169209354231736,
  "efc": 0.7537774083525398,
  "fber": 1700.23095703125,
  "fwhm_avg": 3.451693470949737,
  "fwhm_x": 3.42862,
  "fwhm_y": 3.592930214155329,
  "fwhm_z": 3.3335301986938832,
  "icvs_csf": 0.2049129171861721,
  "icvs_gm": 0.43465950470818077,
  "icvs_wm": 0.36042757810564713,
  "inu_med": 1.7833400964736938,
  "inu_range": 0.3952207565307617,
  "provenance": {
    "md5sum": "58e564f89a7da9488e9ea71eea37d962",
    "settings": {
      "testing": false
    },
    "software": "mriqc",
    "version": "0.15.0",
    "warnings": {
      "large_rot_frame": true,
      "small_air_mask": true
    },
    "webapi_port": null,
    "webapi_url": "https://mriqc.nimh.nih.gov/api/v1"
  },
  "qi_1": 0.0,
  "qi_2": 5.236964027885416e-05,
  "rpve_csf": 26.944301034694202,
  "rpve_gm": 13.823462711928157,
  "rpve_wm": 20.686184211606438,
  "size_x": 240,
  "size_y": 240,
  "size_z": 220,
  "snr_csf": 1.272988631266312,
  "snr_gm": 6.91091500677236,
  "snr_total": 9.274020111721878,
  "snr_wm": 19.638156697126963,
  "snrd_csf": 20.015319198956842,
  "snrd_gm": 46.2315972101026,
  "snrd_total": 47.47544880237111,
  "snrd_wm": 76.17942999805389,
  "spacing_x": 1.0,
  "spacing_y": 0.9999999403953552,
  "spacing_z": 0.9999999403953552,
  "summary_bg_k": 22.50872794253078,
  "summary_bg_mad": 8.599650382995605,
  "summary_bg_mean": 18.546649932861328,
  "summary_bg_median": 11.435757637023926,
  "summary_bg_n": 189023.0,
  "summary_bg_p05": 0.0,
  "summary_bg_p95": 68.3040687561035,
  "summary_bg_stdv": 29.70429039001465,
  "summary_csf_k": 55.348890870681686,
  "summary_csf_mad": 147.47833251953125,
  "summary_csf_mean": 277.3661804199219,
  "summary_csf_median": 262.7311706542969,
  "summary_csf_n": 9115.0,
  "summary_csf_p05": 82.16172637939454,
  "summary_csf_p95": 450.3496093749999,
  "summary_csf_stdv": 206.3779296875,
  "summary_gm_k": 0.28021070036961815,
  "summary_gm_mad": 82.95957946777344,
  "summary_gm_mean": 610.70263671875,
  "summary_gm_median": 606.8592529296875,
  "summary_gm_n": 20909.0,
  "summary_gm_p05": 471.54356689453124,
  "summary_gm_p95": 764.4273681640625,
  "summary_gm_stdv": 87.80960845947266,
  "summary_wm_k": 0.8668571304464288,
  "summary_wm_mad": 46.74504470825195,
  "summary_wm_mean": 997.2814331054688,
  "summary_wm_median": 999.9696044921875,
  "summary_wm_n": 200600.0,
  "summary_wm_p05": 908.7483062744141,
  "summary_wm_p95": 1075.225146484375,
  "summary_wm_stdv": 50.91960144042969,
  "tpm_overlap_csf": 0.21378393471240997,
  "tpm_overlap_gm": 0.5064743161201477,
  "tpm_overlap_wm": 0.538668155670166,
  "wm2max": 0.6947805376237828
}