{
  "bids_meta": {
    "AcquisitionNumber": 4,
    "BidsifyVersion": "0.3.5",
    "ConversionSoftware": "dcm2niix",
    "ConversionSoftwareVersion": "v1.0.20181125  GCC6.3.0",
    "EchoTime": 0.00379,
    "ImageComments": "piop",
    "ImageOrientationPatientDICOM": [
      0.999785,
      0.0131968,
      -0.0160014,
      -0.0106446,
      0.988593,
      0.150232
    ],
    "Manufacturer": "Philips",
    "PatientPosition": "HFS",
    "PhilipsRescaleIntercept": 0,
    "PhilipsRescaleSlope": 9.41441,
    "PhilipsScaleSlope": 0.00740947,
    "ProtocolName": "WIPt13dSENSE",
    "ReconMatrixPE": 240,
    "RepetitionTime": 0.008264,
    "SeriesDescription": "ImageMRSERIES",
    "SeriesNumber": 4,
    "UsePhilipsFloatNotDisplayScaling": 1,
    "dataset": "unknown",
    "modality": "T1w",
    "subject_id": "0189"
  },
  "cjv": 0.31012967259429297,
  "cnr": 4.227858198429295,
  "efc": 0.7622917114002357,
  "fber": 712.0049438476562,
  "fwhm_avg": 3.6201133333333337,
  "fwhm_x": 3.57018,
  "fwhm_y": 3.81726,
  "fwhm_z": 3.4729,
  "icvs_csf": 0.18214843036016581,
  "icvs_gm": 0.4497322189687126,
  "icvs_wm": 0.3681193506711216,
  "inu_med": 1.958656668663025,
  "inu_range": 0.4589569568634033,
  "provenance": {
    "md5sum": "926d06a8e7b858cf4f2368cc82bce71e",
    "settings": {
      "testing": false
    },
    "software": "mriqc",
    "version": "0.15.0",
    "warnings": {
      "large_rot_frame": true,
      "small_air_mask": true
    },
    "webapi_port": null,
    "webapi_url": "https://mriqc.nimh.nih.gov/api/v1"
  },
  "qi_1": 0.0,
  "qi_2": 0.00014298041784634852,
  "rpve_csf": 31.822718761070906,
  "rpve_gm": 14.782998217654207,
  "rpve_wm": 22.185105128363094,
  "size_x": 240,
  "size_y": 240,
  "size_z": 220,
  "snr_csf": 1.9319238629367441,
  "snr_gm": 7.245595357367157,
  "snr_total": 9.406801260519472,
  "snr_wm": 19.042884561254514,
  "snrd_csf": 18.00008954178865,
  "snrd_gm": 43.56727086804489,
  "snrd_total": 45.228306465228684,
  "snrd_wm": 74.1175589858525,
  "spacing_x": 1.0,
  "spacing_y": 1.0,
  "spacing_z": 1.0,
  "summary_bg_k": 175.32145476061103,
  "summary_bg_mad": 8.839035034179688,
  "summary_bg_mean": 13.27833366394043,
  "summary_bg_median": 11.859090805053711,
  "summary_bg_n": 112241.0,
  "summary_bg_p05": 0.0,
  "summary_bg_p95": 35.458702087402344,
  "summary_bg_stdv": 12.881725311279297,
  "summary_csf_k": 8.143727309159095,
  "summary_csf_mad": 151.2870330810547,
  "summary_csf_mean": 237.46226501464844,
  "summary_csf_median": 242.8554229736328,
  "summary_csf_n": 4505.0,
  "summary_csf_p05": 58.70892105102539,
  "summary_csf_p95": 419.991650390625,
  "summary_csf_stdv": 125.69256591796875,
  "summary_gm_k": -0.0015030349706481871,
  "summary_gm_mad": 80.90141296386719,
  "summary_gm_mean": 591.4439086914062,
  "summary_gm_median": 587.8052978515625,
  "summary_gm_n": 28384.0,
  "summary_gm_p05": 463.121533203125,
  "summary_gm_p95": 729.9852722167968,
  "summary_gm_stdv": 81.12445068359375,
  "summary_wm_k": 1.01083209487709,
  "summary_wm_mad": 46.928287506103516,
  "summary_wm_mean": 998.8960571289062,
  "summary_wm_median": 999.9867553710938,
  "summary_wm_n": 194683.0,
  "summary_wm_p05": 911.36650390625,
  "summary_wm_p95": 1082.89462890625,
  "summary_wm_stdv": 52.51222229003906,
  "tpm_overlap_csf": 0.22399857640266418,
  "tpm_overlap_gm": 0.5336877107620239,
  "tpm_overlap_wm": 0.5728334188461304,
  "wm2max": 0.6959259137118156
}