{
    "Manufacturer": "Philips",
    "PatientPosition": "HFS",
    "SeriesDescription": "ImageMRSERIES",
    "ProtocolName": "WIPt13dSENSE",
    "SeriesNumber": 4,
    "AcquisitionNumber": 4,
    "ImageComments": "piop",
    "PhilipsRescaleSlope": 9.30012,
    "PhilipsRescaleIntercept": 0,
    "PhilipsScaleSlope": 0.00726635,
    "UsePhilipsFloatNotDisplayScaling": 1,
    "EchoTime": 0.00373,
    "RepetitionTime": 0.008168,
    "ReconMatrixPE": 240,
    "ImageOrientationPatientDICOM": [
        0.997211,
        0.021952,
        0.0713332,
        -0.021411,
        0.999736,
        -0.00833988
    ],
    "ConversionSoftware": "dcm2niix",
    "ConversionSoftwareVersion": "v1.0.20181125  GCC6.3.0",
    "BidsifyVersion": "0.3.5"
}