{
    "Manufacturer": "Philips",
    "PatientPosition": "HFS",
    "SeriesDescription": "ImageMRSERIES",
    "ProtocolName": "WIPpiopgstroopSENSE",
    "SeriesNumber": 3,
    "AcquisitionNumber": 3,
    "ImageComments": "Piop",
    "PhilipsRescaleSlope": 0.76703,
    "PhilipsRescaleIntercept": 0,
    "PhilipsScaleSlope": 0.0595151,
    "UsePhilipsFloatNotDisplayScaling": 1,
    "EchoTime": 0.02762,
    "RepetitionTime": 2,
    "ReconMatrixPE": 80,
    "ImageOrientationPatientDICOM": [
        0.997508,
        -0.0678155,
        0.0194794,
        0.0702774,
        0.979516,
        -0.188707
    ],
    "ConversionSoftware": "dcm2niix",
    "ConversionSoftwareVersion": "v1.0.20181125  GCC6.3.0",
    "BidsifyVersion": "0.3.5",
    "SliceEncodingDirection": "k",
    "PhaseEncodingDirection": "j",
    "ParallelAcquisitionTechnique": "SENSE",
    "ParallelReductionFactorInPlane": 2,
    "NumberOfVolumesDiscardedByScanner": 2,
    "PulseSequenceType": "gradient echo EPI",
    "TaskName": "gstroop"
}