{
    "Manufacturer": "Philips",
    "PatientPosition": "HFS",
    "SeriesDescription": "ImageMRSERIES",
    "ProtocolName": "WIPt13dSENSE",
    "SeriesNumber": 4,
    "AcquisitionNumber": 4,
    "ImageComments": "piop",
    "PhilipsRescaleSlope": 8.88205,
    "PhilipsRescaleIntercept": 0,
    "PhilipsScaleSlope": 0.00731627,
    "UsePhilipsFloatNotDisplayScaling": 1,
    "EchoTime": 0.00374,
    "RepetitionTime": 0.008148,
    "ReconMatrixPE": 240,
    "ImageOrientationPatientDICOM": [
        0.999424,
        0.0318723,
        0.0116266,
        -0.0315828,
        0.999206,
        -0.0242881
    ],
    "ConversionSoftware": "dcm2niix",
    "ConversionSoftwareVersion": "v1.0.20181125  GCC6.3.0",
    "BidsifyVersion": "0.3.5"
}