{
    "Manufacturer": "Philips",
    "PatientPosition": "HFS",
    "SeriesDescription": "ImageMRSERIES",
    "ProtocolName": "WIPt13dSENSE",
    "SeriesNumber": 4,
    "AcquisitionNumber": 4,
    "ImageComments": "Piop",
    "PhilipsRescaleSlope": 8.93968,
    "PhilipsRescaleIntercept": 0,
    "PhilipsScaleSlope": 0.00772579,
    "UsePhilipsFloatNotDisplayScaling": 1,
    "EchoTime": 0.00372,
    "RepetitionTime": 0.008126,
    "ReconMatrixPE": 240,
    "ImageOrientationPatientDICOM": [
        0.999299,
        -0.0296303,
        0.0228983,
        0.0296585,
        0.99956,
        -0.000891881
    ],
    "ConversionSoftware": "dcm2niix",
    "ConversionSoftwareVersion": "v1.0.20181125  GCC6.3.0",
    "BidsifyVersion": "0.3.5"
}