{
    "Manufacturer": "Philips",
    "PatientPosition": "HFS",
    "SeriesDescription": "ImageMRSERIES",
    "ProtocolName": "WIPdti32v2SENSE",
    "SeriesNumber": 7,
    "AcquisitionNumber": 7,
    "ImageComments": "Piop",
    "PhilipsRescaleSlope": 3.91233,
    "PhilipsRescaleIntercept": 0,
    "PhilipsScaleSlope": 0.0261422,
    "UsePhilipsFloatNotDisplayScaling": 1,
    "EchoTime": 0.08599,
    "RepetitionTime": 7.39304,
    "ReconMatrixPE": 112,
    "ImageOrientationPatientDICOM": [
        0.999367,
        -0.0152535,
        0.0321539,
        0.0265184,
        0.921715,
        -0.38696
    ],
    "ConversionSoftware": "dcm2niix",
    "ConversionSoftwareVersion": "v1.0.20181125  GCC6.3.0",
    "BidsifyVersion": "0.3.5",
    "FlipAngle": 90,
    "WaterFatShift": 18.924,
    "ParallelAcquisitionTechnique": "SENSE",
    "ParallelReductionFactorInPlane": 2,
    "PhaseEncodingDirection": "j"
}