{
  "aor": 0.0036325000000000003,
  "aqi": 0.01783245094537815,
  "bids_meta": {
    "AcquisitionNumber": 6,
    "BidsifyVersion": "0.3.5",
    "ConversionSoftware": "dcm2niix",
    "ConversionSoftwareVersion": "v1.0.20181125  GCC6.3.0",
    "EchoTime": 0.02762,
    "EffectiveEchoSpacing": 0.0006333282667071997,
    "ImageComments": "piop",
    "ImageOrientationPatientDICOM": [
      0.998539,
      0.0396648,
      -0.0366882,
      -0.0502344,
      0.931571,
      -0.360073
    ],
    "Manufacturer": "Philips",
    "NumberOfVolumesDiscardedByScanner": 2,
    "ParallelAcquisitionTechnique": "SENSE",
    "ParallelReductionFactorInPlane": 2,
    "PatientPosition": "HFS",
    "PhaseEncodingDirection": "j",
    "PhilipsRescaleIntercept": 0,
    "PhilipsRescaleSlope": 0.82076,
    "PhilipsScaleSlope": 0.0960538,
    "ProtocolName": "WIPpioprsSENSE",
    "PulseSequenceType": "gradient echo EPI",
    "ReconMatrixPE": 80,
    "RepetitionTime": 0.75,
    "SeriesDescription": "ImageMRSERIES",
    "SeriesNumber": 6,
    "SliceEncodingDirection": "k",
    "SliceTiming": [
      0.0,
      0.06755050505050506,
      0.1351010101010101,
      0.20265151515151517,
      0.2702020202020202,
      0.3377525252525253,
      0.40530303030303033,
      0.47285353535353536,
      0.5404040404040404,
      0.6079545454545455,
      0.6755050505050506,
      0.7430555555555556,
      0.0,
      0.06755050505050506,
      0.1351010101010101,
      0.20265151515151517,
      0.2702020202020202,
      0.3377525252525253,
      0.40530303030303033,
      0.47285353535353536,
      0.5404040404040404,
      0.6079545454545455,
      0.6755050505050506,
      0.7430555555555556,
      0.0,
      0.06755050505050506,
      0.1351010101010101,
      0.20265151515151517,
      0.2702020202020202,
      0.3377525252525253,
      0.40530303030303033,
      0.47285353535353536,
      0.5404040404040404,
      0.6079545454545455,
      0.6755050505050506,
      0.7430555555555556
    ],
    "TaskName": "restingstate",
    "TotalReadoutTime": 0.024699802401580786,
    "UsePhilipsFloatNotDisplayScaling": 1,
    "acq_id": "mb3",
    "dataset": "unknown",
    "modality": "bold",
    "subject_id": "0019",
    "task_id": "restingstate"
  },
  "dummy_trs": 4,
  "dvars_nstd": 25.29934861035788,
  "dvars_std": 1.010589734947368,
  "dvars_vstd": 0.9469970365052632,
  "efc": 0.40225030421619745,
  "fber": 346556064.0,
  "fd_mean": 0.1095884335677848,
  "fd_num": 25,
  "fd_perc": 5.2521008403361344,
  "fwhm_avg": 2.4842957687589244,
  "fwhm_x": 2.47404,
  "fwhm_y": 2.6570199999999997,
  "fwhm_z": 2.3218273062767736,
  "gcor": 0.0211979,
  "gsr_x": -0.004105090629309416,
  "gsr_y": 0.002360115759074688,
  "provenance": {
    "md5sum": "378c5838e4887442d502bb1b0e7bc394",
    "settings": {
      "fd_thres": 0.2,
      "hmc_fsl": false
    },
    "software": "mriqc",
    "version": "0.15.0",
    "webapi_port": null,
    "webapi_url": "https://mriqc.nimh.nih.gov/api/v1"
  },
  "size_t": 476,
  "size_x": 80,
  "size_y": 80,
  "size_z": 36,
  "snr": 5.536658498509466,
  "spacing_tr": 0.75,
  "spacing_x": 3.0,
  "spacing_y": 3.0,
  "spacing_z": 3.299999952316284,
  "spikes_num": 2,
  "summary_bg_k": 78.53973319452818,
  "summary_bg_mad": 1.1690139770507812,
  "summary_bg_mean": 161.1484832763672,
  "summary_bg_median": 0.796733021736145,
  "summary_bg_n": 151390.0,
  "summary_bg_p05": 0.0027458479162305593,
  "summary_bg_p95": 646.7176147460937,
  "summary_bg_stdv": 864.1719360351562,
  "summary_fg_k": 2.3032174273228447,
  "summary_fg_mad": 2640.989501953125,
  "summary_fg_mean": 16551.5859375,
  "summary_fg_median": 16722.287109375,
  "summary_fg_n": 39217.0,
  "summary_fg_p05": 11360.1345703125,
  "summary_fg_p95": 20879.326953124997,
  "summary_fg_stdv": 3020.24658203125,
  "tsnr": 39.429840087890625
}