{
  "aor": 0.004708549999999999,
  "aqi": 0.00405533105,
  "bids_meta": {
    "AcquisitionNumber": 9,
    "BidsifyVersion": "0.3.5",
    "ConversionSoftware": "dcm2niix",
    "ConversionSoftwareVersion": "v1.0.20181125  GCC6.3.0",
    "EchoTime": 0.02762,
    "EffectiveEchoSpacing": 0.0006621159151938905,
    "ImageComments": "piop",
    "ImageOrientationPatientDICOM": [
      0.998539,
      0.0396648,
      -0.0366882,
      -0.0502344,
      0.931571,
      -0.360073
    ],
    "Manufacturer": "Philips",
    "NumberOfVolumesDiscardedByScanner": 2,
    "ParallelAcquisitionTechnique": "SENSE",
    "ParallelReductionFactorInPlane": 2,
    "PatientPosition": "HFS",
    "PhaseEncodingDirection": "j",
    "PhilipsRescaleIntercept": 0,
    "PhilipsRescaleSlope": 0.77973,
    "PhilipsScaleSlope": 0.0609727,
    "ProtocolName": "WIPpiopanticipatieSENSE",
    "PulseSequenceType": "gradient echo EPI",
    "ReconMatrixPE": 80,
    "RepetitionTime": 2,
    "SeriesDescription": "ImageMRSERIES",
    "SeriesNumber": 9,
    "SliceEncodingDirection": "k",
    "SliceTiming": [
      0.0,
      0.0541,
      0.1081,
      0.1622,
      0.2162,
      0.2703,
      0.3243,
      0.3784,
      0.4324,
      0.4865,
      0.5405,
      0.5946,
      0.6486,
      0.7027,
      0.7568,
      0.8108,
      0.8649,
      0.9189,
      0.973,
      1.027,
      1.0811,
      1.1351,
      1.1892,
      1.2432,
      1.2973,
      1.3514,
      1.4054,
      1.4595,
      1.5135,
      1.5676,
      1.6216,
      1.6757,
      1.7297,
      1.7838,
      1.8378,
      1.8919,
      1.9459
    ],
    "TaskName": "anticipation",
    "TotalReadoutTime": 0.025822520692561732,
    "UsePhilipsFloatNotDisplayScaling": 1,
    "acq_id": "seq",
    "dataset": "unknown",
    "modality": "bold",
    "subject_id": "0019",
    "task_id": "anticipation"
  },
  "dummy_trs": 0,
  "dvars_nstd": 21.81720870693468,
  "dvars_std": 1.2526215920100505,
  "dvars_vstd": 1.031137057738694,
  "efc": 0.39456015057360333,
  "fber": 773641408.0,
  "fd_mean": 0.11276693860040209,
  "fd_num": 12,
  "fd_perc": 6.0,
  "fwhm_avg": 2.3806606167855016,
  "fwhm_x": 2.385003333333333,
  "fwhm_y": 2.5302966666666666,
  "fwhm_z": 2.2266818503565045,
  "gcor": 0.0397656,
  "gsr_x": -0.003565725637599826,
  "gsr_y": 0.002604153472930193,
  "provenance": {
    "md5sum": "d6e5f64ba7119f168a97773502848160",
    "settings": {
      "fd_thres": 0.2,
      "hmc_fsl": false
    },
    "software": "mriqc",
    "version": "0.15.0",
    "webapi_port": null,
    "webapi_url": "https://mriqc.nimh.nih.gov/api/v1"
  },
  "size_t": 200,
  "size_x": 80,
  "size_y": 80,
  "size_z": 37,
  "snr": 4.713325890408042,
  "spacing_tr": 2.0,
  "spacing_x": 3.0,
  "spacing_y": 3.0,
  "spacing_z": 3.299999952316284,
  "spikes_num": 9,
  "summary_bg_k": 81.59747216389033,
  "summary_bg_mad": 1.107051134109497,
  "summary_bg_mean": 204.0377197265625,
  "summary_bg_median": 0.7562206983566284,
  "summary_bg_n": 156545.0,
  "summary_bg_p05": 0.004412068147212267,
  "summary_bg_p95": 716.4797973632742,
  "summary_bg_stdv": 1153.6004638671875,
  "summary_fg_k": 1.7376749762810366,
  "summary_fg_mad": 4410.81103515625,
  "summary_fg_mean": 22921.314453125,
  "summary_fg_median": 22841.6953125,
  "summary_fg_n": 39731.0,
  "summary_fg_p05": 15477.36083984375,
  "summary_fg_p95": 30311.5439453125,
  "summary_fg_stdv": 4846.1337890625,
  "tsnr": 71.23217010498047
}