{
  "aor": 0.0012758775510204078,
  "aqi": 0.004303694040816326,
  "bids_meta": {
    "AcquisitionNumber": 3,
    "BidsifyVersion": "0.3.5",
    "ConversionSoftware": "dcm2niix",
    "ConversionSoftwareVersion": "v1.0.20181125  GCC6.3.0",
    "EchoTime": 0.02762,
    "EffectiveEchoSpacing": 0.0006621159151938905,
    "ImageComments": "piop",
    "ImageOrientationPatientDICOM": [
      0.998539,
      0.0396648,
      -0.0366882,
      -0.0502344,
      0.931571,
      -0.360073
    ],
    "Manufacturer": "Philips",
    "NumberOfVolumesDiscardedByScanner": 2,
    "ParallelAcquisitionTechnique": "SENSE",
    "ParallelReductionFactorInPlane": 2,
    "PatientPosition": "HFS",
    "PhaseEncodingDirection": "j",
    "PhilipsRescaleIntercept": 0,
    "PhilipsRescaleSlope": 0.77411,
    "PhilipsScaleSlope": 0.0599225,
    "ProtocolName": "WIPpiopgstroopSENSE",
    "PulseSequenceType": "gradient echo EPI",
    "ReconMatrixPE": 80,
    "RepetitionTime": 2,
    "SeriesDescription": "ImageMRSERIES",
    "SeriesNumber": 3,
    "SliceEncodingDirection": "k",
    "SliceTiming": [
      0.0,
      0.0541,
      0.1081,
      0.1622,
      0.2162,
      0.2703,
      0.3243,
      0.3784,
      0.4324,
      0.4865,
      0.5405,
      0.5946,
      0.6486,
      0.7027,
      0.7568,
      0.8108,
      0.8649,
      0.9189,
      0.973,
      1.027,
      1.0811,
      1.1351,
      1.1892,
      1.2432,
      1.2973,
      1.3514,
      1.4054,
      1.4595,
      1.5135,
      1.5676,
      1.6216,
      1.6757,
      1.7297,
      1.7838,
      1.8378,
      1.8919,
      1.9459
    ],
    "TaskName": "gstroop",
    "TotalReadoutTime": 0.025822520692561732,
    "UsePhilipsFloatNotDisplayScaling": 1,
    "acq_id": "seq",
    "dataset": "unknown",
    "modality": "bold",
    "subject_id": "0019",
    "task_id": "gstroop"
  },
  "dummy_trs": 0,
  "dvars_nstd": 22.791016969672132,
  "dvars_std": 1.2511269373360663,
  "dvars_vstd": 1.0237892850409833,
  "efc": 0.39437994145105404,
  "fber": 483226976.0,
  "fd_mean": 0.11914678261172008,
  "fd_num": 20,
  "fd_perc": 8.16326530612245,
  "fwhm_avg": 2.381805061217102,
  "fwhm_x": 2.38748,
  "fwhm_y": 2.5339199999999997,
  "fwhm_z": 2.2240151836513053,
  "gcor": 0.035611,
  "gsr_x": -0.0034885923378169537,
  "gsr_y": 0.0025875919964164495,
  "provenance": {
    "md5sum": "6f1a10c69745217074679179795ed081",
    "settings": {
      "fd_thres": 0.2,
      "hmc_fsl": false
    },
    "software": "mriqc",
    "version": "0.15.0",
    "webapi_port": null,
    "webapi_url": "https://mriqc.nimh.nih.gov/api/v1"
  },
  "size_t": 245,
  "size_x": 80,
  "size_y": 80,
  "size_z": 37,
  "snr": 4.701962209615537,
  "spacing_tr": 2.0,
  "spacing_x": 3.0,
  "spacing_y": 3.0,
  "spacing_z": 3.299999952316284,
  "spikes_num": 0,
  "summary_bg_k": 86.18361958752413,
  "summary_bg_mad": 1.3872244358062744,
  "summary_bg_mean": 206.6417999267578,
  "summary_bg_median": 0.9453228712081909,
  "summary_bg_n": 156534.0,
  "summary_bg_p05": 0.004153510299511254,
  "summary_bg_p95": 671.76488647461,
  "summary_bg_stdv": 1176.1785888671875,
  "summary_fg_k": 1.8080574490109953,
  "summary_fg_mad": 4503.0595703125,
  "summary_fg_mean": 23434.96484375,
  "summary_fg_median": 23342.927734375,
  "summary_fg_n": 39769.0,
  "summary_fg_p05": 15836.4021484375,
  "summary_fg_p95": 30954.692578125,
  "summary_fg_stdv": 4964.4453125,
  "tsnr": 70.04295349121094
}