{
    "Manufacturer": "Philips",
    "PatientPosition": "HFS",
    "SeriesDescription": "ImageMRSERIES",
    "ProtocolName": "WIPdti32v2SENSE",
    "SeriesNumber": 7,
    "AcquisitionNumber": 7,
    "ImageComments": "Piop",
    "PhilipsRescaleSlope": 4.56996,
    "PhilipsRescaleIntercept": 0,
    "PhilipsScaleSlope": 0.0243193,
    "UsePhilipsFloatNotDisplayScaling": 1,
    "EchoTime": 0.08599,
    "RepetitionTime": 7.38497,
    "ReconMatrixPE": 112,
    "ImageOrientationPatientDICOM": [
        0.999386,
        0.0349887,
        -0.00159892,
        -0.0348993,
        0.998623,
        0.0391651
    ],
    "ConversionSoftware": "dcm2niix",
    "ConversionSoftwareVersion": "v1.0.20181125  GCC6.3.0",
    "BidsifyVersion": "0.3.5",
    "FlipAngle": 90,
    "WaterFatShift": 18.924,
    "ParallelAcquisitionTechnique": "SENSE",
    "ParallelReductionFactorInPlane": 2,
    "PhaseEncodingDirection": "j"
}