{
  "aor": 0.00012313152400835077,
  "aqi": 0.007407474112734864,
  "bids_meta": {
    "AcquisitionNumber": 6,
    "BidsifyVersion": "0.3.5",
    "ConversionSoftware": "dcm2niix",
    "ConversionSoftwareVersion": "v1.0.20181125  GCC6.3.0",
    "EchoTime": 0.02762,
    "ImageComments": "piop",
    "ImageOrientationPatientDICOM": [
      0.993536,
      -0.0750944,
      0.0851343,
      0.104951,
      0.893464,
      -0.436701
    ],
    "Manufacturer": "Philips",
    "NumberOfVolumesDiscardedByScanner": 2,
    "ParallelAcquisitionTechnique": "SENSE",
    "ParallelReductionFactorInPlane": 2,
    "PatientPosition": "HFS",
    "PhaseEncodingDirection": "j",
    "PhilipsRescaleIntercept": 0,
    "PhilipsRescaleSlope": 0.74725,
    "PhilipsScaleSlope": 0.0916196,
    "ProtocolName": "WIPpioprsSENSE",
    "PulseSequenceType": "gradient echo EPI",
    "ReconMatrixPE": 80,
    "RepetitionTime": 0.75,
    "SeriesDescription": "ImageMRSERIES",
    "SeriesNumber": 6,
    "SliceEncodingDirection": "k",
    "TaskName": "restingstate",
    "UsePhilipsFloatNotDisplayScaling": 1,
    "acq_id": "mb3",
    "dataset": "unknown",
    "modality": "bold",
    "subject_id": "0015",
    "task_id": "restingstate"
  },
  "dummy_trs": 1,
  "dvars_nstd": 28.292522170899588,
  "dvars_std": 1.1869421647489546,
  "dvars_vstd": 0.9913956589539745,
  "efc": 0.39962881901086084,
  "fber": 492313600.0,
  "fd_mean": 0.08778217794702495,
  "fd_num": 5,
  "fd_perc": 1.0438413361169103,
  "fwhm_avg": 2.5350546574879043,
  "fwhm_x": 2.50808,
  "fwhm_y": 2.8084566666666664,
  "fwhm_z": 2.2886273057970468,
  "gcor": 0.0106372,
  "gsr_x": -0.003824843792244792,
  "gsr_y": 0.006852535530924797,
  "provenance": {
    "md5sum": "0f0476fab032f3e67f369865195550b3",
    "settings": {
      "fd_thres": 0.2,
      "hmc_fsl": false
    },
    "software": "mriqc",
    "version": "0.15.0",
    "webapi_port": null,
    "webapi_url": "https://mriqc.nimh.nih.gov/api/v1"
  },
  "size_t": 479,
  "size_x": 80,
  "size_y": 80,
  "size_z": 36,
  "snr": 5.163527848055903,
  "spacing_tr": 0.75,
  "spacing_x": 3.0,
  "spacing_y": 3.0,
  "spacing_z": 3.299999952316284,
  "spikes_num": 0,
  "summary_bg_k": 88.74456658533877,
  "summary_bg_mad": 1.0735318660736084,
  "summary_bg_mean": 145.76559448242188,
  "summary_bg_median": 0.7309938669204712,
  "summary_bg_n": 149922.0,
  "summary_bg_p05": 0.0022647890495136385,
  "summary_bg_p95": 712.6726257324207,
  "summary_bg_stdv": 786.421875,
  "summary_fg_k": 3.0446145675741683,
  "summary_fg_mad": 2772.590087890625,
  "summary_fg_mean": 17394.349609375,
  "summary_fg_median": 17789.099609375,
  "summary_fg_n": 39438.0,
  "summary_fg_p05": 11304.991845703125,
  "summary_fg_p95": 21999.1279296875,
  "summary_fg_stdv": 3445.100830078125,
  "tsnr": 53.99486541748047
}