{
  "aor": 0.0008111691022964511,
  "aqi": 0.014802569269311065,
  "bids_meta": {
    "AcquisitionNumber": 6,
    "BidsifyVersion": "0.3.5",
    "ConversionSoftware": "dcm2niix",
    "ConversionSoftwareVersion": "v1.0.20181125  GCC6.3.0",
    "EchoTime": 0.02762,
    "EffectiveEchoSpacing": 0.0006333282667071997,
    "ImageComments": "Piop",
    "ImageOrientationPatientDICOM": [
      0.998927,
      -0.0380081,
      0.0264793,
      0.0457104,
      0.901414,
      -0.430538
    ],
    "Manufacturer": "Philips",
    "NumberOfVolumesDiscardedByScanner": 2,
    "ParallelAcquisitionTechnique": "SENSE",
    "ParallelReductionFactorInPlane": 2,
    "PatientPosition": "HFS",
    "PhaseEncodingDirection": "j",
    "PhilipsRescaleIntercept": 0,
    "PhilipsRescaleSlope": 0.77827,
    "PhilipsScaleSlope": 0.0943516,
    "ProtocolName": "WIPpioprsSENSE",
    "PulseSequenceType": "gradient echo EPI",
    "ReconMatrixPE": 80,
    "RepetitionTime": 0.75,
    "SeriesDescription": "ImageMRSERIES",
    "SeriesNumber": 6,
    "SliceEncodingDirection": "k",
    "SliceTiming": [
      0.0,
      0.06755050505050506,
      0.1351010101010101,
      0.20265151515151517,
      0.2702020202020202,
      0.3377525252525253,
      0.40530303030303033,
      0.47285353535353536,
      0.5404040404040404,
      0.6079545454545455,
      0.6755050505050506,
      0.7430555555555556,
      0.0,
      0.06755050505050506,
      0.1351010101010101,
      0.20265151515151517,
      0.2702020202020202,
      0.3377525252525253,
      0.40530303030303033,
      0.47285353535353536,
      0.5404040404040404,
      0.6079545454545455,
      0.6755050505050506,
      0.7430555555555556,
      0.0,
      0.06755050505050506,
      0.1351010101010101,
      0.20265151515151517,
      0.2702020202020202,
      0.3377525252525253,
      0.40530303030303033,
      0.47285353535353536,
      0.5404040404040404,
      0.6079545454545455,
      0.6755050505050506,
      0.7430555555555556
    ],
    "TaskName": "restingstate",
    "TotalReadoutTime": 0.024699802401580786,
    "UsePhilipsFloatNotDisplayScaling": 1,
    "acq_id": "mb3",
    "dataset": "unknown",
    "modality": "bold",
    "subject_id": "0079",
    "task_id": "restingstate"
  },
  "dummy_trs": 1,
  "dvars_nstd": 31.79348331493724,
  "dvars_std": 1.1443858111087872,
  "dvars_vstd": 1.0566737560878654,
  "efc": 0.43710114579342935,
  "fber": 125559488.0,
  "fd_mean": 0.1098497878787637,
  "fd_num": 29,
  "fd_perc": 6.054279749478079,
  "fwhm_avg": 2.3951090006979725,
  "fwhm_x": 2.370766666666667,
  "fwhm_y": 2.5724966666666664,
  "fwhm_z": 2.2420636687605837,
  "gcor": 0.027656,
  "gsr_x": -0.0009745766292326152,
  "gsr_y": 0.0028492892161011696,
  "provenance": {
    "md5sum": "396c060c6c186fbc4a8592bcf1a376ce",
    "settings": {
      "fd_thres": 0.2,
      "hmc_fsl": false
    },
    "software": "mriqc",
    "version": "0.15.0",
    "webapi_port": null,
    "webapi_url": "https://mriqc.nimh.nih.gov/api/v1"
  },
  "size_t": 479,
  "size_x": 80,
  "size_y": 80,
  "size_z": 36,
  "snr": 5.594828352290323,
  "spacing_tr": 0.75,
  "spacing_x": 3.0,
  "spacing_y": 3.0,
  "spacing_z": 3.299999952316284,
  "spikes_num": 0,
  "summary_bg_k": 64.2239351352463,
  "summary_bg_mad": 2.1018338203430176,
  "summary_bg_mean": 210.93035888671875,
  "summary_bg_median": 1.4571707248687744,
  "summary_bg_n": 143406.0,
  "summary_bg_p05": 0.010475389193743467,
  "summary_bg_p95": 1052.0589294433594,
  "summary_bg_stdv": 1019.3949584960938,
  "summary_fg_k": 3.4447316566220323,
  "summary_fg_mad": 2550.938720703125,
  "summary_fg_mean": 17877.931640625,
  "summary_fg_median": 18049.126953125,
  "summary_fg_n": 45177.0,
  "summary_fg_p05": 12681.3349609375,
  "summary_fg_p95": 22475.449999999997,
  "summary_fg_stdv": 3226.001953125,
  "tsnr": 41.26097106933594
}