{
  "aor": 0.0015676543209876543,
  "aqi": 0.005680602716049383,
  "bids_meta": {
    "AcquisitionNumber": 8,
    "BidsifyVersion": "0.3.5",
    "ConversionSoftware": "dcm2niix",
    "ConversionSoftwareVersion": "v1.0.20181125  GCC6.3.0",
    "EchoTime": 0.02762,
    "EffectiveEchoSpacing": 0.0006621159151938905,
    "ImageComments": "Piop",
    "ImageOrientationPatientDICOM": [
      0.998927,
      -0.0380081,
      0.0264793,
      0.0457104,
      0.901414,
      -0.430538
    ],
    "Manufacturer": "Philips",
    "NumberOfVolumesDiscardedByScanner": 2,
    "ParallelAcquisitionTechnique": "SENSE",
    "ParallelReductionFactorInPlane": 2,
    "PatientPosition": "HFS",
    "PhaseEncodingDirection": "j",
    "PhilipsRescaleIntercept": 0,
    "PhilipsRescaleSlope": 0.78217,
    "PhilipsScaleSlope": 0.0622862,
    "ProtocolName": "WIPpiopwmSENSE",
    "PulseSequenceType": "gradient echo EPI",
    "ReconMatrixPE": 80,
    "RepetitionTime": 2,
    "SeriesDescription": "ImageMRSERIES",
    "SeriesNumber": 8,
    "SliceEncodingDirection": "k",
    "SliceTiming": [
      0.0,
      0.0541,
      0.1081,
      0.1622,
      0.2162,
      0.2703,
      0.3243,
      0.3784,
      0.4324,
      0.4865,
      0.5405,
      0.5946,
      0.6486,
      0.7027,
      0.7568,
      0.8108,
      0.8649,
      0.9189,
      0.973,
      1.027,
      1.0811,
      1.1351,
      1.1892,
      1.2432,
      1.2973,
      1.3514,
      1.4054,
      1.4595,
      1.5135,
      1.5676,
      1.6216,
      1.6757,
      1.7297,
      1.7838,
      1.8378,
      1.8919,
      1.9459
    ],
    "TaskName": "workingmemory",
    "TotalReadoutTime": 0.025822520692561732,
    "UsePhilipsFloatNotDisplayScaling": 1,
    "acq_id": "seq",
    "dataset": "unknown",
    "modality": "bold",
    "subject_id": "0079",
    "task_id": "workingmemory"
  },
  "dummy_trs": 0,
  "dvars_nstd": 20.35785824316769,
  "dvars_std": 1.1397784059627332,
  "dvars_vstd": 0.9975409694409937,
  "efc": 0.4294108515692922,
  "fber": 129650304.0,
  "fd_mean": 0.14577651925584964,
  "fd_num": 27,
  "fd_perc": 16.666666666666668,
  "fwhm_avg": 2.294275060789554,
  "fwhm_x": 2.2805833333333334,
  "fwhm_y": 2.4669933333333334,
  "fwhm_z": 2.1352485157019947,
  "gcor": 0.0124076,
  "gsr_x": -0.0009966325014829636,
  "gsr_y": 0.0033306025434285402,
  "provenance": {
    "md5sum": "55638aba56be37b238d5ece78eb66b7e",
    "settings": {
      "fd_thres": 0.2,
      "hmc_fsl": false
    },
    "software": "mriqc",
    "version": "0.15.0",
    "webapi_port": null,
    "webapi_url": "https://mriqc.nimh.nih.gov/api/v1"
  },
  "size_t": 162,
  "size_x": 80,
  "size_y": 80,
  "size_z": 37,
  "snr": 4.8447142570502715,
  "spacing_tr": 2.0,
  "spacing_x": 3.0,
  "spacing_y": 3.0,
  "spacing_z": 3.299999952316284,
  "spikes_num": 0,
  "summary_bg_k": 65.35824205239919,
  "summary_bg_mad": 2.7208497524261475,
  "summary_bg_mean": 256.77685546875,
  "summary_bg_median": 1.9027290344238281,
  "summary_bg_n": 148477.0,
  "summary_bg_p05": 0.016652500629425047,
  "summary_bg_p95": 1135.9210693359141,
  "summary_bg_stdv": 1290.42822265625,
  "summary_fg_k": 2.8370146766335633,
  "summary_fg_mad": 3956.092529296875,
  "summary_fg_mean": 23705.609375,
  "summary_fg_median": 23575.375,
  "summary_fg_n": 45802.0,
  "summary_fg_p05": 16693.19814453125,
  "summary_fg_p95": 31123.576562499988,
  "summary_fg_stdv": 4866.15234375,
  "tsnr": 68.86962890625
}