{
  "aor": 0.001372,
  "aqi": 0.006328720326530613,
  "bids_meta": {
    "AcquisitionNumber": 3,
    "BidsifyVersion": "0.3.5",
    "ConversionSoftware": "dcm2niix",
    "ConversionSoftwareVersion": "v1.0.20181125  GCC6.3.0",
    "EchoTime": 0.02762,
    "EffectiveEchoSpacing": 0.0006621159151938905,
    "ImageComments": "Piop",
    "ImageOrientationPatientDICOM": [
      0.998927,
      -0.0380081,
      0.0264793,
      0.0457104,
      0.901414,
      -0.430538
    ],
    "Manufacturer": "Philips",
    "NumberOfVolumesDiscardedByScanner": 2,
    "ParallelAcquisitionTechnique": "SENSE",
    "ParallelReductionFactorInPlane": 2,
    "PatientPosition": "HFS",
    "PhaseEncodingDirection": "j",
    "PhilipsRescaleIntercept": 0,
    "PhilipsRescaleSlope": 0.83248,
    "PhilipsScaleSlope": 0.0534537,
    "ProtocolName": "WIPpiopgstroopSENSE",
    "PulseSequenceType": "gradient echo EPI",
    "ReconMatrixPE": 80,
    "RepetitionTime": 2,
    "SeriesDescription": "ImageMRSERIES",
    "SeriesNumber": 3,
    "SliceEncodingDirection": "k",
    "SliceTiming": [
      0.0,
      0.0541,
      0.1081,
      0.1622,
      0.2162,
      0.2703,
      0.3243,
      0.3784,
      0.4324,
      0.4865,
      0.5405,
      0.5946,
      0.6486,
      0.7027,
      0.7568,
      0.8108,
      0.8649,
      0.9189,
      0.973,
      1.027,
      1.0811,
      1.1351,
      1.1892,
      1.2432,
      1.2973,
      1.3514,
      1.4054,
      1.4595,
      1.5135,
      1.5676,
      1.6216,
      1.6757,
      1.7297,
      1.7838,
      1.8378,
      1.8919,
      1.9459
    ],
    "TaskName": "gstroop",
    "TotalReadoutTime": 0.025822520692561732,
    "UsePhilipsFloatNotDisplayScaling": 1,
    "acq_id": "seq",
    "dataset": "unknown",
    "modality": "bold",
    "subject_id": "0079",
    "task_id": "gstroop"
  },
  "dummy_trs": 0,
  "dvars_nstd": 24.819792004999986,
  "dvars_std": 1.2780620467622945,
  "dvars_vstd": 0.9929773177868851,
  "efc": 0.428211660200139,
  "fber": 168194688.0,
  "fd_mean": 0.13849337532227918,
  "fd_num": 32,
  "fd_perc": 13.061224489795919,
  "fwhm_avg": 2.26224394954663,
  "fwhm_x": 2.2424466666666665,
  "fwhm_y": 2.4364033333333333,
  "fwhm_z": 2.1078818486398907,
  "gcor": 0.029325,
  "gsr_x": -0.00017187377670779824,
  "gsr_y": 0.002544295508414507,
  "provenance": {
    "md5sum": "d3696ebaf3cf33f527087080fddb6c28",
    "settings": {
      "fd_thres": 0.2,
      "hmc_fsl": false
    },
    "software": "mriqc",
    "version": "0.15.0",
    "webapi_port": null,
    "webapi_url": "https://mriqc.nimh.nih.gov/api/v1"
  },
  "size_t": 245,
  "size_x": 80,
  "size_y": 80,
  "size_z": 37,
  "snr": 4.973639645116881,
  "spacing_tr": 2.0,
  "spacing_x": 3.0,
  "spacing_y": 3.0,
  "spacing_z": 3.299999952316284,
  "spikes_num": 6,
  "summary_bg_k": 80.19350621860266,
  "summary_bg_mad": 2.36924147605896,
  "summary_bg_mean": 246.3874969482422,
  "summary_bg_median": 1.6062138080596924,
  "summary_bg_n": 148623.0,
  "summary_bg_p05": 0.003714500227943063,
  "summary_bg_p95": 1059.2227539062492,
  "summary_bg_stdv": 1272.495849609375,
  "summary_fg_k": 3.1325206170731636,
  "summary_fg_mad": 3856.21240234375,
  "summary_fg_mean": 23962.75,
  "summary_fg_median": 23819.51171875,
  "summary_fg_n": 45650.0,
  "summary_fg_p05": 17210.2615234375,
  "summary_fg_p95": 31248.25800781249,
  "summary_fg_stdv": 4789.0986328125,
  "tsnr": 67.770263671875
}