{
    "Manufacturer": "Philips",
    "PatientPosition": "HFS",
    "SeriesDescription": "ImageMRSERIES",
    "ProtocolName": "WIPdti32v2SENSE",
    "SeriesNumber": 8,
    "AcquisitionNumber": 8,
    "ImageComments": "piop",
    "PhilipsRescaleSlope": 4.3939,
    "PhilipsRescaleIntercept": 0,
    "PhilipsScaleSlope": 0.0254994,
    "UsePhilipsFloatNotDisplayScaling": 1,
    "EchoTime": 0.08599,
    "RepetitionTime": 7.38802,
    "ReconMatrixPE": 112,
    "ImageOrientationPatientDICOM": [
        0.999061,
        0.0226894,
        -0.0369014,
        -0.0144736,
        0.97774,
        0.209322
    ],
    "ConversionSoftware": "dcm2niix",
    "ConversionSoftwareVersion": "v1.0.20181125  GCC6.3.0",
    "BidsifyVersion": "0.3.5",
    "FlipAngle": 90,
    "WaterFatShift": 18.924,
    "ParallelAcquisitionTechnique": "SENSE",
    "ParallelReductionFactorInPlane": 2,
    "PhaseEncodingDirection": "j"
}