{
  "aor": 0.003421510204081633,
  "aqi": 0.00517716330612245,
  "bids_meta": {
    "AcquisitionNumber": 3,
    "BidsifyVersion": "0.3.5",
    "ConversionSoftware": "dcm2niix",
    "ConversionSoftwareVersion": "v1.0.20181125  GCC6.3.0",
    "EchoTime": 0.02762,
    "ImageComments": "Piop",
    "ImageOrientationPatientDICOM": [
      0.999291,
      -0.0252929,
      0.0278995,
      0.0328007,
      0.948557,
      -0.314903
    ],
    "Manufacturer": "Philips",
    "NumberOfVolumesDiscardedByScanner": 2,
    "ParallelAcquisitionTechnique": "SENSE",
    "ParallelReductionFactorInPlane": 2,
    "PatientPosition": "HFS",
    "PhaseEncodingDirection": "j",
    "PhilipsRescaleIntercept": 0,
    "PhilipsRescaleSlope": 0.77827,
    "PhilipsScaleSlope": 0.0663944,
    "ProtocolName": "WIPpiopgstroopSENSE",
    "PulseSequenceType": "gradient echo EPI",
    "ReconMatrixPE": 80,
    "RepetitionTime": 2,
    "SeriesDescription": "ImageMRSERIES",
    "SeriesNumber": 3,
    "SliceEncodingDirection": "k",
    "TaskName": "gstroop",
    "UsePhilipsFloatNotDisplayScaling": 1,
    "acq_id": "seq",
    "dataset": "unknown",
    "modality": "bold",
    "subject_id": "0207",
    "task_id": "gstroop"
  },
  "dummy_trs": 0,
  "dvars_nstd": 19.251573550942638,
  "dvars_std": 1.1932676527049177,
  "dvars_vstd": 1.01409200352459,
  "efc": 0.3994430272259855,
  "fber": 467525024.0,
  "fd_mean": 0.08749866809707232,
  "fd_num": 10,
  "fd_perc": 4.081632653061225,
  "fwhm_avg": 2.4734151625515017,
  "fwhm_x": 2.4401333333333333,
  "fwhm_y": 2.6887666666666665,
  "fwhm_z": 2.2913454876545054,
  "gcor": 0.0154971,
  "gsr_x": -0.0025036782026290894,
  "gsr_y": 0.0006606313982047141,
  "provenance": {
    "md5sum": "6c46041ee1b55896db5c0287bf46f9bf",
    "settings": {
      "fd_thres": 0.2,
      "hmc_fsl": false
    },
    "software": "mriqc",
    "version": "0.15.0",
    "webapi_port": null,
    "webapi_url": "https://mriqc.nimh.nih.gov/api/v1"
  },
  "size_t": 245,
  "size_x": 80,
  "size_y": 80,
  "size_z": 37,
  "snr": 4.904295477711031,
  "spacing_tr": 2.0,
  "spacing_x": 3.0,
  "spacing_y": 3.0,
  "spacing_z": 3.299999952316284,
  "spikes_num": 3,
  "summary_bg_k": 94.91977040006702,
  "summary_bg_mad": 1.3748822212219238,
  "summary_bg_mean": 183.98556518554688,
  "summary_bg_median": 0.9443247318267822,
  "summary_bg_n": 154738.0,
  "summary_bg_p05": 0.0020064166048541663,
  "summary_bg_p95": 683.458428955076,
  "summary_bg_stdv": 1086.016845703125,
  "summary_fg_k": 3.1041198827271215,
  "summary_fg_mad": 3618.452880859375,
  "summary_fg_mean": 22216.3203125,
  "summary_fg_median": 22201.46875,
  "summary_fg_n": 40529.0,
  "summary_fg_p05": 15229.9275390625,
  "summary_fg_p95": 28953.948046874997,
  "summary_fg_stdv": 4526.8876953125,
  "tsnr": 70.90803527832031
}