{
  "bids_meta": {
    "AcquisitionNumber": 4,
    "BidsifyVersion": "0.3.5",
    "ConversionSoftware": "dcm2niix",
    "ConversionSoftwareVersion": "v1.0.20181125  GCC6.3.0",
    "EchoTime": 0.00376,
    "ImageComments": "piop",
    "ImageOrientationPatientDICOM": [
      0.999094,
      0.0271345,
      0.0327766,
      -0.0245918,
      0.996832,
      -0.0756341
    ],
    "Manufacturer": "Philips",
    "PatientPosition": "HFS",
    "PhilipsRescaleIntercept": 0,
    "PhilipsRescaleSlope": 8.66496,
    "PhilipsScaleSlope": 0.00744437,
    "ProtocolName": "WIPt13dSENSE",
    "ReconMatrixPE": 240,
    "RepetitionTime": 0.008198,
    "SeriesDescription": "ImageMRSERIES",
    "SeriesNumber": 4,
    "UsePhilipsFloatNotDisplayScaling": 1,
    "dataset": "unknown",
    "modality": "T1w",
    "subject_id": "0013"
  },
  "cjv": 0.3657108191912871,
  "cnr": 3.5520558777571933,
  "efc": 0.7665104183678717,
  "fber": 306.51788330078125,
  "fwhm_avg": 3.892946666666667,
  "fwhm_x": 3.901,
  "fwhm_y": 3.92153,
  "fwhm_z": 3.85631,
  "icvs_csf": 0.25711124067760044,
  "icvs_gm": 0.3962133595968676,
  "icvs_wm": 0.34667539972553196,
  "inu_med": 1.2931395769119263,
  "inu_range": 0.41260119676589957,
  "provenance": {
    "md5sum": "d5fe9501fc3ca0cd313f726370118542",
    "settings": {
      "testing": false
    },
    "software": "mriqc",
    "version": "0.15.0",
    "warnings": {
      "large_rot_frame": true,
      "small_air_mask": true
    },
    "webapi_port": null,
    "webapi_url": "https://mriqc.nimh.nih.gov/api/v1"
  },
  "qi_1": 0.0,
  "qi_2": 0.00022020159369111797,
  "rpve_csf": 28.554108948639275,
  "rpve_gm": 17.56813891504899,
  "rpve_wm": 25.12854491706683,
  "size_x": 240,
  "size_y": 240,
  "size_z": 220,
  "snr_csf": 2.3755844832939172,
  "snr_gm": 7.887481659465614,
  "snr_total": 8.84693109935922,
  "snr_wm": 16.277727155318125,
  "snrd_csf": 17.659054933799585,
  "snrd_gm": 39.76327056248497,
  "snrd_total": 40.08049347696548,
  "snrd_wm": 62.8191549346119,
  "spacing_x": 1.0,
  "spacing_y": 1.0,
  "spacing_z": 1.0,
  "summary_bg_k": 35.40915237862163,
  "summary_bg_mad": 10.429061889648438,
  "summary_bg_mean": 19.54309844970703,
  "summary_bg_median": 13.659263610839844,
  "summary_bg_n": 85210.0,
  "summary_bg_p05": 0.0,
  "summary_bg_p95": 61.569595146179196,
  "summary_bg_stdv": 21.50375747680664,
  "summary_csf_k": -0.7488762313287483,
  "summary_csf_mad": 138.0258026123047,
  "summary_csf_mean": 274.0935363769531,
  "summary_csf_median": 281.113037109375,
  "summary_csf_n": 10119.0,
  "summary_csf_p05": 82.74999465942383,
  "summary_csf_p95": 456.0762420654297,
  "summary_csf_stdv": 118.32841491699219,
  "summary_gm_k": -0.0007987947416228103,
  "summary_gm_mad": 79.4919662475586,
  "summary_gm_mean": 636.7667236328125,
  "summary_gm_median": 632.9882202148438,
  "summary_gm_n": 14328.0,
  "summary_gm_p05": 510.9219177246094,
  "summary_gm_p95": 776.3583007812499,
  "summary_gm_stdv": 80.24945831298828,
  "summary_wm_k": 1.014011115697567,
  "summary_wm_mad": 54.73294448852539,
  "summary_wm_mean": 997.8029174804688,
  "summary_wm_median": 1000.012939453125,
  "summary_wm_n": 157819.0,
  "summary_wm_p05": 892.0324768066406,
  "summary_wm_p95": 1093.4888671875,
  "summary_wm_stdv": 61.43423843383789,
  "tpm_overlap_csf": 0.2015477418899536,
  "tpm_overlap_gm": 0.4837934076786041,
  "tpm_overlap_wm": 0.5600402355194092,
  "wm2max": 0.7229113433760935
}