{
  "aor": 0.0014737654320987655,
  "aqi": 0.0034385000617283947,
  "bids_meta": {
    "AcquisitionNumber": 8,
    "BidsifyVersion": "0.3.5",
    "ConversionSoftware": "dcm2niix",
    "ConversionSoftwareVersion": "v1.0.20181125  GCC6.3.0",
    "EchoTime": 0.02762,
    "ImageComments": "piop",
    "ImageOrientationPatientDICOM": [
      0.997272,
      0.0676723,
      0.0294729,
      -0.057677,
      0.963626,
      -0.260956
    ],
    "Manufacturer": "Philips",
    "NumberOfVolumesDiscardedByScanner": 2,
    "ParallelAcquisitionTechnique": "SENSE",
    "ParallelReductionFactorInPlane": 2,
    "PatientPosition": "HFS",
    "PhaseEncodingDirection": "j",
    "PhilipsRescaleIntercept": 0,
    "PhilipsRescaleSlope": 0.76947,
    "PhilipsScaleSlope": 0.0571937,
    "ProtocolName": "WIPpiopwmSENSE",
    "PulseSequenceType": "gradient echo EPI",
    "ReconMatrixPE": 80,
    "RepetitionTime": 2,
    "SeriesDescription": "ImageMRSERIES",
    "SeriesNumber": 8,
    "SliceEncodingDirection": "k",
    "TaskName": "workingmemory",
    "UsePhilipsFloatNotDisplayScaling": 1,
    "acq_id": "seq",
    "dataset": "unknown",
    "modality": "bold",
    "subject_id": "0154",
    "task_id": "workingmemory"
  },
  "dummy_trs": 0,
  "dvars_nstd": 24.10073702080745,
  "dvars_std": 1.213248849751552,
  "dvars_vstd": 1.02812458378882,
  "efc": 0.4138791360986768,
  "fber": 250778464.0,
  "fd_mean": 0.15060257242911884,
  "fd_num": 27,
  "fd_perc": 16.666666666666668,
  "fwhm_avg": 2.276120111402889,
  "fwhm_x": 2.2092733333333334,
  "fwhm_y": 2.4613566666666666,
  "fwhm_z": 2.157730334208667,
  "gcor": 0.0195677,
  "gsr_x": 0.0006123596685938537,
  "gsr_y": 0.003016309579834342,
  "provenance": {
    "md5sum": "f36c6b51beb3c322ca720d3df520ca0a",
    "settings": {
      "fd_thres": 0.2,
      "hmc_fsl": false
    },
    "software": "mriqc",
    "version": "0.15.0",
    "webapi_port": null,
    "webapi_url": "https://mriqc.nimh.nih.gov/api/v1"
  },
  "size_t": 162,
  "size_x": 80,
  "size_y": 80,
  "size_z": 37,
  "snr": 4.016006101488762,
  "spacing_tr": 2.0,
  "spacing_x": 3.0,
  "spacing_y": 3.0,
  "spacing_z": 3.299999952316284,
  "spikes_num": 4,
  "summary_bg_k": 94.98961149118892,
  "summary_bg_mad": 1.8646941184997559,
  "summary_bg_mean": 183.39938354492188,
  "summary_bg_median": 1.2663555145263672,
  "summary_bg_n": 150504.0,
  "summary_bg_p05": 0.0023238824680447577,
  "summary_bg_p95": 716.5961364746153,
  "summary_bg_stdv": 1017.5330200195312,
  "summary_fg_k": 2.0296967999793702,
  "summary_fg_mad": 4619.7724609375,
  "summary_fg_mean": 22992.578125,
  "summary_fg_median": 22384.2578125,
  "summary_fg_n": 44822.0,
  "summary_fg_p05": 15422.821435546875,
  "summary_fg_p95": 32755.039160156248,
  "summary_fg_stdv": 5573.69873046875,
  "tsnr": 70.5985336303711
}