{
  "aor": 0.0002547489539748954,
  "aqi": 0.012384420209205022,
  "bids_meta": {
    "AcquisitionNumber": 6,
    "BidsifyVersion": "0.3.5",
    "ConversionSoftware": "dcm2niix",
    "ConversionSoftwareVersion": "v1.0.20181125  GCC6.3.0",
    "EchoTime": 0.02762,
    "ImageComments": "piop",
    "ImageOrientationPatientDICOM": [
      0.997272,
      0.0676723,
      0.0294729,
      -0.057677,
      0.963626,
      -0.260956
    ],
    "Manufacturer": "Philips",
    "NumberOfVolumesDiscardedByScanner": 2,
    "ParallelAcquisitionTechnique": "SENSE",
    "ParallelReductionFactorInPlane": 2,
    "PatientPosition": "HFS",
    "PhaseEncodingDirection": "j",
    "PhilipsRescaleIntercept": 0,
    "PhilipsRescaleSlope": 0.76239,
    "PhilipsScaleSlope": 0.0940835,
    "ProtocolName": "WIPpioprsSENSE",
    "PulseSequenceType": "gradient echo EPI",
    "ReconMatrixPE": 80,
    "RepetitionTime": 0.75,
    "SeriesDescription": "ImageMRSERIES",
    "SeriesNumber": 6,
    "SliceEncodingDirection": "k",
    "TaskName": "restingstate",
    "UsePhilipsFloatNotDisplayScaling": 1,
    "acq_id": "mb3",
    "dataset": "unknown",
    "modality": "bold",
    "subject_id": "0154",
    "task_id": "restingstate"
  },
  "dummy_trs": 2,
  "dvars_nstd": 30.456369164234836,
  "dvars_std": 1.1013091473794547,
  "dvars_vstd": 0.971828445492663,
  "efc": 0.42011631906132313,
  "fber": 252489808.0,
  "fd_mean": 0.09881848400791818,
  "fd_num": 16,
  "fd_perc": 3.3472803347280333,
  "fwhm_avg": 2.388982132098152,
  "fwhm_x": 2.326416666666667,
  "fwhm_y": 2.5803933333333333,
  "fwhm_z": 2.260136396294455,
  "gcor": 0.0167467,
  "gsr_x": -1.8327977159060538e-05,
  "gsr_y": 0.0022440957836806774,
  "provenance": {
    "md5sum": "79930de391b5846ea95b42c78ed109c1",
    "settings": {
      "fd_thres": 0.2,
      "hmc_fsl": false
    },
    "software": "mriqc",
    "version": "0.15.0",
    "webapi_port": null,
    "webapi_url": "https://mriqc.nimh.nih.gov/api/v1"
  },
  "size_t": 478,
  "size_x": 80,
  "size_y": 80,
  "size_z": 36,
  "snr": 5.084058643141119,
  "spacing_tr": 0.75,
  "spacing_x": 3.0,
  "spacing_y": 3.0,
  "spacing_z": 3.299999952316284,
  "spikes_num": 1,
  "summary_bg_k": 91.01584511551204,
  "summary_bg_mad": 1.3124382495880127,
  "summary_bg_mean": 132.63516235351562,
  "summary_bg_median": 0.8969259262084961,
  "summary_bg_n": 145864.0,
  "summary_bg_p05": 0.006327025010250509,
  "summary_bg_p95": 585.0694702148448,
  "summary_bg_stdv": 715.5554809570312,
  "summary_fg_k": 2.260590316552327,
  "summary_fg_mad": 2605.82470703125,
  "summary_fg_mean": 16406.83203125,
  "summary_fg_median": 16356.935546875,
  "summary_fg_n": 43722.0,
  "summary_fg_p05": 11307.44423828125,
  "summary_fg_p95": 21476.449316406248,
  "summary_fg_stdv": 3217.261962890625,
  "tsnr": 42.176109313964844
}