{
  "aor": 0.0005421515151515152,
  "aqi": 0.009390856454545455,
  "bids_meta": {
    "AcquisitionNumber": 2,
    "BidsifyVersion": "0.3.5",
    "ConversionSoftware": "dcm2niix",
    "ConversionSoftwareVersion": "v1.0.20181125  GCC6.3.0",
    "EchoTime": 0.02762,
    "ImageComments": "piop",
    "ImageOrientationPatientDICOM": [
      0.997272,
      0.0676723,
      0.0294729,
      -0.057677,
      0.963626,
      -0.260956
    ],
    "Manufacturer": "Philips",
    "NumberOfVolumesDiscardedByScanner": 2,
    "ParallelAcquisitionTechnique": "SENSE",
    "ParallelReductionFactorInPlane": 2,
    "PatientPosition": "HFS",
    "PhaseEncodingDirection": "j",
    "PhilipsRescaleIntercept": 0,
    "PhilipsRescaleSlope": 0.77265,
    "PhilipsScaleSlope": 0.0931956,
    "ProtocolName": "WIPpiopfacesSENSE",
    "PulseSequenceType": "gradient echo EPI",
    "ReconMatrixPE": 80,
    "RepetitionTime": 0.75,
    "SeriesDescription": "ImageMRSERIES",
    "SeriesNumber": 2,
    "SliceEncodingDirection": "k",
    "TaskName": "faces",
    "UsePhilipsFloatNotDisplayScaling": 1,
    "acq_id": "mb3",
    "dataset": "unknown",
    "modality": "bold",
    "subject_id": "0154",
    "task_id": "faces"
  },
  "dummy_trs": 0,
  "dvars_nstd": 30.65702266741641,
  "dvars_std": 1.1353509654407299,
  "dvars_vstd": 1.003718374103344,
  "efc": 0.41852522089128336,
  "fber": 270080256.0,
  "fd_mean": 0.12496168606907535,
  "fd_num": 25,
  "fd_perc": 7.575757575757576,
  "fwhm_avg": 2.3845838492564555,
  "fwhm_x": 2.3211933333333334,
  "fwhm_y": 2.575206666666667,
  "fwhm_z": 2.2573515477693666,
  "gcor": 0.0153568,
  "gsr_x": -0.0002992217196151614,
  "gsr_y": 0.002517517190426588,
  "provenance": {
    "md5sum": "0561a4f657f9e5580cf6dfbc6d319c85",
    "settings": {
      "fd_thres": 0.2,
      "hmc_fsl": false
    },
    "software": "mriqc",
    "version": "0.15.0",
    "webapi_port": null,
    "webapi_url": "https://mriqc.nimh.nih.gov/api/v1"
  },
  "size_t": 330,
  "size_x": 80,
  "size_y": 80,
  "size_z": 36,
  "snr": 5.024123298443092,
  "spacing_tr": 0.75,
  "spacing_x": 3.0,
  "spacing_y": 3.0,
  "spacing_z": 3.299999952316284,
  "spikes_num": 0,
  "summary_bg_k": 91.5969385773795,
  "summary_bg_mad": 1.4076027870178223,
  "summary_bg_mean": 133.73785400390625,
  "summary_bg_median": 0.9676306247711182,
  "summary_bg_n": 146106.0,
  "summary_bg_p05": 0.005948053323663771,
  "summary_bg_p95": 573.9832611083984,
  "summary_bg_stdv": 747.325927734375,
  "summary_fg_k": 1.9694890131964193,
  "summary_fg_mad": 2817.22509765625,
  "summary_fg_mean": 17113.38671875,
  "summary_fg_median": 17034.69921875,
  "summary_fg_n": 43512.0,
  "summary_fg_p05": 11772.8748046875,
  "summary_fg_p95": 22569.861132812497,
  "summary_fg_stdv": 3390.54248046875,
  "tsnr": 46.389286041259766
}