{
  "aor": 0.00041777777777777777,
  "aqi": 0.0029964465185185183,
  "bids_meta": {
    "AcquisitionNumber": 5,
    "BidsifyVersion": "0.3.5",
    "ConversionSoftware": "dcm2niix",
    "ConversionSoftwareVersion": "v1.0.20181125  GCC6.3.0",
    "EchoTime": 0.02762,
    "EffectiveEchoSpacing": 0.0006621159151938905,
    "ImageComments": "piop",
    "ImageOrientationPatientDICOM": [
      0.990461,
      0.119412,
      -0.0687634,
      -0.129869,
      0.975756,
      -0.176164
    ],
    "Manufacturer": "Philips",
    "NumberOfVolumesDiscardedByScanner": 2,
    "ParallelAcquisitionTechnique": "SENSE",
    "ParallelReductionFactorInPlane": 2,
    "PatientPosition": "HFS",
    "PhaseEncodingDirection": "j",
    "PhilipsRescaleIntercept": 0,
    "PhilipsRescaleSlope": 0.82173,
    "PhilipsScaleSlope": 0.0521488,
    "ProtocolName": "WIPpiopharririSENSE",
    "PulseSequenceType": "gradient echo EPI",
    "ReconMatrixPE": 80,
    "RepetitionTime": 2,
    "SeriesDescription": "ImageMRSERIES",
    "SeriesNumber": 5,
    "SliceEncodingDirection": "k",
    "SliceTiming": [
      0.0,
      0.0541,
      0.1081,
      0.1622,
      0.2162,
      0.2703,
      0.3243,
      0.3784,
      0.4324,
      0.4865,
      0.5405,
      0.5946,
      0.6486,
      0.7027,
      0.7568,
      0.8108,
      0.8649,
      0.9189,
      0.973,
      1.027,
      1.0811,
      1.1351,
      1.1892,
      1.2432,
      1.2973,
      1.3514,
      1.4054,
      1.4595,
      1.5135,
      1.5676,
      1.6216,
      1.6757,
      1.7297,
      1.7838,
      1.8378,
      1.8919,
      1.9459
    ],
    "TaskName": "emomatching",
    "TotalReadoutTime": 0.025822520692561732,
    "UsePhilipsFloatNotDisplayScaling": 1,
    "acq_id": "seq",
    "dataset": "unknown",
    "modality": "bold",
    "subject_id": "0208",
    "task_id": "emomatching"
  },
  "dummy_trs": 0,
  "dvars_nstd": 20.77156061208955,
  "dvars_std": 1.2318822352238803,
  "dvars_vstd": 0.9970580006716415,
  "efc": 0.41425183856517755,
  "fber": 730065728.0,
  "fd_mean": 0.08747022912349887,
  "fd_num": 2,
  "fd_perc": 1.4814814814814814,
  "fwhm_avg": 2.3659403628541114,
  "fwhm_x": 2.3380366666666665,
  "fwhm_y": 2.62203,
  "fwhm_z": 2.1377544218956674,
  "gcor": 0.0485239,
  "gsr_x": 0.005320797674357891,
  "gsr_y": -0.001981093781068921,
  "provenance": {
    "md5sum": "f7fbd433130be3e04af5b414d5e4efc6",
    "settings": {
      "fd_thres": 0.2,
      "hmc_fsl": false
    },
    "software": "mriqc",
    "version": "0.15.0",
    "webapi_port": null,
    "webapi_url": "https://mriqc.nimh.nih.gov/api/v1"
  },
  "size_t": 135,
  "size_x": 80,
  "size_y": 80,
  "size_z": 37,
  "snr": 4.5187427346640066,
  "spacing_tr": 2.0,
  "spacing_x": 3.0,
  "spacing_y": 3.0,
  "spacing_z": 3.3000001907348633,
  "spikes_num": 0,
  "summary_bg_k": 63.77716091623695,
  "summary_bg_mad": 1.3400362730026245,
  "summary_bg_mean": 315.0354919433594,
  "summary_bg_median": 0.9048233032226562,
  "summary_bg_n": 151886.0,
  "summary_bg_p05": 0.0,
  "summary_bg_p95": 1058.0597839355469,
  "summary_bg_stdv": 1739.01171875,
  "summary_fg_k": 1.8853265256893668,
  "summary_fg_mad": 5010.3662109375,
  "summary_fg_mean": 26844.5,
  "summary_fg_median": 26643.375,
  "summary_fg_n": 43336.0,
  "summary_fg_p05": 17724.470703125,
  "summary_fg_p95": 35920.8798828125,
  "summary_fg_stdv": 5896.1240234375,
  "tsnr": 80.24516296386719
}