{
  "bids_meta": {
    "AcquisitionNumber": 4,
    "BidsifyVersion": "0.3.5",
    "ConversionSoftware": "dcm2niix",
    "ConversionSoftwareVersion": "v1.0.20181125  GCC6.3.0",
    "EchoTime": 0.00374,
    "ImageComments": "Piop",
    "ImageOrientationPatientDICOM": [
      0.999666,
      -0.0125564,
      0.0225841,
      0.0109923,
      0.997618,
      0.0680936
    ],
    "Manufacturer": "Philips",
    "PatientPosition": "HFS",
    "PhilipsRescaleIntercept": 0,
    "PhilipsRescaleSlope": 9.05739,
    "PhilipsScaleSlope": 0.0072271,
    "ProtocolName": "WIPt13dSENSE",
    "ReconMatrixPE": 240,
    "RepetitionTime": 0.008172,
    "SeriesDescription": "ImageMRSERIES",
    "SeriesNumber": 4,
    "UsePhilipsFloatNotDisplayScaling": 1,
    "dataset": "unknown",
    "modality": "T1w",
    "subject_id": "0122"
  },
  "cjv": 0.3057009775549529,
  "cnr": 4.242471592417366,
  "efc": 0.7562863648677933,
  "fber": 392.3667907714844,
  "fwhm_avg": 3.6586866666666666,
  "fwhm_x": 3.59968,
  "fwhm_y": 3.87328,
  "fwhm_z": 3.5031,
  "icvs_csf": 0.19604229669375187,
  "icvs_gm": 0.43309323133684374,
  "icvs_wm": 0.37086447196940436,
  "inu_med": 1.7509253025054932,
  "inu_range": 0.4455939233303068,
  "provenance": {
    "md5sum": "bd115017f144564b6382a6ebee7d5c53",
    "settings": {
      "testing": false
    },
    "software": "mriqc",
    "version": "0.15.0",
    "warnings": {
      "large_rot_frame": true,
      "small_air_mask": true
    },
    "webapi_port": null,
    "webapi_url": "https://mriqc.nimh.nih.gov/api/v1"
  },
  "qi_1": 0.0,
  "qi_2": 0.00034178321526836923,
  "rpve_csf": 28.77767524929305,
  "rpve_gm": 14.447562059760951,
  "rpve_wm": 21.01911583428273,
  "size_x": 240,
  "size_y": 240,
  "size_z": 220,
  "snr_csf": 2.5757807519398144,
  "snr_gm": 7.532786311512307,
  "snr_total": 9.756800274483568,
  "snr_wm": 19.161833759998583,
  "snrd_csf": 21.184438041371006,
  "snrd_gm": 43.908779776645105,
  "snrd_total": 46.26397021875752,
  "snrd_wm": 73.69869283825645,
  "spacing_x": 1.0,
  "spacing_y": 1.0,
  "spacing_z": 1.0,
  "summary_bg_k": 104.04338206982872,
  "summary_bg_mad": 8.889158248901367,
  "summary_bg_mean": 10.857115745544434,
  "summary_bg_median": 6.213226795196533,
  "summary_bg_n": 77713.0,
  "summary_bg_p05": 0.0,
  "summary_bg_p95": 29.96102828979492,
  "summary_bg_stdv": 9.948140144348145,
  "summary_csf_k": 2.850686810312369,
  "summary_csf_mad": 109.1615219116211,
  "summary_csf_mean": 266.3893737792969,
  "summary_csf_median": 287.4391174316406,
  "summary_csf_n": 6929.0,
  "summary_csf_p05": 79.72920532226563,
  "summary_csf_p95": 413.7083374023438,
  "summary_csf_stdv": 111.58495330810547,
  "summary_gm_k": 0.16300092463832083,
  "summary_gm_mad": 77.04278564453125,
  "summary_gm_mean": 596.2925415039062,
  "summary_gm_median": 595.7722778320312,
  "summary_gm_n": 22274.0,
  "summary_gm_p05": 466.8165512084961,
  "summary_gm_p95": 727.626675415039,
  "summary_gm_stdv": 79.08878326416016,
  "summary_wm_k": 1.1584476216104935,
  "summary_wm_mad": 46.52207565307617,
  "summary_wm_mean": 997.6386108398438,
  "summary_wm_median": 999.9739990234375,
  "summary_wm_n": 200463.0,
  "summary_wm_p05": 908.7007019042969,
  "summary_wm_p95": 1078.0470825195312,
  "summary_wm_stdv": 52.185585021972656,
  "tpm_overlap_csf": 0.21728569269180298,
  "tpm_overlap_gm": 0.5175800919532776,
  "tpm_overlap_wm": 0.5752283334732056,
  "wm2max": 0.7023672900736064
}