{
    "Manufacturer": "Philips",
    "PatientPosition": "HFS",
    "SeriesDescription": "ImageMRSERIES",
    "ProtocolName": "WIPt13dSENSE",
    "SeriesNumber": 4,
    "AcquisitionNumber": 4,
    "ImageComments": "piop",
    "PhilipsRescaleSlope": 9.16435,
    "PhilipsRescaleIntercept": 0,
    "PhilipsScaleSlope": 0.00732068,
    "UsePhilipsFloatNotDisplayScaling": 1,
    "EchoTime": 0.00383,
    "RepetitionTime": 0.008319,
    "ReconMatrixPE": 240,
    "ImageOrientationPatientDICOM": [
        0.999569,
        0.0279658,
        0.00898293,
        -0.0256509,
        0.980083,
        -0.196926
    ],
    "ConversionSoftware": "dcm2niix",
    "ConversionSoftwareVersion": "v1.0.20181125  GCC6.3.0",
    "BidsifyVersion": "0.3.5"
}