{
  "aor": 0.005928979166666667,
  "aqi": 0.024892278541666667,
  "bids_meta": {
    "AcquisitionNumber": 6,
    "BidsifyVersion": "0.3.5",
    "ConversionSoftware": "dcm2niix",
    "ConversionSoftwareVersion": "v1.0.20181125  GCC6.3.0",
    "EchoTime": 0.02762,
    "EffectiveEchoSpacing": 0.0006333282667071997,
    "ImageComments": "Piop",
    "ImageOrientationPatientDICOM": [
      0.994952,
      0.0815819,
      -0.0584317,
      -0.0903727,
      0.981573,
      -0.168365
    ],
    "Manufacturer": "Philips",
    "NumberOfVolumesDiscardedByScanner": 2,
    "ParallelAcquisitionTechnique": "SENSE",
    "ParallelReductionFactorInPlane": 2,
    "PatientPosition": "HFS",
    "PhaseEncodingDirection": "j",
    "PhilipsRescaleIntercept": 0,
    "PhilipsRescaleSlope": 0.77973,
    "PhilipsScaleSlope": 0.0819973,
    "ProtocolName": "WIPpioprsSENSE",
    "PulseSequenceType": "gradient echo EPI",
    "ReconMatrixPE": 80,
    "RepetitionTime": 0.75,
    "SeriesDescription": "ImageMRSERIES",
    "SeriesNumber": 6,
    "SliceEncodingDirection": "k",
    "SliceTiming": [
      0.0,
      0.06755050505050506,
      0.1351010101010101,
      0.20265151515151517,
      0.2702020202020202,
      0.3377525252525253,
      0.40530303030303033,
      0.47285353535353536,
      0.5404040404040404,
      0.6079545454545455,
      0.6755050505050506,
      0.7430555555555556,
      0.0,
      0.06755050505050506,
      0.1351010101010101,
      0.20265151515151517,
      0.2702020202020202,
      0.3377525252525253,
      0.40530303030303033,
      0.47285353535353536,
      0.5404040404040404,
      0.6079545454545455,
      0.6755050505050506,
      0.7430555555555556,
      0.0,
      0.06755050505050506,
      0.1351010101010101,
      0.20265151515151517,
      0.2702020202020202,
      0.3377525252525253,
      0.40530303030303033,
      0.47285353535353536,
      0.5404040404040404,
      0.6079545454545455,
      0.6755050505050506,
      0.7430555555555556
    ],
    "TaskName": "restingstate",
    "TotalReadoutTime": 0.024699802401580786,
    "UsePhilipsFloatNotDisplayScaling": 1,
    "acq_id": "mb3",
    "dataset": "unknown",
    "modality": "bold",
    "subject_id": "0030",
    "task_id": "restingstate"
  },
  "dummy_trs": 0,
  "dvars_nstd": 32.789024870647175,
  "dvars_std": 1.2230817523173279,
  "dvars_vstd": 1.0645251456158662,
  "efc": 0.4387083913896239,
  "fber": 38270100.0,
  "fd_mean": 0.1428686663034264,
  "fd_num": 66,
  "fd_perc": 13.75,
  "fwhm_avg": 2.5660679913261712,
  "fwhm_x": 2.492503333333333,
  "fwhm_y": 2.8122399999999996,
  "fwhm_z": 2.393460640645181,
  "gcor": 0.0193477,
  "gsr_x": -0.006275005638599396,
  "gsr_y": 0.0042033507488667965,
  "provenance": {
    "md5sum": "fb45919024e2c818d2b0618c56876787",
    "settings": {
      "fd_thres": 0.2,
      "hmc_fsl": false
    },
    "software": "mriqc",
    "version": "0.15.0",
    "webapi_port": null,
    "webapi_url": "https://mriqc.nimh.nih.gov/api/v1"
  },
  "size_t": 480,
  "size_x": 80,
  "size_y": 80,
  "size_z": 36,
  "snr": 5.773948398249679,
  "spacing_tr": 0.75,
  "spacing_x": 3.0,
  "spacing_y": 3.0,
  "spacing_z": 3.299999952316284,
  "spikes_num": 2,
  "summary_bg_k": 68.5895042071262,
  "summary_bg_mad": 4.021692276000977,
  "summary_bg_mean": 185.1395721435547,
  "summary_bg_median": 2.846543788909912,
  "summary_bg_n": 142624.0,
  "summary_bg_p05": 0.054250532202422624,
  "summary_bg_p95": 1095.019067382813,
  "summary_bg_stdv": 863.2981567382812,
  "summary_fg_k": 3.0938858912345655,
  "summary_fg_mad": 2729.243408203125,
  "summary_fg_mean": 19008.91796875,
  "summary_fg_median": 19290.89453125,
  "summary_fg_n": 46452.0,
  "summary_fg_p05": 13315.783203125,
  "summary_fg_p95": 23620.838183593747,
  "summary_fg_stdv": 3340.987060546875,
  "tsnr": 34.240089416503906
}