{
  "aor": 0.000765020920502092,
  "aqi": 0.013112852866108785,
  "bids_meta": {
    "AcquisitionNumber": 6,
    "BidsifyVersion": "0.3.5",
    "ConversionSoftware": "dcm2niix",
    "ConversionSoftwareVersion": "v1.0.20181125  GCC6.3.0",
    "EchoTime": 0.02762,
    "EffectiveEchoSpacing": 0.0006333282667071997,
    "ImageComments": "Piop",
    "ImageOrientationPatientDICOM": [
      0.996119,
      0.0342455,
      0.081078,
      -0.0219093,
      0.988682,
      -0.14842
    ],
    "Manufacturer": "Philips",
    "NumberOfVolumesDiscardedByScanner": 2,
    "ParallelAcquisitionTechnique": "SENSE",
    "ParallelReductionFactorInPlane": 2,
    "PatientPosition": "HFS",
    "PhaseEncodingDirection": "j",
    "PhilipsRescaleIntercept": 0,
    "PhilipsRescaleSlope": 0.79292,
    "PhilipsScaleSlope": 0.0805251,
    "ProtocolName": "WIPpioprsSENSE",
    "PulseSequenceType": "gradient echo EPI",
    "ReconMatrixPE": 80,
    "RepetitionTime": 0.75,
    "SeriesDescription": "ImageMRSERIES",
    "SeriesNumber": 6,
    "SliceEncodingDirection": "k",
    "SliceTiming": [
      0.0,
      0.06755050505050506,
      0.1351010101010101,
      0.20265151515151517,
      0.2702020202020202,
      0.3377525252525253,
      0.40530303030303033,
      0.47285353535353536,
      0.5404040404040404,
      0.6079545454545455,
      0.6755050505050506,
      0.7430555555555556,
      0.0,
      0.06755050505050506,
      0.1351010101010101,
      0.20265151515151517,
      0.2702020202020202,
      0.3377525252525253,
      0.40530303030303033,
      0.47285353535353536,
      0.5404040404040404,
      0.6079545454545455,
      0.6755050505050506,
      0.7430555555555556,
      0.0,
      0.06755050505050506,
      0.1351010101010101,
      0.20265151515151517,
      0.2702020202020202,
      0.3377525252525253,
      0.40530303030303033,
      0.47285353535353536,
      0.5404040404040404,
      0.6079545454545455,
      0.6755050505050506,
      0.7430555555555556
    ],
    "TaskName": "restingstate",
    "TotalReadoutTime": 0.024699802401580786,
    "UsePhilipsFloatNotDisplayScaling": 1,
    "acq_id": "mb3",
    "dataset": "unknown",
    "modality": "bold",
    "subject_id": "0082",
    "task_id": "restingstate"
  },
  "dummy_trs": 2,
  "dvars_nstd": 31.41796836985328,
  "dvars_std": 1.2099795448008388,
  "dvars_vstd": 0.9799356678616353,
  "efc": 0.4273015117760759,
  "fber": 111791832.0,
  "fd_mean": 0.1069486199638788,
  "fd_num": 22,
  "fd_perc": 4.602510460251046,
  "fwhm_avg": 2.39913384877416,
  "fwhm_x": 2.32417,
  "fwhm_y": 2.716013333333333,
  "fwhm_z": 2.1572182129891457,
  "gcor": 0.00965992,
  "gsr_x": 0.00030221816268749535,
  "gsr_y": 0.0013012612471356988,
  "provenance": {
    "md5sum": "6cdc490edecdefdf1bf73c1f7480258d",
    "settings": {
      "fd_thres": 0.2,
      "hmc_fsl": false
    },
    "software": "mriqc",
    "version": "0.15.0",
    "webapi_port": null,
    "webapi_url": "https://mriqc.nimh.nih.gov/api/v1"
  },
  "size_t": 478,
  "size_x": 80,
  "size_y": 80,
  "size_z": 36,
  "snr": 5.616274560485454,
  "spacing_tr": 0.75,
  "spacing_x": 3.0,
  "spacing_y": 3.0,
  "spacing_z": 3.299999952316284,
  "spikes_num": 0,
  "summary_bg_k": 68.28853296660007,
  "summary_bg_mad": 2.234891414642334,
  "summary_bg_mean": 211.96522521972656,
  "summary_bg_median": 1.5258287191390991,
  "summary_bg_n": 146195.0,
  "summary_bg_p05": 0.010727694630622864,
  "summary_bg_p95": 1030.9238647460927,
  "summary_bg_stdv": 1024.26953125,
  "summary_fg_k": 2.461039244785444,
  "summary_fg_mad": 2737.984130859375,
  "summary_fg_mean": 18305.931640625,
  "summary_fg_median": 18367.939453125,
  "summary_fg_n": 43236.0,
  "summary_fg_p05": 12952.45947265625,
  "summary_fg_p95": 23260.8603515625,
  "summary_fg_stdv": 3270.44677734375,
  "tsnr": 45.180335998535156
}