{
  "bids_meta": {
    "AcquisitionNumber": 4,
    "BidsifyVersion": "0.3.5",
    "ConversionSoftware": "dcm2niix",
    "ConversionSoftwareVersion": "v1.0.20181125  GCC6.3.0",
    "EchoTime": 0.00377,
    "ImageComments": "piop",
    "ImageOrientationPatientDICOM": [
      0.999079,
      -0.0382856,
      0.0193728,
      0.0366346,
      0.99617,
      0.0793963
    ],
    "Manufacturer": "Philips",
    "PatientPosition": "HFS",
    "PhilipsRescaleIntercept": 0,
    "PhilipsRescaleSlope": 8.63492,
    "PhilipsScaleSlope": 0.00746373,
    "ProtocolName": "WIPt13dSENSE",
    "ReconMatrixPE": 240,
    "RepetitionTime": 0.008203,
    "SeriesDescription": "ImageMRSERIES",
    "SeriesNumber": 4,
    "UsePhilipsFloatNotDisplayScaling": 1,
    "dataset": "unknown",
    "modality": "T1w",
    "subject_id": "0023"
  },
  "cjv": 0.35064838253764447,
  "cnr": 3.73190891883913,
  "efc": 0.7387807994014975,
  "fber": 753.2546997070312,
  "fwhm_avg": 3.4522101390747313,
  "fwhm_x": 3.35677,
  "fwhm_y": 3.669420218714489,
  "fwhm_z": 3.330440198509705,
  "icvs_csf": 0.19586089613905153,
  "icvs_gm": 0.4189608995705971,
  "icvs_wm": 0.3851782042903514,
  "inu_med": 2.198925018310547,
  "inu_range": 0.4607872247695921,
  "provenance": {
    "md5sum": "0b1d981a787c7472321abd82acb08a69",
    "settings": {
      "testing": false
    },
    "software": "mriqc",
    "version": "0.15.0",
    "warnings": {
      "large_rot_frame": true,
      "small_air_mask": true
    },
    "webapi_port": null,
    "webapi_url": "https://mriqc.nimh.nih.gov/api/v1"
  },
  "qi_1": 0.0,
  "qi_2": 8.005230802359743e-05,
  "rpve_csf": 31.199838757690017,
  "rpve_gm": 15.84770704476493,
  "rpve_wm": 21.94875575555536,
  "size_x": 240,
  "size_y": 240,
  "size_z": 220,
  "snr_csf": 1.9979154184775079,
  "snr_gm": 7.304609451574076,
  "snr_total": 10.094647363998456,
  "snr_wm": 20.981417221943786,
  "snrd_csf": 20.08102106512997,
  "snrd_gm": 48.28008306804371,
  "snrd_total": 48.35031774867281,
  "snrd_wm": 76.68984911284473,
  "spacing_x": 1.0,
  "spacing_y": 0.9999999403953552,
  "spacing_z": 0.9999999403953552,
  "summary_bg_k": 25.705887292827015,
  "summary_bg_mad": 8.542530059814453,
  "summary_bg_mean": 13.032540321350098,
  "summary_bg_median": 11.446321487426758,
  "summary_bg_n": 165550.0,
  "summary_bg_p05": 0.0,
  "summary_bg_p95": 34.832000160217284,
  "summary_bg_stdv": 12.431364059448242,
  "summary_csf_k": 0.8085866308213823,
  "summary_csf_mad": 159.29832458496094,
  "summary_csf_mean": 261.24346923828125,
  "summary_csf_median": 261.8427734375,
  "summary_csf_n": 6969.0,
  "summary_csf_p05": 71.55555572509766,
  "summary_csf_p95": 457.95393066406245,
  "summary_csf_stdv": 131.048583984375,
  "summary_gm_k": 0.004097177093963289,
  "summary_gm_mad": 86.96253204345703,
  "summary_gm_mean": 631.2001342773438,
  "summary_gm_median": 629.5392456054688,
  "summary_gm_n": 20069.0,
  "summary_gm_p05": 492.2083435058594,
  "summary_gm_p95": 776.107666015625,
  "summary_gm_stdv": 86.18168640136719,
  "summary_wm_k": 0.9917495713015723,
  "summary_wm_mad": 42.93302536010742,
  "summary_wm_mean": 998.6699829101562,
  "summary_wm_median": 999.983154296875,
  "summary_wm_n": 194568.0,
  "summary_wm_p05": 918.0067016601563,
  "summary_wm_p95": 1073.687762451172,
  "summary_wm_stdv": 47.66029739379883,
  "tpm_overlap_csf": 0.2262972593307495,
  "tpm_overlap_gm": 0.5169470310211182,
  "tpm_overlap_wm": 0.5834999084472656,
  "wm2max": 0.6940400840403037
}