{
  "aor": 0.005924750000000001,
  "aqi": 0.019358402687499998,
  "bids_meta": {
    "AcquisitionNumber": 6,
    "BidsifyVersion": "0.3.5",
    "ConversionSoftware": "dcm2niix",
    "ConversionSoftwareVersion": "v1.0.20181125  GCC6.3.0",
    "EchoTime": 0.02762,
    "ImageComments": "piop",
    "ImageOrientationPatientDICOM": [
      0.998306,
      -0.054453,
      -0.0204961,
      0.0495239,
      0.980166,
      -0.191889
    ],
    "Manufacturer": "Philips",
    "NumberOfVolumesDiscardedByScanner": 2,
    "ParallelAcquisitionTechnique": "SENSE",
    "ParallelReductionFactorInPlane": 2,
    "PatientPosition": "HFS",
    "PhaseEncodingDirection": "j",
    "PhilipsRescaleIntercept": 0,
    "PhilipsRescaleSlope": 0.78462,
    "PhilipsScaleSlope": 0.0981417,
    "ProtocolName": "WIPpioprsSENSE",
    "PulseSequenceType": "gradient echo EPI",
    "ReconMatrixPE": 80,
    "RepetitionTime": 0.75,
    "SeriesDescription": "ImageMRSERIES",
    "SeriesNumber": 6,
    "SliceEncodingDirection": "k",
    "TaskName": "restingstate",
    "UsePhilipsFloatNotDisplayScaling": 1,
    "acq_id": "mb3",
    "dataset": "unknown",
    "modality": "bold",
    "subject_id": "0035",
    "task_id": "restingstate"
  },
  "dummy_trs": 0,
  "dvars_nstd": 32.377441310542785,
  "dvars_std": 1.1885375927974946,
  "dvars_vstd": 1.094982118663883,
  "efc": 0.4175537801999343,
  "fber": 98583504.0,
  "fd_mean": 0.1332276123195245,
  "fd_num": 42,
  "fd_perc": 8.75,
  "fwhm_avg": 2.3414158690596953,
  "fwhm_x": 2.2649033333333333,
  "fwhm_y": 2.5847866666666666,
  "fwhm_z": 2.174557607179087,
  "gcor": 0.0107295,
  "gsr_x": -0.0017240468878298998,
  "gsr_y": -0.0007443104987032712,
  "provenance": {
    "md5sum": "eb97d699e337d65db07b5378e1efd705",
    "settings": {
      "fd_thres": 0.2,
      "hmc_fsl": false
    },
    "software": "mriqc",
    "version": "0.15.0",
    "webapi_port": null,
    "webapi_url": "https://mriqc.nimh.nih.gov/api/v1"
  },
  "size_t": 480,
  "size_x": 80,
  "size_y": 80,
  "size_z": 36,
  "snr": 5.994926004842393,
  "spacing_tr": 0.75,
  "spacing_x": 3.0,
  "spacing_y": 3.0,
  "spacing_z": 3.299999952316284,
  "spikes_num": 13,
  "summary_bg_k": 107.95766895338389,
  "summary_bg_mad": 2.191002368927002,
  "summary_bg_mean": 131.25149536132812,
  "summary_bg_median": 1.4965327978134155,
  "summary_bg_n": 148191.0,
  "summary_bg_p05": 0.005037444410845637,
  "summary_bg_p95": 585.67236328125,
  "summary_bg_stdv": 707.8557739257812,
  "summary_fg_k": 3.165941456392887,
  "summary_fg_mad": 2232.779296875,
  "summary_fg_mean": 16222.5615234375,
  "summary_fg_median": 16233.6318359375,
  "summary_fg_n": 42312.0,
  "summary_fg_p05": 12090.28564453125,
  "summary_fg_p95": 20302.741308593744,
  "summary_fg_stdv": 2707.86328125,
  "tsnr": 40.57826614379883
}