{
    "Manufacturer": "Philips",
    "PatientPosition": "HFS",
    "SeriesDescription": "ImageMRSERIES",
    "ProtocolName": "WIPt13dSENSE",
    "SeriesNumber": 4,
    "AcquisitionNumber": 4,
    "ImageComments": "Piop",
    "PhilipsRescaleSlope": 8.47302,
    "PhilipsRescaleIntercept": 0,
    "PhilipsScaleSlope": 0.00671433,
    "UsePhilipsFloatNotDisplayScaling": 1,
    "EchoTime": 0.00384,
    "RepetitionTime": 0.008352,
    "ReconMatrixPE": 240,
    "ImageOrientationPatientDICOM": [
        0.996506,
        -0.0443519,
        0.070767,
        0.0562368,
        0.982791,
        -0.175953
    ],
    "ConversionSoftware": "dcm2niix",
    "ConversionSoftwareVersion": "v1.0.20181125  GCC6.3.0",
    "BidsifyVersion": "0.3.5"
}