{
  "bids_meta": {
    "AcquisitionNumber": 4,
    "BidsifyVersion": "0.3.5",
    "ConversionSoftware": "dcm2niix",
    "ConversionSoftwareVersion": "v1.0.20181125  GCC6.3.0",
    "EchoTime": 0.00374,
    "ImageComments": "piop",
    "ImageOrientationPatientDICOM": [
      0.999289,
      0.0376825,
      -0.000779381,
      -0.0376902,
      0.998969,
      -0.0252932
    ],
    "Manufacturer": "Philips",
    "PatientPosition": "HFS",
    "PhilipsRescaleIntercept": 0,
    "PhilipsRescaleSlope": 8.54579,
    "PhilipsScaleSlope": 0.00755929,
    "ProtocolName": "WIPt13dSENSE",
    "ReconMatrixPE": 240,
    "RepetitionTime": 0.008147,
    "SeriesDescription": "ImageMRSERIES",
    "SeriesNumber": 4,
    "UsePhilipsFloatNotDisplayScaling": 1,
    "dataset": "unknown",
    "modality": "T1w",
    "subject_id": "0011"
  },
  "cjv": 0.3304617625810599,
  "cnr": 3.9605571083740756,
  "efc": 0.7329585032576674,
  "fber": 2077.406982421875,
  "fwhm_avg": 3.504483333333333,
  "fwhm_x": 3.45019,
  "fwhm_y": 3.65769,
  "fwhm_z": 3.40557,
  "icvs_csf": 0.19801881327812246,
  "icvs_gm": 0.42864344787546127,
  "icvs_wm": 0.3733377388464163,
  "inu_med": 2.0605318546295166,
  "inu_range": 0.3878199100494384,
  "provenance": {
    "md5sum": "a993a4e47b6e4878af866546367e2238",
    "settings": {
      "testing": false
    },
    "software": "mriqc",
    "version": "0.15.0",
    "warnings": {
      "large_rot_frame": true,
      "small_air_mask": true
    },
    "webapi_port": null,
    "webapi_url": "https://mriqc.nimh.nih.gov/api/v1"
  },
  "qi_1": 0.0007224736173040704,
  "qi_2": 0.0005313075767436409,
  "rpve_csf": 31.19511112213513,
  "rpve_gm": 15.763681049914528,
  "rpve_wm": 22.862068590368917,
  "size_x": 240,
  "size_y": 240,
  "size_z": 220,
  "snr_csf": 1.3724569352796752,
  "snr_gm": 7.117913635792398,
  "snr_total": 9.681208255810457,
  "snr_wm": 20.553254196359298,
  "snrd_csf": 24.94878184069787,
  "snrd_gm": 52.61097058685022,
  "snrd_total": 54.657933706015314,
  "snrd_wm": 86.41404869049785,
  "spacing_x": 1.0,
  "spacing_y": 1.0,
  "spacing_z": 1.0,
  "summary_bg_k": 52.25687836197974,
  "summary_bg_mad": 7.58114767074585,
  "summary_bg_mean": 8.735430717468262,
  "summary_bg_median": 5.113406181335449,
  "summary_bg_n": 156918.0,
  "summary_bg_p05": 0.0,
  "summary_bg_p95": 25.291116523742673,
  "summary_bg_stdv": 8.492856979370117,
  "summary_csf_k": 34.386011295951775,
  "summary_csf_mad": 140.59237670898438,
  "summary_csf_mean": 296.5631408691406,
  "summary_csf_median": 288.703857421875,
  "summary_csf_n": 5188.0,
  "summary_csf_p05": 78.47717475891113,
  "summary_csf_p95": 496.27336425781243,
  "summary_csf_stdv": 210.33522033691406,
  "summary_gm_k": 0.19872888653461285,
  "summary_gm_mad": 84.23902893066406,
  "summary_gm_mean": 610.8837280273438,
  "summary_gm_median": 608.806884765625,
  "summary_gm_n": 21966.0,
  "summary_gm_p05": 473.69165802001953,
  "summary_gm_p95": 753.7036437988281,
  "summary_gm_stdv": 85.52970123291016,
  "summary_wm_k": 0.7453107559369485,
  "summary_wm_mad": 45.02589797973633,
  "summary_wm_mean": 997.9521484375,
  "summary_wm_median": 999.971435546875,
  "summary_wm_n": 187645.0,
  "summary_wm_p05": 914.7428466796875,
  "summary_wm_p95": 1073.7882080078125,
  "summary_wm_stdv": 48.6525764465332,
  "tpm_overlap_csf": 0.22276881337165833,
  "tpm_overlap_gm": 0.5228402614593506,
  "tpm_overlap_wm": 0.5786114931106567,
  "wm2max": 0.7553089578332995
}