{
  "aor": 0.0012152244897959184,
  "aqi": 0.004900193510204082,
  "bids_meta": {
    "AcquisitionNumber": 3,
    "BidsifyVersion": "0.3.5",
    "ConversionSoftware": "dcm2niix",
    "ConversionSoftwareVersion": "v1.0.20181125  GCC6.3.0",
    "EchoTime": 0.02762,
    "EffectiveEchoSpacing": 0.0006621159151938905,
    "ImageComments": "piop",
    "ImageOrientationPatientDICOM": [
      0.999589,
      0.0268887,
      -0.00990709,
      -0.0268735,
      0.999637,
      0.00166311
    ],
    "Manufacturer": "Philips",
    "NumberOfVolumesDiscardedByScanner": 2,
    "ParallelAcquisitionTechnique": "SENSE",
    "ParallelReductionFactorInPlane": 2,
    "PatientPosition": "HFS",
    "PhaseEncodingDirection": "j",
    "PhilipsRescaleIntercept": 0,
    "PhilipsRescaleSlope": 0.73407,
    "PhilipsScaleSlope": 0.0526685,
    "ProtocolName": "WIPpiopgstroopSENSE",
    "PulseSequenceType": "gradient echo EPI",
    "ReconMatrixPE": 80,
    "RepetitionTime": 2,
    "SeriesDescription": "ImageMRSERIES",
    "SeriesNumber": 3,
    "SliceEncodingDirection": "k",
    "SliceTiming": [
      0.0,
      0.0541,
      0.1081,
      0.1622,
      0.2162,
      0.2703,
      0.3243,
      0.3784,
      0.4324,
      0.4865,
      0.5405,
      0.5946,
      0.6486,
      0.7027,
      0.7568,
      0.8108,
      0.8649,
      0.9189,
      0.973,
      1.027,
      1.0811,
      1.1351,
      1.1892,
      1.2432,
      1.2973,
      1.3514,
      1.4054,
      1.4595,
      1.5135,
      1.5676,
      1.6216,
      1.6757,
      1.7297,
      1.7838,
      1.8378,
      1.8919,
      1.9459
    ],
    "TaskName": "gstroop",
    "TotalReadoutTime": 0.025822520692561732,
    "UsePhilipsFloatNotDisplayScaling": 1,
    "acq_id": "seq",
    "dataset": "unknown",
    "modality": "bold",
    "subject_id": "0070",
    "task_id": "gstroop"
  },
  "dummy_trs": 0,
  "dvars_nstd": 22.629987630614767,
  "dvars_std": 1.2324085177049187,
  "dvars_vstd": 0.9789324451229512,
  "efc": 0.420593172579672,
  "fber": 219934560.0,
  "fd_mean": 0.14200362402270883,
  "fd_num": 34,
  "fd_perc": 13.877551020408163,
  "fwhm_avg": 2.3897542531632223,
  "fwhm_x": 2.260213333333333,
  "fwhm_y": 2.6794433333333334,
  "fwhm_z": 2.2296060928230013,
  "gcor": 0.0232409,
  "gsr_x": -0.0036454699002206326,
  "gsr_y": 0.008339776657521725,
  "provenance": {
    "md5sum": "beff1b4472eb7ba5c5e9d7ac9eb94566",
    "settings": {
      "fd_thres": 0.2,
      "hmc_fsl": false
    },
    "software": "mriqc",
    "version": "0.15.0",
    "webapi_port": null,
    "webapi_url": "https://mriqc.nimh.nih.gov/api/v1"
  },
  "size_t": 245,
  "size_x": 80,
  "size_y": 80,
  "size_z": 37,
  "snr": 4.74332656811901,
  "spacing_tr": 2.0,
  "spacing_x": 3.0,
  "spacing_y": 3.0,
  "spacing_z": 3.299999952316284,
  "spikes_num": 3,
  "summary_bg_k": 98.10409819737058,
  "summary_bg_mad": 2.3929643630981445,
  "summary_bg_mean": 215.84613037109375,
  "summary_bg_median": 1.6360158920288086,
  "summary_bg_n": 150389.0,
  "summary_bg_p05": 0.00798538736999035,
  "summary_bg_p95": 1095.0148925781257,
  "summary_bg_stdv": 1101.767333984375,
  "summary_fg_k": 2.7795016452369206,
  "summary_fg_mad": 4513.76806640625,
  "summary_fg_mean": 26682.828125,
  "summary_fg_median": 26443.29296875,
  "summary_fg_n": 45295.0,
  "summary_fg_p05": 18678.671289062502,
  "summary_fg_p95": 35390.885937499996,
  "summary_fg_stdv": 5574.77978515625,
  "tsnr": 73.02161407470703
}