{
  "aor": 0.0006877196652719665,
  "aqi": 0.009382846652719665,
  "bids_meta": {
    "AcquisitionNumber": 6,
    "BidsifyVersion": "0.3.5",
    "ConversionSoftware": "dcm2niix",
    "ConversionSoftwareVersion": "v1.0.20181125  GCC6.3.0",
    "EchoTime": 0.02762,
    "EffectiveEchoSpacing": 0.0006333282667071997,
    "ImageComments": "Piop",
    "ImageOrientationPatientDICOM": [
      0.998719,
      0.0490363,
      -0.0124838,
      -0.0505929,
      0.963448,
      -0.263073
    ],
    "Manufacturer": "Philips",
    "NumberOfVolumesDiscardedByScanner": 2,
    "ParallelAcquisitionTechnique": "SENSE",
    "ParallelReductionFactorInPlane": 2,
    "PatientPosition": "HFS",
    "PhaseEncodingDirection": "j",
    "PhilipsRescaleIntercept": 0,
    "PhilipsRescaleSlope": 0.78217,
    "PhilipsScaleSlope": 0.0839627,
    "ProtocolName": "WIPpioprsSENSE",
    "PulseSequenceType": "gradient echo EPI",
    "ReconMatrixPE": 80,
    "RepetitionTime": 0.75,
    "SeriesDescription": "ImageMRSERIES",
    "SeriesNumber": 6,
    "SliceEncodingDirection": "k",
    "SliceTiming": [
      0.0,
      0.06755050505050506,
      0.1351010101010101,
      0.20265151515151517,
      0.2702020202020202,
      0.3377525252525253,
      0.40530303030303033,
      0.47285353535353536,
      0.5404040404040404,
      0.6079545454545455,
      0.6755050505050506,
      0.7430555555555556,
      0.0,
      0.06755050505050506,
      0.1351010101010101,
      0.20265151515151517,
      0.2702020202020202,
      0.3377525252525253,
      0.40530303030303033,
      0.47285353535353536,
      0.5404040404040404,
      0.6079545454545455,
      0.6755050505050506,
      0.7430555555555556,
      0.0,
      0.06755050505050506,
      0.1351010101010101,
      0.20265151515151517,
      0.2702020202020202,
      0.3377525252525253,
      0.40530303030303033,
      0.47285353535353536,
      0.5404040404040404,
      0.6079545454545455,
      0.6755050505050506,
      0.7430555555555556
    ],
    "TaskName": "restingstate",
    "TotalReadoutTime": 0.024699802401580786,
    "UsePhilipsFloatNotDisplayScaling": 1,
    "acq_id": "mb3",
    "dataset": "unknown",
    "modality": "bold",
    "subject_id": "0002",
    "task_id": "restingstate"
  },
  "dummy_trs": 2,
  "dvars_nstd": 30.562349599454922,
  "dvars_std": 1.1986385399371076,
  "dvars_vstd": 1.007731474360588,
  "efc": 0.43266031525396165,
  "fber": 284838208.0,
  "fd_mean": 0.07770908920358932,
  "fd_num": 1,
  "fd_perc": 0.20920502092050208,
  "fwhm_avg": 2.4432870816906433,
  "fwhm_x": 2.399896666666667,
  "fwhm_y": 2.649576666666667,
  "fwhm_z": 2.280387911738597,
  "gcor": 0.0101122,
  "gsr_x": -0.004906236194074154,
  "gsr_y": 0.0018763162661343813,
  "provenance": {
    "md5sum": "a5512825135446947ff8585d4cc2c83f",
    "settings": {
      "fd_thres": 0.2,
      "hmc_fsl": false
    },
    "software": "mriqc",
    "version": "0.15.0",
    "webapi_port": null,
    "webapi_url": "https://mriqc.nimh.nih.gov/api/v1"
  },
  "size_t": 478,
  "size_x": 80,
  "size_y": 80,
  "size_z": 36,
  "snr": 5.5362913371222895,
  "spacing_tr": 0.75,
  "spacing_x": 3.0,
  "spacing_y": 3.0,
  "spacing_z": 3.299999952316284,
  "spikes_num": 1,
  "summary_bg_k": 97.60936797048403,
  "summary_bg_mad": 1.2814357280731201,
  "summary_bg_mean": 139.74790954589844,
  "summary_bg_median": 0.8645696640014648,
  "summary_bg_n": 143603.0,
  "summary_bg_p05": 7.949795326567266e-05,
  "summary_bg_p95": 702.0865722656242,
  "summary_bg_stdv": 719.10498046875,
  "summary_fg_k": 2.294169234658323,
  "summary_fg_mad": 2729.07421875,
  "summary_fg_mean": 17608.583984375,
  "summary_fg_median": 17747.18359375,
  "summary_fg_n": 45536.0,
  "summary_fg_p05": 12273.1064453125,
  "summary_fg_p95": 22386.369140625,
  "summary_fg_stdv": 3205.573486328125,
  "tsnr": 50.31708908081055
}