{
  "aor": 0.0005332,
  "aqi": 0.0035425721,
  "bids_meta": {
    "AcquisitionNumber": 10,
    "BidsifyVersion": "0.3.5",
    "ConversionSoftware": "dcm2niix",
    "ConversionSoftwareVersion": "v1.0.20181125  GCC6.3.0",
    "EchoTime": 0.02762,
    "EffectiveEchoSpacing": 0.0006621159151938905,
    "ImageComments": "Piop",
    "ImageOrientationPatientDICOM": [
      0.998719,
      0.0490363,
      -0.0124838,
      -0.0505929,
      0.963448,
      -0.263073
    ],
    "Manufacturer": "Philips",
    "NumberOfVolumesDiscardedByScanner": 2,
    "ParallelAcquisitionTechnique": "SENSE",
    "ParallelReductionFactorInPlane": 2,
    "PatientPosition": "HFS",
    "PhaseEncodingDirection": "j",
    "PhilipsRescaleIntercept": 0,
    "PhilipsRescaleSlope": 0.84762,
    "PhilipsScaleSlope": 0.0538269,
    "ProtocolName": "WIPpiopanticipatieSENSE",
    "PulseSequenceType": "gradient echo EPI",
    "ReconMatrixPE": 80,
    "RepetitionTime": 2,
    "SeriesDescription": "ImageMRSERIES",
    "SeriesNumber": 10,
    "SliceEncodingDirection": "k",
    "SliceTiming": [
      0.0,
      0.0541,
      0.1081,
      0.1622,
      0.2162,
      0.2703,
      0.3243,
      0.3784,
      0.4324,
      0.4865,
      0.5405,
      0.5946,
      0.6486,
      0.7027,
      0.7568,
      0.8108,
      0.8649,
      0.9189,
      0.973,
      1.027,
      1.0811,
      1.1351,
      1.1892,
      1.2432,
      1.2973,
      1.3514,
      1.4054,
      1.4595,
      1.5135,
      1.5676,
      1.6216,
      1.6757,
      1.7297,
      1.7838,
      1.8378,
      1.8919,
      1.9459
    ],
    "TaskName": "anticipation",
    "TotalReadoutTime": 0.025822520692561732,
    "UsePhilipsFloatNotDisplayScaling": 1,
    "acq_id": "seq",
    "dataset": "unknown",
    "modality": "bold",
    "subject_id": "0002",
    "task_id": "anticipation"
  },
  "dummy_trs": 0,
  "dvars_nstd": 23.378549891758784,
  "dvars_std": 1.3236242890954768,
  "dvars_vstd": 0.9927712668341707,
  "efc": 0.42439536208454587,
  "fber": 237220368.0,
  "fd_mean": 0.10477164164379486,
  "fd_num": 11,
  "fd_perc": 5.5,
  "fwhm_avg": 2.351809303441487,
  "fwhm_x": 2.305093333333333,
  "fwhm_y": 2.567813333333333,
  "fwhm_z": 2.1825212436577948,
  "gcor": 0.024448,
  "gsr_x": -0.003730327822268009,
  "gsr_y": 0.002630774863064289,
  "provenance": {
    "md5sum": "414f9c900a323a10aea0fea3dce3c3cd",
    "settings": {
      "fd_thres": 0.2,
      "hmc_fsl": false
    },
    "software": "mriqc",
    "version": "0.15.0",
    "webapi_port": null,
    "webapi_url": "https://mriqc.nimh.nih.gov/api/v1"
  },
  "size_t": 200,
  "size_x": 80,
  "size_y": 80,
  "size_z": 37,
  "snr": 4.791873335111252,
  "spacing_tr": 2.0,
  "spacing_x": 3.0,
  "spacing_y": 3.0,
  "spacing_z": 3.299999952316284,
  "spikes_num": 0,
  "summary_bg_k": 103.59627598247796,
  "summary_bg_mad": 2.113159418106079,
  "summary_bg_mean": 173.26258850097656,
  "summary_bg_median": 1.4382423162460327,
  "summary_bg_n": 148669.0,
  "summary_bg_p05": 0.004252597689628602,
  "summary_bg_p95": 815.3038940429747,
  "summary_bg_stdv": 954.398193359375,
  "summary_fg_k": 2.375488232969654,
  "summary_fg_mad": 4255.9716796875,
  "summary_fg_mean": 24431.205078125,
  "summary_fg_median": 24220.994140625,
  "summary_fg_n": 46201.0,
  "summary_fg_p05": 16950.47265625,
  "summary_fg_p95": 32286.076171875,
  "summary_fg_stdv": 5054.54345703125,
  "tsnr": 81.38642883300781
}