{
  "aor": 0.0005931836734693877,
  "aqi": 0.003914930081632653,
  "bids_meta": {
    "AcquisitionNumber": 3,
    "BidsifyVersion": "0.3.5",
    "ConversionSoftware": "dcm2niix",
    "ConversionSoftwareVersion": "v1.0.20181125  GCC6.3.0",
    "EchoTime": 0.02762,
    "ImageComments": "Piop",
    "ImageOrientationPatientDICOM": [
      0.997715,
      -0.0577138,
      0.0351187,
      0.0631206,
      0.981633,
      -0.180034
    ],
    "Manufacturer": "Philips",
    "NumberOfVolumesDiscardedByScanner": 2,
    "ParallelAcquisitionTechnique": "SENSE",
    "ParallelReductionFactorInPlane": 2,
    "PatientPosition": "HFS",
    "PhaseEncodingDirection": "j",
    "PhilipsRescaleIntercept": 0,
    "PhilipsRescaleSlope": 0.8083,
    "PhilipsScaleSlope": 0.055631,
    "ProtocolName": "WIPpiopgstroopSENSE",
    "PulseSequenceType": "gradient echo EPI",
    "ReconMatrixPE": 80,
    "RepetitionTime": 2,
    "SeriesDescription": "ImageMRSERIES",
    "SeriesNumber": 3,
    "SliceEncodingDirection": "k",
    "TaskName": "gstroop",
    "UsePhilipsFloatNotDisplayScaling": 1,
    "acq_id": "seq",
    "dataset": "unknown",
    "modality": "bold",
    "subject_id": "0182",
    "task_id": "gstroop"
  },
  "dummy_trs": 0,
  "dvars_nstd": 23.3665959090164,
  "dvars_std": 1.2250265987295086,
  "dvars_vstd": 0.9792045250409839,
  "efc": 0.38067776412965854,
  "fber": 761268928.0,
  "fd_mean": 0.151613122332053,
  "fd_num": 52,
  "fd_perc": 21.224489795918366,
  "fwhm_avg": 2.352848192287188,
  "fwhm_x": 2.3112566666666665,
  "fwhm_y": 2.573733333333333,
  "fwhm_z": 2.173554576861563,
  "gcor": 0.0416632,
  "gsr_x": -0.007846742868423462,
  "gsr_y": 0.0030914475210011005,
  "provenance": {
    "md5sum": "555f1700f26c52366506ee20b4cfbb7e",
    "settings": {
      "fd_thres": 0.2,
      "hmc_fsl": false
    },
    "software": "mriqc",
    "version": "0.15.0",
    "webapi_port": null,
    "webapi_url": "https://mriqc.nimh.nih.gov/api/v1"
  },
  "size_t": 245,
  "size_x": 80,
  "size_y": 80,
  "size_z": 37,
  "snr": 4.711131149745465,
  "spacing_tr": 2.0,
  "spacing_x": 3.0,
  "spacing_y": 3.0,
  "spacing_z": 3.299999952316284,
  "spikes_num": 1,
  "summary_bg_k": 130.48095160146306,
  "summary_bg_mad": 1.1426938772201538,
  "summary_bg_mean": 158.86175537109375,
  "summary_bg_median": 0.7707353234291077,
  "summary_bg_n": 158292.0,
  "summary_bg_p05": 0.0,
  "summary_bg_p95": 606.0001831054653,
  "summary_bg_stdv": 943.825439453125,
  "summary_fg_k": 2.4132308618139016,
  "summary_fg_mad": 4347.626953125,
  "summary_fg_mean": 24345.873046875,
  "summary_fg_median": 24023.73828125,
  "summary_fg_n": 37960.0,
  "summary_fg_p05": 16889.655859375,
  "summary_fg_p95": 32128.550683593745,
  "summary_fg_stdv": 5099.28955078125,
  "tsnr": 74.98881530761719
}