{
  "aor": 0.00140395,
  "aqi": 0.00306537925,
  "bids_meta": {
    "AcquisitionNumber": 9,
    "BidsifyVersion": "0.3.5",
    "ConversionSoftware": "dcm2niix",
    "ConversionSoftwareVersion": "v1.0.20181125  GCC6.3.0",
    "EchoTime": 0.02762,
    "ImageComments": "Piop",
    "ImageOrientationPatientDICOM": [
      0.997715,
      -0.0577138,
      0.0351187,
      0.0631206,
      0.981633,
      -0.180034
    ],
    "Manufacturer": "Philips",
    "NumberOfVolumesDiscardedByScanner": 2,
    "ParallelAcquisitionTechnique": "SENSE",
    "ParallelReductionFactorInPlane": 2,
    "PatientPosition": "HFS",
    "PhaseEncodingDirection": "j",
    "PhilipsRescaleIntercept": 0,
    "PhilipsRescaleSlope": 0.84103,
    "PhilipsScaleSlope": 0.0541409,
    "ProtocolName": "WIPpiopanticipatieSENSE",
    "PulseSequenceType": "gradient echo EPI",
    "ReconMatrixPE": 80,
    "RepetitionTime": 2,
    "SeriesDescription": "ImageMRSERIES",
    "SeriesNumber": 9,
    "SliceEncodingDirection": "k",
    "TaskName": "anticipation",
    "UsePhilipsFloatNotDisplayScaling": 1,
    "acq_id": "seq",
    "dataset": "unknown",
    "modality": "bold",
    "subject_id": "0182",
    "task_id": "anticipation"
  },
  "dummy_trs": 0,
  "dvars_nstd": 24.697861704673354,
  "dvars_std": 1.3172649893467339,
  "dvars_vstd": 1.0066164138190954,
  "efc": 0.3806373843127724,
  "fber": 1656011520.0,
  "fd_mean": 0.15877418606202684,
  "fd_num": 52,
  "fd_perc": 26.0,
  "fwhm_avg": 2.347854656919393,
  "fwhm_x": 2.3011,
  "fwhm_y": 2.57187,
  "fwhm_z": 2.1705939707581776,
  "gcor": 0.0186296,
  "gsr_x": -0.008311011828482151,
  "gsr_y": 0.0034166439436376095,
  "provenance": {
    "md5sum": "3ed1b5dfed1f356c6276c0b71117bd42",
    "settings": {
      "fd_thres": 0.2,
      "hmc_fsl": false
    },
    "software": "mriqc",
    "version": "0.15.0",
    "webapi_port": null,
    "webapi_url": "https://mriqc.nimh.nih.gov/api/v1"
  },
  "size_t": 200,
  "size_x": 80,
  "size_y": 80,
  "size_z": 37,
  "snr": 4.592816039937594,
  "spacing_tr": 2.0,
  "spacing_x": 3.0,
  "spacing_y": 3.0,
  "spacing_z": 3.299999952316284,
  "spikes_num": 0,
  "summary_bg_k": 113.32304427451585,
  "summary_bg_mad": 0.8062828183174133,
  "summary_bg_mean": 167.35983276367188,
  "summary_bg_median": 0.5490288734436035,
  "summary_bg_n": 158551.0,
  "summary_bg_p05": 0.0016988313873298466,
  "summary_bg_p95": 638.3328552246094,
  "summary_bg_stdv": 988.2989501953125,
  "summary_fg_k": 2.406758136232722,
  "summary_fg_mad": 4466.076171875,
  "summary_fg_mean": 24041.654296875,
  "summary_fg_median": 23694.841796875,
  "summary_fg_n": 37824.0,
  "summary_fg_p05": 16512.53125,
  "summary_fg_p95": 31970.997265625,
  "summary_fg_stdv": 5159.04150390625,
  "tsnr": 82.00458526611328
}