{
  "aor": 0.0005073939393939393,
  "aqi": 0.006781287999999999,
  "bids_meta": {
    "AcquisitionNumber": 2,
    "BidsifyVersion": "0.3.5",
    "ConversionSoftware": "dcm2niix",
    "ConversionSoftwareVersion": "v1.0.20181125  GCC6.3.0",
    "EchoTime": 0.02762,
    "ImageComments": "Piop",
    "ImageOrientationPatientDICOM": [
      0.997715,
      -0.0577138,
      0.0351187,
      0.0631206,
      0.981633,
      -0.180034
    ],
    "Manufacturer": "Philips",
    "NumberOfVolumesDiscardedByScanner": 2,
    "ParallelAcquisitionTechnique": "SENSE",
    "ParallelReductionFactorInPlane": 2,
    "PatientPosition": "HFS",
    "PhaseEncodingDirection": "j",
    "PhilipsRescaleIntercept": 0,
    "PhilipsRescaleSlope": 0.7663,
    "PhilipsScaleSlope": 0.097152,
    "ProtocolName": "WIPpiopfacesSENSE",
    "PulseSequenceType": "gradient echo EPI",
    "ReconMatrixPE": 80,
    "RepetitionTime": 0.75,
    "SeriesDescription": "ImageMRSERIES",
    "SeriesNumber": 2,
    "SliceEncodingDirection": "k",
    "TaskName": "faces",
    "UsePhilipsFloatNotDisplayScaling": 1,
    "acq_id": "mb3",
    "dataset": "unknown",
    "modality": "bold",
    "subject_id": "0182",
    "task_id": "faces"
  },
  "dummy_trs": 0,
  "dvars_nstd": 28.076549182249227,
  "dvars_std": 1.1545051247112457,
  "dvars_vstd": 1.0001741145288758,
  "efc": 0.3855307978204767,
  "fber": 870592960.0,
  "fd_mean": 0.13205601639940853,
  "fd_num": 42,
  "fd_perc": 12.727272727272727,
  "fwhm_avg": 2.5059106171523613,
  "fwhm_x": 2.4664533333333334,
  "fwhm_y": 2.7484300000000004,
  "fwhm_z": 2.3028485181237497,
  "gcor": 0.0197558,
  "gsr_x": -0.00848062802106142,
  "gsr_y": 0.0033037844114005566,
  "provenance": {
    "md5sum": "2f8c2d23599f9103f3698b9bc3a5277d",
    "settings": {
      "fd_thres": 0.2,
      "hmc_fsl": false
    },
    "software": "mriqc",
    "version": "0.15.0",
    "webapi_port": null,
    "webapi_url": "https://mriqc.nimh.nih.gov/api/v1"
  },
  "size_t": 330,
  "size_x": 80,
  "size_y": 80,
  "size_z": 36,
  "snr": 5.297311817283166,
  "spacing_tr": 0.75,
  "spacing_x": 3.0,
  "spacing_y": 3.0,
  "spacing_z": 3.299999952316284,
  "spikes_num": 1,
  "summary_bg_k": 118.25541342090702,
  "summary_bg_mad": 0.7659579515457153,
  "summary_bg_mean": 112.8017807006836,
  "summary_bg_median": 0.522294282913208,
  "summary_bg_n": 153338.0,
  "summary_bg_p05": 0.002070728503167629,
  "summary_bg_p95": 479.878408813476,
  "summary_bg_stdv": 654.9768676757812,
  "summary_fg_k": 2.2690402137463392,
  "summary_fg_mad": 2675.2080078125,
  "summary_fg_mean": 16556.5078125,
  "summary_fg_median": 16684.33203125,
  "summary_fg_n": 37337.0,
  "summary_fg_p05": 11355.6748046875,
  "summary_fg_p95": 21223.503124999996,
  "summary_fg_stdv": 3149.54248046875,
  "tsnr": 53.97057342529297
}