{
  "aor": 0.0003174058577405858,
  "aqi": 0.013247659184100419,
  "bids_meta": {
    "AcquisitionNumber": 6,
    "BidsifyVersion": "0.3.5",
    "ConversionSoftware": "dcm2niix",
    "ConversionSoftwareVersion": "v1.0.20181125  GCC6.3.0",
    "EchoTime": 0.02762,
    "ImageComments": "piop",
    "ImageOrientationPatientDICOM": [
      0.997885,
      0.0572302,
      -0.0308138,
      -0.0634811,
      0.959949,
      -0.272889
    ],
    "Manufacturer": "Philips",
    "NumberOfVolumesDiscardedByScanner": 2,
    "ParallelAcquisitionTechnique": "SENSE",
    "ParallelReductionFactorInPlane": 2,
    "PatientPosition": "HFS",
    "PhaseEncodingDirection": "j",
    "PhilipsRescaleIntercept": 0,
    "PhilipsRescaleSlope": 0.75385,
    "PhilipsScaleSlope": 0.0905716,
    "ProtocolName": "WIPpioprsSENSE",
    "PulseSequenceType": "gradient echo EPI",
    "ReconMatrixPE": 80,
    "RepetitionTime": 0.75,
    "SeriesDescription": "ImageMRSERIES",
    "SeriesNumber": 6,
    "SliceEncodingDirection": "k",
    "TaskName": "restingstate",
    "UsePhilipsFloatNotDisplayScaling": 1,
    "acq_id": "mb3",
    "dataset": "unknown",
    "modality": "bold",
    "subject_id": "0201",
    "task_id": "restingstate"
  },
  "dummy_trs": 2,
  "dvars_nstd": 31.868488375890987,
  "dvars_std": 1.2232430637735854,
  "dvars_vstd": 1.0003802545073375,
  "efc": 0.41278345154359847,
  "fber": 1803278720.0,
  "fd_mean": 0.08147954391942276,
  "fd_num": 2,
  "fd_perc": 0.41841004184100417,
  "fwhm_avg": 2.5194079363497246,
  "fwhm_x": 2.5019899999999997,
  "fwhm_y": 2.801073333333333,
  "fwhm_z": 2.255160475715841,
  "gcor": 0.0140362,
  "gsr_x": -0.008030924946069717,
  "gsr_y": 0.005084303207695484,
  "provenance": {
    "md5sum": "90fff04ce0272a1fbbf37cffb897dc80",
    "settings": {
      "fd_thres": 0.2,
      "hmc_fsl": false
    },
    "software": "mriqc",
    "version": "0.15.0",
    "webapi_port": null,
    "webapi_url": "https://mriqc.nimh.nih.gov/api/v1"
  },
  "size_t": 478,
  "size_x": 80,
  "size_y": 80,
  "size_z": 36,
  "snr": 5.890955948752449,
  "spacing_tr": 0.75,
  "spacing_x": 3.0,
  "spacing_y": 3.0,
  "spacing_z": 3.3000001907348633,
  "spikes_num": 0,
  "summary_bg_k": 64.72709118456632,
  "summary_bg_mad": 0.5690382719039917,
  "summary_bg_mean": 188.7398223876953,
  "summary_bg_median": 0.38478535413742065,
  "summary_bg_n": 149108.0,
  "summary_bg_p05": 0.0006678567035123705,
  "summary_bg_p95": 878.0478210449205,
  "summary_bg_stdv": 959.45703125,
  "summary_fg_k": 4.310509416297182,
  "summary_fg_mad": 2319.35888671875,
  "summary_fg_mean": 17796.455078125,
  "summary_fg_median": 18022.328125,
  "summary_fg_n": 40470.0,
  "summary_fg_p05": 12756.1974609375,
  "summary_fg_p95": 21973.393652343744,
  "summary_fg_stdv": 3059.28369140625,
  "tsnr": 48.32648849487305
}