{
  "bids_meta": {
    "AcquisitionNumber": 4,
    "BidsifyVersion": "0.3.5",
    "ConversionSoftware": "dcm2niix",
    "ConversionSoftwareVersion": "v1.0.20181125  GCC6.3.0",
    "EchoTime": 0.00378,
    "ImageComments": "piop",
    "ImageOrientationPatientDICOM": [
      0.996994,
      -0.0457131,
      -0.0625607,
      0.05068,
      0.995485,
      0.0802575
    ],
    "Manufacturer": "Philips",
    "PatientPosition": "HFS",
    "PhilipsRescaleIntercept": 0,
    "PhilipsRescaleSlope": 8.57656,
    "PhilipsScaleSlope": 0.0070266,
    "ProtocolName": "WIPt13dSENSE",
    "ReconMatrixPE": 240,
    "RepetitionTime": 0.008238,
    "SeriesDescription": "ImageMRSERIES",
    "SeriesNumber": 4,
    "UsePhilipsFloatNotDisplayScaling": 1,
    "dataset": "unknown",
    "modality": "T1w",
    "subject_id": "0038"
  },
  "cjv": 0.355622385494451,
  "cnr": 3.60347305655165,
  "efc": 0.7559489440641488,
  "fber": 1525.38525390625,
  "fwhm_avg": 3.78666,
  "fwhm_x": 3.60781,
  "fwhm_y": 3.94395,
  "fwhm_z": 3.80822,
  "icvs_csf": 0.2321322880357115,
  "icvs_gm": 0.40732788039270473,
  "icvs_wm": 0.3605398315715838,
  "inu_med": 2.8014721870422363,
  "inu_range": 0.7962503552436826,
  "provenance": {
    "md5sum": "db99fa634eb92335db8a483331f7806a",
    "settings": {
      "testing": false
    },
    "software": "mriqc",
    "version": "0.15.0",
    "warnings": {
      "large_rot_frame": true,
      "small_air_mask": true
    },
    "webapi_port": null,
    "webapi_url": "https://mriqc.nimh.nih.gov/api/v1"
  },
  "qi_1": 0.0,
  "qi_2": 0.0002585787081562289,
  "rpve_csf": 25.600700557511736,
  "rpve_gm": 14.691012352824234,
  "rpve_wm": 20.930026185143586,
  "size_x": 240,
  "size_y": 240,
  "size_z": 220,
  "snr_csf": 2.5856339034687497,
  "snr_gm": 7.619539988088462,
  "snr_total": 9.472366577317944,
  "snr_wm": 18.21192584039662,
  "snrd_csf": 21.180344782288977,
  "snrd_gm": 44.435109493293005,
  "snrd_total": 45.152965547338574,
  "snrd_wm": 69.84344236643376,
  "spacing_x": 1.0,
  "spacing_y": 1.0,
  "spacing_z": 1.0,
  "summary_bg_k": 12.155876029935314,
  "summary_bg_mad": 9.379951477050781,
  "summary_bg_mean": 16.3791446685791,
  "summary_bg_median": 12.490411758422852,
  "summary_bg_n": 134252.0,
  "summary_bg_p05": 0.0,
  "summary_bg_p95": 43.77149562835693,
  "summary_bg_stdv": 14.33866024017334,
  "summary_csf_k": -0.2255682014810909,
  "summary_csf_mad": 126.07514953613281,
  "summary_csf_mean": 292.12860107421875,
  "summary_csf_median": 303.2507629394531,
  "summary_csf_n": 12410.0,
  "summary_csf_p05": 97.15808219909668,
  "summary_csf_p95": 467.6126449584961,
  "summary_csf_stdv": 117.2782211303711,
  "summary_gm_k": 0.15188564556048112,
  "summary_gm_mad": 80.68436431884766,
  "summary_gm_mean": 639.4166259765625,
  "summary_gm_median": 636.2021484375,
  "summary_gm_n": 17620.0,
  "summary_gm_p05": 506.27285156249997,
  "summary_gm_p95": 782.9008728027343,
  "summary_gm_stdv": 83.49376678466797,
  "summary_wm_k": 1.119715250164636,
  "summary_wm_mad": 48.6858024597168,
  "summary_wm_mean": 997.7154541015625,
  "summary_wm_median": 999.9873657226562,
  "summary_wm_n": 196257.0,
  "summary_wm_p05": 903.0873168945312,
  "summary_wm_p95": 1083.0430419921875,
  "summary_wm_stdv": 54.908241271972656,
  "tpm_overlap_csf": 0.21450968086719513,
  "tpm_overlap_gm": 0.5029631853103638,
  "tpm_overlap_wm": 0.5662311315536499,
  "wm2max": 0.7012592326969849
}