{
    "Manufacturer": "Philips",
    "PatientPosition": "HFS",
    "SeriesDescription": "ImageMRSERIES",
    "ProtocolName": "WIPt13dSENSE",
    "SeriesNumber": 4,
    "AcquisitionNumber": 4,
    "ImageComments": "piop",
    "PhilipsRescaleSlope": 8.78437,
    "PhilipsRescaleIntercept": 0,
    "PhilipsScaleSlope": 0.00718598,
    "UsePhilipsFloatNotDisplayScaling": 1,
    "EchoTime": 0.00376,
    "RepetitionTime": 0.008189,
    "ReconMatrixPE": 240,
    "ImageOrientationPatientDICOM": [
        0.996926,
        -0.0727431,
        0.0291062,
        0.0739094,
        0.996412,
        -0.0412315
    ],
    "ConversionSoftware": "dcm2niix",
    "ConversionSoftwareVersion": "v1.0.20181125  GCC6.3.0",
    "BidsifyVersion": "0.3.5"
}