{
  "aor": 0.007283979166666666,
  "aqi": 0.008199526833333333,
  "bids_meta": {
    "AcquisitionNumber": 6,
    "BidsifyVersion": "0.3.5",
    "ConversionSoftware": "dcm2niix",
    "ConversionSoftwareVersion": "v1.0.20181125  GCC6.3.0",
    "EchoTime": 0.02762,
    "EffectiveEchoSpacing": 0.0006333282667071997,
    "ImageComments": "Piop",
    "ImageOrientationPatientDICOM": [
      0.999794,
      0.00507941,
      -0.019672,
      -0.00488595,
      0.999939,
      0.00986994
    ],
    "Manufacturer": "Philips",
    "NumberOfVolumesDiscardedByScanner": 2,
    "ParallelAcquisitionTechnique": "SENSE",
    "ParallelReductionFactorInPlane": 2,
    "PatientPosition": "HFS",
    "PhaseEncodingDirection": "j",
    "PhilipsRescaleIntercept": 0,
    "PhilipsRescaleSlope": 0.7685,
    "PhilipsScaleSlope": 0.0974993,
    "ProtocolName": "WIPpioprsSENSE",
    "PulseSequenceType": "gradient echo EPI",
    "ReconMatrixPE": 80,
    "RepetitionTime": 0.75,
    "SeriesDescription": "ImageMRSERIES",
    "SeriesNumber": 6,
    "SliceEncodingDirection": "k",
    "SliceTiming": [
      0.0,
      0.06755050505050506,
      0.1351010101010101,
      0.20265151515151517,
      0.2702020202020202,
      0.3377525252525253,
      0.40530303030303033,
      0.47285353535353536,
      0.5404040404040404,
      0.6079545454545455,
      0.6755050505050506,
      0.7430555555555556,
      0.0,
      0.06755050505050506,
      0.1351010101010101,
      0.20265151515151517,
      0.2702020202020202,
      0.3377525252525253,
      0.40530303030303033,
      0.47285353535353536,
      0.5404040404040404,
      0.6079545454545455,
      0.6755050505050506,
      0.7430555555555556,
      0.0,
      0.06755050505050506,
      0.1351010101010101,
      0.20265151515151517,
      0.2702020202020202,
      0.3377525252525253,
      0.40530303030303033,
      0.47285353535353536,
      0.5404040404040404,
      0.6079545454545455,
      0.6755050505050506,
      0.7430555555555556
    ],
    "TaskName": "restingstate",
    "TotalReadoutTime": 0.024699802401580786,
    "UsePhilipsFloatNotDisplayScaling": 1,
    "acq_id": "mb3",
    "dataset": "unknown",
    "modality": "bold",
    "subject_id": "0094",
    "task_id": "restingstate"
  },
  "dummy_trs": 0,
  "dvars_nstd": 22.564941808475986,
  "dvars_std": 1.1757216096868484,
  "dvars_vstd": 1.239567510125261,
  "efc": 0.38623040977408196,
  "fber": 660118528.0,
  "fd_mean": 0.09841379490494408,
  "fd_num": 19,
  "fd_perc": 3.9583333333333335,
  "fwhm_avg": 2.57801405166452,
  "fwhm_x": 2.4946966666666666,
  "fwhm_y": 2.9014666666666664,
  "fwhm_z": 2.337878821660227,
  "gcor": 0.019176,
  "gsr_x": -0.007279470097273588,
  "gsr_y": 0.002060689264908433,
  "provenance": {
    "md5sum": "fd8f59faa8e58f65c34cd2ebe4c590d9",
    "settings": {
      "fd_thres": 0.2,
      "hmc_fsl": false
    },
    "software": "mriqc",
    "version": "0.15.0",
    "webapi_port": null,
    "webapi_url": "https://mriqc.nimh.nih.gov/api/v1"
  },
  "size_t": 480,
  "size_x": 80,
  "size_y": 80,
  "size_z": 36,
  "snr": 5.33778351538864,
  "spacing_tr": 0.75,
  "spacing_x": 3.0,
  "spacing_y": 3.0,
  "spacing_z": 3.299999952316284,
  "spikes_num": 28,
  "summary_bg_k": 93.35955967858159,
  "summary_bg_mad": 0.9832761883735657,
  "summary_bg_mean": 156.42832946777344,
  "summary_bg_median": 0.6738837957382202,
  "summary_bg_n": 153924.0,
  "summary_bg_p05": 0.005448762932792306,
  "summary_bg_p95": 663.5441864013741,
  "summary_bg_stdv": 841.3906860351562,
  "summary_fg_k": 2.300838628491868,
  "summary_fg_mad": 3014.0029296875,
  "summary_fg_mean": 18721.634765625,
  "summary_fg_median": 19022.490234375,
  "summary_fg_n": 36759.0,
  "summary_fg_p05": 12530.56611328125,
  "summary_fg_p95": 23856.905859375,
  "summary_fg_stdv": 3563.69482421875,
  "tsnr": 51.158363342285156
}