{
  "aor": 0.0009804000000000002,
  "aqi": 0.0035402558499999996,
  "bids_meta": {
    "AcquisitionNumber": 9,
    "BidsifyVersion": "0.3.5",
    "ConversionSoftware": "dcm2niix",
    "ConversionSoftwareVersion": "v1.0.20181125  GCC6.3.0",
    "EchoTime": 0.02762,
    "ImageComments": "piop",
    "ImageOrientationPatientDICOM": [
      0.999348,
      0.0297974,
      -0.0203811,
      -0.0345487,
      0.953151,
      -0.300514
    ],
    "Manufacturer": "Philips",
    "NumberOfVolumesDiscardedByScanner": 2,
    "ParallelAcquisitionTechnique": "SENSE",
    "ParallelReductionFactorInPlane": 2,
    "PatientPosition": "HFS",
    "PhaseEncodingDirection": "j",
    "PhilipsRescaleIntercept": 0,
    "PhilipsRescaleSlope": 0.82344,
    "PhilipsScaleSlope": 0.0643966,
    "ProtocolName": "WIPpiopanticipatieSENSE",
    "PulseSequenceType": "gradient echo EPI",
    "ReconMatrixPE": 80,
    "RepetitionTime": 2,
    "SeriesDescription": "ImageMRSERIES",
    "SeriesNumber": 9,
    "SliceEncodingDirection": "k",
    "TaskName": "anticipation",
    "UsePhilipsFloatNotDisplayScaling": 1,
    "acq_id": "seq",
    "dataset": "unknown",
    "modality": "bold",
    "subject_id": "0003",
    "task_id": "anticipation"
  },
  "dummy_trs": 0,
  "dvars_nstd": 20.493468039949757,
  "dvars_std": 1.1917068928140704,
  "dvars_vstd": 0.9972635046733677,
  "efc": 0.40427044244312643,
  "fber": 463051520.0,
  "fd_mean": 0.10032633254759035,
  "fd_num": 8,
  "fd_perc": 4.0,
  "fwhm_avg": 2.3375266769287806,
  "fwhm_x": 2.2668666666666666,
  "fwhm_y": 2.6151133333333334,
  "fwhm_z": 2.1306000307863413,
  "gcor": 0.0234771,
  "gsr_x": -0.005175059195607901,
  "gsr_y": 0.00609510438516736,
  "provenance": {
    "md5sum": "9b5f05a7a9e39fc370610de0aebc6b68",
    "settings": {
      "fd_thres": 0.2,
      "hmc_fsl": false
    },
    "software": "mriqc",
    "version": "0.15.0",
    "webapi_port": null,
    "webapi_url": "https://mriqc.nimh.nih.gov/api/v1"
  },
  "size_t": 200,
  "size_x": 80,
  "size_y": 80,
  "size_z": 37,
  "snr": 4.613569672313741,
  "spacing_tr": 2.0,
  "spacing_x": 3.0,
  "spacing_y": 3.0,
  "spacing_z": 3.299999952316284,
  "spikes_num": 1,
  "summary_bg_k": 66.05917584361721,
  "summary_bg_mad": 1.4120447635650635,
  "summary_bg_mean": 215.43360900878906,
  "summary_bg_median": 0.9651517868041992,
  "summary_bg_n": 154334.0,
  "summary_bg_p05": 0.0036849946831353014,
  "summary_bg_p95": 787.7336303710958,
  "summary_bg_stdv": 1109.6468505859375,
  "summary_fg_k": 2.057051865528339,
  "summary_fg_mad": 4101.82177734375,
  "summary_fg_mean": 22648.56640625,
  "summary_fg_median": 22560.234375,
  "summary_fg_n": 41334.0,
  "summary_fg_p05": 15023.706689453125,
  "summary_fg_p95": 30201.51416015625,
  "summary_fg_stdv": 4889.91455078125,
  "tsnr": 76.47174072265625
}