{
  "aor": 0.012964212121212123,
  "aqi": 0.014431220939393941,
  "bids_meta": {
    "AcquisitionNumber": 2,
    "BidsifyVersion": "0.3.5",
    "ConversionSoftware": "dcm2niix",
    "ConversionSoftwareVersion": "v1.0.20181125  GCC6.3.0",
    "EchoTime": 0.02762,
    "ImageComments": "piop",
    "ImageOrientationPatientDICOM": [
      0.999348,
      0.0297974,
      -0.0203811,
      -0.0345487,
      0.953151,
      -0.300514
    ],
    "Manufacturer": "Philips",
    "NumberOfVolumesDiscardedByScanner": 2,
    "ParallelAcquisitionTechnique": "SENSE",
    "ParallelReductionFactorInPlane": 2,
    "PatientPosition": "HFS",
    "PhaseEncodingDirection": "j",
    "PhilipsRescaleIntercept": 0,
    "PhilipsRescaleSlope": 0.76557,
    "PhilipsScaleSlope": 0.104047,
    "ProtocolName": "WIPpiopfacesSENSE",
    "PulseSequenceType": "gradient echo EPI",
    "ReconMatrixPE": 80,
    "RepetitionTime": 0.75,
    "SeriesDescription": "ImageMRSERIES",
    "SeriesNumber": 2,
    "SliceEncodingDirection": "k",
    "TaskName": "faces",
    "UsePhilipsFloatNotDisplayScaling": 1,
    "acq_id": "mb3",
    "dataset": "unknown",
    "modality": "bold",
    "subject_id": "0003",
    "task_id": "faces"
  },
  "dummy_trs": 0,
  "dvars_nstd": 29.325160348601813,
  "dvars_std": 1.2054574377811542,
  "dvars_vstd": 1.088154459635259,
  "efc": 0.4075074448171698,
  "fber": 136373488.0,
  "fd_mean": 0.10895457241668535,
  "fd_num": 19,
  "fd_perc": 5.757575757575758,
  "fwhm_avg": 2.482453344112743,
  "fwhm_x": 2.4162066666666666,
  "fwhm_y": 2.793153333333333,
  "fwhm_z": 2.2380000323382294,
  "gcor": 0.00863815,
  "gsr_x": -0.006706588435918093,
  "gsr_y": 0.005089560989290476,
  "provenance": {
    "md5sum": "76ba2b5571439d398bad4df9bdb5a0cb",
    "settings": {
      "fd_thres": 0.2,
      "hmc_fsl": false
    },
    "software": "mriqc",
    "version": "0.15.0",
    "webapi_port": null,
    "webapi_url": "https://mriqc.nimh.nih.gov/api/v1"
  },
  "size_t": 330,
  "size_x": 80,
  "size_y": 80,
  "size_z": 36,
  "snr": 4.990903894717017,
  "spacing_tr": 0.75,
  "spacing_x": 3.0,
  "spacing_y": 3.0,
  "spacing_z": 3.299999952316284,
  "spikes_num": 1,
  "summary_bg_k": 72.80911174104651,
  "summary_bg_mad": 1.8885045051574707,
  "summary_bg_mean": 155.81871032714844,
  "summary_bg_median": 1.3052464723587036,
  "summary_bg_n": 149379.0,
  "summary_bg_p05": 0.013053488917648794,
  "summary_bg_p95": 704.5402832031261,
  "summary_bg_stdv": 784.6097412109375,
  "summary_fg_k": 2.066754270891164,
  "summary_fg_mad": 2906.964599609375,
  "summary_fg_mean": 16941.3203125,
  "summary_fg_median": 17163.33984375,
  "summary_fg_n": 40420.0,
  "summary_fg_p05": 11051.84072265625,
  "summary_fg_p95": 22000.267285156253,
  "summary_fg_stdv": 3438.881591796875,
  "tsnr": 38.75483703613281
}