{
  "bids_meta": {
    "AcquisitionNumber": 4,
    "BidsifyVersion": "0.3.5",
    "ConversionSoftware": "dcm2niix",
    "ConversionSoftwareVersion": "v1.0.20181125  GCC6.3.0",
    "EchoTime": 0.00379,
    "ImageComments": "piop",
    "ImageOrientationPatientDICOM": [
      0.999244,
      0.0331713,
      -0.0202957,
      -0.0354182,
      0.991801,
      -0.122786
    ],
    "Manufacturer": "Philips",
    "PatientPosition": "HFS",
    "PhilipsRescaleIntercept": 0,
    "PhilipsRescaleSlope": 9.49206,
    "PhilipsScaleSlope": 0.00718826,
    "ProtocolName": "WIPt13dSENSE",
    "ReconMatrixPE": 240,
    "RepetitionTime": 0.008252,
    "SeriesDescription": "ImageMRSERIES",
    "SeriesNumber": 4,
    "UsePhilipsFloatNotDisplayScaling": 1,
    "dataset": "unknown",
    "modality": "T1w",
    "subject_id": "0003"
  },
  "cjv": 0.33816982565030823,
  "cnr": 3.826665918832344,
  "efc": 0.7576016117387874,
  "fber": 1501.34130859375,
  "fwhm_avg": 3.830873407426084,
  "fwhm_x": 3.67061,
  "fwhm_y": 4.0928,
  "fwhm_z": 3.7292102222782506,
  "icvs_csf": 0.22055505043451493,
  "icvs_gm": 0.4021426303473554,
  "icvs_wm": 0.3773023192181296,
  "inu_med": 1.9016082286834717,
  "inu_range": 0.42832357883453387,
  "provenance": {
    "md5sum": "498e69937aba40a1b01a63ac7c8a80ff",
    "settings": {
      "testing": false
    },
    "software": "mriqc",
    "version": "0.15.0",
    "warnings": {
      "large_rot_frame": true,
      "small_air_mask": true
    },
    "webapi_port": null,
    "webapi_url": "https://mriqc.nimh.nih.gov/api/v1"
  },
  "qi_1": 2.6353635672281245e-05,
  "qi_2": 0.00012384088459481426,
  "rpve_csf": 26.65947965802825,
  "rpve_gm": 15.078777038761542,
  "rpve_wm": 20.683293342217816,
  "size_x": 240,
  "size_y": 240,
  "size_z": 220,
  "snr_csf": 2.4298699849587395,
  "snr_gm": 8.24146345271015,
  "snr_total": 10.684899097980937,
  "snr_wm": 21.383363856273917,
  "snrd_csf": 22.737382021487214,
  "snrd_gm": 47.00983486574383,
  "snrd_total": 47.43743116641891,
  "snrd_wm": 72.5650766120257,
  "spacing_x": 1.0,
  "spacing_y": 1.0,
  "spacing_z": 0.9999999403953552,
  "summary_bg_k": 22.61739485523515,
  "summary_bg_mad": 9.028084754943848,
  "summary_bg_mean": 9.286770820617676,
  "summary_bg_median": 6.08935022354126,
  "summary_bg_n": 91467.0,
  "summary_bg_p05": 0.0,
  "summary_bg_p95": 24.906569480895996,
  "summary_bg_stdv": 10.194818496704102,
  "summary_csf_k": -0.5849580003245545,
  "summary_csf_mad": 149.45411682128906,
  "summary_csf_mean": 298.4522705078125,
  "summary_csf_median": 313.33172607421875,
  "summary_csf_n": 9782.0,
  "summary_csf_p05": 85.27470779418945,
  "summary_csf_p95": 477.76949462890616,
  "summary_csf_stdv": 128.9434051513672,
  "summary_gm_k": 0.17039351778299983,
  "summary_gm_mad": 76.8237533569336,
  "summary_gm_mean": 651.2559814453125,
  "summary_gm_median": 647.8174438476562,
  "summary_gm_n": 25355.0,
  "summary_gm_p05": 527.1439453125,
  "summary_gm_p95": 786.5865173339844,
  "summary_gm_stdv": 78.60311126708984,
  "summary_wm_k": 1.0131946534595606,
  "summary_wm_mad": 42.26719665527344,
  "summary_wm_mean": 998.0733642578125,
  "summary_wm_median": 999.9805908203125,
  "summary_wm_n": 219687.0,
  "summary_wm_p05": 918.2151733398438,
  "summary_wm_p95": 1070.4997802734374,
  "summary_wm_stdv": 46.764312744140625,
  "tpm_overlap_csf": 0.21872428059577942,
  "tpm_overlap_gm": 0.506617546081543,
  "tpm_overlap_wm": 0.5813080668449402,
  "wm2max": 0.8627207731124076
}