{
    "Manufacturer": "Philips",
    "PatientPosition": "HFS",
    "SeriesDescription": "ImageMRSERIES",
    "ProtocolName": "WIPpioprsSENSE",
    "SeriesNumber": 6,
    "AcquisitionNumber": 6,
    "ImageComments": "piop",
    "PhilipsRescaleSlope": 0.75311,
    "PhilipsRescaleIntercept": 0,
    "PhilipsScaleSlope": 0.0898028,
    "UsePhilipsFloatNotDisplayScaling": 1,
    "EchoTime": 0.02763,
    "RepetitionTime": 0.75,
    "ReconMatrixPE": 80,
    "ImageOrientationPatientDICOM": [
        0.999505,
        0.024812,
        -0.0193381,
        -0.0240783,
        0.999014,
        0.0372947
    ],
    "ConversionSoftware": "dcm2niix",
    "ConversionSoftwareVersion": "v1.0.20181125  GCC6.3.0",
    "BidsifyVersion": "0.3.5",
    "SliceEncodingDirection": "k",
    "PhaseEncodingDirection": "j",
    "ParallelAcquisitionTechnique": "SENSE",
    "ParallelReductionFactorInPlane": 2,
    "NumberOfVolumesDiscardedByScanner": 2,
    "PulseSequenceType": "gradient echo EPI",
    "TaskName": "restingstate"
}