{
  "bids_meta": {
    "AcquisitionNumber": 4,
    "BidsifyVersion": "0.3.5",
    "ConversionSoftware": "dcm2niix",
    "ConversionSoftwareVersion": "v1.0.20181125  GCC6.3.0",
    "EchoTime": 0.00373,
    "ImageComments": "piop",
    "ImageOrientationPatientDICOM": [
      0.99949,
      -0.0315244,
      0.00510105,
      0.0315849,
      0.999426,
      -0.0122365
    ],
    "Manufacturer": "Philips",
    "PatientPosition": "HFS",
    "PhilipsRescaleIntercept": 0,
    "PhilipsRescaleSlope": 9.17314,
    "PhilipsScaleSlope": 0.00717049,
    "ProtocolName": "WIPt13dSENSE",
    "ReconMatrixPE": 240,
    "RepetitionTime": 0.008127,
    "SeriesDescription": "ImageMRSERIES",
    "SeriesNumber": 4,
    "UsePhilipsFloatNotDisplayScaling": 1,
    "dataset": "unknown",
    "modality": "T1w",
    "subject_id": "0099"
  },
  "cjv": 0.34883426930131484,
  "cnr": 3.5548315249026103,
  "efc": 0.7767329730841234,
  "fber": 666.3692016601562,
  "fwhm_avg": 3.5918301450588395,
  "fwhm_x": 3.47444,
  "fwhm_y": 3.85601022983612,
  "fwhm_z": 3.4450402053403977,
  "icvs_csf": 0.208700456230824,
  "icvs_gm": 0.4128478026657011,
  "icvs_wm": 0.37845174110347496,
  "inu_med": 1.7878539562225342,
  "inu_range": 0.4999334037303924,
  "provenance": {
    "md5sum": "9667dc6fda1f0a50db2f5c8633233d0c",
    "settings": {
      "testing": false
    },
    "software": "mriqc",
    "version": "0.15.0",
    "warnings": {
      "large_rot_frame": true,
      "small_air_mask": true
    },
    "webapi_port": null,
    "webapi_url": "https://mriqc.nimh.nih.gov/api/v1"
  },
  "qi_1": 0.0,
  "qi_2": 0.0003188422704769561,
  "rpve_csf": 24.17793474345614,
  "rpve_gm": 12.894116917479742,
  "rpve_wm": 18.108031209878813,
  "size_x": 240,
  "size_y": 240,
  "size_z": 220,
  "snr_csf": 1.7822303130314727,
  "snr_gm": 6.7000554623437605,
  "snr_total": 9.84779861260529,
  "snr_wm": 21.061110062440637,
  "snrd_csf": 20.954108051924273,
  "snrd_gm": 42.4020241923319,
  "snrd_total": 43.71738711703889,
  "snrd_wm": 67.79602910686047,
  "spacing_x": 1.0,
  "spacing_y": 0.9999999403953552,
  "spacing_z": 0.9999999403953552,
  "summary_bg_k": 3.0003570962135546,
  "summary_bg_mad": 9.663209915161133,
  "summary_bg_mean": 12.554736137390137,
  "summary_bg_median": 12.882059097290039,
  "summary_bg_n": 95200.0,
  "summary_bg_p05": 0.0,
  "summary_bg_p95": 33.14010372161866,
  "summary_bg_stdv": 11.599390983581543,
  "summary_csf_k": 65.8413717731589,
  "summary_csf_mad": 148.97360229492188,
  "summary_csf_mean": 302.01324462890625,
  "summary_csf_median": 309.0714416503906,
  "summary_csf_n": 10681.0,
  "summary_csf_p05": 86.61005401611328,
  "summary_csf_p95": 475.01043701171875,
  "summary_csf_stdv": 173.4102325439453,
  "summary_gm_k": 0.26194565830657535,
  "summary_gm_mad": 88.39310455322266,
  "summary_gm_mean": 633.6764526367188,
  "summary_gm_median": 625.426513671875,
  "summary_gm_n": 21445.0,
  "summary_gm_p05": 493.0855651855469,
  "summary_gm_p95": 802.6576416015624,
  "summary_gm_stdv": 93.34429168701172,
  "summary_wm_k": 1.2881046977432442,
  "summary_wm_mad": 42.266109466552734,
  "summary_wm_mean": 997.8909912109375,
  "summary_wm_median": 999.986083984375,
  "summary_wm_n": 247899.0,
  "summary_wm_p05": 916.7079162597656,
  "summary_wm_p95": 1070.4453247070312,
  "summary_wm_stdv": 47.48012161254883,
  "tpm_overlap_csf": 0.21000702679157257,
  "tpm_overlap_gm": 0.49905604124069214,
  "tpm_overlap_wm": 0.5605610609054565,
  "wm2max": 0.7147536508575743
}