{
  "aor": 0.00010618181818181819,
  "aqi": 0.007259646212121213,
  "bids_meta": {
    "AcquisitionNumber": 2,
    "BidsifyVersion": "0.3.5",
    "ConversionSoftware": "dcm2niix",
    "ConversionSoftwareVersion": "v1.0.20181125  GCC6.3.0",
    "EchoTime": 0.02762,
    "EffectiveEchoSpacing": 0.0006333282667071997,
    "ImageComments": "piop",
    "ImageOrientationPatientDICOM": [
      0.999522,
      -0.0308003,
      -0.00254354,
      0.0308874,
      0.998348,
      0.0484457
    ],
    "Manufacturer": "Philips",
    "NumberOfVolumesDiscardedByScanner": 2,
    "ParallelAcquisitionTechnique": "SENSE",
    "ParallelReductionFactorInPlane": 2,
    "PatientPosition": "HFS",
    "PhaseEncodingDirection": "j",
    "PhilipsRescaleIntercept": 0,
    "PhilipsRescaleSlope": 0.82344,
    "PhilipsScaleSlope": 0.0954106,
    "ProtocolName": "WIPpiopfacesSENSE",
    "PulseSequenceType": "gradient echo EPI",
    "ReconMatrixPE": 80,
    "RepetitionTime": 0.75,
    "SeriesDescription": "ImageMRSERIES",
    "SeriesNumber": 2,
    "SliceEncodingDirection": "k",
    "SliceTiming": [
      0.0,
      0.06755050505050506,
      0.1351010101010101,
      0.20265151515151517,
      0.2702020202020202,
      0.3377525252525253,
      0.40530303030303033,
      0.47285353535353536,
      0.5404040404040404,
      0.6079545454545455,
      0.6755050505050506,
      0.7430555555555556,
      0.0,
      0.06755050505050506,
      0.1351010101010101,
      0.20265151515151517,
      0.2702020202020202,
      0.3377525252525253,
      0.40530303030303033,
      0.47285353535353536,
      0.5404040404040404,
      0.6079545454545455,
      0.6755050505050506,
      0.7430555555555556,
      0.0,
      0.06755050505050506,
      0.1351010101010101,
      0.20265151515151517,
      0.2702020202020202,
      0.3377525252525253,
      0.40530303030303033,
      0.47285353535353536,
      0.5404040404040404,
      0.6079545454545455,
      0.6755050505050506,
      0.7430555555555556
    ],
    "TaskName": "faces",
    "TotalReadoutTime": 0.024699802401580786,
    "UsePhilipsFloatNotDisplayScaling": 1,
    "acq_id": "mb3",
    "dataset": "unknown",
    "modality": "bold",
    "subject_id": "0080",
    "task_id": "faces"
  },
  "dummy_trs": 0,
  "dvars_nstd": 22.894870369422502,
  "dvars_std": 1.0948873134650445,
  "dvars_vstd": 0.9975710033738616,
  "efc": 0.3910620739343579,
  "fber": 1300052608.0,
  "fd_mean": 0.1083777692747221,
  "fd_num": 12,
  "fd_perc": 3.6363636363636362,
  "fwhm_avg": 2.743629667451811,
  "fwhm_x": 2.7201133333333334,
  "fwhm_y": 3.03693,
  "fwhm_z": 2.473845669022098,
  "gcor": 0.0216713,
  "gsr_x": -0.002869889372959733,
  "gsr_y": 0.0007621892145834863,
  "provenance": {
    "md5sum": "972e4e61668b3e5bc6d9d5ee5bb7c1ee",
    "settings": {
      "fd_thres": 0.2,
      "hmc_fsl": false
    },
    "software": "mriqc",
    "version": "0.15.0",
    "webapi_port": null,
    "webapi_url": "https://mriqc.nimh.nih.gov/api/v1"
  },
  "size_t": 330,
  "size_x": 80,
  "size_y": 80,
  "size_z": 36,
  "snr": 5.603970153131716,
  "spacing_tr": 0.75,
  "spacing_x": 3.0,
  "spacing_y": 3.0,
  "spacing_z": 3.299999713897705,
  "spikes_num": 1,
  "summary_bg_k": 93.63595345567927,
  "summary_bg_mad": 0.6522130966186523,
  "summary_bg_mean": 117.51229095458984,
  "summary_bg_median": 0.44428491592407227,
  "summary_bg_n": 152694.0,
  "summary_bg_p05": 0.0020816401345655324,
  "summary_bg_p95": 473.038513183594,
  "summary_bg_stdv": 667.4855346679688,
  "summary_fg_k": 2.9251465569751494,
  "summary_fg_mad": 2475.955810546875,
  "summary_fg_mean": 17339.49609375,
  "summary_fg_median": 17529.130859375,
  "summary_fg_n": 38168.0,
  "summary_fg_p05": 12019.135839843751,
  "summary_fg_p95": 21889.171484375,
  "summary_fg_stdv": 3127.943359375,
  "tsnr": 59.9538459777832
}