{
  "aor": 0.0015537037037037036,
  "aqi": 0.002922344148148148,
  "bids_meta": {
    "AcquisitionNumber": 5,
    "BidsifyVersion": "0.3.5",
    "ConversionSoftware": "dcm2niix",
    "ConversionSoftwareVersion": "v1.0.20181125  GCC6.3.0",
    "EchoTime": 0.02762,
    "EffectiveEchoSpacing": 0.0006621159151938905,
    "ImageComments": "piop",
    "ImageOrientationPatientDICOM": [
      0.999875,
      -0.0156068,
      -0.00248854,
      0.0157073,
      0.998751,
      0.0474219
    ],
    "Manufacturer": "Philips",
    "NumberOfVolumesDiscardedByScanner": 2,
    "ParallelAcquisitionTechnique": "SENSE",
    "ParallelReductionFactorInPlane": 2,
    "PatientPosition": "HFS",
    "PhaseEncodingDirection": "j",
    "PhilipsRescaleIntercept": 0,
    "PhilipsRescaleSlope": 0.76459,
    "PhilipsScaleSlope": 0.060063,
    "ProtocolName": "WIPpiopharririSENSE",
    "PulseSequenceType": "gradient echo EPI",
    "ReconMatrixPE": 80,
    "RepetitionTime": 2,
    "SeriesDescription": "ImageMRSERIES",
    "SeriesNumber": 5,
    "SliceEncodingDirection": "k",
    "SliceTiming": [
      0.0,
      0.0541,
      0.1081,
      0.1622,
      0.2162,
      0.2703,
      0.3243,
      0.3784,
      0.4324,
      0.4865,
      0.5405,
      0.5946,
      0.6486,
      0.7027,
      0.7568,
      0.8108,
      0.8649,
      0.9189,
      0.973,
      1.027,
      1.0811,
      1.1351,
      1.1892,
      1.2432,
      1.2973,
      1.3514,
      1.4054,
      1.4595,
      1.5135,
      1.5676,
      1.6216,
      1.6757,
      1.7297,
      1.7838,
      1.8378,
      1.8919,
      1.9459
    ],
    "TaskName": "emomatching",
    "TotalReadoutTime": 0.025822520692561732,
    "UsePhilipsFloatNotDisplayScaling": 1,
    "acq_id": "seq",
    "dataset": "unknown",
    "modality": "bold",
    "subject_id": "0080",
    "task_id": "emomatching"
  },
  "dummy_trs": 0,
  "dvars_nstd": 19.31357042820896,
  "dvars_std": 1.2161260914925374,
  "dvars_vstd": 1.0170527583582092,
  "efc": 0.38365849193799834,
  "fber": 1440903296.0,
  "fd_mean": 0.12242936453752948,
  "fd_num": 8,
  "fd_perc": 5.925925925925926,
  "fwhm_avg": 2.4530603139987983,
  "fwhm_x": 2.39212,
  "fwhm_y": 2.6898033333333333,
  "fwhm_z": 2.277257608663062,
  "gcor": 0.0139734,
  "gsr_x": -0.0028809437062591314,
  "gsr_y": 0.0009120164322666824,
  "provenance": {
    "md5sum": "7d002b5ea83980258b8b7fa107eae0a0",
    "settings": {
      "fd_thres": 0.2,
      "hmc_fsl": false
    },
    "software": "mriqc",
    "version": "0.15.0",
    "webapi_port": null,
    "webapi_url": "https://mriqc.nimh.nih.gov/api/v1"
  },
  "size_t": 135,
  "size_x": 80,
  "size_y": 80,
  "size_z": 37,
  "snr": 4.868746130523389,
  "spacing_tr": 2.0,
  "spacing_x": 3.0,
  "spacing_y": 3.0,
  "spacing_z": 3.299999952316284,
  "spikes_num": 0,
  "summary_bg_k": 101.45570107825282,
  "summary_bg_mad": 0.8553627133369446,
  "summary_bg_mean": 154.70201110839844,
  "summary_bg_median": 0.581838846206665,
  "summary_bg_n": 158023.0,
  "summary_bg_p05": 0.0021868400042876603,
  "summary_bg_p95": 447.10438537597196,
  "summary_bg_stdv": 916.23974609375,
  "summary_fg_k": 2.5995080108586137,
  "summary_fg_mad": 4109.45068359375,
  "summary_fg_mean": 23922.9375,
  "summary_fg_median": 23793.525390625,
  "summary_fg_n": 38656.0,
  "summary_fg_p05": 16496.5556640625,
  "summary_fg_p95": 31426.10693359375,
  "summary_fg_stdv": 4886.92919921875,
  "tsnr": 88.07567596435547
}