{
  "aor": 0.002588666666666667,
  "aqi": 0.004780637851851852,
  "bids_meta": {
    "AcquisitionNumber": 5,
    "BidsifyVersion": "0.3.5",
    "ConversionSoftware": "dcm2niix",
    "ConversionSoftwareVersion": "v1.0.20181125  GCC6.3.0",
    "EchoTime": 0.02762,
    "EffectiveEchoSpacing": 0.0006621159151938905,
    "ImageComments": "Piop",
    "ImageOrientationPatientDICOM": [
      0.998886,
      0.0340276,
      0.0326986,
      -0.0272035,
      0.981363,
      -0.190228
    ],
    "Manufacturer": "Philips",
    "NumberOfVolumesDiscardedByScanner": 2,
    "ParallelAcquisitionTechnique": "SENSE",
    "ParallelReductionFactorInPlane": 2,
    "PatientPosition": "HFS",
    "PhaseEncodingDirection": "j",
    "PhilipsRescaleIntercept": 0,
    "PhilipsRescaleSlope": 0.80147,
    "PhilipsScaleSlope": 0.056306,
    "ProtocolName": "WIPpiopharririSENSE",
    "PulseSequenceType": "gradient echo EPI",
    "ReconMatrixPE": 80,
    "RepetitionTime": 2,
    "SeriesDescription": "ImageMRSERIES",
    "SeriesNumber": 5,
    "SliceEncodingDirection": "k",
    "SliceTiming": [
      0.0,
      0.0541,
      0.1081,
      0.1622,
      0.2162,
      0.2703,
      0.3243,
      0.3784,
      0.4324,
      0.4865,
      0.5405,
      0.5946,
      0.6486,
      0.7027,
      0.7568,
      0.8108,
      0.8649,
      0.9189,
      0.973,
      1.027,
      1.0811,
      1.1351,
      1.1892,
      1.2432,
      1.2973,
      1.3514,
      1.4054,
      1.4595,
      1.5135,
      1.5676,
      1.6216,
      1.6757,
      1.7297,
      1.7838,
      1.8378,
      1.8919,
      1.9459
    ],
    "TaskName": "emomatching",
    "TotalReadoutTime": 0.025822520692561732,
    "UsePhilipsFloatNotDisplayScaling": 1,
    "acq_id": "seq",
    "dataset": "unknown",
    "modality": "bold",
    "subject_id": "0044",
    "task_id": "emomatching"
  },
  "dummy_trs": 0,
  "dvars_nstd": 20.8745496516418,
  "dvars_std": 1.1923725233582083,
  "dvars_vstd": 1.0193130418656715,
  "efc": 0.4139579497171776,
  "fber": 82132816.0,
  "fd_mean": 0.13510354119706616,
  "fd_num": 15,
  "fd_perc": 11.11111111111111,
  "fwhm_avg": 2.398357586079444,
  "fwhm_x": 2.31618,
  "fwhm_y": 2.735886666666667,
  "fwhm_z": 2.1430060915716647,
  "gcor": 0.016975,
  "gsr_x": -0.005158229731023312,
  "gsr_y": 0.007265235297381878,
  "provenance": {
    "md5sum": "9a0032a25e86a2712db39f5f67675b49",
    "settings": {
      "fd_thres": 0.2,
      "hmc_fsl": false
    },
    "software": "mriqc",
    "version": "0.15.0",
    "webapi_port": null,
    "webapi_url": "https://mriqc.nimh.nih.gov/api/v1"
  },
  "size_t": 135,
  "size_x": 80,
  "size_y": 80,
  "size_z": 37,
  "snr": 4.980611101125618,
  "spacing_tr": 2.0,
  "spacing_x": 3.0,
  "spacing_y": 3.0,
  "spacing_z": 3.299999952316284,
  "spikes_num": 2,
  "summary_bg_k": 54.935931331770796,
  "summary_bg_mad": 4.024241924285889,
  "summary_bg_mean": 275.6314392089844,
  "summary_bg_median": 2.799393892288208,
  "summary_bg_n": 151495.0,
  "summary_bg_p05": 0.006381120299920446,
  "summary_bg_p95": 1154.3018798828125,
  "summary_bg_stdv": 1348.620361328125,
  "summary_fg_k": 2.7554169617534523,
  "summary_fg_mad": 4406.5556640625,
  "summary_fg_mean": 26698.5078125,
  "summary_fg_median": 26783.14453125,
  "summary_fg_n": 43254.0,
  "summary_fg_p05": 18085.7232421875,
  "summary_fg_p95": 34578.070703125006,
  "summary_fg_stdv": 5377.41943359375,
  "tsnr": 71.625
}