{
  "aor": 0.0014186938775510205,
  "aqi": 0.006592193999999999,
  "bids_meta": {
    "AcquisitionNumber": 3,
    "BidsifyVersion": "0.3.5",
    "ConversionSoftware": "dcm2niix",
    "ConversionSoftwareVersion": "v1.0.20181125  GCC6.3.0",
    "EchoTime": 0.02762,
    "EffectiveEchoSpacing": 0.0006621159151938905,
    "ImageComments": "Piop",
    "ImageOrientationPatientDICOM": [
      0.998886,
      0.0340276,
      0.0326986,
      -0.0272035,
      0.981363,
      -0.190228
    ],
    "Manufacturer": "Philips",
    "NumberOfVolumesDiscardedByScanner": 2,
    "ParallelAcquisitionTechnique": "SENSE",
    "ParallelReductionFactorInPlane": 2,
    "PatientPosition": "HFS",
    "PhaseEncodingDirection": "j",
    "PhilipsRescaleIntercept": 0,
    "PhilipsRescaleSlope": 0.7663,
    "PhilipsScaleSlope": 0.0560407,
    "ProtocolName": "WIPpiopgstroopSENSE",
    "PulseSequenceType": "gradient echo EPI",
    "ReconMatrixPE": 80,
    "RepetitionTime": 2,
    "SeriesDescription": "ImageMRSERIES",
    "SeriesNumber": 3,
    "SliceEncodingDirection": "k",
    "SliceTiming": [
      0.0,
      0.0541,
      0.1081,
      0.1622,
      0.2162,
      0.2703,
      0.3243,
      0.3784,
      0.4324,
      0.4865,
      0.5405,
      0.5946,
      0.6486,
      0.7027,
      0.7568,
      0.8108,
      0.8649,
      0.9189,
      0.973,
      1.027,
      1.0811,
      1.1351,
      1.1892,
      1.2432,
      1.2973,
      1.3514,
      1.4054,
      1.4595,
      1.5135,
      1.5676,
      1.6216,
      1.6757,
      1.7297,
      1.7838,
      1.8378,
      1.8919,
      1.9459
    ],
    "TaskName": "gstroop",
    "TotalReadoutTime": 0.025822520692561732,
    "UsePhilipsFloatNotDisplayScaling": 1,
    "acq_id": "seq",
    "dataset": "unknown",
    "modality": "bold",
    "subject_id": "0044",
    "task_id": "gstroop"
  },
  "dummy_trs": 0,
  "dvars_nstd": 21.927184847581966,
  "dvars_std": 1.1743421154918035,
  "dvars_vstd": 0.9864343340163927,
  "efc": 0.41444692659615784,
  "fber": 225289040.0,
  "fd_mean": 0.12169592187732167,
  "fd_num": 30,
  "fd_perc": 12.244897959183673,
  "fwhm_avg": 2.39200162646829,
  "fwhm_x": 2.3046333333333333,
  "fwhm_y": 2.7315199999999997,
  "fwhm_z": 2.1398515460715375,
  "gcor": 0.017152,
  "gsr_x": -0.005598539020866156,
  "gsr_y": 0.00727674039080739,
  "provenance": {
    "md5sum": "5dbd08b5a7159f4104c3b41a0976c15c",
    "settings": {
      "fd_thres": 0.2,
      "hmc_fsl": false
    },
    "software": "mriqc",
    "version": "0.15.0",
    "webapi_port": null,
    "webapi_url": "https://mriqc.nimh.nih.gov/api/v1"
  },
  "size_t": 245,
  "size_x": 80,
  "size_y": 80,
  "size_z": 37,
  "snr": 5.05495072908371,
  "spacing_tr": 2.0,
  "spacing_x": 3.0,
  "spacing_y": 3.0,
  "spacing_z": 3.299999952316284,
  "spikes_num": 1,
  "summary_bg_k": 57.490865054697316,
  "summary_bg_mad": 2.342949390411377,
  "summary_bg_mean": 271.6670837402344,
  "summary_bg_median": 1.6002224683761597,
  "summary_bg_n": 151462.0,
  "summary_bg_p05": 0.008085755025967955,
  "summary_bg_p95": 1185.17425537107,
  "summary_bg_stdv": 1316.050048828125,
  "summary_fg_k": 2.9269134866469004,
  "summary_fg_mad": 4320.740234375,
  "summary_fg_mean": 26710.818359375,
  "summary_fg_median": 26802.62109375,
  "summary_fg_n": 43270.0,
  "summary_fg_p05": 18162.65146484375,
  "summary_fg_p95": 34432.3513671875,
  "summary_fg_stdv": 5302.1904296875,
  "tsnr": 64.2991714477539
}