{
  "aor": 0.001408448979591837,
  "aqi": 0.005494735020408164,
  "bids_meta": {
    "AcquisitionNumber": 3,
    "BidsifyVersion": "0.3.5",
    "ConversionSoftware": "dcm2niix",
    "ConversionSoftwareVersion": "v1.0.20181125  GCC6.3.0",
    "EchoTime": 0.02762,
    "ImageComments": "piop",
    "ImageOrientationPatientDICOM": [
      0.999913,
      -0.0079154,
      -0.0105109,
      0.00488654,
      0.965081,
      -0.261907
    ],
    "Manufacturer": "Philips",
    "NumberOfVolumesDiscardedByScanner": 2,
    "ParallelAcquisitionTechnique": "SENSE",
    "ParallelReductionFactorInPlane": 2,
    "PatientPosition": "HFS",
    "PhaseEncodingDirection": "j",
    "PhilipsRescaleIntercept": 0,
    "PhilipsRescaleSlope": 0.79463,
    "PhilipsScaleSlope": 0.0609955,
    "ProtocolName": "WIPpiopgstroopSENSE",
    "PulseSequenceType": "gradient echo EPI",
    "ReconMatrixPE": 80,
    "RepetitionTime": 2,
    "SeriesDescription": "ImageMRSERIES",
    "SeriesNumber": 3,
    "SliceEncodingDirection": "k",
    "TaskName": "gstroop",
    "UsePhilipsFloatNotDisplayScaling": 1,
    "acq_id": "seq",
    "dataset": "unknown",
    "modality": "bold",
    "subject_id": "0195",
    "task_id": "gstroop"
  },
  "dummy_trs": 0,
  "dvars_nstd": 17.321907856475406,
  "dvars_std": 1.111862974631147,
  "dvars_vstd": 0.9406057062704913,
  "efc": 0.3838769726942229,
  "fber": 134430320.0,
  "fd_mean": 0.0764142980434647,
  "fd_num": 0,
  "fd_perc": 0.0,
  "fwhm_avg": 2.4613461724825028,
  "fwhm_x": 2.4003666666666668,
  "fwhm_y": 2.7276233333333333,
  "fwhm_z": 2.256048517447508,
  "gcor": 0.0249742,
  "gsr_x": -0.008751509711146355,
  "gsr_y": 0.004539726302027702,
  "provenance": {
    "md5sum": "577f9397085ebc81efc78c891b943a6a",
    "settings": {
      "fd_thres": 0.2,
      "hmc_fsl": false
    },
    "software": "mriqc",
    "version": "0.15.0",
    "webapi_port": null,
    "webapi_url": "https://mriqc.nimh.nih.gov/api/v1"
  },
  "size_t": 245,
  "size_x": 80,
  "size_y": 80,
  "size_z": 37,
  "snr": 5.379914704863174,
  "spacing_tr": 2.0,
  "spacing_x": 3.0,
  "spacing_y": 3.0,
  "spacing_z": 3.299999952316284,
  "spikes_num": 0,
  "summary_bg_k": 142.1161274101711,
  "summary_bg_mad": 3.20771861076355,
  "summary_bg_mean": 167.57025146484375,
  "summary_bg_median": 2.1991891860961914,
  "summary_bg_n": 158093.0,
  "summary_bg_p05": 0.003236992098391056,
  "summary_bg_p95": 684.436193847655,
  "summary_bg_stdv": 945.5280151367188,
  "summary_fg_k": 2.9028761648511026,
  "summary_fg_mad": 4239.7880859375,
  "summary_fg_mean": 26450.513671875,
  "summary_fg_median": 26509.94140625,
  "summary_fg_n": 38018.0,
  "summary_fg_p05": 18926.91865234375,
  "summary_fg_p95": 33763.0140625,
  "summary_fg_stdv": 4927.51171875,
  "tsnr": 74.72695922851562
}