{
  "aor": 0.0019608641975308637,
  "aqi": 0.0031814498765432107,
  "bids_meta": {
    "AcquisitionNumber": 8,
    "BidsifyVersion": "0.3.5",
    "ConversionSoftware": "dcm2niix",
    "ConversionSoftwareVersion": "v1.0.20181125  GCC6.3.0",
    "EchoTime": 0.02762,
    "ImageComments": "piop",
    "ImageOrientationPatientDICOM": [
      0.999913,
      -0.0079154,
      -0.0105109,
      0.00488654,
      0.965081,
      -0.261907
    ],
    "Manufacturer": "Philips",
    "NumberOfVolumesDiscardedByScanner": 2,
    "ParallelAcquisitionTechnique": "SENSE",
    "ParallelReductionFactorInPlane": 2,
    "PatientPosition": "HFS",
    "PhaseEncodingDirection": "j",
    "PhilipsRescaleIntercept": 0,
    "PhilipsRescaleSlope": 0.81905,
    "PhilipsScaleSlope": 0.0585194,
    "ProtocolName": "WIPpiopwmSENSE",
    "PulseSequenceType": "gradient echo EPI",
    "ReconMatrixPE": 80,
    "RepetitionTime": 2,
    "SeriesDescription": "ImageMRSERIES",
    "SeriesNumber": 8,
    "SliceEncodingDirection": "k",
    "TaskName": "workingmemory",
    "UsePhilipsFloatNotDisplayScaling": 1,
    "acq_id": "seq",
    "dataset": "unknown",
    "modality": "bold",
    "subject_id": "0195",
    "task_id": "workingmemory"
  },
  "dummy_trs": 0,
  "dvars_nstd": 19.499576657329197,
  "dvars_std": 1.2728706434782604,
  "dvars_vstd": 1.0202694208074528,
  "efc": 0.383040834799182,
  "fber": 337812224.0,
  "fd_mean": 0.09047823984919315,
  "fd_num": 1,
  "fd_perc": 0.6172839506172839,
  "fwhm_avg": 2.450558293699134,
  "fwhm_x": 2.3939066666666666,
  "fwhm_y": 2.7007833333333333,
  "fwhm_z": 2.256984881097402,
  "gcor": 0.0178748,
  "gsr_x": -0.00885301735252142,
  "gsr_y": 0.0048220292665064335,
  "provenance": {
    "md5sum": "34a51c1aa7f9c3051da1cb04515c37b1",
    "settings": {
      "fd_thres": 0.2,
      "hmc_fsl": false
    },
    "software": "mriqc",
    "version": "0.15.0",
    "webapi_port": null,
    "webapi_url": "https://mriqc.nimh.nih.gov/api/v1"
  },
  "size_t": 162,
  "size_x": 80,
  "size_y": 80,
  "size_z": 37,
  "snr": 5.285540716594778,
  "spacing_tr": 2.0,
  "spacing_x": 3.0,
  "spacing_y": 3.0,
  "spacing_z": 3.299999952316284,
  "spikes_num": 2,
  "summary_bg_k": 115.36317801575565,
  "summary_bg_mad": 1.9999445676803589,
  "summary_bg_mean": 165.88677978515625,
  "summary_bg_median": 1.3784223794937134,
  "summary_bg_n": 158274.0,
  "summary_bg_p05": 0.008216597745195033,
  "summary_bg_p95": 692.5939819336038,
  "summary_bg_stdv": 949.411865234375,
  "summary_fg_k": 2.7304103597302385,
  "summary_fg_mad": 4311.5146484375,
  "summary_fg_mean": 26412.447265625,
  "summary_fg_median": 26436.068359375,
  "summary_fg_n": 37905.0,
  "summary_fg_p05": 18777.944921875,
  "summary_fg_p95": 33946.71640625,
  "summary_fg_stdv": 5001.5166015625,
  "tsnr": 89.43498229980469
}