{
    "Manufacturer": "Philips",
    "PatientPosition": "HFS",
    "SeriesDescription": "ImageMRSERIES",
    "ProtocolName": "WIPt13dSENSE",
    "SeriesNumber": 4,
    "AcquisitionNumber": 4,
    "ImageComments": "piop",
    "PhilipsRescaleSlope": 9.53529,
    "PhilipsRescaleIntercept": 0,
    "PhilipsScaleSlope": 0.00785335,
    "UsePhilipsFloatNotDisplayScaling": 1,
    "EchoTime": 0.00374,
    "RepetitionTime": 0.00815,
    "ReconMatrixPE": 240,
    "ImageOrientationPatientDICOM": [
        0.999268,
        0.0294692,
        -0.0243984,
        -0.0300067,
        0.999308,
        -0.0219649
    ],
    "ConversionSoftware": "dcm2niix",
    "ConversionSoftwareVersion": "v1.0.20181125  GCC6.3.0",
    "BidsifyVersion": "0.3.5"
}