{
    "Manufacturer": "Philips",
    "PatientPosition": "HFS",
    "SeriesDescription": "ImageMRSERIES",
    "ProtocolName": "WIPpiopfacesSENSE",
    "SeriesNumber": 2,
    "AcquisitionNumber": 2,
    "ImageComments": "Piop",
    "PhilipsRescaleSlope": 0.77411,
    "PhilipsRescaleIntercept": 0,
    "PhilipsScaleSlope": 0.0895242,
    "UsePhilipsFloatNotDisplayScaling": 1,
    "EchoTime": 0.02762,
    "RepetitionTime": 0.75,
    "ReconMatrixPE": 80,
    "ImageOrientationPatientDICOM": [
        0.995917,
        0.0822011,
        0.0373241,
        -0.077331,
        0.9901,
        -0.117138
    ],
    "ConversionSoftware": "dcm2niix",
    "ConversionSoftwareVersion": "v1.0.20181125  GCC6.3.0",
    "BidsifyVersion": "0.3.5",
    "SliceEncodingDirection": "k",
    "PhaseEncodingDirection": "j",
    "ParallelAcquisitionTechnique": "SENSE",
    "ParallelReductionFactorInPlane": 2,
    "NumberOfVolumesDiscardedByScanner": 2,
    "PulseSequenceType": "gradient echo EPI",
    "TaskName": "faces"
}