{
  "aor": 0.00022515,
  "aqi": 0.00273640185,
  "bids_meta": {
    "AcquisitionNumber": 9,
    "BidsifyVersion": "0.3.5",
    "ConversionSoftware": "dcm2niix",
    "ConversionSoftwareVersion": "v1.0.20181125  GCC6.3.0",
    "EchoTime": 0.02762,
    "ImageComments": "PIOP",
    "ImageOrientationPatientDICOM": [
      0.999324,
      0.0313714,
      0.0191754,
      -0.0258191,
      0.970062,
      -0.241481
    ],
    "Manufacturer": "Philips",
    "NumberOfVolumesDiscardedByScanner": 2,
    "ParallelAcquisitionTechnique": "SENSE",
    "ParallelReductionFactorInPlane": 2,
    "PatientPosition": "HFS",
    "PhaseEncodingDirection": "j",
    "PhilipsRescaleIntercept": 0,
    "PhilipsRescaleSlope": 0.79634,
    "PhilipsScaleSlope": 0.0578821,
    "ProtocolName": "WIPpiopanticipatieSENSE",
    "PulseSequenceType": "gradient echo EPI",
    "ReconMatrixPE": 80,
    "RepetitionTime": 2,
    "SeriesDescription": "ImageMRSERIES",
    "SeriesNumber": 9,
    "SliceEncodingDirection": "k",
    "TaskName": "anticipation",
    "UsePhilipsFloatNotDisplayScaling": 1,
    "acq_id": "seq",
    "dataset": "unknown",
    "modality": "bold",
    "subject_id": "0129",
    "task_id": "anticipation"
  },
  "dummy_trs": 0,
  "dvars_nstd": 19.09619577693467,
  "dvars_std": 1.1539503459798994,
  "dvars_vstd": 0.9874735396984924,
  "efc": 0.38512684154440796,
  "fber": 2171095040.0,
  "fd_mean": 0.07276578796704401,
  "fd_num": 0,
  "fd_perc": 0.0,
  "fwhm_avg": 2.416359000468224,
  "fwhm_x": 2.35792,
  "fwhm_y": 2.6967933333333334,
  "fwhm_z": 2.1943636680713374,
  "gcor": 0.0106371,
  "gsr_x": -0.008465391583740711,
  "gsr_y": 0.006319757085293531,
  "provenance": {
    "md5sum": "5b8355a2c44d091945bbaa7e26b4ea95",
    "settings": {
      "fd_thres": 0.2,
      "hmc_fsl": false
    },
    "software": "mriqc",
    "version": "0.15.0",
    "webapi_port": null,
    "webapi_url": "https://mriqc.nimh.nih.gov/api/v1"
  },
  "size_t": 200,
  "size_x": 80,
  "size_y": 80,
  "size_z": 37,
  "snr": 4.7649859777933,
  "spacing_tr": 2.0,
  "spacing_x": 3.0,
  "spacing_y": 3.0,
  "spacing_z": 3.299999952316284,
  "spikes_num": 1,
  "summary_bg_k": 83.43537538007403,
  "summary_bg_mad": 0.6650084257125854,
  "summary_bg_mean": 186.03744506835938,
  "summary_bg_median": 0.4510229825973511,
  "summary_bg_n": 157454.0,
  "summary_bg_p05": 0.0009082018805202099,
  "summary_bg_p95": 663.5479492187508,
  "summary_bg_stdv": 1081.300537109375,
  "summary_fg_k": 1.9106854678228329,
  "summary_fg_mad": 4319.498046875,
  "summary_fg_mean": 23024.216796875,
  "summary_fg_median": 22979.048828125,
  "summary_fg_n": 38365.0,
  "summary_fg_p05": 15466.877148437501,
  "summary_fg_p95": 30323.3140625,
  "summary_fg_stdv": 4822.4169921875,
  "tsnr": 84.77163696289062
}