{
  "aor": 0.00031968750000000004,
  "aqi": 0.009707504249999999,
  "bids_meta": {
    "AcquisitionNumber": 6,
    "BidsifyVersion": "0.3.5",
    "ConversionSoftware": "dcm2niix",
    "ConversionSoftwareVersion": "v1.0.20181125  GCC6.3.0",
    "EchoTime": 0.02762,
    "EffectiveEchoSpacing": 0.0006333282667071997,
    "ImageComments": "piop",
    "ImageOrientationPatientDICOM": [
      0.999448,
      -0.0312734,
      0.0112082,
      0.0331551,
      0.917707,
      -0.395872
    ],
    "Manufacturer": "Philips",
    "NumberOfVolumesDiscardedByScanner": 2,
    "ParallelAcquisitionTechnique": "SENSE",
    "ParallelReductionFactorInPlane": 2,
    "PatientPosition": "HFS",
    "PhaseEncodingDirection": "j",
    "PhilipsRescaleIntercept": 0,
    "PhilipsRescaleSlope": 0.81197,
    "PhilipsScaleSlope": 0.0932342,
    "ProtocolName": "WIPpioprsSENSE",
    "PulseSequenceType": "gradient echo EPI",
    "ReconMatrixPE": 80,
    "RepetitionTime": 0.75,
    "SeriesDescription": "ImageMRSERIES",
    "SeriesNumber": 6,
    "SliceEncodingDirection": "k",
    "SliceTiming": [
      0.0,
      0.06755050505050506,
      0.1351010101010101,
      0.20265151515151517,
      0.2702020202020202,
      0.3377525252525253,
      0.40530303030303033,
      0.47285353535353536,
      0.5404040404040404,
      0.6079545454545455,
      0.6755050505050506,
      0.7430555555555556,
      0.0,
      0.06755050505050506,
      0.1351010101010101,
      0.20265151515151517,
      0.2702020202020202,
      0.3377525252525253,
      0.40530303030303033,
      0.47285353535353536,
      0.5404040404040404,
      0.6079545454545455,
      0.6755050505050506,
      0.7430555555555556,
      0.0,
      0.06755050505050506,
      0.1351010101010101,
      0.20265151515151517,
      0.2702020202020202,
      0.3377525252525253,
      0.40530303030303033,
      0.47285353535353536,
      0.5404040404040404,
      0.6079545454545455,
      0.6755050505050506,
      0.7430555555555556
    ],
    "TaskName": "restingstate",
    "TotalReadoutTime": 0.024699802401580786,
    "UsePhilipsFloatNotDisplayScaling": 1,
    "acq_id": "mb3",
    "dataset": "unknown",
    "modality": "bold",
    "subject_id": "0010",
    "task_id": "restingstate"
  },
  "dummy_trs": 0,
  "dvars_nstd": 29.55297290503132,
  "dvars_std": 1.190526318079333,
  "dvars_vstd": 0.99477192816284,
  "efc": 0.38252432831707167,
  "fber": 364292000.0,
  "fd_mean": 0.09818690825020863,
  "fd_num": 16,
  "fd_perc": 3.3333333333333335,
  "fwhm_avg": 2.459985566479301,
  "fwhm_x": 2.4163033333333335,
  "fwhm_y": 2.6956866666666666,
  "fwhm_z": 2.2679666994379026,
  "gcor": 0.0198461,
  "gsr_x": -0.008688199333846569,
  "gsr_y": 0.0058555626310408115,
  "provenance": {
    "md5sum": "93fa2960425581fa03a1f5fcad7cf2c6",
    "settings": {
      "fd_thres": 0.2,
      "hmc_fsl": false
    },
    "software": "mriqc",
    "version": "0.15.0",
    "webapi_port": null,
    "webapi_url": "https://mriqc.nimh.nih.gov/api/v1"
  },
  "size_t": 480,
  "size_x": 80,
  "size_y": 80,
  "size_z": 36,
  "snr": 5.582544036391046,
  "spacing_tr": 0.75,
  "spacing_x": 3.0,
  "spacing_y": 3.0,
  "spacing_z": 3.299999952316284,
  "spikes_num": 1,
  "summary_bg_k": 82.90858238244236,
  "summary_bg_mad": 1.2615351676940918,
  "summary_bg_mean": 137.24649047851562,
  "summary_bg_median": 0.8611006736755371,
  "summary_bg_n": 154164.0,
  "summary_bg_p05": 0.005528129730373621,
  "summary_bg_p95": 543.1830657958993,
  "summary_bg_stdv": 732.716064453125,
  "summary_fg_k": 3.5875709599304386,
  "summary_fg_mad": 2538.44091796875,
  "summary_fg_mean": 17458.607421875,
  "summary_fg_median": 17684.83203125,
  "summary_fg_n": 36192.0,
  "summary_fg_p05": 12164.69267578125,
  "summary_fg_p95": 21815.2416015625,
  "summary_fg_stdv": 3167.836669921875,
  "tsnr": 51.37040328979492
}