{
    "Manufacturer": "Philips",
    "PatientPosition": "HFS",
    "SeriesDescription": "ImageMRSERIES",
    "ProtocolName": "WIPdti32v2SENSE",
    "SeriesNumber": 7,
    "AcquisitionNumber": 7,
    "ImageComments": "PIOP",
    "PhilipsRescaleSlope": 4.26569,
    "PhilipsRescaleIntercept": 0,
    "PhilipsScaleSlope": 0.0252253,
    "UsePhilipsFloatNotDisplayScaling": 1,
    "EchoTime": 0.08599,
    "RepetitionTime": 7.39073,
    "ReconMatrixPE": 112,
    "ImageOrientationPatientDICOM": [
        0.997699,
        0.0667852,
        0.0117014,
        -0.0596237,
        0.946357,
        -0.317575
    ],
    "ConversionSoftware": "dcm2niix",
    "ConversionSoftwareVersion": "v1.0.20181125  GCC6.3.0",
    "BidsifyVersion": "0.3.5",
    "FlipAngle": 90,
    "WaterFatShift": 18.924,
    "ParallelAcquisitionTechnique": "SENSE",
    "ParallelReductionFactorInPlane": 2,
    "PhaseEncodingDirection": "j"
}