{
    "Manufacturer": "Philips",
    "PatientPosition": "HFS",
    "SeriesDescription": "ImageMRSERIES",
    "ProtocolName": "WIPdti32v2SENSE",
    "SeriesNumber": 7,
    "AcquisitionNumber": 7,
    "ImageComments": "PioP",
    "PhilipsRescaleSlope": 4.23175,
    "PhilipsRescaleIntercept": 0,
    "PhilipsScaleSlope": 0.024716,
    "UsePhilipsFloatNotDisplayScaling": 1,
    "EchoTime": 0.08599,
    "RepetitionTime": 7.39288,
    "ReconMatrixPE": 112,
    "ImageOrientationPatientDICOM": [
        0.999837,
        -0.0170375,
        -0.00590676,
        0.0122159,
        0.880913,
        -0.47312
    ],
    "ConversionSoftware": "dcm2niix",
    "ConversionSoftwareVersion": "v1.0.20181125  GCC6.3.0",
    "BidsifyVersion": "0.3.5",
    "FlipAngle": 90,
    "WaterFatShift": 18.924,
    "ParallelAcquisitionTechnique": "SENSE",
    "ParallelReductionFactorInPlane": 2,
    "PhaseEncodingDirection": "j"
}