{
  "aor": 0.0006894537815126051,
  "aqi": 0.008095862605042017,
  "bids_meta": {
    "AcquisitionNumber": 6,
    "BidsifyVersion": "0.3.5",
    "ConversionSoftware": "dcm2niix",
    "ConversionSoftwareVersion": "v1.0.20181125  GCC6.3.0",
    "EchoTime": 0.02762,
    "EffectiveEchoSpacing": 0.0006333282667071997,
    "ImageComments": "Piop",
    "ImageOrientationPatientDICOM": [
      0.998924,
      0.0379418,
      -0.0266736,
      -0.0462344,
      0.860085,
      -0.508051
    ],
    "Manufacturer": "Philips",
    "NumberOfVolumesDiscardedByScanner": 2,
    "ParallelAcquisitionTechnique": "SENSE",
    "ParallelReductionFactorInPlane": 2,
    "PatientPosition": "HFS",
    "PhaseEncodingDirection": "j",
    "PhilipsRescaleIntercept": 0,
    "PhilipsRescaleSlope": 0.74652,
    "PhilipsScaleSlope": 0.0852441,
    "ProtocolName": "WIPpioprsSENSE",
    "PulseSequenceType": "gradient echo EPI",
    "ReconMatrixPE": 80,
    "RepetitionTime": 0.75,
    "SeriesDescription": "ImageMRSERIES",
    "SeriesNumber": 6,
    "SliceEncodingDirection": "k",
    "SliceTiming": [
      0.0,
      0.06755050505050506,
      0.1351010101010101,
      0.20265151515151517,
      0.2702020202020202,
      0.3377525252525253,
      0.40530303030303033,
      0.47285353535353536,
      0.5404040404040404,
      0.6079545454545455,
      0.6755050505050506,
      0.7430555555555556,
      0.0,
      0.06755050505050506,
      0.1351010101010101,
      0.20265151515151517,
      0.2702020202020202,
      0.3377525252525253,
      0.40530303030303033,
      0.47285353535353536,
      0.5404040404040404,
      0.6079545454545455,
      0.6755050505050506,
      0.7430555555555556,
      0.0,
      0.06755050505050506,
      0.1351010101010101,
      0.20265151515151517,
      0.2702020202020202,
      0.3377525252525253,
      0.40530303030303033,
      0.47285353535353536,
      0.5404040404040404,
      0.6079545454545455,
      0.6755050505050506,
      0.7430555555555556
    ],
    "TaskName": "restingstate",
    "TotalReadoutTime": 0.024699802401580786,
    "UsePhilipsFloatNotDisplayScaling": 1,
    "acq_id": "mb3",
    "dataset": "unknown",
    "modality": "bold",
    "subject_id": "0186",
    "task_id": "restingstate"
  },
  "dummy_trs": 4,
  "dvars_nstd": 29.659249548421055,
  "dvars_std": 1.1438520095789473,
  "dvars_vstd": 0.9816823080210522,
  "efc": 0.4271101730146241,
  "fber": 51087080.0,
  "fd_mean": 0.10889410356718883,
  "fd_num": 18,
  "fd_perc": 3.7815126050420167,
  "fwhm_avg": 2.3579131421667454,
  "fwhm_x": 2.2975866666666667,
  "fwhm_y": 2.522746666666667,
  "fwhm_z": 2.2534060931669018,
  "gcor": 0.00558405,
  "gsr_x": -0.0027193238493055105,
  "gsr_y": 0.005409825127571821,
  "provenance": {
    "md5sum": "408318067af2f547b25b0b2e0c04b55c",
    "settings": {
      "fd_thres": 0.2,
      "hmc_fsl": false
    },
    "software": "mriqc",
    "version": "0.15.0",
    "webapi_port": null,
    "webapi_url": "https://mriqc.nimh.nih.gov/api/v1"
  },
  "size_t": 476,
  "size_x": 80,
  "size_y": 80,
  "size_z": 36,
  "snr": 4.673607859933305,
  "spacing_tr": 0.75,
  "spacing_x": 3.0,
  "spacing_y": 3.0,
  "spacing_z": 3.299999952316284,
  "spikes_num": 0,
  "summary_bg_k": 91.57736043239608,
  "summary_bg_mad": 3.115138053894043,
  "summary_bg_mean": 147.72598266601562,
  "summary_bg_median": 2.109248399734497,
  "summary_bg_n": 144000.0,
  "summary_bg_p05": 0.0027333077276125556,
  "summary_bg_p95": 672.5697052001932,
  "summary_bg_stdv": 772.5199584960938,
  "summary_fg_k": 1.558987242721538,
  "summary_fg_mad": 3227.622314453125,
  "summary_fg_mean": 17275.294921875,
  "summary_fg_median": 17342.09375,
  "summary_fg_n": 45031.0,
  "summary_fg_p05": 10972.13525390625,
  "summary_fg_p95": 22973.8349609375,
  "summary_fg_stdv": 3710.6025390625,
  "tsnr": 45.02940368652344
}