{
  "aor": 0.0012840000000000002,
  "aqi": 0.010530515714285715,
  "bids_meta": {
    "AcquisitionNumber": 3,
    "BidsifyVersion": "0.3.5",
    "ConversionSoftware": "dcm2niix",
    "ConversionSoftwareVersion": "v1.0.20181125  GCC6.3.0",
    "EchoTime": 0.02762,
    "EffectiveEchoSpacing": 0.0006621159151938905,
    "ImageComments": "Piop",
    "ImageOrientationPatientDICOM": [
      0.997912,
      0.0427896,
      0.0483727,
      -0.0200321,
      0.91715,
      -0.398039
    ],
    "Manufacturer": "Philips",
    "NumberOfVolumesDiscardedByScanner": 2,
    "ParallelAcquisitionTechnique": "SENSE",
    "ParallelReductionFactorInPlane": 2,
    "PatientPosition": "HFS",
    "PhaseEncodingDirection": "j",
    "PhilipsRescaleIntercept": 0,
    "PhilipsRescaleSlope": 0.74261,
    "PhilipsScaleSlope": 0.0625352,
    "ProtocolName": "WIPpiopgstroopSENSE",
    "PulseSequenceType": "gradient echo EPI",
    "ReconMatrixPE": 80,
    "RepetitionTime": 2,
    "SeriesDescription": "ImageMRSERIES",
    "SeriesNumber": 3,
    "SliceEncodingDirection": "k",
    "SliceTiming": [
      0.0,
      0.0541,
      0.1081,
      0.1622,
      0.2162,
      0.2703,
      0.3243,
      0.3784,
      0.4324,
      0.4865,
      0.5405,
      0.5946,
      0.6486,
      0.7027,
      0.7568,
      0.8108,
      0.8649,
      0.9189,
      0.973,
      1.027,
      1.0811,
      1.1351,
      1.1892,
      1.2432,
      1.2973,
      1.3514,
      1.4054,
      1.4595,
      1.5135,
      1.5676,
      1.6216,
      1.6757,
      1.7297,
      1.7838,
      1.8378,
      1.8919,
      1.9459
    ],
    "TaskName": "gstroop",
    "TotalReadoutTime": 0.025822520692561732,
    "UsePhilipsFloatNotDisplayScaling": 1,
    "acq_id": "seq",
    "dataset": "unknown",
    "modality": "bold",
    "subject_id": "0165",
    "task_id": "gstroop"
  },
  "dummy_trs": 0,
  "dvars_nstd": 23.62646658721312,
  "dvars_std": 1.1431595048360645,
  "dvars_vstd": 0.9542486009836069,
  "efc": 0.3953778013235638,
  "fber": 178796672.0,
  "fd_mean": 0.148732155972432,
  "fd_num": 44,
  "fd_perc": 17.959183673469386,
  "fwhm_avg": 2.3620172299754016,
  "fwhm_x": 2.3378033333333335,
  "fwhm_y": 2.5292333333333334,
  "fwhm_z": 2.219015023259537,
  "gcor": 0.0331395,
  "gsr_x": -0.004919089842587709,
  "gsr_y": 0.005344593897461891,
  "provenance": {
    "md5sum": "5105f66a92f5ba20f135eb91a7ca8214",
    "settings": {
      "fd_thres": 0.2,
      "hmc_fsl": false
    },
    "software": "mriqc",
    "version": "0.15.0",
    "webapi_port": null,
    "webapi_url": "https://mriqc.nimh.nih.gov/api/v1"
  },
  "size_t": 245,
  "size_x": 80,
  "size_y": 80,
  "size_z": 37,
  "snr": 5.0911000878606805,
  "spacing_tr": 2.0,
  "spacing_x": 3.0,
  "spacing_y": 3.0,
  "spacing_z": 3.3000001907348633,
  "spikes_num": 2,
  "summary_bg_k": 169.12957003149492,
  "summary_bg_mad": 2.3013854026794434,
  "summary_bg_mean": 153.71815490722656,
  "summary_bg_median": 1.582660436630249,
  "summary_bg_n": 156262.0,
  "summary_bg_p05": 0.009063639491796494,
  "summary_bg_p95": 538.1901977539052,
  "summary_bg_stdv": 868.3002319335938,
  "summary_fg_k": 3.525072969128808,
  "summary_fg_mad": 3401.500732421875,
  "summary_fg_mean": 22460.40625,
  "summary_fg_median": 22344.984375,
  "summary_fg_n": 40212.0,
  "summary_fg_p05": 15900.86025390625,
  "summary_fg_p95": 28849.586328124995,
  "summary_fg_stdv": 4388.97412109375,
  "tsnr": 54.94974136352539
}