{
  "aor": 0.006505037037037038,
  "aqi": 0.008153668444444444,
  "bids_meta": {
    "AcquisitionNumber": 5,
    "BidsifyVersion": "0.3.5",
    "ConversionSoftware": "dcm2niix",
    "ConversionSoftwareVersion": "v1.0.20181125  GCC6.3.0",
    "EchoTime": 0.02762,
    "EffectiveEchoSpacing": 0.0006621159151938905,
    "ImageComments": "piop",
    "ImageOrientationPatientDICOM": [
      0.999025,
      -0.00274298,
      -0.0440625,
      -0.00557967,
      0.98222,
      -0.187652
    ],
    "Manufacturer": "Philips",
    "NumberOfVolumesDiscardedByScanner": 2,
    "ParallelAcquisitionTechnique": "SENSE",
    "ParallelReductionFactorInPlane": 2,
    "PatientPosition": "HFS",
    "PhaseEncodingDirection": "j",
    "PhilipsRescaleIntercept": 0,
    "PhilipsRescaleSlope": 0.76313,
    "PhilipsScaleSlope": 0.0485406,
    "ProtocolName": "WIPpiopharririSENSE",
    "PulseSequenceType": "gradient echo EPI",
    "ReconMatrixPE": 80,
    "RepetitionTime": 2,
    "SeriesDescription": "ImageMRSERIES",
    "SeriesNumber": 5,
    "SliceEncodingDirection": "k",
    "SliceTiming": [
      0.0,
      0.0541,
      0.1081,
      0.1622,
      0.2162,
      0.2703,
      0.3243,
      0.3784,
      0.4324,
      0.4865,
      0.5405,
      0.5946,
      0.6486,
      0.7027,
      0.7568,
      0.8108,
      0.8649,
      0.9189,
      0.973,
      1.027,
      1.0811,
      1.1351,
      1.1892,
      1.2432,
      1.2973,
      1.3514,
      1.4054,
      1.4595,
      1.5135,
      1.5676,
      1.6216,
      1.6757,
      1.7297,
      1.7838,
      1.8378,
      1.8919,
      1.9459
    ],
    "TaskName": "emomatching",
    "TotalReadoutTime": 0.025822520692561732,
    "UsePhilipsFloatNotDisplayScaling": 1,
    "acq_id": "seq",
    "dataset": "unknown",
    "modality": "bold",
    "subject_id": "0090",
    "task_id": "emomatching"
  },
  "dummy_trs": 0,
  "dvars_nstd": 21.969117107462694,
  "dvars_std": 1.1498580761940291,
  "dvars_vstd": 0.9456492059701489,
  "efc": 0.40683743929632205,
  "fber": 319278560.0,
  "fd_mean": 0.16228782471802858,
  "fd_num": 30,
  "fd_perc": 22.22222222222222,
  "fwhm_avg": 2.2766913233193833,
  "fwhm_x": 2.2239033333333333,
  "fwhm_y": 2.4909433333333335,
  "fwhm_z": 2.115227303291484,
  "gcor": 0.0112052,
  "gsr_x": -0.005082796793431044,
  "gsr_y": 0.0037089111283421516,
  "provenance": {
    "md5sum": "46c88cd5c387234275f4b2a57d123d00",
    "settings": {
      "fd_thres": 0.2,
      "hmc_fsl": false
    },
    "software": "mriqc",
    "version": "0.15.0",
    "webapi_port": null,
    "webapi_url": "https://mriqc.nimh.nih.gov/api/v1"
  },
  "size_t": 135,
  "size_x": 80,
  "size_y": 80,
  "size_z": 37,
  "snr": 4.390455498610877,
  "spacing_tr": 2.0,
  "spacing_x": 3.0,
  "spacing_y": 3.0,
  "spacing_z": 3.299999952316284,
  "spikes_num": 2,
  "summary_bg_k": 92.31459905710135,
  "summary_bg_mad": 2.003087043762207,
  "summary_bg_mean": 215.91558837890625,
  "summary_bg_median": 1.3798301219940186,
  "summary_bg_n": 152792.0,
  "summary_bg_p05": 0.008850527787581086,
  "summary_bg_p95": 895.1833709716797,
  "summary_bg_stdv": 1161.2193603515625,
  "summary_fg_k": 1.7650052149761608,
  "summary_fg_mad": 5699.0302734375,
  "summary_fg_mean": 28069.787109375,
  "summary_fg_median": 27629.732421875,
  "summary_fg_n": 42677.0,
  "summary_fg_p05": 19481.955859375,
  "summary_fg_p95": 38447.40078124999,
  "summary_fg_stdv": 6293.06201171875,
  "tsnr": 54.995567321777344
}