{
  "bids_meta": {
    "AcquisitionNumber": 4,
    "BidsifyVersion": "0.3.5",
    "ConversionSoftware": "dcm2niix",
    "ConversionSoftwareVersion": "v1.0.20181125  GCC6.3.0",
    "EchoTime": 0.00376,
    "ImageComments": "piop",
    "ImageOrientationPatientDICOM": [
      0.998903,
      -0.0267697,
      -0.0384215,
      0.0235405,
      0.99634,
      -0.0821707
    ],
    "Manufacturer": "Philips",
    "PatientPosition": "HFS",
    "PhilipsRescaleIntercept": 0,
    "PhilipsRescaleSlope": 9.57582,
    "PhilipsScaleSlope": 0.00779735,
    "ProtocolName": "WIPt13dSENSE",
    "ReconMatrixPE": 240,
    "RepetitionTime": 0.008208,
    "SeriesDescription": "ImageMRSERIES",
    "SeriesNumber": 4,
    "UsePhilipsFloatNotDisplayScaling": 1,
    "dataset": "unknown",
    "modality": "T1w",
    "subject_id": "0113"
  },
  "cjv": 0.3175787665499867,
  "cnr": 4.081508919770242,
  "efc": 0.7681770662855091,
  "fber": 703.5958251953125,
  "fwhm_avg": 3.462473054819935,
  "fwhm_x": 3.3784,
  "fwhm_y": 3.682119561057143,
  "fwhm_z": 3.326899603402662,
  "icvs_csf": 0.18640081651979712,
  "icvs_gm": 0.44932861807438945,
  "icvs_wm": 0.36427056540581343,
  "inu_med": 1.8241536617279053,
  "inu_range": 0.42502561211585976,
  "provenance": {
    "md5sum": "a59963a2a4bab601bd1c42216d2c26e3",
    "settings": {
      "testing": false
    },
    "software": "mriqc",
    "version": "0.15.0",
    "warnings": {
      "large_rot_frame": true,
      "small_air_mask": true
    },
    "webapi_port": null,
    "webapi_url": "https://mriqc.nimh.nih.gov/api/v1"
  },
  "qi_1": 0.0,
  "qi_2": 0.00020838034609322253,
  "rpve_csf": 33.987995895109236,
  "rpve_gm": 15.906682961408395,
  "rpve_wm": 23.958705170500327,
  "size_x": 240,
  "size_y": 240,
  "size_z": 220,
  "snr_csf": 1.8836034554246914,
  "snr_gm": 7.1352812144204485,
  "snr_total": 9.373824194356288,
  "snr_wm": 19.102587913223726,
  "snrd_csf": 17.296344734921725,
  "snrd_gm": 42.20180202277544,
  "snrd_total": 43.46381341511133,
  "snrd_wm": 70.89329348763683,
  "spacing_x": 1.0,
  "spacing_y": 1.0000001192092896,
  "spacing_z": 1.0000001192092896,
  "summary_bg_k": 41.006386377672335,
  "summary_bg_mad": 9.240938186645508,
  "summary_bg_mean": 14.056097030639648,
  "summary_bg_median": 12.376133918762207,
  "summary_bg_n": 78255.0,
  "summary_bg_p05": 0.0,
  "summary_bg_p95": 36.523612213134776,
  "summary_bg_stdv": 11.485912322998047,
  "summary_csf_k": 3.1520073950702043,
  "summary_csf_mad": 156.68499755859375,
  "summary_csf_mean": 243.30899047851562,
  "summary_csf_median": 243.9712677001953,
  "summary_csf_n": 4123.0,
  "summary_csf_p05": 60.599207687377934,
  "summary_csf_p95": 436.62596740722654,
  "summary_csf_stdv": 129.5079803466797,
  "summary_gm_k": 0.15655487021294023,
  "summary_gm_mad": 80.67201232910156,
  "summary_gm_mean": 600.4335327148438,
  "summary_gm_median": 595.2718505859375,
  "summary_gm_n": 18988.0,
  "summary_gm_p05": 468.48629302978514,
  "summary_gm_p95": 744.5296752929687,
  "summary_gm_stdv": 83.42434692382812,
  "summary_wm_k": 0.8519424593818892,
  "summary_wm_mad": 47.85337829589844,
  "summary_wm_mean": 996.9830322265625,
  "summary_wm_median": 999.975830078125,
  "summary_wm_n": 168547.0,
  "summary_wm_p05": 905.9693359375001,
  "summary_wm_p95": 1077.1341552734375,
  "summary_wm_stdv": 52.34750747680664,
  "tpm_overlap_csf": 0.21583370864391327,
  "tpm_overlap_gm": 0.5224979519844055,
  "tpm_overlap_wm": 0.5592350363731384,
  "wm2max": 0.689640473103122
}