{
  "aor": 0.0139408,
  "aqi": 0.014673627000000002,
  "bids_meta": {
    "AcquisitionNumber": 9,
    "BidsifyVersion": "0.3.5",
    "ConversionSoftware": "dcm2niix",
    "ConversionSoftwareVersion": "v1.0.20181125  GCC6.3.0",
    "EchoTime": 0.02762,
    "ImageComments": "PIOP",
    "ImageOrientationPatientDICOM": [
      0.999552,
      0.00464089,
      0.0295513,
      0.00383802,
      0.95983,
      -0.280555
    ],
    "Manufacturer": "Philips",
    "NumberOfVolumesDiscardedByScanner": 2,
    "ParallelAcquisitionTechnique": "SENSE",
    "ParallelReductionFactorInPlane": 2,
    "PatientPosition": "HFS",
    "PhaseEncodingDirection": "j",
    "PhilipsRescaleIntercept": 0,
    "PhilipsRescaleSlope": 0.78877,
    "PhilipsScaleSlope": 0.0533853,
    "ProtocolName": "WIPpiopanticipatieSENSE",
    "PulseSequenceType": "gradient echo EPI",
    "ReconMatrixPE": 80,
    "RepetitionTime": 2,
    "SeriesDescription": "ImageMRSERIES",
    "SeriesNumber": 9,
    "SliceEncodingDirection": "k",
    "TaskName": "anticipation",
    "UsePhilipsFloatNotDisplayScaling": 1,
    "acq_id": "seq",
    "dataset": "unknown",
    "modality": "bold",
    "subject_id": "0121",
    "task_id": "anticipation"
  },
  "dummy_trs": 0,
  "dvars_nstd": 27.341605013969858,
  "dvars_std": 1.1876859511055273,
  "dvars_vstd": 1.0357156710552766,
  "efc": 0.40600207169899283,
  "fber": 62300788.0,
  "fd_mean": 0.22902643918641946,
  "fd_num": 68,
  "fd_perc": 34.0,
  "fwhm_avg": 2.369223343808178,
  "fwhm_x": 2.32634,
  "fwhm_y": 2.6065633333333333,
  "fwhm_z": 2.174766698091199,
  "gcor": 0.0122042,
  "gsr_x": -0.00031985738314688206,
  "gsr_y": 0.0030306787230074406,
  "provenance": {
    "md5sum": "5b47071fd595db8f75e6f4d0b97f0700",
    "settings": {
      "fd_thres": 0.2,
      "hmc_fsl": false
    },
    "software": "mriqc",
    "version": "0.15.0",
    "webapi_port": null,
    "webapi_url": "https://mriqc.nimh.nih.gov/api/v1"
  },
  "size_t": 200,
  "size_x": 80,
  "size_y": 80,
  "size_z": 37,
  "snr": 4.759005359391537,
  "spacing_tr": 2.0,
  "spacing_x": 3.0,
  "spacing_y": 3.0,
  "spacing_z": 3.299999952316284,
  "spikes_num": 22,
  "summary_bg_k": 68.39942049984374,
  "summary_bg_mad": 4.45522928237915,
  "summary_bg_mean": 274.8060302734375,
  "summary_bg_median": 3.0751473903656006,
  "summary_bg_n": 154103.0,
  "summary_bg_p05": 0.03080160338431597,
  "summary_bg_p95": 1107.8478027343729,
  "summary_bg_stdv": 1440.9652099609375,
  "summary_fg_k": 2.597024416052542,
  "summary_fg_mad": 4528.673828125,
  "summary_fg_mean": 26692.818359375,
  "summary_fg_median": 26253.435546875,
  "summary_fg_n": 41660.0,
  "summary_fg_p05": 18967.42236328125,
  "summary_fg_p95": 35633.371875000004,
  "summary_fg_stdv": 5516.51416015625,
  "tsnr": 40.30247497558594
}