{
  "aor": 0.007955679012345679,
  "aqi": 0.027284751790123463,
  "bids_meta": {
    "AcquisitionNumber": 8,
    "BidsifyVersion": "0.3.5",
    "ConversionSoftware": "dcm2niix",
    "ConversionSoftwareVersion": "v1.0.20181125  GCC6.3.0",
    "EchoTime": 0.02762,
    "ImageComments": "PIOP",
    "ImageOrientationPatientDICOM": [
      0.999552,
      0.00464089,
      0.0295513,
      0.00383802,
      0.95983,
      -0.280555
    ],
    "Manufacturer": "Philips",
    "NumberOfVolumesDiscardedByScanner": 2,
    "ParallelAcquisitionTechnique": "SENSE",
    "ParallelReductionFactorInPlane": 2,
    "PatientPosition": "HFS",
    "PhaseEncodingDirection": "j",
    "PhilipsRescaleIntercept": 0,
    "PhilipsRescaleSlope": 0.7956,
    "PhilipsScaleSlope": 0.0533181,
    "ProtocolName": "WIPpiopwmSENSE",
    "PulseSequenceType": "gradient echo EPI",
    "ReconMatrixPE": 80,
    "RepetitionTime": 2,
    "SeriesDescription": "ImageMRSERIES",
    "SeriesNumber": 8,
    "SliceEncodingDirection": "k",
    "TaskName": "workingmemory",
    "UsePhilipsFloatNotDisplayScaling": 1,
    "acq_id": "seq",
    "dataset": "unknown",
    "modality": "bold",
    "subject_id": "0121",
    "task_id": "workingmemory"
  },
  "dummy_trs": 0,
  "dvars_nstd": 29.616252561677012,
  "dvars_std": 1.0206286187577642,
  "dvars_vstd": 0.9720260422981365,
  "efc": 0.4089551498736816,
  "fber": 12333582.0,
  "fd_mean": 0.315840794832703,
  "fd_num": 67,
  "fd_perc": 41.358024691358025,
  "fwhm_avg": 2.425710717865588,
  "fwhm_x": 2.3561866666666664,
  "fwhm_y": 2.679733333333333,
  "fwhm_z": 2.2412121535967646,
  "gcor": 0.00738718,
  "gsr_x": -0.001603352720849216,
  "gsr_y": 0.00332644023001194,
  "provenance": {
    "md5sum": "4651295bf399390af398f08abe66cce2",
    "settings": {
      "fd_thres": 0.2,
      "hmc_fsl": false
    },
    "software": "mriqc",
    "version": "0.15.0",
    "webapi_port": null,
    "webapi_url": "https://mriqc.nimh.nih.gov/api/v1"
  },
  "size_t": 162,
  "size_x": 80,
  "size_y": 80,
  "size_z": 37,
  "snr": 4.736750452419247,
  "spacing_tr": 2.0,
  "spacing_x": 3.0,
  "spacing_y": 3.0,
  "spacing_z": 3.299999952316284,
  "spikes_num": 6,
  "summary_bg_k": 64.39999992084996,
  "summary_bg_mad": 10.013909339904785,
  "summary_bg_mean": 297.22149658203125,
  "summary_bg_median": 7.083751678466797,
  "summary_bg_n": 153996.0,
  "summary_bg_p05": 0.11116494797170162,
  "summary_bg_p95": 1278.3995666503906,
  "summary_bg_stdv": 1441.5926513671875,
  "summary_fg_k": 2.5533492374966658,
  "summary_fg_mad": 4587.23486328125,
  "summary_fg_mean": 26803.474609375,
  "summary_fg_median": 26412.6796875,
  "summary_fg_n": 41751.0,
  "summary_fg_p05": 18902.611328125,
  "summary_fg_p95": 35761.685546875,
  "summary_fg_stdv": 5576.05126953125,
  "tsnr": 30.471681594848633
}