{
  "aor": 0.001166666666666667,
  "aqi": 0.0030454285185185183,
  "bids_meta": {
    "AcquisitionNumber": 5,
    "BidsifyVersion": "0.3.5",
    "ConversionSoftware": "dcm2niix",
    "ConversionSoftwareVersion": "v1.0.20181125  GCC6.3.0",
    "EchoTime": 0.02762,
    "EffectiveEchoSpacing": 0.0006621159151938905,
    "ImageComments": "piop",
    "ImageOrientationPatientDICOM": [
      0.997291,
      -0.0581264,
      -0.0450787,
      0.0557572,
      0.997082,
      -0.0521447
    ],
    "Manufacturer": "Philips",
    "NumberOfVolumesDiscardedByScanner": 2,
    "ParallelAcquisitionTechnique": "SENSE",
    "ParallelReductionFactorInPlane": 2,
    "PatientPosition": "HFS",
    "PhaseEncodingDirection": "j",
    "PhilipsRescaleIntercept": 0,
    "PhilipsRescaleSlope": 0.80049,
    "PhilipsScaleSlope": 0.0540988,
    "ProtocolName": "WIPpiopharririSENSE",
    "PulseSequenceType": "gradient echo EPI",
    "ReconMatrixPE": 80,
    "RepetitionTime": 2,
    "SeriesDescription": "ImageMRSERIES",
    "SeriesNumber": 5,
    "SliceEncodingDirection": "k",
    "SliceTiming": [
      0.0,
      0.0541,
      0.1081,
      0.1622,
      0.2162,
      0.2703,
      0.3243,
      0.3784,
      0.4324,
      0.4865,
      0.5405,
      0.5946,
      0.6486,
      0.7027,
      0.7568,
      0.8108,
      0.8649,
      0.9189,
      0.973,
      1.027,
      1.0811,
      1.1351,
      1.1892,
      1.2432,
      1.2973,
      1.3514,
      1.4054,
      1.4595,
      1.5135,
      1.5676,
      1.6216,
      1.6757,
      1.7297,
      1.7838,
      1.8378,
      1.8919,
      1.9459
    ],
    "TaskName": "emomatching",
    "TotalReadoutTime": 0.025822520692561732,
    "UsePhilipsFloatNotDisplayScaling": 1,
    "acq_id": "seq",
    "dataset": "unknown",
    "modality": "bold",
    "subject_id": "0091",
    "task_id": "emomatching"
  },
  "dummy_trs": 0,
  "dvars_nstd": 26.31922989470149,
  "dvars_std": 1.4593054132089547,
  "dvars_vstd": 1.0039640213432837,
  "efc": 0.40678712669315364,
  "fber": 2116655104.0,
  "fd_mean": 0.07561112812167312,
  "fd_num": 1,
  "fd_perc": 0.7407407407407407,
  "fwhm_avg": 2.336087990130546,
  "fwhm_x": 2.2621066666666665,
  "fwhm_y": 2.60093,
  "fwhm_z": 2.1452273037249725,
  "gcor": 0.00900308,
  "gsr_x": -0.0004669585032388568,
  "gsr_y": 0.0018841688288375735,
  "provenance": {
    "md5sum": "41787dc1c18134bb041954d47ef99cec",
    "settings": {
      "fd_thres": 0.2,
      "hmc_fsl": false
    },
    "software": "mriqc",
    "version": "0.15.0",
    "webapi_port": null,
    "webapi_url": "https://mriqc.nimh.nih.gov/api/v1"
  },
  "size_t": 135,
  "size_x": 80,
  "size_y": 80,
  "size_z": 37,
  "snr": 4.459107653443939,
  "spacing_tr": 2.0,
  "spacing_x": 3.0,
  "spacing_y": 3.0,
  "spacing_z": 3.299999952316284,
  "spikes_num": 0,
  "summary_bg_k": 82.39221878189234,
  "summary_bg_mad": 0.7875494956970215,
  "summary_bg_mean": 209.5755157470703,
  "summary_bg_median": 0.5375236868858337,
  "summary_bg_n": 153986.0,
  "summary_bg_p05": 0.0016948611009866,
  "summary_bg_p95": 773.6378936767578,
  "summary_bg_stdv": 1156.0760498046875,
  "summary_fg_k": 1.7919285575016044,
  "summary_fg_mad": 5172.81640625,
  "summary_fg_mean": 26552.728515625,
  "summary_fg_median": 26260.6875,
  "summary_fg_n": 42336.0,
  "summary_fg_p05": 18153.74755859375,
  "summary_fg_p95": 36082.4833984375,
  "summary_fg_stdv": 5889.1552734375,
  "tsnr": 86.79447937011719
}