{
  "aor": 0.001470292887029289,
  "aqi": 0.009829813953974895,
  "bids_meta": {
    "AcquisitionNumber": 6,
    "BidsifyVersion": "0.3.5",
    "ConversionSoftware": "dcm2niix",
    "ConversionSoftwareVersion": "v1.0.20181125  GCC6.3.0",
    "EchoTime": 0.02763,
    "EffectiveEchoSpacing": 0.0006333282667071997,
    "ImageComments": "piop",
    "ImageOrientationPatientDICOM": [
      0.997291,
      -0.0581264,
      -0.0450787,
      0.0557572,
      0.997082,
      -0.0521447
    ],
    "Manufacturer": "Philips",
    "NumberOfVolumesDiscardedByScanner": 2,
    "ParallelAcquisitionTechnique": "SENSE",
    "ParallelReductionFactorInPlane": 2,
    "PatientPosition": "HFS",
    "PhaseEncodingDirection": "j",
    "PhilipsRescaleIntercept": 0,
    "PhilipsRescaleSlope": 0.88059,
    "PhilipsScaleSlope": 0.0838334,
    "ProtocolName": "WIPpioprsSENSE",
    "PulseSequenceType": "gradient echo EPI",
    "ReconMatrixPE": 80,
    "RepetitionTime": 0.75,
    "SeriesDescription": "ImageMRSERIES",
    "SeriesNumber": 6,
    "SliceEncodingDirection": "k",
    "SliceTiming": [
      0.0,
      0.06755050505050506,
      0.1351010101010101,
      0.20265151515151517,
      0.2702020202020202,
      0.3377525252525253,
      0.40530303030303033,
      0.47285353535353536,
      0.5404040404040404,
      0.6079545454545455,
      0.6755050505050506,
      0.7430555555555556,
      0.0,
      0.06755050505050506,
      0.1351010101010101,
      0.20265151515151517,
      0.2702020202020202,
      0.3377525252525253,
      0.40530303030303033,
      0.47285353535353536,
      0.5404040404040404,
      0.6079545454545455,
      0.6755050505050506,
      0.7430555555555556,
      0.0,
      0.06755050505050506,
      0.1351010101010101,
      0.20265151515151517,
      0.2702020202020202,
      0.3377525252525253,
      0.40530303030303033,
      0.47285353535353536,
      0.5404040404040404,
      0.6079545454545455,
      0.6755050505050506,
      0.7430555555555556
    ],
    "TaskName": "restingstate",
    "TotalReadoutTime": 0.024699802401580786,
    "UsePhilipsFloatNotDisplayScaling": 1,
    "acq_id": "mb3",
    "dataset": "unknown",
    "modality": "bold",
    "subject_id": "0091",
    "task_id": "restingstate"
  },
  "dummy_trs": 2,
  "dvars_nstd": 34.489615510356394,
  "dvars_std": 1.324603839371069,
  "dvars_vstd": 1.5023416314046139,
  "efc": 0.417012388307198,
  "fber": 570224704.0,
  "fd_mean": 0.08803359557918643,
  "fd_num": 13,
  "fd_perc": 2.719665271966527,
  "fwhm_avg": 2.451057586953967,
  "fwhm_x": 2.33327,
  "fwhm_y": 2.6953300000000002,
  "fwhm_z": 2.324572760861899,
  "gcor": 0.0124697,
  "gsr_x": -0.0014332322170957923,
  "gsr_y": 3.9073594962246716e-05,
  "provenance": {
    "md5sum": "032042b1f82776c74410119da9b698ee",
    "settings": {
      "fd_thres": 0.2,
      "hmc_fsl": false
    },
    "software": "mriqc",
    "version": "0.15.0",
    "webapi_port": null,
    "webapi_url": "https://mriqc.nimh.nih.gov/api/v1"
  },
  "size_t": 478,
  "size_x": 80,
  "size_y": 80,
  "size_z": 36,
  "snr": 5.270067139884528,
  "spacing_tr": 0.75,
  "spacing_x": 3.0,
  "spacing_y": 3.0,
  "spacing_z": 3.299999952316284,
  "spikes_num": 0,
  "summary_bg_k": 78.21628944230795,
  "summary_bg_mad": 1.025994896888733,
  "summary_bg_mean": 170.0111083984375,
  "summary_bg_median": 0.7017138004302979,
  "summary_bg_n": 148722.0,
  "summary_bg_p05": 0.002423353842459619,
  "summary_bg_p95": 747.3085479736285,
  "summary_bg_stdv": 881.5089721679688,
  "summary_fg_k": 2.350547057096154,
  "summary_fg_mad": 3018.6513671875,
  "summary_fg_mean": 18302.787109375,
  "summary_fg_median": 18386.546875,
  "summary_fg_n": 41922.0,
  "summary_fg_p05": 12753.84287109375,
  "summary_fg_p95": 23536.78466796875,
  "summary_fg_stdv": 3488.822265625,
  "tsnr": 49.20974349975586
}