{
  "aor": 0.0028335500000000002,
  "aqi": 0.009107935,
  "bids_meta": {
    "AcquisitionNumber": 9,
    "BidsifyVersion": "0.3.5",
    "ConversionSoftware": "dcm2niix",
    "ConversionSoftwareVersion": "v1.0.20181125  GCC6.3.0",
    "EchoTime": 0.02762,
    "EffectiveEchoSpacing": 0.0006621159151938905,
    "ImageComments": "piop",
    "ImageOrientationPatientDICOM": [
      0.997291,
      -0.0581264,
      -0.0450787,
      0.0557572,
      0.997082,
      -0.0521447
    ],
    "Manufacturer": "Philips",
    "NumberOfVolumesDiscardedByScanner": 2,
    "ParallelAcquisitionTechnique": "SENSE",
    "ParallelReductionFactorInPlane": 2,
    "PatientPosition": "HFS",
    "PhaseEncodingDirection": "j",
    "PhilipsRescaleIntercept": 0,
    "PhilipsRescaleSlope": 0.77265,
    "PhilipsScaleSlope": 0.0567721,
    "ProtocolName": "WIPpiopanticipatieSENSE",
    "PulseSequenceType": "gradient echo EPI",
    "ReconMatrixPE": 80,
    "RepetitionTime": 2,
    "SeriesDescription": "ImageMRSERIES",
    "SeriesNumber": 9,
    "SliceEncodingDirection": "k",
    "SliceTiming": [
      0.0,
      0.0541,
      0.1081,
      0.1622,
      0.2162,
      0.2703,
      0.3243,
      0.3784,
      0.4324,
      0.4865,
      0.5405,
      0.5946,
      0.6486,
      0.7027,
      0.7568,
      0.8108,
      0.8649,
      0.9189,
      0.973,
      1.027,
      1.0811,
      1.1351,
      1.1892,
      1.2432,
      1.2973,
      1.3514,
      1.4054,
      1.4595,
      1.5135,
      1.5676,
      1.6216,
      1.6757,
      1.7297,
      1.7838,
      1.8378,
      1.8919,
      1.9459
    ],
    "TaskName": "anticipation",
    "TotalReadoutTime": 0.025822520692561732,
    "UsePhilipsFloatNotDisplayScaling": 1,
    "acq_id": "seq",
    "dataset": "unknown",
    "modality": "bold",
    "subject_id": "0091",
    "task_id": "anticipation"
  },
  "dummy_trs": 0,
  "dvars_nstd": 27.958283419798995,
  "dvars_std": 1.282880713869346,
  "dvars_vstd": 0.8927009112060301,
  "efc": 0.41112994356567545,
  "fber": 202525312.0,
  "fd_mean": 0.09721959249769745,
  "fd_num": 9,
  "fd_perc": 4.5,
  "fwhm_avg": 2.3921915257059343,
  "fwhm_x": 2.3046266666666666,
  "fwhm_y": 2.68066,
  "fwhm_z": 2.1912879104511362,
  "gcor": 0.00539915,
  "gsr_x": -0.000256513332715258,
  "gsr_y": 0.0013583304826170206,
  "provenance": {
    "md5sum": "022d5b7a283d2232d61f6e715545ee64",
    "settings": {
      "fd_thres": 0.2,
      "hmc_fsl": false
    },
    "software": "mriqc",
    "version": "0.15.0",
    "webapi_port": null,
    "webapi_url": "https://mriqc.nimh.nih.gov/api/v1"
  },
  "size_t": 200,
  "size_x": 80,
  "size_y": 80,
  "size_z": 37,
  "snr": 4.4914995915591565,
  "spacing_tr": 2.0,
  "spacing_x": 3.0,
  "spacing_y": 3.0,
  "spacing_z": 3.299999952316284,
  "spikes_num": 0,
  "summary_bg_k": 82.37468952345583,
  "summary_bg_mad": 2.4131171703338623,
  "summary_bg_mean": 227.2530517578125,
  "summary_bg_median": 1.652456521987915,
  "summary_bg_n": 153360.0,
  "summary_bg_p05": 0.004362742998637261,
  "summary_bg_p95": 942.0001708984263,
  "summary_bg_stdv": 1171.904052734375,
  "summary_fg_k": 1.7913529324174595,
  "summary_fg_mad": 5019.50634765625,
  "summary_fg_mean": 26012.318359375,
  "summary_fg_median": 25750.837890625,
  "summary_fg_n": 42783.0,
  "summary_fg_p05": 17759.03515625,
  "summary_fg_p95": 35225.110156250004,
  "summary_fg_stdv": 5733.17138671875,
  "tsnr": 53.07899475097656
}