{
  "bids_meta": {
    "AcquisitionNumber": 4,
    "BidsifyVersion": "0.3.5",
    "ConversionSoftware": "dcm2niix",
    "ConversionSoftwareVersion": "v1.0.20181125  GCC6.3.0",
    "EchoTime": 0.00377,
    "ImageComments": "piop",
    "ImageOrientationPatientDICOM": [
      0.999631,
      -0.0124327,
      -0.0241389,
      0.0151799,
      0.992994,
      0.117184
    ],
    "Manufacturer": "Philips",
    "PatientPosition": "HFS",
    "PhilipsRescaleIntercept": 0,
    "PhilipsRescaleSlope": 8.93016,
    "PhilipsScaleSlope": 0.00696187,
    "ProtocolName": "WIPt13dSENSE",
    "ReconMatrixPE": 240,
    "RepetitionTime": 0.008222,
    "SeriesDescription": "ImageMRSERIES",
    "SeriesNumber": 4,
    "UsePhilipsFloatNotDisplayScaling": 1,
    "dataset": "unknown",
    "modality": "T1w",
    "subject_id": "0196"
  },
  "cjv": 0.2858630719536442,
  "cnr": 4.065856552379414,
  "efc": 0.7642800611126945,
  "fber": 1272.1805419921875,
  "fwhm_avg": 4.087106739703223,
  "fwhm_x": 4.20125,
  "fwhm_y": 4.38402,
  "fwhm_z": 3.6760502191096673,
  "icvs_csf": 0.2508972044018814,
  "icvs_gm": 0.4077498491800059,
  "icvs_wm": 0.34135294641811276,
  "inu_med": 0.7398657202720642,
  "inu_range": 0.28472601771354633,
  "provenance": {
    "md5sum": "f671da0f32e24982e559171422a2d02f",
    "settings": {
      "testing": false
    },
    "software": "mriqc",
    "version": "0.15.0",
    "warnings": {
      "large_rot_frame": true,
      "small_air_mask": true
    },
    "webapi_port": null,
    "webapi_url": "https://mriqc.nimh.nih.gov/api/v1"
  },
  "qi_1": 0.0,
  "qi_2": 6.741460314078954e-05,
  "rpve_csf": 25.742971854610175,
  "rpve_gm": 15.980705100407926,
  "rpve_wm": 24.70725313479624,
  "size_x": 240,
  "size_y": 240,
  "size_z": 220,
  "snr_csf": 3.4789731754500943,
  "snr_gm": 7.38522529883175,
  "snr_total": 10.804431709194683,
  "snr_wm": 21.549096653302207,
  "snrd_csf": 24.883585700178855,
  "snrd_gm": 42.47255601750423,
  "snrd_total": 45.604511336697364,
  "snrd_wm": 69.45739229240903,
  "spacing_x": 1.0,
  "spacing_y": 1.0,
  "spacing_z": 0.9999999403953552,
  "summary_bg_k": 290.67015371171436,
  "summary_bg_mad": 9.432266235351562,
  "summary_bg_mean": 12.266942977905273,
  "summary_bg_median": 10.333733558654785,
  "summary_bg_n": 117829.0,
  "summary_bg_p05": 0.0,
  "summary_bg_p95": 30.559105682373044,
  "summary_bg_stdv": 11.036885261535645,
  "summary_csf_k": 5.826677504558818,
  "summary_csf_mad": 86.5701904296875,
  "summary_csf_mean": 336.0119934082031,
  "summary_csf_median": 358.2591552734375,
  "summary_csf_n": 6892.0,
  "summary_csf_p05": 132.59741668701173,
  "summary_csf_p95": 469.29261779785156,
  "summary_csf_stdv": 102.970947265625,
  "summary_gm_k": 0.5105148806841839,
  "summary_gm_mad": 71.90928649902344,
  "summary_gm_mean": 620.2452392578125,
  "summary_gm_median": 611.4947509765625,
  "summary_gm_n": 16758.0,
  "summary_gm_p05": 497.1197937011719,
  "summary_gm_p95": 776.1351257324218,
  "summary_gm_stdv": 82.79727172851562,
  "summary_wm_k": 1.8264984313408679,
  "summary_wm_mad": 39.1518669128418,
  "summary_wm_mean": 995.7620849609375,
  "summary_wm_median": 1000.0064697265625,
  "summary_wm_n": 171827.0,
  "summary_wm_p05": 911.1540100097657,
  "summary_wm_p95": 1061.5556884765624,
  "summary_wm_stdv": 46.40582275390625,
  "tpm_overlap_csf": 0.18291246891021729,
  "tpm_overlap_gm": 0.4981720745563507,
  "tpm_overlap_wm": 0.5595220923423767,
  "wm2max": 0.6324888871368561
}