{
  "bids_meta": {
    "AcquisitionNumber": 4,
    "BidsifyVersion": "0.3.5",
    "ConversionSoftware": "dcm2niix",
    "ConversionSoftwareVersion": "v1.0.20181125  GCC6.3.0",
    "EchoTime": 0.00384,
    "ImageComments": "Piop",
    "ImageOrientationPatientDICOM": [
      0.996506,
      -0.0443519,
      0.070767,
      0.0562368,
      0.982791,
      -0.175953
    ],
    "Manufacturer": "Philips",
    "PatientPosition": "HFS",
    "PhilipsRescaleIntercept": 0,
    "PhilipsRescaleSlope": 8.47302,
    "PhilipsScaleSlope": 0.00671433,
    "ProtocolName": "WIPt13dSENSE",
    "ReconMatrixPE": 240,
    "RepetitionTime": 0.008352,
    "SeriesDescription": "ImageMRSERIES",
    "SeriesNumber": 4,
    "UsePhilipsFloatNotDisplayScaling": 1,
    "dataset": "unknown",
    "modality": "T1w",
    "subject_id": "0021"
  },
  "cjv": 0.3178821298340935,
  "cnr": 4.032017638989352,
  "efc": 0.7612593385651265,
  "fber": 716.2505493164062,
  "fwhm_avg": 3.45479340537628,
  "fwhm_x": 3.45011,
  "fwhm_y": 3.626040216128839,
  "fwhm_z": 3.28823,
  "icvs_csf": 0.21331326274404167,
  "icvs_gm": 0.4220704681723044,
  "icvs_wm": 0.3646162690836539,
  "inu_med": 1.9369615316390991,
  "inu_range": 0.4911211133003235,
  "provenance": {
    "md5sum": "e736a82d6314fc41607fc49e37d70113",
    "settings": {
      "testing": false
    },
    "software": "mriqc",
    "version": "0.15.0",
    "warnings": {
      "large_rot_frame": true,
      "small_air_mask": true
    },
    "webapi_port": null,
    "webapi_url": "https://mriqc.nimh.nih.gov/api/v1"
  },
  "qi_1": 0.0,
  "qi_2": 9.207501525967093e-05,
  "rpve_csf": 23.586816012994483,
  "rpve_gm": 12.654823638293598,
  "rpve_wm": 18.84998009631587,
  "size_x": 240,
  "size_y": 240,
  "size_z": 220,
  "snr_csf": 2.6556739192212,
  "snr_gm": 7.518080968877858,
  "snr_total": 9.796298546444726,
  "snr_wm": 19.21514075123512,
  "snrd_csf": 25.22041496105222,
  "snrd_gm": 43.6968278640865,
  "snrd_total": 46.90394399749945,
  "snrd_wm": 71.79458916735963,
  "spacing_x": 1.0,
  "spacing_y": 0.9999999403953552,
  "spacing_z": 1.0,
  "summary_bg_k": 41.327591559690035,
  "summary_bg_mad": 9.124990463256836,
  "summary_bg_mean": 14.331927299499512,
  "summary_bg_median": 12.235806465148926,
  "summary_bg_n": 212703.0,
  "summary_bg_p05": 0.0,
  "summary_bg_p95": 36.74735221862793,
  "summary_bg_stdv": 12.625961303710938,
  "summary_csf_k": 61.40061355185266,
  "summary_csf_mad": 79.31399536132812,
  "summary_csf_mean": 339.01336669921875,
  "summary_csf_median": 351.27960205078125,
  "summary_csf_n": 4306.0,
  "summary_csf_p05": 120.62942695617676,
  "summary_csf_p95": 484.01326751708984,
  "summary_csf_stdv": 132.259765625,
  "summary_gm_k": 0.5288099404709437,
  "summary_gm_mad": 77.17195892333984,
  "summary_gm_mean": 611.8546142578125,
  "summary_gm_median": 608.6261596679688,
  "summary_gm_n": 18533.0,
  "summary_gm_p05": 484.7941711425781,
  "summary_gm_p95": 749.8256469726562,
  "summary_gm_stdv": 80.95280456542969,
  "summary_wm_k": 0.957663803409925,
  "summary_wm_mad": 47.23324203491211,
  "summary_wm_mean": 999.246826171875,
  "summary_wm_median": 999.9825439453125,
  "summary_wm_n": 220642.0,
  "summary_wm_p05": 913.4239807128906,
  "summary_wm_p95": 1082.4276428222656,
  "summary_wm_stdv": 52.04126739501953,
  "tpm_overlap_csf": 0.18387597799301147,
  "tpm_overlap_gm": 0.49820709228515625,
  "tpm_overlap_wm": 0.5649505257606506,
  "wm2max": 0.6555928595200249
}