{
    "Manufacturer": "Philips",
    "PatientPosition": "HFS",
    "SeriesDescription": "ImageMRSERIES",
    "ProtocolName": "WIPt13dSENSE",
    "SeriesNumber": 4,
    "AcquisitionNumber": 4,
    "ImageComments": "piop",
    "PhilipsRescaleSlope": 9.14237,
    "PhilipsRescaleIntercept": 0,
    "PhilipsScaleSlope": 0.00744161,
    "UsePhilipsFloatNotDisplayScaling": 1,
    "EchoTime": 0.00381,
    "RepetitionTime": 0.008239,
    "ReconMatrixPE": 240,
    "ImageOrientationPatientDICOM": [
        0.991863,
        0.125342,
        0.0222854,
        -0.126357,
        0.99061,
        0.0522039
    ],
    "ConversionSoftware": "dcm2niix",
    "ConversionSoftwareVersion": "v1.0.20181125  GCC6.3.0",
    "BidsifyVersion": "0.3.5"
}