{
  "aor": 0.004121847133757961,
  "aqi": 0.0072252817834394896,
  "bids_meta": {
    "AcquisitionNumber": 8,
    "BidsifyVersion": "0.3.5",
    "ConversionSoftware": "dcm2niix",
    "ConversionSoftwareVersion": "v1.0.20181125  GCC6.3.0",
    "EchoTime": 0.02762,
    "EffectiveEchoSpacing": 0.0006621159151938905,
    "ImageComments": "piop",
    "ImageOrientationPatientDICOM": [
      0.999074,
      0.0288489,
      0.0319227,
      -0.0219743,
      0.979977,
      -0.197894
    ],
    "Manufacturer": "Philips",
    "NumberOfVolumesDiscardedByScanner": 2,
    "ParallelAcquisitionTechnique": "SENSE",
    "ParallelReductionFactorInPlane": 2,
    "PatientPosition": "HFS",
    "PhaseEncodingDirection": "j",
    "PhilipsRescaleIntercept": 0,
    "PhilipsRescaleSlope": 0.83712,
    "PhilipsScaleSlope": 0.0607511,
    "ProtocolName": "WIPpiopwmSENSE",
    "PulseSequenceType": "gradient echo EPI",
    "ReconMatrixPE": 80,
    "RepetitionTime": 2,
    "SeriesDescription": "ImageMRSERIES",
    "SeriesNumber": 8,
    "SliceEncodingDirection": "k",
    "SliceTiming": [
      0.0,
      0.0541,
      0.1081,
      0.1622,
      0.2162,
      0.2703,
      0.3243,
      0.3784,
      0.4324,
      0.4865,
      0.5405,
      0.5946,
      0.6486,
      0.7027,
      0.7568,
      0.8108,
      0.8649,
      0.9189,
      0.973,
      1.027,
      1.0811,
      1.1351,
      1.1892,
      1.2432,
      1.2973,
      1.3514,
      1.4054,
      1.4595,
      1.5135,
      1.5676,
      1.6216,
      1.6757,
      1.7297,
      1.7838,
      1.8378,
      1.8919,
      1.9459
    ],
    "TaskName": "workingmemory",
    "TotalReadoutTime": 0.025822520692561732,
    "UsePhilipsFloatNotDisplayScaling": 1,
    "acq_id": "seq",
    "dataset": "unknown",
    "modality": "bold",
    "subject_id": "0011",
    "task_id": "workingmemory"
  },
  "dummy_trs": 5,
  "dvars_nstd": 20.018014761346148,
  "dvars_std": 1.1241491592307697,
  "dvars_vstd": 0.9395197968589749,
  "efc": 0.38114659164218057,
  "fber": 42037292.0,
  "fd_mean": 0.08931692557393112,
  "fd_num": 6,
  "fd_perc": 3.821656050955414,
  "fwhm_avg": 2.419056778351965,
  "fwhm_x": 2.38042,
  "fwhm_y": 2.6603866666666667,
  "fwhm_z": 2.2163636683892287,
  "gcor": 0.0126018,
  "gsr_x": -0.007394048850983381,
  "gsr_y": 0.005368900019675493,
  "provenance": {
    "md5sum": "99294887ac4dc02e19d7626963840055",
    "settings": {
      "fd_thres": 0.2,
      "hmc_fsl": false
    },
    "software": "mriqc",
    "version": "0.15.0",
    "webapi_port": null,
    "webapi_url": "https://mriqc.nimh.nih.gov/api/v1"
  },
  "size_t": 157,
  "size_x": 80,
  "size_y": 80,
  "size_z": 37,
  "snr": 4.37923161047287,
  "spacing_tr": 2.0,
  "spacing_x": 3.0,
  "spacing_y": 3.0,
  "spacing_z": 3.299999952316284,
  "spikes_num": 0,
  "summary_bg_k": 183.94713288672534,
  "summary_bg_mad": 4.886546611785889,
  "summary_bg_mean": 165.7868194580078,
  "summary_bg_median": 3.36440372467041,
  "summary_bg_n": 158809.0,
  "summary_bg_p05": 0.010796028748154642,
  "summary_bg_p95": 605.8363891601568,
  "summary_bg_stdv": 891.3674926757812,
  "summary_fg_k": 1.7401500879358327,
  "summary_fg_mad": 4501.62353515625,
  "summary_fg_mean": 23636.6484375,
  "summary_fg_median": 23382.51171875,
  "summary_fg_n": 37693.0,
  "summary_fg_p05": 15481.6990234375,
  "summary_fg_p95": 32232.927343749998,
  "summary_fg_stdv": 5339.3388671875,
  "tsnr": 58.03351593017578
}