{
  "aor": 0.00046382716049382726,
  "aqi": 0.0021696859876543214,
  "bids_meta": {
    "AcquisitionNumber": 8,
    "BidsifyVersion": "0.3.5",
    "ConversionSoftware": "dcm2niix",
    "ConversionSoftwareVersion": "v1.0.20181125  GCC6.3.0",
    "EchoTime": 0.02762,
    "EffectiveEchoSpacing": 0.0006621159151938905,
    "ImageComments": "Piop",
    "ImageOrientationPatientDICOM": [
      0.999802,
      0.00932127,
      -0.0175807,
      -0.0148335,
      0.938035,
      -0.346222
    ],
    "Manufacturer": "Philips",
    "NumberOfVolumesDiscardedByScanner": 2,
    "ParallelAcquisitionTechnique": "SENSE",
    "ParallelReductionFactorInPlane": 2,
    "PatientPosition": "HFS",
    "PhaseEncodingDirection": "j",
    "PhilipsRescaleIntercept": 0,
    "PhilipsRescaleSlope": 0.76459,
    "PhilipsScaleSlope": 0.0630456,
    "ProtocolName": "WIPpiopwmSENSE",
    "PulseSequenceType": "gradient echo EPI",
    "ReconMatrixPE": 80,
    "RepetitionTime": 2,
    "SeriesDescription": "ImageMRSERIES",
    "SeriesNumber": 8,
    "SliceEncodingDirection": "k",
    "SliceTiming": [
      0.0,
      0.0541,
      0.1081,
      0.1622,
      0.2162,
      0.2703,
      0.3243,
      0.3784,
      0.4324,
      0.4865,
      0.5405,
      0.5946,
      0.6486,
      0.7027,
      0.7568,
      0.8108,
      0.8649,
      0.9189,
      0.973,
      1.027,
      1.0811,
      1.1351,
      1.1892,
      1.2432,
      1.2973,
      1.3514,
      1.4054,
      1.4595,
      1.5135,
      1.5676,
      1.6216,
      1.6757,
      1.7297,
      1.7838,
      1.8378,
      1.8919,
      1.9459
    ],
    "TaskName": "workingmemory",
    "TotalReadoutTime": 0.025822520692561732,
    "UsePhilipsFloatNotDisplayScaling": 1,
    "acq_id": "seq",
    "dataset": "unknown",
    "modality": "bold",
    "subject_id": "0056",
    "task_id": "workingmemory"
  },
  "dummy_trs": 0,
  "dvars_nstd": 17.019597461925464,
  "dvars_std": 1.1129992885714284,
  "dvars_vstd": 1.0098216175155277,
  "efc": 0.39802543618457736,
  "fber": 1068556608.0,
  "fd_mean": 0.09414433797625167,
  "fd_num": 5,
  "fd_perc": 3.0864197530864197,
  "fwhm_avg": 2.309656677138942,
  "fwhm_x": 2.22273,
  "fwhm_y": 2.5320066666666667,
  "fwhm_z": 2.1742333647501595,
  "gcor": 0.0195255,
  "gsr_x": -0.008850174024701118,
  "gsr_y": 0.006360135972499847,
  "provenance": {
    "md5sum": "5ded9174eb15ae10a513f972f2f072ea",
    "settings": {
      "fd_thres": 0.2,
      "hmc_fsl": false
    },
    "software": "mriqc",
    "version": "0.15.0",
    "webapi_port": null,
    "webapi_url": "https://mriqc.nimh.nih.gov/api/v1"
  },
  "size_t": 162,
  "size_x": 80,
  "size_y": 80,
  "size_z": 37,
  "snr": 4.311158892774527,
  "spacing_tr": 2.0,
  "spacing_x": 3.0,
  "spacing_y": 3.0,
  "spacing_z": 3.299999952316284,
  "spikes_num": 0,
  "summary_bg_k": 113.44364754626794,
  "summary_bg_mad": 0.9520068168640137,
  "summary_bg_mean": 150.03643798828125,
  "summary_bg_median": 0.6524450778961182,
  "summary_bg_n": 154140.0,
  "summary_bg_p05": 0.0029805339640006424,
  "summary_bg_p95": 652.7353942871091,
  "summary_bg_stdv": 878.69873046875,
  "summary_fg_k": 1.8826225524189164,
  "summary_fg_mad": 4535.4697265625,
  "summary_fg_mean": 23379.822265625,
  "summary_fg_median": 23161.845703125,
  "summary_fg_n": 41468.0,
  "summary_fg_p05": 15116.379736328126,
  "summary_fg_p95": 31893.43359375,
  "summary_fg_stdv": 5372.46875,
  "tsnr": 87.6187744140625
}