{
    "Manufacturer": "Philips",
    "PatientPosition": "HFS",
    "SeriesDescription": "ImageMRSERIES",
    "ProtocolName": "WIPt13dSENSE",
    "SeriesNumber": 4,
    "AcquisitionNumber": 4,
    "ImageComments": "PIOP",
    "PhilipsRescaleSlope": 9.2254,
    "PhilipsRescaleIntercept": 0,
    "PhilipsScaleSlope": 0.00757873,
    "UsePhilipsFloatNotDisplayScaling": 1,
    "EchoTime": 0.00375,
    "RepetitionTime": 0.008174,
    "ReconMatrixPE": 240,
    "ImageOrientationPatientDICOM": [
        0.999489,
        0.0319134,
        -0.0015537,
        -0.0319341,
        0.999364,
        -0.0158403
    ],
    "ConversionSoftware": "dcm2niix",
    "ConversionSoftwareVersion": "v1.0.20181125  GCC6.3.0",
    "BidsifyVersion": "0.3.5"
}