{
    "Manufacturer": "Philips",
    "PatientPosition": "HFS",
    "SeriesDescription": "ImageMRSERIES",
    "ProtocolName": "WIPpiopgstroopSENSE",
    "SeriesNumber": 3,
    "AcquisitionNumber": 3,
    "ImageComments": "piop",
    "PhilipsRescaleSlope": 0.81538,
    "PhilipsRescaleIntercept": 0,
    "PhilipsScaleSlope": 0.0554902,
    "UsePhilipsFloatNotDisplayScaling": 1,
    "EchoTime": 0.02762,
    "RepetitionTime": 2,
    "ReconMatrixPE": 80,
    "ImageOrientationPatientDICOM": [
        0.998152,
        0.0588326,
        -0.0151964,
        -0.0600005,
        0.993806,
        -0.0935388
    ],
    "ConversionSoftware": "dcm2niix",
    "ConversionSoftwareVersion": "v1.0.20181125  GCC6.3.0",
    "BidsifyVersion": "0.3.5",
    "SliceEncodingDirection": "k",
    "PhaseEncodingDirection": "j",
    "ParallelAcquisitionTechnique": "SENSE",
    "ParallelReductionFactorInPlane": 2,
    "NumberOfVolumesDiscardedByScanner": 2,
    "PulseSequenceType": "gradient echo EPI",
    "TaskName": "gstroop"
}