{
  "aor": 0.0017646122448979594,
  "aqi": 0.0058402638775510215,
  "bids_meta": {
    "AcquisitionNumber": 3,
    "BidsifyVersion": "0.3.5",
    "ConversionSoftware": "dcm2niix",
    "ConversionSoftwareVersion": "v1.0.20181125  GCC6.3.0",
    "EchoTime": 0.02762,
    "ImageComments": "piop",
    "ImageOrientationPatientDICOM": [
      0.995571,
      0.0869403,
      -0.0357797,
      -0.0895529,
      0.992812,
      -0.0794002
    ],
    "Manufacturer": "Philips",
    "NumberOfVolumesDiscardedByScanner": 2,
    "ParallelAcquisitionTechnique": "SENSE",
    "ParallelReductionFactorInPlane": 2,
    "PatientPosition": "HFS",
    "PhaseEncodingDirection": "j",
    "PhilipsRescaleIntercept": 0,
    "PhilipsRescaleSlope": 0.7956,
    "PhilipsScaleSlope": 0.0509728,
    "ProtocolName": "WIPpiopgstroopSENSE",
    "PulseSequenceType": "gradient echo EPI",
    "ReconMatrixPE": 80,
    "RepetitionTime": 2,
    "SeriesDescription": "ImageMRSERIES",
    "SeriesNumber": 3,
    "SliceEncodingDirection": "k",
    "TaskName": "gstroop",
    "UsePhilipsFloatNotDisplayScaling": 1,
    "acq_id": "seq",
    "dataset": "unknown",
    "modality": "bold",
    "subject_id": "0039",
    "task_id": "gstroop"
  },
  "dummy_trs": 0,
  "dvars_nstd": 22.952821481475407,
  "dvars_std": 1.2337861679098363,
  "dvars_vstd": 0.9843419212704916,
  "efc": 0.3845196847796614,
  "fber": 632478080.0,
  "fd_mean": 0.13347495443705304,
  "fd_num": 35,
  "fd_perc": 14.285714285714286,
  "fwhm_avg": 2.433381930161145,
  "fwhm_x": 2.32603,
  "fwhm_y": 2.696706666666667,
  "fwhm_z": 2.2774091238167666,
  "gcor": 0.0235451,
  "gsr_x": -0.006096730008721352,
  "gsr_y": 0.001970815472304821,
  "provenance": {
    "md5sum": "6d0a47d22d835f84efb88aa4fe168d33",
    "settings": {
      "fd_thres": 0.2,
      "hmc_fsl": false
    },
    "software": "mriqc",
    "version": "0.15.0",
    "webapi_port": null,
    "webapi_url": "https://mriqc.nimh.nih.gov/api/v1"
  },
  "size_t": 245,
  "size_x": 80,
  "size_y": 80,
  "size_z": 37,
  "snr": 4.625737281839769,
  "spacing_tr": 2.0,
  "spacing_x": 3.0,
  "spacing_y": 3.0,
  "spacing_z": 3.299999952316284,
  "spikes_num": 0,
  "summary_bg_k": 145.95342830183054,
  "summary_bg_mad": 1.4286788702011108,
  "summary_bg_mean": 154.3728790283203,
  "summary_bg_median": 0.9840367436408997,
  "summary_bg_n": 157609.0,
  "summary_bg_p05": 0.005520950071513653,
  "summary_bg_p95": 563.0906982421897,
  "summary_bg_stdv": 949.470947265625,
  "summary_fg_k": 2.1556888389085014,
  "summary_fg_mad": 4852.1416015625,
  "summary_fg_mean": 26630.2578125,
  "summary_fg_median": 26494.568359375,
  "summary_fg_n": 39008.0,
  "summary_fg_p05": 17686.11611328125,
  "summary_fg_p95": 35606.0455078125,
  "summary_fg_stdv": 5727.56884765625,
  "tsnr": 62.87068557739258
}