{
    "Manufacturer": "Philips",
    "PatientPosition": "HFS",
    "SeriesDescription": "ImageMRSERIES",
    "ProtocolName": "WIPt13dSENSE",
    "SeriesNumber": 4,
    "AcquisitionNumber": 4,
    "ImageComments": "piop",
    "PhilipsRescaleSlope": 8.96386,
    "PhilipsRescaleIntercept": 0,
    "PhilipsScaleSlope": 0.00745053,
    "UsePhilipsFloatNotDisplayScaling": 1,
    "EchoTime": 0.00377,
    "RepetitionTime": 0.008212,
    "ReconMatrixPE": 240,
    "ImageOrientationPatientDICOM": [
        0.999191,
        0.0307108,
        0.025971,
        -0.028259,
        0.99554,
        -0.0900122
    ],
    "ConversionSoftware": "dcm2niix",
    "ConversionSoftwareVersion": "v1.0.20181125  GCC6.3.0",
    "BidsifyVersion": "0.3.5"
}