{
  "bids_meta": {
    "AcquisitionNumber": 4,
    "BidsifyVersion": "0.3.5",
    "ConversionSoftware": "dcm2niix",
    "ConversionSoftwareVersion": "v1.0.20181125  GCC6.3.0",
    "EchoTime": 0.00373,
    "ImageComments": "PIOP",
    "ImageOrientationPatientDICOM": [
      0.999173,
      -0.0223653,
      0.0339468,
      0.0230234,
      0.999552,
      -0.0191185
    ],
    "Manufacturer": "Philips",
    "PatientPosition": "HFS",
    "PhilipsRescaleIntercept": 0,
    "PhilipsRescaleSlope": 9.58095,
    "PhilipsScaleSlope": 0.00794623,
    "ProtocolName": "WIPt13dSENSE",
    "ReconMatrixPE": 240,
    "RepetitionTime": 0.008148,
    "SeriesDescription": "ImageMRSERIES",
    "SeriesNumber": 4,
    "UsePhilipsFloatNotDisplayScaling": 1,
    "dataset": "unknown",
    "modality": "T1w",
    "subject_id": "0047"
  },
  "cjv": 0.32420492836923787,
  "cnr": 3.8701519751013516,
  "efc": 0.7626425520081637,
  "fber": 536.9931640625,
  "fwhm_avg": 3.4224,
  "fwhm_x": 3.45811,
  "fwhm_y": 3.58313,
  "fwhm_z": 3.22596,
  "icvs_csf": 0.19752223901243673,
  "icvs_gm": 0.44037834841641643,
  "icvs_wm": 0.36209941257114686,
  "inu_med": 1.177117109298706,
  "inu_range": 0.3497147560119629,
  "provenance": {
    "md5sum": "baa86ab13bec2d3c8448c017f215a964",
    "settings": {
      "testing": false
    },
    "software": "mriqc",
    "version": "0.15.0",
    "warnings": {
      "large_rot_frame": true,
      "small_air_mask": true
    },
    "webapi_port": null,
    "webapi_url": "https://mriqc.nimh.nih.gov/api/v1"
  },
  "qi_1": 0.0,
  "qi_2": 0.00026036951529228073,
  "rpve_csf": 30.33167537056915,
  "rpve_gm": 14.90221744046534,
  "rpve_wm": 22.46960032800913,
  "size_x": 240,
  "size_y": 240,
  "size_z": 220,
  "snr_csf": 2.5993574116385907,
  "snr_gm": 7.498395358899631,
  "snr_total": 9.615362395094015,
  "snr_wm": 18.748334414743827,
  "snrd_csf": 19.211668831204683,
  "snrd_gm": 36.83921616884178,
  "snrd_total": 38.673797387615515,
  "snrd_wm": 59.97050716280008,
  "spacing_x": 1.0,
  "spacing_y": 1.0,
  "spacing_z": 1.0,
  "summary_bg_k": 40.8163957809624,
  "summary_bg_mad": 10.92406940460205,
  "summary_bg_mean": 16.412006378173828,
  "summary_bg_median": 14.676233291625977,
  "summary_bg_n": 82273.0,
  "summary_bg_p05": 0.0,
  "summary_bg_p95": 44.220735168457026,
  "summary_bg_stdv": 19.412315368652344,
  "summary_csf_k": -0.855906945585871,
  "summary_csf_mad": 139.67372131347656,
  "summary_csf_mean": 299.5073547363281,
  "summary_csf_median": 320.34490966796875,
  "summary_csf_n": 4725.0,
  "summary_csf_p05": 91.80852661132813,
  "summary_csf_p95": 469.1942443847657,
  "summary_csf_stdv": 123.22699737548828,
  "summary_gm_k": 0.3850213440664554,
  "summary_gm_mad": 77.07676696777344,
  "summary_gm_mean": 617.1998291015625,
  "summary_gm_median": 614.275390625,
  "summary_gm_n": 16891.0,
  "summary_gm_p05": 486.2776794433594,
  "summary_gm_p95": 759.5048828125,
  "summary_gm_stdv": 81.91848754882812,
  "summary_wm_k": 1.0026045257090495,
  "summary_wm_mad": 47.96992874145508,
  "summary_wm_mean": 997.2525024414062,
  "summary_wm_median": 999.97802734375,
  "summary_wm_n": 174049.0,
  "summary_wm_p05": 904.3015991210937,
  "summary_wm_p95": 1078.9678955078125,
  "summary_wm_stdv": 53.33674621582031,
  "tpm_overlap_csf": 0.19945620000362396,
  "tpm_overlap_gm": 0.5125374794006348,
  "tpm_overlap_wm": 0.5606604814529419,
  "wm2max": 0.6486651783062078
}