{
  "aor": 0.00046091666666666655,
  "aqi": 0.006419749354166667,
  "bids_meta": {
    "AcquisitionNumber": 6,
    "BidsifyVersion": "0.3.5",
    "ConversionSoftware": "dcm2niix",
    "ConversionSoftwareVersion": "v1.0.20181125  GCC6.3.0",
    "EchoTime": 0.02762,
    "ImageComments": "piop",
    "ImageOrientationPatientDICOM": [
      0.994792,
      -0.0982906,
      -0.0269724,
      0.0961381,
      0.992761,
      -0.0719884
    ],
    "Manufacturer": "Philips",
    "NumberOfVolumesDiscardedByScanner": 2,
    "ParallelAcquisitionTechnique": "SENSE",
    "ParallelReductionFactorInPlane": 2,
    "PatientPosition": "HFS",
    "PhaseEncodingDirection": "j",
    "PhilipsRescaleIntercept": 0,
    "PhilipsRescaleSlope": 0.88767,
    "PhilipsScaleSlope": 0.0866,
    "ProtocolName": "WIPpioprsSENSE",
    "PulseSequenceType": "gradient echo EPI",
    "ReconMatrixPE": 80,
    "RepetitionTime": 0.75,
    "SeriesDescription": "ImageMRSERIES",
    "SeriesNumber": 6,
    "SliceEncodingDirection": "k",
    "TaskName": "restingstate",
    "UsePhilipsFloatNotDisplayScaling": 1,
    "acq_id": "mb3",
    "dataset": "unknown",
    "modality": "bold",
    "subject_id": "0107",
    "task_id": "restingstate"
  },
  "dummy_trs": 0,
  "dvars_nstd": 27.263446704551132,
  "dvars_std": 1.1443176166805842,
  "dvars_vstd": 1.0014772082463463,
  "efc": 0.41817257263793817,
  "fber": 544770112.0,
  "fd_mean": 0.08913018675038796,
  "fd_num": 10,
  "fd_perc": 2.0833333333333335,
  "fwhm_avg": 2.606610819446755,
  "fwhm_x": 2.521506666666667,
  "fwhm_y": 2.9385499999999998,
  "fwhm_z": 2.3597757916735995,
  "gcor": 0.022124,
  "gsr_x": -0.006273034028708935,
  "gsr_y": 0.005746371112763882,
  "provenance": {
    "md5sum": "539340a79a46b98d1e4315cfc03b89f0",
    "settings": {
      "fd_thres": 0.2,
      "hmc_fsl": false
    },
    "software": "mriqc",
    "version": "0.15.0",
    "webapi_port": null,
    "webapi_url": "https://mriqc.nimh.nih.gov/api/v1"
  },
  "size_t": 480,
  "size_x": 80,
  "size_y": 80,
  "size_z": 36,
  "snr": 4.809674933751756,
  "spacing_tr": 0.75,
  "spacing_x": 3.0,
  "spacing_y": 3.0,
  "spacing_z": 3.299999952316284,
  "spikes_num": 0,
  "summary_bg_k": 96.99949299460314,
  "summary_bg_mad": 0.9522672295570374,
  "summary_bg_mean": 126.3380355834961,
  "summary_bg_median": 0.6532047390937805,
  "summary_bg_n": 145599.0,
  "summary_bg_p05": 0.00401068958453834,
  "summary_bg_p95": 662.5502136230493,
  "summary_bg_stdv": 681.1087036132812,
  "summary_fg_k": 1.2885562947443416,
  "summary_fg_mad": 3030.6416015625,
  "summary_fg_mean": 16462.64453125,
  "summary_fg_median": 16778.20703125,
  "summary_fg_n": 43282.0,
  "summary_fg_p05": 10038.250097656251,
  "summary_fg_p95": 21584.421484375,
  "summary_fg_stdv": 3488.38818359375,
  "tsnr": 52.237449645996094
}