{
  "bids_meta": {
    "AcquisitionNumber": 4,
    "BidsifyVersion": "0.3.5",
    "ConversionSoftware": "dcm2niix",
    "ConversionSoftwareVersion": "v1.0.20181125  GCC6.3.0",
    "EchoTime": 0.00381,
    "ImageComments": "piop",
    "ImageOrientationPatientDICOM": [
      0.999325,
      0.0343901,
      0.0128922,
      -0.0319288,
      0.986957,
      -0.157789
    ],
    "Manufacturer": "Philips",
    "PatientPosition": "HFS",
    "PhilipsRescaleIntercept": 0,
    "PhilipsRescaleSlope": 9.28254,
    "PhilipsScaleSlope": 0.00725843,
    "ProtocolName": "WIPt13dSENSE",
    "ReconMatrixPE": 240,
    "RepetitionTime": 0.008287,
    "SeriesDescription": "ImageMRSERIES",
    "SeriesNumber": 4,
    "UsePhilipsFloatNotDisplayScaling": 1,
    "dataset": "unknown",
    "modality": "T1w",
    "subject_id": "0139"
  },
  "cjv": 0.31360585057452384,
  "cnr": 3.914949298503971,
  "efc": 0.7779084252451076,
  "fber": 530.35009765625,
  "fwhm_avg": 3.4971968029501124,
  "fwhm_x": 3.5338902106362706,
  "fwhm_y": 3.63222,
  "fwhm_z": 3.3254801982140663,
  "icvs_csf": 0.18590198506810393,
  "icvs_gm": 0.4434012476995663,
  "icvs_wm": 0.3706967672323298,
  "inu_med": 0.6367414593696594,
  "inu_range": 0.2477735340595244,
  "provenance": {
    "md5sum": "8b30a94175919f8d500f847535c8531e",
    "settings": {
      "testing": false
    },
    "software": "mriqc",
    "version": "0.15.0",
    "warnings": {
      "large_rot_frame": true,
      "small_air_mask": true
    },
    "webapi_port": null,
    "webapi_url": "https://mriqc.nimh.nih.gov/api/v1"
  },
  "qi_1": 0.0,
  "qi_2": 0.00020501654944793943,
  "rpve_csf": 33.31712761309626,
  "rpve_gm": 15.761276559841733,
  "rpve_wm": 22.992727664060762,
  "size_x": 240,
  "size_y": 240,
  "size_z": 220,
  "snr_csf": 2.2692991412658845,
  "snr_gm": 7.482491677860688,
  "snr_total": 9.513902831248958,
  "snr_wm": 18.789917674620305,
  "snrd_csf": 18.456385395537758,
  "snrd_gm": 33.97655346931208,
  "snrd_total": 35.93583424123832,
  "snrd_wm": 55.37456385886512,
  "spacing_x": 0.9999999403953552,
  "spacing_y": 1.0,
  "spacing_z": 0.9999999403953552,
  "summary_bg_k": 67.8203016260109,
  "summary_bg_mad": 11.830998420715332,
  "summary_bg_mean": 16.11920928955078,
  "summary_bg_median": 15.984883308410645,
  "summary_bg_n": 139101.0,
  "summary_bg_p05": 0.0,
  "summary_bg_p95": 40.02470016479492,
  "summary_bg_stdv": 13.6474609375,
  "summary_csf_k": -0.83940377767337,
  "summary_csf_mad": 186.137451171875,
  "summary_csf_mean": 315.3528747558594,
  "summary_csf_median": 333.30078125,
  "summary_csf_n": 2860.0,
  "summary_csf_p05": 90.74134178161621,
  "summary_csf_p95": 514.9342529296874,
  "summary_csf_stdv": 146.84820556640625,
  "summary_gm_k": 0.541828211273153,
  "summary_gm_mad": 75.083251953125,
  "summary_gm_mean": 618.6892700195312,
  "summary_gm_median": 613.576904296875,
  "summary_gm_n": 21892.0,
  "summary_gm_p05": 491.5131179809571,
  "summary_gm_p95": 762.8597778320313,
  "summary_gm_stdv": 81.99980926513672,
  "summary_wm_k": 1.226750722441503,
  "summary_wm_mad": 46.10129165649414,
  "summary_wm_mean": 994.470703125,
  "summary_wm_median": 1000.0,
  "summary_wm_n": 175309.0,
  "summary_wm_p05": 895.405078125,
  "summary_wm_p95": 1070.6302734375,
  "summary_wm_stdv": 53.219879150390625,
  "tpm_overlap_csf": 0.2009998857975006,
  "tpm_overlap_gm": 0.5094006061553955,
  "tpm_overlap_wm": 0.5499037504196167,
  "wm2max": 0.6106652582545055
}