{
  "aor": 0.004216424242424242,
  "aqi": 0.020869414090909092,
  "bids_meta": {
    "AcquisitionNumber": 2,
    "BidsifyVersion": "0.3.5",
    "ConversionSoftware": "dcm2niix",
    "ConversionSoftwareVersion": "v1.0.20181125  GCC6.3.0",
    "EchoTime": 0.02762,
    "EffectiveEchoSpacing": 0.0006333282667071997,
    "ImageComments": "piop",
    "ImageOrientationPatientDICOM": [
      0.998889,
      0.0282253,
      0.0377479,
      -0.0202261,
      0.980073,
      -0.197607
    ],
    "Manufacturer": "Philips",
    "NumberOfVolumesDiscardedByScanner": 2,
    "ParallelAcquisitionTechnique": "SENSE",
    "ParallelReductionFactorInPlane": 2,
    "PatientPosition": "HFS",
    "PhaseEncodingDirection": "j",
    "PhilipsRescaleIntercept": 0,
    "PhilipsRescaleSlope": 0.79707,
    "PhilipsScaleSlope": 0.102408,
    "ProtocolName": "WIPpiopfacesSENSE",
    "PulseSequenceType": "gradient echo EPI",
    "ReconMatrixPE": 80,
    "RepetitionTime": 0.75,
    "SeriesDescription": "ImageMRSERIES",
    "SeriesNumber": 2,
    "SliceEncodingDirection": "k",
    "SliceTiming": [
      0.0,
      0.06755050505050506,
      0.1351010101010101,
      0.20265151515151517,
      0.2702020202020202,
      0.3377525252525253,
      0.40530303030303033,
      0.47285353535353536,
      0.5404040404040404,
      0.6079545454545455,
      0.6755050505050506,
      0.7430555555555556,
      0.0,
      0.06755050505050506,
      0.1351010101010101,
      0.20265151515151517,
      0.2702020202020202,
      0.3377525252525253,
      0.40530303030303033,
      0.47285353535353536,
      0.5404040404040404,
      0.6079545454545455,
      0.6755050505050506,
      0.7430555555555556,
      0.0,
      0.06755050505050506,
      0.1351010101010101,
      0.20265151515151517,
      0.2702020202020202,
      0.3377525252525253,
      0.40530303030303033,
      0.47285353535353536,
      0.5404040404040404,
      0.6079545454545455,
      0.6755050505050506,
      0.7430555555555556
    ],
    "TaskName": "faces",
    "TotalReadoutTime": 0.024699802401580786,
    "UsePhilipsFloatNotDisplayScaling": 1,
    "acq_id": "mb3",
    "dataset": "unknown",
    "modality": "bold",
    "subject_id": "0013",
    "task_id": "faces"
  },
  "dummy_trs": 0,
  "dvars_nstd": 31.41833418416412,
  "dvars_std": 1.156774061580547,
  "dvars_vstd": 1.0293911652279635,
  "efc": 0.38872901800947013,
  "fber": 128306576.0,
  "fd_mean": 0.20456033994341913,
  "fd_num": 127,
  "fd_perc": 38.484848484848484,
  "fwhm_avg": 2.5149258697874743,
  "fwhm_x": 2.5054766666666666,
  "fwhm_y": 2.7136433333333336,
  "fwhm_z": 2.3256576093624233,
  "gcor": 0.0250619,
  "gsr_x": -0.004330805502831936,
  "gsr_y": -0.001332669984549284,
  "provenance": {
    "md5sum": "02a886f28f667da4ff9f4b74b1db57f6",
    "settings": {
      "fd_thres": 0.2,
      "hmc_fsl": false
    },
    "software": "mriqc",
    "version": "0.15.0",
    "webapi_port": null,
    "webapi_url": "https://mriqc.nimh.nih.gov/api/v1"
  },
  "size_t": 330,
  "size_x": 80,
  "size_y": 80,
  "size_z": 36,
  "snr": 5.376089884002893,
  "spacing_tr": 0.75,
  "spacing_x": 3.0,
  "spacing_y": 3.0,
  "spacing_z": 3.299999952316284,
  "spikes_num": 1,
  "summary_bg_k": 83.34203656398374,
  "summary_bg_mad": 1.9900782108306885,
  "summary_bg_mean": 152.3818817138672,
  "summary_bg_median": 1.3792814016342163,
  "summary_bg_n": 153815.0,
  "summary_bg_p05": 0.020607447810471063,
  "summary_bg_p95": 536.9356018066386,
  "summary_bg_stdv": 839.7317504882812,
  "summary_fg_k": 2.700248963090818,
  "summary_fg_mad": 2714.1044921875,
  "summary_fg_mean": 17087.9765625,
  "summary_fg_median": 17236.55859375,
  "summary_fg_n": 36992.0,
  "summary_fg_p05": 11810.9185546875,
  "summary_fg_p95": 21805.789062499993,
  "summary_fg_stdv": 3206.108154296875,
  "tsnr": 33.66654968261719
}