{
  "aor": 0.00015187891440501044,
  "aqi": 0.013372858872651357,
  "bids_meta": {
    "AcquisitionNumber": 6,
    "BidsifyVersion": "0.3.5",
    "ConversionSoftware": "dcm2niix",
    "ConversionSoftwareVersion": "v1.0.20181125  GCC6.3.0",
    "EchoTime": 0.02762,
    "ImageComments": "Piop",
    "ImageOrientationPatientDICOM": [
      0.997545,
      -0.0570469,
      -0.0406113,
      0.0383218,
      0.930123,
      -0.365242
    ],
    "Manufacturer": "Philips",
    "NumberOfVolumesDiscardedByScanner": 2,
    "ParallelAcquisitionTechnique": "SENSE",
    "ParallelReductionFactorInPlane": 2,
    "PatientPosition": "HFS",
    "PhaseEncodingDirection": "j",
    "PhilipsRescaleIntercept": 0,
    "PhilipsRescaleSlope": 0.77582,
    "PhilipsScaleSlope": 0.106027,
    "ProtocolName": "WIPpioprsSENSE",
    "PulseSequenceType": "gradient echo EPI",
    "ReconMatrixPE": 80,
    "RepetitionTime": 0.75,
    "SeriesDescription": "ImageMRSERIES",
    "SeriesNumber": 6,
    "SliceEncodingDirection": "k",
    "TaskName": "restingstate",
    "UsePhilipsFloatNotDisplayScaling": 1,
    "acq_id": "mb3",
    "dataset": "unknown",
    "modality": "bold",
    "subject_id": "0037",
    "task_id": "restingstate"
  },
  "dummy_trs": 1,
  "dvars_nstd": 31.07925502433052,
  "dvars_std": 1.0703598242468622,
  "dvars_vstd": 0.9646709032845178,
  "efc": 0.38152092231272233,
  "fber": 399989568.0,
  "fd_mean": 0.07170198269913194,
  "fd_num": 5,
  "fd_perc": 1.0438413361169103,
  "fwhm_avg": 2.5294141525225644,
  "fwhm_x": 2.5571566666666667,
  "fwhm_y": 2.7247766666666666,
  "fwhm_z": 2.3063091242343603,
  "gcor": 0.0109178,
  "gsr_x": -0.005811817012727261,
  "gsr_y": 0.0019671672489494085,
  "provenance": {
    "md5sum": "7e127974436d03beca9eb7778f338425",
    "settings": {
      "fd_thres": 0.2,
      "hmc_fsl": false
    },
    "software": "mriqc",
    "version": "0.15.0",
    "webapi_port": null,
    "webapi_url": "https://mriqc.nimh.nih.gov/api/v1"
  },
  "size_t": 479,
  "size_x": 80,
  "size_y": 80,
  "size_z": 36,
  "snr": 5.303860211341439,
  "spacing_tr": 0.75,
  "spacing_x": 3.0,
  "spacing_y": 3.0,
  "spacing_z": 3.299999952316284,
  "spikes_num": 0,
  "summary_bg_k": 83.06946744813582,
  "summary_bg_mad": 1.0435431003570557,
  "summary_bg_mean": 127.62261962890625,
  "summary_bg_median": 0.7206357717514038,
  "summary_bg_n": 154205.0,
  "summary_bg_p05": 0.005446656793355943,
  "summary_bg_p95": 446.88356323242164,
  "summary_bg_stdv": 735.1564331054688,
  "summary_fg_k": 2.820925949690843,
  "summary_fg_mad": 2366.017578125,
  "summary_fg_mean": 15286.724609375,
  "summary_fg_median": 15475.587890625,
  "summary_fg_n": 36024.0,
  "summary_fg_p05": 10352.438671875,
  "summary_fg_p95": 19476.15712890625,
  "summary_fg_stdv": 2917.756591796875,
  "tsnr": 40.14479064941406
}