{
  "aor": 0.0011176734693877552,
  "aqi": 0.003297412612244898,
  "bids_meta": {
    "AcquisitionNumber": 3,
    "BidsifyVersion": "0.3.5",
    "ConversionSoftware": "dcm2niix",
    "ConversionSoftwareVersion": "v1.0.20181125  GCC6.3.0",
    "EchoTime": 0.02762,
    "ImageComments": "Piop",
    "ImageOrientationPatientDICOM": [
      0.997545,
      -0.0570469,
      -0.0406113,
      0.0383218,
      0.930123,
      -0.365242
    ],
    "Manufacturer": "Philips",
    "NumberOfVolumesDiscardedByScanner": 2,
    "ParallelAcquisitionTechnique": "SENSE",
    "ParallelReductionFactorInPlane": 2,
    "PatientPosition": "HFS",
    "PhaseEncodingDirection": "j",
    "PhilipsRescaleIntercept": 0,
    "PhilipsRescaleSlope": 0.84469,
    "PhilipsScaleSlope": 0.0639167,
    "ProtocolName": "WIPpiopgstroopSENSE",
    "PulseSequenceType": "gradient echo EPI",
    "ReconMatrixPE": 80,
    "RepetitionTime": 2,
    "SeriesDescription": "ImageMRSERIES",
    "SeriesNumber": 3,
    "SliceEncodingDirection": "k",
    "TaskName": "gstroop",
    "UsePhilipsFloatNotDisplayScaling": 1,
    "acq_id": "seq",
    "dataset": "unknown",
    "modality": "bold",
    "subject_id": "0037",
    "task_id": "gstroop"
  },
  "dummy_trs": 0,
  "dvars_nstd": 18.50865921016394,
  "dvars_std": 1.1340999001639338,
  "dvars_vstd": 1.011132239877049,
  "efc": 0.37698479473190455,
  "fber": 465039328.0,
  "fd_mean": 0.09461100630294725,
  "fd_num": 1,
  "fd_perc": 0.40816326530612246,
  "fwhm_avg": 2.399854253008451,
  "fwhm_x": 2.41655,
  "fwhm_y": 2.58554,
  "fwhm_z": 2.1974727590253536,
  "gcor": 0.0122843,
  "gsr_x": -0.004926214925944805,
  "gsr_y": 0.0024899255950003862,
  "provenance": {
    "md5sum": "d35942fbebe1fafd48c0c8ebe58826a8",
    "settings": {
      "fd_thres": 0.2,
      "hmc_fsl": false
    },
    "software": "mriqc",
    "version": "0.15.0",
    "webapi_port": null,
    "webapi_url": "https://mriqc.nimh.nih.gov/api/v1"
  },
  "size_t": 245,
  "size_x": 80,
  "size_y": 80,
  "size_z": 37,
  "snr": 4.861304635658781,
  "spacing_tr": 2.0,
  "spacing_x": 3.0,
  "spacing_y": 3.0,
  "spacing_z": 3.299999952316284,
  "spikes_num": 2,
  "summary_bg_k": 88.13690129217724,
  "summary_bg_mad": 1.3680450916290283,
  "summary_bg_mean": 161.9489288330078,
  "summary_bg_median": 0.9392033815383911,
  "summary_bg_n": 158932.0,
  "summary_bg_p05": 0.0050482237711548805,
  "summary_bg_p95": 468.8031585693294,
  "summary_bg_stdv": 982.236328125,
  "summary_fg_k": 2.6459981193271007,
  "summary_fg_mad": 3530.495849609375,
  "summary_fg_mean": 20956.052734375,
  "summary_fg_median": 20859.857421875,
  "summary_fg_n": 36716.0,
  "summary_fg_p05": 14384.31396484375,
  "summary_fg_p95": 27495.30078125,
  "summary_fg_stdv": 4290.94140625,
  "tsnr": 78.63102722167969
}