{
    "Manufacturer": "Philips",
    "PatientPosition": "HFS",
    "SeriesDescription": "ImageMRSERIES",
    "ProtocolName": "WIPt13dSENSE",
    "SeriesNumber": 4,
    "AcquisitionNumber": 4,
    "ImageComments": "Piop",
    "PhilipsRescaleSlope": 9.70452,
    "PhilipsRescaleIntercept": 0,
    "PhilipsScaleSlope": 0.00662619,
    "UsePhilipsFloatNotDisplayScaling": 1,
    "EchoTime": 0.00381,
    "RepetitionTime": 0.008296,
    "ReconMatrixPE": 240,
    "ImageOrientationPatientDICOM": [
        0.999924,
        0.00817968,
        0.00926877,
        -0.00628279,
        0.981993,
        -0.188815
    ],
    "ConversionSoftware": "dcm2niix",
    "ConversionSoftwareVersion": "v1.0.20181125  GCC6.3.0",
    "BidsifyVersion": "0.3.5"
}