{
    "Manufacturer": "Philips",
    "PatientPosition": "HFS",
    "SeriesDescription": "ImageMRSERIES",
    "ProtocolName": "WIPpiopgstroopSENSE",
    "SeriesNumber": 3,
    "AcquisitionNumber": 3,
    "ImageComments": "Piop",
    "PhilipsRescaleSlope": 0.78144,
    "PhilipsRescaleIntercept": 0,
    "PhilipsScaleSlope": 0.0641021,
    "UsePhilipsFloatNotDisplayScaling": 1,
    "EchoTime": 0.02762,
    "RepetitionTime": 2,
    "ReconMatrixPE": 80,
    "ImageOrientationPatientDICOM": [
        0.999186,
        0.0381224,
        -0.013227,
        -0.0403061,
        0.958507,
        -0.282205
    ],
    "ConversionSoftware": "dcm2niix",
    "ConversionSoftwareVersion": "v1.0.20181125  GCC6.3.0",
    "BidsifyVersion": "0.3.5",
    "SliceEncodingDirection": "k",
    "PhaseEncodingDirection": "j",
    "ParallelAcquisitionTechnique": "SENSE",
    "ParallelReductionFactorInPlane": 2,
    "NumberOfVolumesDiscardedByScanner": 2,
    "PulseSequenceType": "gradient echo EPI",
    "TaskName": "gstroop"
}