{
    "Manufacturer": "Philips",
    "PatientPosition": "HFS",
    "SeriesDescription": "ImageMRSERIES",
    "ProtocolName": "WIPt13dSENSE",
    "SeriesNumber": 4,
    "AcquisitionNumber": 4,
    "ImageComments": "piop",
    "PhilipsRescaleSlope": 8.41514,
    "PhilipsRescaleIntercept": 0,
    "PhilipsScaleSlope": 0.00704631,
    "UsePhilipsFloatNotDisplayScaling": 1,
    "EchoTime": 0.00374,
    "RepetitionTime": 0.008134,
    "ReconMatrixPE": 240,
    "ImageOrientationPatientDICOM": [
        0.998543,
        0.0537501,
        -0.00483839,
        -0.0537296,
        0.998546,
        0.0042804
    ],
    "ConversionSoftware": "dcm2niix",
    "ConversionSoftwareVersion": "v1.0.20181125  GCC6.3.0",
    "BidsifyVersion": "0.3.5"
}