{
  "aor": 0.0062671604938271605,
  "aqi": 0.016850877407407407,
  "bids_meta": {
    "AcquisitionNumber": 8,
    "BidsifyVersion": "0.3.5",
    "ConversionSoftware": "dcm2niix",
    "ConversionSoftwareVersion": "v1.0.20181125  GCC6.3.0",
    "EchoTime": 0.02762,
    "EffectiveEchoSpacing": 0.0006621159151938905,
    "ImageComments": "Piop",
    "ImageOrientationPatientDICOM": [
      0.994875,
      0.0831942,
      -0.0574667,
      -0.0833671,
      0.996519,
      -0.000613946
    ],
    "Manufacturer": "Philips",
    "NumberOfVolumesDiscardedByScanner": 2,
    "ParallelAcquisitionTechnique": "SENSE",
    "ParallelReductionFactorInPlane": 2,
    "PatientPosition": "HFS",
    "PhaseEncodingDirection": "j",
    "PhilipsRescaleIntercept": 0,
    "PhilipsRescaleSlope": 0.74115,
    "PhilipsScaleSlope": 0.051575,
    "ProtocolName": "WIPpiopwmSENSE",
    "PulseSequenceType": "gradient echo EPI",
    "ReconMatrixPE": 80,
    "RepetitionTime": 2,
    "SeriesDescription": "ImageMRSERIES",
    "SeriesNumber": 8,
    "SliceEncodingDirection": "k",
    "SliceTiming": [
      0.0,
      0.0541,
      0.1081,
      0.1622,
      0.2162,
      0.2703,
      0.3243,
      0.3784,
      0.4324,
      0.4865,
      0.5405,
      0.5946,
      0.6486,
      0.7027,
      0.7568,
      0.8108,
      0.8649,
      0.9189,
      0.973,
      1.027,
      1.0811,
      1.1351,
      1.1892,
      1.2432,
      1.2973,
      1.3514,
      1.4054,
      1.4595,
      1.5135,
      1.5676,
      1.6216,
      1.6757,
      1.7297,
      1.7838,
      1.8378,
      1.8919,
      1.9459
    ],
    "TaskName": "workingmemory",
    "TotalReadoutTime": 0.025822520692561732,
    "UsePhilipsFloatNotDisplayScaling": 1,
    "acq_id": "seq",
    "dataset": "unknown",
    "modality": "bold",
    "subject_id": "0030",
    "task_id": "workingmemory"
  },
  "dummy_trs": 0,
  "dvars_nstd": 19.035966831304354,
  "dvars_std": 0.999341734720497,
  "dvars_vstd": 0.9334210504968942,
  "efc": 0.4299074908834045,
  "fber": 25395618.0,
  "fd_mean": 0.16800128685820903,
  "fd_num": 28,
  "fd_perc": 17.28395061728395,
  "fwhm_avg": 2.581206071987304,
  "fwhm_x": 2.519843333333333,
  "fwhm_y": 2.8608233333333337,
  "fwhm_z": 2.3629515492952455,
  "gcor": 0.00773971,
  "gsr_x": -0.004270544275641441,
  "gsr_y": 0.006662217900156975,
  "provenance": {
    "md5sum": "02a0d1c97e203093b78db8814b7618e8",
    "settings": {
      "fd_thres": 0.2,
      "hmc_fsl": false
    },
    "software": "mriqc",
    "version": "0.15.0",
    "webapi_port": null,
    "webapi_url": "https://mriqc.nimh.nih.gov/api/v1"
  },
  "size_t": 162,
  "size_x": 80,
  "size_y": 80,
  "size_z": 37,
  "snr": 5.149209217326566,
  "spacing_tr": 2.0,
  "spacing_x": 3.0,
  "spacing_y": 3.0,
  "spacing_z": 3.299999952316284,
  "spikes_num": 1,
  "summary_bg_k": 71.93643345591802,
  "summary_bg_mad": 7.3620147705078125,
  "summary_bg_mean": 262.45281982421875,
  "summary_bg_median": 5.030045509338379,
  "summary_bg_n": 148258.0,
  "summary_bg_p05": 0.0,
  "summary_bg_p95": 1569.3775146484356,
  "summary_bg_stdv": 1194.644287109375,
  "summary_fg_k": 2.5057801628714307,
  "summary_fg_mad": 4625.60009765625,
  "summary_fg_mean": 27534.951171875,
  "summary_fg_median": 27599.947265625,
  "summary_fg_n": 46545.0,
  "summary_fg_p05": 19011.746875,
  "summary_fg_p95": 35320.744531249984,
  "summary_fg_stdv": 5359.978515625,
  "tsnr": 41.325740814208984
}