{
  "aor": 0.0013061515151515152,
  "aqi": 0.00890531696969697,
  "bids_meta": {
    "AcquisitionNumber": 2,
    "BidsifyVersion": "0.3.5",
    "ConversionSoftware": "dcm2niix",
    "ConversionSoftwareVersion": "v1.0.20181125  GCC6.3.0",
    "EchoTime": 0.02762,
    "EffectiveEchoSpacing": 0.0006333282667071997,
    "ImageComments": "Piop",
    "ImageOrientationPatientDICOM": [
      0.994952,
      0.0815819,
      -0.0584317,
      -0.0903727,
      0.981573,
      -0.168365
    ],
    "Manufacturer": "Philips",
    "NumberOfVolumesDiscardedByScanner": 2,
    "ParallelAcquisitionTechnique": "SENSE",
    "ParallelReductionFactorInPlane": 2,
    "PatientPosition": "HFS",
    "PhaseEncodingDirection": "j",
    "PhilipsRescaleIntercept": 0,
    "PhilipsRescaleSlope": 0.78632,
    "PhilipsScaleSlope": 0.0860088,
    "ProtocolName": "WIPpiopfacesSENSE",
    "PulseSequenceType": "gradient echo EPI",
    "ReconMatrixPE": 80,
    "RepetitionTime": 0.75,
    "SeriesDescription": "ImageMRSERIES",
    "SeriesNumber": 2,
    "SliceEncodingDirection": "k",
    "SliceTiming": [
      0.0,
      0.06755050505050506,
      0.1351010101010101,
      0.20265151515151517,
      0.2702020202020202,
      0.3377525252525253,
      0.40530303030303033,
      0.47285353535353536,
      0.5404040404040404,
      0.6079545454545455,
      0.6755050505050506,
      0.7430555555555556,
      0.0,
      0.06755050505050506,
      0.1351010101010101,
      0.20265151515151517,
      0.2702020202020202,
      0.3377525252525253,
      0.40530303030303033,
      0.47285353535353536,
      0.5404040404040404,
      0.6079545454545455,
      0.6755050505050506,
      0.7430555555555556,
      0.0,
      0.06755050505050506,
      0.1351010101010101,
      0.20265151515151517,
      0.2702020202020202,
      0.3377525252525253,
      0.40530303030303033,
      0.47285353535353536,
      0.5404040404040404,
      0.6079545454545455,
      0.6755050505050506,
      0.7430555555555556
    ],
    "TaskName": "faces",
    "TotalReadoutTime": 0.024699802401580786,
    "UsePhilipsFloatNotDisplayScaling": 1,
    "acq_id": "mb3",
    "dataset": "unknown",
    "modality": "bold",
    "subject_id": "0030",
    "task_id": "faces"
  },
  "dummy_trs": 0,
  "dvars_nstd": 27.335864342492382,
  "dvars_std": 1.2149006324924017,
  "dvars_vstd": 1.0178023179331301,
  "efc": 0.4395844716433496,
  "fber": 182492768.0,
  "fd_mean": 0.10630988325369448,
  "fd_num": 15,
  "fd_perc": 4.545454545454546,
  "fwhm_avg": 2.7635677493433497,
  "fwhm_x": 2.76144,
  "fwhm_y": 3.0179266666666664,
  "fwhm_z": 2.5113365813633814,
  "gcor": 0.020541,
  "gsr_x": -0.006733065005391836,
  "gsr_y": 0.004681420978158712,
  "provenance": {
    "md5sum": "d1112db11c0bd7adec83fbe06639452d",
    "settings": {
      "fd_thres": 0.2,
      "hmc_fsl": false
    },
    "software": "mriqc",
    "version": "0.15.0",
    "webapi_port": null,
    "webapi_url": "https://mriqc.nimh.nih.gov/api/v1"
  },
  "size_t": 330,
  "size_x": 80,
  "size_y": 80,
  "size_z": 36,
  "snr": 5.5230666536357855,
  "spacing_tr": 0.75,
  "spacing_x": 3.0,
  "spacing_y": 3.0,
  "spacing_z": 3.299999713897705,
  "spikes_num": 3,
  "summary_bg_k": 61.69235003328035,
  "summary_bg_mad": 1.9500141143798828,
  "summary_bg_mean": 188.18858337402344,
  "summary_bg_median": 1.3415911197662354,
  "summary_bg_n": 142626.0,
  "summary_bg_p05": 0.009341941447928548,
  "summary_bg_p95": 1204.7197570800781,
  "summary_bg_stdv": 868.9124145507812,
  "summary_fg_k": 2.8061211238932655,
  "summary_fg_mad": 2936.53125,
  "summary_fg_mean": 19492.306640625,
  "summary_fg_median": 19845.6796875,
  "summary_fg_n": 46578.0,
  "summary_fg_p05": 13154.709326171875,
  "summary_fg_p95": 24459.52705078125,
  "summary_fg_stdv": 3593.197021484375,
  "tsnr": 53.529720306396484
}