{
  "aor": 0.00039739999999999996,
  "aqi": 0.0032992221499999995,
  "bids_meta": {
    "AcquisitionNumber": 9,
    "BidsifyVersion": "0.3.5",
    "ConversionSoftware": "dcm2niix",
    "ConversionSoftwareVersion": "v1.0.20181125  GCC6.3.0",
    "EchoTime": 0.02762,
    "ImageComments": "piop",
    "ImageOrientationPatientDICOM": [
      0.993018,
      -0.106481,
      -0.0507725,
      0.100517,
      0.989025,
      -0.108283
    ],
    "Manufacturer": "Philips",
    "NumberOfVolumesDiscardedByScanner": 2,
    "ParallelAcquisitionTechnique": "SENSE",
    "ParallelReductionFactorInPlane": 2,
    "PatientPosition": "HFS",
    "PhaseEncodingDirection": "j",
    "PhilipsRescaleIntercept": 0,
    "PhilipsRescaleSlope": 0.74505,
    "PhilipsScaleSlope": 0.0547315,
    "ProtocolName": "WIPpiopanticipatieSENSE",
    "PulseSequenceType": "gradient echo EPI",
    "ReconMatrixPE": 80,
    "RepetitionTime": 2,
    "SeriesDescription": "ImageMRSERIES",
    "SeriesNumber": 9,
    "SliceEncodingDirection": "k",
    "TaskName": "anticipation",
    "UsePhilipsFloatNotDisplayScaling": 1,
    "acq_id": "seq",
    "dataset": "unknown",
    "modality": "bold",
    "subject_id": "0034",
    "task_id": "anticipation"
  },
  "dummy_trs": 0,
  "dvars_nstd": 19.10855233889448,
  "dvars_std": 1.2025428047236182,
  "dvars_vstd": 0.9743517394472361,
  "efc": 0.4074996520764616,
  "fber": 1729792640.0,
  "fd_mean": 0.10133640792954511,
  "fd_num": 2,
  "fd_perc": 1.0,
  "fwhm_avg": 2.354617485491768,
  "fwhm_x": 2.307046666666667,
  "fwhm_y": 2.5260966666666667,
  "fwhm_z": 2.2307091231419696,
  "gcor": 0.0209626,
  "gsr_x": -0.007845600135624409,
  "gsr_y": 0.0018878302071243525,
  "provenance": {
    "md5sum": "40ceca0bd4b049a0e7a232a5f7160f42",
    "settings": {
      "fd_thres": 0.2,
      "hmc_fsl": false
    },
    "software": "mriqc",
    "version": "0.15.0",
    "webapi_port": null,
    "webapi_url": "https://mriqc.nimh.nih.gov/api/v1"
  },
  "size_t": 200,
  "size_x": 80,
  "size_y": 80,
  "size_z": 37,
  "snr": 4.856967602902741,
  "spacing_tr": 2.0,
  "spacing_x": 3.0,
  "spacing_y": 3.0,
  "spacing_z": 3.299999952316284,
  "spikes_num": 0,
  "summary_bg_k": 123.946721000794,
  "summary_bg_mad": 0.7603725790977478,
  "summary_bg_mean": 180.86111450195312,
  "summary_bg_median": 0.5156652331352234,
  "summary_bg_n": 153631.0,
  "summary_bg_p05": 0.001587924431078136,
  "summary_bg_p95": 647.4763793945312,
  "summary_bg_stdv": 1068.1981201171875,
  "summary_fg_k": 3.0015698058506555,
  "summary_fg_mad": 4283.16845703125,
  "summary_fg_mean": 24837.947265625,
  "summary_fg_median": 24496.859375,
  "summary_fg_n": 42540.0,
  "summary_fg_p05": 17724.02353515625,
  "summary_fg_p95": 32590.000195312492,
  "summary_fg_stdv": 5043.59375,
  "tsnr": 84.9592514038086
}