{
  "aor": 7.457575757575758e-05,
  "aqi": 0.0074939840303030305,
  "bids_meta": {
    "AcquisitionNumber": 2,
    "BidsifyVersion": "0.3.5",
    "ConversionSoftware": "dcm2niix",
    "ConversionSoftwareVersion": "v1.0.20181125  GCC6.3.0",
    "EchoTime": 0.02762,
    "ImageComments": "piop",
    "ImageOrientationPatientDICOM": [
      0.993018,
      -0.106481,
      -0.0507725,
      0.100517,
      0.989025,
      -0.108283
    ],
    "Manufacturer": "Philips",
    "NumberOfVolumesDiscardedByScanner": 2,
    "ParallelAcquisitionTechnique": "SENSE",
    "ParallelReductionFactorInPlane": 2,
    "PatientPosition": "HFS",
    "PhaseEncodingDirection": "j",
    "PhilipsRescaleIntercept": 0,
    "PhilipsRescaleSlope": 0.81001,
    "PhilipsScaleSlope": 0.0923645,
    "ProtocolName": "WIPpiopfacesSENSE",
    "PulseSequenceType": "gradient echo EPI",
    "ReconMatrixPE": 80,
    "RepetitionTime": 0.75,
    "SeriesDescription": "ImageMRSERIES",
    "SeriesNumber": 2,
    "SliceEncodingDirection": "k",
    "TaskName": "faces",
    "UsePhilipsFloatNotDisplayScaling": 1,
    "acq_id": "mb3",
    "dataset": "unknown",
    "modality": "bold",
    "subject_id": "0034",
    "task_id": "faces"
  },
  "dummy_trs": 0,
  "dvars_nstd": 28.126253835045556,
  "dvars_std": 1.1287842028571435,
  "dvars_vstd": 0.9988675756534966,
  "efc": 0.41349764561163943,
  "fber": 5424232448.0,
  "fd_mean": 0.08042304690013995,
  "fd_num": 2,
  "fd_perc": 0.6060606060606061,
  "fwhm_avg": 2.441560011060214,
  "fwhm_x": 2.3679966666666665,
  "fwhm_y": 2.6603833333333333,
  "fwhm_z": 2.296300033180642,
  "gcor": 0.0113119,
  "gsr_x": -0.007700454909354448,
  "gsr_y": 0.0013770199147984385,
  "provenance": {
    "md5sum": "f40cc13ebb3cef21e30db147a2370e0f",
    "settings": {
      "fd_thres": 0.2,
      "hmc_fsl": false
    },
    "software": "mriqc",
    "version": "0.15.0",
    "webapi_port": null,
    "webapi_url": "https://mriqc.nimh.nih.gov/api/v1"
  },
  "size_t": 330,
  "size_x": 80,
  "size_y": 80,
  "size_z": 36,
  "snr": 5.699038093335027,
  "spacing_tr": 0.75,
  "spacing_x": 3.0,
  "spacing_y": 3.0,
  "spacing_z": 3.299999952316284,
  "spikes_num": 0,
  "summary_bg_k": 114.84035878550611,
  "summary_bg_mad": 0.3104814291000366,
  "summary_bg_mean": 120.51167297363281,
  "summary_bg_median": 0.2107999324798584,
  "summary_bg_n": 148426.0,
  "summary_bg_p05": 0.0004885420057689771,
  "summary_bg_p95": 518.3874359130859,
  "summary_bg_stdv": 717.42529296875,
  "summary_fg_k": 2.6165528534679936,
  "summary_fg_mad": 2470.637939453125,
  "summary_fg_mean": 16671.443359375,
  "summary_fg_median": 16750.62890625,
  "summary_fg_n": 42153.0,
  "summary_fg_p05": 11861.39921875,
  "summary_fg_p95": 21017.307812500003,
  "summary_fg_stdv": 2939.16796875,
  "tsnr": 55.05054473876953
}