{
  "aor": 0.00042044444444444453,
  "aqi": 0.0023987031851851848,
  "bids_meta": {
    "AcquisitionNumber": 5,
    "BidsifyVersion": "0.3.5",
    "ConversionSoftware": "dcm2niix",
    "ConversionSoftwareVersion": "v1.0.20181125  GCC6.3.0",
    "EchoTime": 0.02762,
    "ImageComments": "piop",
    "ImageOrientationPatientDICOM": [
      0.993018,
      -0.106481,
      -0.0507725,
      0.100517,
      0.989025,
      -0.108283
    ],
    "Manufacturer": "Philips",
    "NumberOfVolumesDiscardedByScanner": 2,
    "ParallelAcquisitionTechnique": "SENSE",
    "ParallelReductionFactorInPlane": 2,
    "PatientPosition": "HFS",
    "PhaseEncodingDirection": "j",
    "PhilipsRescaleIntercept": 0,
    "PhilipsRescaleSlope": 0.76313,
    "PhilipsScaleSlope": 0.0563375,
    "ProtocolName": "WIPpiopharririSENSE",
    "PulseSequenceType": "gradient echo EPI",
    "ReconMatrixPE": 80,
    "RepetitionTime": 2,
    "SeriesDescription": "ImageMRSERIES",
    "SeriesNumber": 5,
    "SliceEncodingDirection": "k",
    "TaskName": "emomatching",
    "UsePhilipsFloatNotDisplayScaling": 1,
    "acq_id": "seq",
    "dataset": "unknown",
    "modality": "bold",
    "subject_id": "0034",
    "task_id": "emomatching"
  },
  "dummy_trs": 0,
  "dvars_nstd": 18.357853092164188,
  "dvars_std": 1.2121611655223883,
  "dvars_vstd": 1.000289320149254,
  "efc": 0.40759496628278635,
  "fber": 3298818560.0,
  "fd_mean": 0.10098970045989883,
  "fd_num": 1,
  "fd_perc": 0.7407407407407407,
  "fwhm_avg": 2.3462122329218382,
  "fwhm_x": 2.2904966666666664,
  "fwhm_y": 2.5267066666666667,
  "fwhm_z": 2.221433365432181,
  "gcor": 0.0190956,
  "gsr_x": -0.00774884968996048,
  "gsr_y": 0.0019943276420235634,
  "provenance": {
    "md5sum": "0008e7b5a27eda56e97139d2799a844e",
    "settings": {
      "fd_thres": 0.2,
      "hmc_fsl": false
    },
    "software": "mriqc",
    "version": "0.15.0",
    "webapi_port": null,
    "webapi_url": "https://mriqc.nimh.nih.gov/api/v1"
  },
  "size_t": 135,
  "size_x": 80,
  "size_y": 80,
  "size_z": 37,
  "snr": 4.966431047956844,
  "spacing_tr": 2.0,
  "spacing_x": 3.0,
  "spacing_y": 3.0,
  "spacing_z": 3.299999952316284,
  "spikes_num": 1,
  "summary_bg_k": 117.33440980514963,
  "summary_bg_mad": 0.5752556920051575,
  "summary_bg_mean": 176.18460083007812,
  "summary_bg_median": 0.390080064535141,
  "summary_bg_n": 153631.0,
  "summary_bg_p05": 0.0008780159987509251,
  "summary_bg_p95": 697.6430969238281,
  "summary_bg_stdv": 1049.000732421875,
  "summary_fg_k": 2.652863167267415,
  "summary_fg_mad": 4263.677734375,
  "summary_fg_mean": 24867.294921875,
  "summary_fg_median": 24585.93359375,
  "summary_fg_n": 42622.0,
  "summary_fg_p05": 17736.373925781252,
  "summary_fg_p95": 32550.801953125,
  "summary_fg_stdv": 4950.36474609375,
  "tsnr": 96.31109619140625
}