{
    "Manufacturer": "Philips",
    "PatientPosition": "HFS",
    "SeriesDescription": "ImageMRSERIES",
    "ProtocolName": "WIPt13dSENSE",
    "SeriesNumber": 4,
    "AcquisitionNumber": 4,
    "ImageComments": "PIOP",
    "PhilipsRescaleSlope": 8.86618,
    "PhilipsRescaleIntercept": 0,
    "PhilipsScaleSlope": 0.00750259,
    "UsePhilipsFloatNotDisplayScaling": 1,
    "EchoTime": 0.00378,
    "RepetitionTime": 0.008217,
    "ReconMatrixPE": 240,
    "ImageOrientationPatientDICOM": [
        0.999251,
        0.0362189,
        -0.0135976,
        -0.0373394,
        0.99487,
        -0.0940136
    ],
    "ConversionSoftware": "dcm2niix",
    "ConversionSoftwareVersion": "v1.0.20181125  GCC6.3.0",
    "BidsifyVersion": "0.3.5"
}