{
    "Manufacturer": "Philips",
    "PatientPosition": "HFS",
    "SeriesDescription": "ImageMRSERIES",
    "ProtocolName": "WIPt13dSENSE",
    "SeriesNumber": 4,
    "AcquisitionNumber": 4,
    "ImageComments": "Piop",
    "PhilipsRescaleSlope": 9.63272,
    "PhilipsRescaleIntercept": 0,
    "PhilipsScaleSlope": 0.00729676,
    "UsePhilipsFloatNotDisplayScaling": 1,
    "EchoTime": 0.00377,
    "RepetitionTime": 0.008211,
    "ReconMatrixPE": 240,
    "ImageOrientationPatientDICOM": [
        0.99892,
        -0.0429881,
        0.0176229,
        0.0443125,
        0.995537,
        -0.0833266
    ],
    "ConversionSoftware": "dcm2niix",
    "ConversionSoftwareVersion": "v1.0.20181125  GCC6.3.0",
    "BidsifyVersion": "0.3.5"
}