{
  "aor": 0.009220204081632653,
  "aqi": 0.016104592857142858,
  "bids_meta": {
    "AcquisitionNumber": 3,
    "BidsifyVersion": "0.3.5",
    "ConversionSoftware": "dcm2niix",
    "ConversionSoftwareVersion": "v1.0.20181125  GCC6.3.0",
    "EchoTime": 0.02762,
    "EffectiveEchoSpacing": 0.0006621159151938905,
    "ImageComments": "piop",
    "ImageOrientationPatientDICOM": [
      0.995286,
      -0.0513242,
      0.0822928,
      0.0600025,
      0.992478,
      -0.10671
    ],
    "Manufacturer": "Philips",
    "NumberOfVolumesDiscardedByScanner": 2,
    "ParallelAcquisitionTechnique": "SENSE",
    "ParallelReductionFactorInPlane": 2,
    "PatientPosition": "HFS",
    "PhaseEncodingDirection": "j",
    "PhilipsRescaleIntercept": 0,
    "PhilipsRescaleSlope": 0.77094,
    "PhilipsScaleSlope": 0.0683637,
    "ProtocolName": "WIPpiopgstroopSENSE",
    "PulseSequenceType": "gradient echo EPI",
    "ReconMatrixPE": 80,
    "RepetitionTime": 2,
    "SeriesDescription": "ImageMRSERIES",
    "SeriesNumber": 3,
    "SliceEncodingDirection": "k",
    "SliceTiming": [
      0.0,
      0.0541,
      0.1081,
      0.1622,
      0.2162,
      0.2703,
      0.3243,
      0.3784,
      0.4324,
      0.4865,
      0.5405,
      0.5946,
      0.6486,
      0.7027,
      0.7568,
      0.8108,
      0.8649,
      0.9189,
      0.973,
      1.027,
      1.0811,
      1.1351,
      1.1892,
      1.2432,
      1.2973,
      1.3514,
      1.4054,
      1.4595,
      1.5135,
      1.5676,
      1.6216,
      1.6757,
      1.7297,
      1.7838,
      1.8378,
      1.8919,
      1.9459
    ],
    "TaskName": "gstroop",
    "TotalReadoutTime": 0.025822520692561732,
    "UsePhilipsFloatNotDisplayScaling": 1,
    "acq_id": "seq",
    "dataset": "unknown",
    "modality": "bold",
    "subject_id": "0052",
    "task_id": "gstroop"
  },
  "dummy_trs": 0,
  "dvars_nstd": 22.38778931963114,
  "dvars_std": 1.0805325760245903,
  "dvars_vstd": 0.9552461365573769,
  "efc": 0.43701725767828126,
  "fber": 118353528.0,
  "fd_mean": 0.11493922296043915,
  "fd_num": 20,
  "fd_perc": 8.16326530612245,
  "fwhm_avg": 2.3852640509972693,
  "fwhm_x": 2.27809,
  "fwhm_y": 2.6783566666666663,
  "fwhm_z": 2.1993454863251407,
  "gcor": 0.0134142,
  "gsr_x": -0.004605498164892197,
  "gsr_y": 0.009553106501698494,
  "provenance": {
    "md5sum": "c3a7af57b4bd9fb705165cbd8262fb80",
    "settings": {
      "fd_thres": 0.2,
      "hmc_fsl": false
    },
    "software": "mriqc",
    "version": "0.15.0",
    "webapi_port": null,
    "webapi_url": "https://mriqc.nimh.nih.gov/api/v1"
  },
  "size_t": 245,
  "size_x": 80,
  "size_y": 80,
  "size_z": 37,
  "snr": 4.66969221603049,
  "spacing_tr": 2.0,
  "spacing_x": 3.0,
  "spacing_y": 3.0,
  "spacing_z": 3.299999952316284,
  "spikes_num": 1,
  "summary_bg_k": 81.03261680417253,
  "summary_bg_mad": 2.548222064971924,
  "summary_bg_mean": 184.73974609375,
  "summary_bg_median": 1.7669682502746582,
  "summary_bg_n": 146030.0,
  "summary_bg_p05": 0.013041774369776254,
  "summary_bg_p95": 1064.685430908203,
  "summary_bg_stdv": 863.4160766601562,
  "summary_fg_k": 2.3785098338713597,
  "summary_fg_mad": 3995.862060546875,
  "summary_fg_mean": 21971.314453125,
  "summary_fg_median": 21705.654296875,
  "summary_fg_n": 48261.0,
  "summary_fg_p05": 15234.1240234375,
  "summary_fg_p95": 29223.248046875,
  "summary_fg_stdv": 4648.14990234375,
  "tsnr": 43.48988342285156
}