{
  "aor": 0.0048175630252100836,
  "aqi": 0.012991029495798318,
  "bids_meta": {
    "AcquisitionNumber": 6,
    "BidsifyVersion": "0.3.5",
    "ConversionSoftware": "dcm2niix",
    "ConversionSoftwareVersion": "v1.0.20181125  GCC6.3.0",
    "EchoTime": 0.02762,
    "EffectiveEchoSpacing": 0.0006333282667071997,
    "ImageComments": "piop",
    "ImageOrientationPatientDICOM": [
      0.995286,
      -0.0513242,
      0.0822928,
      0.0600025,
      0.992478,
      -0.10671
    ],
    "Manufacturer": "Philips",
    "NumberOfVolumesDiscardedByScanner": 2,
    "ParallelAcquisitionTechnique": "SENSE",
    "ParallelReductionFactorInPlane": 2,
    "PatientPosition": "HFS",
    "PhaseEncodingDirection": "j",
    "PhilipsRescaleIntercept": 0,
    "PhilipsRescaleSlope": 0.81538,
    "PhilipsScaleSlope": 0.091315,
    "ProtocolName": "WIPpioprsSENSE",
    "PulseSequenceType": "gradient echo EPI",
    "ReconMatrixPE": 80,
    "RepetitionTime": 0.75,
    "SeriesDescription": "ImageMRSERIES",
    "SeriesNumber": 6,
    "SliceEncodingDirection": "k",
    "SliceTiming": [
      0.0,
      0.06755050505050506,
      0.1351010101010101,
      0.20265151515151517,
      0.2702020202020202,
      0.3377525252525253,
      0.40530303030303033,
      0.47285353535353536,
      0.5404040404040404,
      0.6079545454545455,
      0.6755050505050506,
      0.7430555555555556,
      0.0,
      0.06755050505050506,
      0.1351010101010101,
      0.20265151515151517,
      0.2702020202020202,
      0.3377525252525253,
      0.40530303030303033,
      0.47285353535353536,
      0.5404040404040404,
      0.6079545454545455,
      0.6755050505050506,
      0.7430555555555556,
      0.0,
      0.06755050505050506,
      0.1351010101010101,
      0.20265151515151517,
      0.2702020202020202,
      0.3377525252525253,
      0.40530303030303033,
      0.47285353535353536,
      0.5404040404040404,
      0.6079545454545455,
      0.6755050505050506,
      0.7430555555555556
    ],
    "TaskName": "restingstate",
    "TotalReadoutTime": 0.024699802401580786,
    "UsePhilipsFloatNotDisplayScaling": 1,
    "acq_id": "mb3",
    "dataset": "unknown",
    "modality": "bold",
    "subject_id": "0052",
    "task_id": "restingstate"
  },
  "dummy_trs": 4,
  "dvars_nstd": 28.19559053138945,
  "dvars_std": 1.13531344031579,
  "dvars_vstd": 1.5760549219578959,
  "efc": 0.4431992295192751,
  "fber": 127752352.0,
  "fd_mean": 0.11385649842553883,
  "fd_num": 34,
  "fd_perc": 7.142857142857143,
  "fwhm_avg": 2.4558903138709995,
  "fwhm_x": 2.3575399999999997,
  "fwhm_y": 2.7594066666666666,
  "fwhm_z": 2.2507242749463323,
  "gcor": 0.0178435,
  "gsr_x": -0.00579697685316205,
  "gsr_y": 0.008114323951303959,
  "provenance": {
    "md5sum": "c9865f3e6cdd8592b0f4c734b8c2581c",
    "settings": {
      "fd_thres": 0.2,
      "hmc_fsl": false
    },
    "software": "mriqc",
    "version": "0.15.0",
    "webapi_port": null,
    "webapi_url": "https://mriqc.nimh.nih.gov/api/v1"
  },
  "size_t": 476,
  "size_x": 80,
  "size_y": 80,
  "size_z": 36,
  "snr": 5.420359452158657,
  "spacing_tr": 0.75,
  "spacing_x": 3.0,
  "spacing_y": 3.0,
  "spacing_z": 3.299999952316284,
  "spikes_num": 6,
  "summary_bg_k": 77.27241478251996,
  "summary_bg_mad": 1.9714715480804443,
  "summary_bg_mean": 149.64633178710938,
  "summary_bg_median": 1.3634231090545654,
  "summary_bg_n": 141254.0,
  "summary_bg_p05": 0.007433881005272271,
  "summary_bg_p95": 929.6420928955083,
  "summary_bg_stdv": 695.9075317382812,
  "summary_fg_k": 2.462236810776398,
  "summary_fg_mad": 2657.234375,
  "summary_fg_mean": 16721.970703125,
  "summary_fg_median": 16816.935546875,
  "summary_fg_n": 47315.0,
  "summary_fg_p05": 11774.869921875,
  "summary_fg_p95": 21384.6390625,
  "summary_fg_stdv": 3102.51708984375,
  "tsnr": 41.214088439941406
}