{
  "aor": 0.0006759259259259261,
  "aqi": 0.003407826,
  "bids_meta": {
    "AcquisitionNumber": 5,
    "BidsifyVersion": "0.3.5",
    "ConversionSoftware": "dcm2niix",
    "ConversionSoftwareVersion": "v1.0.20181125  GCC6.3.0",
    "EchoTime": 0.02762,
    "EffectiveEchoSpacing": 0.0006621159151938905,
    "ImageComments": "piop",
    "ImageOrientationPatientDICOM": [
      0.995286,
      -0.0513242,
      0.0822928,
      0.0600025,
      0.992478,
      -0.10671
    ],
    "Manufacturer": "Philips",
    "NumberOfVolumesDiscardedByScanner": 2,
    "ParallelAcquisitionTechnique": "SENSE",
    "ParallelReductionFactorInPlane": 2,
    "PatientPosition": "HFS",
    "PhaseEncodingDirection": "j",
    "PhilipsRescaleIntercept": 0,
    "PhilipsRescaleSlope": 0.78803,
    "PhilipsScaleSlope": 0.064683,
    "ProtocolName": "WIPpiopharririSENSE",
    "PulseSequenceType": "gradient echo EPI",
    "ReconMatrixPE": 80,
    "RepetitionTime": 2,
    "SeriesDescription": "ImageMRSERIES",
    "SeriesNumber": 5,
    "SliceEncodingDirection": "k",
    "SliceTiming": [
      0.0,
      0.0541,
      0.1081,
      0.1622,
      0.2162,
      0.2703,
      0.3243,
      0.3784,
      0.4324,
      0.4865,
      0.5405,
      0.5946,
      0.6486,
      0.7027,
      0.7568,
      0.8108,
      0.8649,
      0.9189,
      0.973,
      1.027,
      1.0811,
      1.1351,
      1.1892,
      1.2432,
      1.2973,
      1.3514,
      1.4054,
      1.4595,
      1.5135,
      1.5676,
      1.6216,
      1.6757,
      1.7297,
      1.7838,
      1.8378,
      1.8919,
      1.9459
    ],
    "TaskName": "emomatching",
    "TotalReadoutTime": 0.025822520692561732,
    "UsePhilipsFloatNotDisplayScaling": 1,
    "acq_id": "seq",
    "dataset": "unknown",
    "modality": "bold",
    "subject_id": "0052",
    "task_id": "emomatching"
  },
  "dummy_trs": 0,
  "dvars_nstd": 22.279938569626864,
  "dvars_std": 1.218968109253732,
  "dvars_vstd": 1.0066287542537313,
  "efc": 0.43418227830538914,
  "fber": 668336384.0,
  "fd_mean": 0.10390094630405391,
  "fd_num": 9,
  "fd_perc": 6.666666666666667,
  "fwhm_avg": 2.348895868895773,
  "fwhm_x": 2.26689,
  "fwhm_y": 2.639273333333333,
  "fwhm_z": 2.140524273353985,
  "gcor": 0.0385755,
  "gsr_x": -0.00445246696472168,
  "gsr_y": 0.009200767613947392,
  "provenance": {
    "md5sum": "6c44cf068006ed9316f2ba515d28fb0b",
    "settings": {
      "fd_thres": 0.2,
      "hmc_fsl": false
    },
    "software": "mriqc",
    "version": "0.15.0",
    "webapi_port": null,
    "webapi_url": "https://mriqc.nimh.nih.gov/api/v1"
  },
  "size_t": 135,
  "size_x": 80,
  "size_y": 80,
  "size_z": 37,
  "snr": 4.59743512128292,
  "spacing_tr": 2.0,
  "spacing_x": 3.0,
  "spacing_y": 3.0,
  "spacing_z": 3.299999952316284,
  "spikes_num": 1,
  "summary_bg_k": 79.47030280519901,
  "summary_bg_mad": 1.1545453071594238,
  "summary_bg_mean": 179.85458374023438,
  "summary_bg_median": 0.7917407155036926,
  "summary_bg_n": 146241.0,
  "summary_bg_p05": 0.002993108006194234,
  "summary_bg_p95": 1046.7579345703125,
  "summary_bg_stdv": 902.8118896484375,
  "summary_fg_k": 2.094576017888567,
  "summary_fg_mad": 4161.462890625,
  "summary_fg_mean": 22379.37890625,
  "summary_fg_median": 22096.2578125,
  "summary_fg_n": 47962.0,
  "summary_fg_p05": 15352.936083984376,
  "summary_fg_p95": 30013.172167968747,
  "summary_fg_stdv": 4806.1640625,
  "tsnr": 77.21730041503906
}