{
    "Manufacturer": "Philips",
    "PatientPosition": "HFS",
    "SeriesDescription": "ImageMRSERIES",
    "ProtocolName": "WIPt13dSENSE",
    "SeriesNumber": 4,
    "AcquisitionNumber": 4,
    "ImageComments": "piop",
    "PhilipsRescaleSlope": 9.42735,
    "PhilipsRescaleIntercept": 0,
    "PhilipsScaleSlope": 0.00716029,
    "UsePhilipsFloatNotDisplayScaling": 1,
    "EchoTime": 0.00374,
    "RepetitionTime": 0.008162,
    "ReconMatrixPE": 240,
    "ImageOrientationPatientDICOM": [
        0.999602,
        0.0158468,
        -0.0233272,
        -0.0167501,
        0.999097,
        -0.0390489
    ],
    "ConversionSoftware": "dcm2niix",
    "ConversionSoftwareVersion": "v1.0.20181125  GCC6.3.0",
    "BidsifyVersion": "0.3.5"
}