{
  "aor": 0.00012306060606060608,
  "aqi": 0.009665850363636362,
  "bids_meta": {
    "AcquisitionNumber": 2,
    "BidsifyVersion": "0.3.5",
    "ConversionSoftware": "dcm2niix",
    "ConversionSoftwareVersion": "v1.0.20181125  GCC6.3.0",
    "EchoTime": 0.02762,
    "EffectiveEchoSpacing": 0.0006333282667071997,
    "ImageComments": "PIOP",
    "ImageOrientationPatientDICOM": [
      0.998208,
      0.0577199,
      0.0157569,
      -0.0538863,
      0.98173,
      -0.182492
    ],
    "Manufacturer": "Philips",
    "NumberOfVolumesDiscardedByScanner": 2,
    "ParallelAcquisitionTechnique": "SENSE",
    "ParallelReductionFactorInPlane": 2,
    "PatientPosition": "HFS",
    "PhaseEncodingDirection": "j",
    "PhilipsRescaleIntercept": 0,
    "PhilipsRescaleSlope": 0.74261,
    "PhilipsScaleSlope": 0.0997667,
    "ProtocolName": "WIPpiopfacesSENSE",
    "PulseSequenceType": "gradient echo EPI",
    "ReconMatrixPE": 80,
    "RepetitionTime": 0.75,
    "SeriesDescription": "ImageMRSERIES",
    "SeriesNumber": 2,
    "SliceEncodingDirection": "k",
    "SliceTiming": [
      0.0,
      0.06755050505050506,
      0.1351010101010101,
      0.20265151515151517,
      0.2702020202020202,
      0.3377525252525253,
      0.40530303030303033,
      0.47285353535353536,
      0.5404040404040404,
      0.6079545454545455,
      0.6755050505050506,
      0.7430555555555556,
      0.0,
      0.06755050505050506,
      0.1351010101010101,
      0.20265151515151517,
      0.2702020202020202,
      0.3377525252525253,
      0.40530303030303033,
      0.47285353535353536,
      0.5404040404040404,
      0.6079545454545455,
      0.6755050505050506,
      0.7430555555555556,
      0.0,
      0.06755050505050506,
      0.1351010101010101,
      0.20265151515151517,
      0.2702020202020202,
      0.3377525252525253,
      0.40530303030303033,
      0.47285353535353536,
      0.5404040404040404,
      0.6079545454545455,
      0.6755050505050506,
      0.7430555555555556
    ],
    "TaskName": "faces",
    "TotalReadoutTime": 0.024699802401580786,
    "UsePhilipsFloatNotDisplayScaling": 1,
    "acq_id": "mb3",
    "dataset": "unknown",
    "modality": "bold",
    "subject_id": "0053",
    "task_id": "faces"
  },
  "dummy_trs": 0,
  "dvars_nstd": 27.857772340243166,
  "dvars_std": 1.080574993951368,
  "dvars_vstd": 0.9937012579027354,
  "efc": 0.4034276657834339,
  "fber": 492876512.0,
  "fd_mean": 0.06323238920022195,
  "fd_num": 1,
  "fd_perc": 0.30303030303030304,
  "fwhm_avg": 2.4787204148200765,
  "fwhm_x": 2.4167166666666664,
  "fwhm_y": 2.78139,
  "fwhm_z": 2.238054577793563,
  "gcor": 0.00913382,
  "gsr_x": -0.006653499789535999,
  "gsr_y": 0.003081540809944272,
  "provenance": {
    "md5sum": "c05c5754f43d3930eadd99628de58216",
    "settings": {
      "fd_thres": 0.2,
      "hmc_fsl": false
    },
    "software": "mriqc",
    "version": "0.15.0",
    "webapi_port": null,
    "webapi_url": "https://mriqc.nimh.nih.gov/api/v1"
  },
  "size_t": 330,
  "size_x": 80,
  "size_y": 80,
  "size_z": 36,
  "snr": 5.533525758745152,
  "spacing_tr": 0.75,
  "spacing_x": 3.0,
  "spacing_y": 3.0,
  "spacing_z": 3.299999952316284,
  "spikes_num": 0,
  "summary_bg_k": 59.061860378128145,
  "summary_bg_mad": 1.0273970365524292,
  "summary_bg_mean": 163.11831665039062,
  "summary_bg_median": 0.7014438509941101,
  "summary_bg_n": 151163.0,
  "summary_bg_p05": 0.0036493500228971243,
  "summary_bg_p95": 641.9810363769501,
  "summary_bg_stdv": 830.4290161132812,
  "summary_fg_k": 3.0412156859586723,
  "summary_fg_mad": 2513.80712890625,
  "summary_fg_mean": 17021.27734375,
  "summary_fg_median": 17145.771484375,
  "summary_fg_n": 38919.0,
  "summary_fg_p05": 12047.1443359375,
  "summary_fg_p95": 21611.7080078125,
  "summary_fg_stdv": 3098.48583984375,
  "tsnr": 48.80902099609375
}