{
  "aor": 0.002103877551020408,
  "aqi": 0.015406213877551022,
  "bids_meta": {
    "AcquisitionNumber": 3,
    "BidsifyVersion": "0.3.5",
    "ConversionSoftware": "dcm2niix",
    "ConversionSoftwareVersion": "v1.0.20181125  GCC6.3.0",
    "EchoTime": 0.02762,
    "EffectiveEchoSpacing": 0.0006621159151938905,
    "ImageComments": "PIOP",
    "ImageOrientationPatientDICOM": [
      0.997967,
      0.0608935,
      -0.018816,
      -0.0633114,
      0.981113,
      -0.182784
    ],
    "Manufacturer": "Philips",
    "NumberOfVolumesDiscardedByScanner": 2,
    "ParallelAcquisitionTechnique": "SENSE",
    "ParallelReductionFactorInPlane": 2,
    "PatientPosition": "HFS",
    "PhaseEncodingDirection": "j",
    "PhilipsRescaleIntercept": 0,
    "PhilipsRescaleSlope": 0.75385,
    "PhilipsScaleSlope": 0.0578154,
    "ProtocolName": "WIPpiopgstroopSENSE",
    "PulseSequenceType": "gradient echo EPI",
    "ReconMatrixPE": 80,
    "RepetitionTime": 2,
    "SeriesDescription": "ImageMRSERIES",
    "SeriesNumber": 3,
    "SliceEncodingDirection": "k",
    "SliceTiming": [
      0.0,
      0.0541,
      0.1081,
      0.1622,
      0.2162,
      0.2703,
      0.3243,
      0.3784,
      0.4324,
      0.4865,
      0.5405,
      0.5946,
      0.6486,
      0.7027,
      0.7568,
      0.8108,
      0.8649,
      0.9189,
      0.973,
      1.027,
      1.0811,
      1.1351,
      1.1892,
      1.2432,
      1.2973,
      1.3514,
      1.4054,
      1.4595,
      1.5135,
      1.5676,
      1.6216,
      1.6757,
      1.7297,
      1.7838,
      1.8378,
      1.8919,
      1.9459
    ],
    "TaskName": "gstroop",
    "TotalReadoutTime": 0.025822520692561732,
    "UsePhilipsFloatNotDisplayScaling": 1,
    "acq_id": "seq",
    "dataset": "unknown",
    "modality": "bold",
    "subject_id": "0053",
    "task_id": "gstroop"
  },
  "dummy_trs": 0,
  "dvars_nstd": 20.258844039303284,
  "dvars_std": 1.0461830708606557,
  "dvars_vstd": 0.898817154631148,
  "efc": 0.39734226319828303,
  "fber": 276959648.0,
  "fd_mean": 0.12048359570329083,
  "fd_num": 18,
  "fd_perc": 7.346938775510204,
  "fwhm_avg": 2.4091236470314192,
  "fwhm_x": 2.3356033333333333,
  "fwhm_y": 2.6769433333333335,
  "fwhm_z": 2.214824274427591,
  "gcor": 0.0135358,
  "gsr_x": -0.007227104622870684,
  "gsr_y": 0.004265683237463236,
  "provenance": {
    "md5sum": "1e4f71f3ed2f441da03dc056c901401d",
    "settings": {
      "fd_thres": 0.2,
      "hmc_fsl": false
    },
    "software": "mriqc",
    "version": "0.15.0",
    "webapi_port": null,
    "webapi_url": "https://mriqc.nimh.nih.gov/api/v1"
  },
  "size_t": 245,
  "size_x": 80,
  "size_y": 80,
  "size_z": 37,
  "snr": 4.627849477452498,
  "spacing_tr": 2.0,
  "spacing_x": 3.0,
  "spacing_y": 3.0,
  "spacing_z": 3.299999952316284,
  "spikes_num": 0,
  "summary_bg_k": 58.2218816916939,
  "summary_bg_mad": 1.7916145324707031,
  "summary_bg_mean": 213.92007446289062,
  "summary_bg_median": 1.2207893133163452,
  "summary_bg_n": 156631.0,
  "summary_bg_p05": 0.005003923084586859,
  "summary_bg_p95": 908.2962951660156,
  "summary_bg_stdv": 1036.7288818359375,
  "summary_fg_k": 2.423141898984122,
  "summary_fg_mad": 3987.30810546875,
  "summary_fg_mean": 22631.5703125,
  "summary_fg_median": 22459.912109375,
  "summary_fg_n": 39375.0,
  "summary_fg_p05": 15477.300390625001,
  "summary_fg_p95": 30249.3810546875,
  "summary_fg_stdv": 4853.1455078125,
  "tsnr": 43.63029479980469
}