{
  "aor": 0.0010657,
  "aqi": 0.00331035775,
  "bids_meta": {
    "AcquisitionNumber": 9,
    "BidsifyVersion": "0.3.5",
    "ConversionSoftware": "dcm2niix",
    "ConversionSoftwareVersion": "v1.0.20181125  GCC6.3.0",
    "EchoTime": 0.02762,
    "EffectiveEchoSpacing": 0.0006621159151938905,
    "ImageComments": "PIOP",
    "ImageOrientationPatientDICOM": [
      0.997967,
      0.0608935,
      -0.018816,
      -0.0633114,
      0.981113,
      -0.182784
    ],
    "Manufacturer": "Philips",
    "NumberOfVolumesDiscardedByScanner": 2,
    "ParallelAcquisitionTechnique": "SENSE",
    "ParallelReductionFactorInPlane": 2,
    "PatientPosition": "HFS",
    "PhaseEncodingDirection": "j",
    "PhilipsRescaleIntercept": 0,
    "PhilipsRescaleSlope": 0.7956,
    "PhilipsScaleSlope": 0.0595543,
    "ProtocolName": "WIPpiopanticipatieSENSE",
    "PulseSequenceType": "gradient echo EPI",
    "ReconMatrixPE": 80,
    "RepetitionTime": 2,
    "SeriesDescription": "ImageMRSERIES",
    "SeriesNumber": 9,
    "SliceEncodingDirection": "k",
    "SliceTiming": [
      0.0,
      0.0541,
      0.1081,
      0.1622,
      0.2162,
      0.2703,
      0.3243,
      0.3784,
      0.4324,
      0.4865,
      0.5405,
      0.5946,
      0.6486,
      0.7027,
      0.7568,
      0.8108,
      0.8649,
      0.9189,
      0.973,
      1.027,
      1.0811,
      1.1351,
      1.1892,
      1.2432,
      1.2973,
      1.3514,
      1.4054,
      1.4595,
      1.5135,
      1.5676,
      1.6216,
      1.6757,
      1.7297,
      1.7838,
      1.8378,
      1.8919,
      1.9459
    ],
    "TaskName": "anticipation",
    "TotalReadoutTime": 0.025822520692561732,
    "UsePhilipsFloatNotDisplayScaling": 1,
    "acq_id": "seq",
    "dataset": "unknown",
    "modality": "bold",
    "subject_id": "0053",
    "task_id": "anticipation"
  },
  "dummy_trs": 0,
  "dvars_nstd": 20.179198638592972,
  "dvars_std": 1.165297006834171,
  "dvars_vstd": 0.9967101696984925,
  "efc": 0.3938532605261861,
  "fber": 222940000.0,
  "fd_mean": 0.1319456776634258,
  "fd_num": 33,
  "fd_perc": 16.5,
  "fwhm_avg": 2.4219310207277505,
  "fwhm_x": 2.36009,
  "fwhm_y": 2.6994000000000002,
  "fwhm_z": 2.206303062183251,
  "gcor": 0.0240934,
  "gsr_x": -0.006117362529039383,
  "gsr_y": 0.00425200629979372,
  "provenance": {
    "md5sum": "8fba6e3180e70f73b00801aa82035a6a",
    "settings": {
      "fd_thres": 0.2,
      "hmc_fsl": false
    },
    "software": "mriqc",
    "version": "0.15.0",
    "webapi_port": null,
    "webapi_url": "https://mriqc.nimh.nih.gov/api/v1"
  },
  "size_t": 200,
  "size_x": 80,
  "size_y": 80,
  "size_z": 37,
  "snr": 4.462383122826916,
  "spacing_tr": 2.0,
  "spacing_x": 3.0,
  "spacing_y": 3.0,
  "spacing_z": 3.299999952316284,
  "spikes_num": 4,
  "summary_bg_k": 58.381088185801616,
  "summary_bg_mad": 2.044748306274414,
  "summary_bg_mean": 200.1779022216797,
  "summary_bg_median": 1.3924643993377686,
  "summary_bg_n": 156916.0,
  "summary_bg_p05": 0.003450066375080496,
  "summary_bg_p95": 633.4532318115234,
  "summary_bg_stdv": 1049.0435791015625,
  "summary_fg_k": 2.2591262756549613,
  "summary_fg_mad": 4023.55078125,
  "summary_fg_mean": 21953.1171875,
  "summary_fg_median": 21749.462890625,
  "summary_fg_n": 39091.0,
  "summary_fg_p05": 14828.05126953125,
  "summary_fg_p95": 29695.935546875,
  "summary_fg_stdv": 4873.89453125,
  "tsnr": 77.47256469726562
}