{
  "aor": 0.0010938888888888888,
  "aqi": 0.0051007719753086425,
  "bids_meta": {
    "AcquisitionNumber": 8,
    "BidsifyVersion": "0.3.5",
    "ConversionSoftware": "dcm2niix",
    "ConversionSoftwareVersion": "v1.0.20181125  GCC6.3.0",
    "EchoTime": 0.02762,
    "EffectiveEchoSpacing": 0.0006621159151938905,
    "ImageComments": "PIOP",
    "ImageOrientationPatientDICOM": [
      0.997967,
      0.0608935,
      -0.018816,
      -0.0633114,
      0.981113,
      -0.182784
    ],
    "Manufacturer": "Philips",
    "NumberOfVolumesDiscardedByScanner": 2,
    "ParallelAcquisitionTechnique": "SENSE",
    "ParallelReductionFactorInPlane": 2,
    "PatientPosition": "HFS",
    "PhaseEncodingDirection": "j",
    "PhilipsRescaleIntercept": 0,
    "PhilipsRescaleSlope": 0.78803,
    "PhilipsScaleSlope": 0.0592909,
    "ProtocolName": "WIPpiopwmSENSE",
    "PulseSequenceType": "gradient echo EPI",
    "ReconMatrixPE": 80,
    "RepetitionTime": 2,
    "SeriesDescription": "ImageMRSERIES",
    "SeriesNumber": 8,
    "SliceEncodingDirection": "k",
    "SliceTiming": [
      0.0,
      0.0541,
      0.1081,
      0.1622,
      0.2162,
      0.2703,
      0.3243,
      0.3784,
      0.4324,
      0.4865,
      0.5405,
      0.5946,
      0.6486,
      0.7027,
      0.7568,
      0.8108,
      0.8649,
      0.9189,
      0.973,
      1.027,
      1.0811,
      1.1351,
      1.1892,
      1.2432,
      1.2973,
      1.3514,
      1.4054,
      1.4595,
      1.5135,
      1.5676,
      1.6216,
      1.6757,
      1.7297,
      1.7838,
      1.8378,
      1.8919,
      1.9459
    ],
    "TaskName": "workingmemory",
    "TotalReadoutTime": 0.025822520692561732,
    "UsePhilipsFloatNotDisplayScaling": 1,
    "acq_id": "seq",
    "dataset": "unknown",
    "modality": "bold",
    "subject_id": "0053",
    "task_id": "workingmemory"
  },
  "dummy_trs": 0,
  "dvars_nstd": 21.425403944347824,
  "dvars_std": 1.1713741532298134,
  "dvars_vstd": 0.9975687366459624,
  "efc": 0.3949069872537854,
  "fber": 364782112.0,
  "fd_mean": 0.13263218751268305,
  "fd_num": 17,
  "fd_perc": 10.493827160493828,
  "fwhm_avg": 2.4370445562103398,
  "fwhm_x": 2.37261,
  "fwhm_y": 2.7054266666666664,
  "fwhm_z": 2.2330970019643526,
  "gcor": 0.0207684,
  "gsr_x": -0.006513056345283985,
  "gsr_y": 0.004078350495547056,
  "provenance": {
    "md5sum": "7bbf8180ff48e26931259ea9073f8f20",
    "settings": {
      "fd_thres": 0.2,
      "hmc_fsl": false
    },
    "software": "mriqc",
    "version": "0.15.0",
    "webapi_port": null,
    "webapi_url": "https://mriqc.nimh.nih.gov/api/v1"
  },
  "size_t": 162,
  "size_x": 80,
  "size_y": 80,
  "size_z": 37,
  "snr": 4.416593132336461,
  "spacing_tr": 2.0,
  "spacing_x": 3.0,
  "spacing_y": 3.0,
  "spacing_z": 3.299999952316284,
  "spikes_num": 0,
  "summary_bg_k": 58.63573426572184,
  "summary_bg_mad": 1.5713779926300049,
  "summary_bg_mean": 204.52378845214844,
  "summary_bg_median": 1.0727591514587402,
  "summary_bg_n": 156755.0,
  "summary_bg_p05": 0.0052231780253350745,
  "summary_bg_p95": 637.9352539062454,
  "summary_bg_stdv": 1054.780029296875,
  "summary_fg_k": 2.0967649083996625,
  "summary_fg_mad": 4096.4501953125,
  "summary_fg_mean": 22076.083984375,
  "summary_fg_median": 21879.181640625,
  "summary_fg_n": 39275.0,
  "summary_fg_p05": 14702.515625,
  "summary_fg_p95": 29953.690039062494,
  "summary_fg_stdv": 4953.79638671875,
  "tsnr": 65.53634643554688
}