{
    "Manufacturer": "Philips",
    "PatientPosition": "HFS",
    "SeriesDescription": "ImageMRSERIES",
    "ProtocolName": "WIPt13dSENSE",
    "SeriesNumber": 4,
    "AcquisitionNumber": 4,
    "ImageComments": "Piop",
    "PhilipsRescaleSlope": 9.30281,
    "PhilipsRescaleIntercept": 0,
    "PhilipsScaleSlope": 0.00736662,
    "UsePhilipsFloatNotDisplayScaling": 1,
    "EchoTime": 0.00377,
    "RepetitionTime": 0.008199,
    "ReconMatrixPE": 240,
    "ImageOrientationPatientDICOM": [
        0.998766,
        -0.0456494,
        0.019535,
        0.0469259,
        0.996384,
        -0.0708328
    ],
    "ConversionSoftware": "dcm2niix",
    "ConversionSoftwareVersion": "v1.0.20181125  GCC6.3.0",
    "BidsifyVersion": "0.3.5"
}