{
  "bids_meta": {
    "AcquisitionNumber": 4,
    "BidsifyVersion": "0.3.5",
    "ConversionSoftware": "dcm2niix",
    "ConversionSoftwareVersion": "v1.0.20181125  GCC6.3.0",
    "EchoTime": 0.00382,
    "ImageComments": "Piop",
    "ImageOrientationPatientDICOM": [
      0.996821,
      -0.0142418,
      0.0783885,
      0.0264509,
      0.987245,
      -0.156996
    ],
    "Manufacturer": "Philips",
    "PatientPosition": "HFS",
    "PhilipsRescaleIntercept": 0,
    "PhilipsRescaleSlope": 9.26642,
    "PhilipsScaleSlope": 0.00711325,
    "ProtocolName": "WIPt13dSENSE",
    "ReconMatrixPE": 240,
    "RepetitionTime": 0.008337,
    "SeriesDescription": "ImageMRSERIES",
    "SeriesNumber": 4,
    "UsePhilipsFloatNotDisplayScaling": 1,
    "dataset": "unknown",
    "modality": "T1w",
    "subject_id": "0158"
  },
  "cjv": 0.31591493405166743,
  "cnr": 3.9079473601645764,
  "efc": 0.7893117298797822,
  "fber": 1169.915283203125,
  "fwhm_avg": 3.415226666666667,
  "fwhm_x": 3.41077,
  "fwhm_y": 3.5238,
  "fwhm_z": 3.31111,
  "icvs_csf": 0.19351170134766102,
  "icvs_gm": 0.453406058290216,
  "icvs_wm": 0.353082240362123,
  "inu_med": 2.90407133102417,
  "inu_range": 1.0309115290641788,
  "provenance": {
    "md5sum": "e6de5349b2146888caaeffd67c23550b",
    "settings": {
      "testing": false
    },
    "software": "mriqc",
    "version": "0.15.0",
    "warnings": {
      "large_rot_frame": true,
      "small_air_mask": true
    },
    "webapi_port": null,
    "webapi_url": "https://mriqc.nimh.nih.gov/api/v1"
  },
  "qi_1": 0.0,
  "qi_2": 0.00011978425394243287,
  "rpve_csf": 25.00732253601043,
  "rpve_gm": 11.995205019303906,
  "rpve_wm": 18.62564626766095,
  "size_x": 240,
  "size_y": 240,
  "size_z": 220,
  "snr_csf": 1.4412403213089462,
  "snr_gm": 6.843235331933938,
  "snr_total": 8.789610395987687,
  "snr_wm": 18.084355534720178,
  "snrd_csf": 15.084829853358357,
  "snrd_gm": 36.685231167648666,
  "snrd_total": 37.892408834781286,
  "snrd_wm": 61.90716548333683,
  "spacing_x": 1.0,
  "spacing_y": 1.0,
  "spacing_z": 1.0,
  "summary_bg_k": 335.70681208825306,
  "summary_bg_mad": 10.582529067993164,
  "summary_bg_mean": 16.724220275878906,
  "summary_bg_median": 14.220649719238281,
  "summary_bg_n": 77888.0,
  "summary_bg_p05": 0.0,
  "summary_bg_p95": 42.56254329681396,
  "summary_bg_stdv": 17.68497085571289,
  "summary_csf_k": 46.892529496674854,
  "summary_csf_mad": 148.37237548828125,
  "summary_csf_mean": 258.15533447265625,
  "summary_csf_median": 243.66781616210938,
  "summary_csf_n": 6236.0,
  "summary_csf_p05": 73.9920768737793,
  "summary_csf_p95": 458.7403793334961,
  "summary_csf_stdv": 169.05458068847656,
  "summary_gm_k": 0.4396658293384945,
  "summary_gm_mad": 79.58091735839844,
  "summary_gm_mean": 596.6616821289062,
  "summary_gm_median": 592.582763671875,
  "summary_gm_n": 25118.0,
  "summary_gm_p05": 460.18360137939453,
  "summary_gm_p95": 748.72373046875,
  "summary_gm_stdv": 86.59222412109375,
  "summary_wm_k": 1.4553523115736233,
  "summary_wm_mad": 49.1273078918457,
  "summary_wm_mean": 996.49462890625,
  "summary_wm_median": 999.9969482421875,
  "summary_wm_n": 214678.0,
  "summary_wm_p05": 900.1024414062499,
  "summary_wm_p95": 1078.8768676757813,
  "summary_wm_stdv": 55.29611587524414,
  "tpm_overlap_csf": 0.21302106976509094,
  "tpm_overlap_gm": 0.5237129330635071,
  "tpm_overlap_wm": 0.5528078675270081,
  "wm2max": 0.6243038260440572
}