{
    "Manufacturer": "Philips",
    "PatientPosition": "HFS",
    "SeriesDescription": "ImageMRSERIES",
    "ProtocolName": "WIPpiopharririSENSE",
    "SeriesNumber": 5,
    "AcquisitionNumber": 5,
    "ImageComments": "Piop",
    "PhilipsRescaleSlope": 0.8486,
    "PhilipsRescaleIntercept": 0,
    "PhilipsScaleSlope": 0.0512588,
    "UsePhilipsFloatNotDisplayScaling": 1,
    "EchoTime": 0.02762,
    "RepetitionTime": 2,
    "ReconMatrixPE": 80,
    "ImageOrientationPatientDICOM": [
        0.999925,
        0.00854606,
        0.00878249,
        -0.00715543,
        0.989006,
        -0.147703
    ],
    "ConversionSoftware": "dcm2niix",
    "ConversionSoftwareVersion": "v1.0.20181125  GCC6.3.0",
    "BidsifyVersion": "0.3.5",
    "SliceEncodingDirection": "k",
    "PhaseEncodingDirection": "j",
    "ParallelAcquisitionTechnique": "SENSE",
    "ParallelReductionFactorInPlane": 2,
    "NumberOfVolumesDiscardedByScanner": 2,
    "PulseSequenceType": "gradient echo EPI",
    "TaskName": "emomatching"
}