{
  "aor": 0.00010546413502109706,
  "aqi": 0.008209042974683544,
  "bids_meta": {
    "AcquisitionNumber": 6,
    "BidsifyVersion": "0.3.5",
    "ConversionSoftware": "dcm2niix",
    "ConversionSoftwareVersion": "v1.0.20181125  GCC6.3.0",
    "EchoTime": 0.02762,
    "ImageComments": "piop",
    "ImageOrientationPatientDICOM": [
      0.99913,
      -0.0380884,
      0.0169564,
      0.0406532,
      0.980251,
      -0.193534
    ],
    "Manufacturer": "Philips",
    "NumberOfVolumesDiscardedByScanner": 2,
    "ParallelAcquisitionTechnique": "SENSE",
    "ParallelReductionFactorInPlane": 2,
    "PatientPosition": "HFS",
    "PhaseEncodingDirection": "j",
    "PhilipsRescaleIntercept": 0,
    "PhilipsRescaleSlope": 0.81197,
    "PhilipsScaleSlope": 0.095167,
    "ProtocolName": "WIPpioprsSENSE",
    "PulseSequenceType": "gradient echo EPI",
    "ReconMatrixPE": 80,
    "RepetitionTime": 0.75,
    "SeriesDescription": "ImageMRSERIES",
    "SeriesNumber": 6,
    "SliceEncodingDirection": "k",
    "TaskName": "restingstate",
    "UsePhilipsFloatNotDisplayScaling": 1,
    "acq_id": "mb3",
    "dataset": "unknown",
    "modality": "bold",
    "subject_id": "0023",
    "task_id": "restingstate"
  },
  "dummy_trs": 6,
  "dvars_nstd": 32.49434232410152,
  "dvars_std": 1.188773325052854,
  "dvars_vstd": 0.9970045962156445,
  "efc": 0.4011485307280275,
  "fber": 1769718656.0,
  "fd_mean": 0.15319643790870005,
  "fd_num": 149,
  "fd_perc": 31.434599156118143,
  "fwhm_avg": 2.419905263465418,
  "fwhm_x": 2.345753333333333,
  "fwhm_y": 2.642586666666667,
  "fwhm_z": 2.2713757903962537,
  "gcor": 0.0156846,
  "gsr_x": -0.00742204999551177,
  "gsr_y": 0.001169621478766203,
  "provenance": {
    "md5sum": "fb40a44d781472be6efc6cae05e5a299",
    "settings": {
      "fd_thres": 0.2,
      "hmc_fsl": false
    },
    "software": "mriqc",
    "version": "0.15.0",
    "webapi_port": null,
    "webapi_url": "https://mriqc.nimh.nih.gov/api/v1"
  },
  "size_t": 474,
  "size_x": 80,
  "size_y": 80,
  "size_z": 36,
  "snr": 5.2748828397824035,
  "spacing_tr": 0.75,
  "spacing_x": 3.0,
  "spacing_y": 3.0,
  "spacing_z": 3.299999952316284,
  "spikes_num": 1,
  "summary_bg_k": 93.72413309347023,
  "summary_bg_mad": 0.5181671977043152,
  "summary_bg_mean": 124.86260223388672,
  "summary_bg_median": 0.35223039984703064,
  "summary_bg_n": 150419.0,
  "summary_bg_p05": 0.0007942860480397941,
  "summary_bg_p95": 485.504159545904,
  "summary_bg_stdv": 743.6254272460938,
  "summary_fg_k": 2.536872727002356,
  "summary_fg_mad": 2538.56396484375,
  "summary_fg_mean": 15727.560546875,
  "summary_fg_median": 15854.13671875,
  "summary_fg_n": 40262.0,
  "summary_fg_p05": 10823.584423828124,
  "summary_fg_p95": 20167.540234375,
  "summary_fg_stdv": 3005.552978515625,
  "tsnr": 50.15980911254883
}