{
  "aor": 0.0010938888888888888,
  "aqi": 0.0029854505555555557,
  "bids_meta": {
    "AcquisitionNumber": 8,
    "BidsifyVersion": "0.3.5",
    "ConversionSoftware": "dcm2niix",
    "ConversionSoftwareVersion": "v1.0.20181125  GCC6.3.0",
    "EchoTime": 0.02762,
    "ImageComments": "piop",
    "ImageOrientationPatientDICOM": [
      0.998738,
      0.0271689,
      -0.0422305,
      -0.036273,
      0.971902,
      -0.232575
    ],
    "Manufacturer": "Philips",
    "NumberOfVolumesDiscardedByScanner": 2,
    "ParallelAcquisitionTechnique": "SENSE",
    "ParallelReductionFactorInPlane": 2,
    "PatientPosition": "HFS",
    "PhaseEncodingDirection": "j",
    "PhilipsRescaleIntercept": 0,
    "PhilipsRescaleSlope": 0.80415,
    "PhilipsScaleSlope": 0.058984,
    "ProtocolName": "WIPpiopwmSENSE",
    "PulseSequenceType": "gradient echo EPI",
    "ReconMatrixPE": 80,
    "RepetitionTime": 2,
    "SeriesDescription": "ImageMRSERIES",
    "SeriesNumber": 8,
    "SliceEncodingDirection": "k",
    "TaskName": "workingmemory",
    "UsePhilipsFloatNotDisplayScaling": 1,
    "acq_id": "seq",
    "dataset": "unknown",
    "modality": "bold",
    "subject_id": "0160",
    "task_id": "workingmemory"
  },
  "dummy_trs": 0,
  "dvars_nstd": 24.618581357577643,
  "dvars_std": 1.3457651422360244,
  "dvars_vstd": 1.0069120590683225,
  "efc": 0.39989847588351507,
  "fber": 867261824.0,
  "fd_mean": 0.10984745750763594,
  "fd_num": 8,
  "fd_perc": 4.938271604938271,
  "fwhm_avg": 2.3352596063768605,
  "fwhm_x": 2.294913333333333,
  "fwhm_y": 2.5480533333333333,
  "fwhm_z": 2.162812152463915,
  "gcor": 0.0163601,
  "gsr_x": -0.0023447705898433924,
  "gsr_y": 0.0027361081447452307,
  "provenance": {
    "md5sum": "c67970a0124e5891e995f5460b2286a2",
    "settings": {
      "fd_thres": 0.2,
      "hmc_fsl": false
    },
    "software": "mriqc",
    "version": "0.15.0",
    "webapi_port": null,
    "webapi_url": "https://mriqc.nimh.nih.gov/api/v1"
  },
  "size_t": 162,
  "size_x": 80,
  "size_y": 80,
  "size_z": 37,
  "snr": 4.426911347218278,
  "spacing_tr": 2.0,
  "spacing_x": 3.0,
  "spacing_y": 3.0,
  "spacing_z": 3.299999952316284,
  "spikes_num": 1,
  "summary_bg_k": 103.90154394549997,
  "summary_bg_mad": 1.0641562938690186,
  "summary_bg_mean": 209.32838439941406,
  "summary_bg_median": 0.7240075469017029,
  "summary_bg_n": 154189.0,
  "summary_bg_p05": 0.0027931041549891233,
  "summary_bg_p95": 723.2140258789068,
  "summary_bg_stdv": 1247.6580810546875,
  "summary_fg_k": 1.71079237662763,
  "summary_fg_mad": 4514.888671875,
  "summary_fg_mean": 24132.8125,
  "summary_fg_median": 23796.541015625,
  "summary_fg_n": 41223.0,
  "summary_fg_p05": 15958.150781249999,
  "summary_fg_p95": 33006.818359375,
  "summary_fg_stdv": 5375.3623046875,
  "tsnr": 80.1313705444336
}