{
  "aor": 0.0004807352941176471,
  "aqi": 0.014251105378151259,
  "bids_meta": {
    "AcquisitionNumber": 6,
    "BidsifyVersion": "0.3.5",
    "ConversionSoftware": "dcm2niix",
    "ConversionSoftwareVersion": "v1.0.20181125  GCC6.3.0",
    "EchoTime": 0.02762,
    "EffectiveEchoSpacing": 0.0006333282667071997,
    "ImageComments": "piop",
    "ImageOrientationPatientDICOM": [
      0.998261,
      0.0495719,
      0.0319036,
      -0.0413159,
      0.974356,
      -0.221184
    ],
    "Manufacturer": "Philips",
    "NumberOfVolumesDiscardedByScanner": 2,
    "ParallelAcquisitionTechnique": "SENSE",
    "ParallelReductionFactorInPlane": 2,
    "PatientPosition": "HFS",
    "PhaseEncodingDirection": "j",
    "PhilipsRescaleIntercept": 0,
    "PhilipsRescaleSlope": 0.80586,
    "PhilipsScaleSlope": 0.0867499,
    "ProtocolName": "WIPpioprsSENSE",
    "PulseSequenceType": "gradient echo EPI",
    "ReconMatrixPE": 80,
    "RepetitionTime": 0.75,
    "SeriesDescription": "ImageMRSERIES",
    "SeriesNumber": 6,
    "SliceEncodingDirection": "k",
    "SliceTiming": [
      0.0,
      0.06755050505050506,
      0.1351010101010101,
      0.20265151515151517,
      0.2702020202020202,
      0.3377525252525253,
      0.40530303030303033,
      0.47285353535353536,
      0.5404040404040404,
      0.6079545454545455,
      0.6755050505050506,
      0.7430555555555556,
      0.0,
      0.06755050505050506,
      0.1351010101010101,
      0.20265151515151517,
      0.2702020202020202,
      0.3377525252525253,
      0.40530303030303033,
      0.47285353535353536,
      0.5404040404040404,
      0.6079545454545455,
      0.6755050505050506,
      0.7430555555555556,
      0.0,
      0.06755050505050506,
      0.1351010101010101,
      0.20265151515151517,
      0.2702020202020202,
      0.3377525252525253,
      0.40530303030303033,
      0.47285353535353536,
      0.5404040404040404,
      0.6079545454545455,
      0.6755050505050506,
      0.7430555555555556
    ],
    "TaskName": "restingstate",
    "TotalReadoutTime": 0.024699802401580786,
    "UsePhilipsFloatNotDisplayScaling": 1,
    "acq_id": "mb3",
    "dataset": "unknown",
    "modality": "bold",
    "subject_id": "0027",
    "task_id": "restingstate"
  },
  "dummy_trs": 4,
  "dvars_nstd": 25.200688091052626,
  "dvars_std": 1.0622612665052638,
  "dvars_vstd": 0.9503673489894728,
  "efc": 0.3980411810035685,
  "fber": 123677784.0,
  "fd_mean": 0.11597399728374021,
  "fd_num": 37,
  "fd_perc": 7.773109243697479,
  "fwhm_avg": 2.525624556543805,
  "fwhm_x": 2.4453033333333334,
  "fwhm_y": 2.82924,
  "fwhm_z": 2.3023303362980805,
  "gcor": 0.0119479,
  "gsr_x": -0.008363104425370693,
  "gsr_y": 0.0031027498189359903,
  "provenance": {
    "md5sum": "7b531839e5bd95ec958cb71d90193540",
    "settings": {
      "fd_thres": 0.2,
      "hmc_fsl": false
    },
    "software": "mriqc",
    "version": "0.15.0",
    "webapi_port": null,
    "webapi_url": "https://mriqc.nimh.nih.gov/api/v1"
  },
  "size_t": 476,
  "size_x": 80,
  "size_y": 80,
  "size_z": 36,
  "snr": 5.574327391483039,
  "spacing_tr": 0.75,
  "spacing_x": 3.0,
  "spacing_y": 3.0,
  "spacing_z": 3.299999952316284,
  "spikes_num": 0,
  "summary_bg_k": 69.23409738543987,
  "summary_bg_mad": 2.255702495574951,
  "summary_bg_mean": 192.11863708496094,
  "summary_bg_median": 1.5514580011367798,
  "summary_bg_n": 151759.0,
  "summary_bg_p05": 0.0157257666811347,
  "summary_bg_p95": 794.574523925783,
  "summary_bg_stdv": 1009.4725341796875,
  "summary_fg_k": 2.7427927208480307,
  "summary_fg_mad": 2897.6142578125,
  "summary_fg_mean": 18884.927734375,
  "summary_fg_median": 19115.53125,
  "summary_fg_n": 38316.0,
  "summary_fg_p05": 13289.739990234375,
  "summary_fg_p95": 23873.5048828125,
  "summary_fg_stdv": 3429.163818359375,
  "tsnr": 42.237220764160156
}