{
  "aor": 0.0004220208333333334,
  "aqi": 0.013280006979166667,
  "bids_meta": {
    "AcquisitionNumber": 6,
    "BidsifyVersion": "0.3.5",
    "ConversionSoftware": "dcm2niix",
    "ConversionSoftwareVersion": "v1.0.20181125  GCC6.3.0",
    "EchoTime": 0.02762,
    "ImageComments": "piop",
    "ImageOrientationPatientDICOM": [
      0.999569,
      0.0279658,
      0.00898293,
      -0.0256509,
      0.980083,
      -0.196926
    ],
    "Manufacturer": "Philips",
    "NumberOfVolumesDiscardedByScanner": 2,
    "ParallelAcquisitionTechnique": "SENSE",
    "ParallelReductionFactorInPlane": 2,
    "PatientPosition": "HFS",
    "PhaseEncodingDirection": "j",
    "PhilipsRescaleIntercept": 0,
    "PhilipsRescaleSlope": 0.84567,
    "PhilipsScaleSlope": 0.0884195,
    "ProtocolName": "WIPpioprsSENSE",
    "PulseSequenceType": "gradient echo EPI",
    "ReconMatrixPE": 80,
    "RepetitionTime": 0.75,
    "SeriesDescription": "ImageMRSERIES",
    "SeriesNumber": 6,
    "SliceEncodingDirection": "k",
    "TaskName": "restingstate",
    "UsePhilipsFloatNotDisplayScaling": 1,
    "acq_id": "mb3",
    "dataset": "unknown",
    "modality": "bold",
    "subject_id": "0168",
    "task_id": "restingstate"
  },
  "dummy_trs": 0,
  "dvars_nstd": 33.3136247506472,
  "dvars_std": 1.1595117158037573,
  "dvars_vstd": 0.9935839736325683,
  "efc": 0.44962491651096065,
  "fber": 195056800.0,
  "fd_mean": 0.09463218572162366,
  "fd_num": 7,
  "fd_perc": 1.4583333333333333,
  "fwhm_avg": 2.5022704150074397,
  "fwhm_x": 2.346713333333333,
  "fwhm_y": 2.8831433333333334,
  "fwhm_z": 2.276954578355653,
  "gcor": 0.00832135,
  "gsr_x": -0.006766166538000107,
  "gsr_y": 0.01377958245575428,
  "provenance": {
    "md5sum": "ca96c1313efa3e1041af0f00c622176f",
    "settings": {
      "fd_thres": 0.2,
      "hmc_fsl": false
    },
    "software": "mriqc",
    "version": "0.15.0",
    "webapi_port": null,
    "webapi_url": "https://mriqc.nimh.nih.gov/api/v1"
  },
  "size_t": 480,
  "size_x": 80,
  "size_y": 80,
  "size_z": 36,
  "snr": 6.019577647461629,
  "spacing_tr": 0.75,
  "spacing_x": 3.0,
  "spacing_y": 3.0,
  "spacing_z": 3.299999952316284,
  "spikes_num": 0,
  "summary_bg_k": 45.47592169994825,
  "summary_bg_mad": 1.5897538661956787,
  "summary_bg_mean": 238.7132568359375,
  "summary_bg_median": 1.085220217704773,
  "summary_bg_n": 141477.0,
  "summary_bg_p05": 0.0055457323789596565,
  "summary_bg_p95": 1224.7006103515573,
  "summary_bg_stdv": 1102.57373046875,
  "summary_fg_k": 3.874287940601482,
  "summary_fg_mad": 2316.305419921875,
  "summary_fg_mean": 16916.3515625,
  "summary_fg_median": 17091.9765625,
  "summary_fg_n": 47629.0,
  "summary_fg_p05": 12383.690039062501,
  "summary_fg_p95": 20970.735546875,
  "summary_fg_stdv": 2839.3681640625,
  "tsnr": 46.04583740234375
}