{
  "aor": 0.00019820408163265306,
  "aqi": 0.004342825469387754,
  "bids_meta": {
    "AcquisitionNumber": 3,
    "BidsifyVersion": "0.3.5",
    "ConversionSoftware": "dcm2niix",
    "ConversionSoftwareVersion": "v1.0.20181125  GCC6.3.0",
    "EchoTime": 0.02762,
    "ImageComments": "piop",
    "ImageOrientationPatientDICOM": [
      0.999569,
      0.0279658,
      0.00898293,
      -0.0256509,
      0.980083,
      -0.196926
    ],
    "Manufacturer": "Philips",
    "NumberOfVolumesDiscardedByScanner": 2,
    "ParallelAcquisitionTechnique": "SENSE",
    "ParallelReductionFactorInPlane": 2,
    "PatientPosition": "HFS",
    "PhaseEncodingDirection": "j",
    "PhilipsRescaleIntercept": 0,
    "PhilipsRescaleSlope": 0.76166,
    "PhilipsScaleSlope": 0.0646948,
    "ProtocolName": "WIPpiopgstroopSENSE",
    "PulseSequenceType": "gradient echo EPI",
    "ReconMatrixPE": 80,
    "RepetitionTime": 2,
    "SeriesDescription": "ImageMRSERIES",
    "SeriesNumber": 3,
    "SliceEncodingDirection": "k",
    "TaskName": "gstroop",
    "UsePhilipsFloatNotDisplayScaling": 1,
    "acq_id": "seq",
    "dataset": "unknown",
    "modality": "bold",
    "subject_id": "0168",
    "task_id": "gstroop"
  },
  "dummy_trs": 0,
  "dvars_nstd": 23.00844197188524,
  "dvars_std": 1.2219290778278689,
  "dvars_vstd": 0.9662912269262296,
  "efc": 0.4416805589408486,
  "fber": 246854624.0,
  "fd_mean": 0.07222929966732956,
  "fd_num": 0,
  "fd_perc": 0.0,
  "fwhm_avg": 2.414255667162505,
  "fwhm_x": 2.2853,
  "fwhm_y": 2.75737,
  "fwhm_z": 2.2000970014875154,
  "gcor": 0.0212151,
  "gsr_x": -0.00628564553335309,
  "gsr_y": 0.013807222247123718,
  "provenance": {
    "md5sum": "3784d966d83ce74dc00c4de2a569c511",
    "settings": {
      "fd_thres": 0.2,
      "hmc_fsl": false
    },
    "software": "mriqc",
    "version": "0.15.0",
    "webapi_port": null,
    "webapi_url": "https://mriqc.nimh.nih.gov/api/v1"
  },
  "size_t": 245,
  "size_x": 80,
  "size_y": 80,
  "size_z": 37,
  "snr": 5.068609972474797,
  "spacing_tr": 2.0,
  "spacing_x": 3.0,
  "spacing_y": 3.0,
  "spacing_z": 3.299999952316284,
  "spikes_num": 0,
  "summary_bg_k": 58.204811086977635,
  "summary_bg_mad": 1.861015796661377,
  "summary_bg_mean": 295.771484375,
  "summary_bg_median": 1.2647744417190552,
  "summary_bg_n": 146469.0,
  "summary_bg_p05": 0.0053514610975980755,
  "summary_bg_p95": 1464.9650146484382,
  "summary_bg_stdv": 1446.7452392578125,
  "summary_fg_k": 2.4591620410445936,
  "summary_fg_mad": 3986.025390625,
  "summary_fg_mean": 23135.859375,
  "summary_fg_median": 23071.31640625,
  "summary_fg_n": 48309.0,
  "summary_fg_p05": 16359.851757812501,
  "summary_fg_p95": 30126.007421874998,
  "summary_fg_stdv": 4551.75634765625,
  "tsnr": 73.375244140625
}