{
  "aor": 7.812121212121212e-05,
  "aqi": 0.01058100890909091,
  "bids_meta": {
    "AcquisitionNumber": 2,
    "BidsifyVersion": "0.3.5",
    "ConversionSoftware": "dcm2niix",
    "ConversionSoftwareVersion": "v1.0.20181125  GCC6.3.0",
    "EchoTime": 0.02762,
    "ImageComments": "piop",
    "ImageOrientationPatientDICOM": [
      0.999569,
      0.0279658,
      0.00898293,
      -0.0256509,
      0.980083,
      -0.196926
    ],
    "Manufacturer": "Philips",
    "NumberOfVolumesDiscardedByScanner": 2,
    "ParallelAcquisitionTechnique": "SENSE",
    "ParallelReductionFactorInPlane": 2,
    "PatientPosition": "HFS",
    "PhaseEncodingDirection": "j",
    "PhilipsRescaleIntercept": 0,
    "PhilipsRescaleSlope": 0.83712,
    "PhilipsScaleSlope": 0.0947159,
    "ProtocolName": "WIPpiopfacesSENSE",
    "PulseSequenceType": "gradient echo EPI",
    "ReconMatrixPE": 80,
    "RepetitionTime": 0.75,
    "SeriesDescription": "ImageMRSERIES",
    "SeriesNumber": 2,
    "SliceEncodingDirection": "k",
    "TaskName": "faces",
    "UsePhilipsFloatNotDisplayScaling": 1,
    "acq_id": "mb3",
    "dataset": "unknown",
    "modality": "bold",
    "subject_id": "0168",
    "task_id": "faces"
  },
  "dummy_trs": 0,
  "dvars_nstd": 34.311415269118505,
  "dvars_std": 1.1918947242553186,
  "dvars_vstd": 0.9970791241641339,
  "efc": 0.44663195811923617,
  "fber": 690166784.0,
  "fd_mean": 0.09088925388055051,
  "fd_num": 3,
  "fd_perc": 0.9090909090909091,
  "fwhm_avg": 2.4913452635545243,
  "fwhm_x": 2.3319666666666667,
  "fwhm_y": 2.8521933333333336,
  "fwhm_z": 2.289875790663572,
  "gcor": 0.00974404,
  "gsr_x": -0.006708452478051186,
  "gsr_y": 0.012755804695189,
  "provenance": {
    "md5sum": "06da09119f80deba049fabcd80acf843",
    "settings": {
      "fd_thres": 0.2,
      "hmc_fsl": false
    },
    "software": "mriqc",
    "version": "0.15.0",
    "webapi_port": null,
    "webapi_url": "https://mriqc.nimh.nih.gov/api/v1"
  },
  "size_t": 330,
  "size_x": 80,
  "size_y": 80,
  "size_z": 36,
  "snr": 5.947187158781116,
  "spacing_tr": 0.75,
  "spacing_x": 3.0,
  "spacing_y": 3.0,
  "spacing_z": 3.299999952316284,
  "spikes_num": 0,
  "summary_bg_k": 50.603908088853736,
  "summary_bg_mad": 0.8697013854980469,
  "summary_bg_mean": 216.5420684814453,
  "summary_bg_median": 0.5952098369598389,
  "summary_bg_n": 141581.0,
  "summary_bg_p05": 0.0033532886300235987,
  "summary_bg_p95": 1144.5113525390625,
  "summary_bg_stdv": 1053.9658203125,
  "summary_fg_k": 3.5471144111412602,
  "summary_fg_mad": 2420.57421875,
  "summary_fg_mean": 17221.458984375,
  "summary_fg_median": 17392.21484375,
  "summary_fg_n": 47548.0,
  "summary_fg_p05": 12482.888427734375,
  "summary_fg_p95": 21414.137890625003,
  "summary_fg_stdv": 2924.4130859375,
  "tsnr": 51.52085876464844
}