{
  "aor": 0.006362160493827162,
  "aqi": 0.009564233456790123,
  "bids_meta": {
    "AcquisitionNumber": 8,
    "BidsifyVersion": "0.3.5",
    "ConversionSoftware": "dcm2niix",
    "ConversionSoftwareVersion": "v1.0.20181125  GCC6.3.0",
    "EchoTime": 0.02762,
    "ImageComments": "piop",
    "ImageOrientationPatientDICOM": [
      0.998944,
      -0.03345,
      0.0314832,
      0.0388994,
      0.980532,
      -0.19247
    ],
    "Manufacturer": "Philips",
    "NumberOfVolumesDiscardedByScanner": 2,
    "ParallelAcquisitionTechnique": "SENSE",
    "ParallelReductionFactorInPlane": 2,
    "PatientPosition": "HFS",
    "PhaseEncodingDirection": "j",
    "PhilipsRescaleIntercept": 0,
    "PhilipsRescaleSlope": 0.93431,
    "PhilipsScaleSlope": 0.0505463,
    "ProtocolName": "WIPpiopwmSENSE",
    "PulseSequenceType": "gradient echo EPI",
    "ReconMatrixPE": 80,
    "RepetitionTime": 2,
    "SeriesDescription": "ImageMRSERIES",
    "SeriesNumber": 8,
    "SliceEncodingDirection": "k",
    "TaskName": "workingmemory",
    "UsePhilipsFloatNotDisplayScaling": 1,
    "acq_id": "seq",
    "dataset": "unknown",
    "modality": "bold",
    "subject_id": "0116",
    "task_id": "workingmemory"
  },
  "dummy_trs": 0,
  "dvars_nstd": 29.676261593975134,
  "dvars_std": 1.3041681919254662,
  "dvars_vstd": 1.0314880589441,
  "efc": 0.40382869697646784,
  "fber": 99306744.0,
  "fd_mean": 0.1974274835411,
  "fd_num": 36,
  "fd_perc": 22.22222222222222,
  "fwhm_avg": 2.2161129393422105,
  "fwhm_x": 2.1904166666666667,
  "fwhm_y": 2.3715100000000002,
  "fwhm_z": 2.0864121513599647,
  "gcor": 0.0385665,
  "gsr_x": -0.005159878637641668,
  "gsr_y": 0.0007060749921947718,
  "provenance": {
    "md5sum": "ec74504f892aba9ae5eb617082d36b68",
    "settings": {
      "fd_thres": 0.2,
      "hmc_fsl": false
    },
    "software": "mriqc",
    "version": "0.15.0",
    "webapi_port": null,
    "webapi_url": "https://mriqc.nimh.nih.gov/api/v1"
  },
  "size_t": 162,
  "size_x": 80,
  "size_y": 80,
  "size_z": 37,
  "snr": 4.563017713553361,
  "spacing_tr": 2.0,
  "spacing_x": 3.0,
  "spacing_y": 3.0,
  "spacing_z": 3.299999952316284,
  "spikes_num": 7,
  "summary_bg_k": 119.06126620564875,
  "summary_bg_mad": 3.281132936477661,
  "summary_bg_mean": 200.54730224609375,
  "summary_bg_median": 2.2806406021118164,
  "summary_bg_n": 154259.0,
  "summary_bg_p05": 0.026837903633713724,
  "summary_bg_p95": 737.1646423339872,
  "summary_bg_stdv": 1163.1324462890625,
  "summary_fg_k": 2.0935054251977565,
  "summary_fg_mad": 4461.38037109375,
  "summary_fg_mean": 24875.59375,
  "summary_fg_median": 24464.412109375,
  "summary_fg_n": 41614.0,
  "summary_fg_p05": 17326.66826171875,
  "summary_fg_p95": 33759.779492187496,
  "summary_fg_stdv": 5361.39013671875,
  "tsnr": 48.666873931884766
}