{
  "aor": 0.0013455102040816327,
  "aqi": 0.007573350285714286,
  "bids_meta": {
    "AcquisitionNumber": 3,
    "BidsifyVersion": "0.3.5",
    "ConversionSoftware": "dcm2niix",
    "ConversionSoftwareVersion": "v1.0.20181125  GCC6.3.0",
    "EchoTime": 0.02762,
    "EffectiveEchoSpacing": 0.0006621159151938905,
    "ImageComments": "Piop",
    "ImageOrientationPatientDICOM": [
      0.995673,
      0.0919511,
      -0.0134427,
      -0.0928916,
      0.988885,
      -0.116097
    ],
    "Manufacturer": "Philips",
    "NumberOfVolumesDiscardedByScanner": 2,
    "ParallelAcquisitionTechnique": "SENSE",
    "ParallelReductionFactorInPlane": 2,
    "PatientPosition": "HFS",
    "PhaseEncodingDirection": "j",
    "PhilipsRescaleIntercept": 0,
    "PhilipsRescaleSlope": 0.76459,
    "PhilipsScaleSlope": 0.0502023,
    "ProtocolName": "WIPpiopgstroopSENSE",
    "PulseSequenceType": "gradient echo EPI",
    "ReconMatrixPE": 80,
    "RepetitionTime": 2,
    "SeriesDescription": "ImageMRSERIES",
    "SeriesNumber": 3,
    "SliceEncodingDirection": "k",
    "SliceTiming": [
      0.0,
      0.0541,
      0.1081,
      0.1622,
      0.2162,
      0.2703,
      0.3243,
      0.3784,
      0.4324,
      0.4865,
      0.5405,
      0.5946,
      0.6486,
      0.7027,
      0.7568,
      0.8108,
      0.8649,
      0.9189,
      0.973,
      1.027,
      1.0811,
      1.1351,
      1.1892,
      1.2432,
      1.2973,
      1.3514,
      1.4054,
      1.4595,
      1.5135,
      1.5676,
      1.6216,
      1.6757,
      1.7297,
      1.7838,
      1.8378,
      1.8919,
      1.9459
    ],
    "TaskName": "gstroop",
    "TotalReadoutTime": 0.025822520692561732,
    "UsePhilipsFloatNotDisplayScaling": 1,
    "acq_id": "seq",
    "dataset": "unknown",
    "modality": "bold",
    "subject_id": "0176",
    "task_id": "gstroop"
  },
  "dummy_trs": 0,
  "dvars_nstd": 26.763821007745893,
  "dvars_std": 1.2774452245491812,
  "dvars_vstd": 0.9729383177459018,
  "efc": 0.4066030660820459,
  "fber": 117681320.0,
  "fd_mean": 0.1502915806853645,
  "fd_num": 40,
  "fd_perc": 16.3265306122449,
  "fwhm_avg": 2.379800414456428,
  "fwhm_x": 2.34486,
  "fwhm_y": 2.6319866666666667,
  "fwhm_z": 2.1625545767026173,
  "gcor": 0.0273392,
  "gsr_x": -0.0025205269921571016,
  "gsr_y": 0.001599038951098919,
  "provenance": {
    "md5sum": "c9cdbc08e98af0f96877a74021b5126e",
    "settings": {
      "fd_thres": 0.2,
      "hmc_fsl": false
    },
    "software": "mriqc",
    "version": "0.15.0",
    "webapi_port": null,
    "webapi_url": "https://mriqc.nimh.nih.gov/api/v1"
  },
  "size_t": 245,
  "size_x": 80,
  "size_y": 80,
  "size_z": 37,
  "snr": 4.702948743675909,
  "spacing_tr": 2.0,
  "spacing_x": 3.0,
  "spacing_y": 3.0,
  "spacing_z": 3.299999952316284,
  "spikes_num": 4,
  "summary_bg_k": 72.7226284634054,
  "summary_bg_mad": 3.280200958251953,
  "summary_bg_mean": 251.69760131835938,
  "summary_bg_median": 2.2729170322418213,
  "summary_bg_n": 153374.0,
  "summary_bg_p05": 0.018516662437468766,
  "summary_bg_p95": 1033.373455810547,
  "summary_bg_stdv": 1336.0096435546875,
  "summary_fg_k": 2.725856537993332,
  "summary_fg_mad": 4743.3095703125,
  "summary_fg_mean": 27034.228515625,
  "summary_fg_median": 26604.603515625,
  "summary_fg_n": 42042.0,
  "summary_fg_p05": 19130.34111328125,
  "summary_fg_p95": 35922.32421874999,
  "summary_fg_stdv": 5656.9375,
  "tsnr": 56.93742370605469
}