{
  "aor": 0.00468045,
  "aqi": 0.009639302700000001,
  "bids_meta": {
    "AcquisitionNumber": 9,
    "BidsifyVersion": "0.3.5",
    "ConversionSoftware": "dcm2niix",
    "ConversionSoftwareVersion": "v1.0.20181125  GCC6.3.0",
    "EchoTime": 0.02762,
    "EffectiveEchoSpacing": 0.0006621159151938905,
    "ImageComments": "piop",
    "ImageOrientationPatientDICOM": [
      0.999239,
      0.0255452,
      0.0294888,
      -0.0129063,
      0.929717,
      -0.368049
    ],
    "Manufacturer": "Philips",
    "NumberOfVolumesDiscardedByScanner": 2,
    "ParallelAcquisitionTechnique": "SENSE",
    "ParallelReductionFactorInPlane": 2,
    "PatientPosition": "HFS",
    "PhaseEncodingDirection": "j",
    "PhilipsRescaleIntercept": 0,
    "PhilipsRescaleSlope": 0.79121,
    "PhilipsScaleSlope": 0.0583265,
    "ProtocolName": "WIPpiopanticipatieSENSE",
    "PulseSequenceType": "gradient echo EPI",
    "ReconMatrixPE": 80,
    "RepetitionTime": 2,
    "SeriesDescription": "ImageMRSERIES",
    "SeriesNumber": 9,
    "SliceEncodingDirection": "k",
    "SliceTiming": [
      0.0,
      0.0541,
      0.1081,
      0.1622,
      0.2162,
      0.2703,
      0.3243,
      0.3784,
      0.4324,
      0.4865,
      0.5405,
      0.5946,
      0.6486,
      0.7027,
      0.7568,
      0.8108,
      0.8649,
      0.9189,
      0.973,
      1.027,
      1.0811,
      1.1351,
      1.1892,
      1.2432,
      1.2973,
      1.3514,
      1.4054,
      1.4595,
      1.5135,
      1.5676,
      1.6216,
      1.6757,
      1.7297,
      1.7838,
      1.8378,
      1.8919,
      1.9459
    ],
    "TaskName": "anticipation",
    "TotalReadoutTime": 0.025822520692561732,
    "UsePhilipsFloatNotDisplayScaling": 1,
    "acq_id": "seq",
    "dataset": "unknown",
    "modality": "bold",
    "subject_id": "0025",
    "task_id": "anticipation"
  },
  "dummy_trs": 0,
  "dvars_nstd": 25.847324045376876,
  "dvars_std": 1.3011812045226132,
  "dvars_vstd": 1.0127100315075388,
  "efc": 0.4110671440311807,
  "fber": 197624624.0,
  "fd_mean": 0.15041651717160168,
  "fd_num": 32,
  "fd_perc": 16.0,
  "fwhm_avg": 2.3077845554518954,
  "fwhm_x": 2.2931666666666666,
  "fwhm_y": 2.5545566666666666,
  "fwhm_z": 2.0756303330223536,
  "gcor": 0.0269021,
  "gsr_x": -0.0022978007327765226,
  "gsr_y": 0.004652561154216528,
  "provenance": {
    "md5sum": "c2c70e2b7ce88c773cb27a26fb5a1f82",
    "settings": {
      "fd_thres": 0.2,
      "hmc_fsl": false
    },
    "software": "mriqc",
    "version": "0.15.0",
    "webapi_port": null,
    "webapi_url": "https://mriqc.nimh.nih.gov/api/v1"
  },
  "size_t": 200,
  "size_x": 80,
  "size_y": 80,
  "size_z": 37,
  "snr": 4.584383709645986,
  "spacing_tr": 2.0,
  "spacing_x": 3.0,
  "spacing_y": 3.0,
  "spacing_z": 3.299999952316284,
  "spikes_num": 1,
  "summary_bg_k": 85.55275093039117,
  "summary_bg_mad": 2.384732723236084,
  "summary_bg_mean": 194.03074645996094,
  "summary_bg_median": 1.644402265548706,
  "summary_bg_n": 151541.0,
  "summary_bg_p05": 0.01603837125003338,
  "summary_bg_p95": 869.159423828125,
  "summary_bg_stdv": 985.578369140625,
  "summary_fg_k": 2.890591252387324,
  "summary_fg_mad": 4535.4541015625,
  "summary_fg_mean": 25704.3828125,
  "summary_fg_median": 25341.830078125,
  "summary_fg_n": 43976.0,
  "summary_fg_p05": 18343.548828125,
  "summary_fg_p95": 34716.56640625,
  "summary_fg_stdv": 5527.796875,
  "tsnr": 57.494529724121094
}