{
  "aor": 0.0033131155778894474,
  "aqi": 0.009033319547738693,
  "bids_meta": {
    "AcquisitionNumber": 9,
    "BidsifyVersion": "0.3.5",
    "ConversionSoftware": "dcm2niix",
    "ConversionSoftwareVersion": "v1.0.20181125  GCC6.3.0",
    "EchoTime": 0.02762,
    "EffectiveEchoSpacing": 0.0006621159151938905,
    "ImageComments": "Piop",
    "ImageOrientationPatientDICOM": [
      0.99482,
      0.0939317,
      -0.0388669,
      -0.0978935,
      0.988267,
      -0.117241
    ],
    "Manufacturer": "Philips",
    "NumberOfVolumesDiscardedByScanner": 2,
    "ParallelAcquisitionTechnique": "SENSE",
    "ParallelReductionFactorInPlane": 2,
    "PatientPosition": "HFS",
    "PhaseEncodingDirection": "j",
    "PhilipsRescaleIntercept": 0,
    "PhilipsRescaleSlope": 0.8381,
    "PhilipsScaleSlope": 0.0460312,
    "ProtocolName": "WIPpiopanticipatieSENSE",
    "PulseSequenceType": "gradient echo EPI",
    "ReconMatrixPE": 80,
    "RepetitionTime": 2,
    "SeriesDescription": "ImageMRSERIES",
    "SeriesNumber": 9,
    "SliceEncodingDirection": "k",
    "SliceTiming": [
      0.0,
      0.0541,
      0.1081,
      0.1622,
      0.2162,
      0.2703,
      0.3243,
      0.3784,
      0.4324,
      0.4865,
      0.5405,
      0.5946,
      0.6486,
      0.7027,
      0.7568,
      0.8108,
      0.8649,
      0.9189,
      0.973,
      1.027,
      1.0811,
      1.1351,
      1.1892,
      1.2432,
      1.2973,
      1.3514,
      1.4054,
      1.4595,
      1.5135,
      1.5676,
      1.6216,
      1.6757,
      1.7297,
      1.7838,
      1.8378,
      1.8919,
      1.9459
    ],
    "TaskName": "anticipation",
    "TotalReadoutTime": 0.025822520692561732,
    "UsePhilipsFloatNotDisplayScaling": 1,
    "acq_id": "seq",
    "dataset": "unknown",
    "modality": "bold",
    "subject_id": "0145",
    "task_id": "anticipation"
  },
  "dummy_trs": 1,
  "dvars_nstd": 27.115255462020208,
  "dvars_std": 1.3531511311111104,
  "dvars_vstd": 1.3756107154545456,
  "efc": 0.39367710560211927,
  "fber": 268499520.0,
  "fd_mean": 0.11876105885795855,
  "fd_num": 18,
  "fd_perc": 9.045226130653266,
  "fwhm_avg": 2.366510010392321,
  "fwhm_x": 2.2900133333333335,
  "fwhm_y": 2.6518833333333336,
  "fwhm_z": 2.157633364510296,
  "gcor": 0.00718501,
  "gsr_x": -0.005059616640210152,
  "gsr_y": 0.0026111758779734373,
  "provenance": {
    "md5sum": "13b832f97be0155d0cc50d493174d619",
    "settings": {
      "fd_thres": 0.2,
      "hmc_fsl": false
    },
    "software": "mriqc",
    "version": "0.15.0",
    "webapi_port": null,
    "webapi_url": "https://mriqc.nimh.nih.gov/api/v1"
  },
  "size_t": 199,
  "size_x": 80,
  "size_y": 80,
  "size_z": 37,
  "snr": 4.563565379951946,
  "spacing_tr": 2.0,
  "spacing_x": 3.0,
  "spacing_y": 3.0,
  "spacing_z": 3.299999952316284,
  "spikes_num": 1,
  "summary_bg_k": 85.11662237881808,
  "summary_bg_mad": 2.2272820472717285,
  "summary_bg_mean": 244.23451232910156,
  "summary_bg_median": 1.5194193124771118,
  "summary_bg_n": 155723.0,
  "summary_bg_p05": 0.007320951577275992,
  "summary_bg_p95": 817.2017944335918,
  "summary_bg_stdv": 1431.9986572265625,
  "summary_fg_k": 2.106377567786473,
  "summary_fg_mad": 5220.95751953125,
  "summary_fg_mean": 28078.470703125,
  "summary_fg_median": 27864.791015625,
  "summary_fg_n": 39881.0,
  "summary_fg_p05": 18862.306640625,
  "summary_fg_p95": 37763.49609375,
  "summary_fg_stdv": 6105.84912109375,
  "tsnr": 53.13252258300781
}