{
  "aor": 0.0008540816326530611,
  "aqi": 0.0066281361632653055,
  "bids_meta": {
    "AcquisitionNumber": 3,
    "BidsifyVersion": "0.3.5",
    "ConversionSoftware": "dcm2niix",
    "ConversionSoftwareVersion": "v1.0.20181125  GCC6.3.0",
    "EchoTime": 0.02762,
    "EffectiveEchoSpacing": 0.0006621159151938905,
    "ImageComments": "Piop",
    "ImageOrientationPatientDICOM": [
      0.99482,
      0.0939317,
      -0.0388669,
      -0.0978935,
      0.988267,
      -0.117241
    ],
    "Manufacturer": "Philips",
    "NumberOfVolumesDiscardedByScanner": 2,
    "ParallelAcquisitionTechnique": "SENSE",
    "ParallelReductionFactorInPlane": 2,
    "PatientPosition": "HFS",
    "PhaseEncodingDirection": "j",
    "PhilipsRescaleIntercept": 0,
    "PhilipsRescaleSlope": 0.916,
    "PhilipsScaleSlope": 0.0466584,
    "ProtocolName": "WIPpiopgstroopSENSE",
    "PulseSequenceType": "gradient echo EPI",
    "ReconMatrixPE": 80,
    "RepetitionTime": 2,
    "SeriesDescription": "ImageMRSERIES",
    "SeriesNumber": 3,
    "SliceEncodingDirection": "k",
    "SliceTiming": [
      0.0,
      0.0541,
      0.1081,
      0.1622,
      0.2162,
      0.2703,
      0.3243,
      0.3784,
      0.4324,
      0.4865,
      0.5405,
      0.5946,
      0.6486,
      0.7027,
      0.7568,
      0.8108,
      0.8649,
      0.9189,
      0.973,
      1.027,
      1.0811,
      1.1351,
      1.1892,
      1.2432,
      1.2973,
      1.3514,
      1.4054,
      1.4595,
      1.5135,
      1.5676,
      1.6216,
      1.6757,
      1.7297,
      1.7838,
      1.8378,
      1.8919,
      1.9459
    ],
    "TaskName": "gstroop",
    "TotalReadoutTime": 0.025822520692561732,
    "UsePhilipsFloatNotDisplayScaling": 1,
    "acq_id": "seq",
    "dataset": "unknown",
    "modality": "bold",
    "subject_id": "0145",
    "task_id": "gstroop"
  },
  "dummy_trs": 0,
  "dvars_nstd": 24.5909437354508,
  "dvars_std": 1.2735121742622955,
  "dvars_vstd": 0.9550675040573771,
  "efc": 0.39521611988807975,
  "fber": 211252080.0,
  "fd_mean": 0.12360468246422211,
  "fd_num": 24,
  "fd_perc": 9.795918367346939,
  "fwhm_avg": 2.325322838399074,
  "fwhm_x": 2.24511,
  "fwhm_y": 2.6305433333333332,
  "fwhm_z": 2.1003151818638885,
  "gcor": 0.00676783,
  "gsr_x": -0.004577162209898233,
  "gsr_y": 0.0022298775147646666,
  "provenance": {
    "md5sum": "6c602a05f505ad8b49480804d8ca6438",
    "settings": {
      "fd_thres": 0.2,
      "hmc_fsl": false
    },
    "software": "mriqc",
    "version": "0.15.0",
    "webapi_port": null,
    "webapi_url": "https://mriqc.nimh.nih.gov/api/v1"
  },
  "size_t": 245,
  "size_x": 80,
  "size_y": 80,
  "size_z": 37,
  "snr": 4.86126095476301,
  "spacing_tr": 2.0,
  "spacing_x": 3.0,
  "spacing_y": 3.0,
  "spacing_z": 3.299999952316284,
  "spikes_num": 0,
  "summary_bg_k": 90.23641205489753,
  "summary_bg_mad": 2.5223548412323,
  "summary_bg_mean": 246.78150939941406,
  "summary_bg_median": 1.7096149921417236,
  "summary_bg_n": 155717.0,
  "summary_bg_p05": 0.004173786472529173,
  "summary_bg_p95": 850.2265991210851,
  "summary_bg_stdv": 1433.6842041015625,
  "summary_fg_k": 2.4951723300319477,
  "summary_fg_mad": 4699.6943359375,
  "summary_fg_mean": 27928.1953125,
  "summary_fg_median": 27813.30078125,
  "summary_fg_n": 39884.0,
  "summary_fg_p05": 19268.47255859375,
  "summary_fg_p95": 36821.21640625,
  "summary_fg_stdv": 5721.34521484375,
  "tsnr": 64.06105041503906
}