{
  "aor": 0.00015893528183716076,
  "aqi": 0.008020513277661796,
  "bids_meta": {
    "AcquisitionNumber": 6,
    "BidsifyVersion": "0.3.5",
    "ConversionSoftware": "dcm2niix",
    "ConversionSoftwareVersion": "v1.0.20181125  GCC6.3.0",
    "EchoTime": 0.02762,
    "EffectiveEchoSpacing": 0.0006333282667071997,
    "ImageComments": "Piop",
    "ImageOrientationPatientDICOM": [
      0.99482,
      0.0939317,
      -0.0388669,
      -0.0978935,
      0.988267,
      -0.117241
    ],
    "Manufacturer": "Philips",
    "NumberOfVolumesDiscardedByScanner": 2,
    "ParallelAcquisitionTechnique": "SENSE",
    "ParallelReductionFactorInPlane": 2,
    "PatientPosition": "HFS",
    "PhaseEncodingDirection": "j",
    "PhilipsRescaleIntercept": 0,
    "PhilipsRescaleSlope": 0.7685,
    "PhilipsScaleSlope": 0.0865014,
    "ProtocolName": "WIPpioprsSENSE",
    "PulseSequenceType": "gradient echo EPI",
    "ReconMatrixPE": 80,
    "RepetitionTime": 0.75,
    "SeriesDescription": "ImageMRSERIES",
    "SeriesNumber": 6,
    "SliceEncodingDirection": "k",
    "SliceTiming": [
      0.0,
      0.06755050505050506,
      0.1351010101010101,
      0.20265151515151517,
      0.2702020202020202,
      0.3377525252525253,
      0.40530303030303033,
      0.47285353535353536,
      0.5404040404040404,
      0.6079545454545455,
      0.6755050505050506,
      0.7430555555555556,
      0.0,
      0.06755050505050506,
      0.1351010101010101,
      0.20265151515151517,
      0.2702020202020202,
      0.3377525252525253,
      0.40530303030303033,
      0.47285353535353536,
      0.5404040404040404,
      0.6079545454545455,
      0.6755050505050506,
      0.7430555555555556,
      0.0,
      0.06755050505050506,
      0.1351010101010101,
      0.20265151515151517,
      0.2702020202020202,
      0.3377525252525253,
      0.40530303030303033,
      0.47285353535353536,
      0.5404040404040404,
      0.6079545454545455,
      0.6755050505050506,
      0.7430555555555556
    ],
    "TaskName": "restingstate",
    "TotalReadoutTime": 0.024699802401580786,
    "UsePhilipsFloatNotDisplayScaling": 1,
    "acq_id": "mb3",
    "dataset": "unknown",
    "modality": "bold",
    "subject_id": "0145",
    "task_id": "restingstate"
  },
  "dummy_trs": 1,
  "dvars_nstd": 29.075652780962365,
  "dvars_std": 1.2404094658368199,
  "dvars_vstd": 0.9859727817364017,
  "efc": 0.3998958282362064,
  "fber": 471266912.0,
  "fd_mean": 0.10790125032437149,
  "fd_num": 17,
  "fd_perc": 3.549060542797495,
  "fwhm_avg": 2.4639331420334876,
  "fwhm_x": 2.37482,
  "fwhm_y": 2.79124,
  "fwhm_z": 2.2257394261004624,
  "gcor": 0.00803762,
  "gsr_x": -0.005599893629550934,
  "gsr_y": 0.001143092755228281,
  "provenance": {
    "md5sum": "1758bd3d94c31c2fccbb85d516d7e080",
    "settings": {
      "fd_thres": 0.2,
      "hmc_fsl": false
    },
    "software": "mriqc",
    "version": "0.15.0",
    "webapi_port": null,
    "webapi_url": "https://mriqc.nimh.nih.gov/api/v1"
  },
  "size_t": 479,
  "size_x": 80,
  "size_y": 80,
  "size_z": 36,
  "snr": 5.246044598211789,
  "spacing_tr": 0.75,
  "spacing_x": 3.0,
  "spacing_y": 3.0,
  "spacing_z": 3.299999952316284,
  "spikes_num": 0,
  "summary_bg_k": 81.97726365572194,
  "summary_bg_mad": 1.1641931533813477,
  "summary_bg_mean": 166.7362823486328,
  "summary_bg_median": 0.7942855358123779,
  "summary_bg_n": 150548.0,
  "summary_bg_p05": 0.004601255571469664,
  "summary_bg_p95": 617.8336761474586,
  "summary_bg_stdv": 979.0621948242188,
  "summary_fg_k": 2.338611455402668,
  "summary_fg_mad": 2967.211181640625,
  "summary_fg_mean": 18641.23828125,
  "summary_fg_median": 18822.91015625,
  "summary_fg_n": 39349.0,
  "summary_fg_p05": 12522.180273437501,
  "summary_fg_p95": 23983.907421875,
  "summary_fg_stdv": 3587.973876953125,
  "tsnr": 53.633750915527344
}