{
  "aor": 0.0013283673469387757,
  "aqi": 0.007387557387755102,
  "bids_meta": {
    "AcquisitionNumber": 3,
    "BidsifyVersion": "0.3.5",
    "ConversionSoftware": "dcm2niix",
    "ConversionSoftwareVersion": "v1.0.20181125  GCC6.3.0",
    "EchoTime": 0.02762,
    "EffectiveEchoSpacing": 0.0006621159151938905,
    "ImageComments": "Piop",
    "ImageOrientationPatientDICOM": [
      0.998253,
      0.058947,
      -0.00398299,
      -0.0587827,
      0.984175,
      -0.167168
    ],
    "Manufacturer": "Philips",
    "NumberOfVolumesDiscardedByScanner": 2,
    "ParallelAcquisitionTechnique": "SENSE",
    "ParallelReductionFactorInPlane": 2,
    "PatientPosition": "HFS",
    "PhaseEncodingDirection": "j",
    "PhilipsRescaleIntercept": 0,
    "PhilipsRescaleSlope": 0.79048,
    "PhilipsScaleSlope": 0.0588722,
    "ProtocolName": "WIPpiopgstroopSENSE",
    "PulseSequenceType": "gradient echo EPI",
    "ReconMatrixPE": 80,
    "RepetitionTime": 2,
    "SeriesDescription": "ImageMRSERIES",
    "SeriesNumber": 3,
    "SliceEncodingDirection": "k",
    "SliceTiming": [
      0.0,
      0.0541,
      0.1081,
      0.1622,
      0.2162,
      0.2703,
      0.3243,
      0.3784,
      0.4324,
      0.4865,
      0.5405,
      0.5946,
      0.6486,
      0.7027,
      0.7568,
      0.8108,
      0.8649,
      0.9189,
      0.973,
      1.027,
      1.0811,
      1.1351,
      1.1892,
      1.2432,
      1.2973,
      1.3514,
      1.4054,
      1.4595,
      1.5135,
      1.5676,
      1.6216,
      1.6757,
      1.7297,
      1.7838,
      1.8378,
      1.8919,
      1.9459
    ],
    "TaskName": "gstroop",
    "TotalReadoutTime": 0.025822520692561732,
    "UsePhilipsFloatNotDisplayScaling": 1,
    "acq_id": "seq",
    "dataset": "unknown",
    "modality": "bold",
    "subject_id": "0071",
    "task_id": "gstroop"
  },
  "dummy_trs": 0,
  "dvars_nstd": 24.343394545081978,
  "dvars_std": 1.1787419287295084,
  "dvars_vstd": 1.5465248933196736,
  "efc": 0.41896723627824567,
  "fber": 132785584.0,
  "fd_mean": 0.11573971514452412,
  "fd_num": 15,
  "fd_perc": 6.122448979591836,
  "fwhm_avg": 2.352753949778466,
  "fwhm_x": 2.3130966666666666,
  "fwhm_y": 2.58915,
  "fwhm_z": 2.1560151826687317,
  "gcor": 0.0117372,
  "gsr_x": 0.003153586760163307,
  "gsr_y": 0.0013515882892534137,
  "provenance": {
    "md5sum": "9d1dbc0f88446a399b0a28346a976805",
    "settings": {
      "fd_thres": 0.2,
      "hmc_fsl": false
    },
    "software": "mriqc",
    "version": "0.15.0",
    "webapi_port": null,
    "webapi_url": "https://mriqc.nimh.nih.gov/api/v1"
  },
  "size_t": 245,
  "size_x": 80,
  "size_y": 80,
  "size_z": 37,
  "snr": 4.48970521195858,
  "spacing_tr": 2.0,
  "spacing_x": 3.0,
  "spacing_y": 3.0,
  "spacing_z": 3.299999952316284,
  "spikes_num": 0,
  "summary_bg_k": 57.908819114559215,
  "summary_bg_mad": 2.5893077850341797,
  "summary_bg_mean": 250.3009490966797,
  "summary_bg_median": 1.756279468536377,
  "summary_bg_n": 151635.0,
  "summary_bg_p05": 0.003825583402067423,
  "summary_bg_p95": 1110.065527343749,
  "summary_bg_stdv": 1216.5032958984375,
  "summary_fg_k": 2.253000670861983,
  "summary_fg_mad": 4259.4931640625,
  "summary_fg_mean": 23123.287109375,
  "summary_fg_median": 23066.373046875,
  "summary_fg_n": 43555.0,
  "summary_fg_p05": 15192.454296875001,
  "summary_fg_p95": 31044.519140624994,
  "summary_fg_stdv": 5137.55517578125,
  "tsnr": 56.07379150390625
}