{
    "Manufacturer": "Philips",
    "PatientPosition": "HFS",
    "SeriesDescription": "ImageMRSERIES",
    "ProtocolName": "WIPpioprsSENSE",
    "SeriesNumber": 6,
    "AcquisitionNumber": 6,
    "ImageComments": "PIop",
    "PhilipsRescaleSlope": 0.77411,
    "PhilipsRescaleIntercept": 0,
    "PhilipsScaleSlope": 0.107586,
    "UsePhilipsFloatNotDisplayScaling": 1,
    "EchoTime": 0.02762,
    "RepetitionTime": 0.75,
    "ReconMatrixPE": 80,
    "ImageOrientationPatientDICOM": [
        0.996334,
        -0.046992,
        0.0714795,
        0.0752645,
        0.878688,
        -0.471426
    ],
    "ConversionSoftware": "dcm2niix",
    "ConversionSoftwareVersion": "v1.0.20181125  GCC6.3.0",
    "BidsifyVersion": "0.3.5",
    "SliceEncodingDirection": "k",
    "PhaseEncodingDirection": "j",
    "ParallelAcquisitionTechnique": "SENSE",
    "ParallelReductionFactorInPlane": 2,
    "NumberOfVolumesDiscardedByScanner": 2,
    "PulseSequenceType": "gradient echo EPI",
    "TaskName": "restingstate"
}