{
  "aor": 0.001061,
  "aqi": 0.007935341636363636,
  "bids_meta": {
    "AcquisitionNumber": 2,
    "BidsifyVersion": "0.3.5",
    "ConversionSoftware": "dcm2niix",
    "ConversionSoftwareVersion": "v1.0.20181125  GCC6.3.0",
    "EchoTime": 0.02762,
    "ImageComments": "piop",
    "ImageOrientationPatientDICOM": [
      0.998944,
      -0.03345,
      0.0314832,
      0.0388994,
      0.980532,
      -0.19247
    ],
    "Manufacturer": "Philips",
    "NumberOfVolumesDiscardedByScanner": 2,
    "ParallelAcquisitionTechnique": "SENSE",
    "ParallelReductionFactorInPlane": 2,
    "PatientPosition": "HFS",
    "PhaseEncodingDirection": "j",
    "PhilipsRescaleIntercept": 0,
    "PhilipsRescaleSlope": 0.77485,
    "PhilipsScaleSlope": 0.101564,
    "ProtocolName": "WIPpiopfacesSENSE",
    "PulseSequenceType": "gradient echo EPI",
    "ReconMatrixPE": 80,
    "RepetitionTime": 0.75,
    "SeriesDescription": "ImageMRSERIES",
    "SeriesNumber": 2,
    "SliceEncodingDirection": "k",
    "TaskName": "faces",
    "UsePhilipsFloatNotDisplayScaling": 1,
    "acq_id": "mb3",
    "dataset": "unknown",
    "modality": "bold",
    "subject_id": "0116",
    "task_id": "faces"
  },
  "dummy_trs": 0,
  "dvars_nstd": 28.34655586030393,
  "dvars_std": 1.1414158235258358,
  "dvars_vstd": 1.0009985362310025,
  "efc": 0.40757660687970526,
  "fber": 648025216.0,
  "fd_mean": 0.11371552940136251,
  "fd_num": 17,
  "fd_perc": 5.151515151515151,
  "fwhm_avg": 2.337295970070585,
  "fwhm_x": 2.313146666666667,
  "fwhm_y": 2.5240199999999997,
  "fwhm_z": 2.174721243545088,
  "gcor": 0.0180209,
  "gsr_x": -0.005325989797711372,
  "gsr_y": 0.00022589434229303151,
  "provenance": {
    "md5sum": "d1a0b4e514d53820723004e0e25b6b74",
    "settings": {
      "fd_thres": 0.2,
      "hmc_fsl": false
    },
    "software": "mriqc",
    "version": "0.15.0",
    "webapi_port": null,
    "webapi_url": "https://mriqc.nimh.nih.gov/api/v1"
  },
  "size_t": 330,
  "size_x": 80,
  "size_y": 80,
  "size_z": 36,
  "snr": 5.176599216073205,
  "spacing_tr": 0.75,
  "spacing_x": 3.0,
  "spacing_y": 3.0,
  "spacing_z": 3.299999952316284,
  "spikes_num": 14,
  "summary_bg_k": 101.55318191651571,
  "summary_bg_mad": 0.9021459221839905,
  "summary_bg_mean": 139.24803161621094,
  "summary_bg_median": 0.6194986701011658,
  "summary_bg_n": 149344.0,
  "summary_bg_p05": 0.004696383327245713,
  "summary_bg_p95": 540.9685821533219,
  "summary_bg_stdv": 832.4185791015625,
  "summary_fg_k": 2.3051776673463245,
  "summary_fg_mad": 2842.215087890625,
  "summary_fg_mean": 17289.375,
  "summary_fg_median": 17349.494140625,
  "summary_fg_n": 40753.0,
  "summary_fg_p05": 11997.820898437501,
  "summary_fg_p95": 22424.283984375004,
  "summary_fg_stdv": 3351.482421875,
  "tsnr": 50.02644348144531
}