{
  "aor": 0.0020091440501043842,
  "aqi": 0.009343325260960334,
  "bids_meta": {
    "AcquisitionNumber": 6,
    "BidsifyVersion": "0.3.5",
    "ConversionSoftware": "dcm2niix",
    "ConversionSoftwareVersion": "v1.0.20181125  GCC6.3.0",
    "EchoTime": 0.02762,
    "ImageComments": "piop",
    "ImageOrientationPatientDICOM": [
      0.998944,
      -0.03345,
      0.0314832,
      0.0388994,
      0.980532,
      -0.19247
    ],
    "Manufacturer": "Philips",
    "NumberOfVolumesDiscardedByScanner": 2,
    "ParallelAcquisitionTechnique": "SENSE",
    "ParallelReductionFactorInPlane": 2,
    "PatientPosition": "HFS",
    "PhaseEncodingDirection": "j",
    "PhilipsRescaleIntercept": 0,
    "PhilipsRescaleSlope": 0.76386,
    "PhilipsScaleSlope": 0.0937093,
    "ProtocolName": "WIPpioprsSENSE",
    "PulseSequenceType": "gradient echo EPI",
    "ReconMatrixPE": 80,
    "RepetitionTime": 0.75,
    "SeriesDescription": "ImageMRSERIES",
    "SeriesNumber": 6,
    "SliceEncodingDirection": "k",
    "TaskName": "restingstate",
    "UsePhilipsFloatNotDisplayScaling": 1,
    "acq_id": "mb3",
    "dataset": "unknown",
    "modality": "bold",
    "subject_id": "0116",
    "task_id": "restingstate"
  },
  "dummy_trs": 1,
  "dvars_nstd": 30.606172302259406,
  "dvars_std": 1.2117013002928854,
  "dvars_vstd": 1.0219950316945614,
  "efc": 0.4089535456911256,
  "fber": 277189088.0,
  "fd_mean": 0.11642546655269383,
  "fd_num": 51,
  "fd_perc": 10.647181628392484,
  "fwhm_avg": 2.330308798402936,
  "fwhm_x": 2.2953333333333332,
  "fwhm_y": 2.51059,
  "fwhm_z": 2.185003061875474,
  "gcor": 0.0195012,
  "gsr_x": -0.005407608579844236,
  "gsr_y": -0.00015732117753941566,
  "provenance": {
    "md5sum": "2de7d32c4bff3c070ca0eafcc598de49",
    "settings": {
      "fd_thres": 0.2,
      "hmc_fsl": false
    },
    "software": "mriqc",
    "version": "0.15.0",
    "webapi_port": null,
    "webapi_url": "https://mriqc.nimh.nih.gov/api/v1"
  },
  "size_t": 479,
  "size_x": 80,
  "size_y": 80,
  "size_z": 36,
  "snr": 5.260695792572102,
  "spacing_tr": 0.75,
  "spacing_x": 3.0,
  "spacing_y": 3.0,
  "spacing_z": 3.299999952316284,
  "spikes_num": 9,
  "summary_bg_k": 95.50398581482409,
  "summary_bg_mad": 1.3773754835128784,
  "summary_bg_mean": 136.71653747558594,
  "summary_bg_median": 0.9463222622871399,
  "summary_bg_n": 149133.0,
  "summary_bg_p05": 0.005580538697540761,
  "summary_bg_p95": 552.4319824218741,
  "summary_bg_stdv": 799.8411865234375,
  "summary_fg_k": 2.504844982371348,
  "summary_fg_mad": 2657.62451171875,
  "summary_fg_mean": 16758.041015625,
  "summary_fg_median": 16814.29296875,
  "summary_fg_n": 41004.0,
  "summary_fg_p05": 11658.824072265625,
  "summary_fg_p95": 21614.160546875002,
  "summary_fg_stdv": 3196.171875,
  "tsnr": 47.82268524169922
}