{
    "Manufacturer": "Philips",
    "PatientPosition": "HFS",
    "SeriesDescription": "ImageMRSERIES",
    "ProtocolName": "WIPt13dSENSE",
    "SeriesNumber": 4,
    "AcquisitionNumber": 4,
    "ImageComments": "piop",
    "PhilipsRescaleSlope": 9.43541,
    "PhilipsRescaleIntercept": 0,
    "PhilipsScaleSlope": 0.00763664,
    "UsePhilipsFloatNotDisplayScaling": 1,
    "EchoTime": 0.00377,
    "RepetitionTime": 0.008237,
    "ReconMatrixPE": 240,
    "ImageOrientationPatientDICOM": [
        0.996472,
        0.0389787,
        -0.0743194,
        -0.0415903,
        0.998559,
        -0.0339228
    ],
    "ConversionSoftware": "dcm2niix",
    "ConversionSoftwareVersion": "v1.0.20181125  GCC6.3.0",
    "BidsifyVersion": "0.3.5"
}