{
  "aor": 0.0009474321503131524,
  "aqi": 0.016313208517745304,
  "bids_meta": {
    "AcquisitionNumber": 6,
    "BidsifyVersion": "0.3.5",
    "ConversionSoftware": "dcm2niix",
    "ConversionSoftwareVersion": "v1.0.20181125  GCC6.3.0",
    "EchoTime": 0.02762,
    "EffectiveEchoSpacing": 0.0006333282667071997,
    "ImageComments": "Piop",
    "ImageOrientationPatientDICOM": [
      0.999657,
      0.0259047,
      -0.00395877,
      -0.0261769,
      0.980067,
      -0.196937
    ],
    "Manufacturer": "Philips",
    "NumberOfVolumesDiscardedByScanner": 2,
    "ParallelAcquisitionTechnique": "SENSE",
    "ParallelReductionFactorInPlane": 2,
    "PatientPosition": "HFS",
    "PhaseEncodingDirection": "j",
    "PhilipsRescaleIntercept": 0,
    "PhilipsRescaleSlope": 0.75629,
    "PhilipsScaleSlope": 0.0823944,
    "ProtocolName": "WIPpioprsSENSE",
    "PulseSequenceType": "gradient echo EPI",
    "ReconMatrixPE": 80,
    "RepetitionTime": 0.75,
    "SeriesDescription": "ImageMRSERIES",
    "SeriesNumber": 6,
    "SliceEncodingDirection": "k",
    "SliceTiming": [
      0.0,
      0.06755050505050506,
      0.1351010101010101,
      0.20265151515151517,
      0.2702020202020202,
      0.3377525252525253,
      0.40530303030303033,
      0.47285353535353536,
      0.5404040404040404,
      0.6079545454545455,
      0.6755050505050506,
      0.7430555555555556,
      0.0,
      0.06755050505050506,
      0.1351010101010101,
      0.20265151515151517,
      0.2702020202020202,
      0.3377525252525253,
      0.40530303030303033,
      0.47285353535353536,
      0.5404040404040404,
      0.6079545454545455,
      0.6755050505050506,
      0.7430555555555556,
      0.0,
      0.06755050505050506,
      0.1351010101010101,
      0.20265151515151517,
      0.2702020202020202,
      0.3377525252525253,
      0.40530303030303033,
      0.47285353535353536,
      0.5404040404040404,
      0.6079545454545455,
      0.6755050505050506,
      0.7430555555555556
    ],
    "TaskName": "restingstate",
    "TotalReadoutTime": 0.024699802401580786,
    "UsePhilipsFloatNotDisplayScaling": 1,
    "acq_id": "mb3",
    "dataset": "unknown",
    "modality": "bold",
    "subject_id": "0215",
    "task_id": "restingstate"
  },
  "dummy_trs": 1,
  "dvars_nstd": 25.362644850062754,
  "dvars_std": 1.124030125920502,
  "dvars_vstd": 0.964379981380753,
  "efc": 0.37691725816205573,
  "fber": 204193776.0,
  "fd_mean": 0.10349534396632462,
  "fd_num": 43,
  "fd_perc": 8.977035490605427,
  "fwhm_avg": 2.5226572837654033,
  "fwhm_x": 2.510123333333333,
  "fwhm_y": 2.7661333333333338,
  "fwhm_z": 2.291715184629544,
  "gcor": 0.0192949,
  "gsr_x": -0.007605100050568581,
  "gsr_y": 0.0026813072618097067,
  "provenance": {
    "md5sum": "1c932604776747669ba53c4cb45bde1a",
    "settings": {
      "fd_thres": 0.2,
      "hmc_fsl": false
    },
    "software": "mriqc",
    "version": "0.15.0",
    "webapi_port": null,
    "webapi_url": "https://mriqc.nimh.nih.gov/api/v1"
  },
  "size_t": 479,
  "size_x": 80,
  "size_y": 80,
  "size_z": 36,
  "snr": 5.942943110266361,
  "spacing_tr": 0.75,
  "spacing_x": 3.0,
  "spacing_y": 3.0,
  "spacing_z": 3.299999952316284,
  "spikes_num": 0,
  "summary_bg_k": 87.68328484732201,
  "summary_bg_mad": 1.8559964895248413,
  "summary_bg_mean": 155.74420166015625,
  "summary_bg_median": 1.2807174921035767,
  "summary_bg_n": 156481.0,
  "summary_bg_p05": 0.01361969206482172,
  "summary_bg_p95": 551.265380859375,
  "summary_bg_stdv": 845.7757568359375,
  "summary_fg_k": 4.6867358850315295,
  "summary_fg_mad": 2569.865234375,
  "summary_fg_mean": 19668.5859375,
  "summary_fg_median": 19883.544921875,
  "summary_fg_n": 34481.0,
  "summary_fg_p05": 14281.630859375,
  "summary_fg_p95": 24297.923828125,
  "summary_fg_stdv": 3345.69189453125,
  "tsnr": 45.19977569580078
}