{
  "aor": 0.0013504444444444447,
  "aqi": 0.004927526740740741,
  "bids_meta": {
    "AcquisitionNumber": 5,
    "BidsifyVersion": "0.3.5",
    "ConversionSoftware": "dcm2niix",
    "ConversionSoftwareVersion": "v1.0.20181125  GCC6.3.0",
    "EchoTime": 0.02762,
    "EffectiveEchoSpacing": 0.0006621159151938905,
    "ImageComments": "Piop",
    "ImageOrientationPatientDICOM": [
      0.999657,
      0.0259047,
      -0.00395877,
      -0.0261769,
      0.980067,
      -0.196937
    ],
    "Manufacturer": "Philips",
    "NumberOfVolumesDiscardedByScanner": 2,
    "ParallelAcquisitionTechnique": "SENSE",
    "ParallelReductionFactorInPlane": 2,
    "PatientPosition": "HFS",
    "PhaseEncodingDirection": "j",
    "PhilipsRescaleIntercept": 0,
    "PhilipsRescaleSlope": 0.78559,
    "PhilipsScaleSlope": 0.0504882,
    "ProtocolName": "WIPpiopharririSENSE",
    "PulseSequenceType": "gradient echo EPI",
    "ReconMatrixPE": 80,
    "RepetitionTime": 2,
    "SeriesDescription": "ImageMRSERIES",
    "SeriesNumber": 5,
    "SliceEncodingDirection": "k",
    "SliceTiming": [
      0.0,
      0.0541,
      0.1081,
      0.1622,
      0.2162,
      0.2703,
      0.3243,
      0.3784,
      0.4324,
      0.4865,
      0.5405,
      0.5946,
      0.6486,
      0.7027,
      0.7568,
      0.8108,
      0.8649,
      0.9189,
      0.973,
      1.027,
      1.0811,
      1.1351,
      1.1892,
      1.2432,
      1.2973,
      1.3514,
      1.4054,
      1.4595,
      1.5135,
      1.5676,
      1.6216,
      1.6757,
      1.7297,
      1.7838,
      1.8378,
      1.8919,
      1.9459
    ],
    "TaskName": "emomatching",
    "TotalReadoutTime": 0.025822520692561732,
    "UsePhilipsFloatNotDisplayScaling": 1,
    "acq_id": "seq",
    "dataset": "unknown",
    "modality": "bold",
    "subject_id": "0215",
    "task_id": "emomatching"
  },
  "dummy_trs": 0,
  "dvars_nstd": 18.598721290447767,
  "dvars_std": 1.183319575895523,
  "dvars_vstd": 0.9896786535074624,
  "efc": 0.37099313533653,
  "fber": 582230720.0,
  "fd_mean": 0.08372793471264636,
  "fd_num": 4,
  "fd_perc": 2.962962962962963,
  "fwhm_avg": 2.3954037478909087,
  "fwhm_x": 2.39721,
  "fwhm_y": 2.605446666666667,
  "fwhm_z": 2.1835545770060594,
  "gcor": 0.020421,
  "gsr_x": -0.00761305820196867,
  "gsr_y": 0.002794601023197174,
  "provenance": {
    "md5sum": "366ea5d12bb5884bc4eb30b8afceda6f",
    "settings": {
      "fd_thres": 0.2,
      "hmc_fsl": false
    },
    "software": "mriqc",
    "version": "0.15.0",
    "webapi_port": null,
    "webapi_url": "https://mriqc.nimh.nih.gov/api/v1"
  },
  "size_t": 135,
  "size_x": 80,
  "size_y": 80,
  "size_z": 37,
  "snr": 5.116308089355165,
  "spacing_tr": 2.0,
  "spacing_x": 3.0,
  "spacing_y": 3.0,
  "spacing_z": 3.299999952316284,
  "spikes_num": 3,
  "summary_bg_k": 97.84788189016277,
  "summary_bg_mad": 1.6047435998916626,
  "summary_bg_mean": 208.1667938232422,
  "summary_bg_median": 1.0930895805358887,
  "summary_bg_n": 161400.0,
  "summary_bg_p05": 0.00315675784368068,
  "summary_bg_p95": 551.8599365234311,
  "summary_bg_stdv": 1210.2374267578125,
  "summary_fg_k": 3.4797014288348533,
  "summary_fg_mad": 4432.59423828125,
  "summary_fg_mean": 28407.30859375,
  "summary_fg_median": 28392.09375,
  "summary_fg_n": 35174.0,
  "summary_fg_p05": 20274.93291015625,
  "summary_fg_p95": 36654.1849609375,
  "summary_fg_stdv": 5549.25341796875,
  "tsnr": 77.092041015625
}