{
  "aor": 0.011876367346938775,
  "aqi": 0.014075109387755103,
  "bids_meta": {
    "AcquisitionNumber": 3,
    "BidsifyVersion": "0.3.5",
    "ConversionSoftware": "dcm2niix",
    "ConversionSoftwareVersion": "v1.0.20181125  GCC6.3.0",
    "EchoTime": 0.02762,
    "ImageComments": "PIOP",
    "ImageOrientationPatientDICOM": [
      0.998428,
      -0.00343808,
      -0.0559511,
      -0.0165561,
      0.935506,
      -0.352922
    ],
    "Manufacturer": "Philips",
    "NumberOfVolumesDiscardedByScanner": 2,
    "ParallelAcquisitionTechnique": "SENSE",
    "ParallelReductionFactorInPlane": 2,
    "PatientPosition": "HFS",
    "PhaseEncodingDirection": "j",
    "PhilipsRescaleIntercept": 0,
    "PhilipsRescaleSlope": 0.76703,
    "PhilipsScaleSlope": 0.0652086,
    "ProtocolName": "WIPpiopgstroopSENSE",
    "PulseSequenceType": "gradient echo EPI",
    "ReconMatrixPE": 80,
    "RepetitionTime": 2,
    "SeriesDescription": "ImageMRSERIES",
    "SeriesNumber": 3,
    "SliceEncodingDirection": "k",
    "TaskName": "gstroop",
    "UsePhilipsFloatNotDisplayScaling": 1,
    "acq_id": "seq",
    "dataset": "unknown",
    "modality": "bold",
    "subject_id": "0119",
    "task_id": "gstroop"
  },
  "dummy_trs": 0,
  "dvars_nstd": 20.131422809057376,
  "dvars_std": 1.095279414180328,
  "dvars_vstd": 0.9957046229508194,
  "efc": 0.3963078749974454,
  "fber": 179774080.0,
  "fd_mean": 0.11598443911301587,
  "fd_num": 21,
  "fd_perc": 8.571428571428571,
  "fwhm_avg": 2.361065667028766,
  "fwhm_x": 2.3135233333333334,
  "fwhm_y": 2.5973433333333333,
  "fwhm_z": 2.1723303344196307,
  "gcor": 0.0152072,
  "gsr_x": 0.00041408094693906605,
  "gsr_y": 0.004365152213722467,
  "provenance": {
    "md5sum": "596eecd4844af1d15c6e56bd21cdce20",
    "settings": {
      "fd_thres": 0.2,
      "hmc_fsl": false
    },
    "software": "mriqc",
    "version": "0.15.0",
    "webapi_port": null,
    "webapi_url": "https://mriqc.nimh.nih.gov/api/v1"
  },
  "size_t": 245,
  "size_x": 80,
  "size_y": 80,
  "size_z": 37,
  "snr": 5.133124880515643,
  "spacing_tr": 2.0,
  "spacing_x": 3.0,
  "spacing_y": 3.0,
  "spacing_z": 3.299999952316284,
  "spikes_num": 1,
  "summary_bg_k": 74.93971658571516,
  "summary_bg_mad": 2.099292755126953,
  "summary_bg_mean": 188.46353149414062,
  "summary_bg_median": 1.441049575805664,
  "summary_bg_n": 156069.0,
  "summary_bg_p05": 0.009278574399650097,
  "summary_bg_p95": 659.0630371093766,
  "summary_bg_stdv": 1015.8916625976562,
  "summary_fg_k": 2.930693918232868,
  "summary_fg_mad": 3391.08056640625,
  "summary_fg_mean": 21112.876953125,
  "summary_fg_median": 20912.005859375,
  "summary_fg_n": 39772.0,
  "summary_fg_p05": 15438.00673828125,
  "summary_fg_p95": 27406.278320312496,
  "summary_fg_stdv": 4073.881591796875,
  "tsnr": 48.975502014160156
}