{
  "aor": 0.00012603030303030304,
  "aqi": 0.00971810221212121,
  "bids_meta": {
    "AcquisitionNumber": 2,
    "BidsifyVersion": "0.3.5",
    "ConversionSoftware": "dcm2niix",
    "ConversionSoftwareVersion": "v1.0.20181125  GCC6.3.0",
    "EchoTime": 0.02762,
    "ImageComments": "PIOP",
    "ImageOrientationPatientDICOM": [
      0.998428,
      -0.00343808,
      -0.0559511,
      -0.0165561,
      0.935506,
      -0.352922
    ],
    "Manufacturer": "Philips",
    "NumberOfVolumesDiscardedByScanner": 2,
    "ParallelAcquisitionTechnique": "SENSE",
    "ParallelReductionFactorInPlane": 2,
    "PatientPosition": "HFS",
    "PhaseEncodingDirection": "j",
    "PhilipsRescaleIntercept": 0,
    "PhilipsRescaleSlope": 0.79976,
    "PhilipsScaleSlope": 0.101783,
    "ProtocolName": "WIPpiopfacesSENSE",
    "PulseSequenceType": "gradient echo EPI",
    "ReconMatrixPE": 80,
    "RepetitionTime": 0.75,
    "SeriesDescription": "ImageMRSERIES",
    "SeriesNumber": 2,
    "SliceEncodingDirection": "k",
    "TaskName": "faces",
    "UsePhilipsFloatNotDisplayScaling": 1,
    "acq_id": "mb3",
    "dataset": "unknown",
    "modality": "bold",
    "subject_id": "0119",
    "task_id": "faces"
  },
  "dummy_trs": 0,
  "dvars_nstd": 29.86929912641336,
  "dvars_std": 1.1285768259270523,
  "dvars_vstd": 1.0010377981762923,
  "efc": 0.398542781024709,
  "fber": 1136206848.0,
  "fd_mean": 0.0989422508543513,
  "fd_num": 15,
  "fd_perc": 4.545454545454546,
  "fwhm_avg": 2.4606886977638833,
  "fwhm_x": 2.4277266666666666,
  "fwhm_y": 2.6923,
  "fwhm_z": 2.2620394266249835,
  "gcor": 0.0213448,
  "gsr_x": -0.0004671643837355077,
  "gsr_y": 0.004283917602151632,
  "provenance": {
    "md5sum": "5ad408c2f9b39721465f42a34d3bf626",
    "settings": {
      "fd_thres": 0.2,
      "hmc_fsl": false
    },
    "software": "mriqc",
    "version": "0.15.0",
    "webapi_port": null,
    "webapi_url": "https://mriqc.nimh.nih.gov/api/v1"
  },
  "size_t": 330,
  "size_x": 80,
  "size_y": 80,
  "size_z": 36,
  "snr": 5.749469200469207,
  "spacing_tr": 0.75,
  "spacing_x": 3.0,
  "spacing_y": 3.0,
  "spacing_z": 3.299999952316284,
  "spikes_num": 0,
  "summary_bg_k": 70.99419815623345,
  "summary_bg_mad": 0.6432095766067505,
  "summary_bg_mean": 138.24658203125,
  "summary_bg_median": 0.4371787905693054,
  "summary_bg_n": 151572.0,
  "summary_bg_p05": 0.001462985359830782,
  "summary_bg_p95": 548.4360260009709,
  "summary_bg_stdv": 750.6806640625,
  "summary_fg_k": 2.844419924237556,
  "summary_fg_mad": 2301.38232421875,
  "summary_fg_mean": 15739.6650390625,
  "summary_fg_median": 15804.796875,
  "summary_fg_n": 38800.0,
  "summary_fg_p05": 11514.49921875,
  "summary_fg_p95": 19931.747265625,
  "summary_fg_stdv": 2748.878662109375,
  "tsnr": 48.75157165527344
}