{
  "aor": 0.00118775,
  "aqi": 0.0032202283750000006,
  "bids_meta": {
    "AcquisitionNumber": 8,
    "BidsifyVersion": "0.3.5",
    "ConversionSoftware": "dcm2niix",
    "ConversionSoftwareVersion": "v1.0.20181125  GCC6.3.0",
    "EchoTime": 0.02762,
    "EffectiveEchoSpacing": 0.0006621159151938905,
    "ImageComments": "Piop",
    "ImageOrientationPatientDICOM": [
      0.99856,
      0.0520578,
      -0.0129312,
      -0.0532062,
      0.991867,
      -0.115626
    ],
    "Manufacturer": "Philips",
    "NumberOfVolumesDiscardedByScanner": 2,
    "ParallelAcquisitionTechnique": "SENSE",
    "ParallelReductionFactorInPlane": 2,
    "PatientPosition": "HFS",
    "PhaseEncodingDirection": "j",
    "PhilipsRescaleIntercept": 0,
    "PhilipsRescaleSlope": 0.77167,
    "PhilipsScaleSlope": 0.0585141,
    "ProtocolName": "WIPpiopwmSENSE",
    "PulseSequenceType": "gradient echo EPI",
    "ReconMatrixPE": 80,
    "RepetitionTime": 2,
    "SeriesDescription": "ImageMRSERIES",
    "SeriesNumber": 8,
    "SliceEncodingDirection": "k",
    "SliceTiming": [
      0.0,
      0.0541,
      0.1081,
      0.1622,
      0.2162,
      0.2703,
      0.3243,
      0.3784,
      0.4324,
      0.4865,
      0.5405,
      0.5946,
      0.6486,
      0.7027,
      0.7568,
      0.8108,
      0.8649,
      0.9189,
      0.973,
      1.027,
      1.0811,
      1.1351,
      1.1892,
      1.2432,
      1.2973,
      1.3514,
      1.4054,
      1.4595,
      1.5135,
      1.5676,
      1.6216,
      1.6757,
      1.7297,
      1.7838,
      1.8378,
      1.8919,
      1.9459
    ],
    "TaskName": "workingmemory",
    "TotalReadoutTime": 0.025822520692561732,
    "UsePhilipsFloatNotDisplayScaling": 1,
    "acq_id": "seq",
    "dataset": "unknown",
    "modality": "bold",
    "subject_id": "0140",
    "task_id": "workingmemory"
  },
  "dummy_trs": 2,
  "dvars_nstd": 21.537842348679238,
  "dvars_std": 1.2628693610062898,
  "dvars_vstd": 0.9903510544025157,
  "efc": 0.39618527603533316,
  "fber": 1501414272.0,
  "fd_mean": 0.11572206011239922,
  "fd_num": 11,
  "fd_perc": 6.875,
  "fwhm_avg": 2.3254402125138016,
  "fwhm_x": 2.226226666666667,
  "fwhm_y": 2.5714333333333332,
  "fwhm_z": 2.1786606375414044,
  "gcor": 0.0357281,
  "gsr_x": -0.0063432748429477215,
  "gsr_y": 0.003799392143264413,
  "provenance": {
    "md5sum": "8fb9615be169ab84fc4a7933751bc3d4",
    "settings": {
      "fd_thres": 0.2,
      "hmc_fsl": false
    },
    "software": "mriqc",
    "version": "0.15.0",
    "webapi_port": null,
    "webapi_url": "https://mriqc.nimh.nih.gov/api/v1"
  },
  "size_t": 160,
  "size_x": 80,
  "size_y": 80,
  "size_z": 37,
  "snr": 4.798468580849898,
  "spacing_tr": 2.0,
  "spacing_x": 3.0,
  "spacing_y": 3.0,
  "spacing_z": 3.299999952316284,
  "spikes_num": 0,
  "summary_bg_k": 132.32316631814246,
  "summary_bg_mad": 0.8453978896141052,
  "summary_bg_mean": 189.42138671875,
  "summary_bg_median": 0.5721720457077026,
  "summary_bg_n": 155721.0,
  "summary_bg_p05": 0.0014035467756912112,
  "summary_bg_p95": 682.0881958007812,
  "summary_bg_stdv": 1117.0457763671875,
  "summary_fg_k": 1.7039022422278354,
  "summary_fg_mad": 4854.02685546875,
  "summary_fg_mean": 25345.076171875,
  "summary_fg_median": 25082.71875,
  "summary_fg_n": 40704.0,
  "summary_fg_p05": 17791.13994140625,
  "summary_fg_p95": 33648.0443359375,
  "summary_fg_stdv": 5227.169921875,
  "tsnr": 80.3762435913086
}