{
  "aor": 8.570121951219514e-05,
  "aqi": 0.0060150938414634154,
  "bids_meta": {
    "AcquisitionNumber": 2,
    "BidsifyVersion": "0.3.5",
    "ConversionSoftware": "dcm2niix",
    "ConversionSoftwareVersion": "v1.0.20181125  GCC6.3.0",
    "EchoTime": 0.02762,
    "EffectiveEchoSpacing": 0.0006333282667071997,
    "ImageComments": "Piop",
    "ImageOrientationPatientDICOM": [
      0.998587,
      0.0514635,
      -0.0132195,
      -0.0528581,
      0.987495,
      -0.148526
    ],
    "Manufacturer": "Philips",
    "NumberOfVolumesDiscardedByScanner": 2,
    "ParallelAcquisitionTechnique": "SENSE",
    "ParallelReductionFactorInPlane": 2,
    "PatientPosition": "HFS",
    "PhaseEncodingDirection": "j",
    "PhilipsRescaleIntercept": 0,
    "PhilipsRescaleSlope": 0.79976,
    "PhilipsScaleSlope": 0.086371,
    "ProtocolName": "WIPpiopfacesSENSE",
    "PulseSequenceType": "gradient echo EPI",
    "ReconMatrixPE": 80,
    "RepetitionTime": 0.75,
    "SeriesDescription": "ImageMRSERIES",
    "SeriesNumber": 2,
    "SliceEncodingDirection": "k",
    "SliceTiming": [
      0.0,
      0.06755050505050506,
      0.1351010101010101,
      0.20265151515151517,
      0.2702020202020202,
      0.3377525252525253,
      0.40530303030303033,
      0.47285353535353536,
      0.5404040404040404,
      0.6079545454545455,
      0.6755050505050506,
      0.7430555555555556,
      0.0,
      0.06755050505050506,
      0.1351010101010101,
      0.20265151515151517,
      0.2702020202020202,
      0.3377525252525253,
      0.40530303030303033,
      0.47285353535353536,
      0.5404040404040404,
      0.6079545454545455,
      0.6755050505050506,
      0.7430555555555556,
      0.0,
      0.06755050505050506,
      0.1351010101010101,
      0.20265151515151517,
      0.2702020202020202,
      0.3377525252525253,
      0.40530303030303033,
      0.47285353535353536,
      0.5404040404040404,
      0.6079545454545455,
      0.6755050505050506,
      0.7430555555555556
    ],
    "TaskName": "faces",
    "TotalReadoutTime": 0.024699802401580786,
    "UsePhilipsFloatNotDisplayScaling": 1,
    "acq_id": "mb3",
    "dataset": "unknown",
    "modality": "bold",
    "subject_id": "0140",
    "task_id": "faces"
  },
  "dummy_trs": 2,
  "dvars_nstd": 21.75924440541286,
  "dvars_std": 1.0960035952905192,
  "dvars_vstd": 0.9804034854128447,
  "efc": 0.4024211291556464,
  "fber": 3564809472.0,
  "fd_mean": 0.10103971683858816,
  "fd_num": 9,
  "fd_perc": 2.7439024390243905,
  "fwhm_avg": 2.5563148143973815,
  "fwhm_x": 2.4703166666666667,
  "fwhm_y": 2.882903333333333,
  "fwhm_z": 2.3157244431921447,
  "gcor": 0.0236286,
  "gsr_x": -0.008311409503221512,
  "gsr_y": 0.003012011991813779,
  "provenance": {
    "md5sum": "28411f0ec0ab003be265b858a1b4dbbc",
    "settings": {
      "fd_thres": 0.2,
      "hmc_fsl": false
    },
    "software": "mriqc",
    "version": "0.15.0",
    "webapi_port": null,
    "webapi_url": "https://mriqc.nimh.nih.gov/api/v1"
  },
  "size_t": 328,
  "size_x": 80,
  "size_y": 80,
  "size_z": 36,
  "snr": 5.903359155546587,
  "spacing_tr": 0.75,
  "spacing_x": 3.0,
  "spacing_y": 3.0,
  "spacing_z": 3.299999713897705,
  "spikes_num": 0,
  "summary_bg_k": 129.72438617630726,
  "summary_bg_mad": 0.4074098765850067,
  "summary_bg_mean": 139.27835083007812,
  "summary_bg_median": 0.2761594355106354,
  "summary_bg_n": 151079.0,
  "summary_bg_p05": 0.0007374199980404228,
  "summary_bg_p95": 683.6814331054693,
  "summary_bg_stdv": 815.7738037109375,
  "summary_fg_k": 2.5586605355008434,
  "summary_fg_mad": 2711.770751953125,
  "summary_fg_mean": 18254.00390625,
  "summary_fg_median": 18313.10546875,
  "summary_fg_n": 39632.0,
  "summary_fg_p05": 13320.67158203125,
  "summary_fg_p95": 22905.750195312496,
  "summary_fg_stdv": 3102.11083984375,
  "tsnr": 64.0703125
}