{
  "bids_meta": {
    "AcquisitionNumber": 4,
    "BidsifyVersion": "0.3.5",
    "ConversionSoftware": "dcm2niix",
    "ConversionSoftwareVersion": "v1.0.20181125  GCC6.3.0",
    "EchoTime": 0.00384,
    "ImageComments": "piop",
    "ImageOrientationPatientDICOM": [
      0.993263,
      0.0804175,
      -0.0834405,
      -0.0921422,
      0.984715,
      -0.147807
    ],
    "Manufacturer": "Philips",
    "PatientPosition": "HFS",
    "PhilipsRescaleIntercept": 0,
    "PhilipsRescaleSlope": 9.28303,
    "PhilipsScaleSlope": 0.00697741,
    "ProtocolName": "WIPt13dSENSE",
    "ReconMatrixPE": 240,
    "RepetitionTime": 0.008354,
    "SeriesDescription": "ImageMRSERIES",
    "SeriesNumber": 4,
    "UsePhilipsFloatNotDisplayScaling": 1,
    "dataset": "unknown",
    "modality": "T1w",
    "subject_id": "0075"
  },
  "cjv": 0.3497108578756318,
  "cnr": 3.6007419713728326,
  "efc": 0.7634652569466013,
  "fber": 1642.929931640625,
  "fwhm_avg": 3.68135652241947,
  "fwhm_x": 3.55257,
  "fwhm_y": 3.8614,
  "fwhm_z": 3.6300995672584095,
  "icvs_csf": 0.215308958066878,
  "icvs_gm": 0.4056876929916236,
  "icvs_wm": 0.3790033489414984,
  "inu_med": 2.082810163497925,
  "inu_range": 0.5258007764816284,
  "provenance": {
    "md5sum": "73cc9a75ffabad4c82a6f10e80f22968",
    "settings": {
      "testing": false
    },
    "software": "mriqc",
    "version": "0.15.0",
    "warnings": {
      "large_rot_frame": true,
      "small_air_mask": true
    },
    "webapi_port": null,
    "webapi_url": "https://mriqc.nimh.nih.gov/api/v1"
  },
  "qi_1": 0.0,
  "qi_2": 9.162356888637881e-05,
  "rpve_csf": 23.732741984565457,
  "rpve_gm": 13.130641887519479,
  "rpve_wm": 17.85741589888867,
  "size_x": 240,
  "size_y": 240,
  "size_z": 220,
  "snr_csf": 2.3129422151904895,
  "snr_gm": 7.105162055850917,
  "snr_total": 9.44465342110381,
  "snr_wm": 18.915855992270025,
  "snrd_csf": 20.33383050424847,
  "snrd_gm": 43.95443592663284,
  "snrd_total": 44.83143302230092,
  "snrd_wm": 70.20603263602145,
  "spacing_x": 1.0,
  "spacing_y": 1.0,
  "spacing_z": 1.0000001192092896,
  "summary_bg_k": 13.788253846367954,
  "summary_bg_mad": 9.331448554992676,
  "summary_bg_mean": 13.376189231872559,
  "summary_bg_median": 11.797327041625977,
  "summary_bg_n": 162264.0,
  "summary_bg_p05": 0.0,
  "summary_bg_p95": 41.69587993621826,
  "summary_bg_stdv": 15.005876541137695,
  "summary_csf_k": -0.5591136908675982,
  "summary_csf_mad": 151.36233520507812,
  "summary_csf_mean": 281.20159912109375,
  "summary_csf_median": 289.6253356933594,
  "summary_csf_n": 13283.0,
  "summary_csf_p05": 82.89718093872071,
  "summary_csf_p95": 466.24121093749994,
  "summary_csf_stdv": 125.21472930908203,
  "summary_gm_k": 0.4561946397456902,
  "summary_gm_mad": 82.44206237792969,
  "summary_gm_mean": 632.486328125,
  "summary_gm_median": 626.06591796875,
  "summary_gm_n": 19379.0,
  "summary_gm_p05": 497.8564819335937,
  "summary_gm_p95": 789.3447814941405,
  "summary_gm_stdv": 88.1119613647461,
  "summary_wm_k": 0.9155014276542435,
  "summary_wm_mad": 48.32012939453125,
  "summary_wm_mean": 998.6444702148438,
  "summary_wm_median": 999.9810791015625,
  "summary_wm_n": 253919.0,
  "summary_wm_p05": 909.6804077148438,
  "summary_wm_p95": 1081.935009765625,
  "summary_wm_stdv": 52.86459732055664,
  "tpm_overlap_csf": 0.21958374977111816,
  "tpm_overlap_gm": 0.5015092492103577,
  "tpm_overlap_wm": 0.5764692425727844,
  "wm2max": 0.6073982561916321
}