{
  "aor": 8.541538461538462e-05,
  "aqi": 0.006644120553846154,
  "bids_meta": {
    "AcquisitionNumber": 2,
    "BidsifyVersion": "0.3.5",
    "ConversionSoftware": "dcm2niix",
    "ConversionSoftwareVersion": "v1.0.20181125  GCC6.3.0",
    "EchoTime": 0.02762,
    "ImageComments": "piop",
    "ImageOrientationPatientDICOM": [
      0.999376,
      -0.00744666,
      0.0345273,
      0.0174442,
      0.954047,
      -0.29915
    ],
    "Manufacturer": "Philips",
    "NumberOfVolumesDiscardedByScanner": 2,
    "ParallelAcquisitionTechnique": "SENSE",
    "ParallelReductionFactorInPlane": 2,
    "PatientPosition": "HFS",
    "PhaseEncodingDirection": "j",
    "PhilipsRescaleIntercept": 0,
    "PhilipsRescaleSlope": 0.77411,
    "PhilipsScaleSlope": 0.0777676,
    "ProtocolName": "WIPpiopfacesSENSE",
    "PulseSequenceType": "gradient echo EPI",
    "ReconMatrixPE": 80,
    "RepetitionTime": 0.75,
    "SeriesDescription": "ImageMRSERIES",
    "SeriesNumber": 2,
    "SliceEncodingDirection": "k",
    "TaskName": "faces",
    "UsePhilipsFloatNotDisplayScaling": 1,
    "acq_id": "mb3",
    "dataset": "unknown",
    "modality": "bold",
    "subject_id": "0150",
    "task_id": "faces"
  },
  "dummy_trs": 5,
  "dvars_nstd": 27.509316962222194,
  "dvars_std": 1.063735044290124,
  "dvars_vstd": 0.9742933377777782,
  "efc": 0.42246193867237725,
  "fber": 610831680.0,
  "fd_mean": 0.09883408451214988,
  "fd_num": 3,
  "fd_perc": 0.9230769230769231,
  "fwhm_avg": 2.4020253642183014,
  "fwhm_x": 2.3962,
  "fwhm_y": 2.5919033333333332,
  "fwhm_z": 2.2179727593215706,
  "gcor": 0.00463224,
  "gsr_x": -0.010195938870310783,
  "gsr_y": 0.00690442742779851,
  "provenance": {
    "md5sum": "52add58c1cd32b86d253d2f3805d136f",
    "settings": {
      "fd_thres": 0.2,
      "hmc_fsl": false
    },
    "software": "mriqc",
    "version": "0.15.0",
    "webapi_port": null,
    "webapi_url": "https://mriqc.nimh.nih.gov/api/v1"
  },
  "size_t": 325,
  "size_x": 80,
  "size_y": 80,
  "size_z": 36,
  "snr": 4.397377707005834,
  "spacing_tr": 0.75,
  "spacing_x": 3.0,
  "spacing_y": 3.0,
  "spacing_z": 3.299999952316284,
  "spikes_num": 0,
  "summary_bg_k": 83.93380262292548,
  "summary_bg_mad": 0.8877363204956055,
  "summary_bg_mean": 151.8944854736328,
  "summary_bg_median": 0.6057711839675903,
  "summary_bg_n": 144704.0,
  "summary_bg_p05": 0.0030532869161106644,
  "summary_bg_p95": 740.2456695556658,
  "summary_bg_stdv": 819.4105834960938,
  "summary_fg_k": 1.1685981724341854,
  "summary_fg_mad": 3615.125732421875,
  "summary_fg_mean": 17597.517578125,
  "summary_fg_median": 17579.353515625,
  "summary_fg_n": 43823.0,
  "summary_fg_p05": 11489.55126953125,
  "summary_fg_p95": 24102.0154296875,
  "summary_fg_stdv": 3997.64453125,
  "tsnr": 46.538352966308594
}