{
  "aor": 0.00013981171548117154,
  "aqi": 0.006557098744769874,
  "bids_meta": {
    "AcquisitionNumber": 7,
    "BidsifyVersion": "0.3.5",
    "ConversionSoftware": "dcm2niix",
    "ConversionSoftwareVersion": "v1.0.20181125  GCC6.3.0",
    "EchoTime": 0.02762,
    "ImageComments": "piop",
    "ImageOrientationPatientDICOM": [
      0.999376,
      -0.00744666,
      0.0345273,
      0.0174442,
      0.954047,
      -0.29915
    ],
    "Manufacturer": "Philips",
    "NumberOfVolumesDiscardedByScanner": 2,
    "ParallelAcquisitionTechnique": "SENSE",
    "ParallelReductionFactorInPlane": 2,
    "PatientPosition": "HFS",
    "PhaseEncodingDirection": "j",
    "PhilipsRescaleIntercept": 0,
    "PhilipsRescaleSlope": 0.81441,
    "PhilipsScaleSlope": 0.082956,
    "ProtocolName": "WIPpioprsSENSE",
    "PulseSequenceType": "gradient echo EPI",
    "ReconMatrixPE": 80,
    "RepetitionTime": 0.75,
    "SeriesDescription": "ImageMRSERIES",
    "SeriesNumber": 7,
    "SliceEncodingDirection": "k",
    "TaskName": "restingstate",
    "UsePhilipsFloatNotDisplayScaling": 1,
    "acq_id": "mb3",
    "dataset": "unknown",
    "modality": "bold",
    "subject_id": "0150",
    "task_id": "restingstate"
  },
  "dummy_trs": 2,
  "dvars_nstd": 29.0732405680084,
  "dvars_std": 1.115078617400419,
  "dvars_vstd": 1.0013590069392035,
  "efc": 0.4229504806983875,
  "fber": 1802656640.0,
  "fd_mean": 0.09697298094292521,
  "fd_num": 10,
  "fd_perc": 2.092050209205021,
  "fwhm_avg": 2.3896169803016565,
  "fwhm_x": 2.36393,
  "fwhm_y": 2.603196666666667,
  "fwhm_z": 2.2017242742383014,
  "gcor": 0.00796845,
  "gsr_x": -0.009089131839573383,
  "gsr_y": 0.00617983378469944,
  "provenance": {
    "md5sum": "2dd27892ec3b24e69a007e81de458592",
    "settings": {
      "fd_thres": 0.2,
      "hmc_fsl": false
    },
    "software": "mriqc",
    "version": "0.15.0",
    "webapi_port": null,
    "webapi_url": "https://mriqc.nimh.nih.gov/api/v1"
  },
  "size_t": 478,
  "size_x": 80,
  "size_y": 80,
  "size_z": 36,
  "snr": 4.741230004984216,
  "spacing_tr": 0.75,
  "spacing_x": 3.0,
  "spacing_y": 3.0,
  "spacing_z": 3.299999952316284,
  "spikes_num": 0,
  "summary_bg_k": 79.66574990015573,
  "summary_bg_mad": 0.49559351801872253,
  "summary_bg_mean": 150.718994140625,
  "summary_bg_median": 0.3361130356788635,
  "summary_bg_n": 144840.0,
  "summary_bg_p05": 0.0014282912772614514,
  "summary_bg_p95": 767.5211181640623,
  "summary_bg_stdv": 790.768798828125,
  "summary_fg_k": 1.6162705230375058,
  "summary_fg_mad": 3198.698486328125,
  "summary_fg_mean": 17316.091796875,
  "summary_fg_median": 17324.41015625,
  "summary_fg_n": 43573.0,
  "summary_fg_p05": 11671.8314453125,
  "summary_fg_p95": 23166.286328125003,
  "summary_fg_stdv": 3653.94873046875,
  "tsnr": 50.24699020385742
}