{
  "aor": 0.0007650625,
  "aqi": 0.0037794032500000005,
  "bids_meta": {
    "AcquisitionNumber": 8,
    "BidsifyVersion": "0.3.5",
    "ConversionSoftware": "dcm2niix",
    "ConversionSoftwareVersion": "v1.0.20181125  GCC6.3.0",
    "EchoTime": 0.02762,
    "EffectiveEchoSpacing": 0.0006621159151938905,
    "ImageComments": "Piop",
    "ImageOrientationPatientDICOM": [
      0.996553,
      -0.0429984,
      0.0709462,
      0.0469962,
      0.997342,
      -0.0556777
    ],
    "Manufacturer": "Philips",
    "NumberOfVolumesDiscardedByScanner": 2,
    "ParallelAcquisitionTechnique": "SENSE",
    "ParallelReductionFactorInPlane": 2,
    "PatientPosition": "HFS",
    "PhaseEncodingDirection": "j",
    "PhilipsRescaleIntercept": 0,
    "PhilipsRescaleSlope": 0.75165,
    "PhilipsScaleSlope": 0.0552115,
    "ProtocolName": "WIPpiopwmSENSE",
    "PulseSequenceType": "gradient echo EPI",
    "ReconMatrixPE": 80,
    "RepetitionTime": 2,
    "SeriesDescription": "ImageMRSERIES",
    "SeriesNumber": 8,
    "SliceEncodingDirection": "k",
    "SliceTiming": [
      0.0,
      0.0541,
      0.1081,
      0.1622,
      0.2162,
      0.2703,
      0.3243,
      0.3784,
      0.4324,
      0.4865,
      0.5405,
      0.5946,
      0.6486,
      0.7027,
      0.7568,
      0.8108,
      0.8649,
      0.9189,
      0.973,
      1.027,
      1.0811,
      1.1351,
      1.1892,
      1.2432,
      1.2973,
      1.3514,
      1.4054,
      1.4595,
      1.5135,
      1.5676,
      1.6216,
      1.6757,
      1.7297,
      1.7838,
      1.8378,
      1.8919,
      1.9459
    ],
    "TaskName": "workingmemory",
    "TotalReadoutTime": 0.025822520692561732,
    "UsePhilipsFloatNotDisplayScaling": 1,
    "acq_id": "seq",
    "dataset": "unknown",
    "modality": "bold",
    "subject_id": "0021",
    "task_id": "workingmemory"
  },
  "dummy_trs": 2,
  "dvars_nstd": 22.810444298113207,
  "dvars_std": 1.2085693660377355,
  "dvars_vstd": 0.9658692493710693,
  "efc": 0.43717383082367733,
  "fber": 535953408.0,
  "fd_mean": 0.13186009771397525,
  "fd_num": 13,
  "fd_perc": 8.125,
  "fwhm_avg": 2.3566560710809923,
  "fwhm_x": 2.29136,
  "fwhm_y": 2.603823333333333,
  "fwhm_z": 2.1747848799096436,
  "gcor": 0.0189855,
  "gsr_x": 0.0018561058677732944,
  "gsr_y": 0.003076361259445548,
  "provenance": {
    "md5sum": "a7518954fadb4d49ef05d8d092f3904b",
    "settings": {
      "fd_thres": 0.2,
      "hmc_fsl": false
    },
    "software": "mriqc",
    "version": "0.15.0",
    "webapi_port": null,
    "webapi_url": "https://mriqc.nimh.nih.gov/api/v1"
  },
  "size_t": 160,
  "size_x": 80,
  "size_y": 80,
  "size_z": 37,
  "snr": 4.178676965353301,
  "spacing_tr": 2.0,
  "spacing_x": 3.0,
  "spacing_y": 3.0,
  "spacing_z": 3.299999952316284,
  "spikes_num": 0,
  "summary_bg_k": 82.42113584528566,
  "summary_bg_mad": 1.4309014081954956,
  "summary_bg_mean": 217.81130981445312,
  "summary_bg_median": 0.9665145874023438,
  "summary_bg_n": 145229.0,
  "summary_bg_p05": 0.0,
  "summary_bg_p95": 1108.6417724609391,
  "summary_bg_stdv": 1156.861572265625,
  "summary_fg_k": 2.219081688855381,
  "summary_fg_mad": 4974.9033203125,
  "summary_fg_mean": 26269.64453125,
  "summary_fg_median": 25877.3671875,
  "summary_fg_n": 49144.0,
  "summary_fg_p05": 17185.89248046875,
  "summary_fg_p95": 36346.625,
  "summary_fg_stdv": 6192.65478515625,
  "tsnr": 73.00174713134766
}