{
    "Manufacturer": "Philips",
    "PatientPosition": "HFS",
    "SeriesDescription": "ImageMRSERIES",
    "ProtocolName": "WIPt13dSENSE",
    "SeriesNumber": 4,
    "AcquisitionNumber": 4,
    "ImageComments": "piop",
    "PhilipsRescaleSlope": 9.05958,
    "PhilipsRescaleIntercept": 0,
    "PhilipsScaleSlope": 0.00737322,
    "UsePhilipsFloatNotDisplayScaling": 1,
    "EchoTime": 0.00372,
    "RepetitionTime": 0.008115,
    "ReconMatrixPE": 240,
    "ImageOrientationPatientDICOM": [
        0.999778,
        -0.020656,
        -0.00425005,
        0.0207678,
        0.999387,
        0.0281884
    ],
    "ConversionSoftware": "dcm2niix",
    "ConversionSoftwareVersion": "v1.0.20181125  GCC6.3.0",
    "BidsifyVersion": "0.3.5"
}