{
  "aor": 0.00429435,
  "aqi": 0.00576534705,
  "bids_meta": {
    "AcquisitionNumber": 9,
    "BidsifyVersion": "0.3.5",
    "ConversionSoftware": "dcm2niix",
    "ConversionSoftwareVersion": "v1.0.20181125  GCC6.3.0",
    "EchoTime": 0.02762,
    "ImageComments": "piop",
    "ImageOrientationPatientDICOM": [
      0.999262,
      0.0356701,
      -0.0142393,
      -0.0383878,
      0.939373,
      -0.34074
    ],
    "Manufacturer": "Philips",
    "NumberOfVolumesDiscardedByScanner": 2,
    "ParallelAcquisitionTechnique": "SENSE",
    "ParallelReductionFactorInPlane": 2,
    "PatientPosition": "HFS",
    "PhaseEncodingDirection": "j",
    "PhilipsRescaleIntercept": 0,
    "PhilipsRescaleSlope": 0.80488,
    "PhilipsScaleSlope": 0.0503503,
    "ProtocolName": "WIPpiopanticipatieSENSE",
    "PulseSequenceType": "gradient echo EPI",
    "ReconMatrixPE": 80,
    "RepetitionTime": 2,
    "SeriesDescription": "ImageMRSERIES",
    "SeriesNumber": 9,
    "SliceEncodingDirection": "k",
    "TaskName": "anticipation",
    "UsePhilipsFloatNotDisplayScaling": 1,
    "acq_id": "seq",
    "dataset": "unknown",
    "modality": "bold",
    "subject_id": "0199",
    "task_id": "anticipation"
  },
  "dummy_trs": 0,
  "dvars_nstd": 26.429813759045224,
  "dvars_std": 1.4186832700000007,
  "dvars_vstd": 1.0367488488442207,
  "efc": 0.3884632847276066,
  "fber": 287000672.0,
  "fd_mean": 0.1342838318112746,
  "fd_num": 23,
  "fd_perc": 11.5,
  "fwhm_avg": 2.3551606164163945,
  "fwhm_x": 2.3124966666666666,
  "fwhm_y": 2.602936666666667,
  "fwhm_z": 2.150048515915849,
  "gcor": 0.0526608,
  "gsr_x": -0.006698941811919212,
  "gsr_y": 0.007439656648784876,
  "provenance": {
    "md5sum": "dfd23b8fe643eae57565e97a2cda6f0e",
    "settings": {
      "fd_thres": 0.2,
      "hmc_fsl": false
    },
    "software": "mriqc",
    "version": "0.15.0",
    "webapi_port": null,
    "webapi_url": "https://mriqc.nimh.nih.gov/api/v1"
  },
  "size_t": 200,
  "size_x": 80,
  "size_y": 80,
  "size_z": 37,
  "snr": 4.519181541940439,
  "spacing_tr": 2.0,
  "spacing_x": 3.0,
  "spacing_y": 3.0,
  "spacing_z": 3.299999952316284,
  "spikes_num": 1,
  "summary_bg_k": 96.02641527760954,
  "summary_bg_mad": 2.000113010406494,
  "summary_bg_mean": 198.3411407470703,
  "summary_bg_median": 1.3794293403625488,
  "summary_bg_n": 156681.0,
  "summary_bg_p05": 0.01192448753863573,
  "summary_bg_p95": 826.5809936523438,
  "summary_bg_stdv": 1098.0472412109375,
  "summary_fg_k": 2.2198245076141037,
  "summary_fg_mad": 4608.75,
  "summary_fg_mean": 25657.46875,
  "summary_fg_median": 25351.69921875,
  "summary_fg_n": 39090.0,
  "summary_fg_p05": 17159.71767578125,
  "summary_fg_p95": 34576.9046875,
  "summary_fg_stdv": 5609.72705078125,
  "tsnr": 62.11547088623047
}