{
  "aor": 0.005115061224489796,
  "aqi": 0.00731599575510204,
  "bids_meta": {
    "AcquisitionNumber": 3,
    "BidsifyVersion": "0.3.5",
    "ConversionSoftware": "dcm2niix",
    "ConversionSoftwareVersion": "v1.0.20181125  GCC6.3.0",
    "EchoTime": 0.02762,
    "ImageComments": "piop",
    "ImageOrientationPatientDICOM": [
      0.999262,
      0.0356701,
      -0.0142393,
      -0.0383878,
      0.939373,
      -0.34074
    ],
    "Manufacturer": "Philips",
    "NumberOfVolumesDiscardedByScanner": 2,
    "ParallelAcquisitionTechnique": "SENSE",
    "ParallelReductionFactorInPlane": 2,
    "PatientPosition": "HFS",
    "PhaseEncodingDirection": "j",
    "PhilipsRescaleIntercept": 0,
    "PhilipsRescaleSlope": 0.74115,
    "PhilipsScaleSlope": 0.0548403,
    "ProtocolName": "WIPpiopgstroopSENSE",
    "PulseSequenceType": "gradient echo EPI",
    "ReconMatrixPE": 80,
    "RepetitionTime": 2,
    "SeriesDescription": "ImageMRSERIES",
    "SeriesNumber": 3,
    "SliceEncodingDirection": "k",
    "TaskName": "gstroop",
    "UsePhilipsFloatNotDisplayScaling": 1,
    "acq_id": "seq",
    "dataset": "unknown",
    "modality": "bold",
    "subject_id": "0199",
    "task_id": "gstroop"
  },
  "dummy_trs": 0,
  "dvars_nstd": 18.96841856323769,
  "dvars_std": 1.1316072554508194,
  "dvars_vstd": 11.831392591639347,
  "efc": 0.3891466604238251,
  "fber": 106562312.0,
  "fd_mean": 0.12454592497634906,
  "fd_num": 28,
  "fd_perc": 11.428571428571429,
  "fwhm_avg": 2.3708742527714777,
  "fwhm_x": 2.349816666666667,
  "fwhm_y": 2.6145333333333336,
  "fwhm_z": 2.1482727583144325,
  "gcor": 0.0188997,
  "gsr_x": -0.006465946789830923,
  "gsr_y": 0.0069650160148739815,
  "provenance": {
    "md5sum": "b7d322f5c78104cbd91f4d0d1fd718ed",
    "settings": {
      "fd_thres": 0.2,
      "hmc_fsl": false
    },
    "software": "mriqc",
    "version": "0.15.0",
    "webapi_port": null,
    "webapi_url": "https://mriqc.nimh.nih.gov/api/v1"
  },
  "size_t": 245,
  "size_x": 80,
  "size_y": 80,
  "size_z": 37,
  "snr": 4.4978741315660065,
  "spacing_tr": 2.0,
  "spacing_x": 3.0,
  "spacing_y": 3.0,
  "spacing_z": 3.299999952316284,
  "spikes_num": 0,
  "summary_bg_k": 103.8751071417833,
  "summary_bg_mad": 3.210528612136841,
  "summary_bg_mean": 206.00381469726562,
  "summary_bg_median": 2.23114013671875,
  "summary_bg_n": 156714.0,
  "summary_bg_p05": 0.026706900075078012,
  "summary_bg_p95": 849.7370452880886,
  "summary_bg_stdv": 1113.0408935546875,
  "summary_fg_k": 2.208029513075635,
  "summary_fg_mad": 4563.154296875,
  "summary_fg_mean": 25537.6015625,
  "summary_fg_median": 25252.31640625,
  "summary_fg_n": 38943.0,
  "summary_fg_p05": 16977.44140625,
  "summary_fg_p95": 34497.8625,
  "summary_fg_stdv": 5614.2060546875,
  "tsnr": 59.283302307128906
}