{
  "aor": 0.0023341212121212127,
  "aqi": 0.006694837515151514,
  "bids_meta": {
    "AcquisitionNumber": 2,
    "BidsifyVersion": "0.3.5",
    "ConversionSoftware": "dcm2niix",
    "ConversionSoftwareVersion": "v1.0.20181125  GCC6.3.0",
    "EchoTime": 0.02762,
    "EffectiveEchoSpacing": 0.0006333282667071997,
    "ImageComments": "piop",
    "ImageOrientationPatientDICOM": [
      0.999142,
      -0.0196144,
      -0.0364751,
      0.0115098,
      0.977549,
      -0.210394
    ],
    "Manufacturer": "Philips",
    "NumberOfVolumesDiscardedByScanner": 2,
    "ParallelAcquisitionTechnique": "SENSE",
    "ParallelReductionFactorInPlane": 2,
    "PatientPosition": "HFS",
    "PhaseEncodingDirection": "j",
    "PhilipsRescaleIntercept": 0,
    "PhilipsRescaleSlope": 0.74799,
    "PhilipsScaleSlope": 0.0867903,
    "ProtocolName": "WIPpiopfacesSENSE",
    "PulseSequenceType": "gradient echo EPI",
    "ReconMatrixPE": 80,
    "RepetitionTime": 0.75,
    "SeriesDescription": "ImageMRSERIES",
    "SeriesNumber": 2,
    "SliceEncodingDirection": "k",
    "SliceTiming": [
      0.0,
      0.06755050505050506,
      0.1351010101010101,
      0.20265151515151517,
      0.2702020202020202,
      0.3377525252525253,
      0.40530303030303033,
      0.47285353535353536,
      0.5404040404040404,
      0.6079545454545455,
      0.6755050505050506,
      0.7430555555555556,
      0.0,
      0.06755050505050506,
      0.1351010101010101,
      0.20265151515151517,
      0.2702020202020202,
      0.3377525252525253,
      0.40530303030303033,
      0.47285353535353536,
      0.5404040404040404,
      0.6079545454545455,
      0.6755050505050506,
      0.7430555555555556,
      0.0,
      0.06755050505050506,
      0.1351010101010101,
      0.20265151515151517,
      0.2702020202020202,
      0.3377525252525253,
      0.40530303030303033,
      0.47285353535353536,
      0.5404040404040404,
      0.6079545454545455,
      0.6755050505050506,
      0.7430555555555556
    ],
    "TaskName": "faces",
    "TotalReadoutTime": 0.024699802401580786,
    "UsePhilipsFloatNotDisplayScaling": 1,
    "acq_id": "mb3",
    "dataset": "unknown",
    "modality": "bold",
    "subject_id": "0112",
    "task_id": "faces"
  },
  "dummy_trs": 0,
  "dvars_nstd": 25.077457886079042,
  "dvars_std": 1.251685555136778,
  "dvars_vstd": 1.0349720699999985,
  "efc": 0.39070304085689533,
  "fber": 1012351744.0,
  "fd_mean": 0.109425045046948,
  "fd_num": 19,
  "fd_perc": 5.757575757575758,
  "fwhm_avg": 2.749876029735953,
  "fwhm_x": 2.69507,
  "fwhm_y": 3.1275033333333333,
  "fwhm_z": 2.427054755874526,
  "gcor": 0.0250637,
  "gsr_x": -0.0059034195728600025,
  "gsr_y": 0.0037711611948907375,
  "provenance": {
    "md5sum": "32b1088d4dd900df1906da80cf1ef599",
    "settings": {
      "fd_thres": 0.2,
      "hmc_fsl": false
    },
    "software": "mriqc",
    "version": "0.15.0",
    "webapi_port": null,
    "webapi_url": "https://mriqc.nimh.nih.gov/api/v1"
  },
  "size_t": 330,
  "size_x": 80,
  "size_y": 80,
  "size_z": 36,
  "snr": 5.2925680131991495,
  "spacing_tr": 0.75,
  "spacing_x": 3.0,
  "spacing_y": 3.0,
  "spacing_z": 3.299999713897705,
  "spikes_num": 2,
  "summary_bg_k": 75.40242409063309,
  "summary_bg_mad": 0.775965690612793,
  "summary_bg_mean": 151.19659423828125,
  "summary_bg_median": 0.5298573970794678,
  "summary_bg_n": 152700.0,
  "summary_bg_p05": 0.0031655070022679867,
  "summary_bg_p95": 658.1184204101554,
  "summary_bg_stdv": 837.6319580078125,
  "summary_fg_k": 2.7249142233075965,
  "summary_fg_mad": 2683.40869140625,
  "summary_fg_mean": 18355.341796875,
  "summary_fg_median": 18624.1484375,
  "summary_fg_n": 37797.0,
  "summary_fg_p05": 11942.868359375,
  "summary_fg_p95": 23243.335546874998,
  "summary_fg_stdv": 3518.878173828125,
  "tsnr": 60.17377853393555
}