{
  "aor": 0.0006727755102040817,
  "aqi": 0.0038191549795918364,
  "bids_meta": {
    "AcquisitionNumber": 3,
    "BidsifyVersion": "0.3.5",
    "ConversionSoftware": "dcm2niix",
    "ConversionSoftwareVersion": "v1.0.20181125  GCC6.3.0",
    "EchoTime": 0.02762,
    "EffectiveEchoSpacing": 0.0006621159151938905,
    "ImageComments": "piop",
    "ImageOrientationPatientDICOM": [
      0.998945,
      -0.0251885,
      -0.0384048,
      0.00993821,
      0.934931,
      -0.354691
    ],
    "Manufacturer": "Philips",
    "NumberOfVolumesDiscardedByScanner": 2,
    "ParallelAcquisitionTechnique": "SENSE",
    "ParallelReductionFactorInPlane": 2,
    "PatientPosition": "HFS",
    "PhaseEncodingDirection": "j",
    "PhilipsRescaleIntercept": 0,
    "PhilipsRescaleSlope": 0.78559,
    "PhilipsScaleSlope": 0.0512048,
    "ProtocolName": "WIPpiopgstroopSENSE",
    "PulseSequenceType": "gradient echo EPI",
    "ReconMatrixPE": 80,
    "RepetitionTime": 2,
    "SeriesDescription": "ImageMRSERIES",
    "SeriesNumber": 3,
    "SliceEncodingDirection": "k",
    "SliceTiming": [
      0.0,
      0.0541,
      0.1081,
      0.1622,
      0.2162,
      0.2703,
      0.3243,
      0.3784,
      0.4324,
      0.4865,
      0.5405,
      0.5946,
      0.6486,
      0.7027,
      0.7568,
      0.8108,
      0.8649,
      0.9189,
      0.973,
      1.027,
      1.0811,
      1.1351,
      1.1892,
      1.2432,
      1.2973,
      1.3514,
      1.4054,
      1.4595,
      1.5135,
      1.5676,
      1.6216,
      1.6757,
      1.7297,
      1.7838,
      1.8378,
      1.8919,
      1.9459
    ],
    "TaskName": "gstroop",
    "TotalReadoutTime": 0.025822520692561732,
    "UsePhilipsFloatNotDisplayScaling": 1,
    "acq_id": "seq",
    "dataset": "unknown",
    "modality": "bold",
    "subject_id": "0112",
    "task_id": "gstroop"
  },
  "dummy_trs": 0,
  "dvars_nstd": 21.29119091717214,
  "dvars_std": 1.2873174606557376,
  "dvars_vstd": 0.9962502112704916,
  "efc": 0.38395769178601047,
  "fber": 122311832.0,
  "fd_mean": 0.09970724620541462,
  "fd_num": 12,
  "fd_perc": 4.8979591836734695,
  "fwhm_avg": 2.4278905157221122,
  "fwhm_x": 2.3467866666666666,
  "fwhm_y": 2.7212666666666667,
  "fwhm_z": 2.215618213833003,
  "gcor": 0.0184383,
  "gsr_x": -0.005157709587365389,
  "gsr_y": 0.00525925075635314,
  "provenance": {
    "md5sum": "a99a5c913c44efe4199b7319834c0886",
    "settings": {
      "fd_thres": 0.2,
      "hmc_fsl": false
    },
    "software": "mriqc",
    "version": "0.15.0",
    "webapi_port": null,
    "webapi_url": "https://mriqc.nimh.nih.gov/api/v1"
  },
  "size_t": 245,
  "size_x": 80,
  "size_y": 80,
  "size_z": 37,
  "snr": 4.476218294676425,
  "spacing_tr": 2.0,
  "spacing_x": 3.0,
  "spacing_y": 3.0,
  "spacing_z": 3.299999952316284,
  "spikes_num": 0,
  "summary_bg_k": 79.93283569673646,
  "summary_bg_mad": 3.259984016418457,
  "summary_bg_mean": 203.84890747070312,
  "summary_bg_median": 2.268458366394043,
  "summary_bg_n": 157324.0,
  "summary_bg_p05": 0.007977681420743466,
  "summary_bg_p95": 715.1605285644544,
  "summary_bg_stdv": 1160.84423828125,
  "summary_fg_k": 3.3120419212343712,
  "summary_fg_mad": 4345.2724609375,
  "summary_fg_mean": 25835.685546875,
  "summary_fg_median": 25727.6875,
  "summary_fg_n": 38475.0,
  "summary_fg_p05": 16889.344140625,
  "summary_fg_p95": 34236.85468749998,
  "summary_fg_stdv": 5747.564453125,
  "tsnr": 77.22889709472656
}