{
  "bids_meta": {
    "AcquisitionNumber": 4,
    "BidsifyVersion": "0.3.5",
    "ConversionSoftware": "dcm2niix",
    "ConversionSoftwareVersion": "v1.0.20181125  GCC6.3.0",
    "EchoTime": 0.0038,
    "ImageComments": "PIOP",
    "ImageOrientationPatientDICOM": [
      0.999331,
      0.0365029,
      -0.00209625,
      -0.0364692,
      0.991022,
      -0.128632
    ],
    "Manufacturer": "Philips",
    "PatientPosition": "HFS",
    "PhilipsRescaleIntercept": 0,
    "PhilipsRescaleSlope": 10.0222,
    "PhilipsScaleSlope": 0.00789705,
    "ProtocolName": "WIPt13dSENSE",
    "ReconMatrixPE": 240,
    "RepetitionTime": 0.00825,
    "SeriesDescription": "ImageMRSERIES",
    "SeriesNumber": 4,
    "UsePhilipsFloatNotDisplayScaling": 1,
    "dataset": "unknown",
    "modality": "T1w",
    "subject_id": "0093"
  },
  "cjv": 0.32713694697709694,
  "cnr": 3.831753014403331,
  "efc": 0.7941945516323544,
  "fber": 504.0697937011719,
  "fwhm_avg": 3.434426666666667,
  "fwhm_x": 3.43443,
  "fwhm_y": 3.62828,
  "fwhm_z": 3.24057,
  "icvs_csf": 0.20803050174321236,
  "icvs_gm": 0.42877329635494427,
  "icvs_wm": 0.3631962019018434,
  "inu_med": 0.7737556099891663,
  "inu_range": 0.27993426322937,
  "provenance": {
    "md5sum": "b63a6b4deca57a35a78419557f7f2933",
    "settings": {
      "testing": false
    },
    "software": "mriqc",
    "version": "0.15.0",
    "warnings": {
      "large_rot_frame": true,
      "small_air_mask": true
    },
    "webapi_port": null,
    "webapi_url": "https://mriqc.nimh.nih.gov/api/v1"
  },
  "qi_1": 0.0,
  "qi_2": 0.0004377258087387323,
  "rpve_csf": 30.120112180062893,
  "rpve_gm": 15.71543730189428,
  "rpve_wm": 23.41162152075709,
  "size_x": 240,
  "size_y": 240,
  "size_z": 220,
  "snr_csf": 3.469557879726582,
  "snr_gm": 7.608293611281569,
  "snr_total": 10.248602560705573,
  "snr_wm": 19.66795619110857,
  "snrd_csf": 21.52941733334833,
  "snrd_gm": 34.35184463353068,
  "snrd_total": 36.91982921060559,
  "snrd_wm": 54.878225664937744,
  "spacing_x": 1.0,
  "spacing_y": 1.0,
  "spacing_z": 1.0,
  "summary_bg_k": 12.749550294346433,
  "summary_bg_mad": 11.93798542022705,
  "summary_bg_mean": 16.48419189453125,
  "summary_bg_median": 16.077756881713867,
  "summary_bg_n": 60303.0,
  "summary_bg_p05": 0.0,
  "summary_bg_p95": 40.5795524597168,
  "summary_bg_stdv": 13.225253105163574,
  "summary_csf_k": 4.876160717912641,
  "summary_csf_mad": 102.2252197265625,
  "summary_csf_mean": 382.8686828613281,
  "summary_csf_median": 392.31201171875,
  "summary_csf_n": 4954.0,
  "summary_csf_p05": 177.69305572509768,
  "summary_csf_p95": 539.801318359375,
  "summary_csf_stdv": 113.06121063232422,
  "summary_gm_k": 0.4562565631081057,
  "summary_gm_mad": 76.36668395996094,
  "summary_gm_mean": 629.5942993164062,
  "summary_gm_median": 625.9640502929688,
  "summary_gm_n": 16062.0,
  "summary_gm_p05": 499.8820098876953,
  "summary_gm_p95": 773.4927673339843,
  "summary_gm_stdv": 82.27134704589844,
  "summary_wm_k": 1.0699701194811917,
  "summary_wm_mad": 45.99383544921875,
  "summary_wm_mean": 997.6640014648438,
  "summary_wm_median": 999.9985961914062,
  "summary_wm_n": 178734.0,
  "summary_wm_p05": 909.8405914306641,
  "summary_wm_p95": 1075.4845458984375,
  "summary_wm_stdv": 50.843910217285156,
  "tpm_overlap_csf": 0.17852801084518433,
  "tpm_overlap_gm": 0.5030525922775269,
  "tpm_overlap_wm": 0.5615230798721313,
  "wm2max": 0.6328925507677348
}