{
  "aor": 0.00066179012345679,
  "aqi": 0.002943647901234568,
  "bids_meta": {
    "AcquisitionNumber": 8,
    "BidsifyVersion": "0.3.5",
    "ConversionSoftware": "dcm2niix",
    "ConversionSoftwareVersion": "v1.0.20181125  GCC6.3.0",
    "EchoTime": 0.02762,
    "EffectiveEchoSpacing": 0.0006621159151938905,
    "ImageComments": "piop",
    "ImageOrientationPatientDICOM": [
      0.998722,
      -0.0308156,
      0.0400629,
      0.0378433,
      0.98133,
      -0.188571
    ],
    "Manufacturer": "Philips",
    "NumberOfVolumesDiscardedByScanner": 2,
    "ParallelAcquisitionTechnique": "SENSE",
    "ParallelReductionFactorInPlane": 2,
    "PatientPosition": "HFS",
    "PhaseEncodingDirection": "j",
    "PhilipsRescaleIntercept": 0,
    "PhilipsRescaleSlope": 0.78974,
    "PhilipsScaleSlope": 0.0631458,
    "ProtocolName": "WIPpiopwmSENSE",
    "PulseSequenceType": "gradient echo EPI",
    "ReconMatrixPE": 80,
    "RepetitionTime": 2,
    "SeriesDescription": "ImageMRSERIES",
    "SeriesNumber": 8,
    "SliceEncodingDirection": "k",
    "SliceTiming": [
      0.0,
      0.0541,
      0.1081,
      0.1622,
      0.2162,
      0.2703,
      0.3243,
      0.3784,
      0.4324,
      0.4865,
      0.5405,
      0.5946,
      0.6486,
      0.7027,
      0.7568,
      0.8108,
      0.8649,
      0.9189,
      0.973,
      1.027,
      1.0811,
      1.1351,
      1.1892,
      1.2432,
      1.2973,
      1.3514,
      1.4054,
      1.4595,
      1.5135,
      1.5676,
      1.6216,
      1.6757,
      1.7297,
      1.7838,
      1.8378,
      1.8919,
      1.9459
    ],
    "TaskName": "workingmemory",
    "TotalReadoutTime": 0.025822520692561732,
    "UsePhilipsFloatNotDisplayScaling": 1,
    "acq_id": "seq",
    "dataset": "unknown",
    "modality": "bold",
    "subject_id": "0029",
    "task_id": "workingmemory"
  },
  "dummy_trs": 0,
  "dvars_nstd": 27.048181735217405,
  "dvars_std": 1.4430972890683236,
  "dvars_vstd": 1.0347760911180126,
  "efc": 0.3964223250206078,
  "fber": 1209192704.0,
  "fd_mean": 0.08349677064520965,
  "fd_num": 6,
  "fd_perc": 3.7037037037037037,
  "fwhm_avg": 2.2990906162674025,
  "fwhm_x": 2.2429866666666665,
  "fwhm_y": 2.53517,
  "fwhm_z": 2.119115182135541,
  "gcor": 0.0263192,
  "gsr_x": -0.007763314992189407,
  "gsr_y": 0.004813761916011572,
  "provenance": {
    "md5sum": "180b0aa83f3398a949d4ee951d13d447",
    "settings": {
      "fd_thres": 0.2,
      "hmc_fsl": false
    },
    "software": "mriqc",
    "version": "0.15.0",
    "webapi_port": null,
    "webapi_url": "https://mriqc.nimh.nih.gov/api/v1"
  },
  "size_t": 162,
  "size_x": 80,
  "size_y": 80,
  "size_z": 37,
  "snr": 4.51705076075997,
  "spacing_tr": 2.0,
  "spacing_x": 3.0,
  "spacing_y": 3.0,
  "spacing_z": 3.299999952316284,
  "spikes_num": 0,
  "summary_bg_k": 87.46142919422559,
  "summary_bg_mad": 0.8275445699691772,
  "summary_bg_mean": 179.74925231933594,
  "summary_bg_median": 0.5649804472923279,
  "summary_bg_n": 155345.0,
  "summary_bg_p05": 0.0024759080726653336,
  "summary_bg_p95": 764.7139892578101,
  "summary_bg_stdv": 978.29638671875,
  "summary_fg_k": 2.0132321125584642,
  "summary_fg_mad": 4349.5322265625,
  "summary_fg_mean": 21863.951171875,
  "summary_fg_median": 21636.30859375,
  "summary_fg_n": 40632.0,
  "summary_fg_p05": 15007.595166015624,
  "summary_fg_p95": 29272.68134765625,
  "summary_fg_stdv": 4789.8603515625,
  "tsnr": 80.85208892822266
}