{
  "aor": 9.914046121593291e-05,
  "aqi": 0.00853339253668763,
  "bids_meta": {
    "AcquisitionNumber": 6,
    "BidsifyVersion": "0.3.5",
    "ConversionSoftware": "dcm2niix",
    "ConversionSoftwareVersion": "v1.0.20181125  GCC6.3.0",
    "EchoTime": 0.02762,
    "EffectiveEchoSpacing": 0.0006333282667071997,
    "ImageComments": "piop",
    "ImageOrientationPatientDICOM": [
      0.998722,
      -0.0308156,
      0.0400629,
      0.0378433,
      0.98133,
      -0.188571
    ],
    "Manufacturer": "Philips",
    "NumberOfVolumesDiscardedByScanner": 2,
    "ParallelAcquisitionTechnique": "SENSE",
    "ParallelReductionFactorInPlane": 2,
    "PatientPosition": "HFS",
    "PhaseEncodingDirection": "j",
    "PhilipsRescaleIntercept": 0,
    "PhilipsRescaleSlope": 0.77338,
    "PhilipsScaleSlope": 0.093643,
    "ProtocolName": "WIPpioprsSENSE",
    "PulseSequenceType": "gradient echo EPI",
    "ReconMatrixPE": 80,
    "RepetitionTime": 0.75,
    "SeriesDescription": "ImageMRSERIES",
    "SeriesNumber": 6,
    "SliceEncodingDirection": "k",
    "SliceTiming": [
      0.0,
      0.06755050505050506,
      0.1351010101010101,
      0.20265151515151517,
      0.2702020202020202,
      0.3377525252525253,
      0.40530303030303033,
      0.47285353535353536,
      0.5404040404040404,
      0.6079545454545455,
      0.6755050505050506,
      0.7430555555555556,
      0.0,
      0.06755050505050506,
      0.1351010101010101,
      0.20265151515151517,
      0.2702020202020202,
      0.3377525252525253,
      0.40530303030303033,
      0.47285353535353536,
      0.5404040404040404,
      0.6079545454545455,
      0.6755050505050506,
      0.7430555555555556,
      0.0,
      0.06755050505050506,
      0.1351010101010101,
      0.20265151515151517,
      0.2702020202020202,
      0.3377525252525253,
      0.40530303030303033,
      0.47285353535353536,
      0.5404040404040404,
      0.6079545454545455,
      0.6755050505050506,
      0.7430555555555556
    ],
    "TaskName": "restingstate",
    "TotalReadoutTime": 0.024699802401580786,
    "UsePhilipsFloatNotDisplayScaling": 1,
    "acq_id": "mb3",
    "dataset": "unknown",
    "modality": "bold",
    "subject_id": "0029",
    "task_id": "restingstate"
  },
  "dummy_trs": 3,
  "dvars_nstd": 30.002261298046236,
  "dvars_std": 1.1093599524369757,
  "dvars_vstd": 0.9947955168067223,
  "efc": 0.4028872625086255,
  "fber": 1671726464.0,
  "fd_mean": 0.08602778390786513,
  "fd_num": 4,
  "fd_perc": 0.8385744234800838,
  "fwhm_avg": 2.39816738436191,
  "fwhm_x": 2.3352066666666667,
  "fwhm_y": 2.65345,
  "fwhm_z": 2.2058454864190633,
  "gcor": 0.00900655,
  "gsr_x": -0.008423812687397003,
  "gsr_y": 0.003375964006409049,
  "provenance": {
    "md5sum": "17a489918a5979fa0070972315f384f0",
    "settings": {
      "fd_thres": 0.2,
      "hmc_fsl": false
    },
    "software": "mriqc",
    "version": "0.15.0",
    "webapi_port": null,
    "webapi_url": "https://mriqc.nimh.nih.gov/api/v1"
  },
  "size_t": 477,
  "size_x": 80,
  "size_y": 80,
  "size_z": 36,
  "snr": 5.45641294283259,
  "spacing_tr": 0.75,
  "spacing_x": 3.0,
  "spacing_y": 3.0,
  "spacing_z": 3.299999952316284,
  "spikes_num": 0,
  "summary_bg_k": 83.92971829846363,
  "summary_bg_mad": 0.5666959881782532,
  "summary_bg_mean": 149.4938507080078,
  "summary_bg_median": 0.3851674497127533,
  "summary_bg_n": 150408.0,
  "summary_bg_p05": 0.0012327035539783538,
  "summary_bg_p95": 717.4011871337884,
  "summary_bg_stdv": 800.8232421875,
  "summary_fg_k": 2.1057094772139324,
  "summary_fg_mad": 2828.134765625,
  "summary_fg_mean": 17187.955078125,
  "summary_fg_median": 17301.1796875,
  "summary_fg_n": 39855.0,
  "summary_fg_p05": 12074.1369140625,
  "summary_fg_p95": 21933.022265624997,
  "summary_fg_stdv": 3170.757568359375,
  "tsnr": 48.242183685302734
}