{
  "aor": 0.0002933333333333334,
  "aqi": 0.002576282814814815,
  "bids_meta": {
    "AcquisitionNumber": 5,
    "BidsifyVersion": "0.3.5",
    "ConversionSoftware": "dcm2niix",
    "ConversionSoftwareVersion": "v1.0.20181125  GCC6.3.0",
    "EchoTime": 0.02762,
    "EffectiveEchoSpacing": 0.0006621159151938905,
    "ImageComments": "piop",
    "ImageOrientationPatientDICOM": [
      0.998722,
      -0.0308156,
      0.0400629,
      0.0378433,
      0.98133,
      -0.188571
    ],
    "Manufacturer": "Philips",
    "NumberOfVolumesDiscardedByScanner": 2,
    "ParallelAcquisitionTechnique": "SENSE",
    "ParallelReductionFactorInPlane": 2,
    "PatientPosition": "HFS",
    "PhaseEncodingDirection": "j",
    "PhilipsRescaleIntercept": 0,
    "PhilipsRescaleSlope": 0.82247,
    "PhilipsScaleSlope": 0.0615605,
    "ProtocolName": "WIPpiopharririSENSE",
    "PulseSequenceType": "gradient echo EPI",
    "ReconMatrixPE": 80,
    "RepetitionTime": 2,
    "SeriesDescription": "ImageMRSERIES",
    "SeriesNumber": 5,
    "SliceEncodingDirection": "k",
    "SliceTiming": [
      0.0,
      0.0541,
      0.1081,
      0.1622,
      0.2162,
      0.2703,
      0.3243,
      0.3784,
      0.4324,
      0.4865,
      0.5405,
      0.5946,
      0.6486,
      0.7027,
      0.7568,
      0.8108,
      0.8649,
      0.9189,
      0.973,
      1.027,
      1.0811,
      1.1351,
      1.1892,
      1.2432,
      1.2973,
      1.3514,
      1.4054,
      1.4595,
      1.5135,
      1.5676,
      1.6216,
      1.6757,
      1.7297,
      1.7838,
      1.8378,
      1.8919,
      1.9459
    ],
    "TaskName": "emomatching",
    "TotalReadoutTime": 0.025822520692561732,
    "UsePhilipsFloatNotDisplayScaling": 1,
    "acq_id": "seq",
    "dataset": "unknown",
    "modality": "bold",
    "subject_id": "0029",
    "task_id": "emomatching"
  },
  "dummy_trs": 0,
  "dvars_nstd": 27.77044217970149,
  "dvars_std": 1.4339447072388067,
  "dvars_vstd": 1.0021772135820894,
  "efc": 0.3953008120943802,
  "fber": 3939819776.0,
  "fd_mean": 0.10407508066291218,
  "fd_num": 6,
  "fd_perc": 4.444444444444445,
  "fwhm_avg": 2.3034482930498648,
  "fwhm_x": 2.2408233333333336,
  "fwhm_y": 2.547336666666667,
  "fwhm_z": 2.1221848791495943,
  "gcor": 0.012324,
  "gsr_x": -0.007572394795715809,
  "gsr_y": 0.005116510670632124,
  "provenance": {
    "md5sum": "95c4bcf487251f5bfdb30a3107119f93",
    "settings": {
      "fd_thres": 0.2,
      "hmc_fsl": false
    },
    "software": "mriqc",
    "version": "0.15.0",
    "webapi_port": null,
    "webapi_url": "https://mriqc.nimh.nih.gov/api/v1"
  },
  "size_t": 135,
  "size_x": 80,
  "size_y": 80,
  "size_z": 37,
  "snr": 4.510687208860602,
  "spacing_tr": 2.0,
  "spacing_x": 3.0,
  "spacing_y": 3.0,
  "spacing_z": 3.299999952316284,
  "spikes_num": 0,
  "summary_bg_k": 92.70732774163758,
  "summary_bg_mad": 0.47694653272628784,
  "summary_bg_mean": 170.8929901123047,
  "summary_bg_median": 0.32358118891716003,
  "summary_bg_n": 155369.0,
  "summary_bg_p05": 0.0007591261179186404,
  "summary_bg_p95": 701.014550781251,
  "summary_bg_stdv": 960.5159912109375,
  "summary_fg_k": 2.0581132485915825,
  "summary_fg_mad": 4400.73828125,
  "summary_fg_mean": 22117.15234375,
  "summary_fg_median": 21918.7890625,
  "summary_fg_n": 40638.0,
  "summary_fg_p05": 15173.16552734375,
  "summary_fg_p95": 29583.66494140625,
  "summary_fg_stdv": 4859.24169921875,
  "tsnr": 87.79115295410156
}