{
  "aor": 0.0030531851851851853,
  "aqi": 0.004666038888888889,
  "bids_meta": {
    "AcquisitionNumber": 5,
    "BidsifyVersion": "0.3.5",
    "ConversionSoftware": "dcm2niix",
    "ConversionSoftwareVersion": "v1.0.20181125  GCC6.3.0",
    "EchoTime": 0.02762,
    "EffectiveEchoSpacing": 0.0006621159151938905,
    "ImageComments": "piop",
    "ImageOrientationPatientDICOM": [
      0.997277,
      -0.0710129,
      -0.0198847,
      0.0608214,
      0.944527,
      -0.322753
    ],
    "Manufacturer": "Philips",
    "NumberOfVolumesDiscardedByScanner": 2,
    "ParallelAcquisitionTechnique": "SENSE",
    "ParallelReductionFactorInPlane": 2,
    "PatientPosition": "HFS",
    "PhaseEncodingDirection": "j",
    "PhilipsRescaleIntercept": 0,
    "PhilipsRescaleSlope": 0.73553,
    "PhilipsScaleSlope": 0.0566271,
    "ProtocolName": "WIPpiopharririSENSE",
    "PulseSequenceType": "gradient echo EPI",
    "ReconMatrixPE": 80,
    "RepetitionTime": 2,
    "SeriesDescription": "ImageMRSERIES",
    "SeriesNumber": 5,
    "SliceEncodingDirection": "k",
    "SliceTiming": [
      0.0,
      0.0541,
      0.1081,
      0.1622,
      0.2162,
      0.2703,
      0.3243,
      0.3784,
      0.4324,
      0.4865,
      0.5405,
      0.5946,
      0.6486,
      0.7027,
      0.7568,
      0.8108,
      0.8649,
      0.9189,
      0.973,
      1.027,
      1.0811,
      1.1351,
      1.1892,
      1.2432,
      1.2973,
      1.3514,
      1.4054,
      1.4595,
      1.5135,
      1.5676,
      1.6216,
      1.6757,
      1.7297,
      1.7838,
      1.8378,
      1.8919,
      1.9459
    ],
    "TaskName": "emomatching",
    "TotalReadoutTime": 0.025822520692561732,
    "UsePhilipsFloatNotDisplayScaling": 1,
    "acq_id": "seq",
    "dataset": "unknown",
    "modality": "bold",
    "subject_id": "0022",
    "task_id": "emomatching"
  },
  "dummy_trs": 0,
  "dvars_nstd": 18.37412329544776,
  "dvars_std": 1.1971824798507473,
  "dvars_vstd": 1.000800038507463,
  "efc": 0.4075575460307924,
  "fber": 301453888.0,
  "fd_mean": 0.09546141452333713,
  "fd_num": 2,
  "fd_perc": 1.4814814814814814,
  "fwhm_avg": 2.6012362738674764,
  "fwhm_x": 2.56309,
  "fwhm_y": 2.9067399999999997,
  "fwhm_z": 2.3338788216024287,
  "gcor": 0.0255331,
  "gsr_x": 0.0020819264464080334,
  "gsr_y": 0.0027211138512939215,
  "provenance": {
    "md5sum": "682224de90b5cd3ea7d3eaeca55dd5a0",
    "settings": {
      "fd_thres": 0.2,
      "hmc_fsl": false
    },
    "software": "mriqc",
    "version": "0.15.0",
    "webapi_port": null,
    "webapi_url": "https://mriqc.nimh.nih.gov/api/v1"
  },
  "size_t": 135,
  "size_x": 80,
  "size_y": 80,
  "size_z": 37,
  "snr": 5.0473013514150225,
  "spacing_tr": 2.0,
  "spacing_x": 3.0,
  "spacing_y": 3.0,
  "spacing_z": 3.299999952316284,
  "spikes_num": 0,
  "summary_bg_k": 56.54518647634318,
  "summary_bg_mad": 2.054394245147705,
  "summary_bg_mean": 287.95269775390625,
  "summary_bg_median": 1.4111968278884888,
  "summary_bg_n": 153783.0,
  "summary_bg_p05": 0.004160407977178693,
  "summary_bg_p95": 1145.249182128905,
  "summary_bg_stdv": 1510.99169921875,
  "summary_fg_k": 3.105995760706773,
  "summary_fg_mad": 3898.8125,
  "summary_fg_mean": 25623.1171875,
  "summary_fg_median": 25817.853515625,
  "summary_fg_n": 41549.0,
  "summary_fg_p05": 16790.623046875,
  "summary_fg_p95": 32788.467968749996,
  "summary_fg_stdv": 5115.1181640625,
  "tsnr": 77.7227783203125
}