{
  "aor": 0.0003986666666666667,
  "aqi": 0.005437536242424243,
  "bids_meta": {
    "AcquisitionNumber": 2,
    "BidsifyVersion": "0.3.5",
    "ConversionSoftware": "dcm2niix",
    "ConversionSoftwareVersion": "v1.0.20181125  GCC6.3.0",
    "EchoTime": 0.02762,
    "EffectiveEchoSpacing": 0.0006333282667071997,
    "ImageComments": "PIOP",
    "ImageOrientationPatientDICOM": [
      0.998464,
      0.055118,
      -0.0056484,
      -0.0545992,
      0.961446,
      -0.269518
    ],
    "Manufacturer": "Philips",
    "NumberOfVolumesDiscardedByScanner": 2,
    "ParallelAcquisitionTechnique": "SENSE",
    "ParallelReductionFactorInPlane": 2,
    "PatientPosition": "HFS",
    "PhaseEncodingDirection": "j",
    "PhilipsRescaleIntercept": 0,
    "PhilipsRescaleSlope": 0.79805,
    "PhilipsScaleSlope": 0.0820824,
    "ProtocolName": "WIPpiopfacesSENSE",
    "PulseSequenceType": "gradient echo EPI",
    "ReconMatrixPE": 80,
    "RepetitionTime": 0.75,
    "SeriesDescription": "ImageMRSERIES",
    "SeriesNumber": 2,
    "SliceEncodingDirection": "k",
    "SliceTiming": [
      0.0,
      0.06755050505050506,
      0.1351010101010101,
      0.20265151515151517,
      0.2702020202020202,
      0.3377525252525253,
      0.40530303030303033,
      0.47285353535353536,
      0.5404040404040404,
      0.6079545454545455,
      0.6755050505050506,
      0.7430555555555556,
      0.0,
      0.06755050505050506,
      0.1351010101010101,
      0.20265151515151517,
      0.2702020202020202,
      0.3377525252525253,
      0.40530303030303033,
      0.47285353535353536,
      0.5404040404040404,
      0.6079545454545455,
      0.6755050505050506,
      0.7430555555555556,
      0.0,
      0.06755050505050506,
      0.1351010101010101,
      0.20265151515151517,
      0.2702020202020202,
      0.3377525252525253,
      0.40530303030303033,
      0.47285353535353536,
      0.5404040404040404,
      0.6079545454545455,
      0.6755050505050506,
      0.7430555555555556
    ],
    "TaskName": "faces",
    "TotalReadoutTime": 0.024699802401580786,
    "UsePhilipsFloatNotDisplayScaling": 1,
    "acq_id": "mb3",
    "dataset": "unknown",
    "modality": "bold",
    "subject_id": "0134",
    "task_id": "faces"
  },
  "dummy_trs": 0,
  "dvars_nstd": 27.440328598206694,
  "dvars_std": 1.2557536849848023,
  "dvars_vstd": 1.002755378510638,
  "efc": 0.40891029365678233,
  "fber": 2627791872.0,
  "fd_mean": 0.10372446523767961,
  "fd_num": 9,
  "fd_perc": 2.727272727272727,
  "fwhm_avg": 2.732875423908993,
  "fwhm_x": 2.772016666666667,
  "fwhm_y": 2.99147,
  "fwhm_z": 2.4351396050603116,
  "gcor": 0.0248397,
  "gsr_x": -0.006217887159436941,
  "gsr_y": 0.0030070932116359472,
  "provenance": {
    "md5sum": "3185065edbfd199cdcfbf6cebc7c899a",
    "settings": {
      "fd_thres": 0.2,
      "hmc_fsl": false
    },
    "software": "mriqc",
    "version": "0.15.0",
    "webapi_port": null,
    "webapi_url": "https://mriqc.nimh.nih.gov/api/v1"
  },
  "size_t": 330,
  "size_x": 80,
  "size_y": 80,
  "size_z": 36,
  "snr": 4.680876750967987,
  "spacing_tr": 0.75,
  "spacing_x": 3.0,
  "spacing_y": 3.0,
  "spacing_z": 3.299999713897705,
  "spikes_num": 0,
  "summary_bg_k": 58.97759042773399,
  "summary_bg_mad": 0.4590452313423157,
  "summary_bg_mean": 194.06651306152344,
  "summary_bg_median": 0.31281137466430664,
  "summary_bg_n": 149472.0,
  "summary_bg_p05": 0.0022919107577763498,
  "summary_bg_p95": 833.6105041503905,
  "summary_bg_stdv": 1032.34716796875,
  "summary_fg_k": 1.4225188923331737,
  "summary_fg_mad": 3532.0595703125,
  "summary_fg_mean": 18927.201171875,
  "summary_fg_median": 19168.501953125,
  "summary_fg_n": 40376.0,
  "summary_fg_p05": 11403.205078125,
  "summary_fg_p95": 25006.91748046875,
  "summary_fg_stdv": 4095.015869140625,
  "tsnr": 57.79146194458008
}