{
  "aor": 0.0012374285714285714,
  "aqi": 0.00674059412244898,
  "bids_meta": {
    "AcquisitionNumber": 3,
    "BidsifyVersion": "0.3.5",
    "ConversionSoftware": "dcm2niix",
    "ConversionSoftwareVersion": "v1.0.20181125  GCC6.3.0",
    "EchoTime": 0.02762,
    "EffectiveEchoSpacing": 0.0006621159151938905,
    "ImageComments": "PIOP",
    "ImageOrientationPatientDICOM": [
      0.998464,
      0.055118,
      -0.0056484,
      -0.0545992,
      0.961446,
      -0.269518
    ],
    "Manufacturer": "Philips",
    "NumberOfVolumesDiscardedByScanner": 2,
    "ParallelAcquisitionTechnique": "SENSE",
    "ParallelReductionFactorInPlane": 2,
    "PatientPosition": "HFS",
    "PhaseEncodingDirection": "j",
    "PhilipsRescaleIntercept": 0,
    "PhilipsRescaleSlope": 0.779,
    "PhilipsScaleSlope": 0.0509253,
    "ProtocolName": "WIPpiopgstroopSENSE",
    "PulseSequenceType": "gradient echo EPI",
    "ReconMatrixPE": 80,
    "RepetitionTime": 2,
    "SeriesDescription": "ImageMRSERIES",
    "SeriesNumber": 3,
    "SliceEncodingDirection": "k",
    "SliceTiming": [
      0.0,
      0.0541,
      0.1081,
      0.1622,
      0.2162,
      0.2703,
      0.3243,
      0.3784,
      0.4324,
      0.4865,
      0.5405,
      0.5946,
      0.6486,
      0.7027,
      0.7568,
      0.8108,
      0.8649,
      0.9189,
      0.973,
      1.027,
      1.0811,
      1.1351,
      1.1892,
      1.2432,
      1.2973,
      1.3514,
      1.4054,
      1.4595,
      1.5135,
      1.5676,
      1.6216,
      1.6757,
      1.7297,
      1.7838,
      1.8378,
      1.8919,
      1.9459
    ],
    "TaskName": "gstroop",
    "TotalReadoutTime": 0.025822520692561732,
    "UsePhilipsFloatNotDisplayScaling": 1,
    "acq_id": "seq",
    "dataset": "unknown",
    "modality": "bold",
    "subject_id": "0134",
    "task_id": "gstroop"
  },
  "dummy_trs": 0,
  "dvars_nstd": 21.641716261311473,
  "dvars_std": 1.0912773756557375,
  "dvars_vstd": 0.9445842422950818,
  "efc": 0.40606179004264076,
  "fber": 277651776.0,
  "fd_mean": 0.1416604274981624,
  "fd_num": 37,
  "fd_perc": 15.10204081632653,
  "fwhm_avg": 2.3832418287089,
  "fwhm_x": 2.3493766666666667,
  "fwhm_y": 2.614736666666667,
  "fwhm_z": 2.1856121527933663,
  "gcor": 0.0180123,
  "gsr_x": -0.0056898267939686775,
  "gsr_y": 0.0054454016499221325,
  "provenance": {
    "md5sum": "a4c517f12126350ca7a8083a1dc332ca",
    "settings": {
      "fd_thres": 0.2,
      "hmc_fsl": false
    },
    "software": "mriqc",
    "version": "0.15.0",
    "webapi_port": null,
    "webapi_url": "https://mriqc.nimh.nih.gov/api/v1"
  },
  "size_t": 245,
  "size_x": 80,
  "size_y": 80,
  "size_z": 37,
  "snr": 4.508479524477037,
  "spacing_tr": 2.0,
  "spacing_x": 3.0,
  "spacing_y": 3.0,
  "spacing_z": 3.299999952316284,
  "spikes_num": 0,
  "summary_bg_k": 74.39756619268097,
  "summary_bg_mad": 2.0991315841674805,
  "summary_bg_mean": 277.04083251953125,
  "summary_bg_median": 1.4358779191970825,
  "summary_bg_n": 154021.0,
  "summary_bg_p05": 0.007897981442511082,
  "summary_bg_p95": 1084.3240966796875,
  "summary_bg_stdv": 1507.236572265625,
  "summary_fg_k": 1.490122795167344,
  "summary_fg_mad": 5461.4521484375,
  "summary_fg_mean": 26990.724609375,
  "summary_fg_median": 26964.48046875,
  "summary_fg_n": 41419.0,
  "summary_fg_p05": 17305.2580078125,
  "summary_fg_p95": 36158.150390625,
  "summary_fg_stdv": 5980.7646484375,
  "tsnr": 58.45411682128906
}