{
    "Manufacturer": "Philips",
    "PatientPosition": "HFS",
    "SeriesDescription": "ImageMRSERIES",
    "ProtocolName": "WIPt13dSENSE",
    "SeriesNumber": 4,
    "AcquisitionNumber": 4,
    "ImageComments": "piop",
    "PhilipsRescaleSlope": 9.61294,
    "PhilipsRescaleIntercept": 0,
    "PhilipsScaleSlope": 0.00725773,
    "UsePhilipsFloatNotDisplayScaling": 1,
    "EchoTime": 0.00376,
    "RepetitionTime": 0.008167,
    "ReconMatrixPE": 240,
    "ImageOrientationPatientDICOM": [
        0.996943,
        0.0780047,
        -0.00450273,
        -0.078111,
        0.996401,
        -0.032904
    ],
    "ConversionSoftware": "dcm2niix",
    "ConversionSoftwareVersion": "v1.0.20181125  GCC6.3.0",
    "BidsifyVersion": "0.3.5"
}