{
  "aor": 0.0009210208333333334,
  "aqi": 0.010973435312499998,
  "bids_meta": {
    "AcquisitionNumber": 6,
    "BidsifyVersion": "0.3.5",
    "ConversionSoftware": "dcm2niix",
    "ConversionSoftwareVersion": "v1.0.20181125  GCC6.3.0",
    "EchoTime": 0.02762,
    "EffectiveEchoSpacing": 0.0006333282667071997,
    "ImageComments": "PioP",
    "ImageOrientationPatientDICOM": [
      0.999837,
      -0.0170375,
      -0.00590676,
      0.0122159,
      0.880913,
      -0.47312
    ],
    "Manufacturer": "Philips",
    "NumberOfVolumesDiscardedByScanner": 2,
    "ParallelAcquisitionTechnique": "SENSE",
    "ParallelReductionFactorInPlane": 2,
    "PatientPosition": "HFS",
    "PhaseEncodingDirection": "j",
    "PhilipsRescaleIntercept": 0,
    "PhilipsRescaleSlope": 0.80317,
    "PhilipsScaleSlope": 0.0807301,
    "ProtocolName": "WIPpioprsSENSE",
    "PulseSequenceType": "gradient echo EPI",
    "ReconMatrixPE": 80,
    "RepetitionTime": 0.75,
    "SeriesDescription": "ImageMRSERIES",
    "SeriesNumber": 6,
    "SliceEncodingDirection": "k",
    "SliceTiming": [
      0.0,
      0.06755050505050506,
      0.1351010101010101,
      0.20265151515151517,
      0.2702020202020202,
      0.3377525252525253,
      0.40530303030303033,
      0.47285353535353536,
      0.5404040404040404,
      0.6079545454545455,
      0.6755050505050506,
      0.7430555555555556,
      0.0,
      0.06755050505050506,
      0.1351010101010101,
      0.20265151515151517,
      0.2702020202020202,
      0.3377525252525253,
      0.40530303030303033,
      0.47285353535353536,
      0.5404040404040404,
      0.6079545454545455,
      0.6755050505050506,
      0.7430555555555556,
      0.0,
      0.06755050505050506,
      0.1351010101010101,
      0.20265151515151517,
      0.2702020202020202,
      0.3377525252525253,
      0.40530303030303033,
      0.47285353535353536,
      0.5404040404040404,
      0.6079545454545455,
      0.6755050505050506,
      0.7430555555555556
    ],
    "TaskName": "restingstate",
    "TotalReadoutTime": 0.024699802401580786,
    "UsePhilipsFloatNotDisplayScaling": 1,
    "acq_id": "mb3",
    "dataset": "unknown",
    "modality": "bold",
    "subject_id": "0100",
    "task_id": "restingstate"
  },
  "dummy_trs": 0,
  "dvars_nstd": 31.030457176012504,
  "dvars_std": 1.168621995949895,
  "dvars_vstd": 1.0100777226931095,
  "efc": 0.4467081640845076,
  "fber": 281522944.0,
  "fd_mean": 0.09185450709205052,
  "fd_num": 13,
  "fd_perc": 2.7083333333333335,
  "fwhm_avg": 2.4228917281729214,
  "fwhm_x": 2.4217933333333335,
  "fwhm_y": 2.5628333333333333,
  "fwhm_z": 2.284048517852097,
  "gcor": 0.0311896,
  "gsr_x": 0.002127827610820532,
  "gsr_y": 0.0006490382947959006,
  "provenance": {
    "md5sum": "3d7e4ab2235b2335f369a2157d4fd2b2",
    "settings": {
      "fd_thres": 0.2,
      "hmc_fsl": false
    },
    "software": "mriqc",
    "version": "0.15.0",
    "webapi_port": null,
    "webapi_url": "https://mriqc.nimh.nih.gov/api/v1"
  },
  "size_t": 480,
  "size_x": 80,
  "size_y": 80,
  "size_z": 36,
  "snr": 5.83958674804138,
  "spacing_tr": 0.75,
  "spacing_x": 3.0,
  "spacing_y": 3.0,
  "spacing_z": 3.299999952316284,
  "spikes_num": 0,
  "summary_bg_k": 45.29696849980566,
  "summary_bg_mad": 1.4898080825805664,
  "summary_bg_mean": 266.2159423828125,
  "summary_bg_median": 1.0149940252304077,
  "summary_bg_n": 142351.0,
  "summary_bg_p05": 0.003119545872323215,
  "summary_bg_p95": 1382.358154296875,
  "summary_bg_stdv": 1292.8052978515625,
  "summary_fg_k": 3.503837457069797,
  "summary_fg_mad": 2648.8251953125,
  "summary_fg_mean": 18391.93359375,
  "summary_fg_median": 18567.587890625,
  "summary_fg_n": 46794.0,
  "summary_fg_p05": 13373.97041015625,
  "summary_fg_p95": 22894.79970703125,
  "summary_fg_stdv": 3179.572509765625,
  "tsnr": 46.953182220458984
}