{
  "aor": 0.0016096296296296295,
  "aqi": 0.003988064666666666,
  "bids_meta": {
    "AcquisitionNumber": 5,
    "BidsifyVersion": "0.3.5",
    "ConversionSoftware": "dcm2niix",
    "ConversionSoftwareVersion": "v1.0.20181125  GCC6.3.0",
    "EchoTime": 0.02762,
    "ImageComments": "piop",
    "ImageOrientationPatientDICOM": [
      0.999402,
      0.0327959,
      0.0109843,
      -0.0279158,
      0.952382,
      -0.303627
    ],
    "Manufacturer": "Philips",
    "NumberOfVolumesDiscardedByScanner": 2,
    "ParallelAcquisitionTechnique": "SENSE",
    "ParallelReductionFactorInPlane": 2,
    "PatientPosition": "HFS",
    "PhaseEncodingDirection": "j",
    "PhilipsRescaleIntercept": 0,
    "PhilipsRescaleSlope": 0.74579,
    "PhilipsScaleSlope": 0.057991,
    "ProtocolName": "WIPpiopharririSENSE",
    "PulseSequenceType": "gradient echo EPI",
    "ReconMatrixPE": 80,
    "RepetitionTime": 2,
    "SeriesDescription": "ImageMRSERIES",
    "SeriesNumber": 5,
    "SliceEncodingDirection": "k",
    "TaskName": "emomatching",
    "UsePhilipsFloatNotDisplayScaling": 1,
    "acq_id": "seq",
    "dataset": "unknown",
    "modality": "bold",
    "subject_id": "0183",
    "task_id": "emomatching"
  },
  "dummy_trs": 0,
  "dvars_nstd": 22.50414745813432,
  "dvars_std": 1.2409203407462686,
  "dvars_vstd": 1.0380179698507463,
  "efc": 0.42031245987674026,
  "fber": 855518272.0,
  "fd_mean": 0.10497416669599503,
  "fd_num": 3,
  "fd_perc": 2.2222222222222223,
  "fwhm_avg": 2.3782938487487923,
  "fwhm_x": 2.33731,
  "fwhm_y": 2.64562,
  "fwhm_z": 2.1519515462463774,
  "gcor": 0.0113925,
  "gsr_x": -0.005574260838329792,
  "gsr_y": 0.013293991796672344,
  "provenance": {
    "md5sum": "d136f53e2e9fdc1c36d1153d03fae41a",
    "settings": {
      "fd_thres": 0.2,
      "hmc_fsl": false
    },
    "software": "mriqc",
    "version": "0.15.0",
    "webapi_port": null,
    "webapi_url": "https://mriqc.nimh.nih.gov/api/v1"
  },
  "size_t": 135,
  "size_x": 80,
  "size_y": 80,
  "size_z": 37,
  "snr": 4.801861373465213,
  "spacing_tr": 2.0,
  "spacing_x": 3.0,
  "spacing_y": 3.0,
  "spacing_z": 3.299999952316284,
  "spikes_num": 7,
  "summary_bg_k": 67.19251091080575,
  "summary_bg_mad": 1.0824551582336426,
  "summary_bg_mean": 231.08168029785156,
  "summary_bg_median": 0.7405350208282471,
  "summary_bg_n": 150493.0,
  "summary_bg_p05": 0.002404976030811668,
  "summary_bg_p95": 1137.4366699218476,
  "summary_bg_stdv": 1144.940673828125,
  "summary_fg_k": 2.4651250016334147,
  "summary_fg_mad": 4256.8623046875,
  "summary_fg_mean": 23832.626953125,
  "summary_fg_median": 23714.53125,
  "summary_fg_n": 44430.0,
  "summary_fg_p05": 16683.9197265625,
  "summary_fg_p95": 31402.82666015625,
  "summary_fg_stdv": 4938.556640625,
  "tsnr": 77.83413696289062
}