{
  "aor": 0.0017140999999999999,
  "aqi": 0.013109028250000002,
  "bids_meta": {
    "AcquisitionNumber": 9,
    "BidsifyVersion": "0.3.5",
    "ConversionSoftware": "dcm2niix",
    "ConversionSoftwareVersion": "v1.0.20181125  GCC6.3.0",
    "EchoTime": 0.02762,
    "EffectiveEchoSpacing": 0.0006621159151938905,
    "ImageComments": "piop",
    "ImageOrientationPatientDICOM": [
      0.998043,
      0.00572084,
      -0.0622613,
      -0.0156785,
      0.986888,
      -0.160646
    ],
    "Manufacturer": "Philips",
    "NumberOfVolumesDiscardedByScanner": 2,
    "ParallelAcquisitionTechnique": "SENSE",
    "ParallelReductionFactorInPlane": 2,
    "PatientPosition": "HFS",
    "PhaseEncodingDirection": "j",
    "PhilipsRescaleIntercept": 0,
    "PhilipsRescaleSlope": 0.82613,
    "PhilipsScaleSlope": 0.0634832,
    "ProtocolName": "WIPpiopanticipatieSENSE",
    "PulseSequenceType": "gradient echo EPI",
    "ReconMatrixPE": 80,
    "RepetitionTime": 2,
    "SeriesDescription": "ImageMRSERIES",
    "SeriesNumber": 9,
    "SliceEncodingDirection": "k",
    "SliceTiming": [
      0.0,
      0.0541,
      0.1081,
      0.1622,
      0.2162,
      0.2703,
      0.3243,
      0.3784,
      0.4324,
      0.4865,
      0.5405,
      0.5946,
      0.6486,
      0.7027,
      0.7568,
      0.8108,
      0.8649,
      0.9189,
      0.973,
      1.027,
      1.0811,
      1.1351,
      1.1892,
      1.2432,
      1.2973,
      1.3514,
      1.4054,
      1.4595,
      1.5135,
      1.5676,
      1.6216,
      1.6757,
      1.7297,
      1.7838,
      1.8378,
      1.8919,
      1.9459
    ],
    "TaskName": "anticipation",
    "TotalReadoutTime": 0.025822520692561732,
    "UsePhilipsFloatNotDisplayScaling": 1,
    "acq_id": "seq",
    "dataset": "unknown",
    "modality": "bold",
    "subject_id": "0105",
    "task_id": "anticipation"
  },
  "dummy_trs": 0,
  "dvars_nstd": 43.420202475477396,
  "dvars_std": 1.1882346397487442,
  "dvars_vstd": 0.9406882491959804,
  "efc": 0.40581115949244956,
  "fber": 164417456.0,
  "fd_mean": 0.4905593105707326,
  "fd_num": 180,
  "fd_perc": 90.0,
  "fwhm_avg": 2.3193998082013216,
  "fwhm_x": 2.2802933333333333,
  "fwhm_y": 2.5557333333333334,
  "fwhm_z": 2.1221727579372978,
  "gcor": 0.0235722,
  "gsr_x": -0.004539256915450096,
  "gsr_y": 0.004813827574253082,
  "provenance": {
    "md5sum": "a067c0a03ba2ff917edfb99510b6c22f",
    "settings": {
      "fd_thres": 0.2,
      "hmc_fsl": false
    },
    "software": "mriqc",
    "version": "0.15.0",
    "webapi_port": null,
    "webapi_url": "https://mriqc.nimh.nih.gov/api/v1"
  },
  "size_t": 200,
  "size_x": 80,
  "size_y": 80,
  "size_z": 37,
  "snr": 4.726944456206676,
  "spacing_tr": 2.0,
  "spacing_x": 3.0,
  "spacing_y": 3.0,
  "spacing_z": 3.299999952316284,
  "spikes_num": 0,
  "summary_bg_k": 243.88368977970012,
  "summary_bg_mad": 2.4702281951904297,
  "summary_bg_mean": 182.16566467285156,
  "summary_bg_median": 1.708406925201416,
  "summary_bg_n": 153094.0,
  "summary_bg_p05": 0.020157526992261414,
  "summary_bg_p95": 763.4340515136722,
  "summary_bg_stdv": 1081.66552734375,
  "summary_fg_k": 2.375652490203639,
  "summary_fg_mad": 4364.0947265625,
  "summary_fg_mean": 24069.68359375,
  "summary_fg_median": 23867.189453125,
  "summary_fg_n": 42406.0,
  "summary_fg_p05": 16779.80029296875,
  "summary_fg_p95": 31934.005859375,
  "summary_fg_stdv": 5049.11962890625,
  "tsnr": 45.25179672241211
}