{
  "aor": 0.0012688148148148148,
  "aqi": 0.00379309437037037,
  "bids_meta": {
    "AcquisitionNumber": 5,
    "BidsifyVersion": "0.3.5",
    "ConversionSoftware": "dcm2niix",
    "ConversionSoftwareVersion": "v1.0.20181125  GCC6.3.0",
    "EchoTime": 0.02762,
    "EffectiveEchoSpacing": 0.0006621159151938905,
    "ImageComments": "Piop",
    "ImageOrientationPatientDICOM": [
      0.996119,
      0.0342455,
      0.081078,
      -0.0219093,
      0.988682,
      -0.14842
    ],
    "Manufacturer": "Philips",
    "NumberOfVolumesDiscardedByScanner": 2,
    "ParallelAcquisitionTechnique": "SENSE",
    "ParallelReductionFactorInPlane": 2,
    "PatientPosition": "HFS",
    "PhaseEncodingDirection": "j",
    "PhilipsRescaleIntercept": 0,
    "PhilipsRescaleSlope": 0.84664,
    "PhilipsScaleSlope": 0.0494287,
    "ProtocolName": "WIPpiopharririSENSE",
    "PulseSequenceType": "gradient echo EPI",
    "ReconMatrixPE": 80,
    "RepetitionTime": 2,
    "SeriesDescription": "ImageMRSERIES",
    "SeriesNumber": 5,
    "SliceEncodingDirection": "k",
    "SliceTiming": [
      0.0,
      0.0541,
      0.1081,
      0.1622,
      0.2162,
      0.2703,
      0.3243,
      0.3784,
      0.4324,
      0.4865,
      0.5405,
      0.5946,
      0.6486,
      0.7027,
      0.7568,
      0.8108,
      0.8649,
      0.9189,
      0.973,
      1.027,
      1.0811,
      1.1351,
      1.1892,
      1.2432,
      1.2973,
      1.3514,
      1.4054,
      1.4595,
      1.5135,
      1.5676,
      1.6216,
      1.6757,
      1.7297,
      1.7838,
      1.8378,
      1.8919,
      1.9459
    ],
    "TaskName": "emomatching",
    "TotalReadoutTime": 0.025822520692561732,
    "UsePhilipsFloatNotDisplayScaling": 1,
    "acq_id": "seq",
    "dataset": "unknown",
    "modality": "bold",
    "subject_id": "0082",
    "task_id": "emomatching"
  },
  "dummy_trs": 0,
  "dvars_nstd": 27.300378614552244,
  "dvars_std": 1.3610959888059695,
  "dvars_vstd": 1.007028575298507,
  "efc": 0.41798303905462203,
  "fber": 759508928.0,
  "fd_mean": 0.13667324425504104,
  "fd_num": 15,
  "fd_perc": 11.11111111111111,
  "fwhm_avg": 2.2874175858008874,
  "fwhm_x": 2.20528,
  "fwhm_y": 2.5718,
  "fwhm_z": 2.0851727574026624,
  "gcor": 0.0151429,
  "gsr_x": 0.00020655848493333906,
  "gsr_y": 0.0027389393653720617,
  "provenance": {
    "md5sum": "2b43024073d164b44add5aa7d1385ab5",
    "settings": {
      "fd_thres": 0.2,
      "hmc_fsl": false
    },
    "software": "mriqc",
    "version": "0.15.0",
    "webapi_port": null,
    "webapi_url": "https://mriqc.nimh.nih.gov/api/v1"
  },
  "size_t": 135,
  "size_x": 80,
  "size_y": 80,
  "size_z": 37,
  "snr": 4.543959220204365,
  "spacing_tr": 2.0,
  "spacing_x": 3.0,
  "spacing_y": 3.0,
  "spacing_z": 3.299999952316284,
  "spikes_num": 0,
  "summary_bg_k": 72.85184519865096,
  "summary_bg_mad": 1.2538068294525146,
  "summary_bg_mean": 260.6728210449219,
  "summary_bg_median": 0.8517166376113892,
  "summary_bg_n": 151046.0,
  "summary_bg_p05": 0.002750971761997789,
  "summary_bg_p95": 1095.0109252929688,
  "summary_bg_stdv": 1403.281494140625,
  "summary_fg_k": 2.0390312191328412,
  "summary_fg_mad": 4945.25439453125,
  "summary_fg_mean": 26602.23828125,
  "summary_fg_median": 26229.640625,
  "summary_fg_n": 44127.0,
  "summary_fg_p05": 18361.33046875,
  "summary_fg_p95": 35874.62578125,
  "summary_fg_stdv": 5772.3544921875,
  "tsnr": 75.32038116455078
}