{
  "aor": 8.627272727272727e-05,
  "aqi": 0.007438784212121212,
  "bids_meta": {
    "AcquisitionNumber": 2,
    "BidsifyVersion": "0.3.5",
    "ConversionSoftware": "dcm2niix",
    "ConversionSoftwareVersion": "v1.0.20181125  GCC6.3.0",
    "EchoTime": 0.02762,
    "EffectiveEchoSpacing": 0.0006333282667071997,
    "ImageComments": "Piop",
    "ImageOrientationPatientDICOM": [
      0.996119,
      0.0342455,
      0.081078,
      -0.0219093,
      0.988682,
      -0.14842
    ],
    "Manufacturer": "Philips",
    "NumberOfVolumesDiscardedByScanner": 2,
    "ParallelAcquisitionTechnique": "SENSE",
    "ParallelReductionFactorInPlane": 2,
    "PatientPosition": "HFS",
    "PhaseEncodingDirection": "j",
    "PhilipsRescaleIntercept": 0,
    "PhilipsRescaleSlope": 0.84103,
    "PhilipsScaleSlope": 0.0824943,
    "ProtocolName": "WIPpiopfacesSENSE",
    "PulseSequenceType": "gradient echo EPI",
    "ReconMatrixPE": 80,
    "RepetitionTime": 0.75,
    "SeriesDescription": "ImageMRSERIES",
    "SeriesNumber": 2,
    "SliceEncodingDirection": "k",
    "SliceTiming": [
      0.0,
      0.06755050505050506,
      0.1351010101010101,
      0.20265151515151517,
      0.2702020202020202,
      0.3377525252525253,
      0.40530303030303033,
      0.47285353535353536,
      0.5404040404040404,
      0.6079545454545455,
      0.6755050505050506,
      0.7430555555555556,
      0.0,
      0.06755050505050506,
      0.1351010101010101,
      0.20265151515151517,
      0.2702020202020202,
      0.3377525252525253,
      0.40530303030303033,
      0.47285353535353536,
      0.5404040404040404,
      0.6079545454545455,
      0.6755050505050506,
      0.7430555555555556,
      0.0,
      0.06755050505050506,
      0.1351010101010101,
      0.20265151515151517,
      0.2702020202020202,
      0.3377525252525253,
      0.40530303030303033,
      0.47285353535353536,
      0.5404040404040404,
      0.6079545454545455,
      0.6755050505050506,
      0.7430555555555556
    ],
    "TaskName": "faces",
    "TotalReadoutTime": 0.024699802401580786,
    "UsePhilipsFloatNotDisplayScaling": 1,
    "acq_id": "mb3",
    "dataset": "unknown",
    "modality": "bold",
    "subject_id": "0082",
    "task_id": "faces"
  },
  "dummy_trs": 0,
  "dvars_nstd": 27.226005461580524,
  "dvars_std": 1.2496823528267482,
  "dvars_vstd": 0.9771532444984796,
  "efc": 0.4268285404824292,
  "fber": 687127424.0,
  "fd_mean": 0.09195616448844617,
  "fd_num": 4,
  "fd_perc": 1.2121212121212122,
  "fwhm_avg": 2.6224473400860226,
  "fwhm_x": 2.5822233333333333,
  "fwhm_y": 2.9543033333333333,
  "fwhm_z": 2.3308153535914005,
  "gcor": 0.0103839,
  "gsr_x": -0.0005993464146740735,
  "gsr_y": 0.00030433855135925114,
  "provenance": {
    "md5sum": "f5b18791c53d5a59175d639e65319089",
    "settings": {
      "fd_thres": 0.2,
      "hmc_fsl": false
    },
    "software": "mriqc",
    "version": "0.15.0",
    "webapi_port": null,
    "webapi_url": "https://mriqc.nimh.nih.gov/api/v1"
  },
  "size_t": 330,
  "size_x": 80,
  "size_y": 80,
  "size_z": 36,
  "snr": 5.552533686499211,
  "spacing_tr": 0.75,
  "spacing_x": 3.0,
  "spacing_y": 3.0,
  "spacing_z": 3.299999713897705,
  "spikes_num": 0,
  "summary_bg_k": 70.51550590911083,
  "summary_bg_mad": 0.9173625111579895,
  "summary_bg_mean": 204.40687561035156,
  "summary_bg_median": 0.6207129955291748,
  "summary_bg_n": 146118.0,
  "summary_bg_p05": 0.0015536937047727407,
  "summary_bg_p95": 1022.0409545898435,
  "summary_bg_stdv": 1048.306396484375,
  "summary_fg_k": 2.425428024930822,
  "summary_fg_mad": 2846.7265625,
  "summary_fg_mean": 18951.75390625,
  "summary_fg_median": 19064.310546875,
  "summary_fg_n": 43549.0,
  "summary_fg_p05": 13252.4998046875,
  "summary_fg_p95": 24087.595703125,
  "summary_fg_stdv": 3433.404052734375,
  "tsnr": 59.30462646484375
}