{
  "aor": 0.0003614197530864198,
  "aqi": 0.0033414313580246912,
  "bids_meta": {
    "AcquisitionNumber": 8,
    "BidsifyVersion": "0.3.5",
    "ConversionSoftware": "dcm2niix",
    "ConversionSoftwareVersion": "v1.0.20181125  GCC6.3.0",
    "EchoTime": 0.02762,
    "EffectiveEchoSpacing": 0.0006621159151938905,
    "ImageComments": "Piop",
    "ImageOrientationPatientDICOM": [
      0.996119,
      0.0342455,
      0.081078,
      -0.0219093,
      0.988682,
      -0.14842
    ],
    "Manufacturer": "Philips",
    "NumberOfVolumesDiscardedByScanner": 2,
    "ParallelAcquisitionTechnique": "SENSE",
    "ParallelReductionFactorInPlane": 2,
    "PatientPosition": "HFS",
    "PhaseEncodingDirection": "j",
    "PhilipsRescaleIntercept": 0,
    "PhilipsRescaleSlope": 0.84567,
    "PhilipsScaleSlope": 0.0509202,
    "ProtocolName": "WIPpiopwmSENSE",
    "PulseSequenceType": "gradient echo EPI",
    "ReconMatrixPE": 80,
    "RepetitionTime": 2,
    "SeriesDescription": "ImageMRSERIES",
    "SeriesNumber": 8,
    "SliceEncodingDirection": "k",
    "SliceTiming": [
      0.0,
      0.0541,
      0.1081,
      0.1622,
      0.2162,
      0.2703,
      0.3243,
      0.3784,
      0.4324,
      0.4865,
      0.5405,
      0.5946,
      0.6486,
      0.7027,
      0.7568,
      0.8108,
      0.8649,
      0.9189,
      0.973,
      1.027,
      1.0811,
      1.1351,
      1.1892,
      1.2432,
      1.2973,
      1.3514,
      1.4054,
      1.4595,
      1.5135,
      1.5676,
      1.6216,
      1.6757,
      1.7297,
      1.7838,
      1.8378,
      1.8919,
      1.9459
    ],
    "TaskName": "workingmemory",
    "TotalReadoutTime": 0.025822520692561732,
    "UsePhilipsFloatNotDisplayScaling": 1,
    "acq_id": "seq",
    "dataset": "unknown",
    "modality": "bold",
    "subject_id": "0082",
    "task_id": "workingmemory"
  },
  "dummy_trs": 0,
  "dvars_nstd": 26.28259859043479,
  "dvars_std": 1.2915483798757765,
  "dvars_vstd": 0.9994184339130432,
  "efc": 0.41777059905413644,
  "fber": 674815040.0,
  "fd_mean": 0.12922307091500085,
  "fd_num": 8,
  "fd_perc": 4.938271604938271,
  "fwhm_avg": 2.3109928383586147,
  "fwhm_x": 2.232553333333333,
  "fwhm_y": 2.60851,
  "fwhm_z": 2.091915181742512,
  "gcor": 0.0132321,
  "gsr_x": 0.0003851875080727041,
  "gsr_y": 0.001627425430342555,
  "provenance": {
    "md5sum": "dd280f4721cb6cc01f0a56c822ffdf6a",
    "settings": {
      "fd_thres": 0.2,
      "hmc_fsl": false
    },
    "software": "mriqc",
    "version": "0.15.0",
    "webapi_port": null,
    "webapi_url": "https://mriqc.nimh.nih.gov/api/v1"
  },
  "size_t": 162,
  "size_x": 80,
  "size_y": 80,
  "size_z": 37,
  "snr": 4.53262355721184,
  "spacing_tr": 2.0,
  "spacing_x": 3.0,
  "spacing_y": 3.0,
  "spacing_z": 3.299999952316284,
  "spikes_num": 0,
  "summary_bg_k": 68.99551724194671,
  "summary_bg_mad": 1.3338134288787842,
  "summary_bg_mean": 268.92193603515625,
  "summary_bg_median": 0.9041188955307007,
  "summary_bg_n": 151048.0,
  "summary_bg_p05": 0.002084368013311178,
  "summary_bg_p95": 1116.456915283203,
  "summary_bg_stdv": 1433.1234130859375,
  "summary_fg_k": 2.142828787314814,
  "summary_fg_mad": 4860.21484375,
  "summary_fg_mean": 26046.716796875,
  "summary_fg_median": 25680.265625,
  "summary_fg_n": 44170.0,
  "summary_fg_p05": 17965.30966796875,
  "summary_fg_p95": 35077.76054687499,
  "summary_fg_stdv": 5665.58740234375,
  "tsnr": 80.06930541992188
}