{
  "aor": 0.011841777777777777,
  "aqi": 0.009231782370370369,
  "bids_meta": {
    "AcquisitionNumber": 5,
    "BidsifyVersion": "0.3.5",
    "ConversionSoftware": "dcm2niix",
    "ConversionSoftwareVersion": "v1.0.20181125  GCC6.3.0",
    "EchoTime": 0.02762,
    "EffectiveEchoSpacing": 0.0006621159151938905,
    "ImageComments": "PIOP",
    "ImageOrientationPatientDICOM": [
      0.999469,
      0.0306328,
      -0.0111315,
      -0.0324573,
      0.966561,
      -0.254375
    ],
    "Manufacturer": "Philips",
    "NumberOfVolumesDiscardedByScanner": 2,
    "ParallelAcquisitionTechnique": "SENSE",
    "ParallelReductionFactorInPlane": 2,
    "PatientPosition": "HFS",
    "PhaseEncodingDirection": "j",
    "PhilipsRescaleIntercept": 0,
    "PhilipsRescaleSlope": 0.84664,
    "PhilipsScaleSlope": 0.0680463,
    "ProtocolName": "WIPpiopharririSENSE",
    "PulseSequenceType": "gradient echo EPI",
    "ReconMatrixPE": 80,
    "RepetitionTime": 2,
    "SeriesDescription": "ImageMRSERIES",
    "SeriesNumber": 5,
    "SliceEncodingDirection": "k",
    "SliceTiming": [
      0.0,
      0.0541,
      0.1081,
      0.1622,
      0.2162,
      0.2703,
      0.3243,
      0.3784,
      0.4324,
      0.4865,
      0.5405,
      0.5946,
      0.6486,
      0.7027,
      0.7568,
      0.8108,
      0.8649,
      0.9189,
      0.973,
      1.027,
      1.0811,
      1.1351,
      1.1892,
      1.2432,
      1.2973,
      1.3514,
      1.4054,
      1.4595,
      1.5135,
      1.5676,
      1.6216,
      1.6757,
      1.7297,
      1.7838,
      1.8378,
      1.8919,
      1.9459
    ],
    "TaskName": "emomatching",
    "TotalReadoutTime": 0.025822520692561732,
    "UsePhilipsFloatNotDisplayScaling": 1,
    "acq_id": "seq",
    "dataset": "unknown",
    "modality": "bold",
    "subject_id": "0152",
    "task_id": "emomatching"
  },
  "dummy_trs": 0,
  "dvars_nstd": 25.292741960447767,
  "dvars_std": 1.3296028614925373,
  "dvars_vstd": 1.0758757516417912,
  "efc": 0.4204299100067797,
  "fber": 340941728.0,
  "fd_mean": 0.13425369157095307,
  "fd_num": 21,
  "fd_perc": 15.555555555555555,
  "fwhm_avg": 2.43871405159163,
  "fwhm_x": 2.4098,
  "fwhm_y": 2.5835966666666668,
  "fwhm_z": 2.322745488108223,
  "gcor": 0.0147811,
  "gsr_x": -0.004082001745700836,
  "gsr_y": 0.005894855596125126,
  "provenance": {
    "md5sum": "47e7a9b1c6dba09f37a5d3eb3e614fe9",
    "settings": {
      "fd_thres": 0.2,
      "hmc_fsl": false
    },
    "software": "mriqc",
    "version": "0.15.0",
    "webapi_port": null,
    "webapi_url": "https://mriqc.nimh.nih.gov/api/v1"
  },
  "size_t": 135,
  "size_x": 80,
  "size_y": 80,
  "size_z": 37,
  "snr": 4.747269124518234,
  "spacing_tr": 2.0,
  "spacing_x": 3.0,
  "spacing_y": 3.0,
  "spacing_z": 3.299999952316284,
  "spikes_num": 5,
  "summary_bg_k": 47.77837481543818,
  "summary_bg_mad": 1.6360061168670654,
  "summary_bg_mean": 210.8935546875,
  "summary_bg_median": 1.1198608875274658,
  "summary_bg_n": 150737.0,
  "summary_bg_p05": 0.004131697956472636,
  "summary_bg_p95": 940.1813110351562,
  "summary_bg_stdv": 1025.1370849609375,
  "summary_fg_k": 1.9407106929585893,
  "summary_fg_mad": 4097.146484375,
  "summary_fg_mean": 22311.212890625,
  "summary_fg_median": 22368.48828125,
  "summary_fg_n": 44574.0,
  "summary_fg_p05": 14775.192626953125,
  "summary_fg_p95": 29423.11025390625,
  "summary_fg_stdv": 4711.8115234375,
  "tsnr": 54.202789306640625
}