{
  "bids_meta": {
    "AcquisitionNumber": 5,
    "BidsifyVersion": "0.3.5",
    "ConversionSoftware": "dcm2niix",
    "ConversionSoftwareVersion": "v1.0.20181125  GCC6.3.0",
    "EchoTime": 0.00375,
    "ImageComments": "piop",
    "ImageOrientationPatientDICOM": [
      0.999721,
      0.01439,
      -0.0187354,
      -0.012738,
      0.996258,
      0.0854887
    ],
    "Manufacturer": "Philips",
    "PatientPosition": "HFS",
    "PhilipsRescaleIntercept": 0,
    "PhilipsRescaleSlope": 8.7116,
    "PhilipsScaleSlope": 0.007219,
    "ProtocolName": "WIPt13dSENSE",
    "ReconMatrixPE": 240,
    "RepetitionTime": 0.008192,
    "SeriesDescription": "ImageMRSERIES",
    "SeriesNumber": 5,
    "UsePhilipsFloatNotDisplayScaling": 1,
    "dataset": "unknown",
    "modality": "T1w",
    "subject_id": "0076"
  },
  "cjv": 0.3491234072880247,
  "cnr": 3.604530447368602,
  "efc": 0.7562462336567313,
  "fber": 787.4059448242188,
  "fwhm_avg": 3.6377662330111384,
  "fwhm_x": 3.566549574834159,
  "fwhm_y": 3.8553595404053285,
  "fwhm_z": 3.491389583793928,
  "icvs_csf": 0.20851628566408037,
  "icvs_gm": 0.39181097945733717,
  "icvs_wm": 0.39967273487858246,
  "inu_med": 1.6220219135284424,
  "inu_range": 0.44360933303832994,
  "provenance": {
    "md5sum": "ecdf6835f5af4fc984b311662f9e71ea",
    "settings": {
      "testing": false
    },
    "software": "mriqc",
    "version": "0.15.0",
    "warnings": {
      "large_rot_frame": true,
      "small_air_mask": true
    },
    "webapi_port": null,
    "webapi_url": "https://mriqc.nimh.nih.gov/api/v1"
  },
  "qi_1": 0.0,
  "qi_2": 0.0002552600494370439,
  "rpve_csf": 24.009031046373526,
  "rpve_gm": 13.116176150516312,
  "rpve_wm": 16.931121221165505,
  "size_x": 240,
  "size_y": 240,
  "size_z": 220,
  "snr_csf": 2.832894631859515,
  "snr_gm": 7.554954320147459,
  "snr_total": 10.837695768722568,
  "snr_wm": 22.12523835416073,
  "snrd_csf": 24.788084840678714,
  "snrd_gm": 46.39442171236503,
  "snrd_total": 47.60032927493442,
  "snrd_wm": 71.61848127175953,
  "spacing_x": 1.0000001192092896,
  "spacing_y": 1.0000001192092896,
  "spacing_z": 1.0000001192092896,
  "summary_bg_k": 669.3460044105109,
  "summary_bg_mad": 9.14754581451416,
  "summary_bg_mean": 12.108943939208984,
  "summary_bg_median": 12.322060585021973,
  "summary_bg_n": 129339.0,
  "summary_bg_p05": 0.0,
  "summary_bg_p95": 31.480877304077147,
  "summary_bg_stdv": 12.364484786987305,
  "summary_csf_k": 0.501431053024465,
  "summary_csf_mad": 113.45613098144531,
  "summary_csf_mean": 322.7326965332031,
  "summary_csf_median": 346.1113586425781,
  "summary_csf_n": 10715.0,
  "summary_csf_p05": 103.82855529785155,
  "summary_csf_p95": 489.05526123046866,
  "summary_csf_stdv": 122.170166015625,
  "summary_gm_k": 0.4207279786180429,
  "summary_gm_mad": 81.39178466796875,
  "summary_gm_mean": 652.1560668945312,
  "summary_gm_median": 647.7965698242188,
  "summary_gm_n": 13814.0,
  "summary_gm_p05": 519.5418823242187,
  "summary_gm_p95": 800.8628814697262,
  "summary_gm_stdv": 85.74150085449219,
  "summary_wm_k": 0.8539511699926083,
  "summary_wm_mad": 41.56905746459961,
  "summary_wm_mean": 999.4064331054688,
  "summary_wm_median": 999.995361328125,
  "summary_wm_n": 271959.0,
  "summary_wm_p05": 924.7857360839844,
  "summary_wm_p95": 1072.0872924804687,
  "summary_wm_stdv": 45.19696044921875,
  "tpm_overlap_csf": 0.20601849257946014,
  "tpm_overlap_gm": 0.4844280183315277,
  "tpm_overlap_wm": 0.5616605877876282,
  "wm2max": 0.6795218274925346
}