{
  "bids_meta": {
    "AcquisitionNumber": 4,
    "BidsifyVersion": "0.3.5",
    "ConversionSoftware": "dcm2niix",
    "ConversionSoftwareVersion": "v1.0.20181125  GCC6.3.0",
    "EchoTime": 0.00373,
    "ImageComments": "piop",
    "ImageOrientationPatientDICOM": [
      0.998986,
      0.0269278,
      0.0360694,
      -0.0284277,
      0.998724,
      0.0417384
    ],
    "Manufacturer": "Philips",
    "PatientPosition": "HFS",
    "PhilipsRescaleIntercept": 0,
    "PhilipsRescaleSlope": 9.14408,
    "PhilipsScaleSlope": 0.00757524,
    "ProtocolName": "WIPt13dSENSE",
    "ReconMatrixPE": 240,
    "RepetitionTime": 0.008157,
    "SeriesDescription": "ImageMRSERIES",
    "SeriesNumber": 4,
    "UsePhilipsFloatNotDisplayScaling": 1,
    "dataset": "unknown",
    "modality": "T1w",
    "subject_id": "0126"
  },
  "cjv": 0.3394644405349854,
  "cnr": 3.628716044663495,
  "efc": 0.75662193598733,
  "fber": 500.46221923828125,
  "fwhm_avg": 3.5315133333333333,
  "fwhm_x": 3.49299,
  "fwhm_y": 3.71858,
  "fwhm_z": 3.38297,
  "icvs_csf": 0.19163675778087272,
  "icvs_gm": 0.4438108252816224,
  "icvs_wm": 0.3645524169375049,
  "inu_med": 0.7339878082275391,
  "inu_range": 0.2884209990501403,
  "provenance": {
    "md5sum": "3de3ca262a8104328139a09e36f911e7",
    "settings": {
      "testing": false
    },
    "software": "mriqc",
    "version": "0.15.0",
    "warnings": {
      "large_rot_frame": true,
      "small_air_mask": true
    },
    "webapi_port": null,
    "webapi_url": "https://mriqc.nimh.nih.gov/api/v1"
  },
  "qi_1": 0.0,
  "qi_2": 0.0003194633812274279,
  "rpve_csf": 29.224129475232957,
  "rpve_gm": 14.17466587453118,
  "rpve_wm": 21.194992313204132,
  "size_x": 240,
  "size_y": 240,
  "size_z": 220,
  "snr_csf": 2.025916890237015,
  "snr_gm": 6.908255484192287,
  "snr_total": 9.212418213377099,
  "snr_wm": 18.703082265701997,
  "snrd_csf": 16.160114891802646,
  "snrd_gm": 33.330718992622934,
  "snrd_total": 34.466110009560104,
  "snrd_wm": 53.90749614425474,
  "spacing_x": 1.0,
  "spacing_y": 1.0,
  "spacing_z": 1.0,
  "summary_bg_k": 10.689944610587956,
  "summary_bg_mad": 12.152814865112305,
  "summary_bg_mean": 16.776954650878906,
  "summary_bg_median": 16.40074348449707,
  "summary_bg_n": 164648.0,
  "summary_bg_p05": 0.0,
  "summary_bg_p95": 41.18916893005371,
  "summary_bg_stdv": 14.011076927185059,
  "summary_csf_k": -0.04308388076377101,
  "summary_csf_mad": 193.84043884277344,
  "summary_csf_mean": 284.751708984375,
  "summary_csf_median": 299.77099609375,
  "summary_csf_n": 5294.0,
  "summary_csf_p05": 70.12738990783691,
  "summary_csf_p95": 496.8147399902342,
  "summary_csf_stdv": 147.95408630371094,
  "summary_gm_k": 0.5395889334240658,
  "summary_gm_mad": 81.10795593261719,
  "summary_gm_mean": 627.1795043945312,
  "summary_gm_median": 618.28662109375,
  "summary_gm_n": 17384.0,
  "summary_gm_p05": 494.6447784423828,
  "summary_gm_p95": 792.0226593017577,
  "summary_gm_stdv": 89.49710083007812,
  "summary_wm_k": 0.9604061805674502,
  "summary_wm_mad": 48.465728759765625,
  "summary_wm_mean": 996.8256225585938,
  "summary_wm_median": 999.9869384765625,
  "summary_wm_n": 197850.0,
  "summary_wm_p05": 902.9615753173828,
  "summary_wm_p95": 1077.5509826660154,
  "summary_wm_stdv": 53.46628952026367,
  "tpm_overlap_csf": 0.20698119699954987,
  "tpm_overlap_gm": 0.5186519026756287,
  "tpm_overlap_wm": 0.559345543384552,
  "wm2max": 0.5701495966473418
}