{
  "aor": 0.004537111111111112,
  "aqi": 0.003906939037037037,
  "bids_meta": {
    "AcquisitionNumber": 5,
    "BidsifyVersion": "0.3.5",
    "ConversionSoftware": "dcm2niix",
    "ConversionSoftwareVersion": "v1.0.20181125  GCC6.3.0",
    "EchoTime": 0.02762,
    "EffectiveEchoSpacing": 0.0006621159151938905,
    "ImageComments": "piop",
    "ImageOrientationPatientDICOM": [
      0.998748,
      0.0458887,
      -0.0199301,
      -0.0498953,
      0.942801,
      -0.329601
    ],
    "Manufacturer": "Philips",
    "NumberOfVolumesDiscardedByScanner": 2,
    "ParallelAcquisitionTechnique": "SENSE",
    "ParallelReductionFactorInPlane": 2,
    "PatientPosition": "HFS",
    "PhaseEncodingDirection": "j",
    "PhilipsRescaleIntercept": 0,
    "PhilipsRescaleSlope": 0.8083,
    "PhilipsScaleSlope": 0.0592693,
    "ProtocolName": "WIPpiopharririSENSE",
    "PulseSequenceType": "gradient echo EPI",
    "ReconMatrixPE": 80,
    "RepetitionTime": 2,
    "SeriesDescription": "ImageMRSERIES",
    "SeriesNumber": 5,
    "SliceEncodingDirection": "k",
    "SliceTiming": [
      0.0,
      0.0541,
      0.1081,
      0.1622,
      0.2162,
      0.2703,
      0.3243,
      0.3784,
      0.4324,
      0.4865,
      0.5405,
      0.5946,
      0.6486,
      0.7027,
      0.7568,
      0.8108,
      0.8649,
      0.9189,
      0.973,
      1.027,
      1.0811,
      1.1351,
      1.1892,
      1.2432,
      1.2973,
      1.3514,
      1.4054,
      1.4595,
      1.5135,
      1.5676,
      1.6216,
      1.6757,
      1.7297,
      1.7838,
      1.8378,
      1.8919,
      1.9459
    ],
    "TaskName": "emomatching",
    "TotalReadoutTime": 0.025822520692561732,
    "UsePhilipsFloatNotDisplayScaling": 1,
    "acq_id": "seq",
    "dataset": "unknown",
    "modality": "bold",
    "subject_id": "0174",
    "task_id": "emomatching"
  },
  "dummy_trs": 0,
  "dvars_nstd": 23.482430315522393,
  "dvars_std": 1.2728563242537312,
  "dvars_vstd": 1.036096086940299,
  "efc": 0.4221820940489526,
  "fber": 164285440.0,
  "fd_mean": 0.14876198676427044,
  "fd_num": 16,
  "fd_perc": 11.851851851851851,
  "fwhm_avg": 2.3582225356903987,
  "fwhm_x": 2.3436733333333333,
  "fwhm_y": 2.563903333333333,
  "fwhm_z": 2.1670909404045298,
  "gcor": 0.00623548,
  "gsr_x": -0.00078290153760463,
  "gsr_y": 0.0014933121856302023,
  "provenance": {
    "md5sum": "a6bf81183564a96903b44b2d22182076",
    "settings": {
      "fd_thres": 0.2,
      "hmc_fsl": false
    },
    "software": "mriqc",
    "version": "0.15.0",
    "webapi_port": null,
    "webapi_url": "https://mriqc.nimh.nih.gov/api/v1"
  },
  "size_t": 135,
  "size_x": 80,
  "size_y": 80,
  "size_z": 37,
  "snr": 4.693658000467736,
  "spacing_tr": 2.0,
  "spacing_x": 3.0,
  "spacing_y": 3.0,
  "spacing_z": 3.299999952316284,
  "spikes_num": 7,
  "summary_bg_k": 61.5045738535901,
  "summary_bg_mad": 2.538607597351074,
  "summary_bg_mean": 279.5035400390625,
  "summary_bg_median": 1.7389951944351196,
  "summary_bg_n": 150442.0,
  "summary_bg_p05": 0.009751010313630105,
  "summary_bg_p95": 1165.7691650390525,
  "summary_bg_stdv": 1444.4200439453125,
  "summary_fg_k": 1.9146899545728582,
  "summary_fg_mad": 4592.28955078125,
  "summary_fg_mean": 24886.947265625,
  "summary_fg_median": 24700.99609375,
  "summary_fg_n": 44572.0,
  "summary_fg_p05": 17018.9984375,
  "summary_fg_p95": 33226.009765625,
  "summary_fg_stdv": 5262.5732421875,
  "tsnr": 74.06529998779297
}