{
  "aor": 0.0006659999999999999,
  "aqi": 0.0041690910500000004,
  "bids_meta": {
    "AcquisitionNumber": 9,
    "BidsifyVersion": "0.3.5",
    "ConversionSoftware": "dcm2niix",
    "ConversionSoftwareVersion": "v1.0.20181125  GCC6.3.0",
    "EchoTime": 0.02762,
    "EffectiveEchoSpacing": 0.0006621159151938905,
    "ImageComments": "piop",
    "ImageOrientationPatientDICOM": [
      0.999108,
      -0.00771958,
      -0.0415186,
      -0.000697509,
      0.98,
      -0.198997
    ],
    "Manufacturer": "Philips",
    "NumberOfVolumesDiscardedByScanner": 2,
    "ParallelAcquisitionTechnique": "SENSE",
    "ParallelReductionFactorInPlane": 2,
    "PatientPosition": "HFS",
    "PhaseEncodingDirection": "j",
    "PhilipsRescaleIntercept": 0,
    "PhilipsRescaleSlope": 0.79121,
    "PhilipsScaleSlope": 0.0589587,
    "ProtocolName": "WIPpiopanticipatieSENSE",
    "PulseSequenceType": "gradient echo EPI",
    "ReconMatrixPE": 80,
    "RepetitionTime": 2,
    "SeriesDescription": "ImageMRSERIES",
    "SeriesNumber": 9,
    "SliceEncodingDirection": "k",
    "SliceTiming": [
      0.0,
      0.0541,
      0.1081,
      0.1622,
      0.2162,
      0.2703,
      0.3243,
      0.3784,
      0.4324,
      0.4865,
      0.5405,
      0.5946,
      0.6486,
      0.7027,
      0.7568,
      0.8108,
      0.8649,
      0.9189,
      0.973,
      1.027,
      1.0811,
      1.1351,
      1.1892,
      1.2432,
      1.2973,
      1.3514,
      1.4054,
      1.4595,
      1.5135,
      1.5676,
      1.6216,
      1.6757,
      1.7297,
      1.7838,
      1.8378,
      1.8919,
      1.9459
    ],
    "TaskName": "anticipation",
    "TotalReadoutTime": 0.025822520692561732,
    "UsePhilipsFloatNotDisplayScaling": 1,
    "acq_id": "seq",
    "dataset": "unknown",
    "modality": "bold",
    "subject_id": "0033",
    "task_id": "anticipation"
  },
  "dummy_trs": 0,
  "dvars_nstd": 21.003419569447242,
  "dvars_std": 1.0974782256783928,
  "dvars_vstd": 0.9916863147738686,
  "efc": 0.4042281571529534,
  "fber": 775593344.0,
  "fd_mean": 0.14188699375628774,
  "fd_num": 29,
  "fd_perc": 14.5,
  "fwhm_avg": 2.3230660707510595,
  "fwhm_x": 2.2812733333333335,
  "fwhm_y": 2.5816399999999997,
  "fwhm_z": 2.1062848789198454,
  "gcor": 0.0253433,
  "gsr_x": 0.0018564693164080381,
  "gsr_y": 0.0010346600320190191,
  "provenance": {
    "md5sum": "3906cf95a60ad768185d60d4956f1083",
    "settings": {
      "fd_thres": 0.2,
      "hmc_fsl": false
    },
    "software": "mriqc",
    "version": "0.15.0",
    "webapi_port": null,
    "webapi_url": "https://mriqc.nimh.nih.gov/api/v1"
  },
  "size_t": 200,
  "size_x": 80,
  "size_y": 80,
  "size_z": 37,
  "snr": 4.671932634312047,
  "spacing_tr": 2.0,
  "spacing_x": 3.0,
  "spacing_y": 3.0,
  "spacing_z": 3.299999952316284,
  "spikes_num": 2,
  "summary_bg_k": 73.41621512924414,
  "summary_bg_mad": 1.0753743648529053,
  "summary_bg_mean": 187.15414428710938,
  "summary_bg_median": 0.7321372032165527,
  "summary_bg_n": 153616.0,
  "summary_bg_p05": 0.0017467924626544118,
  "summary_bg_p95": 619.2710266113281,
  "summary_bg_stdv": 1075.8448486328125,
  "summary_fg_k": 3.0972256462364003,
  "summary_fg_mad": 3803.18017578125,
  "summary_fg_mean": 21701.3828125,
  "summary_fg_median": 21406.5859375,
  "summary_fg_n": 42190.0,
  "summary_fg_p05": 15317.135595703125,
  "summary_fg_p95": 28820.352539062496,
  "summary_fg_stdv": 4581.90087890625,
  "tsnr": 71.21511840820312
}