{
  "bids_meta": {
    "AcquisitionNumber": 4,
    "BidsifyVersion": "0.3.5",
    "ConversionSoftware": "dcm2niix",
    "ConversionSoftwareVersion": "v1.0.20181125  GCC6.3.0",
    "EchoTime": 0.00374,
    "ImageComments": "piop",
    "ImageOrientationPatientDICOM": [
      0.999795,
      -0.0149916,
      -0.0135975,
      0.0144843,
      0.999222,
      -0.0366701
    ],
    "Manufacturer": "Philips",
    "PatientPosition": "HFS",
    "PhilipsRescaleIntercept": 0,
    "PhilipsRescaleSlope": 8.34286,
    "PhilipsScaleSlope": 0.00779861,
    "ProtocolName": "WIPt13dSENSE",
    "ReconMatrixPE": 240,
    "RepetitionTime": 0.008151,
    "SeriesDescription": "ImageMRSERIES",
    "SeriesNumber": 4,
    "UsePhilipsFloatNotDisplayScaling": 1,
    "dataset": "unknown",
    "modality": "T1w",
    "subject_id": "0104"
  },
  "cjv": 0.3177172781317939,
  "cnr": 3.9076371274075927,
  "efc": 0.7446938652143357,
  "fber": 830.498046875,
  "fwhm_avg": 3.43479,
  "fwhm_x": 3.44048,
  "fwhm_y": 3.60258,
  "fwhm_z": 3.26131,
  "icvs_csf": 0.20810979033490593,
  "icvs_gm": 0.43080008145407755,
  "icvs_wm": 0.3610901282110165,
  "inu_med": 2.1243503093719482,
  "inu_range": 0.4129466056823725,
  "provenance": {
    "md5sum": "d0c29df21a358cb5f49b5194ba4583d9",
    "settings": {
      "testing": false
    },
    "software": "mriqc",
    "version": "0.15.0",
    "warnings": {
      "large_rot_frame": true,
      "small_air_mask": true
    },
    "webapi_port": null,
    "webapi_url": "https://mriqc.nimh.nih.gov/api/v1"
  },
  "qi_1": 0.0,
  "qi_2": 0.00013656644312425365,
  "rpve_csf": 31.465022861201987,
  "rpve_gm": 16.497065321786973,
  "rpve_wm": 24.785060244751673,
  "size_x": 240,
  "size_y": 240,
  "size_z": 220,
  "snr_csf": 2.492200160615244,
  "snr_gm": 7.2756078659010655,
  "snr_total": 10.281090468580379,
  "snr_wm": 21.07546337922483,
  "snrd_csf": 25.79558757225834,
  "snrd_gm": 49.78204508064447,
  "snrd_total": 52.078458356979375,
  "snrd_wm": 80.65774241803531,
  "spacing_x": 1.0,
  "spacing_y": 1.0,
  "spacing_z": 1.0,
  "summary_bg_k": 175.90681356152962,
  "summary_bg_mad": 8.12230396270752,
  "summary_bg_mean": 12.960738182067871,
  "summary_bg_median": 10.889470100402832,
  "summary_bg_n": 110233.0,
  "summary_bg_p05": 0.0,
  "summary_bg_p95": 33.056312561035156,
  "summary_bg_stdv": 12.213159561157227,
  "summary_csf_k": 36.500900160868355,
  "summary_csf_mad": 103.24441528320312,
  "summary_csf_mean": 303.34356689453125,
  "summary_csf_median": 319.8106689453125,
  "summary_csf_n": 6138.0,
  "summary_csf_p05": 97.74666213989258,
  "summary_csf_p95": 453.28538513183594,
  "summary_csf_stdv": 128.31417846679688,
  "summary_gm_k": 0.5032914447019361,
  "summary_gm_mad": 77.9639892578125,
  "summary_gm_mean": 620.1377563476562,
  "summary_gm_median": 617.1919555664062,
  "summary_gm_n": 17744.0,
  "summary_gm_p05": 485.33713684082034,
  "summary_gm_p95": 767.0828399658202,
  "summary_gm_stdv": 84.8279037475586,
  "summary_wm_k": 0.9071602035926096,
  "summary_wm_mad": 43.65604782104492,
  "summary_wm_mean": 997.5053100585938,
  "summary_wm_median": 999.9852294921875,
  "summary_wm_n": 169193.0,
  "summary_wm_p05": 915.4801391601563,
  "summary_wm_p95": 1070.0048583984376,
  "summary_wm_stdv": 47.44770050048828,
  "tpm_overlap_csf": 0.22138912975788116,
  "tpm_overlap_gm": 0.5238423943519592,
  "tpm_overlap_wm": 0.5737825036048889,
  "wm2max": 0.6961291722910976
}