{
    "Manufacturer": "Philips",
    "PatientPosition": "HFS",
    "SeriesDescription": "ImageMRSERIES",
    "ProtocolName": "WIPpiopfacesSENSE",
    "SeriesNumber": 2,
    "AcquisitionNumber": 2,
    "ImageComments": "Piop",
    "PhilipsRescaleSlope": 0.87033,
    "PhilipsRescaleIntercept": 0,
    "PhilipsScaleSlope": 0.0873871,
    "UsePhilipsFloatNotDisplayScaling": 1,
    "EchoTime": 0.02762,
    "RepetitionTime": 0.75,
    "ReconMatrixPE": 80,
    "ImageOrientationPatientDICOM": [
        0.999208,
        -0.0364046,
        0.016046,
        0.038735,
        0.98223,
        -0.183639
    ],
    "ConversionSoftware": "dcm2niix",
    "ConversionSoftwareVersion": "v1.0.20181125  GCC6.3.0",
    "BidsifyVersion": "0.3.5",
    "SliceEncodingDirection": "k",
    "PhaseEncodingDirection": "j",
    "ParallelAcquisitionTechnique": "SENSE",
    "ParallelReductionFactorInPlane": 2,
    "NumberOfVolumesDiscardedByScanner": 2,
    "PulseSequenceType": "gradient echo EPI",
    "TaskName": "faces"
}