{
  "aor": 0.0004716734693877551,
  "aqi": 0.004584251020408163,
  "bids_meta": {
    "AcquisitionNumber": 3,
    "BidsifyVersion": "0.3.5",
    "ConversionSoftware": "dcm2niix",
    "ConversionSoftwareVersion": "v1.0.20181125  GCC6.3.0",
    "EchoTime": 0.02762,
    "EffectiveEchoSpacing": 0.0006621159151938905,
    "ImageComments": "piop",
    "ImageOrientationPatientDICOM": [
      0.992333,
      0.121988,
      0.0198353,
      -0.10973,
      0.943473,
      -0.31276
    ],
    "Manufacturer": "Philips",
    "NumberOfVolumesDiscardedByScanner": 2,
    "ParallelAcquisitionTechnique": "SENSE",
    "ParallelReductionFactorInPlane": 2,
    "PatientPosition": "HFS",
    "PhaseEncodingDirection": "j",
    "PhilipsRescaleIntercept": 0,
    "PhilipsRescaleSlope": 0.81636,
    "PhilipsScaleSlope": 0.0559677,
    "ProtocolName": "WIPpiopgstroopSENSE",
    "PulseSequenceType": "gradient echo EPI",
    "ReconMatrixPE": 80,
    "RepetitionTime": 2,
    "SeriesDescription": "ImageMRSERIES",
    "SeriesNumber": 3,
    "SliceEncodingDirection": "k",
    "SliceTiming": [
      0.0,
      0.0541,
      0.1081,
      0.1622,
      0.2162,
      0.2703,
      0.3243,
      0.3784,
      0.4324,
      0.4865,
      0.5405,
      0.5946,
      0.6486,
      0.7027,
      0.7568,
      0.8108,
      0.8649,
      0.9189,
      0.973,
      1.027,
      1.0811,
      1.1351,
      1.1892,
      1.2432,
      1.2973,
      1.3514,
      1.4054,
      1.4595,
      1.5135,
      1.5676,
      1.6216,
      1.6757,
      1.7297,
      1.7838,
      1.8378,
      1.8919,
      1.9459
    ],
    "TaskName": "gstroop",
    "TotalReadoutTime": 0.025822520692561732,
    "UsePhilipsFloatNotDisplayScaling": 1,
    "acq_id": "seq",
    "dataset": "unknown",
    "modality": "bold",
    "subject_id": "0041",
    "task_id": "gstroop"
  },
  "dummy_trs": 0,
  "dvars_nstd": 24.59107866471312,
  "dvars_std": 1.2028270699180337,
  "dvars_vstd": 0.9790018443852465,
  "efc": 0.40232762998830407,
  "fber": 294419040.0,
  "fd_mean": 0.1449236702055031,
  "fd_num": 39,
  "fd_perc": 15.918367346938776,
  "fwhm_avg": 2.258700355039609,
  "fwhm_x": 2.236843155565011,
  "fwhm_y": 2.4100699999999997,
  "fwhm_z": 2.1291879095538158,
  "gcor": 0.0238866,
  "gsr_x": -0.005295126233249903,
  "gsr_y": 0.004868825897574425,
  "provenance": {
    "md5sum": "9dfea4dfa251fd86f4f2845b9b5223ee",
    "settings": {
      "fd_thres": 0.2,
      "hmc_fsl": false
    },
    "software": "mriqc",
    "version": "0.15.0",
    "webapi_port": null,
    "webapi_url": "https://mriqc.nimh.nih.gov/api/v1"
  },
  "size_t": 245,
  "size_x": 80,
  "size_y": 80,
  "size_z": 37,
  "snr": 4.5529995216658845,
  "spacing_tr": 2.0,
  "spacing_x": 3.000000238418579,
  "spacing_y": 3.0,
  "spacing_z": 3.299999952316284,
  "spikes_num": 1,
  "summary_bg_k": 80.00723278383545,
  "summary_bg_mad": 1.723745346069336,
  "summary_bg_mean": 183.17274475097656,
  "summary_bg_median": 1.1783043146133423,
  "summary_bg_n": 153663.0,
  "summary_bg_p05": 0.004069074336439372,
  "summary_bg_p95": 848.2835266113252,
  "summary_bg_stdv": 939.2101440429688,
  "summary_fg_k": 2.501894705507321,
  "summary_fg_mad": 4050.703857421875,
  "summary_fg_mean": 23187.578125,
  "summary_fg_median": 22801.76953125,
  "summary_fg_n": 41524.0,
  "summary_fg_p05": 16273.386914062501,
  "summary_fg_p95": 31469.19033203125,
  "summary_fg_stdv": 5008.01611328125,
  "tsnr": 68.9789047241211
}