{
  "aor": 0.0008661515151515152,
  "aqi": 0.007892043121212122,
  "bids_meta": {
    "AcquisitionNumber": 2,
    "BidsifyVersion": "0.3.5",
    "ConversionSoftware": "dcm2niix",
    "ConversionSoftwareVersion": "v1.0.20181125  GCC6.3.0",
    "EchoTime": 0.02762,
    "EffectiveEchoSpacing": 0.0006333282667071997,
    "ImageComments": "piop",
    "ImageOrientationPatientDICOM": [
      0.992333,
      0.121988,
      0.0198353,
      -0.10973,
      0.943473,
      -0.31276
    ],
    "Manufacturer": "Philips",
    "NumberOfVolumesDiscardedByScanner": 2,
    "ParallelAcquisitionTechnique": "SENSE",
    "ParallelReductionFactorInPlane": 2,
    "PatientPosition": "HFS",
    "PhaseEncodingDirection": "j",
    "PhilipsRescaleIntercept": 0,
    "PhilipsRescaleSlope": 0.79048,
    "PhilipsScaleSlope": 0.095128,
    "ProtocolName": "WIPpiopfacesSENSE",
    "PulseSequenceType": "gradient echo EPI",
    "ReconMatrixPE": 80,
    "RepetitionTime": 0.75,
    "SeriesDescription": "ImageMRSERIES",
    "SeriesNumber": 2,
    "SliceEncodingDirection": "k",
    "SliceTiming": [
      0.0,
      0.06755050505050506,
      0.1351010101010101,
      0.20265151515151517,
      0.2702020202020202,
      0.3377525252525253,
      0.40530303030303033,
      0.47285353535353536,
      0.5404040404040404,
      0.6079545454545455,
      0.6755050505050506,
      0.7430555555555556,
      0.0,
      0.06755050505050506,
      0.1351010101010101,
      0.20265151515151517,
      0.2702020202020202,
      0.3377525252525253,
      0.40530303030303033,
      0.47285353535353536,
      0.5404040404040404,
      0.6079545454545455,
      0.6755050505050506,
      0.7430555555555556,
      0.0,
      0.06755050505050506,
      0.1351010101010101,
      0.20265151515151517,
      0.2702020202020202,
      0.3377525252525253,
      0.40530303030303033,
      0.47285353535353536,
      0.5404040404040404,
      0.6079545454545455,
      0.6755050505050506,
      0.7430555555555556
    ],
    "TaskName": "faces",
    "TotalReadoutTime": 0.024699802401580786,
    "UsePhilipsFloatNotDisplayScaling": 1,
    "acq_id": "mb3",
    "dataset": "unknown",
    "modality": "bold",
    "subject_id": "0041",
    "task_id": "faces"
  },
  "dummy_trs": 0,
  "dvars_nstd": 23.665745106200614,
  "dvars_std": 1.107937439787234,
  "dvars_vstd": 1.0078717490577505,
  "efc": 0.4090997375672057,
  "fber": 632973120.0,
  "fd_mean": 0.13713500673657747,
  "fd_num": 45,
  "fd_perc": 13.636363636363637,
  "fwhm_avg": 2.615639766025619,
  "fwhm_x": 2.6307466666666666,
  "fwhm_y": 2.8266299999999998,
  "fwhm_z": 2.389542631410191,
  "gcor": 0.0278837,
  "gsr_x": -0.006290828343480825,
  "gsr_y": 0.004163484554737806,
  "provenance": {
    "md5sum": "c74c0fb449e0c3077cc75c0fcd8e0da4",
    "settings": {
      "fd_thres": 0.2,
      "hmc_fsl": false
    },
    "software": "mriqc",
    "version": "0.15.0",
    "webapi_port": null,
    "webapi_url": "https://mriqc.nimh.nih.gov/api/v1"
  },
  "size_t": 330,
  "size_x": 80,
  "size_y": 80,
  "size_z": 36,
  "snr": 5.561517053466835,
  "spacing_tr": 0.75,
  "spacing_x": 3.0,
  "spacing_y": 3.0,
  "spacing_z": 3.299999713897705,
  "spikes_num": 0,
  "summary_bg_k": 70.85095992295251,
  "summary_bg_mad": 0.9280091524124146,
  "summary_bg_mean": 134.5157470703125,
  "summary_bg_median": 0.6381816267967224,
  "summary_bg_n": 148788.0,
  "summary_bg_p05": 0.003578885574825108,
  "summary_bg_p95": 788.6413787841781,
  "summary_bg_stdv": 680.4053344726562,
  "summary_fg_k": 3.029054432731196,
  "summary_fg_mad": 2491.568115234375,
  "summary_fg_mean": 17031.94140625,
  "summary_fg_median": 17161.94140625,
  "summary_fg_n": 40774.0,
  "summary_fg_p05": 12064.02060546875,
  "summary_fg_p95": 21510.1416015625,
  "summary_fg_stdv": 3085.80029296875,
  "tsnr": 56.10051727294922
}