{
  "aor": 0.00047465408805031446,
  "aqi": 0.012746999182389937,
  "bids_meta": {
    "AcquisitionNumber": 6,
    "BidsifyVersion": "0.3.5",
    "ConversionSoftware": "dcm2niix",
    "ConversionSoftwareVersion": "v1.0.20181125  GCC6.3.0",
    "EchoTime": 0.02762,
    "EffectiveEchoSpacing": 0.0006333282667071997,
    "ImageComments": "piop",
    "ImageOrientationPatientDICOM": [
      0.992333,
      0.121988,
      0.0198353,
      -0.10973,
      0.943473,
      -0.31276
    ],
    "Manufacturer": "Philips",
    "NumberOfVolumesDiscardedByScanner": 2,
    "ParallelAcquisitionTechnique": "SENSE",
    "ParallelReductionFactorInPlane": 2,
    "PatientPosition": "HFS",
    "PhaseEncodingDirection": "j",
    "PhilipsRescaleIntercept": 0,
    "PhilipsRescaleSlope": 0.80049,
    "PhilipsScaleSlope": 0.0775255,
    "ProtocolName": "WIPpioprsSENSE",
    "PulseSequenceType": "gradient echo EPI",
    "ReconMatrixPE": 80,
    "RepetitionTime": 0.75,
    "SeriesDescription": "ImageMRSERIES",
    "SeriesNumber": 6,
    "SliceEncodingDirection": "k",
    "SliceTiming": [
      0.0,
      0.06755050505050506,
      0.1351010101010101,
      0.20265151515151517,
      0.2702020202020202,
      0.3377525252525253,
      0.40530303030303033,
      0.47285353535353536,
      0.5404040404040404,
      0.6079545454545455,
      0.6755050505050506,
      0.7430555555555556,
      0.0,
      0.06755050505050506,
      0.1351010101010101,
      0.20265151515151517,
      0.2702020202020202,
      0.3377525252525253,
      0.40530303030303033,
      0.47285353535353536,
      0.5404040404040404,
      0.6079545454545455,
      0.6755050505050506,
      0.7430555555555556,
      0.0,
      0.06755050505050506,
      0.1351010101010101,
      0.20265151515151517,
      0.2702020202020202,
      0.3377525252525253,
      0.40530303030303033,
      0.47285353535353536,
      0.5404040404040404,
      0.6079545454545455,
      0.6755050505050506,
      0.7430555555555556
    ],
    "TaskName": "restingstate",
    "TotalReadoutTime": 0.024699802401580786,
    "UsePhilipsFloatNotDisplayScaling": 1,
    "acq_id": "mb3",
    "dataset": "unknown",
    "modality": "bold",
    "subject_id": "0041",
    "task_id": "restingstate"
  },
  "dummy_trs": 3,
  "dvars_nstd": 27.50002831361345,
  "dvars_std": 1.0220525479831932,
  "dvars_vstd": 0.9661751192436968,
  "efc": 0.4000950759410809,
  "fber": 161672736.0,
  "fd_mean": 0.14163349438394024,
  "fd_num": 91,
  "fd_perc": 19.07756813417191,
  "fwhm_avg": 2.345763382945348,
  "fwhm_x": 2.334769814449166,
  "fwhm_y": 2.5324566666666666,
  "fwhm_z": 2.170063667720212,
  "gcor": 0.0143872,
  "gsr_x": -0.004999743774533272,
  "gsr_y": 0.004639333579689264,
  "provenance": {
    "md5sum": "a4d14aa5e6ae27c68f21db924ce5c968",
    "settings": {
      "fd_thres": 0.2,
      "hmc_fsl": false
    },
    "software": "mriqc",
    "version": "0.15.0",
    "webapi_port": null,
    "webapi_url": "https://mriqc.nimh.nih.gov/api/v1"
  },
  "size_t": 477,
  "size_x": 80,
  "size_y": 80,
  "size_z": 36,
  "snr": 4.841454545668952,
  "spacing_tr": 0.75,
  "spacing_x": 3.000000238418579,
  "spacing_y": 3.0,
  "spacing_z": 3.299999952316284,
  "spikes_num": 2,
  "summary_bg_k": 82.64069461541743,
  "summary_bg_mad": 1.6785449981689453,
  "summary_bg_mean": 114.9096450805664,
  "summary_bg_median": 1.1553245782852173,
  "summary_bg_n": 150034.0,
  "summary_bg_p05": 0.00658789009321481,
  "summary_bg_p95": 564.6224853515637,
  "summary_bg_stdv": 586.6920776367188,
  "summary_fg_k": 1.9748480852139974,
  "summary_fg_mad": 2823.950439453125,
  "summary_fg_mean": 16263.189453125,
  "summary_fg_median": 16141.509765625,
  "summary_fg_n": 39962.0,
  "summary_fg_p05": 11304.018701171875,
  "summary_fg_p95": 21647.250097656248,
  "summary_fg_stdv": 3333.97900390625,
  "tsnr": 39.54076385498047
}