{
  "aor": 0.0005825157232704402,
  "aqi": 0.00841759215932914,
  "bids_meta": {
    "AcquisitionNumber": 8,
    "BidsifyVersion": "0.3.5",
    "ConversionSoftware": "dcm2niix",
    "ConversionSoftwareVersion": "v1.0.20181125  GCC6.3.0",
    "EchoTime": 0.02762,
    "ImageComments": "PIOP",
    "ImageOrientationPatientDICOM": [
      0.999703,
      -0.00529938,
      0.0237999,
      0.0062814,
      0.999124,
      -0.0413782
    ],
    "Manufacturer": "Philips",
    "NumberOfVolumesDiscardedByScanner": 2,
    "ParallelAcquisitionTechnique": "SENSE",
    "ParallelReductionFactorInPlane": 2,
    "PatientPosition": "HFS",
    "PhaseEncodingDirection": "j",
    "PhilipsRescaleIntercept": 0,
    "PhilipsRescaleSlope": 0.77338,
    "PhilipsScaleSlope": 0.103245,
    "ProtocolName": "WIPpioprsSENSE",
    "PulseSequenceType": "gradient echo EPI",
    "ReconMatrixPE": 80,
    "RepetitionTime": 0.75,
    "SeriesDescription": "ImageMRSERIES",
    "SeriesNumber": 8,
    "SliceEncodingDirection": "k",
    "TaskName": "restingstate",
    "UsePhilipsFloatNotDisplayScaling": 1,
    "acq_id": "mb3",
    "dataset": "unknown",
    "modality": "bold",
    "subject_id": "0089",
    "task_id": "restingstate"
  },
  "dummy_trs": 3,
  "dvars_nstd": 31.458670255567217,
  "dvars_std": 1.1195288070168083,
  "dvars_vstd": 0.9985279755252099,
  "efc": 0.40841722046526946,
  "fber": 386641504.0,
  "fd_mean": 0.10159185166297861,
  "fd_num": 20,
  "fd_perc": 4.1928721174004195,
  "fwhm_avg": 2.5276557688645673,
  "fwhm_x": 2.5235266666666667,
  "fwhm_y": 2.7156800000000003,
  "fwhm_z": 2.343760639927035,
  "gcor": 0.0097696,
  "gsr_x": -0.007805845234543085,
  "gsr_y": 0.005534312687814236,
  "provenance": {
    "md5sum": "d44750c28c3eeb0ae86cef06fa09b50e",
    "settings": {
      "fd_thres": 0.2,
      "hmc_fsl": false
    },
    "software": "mriqc",
    "version": "0.15.0",
    "webapi_port": null,
    "webapi_url": "https://mriqc.nimh.nih.gov/api/v1"
  },
  "size_t": 477,
  "size_x": 80,
  "size_y": 80,
  "size_z": 36,
  "snr": 4.329876371441716,
  "spacing_tr": 0.75,
  "spacing_x": 3.0,
  "spacing_y": 3.0,
  "spacing_z": 3.299999952316284,
  "spikes_num": 0,
  "summary_bg_k": 89.17710441174242,
  "summary_bg_mad": 1.0389248132705688,
  "summary_bg_mean": 134.85238647460938,
  "summary_bg_median": 0.7119172811508179,
  "summary_bg_n": 147918.0,
  "summary_bg_p05": 0.004416158166714013,
  "summary_bg_p95": 659.6806396484375,
  "summary_bg_stdv": 710.6983032226562,
  "summary_fg_k": 0.8668250830036373,
  "summary_fg_mad": 3297.0859375,
  "summary_fg_mean": 15536.2744140625,
  "summary_fg_median": 15600.5888671875,
  "summary_fg_n": 41711.0,
  "summary_fg_p05": 9462.17236328125,
  "summary_fg_p95": 21189.720703125,
  "summary_fg_stdv": 3602.967041015625,
  "tsnr": 41.544532775878906
}