{
    "Manufacturer": "Philips",
    "PatientPosition": "HFS",
    "SeriesDescription": "ImageMRSERIES",
    "ProtocolName": "WIPt13dSENSE",
    "SeriesNumber": 4,
    "AcquisitionNumber": 4,
    "ImageComments": "piop",
    "PhilipsRescaleSlope": 8.58364,
    "PhilipsRescaleIntercept": 0,
    "PhilipsScaleSlope": 0.00750623,
    "UsePhilipsFloatNotDisplayScaling": 1,
    "EchoTime": 0.00374,
    "RepetitionTime": 0.00816,
    "ReconMatrixPE": 240,
    "ImageOrientationPatientDICOM": [
        0.998652,
        -0.0323184,
        0.0406291,
        0.030686,
        0.998721,
        0.0401778
    ],
    "ConversionSoftware": "dcm2niix",
    "ConversionSoftwareVersion": "v1.0.20181125  GCC6.3.0",
    "BidsifyVersion": "0.3.5"
}