{
    "Manufacturer": "Philips",
    "PatientPosition": "HFS",
    "SeriesDescription": "ImageMRSERIES",
    "ProtocolName": "WIPt13dSENSE",
    "SeriesNumber": 4,
    "AcquisitionNumber": 4,
    "ImageComments": "Piop",
    "PhilipsRescaleSlope": 7.95507,
    "PhilipsRescaleIntercept": 0,
    "PhilipsScaleSlope": 0.00669035,
    "UsePhilipsFloatNotDisplayScaling": 1,
    "EchoTime": 0.00381,
    "RepetitionTime": 0.008294,
    "ReconMatrixPE": 240,
    "ImageOrientationPatientDICOM": [
        0.998869,
        0.0357448,
        0.0313637,
        -0.0305182,
        0.987651,
        -0.15367
    ],
    "ConversionSoftware": "dcm2niix",
    "ConversionSoftwareVersion": "v1.0.20181125  GCC6.3.0",
    "BidsifyVersion": "0.3.5"
}