{
  "aor": 0.0018234567901234567,
  "aqi": 0.008686328024691358,
  "bids_meta": {
    "AcquisitionNumber": 8,
    "BidsifyVersion": "0.3.5",
    "ConversionSoftware": "dcm2niix",
    "ConversionSoftwareVersion": "v1.0.20181125  GCC6.3.0",
    "EchoTime": 0.02762,
    "EffectiveEchoSpacing": 0.0006621159151938905,
    "ImageComments": "PIOP",
    "ImageOrientationPatientDICOM": [
      0.999269,
      0.0375518,
      -0.00709926,
      -0.0382134,
      0.97924,
      -0.199071
    ],
    "Manufacturer": "Philips",
    "NumberOfVolumesDiscardedByScanner": 2,
    "ParallelAcquisitionTechnique": "SENSE",
    "ParallelReductionFactorInPlane": 2,
    "PatientPosition": "HFS",
    "PhaseEncodingDirection": "j",
    "PhilipsRescaleIntercept": 0,
    "PhilipsRescaleSlope": 0.74359,
    "PhilipsScaleSlope": 0.0526844,
    "ProtocolName": "WIPpiopwmSENSE",
    "PulseSequenceType": "gradient echo EPI",
    "ReconMatrixPE": 80,
    "RepetitionTime": 2,
    "SeriesDescription": "ImageMRSERIES",
    "SeriesNumber": 8,
    "SliceEncodingDirection": "k",
    "SliceTiming": [
      0.0,
      0.0541,
      0.1081,
      0.1622,
      0.2162,
      0.2703,
      0.3243,
      0.3784,
      0.4324,
      0.4865,
      0.5405,
      0.5946,
      0.6486,
      0.7027,
      0.7568,
      0.8108,
      0.8649,
      0.9189,
      0.973,
      1.027,
      1.0811,
      1.1351,
      1.1892,
      1.2432,
      1.2973,
      1.3514,
      1.4054,
      1.4595,
      1.5135,
      1.5676,
      1.6216,
      1.6757,
      1.7297,
      1.7838,
      1.8378,
      1.8919,
      1.9459
    ],
    "TaskName": "workingmemory",
    "TotalReadoutTime": 0.025822520692561732,
    "UsePhilipsFloatNotDisplayScaling": 1,
    "acq_id": "seq",
    "dataset": "unknown",
    "modality": "bold",
    "subject_id": "0213",
    "task_id": "workingmemory"
  },
  "dummy_trs": 0,
  "dvars_nstd": 22.719604812049685,
  "dvars_std": 1.1976191859006216,
  "dvars_vstd": 1.1025745481366453,
  "efc": 0.4311710223824758,
  "fber": 115958984.0,
  "fd_mean": 0.13601550602612403,
  "fd_num": 23,
  "fd_perc": 14.197530864197532,
  "fwhm_avg": 2.450687283604371,
  "fwhm_x": 2.432796666666667,
  "fwhm_y": 2.6609833333333333,
  "fwhm_z": 2.258281850813112,
  "gcor": 0.0112421,
  "gsr_x": -0.0044024004600942135,
  "gsr_y": 0.006276839878410101,
  "provenance": {
    "md5sum": "216cf3f3d5311a7e5199f18bcdd9d823",
    "settings": {
      "fd_thres": 0.2,
      "hmc_fsl": false
    },
    "software": "mriqc",
    "version": "0.15.0",
    "webapi_port": null,
    "webapi_url": "https://mriqc.nimh.nih.gov/api/v1"
  },
  "size_t": 162,
  "size_x": 80,
  "size_y": 80,
  "size_z": 37,
  "snr": 4.975521005785726,
  "spacing_tr": 2.0,
  "spacing_x": 3.0,
  "spacing_y": 3.0,
  "spacing_z": 3.299999952316284,
  "spikes_num": 0,
  "summary_bg_k": 67.67495639077048,
  "summary_bg_mad": 3.08120059967041,
  "summary_bg_mean": 239.24403381347656,
  "summary_bg_median": 2.09139347076416,
  "summary_bg_n": 148107.0,
  "summary_bg_p05": 0.004580982076004148,
  "summary_bg_p95": 1402.9848022460887,
  "summary_bg_stdv": 1107.8236083984375,
  "summary_fg_k": 3.206598519624931,
  "summary_fg_mad": 4156.9658203125,
  "summary_fg_mean": 25448.828125,
  "summary_fg_median": 25371.921875,
  "summary_fg_n": 46490.0,
  "summary_fg_p05": 17765.855078125,
  "summary_fg_p95": 32904.349609375,
  "summary_fg_stdv": 5099.294921875,
  "tsnr": 61.159423828125
}