{
  "aor": 0.002066481481481482,
  "aqi": 0.0050344422839506174,
  "bids_meta": {
    "AcquisitionNumber": 8,
    "BidsifyVersion": "0.3.5",
    "ConversionSoftware": "dcm2niix",
    "ConversionSoftwareVersion": "v1.0.20181125  GCC6.3.0",
    "EchoTime": 0.02762,
    "EffectiveEchoSpacing": 0.0006621159151938905,
    "ImageComments": "PIOP",
    "ImageOrientationPatientDICOM": [
      0.994185,
      0.100927,
      -0.0375444,
      -0.107652,
      0.940003,
      -0.323738
    ],
    "Manufacturer": "Philips",
    "NumberOfVolumesDiscardedByScanner": 2,
    "ParallelAcquisitionTechnique": "SENSE",
    "ParallelReductionFactorInPlane": 2,
    "PatientPosition": "HFS",
    "PhaseEncodingDirection": "j",
    "PhilipsRescaleIntercept": 0,
    "PhilipsRescaleSlope": 0.79976,
    "PhilipsScaleSlope": 0.0556607,
    "ProtocolName": "WIPpiopwmSENSE",
    "PulseSequenceType": "gradient echo EPI",
    "ReconMatrixPE": 80,
    "RepetitionTime": 2,
    "SeriesDescription": "ImageMRSERIES",
    "SeriesNumber": 8,
    "SliceEncodingDirection": "k",
    "SliceTiming": [
      0.0,
      0.0541,
      0.1081,
      0.1622,
      0.2162,
      0.2703,
      0.3243,
      0.3784,
      0.4324,
      0.4865,
      0.5405,
      0.5946,
      0.6486,
      0.7027,
      0.7568,
      0.8108,
      0.8649,
      0.9189,
      0.973,
      1.027,
      1.0811,
      1.1351,
      1.1892,
      1.2432,
      1.2973,
      1.3514,
      1.4054,
      1.4595,
      1.5135,
      1.5676,
      1.6216,
      1.6757,
      1.7297,
      1.7838,
      1.8378,
      1.8919,
      1.9459
    ],
    "TaskName": "workingmemory",
    "TotalReadoutTime": 0.025822520692561732,
    "UsePhilipsFloatNotDisplayScaling": 1,
    "acq_id": "seq",
    "dataset": "unknown",
    "modality": "bold",
    "subject_id": "0146",
    "task_id": "workingmemory"
  },
  "dummy_trs": 0,
  "dvars_nstd": 19.551516734223597,
  "dvars_std": 1.2009159213043474,
  "dvars_vstd": 1.0296499184472048,
  "efc": 0.43586035159930103,
  "fber": 112225752.0,
  "fd_mean": 0.08706245611597621,
  "fd_num": 2,
  "fd_perc": 1.2345679012345678,
  "fwhm_avg": 2.392048899476761,
  "fwhm_x": 2.39998,
  "fwhm_y": 2.577933333333333,
  "fwhm_z": 2.19823336509695,
  "gcor": 0.0285923,
  "gsr_x": 0.0011824981775134802,
  "gsr_y": 0.005273270886391401,
  "provenance": {
    "md5sum": "924d220e384575f219fb1a5531b79e8e",
    "settings": {
      "fd_thres": 0.2,
      "hmc_fsl": false
    },
    "software": "mriqc",
    "version": "0.15.0",
    "webapi_port": null,
    "webapi_url": "https://mriqc.nimh.nih.gov/api/v1"
  },
  "size_t": 162,
  "size_x": 80,
  "size_y": 80,
  "size_z": 37,
  "snr": 4.675543716760867,
  "spacing_tr": 2.0,
  "spacing_x": 3.0,
  "spacing_y": 3.0,
  "spacing_z": 3.299999952316284,
  "spikes_num": 0,
  "summary_bg_k": 58.32614593172935,
  "summary_bg_mad": 3.028266668319702,
  "summary_bg_mean": 268.2463073730469,
  "summary_bg_median": 2.0711758136749268,
  "summary_bg_n": 146157.0,
  "summary_bg_p05": 0.010619486309587955,
  "summary_bg_p95": 1322.8941406249955,
  "summary_bg_stdv": 1310.7386474609375,
  "summary_fg_k": 2.5446070299668184,
  "summary_fg_mad": 4240.0107421875,
  "summary_fg_mean": 23977.291015625,
  "summary_fg_median": 23984.4296875,
  "summary_fg_n": 47333.0,
  "summary_fg_p05": 15854.249804687499,
  "summary_fg_p95": 31536.30703125,
  "summary_fg_stdv": 5129.70849609375,
  "tsnr": 68.23573303222656
}