{
  "aor": 0.00021341666666666669,
  "aqi": 0.017728990416666666,
  "bids_meta": {
    "AcquisitionNumber": 6,
    "BidsifyVersion": "0.3.5",
    "ConversionSoftware": "dcm2niix",
    "ConversionSoftwareVersion": "v1.0.20181125  GCC6.3.0",
    "EchoTime": 0.02762,
    "EffectiveEchoSpacing": 0.0006333282667071997,
    "ImageComments": "PIOP",
    "ImageOrientationPatientDICOM": [
      0.994185,
      0.100927,
      -0.0375444,
      -0.107652,
      0.940003,
      -0.323738
    ],
    "Manufacturer": "Philips",
    "NumberOfVolumesDiscardedByScanner": 2,
    "ParallelAcquisitionTechnique": "SENSE",
    "ParallelReductionFactorInPlane": 2,
    "PatientPosition": "HFS",
    "PhaseEncodingDirection": "j",
    "PhilipsRescaleIntercept": 0,
    "PhilipsRescaleSlope": 0.82344,
    "PhilipsScaleSlope": 0.0799736,
    "ProtocolName": "WIPpioprsSENSE",
    "PulseSequenceType": "gradient echo EPI",
    "ReconMatrixPE": 80,
    "RepetitionTime": 0.75,
    "SeriesDescription": "ImageMRSERIES",
    "SeriesNumber": 6,
    "SliceEncodingDirection": "k",
    "SliceTiming": [
      0.0,
      0.06755050505050506,
      0.1351010101010101,
      0.20265151515151517,
      0.2702020202020202,
      0.3377525252525253,
      0.40530303030303033,
      0.47285353535353536,
      0.5404040404040404,
      0.6079545454545455,
      0.6755050505050506,
      0.7430555555555556,
      0.0,
      0.06755050505050506,
      0.1351010101010101,
      0.20265151515151517,
      0.2702020202020202,
      0.3377525252525253,
      0.40530303030303033,
      0.47285353535353536,
      0.5404040404040404,
      0.6079545454545455,
      0.6755050505050506,
      0.7430555555555556,
      0.0,
      0.06755050505050506,
      0.1351010101010101,
      0.20265151515151517,
      0.2702020202020202,
      0.3377525252525253,
      0.40530303030303033,
      0.47285353535353536,
      0.5404040404040404,
      0.6079545454545455,
      0.6755050505050506,
      0.7430555555555556
    ],
    "TaskName": "restingstate",
    "TotalReadoutTime": 0.024699802401580786,
    "UsePhilipsFloatNotDisplayScaling": 1,
    "acq_id": "mb3",
    "dataset": "unknown",
    "modality": "bold",
    "subject_id": "0146",
    "task_id": "restingstate"
  },
  "dummy_trs": 0,
  "dvars_nstd": 32.43363952634658,
  "dvars_std": 1.0863521450730689,
  "dvars_vstd": 0.939863517640919,
  "efc": 0.4400520467308067,
  "fber": 144707424.0,
  "fd_mean": 0.08370750692901416,
  "fd_num": 5,
  "fd_perc": 1.0416666666666667,
  "fwhm_avg": 2.508005768686998,
  "fwhm_x": 2.52018,
  "fwhm_y": 2.6969433333333335,
  "fwhm_z": 2.30689397272766,
  "gcor": 0.115501,
  "gsr_x": 0.000807297823484987,
  "gsr_y": 0.0029617794789373875,
  "provenance": {
    "md5sum": "ab32f43cc285a06e8e398d8a770d4e8d",
    "settings": {
      "fd_thres": 0.2,
      "hmc_fsl": false
    },
    "software": "mriqc",
    "version": "0.15.0",
    "webapi_port": null,
    "webapi_url": "https://mriqc.nimh.nih.gov/api/v1"
  },
  "size_t": 480,
  "size_x": 80,
  "size_y": 80,
  "size_z": 36,
  "snr": 5.021754187264793,
  "spacing_tr": 0.75,
  "spacing_x": 3.0,
  "spacing_y": 3.0,
  "spacing_z": 3.299999952316284,
  "spikes_num": 0,
  "summary_bg_k": 57.618983689198984,
  "summary_bg_mad": 1.9873501062393188,
  "summary_bg_mean": 210.47178649902344,
  "summary_bg_median": 1.372300148010254,
  "summary_bg_n": 141444.0,
  "summary_bg_p05": 0.011144879367202522,
  "summary_bg_p95": 1092.3358398437538,
  "summary_bg_stdv": 1031.45703125,
  "summary_fg_k": 2.6801285490646114,
  "summary_fg_mad": 2847.0654296875,
  "summary_fg_mean": 18017.056640625,
  "summary_fg_median": 18357.16796875,
  "summary_fg_n": 46585.0,
  "summary_fg_p05": 11543.429882812501,
  "summary_fg_p95": 23125.300781249996,
  "summary_fg_stdv": 3655.48974609375,
  "tsnr": 36.13541793823242
}