{
  "aor": 0.0028621999999999996,
  "aqi": 0.0067651309,
  "bids_meta": {
    "AcquisitionNumber": 10,
    "BidsifyVersion": "0.3.5",
    "ConversionSoftware": "dcm2niix",
    "ConversionSoftwareVersion": "v1.0.20181125  GCC6.3.0",
    "EchoTime": 0.02762,
    "ImageComments": "piop",
    "ImageOrientationPatientDICOM": [
      0.999074,
      0.0288489,
      0.0319227,
      -0.0219743,
      0.979977,
      -0.197894
    ],
    "Manufacturer": "Philips",
    "NumberOfVolumesDiscardedByScanner": 2,
    "ParallelAcquisitionTechnique": "SENSE",
    "ParallelReductionFactorInPlane": 2,
    "PatientPosition": "HFS",
    "PhaseEncodingDirection": "j",
    "PhilipsRescaleIntercept": 0,
    "PhilipsRescaleSlope": 0.92967,
    "PhilipsScaleSlope": 0.0639717,
    "ProtocolName": "WIPpiopanticipatieSENSE",
    "PulseSequenceType": "gradient echo EPI",
    "ReconMatrixPE": 80,
    "RepetitionTime": 2,
    "SeriesDescription": "ImageMRSERIES",
    "SeriesNumber": 10,
    "SliceEncodingDirection": "k",
    "TaskName": "anticipation",
    "UsePhilipsFloatNotDisplayScaling": 1,
    "acq_id": "seq",
    "dataset": "unknown",
    "modality": "bold",
    "subject_id": "0117",
    "task_id": "anticipation"
  },
  "dummy_trs": 0,
  "dvars_nstd": 28.596793802562825,
  "dvars_std": 1.2730509986934673,
  "dvars_vstd": 1.0382645038190956,
  "efc": 0.39889984571329357,
  "fber": 351506592.0,
  "fd_mean": 0.15264332214451637,
  "fd_num": 38,
  "fd_perc": 19.0,
  "fwhm_avg": 2.3525910205559604,
  "fwhm_x": 2.3307533333333335,
  "fwhm_y": 2.5563833333333332,
  "fwhm_z": 2.170636395001215,
  "gcor": 0.0196688,
  "gsr_x": -0.008380268700420856,
  "gsr_y": 0.006693556904792786,
  "provenance": {
    "md5sum": "99cc85285dbc7a5963a5945b31b2e125",
    "settings": {
      "fd_thres": 0.2,
      "hmc_fsl": false
    },
    "software": "mriqc",
    "version": "0.15.0",
    "webapi_port": null,
    "webapi_url": "https://mriqc.nimh.nih.gov/api/v1"
  },
  "size_t": 200,
  "size_x": 80,
  "size_y": 80,
  "size_z": 37,
  "snr": 4.598245509693537,
  "spacing_tr": 2.0,
  "spacing_x": 3.0,
  "spacing_y": 3.0,
  "spacing_z": 3.299999952316284,
  "spikes_num": 0,
  "summary_bg_k": 96.4489129691404,
  "summary_bg_mad": 1.4219220876693726,
  "summary_bg_mean": 192.2764892578125,
  "summary_bg_median": 0.9812013506889343,
  "summary_bg_n": 155623.0,
  "summary_bg_p05": 0.011037548817694188,
  "summary_bg_p95": 866.8846740722653,
  "summary_bg_stdv": 1033.4595947265625,
  "summary_fg_k": 1.5422662908754239,
  "summary_fg_mad": 4009.272216796875,
  "summary_fg_mean": 20766.890625,
  "summary_fg_median": 20706.5625,
  "summary_fg_n": 40001.0,
  "summary_fg_p05": 13339.44140625,
  "summary_fg_p95": 27672.166015625,
  "summary_fg_stdv": 4503.087890625,
  "tsnr": 59.10349655151367
}