{
  "bids_meta": {
    "AcquisitionNumber": 4,
    "BidsifyVersion": "0.3.5",
    "ConversionSoftware": "dcm2niix",
    "ConversionSoftwareVersion": "v1.0.20181125  GCC6.3.0",
    "EchoTime": 0.00372,
    "ImageComments": "Piop",
    "ImageOrientationPatientDICOM": [
      0.997943,
      -0.016922,
      0.0618346,
      0.0172449,
      0.99984,
      -0.00469188
    ],
    "Manufacturer": "Philips",
    "PatientPosition": "HFS",
    "PhilipsRescaleIntercept": 0,
    "PhilipsRescaleSlope": 9.1956,
    "PhilipsScaleSlope": 0.00692415,
    "ProtocolName": "WIPt13dSENSE",
    "ReconMatrixPE": 240,
    "RepetitionTime": 0.008151,
    "SeriesDescription": "ImageMRSERIES",
    "SeriesNumber": 4,
    "UsePhilipsFloatNotDisplayScaling": 1,
    "dataset": "unknown",
    "modality": "T1w",
    "subject_id": "0179"
  },
  "cjv": 0.3482670209012959,
  "cnr": 3.595898409510841,
  "efc": 0.7832849312264029,
  "fber": 1405.4444580078125,
  "fwhm_avg": 3.465393333333333,
  "fwhm_x": 3.40764,
  "fwhm_y": 3.66643,
  "fwhm_z": 3.32211,
  "icvs_csf": 0.2033852221996544,
  "icvs_gm": 0.42264447239921465,
  "icvs_wm": 0.37397030540113096,
  "inu_med": 2.411970376968384,
  "inu_range": 0.7341406345367432,
  "provenance": {
    "md5sum": "334edb37111bbd93422ef7d9af0cad63",
    "settings": {
      "testing": false
    },
    "software": "mriqc",
    "version": "0.15.0",
    "warnings": {
      "large_rot_frame": true,
      "small_air_mask": true
    },
    "webapi_port": null,
    "webapi_url": "https://mriqc.nimh.nih.gov/api/v1"
  },
  "qi_1": 0.0,
  "qi_2": 0.0001141091106574501,
  "rpve_csf": 28.64165770723618,
  "rpve_gm": 14.659340556259087,
  "rpve_wm": 20.631562054792276,
  "size_x": 240,
  "size_y": 240,
  "size_z": 220,
  "snr_csf": 2.1882338524047933,
  "snr_gm": 7.134144341112075,
  "snr_total": 9.513921785352466,
  "snr_wm": 19.219387162540528,
  "snrd_csf": 18.70309409674647,
  "snrd_gm": 41.84462538044402,
  "snrd_total": 42.36175251786773,
  "snrd_wm": 66.5375380764127,
  "spacing_x": 1.0,
  "spacing_y": 1.0,
  "spacing_z": 1.0,
  "summary_bg_k": 43.522868820395985,
  "summary_bg_mad": 9.846015930175781,
  "summary_bg_mean": 15.442508697509766,
  "summary_bg_median": 13.223064422607422,
  "summary_bg_n": 163467.0,
  "summary_bg_p05": 0.0,
  "summary_bg_p95": 39.60932998657226,
  "summary_bg_stdv": 13.174907684326172,
  "summary_csf_k": -0.5208586887569941,
  "summary_csf_mad": 159.6559295654297,
  "summary_csf_mean": 277.2338562011719,
  "summary_csf_median": 281.0879821777344,
  "summary_csf_n": 9130.0,
  "summary_csf_p05": 87.03818359375,
  "summary_csf_p95": 474.2330276489256,
  "summary_csf_stdv": 128.44723510742188,
  "summary_gm_k": 0.26854450340269587,
  "summary_gm_mad": 83.37628173828125,
  "summary_gm_mean": 633.8998413085938,
  "summary_gm_median": 628.8810424804688,
  "summary_gm_n": 21552.0,
  "summary_gm_p05": 497.39331512451173,
  "summary_gm_p95": 789.1038299560548,
  "summary_gm_stdv": 88.1488265991211,
  "summary_wm_k": 1.1386209296780567,
  "summary_wm_mad": 45.8686408996582,
  "summary_wm_mean": 996.7891235351562,
  "summary_wm_median": 999.98974609375,
  "summary_wm_n": 195102.0,
  "summary_wm_p05": 904.5694274902344,
  "summary_wm_p95": 1075.4751281738281,
  "summary_wm_stdv": 52.030128479003906,
  "tpm_overlap_csf": 0.21730011701583862,
  "tpm_overlap_gm": 0.5022555589675903,
  "tpm_overlap_wm": 0.5582416653633118,
  "wm2max": 0.7131792201609534
}