{
    "Manufacturer": "Philips",
    "PatientPosition": "HFS",
    "SeriesDescription": "ImageMRSERIES",
    "ProtocolName": "WIPt13dSENSE",
    "SeriesNumber": 4,
    "AcquisitionNumber": 4,
    "ImageComments": "PIOP",
    "PhilipsRescaleSlope": 10.0222,
    "PhilipsRescaleIntercept": 0,
    "PhilipsScaleSlope": 0.00789705,
    "UsePhilipsFloatNotDisplayScaling": 1,
    "EchoTime": 0.0038,
    "RepetitionTime": 0.00825,
    "ReconMatrixPE": 240,
    "ImageOrientationPatientDICOM": [
        0.999331,
        0.0365029,
        -0.00209625,
        -0.0364692,
        0.991022,
        -0.128632
    ],
    "ConversionSoftware": "dcm2niix",
    "ConversionSoftwareVersion": "v1.0.20181125  GCC6.3.0",
    "BidsifyVersion": "0.3.5"
}