{
  "aor": 0.0010390370370370369,
  "aqi": 0.0030784026666666664,
  "bids_meta": {
    "AcquisitionNumber": 5,
    "BidsifyVersion": "0.3.5",
    "ConversionSoftware": "dcm2niix",
    "ConversionSoftwareVersion": "v1.0.20181125  GCC6.3.0",
    "EchoTime": 0.02762,
    "ImageComments": "piop",
    "ImageOrientationPatientDICOM": [
      0.9996,
      -0.00730445,
      -0.0273128,
      -0.000348926,
      0.962789,
      -0.270255
    ],
    "Manufacturer": "Philips",
    "NumberOfVolumesDiscardedByScanner": 2,
    "ParallelAcquisitionTechnique": "SENSE",
    "ParallelReductionFactorInPlane": 2,
    "PatientPosition": "HFS",
    "PhaseEncodingDirection": "j",
    "PhilipsRescaleIntercept": 0,
    "PhilipsRescaleSlope": 0.75018,
    "PhilipsScaleSlope": 0.0506351,
    "ProtocolName": "WIPpiopharririSENSE",
    "PulseSequenceType": "gradient echo EPI",
    "ReconMatrixPE": 80,
    "RepetitionTime": 2,
    "SeriesDescription": "ImageMRSERIES",
    "SeriesNumber": 5,
    "SliceEncodingDirection": "k",
    "TaskName": "emomatching",
    "UsePhilipsFloatNotDisplayScaling": 1,
    "acq_id": "seq",
    "dataset": "unknown",
    "modality": "bold",
    "subject_id": "0157",
    "task_id": "emomatching"
  },
  "dummy_trs": 0,
  "dvars_nstd": 17.228104527313423,
  "dvars_std": 1.10260003380597,
  "dvars_vstd": 0.9977795160447762,
  "efc": 0.401094018474034,
  "fber": 502545568.0,
  "fd_mean": 0.12455738332052682,
  "fd_num": 14,
  "fd_perc": 10.37037037037037,
  "fwhm_avg": 2.6364984966198386,
  "fwhm_x": 2.4152466666666665,
  "fwhm_y": 3.0503033333333334,
  "fwhm_z": 2.443945489859516,
  "gcor": 0.0234123,
  "gsr_x": -0.00918283499777317,
  "gsr_y": 0.007622340228408575,
  "provenance": {
    "md5sum": "0dd8ae062b202467a26fc53106c6f82e",
    "settings": {
      "fd_thres": 0.2,
      "hmc_fsl": false
    },
    "software": "mriqc",
    "version": "0.15.0",
    "webapi_port": null,
    "webapi_url": "https://mriqc.nimh.nih.gov/api/v1"
  },
  "size_t": 135,
  "size_x": 80,
  "size_y": 80,
  "size_z": 37,
  "snr": 3.7553405528365493,
  "spacing_tr": 2.0,
  "spacing_x": 3.0,
  "spacing_y": 3.0,
  "spacing_z": 3.299999952316284,
  "spikes_num": 1,
  "summary_bg_k": 99.24122801355587,
  "summary_bg_mad": 1.6156840324401855,
  "summary_bg_mean": 205.3081817626953,
  "summary_bg_median": 1.1054338216781616,
  "summary_bg_n": 153529.0,
  "summary_bg_p05": 0.0036827526055276394,
  "summary_bg_p95": 871.9431884765639,
  "summary_bg_stdv": 1150.4742431640625,
  "summary_fg_k": 2.2553628165845616,
  "summary_fg_mad": 5217.87939453125,
  "summary_fg_mean": 27679.529296875,
  "summary_fg_median": 26824.037109375,
  "summary_fg_n": 42177.0,
  "summary_fg_p05": 18344.3796875,
  "summary_fg_p95": 43686.86874999997,
  "summary_fg_stdv": 7142.8193359375,
  "tsnr": 79.79853820800781
}