{
  "aor": 0.004282222222222222,
  "aqi": 0.0034605137654320993,
  "bids_meta": {
    "AcquisitionNumber": 8,
    "BidsifyVersion": "0.3.5",
    "ConversionSoftware": "dcm2niix",
    "ConversionSoftwareVersion": "v1.0.20181125  GCC6.3.0",
    "EchoTime": 0.02762,
    "ImageComments": "piop",
    "ImageOrientationPatientDICOM": [
      0.9996,
      -0.00730445,
      -0.0273128,
      -0.000348926,
      0.962789,
      -0.270255
    ],
    "Manufacturer": "Philips",
    "NumberOfVolumesDiscardedByScanner": 2,
    "ParallelAcquisitionTechnique": "SENSE",
    "ParallelReductionFactorInPlane": 2,
    "PatientPosition": "HFS",
    "PhaseEncodingDirection": "j",
    "PhilipsRescaleIntercept": 0,
    "PhilipsRescaleSlope": 0.74359,
    "PhilipsScaleSlope": 0.0504085,
    "ProtocolName": "WIPpiopwmSENSE",
    "PulseSequenceType": "gradient echo EPI",
    "ReconMatrixPE": 80,
    "RepetitionTime": 2,
    "SeriesDescription": "ImageMRSERIES",
    "SeriesNumber": 8,
    "SliceEncodingDirection": "k",
    "TaskName": "workingmemory",
    "UsePhilipsFloatNotDisplayScaling": 1,
    "acq_id": "seq",
    "dataset": "unknown",
    "modality": "bold",
    "subject_id": "0157",
    "task_id": "workingmemory"
  },
  "dummy_trs": 0,
  "dvars_nstd": 18.063114041925477,
  "dvars_std": 1.1450967211180128,
  "dvars_vstd": 1.0434555557763974,
  "efc": 0.4009429590385742,
  "fber": 357161792.0,
  "fd_mean": 0.13086283751944766,
  "fd_num": 16,
  "fd_perc": 9.876543209876543,
  "fwhm_avg": 2.658149304780003,
  "fwhm_x": 2.4361566666666667,
  "fwhm_y": 3.0778700000000003,
  "fwhm_z": 2.4604212476733416,
  "gcor": 0.0365391,
  "gsr_x": -0.00911961030215025,
  "gsr_y": 0.007943719625473022,
  "provenance": {
    "md5sum": "84162b7f363dbfa28e50bcf8bd92bc31",
    "settings": {
      "fd_thres": 0.2,
      "hmc_fsl": false
    },
    "software": "mriqc",
    "version": "0.15.0",
    "webapi_port": null,
    "webapi_url": "https://mriqc.nimh.nih.gov/api/v1"
  },
  "size_t": 162,
  "size_x": 80,
  "size_y": 80,
  "size_z": 37,
  "snr": 3.6586134460035713,
  "spacing_tr": 2.0,
  "spacing_x": 3.0,
  "spacing_y": 3.0,
  "spacing_z": 3.299999952316284,
  "spikes_num": 3,
  "summary_bg_k": 93.66230149894878,
  "summary_bg_mad": 1.886546015739441,
  "summary_bg_mean": 205.02597045898438,
  "summary_bg_median": 1.307431697845459,
  "summary_bg_n": 153533.0,
  "summary_bg_p05": 0.009692595340311527,
  "summary_bg_p95": 885.5275268554672,
  "summary_bg_stdv": 1120.60302734375,
  "summary_fg_k": 2.2669048661070255,
  "summary_fg_mad": 5275.80859375,
  "summary_fg_mean": 27512.033203125,
  "summary_fg_median": 26559.119140625,
  "summary_fg_n": 42132.0,
  "summary_fg_p05": 18174.744140625,
  "summary_fg_p95": 44062.99433593749,
  "summary_fg_stdv": 7259.25390625,
  "tsnr": 74.06324768066406
}