{
  "aor": 0.00031196721311475405,
  "aqi": 0.003965061475409836,
  "bids_meta": {
    "AcquisitionNumber": 3,
    "BidsifyVersion": "0.3.5",
    "ConversionSoftware": "dcm2niix",
    "ConversionSoftwareVersion": "v1.0.20181125  GCC6.3.0",
    "EchoTime": 0.02762,
    "EffectiveEchoSpacing": 0.0006621159151938905,
    "ImageComments": "piop",
    "ImageOrientationPatientDICOM": [
      0.999896,
      0.0066021,
      -0.0128475,
      -0.00610809,
      0.999255,
      0.0381182
    ],
    "Manufacturer": "Philips",
    "NumberOfVolumesDiscardedByScanner": 2,
    "ParallelAcquisitionTechnique": "SENSE",
    "ParallelReductionFactorInPlane": 2,
    "PatientPosition": "HFS",
    "PhaseEncodingDirection": "j",
    "PhilipsRescaleIntercept": 0,
    "PhilipsRescaleSlope": 0.77729,
    "PhilipsScaleSlope": 0.0488383,
    "ProtocolName": "WIPpiopgstroopSENSE",
    "PulseSequenceType": "gradient echo EPI",
    "ReconMatrixPE": 80,
    "RepetitionTime": 2,
    "SeriesDescription": "ImageMRSERIES",
    "SeriesNumber": 3,
    "SliceEncodingDirection": "k",
    "SliceTiming": [
      0.0,
      0.0541,
      0.1081,
      0.1622,
      0.2162,
      0.2703,
      0.3243,
      0.3784,
      0.4324,
      0.4865,
      0.5405,
      0.5946,
      0.6486,
      0.7027,
      0.7568,
      0.8108,
      0.8649,
      0.9189,
      0.973,
      1.027,
      1.0811,
      1.1351,
      1.1892,
      1.2432,
      1.2973,
      1.3514,
      1.4054,
      1.4595,
      1.5135,
      1.5676,
      1.6216,
      1.6757,
      1.7297,
      1.7838,
      1.8378,
      1.8919,
      1.9459
    ],
    "TaskName": "gstroop",
    "TotalReadoutTime": 0.025822520692561732,
    "UsePhilipsFloatNotDisplayScaling": 1,
    "acq_id": "seq",
    "dataset": "unknown",
    "modality": "bold",
    "subject_id": "0184",
    "task_id": "gstroop"
  },
  "dummy_trs": 1,
  "dvars_nstd": 23.478403146255143,
  "dvars_std": 1.265679431152263,
  "dvars_vstd": 0.9593399729629637,
  "efc": 0.4345826709475257,
  "fber": 198512128.0,
  "fd_mean": 0.0927860518738924,
  "fd_num": 4,
  "fd_perc": 1.639344262295082,
  "fwhm_avg": 2.324880111387797,
  "fwhm_x": 2.2329066666666666,
  "fwhm_y": 2.5871366666666664,
  "fwhm_z": 2.154597000830058,
  "gcor": 0.0165737,
  "gsr_x": 0.0003782290150411427,
  "gsr_y": 0.0066902670077979565,
  "provenance": {
    "md5sum": "8595ee358ba19d924d23fa70ca5669d6",
    "settings": {
      "fd_thres": 0.2,
      "hmc_fsl": false
    },
    "software": "mriqc",
    "version": "0.15.0",
    "webapi_port": null,
    "webapi_url": "https://mriqc.nimh.nih.gov/api/v1"
  },
  "size_t": 244,
  "size_x": 80,
  "size_y": 80,
  "size_z": 37,
  "snr": 4.025128115033574,
  "spacing_tr": 2.0,
  "spacing_x": 3.0,
  "spacing_y": 3.0,
  "spacing_z": 3.299999952316284,
  "spikes_num": 1,
  "summary_bg_k": 83.69858198578632,
  "summary_bg_mad": 2.425318717956543,
  "summary_bg_mean": 251.73780822753906,
  "summary_bg_median": 1.6812341213226318,
  "summary_bg_n": 146167.0,
  "summary_bg_p05": 0.008437171671539546,
  "summary_bg_p95": 1051.8449951171865,
  "summary_bg_stdv": 1406.3619384765625,
  "summary_fg_k": 1.9948577963606873,
  "summary_fg_mad": 5218.42236328125,
  "summary_fg_mean": 26412.046875,
  "summary_fg_median": 25702.5390625,
  "summary_fg_n": 48624.0,
  "summary_fg_p05": 17626.1623046875,
  "summary_fg_p95": 37728.5125,
  "summary_fg_stdv": 6385.455078125,
  "tsnr": 72.73832702636719
}