{
    "Manufacturer": "Philips",
    "PatientPosition": "HFS",
    "SeriesDescription": "ImageMRSERIES",
    "ProtocolName": "WIPt13dSENSE",
    "SeriesNumber": 4,
    "AcquisitionNumber": 4,
    "ImageComments": "piop",
    "PhilipsRescaleSlope": 9.337,
    "PhilipsRescaleIntercept": 0,
    "PhilipsScaleSlope": 0.00707742,
    "UsePhilipsFloatNotDisplayScaling": 1,
    "EchoTime": 0.00381,
    "RepetitionTime": 0.008274,
    "ReconMatrixPE": 240,
    "ImageOrientationPatientDICOM": [
        0.997187,
        0.0689833,
        0.0293044,
        -0.0651843,
        0.991203,
        -0.115187
    ],
    "ConversionSoftware": "dcm2niix",
    "ConversionSoftwareVersion": "v1.0.20181125  GCC6.3.0",
    "BidsifyVersion": "0.3.5"
}