{
    "Manufacturer": "Philips",
    "PatientPosition": "HFS",
    "SeriesDescription": "ImageMRSERIES",
    "ProtocolName": "WIPt13dSENSE",
    "SeriesNumber": 4,
    "AcquisitionNumber": 4,
    "ImageComments": "Piop",
    "PhilipsRescaleSlope": 9.1265,
    "PhilipsRescaleIntercept": 0,
    "PhilipsScaleSlope": 0.00729878,
    "UsePhilipsFloatNotDisplayScaling": 1,
    "EchoTime": 0.00373,
    "RepetitionTime": 0.008124,
    "ReconMatrixPE": 240,
    "ImageOrientationPatientDICOM": [
        0.998641,
        -0.047004,
        0.0225038,
        0.0467454,
        0.998836,
        0.0118861
    ],
    "ConversionSoftware": "dcm2niix",
    "ConversionSoftwareVersion": "v1.0.20181125  GCC6.3.0",
    "BidsifyVersion": "0.3.5"
}