{
  "aor": 0.001355145833333333,
  "aqi": 0.0129250455625,
  "bids_meta": {
    "AcquisitionNumber": 6,
    "BidsifyVersion": "0.3.5",
    "ConversionSoftware": "dcm2niix",
    "ConversionSoftwareVersion": "v1.0.20181125  GCC6.3.0",
    "EchoTime": 0.02762,
    "ImageComments": "PIOP",
    "ImageOrientationPatientDICOM": [
      0.999204,
      -0.0252085,
      0.0309255,
      0.030703,
      0.980813,
      -0.192519
    ],
    "Manufacturer": "Philips",
    "NumberOfVolumesDiscardedByScanner": 2,
    "ParallelAcquisitionTechnique": "SENSE",
    "ParallelReductionFactorInPlane": 2,
    "PatientPosition": "HFS",
    "PhaseEncodingDirection": "j",
    "PhilipsRescaleIntercept": 0,
    "PhilipsRescaleSlope": 0.79463,
    "PhilipsScaleSlope": 0.0987556,
    "ProtocolName": "WIPpioprsSENSE",
    "PulseSequenceType": "gradient echo EPI",
    "ReconMatrixPE": 80,
    "RepetitionTime": 0.75,
    "SeriesDescription": "ImageMRSERIES",
    "SeriesNumber": 6,
    "SliceEncodingDirection": "k",
    "TaskName": "restingstate",
    "UsePhilipsFloatNotDisplayScaling": 1,
    "acq_id": "mb3",
    "dataset": "unknown",
    "modality": "bold",
    "subject_id": "0047",
    "task_id": "restingstate"
  },
  "dummy_trs": 0,
  "dvars_nstd": 31.04807105087687,
  "dvars_std": 1.1538427677870553,
  "dvars_vstd": 1.0241640880584557,
  "efc": 0.41492212046842364,
  "fber": 136969984.0,
  "fd_mean": 0.1399440055265754,
  "fd_num": 87,
  "fd_perc": 18.125,
  "fwhm_avg": 2.3950390002704243,
  "fwhm_x": 2.40661,
  "fwhm_y": 2.62521,
  "fwhm_z": 2.1532970008112735,
  "gcor": 0.0238627,
  "gsr_x": -0.005032287444919348,
  "gsr_y": 0.0043114712461829185,
  "provenance": {
    "md5sum": "581ebba3df9c6d1e50fa07fb69f92ba3",
    "settings": {
      "fd_thres": 0.2,
      "hmc_fsl": false
    },
    "software": "mriqc",
    "version": "0.15.0",
    "webapi_port": null,
    "webapi_url": "https://mriqc.nimh.nih.gov/api/v1"
  },
  "size_t": 480,
  "size_x": 80,
  "size_y": 80,
  "size_z": 36,
  "snr": 5.349710963874175,
  "spacing_tr": 0.75,
  "spacing_x": 3.0,
  "spacing_y": 3.0,
  "spacing_z": 3.299999952316284,
  "spikes_num": 2,
  "summary_bg_k": 105.29756302577225,
  "summary_bg_mad": 1.8903690576553345,
  "summary_bg_mean": 112.1473388671875,
  "summary_bg_median": 1.308308482170105,
  "summary_bg_n": 147317.0,
  "summary_bg_p05": 0.00670753289014101,
  "summary_bg_p95": 606.9955322265616,
  "summary_bg_stdv": 599.5087890625,
  "summary_fg_k": 2.542432072121537,
  "summary_fg_mad": 2432.154052734375,
  "summary_fg_mean": 16025.46875,
  "summary_fg_median": 16045.376953125,
  "summary_fg_n": 42284.0,
  "summary_fg_p05": 11295.810498046874,
  "summary_fg_p95": 20690.5888671875,
  "summary_fg_stdv": 2999.262451171875,
  "tsnr": 42.61835861206055
}