{
  "aor": 0.0024620987654320986,
  "aqi": 0.028471035185185182,
  "bids_meta": {
    "AcquisitionNumber": 8,
    "BidsifyVersion": "0.3.5",
    "ConversionSoftware": "dcm2niix",
    "ConversionSoftwareVersion": "v1.0.20181125  GCC6.3.0",
    "EchoTime": 0.02762,
    "ImageComments": "Piop",
    "ImageOrientationPatientDICOM": [
      0.999884,
      0.000374214,
      -0.0151962,
      -0.00331575,
      0.980993,
      -0.194014
    ],
    "Manufacturer": "Philips",
    "NumberOfVolumesDiscardedByScanner": 2,
    "ParallelAcquisitionTechnique": "SENSE",
    "ParallelReductionFactorInPlane": 2,
    "PatientPosition": "HFS",
    "PhaseEncodingDirection": "j",
    "PhilipsRescaleIntercept": 0,
    "PhilipsRescaleSlope": 0.79878,
    "PhilipsScaleSlope": 0.0665339,
    "ProtocolName": "WIPpiopwmSENSE",
    "PulseSequenceType": "gradient echo EPI",
    "ReconMatrixPE": 80,
    "RepetitionTime": 2,
    "SeriesDescription": "ImageMRSERIES",
    "SeriesNumber": 8,
    "SliceEncodingDirection": "k",
    "TaskName": "workingmemory",
    "UsePhilipsFloatNotDisplayScaling": 1,
    "acq_id": "seq",
    "dataset": "unknown",
    "modality": "bold",
    "subject_id": "0006",
    "task_id": "workingmemory"
  },
  "dummy_trs": 0,
  "dvars_nstd": 28.073221324906825,
  "dvars_std": 0.9921076078260869,
  "dvars_vstd": 0.9648328071428574,
  "efc": 0.4229138768750528,
  "fber": 18569776.0,
  "fd_mean": 0.3127609712371895,
  "fd_num": 95,
  "fd_perc": 58.641975308641975,
  "fwhm_avg": 2.500417687676666,
  "fwhm_x": 2.4896033333333336,
  "fwhm_y": 2.7467466666666667,
  "fwhm_z": 2.264903063029998,
  "gcor": 0.00639879,
  "gsr_x": 0.0019808330107480288,
  "gsr_y": 0.004792938474565744,
  "provenance": {
    "md5sum": "0050394b83e68c9024f42a9918f75f3a",
    "settings": {
      "fd_thres": 0.2,
      "hmc_fsl": false
    },
    "software": "mriqc",
    "version": "0.15.0",
    "webapi_port": null,
    "webapi_url": "https://mriqc.nimh.nih.gov/api/v1"
  },
  "size_t": 162,
  "size_x": 80,
  "size_y": 80,
  "size_z": 37,
  "snr": 4.669422733265111,
  "spacing_tr": 2.0,
  "spacing_x": 3.0,
  "spacing_y": 3.0,
  "spacing_z": 3.299999952316284,
  "spikes_num": 0,
  "summary_bg_k": 77.17032955032631,
  "summary_bg_mad": 6.498754024505615,
  "summary_bg_mean": 209.0130157470703,
  "summary_bg_median": 4.505275249481201,
  "summary_bg_n": 149453.0,
  "summary_bg_p05": 0.030644591152668002,
  "summary_bg_p95": 978.5140136718743,
  "summary_bg_stdv": 1027.04296875,
  "summary_fg_k": 2.672339616194707,
  "summary_fg_mad": 3662.2216796875,
  "summary_fg_mean": 21616.64453125,
  "summary_fg_median": 21347.09375,
  "summary_fg_n": 44997.0,
  "summary_fg_p05": 14999.232617187501,
  "summary_fg_p95": 29031.812890624995,
  "summary_fg_stdv": 4571.62646484375,
  "tsnr": 36.553592681884766
}