{
  "aor": 0.0017798787878787875,
  "aqi": 0.01467329712121212,
  "bids_meta": {
    "AcquisitionNumber": 2,
    "BidsifyVersion": "0.3.5",
    "ConversionSoftware": "dcm2niix",
    "ConversionSoftwareVersion": "v1.0.20181125  GCC6.3.0",
    "EchoTime": 0.02762,
    "ImageComments": "Piop",
    "ImageOrientationPatientDICOM": [
      0.999884,
      0.000374214,
      -0.0151962,
      -0.00331575,
      0.980993,
      -0.194014
    ],
    "Manufacturer": "Philips",
    "NumberOfVolumesDiscardedByScanner": 2,
    "ParallelAcquisitionTechnique": "SENSE",
    "ParallelReductionFactorInPlane": 2,
    "PatientPosition": "HFS",
    "PhaseEncodingDirection": "j",
    "PhilipsRescaleIntercept": 0,
    "PhilipsRescaleSlope": 0.74432,
    "PhilipsScaleSlope": 0.116913,
    "ProtocolName": "WIPpiopfacesSENSE",
    "PulseSequenceType": "gradient echo EPI",
    "ReconMatrixPE": 80,
    "RepetitionTime": 0.75,
    "SeriesDescription": "ImageMRSERIES",
    "SeriesNumber": 2,
    "SliceEncodingDirection": "k",
    "TaskName": "faces",
    "UsePhilipsFloatNotDisplayScaling": 1,
    "acq_id": "mb3",
    "dataset": "unknown",
    "modality": "bold",
    "subject_id": "0006",
    "task_id": "faces"
  },
  "dummy_trs": 0,
  "dvars_nstd": 29.34214978103345,
  "dvars_std": 1.0802703627051673,
  "dvars_vstd": 1.0054587110638302,
  "efc": 0.4216160936502782,
  "fber": 94609320.0,
  "fd_mean": 0.12830452092823028,
  "fd_num": 33,
  "fd_perc": 10.0,
  "fwhm_avg": 2.584611829338582,
  "fwhm_x": 2.58433,
  "fwhm_y": 2.8531600000000004,
  "fwhm_z": 2.3163454880157452,
  "gcor": 0.0125486,
  "gsr_x": 0.0018561346223577857,
  "gsr_y": 0.0025260343682020903,
  "provenance": {
    "md5sum": "662fdfe8bab5f9fe9f6e943e7ea3f93a",
    "settings": {
      "fd_thres": 0.2,
      "hmc_fsl": false
    },
    "software": "mriqc",
    "version": "0.15.0",
    "webapi_port": null,
    "webapi_url": "https://mriqc.nimh.nih.gov/api/v1"
  },
  "size_t": 330,
  "size_x": 80,
  "size_y": 80,
  "size_z": 36,
  "snr": 5.256860089906784,
  "spacing_tr": 0.75,
  "spacing_x": 3.0,
  "spacing_y": 3.0,
  "spacing_z": 3.299999952316284,
  "spikes_num": 1,
  "summary_bg_k": 72.1560840983384,
  "summary_bg_mad": 2.1613662242889404,
  "summary_bg_mean": 146.67027282714844,
  "summary_bg_median": 1.4949578046798706,
  "summary_bg_n": 145585.0,
  "summary_bg_p05": 0.017597486451268195,
  "summary_bg_p95": 696.4184692382798,
  "summary_bg_stdv": 749.3088989257812,
  "summary_fg_k": 2.8590341158990995,
  "summary_fg_mad": 2425.105712890625,
  "summary_fg_mean": 15919.4599609375,
  "summary_fg_median": 15989.5673828125,
  "summary_fg_n": 43349.0,
  "summary_fg_p05": 10931.387304687501,
  "summary_fg_p95": 20454.926562499997,
  "summary_fg_stdv": 3041.622314453125,
  "tsnr": 40.70829391479492
}