{
  "aor": 0.012804550000000001,
  "aqi": 0.0176639101,
  "bids_meta": {
    "AcquisitionNumber": 9,
    "BidsifyVersion": "0.3.5",
    "ConversionSoftware": "dcm2niix",
    "ConversionSoftwareVersion": "v1.0.20181125  GCC6.3.0",
    "EchoTime": 0.02762,
    "ImageComments": "Piop",
    "ImageOrientationPatientDICOM": [
      0.999884,
      0.000374214,
      -0.0151962,
      -0.00331575,
      0.980993,
      -0.194014
    ],
    "Manufacturer": "Philips",
    "NumberOfVolumesDiscardedByScanner": 2,
    "ParallelAcquisitionTechnique": "SENSE",
    "ParallelReductionFactorInPlane": 2,
    "PatientPosition": "HFS",
    "PhaseEncodingDirection": "j",
    "PhilipsRescaleIntercept": 0,
    "PhilipsRescaleSlope": 0.8083,
    "PhilipsScaleSlope": 0.0665176,
    "ProtocolName": "WIPpiopanticipatieSENSE",
    "PulseSequenceType": "gradient echo EPI",
    "ReconMatrixPE": 80,
    "RepetitionTime": 2,
    "SeriesDescription": "ImageMRSERIES",
    "SeriesNumber": 9,
    "SliceEncodingDirection": "k",
    "TaskName": "anticipation",
    "UsePhilipsFloatNotDisplayScaling": 1,
    "acq_id": "seq",
    "dataset": "unknown",
    "modality": "bold",
    "subject_id": "0006",
    "task_id": "anticipation"
  },
  "dummy_trs": 0,
  "dvars_nstd": 20.556248780100496,
  "dvars_std": 1.0860970807035184,
  "dvars_vstd": 1.070361373366834,
  "efc": 0.4197081005089467,
  "fber": 101304984.0,
  "fd_mean": 0.18346356009425743,
  "fd_num": 51,
  "fd_perc": 25.5,
  "fwhm_avg": 2.45058687914884,
  "fwhm_x": 2.46145,
  "fwhm_y": 2.7182166666666667,
  "fwhm_z": 2.172093970779852,
  "gcor": 0.0104393,
  "gsr_x": 0.00198960374109447,
  "gsr_y": 0.0043994104489684105,
  "provenance": {
    "md5sum": "661a0f845951276aee706284d2044c1d",
    "settings": {
      "fd_thres": 0.2,
      "hmc_fsl": false
    },
    "software": "mriqc",
    "version": "0.15.0",
    "webapi_port": null,
    "webapi_url": "https://mriqc.nimh.nih.gov/api/v1"
  },
  "size_t": 200,
  "size_x": 80,
  "size_y": 80,
  "size_z": 37,
  "snr": 4.711791583601332,
  "spacing_tr": 2.0,
  "spacing_x": 3.0,
  "spacing_y": 3.0,
  "spacing_z": 3.299999952316284,
  "spikes_num": 1,
  "summary_bg_k": 74.09543662690945,
  "summary_bg_mad": 2.7657241821289062,
  "summary_bg_mean": 203.80589294433594,
  "summary_bg_median": 1.9254266023635864,
  "summary_bg_n": 150087.0,
  "summary_bg_p05": 0.02053899671882391,
  "summary_bg_p95": 927.0147094726465,
  "summary_bg_stdv": 1021.047119140625,
  "summary_fg_k": 2.700088798753103,
  "summary_fg_mad": 3643.705078125,
  "summary_fg_mean": 21746.96875,
  "summary_fg_median": 21462.498046875,
  "summary_fg_n": 44460.0,
  "summary_fg_p05": 15167.278466796875,
  "summary_fg_p95": 29136.857226562497,
  "summary_fg_stdv": 4555.009765625,
  "tsnr": 45.35955047607422
}