{
  "aor": 0.0038587654320987653,
  "aqi": 0.005128500925925926,
  "bids_meta": {
    "AcquisitionNumber": 8,
    "BidsifyVersion": "0.3.5",
    "ConversionSoftware": "dcm2niix",
    "ConversionSoftwareVersion": "v1.0.20181125  GCC6.3.0",
    "EchoTime": 0.02762,
    "ImageComments": "piop",
    "ImageOrientationPatientDICOM": [
      0.999497,
      0.0316598,
      0.00182407,
      -0.0305374,
      0.976385,
      -0.213868
    ],
    "Manufacturer": "Philips",
    "NumberOfVolumesDiscardedByScanner": 2,
    "ParallelAcquisitionTechnique": "SENSE",
    "ParallelReductionFactorInPlane": 2,
    "PatientPosition": "HFS",
    "PhaseEncodingDirection": "j",
    "PhilipsRescaleIntercept": 0,
    "PhilipsRescaleSlope": 0.7939,
    "PhilipsScaleSlope": 0.051479,
    "ProtocolName": "WIPpiopwmSENSE",
    "PulseSequenceType": "gradient echo EPI",
    "ReconMatrixPE": 80,
    "RepetitionTime": 2,
    "SeriesDescription": "ImageMRSERIES",
    "SeriesNumber": 8,
    "SliceEncodingDirection": "k",
    "TaskName": "workingmemory",
    "UsePhilipsFloatNotDisplayScaling": 1,
    "acq_id": "seq",
    "dataset": "unknown",
    "modality": "bold",
    "subject_id": "0142",
    "task_id": "workingmemory"
  },
  "dummy_trs": 0,
  "dvars_nstd": 27.18530003322982,
  "dvars_std": 1.4086618540993787,
  "dvars_vstd": 1.0285771463975155,
  "efc": 0.40166711997152715,
  "fber": 158612912.0,
  "fd_mean": 0.11992944347452042,
  "fd_num": 14,
  "fd_perc": 8.641975308641975,
  "fwhm_avg": 2.388928394529082,
  "fwhm_x": 2.32735,
  "fwhm_y": 2.6198533333333334,
  "fwhm_z": 2.2195818502539124,
  "gcor": 0.0176424,
  "gsr_x": -0.008520644158124924,
  "gsr_y": 0.00681134732440114,
  "provenance": {
    "md5sum": "1a7484936e988cf22d5580b44356355c",
    "settings": {
      "fd_thres": 0.2,
      "hmc_fsl": false
    },
    "software": "mriqc",
    "version": "0.15.0",
    "webapi_port": null,
    "webapi_url": "https://mriqc.nimh.nih.gov/api/v1"
  },
  "size_t": 162,
  "size_x": 80,
  "size_y": 80,
  "size_z": 37,
  "snr": 4.122812196886093,
  "spacing_tr": 2.0,
  "spacing_x": 3.0,
  "spacing_y": 3.0,
  "spacing_z": 3.299999952316284,
  "spikes_num": 5,
  "summary_bg_k": 182.49446101164665,
  "summary_bg_mad": 2.561563014984131,
  "summary_bg_mean": 149.71389770507812,
  "summary_bg_median": 1.732582449913025,
  "summary_bg_n": 152996.0,
  "summary_bg_p05": 0.0011872399190906435,
  "summary_bg_p95": 653.2392578125,
  "summary_bg_stdv": 843.863525390625,
  "summary_fg_k": 1.5773083381097237,
  "summary_fg_mad": 5197.2333984375,
  "summary_fg_mean": 25820.765625,
  "summary_fg_median": 25261.1484375,
  "summary_fg_n": 42726.0,
  "summary_fg_p05": 16970.80810546875,
  "summary_fg_p95": 36218.11328125,
  "summary_fg_stdv": 6127.0927734375,
  "tsnr": 63.125816345214844
}