{
  "bids_meta": {
    "AcquisitionNumber": 4,
    "BidsifyVersion": "0.3.5",
    "ConversionSoftware": "dcm2niix",
    "ConversionSoftwareVersion": "v1.0.20181125  GCC6.3.0",
    "EchoTime": 0.00373,
    "ImageComments": "piop",
    "ImageOrientationPatientDICOM": [
      0.999726,
      -0.0233868,
      0.000222487,
      0.0233853,
      0.999428,
      -0.0244337
    ],
    "Manufacturer": "Philips",
    "PatientPosition": "HFS",
    "PhilipsRescaleIntercept": 0,
    "PhilipsRescaleSlope": 9.02613,
    "PhilipsScaleSlope": 0.00733547,
    "ProtocolName": "WIPt13dSENSE",
    "ReconMatrixPE": 240,
    "RepetitionTime": 0.008135,
    "SeriesDescription": "ImageMRSERIES",
    "SeriesNumber": 4,
    "UsePhilipsFloatNotDisplayScaling": 1,
    "dataset": "unknown",
    "modality": "T1w",
    "subject_id": "0010"
  },
  "cjv": 0.33606318975148947,
  "cnr": 3.7878010137360785,
  "efc": 0.7412511270898997,
  "fber": 1837.608642578125,
  "fwhm_avg": 3.4728498676383652,
  "fwhm_x": 3.48543,
  "fwhm_y": 3.60213,
  "fwhm_z": 3.330989602915096,
  "icvs_csf": 0.20811793015775837,
  "icvs_gm": 0.43296855262737105,
  "icvs_wm": 0.3589135172148706,
  "inu_med": 1.7623265981674194,
  "inu_range": 0.37029844522476196,
  "provenance": {
    "md5sum": "b3711e82a17c752c68588fefb72b36fe",
    "settings": {
      "testing": false
    },
    "software": "mriqc",
    "version": "0.15.0",
    "warnings": {
      "large_rot_frame": true,
      "small_air_mask": true
    },
    "webapi_port": null,
    "webapi_url": "https://mriqc.nimh.nih.gov/api/v1"
  },
  "qi_1": 0.0,
  "qi_2": 0.00011725358212177419,
  "rpve_csf": 32.17291435468116,
  "rpve_gm": 16.89475856654747,
  "rpve_wm": 25.402350003524,
  "size_x": 240,
  "size_y": 240,
  "size_z": 220,
  "snr_csf": 2.596922039130149,
  "snr_gm": 7.175026280352227,
  "snr_total": 10.125452885551484,
  "snr_wm": 20.604410337172077,
  "snrd_csf": 24.012381198292474,
  "snrd_gm": 51.7854753405168,
  "snrd_total": 53.039156507837596,
  "snrd_wm": 83.31961298470351,
  "spacing_x": 1.0,
  "spacing_y": 1.0,
  "spacing_z": 1.0000001192092896,
  "summary_bg_k": 475.7950042435757,
  "summary_bg_mad": 7.8628034591674805,
  "summary_bg_mean": 11.157526969909668,
  "summary_bg_median": 10.53931999206543,
  "summary_bg_n": 135396.0,
  "summary_bg_p05": 0.0,
  "summary_bg_p95": 27.40199899673462,
  "summary_bg_stdv": 11.17891788482666,
  "summary_csf_k": 17.556565539769263,
  "summary_csf_mad": 107.85702514648438,
  "summary_csf_mean": 278.4316711425781,
  "summary_csf_median": 288.19134521484375,
  "summary_csf_n": 7322.0,
  "summary_csf_p05": 106.00424575805664,
  "summary_csf_p95": 442.44549560546875,
  "summary_csf_stdv": 110.96662139892578,
  "summary_gm_k": 0.22691212543612238,
  "summary_gm_mad": 83.14662170410156,
  "summary_gm_mean": 624.4198608398438,
  "summary_gm_median": 621.5179443359375,
  "summary_gm_n": 19491.0,
  "summary_gm_p05": 487.94691467285156,
  "summary_gm_p95": 775.2904968261719,
  "summary_gm_stdv": 86.62017059326172,
  "summary_wm_k": 0.8357747395700468,
  "summary_wm_mad": 44.04180908203125,
  "summary_wm_mean": 997.5773315429688,
  "summary_wm_median": 999.9837646484375,
  "summary_wm_n": 165320.0,
  "summary_wm_p05": 913.4843261718751,
  "summary_wm_p95": 1072.6587951660156,
  "summary_wm_stdv": 48.53236389160156,
  "tpm_overlap_csf": 0.22828778624534607,
  "tpm_overlap_gm": 0.5241132974624634,
  "tpm_overlap_wm": 0.5709317326545715,
  "wm2max": 0.7692020975761485
}