{
  "aor": 4.949473684210527e-05,
  "aqi": 0.007686314231578947,
  "bids_meta": {
    "AcquisitionNumber": 6,
    "BidsifyVersion": "0.3.5",
    "ConversionSoftware": "dcm2niix",
    "ConversionSoftwareVersion": "v1.0.20181125  GCC6.3.0",
    "EchoTime": 0.02762,
    "ImageComments": "PIOP",
    "ImageOrientationPatientDICOM": [
      0.999324,
      0.0313714,
      0.0191754,
      -0.0258191,
      0.970062,
      -0.241481
    ],
    "Manufacturer": "Philips",
    "NumberOfVolumesDiscardedByScanner": 2,
    "ParallelAcquisitionTechnique": "SENSE",
    "ParallelReductionFactorInPlane": 2,
    "PatientPosition": "HFS",
    "PhaseEncodingDirection": "j",
    "PhilipsRescaleIntercept": 0,
    "PhilipsRescaleSlope": 0.82711,
    "PhilipsScaleSlope": 0.090392,
    "ProtocolName": "WIPpioprsSENSE",
    "PulseSequenceType": "gradient echo EPI",
    "ReconMatrixPE": 80,
    "RepetitionTime": 0.75,
    "SeriesDescription": "ImageMRSERIES",
    "SeriesNumber": 6,
    "SliceEncodingDirection": "k",
    "TaskName": "restingstate",
    "UsePhilipsFloatNotDisplayScaling": 1,
    "acq_id": "mb3",
    "dataset": "unknown",
    "modality": "bold",
    "subject_id": "0129",
    "task_id": "restingstate"
  },
  "dummy_trs": 5,
  "dvars_nstd": 26.743894070021117,
  "dvars_std": 1.0794556432911393,
  "dvars_vstd": 0.9879337923206744,
  "efc": 0.3906945140272677,
  "fber": 2077168768.0,
  "fd_mean": 0.09996810529405023,
  "fd_num": 18,
  "fd_perc": 3.789473684210526,
  "fwhm_avg": 2.499118798782158,
  "fwhm_x": 2.4499333333333335,
  "fwhm_y": 2.7836866666666666,
  "fwhm_z": 2.2637363963464736,
  "gcor": 0.0209408,
  "gsr_x": -0.00918661616742611,
  "gsr_y": 0.0049110297113657,
  "provenance": {
    "md5sum": "75ec3142d2ee01b3b7b0fde389d20b03",
    "settings": {
      "fd_thres": 0.2,
      "hmc_fsl": false
    },
    "software": "mriqc",
    "version": "0.15.0",
    "webapi_port": null,
    "webapi_url": "https://mriqc.nimh.nih.gov/api/v1"
  },
  "size_t": 475,
  "size_x": 80,
  "size_y": 80,
  "size_z": 36,
  "snr": 5.209659309800959,
  "spacing_tr": 0.75,
  "spacing_x": 3.0,
  "spacing_y": 3.0,
  "spacing_z": 3.299999952316284,
  "spikes_num": 1,
  "summary_bg_k": 79.47107941790524,
  "summary_bg_mad": 0.5060778856277466,
  "summary_bg_mean": 143.59117126464844,
  "summary_bg_median": 0.34421706199645996,
  "summary_bg_n": 152519.0,
  "summary_bg_p05": 0.0012658227002248167,
  "summary_bg_p95": 590.6578552246099,
  "summary_bg_stdv": 803.956298828125,
  "summary_fg_k": 1.9223432031683654,
  "summary_fg_mad": 2838.29150390625,
  "summary_fg_mean": 16652.869140625,
  "summary_fg_median": 16859.515625,
  "summary_fg_n": 37677.0,
  "summary_fg_p05": 11129.287695312501,
  "summary_fg_p95": 21408.9453125,
  "summary_fg_stdv": 3236.16015625,
  "tsnr": 49.13106918334961
}