{
  "aor": 0.00039778787878787887,
  "aqi": 0.007273051484848486,
  "bids_meta": {
    "AcquisitionNumber": 2,
    "BidsifyVersion": "0.3.5",
    "ConversionSoftware": "dcm2niix",
    "ConversionSoftwareVersion": "v1.0.20181125  GCC6.3.0",
    "EchoTime": 0.02762,
    "EffectiveEchoSpacing": 0.0006333282667071997,
    "ImageComments": "PIOP",
    "ImageOrientationPatientDICOM": [
      0.998915,
      0.0451009,
      -0.0116055,
      -0.046234,
      0.990304,
      -0.130995
    ],
    "Manufacturer": "Philips",
    "NumberOfVolumesDiscardedByScanner": 2,
    "ParallelAcquisitionTechnique": "SENSE",
    "ParallelReductionFactorInPlane": 2,
    "PatientPosition": "HFS",
    "PhaseEncodingDirection": "j",
    "PhilipsRescaleIntercept": 0,
    "PhilipsRescaleSlope": 0.75995,
    "PhilipsScaleSlope": 0.0953498,
    "ProtocolName": "WIPpiopfacesSENSE",
    "PulseSequenceType": "gradient echo EPI",
    "ReconMatrixPE": 80,
    "RepetitionTime": 0.75,
    "SeriesDescription": "ImageMRSERIES",
    "SeriesNumber": 2,
    "SliceEncodingDirection": "k",
    "SliceTiming": [
      0.0,
      0.06755050505050506,
      0.1351010101010101,
      0.20265151515151517,
      0.2702020202020202,
      0.3377525252525253,
      0.40530303030303033,
      0.47285353535353536,
      0.5404040404040404,
      0.6079545454545455,
      0.6755050505050506,
      0.7430555555555556,
      0.0,
      0.06755050505050506,
      0.1351010101010101,
      0.20265151515151517,
      0.2702020202020202,
      0.3377525252525253,
      0.40530303030303033,
      0.47285353535353536,
      0.5404040404040404,
      0.6079545454545455,
      0.6755050505050506,
      0.7430555555555556,
      0.0,
      0.06755050505050506,
      0.1351010101010101,
      0.20265151515151517,
      0.2702020202020202,
      0.3377525252525253,
      0.40530303030303033,
      0.47285353535353536,
      0.5404040404040404,
      0.6079545454545455,
      0.6755050505050506,
      0.7430555555555556
    ],
    "TaskName": "faces",
    "TotalReadoutTime": 0.024699802401580786,
    "UsePhilipsFloatNotDisplayScaling": 1,
    "acq_id": "mb3",
    "dataset": "unknown",
    "modality": "bold",
    "subject_id": "0159",
    "task_id": "faces"
  },
  "dummy_trs": 0,
  "dvars_nstd": 25.79564660373859,
  "dvars_std": 1.1830650685714283,
  "dvars_vstd": 0.9942005647112466,
  "efc": 0.4042490013194051,
  "fber": 1468082176.0,
  "fd_mean": 0.11311268704756218,
  "fd_num": 17,
  "fd_perc": 5.151515151515151,
  "fwhm_avg": 2.66965996788381,
  "fwhm_x": 2.627353333333333,
  "fwhm_y": 2.99769,
  "fwhm_z": 2.3839365703180984,
  "gcor": 0.00642867,
  "gsr_x": -0.005359084811061621,
  "gsr_y": 0.002048918278887868,
  "provenance": {
    "md5sum": "68aac1c7d7879c68880e0ceffa88fd6e",
    "settings": {
      "fd_thres": 0.2,
      "hmc_fsl": false
    },
    "software": "mriqc",
    "version": "0.15.0",
    "webapi_port": null,
    "webapi_url": "https://mriqc.nimh.nih.gov/api/v1"
  },
  "size_t": 330,
  "size_x": 80,
  "size_y": 80,
  "size_z": 36,
  "snr": 5.58699049905041,
  "spacing_tr": 0.75,
  "spacing_x": 3.0,
  "spacing_y": 3.0,
  "spacing_z": 3.299999713897705,
  "spikes_num": 1,
  "summary_bg_k": 77.56117411867893,
  "summary_bg_mad": 0.6416390538215637,
  "summary_bg_mean": 141.47561645507812,
  "summary_bg_median": 0.4371159076690674,
  "summary_bg_n": 150320.0,
  "summary_bg_p05": 0.0007099859329173342,
  "summary_bg_p95": 704.8405700683555,
  "summary_bg_stdv": 753.2593994140625,
  "summary_fg_k": 2.548899705040908,
  "summary_fg_mad": 2769.70654296875,
  "summary_fg_mean": 18018.58984375,
  "summary_fg_median": 18225.234375,
  "summary_fg_n": 40107.0,
  "summary_fg_p05": 12519.2322265625,
  "summary_fg_p95": 22782.210742187497,
  "summary_fg_stdv": 3262.043701171875,
  "tsnr": 59.20471954345703
}