{
  "aor": 0.017338518518518517,
  "aqi": 0.015064734567901234,
  "bids_meta": {
    "AcquisitionNumber": 8,
    "BidsifyVersion": "0.3.5",
    "ConversionSoftware": "dcm2niix",
    "ConversionSoftwareVersion": "v1.0.20181125  GCC6.3.0",
    "EchoTime": 0.02762,
    "EffectiveEchoSpacing": 0.0006621159151938905,
    "ImageComments": "PIOP",
    "ImageOrientationPatientDICOM": [
      0.998794,
      0.0459174,
      -0.0173574,
      -0.0478008,
      0.990222,
      -0.131057
    ],
    "Manufacturer": "Philips",
    "NumberOfVolumesDiscardedByScanner": 2,
    "ParallelAcquisitionTechnique": "SENSE",
    "ParallelReductionFactorInPlane": 2,
    "PatientPosition": "HFS",
    "PhaseEncodingDirection": "j",
    "PhilipsRescaleIntercept": 0,
    "PhilipsRescaleSlope": 0.84103,
    "PhilipsScaleSlope": 0.0589424,
    "ProtocolName": "WIPpiopwmSENSE",
    "PulseSequenceType": "gradient echo EPI",
    "ReconMatrixPE": 80,
    "RepetitionTime": 2,
    "SeriesDescription": "ImageMRSERIES",
    "SeriesNumber": 8,
    "SliceEncodingDirection": "k",
    "SliceTiming": [
      0.0,
      0.0541,
      0.1081,
      0.1622,
      0.2162,
      0.2703,
      0.3243,
      0.3784,
      0.4324,
      0.4865,
      0.5405,
      0.5946,
      0.6486,
      0.7027,
      0.7568,
      0.8108,
      0.8649,
      0.9189,
      0.973,
      1.027,
      1.0811,
      1.1351,
      1.1892,
      1.2432,
      1.2973,
      1.3514,
      1.4054,
      1.4595,
      1.5135,
      1.5676,
      1.6216,
      1.6757,
      1.7297,
      1.7838,
      1.8378,
      1.8919,
      1.9459
    ],
    "TaskName": "workingmemory",
    "TotalReadoutTime": 0.025822520692561732,
    "UsePhilipsFloatNotDisplayScaling": 1,
    "acq_id": "seq",
    "dataset": "unknown",
    "modality": "bold",
    "subject_id": "0159",
    "task_id": "workingmemory"
  },
  "dummy_trs": 0,
  "dvars_nstd": 25.330072521366468,
  "dvars_std": 1.2649358657142862,
  "dvars_vstd": 1.102804834347827,
  "efc": 0.39669119946397047,
  "fber": 62080952.0,
  "fd_mean": 0.19599011471000818,
  "fd_num": 38,
  "fd_perc": 23.45679012345679,
  "fwhm_avg": 2.4260393037804104,
  "fwhm_x": 2.3400866666666666,
  "fwhm_y": 2.685143333333333,
  "fwhm_z": 2.252887911341232,
  "gcor": 0.0137166,
  "gsr_x": -0.004816120490431786,
  "gsr_y": 0.002880766522139311,
  "provenance": {
    "md5sum": "f721998528af704e12d55bc29302d313",
    "settings": {
      "fd_thres": 0.2,
      "hmc_fsl": false
    },
    "software": "mriqc",
    "version": "0.15.0",
    "webapi_port": null,
    "webapi_url": "https://mriqc.nimh.nih.gov/api/v1"
  },
  "size_t": 162,
  "size_x": 80,
  "size_y": 80,
  "size_z": 37,
  "snr": 5.132640432532716,
  "spacing_tr": 2.0,
  "spacing_x": 3.0,
  "spacing_y": 3.0,
  "spacing_z": 3.299999952316284,
  "spikes_num": 7,
  "summary_bg_k": 92.72470852284891,
  "summary_bg_mad": 4.338624000549316,
  "summary_bg_mean": 193.73797607421875,
  "summary_bg_median": 3.041278839111328,
  "summary_bg_n": 155730.0,
  "summary_bg_p05": 0.014078864967450503,
  "summary_bg_p95": 831.8209564208955,
  "summary_bg_stdv": 1044.0894775390625,
  "summary_fg_k": 2.3679353089276267,
  "summary_fg_mad": 4417.7666015625,
  "summary_fg_mean": 25294.974609375,
  "summary_fg_median": 25347.39453125,
  "summary_fg_n": 40440.0,
  "summary_fg_p05": 17725.48623046875,
  "summary_fg_p95": 32629.645214843742,
  "summary_fg_stdv": 4938.40966796875,
  "tsnr": 41.540008544921875
}