{
  "aor": 0.00069535,
  "aqi": 0.004126410499999999,
  "bids_meta": {
    "AcquisitionNumber": 10,
    "BidsifyVersion": "0.3.5",
    "ConversionSoftware": "dcm2niix",
    "ConversionSoftwareVersion": "v1.0.20181125  GCC6.3.0",
    "EchoTime": 0.02762,
    "EffectiveEchoSpacing": 0.0006621159151938905,
    "ImageComments": "Piop",
    "ImageOrientationPatientDICOM": [
      0.994609,
      0.101467,
      -0.0213965,
      -0.101906,
      0.918186,
      -0.382819
    ],
    "Manufacturer": "Philips",
    "NumberOfVolumesDiscardedByScanner": 2,
    "ParallelAcquisitionTechnique": "SENSE",
    "ParallelReductionFactorInPlane": 2,
    "PatientPosition": "HFS",
    "PhaseEncodingDirection": "j",
    "PhilipsRescaleIntercept": 0,
    "PhilipsRescaleSlope": 0.79976,
    "PhilipsScaleSlope": 0.0591819,
    "ProtocolName": "WIPpiopanticipatieSENSE",
    "PulseSequenceType": "gradient echo EPI",
    "ReconMatrixPE": 80,
    "RepetitionTime": 2,
    "SeriesDescription": "ImageMRSERIES",
    "SeriesNumber": 10,
    "SliceEncodingDirection": "k",
    "SliceTiming": [
      0.0,
      0.0541,
      0.1081,
      0.1622,
      0.2162,
      0.2703,
      0.3243,
      0.3784,
      0.4324,
      0.4865,
      0.5405,
      0.5946,
      0.6486,
      0.7027,
      0.7568,
      0.8108,
      0.8649,
      0.9189,
      0.973,
      1.027,
      1.0811,
      1.1351,
      1.1892,
      1.2432,
      1.2973,
      1.3514,
      1.4054,
      1.4595,
      1.5135,
      1.5676,
      1.6216,
      1.6757,
      1.7297,
      1.7838,
      1.8378,
      1.8919,
      1.9459
    ],
    "TaskName": "anticipation",
    "TotalReadoutTime": 0.025822520692561732,
    "UsePhilipsFloatNotDisplayScaling": 1,
    "acq_id": "seq",
    "dataset": "unknown",
    "modality": "bold",
    "subject_id": "0203",
    "task_id": "anticipation"
  },
  "dummy_trs": 0,
  "dvars_nstd": 19.80351280336684,
  "dvars_std": 1.1246677952763813,
  "dvars_vstd": 0.9807368147738695,
  "efc": 0.3866337871203715,
  "fber": 388117760.0,
  "fd_mean": 0.11541960072664047,
  "fd_num": 11,
  "fd_perc": 5.5,
  "fwhm_avg": 2.275300111377361,
  "fwhm_x": 2.1811266666666667,
  "fwhm_y": 2.4923433333333334,
  "fwhm_z": 2.1524303341320836,
  "gcor": 0.0157212,
  "gsr_x": -0.011443610303103924,
  "gsr_y": 0.0039884112775325775,
  "provenance": {
    "md5sum": "d4ebc7499fb5c5f1670447f17f5bcf15",
    "settings": {
      "fd_thres": 0.2,
      "hmc_fsl": false
    },
    "software": "mriqc",
    "version": "0.15.0",
    "webapi_port": null,
    "webapi_url": "https://mriqc.nimh.nih.gov/api/v1"
  },
  "size_t": 200,
  "size_x": 80,
  "size_y": 80,
  "size_z": 37,
  "snr": 4.418951604306428,
  "spacing_tr": 2.0,
  "spacing_x": 3.0,
  "spacing_y": 3.0,
  "spacing_z": 3.299999952316284,
  "spikes_num": 0,
  "summary_bg_k": 101.59333280328092,
  "summary_bg_mad": 1.7095080614089966,
  "summary_bg_mean": 181.88412475585938,
  "summary_bg_median": 1.168558120727539,
  "summary_bg_n": 157893.0,
  "summary_bg_p05": 0.0038655379787087443,
  "summary_bg_p95": 702.703405761718,
  "summary_bg_stdv": 1072.9588623046875,
  "summary_fg_k": 2.072490031696219,
  "summary_fg_mad": 4781.9384765625,
  "summary_fg_mean": 24440.017578125,
  "summary_fg_median": 24197.5859375,
  "summary_fg_n": 38632.0,
  "summary_fg_p05": 16572.92412109375,
  "summary_fg_p95": 33113.55976562499,
  "summary_fg_stdv": 5475.794921875,
  "tsnr": 68.9670181274414
}