{
    "Manufacturer": "Philips",
    "PatientPosition": "HFS",
    "SeriesDescription": "ImageMRSERIES",
    "ProtocolName": "WIPt13dSENSE",
    "SeriesNumber": 4,
    "AcquisitionNumber": 4,
    "ImageComments": "PIOP",
    "PhilipsRescaleSlope": 9.337,
    "PhilipsRescaleIntercept": 0,
    "PhilipsScaleSlope": 0.00741837,
    "UsePhilipsFloatNotDisplayScaling": 1,
    "EchoTime": 0.00376,
    "RepetitionTime": 0.008194,
    "ReconMatrixPE": 240,
    "ImageOrientationPatientDICOM": [
        0.996571,
        0.0688341,
        -0.0459098,
        -0.0707358,
        0.996645,
        -0.0411697
    ],
    "ConversionSoftware": "dcm2niix",
    "ConversionSoftwareVersion": "v1.0.20181125  GCC6.3.0",
    "BidsifyVersion": "0.3.5"
}